{
  "aor": 0.002321189591078067,
  "aqi": 0.005689548680297397,
  "bids_meta": {
    "AcquisitionMatrixPE": 90,
    "AcquisitionNumber": 1,
    "AcquisitionTime": "10:59:53.660000",
    "BandwidthPerPixelPhaseEncode": 18.832,
    "BaseResolution": 90,
    "BodyPartExamined": "HEAD",
    "ConsistencyInfo": "N4_VE11C_LATEST_20160120",
    "ConversionSoftware": "dcm2niix",
    "ConversionSoftwareVersion": "v1.0.20190902",
    "DerivedVendorReportedEchoSpacing": 0.000590012,
    "DeviceSerialNumber": "67064",
    "DwellTime": 2.5e-06,
    "EchoTime": 0.033,
    "EchoTrainLength": 90,
    "EffectiveEchoSpacing": 0.000590012,
    "FlipAngle": 63,
    "ImageComments": "Unaliased_MB4_PE3_LB",
    "ImageOrientationPatientDICOM": [
      0.999952,
      0.00967331,
      0.00175497,
      -0.00820291,
      0.919327,
      -0.393408
    ],
    "ImageType": [
      "ORIGINAL",
      "PRIMARY",
      "M",
      "MB",
      "ND",
      "MOSAIC"
    ],
    "ImagingFrequency": 123.247,
    "InPlanePhaseEncodingDirectionDICOM": "COL",
    "InstitutionAddress": "Scott_Ave_4525_St._Louis_MO_US_63110",
    "InstitutionName": "Washington_University",
    "InstitutionalDepartmentName": "Department",
    "MRAcquisitionType": "2D",
    "MagneticFieldStrength": 3,
    "Manufacturer": "Siemens",
    "ManufacturersModelName": "Prisma_fit",
    "Modality": "MR",
    "MultibandAccelerationFactor": 4,
    "PartialFourier": 1,
    "PatientPosition": "HFS",
    "PercentPhaseFOV": 100,
    "PhaseEncodingDirection": "j-",
    "PhaseEncodingSteps": 90,
    "PhaseResolution": 1,
    "PixelBandwidth": 2220,
    "ProcedureStepDescription": "head_Braver",
    "ProtocolName": "tfMRI_StroopBas1_AP",
    "PulseSequenceDetails": "%CustomerSeq%_cmrr_mbep2d_bold",
    "ReceiveCoilActiveElements": "HEA;HEP",
    "ReceiveCoilName": "Head_32",
    "ReconMatrixPE": 90,
    "RepetitionTime": 1.2,
    "SAR": 0.0660513,
    "ScanOptions": "FS_EXT",
    "ScanningSequence": "EP",
    "SequenceName": "epfid2d1_90",
    "SequenceVariant": "SK_SS",
    "SeriesDescription": "tfMRI_StroopBas1_AP",
    "SeriesNumber": 24,
    "ShimSetting": [
      -1986,
      -11512,
      5807,
      500,
      133,
      124,
      -63,
      21
    ],
    "SliceThickness": 2.4,
    "SliceTiming": [
      0,
      0.6275,
      0.0775,
      0.7075,
      0.1575,
      0.785,
      0.235,
      0.865,
      0.315,
      0.9425,
      0.3925,
      1.0225,
      0.47,
      1.1,
      0.55,
      0,
      0.6275,
      0.0775,
      0.7075,
      0.1575,
      0.785,
      0.235,
      0.865,
      0.315,
      0.9425,
      0.3925,
      1.0225,
      0.47,
      1.1,
      0.55,
      0,
      0.6275,
      0.0775,
      0.7075,
      0.1575,
      0.785,
      0.235,
      0.865,
      0.315,
      0.9425,
      0.3925,
      1.0225,
      0.47,
      1.1,
      0.55,
      0,
      0.6275,
      0.0775,
      0.7075,
      0.1575,
      0.785,
      0.235,
      0.865,
      0.315,
      0.9425,
      0.3925,
      1.0225,
      0.47,
      1.1,
      0.55
    ],
    "SoftwareVersions": "syngo_MR_E11",
    "SpacingBetweenSlices": 2.4,
    "StationName": "MRC35177",
    "TaskName": "Stroop",
    "TotalReadoutTime": 0.0525111,
    "TxRefAmp": 254.332,
    "VendorReportedEchoSpacing": 0.00059,
    "WipMemBlock": "53e917e2-0cb4-4646-85b4-d92ca48c6c90||Sequence: ve11c/master r/068cfa9; Jul 21 2016 14:39:26 by eja",
    "acq_id": "mb4AP",
    "dataset": "ds003465",
    "modality": "bold",
    "run_id": 1,
    "session_id": "wave1bas",
    "subject_id": "f8294bu",
    "task_id": "Stroop"
  },
  "dummy_trs": 2,
  "dvars_nstd": 42.670644518603375,
  "dvars_std": 1.233340116945998,
  "dvars_vstd": 1.0303157750093102,
  "efc": 0.5350111678874824,
  "fber": 519.0840454101562,
  "fd_mean": 0.26213500956406044,
  "fd_num": 328,
  "fd_perc": 60.96654275092937,
  "fwhm_avg": 3.004005436187104,
  "fwhm_x": 2.8851290520219384,
  "fwhm_y": 3.0753957111280874,
  "fwhm_z": 3.0514915454112868,
  "gcor": 0.014262,
  "gsr_x": -0.031521543860435486,
  "gsr_y": 0.11198849976062775,
  "provenance": {
    "md5sum": "1a15420280fa2b57d437f62fb414fd84",
    "settings": {
      "fd_thres": 0.2,
      "testing": false
    },
    "software": "mriqc",
    "version": "22.0.6",
    "webapi_port": null,
    "webapi_url": "https://mriqc.nimh.nih.gov/api/v1"
  },
  "size_t": 538,
  "size_x": 90,
  "size_y": 90,
  "size_z": 60,
  "snr": 2.0796030517166195,
  "spacing_tr": 1.2000000476837158,
  "spacing_x": 2.4000000953674316,
  "spacing_y": 2.4000000953674316,
  "spacing_z": 2.4000000953674316,
  "summary_bg_k": 17.375227712233954,
  "summary_bg_mad": 93.55551195310859,
  "summary_bg_mean": 467.92144775390625,
  "summary_bg_median": 180.0297393798828,
  "summary_bg_n": 315871.0,
  "summary_bg_p05": 112.08735656738281,
  "summary_bg_p95": 1925.9255981445312,
  "summary_bg_stdv": 706.9872436523438,
  "summary_fg_k": 1.7600829709113874,
  "summary_fg_mad": 1764.2868670089956,
  "summary_fg_mean": 4815.91748046875,
  "summary_fg_median": 4322.61328125,
  "summary_fg_n": 88938.0,
  "summary_fg_p05": 2393.6439575195313,
  "summary_fg_p95": 8976.371044921874,
  "summary_fg_stdv": 2078.564453125,
  "tsnr": 44.23035314143635
}