{
  "aor": 0.0009829767441860465,
  "aqi": 0.005295390651162791,
  "bids_meta": {
    "AcquisitionMatrixPE": 90,
    "AcquisitionNumber": 1,
    "AcquisitionTime": "12:27:43.000000",
    "BandwidthPerPixelPhaseEncode": 18.832,
    "BaseResolution": 90,
    "BodyPartExamined": "HEAD",
    "ConsistencyInfo": "N4_VE11C_LATEST_20160120",
    "ConversionSoftware": "dcm2niix",
    "ConversionSoftwareVersion": "v1.0.20190902",
    "DerivedVendorReportedEchoSpacing": 0.000590012,
    "DeviceSerialNumber": "67064",
    "DwellTime": 2.5e-06,
    "EchoTime": 0.033,
    "EchoTrainLength": 90,
    "EffectiveEchoSpacing": 0.000590012,
    "FlipAngle": 63,
    "ImageComments": "Unaliased_MB4_PE3_LB",
    "ImageOrientationPatientDICOM": [
      0.99827,
      -0.0479686,
      0.0340034,
      0.0570354,
      0.930533,
      -0.36174
    ],
    "ImageType": [
      "ORIGINAL",
      "PRIMARY",
      "M",
      "MB",
      "ND",
      "MOSAIC"
    ],
    "ImagingFrequency": 123.247,
    "InPlanePhaseEncodingDirectionDICOM": "COL",
    "InstitutionAddress": "Scott_Ave_4525_St._Louis_MO_US_63110",
    "InstitutionName": "Washington_University",
    "InstitutionalDepartmentName": "Department",
    "MRAcquisitionType": "2D",
    "MagneticFieldStrength": 3,
    "Manufacturer": "Siemens",
    "ManufacturersModelName": "Prisma_fit",
    "Modality": "MR",
    "MultibandAccelerationFactor": 4,
    "PartialFourier": 1,
    "PatientPosition": "HFS",
    "PercentPhaseFOV": 100,
    "PhaseEncodingDirection": "j-",
    "PhaseEncodingSteps": 90,
    "PhaseResolution": 1,
    "PixelBandwidth": 2220,
    "ProcedureStepDescription": "head_Braver",
    "ProtocolName": "tfMRI_CuedtsBas1_AP",
    "PulseSequenceDetails": "%CustomerSeq%_cmrr_mbep2d_bold",
    "ReceiveCoilActiveElements": "HEA;HEP",
    "ReceiveCoilName": "Head_32",
    "ReconMatrixPE": 90,
    "RepetitionTime": 1.2,
    "SAR": 0.0670329,
    "ScanOptions": "FS_EXT",
    "ScanningSequence": "EP",
    "SequenceName": "epfid2d1_90",
    "SequenceVariant": "SK_SS",
    "SeriesDescription": "tfMRI_CuedtsBas1_AP",
    "SeriesNumber": 44,
    "ShimSetting": [
      -1986,
      -11512,
      5808,
      502,
      160,
      232,
      -16,
      1
    ],
    "SliceThickness": 2.4,
    "SliceTiming": [
      0,
      0.63,
      0.0775,
      0.7075,
      0.1575,
      0.785,
      0.235,
      0.865,
      0.315,
      0.9425,
      0.3925,
      1.0225,
      0.4725,
      1.1,
      0.55,
      0,
      0.63,
      0.0775,
      0.7075,
      0.1575,
      0.785,
      0.235,
      0.865,
      0.315,
      0.9425,
      0.3925,
      1.0225,
      0.4725,
      1.1,
      0.55,
      0,
      0.63,
      0.0775,
      0.7075,
      0.1575,
      0.785,
      0.235,
      0.865,
      0.315,
      0.9425,
      0.3925,
      1.0225,
      0.4725,
      1.1,
      0.55,
      0,
      0.63,
      0.0775,
      0.7075,
      0.1575,
      0.785,
      0.235,
      0.865,
      0.315,
      0.9425,
      0.3925,
      1.0225,
      0.4725,
      1.1,
      0.55
    ],
    "SoftwareVersions": "syngo_MR_E11",
    "SpacingBetweenSlices": 2.4,
    "StationName": "MRC35177",
    "TaskName": "Cuedts",
    "TotalReadoutTime": 0.0525111,
    "TxRefAmp": 255.866,
    "VendorReportedEchoSpacing": 0.00059,
    "WipMemBlock": "b8402e48-5fb7-4bff-8d8f-8a4a0295a570||Sequence: ve11c/master r/068cfa9; Jul 21 2016 14:39:26 by eja",
    "acq_id": "mb4AP",
    "dataset": "ds003465",
    "modality": "bold",
    "run_id": 1,
    "session_id": "wave1bas",
    "subject_id": "f8294bu",
    "task_id": "Cuedts"
  },
  "dummy_trs": 5,
  "dvars_nstd": 34.71017239267081,
  "dvars_std": 1.1488672220031062,
  "dvars_vstd": 1.0061929036024848,
  "efc": 0.5482626020307395,
  "fber": 524.756103515625,
  "fd_mean": 0.17094570266397027,
  "fd_num": 228,
  "fd_perc": 35.348837209302324,
  "fwhm_avg": 2.7868360003721975,
  "fwhm_x": 2.6318082287546702,
  "fwhm_y": 2.845520720262499,
  "fwhm_z": 2.8831790520994245,
  "gcor": 0.00648715,
  "gsr_x": -0.028078410774469376,
  "gsr_y": 0.12965558469295502,
  "provenance": {
    "md5sum": "b92f5b6cddc24eed77b57ae47e078cc1",
    "settings": {
      "fd_thres": 0.2,
      "testing": false
    },
    "software": "mriqc",
    "version": "22.0.6",
    "webapi_port": null,
    "webapi_url": "https://mriqc.nimh.nih.gov/api/v1"
  },
  "size_t": 645,
  "size_x": 90,
  "size_y": 90,
  "size_z": 60,
  "snr": 2.450266281126582,
  "spacing_tr": 1.2000000476837158,
  "spacing_x": 2.4000000953674316,
  "spacing_y": 2.4000000953674316,
  "spacing_z": 2.4000000953674316,
  "summary_bg_k": 21.069457134751353,
  "summary_bg_mad": 77.70904698438967,
  "summary_bg_mean": 422.01171875,
  "summary_bg_median": 161.67442321777344,
  "summary_bg_n": 316276.0,
  "summary_bg_p05": 105.39806365966797,
  "summary_bg_p95": 1735.1376037597656,
  "summary_bg_stdv": 641.6068115234375,
  "summary_fg_k": 1.4608243151175975,
  "summary_fg_mad": 1402.334655623051,
  "summary_fg_mean": 4184.84228515625,
  "summary_fg_median": 3861.333984375,
  "summary_fg_n": 89774.0,
  "summary_fg_p05": 2251.556994628906,
  "summary_fg_p95": 7217.738110351562,
  "summary_fg_stdv": 1575.8746337890625,
  "tsnr": 45.902829045429826
}