{
  "aor": 0.0011516975308641978,
  "aqi": 0.007415775015432099,
  "bids_meta": {
    "AcquisitionMatrixPE": 90,
    "AcquisitionNumber": 1,
    "AcquisitionTime": "12:41:33.930000",
    "BandwidthPerPixelPhaseEncode": 18.832,
    "BaseResolution": 90,
    "BodyPartExamined": "HEAD",
    "ConsistencyInfo": "N4_VE11C_LATEST_20160120",
    "ConversionSoftware": "dcm2niix",
    "ConversionSoftwareVersion": "v1.0.20190902",
    "DerivedVendorReportedEchoSpacing": 0.000590012,
    "DeviceSerialNumber": "67064",
    "DwellTime": 2.5e-06,
    "EchoTime": 0.033,
    "EchoTrainLength": 90,
    "EffectiveEchoSpacing": 0.000590012,
    "FlipAngle": 63,
    "ImageComments": "Unaliased_MB4_PE3_LB",
    "ImageOrientationPatientDICOM": [
      0.99827,
      -0.0479686,
      0.0340034,
      0.0570354,
      0.930533,
      -0.36174
    ],
    "ImageType": [
      "ORIGINAL",
      "PRIMARY",
      "M",
      "MB",
      "ND",
      "MOSAIC"
    ],
    "ImagingFrequency": 123.247,
    "InPlanePhaseEncodingDirectionDICOM": "COL",
    "InstitutionAddress": "Scott_Ave_4525_St._Louis_MO_US_63110",
    "InstitutionName": "Washington_University",
    "InstitutionalDepartmentName": "Department",
    "MRAcquisitionType": "2D",
    "MagneticFieldStrength": 3,
    "Manufacturer": "Siemens",
    "ManufacturersModelName": "Prisma_fit",
    "Modality": "MR",
    "MultibandAccelerationFactor": 4,
    "PartialFourier": 1,
    "PatientPosition": "HFS",
    "PercentPhaseFOV": 100,
    "PhaseEncodingDirection": "j",
    "PhaseEncodingSteps": 90,
    "PhaseResolution": 1,
    "PixelBandwidth": 2220,
    "ProcedureStepDescription": "head_Braver",
    "ProtocolName": "tfMRI_CuedtsBas2_PA",
    "PulseSequenceDetails": "%CustomerSeq%_cmrr_mbep2d_bold",
    "ReceiveCoilActiveElements": "HEA;HEP",
    "ReceiveCoilName": "Head_32",
    "ReconMatrixPE": 90,
    "RepetitionTime": 1.2,
    "SAR": 0.0670329,
    "ScanOptions": "FS_EXT",
    "ScanningSequence": "EP",
    "SequenceName": "epfid2d1_90",
    "SequenceVariant": "SK_SS",
    "SeriesDescription": "tfMRI_CuedtsBas2_PA",
    "SeriesNumber": 46,
    "ShimSetting": [
      -1986,
      -11512,
      5808,
      502,
      160,
      232,
      -16,
      1
    ],
    "SliceThickness": 2.4,
    "SliceTiming": [
      0,
      0.63,
      0.08,
      0.7075,
      0.1575,
      0.7875,
      0.235,
      0.865,
      0.315,
      0.945,
      0.3925,
      1.0225,
      0.4725,
      1.1025,
      0.55,
      0,
      0.63,
      0.08,
      0.7075,
      0.1575,
      0.7875,
      0.235,
      0.865,
      0.315,
      0.945,
      0.3925,
      1.0225,
      0.4725,
      1.1025,
      0.55,
      0,
      0.63,
      0.08,
      0.7075,
      0.1575,
      0.7875,
      0.235,
      0.865,
      0.315,
      0.945,
      0.3925,
      1.0225,
      0.4725,
      1.1025,
      0.55,
      0,
      0.63,
      0.08,
      0.7075,
      0.1575,
      0.7875,
      0.235,
      0.865,
      0.315,
      0.945,
      0.3925,
      1.0225,
      0.4725,
      1.1025,
      0.55
    ],
    "SoftwareVersions": "syngo_MR_E11",
    "SpacingBetweenSlices": 2.4,
    "StationName": "MRC35177",
    "TaskName": "Cuedts",
    "TotalReadoutTime": 0.0525111,
    "TxRefAmp": 255.866,
    "VendorReportedEchoSpacing": 0.00059,
    "WipMemBlock": "2905f0d8-b93e-45a5-b906-a89047d7cfe4||Sequence: ve11c/master r/068cfa9; Jul 21 2016 14:39:26 by eja",
    "acq_id": "mb4PA",
    "dataset": "ds003465",
    "modality": "bold",
    "run_id": 2,
    "session_id": "wave1bas",
    "subject_id": "f8294bu",
    "task_id": "Cuedts"
  },
  "dummy_trs": 2,
  "dvars_nstd": 35.39379626027817,
  "dvars_std": 1.1437739424884072,
  "dvars_vstd": 0.9855877170942813,
  "efc": 0.542935860572818,
  "fber": 516.1565551757812,
  "fd_mean": 0.15563173813938025,
  "fd_num": 177,
  "fd_perc": 27.314814814814813,
  "fwhm_avg": 2.768827667754451,
  "fwhm_x": 2.627341562265493,
  "fwhm_y": 2.8066082218087427,
  "fwhm_z": 2.8725332191891186,
  "gcor": 0.00639901,
  "gsr_x": -0.019522231072187424,
  "gsr_y": 0.10611534863710403,
  "provenance": {
    "md5sum": "193d2649462a6e70278790acad82b83f",
    "settings": {
      "fd_thres": 0.2,
      "testing": false
    },
    "software": "mriqc",
    "version": "22.0.6",
    "webapi_port": null,
    "webapi_url": "https://mriqc.nimh.nih.gov/api/v1"
  },
  "size_t": 648,
  "size_x": 90,
  "size_y": 90,
  "size_z": 60,
  "snr": 2.365470049657181,
  "spacing_tr": 1.2000000476837158,
  "spacing_x": 2.4000000953674316,
  "spacing_y": 2.4000000953674316,
  "spacing_z": 2.4000000953674316,
  "summary_bg_k": 32.0191213006066,
  "summary_bg_mad": 83.23851348904905,
  "summary_bg_mean": 410.4647216796875,
  "summary_bg_median": 165.1450653076172,
  "summary_bg_n": 317356.0,
  "summary_bg_p05": 104.28858184814453,
  "summary_bg_p95": 1722.9359741210938,
  "summary_bg_stdv": 617.8929443359375,
  "summary_fg_k": 1.5348854999485235,
  "summary_fg_mad": 1466.096685994895,
  "summary_fg_mean": 4191.55712890625,
  "summary_fg_median": 3866.33642578125,
  "summary_fg_n": 88555.0,
  "summary_fg_p05": 2194.305517578125,
  "summary_fg_p95": 7382.601416015626,
  "summary_fg_stdv": 1634.48046875,
  "tsnr": 41.57515615783632
}