{
  "aor": 0.0012047611202635913,
  "aqi": 0.006263508385502472,
  "bids_meta": {
    "AcquisitionMatrixPE": 90,
    "AcquisitionNumber": 1,
    "AcquisitionTime": "12:13:22.637500",
    "BandwidthPerPixelPhaseEncode": 18.832,
    "BaseResolution": 90,
    "BodyPartExamined": "HEAD",
    "ConsistencyInfo": "N4_VE11C_LATEST_20160120",
    "ConversionSoftware": "dcm2niix",
    "ConversionSoftwareVersion": "v1.0.20190902",
    "DerivedVendorReportedEchoSpacing": 0.000590012,
    "DeviceSerialNumber": "67064",
    "DwellTime": 2.5e-06,
    "EchoTime": 0.033,
    "EchoTrainLength": 90,
    "EffectiveEchoSpacing": 0.000590012,
    "FlipAngle": 63,
    "ImageComments": "Unaliased_MB4_PE3_LB",
    "ImageOrientationPatientDICOM": [
      0.99827,
      -0.0479686,
      0.0340034,
      0.0570354,
      0.930533,
      -0.36174
    ],
    "ImageType": [
      "ORIGINAL",
      "PRIMARY",
      "M",
      "MB",
      "ND",
      "MOSAIC"
    ],
    "ImagingFrequency": 123.247,
    "InPlanePhaseEncodingDirectionDICOM": "COL",
    "InstitutionAddress": "Scott_Ave_4525_St._Louis_MO_US_63110",
    "InstitutionName": "Washington_University",
    "InstitutionalDepartmentName": "Department",
    "MRAcquisitionType": "2D",
    "MagneticFieldStrength": 3,
    "Manufacturer": "Siemens",
    "ManufacturersModelName": "Prisma_fit",
    "Modality": "MR",
    "MultibandAccelerationFactor": 4,
    "PartialFourier": 1,
    "PatientPosition": "HFS",
    "PercentPhaseFOV": 100,
    "PhaseEncodingDirection": "j",
    "PhaseEncodingSteps": 90,
    "PhaseResolution": 1,
    "PixelBandwidth": 2220,
    "ProcedureStepDescription": "head_Braver",
    "ProtocolName": "tfMRI_AxcptBas2_PA",
    "PulseSequenceDetails": "%CustomerSeq%_cmrr_mbep2d_bold",
    "ReceiveCoilActiveElements": "HEA;HEP",
    "ReceiveCoilName": "Head_32",
    "ReconMatrixPE": 90,
    "RepetitionTime": 1.2,
    "SAR": 0.067017,
    "ScanOptions": "FS_EXT",
    "ScanningSequence": "EP",
    "SequenceName": "epfid2d1_90",
    "SequenceVariant": "SK_SS",
    "SeriesDescription": "tfMRI_AxcptBas2_PA",
    "SeriesNumber": 42,
    "ShimSetting": [
      -1986,
      -11512,
      5808,
      502,
      160,
      232,
      -16,
      1
    ],
    "SliceThickness": 2.4,
    "SliceTiming": [
      0,
      0.6275,
      0.0775,
      0.7075,
      0.1575,
      0.785,
      0.235,
      0.865,
      0.3125,
      0.9425,
      0.3925,
      1.0225,
      0.47,
      1.1,
      0.55,
      0,
      0.6275,
      0.0775,
      0.7075,
      0.1575,
      0.785,
      0.235,
      0.865,
      0.3125,
      0.9425,
      0.3925,
      1.0225,
      0.47,
      1.1,
      0.55,
      0,
      0.6275,
      0.0775,
      0.7075,
      0.1575,
      0.785,
      0.235,
      0.865,
      0.3125,
      0.9425,
      0.3925,
      1.0225,
      0.47,
      1.1,
      0.55,
      0,
      0.6275,
      0.0775,
      0.7075,
      0.1575,
      0.785,
      0.235,
      0.865,
      0.3125,
      0.9425,
      0.3925,
      1.0225,
      0.47,
      1.1,
      0.55
    ],
    "SoftwareVersions": "syngo_MR_E11",
    "SpacingBetweenSlices": 2.4,
    "StationName": "MRC35177",
    "TaskName": "Axcpt",
    "TotalReadoutTime": 0.0525111,
    "TxRefAmp": 255.866,
    "VendorReportedEchoSpacing": 0.00059,
    "WipMemBlock": "57431dcb-81b5-43a5-b597-16e7efec385f||Sequence: ve11c/master r/068cfa9; Jul 21 2016 14:39:26 by eja",
    "acq_id": "mb4PA",
    "dataset": "ds003465",
    "modality": "bold",
    "run_id": 2,
    "session_id": "wave1bas",
    "subject_id": "f8294bu",
    "task_id": "Axcpt"
  },
  "dummy_trs": 3,
  "dvars_nstd": 37.057268457359704,
  "dvars_std": 1.1553587357425756,
  "dvars_vstd": 0.9835564228217809,
  "efc": 0.5418134052821728,
  "fber": 522.458740234375,
  "fd_mean": 0.16981658104909655,
  "fd_num": 201,
  "fd_perc": 33.113673805601316,
  "fwhm_avg": 2.758338779282353,
  "fwhm_x": 2.622162395804628,
  "fwhm_y": 2.7988832221157063,
  "fwhm_z": 2.8539707199267257,
  "gcor": 0.00716475,
  "gsr_x": -0.02050413005053997,
  "gsr_y": 0.1062685027718544,
  "provenance": {
    "md5sum": "7b335991eb5a8e0c9e39ef8c32d5782c",
    "settings": {
      "fd_thres": 0.2,
      "testing": false
    },
    "software": "mriqc",
    "version": "22.0.6",
    "webapi_port": null,
    "webapi_url": "https://mriqc.nimh.nih.gov/api/v1"
  },
  "size_t": 607,
  "size_x": 90,
  "size_y": 90,
  "size_z": 60,
  "snr": 2.3497963736678975,
  "spacing_tr": 1.2000000476837158,
  "spacing_x": 2.4000000953674316,
  "spacing_y": 2.4000000953674316,
  "spacing_z": 2.4000000953674316,
  "summary_bg_k": 33.81013756759917,
  "summary_bg_mad": 80.98256508617906,
  "summary_bg_mean": 405.9495544433594,
  "summary_bg_median": 163.72898864746094,
  "summary_bg_n": 317466.0,
  "summary_bg_p05": 103.69851684570312,
  "summary_bg_p95": 1708.403564453125,
  "summary_bg_stdv": 613.2913208007812,
  "summary_fg_k": 1.5403535298876285,
  "summary_fg_mad": 1469.9962990322656,
  "summary_fg_mean": 4174.6484375,
  "summary_fg_median": 3850.32763671875,
  "summary_fg_n": 88996.0,
  "summary_fg_p05": 2165.0460815429688,
  "summary_fg_p95": 7363.9908447265625,
  "summary_fg_stdv": 1638.570068359375,
  "tsnr": 44.537473160075024
}