{
  "bids_meta": {
    "AcquisitionMatrixPE": 300,
    "AcquisitionNumber": 1,
    "AcquisitionTime": "15:51:58.490000",
    "BaseResolution": 320,
    "BodyPartExamined": "HEAD",
    "ConsistencyInfo": "N4_VE11C_LATEST_20160120",
    "ConversionSoftware": "dcm2niix",
    "ConversionSoftwareVersion": "v1.0.20190902",
    "DeviceSerialNumber": "67064",
    "DwellTime": 2.1e-06,
    "EchoTime": 0.563,
    "EchoTrainLength": 314,
    "FlipAngle": 120,
    "ImageOrientationPatientDICOM": [
      0.00429034,
      0.982124,
      -0.188184,
      0.0237009,
      -0.188233,
      -0.981838
    ],
    "ImageType": [
      "ORIGINAL",
      "PRIMARY",
      "M",
      "ND"
    ],
    "ImagingFrequency": 123.247,
    "InPlanePhaseEncodingDirectionDICOM": "ROW",
    "InstitutionAddress": "Scott_Ave_4525_St._Louis_MO_US_63110",
    "InstitutionName": "Washington_University",
    "InstitutionalDepartmentName": "Department",
    "MRAcquisitionType": "3D",
    "MagneticFieldStrength": 3,
    "Manufacturer": "Siemens",
    "ManufacturersModelName": "Prisma_fit",
    "Modality": "MR",
    "ParallelReductionFactorInPlane": 2,
    "PartialFourier": 1,
    "PatientPosition": "HFS",
    "PercentPhaseFOV": 93.75,
    "PhaseEncodingSteps": 297,
    "PhaseResolution": 1,
    "PixelBandwidth": 745,
    "ProcedureStepDescription": "head_Braver",
    "ProtocolName": "T2w_SPC",
    "PulseSequenceDetails": "%SiemensSeq%_tse_vfl",
    "ReceiveCoilActiveElements": "HEA;HEP",
    "ReceiveCoilName": "Head_32",
    "ReconMatrixPE": 300,
    "RefLinesPE": 32,
    "RepetitionTime": 3.2,
    "SAR": 0.155179,
    "ScanOptions": "PFP",
    "ScanningSequence": "SE",
    "SequenceName": "_spc_314ns",
    "SequenceVariant": "SK_SP",
    "SeriesDescription": "T2w_SPC",
    "SeriesNumber": 13,
    "ShimSetting": [
      -2015,
      -11496,
      5845,
      337,
      -32,
      -10,
      115,
      -43
    ],
    "SliceThickness": 0.8,
    "SoftwareVersions": "syngo_MR_E11",
    "StationName": "MRC35177",
    "TxRefAmp": 268.589,
    "dataset": "ds003465",
    "modality": "T2w",
    "session_id": "wave1bas",
    "subject_id": "f2157me"
  },
  "cjv": 0.44435246544470164,
  "cnr": 1.476295540201063,
  "efc": 0.5415263232146995,
  "fber": 5657.760327071072,
  "fwhm_avg": 3.765204200718991,
  "fwhm_x": 3.6302502163797743,
  "fwhm_y": 3.988762440562808,
  "fwhm_z": 3.6765999452143916,
  "icvs_csf": 0.3638007512558219,
  "icvs_gm": 0.4951993724485003,
  "icvs_wm": 0.14099987629567784,
  "inu_med": 0.9329630732536316,
  "inu_range": 0.8437974512577056,
  "provenance": {
    "md5sum": "20e5122a3111f91cabe2ab750e336533",
    "settings": {
      "testing": false
    },
    "software": "mriqc",
    "version": "22.0.6",
    "warnings": {
      "large_rot_frame": true,
      "small_air_mask": false
    },
    "webapi_port": null,
    "webapi_url": "https://mriqc.nimh.nih.gov/api/v1"
  },
  "qi_1": 0.0,
  "qi_2": 0.0011371730323946438,
  "rpve_csf": 13.073992420716708,
  "rpve_gm": 10.970193611101202,
  "rpve_wm": 41.14031219939145,
  "size_x": 208,
  "size_y": 300,
  "size_z": 320,
  "snr_csf": 7.154180081206398,
  "snr_gm": 7.422431523406983,
  "snr_total": 5.577564646589619,
  "snr_wm": 2.1560823351554763,
  "snrd_csf": 50.48030637537165,
  "snrd_gm": 27.62910228261367,
  "snrd_total": 55.51759100333026,
  "snrd_wm": 88.44336435200546,
  "spacing_x": 0.7999999523162842,
  "spacing_y": 0.800000011920929,
  "spacing_z": 0.800000011920929,
  "summary_bg_k": 14.565928073274364,
  "summary_bg_mad": 0.0,
  "summary_bg_mean": 4.758215415422517,
  "summary_bg_median": 0.0,
  "summary_bg_n": 6890090.0,
  "summary_bg_p05": 0.0,
  "summary_bg_p95": 18.106829971075058,
  "summary_bg_stdv": 7.410391981342874,
  "summary_csf_k": 1.1564902773012298,
  "summary_csf_mad": 71.25170476535371,
  "summary_csf_mean": 579.5415860295362,
  "summary_csf_median": 570.99385346286,
  "summary_csf_n": 85859.0,
  "summary_csf_p05": 465.0663832945749,
  "summary_csf_p95": 724.4995342176408,
  "summary_csf_stdv": 79.81215482255963,
  "summary_gm_k": 1.3337342146359186,
  "summary_gm_mad": 37.28503650724945,
  "summary_gm_mean": 314.42415978004846,
  "summary_gm_median": 312.51885562576354,
  "summary_gm_n": 492479.0,
  "summary_gm_p05": 249.3964344765991,
  "summary_gm_p95": 386.73171013221145,
  "summary_gm_stdv": 42.104603774181754,
  "summary_wm_k": -1.4360890048402981,
  "summary_wm_mad": 268.37769277918153,
  "summary_wm_mean": 738.7103725131441,
  "summary_wm_median": 1000.402355901897,
  "summary_wm_n": 61541.0,
  "summary_wm_p05": 30.63072070106864,
  "summary_wm_p95": 1241.7261620163918,
  "summary_wm_stdv": 463.9870248103836,
  "tpm_overlap_csf": 0.12216291021581081,
  "tpm_overlap_gm": 0.332652945291018,
  "tpm_overlap_wm": 0.023629558401682724,
  "wm2max": 0.7999195576118925
}