{
  "bids_meta": {
    "AcquisitionMatrixPE": 300,
    "AcquisitionNumber": 1,
    "AcquisitionTime": "17:36:23.282500",
    "BaseResolution": 320,
    "BodyPartExamined": "HEAD",
    "ConsistencyInfo": "N4_VE11C_LATEST_20160120",
    "ConversionSoftware": "dcm2niix",
    "ConversionSoftwareVersion": "v1.0.20190902",
    "DeviceSerialNumber": "67064",
    "DwellTime": 2.1e-06,
    "EchoTime": 0.563,
    "EchoTrainLength": 314,
    "FlipAngle": 120,
    "ImageOrientationPatientDICOM": [
      -0.0182587,
      0.99392,
      -0.108582,
      -0.0435052,
      -0.109287,
      -0.993058
    ],
    "ImageType": [
      "ORIGINAL",
      "PRIMARY",
      "M",
      "ND"
    ],
    "ImagingFrequency": 123.247,
    "InPlanePhaseEncodingDirectionDICOM": "ROW",
    "InstitutionAddress": "Scott_Ave_4525_St._Louis_MO_US_63110",
    "InstitutionName": "Washington_University",
    "InstitutionalDepartmentName": "Department",
    "MRAcquisitionType": "3D",
    "MagneticFieldStrength": 3,
    "Manufacturer": "Siemens",
    "ManufacturersModelName": "Prisma_fit",
    "Modality": "MR",
    "ParallelReductionFactorInPlane": 2,
    "PartialFourier": 1,
    "PatientPosition": "HFS",
    "PercentPhaseFOV": 93.75,
    "PhaseEncodingSteps": 297,
    "PhaseResolution": 1,
    "PixelBandwidth": 745,
    "ProcedureStepDescription": "head_Braver",
    "ProtocolName": "T2w_SPC",
    "PulseSequenceDetails": "%SiemensSeq%_tse_vfl",
    "ReceiveCoilActiveElements": "HEA;HEP",
    "ReceiveCoilName": "Head_32",
    "ReconMatrixPE": 300,
    "RefLinesPE": 32,
    "RepetitionTime": 3.2,
    "SAR": 0.160408,
    "ScanOptions": "PFP",
    "ScanningSequence": "SE",
    "SequenceName": "_spc_314ns",
    "SequenceVariant": "SK_SP",
    "SeriesDescription": "T2w_SPC",
    "SeriesNumber": 13,
    "ShimSetting": [
      -2005,
      -11475,
      5822,
      445,
      -6,
      183,
      -43,
      -25
    ],
    "SliceThickness": 0.8,
    "SoftwareVersions": "syngo_MR_E11",
    "StationName": "MRC35177",
    "TxRefAmp": 251.675,
    "dataset": "ds003465",
    "modality": "T2w",
    "session_id": "wave1bas",
    "subject_id": "f3300jh"
  },
  "cjv": 0.2712519025304996,
  "cnr": 1.8719335431895585,
  "efc": 0.5148814992962287,
  "fber": 6338.539073853877,
  "fwhm_avg": 3.4940833639291475,
  "fwhm_x": 3.328400198388112,
  "fwhm_y": 3.8067249432753782,
  "fwhm_z": 3.347124950123952,
  "icvs_csf": 0.4855946314055,
  "icvs_gm": 0.18689535466752968,
  "icvs_wm": 0.32751001392697027,
  "inu_med": 0.9240358173847198,
  "inu_range": 0.7973883152008057,
  "provenance": {
    "md5sum": "db99597116cb77d257744d1290ba0fe9",
    "settings": {
      "testing": false
    },
    "software": "mriqc",
    "version": "22.0.6",
    "warnings": {
      "large_rot_frame": true,
      "small_air_mask": false
    },
    "webapi_port": null,
    "webapi_url": "https://mriqc.nimh.nih.gov/api/v1"
  },
  "qi_1": 1.2523304010911514e-05,
  "qi_2": 0.0016354369857697212,
  "rpve_csf": 10.958764757085516,
  "rpve_gm": 26.86426180233729,
  "rpve_wm": 15.344832027909733,
  "size_x": 208,
  "size_y": 300,
  "size_z": 320,
  "snr_csf": 8.728182915682133,
  "snr_gm": 2.6659113752176906,
  "snr_total": 6.479853454038245,
  "snr_wm": 8.04546607121491,
  "snrd_csf": 50.62085639866003,
  "snrd_gm": 94.58643840937856,
  "snrd_total": 57.683841289646615,
  "snrd_wm": 27.844229060901263,
  "spacing_x": 0.7999999523162842,
  "spacing_y": 0.800000011920929,
  "spacing_z": 0.800000011920929,
  "summary_bg_k": 10.821985999405156,
  "summary_bg_mad": 0.0,
  "summary_bg_mean": 15.169426984370803,
  "summary_bg_median": 0.0,
  "summary_bg_n": 6910915.0,
  "summary_bg_p05": 0.0,
  "summary_bg_p95": 60.12058663368225,
  "summary_bg_stdv": 23.528624503119183,
  "summary_csf_k": 0.4285157863260358,
  "summary_csf_mad": 192.69998125719474,
  "summary_csf_mean": 1811.830839359296,
  "summary_csf_median": 1818.0017508268356,
  "summary_csf_n": 155159.0,
  "summary_csf_p05": 1452.7993334531784,
  "summary_csf_p95": 2143.9362950682644,
  "summary_csf_stdv": 208.29030622615417,
  "summary_gm_k": -0.027226884261712048,
  "summary_gm_mad": 538.1935526894945,
  "summary_gm_mean": 2842.324417338583,
  "summary_gm_median": 3396.985410094261,
  "summary_gm_n": 80008.0,
  "summary_gm_p05": 158.6563332080841,
  "summary_gm_p95": 4136.089642047882,
  "summary_gm_stdv": 1274.222471373277,
  "summary_wm_k": 1.9124097360701384,
  "summary_wm_mad": 111.99329593277652,
  "summary_wm_mean": 999.9428969020282,
  "summary_wm_median": 1000.0000154972076,
  "summary_wm_n": 304848.0,
  "summary_wm_p05": 801.0637505710125,
  "summary_wm_p95": 1199.0525594949722,
  "summary_wm_stdv": 124.29340531457582,
  "tpm_overlap_csf": 0.09862767701377714,
  "tpm_overlap_gm": 0.11656964491593302,
  "tpm_overlap_wm": 0.44376791209892397,
  "wm2max": 0.245065963060686
}