{
  "bids_meta": {
    "AcquisitionMatrixPE": 300,
    "AcquisitionNumber": 1,
    "AcquisitionTime": "18:28:56.447500",
    "BaseResolution": 320,
    "BodyPartExamined": "HEAD",
    "ConsistencyInfo": "N4_VE11C_LATEST_20160120",
    "ConversionSoftware": "dcm2niix",
    "ConversionSoftwareVersion": "v1.0.20190902",
    "DeviceSerialNumber": "67064",
    "DwellTime": 7.1e-06,
    "EchoTime": 0.00222,
    "FlipAngle": 8,
    "ImageOrientationPatientDICOM": [
      -0.0315595,
      0.991041,
      -0.129779,
      0.0334011,
      -0.128726,
      -0.991118
    ],
    "ImageType": [
      "ORIGINAL",
      "PRIMARY",
      "M",
      "ND"
    ],
    "ImagingFrequency": 123.247,
    "InPlanePhaseEncodingDirectionDICOM": "ROW",
    "InstitutionAddress": "Scott_Ave_4525_St._Louis_MO_US_63110",
    "InstitutionName": "Washington_University",
    "InstitutionalDepartmentName": "Department",
    "InversionTime": 1,
    "MRAcquisitionType": "3D",
    "MagneticFieldStrength": 3,
    "Manufacturer": "Siemens",
    "ManufacturersModelName": "Prisma_fit",
    "Modality": "MR",
    "ParallelReductionFactorInPlane": 2,
    "PartialFourier": 1,
    "PatientPosition": "HFS",
    "PercentPhaseFOV": 93.75,
    "PhaseEncodingSteps": 299,
    "PhaseResolution": 1,
    "PixelBandwidth": 220,
    "ProcedureStepDescription": "head_Braver",
    "ProtocolName": "T1w_MPR",
    "PulseSequenceDetails": "%SiemensSeq%_tfl",
    "ReceiveCoilActiveElements": "HEA;HEP",
    "ReceiveCoilName": "Head_32",
    "ReconMatrixPE": 300,
    "RefLinesPE": 32,
    "RepetitionTime": 2.4,
    "SAR": 0.0457925,
    "ScanOptions": "IR_WE",
    "ScanningSequence": "GR_IR",
    "SequenceName": "_tfl3d1_16ns",
    "SequenceVariant": "SK_SP_MP",
    "SeriesDescription": "T1w_MPR",
    "SeriesNumber": 11,
    "ShimSetting": [
      -1987,
      -11466,
      5801,
      508,
      97,
      166,
      49,
      -1
    ],
    "SliceThickness": 0.8,
    "SoftwareVersions": "syngo_MR_E11",
    "StationName": "MRC35177",
    "TxRefAmp": 261.09,
    "dataset": "ds003465",
    "modality": "T1w",
    "session_id": "wave1bas",
    "subject_id": "f6188io"
  },
  "cjv": 0.5572044033853282,
  "cnr": 2.4315854916364423,
  "efc": 0.585517909383575,
  "fber": 8937.322828451108,
  "fwhm_avg": 5.136429214655677,
  "fwhm_x": 5.014150298866648,
  "fwhm_y": 5.002874925451354,
  "fwhm_z": 5.392262419649029,
  "icvs_csf": 0.20181804280694846,
  "icvs_gm": 0.3742286694232959,
  "icvs_wm": 0.42395328776975566,
  "inu_med": 1.0192458629608154,
  "inu_range": 1.1025221347808838,
  "provenance": {
    "md5sum": "ac9369721cc4daee8febef31f620437a",
    "settings": {
      "testing": false
    },
    "software": "mriqc",
    "version": "22.0.6",
    "warnings": {
      "large_rot_frame": true,
      "small_air_mask": false
    },
    "webapi_port": null,
    "webapi_url": "https://mriqc.nimh.nih.gov/api/v1"
  },
  "qi_1": 7.456744762392556e-05,
  "qi_2": 0.0009440226171738626,
  "rpve_csf": 20.91187534150916,
  "rpve_gm": 10.888265940431802,
  "rpve_wm": 11.379681040730834,
  "size_x": 208,
  "size_y": 300,
  "size_z": 320,
  "snr_csf": 3.230010912969823,
  "snr_gm": 11.863680202665275,
  "snr_total": 9.899385267592477,
  "snr_wm": 14.60446468714233,
  "snrd_csf": 14.252723372169012,
  "snrd_gm": 35.05997320050205,
  "snrd_total": 31.65054050890068,
  "snrd_wm": 45.638924954030976,
  "spacing_x": 0.7999999523162842,
  "spacing_y": 0.800000011920929,
  "spacing_z": 0.800000011920929,
  "summary_bg_k": 3336.679283435003,
  "summary_bg_mad": 0.0,
  "summary_bg_mean": 8.026452358831408,
  "summary_bg_median": 0.0,
  "summary_bg_n": 6581106.0,
  "summary_bg_p05": 0.0,
  "summary_bg_p95": 31.564014293253422,
  "summary_bg_stdv": 14.356469647659654,
  "summary_csf_k": 2.495917342303091,
  "summary_csf_mad": 73.43779670844307,
  "summary_csf_mean": 320.2208615059462,
  "summary_csf_median": 312.3300590366125,
  "summary_csf_n": 118744.0,
  "summary_csf_p05": 179.0991822257638,
  "summary_csf_p95": 496.44460945110717,
  "summary_csf_stdv": 96.69587884032627,
  "summary_gm_k": 0.04269006888849125,
  "summary_gm_mad": 64.06089426476359,
  "summary_gm_mean": 768.8678405037333,
  "summary_gm_median": 768.2941156998277,
  "summary_gm_n": 55988.0,
  "summary_gm_p05": 663.8491470552981,
  "summary_gm_p95": 877.2904497012496,
  "summary_gm_stdv": 64.75960589846584,
  "summary_wm_k": 0.45824166114064413,
  "summary_wm_mad": 65.11250949209213,
  "summary_wm_mean": 1008.6827256750302,
  "summary_wm_median": 1000.1182056963444,
  "summary_wm_n": 591725.0,
  "summary_wm_p05": 911.8690046854317,
  "summary_wm_p95": 1136.0680799931288,
  "summary_wm_stdv": 68.48024778953298,
  "tpm_overlap_csf": 0.15121455421497468,
  "tpm_overlap_gm": 0.41287832123329254,
  "tpm_overlap_wm": 0.47529347826117924,
  "wm2max": 0.4670936395759717
}