{
  "bids_meta": {
    "AcquisitionMatrixPE": 300,
    "AcquisitionNumber": 1,
    "AcquisitionTime": "18:36:33.057500",
    "BaseResolution": 320,
    "BodyPartExamined": "HEAD",
    "ConsistencyInfo": "N4_VE11C_LATEST_20160120",
    "ConversionSoftware": "dcm2niix",
    "ConversionSoftwareVersion": "v1.0.20190902",
    "DeviceSerialNumber": "67064",
    "DwellTime": 2.1e-06,
    "EchoTime": 0.563,
    "EchoTrainLength": 314,
    "FlipAngle": 120,
    "ImageOrientationPatientDICOM": [
      -0.0315595,
      0.991041,
      -0.129779,
      0.0334011,
      -0.128726,
      -0.991118
    ],
    "ImageType": [
      "ORIGINAL",
      "PRIMARY",
      "M",
      "ND"
    ],
    "ImagingFrequency": 123.247,
    "InPlanePhaseEncodingDirectionDICOM": "ROW",
    "InstitutionAddress": "Scott_Ave_4525_St._Louis_MO_US_63110",
    "InstitutionName": "Washington_University",
    "InstitutionalDepartmentName": "Department",
    "MRAcquisitionType": "3D",
    "MagneticFieldStrength": 3,
    "Manufacturer": "Siemens",
    "ManufacturersModelName": "Prisma_fit",
    "Modality": "MR",
    "ParallelReductionFactorInPlane": 2,
    "PartialFourier": 1,
    "PatientPosition": "HFS",
    "PercentPhaseFOV": 93.75,
    "PhaseEncodingSteps": 297,
    "PhaseResolution": 1,
    "PixelBandwidth": 745,
    "ProcedureStepDescription": "head_Braver",
    "ProtocolName": "T2w_SPC",
    "PulseSequenceDetails": "%SiemensSeq%_tse_vfl",
    "ReceiveCoilActiveElements": "HEA;HEP",
    "ReceiveCoilName": "Head_32",
    "ReconMatrixPE": 300,
    "RefLinesPE": 32,
    "RepetitionTime": 3.2,
    "SAR": 0.154071,
    "ScanOptions": "PFP",
    "ScanningSequence": "SE",
    "SequenceName": "_spc_314ns",
    "SequenceVariant": "SK_SP",
    "SeriesDescription": "T2w_SPC",
    "SeriesNumber": 13,
    "ShimSetting": [
      -1987,
      -11466,
      5801,
      508,
      97,
      166,
      49,
      -1
    ],
    "SliceThickness": 0.8,
    "SoftwareVersions": "syngo_MR_E11",
    "StationName": "MRC35177",
    "TxRefAmp": 261.09,
    "dataset": "ds003465",
    "modality": "T2w",
    "session_id": "wave1bas",
    "subject_id": "f6188io"
  },
  "cjv": 0.30930591539350016,
  "cnr": 1.6738881638628251,
  "efc": 0.5555878939023525,
  "fber": 3284.02153010412,
  "fwhm_avg": 4.141141700849688,
  "fwhm_x": 3.8610752301380176,
  "fwhm_y": 4.445374933758751,
  "fwhm_z": 4.116974938652293,
  "icvs_csf": 0.31408479473636,
  "icvs_gm": 0.15358853779750592,
  "icvs_wm": 0.5323266674661341,
  "inu_med": 1.0092927813529968,
  "inu_range": 1.0215270161628724,
  "provenance": {
    "md5sum": "1a9ada4d355275720d0b464f41df4a3e",
    "settings": {
      "testing": false
    },
    "software": "mriqc",
    "version": "22.0.6",
    "warnings": {
      "large_rot_frame": true,
      "small_air_mask": false
    },
    "webapi_port": null,
    "webapi_url": "https://mriqc.nimh.nih.gov/api/v1"
  },
  "qi_1": 0.0,
  "qi_2": 0.0008744988374824914,
  "rpve_csf": 11.818307490293417,
  "rpve_gm": 31.970677000725612,
  "rpve_wm": 8.82651469032274,
  "size_x": 208,
  "size_y": 300,
  "size_z": 320,
  "snr_csf": 6.995390272190033,
  "snr_gm": 2.4088910439704647,
  "snr_total": 5.621591113995862,
  "snr_wm": 7.46049202582709,
  "snrd_csf": 38.348441070554145,
  "snrd_gm": 71.59655221363077,
  "snrd_total": 43.847798058525115,
  "snrd_wm": 21.598400891390426,
  "spacing_x": 0.7999999523162842,
  "spacing_y": 0.800000011920929,
  "spacing_z": 0.800000011920929,
  "summary_bg_k": 25.326475724723952,
  "summary_bg_mad": 0.0,
  "summary_bg_mean": 18.78264010964662,
  "summary_bg_median": 0.0,
  "summary_bg_n": 6622713.0,
  "summary_bg_p05": 0.0,
  "summary_bg_p95": 76.66385516524315,
  "summary_bg_stdv": 30.3377439986085,
  "summary_csf_k": 1.8447041828935262,
  "summary_csf_mad": 220.70412866732963,
  "summary_csf_mean": 1806.9877456158238,
  "summary_csf_median": 1775.8213220089674,
  "summary_csf_n": 64398.0,
  "summary_csf_p05": 1459.6334670491517,
  "summary_csf_p95": 2272.198722705245,
  "summary_csf_stdv": 253.85396168020714,
  "summary_gm_k": -0.7957346939939423,
  "summary_gm_mad": 588.9815046580604,
  "summary_gm_mean": 2634.909085068408,
  "summary_gm_median": 3315.458997912705,
  "summary_gm_n": 88418.0,
  "summary_gm_p05": 135.88878943026066,
  "summary_gm_p95": 3910.362089395523,
  "summary_gm_stdv": 1376.3346654386191,
  "summary_wm_k": 0.6717515093188062,
  "summary_wm_mad": 127.1515579984955,
  "summary_wm_mean": 1005.0183877642921,
  "summary_wm_median": 1000.1684489250183,
  "summary_wm_n": 700908.0,
  "summary_wm_p05": 794.2164780132472,
  "summary_wm_p95": 1231.1709663569927,
  "summary_wm_stdv": 134.0618999365975,
  "tpm_overlap_csf": 0.12267771355330234,
  "tpm_overlap_gm": 0.07550627006630609,
  "tpm_overlap_wm": 0.46773667959684495,
  "wm2max": 0.24587345712049338
}