{
  "bids_meta": {
    "AcquisitionMatrixPE": 300,
    "AcquisitionNumber": 1,
    "AcquisitionTime": "09:33:35.012500",
    "BaseResolution": 320,
    "BodyPartExamined": "HEAD",
    "ConsistencyInfo": "N4_VE11C_LATEST_20160120",
    "ConversionSoftware": "dcm2niix",
    "ConversionSoftwareVersion": "v1.0.20190902",
    "DeviceSerialNumber": "67064",
    "DwellTime": 2.1e-06,
    "EchoTime": 0.563,
    "EchoTrainLength": 314,
    "FlipAngle": 120,
    "ImageOrientationPatientDICOM": [
      0.010272,
      0.985738,
      -0.167973,
      -0.000928031,
      -0.167973,
      -0.985791
    ],
    "ImageType": [
      "ORIGINAL",
      "PRIMARY",
      "M",
      "ND"
    ],
    "ImagingFrequency": 123.247,
    "InPlanePhaseEncodingDirectionDICOM": "ROW",
    "InstitutionAddress": "Scott_Ave_4525_St._Louis_MO_US_63110",
    "InstitutionName": "Washington_University",
    "InstitutionalDepartmentName": "Department",
    "MRAcquisitionType": "3D",
    "MagneticFieldStrength": 3,
    "Manufacturer": "Siemens",
    "ManufacturersModelName": "Prisma_fit",
    "Modality": "MR",
    "ParallelReductionFactorInPlane": 2,
    "PartialFourier": 1,
    "PatientPosition": "HFS",
    "PercentPhaseFOV": 93.75,
    "PhaseEncodingSteps": 297,
    "PhaseResolution": 1,
    "PixelBandwidth": 745,
    "ProcedureStepDescription": "head_Braver",
    "ProtocolName": "T2w_SPC",
    "PulseSequenceDetails": "%SiemensSeq%_tse_vfl",
    "ReceiveCoilActiveElements": "HEA;HEP",
    "ReceiveCoilName": "Head_32",
    "ReconMatrixPE": 300,
    "RefLinesPE": 32,
    "RepetitionTime": 3.2,
    "SAR": 0.126941,
    "ScanOptions": "PFP",
    "ScanningSequence": "SE",
    "SequenceName": "_spc_314ns",
    "SequenceVariant": "SK_SP",
    "SeriesDescription": "T2w_SPC",
    "SeriesNumber": 13,
    "ShimSetting": [
      -1995,
      -11479,
      5836,
      572,
      17,
      24,
      -148,
      -20
    ],
    "SliceThickness": 0.8,
    "SoftwareVersions": "syngo_MR_E11",
    "StationName": "MRC35177",
    "TxRefAmp": 221.647,
    "dataset": "ds003465",
    "modality": "T2w",
    "session_id": "wave1rea",
    "subject_id": "f7688lh"
  },
  "cjv": 4.458849769217783,
  "cnr": 0.29759061434504863,
  "efc": 0.4938461353715428,
  "fber": 10092.062770919067,
  "fwhm_avg": 3.279562529242291,
  "fwhm_x": 3.145187687467795,
  "fwhm_y": 3.567462446840667,
  "fwhm_z": 3.1260374534184123,
  "icvs_csf": 0.48206050669765993,
  "icvs_gm": 0.3928438623849924,
  "icvs_wm": 0.12509563091734766,
  "inu_med": 0.8714628517627716,
  "inu_range": 0.747321754693985,
  "provenance": {
    "md5sum": "150ae94f4ef69fa2e3e2491a6ea9c8d2",
    "settings": {
      "testing": false
    },
    "software": "mriqc",
    "version": "22.0.6",
    "warnings": {
      "large_rot_frame": true,
      "small_air_mask": false
    },
    "webapi_port": null,
    "webapi_url": "https://mriqc.nimh.nih.gov/api/v1"
  },
  "qi_1": 0.0,
  "qi_2": 0.002855515520758791,
  "rpve_csf": 11.937610152634141,
  "rpve_gm": 15.12105659950763,
  "rpve_wm": 43.57772037738327,
  "size_x": 208,
  "size_y": 300,
  "size_z": 320,
  "snr_csf": 9.923710031796537,
  "snr_gm": 9.518715395703303,
  "snr_total": 6.800905865001401,
  "snr_wm": 0.9602921675043631,
  "snrd_csf": 84.79197371503481,
  "snrd_gm": 48.797573264279436,
  "snrd_total": 68.1261358515514,
  "snrd_wm": 70.78886057533995,
  "spacing_x": 0.7999999523162842,
  "spacing_y": 0.800000011920929,
  "spacing_z": 0.800000011920929,
  "summary_bg_k": 8.328832959981748,
  "summary_bg_mad": 9.42934683912272,
  "summary_bg_mean": 8.415878940875421,
  "summary_bg_median": 6.359997794032097,
  "summary_bg_n": 6450977.0,
  "summary_bg_p05": 0.0,
  "summary_bg_p95": 31.142058163881302,
  "summary_bg_stdv": 11.939984299726355,
  "summary_csf_k": 0.5134391752864502,
  "summary_csf_mad": 108.11233875890706,
  "summary_csf_mean": 1233.8547895496074,
  "summary_csf_median": 1220.4068180806935,
  "summary_csf_n": 238067.0,
  "summary_csf_p05": 1057.0206678546965,
  "summary_csf_p95": 1481.7533826049407,
  "summary_csf_stdv": 122.97862906205428,
  "summary_gm_k": 0.4043582428076107,
  "summary_gm_mad": 71.04525118442464,
  "summary_gm_mean": 703.9131145550388,
  "summary_gm_median": 702.3411357030272,
  "summary_gm_n": 419703.0,
  "summary_gm_p05": 585.5035900212824,
  "summary_gm_p95": 826.7448856569827,
  "summary_gm_stdv": 73.78519787528124,
  "summary_wm_k": -1.5133083845774804,
  "summary_wm_mad": 1340.2678507194432,
  "summary_wm_mean": 1223.8343500811795,
  "summary_wm_median": 1018.8606810905039,
  "summary_wm_n": 42016.0,
  "summary_wm_p05": 46.71308724582195,
  "summary_wm_p95": 2885.4103785045445,
  "summary_wm_stdv": 1060.9776803566735,
  "tpm_overlap_csf": 0.10622554394111394,
  "tpm_overlap_gm": 0.2514464970232255,
  "tpm_overlap_wm": 0.027020496258142485,
  "wm2max": 0.3825709187778267
}