{
  "bids_meta": {
    "AcquisitionMatrixPE": 300,
    "AcquisitionNumber": 1,
    "AcquisitionTime": "09:26:43.330000",
    "BaseResolution": 320,
    "BodyPartExamined": "HEAD",
    "ConsistencyInfo": "N4_VE11C_LATEST_20160120",
    "ConversionSoftware": "dcm2niix",
    "ConversionSoftwareVersion": "v1.0.20190902",
    "DeviceSerialNumber": "67064",
    "DwellTime": 7.1e-06,
    "EchoTime": 0.00222,
    "FlipAngle": 8,
    "ImageOrientationPatientDICOM": [
      0.010272,
      0.985738,
      -0.167973,
      -0.000928031,
      -0.167973,
      -0.985791
    ],
    "ImageType": [
      "ORIGINAL",
      "PRIMARY",
      "M",
      "ND"
    ],
    "ImagingFrequency": 123.247,
    "InPlanePhaseEncodingDirectionDICOM": "ROW",
    "InstitutionAddress": "Scott_Ave_4525_St._Louis_MO_US_63110",
    "InstitutionName": "Washington_University",
    "InstitutionalDepartmentName": "Department",
    "InversionTime": 1,
    "MRAcquisitionType": "3D",
    "MagneticFieldStrength": 3,
    "Manufacturer": "Siemens",
    "ManufacturersModelName": "Prisma_fit",
    "Modality": "MR",
    "ParallelReductionFactorInPlane": 2,
    "PartialFourier": 1,
    "PatientPosition": "HFS",
    "PercentPhaseFOV": 93.75,
    "PhaseEncodingSteps": 299,
    "PhaseResolution": 1,
    "PixelBandwidth": 220,
    "ProcedureStepDescription": "head_Braver",
    "ProtocolName": "T1w_MPR",
    "PulseSequenceDetails": "%SiemensSeq%_tfl",
    "ReceiveCoilActiveElements": "HEA;HEP",
    "ReceiveCoilName": "Head_32",
    "ReconMatrixPE": 300,
    "RefLinesPE": 32,
    "RepetitionTime": 2.4,
    "SAR": 0.0377291,
    "ScanOptions": "IR_WE",
    "ScanningSequence": "GR_IR",
    "SequenceName": "_tfl3d1_16ns",
    "SequenceVariant": "SK_SP_MP",
    "SeriesDescription": "T1w_MPR",
    "SeriesNumber": 11,
    "ShimSetting": [
      -1995,
      -11479,
      5836,
      572,
      17,
      24,
      -148,
      -20
    ],
    "SliceThickness": 0.8,
    "SoftwareVersions": "syngo_MR_E11",
    "StationName": "MRC35177",
    "TxRefAmp": 221.647,
    "dataset": "ds003465",
    "modality": "T1w",
    "session_id": "wave1rea",
    "subject_id": "f7688lh"
  },
  "cjv": 0.46816294757416954,
  "cnr": 2.860225617060467,
  "efc": 0.5226431404691837,
  "fber": 27344.04877850824,
  "fwhm_avg": 4.647616711047733,
  "fwhm_x": 4.575587772726284,
  "fwhm_y": 4.584162431690657,
  "fwhm_z": 4.783099928726257,
  "icvs_csf": 0.1630448136608136,
  "icvs_gm": 0.42296323023824156,
  "icvs_wm": 0.41399195610094486,
  "inu_med": 0.852406919002533,
  "inu_range": 0.6241321206092836,
  "provenance": {
    "md5sum": "630cc272cc64d29aec6679918eb0d0a3",
    "settings": {
      "testing": false
    },
    "software": "mriqc",
    "version": "22.0.6",
    "warnings": {
      "large_rot_frame": true,
      "small_air_mask": false
    },
    "webapi_port": null,
    "webapi_url": "https://mriqc.nimh.nih.gov/api/v1"
  },
  "qi_1": 4.855145983940943e-06,
  "qi_2": 0.0021103751603523467,
  "rpve_csf": 29.158915013506483,
  "rpve_gm": 12.235668393576097,
  "rpve_wm": 14.36512427676662,
  "size_x": 208,
  "size_y": 300,
  "size_z": 320,
  "snr_csf": 2.63993246099899,
  "snr_gm": 13.886728761128714,
  "snr_total": 11.010513109594442,
  "snr_wm": 16.50487810665562,
  "snrd_csf": 34.42045967625616,
  "snrd_gm": 82.09740295592313,
  "snrd_total": 74.64799564211756,
  "snrd_wm": 107.42612429417338,
  "spacing_x": 0.7999999523162842,
  "spacing_y": 0.800000011920929,
  "spacing_z": 0.800000011920929,
  "summary_bg_k": 2006.9953193537497,
  "summary_bg_mad": 6.098984969538467,
  "summary_bg_mean": 6.535366997565485,
  "summary_bg_median": 4.1137028485536575,
  "summary_bg_n": 6458601.0,
  "summary_bg_p05": 0.0,
  "summary_bg_p95": 25.052450347691774,
  "summary_bg_stdv": 9.789418929607637,
  "summary_csf_k": 0.8761785164180815,
  "summary_csf_mad": 101.09067587010009,
  "summary_csf_mean": 338.1791883411317,
  "summary_csf_median": 320.43688338808715,
  "summary_csf_n": 44830.0,
  "summary_csf_p05": 158.95347806811333,
  "summary_csf_p95": 559.3628016835077,
  "summary_csf_stdv": 121.37935882482458,
  "summary_gm_k": 0.21389181439678007,
  "summary_gm_mad": 53.79304743132928,
  "summary_gm_mean": 762.9195698177081,
  "summary_gm_median": 764.284852232784,
  "summary_gm_n": 58129.0,
  "summary_gm_p05": 670.5335643142462,
  "summary_gm_p95": 850.7384312979876,
  "summary_gm_stdv": 55.036595825426375,
  "summary_wm_k": 0.6174492817340207,
  "summary_wm_mad": 56.598580517316975,
  "summary_wm_mean": 1008.2800713130491,
  "summary_wm_median": 1000.0822995118797,
  "summary_wm_n": 449727.0,
  "summary_wm_p05": 923.7319746427238,
  "summary_wm_p95": 1121.9713149145246,
  "summary_wm_stdv": 60.59306716302759,
  "tpm_overlap_csf": 0.13095786902538378,
  "tpm_overlap_gm": 0.42447851660426744,
  "tpm_overlap_wm": 0.45828744931105275,
  "wm2max": 0.6381007375521667
}