{
  "bids_meta": {
    "AcquisitionMatrixPE": 300,
    "AcquisitionNumber": 1,
    "AcquisitionTime": "13:40:27.240000",
    "BaseResolution": 320,
    "BodyPartExamined": "HEAD",
    "ConsistencyInfo": "N4_VE11C_LATEST_20160120",
    "ConversionSoftware": "dcm2niix",
    "ConversionSoftwareVersion": "v1.0.20190902",
    "DeviceSerialNumber": "67064",
    "DwellTime": 2.1e-06,
    "EchoTime": 0.563,
    "EchoTrainLength": 314,
    "FlipAngle": 120,
    "ImageOrientationPatientDICOM": [
      -0.00950293,
      0.982312,
      -0.18701,
      -0.0158463,
      -0.187143,
      -0.982205
    ],
    "ImageType": [
      "ORIGINAL",
      "PRIMARY",
      "M",
      "ND"
    ],
    "ImagingFrequency": 123.247,
    "InPlanePhaseEncodingDirectionDICOM": "ROW",
    "InstitutionAddress": "Scott_Ave_4525_St._Louis_MO_US_63110",
    "InstitutionName": "Washington_University",
    "InstitutionalDepartmentName": "Department",
    "MRAcquisitionType": "3D",
    "MagneticFieldStrength": 3,
    "Manufacturer": "Siemens",
    "ManufacturersModelName": "Prisma_fit",
    "Modality": "MR",
    "ParallelReductionFactorInPlane": 2,
    "PartialFourier": 1,
    "PatientPosition": "HFS",
    "PercentPhaseFOV": 93.75,
    "PhaseEncodingSteps": 297,
    "PhaseResolution": 1,
    "PixelBandwidth": 745,
    "ProcedureStepDescription": "head_Braver",
    "ProtocolName": "T2w_SPC",
    "PulseSequenceDetails": "%SiemensSeq%_tse_vfl",
    "ReceiveCoilActiveElements": "HEA;HEP",
    "ReceiveCoilName": "Head_32",
    "ReconMatrixPE": 300,
    "RefLinesPE": 32,
    "RepetitionTime": 3.2,
    "SAR": 0.136421,
    "ScanOptions": "PFP",
    "ScanningSequence": "SE",
    "SequenceName": "_spc_314ns",
    "SequenceVariant": "SK_SP",
    "SeriesDescription": "T2w_SPC",
    "SeriesNumber": 13,
    "ShimSetting": [
      -1975,
      -11491,
      5761,
      608,
      41,
      95,
      -189,
      -16
    ],
    "SliceThickness": 0.8,
    "SoftwareVersions": "syngo_MR_E11",
    "StationName": "MRC35177",
    "TxRefAmp": 234.181,
    "dataset": "ds003465",
    "modality": "T2w",
    "session_id": "wave1rea",
    "subject_id": "f1342ku"
  },
  "cjv": 0.4444107807741327,
  "cnr": 1.4463065820442154,
  "efc": 0.5280367190207018,
  "fber": 5501.280294692392,
  "fwhm_avg": 3.617754199001198,
  "fwhm_x": 3.4726127069838473,
  "fwhm_y": 3.7999874433757745,
  "fwhm_z": 3.5806624466439714,
  "icvs_csf": 0.29222011978784745,
  "icvs_gm": 0.5675819525577644,
  "icvs_wm": 0.14019792765438813,
  "inu_med": 0.9869064688682556,
  "inu_range": 0.890877640247345,
  "provenance": {
    "md5sum": "e816a5eebb78734f171380c6b1a7ff00",
    "settings": {
      "testing": false
    },
    "software": "mriqc",
    "version": "22.0.6",
    "warnings": {
      "large_rot_frame": true,
      "small_air_mask": false
    },
    "webapi_port": null,
    "webapi_url": "https://mriqc.nimh.nih.gov/api/v1"
  },
  "qi_1": 5.580652913956147e-05,
  "qi_2": 0.0012080043681774553,
  "rpve_csf": 13.766507662470152,
  "rpve_gm": 9.192947828870158,
  "rpve_wm": 39.00584252772999,
  "size_x": 208,
  "size_y": 300,
  "size_z": 320,
  "snr_csf": 5.137185289033757,
  "snr_gm": 6.877846191007294,
  "snr_total": 4.747148506241803,
  "snr_wm": 2.2264140386843603,
  "snrd_csf": 62.413313378042666,
  "snrd_gm": 35.69781656061339,
  "snrd_total": 67.09428996260685,
  "snrd_wm": 103.17173994916446,
  "spacing_x": 0.7999999523162842,
  "spacing_y": 0.800000011920929,
  "spacing_z": 0.800000011920929,
  "summary_bg_k": 10.539650881909177,
  "summary_bg_mad": 6.35109338380201,
  "summary_bg_mean": 8.677363583683677,
  "summary_bg_median": 4.283747389912605,
  "summary_bg_n": 6775675.0,
  "summary_bg_p05": 0.0,
  "summary_bg_p95": 38.34973853826523,
  "summary_bg_stdv": 14.28484238898072,
  "summary_csf_k": 1.637215680833906,
  "summary_csf_mad": 81.43009017089007,
  "summary_csf_mean": 633.0016914104858,
  "summary_csf_median": 605.053820328787,
  "summary_csf_n": 44566.0,
  "summary_csf_p05": 498.8334590815939,
  "summary_csf_p95": 954.2302295994014,
  "summary_csf_stdv": 117.77792661922882,
  "summary_gm_k": 0.8177114824061014,
  "summary_gm_mad": 46.53688068726354,
  "summary_gm_mean": 350.4278492206004,
  "summary_gm_median": 346.06559271365404,
  "summary_gm_n": 574430.0,
  "summary_gm_p05": 276.250709656626,
  "summary_gm_p95": 441.3789721392095,
  "summary_gm_stdv": 50.31593930390464,
  "summary_wm_k": -1.0070256181261947,
  "summary_wm_mad": 244.15795606717433,
  "summary_wm_mean": 806.3383033229903,
  "summary_wm_median": 1000.1785200554878,
  "summary_wm_n": 68932.0,
  "summary_wm_p05": 38.42623402737081,
  "summary_wm_p95": 1320.439634444192,
  "summary_wm_stdv": 449.2296795793147,
  "tpm_overlap_csf": 0.12224013274327473,
  "tpm_overlap_gm": 0.3673090734753799,
  "tpm_overlap_wm": 0.032358391247123724,
  "wm2max": 0.7899983887859502
}