{
  "bids_meta": {
    "AcquisitionMatrixPE": 300,
    "AcquisitionNumber": 1,
    "AcquisitionTime": "18:05:1.317500",
    "BaseResolution": 320,
    "BodyPartExamined": "HEAD",
    "ConsistencyInfo": "N4_VE11C_LATEST_20160120",
    "ConversionSoftware": "dcm2niix",
    "ConversionSoftwareVersion": "v1.0.20190902",
    "DeviceSerialNumber": "67064",
    "DwellTime": 2.1e-06,
    "EchoTime": 0.563,
    "EchoTrainLength": 314,
    "FlipAngle": 120,
    "ImageOrientationPatientDICOM": [
      0,
      1,
      0,
      0,
      0,
      -1
    ],
    "ImageType": [
      "ORIGINAL",
      "PRIMARY",
      "M",
      "ND"
    ],
    "ImagingFrequency": 123.247,
    "InPlanePhaseEncodingDirectionDICOM": "ROW",
    "InstitutionAddress": "Scott_Ave_4525_St._Louis_MO_US_63110",
    "InstitutionName": "Washington_University",
    "InstitutionalDepartmentName": "Department",
    "MRAcquisitionType": "3D",
    "MagneticFieldStrength": 3,
    "Manufacturer": "Siemens",
    "ManufacturersModelName": "Prisma_fit",
    "Modality": "MR",
    "ParallelReductionFactorInPlane": 2,
    "PartialFourier": 1,
    "PatientPosition": "HFS",
    "PercentPhaseFOV": 93.75,
    "PhaseEncodingSteps": 297,
    "PhaseResolution": 1,
    "PixelBandwidth": 745,
    "ProcedureStepDescription": "head_Braver",
    "ProtocolName": "T2w_SPC",
    "PulseSequenceDetails": "%SiemensSeq%_tse_vfl",
    "ReceiveCoilActiveElements": "HEA;HEP",
    "ReceiveCoilName": "Head_32",
    "ReconMatrixPE": 300,
    "RefLinesPE": 32,
    "RepetitionTime": 3.2,
    "SAR": 0.132017,
    "ScanOptions": "PFP",
    "ScanningSequence": "SE",
    "SequenceName": "_spc_314ns",
    "SequenceVariant": "SK_SP",
    "SeriesDescription": "T2w_SPC",
    "SeriesNumber": 37,
    "ShimSetting": [
      -2012,
      -11508,
      5795,
      515,
      37,
      166,
      -11,
      15
    ],
    "SliceThickness": 0.8,
    "SoftwareVersions": "syngo_MR_E11",
    "StationName": "MRC35177",
    "TxRefAmp": 245.157,
    "dataset": "ds003465",
    "modality": "T2w",
    "session_id": "wave1bas",
    "subject_id": "f4138ge"
  },
  "cjv": 0.2570897268522209,
  "cnr": 1.8329480053739307,
  "efc": 0.5100685828386201,
  "fber": 5255.099269337365,
  "fwhm_avg": 3.8298833657674543,
  "fwhm_x": 3.603900214809192,
  "fwhm_y": 4.186674937613682,
  "fwhm_z": 3.699074944879488,
  "icvs_csf": 0.394578011124169,
  "icvs_gm": 0.14041553183706024,
  "icvs_wm": 0.46500645703877075,
  "inu_med": 0.9755150079727173,
  "inu_range": 0.8838828682899476,
  "provenance": {
    "md5sum": "b13073d3729780e573ef0a153f0eaf2d",
    "settings": {
      "testing": false
    },
    "software": "mriqc",
    "version": "22.0.6",
    "warnings": {
      "large_rot_frame": true,
      "small_air_mask": false
    },
    "webapi_port": null,
    "webapi_url": "https://mriqc.nimh.nih.gov/api/v1"
  },
  "qi_1": 0.0,
  "qi_2": 0.0015955843629344205,
  "rpve_csf": 11.72827687512743,
  "rpve_gm": 37.32313515336619,
  "rpve_wm": 10.903704892095087,
  "size_x": 208,
  "size_y": 300,
  "size_z": 320,
  "snr_csf": 8.468541614615608,
  "snr_gm": 2.514829524964258,
  "snr_total": 6.074732766460581,
  "snr_wm": 7.240827159801876,
  "snrd_csf": 59.04112486012821,
  "snrd_gm": 114.41895507327563,
  "snrd_total": 68.03860064806751,
  "snrd_wm": 30.655722010798698,
  "spacing_x": 0.7999999523162842,
  "spacing_y": 0.800000011920929,
  "spacing_z": 0.800000011920929,
  "summary_bg_k": 18.245878022579127,
  "summary_bg_mad": 0.0,
  "summary_bg_mean": 14.400207302348143,
  "summary_bg_median": 0.0,
  "summary_bg_n": 7390875.0,
  "summary_bg_p05": 0.0,
  "summary_bg_p95": 55.318436689674854,
  "summary_bg_stdv": 21.372559011720107,
  "summary_csf_k": 1.2753334226989956,
  "summary_csf_mad": 202.12227081459702,
  "summary_csf_mean": 1932.3676854404216,
  "summary_csf_median": 1926.1026027426124,
  "summary_csf_n": 150534.0,
  "summary_csf_p05": 1572.8512846380472,
  "summary_csf_p95": 2314.8380617797375,
  "summary_csf_stdv": 227.44131077317053,
  "summary_gm_k": -0.6249919170798623,
  "summary_gm_mad": 583.4124722960314,
  "summary_gm_mean": 2948.6349116723504,
  "summary_gm_median": 3732.697296872735,
  "summary_gm_n": 72854.0,
  "summary_gm_p05": 125.86827349662781,
  "summary_gm_p95": 4292.576784700155,
  "summary_gm_stdv": 1484.2642978683516,
  "summary_wm_k": 2.2032356723359303,
  "summary_wm_mad": 119.11441373972569,
  "summary_wm_mean": 1007.897571519164,
  "summary_wm_median": 1000.083689019084,
  "summary_wm_n": 569221.0,
  "summary_wm_p05": 799.5648171454668,
  "summary_wm_p95": 1242.6981337442994,
  "summary_wm_stdv": 138.11720518669267,
  "tpm_overlap_csf": 0.11498767923529038,
  "tpm_overlap_gm": 0.07339627039661341,
  "tpm_overlap_wm": 0.4816778514117789,
  "wm2max": 0.23462656090473571
}