{
  "aor": 0.00047183359013867486,
  "aqi": 0.010841453281972264,
  "bids_meta": {
    "AcquisitionMatrixPE": 90,
    "AcquisitionNumber": 1,
    "AcquisitionTime": "10:14:1.392500",
    "BandwidthPerPixelPhaseEncode": 18.832,
    "BaseResolution": 90,
    "BodyPartExamined": "HEAD",
    "ConsistencyInfo": "N4_VE11C_LATEST_20160120",
    "ConversionSoftware": "dcm2niix",
    "ConversionSoftwareVersion": "v1.0.20190902",
    "DerivedVendorReportedEchoSpacing": 0.000590012,
    "DeviceSerialNumber": "67064",
    "DwellTime": 2.5e-06,
    "EchoTime": 0.033,
    "EchoTrainLength": 90,
    "EffectiveEchoSpacing": 0.000590012,
    "FlipAngle": 63,
    "ImageComments": "Unaliased_MB4_PE3_LB",
    "ImageOrientationPatientDICOM": [
      0.998986,
      -0.00758791,
      0.0443777,
      0.0284276,
      0.870659,
      -0.491065
    ],
    "ImageType": [
      "ORIGINAL",
      "PRIMARY",
      "M",
      "MB",
      "ND",
      "MOSAIC"
    ],
    "ImagingFrequency": 123.247,
    "InPlanePhaseEncodingDirectionDICOM": "COL",
    "InstitutionAddress": "Scott_Ave_4525_St._Louis_MO_US_63110",
    "InstitutionName": "Washington_University",
    "InstitutionalDepartmentName": "Department",
    "MRAcquisitionType": "2D",
    "MagneticFieldStrength": 3,
    "Manufacturer": "Siemens",
    "ManufacturersModelName": "Prisma_fit",
    "Modality": "MR",
    "MultibandAccelerationFactor": 4,
    "PartialFourier": 1,
    "PatientPosition": "HFS",
    "PercentPhaseFOV": 100,
    "PhaseEncodingDirection": "j-",
    "PhaseEncodingSteps": 90,
    "PhaseResolution": 1,
    "PixelBandwidth": 2220,
    "ProcedureStepDescription": "head_Braver",
    "ProtocolName": "tfMRI_CuedtsBas1_AP",
    "PulseSequenceDetails": "%CustomerSeq%_cmrr_mbep2d_bold",
    "ReceiveCoilActiveElements": "HEA;HEP",
    "ReceiveCoilName": "Head_32",
    "ReconMatrixPE": 90,
    "RepetitionTime": 1.2,
    "SAR": 0.0705065,
    "ScanOptions": "FS_EXT",
    "ScanningSequence": "EP",
    "SequenceName": "epfid2d1_90",
    "SequenceVariant": "SK_SS",
    "SeriesDescription": "tfMRI_CuedtsBas1_AP",
    "SeriesNumber": 53,
    "ShimSetting": [
      -1989,
      -11472,
      5822,
      459,
      3,
      -27,
      50,
      -14
    ],
    "SliceThickness": 2.4,
    "SliceTiming": [
      0,
      0.63,
      0.0775,
      0.7075,
      0.1575,
      0.785,
      0.235,
      0.865,
      0.315,
      0.9425,
      0.3925,
      1.0225,
      0.4725,
      1.1,
      0.55,
      0,
      0.63,
      0.0775,
      0.7075,
      0.1575,
      0.785,
      0.235,
      0.865,
      0.315,
      0.9425,
      0.3925,
      1.0225,
      0.4725,
      1.1,
      0.55,
      0,
      0.63,
      0.0775,
      0.7075,
      0.1575,
      0.785,
      0.235,
      0.865,
      0.315,
      0.9425,
      0.3925,
      1.0225,
      0.4725,
      1.1,
      0.55,
      0,
      0.63,
      0.0775,
      0.7075,
      0.1575,
      0.785,
      0.235,
      0.865,
      0.315,
      0.9425,
      0.3925,
      1.0225,
      0.4725,
      1.1,
      0.55
    ],
    "SoftwareVersions": "syngo_MR_E11",
    "SpacingBetweenSlices": 2.4,
    "StationName": "MRC35177",
    "TaskName": "Cuedts",
    "TotalReadoutTime": 0.0525111,
    "TxRefAmp": 256.087,
    "VendorReportedEchoSpacing": 0.00059,
    "WipMemBlock": "73a97b0c-c434-4732-80b1-65fd32ace59c||Sequence: R016 ve11c/master r/e634e98; Dec 19 2017 11:00:25 by eja",
    "acq_id": "mb4AP",
    "dataset": "ds003465",
    "modality": "bold",
    "run_id": 1,
    "session_id": "wave1bas",
    "subject_id": "f8979ai",
    "task_id": "Cuedts"
  },
  "dummy_trs": 1,
  "dvars_nstd": 35.65568916287036,
  "dvars_std": 1.1036998483487652,
  "dvars_vstd": 0.9701383070679009,
  "efc": 0.5554596030570045,
  "fber": 561.6103515625,
  "fd_mean": 0.19535928917094478,
  "fd_num": 259,
  "fd_perc": 39.907550077041606,
  "fwhm_avg": 2.7614194314388,
  "fwhm_x": 2.5723415644509964,
  "fwhm_y": 2.7909707224301212,
  "fwhm_z": 2.9209460074352824,
  "gcor": 0.0139218,
  "gsr_x": -0.005734226666390896,
  "gsr_y": 0.09978906810283661,
  "provenance": {
    "md5sum": "975cd39c53bd5d18341952e93e865fa2",
    "settings": {
      "fd_thres": 0.2,
      "testing": false
    },
    "software": "mriqc",
    "version": "22.0.6",
    "webapi_port": null,
    "webapi_url": "https://mriqc.nimh.nih.gov/api/v1"
  },
  "size_t": 649,
  "size_x": 90,
  "size_y": 90,
  "size_z": 60,
  "snr": 2.692925765968426,
  "spacing_tr": 1.2000000476837158,
  "spacing_x": 2.4000000953674316,
  "spacing_y": 2.4000000953674316,
  "spacing_z": 2.3999998569488525,
  "summary_bg_k": 29.27167129169007,
  "summary_bg_mad": 67.75538062681068,
  "summary_bg_mean": 374.9913024902344,
  "summary_bg_median": 152.18258666992188,
  "summary_bg_n": 310704.0,
  "summary_bg_p05": 100.0416030883789,
  "summary_bg_p95": 1484.047399902343,
  "summary_bg_stdv": 589.0695190429688,
  "summary_fg_k": 2.5005704197673886,
  "summary_fg_mad": 1159.122919352043,
  "summary_fg_mean": 3962.154296875,
  "summary_fg_median": 3690.149658203125,
  "summary_fg_n": 96026.0,
  "summary_fg_p05": 2254.5895385742188,
  "summary_fg_p95": 6577.3734130859375,
  "summary_fg_stdv": 1370.3052978515625,
  "tsnr": 39.612427291227505
}