{
  "aor": 0.002080592105263158,
  "aqi": 0.012996508421052632,
  "bids_meta": {
    "AcquisitionMatrixPE": 90,
    "AcquisitionNumber": 1,
    "AcquisitionTime": "09:46:35.427500",
    "BandwidthPerPixelPhaseEncode": 18.832,
    "BaseResolution": 90,
    "BodyPartExamined": "HEAD",
    "ConsistencyInfo": "N4_VE11C_LATEST_20160120",
    "ConversionSoftware": "dcm2niix",
    "ConversionSoftwareVersion": "v1.0.20190902",
    "DerivedVendorReportedEchoSpacing": 0.000590012,
    "DeviceSerialNumber": "67064",
    "DwellTime": 2.5e-06,
    "EchoTime": 0.033,
    "EchoTrainLength": 90,
    "EffectiveEchoSpacing": 0.000590012,
    "FlipAngle": 63,
    "ImageComments": "Unaliased_MB4_PE3_LB",
    "ImageOrientationPatientDICOM": [
      0.998986,
      -0.00758791,
      0.0443777,
      0.0284276,
      0.870659,
      -0.491065
    ],
    "ImageType": [
      "ORIGINAL",
      "PRIMARY",
      "M",
      "MB",
      "ND",
      "MOSAIC"
    ],
    "ImagingFrequency": 123.247,
    "InPlanePhaseEncodingDirectionDICOM": "COL",
    "InstitutionAddress": "Scott_Ave_4525_St._Louis_MO_US_63110",
    "InstitutionName": "Washington_University",
    "InstitutionalDepartmentName": "Department",
    "MRAcquisitionType": "2D",
    "MagneticFieldStrength": 3,
    "Manufacturer": "Siemens",
    "ManufacturersModelName": "Prisma_fit",
    "Modality": "MR",
    "MultibandAccelerationFactor": 4,
    "PartialFourier": 1,
    "PatientPosition": "HFS",
    "PercentPhaseFOV": 100,
    "PhaseEncodingDirection": "j-",
    "PhaseEncodingSteps": 90,
    "PhaseResolution": 1,
    "PixelBandwidth": 2220,
    "ProcedureStepDescription": "head_Braver",
    "ProtocolName": "tfMRI_AxcptBas1_AP",
    "PulseSequenceDetails": "%CustomerSeq%_cmrr_mbep2d_bold",
    "ReceiveCoilActiveElements": "HEA;HEP",
    "ReceiveCoilName": "Head_32",
    "ReconMatrixPE": 90,
    "RepetitionTime": 1.2,
    "SAR": 0.0704898,
    "ScanOptions": "FS_EXT",
    "ScanningSequence": "EP",
    "SequenceName": "epfid2d1_90",
    "SequenceVariant": "SK_SS",
    "SeriesDescription": "tfMRI_AxcptBas1_AP",
    "SeriesNumber": 47,
    "ShimSetting": [
      -1989,
      -11472,
      5822,
      459,
      3,
      -27,
      50,
      -14
    ],
    "SliceThickness": 2.4,
    "SliceTiming": [
      0,
      0.6275,
      0.0775,
      0.7075,
      0.1575,
      0.785,
      0.235,
      0.865,
      0.315,
      0.9425,
      0.3925,
      1.0225,
      0.47,
      1.1,
      0.55,
      0,
      0.6275,
      0.0775,
      0.7075,
      0.1575,
      0.785,
      0.235,
      0.865,
      0.315,
      0.9425,
      0.3925,
      1.0225,
      0.47,
      1.1,
      0.55,
      0,
      0.6275,
      0.0775,
      0.7075,
      0.1575,
      0.785,
      0.235,
      0.865,
      0.315,
      0.9425,
      0.3925,
      1.0225,
      0.47,
      1.1,
      0.55,
      0,
      0.6275,
      0.0775,
      0.7075,
      0.1575,
      0.785,
      0.235,
      0.865,
      0.315,
      0.9425,
      0.3925,
      1.0225,
      0.47,
      1.1,
      0.55
    ],
    "SoftwareVersions": "syngo_MR_E11",
    "SpacingBetweenSlices": 2.4,
    "StationName": "MRC35177",
    "TaskName": "Axcpt",
    "TotalReadoutTime": 0.0525111,
    "TxRefAmp": 256.087,
    "VendorReportedEchoSpacing": 0.00059,
    "WipMemBlock": "a33bb363-2638-4824-b34f-18f8809bcd88||Sequence: R016 ve11c/master r/e634e98; Dec 19 2017 11:00:25 by eja",
    "acq_id": "mb4AP",
    "dataset": "ds003465",
    "modality": "bold",
    "run_id": 1,
    "session_id": "wave1bas",
    "subject_id": "f8979ai",
    "task_id": "Axcpt"
  },
  "dummy_trs": 2,
  "dvars_nstd": 32.562900511944015,
  "dvars_std": 1.0613164173970335,
  "dvars_vstd": 0.9976131203624379,
  "efc": 0.5543097603707813,
  "fber": 559.5009765625,
  "fd_mean": 0.19908991577044738,
  "fd_num": 224,
  "fd_perc": 36.8421052631579,
  "fwhm_avg": 2.7958055425199433,
  "fwhm_x": 2.566537398014967,
  "fwhm_y": 2.8595748863707033,
  "fwhm_z": 2.96130434317416,
  "gcor": 0.00803616,
  "gsr_x": -0.006280660163611174,
  "gsr_y": 0.10302527248859406,
  "provenance": {
    "md5sum": "d11361698ab932da38a36fe24cae78fb",
    "settings": {
      "fd_thres": 0.2,
      "testing": false
    },
    "software": "mriqc",
    "version": "22.0.6",
    "webapi_port": null,
    "webapi_url": "https://mriqc.nimh.nih.gov/api/v1"
  },
  "size_t": 608,
  "size_x": 90,
  "size_y": 90,
  "size_z": 60,
  "snr": 2.672218313926559,
  "spacing_tr": 1.2000000476837158,
  "spacing_x": 2.4000000953674316,
  "spacing_y": 2.4000000953674316,
  "spacing_z": 2.3999998569488525,
  "summary_bg_k": 27.973684315254744,
  "summary_bg_mad": 72.69871522108095,
  "summary_bg_mean": 387.77484130859375,
  "summary_bg_median": 153.53289794921875,
  "summary_bg_n": 312513.0,
  "summary_bg_p05": 94.66710662841797,
  "summary_bg_p95": 1536.4585693359359,
  "summary_bg_stdv": 629.9588012695312,
  "summary_fg_k": 2.485067138902889,
  "summary_fg_mad": 1156.3765218098283,
  "summary_fg_mean": 3960.97119140625,
  "summary_fg_median": 3681.073974609375,
  "summary_fg_n": 95861.0,
  "summary_fg_p05": 2253.32568359375,
  "summary_fg_p95": 6595.14501953125,
  "summary_fg_stdv": 1377.5277099609375,
  "tsnr": 35.16873165266588
}