{
  "aor": 0.0007280370370370371,
  "aqi": 0.008800537759259259,
  "bids_meta": {
    "AcquisitionMatrixPE": 90,
    "AcquisitionNumber": 1,
    "AcquisitionTime": "08:29:18.490000",
    "BandwidthPerPixelPhaseEncode": 18.832,
    "BaseResolution": 90,
    "BodyPartExamined": "HEAD",
    "ConsistencyInfo": "N4_VE11C_LATEST_20160120",
    "ConversionSoftware": "dcm2niix",
    "ConversionSoftwareVersion": "v1.0.20190902",
    "DerivedVendorReportedEchoSpacing": 0.000590012,
    "DeviceSerialNumber": "67064",
    "DwellTime": 2.5e-06,
    "EchoTime": 0.033,
    "EchoTrainLength": 90,
    "EffectiveEchoSpacing": 0.000590012,
    "FlipAngle": 63,
    "ImageComments": "Unaliased_MB4_PE3_LB",
    "ImageOrientationPatientDICOM": [
      0.999853,
      -0.0146452,
      0.00886983,
      0.0171034,
      0.878283,
      -0.477835
    ],
    "ImageType": [
      "ORIGINAL",
      "PRIMARY",
      "M",
      "MB",
      "ND",
      "MOSAIC"
    ],
    "ImagingFrequency": 123.247,
    "InPlanePhaseEncodingDirectionDICOM": "COL",
    "InstitutionAddress": "Scott_Ave_4525_St._Louis_MO_US_63110",
    "InstitutionName": "Washington_University",
    "InstitutionalDepartmentName": "Department",
    "MRAcquisitionType": "2D",
    "MagneticFieldStrength": 3,
    "Manufacturer": "Siemens",
    "ManufacturersModelName": "Prisma_fit",
    "Modality": "MR",
    "MultibandAccelerationFactor": 4,
    "PartialFourier": 1,
    "PatientPosition": "HFS",
    "PercentPhaseFOV": 100,
    "PhaseEncodingDirection": "j-",
    "PhaseEncodingSteps": 90,
    "PhaseResolution": 1,
    "PixelBandwidth": 2220,
    "ProcedureStepDescription": "head_Braver",
    "ProtocolName": "tfMRI_StroopBas1_AP",
    "PulseSequenceDetails": "%CustomerSeq%_cmrr_mbep2d_bold",
    "ReceiveCoilActiveElements": "HEA;HEP",
    "ReceiveCoilName": "Head_32",
    "ReconMatrixPE": 90,
    "RepetitionTime": 1.2,
    "SAR": 0.0685784,
    "ScanOptions": "FS_EXT",
    "ScanningSequence": "EP",
    "SequenceName": "epfid2d1_90",
    "SequenceVariant": "SK_SS",
    "SeriesDescription": "tfMRI_StroopBas1_AP",
    "SeriesNumber": 22,
    "ShimSetting": [
      -1988,
      -11477,
      5810,
      438,
      76,
      23,
      -11,
      -23
    ],
    "SliceThickness": 2.4,
    "SliceTiming": [
      0,
      0.6275,
      0.0775,
      0.7075,
      0.1575,
      0.785,
      0.235,
      0.865,
      0.3125,
      0.9425,
      0.3925,
      1.0225,
      0.47,
      1.1,
      0.55,
      0,
      0.6275,
      0.0775,
      0.7075,
      0.1575,
      0.785,
      0.235,
      0.865,
      0.3125,
      0.9425,
      0.3925,
      1.0225,
      0.47,
      1.1,
      0.55,
      0,
      0.6275,
      0.0775,
      0.7075,
      0.1575,
      0.785,
      0.235,
      0.865,
      0.3125,
      0.9425,
      0.3925,
      1.0225,
      0.47,
      1.1,
      0.55,
      0,
      0.6275,
      0.0775,
      0.7075,
      0.1575,
      0.785,
      0.235,
      0.865,
      0.3125,
      0.9425,
      0.3925,
      1.0225,
      0.47,
      1.1,
      0.55
    ],
    "SoftwareVersions": "syngo_MR_E11",
    "SpacingBetweenSlices": 2.4,
    "StationName": "MRC35177",
    "TaskName": "Stroop",
    "TotalReadoutTime": 0.0525111,
    "TxRefAmp": 254.648,
    "VendorReportedEchoSpacing": 0.00059,
    "WipMemBlock": "6fe67896-ee34-4476-8e96-eeb828863b11||Sequence: R016 ve11c/master r/e634e98; Dec 19 2017 11:00:25 by eja",
    "acq_id": "mb4AP",
    "dataset": "ds003465",
    "modality": "bold",
    "run_id": 1,
    "session_id": "wave1bas",
    "subject_id": "f8979ai",
    "task_id": "Stroop"
  },
  "dummy_trs": 0,
  "dvars_nstd": 38.234184615398824,
  "dvars_std": 1.1106183674397028,
  "dvars_vstd": 0.9909536648423004,
  "efc": 0.551897797374666,
  "fber": 591.8912353515625,
  "fd_mean": 0.25574455910675997,
  "fd_num": 317,
  "fd_perc": 58.7037037037037,
  "fwhm_avg": 2.770755445455626,
  "fwhm_x": 2.5556957317791094,
  "fwhm_y": 2.829449887567763,
  "fwhm_z": 2.927120717020006,
  "gcor": 0.0115455,
  "gsr_x": -0.00965424906462431,
  "gsr_y": 0.11331890523433685,
  "provenance": {
    "md5sum": "4b5e70cf139d1daf7243f4a63a417342",
    "settings": {
      "fd_thres": 0.2,
      "testing": false
    },
    "software": "mriqc",
    "version": "22.0.6",
    "webapi_port": null,
    "webapi_url": "https://mriqc.nimh.nih.gov/api/v1"
  },
  "size_t": 540,
  "size_x": 90,
  "size_y": 90,
  "size_z": 60,
  "snr": 2.719575778756618,
  "spacing_tr": 1.2000000476837158,
  "spacing_x": 2.4000000953674316,
  "spacing_y": 2.4000000953674316,
  "spacing_z": 2.4000000953674316,
  "summary_bg_k": 29.4686289651819,
  "summary_bg_mad": 61.074960898446896,
  "summary_bg_mean": 376.337890625,
  "summary_bg_median": 145.91665649414062,
  "summary_bg_n": 314449.0,
  "summary_bg_p05": 100.12222290039062,
  "summary_bg_p95": 1515.4333496093736,
  "summary_bg_stdv": 618.2030029296875,
  "summary_fg_k": 2.2507334993694172,
  "summary_fg_mad": 1118.4943338988787,
  "summary_fg_mean": 3870.17724609375,
  "summary_fg_median": 3604.27587890625,
  "summary_fg_n": 94956.0,
  "summary_fg_p05": 2209.8767700195312,
  "summary_fg_p95": 6393.0003662109375,
  "summary_fg_stdv": 1325.3011474609375,
  "tsnr": 41.195579992141575
}