{
  "aor": 0.0009385899814471243,
  "aqi": 0.010889965677179963,
  "bids_meta": {
    "AcquisitionMatrixPE": 90,
    "AcquisitionNumber": 1,
    "AcquisitionTime": "08:41:28.820000",
    "BandwidthPerPixelPhaseEncode": 18.832,
    "BaseResolution": 90,
    "BodyPartExamined": "HEAD",
    "ConsistencyInfo": "N4_VE11C_LATEST_20160120",
    "ConversionSoftware": "dcm2niix",
    "ConversionSoftwareVersion": "v1.0.20190902",
    "DerivedVendorReportedEchoSpacing": 0.000590012,
    "DeviceSerialNumber": "67064",
    "DwellTime": 2.5e-06,
    "EchoTime": 0.033,
    "EchoTrainLength": 90,
    "EffectiveEchoSpacing": 0.000590012,
    "FlipAngle": 63,
    "ImageComments": "Unaliased_MB4_PE3_LB",
    "ImageOrientationPatientDICOM": [
      0.999853,
      -0.0146452,
      0.00886983,
      0.0171034,
      0.878283,
      -0.477835
    ],
    "ImageType": [
      "ORIGINAL",
      "PRIMARY",
      "M",
      "MB",
      "ND",
      "MOSAIC"
    ],
    "ImagingFrequency": 123.247,
    "InPlanePhaseEncodingDirectionDICOM": "COL",
    "InstitutionAddress": "Scott_Ave_4525_St._Louis_MO_US_63110",
    "InstitutionName": "Washington_University",
    "InstitutionalDepartmentName": "Department",
    "MRAcquisitionType": "2D",
    "MagneticFieldStrength": 3,
    "Manufacturer": "Siemens",
    "ManufacturersModelName": "Prisma_fit",
    "Modality": "MR",
    "MultibandAccelerationFactor": 4,
    "PartialFourier": 1,
    "PatientPosition": "HFS",
    "PercentPhaseFOV": 100,
    "PhaseEncodingDirection": "j",
    "PhaseEncodingSteps": 90,
    "PhaseResolution": 1,
    "PixelBandwidth": 2220,
    "ProcedureStepDescription": "head_Braver",
    "ProtocolName": "tfMRI_StroopBas2_PA",
    "PulseSequenceDetails": "%CustomerSeq%_cmrr_mbep2d_bold",
    "ReceiveCoilActiveElements": "HEA;HEP",
    "ReceiveCoilName": "Head_32",
    "ReconMatrixPE": 90,
    "RepetitionTime": 1.2,
    "SAR": 0.0685784,
    "ScanOptions": "FS_EXT",
    "ScanningSequence": "EP",
    "SequenceName": "epfid2d1_90",
    "SequenceVariant": "SK_SS",
    "SeriesDescription": "tfMRI_StroopBas2_PA",
    "SeriesNumber": 25,
    "ShimSetting": [
      -1988,
      -11477,
      5810,
      438,
      76,
      23,
      -11,
      -23
    ],
    "SliceThickness": 2.4,
    "SliceTiming": [
      0,
      0.6275,
      0.0775,
      0.7075,
      0.155,
      0.785,
      0.235,
      0.865,
      0.3125,
      0.9425,
      0.3925,
      1.0225,
      0.47,
      1.1,
      0.55,
      0,
      0.6275,
      0.0775,
      0.7075,
      0.155,
      0.785,
      0.235,
      0.865,
      0.3125,
      0.9425,
      0.3925,
      1.0225,
      0.47,
      1.1,
      0.55,
      0,
      0.6275,
      0.0775,
      0.7075,
      0.155,
      0.785,
      0.235,
      0.865,
      0.3125,
      0.9425,
      0.3925,
      1.0225,
      0.47,
      1.1,
      0.55,
      0,
      0.6275,
      0.0775,
      0.7075,
      0.155,
      0.785,
      0.235,
      0.865,
      0.3125,
      0.9425,
      0.3925,
      1.0225,
      0.47,
      1.1,
      0.55
    ],
    "SoftwareVersions": "syngo_MR_E11",
    "SpacingBetweenSlices": 2.4,
    "StationName": "MRC35177",
    "TaskName": "Stroop",
    "TotalReadoutTime": 0.0525111,
    "TxRefAmp": 254.648,
    "VendorReportedEchoSpacing": 0.00059,
    "WipMemBlock": "700eca7c-4431-446a-af01-e094928d16b1||Sequence: R016 ve11c/master r/e634e98; Dec 19 2017 11:00:25 by eja",
    "acq_id": "mb4PA",
    "dataset": "ds003465",
    "modality": "bold",
    "run_id": 2,
    "session_id": "wave1bas",
    "subject_id": "f8979ai",
    "task_id": "Stroop"
  },
  "dummy_trs": 1,
  "dvars_nstd": 37.59989202760225,
  "dvars_std": 1.0738041894981414,
  "dvars_vstd": 0.9784112990520453,
  "efc": 0.5504616708190407,
  "fber": 577.459228515625,
  "fd_mean": 0.21952213670836807,
  "fd_num": 256,
  "fd_perc": 47.49536178107606,
  "fwhm_avg": 2.8350623873447423,
  "fwhm_x": 2.5920957303327032,
  "fwhm_y": 2.8383248872151023,
  "fwhm_z": 3.0747665444864216,
  "gcor": 0.0135136,
  "gsr_x": 0.0006248769350349903,
  "gsr_y": 0.09386540204286575,
  "provenance": {
    "md5sum": "848fb8ab98aab2fba4f334fd9b623221",
    "settings": {
      "fd_thres": 0.2,
      "testing": false
    },
    "software": "mriqc",
    "version": "22.0.6",
    "webapi_port": null,
    "webapi_url": "https://mriqc.nimh.nih.gov/api/v1"
  },
  "size_t": 539,
  "size_x": 90,
  "size_y": 90,
  "size_z": 60,
  "snr": 2.5418532756744074,
  "spacing_tr": 1.2000000476837158,
  "spacing_x": 2.4000000953674316,
  "spacing_y": 2.4000000953674316,
  "spacing_z": 2.4000000953674316,
  "summary_bg_k": 26.788023632063727,
  "summary_bg_mad": 63.925185388931695,
  "summary_bg_mean": 384.4522399902344,
  "summary_bg_median": 146.12059020996094,
  "summary_bg_n": 315168.0,
  "summary_bg_p05": 96.55658721923828,
  "summary_bg_p95": 1664.5696655273427,
  "summary_bg_stdv": 605.1076049804688,
  "summary_fg_k": 3.2834568238694315,
  "summary_fg_mad": 1173.351882855599,
  "summary_fg_mean": 3872.3466796875,
  "summary_fg_median": 3578.106689453125,
  "summary_fg_n": 93766.0,
  "summary_fg_p05": 2162.7245483398438,
  "summary_fg_p95": 6506.7041015625,
  "summary_fg_stdv": 1407.6688232421875,
  "tsnr": 35.81080129975453
}