{
  "aor": 0.0008541569282136894,
  "aqi": 0.009001892604340566,
  "bids_meta": {
    "AcquisitionMatrixPE": 90,
    "AcquisitionNumber": 1,
    "AcquisitionTime": "08:54:23.907500",
    "BandwidthPerPixelPhaseEncode": 18.832,
    "BaseResolution": 90,
    "BodyPartExamined": "HEAD",
    "ConsistencyInfo": "N4_VE11C_LATEST_20160120",
    "ConversionSoftware": "dcm2niix",
    "ConversionSoftwareVersion": "v1.0.20190902",
    "DerivedVendorReportedEchoSpacing": 0.000590012,
    "DeviceSerialNumber": "67064",
    "DwellTime": 2.5e-06,
    "EchoTime": 0.033,
    "EchoTrainLength": 90,
    "EffectiveEchoSpacing": 0.000590012,
    "FlipAngle": 63,
    "ImageComments": "Unaliased_MB4_PE3_LB",
    "ImageOrientationPatientDICOM": [
      0.999853,
      -0.0146452,
      0.00886983,
      0.0171034,
      0.878283,
      -0.477835
    ],
    "ImageType": [
      "ORIGINAL",
      "PRIMARY",
      "M",
      "MB",
      "ND",
      "MOSAIC"
    ],
    "ImagingFrequency": 123.247,
    "InPlanePhaseEncodingDirectionDICOM": "COL",
    "InstitutionAddress": "Scott_Ave_4525_St._Louis_MO_US_63110",
    "InstitutionName": "Washington_University",
    "InstitutionalDepartmentName": "Department",
    "MRAcquisitionType": "2D",
    "MagneticFieldStrength": 3,
    "Manufacturer": "Siemens",
    "ManufacturersModelName": "Prisma_fit",
    "Modality": "MR",
    "MultibandAccelerationFactor": 4,
    "PartialFourier": 1,
    "PatientPosition": "HFS",
    "PercentPhaseFOV": 100,
    "PhaseEncodingDirection": "j-",
    "PhaseEncodingSteps": 90,
    "PhaseResolution": 1,
    "PixelBandwidth": 2220,
    "ProcedureStepDescription": "head_Braver",
    "ProtocolName": "tfMRI_SternBas1_AP",
    "PulseSequenceDetails": "%CustomerSeq%_cmrr_mbep2d_bold",
    "ReceiveCoilActiveElements": "HEA;HEP",
    "ReceiveCoilName": "Head_32",
    "ReconMatrixPE": 90,
    "RepetitionTime": 1.2,
    "SAR": 0.0686082,
    "ScanOptions": "FS_EXT",
    "ScanningSequence": "EP",
    "SequenceName": "epfid2d1_90",
    "SequenceVariant": "SK_SS",
    "SeriesDescription": "tfMRI_SternBas1_AP",
    "SeriesNumber": 28,
    "ShimSetting": [
      -1988,
      -11477,
      5810,
      438,
      76,
      23,
      -11,
      -23
    ],
    "SliceThickness": 2.4,
    "SliceTiming": [
      0,
      0.6275,
      0.0775,
      0.7075,
      0.1575,
      0.785,
      0.235,
      0.865,
      0.3125,
      0.9425,
      0.3925,
      1.0225,
      0.47,
      1.1,
      0.55,
      0,
      0.6275,
      0.0775,
      0.7075,
      0.1575,
      0.785,
      0.235,
      0.865,
      0.3125,
      0.9425,
      0.3925,
      1.0225,
      0.47,
      1.1,
      0.55,
      0,
      0.6275,
      0.0775,
      0.7075,
      0.1575,
      0.785,
      0.235,
      0.865,
      0.3125,
      0.9425,
      0.3925,
      1.0225,
      0.47,
      1.1,
      0.55,
      0,
      0.6275,
      0.0775,
      0.7075,
      0.1575,
      0.785,
      0.235,
      0.865,
      0.3125,
      0.9425,
      0.3925,
      1.0225,
      0.47,
      1.1,
      0.55
    ],
    "SoftwareVersions": "syngo_MR_E11",
    "SpacingBetweenSlices": 2.4,
    "StationName": "MRC35177",
    "TaskName": "Stern",
    "TotalReadoutTime": 0.0525111,
    "TxRefAmp": 254.648,
    "VendorReportedEchoSpacing": 0.00059,
    "WipMemBlock": "f6db2a8b-fd36-4db8-9833-b8e3735254b5||Sequence: R016 ve11c/master r/e634e98; Dec 19 2017 11:00:25 by eja",
    "acq_id": "mb4AP",
    "dataset": "ds003465",
    "modality": "bold",
    "run_id": 1,
    "session_id": "wave1bas",
    "subject_id": "f8979ai",
    "task_id": "Stern"
  },
  "dummy_trs": 1,
  "dvars_nstd": 35.650632296939804,
  "dvars_std": 1.1368779371906366,
  "dvars_vstd": 0.9895092024749157,
  "efc": 0.5542379754394028,
  "fber": 585.759521484375,
  "fd_mean": 0.18973826357567156,
  "fd_num": 213,
  "fd_perc": 35.559265442404005,
  "fwhm_avg": 2.8068818329089815,
  "fwhm_x": 2.58961656376455,
  "fwhm_y": 2.9037957179468585,
  "fwhm_z": 2.927233217015536,
  "gcor": 0.0101382,
  "gsr_x": -0.006134588271379471,
  "gsr_y": 0.105352021753788,
  "provenance": {
    "md5sum": "b713ec9bf3b1724c6077fa5c1f7ac641",
    "settings": {
      "fd_thres": 0.2,
      "testing": false
    },
    "software": "mriqc",
    "version": "22.0.6",
    "webapi_port": null,
    "webapi_url": "https://mriqc.nimh.nih.gov/api/v1"
  },
  "size_t": 599,
  "size_x": 90,
  "size_y": 90,
  "size_z": 60,
  "snr": 2.7102758196570242,
  "spacing_tr": 1.2000000476837158,
  "spacing_x": 2.4000000953674316,
  "spacing_y": 2.4000000953674316,
  "spacing_z": 2.4000000953674316,
  "summary_bg_k": 29.1471397306835,
  "summary_bg_mad": 62.323757362432005,
  "summary_bg_mean": 367.5194091796875,
  "summary_bg_median": 146.8731231689453,
  "summary_bg_n": 311265.0,
  "summary_bg_p05": 98.42070007324219,
  "summary_bg_p95": 1466.9595947265607,
  "summary_bg_stdv": 579.8673095703125,
  "summary_fg_k": 2.132336922033904,
  "summary_fg_mad": 1132.2998001866993,
  "summary_fg_mean": 3888.861083984375,
  "summary_fg_median": 3618.237060546875,
  "summary_fg_n": 96019.0,
  "summary_fg_p05": 2219.1936767578127,
  "summary_fg_p95": 6436.513037109374,
  "summary_fg_stdv": 1335.0,
  "tsnr": 40.756242752308026
}