{
  "bids_meta": {
    "AcquisitionMatrixPE": 300,
    "AcquisitionNumber": 1,
    "AcquisitionTime": "18:27:58.962500",
    "BaseResolution": 320,
    "BodyPartExamined": "HEAD",
    "ConsistencyInfo": "N4_VE11C_LATEST_20160120",
    "ConversionSoftware": "dcm2niix",
    "ConversionSoftwareVersion": "v1.0.20190902",
    "DeviceSerialNumber": "67064",
    "DwellTime": 7.1e-06,
    "EchoTime": 0.00222,
    "FlipAngle": 8,
    "ImageOrientationPatientDICOM": [
      -0.0119209,
      0.977676,
      -0.209782,
      0.0112861,
      -0.209652,
      -0.977711
    ],
    "ImageType": [
      "ORIGINAL",
      "PRIMARY",
      "M",
      "ND"
    ],
    "ImagingFrequency": 123.247,
    "InPlanePhaseEncodingDirectionDICOM": "ROW",
    "InstitutionAddress": "Scott_Ave_4525_St._Louis_MO_US_63110",
    "InstitutionName": "Washington_University",
    "InstitutionalDepartmentName": "Department",
    "InversionTime": 1,
    "MRAcquisitionType": "3D",
    "MagneticFieldStrength": 3,
    "Manufacturer": "Siemens",
    "ManufacturersModelName": "Prisma_fit",
    "Modality": "MR",
    "ParallelReductionFactorInPlane": 2,
    "PartialFourier": 1,
    "PatientPosition": "HFS",
    "PercentPhaseFOV": 93.75,
    "PhaseEncodingSteps": 299,
    "PhaseResolution": 1,
    "PixelBandwidth": 220,
    "ProcedureStepDescription": "head_Braver",
    "ProtocolName": "T1w_MPR",
    "PulseSequenceDetails": "%SiemensSeq%_tfl",
    "ReceiveCoilActiveElements": "HEA;HEP",
    "ReceiveCoilName": "Head_32",
    "ReconMatrixPE": 300,
    "RefLinesPE": 32,
    "RepetitionTime": 2.4,
    "SAR": 0.0356495,
    "ScanOptions": "IR_WE",
    "ScanningSequence": "GR_IR",
    "SequenceName": "_tfl3d1_16ns",
    "SequenceVariant": "SK_SP_MP",
    "SeriesDescription": "T1w_MPR",
    "SeriesNumber": 11,
    "ShimSetting": [
      -1971,
      -11481,
      5818,
      588,
      105,
      -33,
      -157,
      -58
    ],
    "SliceThickness": 0.8,
    "SoftwareVersions": "syngo_MR_E11",
    "StationName": "MRC35177",
    "TxRefAmp": 230.788,
    "dataset": "ds003465",
    "modality": "T1w",
    "session_id": "wave1bas",
    "subject_id": "f5930vp"
  },
  "cjv": 0.44115763186007606,
  "cnr": 3.075100664895213,
  "efc": 0.5318260046910084,
  "fber": 27940.8516646849,
  "fwhm_avg": 4.473445879394258,
  "fwhm_x": 4.538725270529108,
  "fwhm_y": 4.307962435806357,
  "fwhm_z": 4.573649931847306,
  "icvs_csf": 0.15549233517899338,
  "icvs_gm": 0.44287832017185697,
  "icvs_wm": 0.4016293446491496,
  "inu_med": 0.7874446511268616,
  "inu_range": 0.5477575659751892,
  "provenance": {
    "md5sum": "b5ebf62a2db109c008beeae89645562a",
    "settings": {
      "testing": false
    },
    "software": "mriqc",
    "version": "22.0.6",
    "warnings": {
      "large_rot_frame": true,
      "small_air_mask": false
    },
    "webapi_port": null,
    "webapi_url": "https://mriqc.nimh.nih.gov/api/v1"
  },
  "qi_1": 1.5154946081497414e-05,
  "qi_2": 0.001841869144021153,
  "rpve_csf": 30.991193161859414,
  "rpve_gm": 12.216124905860298,
  "rpve_wm": 15.021455536562836,
  "size_x": 208,
  "size_y": 300,
  "size_z": 320,
  "snr_csf": 2.7612622792351242,
  "snr_gm": 14.07859920301109,
  "snr_total": 11.937536740365397,
  "snr_wm": 18.97274873884998,
  "snrd_csf": 21.758755549804697,
  "snrd_gm": 51.97557170532566,
  "snrd_total": 47.216957836546705,
  "snrd_wm": 67.91654625450975,
  "spacing_x": 0.7999999523162842,
  "spacing_y": 0.800000011920929,
  "spacing_z": 0.800000011920929,
  "summary_bg_k": 210.79112178960483,
  "summary_bg_mad": 0.0,
  "summary_bg_mean": 6.428151729120137,
  "summary_bg_median": 0.0,
  "summary_bg_n": 6454187.0,
  "summary_bg_p05": 0.0,
  "summary_bg_p95": 25.493944138288498,
  "summary_bg_stdv": 9.646920120617432,
  "summary_csf_k": 1.3557376548441376,
  "summary_csf_mad": 91.32513570668249,
  "summary_csf_mean": 330.85200663470005,
  "summary_csf_median": 320.3988920673728,
  "summary_csf_n": 39959.0,
  "summary_csf_p05": 136.4675833284855,
  "summary_csf_p95": 538.0346946008503,
  "summary_csf_stdv": 116.03203554990306,
  "summary_gm_k": 0.13934244090611703,
  "summary_gm_mad": 53.58334194841261,
  "summary_gm_mean": 765.1638720342236,
  "summary_gm_median": 765.3431994691491,
  "summary_gm_n": 86564.0,
  "summary_gm_p05": 675.102135438472,
  "summary_gm_p95": 853.629102930985,
  "summary_gm_stdv": 54.36185573166644,
  "summary_wm_k": 0.5840548459473212,
  "summary_wm_mad": 49.970357273467776,
  "summary_wm_mean": 1004.4685281106026,
  "summary_wm_median": 1000.0749410130084,
  "summary_wm_n": 448138.0,
  "summary_wm_p05": 925.9925386346877,
  "summary_wm_p95": 1098.301608134061,
  "summary_wm_stdv": 52.711066749817,
  "tpm_overlap_csf": 0.13592006675364302,
  "tpm_overlap_gm": 0.4518128235484414,
  "tpm_overlap_wm": 0.489988923510525,
  "wm2max": 0.6929651374240141
}