{
  "bids_meta": {
    "AcquisitionMatrixPE": 300,
    "AcquisitionNumber": 1,
    "AcquisitionTime": "18:35:12.422500",
    "BaseResolution": 320,
    "BodyPartExamined": "HEAD",
    "ConsistencyInfo": "N4_VE11C_LATEST_20160120",
    "ConversionSoftware": "dcm2niix",
    "ConversionSoftwareVersion": "v1.0.20190902",
    "DeviceSerialNumber": "67064",
    "DwellTime": 2.1e-06,
    "EchoTime": 0.563,
    "EchoTrainLength": 314,
    "FlipAngle": 120,
    "ImageOrientationPatientDICOM": [
      -0.0119209,
      0.977676,
      -0.209782,
      0.0112861,
      -0.209652,
      -0.977711
    ],
    "ImageType": [
      "ORIGINAL",
      "PRIMARY",
      "M",
      "ND"
    ],
    "ImagingFrequency": 123.247,
    "InPlanePhaseEncodingDirectionDICOM": "ROW",
    "InstitutionAddress": "Scott_Ave_4525_St._Louis_MO_US_63110",
    "InstitutionName": "Washington_University",
    "InstitutionalDepartmentName": "Department",
    "MRAcquisitionType": "3D",
    "MagneticFieldStrength": 3,
    "Manufacturer": "Siemens",
    "ManufacturersModelName": "Prisma_fit",
    "Modality": "MR",
    "ParallelReductionFactorInPlane": 2,
    "PartialFourier": 1,
    "PatientPosition": "HFS",
    "PercentPhaseFOV": 93.75,
    "PhaseEncodingSteps": 297,
    "PhaseResolution": 1,
    "PixelBandwidth": 745,
    "ProcedureStepDescription": "head_Braver",
    "ProtocolName": "T2w_SPC",
    "PulseSequenceDetails": "%SiemensSeq%_tse_vfl",
    "ReceiveCoilActiveElements": "HEA;HEP",
    "ReceiveCoilName": "Head_32",
    "ReconMatrixPE": 300,
    "RefLinesPE": 32,
    "RepetitionTime": 3.2,
    "SAR": 0.119945,
    "ScanOptions": "PFP",
    "ScanningSequence": "SE",
    "SequenceName": "_spc_314ns",
    "SequenceVariant": "SK_SP",
    "SeriesDescription": "T2w_SPC",
    "SeriesNumber": 13,
    "ShimSetting": [
      -1971,
      -11481,
      5818,
      588,
      105,
      -33,
      -157,
      -58
    ],
    "SliceThickness": 0.8,
    "SoftwareVersions": "syngo_MR_E11",
    "StationName": "MRC35177",
    "TxRefAmp": 230.788,
    "dataset": "ds003465",
    "modality": "T2w",
    "session_id": "wave1bas",
    "subject_id": "f5930vp"
  },
  "cjv": 2.9884773235162223,
  "cnr": 0.5176234506587145,
  "efc": 0.5084757175485151,
  "fber": 9724.151234567902,
  "fwhm_avg": 3.23707086429348,
  "fwhm_x": 3.1888626900710277,
  "fwhm_y": 3.463487448390015,
  "fwhm_z": 3.0588624544193976,
  "icvs_csf": 0.4295197732310091,
  "icvs_gm": 0.45162713399217896,
  "icvs_wm": 0.11885309277681194,
  "inu_med": 0.9283134937286377,
  "inu_range": 0.781470000743866,
  "provenance": {
    "md5sum": "b92839e0c3066004f9b6478cd021ef73",
    "settings": {
      "testing": false
    },
    "software": "mriqc",
    "version": "22.0.6",
    "warnings": {
      "large_rot_frame": true,
      "small_air_mask": false
    },
    "webapi_port": null,
    "webapi_url": "https://mriqc.nimh.nih.gov/api/v1"
  },
  "qi_1": 6.931438779394278e-06,
  "qi_2": 0.003218825904329369,
  "rpve_csf": 12.528985276734034,
  "rpve_gm": 12.666579323747447,
  "rpve_wm": 48.472738687047865,
  "size_x": 208,
  "size_y": 300,
  "size_z": 320,
  "snr_csf": 9.738232558011552,
  "snr_gm": 10.049582561782213,
  "snr_total": 6.9999704910402345,
  "snr_wm": 1.212096353326938,
  "snrd_csf": 86.22093784838698,
  "snrd_gm": 51.01632834854646,
  "snrd_total": 75.47998408044467,
  "snrd_wm": 89.20268604440055,
  "spacing_x": 0.7999999523162842,
  "spacing_y": 0.800000011920929,
  "spacing_z": 0.800000011920929,
  "summary_bg_k": 11.011487875463196,
  "summary_bg_mad": 7.439534844516836,
  "summary_bg_mean": 6.939630250633838,
  "summary_bg_median": 5.017889998853207,
  "summary_bg_n": 6440869.0,
  "summary_bg_p05": 0.0,
  "summary_bg_p95": 25.65668973326683,
  "summary_bg_stdv": 9.578413355736693,
  "summary_csf_k": 1.0807001242033198,
  "summary_csf_mad": 88.82157688279666,
  "summary_csf_mean": 988.1397982396256,
  "summary_csf_median": 979.0994233414531,
  "summary_csf_n": 146012.0,
  "summary_csf_p05": 840.7365608513355,
  "summary_csf_p95": 1169.604707993567,
  "summary_csf_stdv": 100.54145500207586,
  "summary_gm_k": 0.7142828506339765,
  "summary_gm_mad": 54.729099812706465,
  "summary_gm_mean": 581.7880889609484,
  "summary_gm_median": 579.326308824122,
  "summary_gm_n": 405867.0,
  "summary_gm_p05": 492.1022904962301,
  "summary_gm_p95": 679.2041367143393,
  "summary_gm_stdv": 57.64673224706592,
  "summary_wm_k": -1.5073948147749772,
  "summary_wm_mad": 1241.1731784947829,
  "summary_wm_mean": 995.4269923059364,
  "summary_wm_median": 1012.959272377193,
  "summary_wm_n": 38209.0,
  "summary_wm_p05": 36.783315382897854,
  "summary_wm_p95": 2307.7232470899817,
  "summary_wm_stdv": 835.6976027557156,
  "tpm_overlap_csf": 0.11817407950470364,
  "tpm_overlap_gm": 0.2905151916282871,
  "tpm_overlap_wm": 0.025968798745107376,
  "wm2max": 0.48621873574519625
}