{
  "aor": 0.0008970166666666666,
  "aqi": 0.009935756016666665,
  "bids_meta": {
    "AcquisitionMatrixPE": 90,
    "AcquisitionNumber": 1,
    "AcquisitionTime": "14:21:8.840000",
    "BandwidthPerPixelPhaseEncode": 18.832,
    "BaseResolution": 90,
    "BodyPartExamined": "HEAD",
    "ConsistencyInfo": "N4_VE11C_LATEST_20160120",
    "ConversionSoftware": "dcm2niix",
    "ConversionSoftwareVersion": "v1.0.20190902",
    "DerivedVendorReportedEchoSpacing": 0.000590012,
    "DeviceSerialNumber": "67064",
    "DwellTime": 2.5e-06,
    "EchoTime": 0.033,
    "EchoTrainLength": 90,
    "EffectiveEchoSpacing": 0.000590012,
    "FlipAngle": 63,
    "ImageComments": "Unaliased_MB4_PE3_LB",
    "ImageOrientationPatientDICOM": [
      0.999925,
      0.000560542,
      0.0122018,
      0.00191967,
      0.979321,
      -0.202303
    ],
    "ImageType": [
      "ORIGINAL",
      "PRIMARY",
      "M",
      "MB",
      "ND",
      "MOSAIC"
    ],
    "ImagingFrequency": 123.247,
    "InPlanePhaseEncodingDirectionDICOM": "COL",
    "InstitutionAddress": "Scott_Ave_4525_St._Louis_MO_US_63110",
    "InstitutionName": "Washington_University",
    "InstitutionalDepartmentName": "Department",
    "MRAcquisitionType": "2D",
    "MagneticFieldStrength": 3,
    "Manufacturer": "Siemens",
    "ManufacturersModelName": "Prisma_fit",
    "Modality": "MR",
    "MultibandAccelerationFactor": 4,
    "PartialFourier": 1,
    "PatientPosition": "HFS",
    "PercentPhaseFOV": 100,
    "PhaseEncodingDirection": "j",
    "PhaseEncodingSteps": 90,
    "PhaseResolution": 1,
    "PixelBandwidth": 2220,
    "ProcedureStepDescription": "head_Braver",
    "ProtocolName": "tfMRI_SternBas2_PA",
    "PulseSequenceDetails": "%CustomerSeq%_cmrr_mbep2d_bold",
    "ReceiveCoilActiveElements": "HEA;HEP",
    "ReceiveCoilName": "Head_32",
    "ReconMatrixPE": 90,
    "RepetitionTime": 1.2,
    "SAR": 0.071129,
    "ScanOptions": "FS_EXT",
    "ScanningSequence": "EP",
    "SequenceName": "epfid2d1_90",
    "SequenceVariant": "SK_SS",
    "SeriesDescription": "tfMRI_SternBas2_PA",
    "SeriesNumber": 22,
    "ShimSetting": [
      -1984,
      -11552,
      5846,
      507,
      73,
      -77,
      -182,
      -19
    ],
    "SliceThickness": 2.4,
    "SliceTiming": [
      0,
      0.6275,
      0.0775,
      0.7075,
      0.1575,
      0.785,
      0.235,
      0.865,
      0.315,
      0.9425,
      0.3925,
      1.0225,
      0.47,
      1.1,
      0.55,
      0,
      0.6275,
      0.0775,
      0.7075,
      0.1575,
      0.785,
      0.235,
      0.865,
      0.315,
      0.9425,
      0.3925,
      1.0225,
      0.47,
      1.1,
      0.55,
      0,
      0.6275,
      0.0775,
      0.7075,
      0.1575,
      0.785,
      0.235,
      0.865,
      0.315,
      0.9425,
      0.3925,
      1.0225,
      0.47,
      1.1,
      0.55,
      0,
      0.6275,
      0.0775,
      0.7075,
      0.1575,
      0.785,
      0.235,
      0.865,
      0.315,
      0.9425,
      0.3925,
      1.0225,
      0.47,
      1.1,
      0.55
    ],
    "SoftwareVersions": "syngo_MR_E11",
    "SpacingBetweenSlices": 2.4,
    "StationName": "MRC35177",
    "TaskName": "Stern",
    "TotalReadoutTime": 0.0525111,
    "TxRefAmp": 250.275,
    "VendorReportedEchoSpacing": 0.00059,
    "WipMemBlock": "d026e3c6-9c93-4175-ad1e-a6d47a68adcd||Sequence: R016 ve11c/master r/e634e98; Dec 19 2017 11:00:25 by eja",
    "acq_id": "mb4PA",
    "dataset": "ds003465",
    "modality": "bold",
    "run_id": 2,
    "session_id": "wave1bas",
    "subject_id": "f9271ex",
    "task_id": "Stern"
  },
  "dummy_trs": 0,
  "dvars_nstd": 41.384520580166964,
  "dvars_std": 1.2130956826210355,
  "dvars_vstd": 0.9647430215191991,
  "efc": 0.4825411972404501,
  "fber": 934.4923706054688,
  "fd_mean": 0.21770988950365738,
  "fd_num": 243,
  "fd_perc": 40.5,
  "fwhm_avg": 2.6840985044546195,
  "fwhm_x": 2.543545732261907,
  "fwhm_y": 2.723729058435398,
  "fwhm_z": 2.7850207226665527,
  "gcor": 0.0246594,
  "gsr_x": -0.025855351239442825,
  "gsr_y": 0.07029341906309128,
  "provenance": {
    "md5sum": "8f8f31442c98a0da46920831f97e9fed",
    "settings": {
      "fd_thres": 0.2,
      "testing": false
    },
    "software": "mriqc",
    "version": "22.0.6",
    "webapi_port": null,
    "webapi_url": "https://mriqc.nimh.nih.gov/api/v1"
  },
  "size_t": 600,
  "size_x": 90,
  "size_y": 90,
  "size_z": 60,
  "snr": 3.074537159126906,
  "spacing_tr": 1.2000000476837158,
  "spacing_x": 2.4000000953674316,
  "spacing_y": 2.4000000953674316,
  "spacing_z": 2.4000000953674316,
  "summary_bg_k": 28.81433661522741,
  "summary_bg_mad": 40.52693028548776,
  "summary_bg_mean": 306.8998107910156,
  "summary_bg_median": 129.98333740234375,
  "summary_bg_n": 356805.0,
  "summary_bg_p05": 100.10867004394531,
  "summary_bg_p95": 1225.8707031249999,
  "summary_bg_stdv": 454.96063232421875,
  "summary_fg_k": 1.1702404739035348,
  "summary_fg_mad": 1199.3386855107237,
  "summary_fg_mean": 4208.40673828125,
  "summary_fg_median": 3989.8818359375,
  "summary_fg_n": 61915.0,
  "summary_fg_p05": 2499.8314453125,
  "summary_fg_p95": 6624.397412109374,
  "summary_fg_stdv": 1297.7073974609375,
  "tsnr": 35.27725328761153
}