{
  "aor": 0.0009639573070607553,
  "aqi": 0.009864061773399015,
  "bids_meta": {
    "AcquisitionMatrixPE": 90,
    "AcquisitionNumber": 1,
    "AcquisitionTime": "14:48:47.212500",
    "BandwidthPerPixelPhaseEncode": 18.832,
    "BaseResolution": 90,
    "BodyPartExamined": "HEAD",
    "ConsistencyInfo": "N4_VE11C_LATEST_20160120",
    "ConversionSoftware": "dcm2niix",
    "ConversionSoftwareVersion": "v1.0.20190902",
    "DerivedVendorReportedEchoSpacing": 0.000590012,
    "DeviceSerialNumber": "67064",
    "DwellTime": 2.5e-06,
    "EchoTime": 0.033,
    "EchoTrainLength": 90,
    "EffectiveEchoSpacing": 0.000590012,
    "FlipAngle": 63,
    "ImageComments": "Unaliased_MB4_PE3_LB",
    "ImageOrientationPatientDICOM": [
      0.999925,
      0.000560542,
      0.0122018,
      0.00191967,
      0.979321,
      -0.202303
    ],
    "ImageType": [
      "ORIGINAL",
      "PRIMARY",
      "M",
      "MB",
      "ND",
      "MOSAIC"
    ],
    "ImagingFrequency": 123.247,
    "InPlanePhaseEncodingDirectionDICOM": "COL",
    "InstitutionAddress": "Scott_Ave_4525_St._Louis_MO_US_63110",
    "InstitutionName": "Washington_University",
    "InstitutionalDepartmentName": "Department",
    "MRAcquisitionType": "2D",
    "MagneticFieldStrength": 3,
    "Manufacturer": "Siemens",
    "ManufacturersModelName": "Prisma_fit",
    "Modality": "MR",
    "MultibandAccelerationFactor": 4,
    "PartialFourier": 1,
    "PatientPosition": "HFS",
    "PercentPhaseFOV": 100,
    "PhaseEncodingDirection": "j",
    "PhaseEncodingSteps": 90,
    "PhaseResolution": 1,
    "PixelBandwidth": 2220,
    "ProcedureStepDescription": "head_Braver",
    "ProtocolName": "tfMRI_AxcptBas2_PA",
    "PulseSequenceDetails": "%CustomerSeq%_cmrr_mbep2d_bold",
    "ReceiveCoilActiveElements": "HEA;HEP",
    "ReceiveCoilName": "Head_32",
    "ReconMatrixPE": 90,
    "RepetitionTime": 1.2,
    "SAR": 0.0711335,
    "ScanOptions": "FS_EXT",
    "ScanningSequence": "EP",
    "SequenceName": "epfid2d1_90",
    "SequenceVariant": "SK_SS",
    "SeriesDescription": "tfMRI_AxcptBas2_PA",
    "SeriesNumber": 28,
    "ShimSetting": [
      -1984,
      -11552,
      5846,
      507,
      73,
      -77,
      -182,
      -19
    ],
    "SliceThickness": 2.4,
    "SliceTiming": [
      0,
      0.63,
      0.08,
      0.7075,
      0.1575,
      0.7875,
      0.2375,
      0.865,
      0.315,
      0.945,
      0.395,
      1.0225,
      0.4725,
      1.1025,
      0.5525,
      0,
      0.63,
      0.08,
      0.7075,
      0.1575,
      0.7875,
      0.2375,
      0.865,
      0.315,
      0.945,
      0.395,
      1.0225,
      0.4725,
      1.1025,
      0.5525,
      0,
      0.63,
      0.08,
      0.7075,
      0.1575,
      0.7875,
      0.2375,
      0.865,
      0.315,
      0.945,
      0.395,
      1.0225,
      0.4725,
      1.1025,
      0.5525,
      0,
      0.63,
      0.08,
      0.7075,
      0.1575,
      0.7875,
      0.2375,
      0.865,
      0.315,
      0.945,
      0.395,
      1.0225,
      0.4725,
      1.1025,
      0.5525
    ],
    "SoftwareVersions": "syngo_MR_E11",
    "SpacingBetweenSlices": 2.4,
    "StationName": "MRC35177",
    "TaskName": "Axcpt",
    "TotalReadoutTime": 0.0525111,
    "TxRefAmp": 250.275,
    "VendorReportedEchoSpacing": 0.00059,
    "WipMemBlock": "f5dad40f-9dd5-40b8-b330-8fa4a40786eb||Sequence: R016 ve11c/master r/e634e98; Dec 19 2017 11:00:25 by eja",
    "acq_id": "mb4PA",
    "dataset": "ds003465",
    "modality": "bold",
    "run_id": 2,
    "session_id": "wave1bas",
    "subject_id": "f9271ex",
    "task_id": "Axcpt"
  },
  "dummy_trs": 1,
  "dvars_nstd": 40.859501239473715,
  "dvars_std": 1.251278529078947,
  "dvars_vstd": 0.9596925320888169,
  "efc": 0.48204319596538786,
  "fber": 919.7006225585938,
  "fd_mean": 0.16448795544815287,
  "fd_num": 174,
  "fd_perc": 28.571428571428573,
  "fwhm_avg": 2.6004290633348996,
  "fwhm_x": 2.4675582352813783,
  "fwhm_y": 2.6580665610445915,
  "fwhm_z": 2.675662393678729,
  "gcor": 0.010209,
  "gsr_x": -0.024240881204605103,
  "gsr_y": 0.0659012645483017,
  "provenance": {
    "md5sum": "74960a436637ce0f845be4d6a1caed87",
    "settings": {
      "fd_thres": 0.2,
      "testing": false
    },
    "software": "mriqc",
    "version": "22.0.6",
    "webapi_port": null,
    "webapi_url": "https://mriqc.nimh.nih.gov/api/v1"
  },
  "size_t": 609,
  "size_x": 90,
  "size_y": 90,
  "size_z": 60,
  "snr": 3.1273452176582595,
  "spacing_tr": 1.2000000476837158,
  "spacing_x": 2.4000000953674316,
  "spacing_y": 2.4000000953674316,
  "spacing_z": 2.4000000953674316,
  "summary_bg_k": 15.033599408183157,
  "summary_bg_mad": 44.431803103983306,
  "summary_bg_mean": 298.172607421875,
  "summary_bg_median": 131.46141052246094,
  "summary_bg_n": 356127.0,
  "summary_bg_p05": 96.93760681152344,
  "summary_bg_p95": 1176.6517456054692,
  "summary_bg_stdv": 420.7490234375,
  "summary_fg_k": 0.8360195598560134,
  "summary_fg_mad": 1212.9709522962114,
  "summary_fg_mean": 4217.705078125,
  "summary_fg_median": 4013.037841796875,
  "summary_fg_n": 61155.0,
  "summary_fg_p05": 2483.062890625,
  "summary_fg_p95": 6600.597070312499,
  "summary_fg_stdv": 1283.1986083984375,
  "tsnr": 37.32655384228565
}