{
  "aor": 0.000722788906009245,
  "aqi": 0.010279926810477659,
  "bids_meta": {
    "AcquisitionMatrixPE": 90,
    "AcquisitionNumber": 1,
    "AcquisitionTime": "15:50:48.150000",
    "BandwidthPerPixelPhaseEncode": 18.832,
    "BaseResolution": 90,
    "BodyPartExamined": "HEAD",
    "ConsistencyInfo": "N4_VE11C_LATEST_20160120",
    "ConversionSoftware": "dcm2niix",
    "ConversionSoftwareVersion": "v1.0.20190902",
    "DerivedVendorReportedEchoSpacing": 0.000590012,
    "DeviceSerialNumber": "67064",
    "DwellTime": 2.5e-06,
    "EchoTime": 0.033,
    "EchoTrainLength": 90,
    "EffectiveEchoSpacing": 0.000590012,
    "FlipAngle": 63,
    "ImageComments": "Unaliased_MB4_PE3_LB",
    "ImageOrientationPatientDICOM": [
      0.999925,
      0.000560542,
      0.0122018,
      0.00191967,
      0.979321,
      -0.202303
    ],
    "ImageType": [
      "ORIGINAL",
      "PRIMARY",
      "M",
      "MB",
      "ND",
      "MOSAIC"
    ],
    "ImagingFrequency": 123.247,
    "InPlanePhaseEncodingDirectionDICOM": "COL",
    "InstitutionAddress": "Scott_Ave_4525_St._Louis_MO_US_63110",
    "InstitutionName": "Washington_University",
    "InstitutionalDepartmentName": "Department",
    "MRAcquisitionType": "2D",
    "MagneticFieldStrength": 3,
    "Manufacturer": "Siemens",
    "ManufacturersModelName": "Prisma_fit",
    "Modality": "MR",
    "MultibandAccelerationFactor": 4,
    "PartialFourier": 1,
    "PatientPosition": "HFS",
    "PercentPhaseFOV": 100,
    "PhaseEncodingDirection": "j",
    "PhaseEncodingSteps": 90,
    "PhaseResolution": 1,
    "PixelBandwidth": 2220,
    "ProcedureStepDescription": "head_Braver",
    "ProtocolName": "tfMRI_CuedtsBas2_PA",
    "PulseSequenceDetails": "%CustomerSeq%_cmrr_mbep2d_bold",
    "ReceiveCoilActiveElements": "HEA;HEP",
    "ReceiveCoilName": "Head_32",
    "ReconMatrixPE": 90,
    "RepetitionTime": 1.2,
    "SAR": 0.0711504,
    "ScanOptions": "FS_EXT",
    "ScanningSequence": "EP",
    "SequenceName": "epfid2d1_90",
    "SequenceVariant": "SK_SS",
    "SeriesDescription": "tfMRI_CuedtsBas2_PA",
    "SeriesNumber": 49,
    "ShimSetting": [
      -1984,
      -11552,
      5846,
      507,
      73,
      -77,
      -182,
      -19
    ],
    "SliceThickness": 2.4,
    "SliceTiming": [
      0,
      0.6275,
      0.0775,
      0.7075,
      0.1575,
      0.785,
      0.235,
      0.865,
      0.315,
      0.9425,
      0.3925,
      1.0225,
      0.4725,
      1.1,
      0.55,
      0,
      0.6275,
      0.0775,
      0.7075,
      0.1575,
      0.785,
      0.235,
      0.865,
      0.315,
      0.9425,
      0.3925,
      1.0225,
      0.4725,
      1.1,
      0.55,
      0,
      0.6275,
      0.0775,
      0.7075,
      0.1575,
      0.785,
      0.235,
      0.865,
      0.315,
      0.9425,
      0.3925,
      1.0225,
      0.4725,
      1.1,
      0.55,
      0,
      0.6275,
      0.0775,
      0.7075,
      0.1575,
      0.785,
      0.235,
      0.865,
      0.315,
      0.9425,
      0.3925,
      1.0225,
      0.4725,
      1.1,
      0.55
    ],
    "SoftwareVersions": "syngo_MR_E11",
    "SpacingBetweenSlices": 2.4,
    "StationName": "MRC35177",
    "TaskName": "Cuedts",
    "TotalReadoutTime": 0.0525111,
    "TxRefAmp": 250.275,
    "VendorReportedEchoSpacing": 0.00059,
    "WipMemBlock": "72370778-8a82-4eb2-983f-fc6afc04d6f8||Sequence: R016 ve11c/master r/e634e98; Dec 19 2017 11:00:25 by eja",
    "acq_id": "mb4PA",
    "dataset": "ds003465",
    "modality": "bold",
    "run_id": 2,
    "session_id": "wave1bas",
    "subject_id": "f9271ex",
    "task_id": "Cuedts"
  },
  "dummy_trs": 1,
  "dvars_nstd": 37.44086190503088,
  "dvars_std": 1.1734843908487655,
  "dvars_vstd": 0.9569725689969131,
  "efc": 0.4839334076793379,
  "fber": 901.1098022460938,
  "fd_mean": 0.17703950352279846,
  "fd_num": 208,
  "fd_perc": 32.04930662557781,
  "fwhm_avg": 2.6085971185658856,
  "fwhm_x": 2.4652790687052777,
  "fwhm_y": 2.643966561604875,
  "fwhm_z": 2.7165457253875047,
  "gcor": 0.0169035,
  "gsr_x": -0.02346261590719223,
  "gsr_y": 0.07037448137998581,
  "provenance": {
    "md5sum": "f7f357ea2e356e50f11330151a2fcab3",
    "settings": {
      "fd_thres": 0.2,
      "testing": false
    },
    "software": "mriqc",
    "version": "22.0.6",
    "webapi_port": null,
    "webapi_url": "https://mriqc.nimh.nih.gov/api/v1"
  },
  "size_t": 649,
  "size_x": 90,
  "size_y": 90,
  "size_z": 60,
  "snr": 3.207508358670554,
  "spacing_tr": 1.2000000476837158,
  "spacing_x": 2.4000000953674316,
  "spacing_y": 2.4000000953674316,
  "spacing_z": 2.4000000953674316,
  "summary_bg_k": 24.52950635021056,
  "summary_bg_mad": 45.55859526858485,
  "summary_bg_mean": 308.17816162109375,
  "summary_bg_median": 133.19569396972656,
  "summary_bg_n": 357393.0,
  "summary_bg_p05": 98.20185089111328,
  "summary_bg_p95": 1222.1624511718742,
  "summary_bg_stdv": 446.915771484375,
  "summary_fg_k": 0.4255557376618615,
  "summary_fg_mad": 1206.0795305095592,
  "summary_fg_mean": 4178.7861328125,
  "summary_fg_median": 3988.855224609375,
  "summary_fg_n": 60889.0,
  "summary_fg_p05": 2477.30390625,
  "summary_fg_p95": 6492.50009765625,
  "summary_fg_stdv": 1243.589111328125,
  "tsnr": 36.500646484899335
}