{
  "aor": 0.0017414259259259258,
  "aqi": 0.010145595,
  "bids_meta": {
    "AcquisitionMatrixPE": 90,
    "AcquisitionNumber": 1,
    "AcquisitionTime": "15:23:41.545000",
    "BandwidthPerPixelPhaseEncode": 18.832,
    "BaseResolution": 90,
    "BodyPartExamined": "HEAD",
    "ConsistencyInfo": "N4_VE11C_LATEST_20160120",
    "ConversionSoftware": "dcm2niix",
    "ConversionSoftwareVersion": "v1.0.20190902",
    "DerivedVendorReportedEchoSpacing": 0.000590012,
    "DeviceSerialNumber": "67064",
    "DwellTime": 2.5e-06,
    "EchoTime": 0.033,
    "EchoTrainLength": 90,
    "EffectiveEchoSpacing": 0.000590012,
    "FlipAngle": 63,
    "ImageComments": "Unaliased_MB4_PE3_LB",
    "ImageOrientationPatientDICOM": [
      0.999925,
      0.000560542,
      0.0122018,
      0.00191967,
      0.979321,
      -0.202303
    ],
    "ImageType": [
      "ORIGINAL",
      "PRIMARY",
      "M",
      "MB",
      "ND",
      "MOSAIC"
    ],
    "ImagingFrequency": 123.247,
    "InPlanePhaseEncodingDirectionDICOM": "COL",
    "InstitutionAddress": "Scott_Ave_4525_St._Louis_MO_US_63110",
    "InstitutionName": "Washington_University",
    "InstitutionalDepartmentName": "Department",
    "MRAcquisitionType": "2D",
    "MagneticFieldStrength": 3,
    "Manufacturer": "Siemens",
    "ManufacturersModelName": "Prisma_fit",
    "Modality": "MR",
    "MultibandAccelerationFactor": 4,
    "PartialFourier": 1,
    "PatientPosition": "HFS",
    "PercentPhaseFOV": 100,
    "PhaseEncodingDirection": "j",
    "PhaseEncodingSteps": 90,
    "PhaseResolution": 1,
    "PixelBandwidth": 2220,
    "ProcedureStepDescription": "head_Braver",
    "ProtocolName": "tfMRI_StroopBas2_PA",
    "PulseSequenceDetails": "%CustomerSeq%_cmrr_mbep2d_bold",
    "ReceiveCoilActiveElements": "HEA;HEP",
    "ReceiveCoilName": "Head_32",
    "ReconMatrixPE": 90,
    "RepetitionTime": 1.2,
    "SAR": 0.071098,
    "ScanOptions": "FS_EXT",
    "ScanningSequence": "EP",
    "SequenceName": "epfid2d1_90",
    "SequenceVariant": "SK_SS",
    "SeriesDescription": "tfMRI_StroopBas2_PA",
    "SeriesNumber": 43,
    "ShimSetting": [
      -1984,
      -11552,
      5846,
      507,
      73,
      -77,
      -182,
      -19
    ],
    "SliceThickness": 2.4,
    "SliceTiming": [
      0,
      0.6275,
      0.0775,
      0.7075,
      0.1575,
      0.785,
      0.235,
      0.865,
      0.3125,
      0.9425,
      0.3925,
      1.0225,
      0.47,
      1.1,
      0.55,
      0,
      0.6275,
      0.0775,
      0.7075,
      0.1575,
      0.785,
      0.235,
      0.865,
      0.3125,
      0.9425,
      0.3925,
      1.0225,
      0.47,
      1.1,
      0.55,
      0,
      0.6275,
      0.0775,
      0.7075,
      0.1575,
      0.785,
      0.235,
      0.865,
      0.3125,
      0.9425,
      0.3925,
      1.0225,
      0.47,
      1.1,
      0.55,
      0,
      0.6275,
      0.0775,
      0.7075,
      0.1575,
      0.785,
      0.235,
      0.865,
      0.3125,
      0.9425,
      0.3925,
      1.0225,
      0.47,
      1.1,
      0.55
    ],
    "SoftwareVersions": "syngo_MR_E11",
    "SpacingBetweenSlices": 2.4,
    "StationName": "MRC35177",
    "TaskName": "Stroop",
    "TotalReadoutTime": 0.0525111,
    "TxRefAmp": 250.275,
    "VendorReportedEchoSpacing": 0.00059,
    "WipMemBlock": "c4215612-a37f-4631-9b23-c8605d75c49a||Sequence: R016 ve11c/master r/e634e98; Dec 19 2017 11:00:25 by eja",
    "acq_id": "mb4PA",
    "dataset": "ds003465",
    "modality": "bold",
    "run_id": 2,
    "session_id": "wave1bas",
    "subject_id": "f9271ex",
    "task_id": "Stroop"
  },
  "dummy_trs": 0,
  "dvars_nstd": 42.29938634825599,
  "dvars_std": 1.2667417503153977,
  "dvars_vstd": 0.9958681537847877,
  "efc": 0.4814459688723621,
  "fber": 917.7728881835938,
  "fd_mean": 0.19955331660018294,
  "fd_num": 212,
  "fd_perc": 39.25925925925926,
  "fwhm_avg": 2.6191137848146577,
  "fwhm_x": 2.497395734095743,
  "fwhm_y": 2.673837393751248,
  "fwhm_z": 2.686108226596982,
  "gcor": 0.0107424,
  "gsr_x": -0.023324983194470406,
  "gsr_y": 0.06747952848672867,
  "provenance": {
    "md5sum": "35f7e5be612d619d4018088d31e38e62",
    "settings": {
      "fd_thres": 0.2,
      "testing": false
    },
    "software": "mriqc",
    "version": "22.0.6",
    "webapi_port": null,
    "webapi_url": "https://mriqc.nimh.nih.gov/api/v1"
  },
  "size_t": 540,
  "size_x": 90,
  "size_y": 90,
  "size_z": 60,
  "snr": 3.15001547965041,
  "spacing_tr": 1.2000000476837158,
  "spacing_x": 2.4000000953674316,
  "spacing_y": 2.4000000953674316,
  "spacing_z": 2.4000000953674316,
  "summary_bg_k": 15.075673311361037,
  "summary_bg_mad": 42.590495124115634,
  "summary_bg_mean": 298.8695983886719,
  "summary_bg_median": 131.375,
  "summary_bg_n": 357430.0,
  "summary_bg_p05": 99.27592468261719,
  "summary_bg_p95": 1173.3757507324215,
  "summary_bg_stdv": 421.9196472167969,
  "summary_fg_k": 0.6145986783548838,
  "summary_fg_mad": 1219.1326558034432,
  "summary_fg_mean": 4199.70458984375,
  "summary_fg_median": 4003.796142578125,
  "summary_fg_n": 60611.0,
  "summary_fg_p05": 2484.8675537109375,
  "summary_fg_p95": 6566.1806640625,
  "summary_fg_stdv": 1271.0296630859375,
  "tsnr": 36.896077806013636
}