{
  "aor": 0.001005276923076923,
  "aqi": 0.0063756592,
  "bids_meta": {
    "AcquisitionMatrixPE": 90,
    "AcquisitionNumber": 1,
    "AcquisitionTime": "19:45:32.167500",
    "BandwidthPerPixelPhaseEncode": 18.832,
    "BaseResolution": 90,
    "BodyPartExamined": "HEAD",
    "ConsistencyInfo": "N4_VE11C_LATEST_20160120",
    "ConversionSoftware": "dcm2niix",
    "ConversionSoftwareVersion": "v1.0.20190902",
    "DerivedVendorReportedEchoSpacing": 0.000590012,
    "DeviceSerialNumber": "67064",
    "DwellTime": 2.5e-06,
    "EchoTime": 0.033,
    "EchoTrainLength": 90,
    "EffectiveEchoSpacing": 0.000590012,
    "FlipAngle": 63,
    "ImageComments": "Unaliased_MB4_PE3_LB",
    "ImageOrientationPatientDICOM": [
      0.995746,
      -0.0311615,
      -0.0867084,
      0.000869,
      0.944207,
      -0.329352
    ],
    "ImageType": [
      "ORIGINAL",
      "PRIMARY",
      "M",
      "MB",
      "ND",
      "MOSAIC"
    ],
    "ImagingFrequency": 123.247,
    "InPlanePhaseEncodingDirectionDICOM": "COL",
    "InstitutionAddress": "Scott_Ave_4525_St._Louis_MO_US_63110",
    "InstitutionName": "Washington_University",
    "InstitutionalDepartmentName": "Department",
    "MRAcquisitionType": "2D",
    "MagneticFieldStrength": 3,
    "Manufacturer": "Siemens",
    "ManufacturersModelName": "Prisma_fit",
    "Modality": "MR",
    "MultibandAccelerationFactor": 4,
    "PartialFourier": 1,
    "PatientPosition": "HFS",
    "PercentPhaseFOV": 100,
    "PhaseEncodingDirection": "j",
    "PhaseEncodingSteps": 90,
    "PhaseResolution": 1,
    "PixelBandwidth": 2220,
    "ProcedureStepDescription": "head_Braver",
    "ProtocolName": "tfMRI_CuedtsBas2_PA",
    "PulseSequenceDetails": "%CustomerSeq%_cmrr_mbep2d_bold",
    "ReceiveCoilActiveElements": "HEA;HEP",
    "ReceiveCoilName": "Head_32",
    "ReconMatrixPE": 90,
    "RepetitionTime": 1.2,
    "SAR": 0.0636936,
    "ScanOptions": "FS_EXT",
    "ScanningSequence": "EP",
    "SequenceName": "epfid2d1_90",
    "SequenceVariant": "SK_SS",
    "SeriesDescription": "tfMRI_CuedtsBas2_PA",
    "SeriesNumber": 47,
    "ShimSetting": [
      -1994,
      -11545,
      5833,
      708,
      108,
      8,
      -16,
      -39
    ],
    "SliceThickness": 2.4,
    "SliceTiming": [
      0,
      0.63,
      0.0775,
      0.7075,
      0.1575,
      0.7875,
      0.235,
      0.865,
      0.315,
      0.945,
      0.3925,
      1.0225,
      0.4725,
      1.1025,
      0.55,
      0,
      0.63,
      0.0775,
      0.7075,
      0.1575,
      0.7875,
      0.235,
      0.865,
      0.315,
      0.945,
      0.3925,
      1.0225,
      0.4725,
      1.1025,
      0.55,
      0,
      0.63,
      0.0775,
      0.7075,
      0.1575,
      0.7875,
      0.235,
      0.865,
      0.315,
      0.945,
      0.3925,
      1.0225,
      0.4725,
      1.1025,
      0.55,
      0,
      0.63,
      0.0775,
      0.7075,
      0.1575,
      0.7875,
      0.235,
      0.865,
      0.315,
      0.945,
      0.3925,
      1.0225,
      0.4725,
      1.1025,
      0.55
    ],
    "SoftwareVersions": "syngo_MR_E11",
    "SpacingBetweenSlices": 2.4,
    "StationName": "MRC35177",
    "TaskName": "Cuedts",
    "TotalReadoutTime": 0.0525111,
    "TxRefAmp": 218.908,
    "VendorReportedEchoSpacing": 0.00059,
    "WipMemBlock": "2d9b8157-7f07-4a71-a42f-f6cc963300ef||Sequence: R016 ve11c/master r/e634e98; Dec 19 2017 11:00:25 by eja",
    "acq_id": "mb4PA",
    "dataset": "ds003465",
    "modality": "bold",
    "run_id": 2,
    "session_id": "wave1bas",
    "subject_id": "f3680fb",
    "task_id": "Cuedts"
  },
  "dummy_trs": 0,
  "dvars_nstd": 29.059670899661047,
  "dvars_std": 1.097190505577813,
  "dvars_vstd": 0.9927267557318944,
  "efc": 0.4915710141301665,
  "fber": 965.2677001953125,
  "fd_mean": 0.10859866173220314,
  "fd_num": 26,
  "fd_perc": 4.0,
  "fwhm_avg": 2.502067956132308,
  "fwhm_x": 2.3032915751420826,
  "fwhm_y": 2.5743373977050226,
  "fwhm_z": 2.6285748955498183,
  "gcor": 0.00724334,
  "gsr_x": -0.011070862412452698,
  "gsr_y": 0.028298394754529,
  "provenance": {
    "md5sum": "c8aeed97e737a504b5b4ff6b233ba7ea",
    "settings": {
      "fd_thres": 0.2,
      "testing": false
    },
    "software": "mriqc",
    "version": "22.0.6",
    "webapi_port": null,
    "webapi_url": "https://mriqc.nimh.nih.gov/api/v1"
  },
  "size_t": 650,
  "size_x": 90,
  "size_y": 90,
  "size_z": 60,
  "snr": 3.6538141454769115,
  "spacing_tr": 1.2000000476837158,
  "spacing_x": 2.4000000953674316,
  "spacing_y": 2.4000000953674316,
  "spacing_z": 2.4000000953674316,
  "summary_bg_k": 23.374605382565246,
  "summary_bg_mad": 33.24450881250204,
  "summary_bg_mean": 285.429443359375,
  "summary_bg_median": 124.62769317626953,
  "summary_bg_n": 351525.0,
  "summary_bg_p05": 99.82461547851562,
  "summary_bg_p95": 1209.3658203124996,
  "summary_bg_stdv": 435.0466613769531,
  "summary_fg_k": 0.3301641141078546,
  "summary_fg_mad": 1042.9876760407428,
  "summary_fg_mean": 4042.3095703125,
  "summary_fg_median": 3934.77294921875,
  "summary_fg_n": 62950.0,
  "summary_fg_p05": 2508.8921020507814,
  "summary_fg_p95": 6005.529418945312,
  "summary_fg_stdv": 1076.8861083984375,
  "tsnr": 48.703799844835885
}