{
  "aor": 0.005873228200371059,
  "aqi": 0.006037809276437847,
  "bids_meta": {
    "AcquisitionMatrixPE": 90,
    "AcquisitionNumber": 1,
    "AcquisitionTime": "20:48:20.580000",
    "BandwidthPerPixelPhaseEncode": 18.832,
    "BaseResolution": 90,
    "BodyPartExamined": "HEAD",
    "ConsistencyInfo": "N4_VE11C_LATEST_20160120",
    "ConversionSoftware": "dcm2niix",
    "ConversionSoftwareVersion": "v1.0.20190902",
    "DerivedVendorReportedEchoSpacing": 0.000590012,
    "DeviceSerialNumber": "67064",
    "DwellTime": 2.5e-06,
    "EchoTime": 0.033,
    "EchoTrainLength": 90,
    "EffectiveEchoSpacing": 0.000590012,
    "FlipAngle": 63,
    "ImageComments": "Unaliased_MB4_PE3_LB",
    "ImageOrientationPatientDICOM": [
      0.995746,
      -0.0311615,
      -0.0867084,
      0.000869,
      0.944207,
      -0.329352
    ],
    "ImageType": [
      "ORIGINAL",
      "PRIMARY",
      "M",
      "MB",
      "ND",
      "MOSAIC"
    ],
    "ImagingFrequency": 123.247,
    "InPlanePhaseEncodingDirectionDICOM": "COL",
    "InstitutionAddress": "Scott_Ave_4525_St._Louis_MO_US_63110",
    "InstitutionName": "Washington_University",
    "InstitutionalDepartmentName": "Department",
    "MRAcquisitionType": "2D",
    "MagneticFieldStrength": 3,
    "Manufacturer": "Siemens",
    "ManufacturersModelName": "Prisma_fit",
    "Modality": "MR",
    "MultibandAccelerationFactor": 4,
    "PartialFourier": 1,
    "PatientPosition": "HFS",
    "PercentPhaseFOV": 100,
    "PhaseEncodingDirection": "j",
    "PhaseEncodingSteps": 90,
    "PhaseResolution": 1,
    "PixelBandwidth": 2220,
    "ProcedureStepDescription": "head_Braver",
    "ProtocolName": "tfMRI_StroopBas2_PA",
    "PulseSequenceDetails": "%CustomerSeq%_cmrr_mbep2d_bold",
    "ReceiveCoilActiveElements": "HEA;HEP",
    "ReceiveCoilName": "Head_32",
    "ReconMatrixPE": 90,
    "RepetitionTime": 1.2,
    "SAR": 0.0636467,
    "ScanOptions": "FS_EXT",
    "ScanningSequence": "EP",
    "SequenceName": "epfid2d1_90",
    "SequenceVariant": "SK_SS",
    "SeriesDescription": "tfMRI_StroopBas2_PA",
    "SeriesNumber": 65,
    "ShimSetting": [
      -1994,
      -11545,
      5833,
      708,
      108,
      8,
      -16,
      -39
    ],
    "SliceThickness": 2.4,
    "SliceTiming": [
      0,
      0.63,
      0.0775,
      0.7075,
      0.1575,
      0.7875,
      0.235,
      0.865,
      0.315,
      0.9425,
      0.3925,
      1.0225,
      0.4725,
      1.1,
      0.55,
      0,
      0.63,
      0.0775,
      0.7075,
      0.1575,
      0.7875,
      0.235,
      0.865,
      0.315,
      0.9425,
      0.3925,
      1.0225,
      0.4725,
      1.1,
      0.55,
      0,
      0.63,
      0.0775,
      0.7075,
      0.1575,
      0.7875,
      0.235,
      0.865,
      0.315,
      0.9425,
      0.3925,
      1.0225,
      0.4725,
      1.1,
      0.55,
      0,
      0.63,
      0.0775,
      0.7075,
      0.1575,
      0.7875,
      0.235,
      0.865,
      0.315,
      0.9425,
      0.3925,
      1.0225,
      0.4725,
      1.1,
      0.55
    ],
    "SoftwareVersions": "syngo_MR_E11",
    "SpacingBetweenSlices": 2.4,
    "StationName": "MRC35177",
    "TaskName": "Stroop",
    "TotalReadoutTime": 0.0525111,
    "TxRefAmp": 218.908,
    "VendorReportedEchoSpacing": 0.00059,
    "WipMemBlock": "ef75ae63-efe1-45d0-9b02-9b96108df11b||Sequence: R016 ve11c/master r/e634e98; Dec 19 2017 11:00:25 by eja",
    "acq_id": "mb4PA",
    "dataset": "ds003465",
    "modality": "bold",
    "run_id": 2,
    "session_id": "wave1bas",
    "subject_id": "f3680fb",
    "task_id": "Stroop"
  },
  "dummy_trs": 1,
  "dvars_nstd": 32.29958242845727,
  "dvars_std": 1.203010776078066,
  "dvars_vstd": 1.0799152691078062,
  "efc": 0.4926566141169967,
  "fber": 949.0637817382812,
  "fd_mean": 0.17182091170605596,
  "fd_num": 118,
  "fd_perc": 21.89239332096475,
  "fwhm_avg": 2.495966567485866,
  "fwhm_x": 2.3109457415045997,
  "fwhm_y": 2.5779290642289694,
  "fwhm_z": 2.5990248967240297,
  "gcor": 0.00517501,
  "gsr_x": -0.010474617592990398,
  "gsr_y": 0.03357004001736641,
  "provenance": {
    "md5sum": "507240a2b3c0102bb807187f47cf76bc",
    "settings": {
      "fd_thres": 0.2,
      "testing": false
    },
    "software": "mriqc",
    "version": "22.0.6",
    "webapi_port": null,
    "webapi_url": "https://mriqc.nimh.nih.gov/api/v1"
  },
  "size_t": 539,
  "size_x": 90,
  "size_y": 90,
  "size_z": 60,
  "snr": 3.587503884674619,
  "spacing_tr": 1.2000000476837158,
  "spacing_x": 2.4000000953674316,
  "spacing_y": 2.4000000953674316,
  "spacing_z": 2.4000000953674316,
  "summary_bg_k": 19.017850441979114,
  "summary_bg_mad": 34.99519585369816,
  "summary_bg_mean": 292.6748046875,
  "summary_bg_median": 125.55380249023438,
  "summary_bg_n": 351990.0,
  "summary_bg_p05": 97.41187286376953,
  "summary_bg_p95": 1264.333392333984,
  "summary_bg_stdv": 442.04364013671875,
  "summary_fg_k": 0.3265186245952312,
  "summary_fg_mad": 1056.4626697149172,
  "summary_fg_mean": 4046.157958984375,
  "summary_fg_median": 3930.333984375,
  "summary_fg_n": 62929.0,
  "summary_fg_p05": 2493.6615234375,
  "summary_fg_p95": 6042.510546875,
  "summary_fg_stdv": 1095.5535888671875,
  "tsnr": 46.64900264120661
}