{
  "aor": 0.0007441803278688525,
  "aqi": 0.005864953983606558,
  "bids_meta": {
    "AcquisitionMatrixPE": 90,
    "AcquisitionNumber": 1,
    "AcquisitionTime": "18:54:46.485000",
    "BandwidthPerPixelPhaseEncode": 18.832,
    "BaseResolution": 90,
    "BodyPartExamined": "HEAD",
    "ConsistencyInfo": "N4_VE11C_LATEST_20160120",
    "ConversionSoftware": "dcm2niix",
    "ConversionSoftwareVersion": "v1.0.20190902",
    "DerivedVendorReportedEchoSpacing": 0.000590012,
    "DeviceSerialNumber": "67064",
    "DwellTime": 2.5e-06,
    "EchoTime": 0.033,
    "EchoTrainLength": 90,
    "EffectiveEchoSpacing": 0.000590012,
    "FlipAngle": 63,
    "ImageComments": "Unaliased_MB4_PE3_LB",
    "ImageOrientationPatientDICOM": [
      0.993025,
      -0.106062,
      -0.0514902,
      0.0839103,
      0.942572,
      -0.32329
    ],
    "ImageType": [
      "ORIGINAL",
      "PRIMARY",
      "M",
      "MB",
      "ND",
      "MOSAIC"
    ],
    "ImagingFrequency": 123.247,
    "InPlanePhaseEncodingDirectionDICOM": "COL",
    "InstitutionAddress": "Scott_Ave_4525_St._Louis_MO_US_63110",
    "InstitutionName": "Washington_University",
    "InstitutionalDepartmentName": "Department",
    "MRAcquisitionType": "2D",
    "MagneticFieldStrength": 3,
    "Manufacturer": "Siemens",
    "ManufacturersModelName": "Prisma_fit",
    "Modality": "MR",
    "MultibandAccelerationFactor": 4,
    "PartialFourier": 1,
    "PatientPosition": "HFS",
    "PercentPhaseFOV": 100,
    "PhaseEncodingDirection": "j",
    "PhaseEncodingSteps": 90,
    "PhaseResolution": 1,
    "PixelBandwidth": 2220,
    "ProcedureStepDescription": "head_Braver",
    "ProtocolName": "tfMRI_AxcptBas2_PA",
    "PulseSequenceDetails": "%CustomerSeq%_cmrr_mbep2d_bold",
    "ReceiveCoilActiveElements": "HEA;HEP",
    "ReceiveCoilName": "Head_32",
    "ReconMatrixPE": 90,
    "RepetitionTime": 1.2,
    "SAR": 0.0617513,
    "ScanOptions": "FS_EXT",
    "ScanningSequence": "EP",
    "SequenceName": "epfid2d1_90",
    "SequenceVariant": "SK_SS",
    "SeriesDescription": "tfMRI_AxcptBas2_PA",
    "SeriesNumber": 31,
    "ShimSetting": [
      -1989,
      -11525,
      5680,
      692,
      78,
      15,
      -50,
      -30
    ],
    "SliceThickness": 2.4,
    "SliceTiming": [
      0,
      0.63,
      0.08,
      0.71,
      0.1575,
      0.7875,
      0.2375,
      0.8675,
      0.315,
      0.945,
      0.395,
      1.0225,
      0.4725,
      1.1025,
      0.5525,
      0,
      0.63,
      0.08,
      0.71,
      0.1575,
      0.7875,
      0.2375,
      0.8675,
      0.315,
      0.945,
      0.395,
      1.0225,
      0.4725,
      1.1025,
      0.5525,
      0,
      0.63,
      0.08,
      0.71,
      0.1575,
      0.7875,
      0.2375,
      0.8675,
      0.315,
      0.945,
      0.395,
      1.0225,
      0.4725,
      1.1025,
      0.5525,
      0,
      0.63,
      0.08,
      0.71,
      0.1575,
      0.7875,
      0.2375,
      0.8675,
      0.315,
      0.945,
      0.395,
      1.0225,
      0.4725,
      1.1025,
      0.5525
    ],
    "SoftwareVersions": "syngo_MR_E11",
    "SpacingBetweenSlices": 2.4,
    "StationName": "MRC35177",
    "TaskName": "Axcpt",
    "TotalReadoutTime": 0.0525111,
    "TxRefAmp": 233.697,
    "VendorReportedEchoSpacing": 0.00059,
    "WipMemBlock": "0c412edd-ad07-46ef-8834-b9129e6b1a0d||Sequence: R016 ve11c/master r/e634e98; Dec 19 2017 11:00:25 by eja",
    "acq_id": "mb4PA",
    "dataset": "ds003465",
    "modality": "bold",
    "run_id": 2,
    "session_id": "wave1bas",
    "subject_id": "f3680fb",
    "task_id": "Axcpt"
  },
  "dummy_trs": 0,
  "dvars_nstd": 27.381501734909687,
  "dvars_std": 1.0867928818554997,
  "dvars_vstd": 0.9906820161576356,
  "efc": 0.4873710607344562,
  "fber": 1019.5625610351562,
  "fd_mean": 0.1028792483235965,
  "fd_num": 15,
  "fd_perc": 2.459016393442623,
  "fwhm_avg": 2.496506845242175,
  "fwhm_x": 2.280037409399453,
  "fwhm_y": 2.583587397337461,
  "fwhm_z": 2.625895728989612,
  "gcor": 0.00814879,
  "gsr_x": -0.00847763754427433,
  "gsr_y": 0.03269142284989357,
  "provenance": {
    "md5sum": "775c0f10bce7f3a92dc008e686b9f190",
    "settings": {
      "fd_thres": 0.2,
      "testing": false
    },
    "software": "mriqc",
    "version": "22.0.6",
    "webapi_port": null,
    "webapi_url": "https://mriqc.nimh.nih.gov/api/v1"
  },
  "size_t": 610,
  "size_x": 90,
  "size_y": 90,
  "size_z": 60,
  "snr": 3.693932789117639,
  "spacing_tr": 1.2000000476837158,
  "spacing_x": 2.4000000953674316,
  "spacing_y": 2.4000000953674316,
  "spacing_z": 2.4000000953674316,
  "summary_bg_k": 24.00699642306631,
  "summary_bg_mad": 30.923192076038724,
  "summary_bg_mean": 279.52056884765625,
  "summary_bg_median": 121.89179992675781,
  "summary_bg_n": 352892.0,
  "summary_bg_p05": 99.011474609375,
  "summary_bg_p95": 1176.212646484375,
  "summary_bg_stdv": 431.64898681640625,
  "summary_fg_k": 0.5411960061356522,
  "summary_fg_mad": 1015.1532310456861,
  "summary_fg_mean": 4077.982177734375,
  "summary_fg_median": 3953.58349609375,
  "summary_fg_n": 61806.0,
  "summary_fg_p05": 2589.2700805664062,
  "summary_fg_p95": 6023.75830078125,
  "summary_fg_stdv": 1070.282470703125,
  "tsnr": 53.136621091281995
}