{
  "aor": 0.0005213114754098361,
  "aqi": 0.005696619737704917,
  "bids_meta": {
    "AcquisitionMatrixPE": 90,
    "AcquisitionNumber": 1,
    "AcquisitionTime": "18:41:11.915000",
    "BandwidthPerPixelPhaseEncode": 18.832,
    "BaseResolution": 90,
    "BodyPartExamined": "HEAD",
    "ConsistencyInfo": "N4_VE11C_LATEST_20160120",
    "ConversionSoftware": "dcm2niix",
    "ConversionSoftwareVersion": "v1.0.20190902",
    "DerivedVendorReportedEchoSpacing": 0.000590012,
    "DeviceSerialNumber": "67064",
    "DwellTime": 2.5e-06,
    "EchoTime": 0.033,
    "EchoTrainLength": 90,
    "EffectiveEchoSpacing": 0.000590012,
    "FlipAngle": 63,
    "ImageComments": "Unaliased_MB4_PE3_LB",
    "ImageOrientationPatientDICOM": [
      0.993025,
      -0.106062,
      -0.0514902,
      0.0839103,
      0.942572,
      -0.32329
    ],
    "ImageType": [
      "ORIGINAL",
      "PRIMARY",
      "M",
      "MB",
      "ND",
      "MOSAIC"
    ],
    "ImagingFrequency": 123.247,
    "InPlanePhaseEncodingDirectionDICOM": "COL",
    "InstitutionAddress": "Scott_Ave_4525_St._Louis_MO_US_63110",
    "InstitutionName": "Washington_University",
    "InstitutionalDepartmentName": "Department",
    "MRAcquisitionType": "2D",
    "MagneticFieldStrength": 3,
    "Manufacturer": "Siemens",
    "ManufacturersModelName": "Prisma_fit",
    "Modality": "MR",
    "MultibandAccelerationFactor": 4,
    "PartialFourier": 1,
    "PatientPosition": "HFS",
    "PercentPhaseFOV": 100,
    "PhaseEncodingDirection": "j-",
    "PhaseEncodingSteps": 90,
    "PhaseResolution": 1,
    "PixelBandwidth": 2220,
    "ProcedureStepDescription": "head_Braver",
    "ProtocolName": "tfMRI_AxcptBas1_AP",
    "PulseSequenceDetails": "%CustomerSeq%_cmrr_mbep2d_bold",
    "ReceiveCoilActiveElements": "HEA;HEP",
    "ReceiveCoilName": "Head_32",
    "ReconMatrixPE": 90,
    "RepetitionTime": 1.2,
    "SAR": 0.0617513,
    "ScanOptions": "FS_EXT",
    "ScanningSequence": "EP",
    "SequenceName": "epfid2d1_90",
    "SequenceVariant": "SK_SS",
    "SeriesDescription": "tfMRI_AxcptBas1_AP",
    "SeriesNumber": 28,
    "ShimSetting": [
      -1989,
      -11525,
      5680,
      692,
      78,
      15,
      -50,
      -30
    ],
    "SliceThickness": 2.4,
    "SliceTiming": [
      0,
      0.63,
      0.0775,
      0.7075,
      0.1575,
      0.7875,
      0.235,
      0.865,
      0.315,
      0.945,
      0.3925,
      1.0225,
      0.4725,
      1.1,
      0.55,
      0,
      0.63,
      0.0775,
      0.7075,
      0.1575,
      0.7875,
      0.235,
      0.865,
      0.315,
      0.945,
      0.3925,
      1.0225,
      0.4725,
      1.1,
      0.55,
      0,
      0.63,
      0.0775,
      0.7075,
      0.1575,
      0.7875,
      0.235,
      0.865,
      0.315,
      0.945,
      0.3925,
      1.0225,
      0.4725,
      1.1,
      0.55,
      0,
      0.63,
      0.0775,
      0.7075,
      0.1575,
      0.7875,
      0.235,
      0.865,
      0.315,
      0.945,
      0.3925,
      1.0225,
      0.4725,
      1.1,
      0.55
    ],
    "SoftwareVersions": "syngo_MR_E11",
    "SpacingBetweenSlices": 2.4,
    "StationName": "MRC35177",
    "TaskName": "Axcpt",
    "TotalReadoutTime": 0.0525111,
    "TxRefAmp": 233.697,
    "VendorReportedEchoSpacing": 0.00059,
    "WipMemBlock": "236ccc94-ec3b-4ea0-b670-b3a8826d66ed||Sequence: R016 ve11c/master r/e634e98; Dec 19 2017 11:00:25 by eja",
    "acq_id": "mb4AP",
    "dataset": "ds003465",
    "modality": "bold",
    "run_id": 1,
    "session_id": "wave1bas",
    "subject_id": "f3680fb",
    "task_id": "Axcpt"
  },
  "dummy_trs": 0,
  "dvars_nstd": 29.416954751510676,
  "dvars_std": 1.1043003946305412,
  "dvars_vstd": 0.98186791908046,
  "efc": 0.48604699783847166,
  "fber": 1017.8961181640625,
  "fd_mean": 0.1307770009550996,
  "fd_num": 42,
  "fd_perc": 6.885245901639344,
  "fwhm_avg": 2.476469346038394,
  "fwhm_x": 2.256637410329286,
  "fwhm_y": 2.602387396590416,
  "fwhm_z": 2.57038323119548,
  "gcor": 0.00442722,
  "gsr_x": -0.008259505964815617,
  "gsr_y": 0.043613795191049576,
  "provenance": {
    "md5sum": "a4ecd69b0c9b7101b32b41883e750d7c",
    "settings": {
      "fd_thres": 0.2,
      "testing": false
    },
    "software": "mriqc",
    "version": "22.0.6",
    "webapi_port": null,
    "webapi_url": "https://mriqc.nimh.nih.gov/api/v1"
  },
  "size_t": 610,
  "size_x": 90,
  "size_y": 90,
  "size_z": 60,
  "snr": 3.890560649534022,
  "spacing_tr": 1.2000000476837158,
  "spacing_x": 2.4000000953674316,
  "spacing_y": 2.4000000953674316,
  "spacing_z": 2.4000000953674316,
  "summary_bg_k": 32.00666365037575,
  "summary_bg_mad": 28.986088211554016,
  "summary_bg_mean": 246.8848876953125,
  "summary_bg_median": 119.37049102783203,
  "summary_bg_n": 347260.0,
  "summary_bg_p05": 95.965576171875,
  "summary_bg_p95": 913.2072814941405,
  "summary_bg_stdv": 367.65966796875,
  "summary_fg_k": 0.6983129893066975,
  "summary_fg_mad": 915.6429681777361,
  "summary_fg_mean": 4043.97705078125,
  "summary_fg_median": 3914.88525390625,
  "summary_fg_n": 64291.0,
  "summary_fg_p05": 2664.8245849609375,
  "summary_fg_p95": 5933.78125,
  "summary_fg_stdv": 1006.244384765625,
  "tsnr": 52.3189019546262
}