{
  "aor": 0.00156955,
  "aqi": 0.005856654616666666,
  "bids_meta": {
    "AcquisitionMatrixPE": 90,
    "AcquisitionNumber": 1,
    "AcquisitionTime": "11:13:14.312500",
    "BandwidthPerPixelPhaseEncode": 18.832,
    "BaseResolution": 90,
    "BodyPartExamined": "HEAD",
    "ConsistencyInfo": "N4_VE11C_LATEST_20160120",
    "ConversionSoftware": "dcm2niix",
    "ConversionSoftwareVersion": "v1.0.20190902",
    "DerivedVendorReportedEchoSpacing": 0.000590012,
    "DeviceSerialNumber": "67064",
    "DwellTime": 2.5e-06,
    "EchoTime": 0.033,
    "EchoTrainLength": 90,
    "EffectiveEchoSpacing": 0.000590012,
    "FlipAngle": 63,
    "ImageComments": "Unaliased_MB4_PE3_LB",
    "ImageOrientationPatientDICOM": [
      0.998645,
      -0.00386926,
      -0.0518958,
      -0.0230112,
      0.861609,
      -0.507051
    ],
    "ImageType": [
      "ORIGINAL",
      "PRIMARY",
      "M",
      "MB",
      "ND",
      "MOSAIC"
    ],
    "ImagingFrequency": 123.247,
    "InPlanePhaseEncodingDirectionDICOM": "COL",
    "InstitutionAddress": "Scott_Ave_4525_St._Louis_MO_US_63110",
    "InstitutionName": "Washington_University",
    "InstitutionalDepartmentName": "Department",
    "MRAcquisitionType": "2D",
    "MagneticFieldStrength": 3,
    "Manufacturer": "Siemens",
    "ManufacturersModelName": "Prisma_fit",
    "Modality": "MR",
    "MultibandAccelerationFactor": 4,
    "PartialFourier": 1,
    "PatientPosition": "HFS",
    "PercentPhaseFOV": 100,
    "PhaseEncodingDirection": "j",
    "PhaseEncodingSteps": 90,
    "PhaseResolution": 1,
    "PixelBandwidth": 2220,
    "ProcedureStepDescription": "head_Braver",
    "ProtocolName": "tfMRI_SternBas2_PA",
    "PulseSequenceDetails": "%CustomerSeq%_cmrr_mbep2d_bold",
    "ReceiveCoilActiveElements": "HEA;HEP",
    "ReceiveCoilName": "Head_32",
    "ReconMatrixPE": 90,
    "RepetitionTime": 1.2,
    "SAR": 0.0639237,
    "ScanOptions": "FS_EXT",
    "ScanningSequence": "EP",
    "SequenceName": "epfid2d1_90",
    "SequenceVariant": "SK_SS",
    "SeriesDescription": "tfMRI_SternBas2_PA",
    "SeriesNumber": 40,
    "ShimSetting": [
      -1997,
      -11460,
      5804,
      457,
      48,
      271,
      -82,
      16
    ],
    "SliceThickness": 2.4,
    "SliceTiming": [
      0,
      0.63,
      0.08,
      0.7075,
      0.1575,
      0.7875,
      0.2375,
      0.865,
      0.315,
      0.945,
      0.395,
      1.0225,
      0.4725,
      1.1025,
      0.5525,
      0,
      0.63,
      0.08,
      0.7075,
      0.1575,
      0.7875,
      0.2375,
      0.865,
      0.315,
      0.945,
      0.395,
      1.0225,
      0.4725,
      1.1025,
      0.5525,
      0,
      0.63,
      0.08,
      0.7075,
      0.1575,
      0.7875,
      0.2375,
      0.865,
      0.315,
      0.945,
      0.395,
      1.0225,
      0.4725,
      1.1025,
      0.5525,
      0,
      0.63,
      0.08,
      0.7075,
      0.1575,
      0.7875,
      0.2375,
      0.865,
      0.315,
      0.945,
      0.395,
      1.0225,
      0.4725,
      1.1025,
      0.5525
    ],
    "SoftwareVersions": "syngo_MR_E11",
    "SpacingBetweenSlices": 2.4,
    "StationName": "MRC35177",
    "TaskName": "Stern",
    "TotalReadoutTime": 0.0525111,
    "TxRefAmp": 227.258,
    "VendorReportedEchoSpacing": 0.00059,
    "WipMemBlock": "77a353ce-3c94-432f-824b-711d2f1e80f0||Sequence: R016 ve11c/master r/e634e98; Dec 19 2017 11:00:25 by eja",
    "acq_id": "mb4PA",
    "dataset": "ds003465",
    "modality": "bold",
    "run_id": 2,
    "session_id": "wave1bas",
    "subject_id": "f6464bf",
    "task_id": "Stern"
  },
  "dummy_trs": 0,
  "dvars_nstd": 38.886045290333875,
  "dvars_std": 1.4839495262938238,
  "dvars_vstd": 1.0108931031552575,
  "efc": 0.4907688094983611,
  "fber": 976.1054077148438,
  "fd_mean": 0.12462529050270481,
  "fd_num": 49,
  "fd_perc": 8.166666666666666,
  "fwhm_avg": 2.734773502440976,
  "fwhm_x": 2.577108230928253,
  "fwhm_y": 2.793258222339224,
  "fwhm_z": 2.83395405405545,
  "gcor": 0.00742396,
  "gsr_x": -0.004567238502204418,
  "gsr_y": 0.0509892962872982,
  "provenance": {
    "md5sum": "79ffd6cc9b8a75e4f1929c49a8e250ee",
    "settings": {
      "fd_thres": 0.2,
      "testing": false
    },
    "software": "mriqc",
    "version": "22.0.6",
    "webapi_port": null,
    "webapi_url": "https://mriqc.nimh.nih.gov/api/v1"
  },
  "size_t": 600,
  "size_x": 90,
  "size_y": 90,
  "size_z": 60,
  "snr": 3.019822337147719,
  "spacing_tr": 1.2000000476837158,
  "spacing_x": 2.4000000953674316,
  "spacing_y": 2.4000000953674316,
  "spacing_z": 2.4000000953674316,
  "summary_bg_k": 29.10666230998571,
  "summary_bg_mad": 37.655621425074266,
  "summary_bg_mean": 255.02005004882812,
  "summary_bg_median": 125.5,
  "summary_bg_n": 338281.0,
  "summary_bg_p05": 96.02667236328125,
  "summary_bg_p95": 926.8033447265625,
  "summary_bg_stdv": 362.2950134277344,
  "summary_fg_k": 3.391308833990643,
  "summary_fg_mad": 1172.9092015779543,
  "summary_fg_mean": 4183.21923828125,
  "summary_fg_median": 3966.068359375,
  "summary_fg_n": 75053.0,
  "summary_fg_p05": 2485.9533203125,
  "summary_fg_p95": 6605.71953125,
  "summary_fg_stdv": 1313.336181640625,
  "tsnr": 49.12004191428423
}