{
  "bids_meta": {
    "AcquisitionMatrixPE": 300,
    "AcquisitionNumber": 1,
    "AcquisitionTime": "09:24:42.557500",
    "BaseResolution": 320,
    "BodyPartExamined": "HEAD",
    "ConsistencyInfo": "N4_VE11C_LATEST_20160120",
    "ConversionSoftware": "dcm2niix",
    "ConversionSoftwareVersion": "v1.0.20190902",
    "DeviceSerialNumber": "67064",
    "DwellTime": 7.1e-06,
    "EchoTime": 0.00222,
    "FlipAngle": 8,
    "ImageOrientationPatientDICOM": [
      -0.021732,
      0.998629,
      0.0476281,
      0.00671609,
      0.047784,
      -0.998835
    ],
    "ImageType": [
      "ORIGINAL",
      "PRIMARY",
      "M",
      "ND"
    ],
    "ImagingFrequency": 123.247,
    "InPlanePhaseEncodingDirectionDICOM": "ROW",
    "InstitutionAddress": "Scott_Ave_4525_St._Louis_MO_US_63110",
    "InstitutionName": "Washington_University",
    "InstitutionalDepartmentName": "Department",
    "InversionTime": 1,
    "MRAcquisitionType": "3D",
    "MagneticFieldStrength": 3,
    "Manufacturer": "Siemens",
    "ManufacturersModelName": "Prisma_fit",
    "Modality": "MR",
    "ParallelReductionFactorInPlane": 2,
    "PartialFourier": 1,
    "PatientPosition": "HFS",
    "PercentPhaseFOV": 93.75,
    "PhaseEncodingSteps": 299,
    "PhaseResolution": 1,
    "PixelBandwidth": 220,
    "ProcedureStepDescription": "head_Braver",
    "ProtocolName": "T1w_MPR",
    "PulseSequenceDetails": "%SiemensSeq%_tfl",
    "ReceiveCoilActiveElements": "HEA;HEP",
    "ReceiveCoilName": "Head_32",
    "ReconMatrixPE": 300,
    "RefLinesPE": 32,
    "RepetitionTime": 2.4,
    "SAR": 0.0424083,
    "ScanOptions": "IR_WE",
    "ScanningSequence": "GR_IR",
    "SequenceName": "_tfl3d1_16ns",
    "SequenceVariant": "SK_SP_MP",
    "SeriesDescription": "T1w_MPR",
    "SeriesNumber": 11,
    "ShimSetting": [
      -1989,
      -11487,
      5823,
      722,
      78,
      19,
      26,
      -29
    ],
    "SliceThickness": 0.8,
    "SoftwareVersions": "syngo_MR_E11",
    "StationName": "MRC35177",
    "TxRefAmp": 246.22,
    "dataset": "ds003465",
    "modality": "T1w",
    "session_id": "wave1bas",
    "subject_id": "f4796rs"
  },
  "cjv": 0.500807977297589,
  "cnr": 2.701993106107566,
  "efc": 0.5478404651659613,
  "fber": 20780.331360946744,
  "fwhm_avg": 5.143450051343324,
  "fwhm_x": 5.153425307168085,
  "fwhm_y": 5.022337425161341,
  "fwhm_z": 5.2545874217005455,
  "icvs_csf": 0.1699701603180399,
  "icvs_gm": 0.39974066282562937,
  "icvs_wm": 0.4302891768563307,
  "inu_med": 0.942388117313385,
  "inu_range": 0.8477614283561706,
  "provenance": {
    "md5sum": "46fd2c5d992ae235dcdc740c2c648e82",
    "settings": {
      "testing": false
    },
    "software": "mriqc",
    "version": "22.0.6",
    "warnings": {
      "large_rot_frame": true,
      "small_air_mask": false
    },
    "webapi_port": null,
    "webapi_url": "https://mriqc.nimh.nih.gov/api/v1"
  },
  "qi_1": 0.0,
  "qi_2": 0.0011938490854208087,
  "rpve_csf": 25.353206595285467,
  "rpve_gm": 11.022193580836818,
  "rpve_wm": 11.757712580166444,
  "size_x": 208,
  "size_y": 300,
  "size_z": 320,
  "snr_csf": 2.845895912378307,
  "snr_gm": 13.262003317157308,
  "snr_total": 10.070328144915942,
  "snr_wm": 14.103085205212212,
  "snrd_csf": 15.529891611672737,
  "snrd_gm": 37.4677983003214,
  "snrd_total": 34.27152991047712,
  "snrd_wm": 49.81689981943724,
  "spacing_x": 0.7999999523162842,
  "spacing_y": 0.800000011920929,
  "spacing_z": 0.800000011920929,
  "summary_bg_k": 3969.8545708713114,
  "summary_bg_mad": 0.0,
  "summary_bg_mean": 6.993857170763956,
  "summary_bg_median": 0.0,
  "summary_bg_n": 6638385.0,
  "summary_bg_p05": 0.0,
  "summary_bg_p95": 27.085814885795116,
  "summary_bg_stdv": 13.15224873586556,
  "summary_csf_k": 4.34259328682569,
  "summary_csf_mad": 78.08827257511855,
  "summary_csf_mean": 322.042494203378,
  "summary_csf_median": 311.77171245217323,
  "summary_csf_n": 84907.0,
  "summary_csf_p05": 148.01387943327427,
  "summary_csf_p95": 522.2953023388982,
  "summary_csf_stdv": 109.55069548774053,
  "summary_gm_k": 0.11548592756539877,
  "summary_gm_mad": 56.358694267588014,
  "summary_gm_mean": 753.2455122042242,
  "summary_gm_median": 752.1880982816219,
  "summary_gm_n": 78737.0,
  "summary_gm_p05": 661.7639438062906,
  "summary_gm_p95": 847.8947634994984,
  "summary_gm_stdv": 56.717171885138676,
  "summary_wm_k": 0.39336150908448086,
  "summary_wm_mad": 67.79935563798395,
  "summary_wm_mean": 1010.9805414324683,
  "summary_wm_median": 1000.1035779342055,
  "summary_wm_n": 562041.0,
  "summary_wm_p05": 914.5476196333766,
  "summary_wm_p95": 1145.3726233541965,
  "summary_wm_stdv": 70.91375210987403,
  "tpm_overlap_csf": 0.12380658167504265,
  "tpm_overlap_gm": 0.41700965525047706,
  "tpm_overlap_wm": 0.4532246713759862,
  "wm2max": 0.5528960323976129
}