{
  "bids_meta": {
    "AcquisitionMatrixPE": 300,
    "AcquisitionNumber": 1,
    "AcquisitionTime": "09:40:7.702500",
    "BaseResolution": 320,
    "BodyPartExamined": "HEAD",
    "ConsistencyInfo": "N4_VE11C_LATEST_20160120",
    "ConversionSoftware": "dcm2niix",
    "ConversionSoftwareVersion": "v1.0.20190902",
    "DeviceSerialNumber": "67064",
    "DwellTime": 2.1e-06,
    "EchoTime": 0.563,
    "EchoTrainLength": 314,
    "FlipAngle": 120,
    "ImageOrientationPatientDICOM": [
      -0.021732,
      0.998629,
      0.0476281,
      0.00671609,
      0.047784,
      -0.998835
    ],
    "ImageType": [
      "ORIGINAL",
      "PRIMARY",
      "M",
      "ND"
    ],
    "ImagingFrequency": 123.247,
    "InPlanePhaseEncodingDirectionDICOM": "ROW",
    "InstitutionAddress": "Scott_Ave_4525_St._Louis_MO_US_63110",
    "InstitutionName": "Washington_University",
    "InstitutionalDepartmentName": "Department",
    "MRAcquisitionType": "3D",
    "MagneticFieldStrength": 3,
    "Manufacturer": "Siemens",
    "ManufacturersModelName": "Prisma_fit",
    "Modality": "MR",
    "ParallelReductionFactorInPlane": 2,
    "PartialFourier": 1,
    "PatientPosition": "HFS",
    "PercentPhaseFOV": 93.75,
    "PhaseEncodingSteps": 297,
    "PhaseResolution": 1,
    "PixelBandwidth": 745,
    "ProcedureStepDescription": "head_Braver",
    "ProtocolName": "T2w_SPC",
    "PulseSequenceDetails": "%SiemensSeq%_tse_vfl",
    "ReceiveCoilActiveElements": "HEA;HEP",
    "ReceiveCoilName": "Head_32",
    "ReconMatrixPE": 300,
    "RefLinesPE": 32,
    "RepetitionTime": 3.2,
    "SAR": 0.142685,
    "ScanOptions": "PFP",
    "ScanningSequence": "SE",
    "SequenceName": "_spc_314ns",
    "SequenceVariant": "SK_SP",
    "SeriesDescription": "T2w_SPC",
    "SeriesNumber": 13,
    "ShimSetting": [
      -1989,
      -11487,
      5823,
      722,
      78,
      19,
      26,
      -29
    ],
    "SliceThickness": 0.8,
    "SoftwareVersions": "syngo_MR_E11",
    "StationName": "MRC35177",
    "TxRefAmp": 246.22,
    "dataset": "ds003465",
    "modality": "T2w",
    "session_id": "wave1bas",
    "subject_id": "f4796rs"
  },
  "cjv": 0.3296826059996863,
  "cnr": 1.6467538549148113,
  "efc": 0.5168315362033558,
  "fber": 6604.513248650167,
  "fwhm_avg": 3.751133368260915,
  "fwhm_x": 3.6570502179771793,
  "fwhm_y": 4.001674940370397,
  "fwhm_z": 3.5946749464351693,
  "icvs_csf": 0.42983966363686815,
  "icvs_gm": 0.14817432495147986,
  "icvs_wm": 0.421986011411652,
  "inu_med": 0.9465565085411072,
  "inu_range": 0.8630877435207367,
  "provenance": {
    "md5sum": "59b8b5b60f4298a9e3df2332177a99e2",
    "settings": {
      "testing": false
    },
    "software": "mriqc",
    "version": "22.0.6",
    "warnings": {
      "large_rot_frame": true,
      "small_air_mask": false
    },
    "webapi_port": null,
    "webapi_url": "https://mriqc.nimh.nih.gov/api/v1"
  },
  "qi_1": 0.0,
  "qi_2": 0.001340704658908713,
  "rpve_csf": 10.841877463274812,
  "rpve_gm": 33.48678351476246,
  "rpve_wm": 11.54725500953514,
  "size_x": 208,
  "size_y": 300,
  "size_z": 320,
  "snr_csf": 9.592136920418742,
  "snr_gm": 2.3210002134484014,
  "snr_total": 6.881122936710582,
  "snr_wm": 8.730231676264607,
  "snrd_csf": 52.75238883806726,
  "snrd_gm": 100.36007251272164,
  "snrd_total": 60.683410112639486,
  "snrd_wm": 28.937768987129562,
  "spacing_x": 0.7999999523162842,
  "spacing_y": 0.800000011920929,
  "spacing_z": 0.800000011920929,
  "summary_bg_k": 19.520032731795453,
  "summary_bg_mad": 0.0,
  "summary_bg_mean": 14.231848924715528,
  "summary_bg_median": 0.0,
  "summary_bg_n": 6681889.0,
  "summary_bg_p05": 0.0,
  "summary_bg_p95": 56.53037652373314,
  "summary_bg_stdv": 22.639492667089986,
  "summary_csf_k": 1.1375820267373236,
  "summary_csf_mad": 169.8329331178749,
  "summary_csf_mean": 1827.7521853735516,
  "summary_csf_median": 1822.9597993195057,
  "summary_csf_n": 187555.0,
  "summary_csf_p05": 1525.2441853284836,
  "summary_csf_p95": 2145.091900974512,
  "summary_csf_stdv": 190.04680131618235,
  "summary_gm_k": -1.1113301344090194,
  "summary_gm_mad": 709.7642233770147,
  "summary_gm_mean": 2644.735163719307,
  "summary_gm_median": 3468.1344613432884,
  "summary_gm_n": 87491.0,
  "summary_gm_p05": 105.65303899347782,
  "summary_gm_p95": 4109.170722216368,
  "summary_gm_stdv": 1494.2327972405092,
  "summary_wm_k": 1.1402190371015575,
  "summary_wm_mad": 103.93677337488441,
  "summary_wm_mean": 1003.9323928145618,
  "summary_wm_median": 1000.0000134110451,
  "summary_wm_n": 512977.0,
  "summary_wm_p05": 824.615141004324,
  "summary_wm_p95": 1196.4906632900238,
  "summary_wm_stdv": 114.54438734160325,
  "tpm_overlap_csf": 0.11088294537182079,
  "tpm_overlap_gm": 0.07206495056855021,
  "tpm_overlap_wm": 0.45480589534030347,
  "wm2max": 0.245733927227612
}