{
  "bids_meta": {
    "AcquisitionMatrixPE": 300,
    "AcquisitionNumber": 1,
    "AcquisitionTime": "16:01:4.047500",
    "BaseResolution": 320,
    "BodyPartExamined": "HEAD",
    "ConsistencyInfo": "N4_VE11B_LATEST_20150530",
    "ConversionSoftware": "dcm2niix",
    "ConversionSoftwareVersion": "v1.0.20190902",
    "DeviceSerialNumber": "67064",
    "DwellTime": 2.1e-06,
    "EchoTime": 0.563,
    "EchoTrainLength": 314,
    "FlipAngle": 120,
    "ImageOrientationPatientDICOM": [
      -0.0186483,
      0.969637,
      -0.243838,
      0.0363788,
      -0.243061,
      -0.969329
    ],
    "ImageType": [
      "ORIGINAL",
      "PRIMARY",
      "M",
      "ND"
    ],
    "ImagingFrequency": 123.247,
    "InPlanePhaseEncodingDirectionDICOM": "ROW",
    "InstitutionAddress": "Scott_Ave_4525_St._Louis_MO_US_63110",
    "InstitutionName": "Washington_University",
    "InstitutionalDepartmentName": "Department",
    "MRAcquisitionType": "3D",
    "MagneticFieldStrength": 3,
    "Manufacturer": "Siemens",
    "ManufacturersModelName": "Prisma_fit",
    "Modality": "MR",
    "ParallelReductionFactorInPlane": 2,
    "PartialFourier": 1,
    "PatientPosition": "HFS",
    "PercentPhaseFOV": 93.75,
    "PhaseEncodingSteps": 297,
    "PhaseResolution": 1,
    "PixelBandwidth": 745,
    "ProcedureStepDescription": "head_Braver",
    "ProtocolName": "T2w_SPC",
    "PulseSequenceDetails": "%SiemensSeq%_tse_vfl",
    "ReceiveCoilActiveElements": "HEA;HEP",
    "ReceiveCoilName": "Head_32",
    "ReconMatrixPE": 300,
    "RefLinesPE": 32,
    "RepetitionTime": 3.2,
    "SAR": 0.13292,
    "ScanOptions": "PFP",
    "ScanningSequence": "SE",
    "SequenceName": "_spc_314ns",
    "SequenceVariant": "SK_SP",
    "SeriesDescription": "T2w_SPC",
    "SeriesNumber": 13,
    "ShimSetting": [
      -1984,
      -11445,
      5746,
      634,
      121,
      267,
      -25,
      2
    ],
    "SliceThickness": 0.8,
    "SoftwareVersions": "syngo_MR_E11",
    "StationName": "MRC35177",
    "TxRefAmp": 249.519,
    "dataset": "ds003465",
    "modality": "T2w",
    "session_id": "wave1bas",
    "subject_id": "f6318if"
  },
  "cjv": 0.27861119285418356,
  "cnr": 1.6788209968938126,
  "efc": 0.5468016058909985,
  "fber": 4992.450792391281,
  "fwhm_avg": 3.6240708661117327,
  "fwhm_x": 3.4942752082750324,
  "fwhm_y": 3.920887441574224,
  "fwhm_z": 3.4570499484859414,
  "icvs_csf": 0.3585021135070965,
  "icvs_gm": 0.4869171436893267,
  "icvs_wm": 0.1545807428035768,
  "inu_med": 0.9517413973808289,
  "inu_range": 0.8758381903171539,
  "provenance": {
    "md5sum": "20a97a69f08adf8ef31c23079353d61d",
    "settings": {
      "testing": false
    },
    "software": "mriqc",
    "version": "22.0.6",
    "warnings": {
      "large_rot_frame": true,
      "small_air_mask": false
    },
    "webapi_port": null,
    "webapi_url": "https://mriqc.nimh.nih.gov/api/v1"
  },
  "qi_1": 0.0,
  "qi_2": 0.0011723127687269259,
  "rpve_csf": 11.009902701052884,
  "rpve_gm": 9.321511551236524,
  "rpve_wm": 31.019701656185074,
  "size_x": 208,
  "size_y": 300,
  "size_z": 320,
  "snr_csf": 7.577808082536061,
  "snr_gm": 7.9184432526881325,
  "snr_total": 5.983772647210098,
  "snr_wm": 2.455066606406099,
  "snrd_csf": 58.280552009585676,
  "snrd_gm": 33.153834231006456,
  "snrd_total": 65.80518460733124,
  "snrd_wm": 105.98116758140159,
  "spacing_x": 0.7999999523162842,
  "spacing_y": 0.800000011920929,
  "spacing_z": 0.800000011920929,
  "summary_bg_k": 24.204175416216255,
  "summary_bg_mad": 6.181041120263494,
  "summary_bg_mean": 5.722085826495836,
  "summary_bg_median": 4.169048881158233,
  "summary_bg_n": 6732560.0,
  "summary_bg_p05": 0.0,
  "summary_bg_p95": 22.250809457153082,
  "summary_bg_stdv": 8.489636343861346,
  "summary_csf_k": 1.1179077364701469,
  "summary_csf_mad": 65.27179422998249,
  "summary_csf_mean": 557.0515407423446,
  "summary_csf_median": 549.8618127200752,
  "summary_csf_n": 121783.0,
  "summary_csf_p05": 451.9487218540162,
  "summary_csf_p95": 687.7977728452533,
  "summary_csf_stdv": 72.56182119934695,
  "summary_gm_k": 0.8942619598679387,
  "summary_gm_mad": 37.19220742649976,
  "summary_gm_mean": 314.0707205043319,
  "summary_gm_median": 312.79778176918626,
  "summary_gm_n": 577773.0,
  "summary_gm_p05": 252.1440763324499,
  "summary_gm_p95": 379.7884415052831,
  "summary_gm_stdv": 39.5023997892837,
  "summary_wm_k": -0.8103840351954905,
  "summary_wm_mad": 154.24346612680387,
  "summary_wm_mean": 783.971400613659,
  "summary_wm_median": 999.9046836569905,
  "summary_wm_n": 105637.0,
  "summary_wm_p05": 36.087287115305664,
  "summary_wm_p95": 1167.04780908674,
  "summary_wm_stdv": 407.28017247995956,
  "tpm_overlap_csf": 0.11579149061994536,
  "tpm_overlap_gm": 0.31804009156560986,
  "tpm_overlap_wm": 0.025909718136455585,
  "wm2max": 0.8543744656597321
}