{
  "aor": 0.0009376623376623376,
  "aqi": 0.007785548070500929,
  "bids_meta": {
    "AcquisitionMatrixPE": 90,
    "AcquisitionNumber": 1,
    "AcquisitionTime": "14:30:36.647500",
    "BandwidthPerPixelPhaseEncode": 18.832,
    "BaseResolution": 90,
    "BodyPartExamined": "HEAD",
    "ConsistencyInfo": "N4_VE11C_LATEST_20160120",
    "ConversionSoftware": "dcm2niix",
    "ConversionSoftwareVersion": "v1.0.20190902",
    "DerivedVendorReportedEchoSpacing": 0.000590012,
    "DeviceSerialNumber": "67064",
    "DwellTime": 2.5e-06,
    "EchoTime": 0.033,
    "EchoTrainLength": 90,
    "EffectiveEchoSpacing": 0.000590012,
    "FlipAngle": 63,
    "ImageComments": "Unaliased_MB4_PE3_LB",
    "ImageOrientationPatientDICOM": [
      0.999076,
      0.0404582,
      -0.0144675,
      -0.0425725,
      0.886566,
      -0.460639
    ],
    "ImageType": [
      "ORIGINAL",
      "PRIMARY",
      "M",
      "MB",
      "ND",
      "MOSAIC"
    ],
    "ImagingFrequency": 123.247,
    "InPlanePhaseEncodingDirectionDICOM": "COL",
    "InstitutionAddress": "Scott_Ave_4525_St._Louis_MO_US_63110",
    "InstitutionName": "Washington_University",
    "InstitutionalDepartmentName": "Department",
    "MRAcquisitionType": "2D",
    "MagneticFieldStrength": 3,
    "Manufacturer": "Siemens",
    "ManufacturersModelName": "Prisma_fit",
    "Modality": "MR",
    "MultibandAccelerationFactor": 4,
    "PartialFourier": 1,
    "PatientPosition": "HFS",
    "PercentPhaseFOV": 100,
    "PhaseEncodingDirection": "j-",
    "PhaseEncodingSteps": 90,
    "PhaseResolution": 1,
    "PixelBandwidth": 2220,
    "ProcedureStepDescription": "head_Braver",
    "ProtocolName": "tfMRI_StroopBas1_AP",
    "PulseSequenceDetails": "%CustomerSeq%_cmrr_mbep2d_bold",
    "ReceiveCoilActiveElements": "HEA;HEP",
    "ReceiveCoilName": "Head_32",
    "ReconMatrixPE": 90,
    "RepetitionTime": 1.2,
    "SAR": 0.074281,
    "ScanOptions": "FS_EXT",
    "ScanningSequence": "EP",
    "SequenceName": "epfid2d1_90",
    "SequenceVariant": "SK_SS",
    "SeriesDescription": "tfMRI_StroopBas1_AP",
    "SeriesNumber": 22,
    "ShimSetting": [
      -1943,
      -11413,
      5822,
      887,
      251,
      468,
      -590,
      -2
    ],
    "SliceThickness": 2.4,
    "SliceTiming": [
      0,
      0.63,
      0.08,
      0.7075,
      0.1575,
      0.7875,
      0.2375,
      0.865,
      0.315,
      0.945,
      0.3925,
      1.0225,
      0.4725,
      1.1025,
      0.55,
      0,
      0.63,
      0.08,
      0.7075,
      0.1575,
      0.7875,
      0.2375,
      0.865,
      0.315,
      0.945,
      0.3925,
      1.0225,
      0.4725,
      1.1025,
      0.55,
      0,
      0.63,
      0.08,
      0.7075,
      0.1575,
      0.7875,
      0.2375,
      0.865,
      0.315,
      0.945,
      0.3925,
      1.0225,
      0.4725,
      1.1025,
      0.55,
      0,
      0.63,
      0.08,
      0.7075,
      0.1575,
      0.7875,
      0.2375,
      0.865,
      0.315,
      0.945,
      0.3925,
      1.0225,
      0.4725,
      1.1025,
      0.55
    ],
    "SoftwareVersions": "syngo_MR_E11",
    "SpacingBetweenSlices": 2.4,
    "StationName": "MRC35177",
    "TaskName": "Stroop",
    "TotalReadoutTime": 0.0525111,
    "TxRefAmp": 237.74,
    "VendorReportedEchoSpacing": 0.00059,
    "WipMemBlock": "5cd511bf-b52a-4edb-b2c0-4a0e612709d2||Sequence: ve11c/master r/ab69a6c; Apr 19 2017 09:47:47 by eja",
    "acq_id": "mb4AP",
    "dataset": "ds003465",
    "modality": "bold",
    "run_id": 1,
    "session_id": "wave1bas",
    "subject_id": "f2968sp",
    "task_id": "Stroop"
  },
  "dummy_trs": 1,
  "dvars_nstd": 41.49085743620817,
  "dvars_std": 1.1820027959665422,
  "dvars_vstd": 1.0023007063568776,
  "efc": 0.4961350808104471,
  "fber": 962.4202270507812,
  "fd_mean": 0.2522603262699211,
  "fd_num": 301,
  "fd_perc": 55.84415584415584,
  "fwhm_avg": 2.582954064029294,
  "fwhm_x": 2.449195736011039,
  "fwhm_y": 2.61537906274084,
  "fwhm_z": 2.6842873933360023,
  "gcor": 0.0189193,
  "gsr_x": -0.010056581348180771,
  "gsr_y": 0.05126408115029335,
  "provenance": {
    "md5sum": "17cc2034af141982777bc79e752a2956",
    "settings": {
      "fd_thres": 0.2,
      "testing": false
    },
    "software": "mriqc",
    "version": "22.0.6",
    "webapi_port": null,
    "webapi_url": "https://mriqc.nimh.nih.gov/api/v1"
  },
  "size_t": 539,
  "size_x": 90,
  "size_y": 90,
  "size_z": 60,
  "snr": 3.255537755475872,
  "spacing_tr": 1.2000000476837158,
  "spacing_x": 2.4000000953674316,
  "spacing_y": 2.4000000953674316,
  "spacing_z": 2.4000000953674316,
  "summary_bg_k": 54.47164576414737,
  "summary_bg_mad": 37.6509385231695,
  "summary_bg_mean": 268.6437072753906,
  "summary_bg_median": 126.70686340332031,
  "summary_bg_n": 337441.0,
  "summary_bg_p05": 98.30426788330078,
  "summary_bg_p95": 938.77734375,
  "summary_bg_stdv": 441.19549560546875,
  "summary_fg_k": 1.4484808667346174,
  "summary_fg_mad": 1067.8395423540405,
  "summary_fg_mean": 4168.22900390625,
  "summary_fg_median": 3974.51025390625,
  "summary_fg_n": 76403.0,
  "summary_fg_p05": 2529.1041015625,
  "summary_fg_p95": 6456.8513671875,
  "summary_fg_stdv": 1220.8380126953125,
  "tsnr": 45.72335588769056
}