{
  "bids_meta": {
    "AcquisitionMatrixPE": 300,
    "AcquisitionNumber": 1,
    "AcquisitionTime": "22:04:55.120000",
    "BaseResolution": 320,
    "BodyPartExamined": "HEAD",
    "ConsistencyInfo": "N4_VE11C_LATEST_20160120",
    "ConversionSoftware": "dcm2niix",
    "ConversionSoftwareVersion": "v1.0.20190902",
    "DeviceSerialNumber": "67064",
    "DwellTime": 7.1e-06,
    "EchoTime": 0.00222,
    "FlipAngle": 8,
    "ImageOrientationPatientDICOM": [
      0.0449046,
      0.985067,
      -0.166209,
      0.0439386,
      -0.168164,
      -0.984779
    ],
    "ImageType": [
      "ORIGINAL",
      "PRIMARY",
      "M",
      "ND"
    ],
    "ImagingFrequency": 123.247,
    "InPlanePhaseEncodingDirectionDICOM": "ROW",
    "InstitutionAddress": "Scott_Ave_4525_St._Louis_MO_US_63110",
    "InstitutionName": "Washington_University",
    "InstitutionalDepartmentName": "Department",
    "InversionTime": 1,
    "MRAcquisitionType": "3D",
    "MagneticFieldStrength": 3,
    "Manufacturer": "Siemens",
    "ManufacturersModelName": "Prisma_fit",
    "Modality": "MR",
    "ParallelReductionFactorInPlane": 2,
    "PartialFourier": 1,
    "PatientPosition": "HFS",
    "PercentPhaseFOV": 93.75,
    "PhaseEncodingSteps": 299,
    "PhaseResolution": 1,
    "PixelBandwidth": 220,
    "ProcedureStepDescription": "head_Braver",
    "ProtocolName": "T1w_MPR",
    "PulseSequenceDetails": "%SiemensSeq%_tfl",
    "ReceiveCoilActiveElements": "HEA;HEP",
    "ReceiveCoilName": "Head_32",
    "ReconMatrixPE": 300,
    "RefLinesPE": 32,
    "RepetitionTime": 2.4,
    "SAR": 0.0539022,
    "ScanOptions": "IR_WE",
    "ScanningSequence": "GR_IR",
    "SequenceName": "_tfl3d1_16ns",
    "SequenceVariant": "SK_SP_MP",
    "SeriesDescription": "T1w_MPR",
    "SeriesNumber": 11,
    "ShimSetting": [
      -1997,
      -11521,
      5817,
      180,
      39,
      -51,
      96,
      -10
    ],
    "SliceThickness": 0.8,
    "SoftwareVersions": "syngo_MR_E11",
    "StationName": "MRC35177",
    "TxRefAmp": 317.023,
    "dataset": "ds003465",
    "modality": "T1w",
    "session_id": "wave1bas",
    "subject_id": "f2648qw"
  },
  "cjv": 0.5404713044119556,
  "cnr": 2.451969095460212,
  "efc": 0.5985855380353081,
  "fber": 6322.470865453637,
  "fwhm_avg": 5.179220882788866,
  "fwhm_x": 5.0988753039166514,
  "fwhm_y": 5.044499924831093,
  "fwhm_z": 5.394287419618854,
  "icvs_csf": 0.15088400379227257,
  "icvs_gm": 0.3909611214762502,
  "icvs_wm": 0.45815487473147726,
  "inu_med": 1.0175495147705078,
  "inu_range": 1.0677770972251892,
  "provenance": {
    "md5sum": "dd6b5cfebb34092aa87a6428c3717176",
    "settings": {
      "testing": false
    },
    "software": "mriqc",
    "version": "22.0.6",
    "warnings": {
      "large_rot_frame": true,
      "small_air_mask": false
    },
    "webapi_port": null,
    "webapi_url": "https://mriqc.nimh.nih.gov/api/v1"
  },
  "qi_1": 0.0,
  "qi_2": 0.000760339492324343,
  "rpve_csf": 28.592211975326784,
  "rpve_gm": 11.338232153268029,
  "rpve_wm": 11.324401029786317,
  "size_x": 208,
  "size_y": 300,
  "size_z": 320,
  "snr_csf": 2.3423566722593985,
  "snr_gm": 12.673586103749917,
  "snr_total": 9.862645997454736,
  "snr_wm": 14.571995216354894,
  "snrd_csf": 13.685973254787035,
  "snrd_gm": 34.06591454207542,
  "snrd_total": 30.624859790406088,
  "snrd_wm": 44.122691574355805,
  "spacing_x": 0.7999999523162842,
  "spacing_y": 0.800000011920929,
  "spacing_z": 0.800000011920929,
  "summary_bg_k": 9.123728199874074,
  "summary_bg_mad": 0.0,
  "summary_bg_mean": 10.031652231968888,
  "summary_bg_median": 0.0,
  "summary_bg_n": 6899654.0,
  "summary_bg_p05": 0.0,
  "summary_bg_p95": 39.57436601817608,
  "summary_bg_stdv": 14.848948137316198,
  "summary_csf_k": 1.0598158639028954,
  "summary_csf_mad": 108.83760819535753,
  "summary_csf_mean": 318.0109014529944,
  "summary_csf_median": 310.1984671726823,
  "summary_csf_n": 61059.0,
  "summary_csf_p05": 94.45241436362267,
  "summary_csf_p95": 550.8727837726474,
  "summary_csf_stdv": 132.42898943718723,
  "summary_gm_k": 0.25131077578230077,
  "summary_gm_mad": 59.29345267320374,
  "summary_gm_mean": 772.9283467714256,
  "summary_gm_median": 772.1185974180698,
  "summary_gm_n": 77736.0,
  "summary_gm_p05": 674.198942527175,
  "summary_gm_p95": 874.4021929726005,
  "summary_gm_stdv": 60.92305877706398,
  "summary_wm_k": 0.3953177230066398,
  "summary_wm_mad": 63.90221132642735,
  "summary_wm_mean": 1010.2244033763083,
  "summary_wm_median": 1000.0597720816731,
  "summary_wm_n": 598463.0,
  "summary_wm_p05": 914.5743590816855,
  "summary_wm_p95": 1140.2438933998346,
  "summary_wm_stdv": 68.62882684969803,
  "tpm_overlap_csf": 0.14311718972293777,
  "tpm_overlap_gm": 0.4235397586620015,
  "tpm_overlap_wm": 0.4742662923970666,
  "wm2max": 0.35012557555462537
}