{
  "bids_meta": {
    "AcquisitionMatrixPE": 300,
    "AcquisitionNumber": 1,
    "AcquisitionTime": "14:35:13.447500",
    "BaseResolution": 320,
    "BodyPartExamined": "HEAD",
    "ConsistencyInfo": "N4_VE11C_LATEST_20160120",
    "ConversionSoftware": "dcm2niix",
    "ConversionSoftwareVersion": "v1.0.20190902",
    "DeviceSerialNumber": "67064",
    "DwellTime": 7.1e-06,
    "EchoTime": 0.00222,
    "FlipAngle": 8,
    "ImageOrientationPatientDICOM": [
      -0.00345108,
      0.999955,
      0.0088848,
      -0.0604612,
      0.00865995,
      -0.998133
    ],
    "ImageType": [
      "ORIGINAL",
      "PRIMARY",
      "M",
      "ND"
    ],
    "ImagingFrequency": 123.247,
    "InPlanePhaseEncodingDirectionDICOM": "ROW",
    "InstitutionAddress": "Scott_Ave_4525_St._Louis_MO_US_63110",
    "InstitutionName": "Washington_University",
    "InstitutionalDepartmentName": "Department",
    "InversionTime": 1,
    "MRAcquisitionType": "3D",
    "MagneticFieldStrength": 3,
    "Manufacturer": "Siemens",
    "ManufacturersModelName": "Prisma_fit",
    "Modality": "MR",
    "ParallelReductionFactorInPlane": 2,
    "PartialFourier": 1,
    "PatientPosition": "HFS",
    "PercentPhaseFOV": 93.75,
    "PhaseEncodingSteps": 299,
    "PhaseResolution": 1,
    "PixelBandwidth": 220,
    "ProcedureStepDescription": "head_Braver",
    "ProtocolName": "T1w_MPR",
    "PulseSequenceDetails": "%SiemensSeq%_tfl",
    "ReceiveCoilActiveElements": "HEA;HEP",
    "ReceiveCoilName": "Head_32",
    "ReconMatrixPE": 300,
    "RefLinesPE": 32,
    "RepetitionTime": 2.4,
    "SAR": 0.0430292,
    "ScanOptions": "IR_WE",
    "ScanningSequence": "GR_IR",
    "SequenceName": "_tfl3d1_16ns",
    "SequenceVariant": "SK_SP_MP",
    "SeriesDescription": "T1w_MPR",
    "SeriesNumber": 11,
    "ShimSetting": [
      -2026,
      -11554,
      5769,
      606,
      119,
      152,
      14,
      -42
    ],
    "SliceThickness": 0.8,
    "SoftwareVersions": "syngo_MR_E11",
    "StationName": "MRC35177",
    "TxRefAmp": 247.418,
    "dataset": "ds003465",
    "modality": "T1w",
    "session_id": "wave1pro",
    "subject_id": "f2968sp"
  },
  "cjv": 0.5317587437705336,
  "cnr": 2.549166537147562,
  "efc": 0.5262019355639656,
  "fber": 18965.88027777778,
  "fwhm_avg": 4.6248375452103785,
  "fwhm_x": 4.595312773901986,
  "fwhm_y": 4.48696243313905,
  "fwhm_z": 4.792237428590098,
  "icvs_csf": 0.1950721960460156,
  "icvs_gm": 0.3890904353876044,
  "icvs_wm": 0.41583736856638,
  "inu_med": 0.9692156612873077,
  "inu_range": 0.7235758185386658,
  "provenance": {
    "md5sum": "4fb17cbfa7b9188def1f8ab3ec271b01",
    "settings": {
      "testing": false
    },
    "software": "mriqc",
    "version": "22.0.6",
    "warnings": {
      "large_rot_frame": true,
      "small_air_mask": false
    },
    "webapi_port": null,
    "webapi_url": "https://mriqc.nimh.nih.gov/api/v1"
  },
  "qi_1": 0.0,
  "qi_2": 0.0017203900058703656,
  "rpve_csf": 27.61140556263104,
  "rpve_gm": 13.546872086598922,
  "rpve_wm": 14.619652738647098,
  "size_x": 208,
  "size_y": 300,
  "size_z": 320,
  "snr_csf": 3.156430705282622,
  "snr_gm": 13.736227252640846,
  "snr_total": 10.755622808959915,
  "snr_wm": 15.374210468956282,
  "snrd_csf": 15.216528646487054,
  "snrd_gm": 36.016444969559124,
  "snrd_total": 32.52292460123417,
  "snrd_wm": 46.33580018765635,
  "spacing_x": 0.7999999523162842,
  "spacing_y": 0.800000011920929,
  "spacing_z": 0.800000011920929,
  "summary_bg_k": 3976.6994132060204,
  "summary_bg_mad": 0.0,
  "summary_bg_mean": 7.476274482378175,
  "summary_bg_median": 0.0,
  "summary_bg_n": 6677466.0,
  "summary_bg_p05": 0.0,
  "summary_bg_p95": 28.728607393801212,
  "summary_bg_stdv": 14.14021186003289,
  "summary_csf_k": 2.651953140191682,
  "summary_csf_mad": 71.59265249943539,
  "summary_csf_mean": 332.84715780836456,
  "summary_csf_median": 328.4276966378093,
  "summary_csf_n": 86916.0,
  "summary_csf_p05": 153.94019739329815,
  "summary_csf_p95": 517.1149330884218,
  "summary_csf_stdv": 104.04974414392541,
  "summary_gm_k": 0.11674601909619708,
  "summary_gm_mad": 55.6289549119274,
  "summary_gm_mean": 776.6882163193047,
  "summary_gm_median": 777.3650835379958,
  "summary_gm_n": 55782.0,
  "summary_gm_p05": 682.7652117770165,
  "summary_gm_p95": 868.3468434512615,
  "summary_gm_stdv": 56.59182112560514,
  "summary_wm_k": 0.16296507405426386,
  "summary_wm_mad": 62.80913330281527,
  "summary_wm_mean": 1009.6567504421779,
  "summary_wm_median": 1000.0940740853548,
  "summary_wm_n": 423353.0,
  "summary_wm_p05": 919.0333226174116,
  "summary_wm_p95": 1131.841304719448,
  "summary_wm_stdv": 65.05003264690903,
  "tpm_overlap_csf": 0.12811906556085542,
  "tpm_overlap_gm": 0.4200149056552965,
  "tpm_overlap_wm": 0.4626386873570887,
  "wm2max": 0.5360518158219714
}