{
  "bids_meta": {
    "AcquisitionMatrixPE": 300,
    "AcquisitionNumber": 1,
    "AcquisitionTime": "14:42:23.295000",
    "BaseResolution": 320,
    "BodyPartExamined": "HEAD",
    "ConsistencyInfo": "N4_VE11C_LATEST_20160120",
    "ConversionSoftware": "dcm2niix",
    "ConversionSoftwareVersion": "v1.0.20190902",
    "DeviceSerialNumber": "67064",
    "DwellTime": 2.1e-06,
    "EchoTime": 0.563,
    "EchoTrainLength": 314,
    "FlipAngle": 120,
    "ImageOrientationPatientDICOM": [
      -0.00345108,
      0.999955,
      0.0088848,
      -0.0604612,
      0.00865995,
      -0.998133
    ],
    "ImageType": [
      "ORIGINAL",
      "PRIMARY",
      "M",
      "ND"
    ],
    "ImagingFrequency": 123.247,
    "InPlanePhaseEncodingDirectionDICOM": "ROW",
    "InstitutionAddress": "Scott_Ave_4525_St._Louis_MO_US_63110",
    "InstitutionName": "Washington_University",
    "InstitutionalDepartmentName": "Department",
    "MRAcquisitionType": "3D",
    "MagneticFieldStrength": 3,
    "Manufacturer": "Siemens",
    "ManufacturersModelName": "Prisma_fit",
    "Modality": "MR",
    "ParallelReductionFactorInPlane": 2,
    "PartialFourier": 1,
    "PatientPosition": "HFS",
    "PercentPhaseFOV": 93.75,
    "PhaseEncodingSteps": 297,
    "PhaseResolution": 1,
    "PixelBandwidth": 745,
    "ProcedureStepDescription": "head_Braver",
    "ProtocolName": "T2w_SPC",
    "PulseSequenceDetails": "%SiemensSeq%_tse_vfl",
    "ReceiveCoilActiveElements": "HEA;HEP",
    "ReceiveCoilName": "Head_32",
    "ReconMatrixPE": 300,
    "RefLinesPE": 32,
    "RepetitionTime": 3.2,
    "SAR": 0.144774,
    "ScanOptions": "PFP",
    "ScanningSequence": "SE",
    "SequenceName": "_spc_314ns",
    "SequenceVariant": "SK_SP",
    "SeriesDescription": "T2w_SPC",
    "SeriesNumber": 13,
    "ShimSetting": [
      -2026,
      -11554,
      5769,
      606,
      119,
      152,
      14,
      -42
    ],
    "SliceThickness": 0.8,
    "SoftwareVersions": "syngo_MR_E11",
    "StationName": "MRC35177",
    "TxRefAmp": 247.418,
    "dataset": "ds003465",
    "modality": "T2w",
    "session_id": "wave1pro",
    "subject_id": "f2968sp"
  },
  "cjv": 0.2615857164038353,
  "cnr": 1.6879883376112148,
  "efc": 0.49436699595754124,
  "fber": 6555.145884743794,
  "fwhm_avg": 3.2900625297247164,
  "fwhm_x": 3.1709126890011246,
  "fwhm_y": 3.524649947478623,
  "fwhm_z": 3.1746249526944017,
  "icvs_csf": 0.3470799915201834,
  "icvs_gm": 0.1801872558728878,
  "icvs_wm": 0.4727327526069288,
  "inu_med": 0.938305139541626,
  "inu_range": 0.6964881062507629,
  "provenance": {
    "md5sum": "b57c2925e955706ba7df9be557bc44dc",
    "settings": {
      "testing": false
    },
    "software": "mriqc",
    "version": "22.0.6",
    "warnings": {
      "large_rot_frame": true,
      "small_air_mask": false
    },
    "webapi_port": null,
    "webapi_url": "https://mriqc.nimh.nih.gov/api/v1"
  },
  "qi_1": 0.0,
  "qi_2": 0.0019476174799790034,
  "rpve_csf": 14.682056395718003,
  "rpve_gm": 34.54163870289731,
  "rpve_wm": 12.583751114330642,
  "size_x": 208,
  "size_y": 300,
  "size_z": 320,
  "snr_csf": 9.022019284818358,
  "snr_gm": 2.421386791686143,
  "snr_total": 6.680737406337472,
  "snr_wm": 8.598806142507915,
  "snrd_csf": 53.20509947494035,
  "snrd_gm": 104.1630886463428,
  "snrd_total": 62.88342008154475,
  "snrd_wm": 31.282072123351078,
  "spacing_x": 0.7999999523162842,
  "spacing_y": 0.800000011920929,
  "spacing_z": 0.800000011920929,
  "summary_bg_k": 15.3392906825215,
  "summary_bg_mad": 0.0,
  "summary_bg_mean": 13.754695203522811,
  "summary_bg_median": 0.0,
  "summary_bg_n": 6731638.0,
  "summary_bg_p05": 0.0,
  "summary_bg_p95": 53.738319396972656,
  "summary_bg_stdv": 20.94636674300207,
  "summary_csf_k": 1.256259076342948,
  "summary_csf_mad": 169.73717505560867,
  "summary_csf_mean": 1712.6155543963337,
  "summary_csf_median": 1701.10152053833,
  "summary_csf_n": 67499.0,
  "summary_csf_p05": 1428.2293493270874,
  "summary_csf_p95": 2041.1382465362549,
  "summary_csf_stdv": 188.54857940898566,
  "summary_gm_k": -0.8624432278462759,
  "summary_gm_mad": 500.05660464633405,
  "summary_gm_mean": 2598.4298564282235,
  "summary_gm_median": 3330.357244491577,
  "summary_gm_n": 99619.0,
  "summary_gm_p05": 124.33244705200195,
  "summary_gm_p95": 3978.054193496704,
  "summary_gm_stdv": 1375.3856015124127,
  "summary_wm_k": 0.7525675256655755,
  "summary_wm_mad": 109.48790081939774,
  "summary_wm_mean": 1002.8995966305287,
  "summary_wm_median": 1000.166919708252,
  "summary_wm_n": 434168.0,
  "summary_wm_p05": 818.0073680877686,
  "summary_wm_p95": 1197.0127201080322,
  "summary_wm_stdv": 116.3144919552415,
  "tpm_overlap_csf": 0.11862098608616412,
  "tpm_overlap_gm": 0.0918759330825433,
  "tpm_overlap_wm": 0.4652487067681868,
  "wm2max": 0.25602358168147643
}