{
  "bids_meta": {
    "AcquisitionMatrixPE": 300,
    "AcquisitionNumber": 1,
    "AcquisitionTime": "13:18:57.947500",
    "BaseResolution": 320,
    "BodyPartExamined": "HEAD",
    "ConsistencyInfo": "N4_VE11C_LATEST_20160120",
    "ConversionSoftware": "dcm2niix",
    "ConversionSoftwareVersion": "v1.0.20190902",
    "DeviceSerialNumber": "67064",
    "DwellTime": 7.1e-06,
    "EchoTime": 0.00222,
    "FlipAngle": 8,
    "ImageOrientationPatientDICOM": [
      0.0356789,
      0.997347,
      0.0634536,
      0.034878,
      0.0622127,
      -0.997453
    ],
    "ImageType": [
      "ORIGINAL",
      "PRIMARY",
      "M",
      "ND"
    ],
    "ImagingFrequency": 123.247,
    "InPlanePhaseEncodingDirectionDICOM": "ROW",
    "InstitutionAddress": "Scott_Ave_4525_St._Louis_MO_US_63110",
    "InstitutionName": "Washington_University",
    "InstitutionalDepartmentName": "Department",
    "InversionTime": 1,
    "MRAcquisitionType": "3D",
    "MagneticFieldStrength": 3,
    "Manufacturer": "Siemens",
    "ManufacturersModelName": "Prisma_fit",
    "Modality": "MR",
    "ParallelReductionFactorInPlane": 2,
    "PartialFourier": 1,
    "PatientPosition": "HFS",
    "PercentPhaseFOV": 93.75,
    "PhaseEncodingSteps": 299,
    "PhaseResolution": 1,
    "PixelBandwidth": 220,
    "ProcedureStepDescription": "head_Braver",
    "ProtocolName": "T1w_MPR",
    "PulseSequenceDetails": "%SiemensSeq%_tfl",
    "ReceiveCoilActiveElements": "HEA;HEP",
    "ReceiveCoilName": "Head_32",
    "ReconMatrixPE": 300,
    "RefLinesPE": 32,
    "RepetitionTime": 2.4,
    "SAR": 0.0460041,
    "ScanOptions": "IR_WE",
    "ScanningSequence": "GR_IR",
    "SequenceName": "_tfl3d1_16ns",
    "SequenceVariant": "SK_SP_MP",
    "SeriesDescription": "T1w_MPR",
    "SeriesNumber": 11,
    "ShimSetting": [
      -2001,
      -11522,
      5749,
      593,
      -4,
      183,
      252,
      -21
    ],
    "SliceThickness": 0.8,
    "SoftwareVersions": "syngo_MR_E11",
    "StationName": "MRC35177",
    "TxRefAmp": 247.314,
    "dataset": "ds003465",
    "modality": "T1w",
    "session_id": "wave1bas",
    "subject_id": "f4310gw"
  },
  "cjv": 0.5048430165301713,
  "cnr": 2.705908489758682,
  "efc": 0.5427142563210994,
  "fber": 12809.337539048236,
  "fwhm_avg": 4.772612546054094,
  "fwhm_x": 4.717950281211751,
  "fwhm_y": 4.623949931097776,
  "fwhm_z": 4.975937425852754,
  "icvs_csf": 0.1868899437497435,
  "icvs_gm": 0.40697614383685266,
  "icvs_wm": 0.40613391241340385,
  "inu_med": 0.9879204034805298,
  "inu_range": 0.8565717935562134,
  "provenance": {
    "md5sum": "07210fc1b820592032dfe0542a2fe197",
    "settings": {
      "testing": false
    },
    "software": "mriqc",
    "version": "22.0.6",
    "warnings": {
      "large_rot_frame": true,
      "small_air_mask": false
    },
    "webapi_port": null,
    "webapi_url": "https://mriqc.nimh.nih.gov/api/v1"
  },
  "qi_1": 0.0,
  "qi_2": 0.00160661447113133,
  "rpve_csf": 26.357282311597032,
  "rpve_gm": 12.166963473568922,
  "rpve_wm": 13.889385914962903,
  "size_x": 208,
  "size_y": 300,
  "size_z": 320,
  "snr_csf": 3.00966859427576,
  "snr_gm": 13.600116431164848,
  "snr_total": 10.679920450910565,
  "snr_wm": 15.429976327291088,
  "snrd_csf": 18.769247924269795,
  "snrd_gm": 46.39402447540736,
  "snrd_total": 41.91398699740671,
  "snrd_wm": 60.57868859254297,
  "spacing_x": 0.7999999523162842,
  "spacing_y": 0.800000011920929,
  "spacing_z": 0.800000011920929,
  "summary_bg_k": 5.184250347723738,
  "summary_bg_mad": 0.0,
  "summary_bg_mean": 7.698006708611496,
  "summary_bg_median": 0.0,
  "summary_bg_n": 6869432.0,
  "summary_bg_p05": 0.0,
  "summary_bg_p95": 30.48039310798049,
  "summary_bg_stdv": 10.815121987806984,
  "summary_csf_k": 2.885706873221868,
  "summary_csf_mad": 75.02791056089181,
  "summary_csf_mean": 321.47699218890784,
  "summary_csf_median": 309.84647765010595,
  "summary_csf_n": 90652.0,
  "summary_csf_p05": 172.52712908387184,
  "summary_csf_p95": 513.3695101832969,
  "summary_csf_stdv": 102.949796281908,
  "summary_gm_k": 0.08698106276703932,
  "summary_gm_mad": 55.937178870131085,
  "summary_gm_mean": 765.6927658793013,
  "summary_gm_median": 765.8817831017077,
  "summary_gm_n": 59245.0,
  "summary_gm_p05": 671.9643532298505,
  "summary_gm_p95": 857.5030533745885,
  "summary_gm_stdv": 56.313879610364964,
  "summary_wm_k": 0.422339382015013,
  "summary_wm_mad": 62.27850583034881,
  "summary_wm_mean": 1007.6832120544831,
  "summary_wm_median": 1000.045039460063,
  "summary_wm_n": 428155.0,
  "summary_wm_p05": 915.1771797724068,
  "summary_wm_p95": 1127.0676880206906,
  "summary_wm_stdv": 64.81175669962761,
  "tpm_overlap_csf": 0.1453951834312677,
  "tpm_overlap_gm": 0.4360406292500006,
  "tpm_overlap_wm": 0.4736500545645267,
  "wm2max": 0.4655530171239337
}