{
  "bids_meta": {
    "AcquisitionMatrixPE": 300,
    "AcquisitionNumber": 1,
    "AcquisitionTime": "13:27:21.352500",
    "BaseResolution": 320,
    "BodyPartExamined": "HEAD",
    "ConsistencyInfo": "N4_VE11C_LATEST_20160120",
    "ConversionSoftware": "dcm2niix",
    "ConversionSoftwareVersion": "v1.0.20190902",
    "DeviceSerialNumber": "67064",
    "DwellTime": 2.1e-06,
    "EchoTime": 0.563,
    "EchoTrainLength": 314,
    "FlipAngle": 120,
    "ImageOrientationPatientDICOM": [
      0.0356789,
      0.997347,
      0.0634536,
      0.034878,
      0.0622127,
      -0.997453
    ],
    "ImageType": [
      "ORIGINAL",
      "PRIMARY",
      "M",
      "ND"
    ],
    "ImagingFrequency": 123.247,
    "InPlanePhaseEncodingDirectionDICOM": "ROW",
    "InstitutionAddress": "Scott_Ave_4525_St._Louis_MO_US_63110",
    "InstitutionName": "Washington_University",
    "InstitutionalDepartmentName": "Department",
    "MRAcquisitionType": "3D",
    "MagneticFieldStrength": 3,
    "Manufacturer": "Siemens",
    "ManufacturersModelName": "Prisma_fit",
    "Modality": "MR",
    "ParallelReductionFactorInPlane": 2,
    "PartialFourier": 1,
    "PatientPosition": "HFS",
    "PercentPhaseFOV": 93.75,
    "PhaseEncodingSteps": 297,
    "PhaseResolution": 1,
    "PixelBandwidth": 745,
    "ProcedureStepDescription": "head_Braver",
    "ProtocolName": "T2w_SPC",
    "PulseSequenceDetails": "%SiemensSeq%_tse_vfl",
    "ReceiveCoilActiveElements": "HEA;HEP",
    "ReceiveCoilName": "Head_32",
    "ReconMatrixPE": 300,
    "RefLinesPE": 32,
    "RepetitionTime": 3.2,
    "SAR": 0.154783,
    "ScanOptions": "PFP",
    "ScanningSequence": "SE",
    "SequenceName": "_spc_314ns",
    "SequenceVariant": "SK_SP",
    "SeriesDescription": "T2w_SPC",
    "SeriesNumber": 13,
    "ShimSetting": [
      -2001,
      -11522,
      5749,
      593,
      -4,
      183,
      252,
      -21
    ],
    "SliceThickness": 0.8,
    "SoftwareVersions": "syngo_MR_E11",
    "StationName": "MRC35177",
    "TxRefAmp": 247.314,
    "dataset": "ds003465",
    "modality": "T2w",
    "session_id": "wave1bas",
    "subject_id": "f4310gw"
  },
  "cjv": 0.49018820320198553,
  "cnr": 1.4788130672023303,
  "efc": 0.5100210159325359,
  "fber": 10272.418685121107,
  "fwhm_avg": 3.2159791960579693,
  "fwhm_x": 3.113037685551505,
  "fwhm_y": 3.4368249487873173,
  "fwhm_z": 3.098074953835086,
  "icvs_csf": 0.3574647359859818,
  "icvs_gm": 0.49662333826794225,
  "icvs_wm": 0.14591192574607598,
  "inu_med": 0.9411490857601166,
  "inu_range": 0.7624758630990982,
  "provenance": {
    "md5sum": "753f6662b7d6facc03a28a9b503ff54d",
    "settings": {
      "testing": false
    },
    "software": "mriqc",
    "version": "22.0.6",
    "warnings": {
      "large_rot_frame": true,
      "small_air_mask": false
    },
    "webapi_port": null,
    "webapi_url": "https://mriqc.nimh.nih.gov/api/v1"
  },
  "qi_1": 0.0,
  "qi_2": 0.002528726072121976,
  "rpve_csf": 12.983667229971985,
  "rpve_gm": 10.942223102194227,
  "rpve_wm": 39.46132620214926,
  "size_x": 208,
  "size_y": 300,
  "size_z": 320,
  "snr_csf": 8.012697689929185,
  "snr_gm": 8.850577653761984,
  "snr_total": 6.356984030471224,
  "snr_wm": 2.207676747722502,
  "snrd_csf": 67.02196306593147,
  "snrd_gm": 38.405486665283696,
  "snrd_total": 74.18827337445852,
  "snrd_wm": 117.1373703921604,
  "spacing_x": 0.7999999523162842,
  "spacing_y": 0.800000011920929,
  "spacing_z": 0.800000011920929,
  "summary_bg_k": 10.257258387824011,
  "summary_bg_mad": 0.0,
  "summary_bg_mean": 3.517677130734466,
  "summary_bg_median": 0.0,
  "summary_bg_n": 6874009.0,
  "summary_bg_p05": 0.0,
  "summary_bg_p95": 14.795710230246186,
  "summary_bg_stdv": 5.592434116162967,
  "summary_csf_k": 1.5648127801610388,
  "summary_csf_mad": 63.03122073975717,
  "summary_csf_mean": 578.8087408892336,
  "summary_csf_median": 572.1188942976296,
  "summary_csf_n": 65495.0,
  "summary_csf_p05": 477.6978297457099,
  "summary_csf_p95": 707.2892451900989,
  "summary_csf_stdv": 71.40098737867167,
  "summary_gm_k": 0.928614167328917,
  "summary_gm_mad": 34.37334770865429,
  "summary_gm_mean": 329.9663360665304,
  "summary_gm_median": 327.8403609916568,
  "summary_gm_n": 478208.0,
  "summary_gm_p05": 273.40843619965017,
  "summary_gm_p95": 393.7464269374488,
  "summary_gm_stdv": 37.04165208606911,
  "summary_wm_k": -1.0811200391697087,
  "summary_wm_mad": 295.0714426840101,
  "summary_wm_mean": 803.6916900338628,
  "summary_wm_median": 999.9185306429863,
  "summary_wm_n": 70955.0,
  "summary_wm_p05": 30.642051627300688,
  "summary_wm_p95": 1246.0159861240536,
  "summary_wm_stdv": 452.9247705779549,
  "tpm_overlap_csf": 0.12636191073278347,
  "tpm_overlap_gm": 0.334555773466047,
  "tpm_overlap_wm": 0.03165732037805803,
  "wm2max": 0.8153001593766602
}