{
  "bids_meta": {
    "AcquisitionMatrixPE": 300,
    "AcquisitionNumber": 1,
    "AcquisitionTime": "10:12:17.242500",
    "BaseResolution": 320,
    "BodyPartExamined": "HEAD",
    "ConsistencyInfo": "N4_VE11C_LATEST_20160120",
    "ConversionSoftware": "dcm2niix",
    "ConversionSoftwareVersion": "v1.0.20190902",
    "DeviceSerialNumber": "67064",
    "DwellTime": 2.1e-06,
    "EchoTime": 0.563,
    "EchoTrainLength": 314,
    "FlipAngle": 120,
    "ImageOrientationPatientDICOM": [
      -0.00958574,
      0.998424,
      -0.0552986,
      0.00227829,
      -0.0552792,
      -0.998468
    ],
    "ImageType": [
      "ORIGINAL",
      "PRIMARY",
      "M",
      "ND"
    ],
    "ImagingFrequency": 123.247,
    "InPlanePhaseEncodingDirectionDICOM": "ROW",
    "InstitutionAddress": "Scott_Ave_4525_St._Louis_MO_US_63110",
    "InstitutionName": "Washington_University",
    "InstitutionalDepartmentName": "Department",
    "MRAcquisitionType": "3D",
    "MagneticFieldStrength": 3,
    "Manufacturer": "Siemens",
    "ManufacturersModelName": "Prisma_fit",
    "Modality": "MR",
    "ParallelReductionFactorInPlane": 2,
    "PartialFourier": 1,
    "PatientPosition": "HFS",
    "PercentPhaseFOV": 93.75,
    "PhaseEncodingSteps": 297,
    "PhaseResolution": 1,
    "PixelBandwidth": 745,
    "ProcedureStepDescription": "head_Braver",
    "ProtocolName": "T2w_SPC",
    "PulseSequenceDetails": "%SiemensSeq%_tse_vfl",
    "ReceiveCoilActiveElements": "HEA;HEP",
    "ReceiveCoilName": "Head_32",
    "ReconMatrixPE": 300,
    "RefLinesPE": 32,
    "RepetitionTime": 3.2,
    "SAR": 0.129724,
    "ScanOptions": "PFP",
    "ScanningSequence": "SE",
    "SequenceName": "_spc_314ns",
    "SequenceVariant": "SK_SP",
    "SeriesDescription": "T2w_SPC",
    "SeriesNumber": 13,
    "ShimSetting": [
      -1986,
      -11514,
      5803,
      489,
      130,
      110,
      -60,
      20
    ],
    "SliceThickness": 0.8,
    "SoftwareVersions": "syngo_MR_E11",
    "StationName": "MRC35177",
    "TxRefAmp": 254.332,
    "dataset": "ds003465",
    "modality": "T2w",
    "session_id": "wave1bas",
    "subject_id": "f8294bu"
  },
  "cjv": 0.43732232599728205,
  "cnr": 1.4519964986448795,
  "efc": 0.5400475208090227,
  "fber": 3840.634221248542,
  "fwhm_avg": 3.9933625324741677,
  "fwhm_x": 3.7036002207517758,
  "fwhm_y": 4.240262436815166,
  "fwhm_z": 4.036224939855561,
  "icvs_csf": 0.3309828590187879,
  "icvs_gm": 0.594102309829173,
  "icvs_wm": 0.07491483115203915,
  "inu_med": 0.947865903377533,
  "inu_range": 0.7576299905776978,
  "provenance": {
    "md5sum": "8872e46b58bba21d4e288e4a95f6c1eb",
    "settings": {
      "testing": false
    },
    "software": "mriqc",
    "version": "22.0.6",
    "warnings": {
      "large_rot_frame": true,
      "small_air_mask": false
    },
    "webapi_port": null,
    "webapi_url": "https://mriqc.nimh.nih.gov/api/v1"
  },
  "qi_1": 3.843568412840978e-06,
  "qi_2": 0.000907298390108618,
  "rpve_csf": 12.382091188973376,
  "rpve_gm": 8.868375554318344,
  "rpve_wm": 71.35890336474141,
  "size_x": 208,
  "size_y": 300,
  "size_z": 320,
  "snr_csf": 4.102334632359211,
  "snr_gm": 4.907014252678505,
  "snr_total": 3.681953303956337,
  "snr_wm": 2.0365110268312945,
  "snrd_csf": 72.81087797374096,
  "snrd_gm": 19.085355677849194,
  "snrd_total": 53.189652315060165,
  "snrd_wm": 67.67272329359038,
  "spacing_x": 0.7999999523162842,
  "spacing_y": 0.800000011920929,
  "spacing_z": 0.800000011920929,
  "summary_bg_k": 12.576379928679241,
  "summary_bg_mad": 0.0,
  "summary_bg_mean": 5.998301753546746,
  "summary_bg_median": 0.0,
  "summary_bg_n": 6921327.0,
  "summary_bg_p05": 0.0,
  "summary_bg_p95": 25.155538085848093,
  "summary_bg_stdv": 9.680691196105458,
  "summary_csf_k": -0.7194573172819196,
  "summary_csf_mad": 208.4403932710219,
  "summary_csf_mean": 974.1968813950193,
  "summary_csf_median": 1075.897515969351,
  "summary_csf_n": 148995.0,
  "summary_csf_p05": 510.813635263592,
  "summary_csf_p95": 1261.87073918432,
  "summary_csf_stdv": 262.26380874956806,
  "summary_gm_k": 1.8068739239110476,
  "summary_gm_mad": 46.75932960160281,
  "summary_gm_mean": 290.8401399006336,
  "summary_gm_median": 282.0167444292456,
  "summary_gm_n": 705336.0,
  "summary_gm_p05": 213.5258093625307,
  "summary_gm_p95": 402.6771412435919,
  "summary_gm_stdv": 57.47212663151309,
  "summary_wm_k": -1.7196923708326413,
  "summary_wm_mad": 267.21898692905717,
  "summary_wm_mean": 688.3998978299784,
  "summary_wm_median": 999.9730385988951,
  "summary_wm_n": 30608.0,
  "summary_wm_p05": 24.832340594381094,
  "summary_wm_p95": 1217.3502847347409,
  "summary_wm_stdv": 491.0146275334662,
  "tpm_overlap_csf": 0.13429032784105555,
  "tpm_overlap_gm": 0.38521136385455024,
  "tpm_overlap_wm": 0.011918395950114666,
  "wm2max": 0.736593591905565
}