{
  "aor": 0.0006238524590163934,
  "aqi": 0.006684292918032787,
  "bids_meta": {
    "AcquisitionMatrixPE": 90,
    "AcquisitionNumber": 1,
    "AcquisitionTime": "18:43:3.877500",
    "BandwidthPerPixelPhaseEncode": 18.832,
    "BaseResolution": 90,
    "BodyPartExamined": "HEAD",
    "ConsistencyInfo": "N4_VE11C_LATEST_20160120",
    "ConversionSoftware": "dcm2niix",
    "ConversionSoftwareVersion": "v1.0.20190902",
    "DerivedVendorReportedEchoSpacing": 0.000590012,
    "DeviceSerialNumber": "67064",
    "DwellTime": 2.5e-06,
    "EchoTime": 0.033,
    "EchoTrainLength": 90,
    "EffectiveEchoSpacing": 0.000590012,
    "FlipAngle": 63,
    "ImageComments": "Unaliased_MB4_PE3_LB",
    "ImageOrientationPatientDICOM": [
      0.999927,
      -0.00448984,
      0.0112088,
      0.00820262,
      0.9338,
      -0.357701
    ],
    "ImageType": [
      "ORIGINAL",
      "PRIMARY",
      "M",
      "MB",
      "ND",
      "MOSAIC"
    ],
    "ImagingFrequency": 123.247,
    "InPlanePhaseEncodingDirectionDICOM": "COL",
    "InstitutionAddress": "Scott_Ave_4525_St._Louis_MO_US_63110",
    "InstitutionName": "Washington_University",
    "InstitutionalDepartmentName": "Department",
    "MRAcquisitionType": "2D",
    "MagneticFieldStrength": 3,
    "Manufacturer": "Siemens",
    "ManufacturersModelName": "Prisma_fit",
    "Modality": "MR",
    "MultibandAccelerationFactor": 4,
    "PartialFourier": 1,
    "PatientPosition": "HFS",
    "PercentPhaseFOV": 100,
    "PhaseEncodingDirection": "j",
    "PhaseEncodingSteps": 90,
    "PhaseResolution": 1,
    "PixelBandwidth": 2220,
    "ProcedureStepDescription": "head_Braver",
    "ProtocolName": "tfMRI_AxcptBas2_PA",
    "PulseSequenceDetails": "%CustomerSeq%_cmrr_mbep2d_bold",
    "ReceiveCoilActiveElements": "HEA;HEP",
    "ReceiveCoilName": "Head_32",
    "ReconMatrixPE": 90,
    "RepetitionTime": 1.2,
    "SAR": 0.0769101,
    "ScanOptions": "FS_EXT",
    "ScanningSequence": "EP",
    "SequenceName": "epfid2d1_90",
    "SequenceVariant": "SK_SS",
    "SeriesDescription": "tfMRI_AxcptBas2_PA",
    "SeriesNumber": 31,
    "ShimSetting": [
      -2006,
      -11533,
      5854,
      631,
      22,
      66,
      -84,
      -21
    ],
    "SliceThickness": 2.4,
    "SliceTiming": [
      0,
      0.63,
      0.08,
      0.7075,
      0.1575,
      0.7875,
      0.2375,
      0.865,
      0.315,
      0.945,
      0.3925,
      1.0225,
      0.4725,
      1.1025,
      0.55,
      0,
      0.63,
      0.08,
      0.7075,
      0.1575,
      0.7875,
      0.2375,
      0.865,
      0.315,
      0.945,
      0.3925,
      1.0225,
      0.4725,
      1.1025,
      0.55,
      0,
      0.63,
      0.08,
      0.7075,
      0.1575,
      0.7875,
      0.2375,
      0.865,
      0.315,
      0.945,
      0.3925,
      1.0225,
      0.4725,
      1.1025,
      0.55,
      0,
      0.63,
      0.08,
      0.7075,
      0.1575,
      0.7875,
      0.2375,
      0.865,
      0.315,
      0.945,
      0.3925,
      1.0225,
      0.4725,
      1.1025,
      0.55
    ],
    "SoftwareVersions": "syngo_MR_E11",
    "SpacingBetweenSlices": 2.4,
    "StationName": "MRC35177",
    "TaskName": "Axcpt",
    "TotalReadoutTime": 0.0525111,
    "TxRefAmp": 282.895,
    "VendorReportedEchoSpacing": 0.00059,
    "WipMemBlock": "5e36f622-0167-4232-b0b8-4659037e0485||Sequence: R016 ve11c/master r/e634e98; Dec 19 2017 11:00:25 by eja",
    "acq_id": "mb4PA",
    "dataset": "ds003465",
    "modality": "bold",
    "run_id": 2,
    "session_id": "wave1bas",
    "subject_id": "f9206gd",
    "task_id": "Axcpt"
  },
  "dummy_trs": 0,
  "dvars_nstd": 32.80678739678159,
  "dvars_std": 1.1092428660098514,
  "dvars_vstd": 0.9830625227422024,
  "efc": 0.5326508237131111,
  "fber": 746.4923706054688,
  "fd_mean": 0.16902607369979772,
  "fd_num": 213,
  "fd_perc": 34.91803278688525,
  "fwhm_avg": 2.767722208488325,
  "fwhm_x": 2.574962397680187,
  "fwhm_y": 2.821687387876217,
  "fwhm_z": 2.9065168399085706,
  "gcor": 0.0141918,
  "gsr_x": -0.01648222841322422,
  "gsr_y": 0.07260415703058243,
  "provenance": {
    "md5sum": "2412f12acf8ccfcc3c7e5fd6430944b3",
    "settings": {
      "fd_thres": 0.2,
      "testing": false
    },
    "software": "mriqc",
    "version": "22.0.6",
    "webapi_port": null,
    "webapi_url": "https://mriqc.nimh.nih.gov/api/v1"
  },
  "size_t": 610,
  "size_x": 90,
  "size_y": 90,
  "size_z": 60,
  "snr": 2.7227988324738637,
  "spacing_tr": 1.2000000476837158,
  "spacing_x": 2.4000000953674316,
  "spacing_y": 2.4000000953674316,
  "spacing_z": 2.3999998569488525,
  "summary_bg_k": 16.771876925642356,
  "summary_bg_mad": 64.1602240813933,
  "summary_bg_mean": 390.0908508300781,
  "summary_bg_median": 152.28524780273438,
  "summary_bg_n": 322872.0,
  "summary_bg_p05": 104.10327911376953,
  "summary_bg_p95": 1649.8855529785171,
  "summary_bg_stdv": 603.5916748046875,
  "summary_fg_k": 0.42640520569529317,
  "summary_fg_mad": 1529.9209740770864,
  "summary_fg_mean": 4536.599609375,
  "summary_fg_median": 4280.36083984375,
  "summary_fg_n": 85541.0,
  "summary_fg_p05": 2475.542724609375,
  "summary_fg_p95": 7473.11328125,
  "summary_fg_stdv": 1572.0352783203125,
  "tsnr": 43.08953668177128
}