{
  "aor": 0.0016059322033898304,
  "aqi": 0.011797554961479198,
  "bids_meta": {
    "AcquisitionMatrixPE": 90,
    "AcquisitionNumber": 1,
    "AcquisitionTime": "19:04:13.357500",
    "BandwidthPerPixelPhaseEncode": 18.832,
    "BaseResolution": 90,
    "BodyPartExamined": "HEAD",
    "ConsistencyInfo": "N4_VE11C_LATEST_20160120",
    "ConversionSoftware": "dcm2niix",
    "ConversionSoftwareVersion": "v1.0.20190902",
    "DerivedVendorReportedEchoSpacing": 0.000590012,
    "DeviceSerialNumber": "67064",
    "DwellTime": 2.5e-06,
    "EchoTime": 0.033,
    "EchoTrainLength": 90,
    "EffectiveEchoSpacing": 0.000590012,
    "FlipAngle": 63,
    "ImageComments": "Unaliased_MB4_PE3_LB",
    "ImageOrientationPatientDICOM": [
      0.999927,
      -0.00448984,
      0.0112088,
      0.00820262,
      0.9338,
      -0.357701
    ],
    "ImageType": [
      "ORIGINAL",
      "PRIMARY",
      "M",
      "MB",
      "ND",
      "MOSAIC"
    ],
    "ImagingFrequency": 123.247,
    "InPlanePhaseEncodingDirectionDICOM": "COL",
    "InstitutionAddress": "Scott_Ave_4525_St._Louis_MO_US_63110",
    "InstitutionName": "Washington_University",
    "InstitutionalDepartmentName": "Department",
    "MRAcquisitionType": "2D",
    "MagneticFieldStrength": 3,
    "Manufacturer": "Siemens",
    "ManufacturersModelName": "Prisma_fit",
    "Modality": "MR",
    "MultibandAccelerationFactor": 4,
    "PartialFourier": 1,
    "PatientPosition": "HFS",
    "PercentPhaseFOV": 100,
    "PhaseEncodingDirection": "j-",
    "PhaseEncodingSteps": 90,
    "PhaseResolution": 1,
    "PixelBandwidth": 2220,
    "ProcedureStepDescription": "head_Braver",
    "ProtocolName": "tfMRI_CuedtsBas1_AP",
    "PulseSequenceDetails": "%CustomerSeq%_cmrr_mbep2d_bold",
    "ReceiveCoilActiveElements": "HEA;HEP",
    "ReceiveCoilName": "Head_32",
    "ReconMatrixPE": 90,
    "RepetitionTime": 1.2,
    "SAR": 0.0769284,
    "ScanOptions": "FS_EXT",
    "ScanningSequence": "EP",
    "SequenceName": "epfid2d1_90",
    "SequenceVariant": "SK_SS",
    "SeriesDescription": "tfMRI_CuedtsBas1_AP",
    "SeriesNumber": 37,
    "ShimSetting": [
      -2006,
      -11533,
      5854,
      631,
      22,
      66,
      -84,
      -21
    ],
    "SliceThickness": 2.4,
    "SliceTiming": [
      0,
      0.63,
      0.08,
      0.7075,
      0.1575,
      0.7875,
      0.2375,
      0.865,
      0.315,
      0.945,
      0.3925,
      1.0225,
      0.4725,
      1.1025,
      0.55,
      0,
      0.63,
      0.08,
      0.7075,
      0.1575,
      0.7875,
      0.2375,
      0.865,
      0.315,
      0.945,
      0.3925,
      1.0225,
      0.4725,
      1.1025,
      0.55,
      0,
      0.63,
      0.08,
      0.7075,
      0.1575,
      0.7875,
      0.2375,
      0.865,
      0.315,
      0.945,
      0.3925,
      1.0225,
      0.4725,
      1.1025,
      0.55,
      0,
      0.63,
      0.08,
      0.7075,
      0.1575,
      0.7875,
      0.2375,
      0.865,
      0.315,
      0.945,
      0.3925,
      1.0225,
      0.4725,
      1.1025,
      0.55
    ],
    "SoftwareVersions": "syngo_MR_E11",
    "SpacingBetweenSlices": 2.4,
    "StationName": "MRC35177",
    "TaskName": "Cuedts",
    "TotalReadoutTime": 0.0525111,
    "TxRefAmp": 282.895,
    "VendorReportedEchoSpacing": 0.00059,
    "WipMemBlock": "d5bae9a7-8304-47dc-8034-46f26a28a0f0||Sequence: R016 ve11c/master r/e634e98; Dec 19 2017 11:00:25 by eja",
    "acq_id": "mb4AP",
    "dataset": "ds003465",
    "modality": "bold",
    "run_id": 1,
    "session_id": "wave1bas",
    "subject_id": "f9206gd",
    "task_id": "Cuedts"
  },
  "dummy_trs": 1,
  "dvars_nstd": 35.31019921950617,
  "dvars_std": 1.1271094967592583,
  "dvars_vstd": 0.9899123973919755,
  "efc": 0.5375732266492071,
  "fber": 703.3458251953125,
  "fd_mean": 0.20328918722820427,
  "fd_num": 321,
  "fd_perc": 49.46070878274268,
  "fwhm_avg": 2.8381958176793383,
  "fwhm_x": 2.6693082272645543,
  "fwhm_y": 2.912179050947068,
  "fwhm_z": 2.933100174826394,
  "gcor": 0.00623335,
  "gsr_x": -0.01935209333896637,
  "gsr_y": 0.08646742254495621,
  "provenance": {
    "md5sum": "258c93225d9e48a43d16305358ae91d8",
    "settings": {
      "fd_thres": 0.2,
      "testing": false
    },
    "software": "mriqc",
    "version": "22.0.6",
    "webapi_port": null,
    "webapi_url": "https://mriqc.nimh.nih.gov/api/v1"
  },
  "size_t": 649,
  "size_x": 90,
  "size_y": 90,
  "size_z": 60,
  "snr": 2.740431910206877,
  "spacing_tr": 1.2000000476837158,
  "spacing_x": 2.4000000953674316,
  "spacing_y": 2.4000000953674316,
  "spacing_z": 2.3999998569488525,
  "summary_bg_k": 18.69535760936354,
  "summary_bg_mad": 68.85876959324565,
  "summary_bg_mean": 386.4272766113281,
  "summary_bg_median": 156.573974609375,
  "summary_bg_n": 318416.0,
  "summary_bg_p05": 104.48536682128906,
  "summary_bg_p95": 1526.4299926757812,
  "summary_bg_stdv": 593.2796020507812,
  "summary_fg_k": 0.5703274562474694,
  "summary_fg_mad": 1496.5808842957551,
  "summary_fg_mean": 4571.05029296875,
  "summary_fg_median": 4298.095703125,
  "summary_fg_n": 89647.0,
  "summary_fg_p05": 2526.603662109375,
  "summary_fg_p95": 7535.399755859375,
  "summary_fg_stdv": 1568.39208984375,
  "tsnr": 35.615322992554866
}