{
  "aor": 0.003922722222222222,
  "aqi": 0.009784194703703704,
  "bids_meta": {
    "AcquisitionMatrixPE": 90,
    "AcquisitionNumber": 1,
    "AcquisitionTime": "18:17:13.210000",
    "BandwidthPerPixelPhaseEncode": 18.832,
    "BaseResolution": 90,
    "BodyPartExamined": "HEAD",
    "ConsistencyInfo": "N4_VE11C_LATEST_20160120",
    "ConversionSoftware": "dcm2niix",
    "ConversionSoftwareVersion": "v1.0.20190902",
    "DerivedVendorReportedEchoSpacing": 0.000590012,
    "DeviceSerialNumber": "67064",
    "DwellTime": 2.5e-06,
    "EchoTime": 0.033,
    "EchoTrainLength": 90,
    "EffectiveEchoSpacing": 0.000590012,
    "FlipAngle": 63,
    "ImageComments": "Unaliased_MB4_PE3_LB",
    "ImageOrientationPatientDICOM": [
      0.999927,
      -0.00448984,
      0.0112088,
      0.00820262,
      0.9338,
      -0.357701
    ],
    "ImageType": [
      "ORIGINAL",
      "PRIMARY",
      "M",
      "MB",
      "ND",
      "MOSAIC"
    ],
    "ImagingFrequency": 123.247,
    "InPlanePhaseEncodingDirectionDICOM": "COL",
    "InstitutionAddress": "Scott_Ave_4525_St._Louis_MO_US_63110",
    "InstitutionName": "Washington_University",
    "InstitutionalDepartmentName": "Department",
    "MRAcquisitionType": "2D",
    "MagneticFieldStrength": 3,
    "Manufacturer": "Siemens",
    "ManufacturersModelName": "Prisma_fit",
    "Modality": "MR",
    "MultibandAccelerationFactor": 4,
    "PartialFourier": 1,
    "PatientPosition": "HFS",
    "PercentPhaseFOV": 100,
    "PhaseEncodingDirection": "j",
    "PhaseEncodingSteps": 90,
    "PhaseResolution": 1,
    "PixelBandwidth": 2220,
    "ProcedureStepDescription": "head_Braver",
    "ProtocolName": "tfMRI_StroopBas2_PA",
    "PulseSequenceDetails": "%CustomerSeq%_cmrr_mbep2d_bold",
    "ReceiveCoilActiveElements": "HEA;HEP",
    "ReceiveCoilName": "Head_32",
    "ReconMatrixPE": 90,
    "RepetitionTime": 1.2,
    "SAR": 0.0768718,
    "ScanOptions": "FS_EXT",
    "ScanningSequence": "EP",
    "SequenceName": "epfid2d1_90",
    "SequenceVariant": "SK_SS",
    "SeriesDescription": "tfMRI_StroopBas2_PA",
    "SeriesNumber": 25,
    "ShimSetting": [
      -2006,
      -11533,
      5854,
      631,
      22,
      66,
      -84,
      -21
    ],
    "SliceThickness": 2.4,
    "SliceTiming": [
      0,
      0.63,
      0.0775,
      0.7075,
      0.1575,
      0.7875,
      0.235,
      0.865,
      0.315,
      0.9425,
      0.3925,
      1.0225,
      0.4725,
      1.1,
      0.55,
      0,
      0.63,
      0.0775,
      0.7075,
      0.1575,
      0.7875,
      0.235,
      0.865,
      0.315,
      0.9425,
      0.3925,
      1.0225,
      0.4725,
      1.1,
      0.55,
      0,
      0.63,
      0.0775,
      0.7075,
      0.1575,
      0.7875,
      0.235,
      0.865,
      0.315,
      0.9425,
      0.3925,
      1.0225,
      0.4725,
      1.1,
      0.55,
      0,
      0.63,
      0.0775,
      0.7075,
      0.1575,
      0.7875,
      0.235,
      0.865,
      0.315,
      0.9425,
      0.3925,
      1.0225,
      0.4725,
      1.1,
      0.55
    ],
    "SoftwareVersions": "syngo_MR_E11",
    "SpacingBetweenSlices": 2.4,
    "StationName": "MRC35177",
    "TaskName": "Stroop",
    "TotalReadoutTime": 0.0525111,
    "TxRefAmp": 282.895,
    "VendorReportedEchoSpacing": 0.00059,
    "WipMemBlock": "1cb23f48-105a-4758-9fa3-6a7c3d62d02f||Sequence: R016 ve11c/master r/e634e98; Dec 19 2017 11:00:25 by eja",
    "acq_id": "mb4PA",
    "dataset": "ds003465",
    "modality": "bold",
    "run_id": 2,
    "session_id": "wave1bas",
    "subject_id": "f9206gd",
    "task_id": "Stroop"
  },
  "dummy_trs": 0,
  "dvars_nstd": 34.892892073098345,
  "dvars_std": 1.1371093590166965,
  "dvars_vstd": 1.0157438627643782,
  "efc": 0.5343018236438088,
  "fber": 747.1172485351562,
  "fd_mean": 0.2118263911826777,
  "fd_num": 290,
  "fd_perc": 53.7037037037037,
  "fwhm_avg": 2.7248555423706002,
  "fwhm_x": 2.5513832319504726,
  "fwhm_y": 2.751529057330725,
  "fwhm_z": 2.8716543378306034,
  "gcor": 0.0117181,
  "gsr_x": -0.016637325286865234,
  "gsr_y": 0.07068529725074768,
  "provenance": {
    "md5sum": "722593b9c8bdcd83f9c8fe9c35dfc915",
    "settings": {
      "fd_thres": 0.2,
      "testing": false
    },
    "software": "mriqc",
    "version": "22.0.6",
    "webapi_port": null,
    "webapi_url": "https://mriqc.nimh.nih.gov/api/v1"
  },
  "size_t": 540,
  "size_x": 90,
  "size_y": 90,
  "size_z": 60,
  "snr": 2.74258649080659,
  "spacing_tr": 1.2000000476837158,
  "spacing_x": 2.4000000953674316,
  "spacing_y": 2.4000000953674316,
  "spacing_z": 2.3999998569488525,
  "summary_bg_k": 16.586237136067556,
  "summary_bg_mad": 65.45963886910744,
  "summary_bg_mean": 388.0640563964844,
  "summary_bg_median": 152.1888885498047,
  "summary_bg_n": 321823.0,
  "summary_bg_p05": 103.30925750732422,
  "summary_bg_p95": 1623.3108520507812,
  "summary_bg_stdv": 598.4358520507812,
  "summary_fg_k": 0.46285176880784284,
  "summary_fg_mad": 1506.0686697819538,
  "summary_fg_mean": 4508.21728515625,
  "summary_fg_median": 4250.31494140625,
  "summary_fg_n": 86139.0,
  "summary_fg_p05": 2469.2072265625,
  "summary_fg_p95": 7394.764697265624,
  "summary_fg_stdv": 1549.7379150390625,
  "tsnr": 37.08882136805914
}