{
  "aor": 0.0005066666666666666,
  "aqi": 0.005935680459770115,
  "bids_meta": {
    "AcquisitionMatrixPE": 90,
    "AcquisitionNumber": 1,
    "AcquisitionTime": "18:16:36.852500",
    "BandwidthPerPixelPhaseEncode": 18.832,
    "BaseResolution": 90,
    "BodyPartExamined": "HEAD",
    "ConsistencyInfo": "N4_VE11C_LATEST_20160120",
    "ConversionSoftware": "dcm2niix",
    "ConversionSoftwareVersion": "v1.0.20190902",
    "DerivedVendorReportedEchoSpacing": 0.000590012,
    "DeviceSerialNumber": "67064",
    "DwellTime": 2.5e-06,
    "EchoTime": 0.033,
    "EchoTrainLength": 90,
    "EffectiveEchoSpacing": 0.000590012,
    "FlipAngle": 63,
    "ImageComments": "Unaliased_MB4_PE3_LB",
    "ImageOrientationPatientDICOM": [
      0.998885,
      0.0134567,
      -0.0452602,
      -0.0320892,
      0.896628,
      -0.44162
    ],
    "ImageType": [
      "ORIGINAL",
      "PRIMARY",
      "M",
      "MB",
      "ND",
      "MOSAIC"
    ],
    "ImagingFrequency": 123.247,
    "InPlanePhaseEncodingDirectionDICOM": "COL",
    "InstitutionAddress": "Scott_Ave_4525_St._Louis_MO_US_63110",
    "InstitutionName": "Washington_University",
    "InstitutionalDepartmentName": "Department",
    "MRAcquisitionType": "2D",
    "MagneticFieldStrength": 3,
    "Manufacturer": "Siemens",
    "ManufacturersModelName": "Prisma_fit",
    "Modality": "MR",
    "MultibandAccelerationFactor": 4,
    "PartialFourier": 1,
    "PatientPosition": "HFS",
    "PercentPhaseFOV": 100,
    "PhaseEncodingDirection": "j-",
    "PhaseEncodingSteps": 90,
    "PhaseResolution": 1,
    "PixelBandwidth": 2220,
    "ProcedureStepDescription": "head_Braver",
    "ProtocolName": "tfMRI_AxcptBas1_AP",
    "PulseSequenceDetails": "%CustomerSeq%_cmrr_mbep2d_bold",
    "ReceiveCoilActiveElements": "HEA;HEP",
    "ReceiveCoilName": "Head_32",
    "ReconMatrixPE": 90,
    "RepetitionTime": 1.2,
    "SAR": 0.0817155,
    "ScanOptions": "FS_EXT",
    "ScanningSequence": "EP",
    "SequenceName": "epfid2d1_90",
    "SequenceVariant": "SK_SS",
    "SeriesDescription": "tfMRI_AxcptBas1_AP",
    "SeriesNumber": 28,
    "ShimSetting": [
      -2005,
      -11472,
      5823,
      446,
      -13,
      194,
      -42,
      -31
    ],
    "SliceThickness": 2.4,
    "SliceTiming": [
      0,
      0.63,
      0.08,
      0.7075,
      0.1575,
      0.7875,
      0.235,
      0.865,
      0.315,
      0.945,
      0.3925,
      1.0225,
      0.4725,
      1.1025,
      0.55,
      0,
      0.63,
      0.08,
      0.7075,
      0.1575,
      0.7875,
      0.235,
      0.865,
      0.315,
      0.945,
      0.3925,
      1.0225,
      0.4725,
      1.1025,
      0.55,
      0,
      0.63,
      0.08,
      0.7075,
      0.1575,
      0.7875,
      0.235,
      0.865,
      0.315,
      0.945,
      0.3925,
      1.0225,
      0.4725,
      1.1025,
      0.55,
      0,
      0.63,
      0.08,
      0.7075,
      0.1575,
      0.7875,
      0.235,
      0.865,
      0.315,
      0.945,
      0.3925,
      1.0225,
      0.4725,
      1.1025,
      0.55
    ],
    "SoftwareVersions": "syngo_MR_E11",
    "SpacingBetweenSlices": 2.4,
    "StationName": "MRC35177",
    "TaskName": "Axcpt",
    "TotalReadoutTime": 0.0525111,
    "TxRefAmp": 251.675,
    "VendorReportedEchoSpacing": 0.00059,
    "WipMemBlock": "bcfdb2b8-b4dc-4eae-8bad-c1ef29055936||Sequence: R016 ve11c/master r/e634e98; Dec 19 2017 11:00:25 by eja",
    "acq_id": "mb4AP",
    "dataset": "ds003465",
    "modality": "bold",
    "run_id": 1,
    "session_id": "wave1bas",
    "subject_id": "f3300jh",
    "task_id": "Axcpt"
  },
  "dummy_trs": 1,
  "dvars_nstd": 30.08692775916121,
  "dvars_std": 1.0445318631578948,
  "dvars_vstd": 0.971963236990132,
  "efc": 0.5243216855239361,
  "fber": 697.6813354492188,
  "fd_mean": 0.15565815935739935,
  "fd_num": 150,
  "fd_perc": 24.63054187192118,
  "fwhm_avg": 2.7581833183267945,
  "fwhm_x": 2.581312397427861,
  "fwhm_y": 2.8365998872836475,
  "fwhm_z": 2.8566376702688734,
  "gcor": 0.00930747,
  "gsr_x": 0.0020200691651552916,
  "gsr_y": 0.0889827162027359,
  "provenance": {
    "md5sum": "9d0c77243744659561ee8030f1296eda",
    "settings": {
      "fd_thres": 0.2,
      "testing": false
    },
    "software": "mriqc",
    "version": "22.0.6",
    "webapi_port": null,
    "webapi_url": "https://mriqc.nimh.nih.gov/api/v1"
  },
  "size_t": 609,
  "size_x": 90,
  "size_y": 90,
  "size_z": 60,
  "snr": 2.6374237807435703,
  "spacing_tr": 1.2000000476837158,
  "spacing_x": 2.4000000953674316,
  "spacing_y": 2.4000000953674316,
  "spacing_z": 2.3999998569488525,
  "summary_bg_k": 23.536939561109463,
  "summary_bg_mad": 58.90118385037682,
  "summary_bg_mean": 363.8908386230469,
  "summary_bg_median": 145.47537231445312,
  "summary_bg_n": 328246.0,
  "summary_bg_p05": 101.82923126220703,
  "summary_bg_p95": 1459.14453125,
  "summary_bg_stdv": 590.1266479492188,
  "summary_fg_k": 0.7902706008339426,
  "summary_fg_mad": 1373.995090658286,
  "summary_fg_mean": 4179.29150390625,
  "summary_fg_median": 3909.671630859375,
  "summary_fg_n": 83357.0,
  "summary_fg_p05": 2257.51826171875,
  "summary_fg_p95": 6994.9126953125,
  "summary_fg_stdv": 1482.3739013671875,
  "tsnr": 44.50375614874065
}