{
  "aor": 0.00023462249614791987,
  "aqi": 0.00757888750385208,
  "bids_meta": {
    "AcquisitionMatrixPE": 90,
    "AcquisitionNumber": 1,
    "AcquisitionTime": "18:49:31.202500",
    "BandwidthPerPixelPhaseEncode": 18.832,
    "BaseResolution": 90,
    "BodyPartExamined": "HEAD",
    "ConsistencyInfo": "N4_VE11C_LATEST_20160120",
    "ConversionSoftware": "dcm2niix",
    "ConversionSoftwareVersion": "v1.0.20190902",
    "DerivedVendorReportedEchoSpacing": 0.000590012,
    "DeviceSerialNumber": "67064",
    "DwellTime": 2.5e-06,
    "EchoTime": 0.033,
    "EchoTrainLength": 90,
    "EffectiveEchoSpacing": 0.000590012,
    "FlipAngle": 63,
    "ImageComments": "Unaliased_MB4_PE3_LB",
    "ImageOrientationPatientDICOM": [
      0.998885,
      0.0134567,
      -0.0452602,
      -0.0320892,
      0.896628,
      -0.44162
    ],
    "ImageType": [
      "ORIGINAL",
      "PRIMARY",
      "M",
      "MB",
      "ND",
      "MOSAIC"
    ],
    "ImagingFrequency": 123.247,
    "InPlanePhaseEncodingDirectionDICOM": "COL",
    "InstitutionAddress": "Scott_Ave_4525_St._Louis_MO_US_63110",
    "InstitutionName": "Washington_University",
    "InstitutionalDepartmentName": "Department",
    "MRAcquisitionType": "2D",
    "MagneticFieldStrength": 3,
    "Manufacturer": "Siemens",
    "ManufacturersModelName": "Prisma_fit",
    "Modality": "MR",
    "MultibandAccelerationFactor": 4,
    "PartialFourier": 1,
    "PatientPosition": "HFS",
    "PercentPhaseFOV": 100,
    "PhaseEncodingDirection": "j-",
    "PhaseEncodingSteps": 90,
    "PhaseResolution": 1,
    "PixelBandwidth": 2220,
    "ProcedureStepDescription": "head_Braver",
    "ProtocolName": "tfMRI_CuedtsBas1_AP",
    "PulseSequenceDetails": "%CustomerSeq%_cmrr_mbep2d_bold",
    "ReceiveCoilActiveElements": "HEA;HEP",
    "ReceiveCoilName": "Head_32",
    "ReconMatrixPE": 90,
    "RepetitionTime": 1.2,
    "SAR": 0.0817349,
    "ScanOptions": "FS_EXT",
    "ScanningSequence": "EP",
    "SequenceName": "epfid2d1_90",
    "SequenceVariant": "SK_SS",
    "SeriesDescription": "tfMRI_CuedtsBas1_AP",
    "SeriesNumber": 37,
    "ShimSetting": [
      -2005,
      -11472,
      5823,
      446,
      -13,
      194,
      -42,
      -31
    ],
    "SliceThickness": 2.4,
    "SliceTiming": [
      0,
      0.63,
      0.08,
      0.71,
      0.1575,
      0.7875,
      0.2375,
      0.865,
      0.315,
      0.945,
      0.395,
      1.0225,
      0.4725,
      1.1025,
      0.5525,
      0,
      0.63,
      0.08,
      0.71,
      0.1575,
      0.7875,
      0.2375,
      0.865,
      0.315,
      0.945,
      0.395,
      1.0225,
      0.4725,
      1.1025,
      0.5525,
      0,
      0.63,
      0.08,
      0.71,
      0.1575,
      0.7875,
      0.2375,
      0.865,
      0.315,
      0.945,
      0.395,
      1.0225,
      0.4725,
      1.1025,
      0.5525,
      0,
      0.63,
      0.08,
      0.71,
      0.1575,
      0.7875,
      0.2375,
      0.865,
      0.315,
      0.945,
      0.395,
      1.0225,
      0.4725,
      1.1025,
      0.5525
    ],
    "SoftwareVersions": "syngo_MR_E11",
    "SpacingBetweenSlices": 2.4,
    "StationName": "MRC35177",
    "TaskName": "Cuedts",
    "TotalReadoutTime": 0.0525111,
    "TxRefAmp": 251.675,
    "VendorReportedEchoSpacing": 0.00059,
    "WipMemBlock": "17a8e68a-09b4-4d33-b261-a96efc3d85cb||Sequence: R016 ve11c/master r/e634e98; Dec 19 2017 11:00:25 by eja",
    "acq_id": "mb4AP",
    "dataset": "ds003465",
    "modality": "bold",
    "run_id": 1,
    "session_id": "wave1bas",
    "subject_id": "f3300jh",
    "task_id": "Cuedts"
  },
  "dummy_trs": 1,
  "dvars_nstd": 30.544598329182104,
  "dvars_std": 1.0092031243209867,
  "dvars_vstd": 0.9441617527469128,
  "efc": 0.5247850246264698,
  "fber": 699.0252075195312,
  "fd_mean": 0.17852907531503637,
  "fd_num": 241,
  "fd_perc": 37.134052388289675,
  "fwhm_avg": 2.7202152639268786,
  "fwhm_x": 2.5611415648960447,
  "fwhm_y": 2.753529057251252,
  "fwhm_z": 2.845975169633339,
  "gcor": 0.00970756,
  "gsr_x": 0.00396826583892107,
  "gsr_y": 0.09265056997537613,
  "provenance": {
    "md5sum": "6dc0a42f64e18ca01e15cb6277185bdd",
    "settings": {
      "fd_thres": 0.2,
      "testing": false
    },
    "software": "mriqc",
    "version": "22.0.6",
    "webapi_port": null,
    "webapi_url": "https://mriqc.nimh.nih.gov/api/v1"
  },
  "size_t": 649,
  "size_x": 90,
  "size_y": 90,
  "size_z": 60,
  "snr": 2.663390478183379,
  "spacing_tr": 1.2000000476837158,
  "spacing_x": 2.4000000953674316,
  "spacing_y": 2.4000000953674316,
  "spacing_z": 2.3999998569488525,
  "summary_bg_k": 24.182132376654337,
  "summary_bg_mad": 56.88944199502595,
  "summary_bg_mean": 360.2991943359375,
  "summary_bg_median": 143.5947723388672,
  "summary_bg_n": 328819.0,
  "summary_bg_p05": 101.29584503173828,
  "summary_bg_p95": 1453.96983642578,
  "summary_bg_stdv": 586.64599609375,
  "summary_fg_k": 0.8517577666502114,
  "summary_fg_mad": 1343.1816866157924,
  "summary_fg_mean": 4121.94873046875,
  "summary_fg_median": 3857.0927734375,
  "summary_fg_n": 83280.0,
  "summary_fg_p05": 2251.590612792969,
  "summary_fg_p95": 6867.166723632813,
  "summary_fg_stdv": 1448.1802978515625,
  "tsnr": 40.65158964483999
}