{
  "aor": 0.0005646461538461537,
  "aqi": 0.007694693646153847,
  "bids_meta": {
    "AcquisitionMatrixPE": 90,
    "AcquisitionNumber": 1,
    "AcquisitionTime": "19:03:11.420000",
    "BandwidthPerPixelPhaseEncode": 18.832,
    "BaseResolution": 90,
    "BodyPartExamined": "HEAD",
    "ConsistencyInfo": "N4_VE11C_LATEST_20160120",
    "ConversionSoftware": "dcm2niix",
    "ConversionSoftwareVersion": "v1.0.20190902",
    "DerivedVendorReportedEchoSpacing": 0.000590012,
    "DeviceSerialNumber": "67064",
    "DwellTime": 2.5e-06,
    "EchoTime": 0.033,
    "EchoTrainLength": 90,
    "EffectiveEchoSpacing": 0.000590012,
    "FlipAngle": 63,
    "ImageComments": "Unaliased_MB4_PE3_LB",
    "ImageOrientationPatientDICOM": [
      0.998885,
      0.0134567,
      -0.0452602,
      -0.0320892,
      0.896628,
      -0.44162
    ],
    "ImageType": [
      "ORIGINAL",
      "PRIMARY",
      "M",
      "MB",
      "ND",
      "MOSAIC"
    ],
    "ImagingFrequency": 123.247,
    "InPlanePhaseEncodingDirectionDICOM": "COL",
    "InstitutionAddress": "Scott_Ave_4525_St._Louis_MO_US_63110",
    "InstitutionName": "Washington_University",
    "InstitutionalDepartmentName": "Department",
    "MRAcquisitionType": "2D",
    "MagneticFieldStrength": 3,
    "Manufacturer": "Siemens",
    "ManufacturersModelName": "Prisma_fit",
    "Modality": "MR",
    "MultibandAccelerationFactor": 4,
    "PartialFourier": 1,
    "PatientPosition": "HFS",
    "PercentPhaseFOV": 100,
    "PhaseEncodingDirection": "j",
    "PhaseEncodingSteps": 90,
    "PhaseResolution": 1,
    "PixelBandwidth": 2220,
    "ProcedureStepDescription": "head_Braver",
    "ProtocolName": "tfMRI_CuedtsBas2_PA",
    "PulseSequenceDetails": "%CustomerSeq%_cmrr_mbep2d_bold",
    "ReceiveCoilActiveElements": "HEA;HEP",
    "ReceiveCoilName": "Head_32",
    "ReconMatrixPE": 90,
    "RepetitionTime": 1.2,
    "SAR": 0.0817349,
    "ScanOptions": "FS_EXT",
    "ScanningSequence": "EP",
    "SequenceName": "epfid2d1_90",
    "SequenceVariant": "SK_SS",
    "SeriesDescription": "tfMRI_CuedtsBas2_PA",
    "SeriesNumber": 40,
    "ShimSetting": [
      -2005,
      -11472,
      5823,
      446,
      -13,
      194,
      -42,
      -31
    ],
    "SliceThickness": 2.4,
    "SliceTiming": [
      0,
      0.63,
      0.0775,
      0.7075,
      0.1575,
      0.7875,
      0.235,
      0.865,
      0.315,
      0.945,
      0.3925,
      1.0225,
      0.4725,
      1.1,
      0.55,
      0,
      0.63,
      0.0775,
      0.7075,
      0.1575,
      0.7875,
      0.235,
      0.865,
      0.315,
      0.945,
      0.3925,
      1.0225,
      0.4725,
      1.1,
      0.55,
      0,
      0.63,
      0.0775,
      0.7075,
      0.1575,
      0.7875,
      0.235,
      0.865,
      0.315,
      0.945,
      0.3925,
      1.0225,
      0.4725,
      1.1,
      0.55,
      0,
      0.63,
      0.0775,
      0.7075,
      0.1575,
      0.7875,
      0.235,
      0.865,
      0.315,
      0.945,
      0.3925,
      1.0225,
      0.4725,
      1.1,
      0.55
    ],
    "SoftwareVersions": "syngo_MR_E11",
    "SpacingBetweenSlices": 2.4,
    "StationName": "MRC35177",
    "TaskName": "Cuedts",
    "TotalReadoutTime": 0.0525111,
    "TxRefAmp": 251.675,
    "VendorReportedEchoSpacing": 0.00059,
    "WipMemBlock": "f73e486d-205e-4c2b-8a9d-79b2c407e4de||Sequence: R016 ve11c/master r/e634e98; Dec 19 2017 11:00:25 by eja",
    "acq_id": "mb4PA",
    "dataset": "ds003465",
    "modality": "bold",
    "run_id": 2,
    "session_id": "wave1bas",
    "subject_id": "f3300jh",
    "task_id": "Cuedts"
  },
  "dummy_trs": 0,
  "dvars_nstd": 31.171533314006183,
  "dvars_std": 1.0071072953312785,
  "dvars_vstd": 0.9468405336671807,
  "efc": 0.531689697299543,
  "fber": 646.1824340820312,
  "fd_mean": 0.16164339561859448,
  "fd_num": 150,
  "fd_perc": 23.076923076923077,
  "fwhm_avg": 2.7497999867699274,
  "fwhm_x": 2.567983231290848,
  "fwhm_y": 2.7811915561520433,
  "fwhm_z": 2.9002251728668913,
  "gcor": 0.0143669,
  "gsr_x": -0.0020876259077340364,
  "gsr_y": 0.08195114880800247,
  "provenance": {
    "md5sum": "e68cccf099b3a92be232939194523acf",
    "settings": {
      "fd_thres": 0.2,
      "testing": false
    },
    "software": "mriqc",
    "version": "22.0.6",
    "webapi_port": null,
    "webapi_url": "https://mriqc.nimh.nih.gov/api/v1"
  },
  "size_t": 650,
  "size_x": 90,
  "size_y": 90,
  "size_z": 60,
  "snr": 2.5785506174477413,
  "spacing_tr": 1.2000000476837158,
  "spacing_x": 2.4000000953674316,
  "spacing_y": 2.4000000953674316,
  "spacing_z": 2.3999998569488525,
  "summary_bg_k": 17.039215000010646,
  "summary_bg_mad": 64.37002713581256,
  "summary_bg_mean": 381.90240478515625,
  "summary_bg_median": 149.0800018310547,
  "summary_bg_n": 327170.0,
  "summary_bg_p05": 100.45230865478516,
  "summary_bg_p95": 1603.631097412109,
  "summary_bg_stdv": 590.6638793945312,
  "summary_fg_k": 0.9178587229428463,
  "summary_fg_mad": 1406.033559937238,
  "summary_fg_mean": 4091.050048828125,
  "summary_fg_median": 3825.93310546875,
  "summary_fg_n": 85110.0,
  "summary_fg_p05": 2168.1754516601563,
  "summary_fg_p95": 6862.127978515625,
  "summary_fg_stdv": 1483.74462890625,
  "tsnr": 38.36557499994524
}