{
  "bids_meta": {
    "AcquisitionMatrixPE": 300,
    "AcquisitionNumber": 1,
    "AcquisitionTime": "09:22:21.442500",
    "BaseResolution": 320,
    "BodyPartExamined": "HEAD",
    "ConsistencyInfo": "N4_VE11C_LATEST_20160120",
    "ConversionSoftware": "dcm2niix",
    "ConversionSoftwareVersion": "v1.0.20190902",
    "DeviceSerialNumber": "67064",
    "DwellTime": 7.1e-06,
    "EchoTime": 0.00222,
    "FlipAngle": 8,
    "ImageOrientationPatientDICOM": [
      0.0940511,
      0.960423,
      -0.262186,
      -0.0206316,
      -0.261417,
      -0.965006
    ],
    "ImageType": [
      "ORIGINAL",
      "PRIMARY",
      "M",
      "ND"
    ],
    "ImagingFrequency": 123.247,
    "InPlanePhaseEncodingDirectionDICOM": "ROW",
    "InstitutionAddress": "Scott_Ave_4525_St._Louis_MO_US_63110",
    "InstitutionName": "Washington_University",
    "InstitutionalDepartmentName": "Department",
    "InversionTime": 1,
    "MRAcquisitionType": "3D",
    "MagneticFieldStrength": 3,
    "Manufacturer": "Siemens",
    "ManufacturersModelName": "Prisma_fit",
    "Modality": "MR",
    "ParallelReductionFactorInPlane": 2,
    "PartialFourier": 1,
    "PatientPosition": "HFS",
    "PercentPhaseFOV": 93.75,
    "PhaseEncodingSteps": 299,
    "PhaseResolution": 1,
    "PixelBandwidth": 220,
    "ProcedureStepDescription": "head_Braver",
    "ProtocolName": "T1w_MPR",
    "PulseSequenceDetails": "%SiemensSeq%_tfl",
    "ReceiveCoilActiveElements": "HEA;HEP",
    "ReceiveCoilName": "Head_32",
    "ReconMatrixPE": 300,
    "RefLinesPE": 32,
    "RepetitionTime": 2.4,
    "SAR": 0.0368256,
    "ScanOptions": "IR_WE",
    "ScanningSequence": "GR_IR",
    "SequenceName": "_tfl3d1_16ns",
    "SequenceVariant": "SK_SP_MP",
    "SeriesDescription": "T1w_MPR",
    "SeriesNumber": 11,
    "ShimSetting": [
      -2019,
      -11410,
      5587,
      351,
      88,
      315,
      -130,
      53
    ],
    "SliceThickness": 0.8,
    "SoftwareVersions": "syngo_MR_E11",
    "StationName": "MRC35177",
    "TxRefAmp": 230.171,
    "dataset": "ds003465",
    "modality": "T1w",
    "session_id": "wave1rea",
    "subject_id": "f5094na"
  },
  "cjv": 0.4947700951925376,
  "cnr": 2.7846766788166684,
  "efc": 0.5277846685737714,
  "fber": 27260.2541238571,
  "fwhm_avg": 4.916075049711336,
  "fwhm_x": 4.95128779511975,
  "fwhm_y": 4.7849624286985035,
  "fwhm_z": 5.011974925315753,
  "icvs_csf": 0.16922900635309432,
  "icvs_gm": 0.4095291495390157,
  "icvs_wm": 0.42124184410788995,
  "inu_med": 0.9004803895950317,
  "inu_range": 0.7519509077072143,
  "provenance": {
    "md5sum": "1302ae5870cd1643d23180e8586a8e55",
    "settings": {
      "testing": false
    },
    "software": "mriqc",
    "version": "22.0.6",
    "warnings": {
      "large_rot_frame": true,
      "small_air_mask": false
    },
    "webapi_port": null,
    "webapi_url": "https://mriqc.nimh.nih.gov/api/v1"
  },
  "qi_1": 0.0,
  "qi_2": 0.0017779345252571155,
  "rpve_csf": 28.009079798929164,
  "rpve_gm": 12.0181337206033,
  "rpve_wm": 13.375289310570292,
  "size_x": 208,
  "size_y": 300,
  "size_z": 320,
  "snr_csf": 2.7412990554593293,
  "snr_gm": 13.604285023044506,
  "snr_total": 10.86595221458816,
  "snr_wm": 16.252272565260643,
  "snrd_csf": 19.894385499607647,
  "snrd_gm": 49.4056462501908,
  "snrd_total": 44.59865738566282,
  "snrd_wm": 64.49594040719002,
  "spacing_x": 0.7999999523162842,
  "spacing_y": 0.800000011920929,
  "spacing_z": 0.800000011920929,
  "summary_bg_k": 2775.197504941467,
  "summary_bg_mad": 0.0,
  "summary_bg_mean": 6.247980523747056,
  "summary_bg_median": 0.0,
  "summary_bg_n": 6725838.0,
  "summary_bg_p05": 0.0,
  "summary_bg_p95": 24.71243627369404,
  "summary_bg_stdv": 10.15916169692163,
  "summary_csf_k": 9.192464251150833,
  "summary_csf_mad": 78.14038212014358,
  "summary_csf_mean": 311.7939198215666,
  "summary_csf_median": 308.5010681003332,
  "summary_csf_n": 72507.0,
  "summary_csf_p05": 109.22896832972765,
  "summary_csf_p95": 502.50267918929444,
  "summary_csf_stdv": 112.5374993620082,
  "summary_gm_k": 0.12965626875065883,
  "summary_gm_mad": 56.023922730640024,
  "summary_gm_mean": 766.4157076079206,
  "summary_gm_median": 766.130456186831,
  "summary_gm_n": 67444.0,
  "summary_gm_p05": 675.1055670503526,
  "summary_gm_p95": 859.2289433851838,
  "summary_gm_stdv": 56.31496069918556,
  "summary_wm_k": 0.20838188031801153,
  "summary_wm_mad": 59.75440985658039,
  "summary_wm_mean": 1007.5056518557609,
  "summary_wm_median": 1000.1347618475556,
  "summary_wm_n": 477871.0,
  "summary_wm_p05": 919.5722195953131,
  "summary_wm_p95": 1121.8996751233935,
  "summary_wm_stdv": 61.53808406685986,
  "tpm_overlap_csf": 0.15942275822084076,
  "tpm_overlap_gm": 0.44496886837061006,
  "tpm_overlap_wm": 0.4944309826911305,
  "wm2max": 0.5557108905790535
}