{
  "aor": 0.004597858243451464,
  "aqi": 0.015847455285053928,
  "bids_meta": {
    "AcquisitionMatrixPE": 90,
    "AcquisitionNumber": 1,
    "AcquisitionTime": "17:49:29.365000",
    "BandwidthPerPixelPhaseEncode": 18.832,
    "BaseResolution": 90,
    "BodyPartExamined": "HEAD",
    "ConsistencyInfo": "N4_VE11C_LATEST_20160120",
    "ConversionSoftware": "dcm2niix",
    "ConversionSoftwareVersion": "v1.0.20190902",
    "DerivedVendorReportedEchoSpacing": 0.000590012,
    "DeviceSerialNumber": "67064",
    "DwellTime": 2.5e-06,
    "EchoTime": 0.033,
    "EchoTrainLength": 90,
    "EffectiveEchoSpacing": 0.000590012,
    "FlipAngle": 63,
    "ImageComments": "Unaliased_MB4_PE3_LB",
    "ImageOrientationPatientDICOM": [
      0.999875,
      0.0147094,
      0.00584656,
      -0.0104711,
      0.89166,
      -0.452585
    ],
    "ImageType": [
      "ORIGINAL",
      "PRIMARY",
      "M",
      "MB",
      "ND",
      "MOSAIC"
    ],
    "ImagingFrequency": 123.247,
    "InPlanePhaseEncodingDirectionDICOM": "COL",
    "InstitutionAddress": "Scott_Ave_4525_St._Louis_MO_US_63110",
    "InstitutionName": "Washington_University",
    "InstitutionalDepartmentName": "Department",
    "MRAcquisitionType": "2D",
    "MagneticFieldStrength": 3,
    "Manufacturer": "Siemens",
    "ManufacturersModelName": "Prisma_fit",
    "Modality": "MR",
    "MultibandAccelerationFactor": 4,
    "PartialFourier": 1,
    "PatientPosition": "HFS",
    "PercentPhaseFOV": 100,
    "PhaseEncodingDirection": "j",
    "PhaseEncodingSteps": 90,
    "PhaseResolution": 1,
    "PixelBandwidth": 2220,
    "ProcedureStepDescription": "head_Braver",
    "ProtocolName": "tfMRI_CuedtsBas2_PA",
    "PulseSequenceDetails": "%CustomerSeq%_cmrr_mbep2d_bold",
    "ReceiveCoilActiveElements": "HEA;HEP",
    "ReceiveCoilName": "Head_32",
    "ReconMatrixPE": 90,
    "RepetitionTime": 1.2,
    "SAR": 0.0753146,
    "ScanOptions": "FS_EXT",
    "ScanningSequence": "EP",
    "SequenceName": "epfid2d1_90",
    "SequenceVariant": "SK_SS",
    "SeriesDescription": "tfMRI_CuedtsBas2_PA",
    "SeriesNumber": 22,
    "ShimSetting": [
      -1981,
      -11532,
      5836,
      560,
      76,
      108,
      -69,
      -39
    ],
    "SliceThickness": 2.4,
    "SliceTiming": [
      0,
      0.6275,
      0.0775,
      0.7075,
      0.1575,
      0.785,
      0.235,
      0.865,
      0.315,
      0.9425,
      0.3925,
      1.0225,
      0.4725,
      1.1,
      0.55,
      0,
      0.6275,
      0.0775,
      0.7075,
      0.1575,
      0.785,
      0.235,
      0.865,
      0.315,
      0.9425,
      0.3925,
      1.0225,
      0.4725,
      1.1,
      0.55,
      0,
      0.6275,
      0.0775,
      0.7075,
      0.1575,
      0.785,
      0.235,
      0.865,
      0.315,
      0.9425,
      0.3925,
      1.0225,
      0.4725,
      1.1,
      0.55,
      0,
      0.6275,
      0.0775,
      0.7075,
      0.1575,
      0.785,
      0.235,
      0.865,
      0.315,
      0.9425,
      0.3925,
      1.0225,
      0.4725,
      1.1,
      0.55
    ],
    "SoftwareVersions": "syngo_MR_E11",
    "SpacingBetweenSlices": 2.4,
    "StationName": "MRC35177",
    "TaskName": "Cuedts",
    "TotalReadoutTime": 0.0525111,
    "TxRefAmp": 240.808,
    "VendorReportedEchoSpacing": 0.00059,
    "WipMemBlock": "e4336446-cadc-469e-8293-ddbe74d4f8ae||Sequence: R016 ve11c/master r/e634e98; Dec 19 2017 11:00:25 by eja",
    "acq_id": "mb4PA",
    "dataset": "ds003465",
    "modality": "bold",
    "run_id": 2,
    "session_id": "wave1bas",
    "subject_id": "f3387yq",
    "task_id": "Cuedts"
  },
  "dummy_trs": 1,
  "dvars_nstd": 33.64653687419754,
  "dvars_std": 0.9919565684104928,
  "dvars_vstd": 0.9164603067746916,
  "efc": 0.5278000987263796,
  "fber": 670.4929809570312,
  "fd_mean": 0.16873270227726564,
  "fd_num": 151,
  "fd_perc": 23.266563944530045,
  "fwhm_avg": 2.6417346172491194,
  "fwhm_x": 2.4412624029929475,
  "fwhm_y": 2.6708540605364615,
  "fwhm_z": 2.81308738821795,
  "gcor": 0.0126079,
  "gsr_x": -0.01110998447984457,
  "gsr_y": 0.07224871218204498,
  "provenance": {
    "md5sum": "1f3c7304ac2e2b463ba9a19ba48066e3",
    "settings": {
      "fd_thres": 0.2,
      "testing": false
    },
    "software": "mriqc",
    "version": "22.0.6",
    "webapi_port": null,
    "webapi_url": "https://mriqc.nimh.nih.gov/api/v1"
  },
  "size_t": 649,
  "size_x": 90,
  "size_y": 90,
  "size_z": 60,
  "snr": 2.9735145460381722,
  "spacing_tr": 1.2000000476837158,
  "spacing_x": 2.4000000953674316,
  "spacing_y": 2.4000000953674316,
  "spacing_z": 2.4000000953674316,
  "summary_bg_k": 21.476206158971557,
  "summary_bg_mad": 59.546242276400896,
  "summary_bg_mean": 339.5417785644531,
  "summary_bg_median": 144.10324096679688,
  "summary_bg_n": 331855.0,
  "summary_bg_p05": 99.40061950683594,
  "summary_bg_p95": 1377.0010131835936,
  "summary_bg_stdv": 503.6316223144531,
  "summary_fg_k": 1.2509728331783876,
  "summary_fg_mad": 1138.6292737447798,
  "summary_fg_mean": 3931.0966796875,
  "summary_fg_median": 3728.95556640625,
  "summary_fg_n": 83204.0,
  "summary_fg_p05": 2296.899096679688,
  "summary_fg_p95": 6281.765234374999,
  "summary_fg_stdv": 1254.049072265625,
  "tsnr": 33.6391527634114
}