{
  "aor": 0.000727,
  "aqi": 0.008852865360655736,
  "bids_meta": {
    "AcquisitionMatrixPE": 90,
    "AcquisitionNumber": 1,
    "AcquisitionTime": "19:08:43.317500",
    "BandwidthPerPixelPhaseEncode": 18.832,
    "BaseResolution": 90,
    "BodyPartExamined": "HEAD",
    "ConsistencyInfo": "N4_VE11C_LATEST_20160120",
    "ConversionSoftware": "dcm2niix",
    "ConversionSoftwareVersion": "v1.0.20190902",
    "DerivedVendorReportedEchoSpacing": 0.000590012,
    "DeviceSerialNumber": "67064",
    "DwellTime": 2.5e-06,
    "EchoTime": 0.033,
    "EchoTrainLength": 90,
    "EffectiveEchoSpacing": 0.000590012,
    "FlipAngle": 63,
    "ImageComments": "Unaliased_MB4_PE3_LB",
    "ImageOrientationPatientDICOM": [
      0.999854,
      0.0169762,
      0.00199395,
      -0.0129143,
      0.826687,
      -0.562515
    ],
    "ImageType": [
      "ORIGINAL",
      "PRIMARY",
      "M",
      "MB",
      "ND",
      "MOSAIC"
    ],
    "ImagingFrequency": 123.247,
    "InPlanePhaseEncodingDirectionDICOM": "COL",
    "InstitutionAddress": "Scott_Ave_4525_St._Louis_MO_US_63110",
    "InstitutionName": "Washington_University",
    "InstitutionalDepartmentName": "Department",
    "MRAcquisitionType": "2D",
    "MagneticFieldStrength": 3,
    "Manufacturer": "Siemens",
    "ManufacturersModelName": "Prisma_fit",
    "Modality": "MR",
    "MultibandAccelerationFactor": 4,
    "PartialFourier": 1,
    "PatientPosition": "HFS",
    "PercentPhaseFOV": 100,
    "PhaseEncodingDirection": "j",
    "PhaseEncodingSteps": 90,
    "PhaseResolution": 1,
    "PixelBandwidth": 2220,
    "ProcedureStepDescription": "head_Braver",
    "ProtocolName": "tfMRI_AxcptBas2_PA",
    "PulseSequenceDetails": "%CustomerSeq%_cmrr_mbep2d_bold",
    "ReceiveCoilActiveElements": "HEA;HEP",
    "ReceiveCoilName": "Head_32",
    "ReconMatrixPE": 90,
    "RepetitionTime": 1.2,
    "SAR": 0.0727545,
    "ScanOptions": "FS_EXT",
    "ScanningSequence": "EP",
    "SequenceName": "epfid2d1_90",
    "SequenceVariant": "SK_SS",
    "SeriesDescription": "tfMRI_AxcptBas2_PA",
    "SeriesNumber": 47,
    "ShimSetting": [
      -1996,
      -11476,
      5826,
      414,
      125,
      -7,
      -91,
      -31
    ],
    "SliceThickness": 2.4,
    "SliceTiming": [
      0,
      0.63,
      0.0775,
      0.7075,
      0.1575,
      0.785,
      0.235,
      0.865,
      0.315,
      0.9425,
      0.3925,
      1.0225,
      0.4725,
      1.1,
      0.55,
      0,
      0.63,
      0.0775,
      0.7075,
      0.1575,
      0.785,
      0.235,
      0.865,
      0.315,
      0.9425,
      0.3925,
      1.0225,
      0.4725,
      1.1,
      0.55,
      0,
      0.63,
      0.0775,
      0.7075,
      0.1575,
      0.785,
      0.235,
      0.865,
      0.315,
      0.9425,
      0.3925,
      1.0225,
      0.4725,
      1.1,
      0.55,
      0,
      0.63,
      0.0775,
      0.7075,
      0.1575,
      0.785,
      0.235,
      0.865,
      0.315,
      0.9425,
      0.3925,
      1.0225,
      0.4725,
      1.1,
      0.55
    ],
    "SoftwareVersions": "syngo_MR_E11",
    "SpacingBetweenSlices": 2.4,
    "StationName": "MRC35177",
    "TaskName": "Axcpt",
    "TotalReadoutTime": 0.0525111,
    "TxRefAmp": 241.26,
    "VendorReportedEchoSpacing": 0.00059,
    "WipMemBlock": "2cb8b7f1-f0da-4f46-9a1e-e379e571c134||Sequence: R016 ve11c/master r/e634e98; Dec 19 2017 11:00:25 by eja",
    "acq_id": "mb4PA",
    "dataset": "ds003465",
    "modality": "bold",
    "run_id": 2,
    "session_id": "wave1bas",
    "subject_id": "f3387yq",
    "task_id": "Axcpt"
  },
  "dummy_trs": 0,
  "dvars_nstd": 33.99716267022987,
  "dvars_std": 1.0428028894088677,
  "dvars_vstd": 0.9535349685714294,
  "efc": 0.5346743885074833,
  "fber": 636.3748168945312,
  "fd_mean": 0.1843286152720695,
  "fd_num": 217,
  "fd_perc": 35.57377049180328,
  "fwhm_avg": 2.7161583191862597,
  "fwhm_x": 2.5492540653684115,
  "fwhm_y": 2.7670582233803183,
  "fwhm_z": 2.83216266881005,
  "gcor": 0.0174635,
  "gsr_x": -0.006368701346218586,
  "gsr_y": 0.07091277092695236,
  "provenance": {
    "md5sum": "da01885dbe03dd63725548d45f8eaca9",
    "settings": {
      "fd_thres": 0.2,
      "testing": false
    },
    "software": "mriqc",
    "version": "22.0.6",
    "webapi_port": null,
    "webapi_url": "https://mriqc.nimh.nih.gov/api/v1"
  },
  "size_t": 610,
  "size_x": 90,
  "size_y": 90,
  "size_z": 60,
  "snr": 2.8482731540552035,
  "spacing_tr": 1.2000000476837158,
  "spacing_x": 2.4000000953674316,
  "spacing_y": 2.4000000953674316,
  "spacing_z": 2.3999998569488525,
  "summary_bg_k": 23.114956590664413,
  "summary_bg_mad": 60.99329289904496,
  "summary_bg_mean": 356.5307312011719,
  "summary_bg_median": 145.90492248535156,
  "summary_bg_n": 327265.0,
  "summary_bg_p05": 101.534423828125,
  "summary_bg_p95": 1413.830493164062,
  "summary_bg_stdv": 550.5438232421875,
  "summary_fg_k": 1.1301796621001232,
  "summary_fg_mad": 1134.433574619827,
  "summary_fg_mean": 3923.5458984375,
  "summary_fg_median": 3680.965576171875,
  "summary_fg_n": 86037.0,
  "summary_fg_p05": 2284.28359375,
  "summary_fg_p95": 6431.356445312499,
  "summary_fg_stdv": 1292.3424072265625,
  "tsnr": 38.41176004323643
}