{
  "aor": 0.0012154814814814814,
  "aqi": 0.010492806722222223,
  "bids_meta": {
    "AcquisitionMatrixPE": 90,
    "AcquisitionNumber": 1,
    "AcquisitionTime": "19:23:19.945000",
    "BandwidthPerPixelPhaseEncode": 18.832,
    "BaseResolution": 90,
    "BodyPartExamined": "HEAD",
    "ConsistencyInfo": "N4_VE11C_LATEST_20160120",
    "ConversionSoftware": "dcm2niix",
    "ConversionSoftwareVersion": "v1.0.20190902",
    "DerivedVendorReportedEchoSpacing": 0.000590012,
    "DeviceSerialNumber": "67064",
    "DwellTime": 2.5e-06,
    "EchoTime": 0.033,
    "EchoTrainLength": 90,
    "EffectiveEchoSpacing": 0.000590012,
    "FlipAngle": 63,
    "ImageComments": "Unaliased_MB4_PE3_LB",
    "ImageOrientationPatientDICOM": [
      0.999854,
      0.0169762,
      0.00199395,
      -0.0129143,
      0.826687,
      -0.562515
    ],
    "ImageType": [
      "ORIGINAL",
      "PRIMARY",
      "M",
      "MB",
      "ND",
      "MOSAIC"
    ],
    "ImagingFrequency": 123.247,
    "InPlanePhaseEncodingDirectionDICOM": "COL",
    "InstitutionAddress": "Scott_Ave_4525_St._Louis_MO_US_63110",
    "InstitutionName": "Washington_University",
    "InstitutionalDepartmentName": "Department",
    "MRAcquisitionType": "2D",
    "MagneticFieldStrength": 3,
    "Manufacturer": "Siemens",
    "ManufacturersModelName": "Prisma_fit",
    "Modality": "MR",
    "MultibandAccelerationFactor": 4,
    "PartialFourier": 1,
    "PatientPosition": "HFS",
    "PercentPhaseFOV": 100,
    "PhaseEncodingDirection": "j-",
    "PhaseEncodingSteps": 90,
    "PhaseResolution": 1,
    "PixelBandwidth": 2220,
    "ProcedureStepDescription": "head_Braver",
    "ProtocolName": "tfMRI_StroopBas1_AP",
    "PulseSequenceDetails": "%CustomerSeq%_cmrr_mbep2d_bold",
    "ReceiveCoilActiveElements": "HEA;HEP",
    "ReceiveCoilName": "Head_32",
    "ReconMatrixPE": 90,
    "RepetitionTime": 1.2,
    "SAR": 0.0727182,
    "ScanOptions": "FS_EXT",
    "ScanningSequence": "EP",
    "SequenceName": "epfid2d1_90",
    "SequenceVariant": "SK_SS",
    "SeriesDescription": "tfMRI_StroopBas1_AP",
    "SeriesNumber": 53,
    "ShimSetting": [
      -1996,
      -11476,
      5826,
      414,
      125,
      -7,
      -91,
      -31
    ],
    "SliceThickness": 2.4,
    "SliceTiming": [
      0,
      0.63,
      0.08,
      0.7075,
      0.1575,
      0.7875,
      0.2375,
      0.865,
      0.315,
      0.945,
      0.395,
      1.0225,
      0.4725,
      1.1025,
      0.55,
      0,
      0.63,
      0.08,
      0.7075,
      0.1575,
      0.7875,
      0.2375,
      0.865,
      0.315,
      0.945,
      0.395,
      1.0225,
      0.4725,
      1.1025,
      0.55,
      0,
      0.63,
      0.08,
      0.7075,
      0.1575,
      0.7875,
      0.2375,
      0.865,
      0.315,
      0.945,
      0.395,
      1.0225,
      0.4725,
      1.1025,
      0.55,
      0,
      0.63,
      0.08,
      0.7075,
      0.1575,
      0.7875,
      0.2375,
      0.865,
      0.315,
      0.945,
      0.395,
      1.0225,
      0.4725,
      1.1025,
      0.55
    ],
    "SoftwareVersions": "syngo_MR_E11",
    "SpacingBetweenSlices": 2.4,
    "StationName": "MRC35177",
    "TaskName": "Stroop",
    "TotalReadoutTime": 0.0525111,
    "TxRefAmp": 241.26,
    "VendorReportedEchoSpacing": 0.00059,
    "WipMemBlock": "f1d09314-6449-45cb-945f-0cee7d4b507a||Sequence: R016 ve11c/master r/e634e98; Dec 19 2017 11:00:25 by eja",
    "acq_id": "mb4AP",
    "dataset": "ds003465",
    "modality": "bold",
    "run_id": 1,
    "session_id": "wave1bas",
    "subject_id": "f3387yq",
    "task_id": "Stroop"
  },
  "dummy_trs": 0,
  "dvars_nstd": 42.558993451224524,
  "dvars_std": 1.1131471060482372,
  "dvars_vstd": 0.9901812380890549,
  "efc": 0.5341893855471193,
  "fber": 640.92041015625,
  "fd_mean": 0.323423921728654,
  "fd_num": 331,
  "fd_perc": 61.2962962962963,
  "fwhm_avg": 2.824574985933227,
  "fwhm_x": 2.6377582285182384,
  "fwhm_y": 2.871279052572288,
  "fwhm_z": 2.964687676709156,
  "gcor": 0.0191477,
  "gsr_x": -0.004665534943342209,
  "gsr_y": 0.06270837038755417,
  "provenance": {
    "md5sum": "a6d4b145f1837289714d6a753509b7b7",
    "settings": {
      "fd_thres": 0.2,
      "testing": false
    },
    "software": "mriqc",
    "version": "22.0.6",
    "webapi_port": null,
    "webapi_url": "https://mriqc.nimh.nih.gov/api/v1"
  },
  "size_t": 540,
  "size_x": 90,
  "size_y": 90,
  "size_z": 60,
  "snr": 2.8836500698766185,
  "spacing_tr": 1.2000000476837158,
  "spacing_x": 2.4000000953674316,
  "spacing_y": 2.4000000953674316,
  "spacing_z": 2.3999998569488525,
  "summary_bg_k": 21.33077296763007,
  "summary_bg_mad": 54.14243363951936,
  "summary_bg_mean": 338.35260009765625,
  "summary_bg_median": 142.1351776123047,
  "summary_bg_n": 324834.0,
  "summary_bg_p05": 101.76601638793946,
  "summary_bg_p95": 1337.3029418945305,
  "summary_bg_stdv": 530.5659790039062,
  "summary_fg_k": 1.1463017830614923,
  "summary_fg_mad": 1088.7849183247547,
  "summary_fg_mean": 3885.206298828125,
  "summary_fg_median": 3640.02783203125,
  "summary_fg_n": 87297.0,
  "summary_fg_p05": 2271.799267578125,
  "summary_fg_p95": 6366.060937499999,
  "summary_fg_stdv": 1262.29150390625,
  "tsnr": 36.506947843241505
}