{
  "aor": 0.002820100166944908,
  "aqi": 0.01248546387312187,
  "bids_meta": {
    "AcquisitionMatrixPE": 90,
    "AcquisitionNumber": 1,
    "AcquisitionTime": "18:17:41.712500",
    "BandwidthPerPixelPhaseEncode": 18.832,
    "BaseResolution": 90,
    "BodyPartExamined": "HEAD",
    "ConsistencyInfo": "N4_VE11C_LATEST_20160120",
    "ConversionSoftware": "dcm2niix",
    "ConversionSoftwareVersion": "v1.0.20190902",
    "DerivedVendorReportedEchoSpacing": 0.000590012,
    "DeviceSerialNumber": "67064",
    "DwellTime": 2.5e-06,
    "EchoTime": 0.033,
    "EchoTrainLength": 90,
    "EffectiveEchoSpacing": 0.000590012,
    "FlipAngle": 63,
    "ImageComments": "Unaliased_MB4_PE3_LB",
    "ImageOrientationPatientDICOM": [
      0.999875,
      0.0147094,
      0.00584656,
      -0.0104711,
      0.89166,
      -0.452585
    ],
    "ImageType": [
      "ORIGINAL",
      "PRIMARY",
      "M",
      "MB",
      "ND",
      "MOSAIC"
    ],
    "ImagingFrequency": 123.247,
    "InPlanePhaseEncodingDirectionDICOM": "COL",
    "InstitutionAddress": "Scott_Ave_4525_St._Louis_MO_US_63110",
    "InstitutionName": "Washington_University",
    "InstitutionalDepartmentName": "Department",
    "MRAcquisitionType": "2D",
    "MagneticFieldStrength": 3,
    "Manufacturer": "Siemens",
    "ManufacturersModelName": "Prisma_fit",
    "Modality": "MR",
    "MultibandAccelerationFactor": 4,
    "PartialFourier": 1,
    "PatientPosition": "HFS",
    "PercentPhaseFOV": 100,
    "PhaseEncodingDirection": "j",
    "PhaseEncodingSteps": 90,
    "PhaseResolution": 1,
    "PixelBandwidth": 2220,
    "ProcedureStepDescription": "head_Braver",
    "ProtocolName": "tfMRI_SternBas2_PA",
    "PulseSequenceDetails": "%CustomerSeq%_cmrr_mbep2d_bold",
    "ReceiveCoilActiveElements": "HEA;HEP",
    "ReceiveCoilName": "Head_32",
    "ReconMatrixPE": 90,
    "RepetitionTime": 1.2,
    "SAR": 0.0752919,
    "ScanOptions": "FS_EXT",
    "ScanningSequence": "EP",
    "SequenceName": "epfid2d1_90",
    "SequenceVariant": "SK_SS",
    "SeriesDescription": "tfMRI_SternBas2_PA",
    "SeriesNumber": 28,
    "ShimSetting": [
      -1981,
      -11532,
      5836,
      560,
      76,
      108,
      -69,
      -39
    ],
    "SliceThickness": 2.4,
    "SliceTiming": [
      0,
      0.63,
      0.08,
      0.7075,
      0.1575,
      0.7875,
      0.2375,
      0.865,
      0.315,
      0.945,
      0.3925,
      1.0225,
      0.4725,
      1.1025,
      0.55,
      0,
      0.63,
      0.08,
      0.7075,
      0.1575,
      0.7875,
      0.2375,
      0.865,
      0.315,
      0.945,
      0.3925,
      1.0225,
      0.4725,
      1.1025,
      0.55,
      0,
      0.63,
      0.08,
      0.7075,
      0.1575,
      0.7875,
      0.2375,
      0.865,
      0.315,
      0.945,
      0.3925,
      1.0225,
      0.4725,
      1.1025,
      0.55,
      0,
      0.63,
      0.08,
      0.7075,
      0.1575,
      0.7875,
      0.2375,
      0.865,
      0.315,
      0.945,
      0.3925,
      1.0225,
      0.4725,
      1.1025,
      0.55
    ],
    "SoftwareVersions": "syngo_MR_E11",
    "SpacingBetweenSlices": 2.4,
    "StationName": "MRC35177",
    "TaskName": "Stern",
    "TotalReadoutTime": 0.0525111,
    "TxRefAmp": 240.808,
    "VendorReportedEchoSpacing": 0.00059,
    "WipMemBlock": "95d9fc7a-9f6b-48bb-93fa-4f7ea9202fa2||Sequence: R016 ve11c/master r/e634e98; Dec 19 2017 11:00:25 by eja",
    "acq_id": "mb4PA",
    "dataset": "ds003465",
    "modality": "bold",
    "run_id": 2,
    "session_id": "wave1bas",
    "subject_id": "f3387yq",
    "task_id": "Stern"
  },
  "dummy_trs": 1,
  "dvars_nstd": 34.59835290466554,
  "dvars_std": 1.0787980285953185,
  "dvars_vstd": 0.990520244297658,
  "efc": 0.5258453233669944,
  "fber": 674.2467651367188,
  "fd_mean": 0.18720445784969292,
  "fd_num": 197,
  "fd_perc": 32.8881469115192,
  "fwhm_avg": 2.6837971155777063,
  "fwhm_x": 2.5143374000892083,
  "fwhm_y": 2.711429058924156,
  "fwhm_z": 2.825624887719755,
  "gcor": 0.0181637,
  "gsr_x": -0.006685943808406591,
  "gsr_y": 0.07057696580886841,
  "provenance": {
    "md5sum": "2d2aa71ad0a2f636864eaaa4b8eb6af7",
    "settings": {
      "fd_thres": 0.2,
      "testing": false
    },
    "software": "mriqc",
    "version": "22.0.6",
    "webapi_port": null,
    "webapi_url": "https://mriqc.nimh.nih.gov/api/v1"
  },
  "size_t": 599,
  "size_x": 90,
  "size_y": 90,
  "size_z": 60,
  "snr": 2.8742756050396654,
  "spacing_tr": 1.2000000476837158,
  "spacing_x": 2.4000000953674316,
  "spacing_y": 2.4000000953674316,
  "spacing_z": 2.4000000953674316,
  "summary_bg_k": 20.655380993028004,
  "summary_bg_mad": 57.37348325048402,
  "summary_bg_mean": 347.02508544921875,
  "summary_bg_median": 143.3656005859375,
  "summary_bg_n": 332776.0,
  "summary_bg_p05": 100.99498748779297,
  "summary_bg_p95": 1413.7575073242188,
  "summary_bg_stdv": 535.4476928710938,
  "summary_fg_k": 1.3035524876490534,
  "summary_fg_mad": 1151.9697980038723,
  "summary_fg_mean": 3949.629150390625,
  "summary_fg_median": 3722.193359375,
  "summary_fg_n": 82384.0,
  "summary_fg_p05": 2302.6475708007815,
  "summary_fg_p95": 6413.177807617187,
  "summary_fg_stdv": 1294.994384765625,
  "tsnr": 35.2963966493262
}