{
  "aor": 0.0014557592592592593,
  "aqi": 0.009254778944444444,
  "bids_meta": {
    "AcquisitionMatrixPE": 90,
    "AcquisitionNumber": 1,
    "AcquisitionTime": "19:34:46.302500",
    "BandwidthPerPixelPhaseEncode": 18.832,
    "BaseResolution": 90,
    "BodyPartExamined": "HEAD",
    "ConsistencyInfo": "N4_VE11C_LATEST_20160120",
    "ConversionSoftware": "dcm2niix",
    "ConversionSoftwareVersion": "v1.0.20190902",
    "DerivedVendorReportedEchoSpacing": 0.000590012,
    "DeviceSerialNumber": "67064",
    "DwellTime": 2.5e-06,
    "EchoTime": 0.033,
    "EchoTrainLength": 90,
    "EffectiveEchoSpacing": 0.000590012,
    "FlipAngle": 63,
    "ImageComments": "Unaliased_MB4_PE3_LB",
    "ImageOrientationPatientDICOM": [
      0.999854,
      0.0169762,
      0.00199395,
      -0.0129143,
      0.826687,
      -0.562515
    ],
    "ImageType": [
      "ORIGINAL",
      "PRIMARY",
      "M",
      "MB",
      "ND",
      "MOSAIC"
    ],
    "ImagingFrequency": 123.247,
    "InPlanePhaseEncodingDirectionDICOM": "COL",
    "InstitutionAddress": "Scott_Ave_4525_St._Louis_MO_US_63110",
    "InstitutionName": "Washington_University",
    "InstitutionalDepartmentName": "Department",
    "MRAcquisitionType": "2D",
    "MagneticFieldStrength": 3,
    "Manufacturer": "Siemens",
    "ManufacturersModelName": "Prisma_fit",
    "Modality": "MR",
    "MultibandAccelerationFactor": 4,
    "PartialFourier": 1,
    "PatientPosition": "HFS",
    "PercentPhaseFOV": 100,
    "PhaseEncodingDirection": "j",
    "PhaseEncodingSteps": 90,
    "PhaseResolution": 1,
    "PixelBandwidth": 2220,
    "ProcedureStepDescription": "head_Braver",
    "ProtocolName": "tfMRI_StroopBas2_PA",
    "PulseSequenceDetails": "%CustomerSeq%_cmrr_mbep2d_bold",
    "ReceiveCoilActiveElements": "HEA;HEP",
    "ReceiveCoilName": "Head_32",
    "ReconMatrixPE": 90,
    "RepetitionTime": 1.2,
    "SAR": 0.0727182,
    "ScanOptions": "FS_EXT",
    "ScanningSequence": "EP",
    "SequenceName": "epfid2d1_90",
    "SequenceVariant": "SK_SS",
    "SeriesDescription": "tfMRI_StroopBas2_PA",
    "SeriesNumber": 56,
    "ShimSetting": [
      -1996,
      -11476,
      5826,
      414,
      125,
      -7,
      -91,
      -31
    ],
    "SliceThickness": 2.4,
    "SliceTiming": [
      0,
      0.63,
      0.08,
      0.7075,
      0.1575,
      0.7875,
      0.2375,
      0.865,
      0.315,
      0.945,
      0.395,
      1.0225,
      0.4725,
      1.1025,
      0.55,
      0,
      0.63,
      0.08,
      0.7075,
      0.1575,
      0.7875,
      0.2375,
      0.865,
      0.315,
      0.945,
      0.395,
      1.0225,
      0.4725,
      1.1025,
      0.55,
      0,
      0.63,
      0.08,
      0.7075,
      0.1575,
      0.7875,
      0.2375,
      0.865,
      0.315,
      0.945,
      0.395,
      1.0225,
      0.4725,
      1.1025,
      0.55,
      0,
      0.63,
      0.08,
      0.7075,
      0.1575,
      0.7875,
      0.2375,
      0.865,
      0.315,
      0.945,
      0.395,
      1.0225,
      0.4725,
      1.1025,
      0.55
    ],
    "SoftwareVersions": "syngo_MR_E11",
    "SpacingBetweenSlices": 2.4,
    "StationName": "MRC35177",
    "TaskName": "Stroop",
    "TotalReadoutTime": 0.0525111,
    "TxRefAmp": 241.26,
    "VendorReportedEchoSpacing": 0.00059,
    "WipMemBlock": "516e41c0-ca7b-49fe-9c0f-973cb863bb43||Sequence: R016 ve11c/master r/e634e98; Dec 19 2017 11:00:25 by eja",
    "acq_id": "mb4PA",
    "dataset": "ds003465",
    "modality": "bold",
    "run_id": 2,
    "session_id": "wave1bas",
    "subject_id": "f3387yq",
    "task_id": "Stroop"
  },
  "dummy_trs": 0,
  "dvars_nstd": 43.625237643580725,
  "dvars_std": 1.1240216656029673,
  "dvars_vstd": 0.9962028591094615,
  "efc": 0.5346072572937128,
  "fber": 629.16796875,
  "fd_mean": 0.29824832593220396,
  "fd_num": 323,
  "fd_perc": 59.81481481481482,
  "fwhm_avg": 2.7327708185224133,
  "fwhm_x": 2.577158230926266,
  "fwhm_y": 2.789104055837629,
  "fwhm_z": 2.8320501688033444,
  "gcor": 0.0211367,
  "gsr_x": -0.0036066570319235325,
  "gsr_y": 0.06776981055736542,
  "provenance": {
    "md5sum": "eea73e421437390e546c8852383d0d93",
    "settings": {
      "fd_thres": 0.2,
      "testing": false
    },
    "software": "mriqc",
    "version": "22.0.6",
    "webapi_port": null,
    "webapi_url": "https://mriqc.nimh.nih.gov/api/v1"
  },
  "size_t": 540,
  "size_x": 90,
  "size_y": 90,
  "size_z": 60,
  "snr": 2.8341165113901865,
  "spacing_tr": 1.2000000476837158,
  "spacing_x": 2.4000000953674316,
  "spacing_y": 2.4000000953674316,
  "spacing_z": 2.3999998569488525,
  "summary_bg_k": 22.51740932290188,
  "summary_bg_mad": 60.232083801018284,
  "summary_bg_mean": 351.8731689453125,
  "summary_bg_median": 145.7574005126953,
  "summary_bg_n": 326637.0,
  "summary_bg_p05": 101.884814453125,
  "summary_bg_p95": 1395.1481201171885,
  "summary_bg_stdv": 537.2509765625,
  "summary_fg_k": 1.1137487101502286,
  "summary_fg_mad": 1137.6362270683956,
  "summary_fg_mean": 3912.23291015625,
  "summary_fg_median": 3669.451904296875,
  "summary_fg_n": 85685.0,
  "summary_fg_p05": 2267.125146484375,
  "summary_fg_p95": 6422.108105468751,
  "summary_fg_stdv": 1294.7352294921875,
  "tsnr": 36.924606731685344
}