{
  "aor": 0.00018490818030050083,
  "aqi": 0.005019262170283806,
  "bids_meta": {
    "AcquisitionMatrixPE": 90,
    "AcquisitionNumber": 1,
    "AcquisitionTime": "20:47:55.070000",
    "BandwidthPerPixelPhaseEncode": 18.832,
    "BaseResolution": 90,
    "BodyPartExamined": "HEAD",
    "ConsistencyInfo": "N4_VE11C_LATEST_20160120",
    "ConversionSoftware": "dcm2niix",
    "ConversionSoftwareVersion": "v1.0.20190902",
    "DerivedVendorReportedEchoSpacing": 0.000590012,
    "DeviceSerialNumber": "67064",
    "DwellTime": 2.5e-06,
    "EchoTime": 0.033,
    "EchoTrainLength": 90,
    "EffectiveEchoSpacing": 0.000590012,
    "FlipAngle": 63,
    "ImageComments": "Unaliased_MB4_PE3_LB",
    "ImageOrientationPatientDICOM": [
      0.999136,
      -0.0112382,
      0.0400224,
      0.0282575,
      0.889739,
      -0.455594
    ],
    "ImageType": [
      "ORIGINAL",
      "PRIMARY",
      "M",
      "MB",
      "ND",
      "MOSAIC"
    ],
    "ImagingFrequency": 123.247,
    "InPlanePhaseEncodingDirectionDICOM": "COL",
    "InstitutionAddress": "Scott_Ave_4525_St._Louis_MO_US_63110",
    "InstitutionName": "Washington_University",
    "InstitutionalDepartmentName": "Department",
    "MRAcquisitionType": "2D",
    "MagneticFieldStrength": 3,
    "Manufacturer": "Siemens",
    "ManufacturersModelName": "Prisma_fit",
    "Modality": "MR",
    "MultibandAccelerationFactor": 4,
    "PartialFourier": 1,
    "PatientPosition": "HFS",
    "PercentPhaseFOV": 100,
    "PhaseEncodingDirection": "j",
    "PhaseEncodingSteps": 90,
    "PhaseResolution": 1,
    "PixelBandwidth": 2220,
    "ProcedureStepDescription": "head_Braver",
    "ProtocolName": "tfMRI_SternBas2_PA",
    "PulseSequenceDetails": "%CustomerSeq%_cmrr_mbep2d_bold",
    "ReceiveCoilActiveElements": "HEA;HEP",
    "ReceiveCoilName": "Head_32",
    "ReconMatrixPE": 90,
    "RepetitionTime": 1.2,
    "SAR": 0.0678029,
    "ScanOptions": "FS_EXT",
    "ScanningSequence": "EP",
    "SequenceName": "epfid2d1_90",
    "SequenceVariant": "SK_SS",
    "SeriesDescription": "tfMRI_SternBas2_PA",
    "SeriesNumber": 46,
    "ShimSetting": [
      -1972,
      -11495,
      5820,
      598,
      142,
      205,
      -9,
      -16
    ],
    "SliceThickness": 2.4,
    "SliceTiming": [
      0,
      0.6275,
      0.0775,
      0.7075,
      0.1575,
      0.785,
      0.235,
      0.865,
      0.315,
      0.9425,
      0.3925,
      1.0225,
      0.4725,
      1.1,
      0.55,
      0,
      0.6275,
      0.0775,
      0.7075,
      0.1575,
      0.785,
      0.235,
      0.865,
      0.315,
      0.9425,
      0.3925,
      1.0225,
      0.4725,
      1.1,
      0.55,
      0,
      0.6275,
      0.0775,
      0.7075,
      0.1575,
      0.785,
      0.235,
      0.865,
      0.315,
      0.9425,
      0.3925,
      1.0225,
      0.4725,
      1.1,
      0.55,
      0,
      0.6275,
      0.0775,
      0.7075,
      0.1575,
      0.785,
      0.235,
      0.865,
      0.315,
      0.9425,
      0.3925,
      1.0225,
      0.4725,
      1.1,
      0.55
    ],
    "SoftwareVersions": "syngo_MR_E11",
    "SpacingBetweenSlices": 2.4,
    "StationName": "MRC35177",
    "TaskName": "Stern",
    "TotalReadoutTime": 0.0525111,
    "TxRefAmp": 229.22,
    "VendorReportedEchoSpacing": 0.00059,
    "WipMemBlock": "d8c1a7be-5873-4920-b0e0-1a2ea090bc6f||Sequence: R016 ve11c/master r/e634e98; Dec 19 2017 11:00:25 by eja",
    "acq_id": "mb4PA",
    "dataset": "ds003465",
    "modality": "bold",
    "run_id": 2,
    "session_id": "wave1bas",
    "subject_id": "f5650zm",
    "task_id": "Stern"
  },
  "dummy_trs": 1,
  "dvars_nstd": 31.490271823779253,
  "dvars_std": 1.0881840315551847,
  "dvars_vstd": 0.959896768678929,
  "efc": 0.5113605470756052,
  "fber": 840.3411254882812,
  "fd_mean": 0.11894378983708011,
  "fd_num": 19,
  "fd_perc": 3.1719532554257097,
  "fwhm_avg": 3.098356720067777,
  "fwhm_x": 2.951458216052921,
  "fwhm_y": 3.057920408045394,
  "fwhm_z": 3.2856915361050154,
  "gcor": 0.00338185,
  "gsr_x": -0.0008568923803977668,
  "gsr_y": 0.06759094446897507,
  "provenance": {
    "md5sum": "b7bb51f99772ab3335817c6d1b57db4b",
    "settings": {
      "fd_thres": 0.2,
      "testing": false
    },
    "software": "mriqc",
    "version": "22.0.6",
    "webapi_port": null,
    "webapi_url": "https://mriqc.nimh.nih.gov/api/v1"
  },
  "size_t": 599,
  "size_x": 90,
  "size_y": 90,
  "size_z": 60,
  "snr": 2.3528130613194875,
  "spacing_tr": 1.2000000476837158,
  "spacing_x": 2.4000000953674316,
  "spacing_y": 2.4000003337860107,
  "spacing_z": 2.4000000953674316,
  "summary_bg_k": 38.204604294019695,
  "summary_bg_mad": 58.509567695072924,
  "summary_bg_mean": 336.7528076171875,
  "summary_bg_median": 143.7128448486328,
  "summary_bg_n": 324827.0,
  "summary_bg_p05": 100.82804107666016,
  "summary_bg_p95": 1303.4059448242192,
  "summary_bg_stdv": 521.8298950195312,
  "summary_fg_k": 4.1070883540409175,
  "summary_fg_mad": 1465.692010877637,
  "summary_fg_mean": 4547.72265625,
  "summary_fg_median": 4169.0048828125,
  "summary_fg_n": 88771.0,
  "summary_fg_p05": 2469.3780517578125,
  "summary_fg_p95": 7835.154296875,
  "summary_fg_stdv": 1771.91357421875,
  "tsnr": 49.230701132910326
}