{
  "aor": 0.0012552709359605909,
  "aqi": 0.00476750947454844,
  "bids_meta": {
    "AcquisitionMatrixPE": 90,
    "AcquisitionNumber": 1,
    "AcquisitionTime": "19:05:49.890000",
    "BandwidthPerPixelPhaseEncode": 18.832,
    "BaseResolution": 90,
    "BodyPartExamined": "HEAD",
    "ConsistencyInfo": "N4_VE11C_LATEST_20160120",
    "ConversionSoftware": "dcm2niix",
    "ConversionSoftwareVersion": "v1.0.20190902",
    "DerivedVendorReportedEchoSpacing": 0.000590012,
    "DeviceSerialNumber": "67064",
    "DwellTime": 2.5e-06,
    "EchoTime": 0.033,
    "EchoTrainLength": 90,
    "EffectiveEchoSpacing": 0.000590012,
    "FlipAngle": 63,
    "ImageComments": "Unaliased_MB4_PE3_LB",
    "ImageOrientationPatientDICOM": [
      0.999136,
      -0.0112382,
      0.0400224,
      0.0282575,
      0.889739,
      -0.455594
    ],
    "ImageType": [
      "ORIGINAL",
      "PRIMARY",
      "M",
      "MB",
      "ND",
      "MOSAIC"
    ],
    "ImagingFrequency": 123.247,
    "InPlanePhaseEncodingDirectionDICOM": "COL",
    "InstitutionAddress": "Scott_Ave_4525_St._Louis_MO_US_63110",
    "InstitutionName": "Washington_University",
    "InstitutionalDepartmentName": "Department",
    "MRAcquisitionType": "2D",
    "MagneticFieldStrength": 3,
    "Manufacturer": "Siemens",
    "ManufacturersModelName": "Prisma_fit",
    "Modality": "MR",
    "MultibandAccelerationFactor": 4,
    "PartialFourier": 1,
    "PatientPosition": "HFS",
    "PercentPhaseFOV": 100,
    "PhaseEncodingDirection": "j-",
    "PhaseEncodingSteps": 90,
    "PhaseResolution": 1,
    "PixelBandwidth": 2220,
    "ProcedureStepDescription": "head_Braver",
    "ProtocolName": "tfMRI_AxcptBas1_AP",
    "PulseSequenceDetails": "%CustomerSeq%_cmrr_mbep2d_bold",
    "ReceiveCoilActiveElements": "HEA;HEP",
    "ReceiveCoilName": "Head_32",
    "ReconMatrixPE": 90,
    "RepetitionTime": 1.2,
    "SAR": 0.0678073,
    "ScanOptions": "FS_EXT",
    "ScanningSequence": "EP",
    "SequenceName": "epfid2d1_90",
    "SequenceVariant": "SK_SS",
    "SeriesDescription": "tfMRI_AxcptBas1_AP",
    "SeriesNumber": 19,
    "ShimSetting": [
      -1972,
      -11495,
      5820,
      598,
      142,
      205,
      -9,
      -16
    ],
    "SliceThickness": 2.4,
    "SliceTiming": [
      0,
      0.63,
      0.0775,
      0.7075,
      0.1575,
      0.7875,
      0.235,
      0.865,
      0.315,
      0.9425,
      0.3925,
      1.0225,
      0.4725,
      1.1,
      0.55,
      0,
      0.63,
      0.0775,
      0.7075,
      0.1575,
      0.7875,
      0.235,
      0.865,
      0.315,
      0.9425,
      0.3925,
      1.0225,
      0.4725,
      1.1,
      0.55,
      0,
      0.63,
      0.0775,
      0.7075,
      0.1575,
      0.7875,
      0.235,
      0.865,
      0.315,
      0.9425,
      0.3925,
      1.0225,
      0.4725,
      1.1,
      0.55,
      0,
      0.63,
      0.0775,
      0.7075,
      0.1575,
      0.7875,
      0.235,
      0.865,
      0.315,
      0.9425,
      0.3925,
      1.0225,
      0.4725,
      1.1,
      0.55
    ],
    "SoftwareVersions": "syngo_MR_E11",
    "SpacingBetweenSlices": 2.4,
    "StationName": "MRC35177",
    "TaskName": "Axcpt",
    "TotalReadoutTime": 0.0525111,
    "TxRefAmp": 229.22,
    "VendorReportedEchoSpacing": 0.00059,
    "WipMemBlock": "0be1b51a-7df6-48b4-8172-316806479360||Sequence: R016 ve11c/master r/e634e98; Dec 19 2017 11:00:25 by eja",
    "acq_id": "mb4AP",
    "dataset": "ds003465",
    "modality": "bold",
    "run_id": 1,
    "session_id": "wave1bas",
    "subject_id": "f5650zm",
    "task_id": "Axcpt"
  },
  "dummy_trs": 1,
  "dvars_nstd": 32.53487657243424,
  "dvars_std": 1.1555763677631585,
  "dvars_vstd": 0.9999288499177631,
  "efc": 0.5078281614471104,
  "fber": 888.9306640625,
  "fd_mean": 0.14317995793071064,
  "fd_num": 114,
  "fd_perc": 18.7192118226601,
  "fwhm_avg": 3.106956718470897,
  "fwhm_x": 2.9341207167418513,
  "fwhm_y": 3.0958245694404445,
  "fwhm_z": 3.2909248692303947,
  "gcor": 0.00557969,
  "gsr_x": -0.00689747603610158,
  "gsr_y": 0.05317215248942375,
  "provenance": {
    "md5sum": "e15c43ae71843e4a09c051705c60f4cc",
    "settings": {
      "fd_thres": 0.2,
      "testing": false
    },
    "software": "mriqc",
    "version": "22.0.6",
    "webapi_port": null,
    "webapi_url": "https://mriqc.nimh.nih.gov/api/v1"
  },
  "size_t": 609,
  "size_x": 90,
  "size_y": 90,
  "size_z": 60,
  "snr": 2.3811896189967943,
  "spacing_tr": 1.2000000476837158,
  "spacing_x": 2.4000000953674316,
  "spacing_y": 2.4000003337860107,
  "spacing_z": 2.4000000953674316,
  "summary_bg_k": 58.27934906487837,
  "summary_bg_mad": 53.5148682274946,
  "summary_bg_mean": 309.64935302734375,
  "summary_bg_median": 139.4778289794922,
  "summary_bg_n": 320640.0,
  "summary_bg_p05": 99.0624008178711,
  "summary_bg_p95": 1070.1553894042959,
  "summary_bg_stdv": 539.5371704101562,
  "summary_fg_k": 3.7458252061927464,
  "summary_fg_mad": 1408.6449451192225,
  "summary_fg_mean": 4619.78662109375,
  "summary_fg_median": 4216.3935546875,
  "summary_fg_n": 89566.0,
  "summary_fg_p05": 2566.3180541992188,
  "summary_fg_p95": 8072.2359619140625,
  "summary_fg_stdv": 1770.698974609375,
  "tsnr": 51.95654797274619
}