{
  "aor": 0.00037462295081967215,
  "aqi": 0.0033562168688524587,
  "bids_meta": {
    "AcquisitionMatrixPE": 90,
    "AcquisitionNumber": 1,
    "AcquisitionTime": "19:20:18.307500",
    "BandwidthPerPixelPhaseEncode": 18.832,
    "BaseResolution": 90,
    "BodyPartExamined": "HEAD",
    "ConsistencyInfo": "N4_VE11C_LATEST_20160120",
    "ConversionSoftware": "dcm2niix",
    "ConversionSoftwareVersion": "v1.0.20190902",
    "DerivedVendorReportedEchoSpacing": 0.000590012,
    "DeviceSerialNumber": "67064",
    "DwellTime": 2.5e-06,
    "EchoTime": 0.033,
    "EchoTrainLength": 90,
    "EffectiveEchoSpacing": 0.000590012,
    "FlipAngle": 63,
    "ImageComments": "Unaliased_MB4_PE3_LB",
    "ImageOrientationPatientDICOM": [
      0.999136,
      -0.0112382,
      0.0400224,
      0.0282575,
      0.889739,
      -0.455594
    ],
    "ImageType": [
      "ORIGINAL",
      "PRIMARY",
      "M",
      "MB",
      "ND",
      "MOSAIC"
    ],
    "ImagingFrequency": 123.247,
    "InPlanePhaseEncodingDirectionDICOM": "COL",
    "InstitutionAddress": "Scott_Ave_4525_St._Louis_MO_US_63110",
    "InstitutionName": "Washington_University",
    "InstitutionalDepartmentName": "Department",
    "MRAcquisitionType": "2D",
    "MagneticFieldStrength": 3,
    "Manufacturer": "Siemens",
    "ManufacturersModelName": "Prisma_fit",
    "Modality": "MR",
    "MultibandAccelerationFactor": 4,
    "PartialFourier": 1,
    "PatientPosition": "HFS",
    "PercentPhaseFOV": 100,
    "PhaseEncodingDirection": "j",
    "PhaseEncodingSteps": 90,
    "PhaseResolution": 1,
    "PixelBandwidth": 2220,
    "ProcedureStepDescription": "head_Braver",
    "ProtocolName": "tfMRI_AxcptBas2_PA",
    "PulseSequenceDetails": "%CustomerSeq%_cmrr_mbep2d_bold",
    "ReceiveCoilActiveElements": "HEA;HEP",
    "ReceiveCoilName": "Head_32",
    "ReconMatrixPE": 90,
    "RepetitionTime": 1.2,
    "SAR": 0.0678073,
    "ScanOptions": "FS_EXT",
    "ScanningSequence": "EP",
    "SequenceName": "epfid2d1_90",
    "SequenceVariant": "SK_SS",
    "SeriesDescription": "tfMRI_AxcptBas2_PA",
    "SeriesNumber": 22,
    "ShimSetting": [
      -1972,
      -11495,
      5820,
      598,
      142,
      205,
      -9,
      -16
    ],
    "SliceThickness": 2.4,
    "SliceTiming": [
      0,
      0.63,
      0.0775,
      0.7075,
      0.1575,
      0.785,
      0.235,
      0.865,
      0.315,
      0.9425,
      0.3925,
      1.0225,
      0.4725,
      1.1,
      0.55,
      0,
      0.63,
      0.0775,
      0.7075,
      0.1575,
      0.785,
      0.235,
      0.865,
      0.315,
      0.9425,
      0.3925,
      1.0225,
      0.4725,
      1.1,
      0.55,
      0,
      0.63,
      0.0775,
      0.7075,
      0.1575,
      0.785,
      0.235,
      0.865,
      0.315,
      0.9425,
      0.3925,
      1.0225,
      0.4725,
      1.1,
      0.55,
      0,
      0.63,
      0.0775,
      0.7075,
      0.1575,
      0.785,
      0.235,
      0.865,
      0.315,
      0.9425,
      0.3925,
      1.0225,
      0.4725,
      1.1,
      0.55
    ],
    "SoftwareVersions": "syngo_MR_E11",
    "SpacingBetweenSlices": 2.4,
    "StationName": "MRC35177",
    "TaskName": "Axcpt",
    "TotalReadoutTime": 0.0525111,
    "TxRefAmp": 229.22,
    "VendorReportedEchoSpacing": 0.00059,
    "WipMemBlock": "cbbb6960-ba78-47ec-a46e-b3834f007904||Sequence: R016 ve11c/master r/e634e98; Dec 19 2017 11:00:25 by eja",
    "acq_id": "mb4PA",
    "dataset": "ds003465",
    "modality": "bold",
    "run_id": 2,
    "session_id": "wave1bas",
    "subject_id": "f5650zm",
    "task_id": "Axcpt"
  },
  "dummy_trs": 0,
  "dvars_nstd": 31.229903463727428,
  "dvars_std": 1.141693175714286,
  "dvars_vstd": 0.9932603081609194,
  "efc": 0.5071439044857144,
  "fber": 865.7316284179688,
  "fd_mean": 0.10789548545907011,
  "fd_num": 7,
  "fd_perc": 1.1475409836065573,
  "fwhm_avg": 3.114334496510439,
  "fwhm_x": 2.9666790487814327,
  "fwhm_y": 3.079066238437818,
  "fwhm_z": 3.2972582023120642,
  "gcor": 0.00782717,
  "gsr_x": -0.0007745971670374274,
  "gsr_y": 0.0657433420419693,
  "provenance": {
    "md5sum": "0c2c4cab4d2d262ada878097e874ac21",
    "settings": {
      "fd_thres": 0.2,
      "testing": false
    },
    "software": "mriqc",
    "version": "22.0.6",
    "webapi_port": null,
    "webapi_url": "https://mriqc.nimh.nih.gov/api/v1"
  },
  "size_t": 610,
  "size_x": 90,
  "size_y": 90,
  "size_z": 60,
  "snr": 2.313178824455854,
  "spacing_tr": 1.2000000476837158,
  "spacing_x": 2.4000000953674316,
  "spacing_y": 2.4000003337860107,
  "spacing_z": 2.4000000953674316,
  "summary_bg_k": 40.46103495280694,
  "summary_bg_mad": 56.55277075760223,
  "summary_bg_mean": 328.7206115722656,
  "summary_bg_median": 142.0213165283203,
  "summary_bg_n": 325393.0,
  "summary_bg_p05": 101.15081787109375,
  "summary_bg_p95": 1264.215405273436,
  "summary_bg_stdv": 513.8684692382812,
  "summary_fg_k": 4.376505733690794,
  "summary_fg_mad": 1469.9564830547179,
  "summary_fg_mean": 4565.9736328125,
  "summary_fg_median": 4177.875,
  "summary_fg_n": 88588.0,
  "summary_fg_p05": 2468.2461425781253,
  "summary_fg_p95": 7916.823437499999,
  "summary_fg_stdv": 1806.1082763671875,
  "tsnr": 55.86074729892425
}