{
  "bids_meta": {
    "AcquisitionMatrixPE": 300,
    "AcquisitionNumber": 1,
    "AcquisitionTime": "09:29:32.902500",
    "BaseResolution": 320,
    "BodyPartExamined": "HEAD",
    "ConsistencyInfo": "N4_VE11C_LATEST_20160120",
    "ConversionSoftware": "dcm2niix",
    "ConversionSoftwareVersion": "v1.0.20190902",
    "DeviceSerialNumber": "67064",
    "DwellTime": 2.1e-06,
    "EchoTime": 0.563,
    "EchoTrainLength": 314,
    "FlipAngle": 120,
    "ImageOrientationPatientDICOM": [
      0.0940511,
      0.960423,
      -0.262186,
      -0.0206316,
      -0.261417,
      -0.965006
    ],
    "ImageType": [
      "ORIGINAL",
      "PRIMARY",
      "M",
      "ND"
    ],
    "ImagingFrequency": 123.247,
    "InPlanePhaseEncodingDirectionDICOM": "ROW",
    "InstitutionAddress": "Scott_Ave_4525_St._Louis_MO_US_63110",
    "InstitutionName": "Washington_University",
    "InstitutionalDepartmentName": "Department",
    "MRAcquisitionType": "3D",
    "MagneticFieldStrength": 3,
    "Manufacturer": "Siemens",
    "ManufacturersModelName": "Prisma_fit",
    "Modality": "MR",
    "ParallelReductionFactorInPlane": 2,
    "PartialFourier": 1,
    "PatientPosition": "HFS",
    "PercentPhaseFOV": 93.75,
    "PhaseEncodingSteps": 297,
    "PhaseResolution": 1,
    "PixelBandwidth": 745,
    "ProcedureStepDescription": "head_Braver",
    "ProtocolName": "T2w_SPC",
    "PulseSequenceDetails": "%SiemensSeq%_tse_vfl",
    "ReceiveCoilActiveElements": "HEA;HEP",
    "ReceiveCoilName": "Head_32",
    "ReconMatrixPE": 300,
    "RefLinesPE": 32,
    "RepetitionTime": 3.2,
    "SAR": 0.123901,
    "ScanOptions": "PFP",
    "ScanningSequence": "SE",
    "SequenceName": "_spc_314ns",
    "SequenceVariant": "SK_SP",
    "SeriesDescription": "T2w_SPC",
    "SeriesNumber": 13,
    "ShimSetting": [
      -2019,
      -11410,
      5587,
      351,
      88,
      315,
      -130,
      53
    ],
    "SliceThickness": 0.8,
    "SoftwareVersions": "syngo_MR_E11",
    "StationName": "MRC35177",
    "TxRefAmp": 230.171,
    "dataset": "ds003465",
    "modality": "T2w",
    "session_id": "wave1rea",
    "subject_id": "f5094na"
  },
  "cjv": 0.668850053145831,
  "cnr": 1.3423605356010706,
  "efc": 0.5027813515917506,
  "fber": 7168.444444444444,
  "fwhm_avg": 3.5135042005136654,
  "fwhm_x": 3.470962706885499,
  "fwhm_y": 3.7275374444553635,
  "fwhm_z": 3.3420124502001336,
  "icvs_csf": 0.3903901985858483,
  "icvs_gm": 0.4649782464523829,
  "icvs_wm": 0.1446315549617688,
  "inu_med": 0.9640834331512451,
  "inu_range": 0.8400091767311098,
  "provenance": {
    "md5sum": "7e17a81aa895bdffef8f3295fae4780a",
    "settings": {
      "testing": false
    },
    "software": "mriqc",
    "version": "22.0.6",
    "warnings": {
      "large_rot_frame": true,
      "small_air_mask": false
    },
    "webapi_port": null,
    "webapi_url": "https://mriqc.nimh.nih.gov/api/v1"
  },
  "qi_1": 0.0,
  "qi_2": 0.0022762334752698993,
  "rpve_csf": 12.553717173263916,
  "rpve_gm": 11.739748672916297,
  "rpve_wm": 37.98717594067585,
  "size_x": 208,
  "size_y": 300,
  "size_z": 320,
  "snr_csf": 9.150126633901198,
  "snr_gm": 9.083533001132087,
  "snr_total": 6.75998874145796,
  "snr_wm": 2.0463065893405923,
  "snrd_csf": 61.69538309216812,
  "snrd_gm": 35.86885699051443,
  "snrd_total": 67.47975777524788,
  "snrd_wm": 104.87503324306108,
  "spacing_x": 0.7999999523162842,
  "spacing_y": 0.800000011920929,
  "spacing_z": 0.800000011920929,
  "summary_bg_k": 16.495816271033668,
  "summary_bg_mad": 0.0,
  "summary_bg_mean": 4.277292362925056,
  "summary_bg_median": 0.0,
  "summary_bg_n": 6778249.0,
  "summary_bg_p05": 0.0,
  "summary_bg_p95": 15.581918334588408,
  "summary_bg_stdv": 6.246740739877838,
  "summary_csf_k": 1.2290936954472906,
  "summary_csf_mad": 56.601473744892466,
  "summary_csf_mean": 592.4967211864412,
  "summary_csf_median": 588.2669059820473,
  "summary_csf_n": 106020.0,
  "summary_csf_p05": 495.36926219053566,
  "summary_csf_p95": 705.2868298813701,
  "summary_csf_stdv": 64.29027216689532,
  "summary_gm_k": 0.7712329404507918,
  "summary_gm_mad": 34.9671326690669,
  "summary_gm_mean": 342.2740986536393,
  "summary_gm_median": 342.0103817395866,
  "summary_gm_n": 456977.0,
  "summary_gm_p05": 281.3794690184295,
  "summary_gm_p95": 404.1966583598405,
  "summary_gm_stdv": 37.65165024304243,
  "summary_wm_k": -1.3402774592104179,
  "summary_wm_mad": 405.11980745186924,
  "summary_wm_mean": 774.92969717324,
  "summary_wm_median": 999.9858697447926,
  "summary_wm_n": 68536.0,
  "summary_wm_p05": 31.333512730896473,
  "summary_wm_p95": 1417.1698166620918,
  "summary_wm_stdv": 488.6748542932309,
  "tpm_overlap_csf": 0.11347358198320151,
  "tpm_overlap_gm": 0.29936479919162556,
  "tpm_overlap_wm": 0.027424264494177553,
  "wm2max": 0.7416472583144701
}