{
  "aor": 0.000911864406779661,
  "aqi": 0.0059221185516178726,
  "bids_meta": {
    "AcquisitionMatrixPE": 90,
    "AcquisitionNumber": 1,
    "AcquisitionTime": "15:39:24.875000",
    "BandwidthPerPixelPhaseEncode": 18.832,
    "BaseResolution": 90,
    "BodyPartExamined": "HEAD",
    "ConsistencyInfo": "N4_VE11C_LATEST_20160120",
    "ConversionSoftware": "dcm2niix",
    "ConversionSoftwareVersion": "v1.0.20190902",
    "DerivedVendorReportedEchoSpacing": 0.000590012,
    "DeviceSerialNumber": "67064",
    "DwellTime": 2.5e-06,
    "EchoTime": 0.033,
    "EchoTrainLength": 90,
    "EffectiveEchoSpacing": 0.000590012,
    "FlipAngle": 63,
    "ImageComments": "Unaliased_MB4_PE3_LB",
    "ImageOrientationPatientDICOM": [
      0.998689,
      -0.050273,
      -0.00968097,
      0.039064,
      0.870497,
      -0.49062
    ],
    "ImageType": [
      "ORIGINAL",
      "PRIMARY",
      "M",
      "MB",
      "ND",
      "MOSAIC"
    ],
    "ImagingFrequency": 123.247,
    "InPlanePhaseEncodingDirectionDICOM": "COL",
    "InstitutionAddress": "Scott_Ave_4525_St._Louis_MO_US_63110",
    "InstitutionName": "Washington_University",
    "InstitutionalDepartmentName": "Department",
    "MRAcquisitionType": "2D",
    "MagneticFieldStrength": 3,
    "Manufacturer": "Siemens",
    "ManufacturersModelName": "Prisma_fit",
    "Modality": "MR",
    "MultibandAccelerationFactor": 4,
    "PartialFourier": 1,
    "PatientPosition": "HFS",
    "PercentPhaseFOV": 100,
    "PhaseEncodingDirection": "j",
    "PhaseEncodingSteps": 90,
    "PhaseResolution": 1,
    "PixelBandwidth": 2220,
    "ProcedureStepDescription": "head_Braver",
    "ProtocolName": "tfMRI_CuedtsBas2_PA",
    "PulseSequenceDetails": "%CustomerSeq%_cmrr_mbep2d_bold",
    "ReceiveCoilActiveElements": "HEA;HEP",
    "ReceiveCoilName": "Head_32",
    "ReconMatrixPE": 90,
    "RepetitionTime": 1.2,
    "SAR": 0.0913437,
    "ScanOptions": "FS_EXT",
    "ScanningSequence": "EP",
    "SequenceName": "epfid2d1_90",
    "SequenceVariant": "SK_SS",
    "SeriesDescription": "tfMRI_CuedtsBas2_PA",
    "SeriesNumber": 41,
    "ShimSetting": [
      -2000,
      -11422,
      5723,
      421,
      159,
      513,
      32,
      -87
    ],
    "SliceThickness": 2.4,
    "SliceTiming": [
      0,
      0.63,
      0.08,
      0.7075,
      0.1575,
      0.7875,
      0.2375,
      0.865,
      0.315,
      0.945,
      0.395,
      1.0225,
      0.4725,
      1.1025,
      0.5525,
      0,
      0.63,
      0.08,
      0.7075,
      0.1575,
      0.7875,
      0.2375,
      0.865,
      0.315,
      0.945,
      0.395,
      1.0225,
      0.4725,
      1.1025,
      0.5525,
      0,
      0.63,
      0.08,
      0.7075,
      0.1575,
      0.7875,
      0.2375,
      0.865,
      0.315,
      0.945,
      0.395,
      1.0225,
      0.4725,
      1.1025,
      0.5525,
      0,
      0.63,
      0.08,
      0.7075,
      0.1575,
      0.7875,
      0.2375,
      0.865,
      0.315,
      0.945,
      0.395,
      1.0225,
      0.4725,
      1.1025,
      0.5525
    ],
    "SoftwareVersions": "syngo_MR_E11",
    "SpacingBetweenSlices": 2.4,
    "StationName": "MRC35177",
    "TaskName": "Cuedts",
    "TotalReadoutTime": 0.0525111,
    "TxRefAmp": 270.585,
    "VendorReportedEchoSpacing": 0.00059,
    "WipMemBlock": "659dc402-7167-4173-b073-6c8f3b7b0c92||Sequence: ve11c/master r/ab69a6c; Apr 19 2017 09:47:47 by eja",
    "acq_id": "mb4PA",
    "dataset": "ds003465",
    "modality": "bold",
    "run_id": 2,
    "session_id": "wave1bas",
    "subject_id": "f5416zj",
    "task_id": "Cuedts"
  },
  "dummy_trs": 1,
  "dvars_nstd": 33.63751719910497,
  "dvars_std": 1.0665738014660493,
  "dvars_vstd": 0.9874652880864203,
  "efc": 0.5129924507168081,
  "fber": 699.6329956054688,
  "fd_mean": 0.18065032141996068,
  "fd_num": 253,
  "fd_perc": 38.983050847457626,
  "fwhm_avg": 2.604626285390339,
  "fwhm_x": 2.480391568104761,
  "fwhm_y": 2.628112395568196,
  "fwhm_z": 2.7053748924980603,
  "gcor": 0.00629464,
  "gsr_x": -0.019363580271601677,
  "gsr_y": 0.0766981691122055,
  "provenance": {
    "md5sum": "63cab69cb2ab06e090547aab6e7e0590",
    "settings": {
      "fd_thres": 0.2,
      "testing": false
    },
    "software": "mriqc",
    "version": "22.0.6",
    "webapi_port": null,
    "webapi_url": "https://mriqc.nimh.nih.gov/api/v1"
  },
  "size_t": 649,
  "size_x": 90,
  "size_y": 90,
  "size_z": 60,
  "snr": 2.8068498027050177,
  "spacing_tr": 1.2000000476837158,
  "spacing_x": 2.4000000953674316,
  "spacing_y": 2.4000000953674316,
  "spacing_z": 2.4000000953674316,
  "summary_bg_k": 45.735140946898134,
  "summary_bg_mad": 53.17038084220569,
  "summary_bg_mean": 305.76971435546875,
  "summary_bg_median": 140.44223022460938,
  "summary_bg_n": 334628.0,
  "summary_bg_p05": 101.65177917480469,
  "summary_bg_p95": 1145.6113891601553,
  "summary_bg_stdv": 419.9156799316406,
  "summary_fg_k": 1.629211712720851,
  "summary_fg_mad": 1186.2439344221307,
  "summary_fg_mean": 4000.470458984375,
  "summary_fg_median": 3748.8583984375,
  "summary_fg_n": 77953.0,
  "summary_fg_p05": 2287.156298828125,
  "summary_fg_p95": 6522.419531249998,
  "summary_fg_stdv": 1335.60205078125,
  "tsnr": 43.49456558050588
}