{
  "aor": 0.0014867717996289425,
  "aqi": 0.007616351688311687,
  "bids_meta": {
    "AcquisitionMatrixPE": 90,
    "AcquisitionNumber": 1,
    "AcquisitionTime": "15:05:55.957500",
    "BandwidthPerPixelPhaseEncode": 18.832,
    "BaseResolution": 90,
    "BodyPartExamined": "HEAD",
    "ConsistencyInfo": "N4_VE11C_LATEST_20160120",
    "ConversionSoftware": "dcm2niix",
    "ConversionSoftwareVersion": "v1.0.20190902",
    "DerivedVendorReportedEchoSpacing": 0.000590012,
    "DeviceSerialNumber": "67064",
    "DwellTime": 2.5e-06,
    "EchoTime": 0.033,
    "EchoTrainLength": 90,
    "EffectiveEchoSpacing": 0.000590012,
    "FlipAngle": 63,
    "ImageComments": "Unaliased_MB4_PE3_LB",
    "ImageOrientationPatientDICOM": [
      0.998689,
      -0.050273,
      -0.00968097,
      0.039064,
      0.870497,
      -0.49062
    ],
    "ImageType": [
      "ORIGINAL",
      "PRIMARY",
      "M",
      "MB",
      "ND",
      "MOSAIC"
    ],
    "ImagingFrequency": 123.247,
    "InPlanePhaseEncodingDirectionDICOM": "COL",
    "InstitutionAddress": "Scott_Ave_4525_St._Louis_MO_US_63110",
    "InstitutionName": "Washington_University",
    "InstitutionalDepartmentName": "Department",
    "MRAcquisitionType": "2D",
    "MagneticFieldStrength": 3,
    "Manufacturer": "Siemens",
    "ManufacturersModelName": "Prisma_fit",
    "Modality": "MR",
    "MultibandAccelerationFactor": 4,
    "PartialFourier": 1,
    "PatientPosition": "HFS",
    "PercentPhaseFOV": 100,
    "PhaseEncodingDirection": "j",
    "PhaseEncodingSteps": 90,
    "PhaseResolution": 1,
    "PixelBandwidth": 2220,
    "ProcedureStepDescription": "head_Braver",
    "ProtocolName": "tfMRI_StroopBas2_PA",
    "PulseSequenceDetails": "%CustomerSeq%_cmrr_mbep2d_bold",
    "ReceiveCoilActiveElements": "HEA;HEP",
    "ReceiveCoilName": "Head_32",
    "ReconMatrixPE": 90,
    "RepetitionTime": 1.2,
    "SAR": 0.0912765,
    "ScanOptions": "FS_EXT",
    "ScanningSequence": "EP",
    "SequenceName": "epfid2d1_90",
    "SequenceVariant": "SK_SS",
    "SeriesDescription": "tfMRI_StroopBas2_PA",
    "SeriesNumber": 32,
    "ShimSetting": [
      -2000,
      -11422,
      5723,
      421,
      159,
      513,
      32,
      -87
    ],
    "SliceThickness": 2.4,
    "SliceTiming": [
      0,
      0.63,
      0.08,
      0.71,
      0.1575,
      0.7875,
      0.2375,
      0.8675,
      0.315,
      0.945,
      0.395,
      1.0225,
      0.4725,
      1.1025,
      0.5525,
      0,
      0.63,
      0.08,
      0.71,
      0.1575,
      0.7875,
      0.2375,
      0.8675,
      0.315,
      0.945,
      0.395,
      1.0225,
      0.4725,
      1.1025,
      0.5525,
      0,
      0.63,
      0.08,
      0.71,
      0.1575,
      0.7875,
      0.2375,
      0.8675,
      0.315,
      0.945,
      0.395,
      1.0225,
      0.4725,
      1.1025,
      0.5525,
      0,
      0.63,
      0.08,
      0.71,
      0.1575,
      0.7875,
      0.2375,
      0.8675,
      0.315,
      0.945,
      0.395,
      1.0225,
      0.4725,
      1.1025,
      0.5525
    ],
    "SoftwareVersions": "syngo_MR_E11",
    "SpacingBetweenSlices": 2.4,
    "StationName": "MRC35177",
    "TaskName": "Stroop",
    "TotalReadoutTime": 0.0525111,
    "TxRefAmp": 270.585,
    "VendorReportedEchoSpacing": 0.00059,
    "WipMemBlock": "803e49bc-2130-490d-8bd6-44194fa904d5||Sequence: ve11c/master r/ab69a6c; Apr 19 2017 09:47:47 by eja",
    "acq_id": "mb4PA",
    "dataset": "ds003465",
    "modality": "bold",
    "run_id": 2,
    "session_id": "wave1bas",
    "subject_id": "f5416zj",
    "task_id": "Stroop"
  },
  "dummy_trs": 1,
  "dvars_nstd": 41.21507994923793,
  "dvars_std": 1.178012689665428,
  "dvars_vstd": 1.0111534595167284,
  "efc": 0.5112166027757993,
  "fber": 694.4055786132812,
  "fd_mean": 0.22389822620259017,
  "fd_num": 265,
  "fd_perc": 49.16512059369202,
  "fwhm_avg": 2.637659617411046,
  "fwhm_x": 2.477037401571377,
  "fwhm_y": 2.674787393713498,
  "fwhm_z": 2.761154056948262,
  "gcor": 0.0077751,
  "gsr_x": -0.019606048241257668,
  "gsr_y": 0.07707177102565765,
  "provenance": {
    "md5sum": "bc45dd0100a434597c484a8d16f65577",
    "settings": {
      "fd_thres": 0.2,
      "testing": false
    },
    "software": "mriqc",
    "version": "22.0.6",
    "webapi_port": null,
    "webapi_url": "https://mriqc.nimh.nih.gov/api/v1"
  },
  "size_t": 539,
  "size_x": 90,
  "size_y": 90,
  "size_z": 60,
  "snr": 2.8122466185067974,
  "spacing_tr": 1.2000000476837158,
  "spacing_x": 2.4000000953674316,
  "spacing_y": 2.4000000953674316,
  "spacing_z": 2.4000000953674316,
  "summary_bg_k": 56.40608343302083,
  "summary_bg_mad": 54.06133120798032,
  "summary_bg_mean": 299.03179931640625,
  "summary_bg_median": 139.9851531982422,
  "summary_bg_n": 335190.0,
  "summary_bg_p05": 100.47124481201172,
  "summary_bg_p95": 1112.2870849609374,
  "summary_bg_stdv": 412.91546630859375,
  "summary_fg_k": 1.5111354288049332,
  "summary_fg_mad": 1179.0290983087607,
  "summary_fg_mean": 3987.6015625,
  "summary_fg_median": 3740.4462890625,
  "summary_fg_n": 77734.0,
  "summary_fg_p05": 2283.1813842773436,
  "summary_fg_p95": 6508.289697265613,
  "summary_fg_stdv": 1330.0477294921875,
  "tsnr": 42.18531400873326
}