{
  "aor": 0.000459482470784641,
  "aqi": 0.007151612287145242,
  "bids_meta": {
    "AcquisitionMatrixPE": 90,
    "AcquisitionNumber": 1,
    "AcquisitionTime": "14:25:11.235000",
    "BandwidthPerPixelPhaseEncode": 18.832,
    "BaseResolution": 90,
    "BodyPartExamined": "HEAD",
    "ConsistencyInfo": "N4_VE11C_LATEST_20160120",
    "ConversionSoftware": "dcm2niix",
    "ConversionSoftwareVersion": "v1.0.20190902",
    "DerivedVendorReportedEchoSpacing": 0.000590012,
    "DeviceSerialNumber": "67064",
    "DwellTime": 2.5e-06,
    "EchoTime": 0.033,
    "EchoTrainLength": 90,
    "EffectiveEchoSpacing": 0.000590012,
    "FlipAngle": 63,
    "ImageComments": "Unaliased_MB4_PE3_LB",
    "ImageOrientationPatientDICOM": [
      0.998689,
      -0.050273,
      -0.00968097,
      0.039064,
      0.870497,
      -0.49062
    ],
    "ImageType": [
      "ORIGINAL",
      "PRIMARY",
      "M",
      "MB",
      "ND",
      "MOSAIC"
    ],
    "ImagingFrequency": 123.247,
    "InPlanePhaseEncodingDirectionDICOM": "COL",
    "InstitutionAddress": "Scott_Ave_4525_St._Louis_MO_US_63110",
    "InstitutionName": "Washington_University",
    "InstitutionalDepartmentName": "Department",
    "MRAcquisitionType": "2D",
    "MagneticFieldStrength": 3,
    "Manufacturer": "Siemens",
    "ManufacturersModelName": "Prisma_fit",
    "Modality": "MR",
    "MultibandAccelerationFactor": 4,
    "PartialFourier": 1,
    "PatientPosition": "HFS",
    "PercentPhaseFOV": 100,
    "PhaseEncodingDirection": "j-",
    "PhaseEncodingSteps": 90,
    "PhaseResolution": 1,
    "PixelBandwidth": 2220,
    "ProcedureStepDescription": "head_Braver",
    "ProtocolName": "tfMRI_SternBas1_AP",
    "PulseSequenceDetails": "%CustomerSeq%_cmrr_mbep2d_bold",
    "ReceiveCoilActiveElements": "HEA;HEP",
    "ReceiveCoilName": "Head_32",
    "ReconMatrixPE": 90,
    "RepetitionTime": 1.2,
    "SAR": 0.0913162,
    "ScanOptions": "FS_EXT",
    "ScanningSequence": "EP",
    "SequenceName": "epfid2d1_90",
    "SequenceVariant": "SK_SS",
    "SeriesDescription": "tfMRI_SternBas1_AP",
    "SeriesNumber": 20,
    "ShimSetting": [
      -2000,
      -11422,
      5723,
      421,
      159,
      513,
      32,
      -87
    ],
    "SliceThickness": 2.4,
    "SliceTiming": [
      0,
      0.63,
      0.08,
      0.71,
      0.1575,
      0.7875,
      0.2375,
      0.865,
      0.315,
      0.945,
      0.395,
      1.0225,
      0.4725,
      1.1025,
      0.5525,
      0,
      0.63,
      0.08,
      0.71,
      0.1575,
      0.7875,
      0.2375,
      0.865,
      0.315,
      0.945,
      0.395,
      1.0225,
      0.4725,
      1.1025,
      0.5525,
      0,
      0.63,
      0.08,
      0.71,
      0.1575,
      0.7875,
      0.2375,
      0.865,
      0.315,
      0.945,
      0.395,
      1.0225,
      0.4725,
      1.1025,
      0.5525,
      0,
      0.63,
      0.08,
      0.71,
      0.1575,
      0.7875,
      0.2375,
      0.865,
      0.315,
      0.945,
      0.395,
      1.0225,
      0.4725,
      1.1025,
      0.5525
    ],
    "SoftwareVersions": "syngo_MR_E11",
    "SpacingBetweenSlices": 2.4,
    "StationName": "MRC35177",
    "TaskName": "Stern",
    "TotalReadoutTime": 0.0525111,
    "TxRefAmp": 270.585,
    "VendorReportedEchoSpacing": 0.00059,
    "WipMemBlock": "aa853d73-7ef9-4712-920b-19acdd4ed1c3||Sequence: ve11c/master r/ab69a6c; Apr 19 2017 09:47:47 by eja",
    "acq_id": "mb4AP",
    "dataset": "ds003465",
    "modality": "bold",
    "run_id": 1,
    "session_id": "wave1bas",
    "subject_id": "f5416zj",
    "task_id": "Stern"
  },
  "dummy_trs": 1,
  "dvars_nstd": 33.056199207876254,
  "dvars_std": 1.0334041332441477,
  "dvars_vstd": 1.323600456605352,
  "efc": 0.5106874162436628,
  "fber": 763.3060913085938,
  "fd_mean": 0.2042333304058097,
  "fd_num": 307,
  "fd_perc": 51.25208681135226,
  "fwhm_avg": 2.6160054516048383,
  "fwhm_x": 2.511658233529002,
  "fwhm_y": 2.6597873943095447,
  "fwhm_z": 2.6765707269759687,
  "gcor": 0.00705921,
  "gsr_x": -0.024112673476338387,
  "gsr_y": 0.07270460575819016,
  "provenance": {
    "md5sum": "7092f0c5eede0a3b54303ea7c7c753ed",
    "settings": {
      "fd_thres": 0.2,
      "testing": false
    },
    "software": "mriqc",
    "version": "22.0.6",
    "webapi_port": null,
    "webapi_url": "https://mriqc.nimh.nih.gov/api/v1"
  },
  "size_t": 599,
  "size_x": 90,
  "size_y": 90,
  "size_z": 60,
  "snr": 2.9117717815749056,
  "spacing_tr": 1.2000000476837158,
  "spacing_x": 2.4000000953674316,
  "spacing_y": 2.4000000953674316,
  "spacing_z": 2.4000000953674316,
  "summary_bg_k": 55.16562585492918,
  "summary_bg_mad": 44.0313131889106,
  "summary_bg_mean": 286.63507080078125,
  "summary_bg_median": 132.77378845214844,
  "summary_bg_n": 331216.0,
  "summary_bg_p05": 100.3906478881836,
  "summary_bg_p95": 961.6331024169922,
  "summary_bg_stdv": 457.4054870605469,
  "summary_fg_k": 1.3545292825703372,
  "summary_fg_mad": 1108.8118120861286,
  "summary_fg_mean": 3981.32470703125,
  "summary_fg_median": 3726.360595703125,
  "summary_fg_n": 80496.0,
  "summary_fg_p05": 2341.7340087890625,
  "summary_fg_p95": 6438.485107421875,
  "summary_fg_stdv": 1279.7491455078125,
  "tsnr": 42.230517318472266
}