{
  "aor": 0.001689784283513097,
  "aqi": 0.00934675374422188,
  "bids_meta": {
    "AcquisitionMatrixPE": 90,
    "AcquisitionNumber": 1,
    "AcquisitionTime": "19:16:12.250000",
    "BandwidthPerPixelPhaseEncode": 18.832,
    "BaseResolution": 90,
    "BodyPartExamined": "HEAD",
    "ConsistencyInfo": "N4_VE11C_LATEST_20160120",
    "ConversionSoftware": "dcm2niix",
    "ConversionSoftwareVersion": "v1.0.20190902",
    "DerivedVendorReportedEchoSpacing": 0.000590012,
    "DeviceSerialNumber": "67064",
    "DwellTime": 2.5e-06,
    "EchoTime": 0.033,
    "EchoTrainLength": 90,
    "EffectiveEchoSpacing": 0.000590012,
    "FlipAngle": 63,
    "ImageComments": "Unaliased_MB4_PE3_LB",
    "ImageOrientationPatientDICOM": [
      0.999677,
      -0.0250679,
      0.00416751,
      0.0251299,
      0.950831,
      -0.308688
    ],
    "ImageType": [
      "ORIGINAL",
      "PRIMARY",
      "M",
      "MB",
      "ND",
      "MOSAIC"
    ],
    "ImagingFrequency": 123.247,
    "InPlanePhaseEncodingDirectionDICOM": "COL",
    "InstitutionAddress": "Scott_Ave_4525_St._Louis_MO_US_63110",
    "InstitutionName": "Washington_University",
    "InstitutionalDepartmentName": "Department",
    "MRAcquisitionType": "2D",
    "MagneticFieldStrength": 3,
    "Manufacturer": "Siemens",
    "ManufacturersModelName": "Prisma_fit",
    "Modality": "MR",
    "MultibandAccelerationFactor": 4,
    "PartialFourier": 1,
    "PatientPosition": "HFS",
    "PercentPhaseFOV": 100,
    "PhaseEncodingDirection": "j-",
    "PhaseEncodingSteps": 90,
    "PhaseResolution": 1,
    "PixelBandwidth": 2220,
    "ProcedureStepDescription": "head_Braver",
    "ProtocolName": "tfMRI_CuedtsBas1_AP",
    "PulseSequenceDetails": "%CustomerSeq%_cmrr_mbep2d_bold",
    "ReceiveCoilActiveElements": "HEA;HEP",
    "ReceiveCoilName": "Head_32",
    "ReconMatrixPE": 90,
    "RepetitionTime": 1.2,
    "SAR": 0.0732921,
    "ScanOptions": "FS_EXT",
    "ScanningSequence": "EP",
    "SequenceName": "epfid2d1_90",
    "SequenceVariant": "SK_SS",
    "SeriesDescription": "tfMRI_CuedtsBas1_AP",
    "SeriesNumber": 40,
    "ShimSetting": [
      -2011,
      -11508,
      5837,
      606,
      88,
      237,
      34,
      -6
    ],
    "SliceThickness": 2.4,
    "SliceTiming": [
      0,
      0.6275,
      0.0775,
      0.7075,
      0.1575,
      0.785,
      0.235,
      0.865,
      0.3125,
      0.9425,
      0.3925,
      1.0225,
      0.47,
      1.1,
      0.55,
      0,
      0.6275,
      0.0775,
      0.7075,
      0.1575,
      0.785,
      0.235,
      0.865,
      0.3125,
      0.9425,
      0.3925,
      1.0225,
      0.47,
      1.1,
      0.55,
      0,
      0.6275,
      0.0775,
      0.7075,
      0.1575,
      0.785,
      0.235,
      0.865,
      0.3125,
      0.9425,
      0.3925,
      1.0225,
      0.47,
      1.1,
      0.55,
      0,
      0.6275,
      0.0775,
      0.7075,
      0.1575,
      0.785,
      0.235,
      0.865,
      0.3125,
      0.9425,
      0.3925,
      1.0225,
      0.47,
      1.1,
      0.55
    ],
    "SoftwareVersions": "syngo_MR_E11",
    "SpacingBetweenSlices": 2.4,
    "StationName": "MRC35177",
    "TaskName": "Cuedts",
    "TotalReadoutTime": 0.0525111,
    "TxRefAmp": 283.833,
    "VendorReportedEchoSpacing": 0.00059,
    "WipMemBlock": "95985f6b-cb2b-4454-ba95-5019941865cb||Sequence: R016 ve11c/master r/e634e98; Dec 19 2017 11:00:25 by eja",
    "acq_id": "mb4AP",
    "dataset": "ds003465",
    "modality": "bold",
    "run_id": 1,
    "session_id": "wave1bas",
    "subject_id": "f6950qp",
    "task_id": "Cuedts"
  },
  "dummy_trs": 1,
  "dvars_nstd": 34.463260438734565,
  "dvars_std": 1.091399938734567,
  "dvars_vstd": 1.0004227786265427,
  "efc": 0.5174876209800876,
  "fber": 738.0941772460938,
  "fd_mean": 0.30911257992980884,
  "fd_num": 465,
  "fd_perc": 71.64869029275809,
  "fwhm_avg": 2.743644428769036,
  "fwhm_x": 2.5510415652973824,
  "fwhm_y": 2.860899886318052,
  "fwhm_z": 2.8189918346916736,
  "gcor": 0.0121119,
  "gsr_x": -0.008877396583557129,
  "gsr_y": 0.07041498273611069,
  "provenance": {
    "md5sum": "e839240e493a40cd5c7fe5ee51797fae",
    "settings": {
      "fd_thres": 0.2,
      "testing": false
    },
    "software": "mriqc",
    "version": "22.0.6",
    "webapi_port": null,
    "webapi_url": "https://mriqc.nimh.nih.gov/api/v1"
  },
  "size_t": 649,
  "size_x": 90,
  "size_y": 90,
  "size_z": 60,
  "snr": 3.110439183741407,
  "spacing_tr": 1.2000000476837158,
  "spacing_x": 2.4000000953674316,
  "spacing_y": 2.4000000953674316,
  "spacing_z": 2.3999998569488525,
  "summary_bg_k": 43.101122060104174,
  "summary_bg_mad": 57.104176801209654,
  "summary_bg_mean": 319.3260803222656,
  "summary_bg_median": 140.48228454589844,
  "summary_bg_n": 333309.0,
  "summary_bg_p05": 97.75655364990234,
  "summary_bg_p95": 1140.604321289062,
  "summary_bg_stdv": 505.0691833496094,
  "summary_fg_k": 1.1242336519967226,
  "summary_fg_mad": 1142.7974636488816,
  "summary_fg_mean": 4069.203125,
  "summary_fg_median": 3867.69287109375,
  "summary_fg_n": 79732.0,
  "summary_fg_p05": 2422.847607421875,
  "summary_fg_p95": 6349.083715820311,
  "summary_fg_stdv": 1243.44775390625,
  "tsnr": 38.431287319399416
}