{
  "aor": 0.0007207833333333333,
  "aqi": 0.012428147483333334,
  "bids_meta": {
    "AcquisitionMatrixPE": 90,
    "AcquisitionNumber": 1,
    "AcquisitionTime": "19:57:2.125000",
    "BandwidthPerPixelPhaseEncode": 18.832,
    "BaseResolution": 90,
    "BodyPartExamined": "HEAD",
    "ConsistencyInfo": "N4_VE11C_LATEST_20160120",
    "ConversionSoftware": "dcm2niix",
    "ConversionSoftwareVersion": "v1.0.20190902",
    "DerivedVendorReportedEchoSpacing": 0.000590012,
    "DeviceSerialNumber": "67064",
    "DwellTime": 2.5e-06,
    "EchoTime": 0.033,
    "EchoTrainLength": 90,
    "EffectiveEchoSpacing": 0.000590012,
    "FlipAngle": 63,
    "ImageComments": "Unaliased_MB4_PE3_LB",
    "ImageOrientationPatientDICOM": [
      0.999677,
      -0.0250679,
      0.00416751,
      0.0251299,
      0.950831,
      -0.308688
    ],
    "ImageType": [
      "ORIGINAL",
      "PRIMARY",
      "M",
      "MB",
      "ND",
      "MOSAIC"
    ],
    "ImagingFrequency": 123.247,
    "InPlanePhaseEncodingDirectionDICOM": "COL",
    "InstitutionAddress": "Scott_Ave_4525_St._Louis_MO_US_63110",
    "InstitutionName": "Washington_University",
    "InstitutionalDepartmentName": "Department",
    "MRAcquisitionType": "2D",
    "MagneticFieldStrength": 3,
    "Manufacturer": "Siemens",
    "ManufacturersModelName": "Prisma_fit",
    "Modality": "MR",
    "MultibandAccelerationFactor": 4,
    "PartialFourier": 1,
    "PatientPosition": "HFS",
    "PercentPhaseFOV": 100,
    "PhaseEncodingDirection": "j",
    "PhaseEncodingSteps": 90,
    "PhaseResolution": 1,
    "PixelBandwidth": 2220,
    "ProcedureStepDescription": "head_Braver",
    "ProtocolName": "tfMRI_SternBas2_PA",
    "PulseSequenceDetails": "%CustomerSeq%_cmrr_mbep2d_bold",
    "ReceiveCoilActiveElements": "HEA;HEP",
    "ReceiveCoilName": "Head_32",
    "ReconMatrixPE": 90,
    "RepetitionTime": 1.2,
    "SAR": 0.07327,
    "ScanOptions": "FS_EXT",
    "ScanningSequence": "EP",
    "SequenceName": "epfid2d1_90",
    "SequenceVariant": "SK_SS",
    "SeriesDescription": "tfMRI_SternBas2_PA",
    "SeriesNumber": 49,
    "ShimSetting": [
      -2011,
      -11508,
      5837,
      606,
      88,
      237,
      34,
      -6
    ],
    "SliceThickness": 2.4,
    "SliceTiming": [
      0,
      0.63,
      0.08,
      0.7075,
      0.1575,
      0.7875,
      0.2375,
      0.865,
      0.315,
      0.945,
      0.395,
      1.0225,
      0.4725,
      1.1025,
      0.5525,
      0,
      0.63,
      0.08,
      0.7075,
      0.1575,
      0.7875,
      0.2375,
      0.865,
      0.315,
      0.945,
      0.395,
      1.0225,
      0.4725,
      1.1025,
      0.5525,
      0,
      0.63,
      0.08,
      0.7075,
      0.1575,
      0.7875,
      0.2375,
      0.865,
      0.315,
      0.945,
      0.395,
      1.0225,
      0.4725,
      1.1025,
      0.5525,
      0,
      0.63,
      0.08,
      0.7075,
      0.1575,
      0.7875,
      0.2375,
      0.865,
      0.315,
      0.945,
      0.395,
      1.0225,
      0.4725,
      1.1025,
      0.5525
    ],
    "SoftwareVersions": "syngo_MR_E11",
    "SpacingBetweenSlices": 2.4,
    "StationName": "MRC35177",
    "TaskName": "Stern",
    "TotalReadoutTime": 0.0525111,
    "TxRefAmp": 283.833,
    "VendorReportedEchoSpacing": 0.00059,
    "WipMemBlock": "2e253f24-34e3-46d0-bfc1-271810c26ecf||Sequence: R016 ve11c/master r/e634e98; Dec 19 2017 11:00:25 by eja",
    "acq_id": "mb4PA",
    "dataset": "ds003465",
    "modality": "bold",
    "run_id": 2,
    "session_id": "wave1bas",
    "subject_id": "f6950qp",
    "task_id": "Stern"
  },
  "dummy_trs": 0,
  "dvars_nstd": 35.54187699193655,
  "dvars_std": 1.036804571318865,
  "dvars_vstd": 0.9518667533555922,
  "efc": 0.5156022234567664,
  "fber": 705.6275024414062,
  "fd_mean": 0.28344013978547794,
  "fd_num": 399,
  "fd_perc": 66.5,
  "fwhm_avg": 2.698773596737595,
  "fwhm_x": 2.5406457323771425,
  "fwhm_y": 2.7512123906766415,
  "fwhm_z": 2.804462667159001,
  "gcor": 0.0130797,
  "gsr_x": -0.008077437058091164,
  "gsr_y": 0.06413380801677704,
  "provenance": {
    "md5sum": "e0e75f57d427d1acadf6061e2e2837db",
    "settings": {
      "fd_thres": 0.2,
      "testing": false
    },
    "software": "mriqc",
    "version": "22.0.6",
    "webapi_port": null,
    "webapi_url": "https://mriqc.nimh.nih.gov/api/v1"
  },
  "size_t": 600,
  "size_x": 90,
  "size_y": 90,
  "size_z": 60,
  "snr": 2.998180710828291,
  "spacing_tr": 1.2000000476837158,
  "spacing_x": 2.4000000953674316,
  "spacing_y": 2.4000000953674316,
  "spacing_z": 2.3999998569488525,
  "summary_bg_k": 37.07913615242647,
  "summary_bg_mad": 62.652295733987295,
  "summary_bg_mean": 321.1765441894531,
  "summary_bg_median": 144.9633331298828,
  "summary_bg_n": 336493.0,
  "summary_bg_p05": 97.40333557128906,
  "summary_bg_p95": 1235.8247070312495,
  "summary_bg_stdv": 454.868896484375,
  "summary_fg_k": 1.6291818592191207,
  "summary_fg_mad": 1201.2364597860228,
  "summary_fg_mean": 4044.81201171875,
  "summary_fg_median": 3851.0,
  "summary_fg_n": 77035.0,
  "summary_fg_p05": 2341.821484375,
  "summary_fg_p95": 6331.989892578126,
  "summary_fg_stdv": 1284.437255859375,
  "tsnr": 32.76449202175718
}