{
  "bids_meta": {
    "AcquisitionMatrixPE": 300,
    "AcquisitionNumber": 1,
    "AcquisitionTime": "18:50:30.485000",
    "BaseResolution": 320,
    "BodyPartExamined": "HEAD",
    "ConsistencyInfo": "N4_VE11C_LATEST_20160120",
    "ConversionSoftware": "dcm2niix",
    "ConversionSoftwareVersion": "v1.0.20190902",
    "DeviceSerialNumber": "67064",
    "DwellTime": 2.1e-06,
    "EchoTime": 0.563,
    "EchoTrainLength": 314,
    "FlipAngle": 120,
    "ImageOrientationPatientDICOM": [
      0.0161815,
      0.992148,
      -0.124022,
      0.0383339,
      -0.124562,
      -0.991471
    ],
    "ImageType": [
      "ORIGINAL",
      "PRIMARY",
      "M",
      "ND"
    ],
    "ImagingFrequency": 123.247,
    "InPlanePhaseEncodingDirectionDICOM": "ROW",
    "InstitutionAddress": "Scott_Ave_4525_St._Louis_MO_US_63110",
    "InstitutionName": "Washington_University",
    "InstitutionalDepartmentName": "Department",
    "MRAcquisitionType": "3D",
    "MagneticFieldStrength": 3,
    "Manufacturer": "Siemens",
    "ManufacturersModelName": "Prisma_fit",
    "Modality": "MR",
    "ParallelReductionFactorInPlane": 2,
    "PartialFourier": 1,
    "PatientPosition": "HFS",
    "PercentPhaseFOV": 93.75,
    "PhaseEncodingSteps": 297,
    "PhaseResolution": 1,
    "PixelBandwidth": 745,
    "ProcedureStepDescription": "head_Braver",
    "ProtocolName": "T2w_SPC",
    "PulseSequenceDetails": "%SiemensSeq%_tse_vfl",
    "ReceiveCoilActiveElements": "HEA;HEP",
    "ReceiveCoilName": "Head_32",
    "ReconMatrixPE": 300,
    "RefLinesPE": 32,
    "RepetitionTime": 3.2,
    "SAR": 0.133106,
    "ScanOptions": "PFP",
    "ScanningSequence": "SE",
    "SequenceName": "_spc_314ns",
    "SequenceVariant": "SK_SP",
    "SeriesDescription": "T2w_SPC",
    "SeriesNumber": 13,
    "ShimSetting": [
      -1973,
      -11498,
      5821,
      592,
      140,
      187,
      -8,
      -17
    ],
    "SliceThickness": 0.8,
    "SoftwareVersions": "syngo_MR_E11",
    "StationName": "MRC35177",
    "TxRefAmp": 229.22,
    "dataset": "ds003465",
    "modality": "T2w",
    "session_id": "wave1bas",
    "subject_id": "f5650zm"
  },
  "cjv": 0.564373408002143,
  "cnr": 1.357325133394552,
  "efc": 0.5124925648232309,
  "fber": 4735.942148760331,
  "fwhm_avg": 3.9267750360536127,
  "fwhm_x": 3.80777522696109,
  "fwhm_y": 4.209637437271514,
  "fwhm_z": 3.7629124439282355,
  "icvs_csf": 0.4839117610595991,
  "icvs_gm": 0.14642427237856676,
  "icvs_wm": 0.3696639665618342,
  "inu_med": 1.0147309303283691,
  "inu_range": 1.2091443955898287,
  "provenance": {
    "md5sum": "358493d039247a0f5afcb5a44d28e3eb",
    "settings": {
      "testing": false
    },
    "software": "mriqc",
    "version": "22.0.6",
    "warnings": {
      "large_rot_frame": true,
      "small_air_mask": false
    },
    "webapi_port": null,
    "webapi_url": "https://mriqc.nimh.nih.gov/api/v1"
  },
  "qi_1": 1.7694779817027616e-05,
  "qi_2": 0.0018740465721816394,
  "rpve_csf": 10.745077960100769,
  "rpve_gm": 33.03542309442284,
  "rpve_wm": 14.121167922796872,
  "size_x": 208,
  "size_y": 300,
  "size_z": 320,
  "snr_csf": 12.653955059376496,
  "snr_gm": 2.132125715536453,
  "snr_total": 7.897759372268567,
  "snr_wm": 8.907197341892752,
  "snrd_csf": 57.90987751999456,
  "snrd_gm": 96.7294463957036,
  "snrd_total": 63.1849227319037,
  "snrd_wm": 34.915444280012935,
  "spacing_x": 0.7999999523162842,
  "spacing_y": 0.800000011920929,
  "spacing_z": 0.800000011920929,
  "summary_bg_k": 7.745517901044842,
  "summary_bg_mad": 0.0,
  "summary_bg_mean": 13.570358760962131,
  "summary_bg_median": 0.0,
  "summary_bg_n": 6822454.0,
  "summary_bg_p05": 0.0,
  "summary_bg_p95": 51.3184430077672,
  "summary_bg_stdv": 18.76491473813395,
  "summary_csf_k": 0.5293433247413022,
  "summary_csf_mad": 122.71033464127277,
  "summary_csf_mean": 1665.3613554178014,
  "summary_csf_median": 1658.6987292394042,
  "summary_csf_n": 278247.0,
  "summary_csf_p05": 1462.6129753887653,
  "summary_csf_p95": 1892.4329478293657,
  "summary_csf_stdv": 131.08121064368717,
  "summary_gm_k": -1.144252816805302,
  "summary_gm_mad": 888.1548092560352,
  "summary_gm_mean": 2239.9155205011757,
  "summary_gm_median": 2770.598327741027,
  "summary_gm_n": 72786.0,
  "summary_gm_p05": 99.05131794512272,
  "summary_gm_p95": 3842.459082789719,
  "summary_gm_stdv": 1299.44462232791,
  "summary_wm_k": 0.18597061628304434,
  "summary_wm_mad": 111.08164769422075,
  "summary_wm_mean": 1002.6404272981498,
  "summary_wm_median": 1000.0746943056583,
  "summary_wm_n": 464941.0,
  "summary_wm_p05": 823.4107675030828,
  "summary_wm_p95": 1190.0351027026772,
  "summary_wm_stdv": 112.27702502064182,
  "tpm_overlap_csf": 0.10601586131774332,
  "tpm_overlap_gm": 0.07160314003696536,
  "tpm_overlap_wm": 0.47542997769441186,
  "wm2max": 0.27062866383666867
}