{
  "aor": 0.0016907717569786534,
  "aqi": 0.011885422052545157,
  "bids_meta": {
    "AcquisitionMatrixPE": 90,
    "AcquisitionNumber": 1,
    "AcquisitionTime": "19:29:37.037500",
    "BandwidthPerPixelPhaseEncode": 18.832,
    "BaseResolution": 90,
    "BodyPartExamined": "HEAD",
    "ConsistencyInfo": "N4_VE11C_LATEST_20160120",
    "ConversionSoftware": "dcm2niix",
    "ConversionSoftwareVersion": "v1.0.20190902",
    "DerivedVendorReportedEchoSpacing": 0.000590012,
    "DeviceSerialNumber": "67064",
    "DwellTime": 2.5e-06,
    "EchoTime": 0.033,
    "EchoTrainLength": 90,
    "EffectiveEchoSpacing": 0.000590012,
    "FlipAngle": 63,
    "ImageComments": "Unaliased_MB4_PE3_LB",
    "ImageOrientationPatientDICOM": [
      0.999991,
      5.64726e-05,
      0.0042216,
      0.00209445,
      0.861562,
      -0.507648
    ],
    "ImageType": [
      "ORIGINAL",
      "PRIMARY",
      "M",
      "MB",
      "ND",
      "MOSAIC"
    ],
    "ImagingFrequency": 123.247,
    "InPlanePhaseEncodingDirectionDICOM": "COL",
    "InstitutionAddress": "Scott_Ave_4525_St._Louis_MO_US_63110",
    "InstitutionName": "Washington_University",
    "InstitutionalDepartmentName": "Department",
    "MRAcquisitionType": "2D",
    "MagneticFieldStrength": 3,
    "Manufacturer": "Siemens",
    "ManufacturersModelName": "Prisma_fit",
    "Modality": "MR",
    "MultibandAccelerationFactor": 4,
    "PartialFourier": 1,
    "PatientPosition": "HFS",
    "PercentPhaseFOV": 100,
    "PhaseEncodingDirection": "j-",
    "PhaseEncodingSteps": 90,
    "PhaseResolution": 1,
    "PixelBandwidth": 2220,
    "ProcedureStepDescription": "head_Braver",
    "ProtocolName": "tfMRI_AxcptBas1_AP",
    "PulseSequenceDetails": "%CustomerSeq%_cmrr_mbep2d_bold",
    "ReceiveCoilActiveElements": "HEA;HEP",
    "ReceiveCoilName": "Head_32",
    "ReconMatrixPE": 90,
    "RepetitionTime": 1.2,
    "SAR": 0.0837572,
    "ScanOptions": "FS_EXT",
    "ScanningSequence": "EP",
    "SequenceName": "epfid2d1_90",
    "SequenceVariant": "SK_SS",
    "SeriesDescription": "tfMRI_AxcptBas1_AP",
    "SeriesNumber": 44,
    "ShimSetting": [
      -1987,
      -11442,
      5809,
      458,
      40,
      209,
      -25,
      -18
    ],
    "SliceThickness": 2.4,
    "SliceTiming": [
      0,
      0.63,
      0.08,
      0.7075,
      0.1575,
      0.7875,
      0.2375,
      0.865,
      0.315,
      0.945,
      0.3925,
      1.0225,
      0.4725,
      1.1025,
      0.55,
      0,
      0.63,
      0.08,
      0.7075,
      0.1575,
      0.7875,
      0.2375,
      0.865,
      0.315,
      0.945,
      0.3925,
      1.0225,
      0.4725,
      1.1025,
      0.55,
      0,
      0.63,
      0.08,
      0.7075,
      0.1575,
      0.7875,
      0.2375,
      0.865,
      0.315,
      0.945,
      0.3925,
      1.0225,
      0.4725,
      1.1025,
      0.55,
      0,
      0.63,
      0.08,
      0.7075,
      0.1575,
      0.7875,
      0.2375,
      0.865,
      0.315,
      0.945,
      0.3925,
      1.0225,
      0.4725,
      1.1025,
      0.55
    ],
    "SoftwareVersions": "syngo_MR_E11",
    "SpacingBetweenSlices": 2.4,
    "StationName": "MRC35177",
    "TaskName": "Axcpt",
    "TotalReadoutTime": 0.0525111,
    "TxRefAmp": 268.889,
    "VendorReportedEchoSpacing": 0.00059,
    "WipMemBlock": "ae4e3cc1-0a48-48ef-a5d0-723c25c2de09||Sequence: ve11c/master r/068cfa9; Jul 21 2016 14:39:26 by eja",
    "acq_id": "mb4AP",
    "dataset": "ds003465",
    "modality": "bold",
    "run_id": 1,
    "session_id": "wave1bas",
    "subject_id": "f2709ul",
    "task_id": "Axcpt"
  },
  "dummy_trs": 1,
  "dvars_nstd": 32.20040240101976,
  "dvars_std": 1.0456775757894723,
  "dvars_vstd": 0.9590556224506587,
  "efc": 0.5514341373260904,
  "fber": 603.0225219726562,
  "fd_mean": 0.18619642888787222,
  "fd_num": 148,
  "fd_perc": 24.302134646962234,
  "fwhm_avg": 2.9902888734703055,
  "fwhm_x": 2.800599888714159,
  "fwhm_y": 3.047545712234747,
  "fwhm_z": 3.1227210194620105,
  "gcor": 0.0138003,
  "gsr_x": -0.007668627891689539,
  "gsr_y": 0.11292929202318192,
  "provenance": {
    "md5sum": "5990e5b51c760c83bd5eb6bc8ac32b09",
    "settings": {
      "fd_thres": 0.2,
      "testing": false
    },
    "software": "mriqc",
    "version": "22.0.6",
    "webapi_port": null,
    "webapi_url": "https://mriqc.nimh.nih.gov/api/v1"
  },
  "size_t": 609,
  "size_x": 90,
  "size_y": 90,
  "size_z": 60,
  "snr": 2.412185374427008,
  "spacing_tr": 1.2000000476837158,
  "spacing_x": 2.4000000953674316,
  "spacing_y": 2.4000000953674316,
  "spacing_z": 2.3999998569488525,
  "summary_bg_k": 14.935978075448443,
  "summary_bg_mad": 74.61701960980305,
  "summary_bg_mean": 438.19427490234375,
  "summary_bg_median": 161.06568908691406,
  "summary_bg_n": 310920.0,
  "summary_bg_p05": 105.7192153930664,
  "summary_bg_p95": 1921.3406372070308,
  "summary_bg_stdv": 684.5003662109375,
  "summary_fg_k": 1.3165735724966954,
  "summary_fg_mad": 1487.4773229928926,
  "summary_fg_mean": 4359.98291015625,
  "summary_fg_median": 4024.1953125,
  "summary_fg_n": 97972.0,
  "summary_fg_p05": 2280.665869140625,
  "summary_fg_p95": 7589.963330078125,
  "summary_fg_stdv": 1668.269287109375,
  "tsnr": 36.960064144805074
}