{
  "aor": 0.0024949814814814817,
  "aqi": 0.007318598907407406,
  "bids_meta": {
    "AcquisitionMatrixPE": 90,
    "AcquisitionNumber": 1,
    "AcquisitionTime": "17:45:52.315000",
    "BandwidthPerPixelPhaseEncode": 18.832,
    "BaseResolution": 90,
    "BodyPartExamined": "HEAD",
    "ConsistencyInfo": "N4_VE11C_LATEST_20160120",
    "ConversionSoftware": "dcm2niix",
    "ConversionSoftwareVersion": "v1.0.20190902",
    "DerivedVendorReportedEchoSpacing": 0.000590012,
    "DeviceSerialNumber": "67064",
    "DwellTime": 2.5e-06,
    "EchoTime": 0.033,
    "EchoTrainLength": 90,
    "EffectiveEchoSpacing": 0.000590012,
    "FlipAngle": 63,
    "ImageComments": "Unaliased_MB4_PE3_LB",
    "ImageOrientationPatientDICOM": [
      0.999973,
      -0.00451903,
      0.00580492,
      0.00645762,
      0.917193,
      -0.398391
    ],
    "ImageType": [
      "ORIGINAL",
      "PRIMARY",
      "M",
      "MB",
      "ND",
      "MOSAIC"
    ],
    "ImagingFrequency": 123.247,
    "InPlanePhaseEncodingDirectionDICOM": "COL",
    "InstitutionAddress": "Scott_Ave_4525_St._Louis_MO_US_63110",
    "InstitutionName": "Washington_University",
    "InstitutionalDepartmentName": "Department",
    "MRAcquisitionType": "2D",
    "MagneticFieldStrength": 3,
    "Manufacturer": "Siemens",
    "ManufacturersModelName": "Prisma_fit",
    "Modality": "MR",
    "MultibandAccelerationFactor": 4,
    "PartialFourier": 1,
    "PatientPosition": "HFS",
    "PercentPhaseFOV": 100,
    "PhaseEncodingDirection": "j-",
    "PhaseEncodingSteps": 90,
    "PhaseResolution": 1,
    "PixelBandwidth": 2220,
    "ProcedureStepDescription": "head_Braver",
    "ProtocolName": "tfMRI_StroopBas1_AP",
    "PulseSequenceDetails": "%CustomerSeq%_cmrr_mbep2d_bold",
    "ReceiveCoilActiveElements": "HEA;HEP",
    "ReceiveCoilName": "Head_32",
    "ReconMatrixPE": 90,
    "RepetitionTime": 1.2,
    "SAR": 0.0729831,
    "ScanOptions": "FS_EXT",
    "ScanningSequence": "EP",
    "SequenceName": "epfid2d1_90",
    "SequenceVariant": "SK_SS",
    "SeriesDescription": "tfMRI_StroopBas1_AP",
    "SeriesNumber": 20,
    "ShimSetting": [
      -1997,
      -11470,
      5837,
      527,
      -1,
      302,
      10,
      7
    ],
    "SliceThickness": 2.4,
    "SliceTiming": [
      0,
      0.6275,
      0.0775,
      0.7075,
      0.155,
      0.785,
      0.235,
      0.865,
      0.3125,
      0.9425,
      0.3925,
      1.0225,
      0.47,
      1.1,
      0.55,
      0,
      0.6275,
      0.0775,
      0.7075,
      0.155,
      0.785,
      0.235,
      0.865,
      0.3125,
      0.9425,
      0.3925,
      1.0225,
      0.47,
      1.1,
      0.55,
      0,
      0.6275,
      0.0775,
      0.7075,
      0.155,
      0.785,
      0.235,
      0.865,
      0.3125,
      0.9425,
      0.3925,
      1.0225,
      0.47,
      1.1,
      0.55,
      0,
      0.6275,
      0.0775,
      0.7075,
      0.155,
      0.785,
      0.235,
      0.865,
      0.3125,
      0.9425,
      0.3925,
      1.0225,
      0.47,
      1.1,
      0.55
    ],
    "SoftwareVersions": "syngo_MR_E11",
    "SpacingBetweenSlices": 2.4,
    "StationName": "MRC35177",
    "TaskName": "Stroop",
    "TotalReadoutTime": 0.0525111,
    "TxRefAmp": 256.451,
    "VendorReportedEchoSpacing": 0.00059,
    "WipMemBlock": "69c40a2a-cbe4-4d35-8dc1-5abef47d4ae4||Sequence: ve11c/master r/068cfa9; Jul 21 2016 14:39:26 by eja",
    "acq_id": "mb4AP",
    "dataset": "ds003465",
    "modality": "bold",
    "run_id": 1,
    "session_id": "wave1bas",
    "subject_id": "f2709ul",
    "task_id": "Stroop"
  },
  "dummy_trs": 0,
  "dvars_nstd": 33.51586381508353,
  "dvars_std": 1.1382391434879398,
  "dvars_vstd": 1.0193476449721703,
  "efc": 0.5460347550806786,
  "fber": 703.0987548828125,
  "fd_mean": 0.1634370679976926,
  "fd_num": 160,
  "fd_perc": 29.62962962962963,
  "fwhm_avg": 2.8688930413116798,
  "fwhm_x": 2.665824894069636,
  "fwhm_y": 2.9283332169718257,
  "fwhm_z": 3.012521012893578,
  "gcor": 0.0238899,
  "gsr_x": -0.009445003233850002,
  "gsr_y": 0.11780763417482376,
  "provenance": {
    "md5sum": "57a7216554910cb35a8456e655d74d7b",
    "settings": {
      "fd_thres": 0.2,
      "testing": false
    },
    "software": "mriqc",
    "version": "22.0.6",
    "webapi_port": null,
    "webapi_url": "https://mriqc.nimh.nih.gov/api/v1"
  },
  "size_t": 540,
  "size_x": 90,
  "size_y": 90,
  "size_z": 60,
  "snr": 2.5348171887258393,
  "spacing_tr": 1.2000000476837158,
  "spacing_x": 2.4000000953674316,
  "spacing_y": 2.4000000953674316,
  "spacing_z": 2.3999998569488525,
  "summary_bg_k": 18.00336925558061,
  "summary_bg_mad": 62.55344578291063,
  "summary_bg_mean": 400.384765625,
  "summary_bg_median": 149.20648193359375,
  "summary_bg_n": 311078.0,
  "summary_bg_p05": 101.5740737915039,
  "summary_bg_p95": 1732.3984741210932,
  "summary_bg_stdv": 638.2642822265625,
  "summary_fg_k": 0.9643509811576947,
  "summary_fg_mad": 1465.670293071702,
  "summary_fg_mean": 4374.01318359375,
  "summary_fg_median": 4053.77783203125,
  "summary_fg_n": 96744.0,
  "summary_fg_p05": 2375.7268920898437,
  "summary_fg_p95": 7481.855761718746,
  "summary_fg_stdv": 1599.23046875,
  "tsnr": 43.83358596358448
}