{
  "bids_meta": {
    "AcquisitionMatrixPE": 300,
    "AcquisitionNumber": 1,
    "AcquisitionTime": "21:23:15.140000",
    "BaseResolution": 320,
    "BodyPartExamined": "HEAD",
    "ConsistencyInfo": "N4_VE11C_LATEST_20160120",
    "ConversionSoftware": "dcm2niix",
    "ConversionSoftwareVersion": "v1.0.20190902",
    "DeviceSerialNumber": "67064",
    "DwellTime": 7.1e-06,
    "EchoTime": 0.00222,
    "FlipAngle": 8,
    "ImageOrientationPatientDICOM": [
      0.0134592,
      0.998512,
      0.0528434,
      0.0249247,
      0.0524968,
      -0.99831
    ],
    "ImageType": [
      "ORIGINAL",
      "PRIMARY",
      "M",
      "ND"
    ],
    "ImagingFrequency": 123.247,
    "InPlanePhaseEncodingDirectionDICOM": "ROW",
    "InstitutionAddress": "Scott_Ave_4525_St._Louis_MO_US_63110",
    "InstitutionName": "Washington_University",
    "InstitutionalDepartmentName": "Department",
    "InversionTime": 1,
    "MRAcquisitionType": "3D",
    "MagneticFieldStrength": 3,
    "Manufacturer": "Siemens",
    "ManufacturersModelName": "Prisma_fit",
    "Modality": "MR",
    "ParallelReductionFactorInPlane": 2,
    "PartialFourier": 1,
    "PatientPosition": "HFS",
    "PercentPhaseFOV": 93.75,
    "PhaseEncodingSteps": 299,
    "PhaseResolution": 1,
    "PixelBandwidth": 220,
    "ProcedureStepDescription": "head_Braver",
    "ProtocolName": "T1w_MPR",
    "PulseSequenceDetails": "%SiemensSeq%_tfl",
    "ReceiveCoilActiveElements": "HEA;HEP",
    "ReceiveCoilName": "Head_32",
    "ReconMatrixPE": 300,
    "RefLinesPE": 32,
    "RepetitionTime": 2.4,
    "SAR": 0.0338935,
    "ScanOptions": "IR_WE",
    "ScanningSequence": "GR_IR",
    "SequenceName": "_tfl3d1_16ns",
    "SequenceVariant": "SK_SP_MP",
    "SeriesDescription": "T1w_MPR",
    "SeriesNumber": 11,
    "ShimSetting": [
      -2006,
      -11531,
      5868,
      453,
      11,
      -113,
      -4,
      23
    ],
    "SliceThickness": 0.8,
    "SoftwareVersions": "syngo_MR_E11",
    "StationName": "MRC35177",
    "TxRefAmp": 234.733,
    "dataset": "ds003465",
    "modality": "T1w",
    "session_id": "wave1bas",
    "subject_id": "f7227ag"
  },
  "cjv": 0.4838116553920286,
  "cnr": 2.658851151364533,
  "efc": 0.53908372142833,
  "fber": 17531.241429898775,
  "fwhm_avg": 4.8213958808962945,
  "fwhm_x": 4.807975286577659,
  "fwhm_y": 4.757762429103815,
  "fwhm_z": 4.898449927007408,
  "icvs_csf": 0.16180700763664743,
  "icvs_gm": 0.4080173726464581,
  "icvs_wm": 0.43017561971689444,
  "inu_med": 0.9606412053108215,
  "inu_range": 0.8222403049468993,
  "provenance": {
    "md5sum": "56b234f4daefb7f25ad4a52acf006112",
    "settings": {
      "testing": false
    },
    "software": "mriqc",
    "version": "22.0.6",
    "warnings": {
      "large_rot_frame": true,
      "small_air_mask": false
    },
    "webapi_port": null,
    "webapi_url": "https://mriqc.nimh.nih.gov/api/v1"
  },
  "qi_1": 0.002405424386086163,
  "qi_2": 0.0003926411006507104,
  "rpve_csf": 29.051643219970643,
  "rpve_gm": 11.996540885489406,
  "rpve_wm": 13.064048854211853,
  "size_x": 208,
  "size_y": 300,
  "size_z": 320,
  "snr_csf": 2.0487306366406335,
  "snr_gm": 12.302679118905607,
  "snr_total": 10.41744461231896,
  "snr_wm": 16.900924081410636,
  "snrd_csf": 5.4079726266507135,
  "snrd_gm": 15.073235407682457,
  "snrd_total": 13.46614427611452,
  "snrd_wm": 19.917224794010384,
  "spacing_x": 0.7999999523162842,
  "spacing_y": 0.800000011920929,
  "spacing_z": 0.800000011920929,
  "summary_bg_k": 782.6410531574687,
  "summary_bg_mad": 0.0,
  "summary_bg_mean": 10.117361989957857,
  "summary_bg_median": 0.0,
  "summary_bg_n": 6761801.0,
  "summary_bg_p05": 0.0,
  "summary_bg_p95": 35.004915185272694,
  "summary_bg_stdv": 32.895542349395974,
  "summary_csf_k": 0.2282125151840968,
  "summary_csf_mad": 124.11873001775301,
  "summary_csf_mean": 261.7101349804176,
  "summary_csf_median": 271.543746560812,
  "summary_csf_n": 54230.0,
  "summary_csf_p05": 50.540804509073496,
  "summary_csf_p95": 483.30381774902344,
  "summary_csf_stdv": 132.5412126233372,
  "summary_gm_k": 0.11667194307220452,
  "summary_gm_mad": 60.353716499118796,
  "summary_gm_mean": 756.4029081588607,
  "summary_gm_median": 756.8534639440477,
  "summary_gm_n": 72985.0,
  "summary_gm_p05": 654.9537625260651,
  "summary_gm_p95": 857.4630965776742,
  "summary_gm_stdv": 61.518980672265826,
  "summary_wm_k": 0.326928299145961,
  "summary_wm_mad": 57.321452481771765,
  "summary_wm_mean": 1005.6437721902039,
  "summary_wm_median": 1000.0786274336278,
  "summary_wm_n": 503266.0,
  "summary_wm_p05": 918.3873815461993,
  "summary_wm_p95": 1111.897699199617,
  "summary_wm_stdv": 59.17295581160645,
  "tpm_overlap_csf": 0.13117023850415294,
  "tpm_overlap_gm": 0.4364956290939824,
  "tpm_overlap_wm": 0.4788361688144599,
  "wm2max": 0.549452211681829
}