{
  "aor": 0.0014583384615384617,
  "aqi": 0.008166110984615385,
  "bids_meta": {
    "AcquisitionMatrixPE": 90,
    "AcquisitionNumber": 1,
    "AcquisitionTime": "20:30:45.530000",
    "BandwidthPerPixelPhaseEncode": 18.832,
    "BaseResolution": 90,
    "BodyPartExamined": "HEAD",
    "ConsistencyInfo": "N4_VE11C_LATEST_20160120",
    "ConversionSoftware": "dcm2niix",
    "ConversionSoftwareVersion": "v1.0.20190902",
    "DerivedVendorReportedEchoSpacing": 0.000590012,
    "DeviceSerialNumber": "67064",
    "DwellTime": 2.5e-06,
    "EchoTime": 0.033,
    "EchoTrainLength": 90,
    "EffectiveEchoSpacing": 0.000590012,
    "FlipAngle": 63,
    "ImageComments": "Unaliased_MB4_PE3_LB",
    "ImageOrientationPatientDICOM": [
      1,
      0,
      0,
      0,
      0.943223,
      -0.332161
    ],
    "ImageType": [
      "ORIGINAL",
      "PRIMARY",
      "M",
      "MB",
      "ND",
      "MOSAIC"
    ],
    "ImagingFrequency": 123.247,
    "InPlanePhaseEncodingDirectionDICOM": "COL",
    "InstitutionAddress": "Scott_Ave_4525_St._Louis_MO_US_63110",
    "InstitutionName": "Washington_University",
    "InstitutionalDepartmentName": "Department",
    "MRAcquisitionType": "2D",
    "MagneticFieldStrength": 3,
    "Manufacturer": "Siemens",
    "ManufacturersModelName": "Prisma_fit",
    "Modality": "MR",
    "MultibandAccelerationFactor": 4,
    "PartialFourier": 1,
    "PatientPosition": "HFS",
    "PercentPhaseFOV": 100,
    "PhaseEncodingDirection": "j",
    "PhaseEncodingSteps": 90,
    "PhaseResolution": 1,
    "PixelBandwidth": 2220,
    "ProcedureStepDescription": "head_Braver",
    "ProtocolName": "tfMRI_CuedtsBas2_PA",
    "PulseSequenceDetails": "%CustomerSeq%_cmrr_mbep2d_bold",
    "ReceiveCoilActiveElements": "HEA;HEP",
    "ReceiveCoilName": "Head_32",
    "ReconMatrixPE": 90,
    "RepetitionTime": 1.2,
    "SAR": 0.0705254,
    "ScanOptions": "FS_EXT",
    "ScanningSequence": "EP",
    "SequenceName": "epfid2d1_90",
    "SequenceVariant": "SK_SS",
    "SeriesDescription": "tfMRI_CuedtsBas2_PA",
    "SeriesNumber": 83,
    "ShimSetting": [
      -2009,
      -11506,
      5792,
      463,
      80,
      133,
      -32,
      10
    ],
    "SliceThickness": 2.4,
    "SliceTiming": [
      0,
      0.63,
      0.0775,
      0.7075,
      0.1575,
      0.7875,
      0.235,
      0.865,
      0.315,
      0.9425,
      0.3925,
      1.0225,
      0.4725,
      1.1,
      0.55,
      0,
      0.63,
      0.0775,
      0.7075,
      0.1575,
      0.7875,
      0.235,
      0.865,
      0.315,
      0.9425,
      0.3925,
      1.0225,
      0.4725,
      1.1,
      0.55,
      0,
      0.63,
      0.0775,
      0.7075,
      0.1575,
      0.7875,
      0.235,
      0.865,
      0.315,
      0.9425,
      0.3925,
      1.0225,
      0.4725,
      1.1,
      0.55,
      0,
      0.63,
      0.0775,
      0.7075,
      0.1575,
      0.7875,
      0.235,
      0.865,
      0.315,
      0.9425,
      0.3925,
      1.0225,
      0.4725,
      1.1,
      0.55
    ],
    "SoftwareVersions": "syngo_MR_E11",
    "SpacingBetweenSlices": 2.4,
    "StationName": "MRC35177",
    "TaskName": "Cuedts",
    "TotalReadoutTime": 0.0525111,
    "TxRefAmp": 248.318,
    "VendorReportedEchoSpacing": 0.00059,
    "WipMemBlock": "b79d4e6f-20dc-4ed8-b68b-7836a4719dd0||Sequence: R016 ve11c/master r/e634e98; Dec 19 2017 11:00:25 by eja",
    "acq_id": "mb4PA",
    "dataset": "ds003465",
    "modality": "bold",
    "run_id": 2,
    "session_id": "wave1bas",
    "subject_id": "f4138ge",
    "task_id": "Cuedts"
  },
  "dummy_trs": 0,
  "dvars_nstd": 32.00601612759631,
  "dvars_std": 1.215800050600924,
  "dvars_vstd": 0.9731932163020028,
  "efc": 0.5395343674384239,
  "fber": 707.667724609375,
  "fd_mean": 0.08670320803356477,
  "fd_num": 16,
  "fd_perc": 2.4615384615384617,
  "fwhm_avg": 2.69467489292324,
  "fwhm_x": 2.480091568116682,
  "fwhm_y": 2.7601040569899853,
  "fwhm_z": 2.843829053663053,
  "gcor": 0.0206462,
  "gsr_x": -0.013403212651610374,
  "gsr_y": 0.07159892469644547,
  "provenance": {
    "md5sum": "065da65505a0c82f207945c85f65fab3",
    "settings": {
      "fd_thres": 0.2,
      "testing": false
    },
    "software": "mriqc",
    "version": "22.0.6",
    "webapi_port": null,
    "webapi_url": "https://mriqc.nimh.nih.gov/api/v1"
  },
  "size_t": 650,
  "size_x": 90,
  "size_y": 90,
  "size_z": 60,
  "snr": 2.426865099856775,
  "spacing_tr": 1.2000000476837158,
  "spacing_x": 2.4000000953674316,
  "spacing_y": 2.4000000953674316,
  "spacing_z": 2.4000000953674316,
  "summary_bg_k": 14.075732685611165,
  "summary_bg_mad": 55.720741251783934,
  "summary_bg_mean": 399.9107971191406,
  "summary_bg_median": 147.7153778076172,
  "summary_bg_n": 312412.0,
  "summary_bg_p05": 103.9800033569336,
  "summary_bg_p95": 1863.9192321777357,
  "summary_bg_stdv": 670.3080444335938,
  "summary_fg_k": 1.2795505147200208,
  "summary_fg_mad": 1562.7505144372258,
  "summary_fg_mean": 4349.33642578125,
  "summary_fg_median": 4043.00830078125,
  "summary_fg_n": 91972.0,
  "summary_fg_p05": 2230.6831665039062,
  "summary_fg_p95": 7488.262768554687,
  "summary_fg_stdv": 1665.9295654296875,
  "tsnr": 40.04278489621356
}