{
  "aor": 0.00307795,
  "aqi": 0.0116215017,
  "bids_meta": {
    "AcquisitionMatrixPE": 90,
    "AcquisitionNumber": 1,
    "AcquisitionTime": "19:18:29.205000",
    "BandwidthPerPixelPhaseEncode": 18.832,
    "BaseResolution": 90,
    "BodyPartExamined": "HEAD",
    "ConsistencyInfo": "N4_VE11C_LATEST_20160120",
    "ConversionSoftware": "dcm2niix",
    "ConversionSoftwareVersion": "v1.0.20190902",
    "DerivedVendorReportedEchoSpacing": 0.000590012,
    "DeviceSerialNumber": "67064",
    "DwellTime": 2.5e-06,
    "EchoTime": 0.033,
    "EchoTrainLength": 90,
    "EffectiveEchoSpacing": 0.000590012,
    "FlipAngle": 63,
    "ImageComments": "Unaliased_MB4_PE3_LB",
    "ImageOrientationPatientDICOM": [
      1,
      0,
      0,
      0,
      0.943223,
      -0.332161
    ],
    "ImageType": [
      "ORIGINAL",
      "PRIMARY",
      "M",
      "MB",
      "ND",
      "MOSAIC"
    ],
    "ImagingFrequency": 123.247,
    "InPlanePhaseEncodingDirectionDICOM": "COL",
    "InstitutionAddress": "Scott_Ave_4525_St._Louis_MO_US_63110",
    "InstitutionName": "Washington_University",
    "InstitutionalDepartmentName": "Department",
    "MRAcquisitionType": "2D",
    "MagneticFieldStrength": 3,
    "Manufacturer": "Siemens",
    "ManufacturersModelName": "Prisma_fit",
    "Modality": "MR",
    "MultibandAccelerationFactor": 4,
    "PartialFourier": 1,
    "PatientPosition": "HFS",
    "PercentPhaseFOV": 100,
    "PhaseEncodingDirection": "j-",
    "PhaseEncodingSteps": 90,
    "PhaseResolution": 1,
    "PixelBandwidth": 2220,
    "ProcedureStepDescription": "head_Braver",
    "ProtocolName": "tfMRI_SternBas1_AP",
    "PulseSequenceDetails": "%CustomerSeq%_cmrr_mbep2d_bold",
    "ReceiveCoilActiveElements": "HEA;HEP",
    "ReceiveCoilName": "Head_32",
    "ReconMatrixPE": 90,
    "RepetitionTime": 1.2,
    "SAR": 0.0705042,
    "ScanOptions": "FS_EXT",
    "ScanningSequence": "EP",
    "SequenceName": "epfid2d1_90",
    "SequenceVariant": "SK_SS",
    "SeriesDescription": "tfMRI_SternBas1_AP",
    "SeriesNumber": 62,
    "ShimSetting": [
      -2009,
      -11506,
      5792,
      463,
      80,
      133,
      -32,
      10
    ],
    "SliceThickness": 2.4,
    "SliceTiming": [
      0,
      0.63,
      0.0775,
      0.7075,
      0.1575,
      0.785,
      0.235,
      0.865,
      0.315,
      0.9425,
      0.3925,
      1.0225,
      0.4725,
      1.1,
      0.55,
      0,
      0.63,
      0.0775,
      0.7075,
      0.1575,
      0.785,
      0.235,
      0.865,
      0.315,
      0.9425,
      0.3925,
      1.0225,
      0.4725,
      1.1,
      0.55,
      0,
      0.63,
      0.0775,
      0.7075,
      0.1575,
      0.785,
      0.235,
      0.865,
      0.315,
      0.9425,
      0.3925,
      1.0225,
      0.4725,
      1.1,
      0.55,
      0,
      0.63,
      0.0775,
      0.7075,
      0.1575,
      0.785,
      0.235,
      0.865,
      0.315,
      0.9425,
      0.3925,
      1.0225,
      0.4725,
      1.1,
      0.55
    ],
    "SoftwareVersions": "syngo_MR_E11",
    "SpacingBetweenSlices": 2.4,
    "StationName": "MRC35177",
    "TaskName": "Stern",
    "TotalReadoutTime": 0.0525111,
    "TxRefAmp": 248.318,
    "VendorReportedEchoSpacing": 0.00059,
    "WipMemBlock": "962c0214-a3f0-4fe1-929e-a960f48705b6||Sequence: R016 ve11c/master r/e634e98; Dec 19 2017 11:00:25 by eja",
    "acq_id": "mb4AP",
    "dataset": "ds003465",
    "modality": "bold",
    "run_id": 1,
    "session_id": "wave1bas",
    "subject_id": "f4138ge",
    "task_id": "Stern"
  },
  "dummy_trs": 0,
  "dvars_nstd": 30.795297059048387,
  "dvars_std": 1.0310256347245415,
  "dvars_vstd": 0.9861879758430715,
  "efc": 0.5371119736959459,
  "fber": 721.9407348632812,
  "fd_mean": 0.1913916899178753,
  "fd_num": 164,
  "fd_perc": 27.333333333333332,
  "fwhm_avg": 2.738865168945054,
  "fwhm_x": 2.508733233645231,
  "fwhm_y": 2.8750290524232764,
  "fwhm_z": 2.8328332207666547,
  "gcor": 0.039113,
  "gsr_x": -0.021055210381746292,
  "gsr_y": 0.10439219325780869,
  "provenance": {
    "md5sum": "2a5e9ba570df7f2fce406ded95bde59f",
    "settings": {
      "fd_thres": 0.2,
      "testing": false
    },
    "software": "mriqc",
    "version": "22.0.6",
    "webapi_port": null,
    "webapi_url": "https://mriqc.nimh.nih.gov/api/v1"
  },
  "size_t": 600,
  "size_x": 90,
  "size_y": 90,
  "size_z": 60,
  "snr": 2.505691997993078,
  "spacing_tr": 1.2000000476837158,
  "spacing_x": 2.4000000953674316,
  "spacing_y": 2.4000000953674316,
  "spacing_z": 2.4000000953674316,
  "summary_bg_k": 23.847873548063138,
  "summary_bg_mad": 57.92526822455958,
  "summary_bg_mean": 415.1725769042969,
  "summary_bg_median": 149.4550018310547,
  "summary_bg_n": 317057.0,
  "summary_bg_p05": 104.95999908447266,
  "summary_bg_p95": 1804.7270751953138,
  "summary_bg_stdv": 712.0149536132812,
  "summary_fg_k": 0.730441964427269,
  "summary_fg_mad": 1512.5445575483805,
  "summary_fg_mean": 4435.798828125,
  "summary_fg_median": 4120.798828125,
  "summary_fg_n": 91348.0,
  "summary_fg_p05": 2334.1402221679687,
  "summary_fg_p95": 7613.664648437498,
  "summary_fg_stdv": 1644.566162109375,
  "tsnr": 32.58964667888358
}