{
  "aor": 0.00088225,
  "aqi": 0.0055761127,
  "bids_meta": {
    "AcquisitionMatrixPE": 90,
    "AcquisitionNumber": 1,
    "AcquisitionTime": "20:20:38.705000",
    "BandwidthPerPixelPhaseEncode": 18.832,
    "BaseResolution": 90,
    "BodyPartExamined": "HEAD",
    "ConsistencyInfo": "N4_VE11C_LATEST_20160120",
    "ConversionSoftware": "dcm2niix",
    "ConversionSoftwareVersion": "v1.0.20190902",
    "DerivedVendorReportedEchoSpacing": 0.000590012,
    "DeviceSerialNumber": "67064",
    "DwellTime": 2.5e-06,
    "EchoTime": 0.033,
    "EchoTrainLength": 90,
    "EffectiveEchoSpacing": 0.000590012,
    "FlipAngle": 63,
    "ImageComments": "Unaliased_MB4_PE3_LB",
    "ImageOrientationPatientDICOM": [
      0.995746,
      -0.0311615,
      -0.0867084,
      0.000869,
      0.944207,
      -0.329352
    ],
    "ImageType": [
      "ORIGINAL",
      "PRIMARY",
      "M",
      "MB",
      "ND",
      "MOSAIC"
    ],
    "ImagingFrequency": 123.247,
    "InPlanePhaseEncodingDirectionDICOM": "COL",
    "InstitutionAddress": "Scott_Ave_4525_St._Louis_MO_US_63110",
    "InstitutionName": "Washington_University",
    "InstitutionalDepartmentName": "Department",
    "MRAcquisitionType": "2D",
    "MagneticFieldStrength": 3,
    "Manufacturer": "Siemens",
    "ManufacturersModelName": "Prisma_fit",
    "Modality": "MR",
    "MultibandAccelerationFactor": 4,
    "PartialFourier": 1,
    "PatientPosition": "HFS",
    "PercentPhaseFOV": 100,
    "PhaseEncodingDirection": "j",
    "PhaseEncodingSteps": 90,
    "PhaseResolution": 1,
    "PixelBandwidth": 2220,
    "ProcedureStepDescription": "head_Braver",
    "ProtocolName": "tfMRI_SternBas2_PA",
    "PulseSequenceDetails": "%CustomerSeq%_cmrr_mbep2d_bold",
    "ReceiveCoilActiveElements": "HEA;HEP",
    "ReceiveCoilName": "Head_32",
    "ReconMatrixPE": 90,
    "RepetitionTime": 1.2,
    "SAR": 0.0636744,
    "ScanOptions": "FS_EXT",
    "ScanningSequence": "EP",
    "SequenceName": "epfid2d1_90",
    "SequenceVariant": "SK_SS",
    "SeriesDescription": "tfMRI_SternBas2_PA",
    "SeriesNumber": 56,
    "ShimSetting": [
      -1994,
      -11545,
      5833,
      708,
      108,
      8,
      -16,
      -39
    ],
    "SliceThickness": 2.4,
    "SliceTiming": [
      0,
      0.63,
      0.08,
      0.71,
      0.1575,
      0.7875,
      0.2375,
      0.8675,
      0.315,
      0.945,
      0.395,
      1.025,
      0.4725,
      1.1025,
      0.5525,
      0,
      0.63,
      0.08,
      0.71,
      0.1575,
      0.7875,
      0.2375,
      0.8675,
      0.315,
      0.945,
      0.395,
      1.025,
      0.4725,
      1.1025,
      0.5525,
      0,
      0.63,
      0.08,
      0.71,
      0.1575,
      0.7875,
      0.2375,
      0.8675,
      0.315,
      0.945,
      0.395,
      1.025,
      0.4725,
      1.1025,
      0.5525,
      0,
      0.63,
      0.08,
      0.71,
      0.1575,
      0.7875,
      0.2375,
      0.8675,
      0.315,
      0.945,
      0.395,
      1.025,
      0.4725,
      1.1025,
      0.5525
    ],
    "SoftwareVersions": "syngo_MR_E11",
    "SpacingBetweenSlices": 2.4,
    "StationName": "MRC35177",
    "TaskName": "Stern",
    "TotalReadoutTime": 0.0525111,
    "TxRefAmp": 218.908,
    "VendorReportedEchoSpacing": 0.00059,
    "WipMemBlock": "f80a6759-aaa3-4a54-8d3b-dfe6f748a5df||Sequence: R016 ve11c/master r/e634e98; Dec 19 2017 11:00:25 by eja",
    "acq_id": "mb4PA",
    "dataset": "ds003465",
    "modality": "bold",
    "run_id": 2,
    "session_id": "wave1bas",
    "subject_id": "f3680fb",
    "task_id": "Stern"
  },
  "dummy_trs": 0,
  "dvars_nstd": 28.73336710153592,
  "dvars_std": 1.0973890457929873,
  "dvars_vstd": 0.994901168330551,
  "efc": 0.49402202556138325,
  "fber": 944.8928833007812,
  "fd_mean": 0.09842784095260315,
  "fd_num": 15,
  "fd_perc": 2.5,
  "fwhm_avg": 2.492383234294922,
  "fwhm_x": 2.3124790747770043,
  "fwhm_y": 2.551195731957923,
  "fwhm_z": 2.613474896149838,
  "gcor": 0.00678268,
  "gsr_x": -0.012613710947334766,
  "gsr_y": 0.02685367316007614,
  "provenance": {
    "md5sum": "0046b4252a6570a732009b66422907cb",
    "settings": {
      "fd_thres": 0.2,
      "testing": false
    },
    "software": "mriqc",
    "version": "22.0.6",
    "webapi_port": null,
    "webapi_url": "https://mriqc.nimh.nih.gov/api/v1"
  },
  "size_t": 600,
  "size_x": 90,
  "size_y": 90,
  "size_z": 60,
  "snr": 3.6453034320362683,
  "spacing_tr": 1.2000000476837158,
  "spacing_x": 2.4000000953674316,
  "spacing_y": 2.4000000953674316,
  "spacing_z": 2.4000000953674316,
  "summary_bg_k": 20.05505596082302,
  "summary_bg_mad": 34.89057145474135,
  "summary_bg_mean": 292.8750305175781,
  "summary_bg_median": 126.07333374023438,
  "summary_bg_n": 351669.0,
  "summary_bg_p05": 99.96333312988281,
  "summary_bg_p95": 1257.7766845703122,
  "summary_bg_stdv": 447.6318359375,
  "summary_fg_k": 0.2994109909038323,
  "summary_fg_mad": 1041.975264320733,
  "summary_fg_mean": 4034.86474609375,
  "summary_fg_median": 3931.6435546875,
  "summary_fg_n": 63060.0,
  "summary_fg_p05": 2496.3724975585938,
  "summary_fg_p95": 5996.148925781248,
  "summary_fg_stdv": 1078.5418701171875,
  "tsnr": 51.369247952708974
}