{
  "aor": 0.0038029814814814823,
  "aqi": 0.007781081629629628,
  "bids_meta": {
    "AcquisitionMatrixPE": 90,
    "AcquisitionNumber": 1,
    "AcquisitionTime": "20:36:27.640000",
    "BandwidthPerPixelPhaseEncode": 18.832,
    "BaseResolution": 90,
    "BodyPartExamined": "HEAD",
    "ConsistencyInfo": "N4_VE11C_LATEST_20160120",
    "ConversionSoftware": "dcm2niix",
    "ConversionSoftwareVersion": "v1.0.20190902",
    "DerivedVendorReportedEchoSpacing": 0.000590012,
    "DeviceSerialNumber": "67064",
    "DwellTime": 2.5e-06,
    "EchoTime": 0.033,
    "EchoTrainLength": 90,
    "EffectiveEchoSpacing": 0.000590012,
    "FlipAngle": 63,
    "ImageComments": "Unaliased_MB4_PE3_LB",
    "ImageOrientationPatientDICOM": [
      0.995746,
      -0.0311615,
      -0.0867084,
      0.000869,
      0.944207,
      -0.329352
    ],
    "ImageType": [
      "ORIGINAL",
      "PRIMARY",
      "M",
      "MB",
      "ND",
      "MOSAIC"
    ],
    "ImagingFrequency": 123.247,
    "InPlanePhaseEncodingDirectionDICOM": "COL",
    "InstitutionAddress": "Scott_Ave_4525_St._Louis_MO_US_63110",
    "InstitutionName": "Washington_University",
    "InstitutionalDepartmentName": "Department",
    "MRAcquisitionType": "2D",
    "MagneticFieldStrength": 3,
    "Manufacturer": "Siemens",
    "ManufacturersModelName": "Prisma_fit",
    "Modality": "MR",
    "MultibandAccelerationFactor": 4,
    "PartialFourier": 1,
    "PatientPosition": "HFS",
    "PercentPhaseFOV": 100,
    "PhaseEncodingDirection": "j-",
    "PhaseEncodingSteps": 90,
    "PhaseResolution": 1,
    "PixelBandwidth": 2220,
    "ProcedureStepDescription": "head_Braver",
    "ProtocolName": "tfMRI_StroopBas1_AP",
    "PulseSequenceDetails": "%CustomerSeq%_cmrr_mbep2d_bold",
    "ReceiveCoilActiveElements": "HEA;HEP",
    "ReceiveCoilName": "Head_32",
    "ReconMatrixPE": 90,
    "RepetitionTime": 1.2,
    "SAR": 0.0636467,
    "ScanOptions": "FS_EXT",
    "ScanningSequence": "EP",
    "SequenceName": "epfid2d1_90",
    "SequenceVariant": "SK_SS",
    "SeriesDescription": "tfMRI_StroopBas1_AP",
    "SeriesNumber": 62,
    "ShimSetting": [
      -1994,
      -11545,
      5833,
      708,
      108,
      8,
      -16,
      -39
    ],
    "SliceThickness": 2.4,
    "SliceTiming": [
      0,
      0.63,
      0.0775,
      0.7075,
      0.1575,
      0.7875,
      0.235,
      0.865,
      0.315,
      0.9425,
      0.3925,
      1.0225,
      0.4725,
      1.1,
      0.55,
      0,
      0.63,
      0.0775,
      0.7075,
      0.1575,
      0.7875,
      0.235,
      0.865,
      0.315,
      0.9425,
      0.3925,
      1.0225,
      0.4725,
      1.1,
      0.55,
      0,
      0.63,
      0.0775,
      0.7075,
      0.1575,
      0.7875,
      0.235,
      0.865,
      0.315,
      0.9425,
      0.3925,
      1.0225,
      0.4725,
      1.1,
      0.55,
      0,
      0.63,
      0.0775,
      0.7075,
      0.1575,
      0.7875,
      0.235,
      0.865,
      0.315,
      0.9425,
      0.3925,
      1.0225,
      0.4725,
      1.1,
      0.55
    ],
    "SoftwareVersions": "syngo_MR_E11",
    "SpacingBetweenSlices": 2.4,
    "StationName": "MRC35177",
    "TaskName": "Stroop",
    "TotalReadoutTime": 0.0525111,
    "TxRefAmp": 218.908,
    "VendorReportedEchoSpacing": 0.00059,
    "WipMemBlock": "85cdc40b-fb85-4adb-8b4b-6f7e6184f34e||Sequence: R016 ve11c/master r/e634e98; Dec 19 2017 11:00:25 by eja",
    "acq_id": "mb4AP",
    "dataset": "ds003465",
    "modality": "bold",
    "run_id": 1,
    "session_id": "wave1bas",
    "subject_id": "f3680fb",
    "task_id": "Stroop"
  },
  "dummy_trs": 0,
  "dvars_nstd": 32.81360589092766,
  "dvars_std": 1.130701677272727,
  "dvars_vstd": 1.0398290493877547,
  "efc": 0.49305185916763417,
  "fber": 925.8297729492188,
  "fd_mean": 0.18272791635739957,
  "fd_num": 172,
  "fd_perc": 31.85185185185185,
  "fwhm_avg": 2.514751288961651,
  "fwhm_x": 2.3011707418930234,
  "fwhm_y": 2.651104061321256,
  "fwhm_z": 2.5919790636706725,
  "gcor": 0.00569735,
  "gsr_x": -0.009465066716074944,
  "gsr_y": 0.03781846910715103,
  "provenance": {
    "md5sum": "4b32a8a2a454d224a32c5cf716e7bf72",
    "settings": {
      "fd_thres": 0.2,
      "testing": false
    },
    "software": "mriqc",
    "version": "22.0.6",
    "webapi_port": null,
    "webapi_url": "https://mriqc.nimh.nih.gov/api/v1"
  },
  "size_t": 540,
  "size_x": 90,
  "size_y": 90,
  "size_z": 60,
  "snr": 3.761984788749603,
  "spacing_tr": 1.2000000476837158,
  "spacing_x": 2.4000000953674316,
  "spacing_y": 2.4000000953674316,
  "spacing_z": 2.4000000953674316,
  "summary_bg_k": 29.048359004252703,
  "summary_bg_mad": 34.234388308854136,
  "summary_bg_mean": 267.79754638671875,
  "summary_bg_median": 124.62222290039062,
  "summary_bg_n": 347434.0,
  "summary_bg_p05": 96.53888702392578,
  "summary_bg_p95": 1014.2941619873042,
  "summary_bg_stdv": 404.638671875,
  "summary_fg_k": 0.40912373674337044,
  "summary_fg_mad": 960.1154242997043,
  "summary_fg_mean": 4003.189453125,
  "summary_fg_median": 3877.5126953125,
  "summary_fg_n": 65396.0,
  "summary_fg_p05": 2551.6295166015625,
  "summary_fg_p95": 5910.68212890625,
  "summary_fg_stdv": 1030.701416015625,
  "tsnr": 43.39365414145868
}