{
  "bids_meta": {
    "AcquisitionMatrixPE": 300,
    "AcquisitionNumber": 1,
    "AcquisitionTime": "17:39:23.125000",
    "BaseResolution": 320,
    "BodyPartExamined": "HEAD",
    "ConsistencyInfo": "N4_VE11C_LATEST_20160120",
    "ConversionSoftware": "dcm2niix",
    "ConversionSoftwareVersion": "v1.0.20190902",
    "DeviceSerialNumber": "67064",
    "DwellTime": 7.1e-06,
    "EchoTime": 0.00222,
    "FlipAngle": 8,
    "ImageOrientationPatientDICOM": [
      0.00467364,
      0.999849,
      -0.0167533,
      0.0111306,
      -0.0168045,
      -0.999797
    ],
    "ImageType": [
      "ORIGINAL",
      "PRIMARY",
      "M",
      "ND"
    ],
    "ImagingFrequency": 123.247,
    "InPlanePhaseEncodingDirectionDICOM": "ROW",
    "InstitutionAddress": "Scott_Ave_4525_St._Louis_MO_US_63110",
    "InstitutionName": "Washington_University",
    "InstitutionalDepartmentName": "Department",
    "InversionTime": 1,
    "MRAcquisitionType": "3D",
    "MagneticFieldStrength": 3,
    "Manufacturer": "Siemens",
    "ManufacturersModelName": "Prisma_fit",
    "Modality": "MR",
    "ParallelReductionFactorInPlane": 2,
    "PartialFourier": 1,
    "PatientPosition": "HFS",
    "PercentPhaseFOV": 93.75,
    "PhaseEncodingSteps": 299,
    "PhaseResolution": 1,
    "PixelBandwidth": 220,
    "ProcedureStepDescription": "head_Braver",
    "ProtocolName": "T1w_MPR",
    "PulseSequenceDetails": "%SiemensSeq%_tfl",
    "ReceiveCoilActiveElements": "HEA;HEP",
    "ReceiveCoilName": "Head_32",
    "ReconMatrixPE": 300,
    "RefLinesPE": 32,
    "RepetitionTime": 2.4,
    "SAR": 0.0448723,
    "ScanOptions": "IR_WE",
    "ScanningSequence": "GR_IR",
    "SequenceName": "_tfl3d1_16ns",
    "SequenceVariant": "SK_SP_MP",
    "SeriesDescription": "T1w_MPR",
    "SeriesNumber": 11,
    "ShimSetting": [
      -2006,
      -11535,
      5851,
      623,
      21,
      63,
      -90,
      -23
    ],
    "SliceThickness": 0.8,
    "SoftwareVersions": "syngo_MR_E11",
    "StationName": "MRC35177",
    "TxRefAmp": 282.895,
    "dataset": "ds003465",
    "modality": "T1w",
    "session_id": "wave1bas",
    "subject_id": "f9206gd"
  },
  "cjv": 0.509758460765084,
  "cnr": 2.6060399112293084,
  "efc": 0.5549327426305279,
  "fber": 11316.907029478458,
  "fwhm_avg": 4.842520880519419,
  "fwhm_x": 4.805475286428647,
  "fwhm_y": 4.711312429795974,
  "fwhm_z": 5.010774925333635,
  "icvs_csf": 0.16877628502324069,
  "icvs_gm": 0.4003395828085405,
  "icvs_wm": 0.4308841321682188,
  "inu_med": 1.0218963623046875,
  "inu_range": 0.9045442819595333,
  "provenance": {
    "md5sum": "4dfd61eeb6de3a31d9fcdde877be992a",
    "settings": {
      "testing": false
    },
    "software": "mriqc",
    "version": "22.0.6",
    "warnings": {
      "large_rot_frame": true,
      "small_air_mask": false
    },
    "webapi_port": null,
    "webapi_url": "https://mriqc.nimh.nih.gov/api/v1"
  },
  "qi_1": 0.0,
  "qi_2": 0.0012267394012385009,
  "rpve_csf": 25.972960161741444,
  "rpve_gm": 11.309310972916538,
  "rpve_wm": 12.206671766593749,
  "size_x": 208,
  "size_y": 300,
  "size_z": 320,
  "snr_csf": 2.428347893122764,
  "snr_gm": 12.555445855363272,
  "snr_total": 9.74313402052268,
  "snr_wm": 14.245608313081998,
  "snrd_csf": 12.079939255065636,
  "snrd_gm": 28.638417685126274,
  "snrd_total": 26.217400336315805,
  "snrd_wm": 37.933844068755505,
  "spacing_x": 0.7999999523162842,
  "spacing_y": 0.800000011920929,
  "spacing_z": 0.800000011920929,
  "summary_bg_k": 5532.204464215542,
  "summary_bg_mad": 0.0,
  "summary_bg_mean": 8.434646862840195,
  "summary_bg_median": 0.0,
  "summary_bg_n": 7166330.0,
  "summary_bg_p05": 0.0,
  "summary_bg_p95": 31.822566032409668,
  "summary_bg_stdv": 17.2715399804773,
  "summary_csf_k": 18.05982789889155,
  "summary_csf_mad": 92.3052155854771,
  "summary_csf_mean": 327.57560570435766,
  "summary_csf_median": 318.46674036979675,
  "summary_csf_n": 61308.0,
  "summary_csf_p05": 118.33112693130973,
  "summary_csf_p95": 538.3106475442645,
  "summary_csf_stdv": 131.14436526664008,
  "summary_gm_k": 0.10592049558207783,
  "summary_gm_mad": 59.51139746362802,
  "summary_gm_mean": 755.3753416138893,
  "summary_gm_median": 755.0024331212044,
  "summary_gm_n": 70380.0,
  "summary_gm_p05": 657.4855546355247,
  "summary_gm_p95": 855.0506520867348,
  "summary_gm_stdv": 60.13303534120671,
  "summary_wm_k": 0.5264967761030399,
  "summary_wm_mad": 65.40892333840198,
  "summary_wm_mean": 1009.9699278109703,
  "summary_wm_median": 1000.0602995753288,
  "summary_wm_n": 534321.0,
  "summary_wm_p05": 912.7290530204773,
  "summary_wm_p95": 1143.5631967782974,
  "summary_wm_stdv": 70.20123969244723,
  "tpm_overlap_csf": 0.13736749216490612,
  "tpm_overlap_gm": 0.4325139583745117,
  "tpm_overlap_wm": 0.47688170753659587,
  "wm2max": 0.46296141290700593
}