{
  "bids_meta": {
    "AcquisitionMatrixPE": 300,
    "AcquisitionNumber": 1,
    "AcquisitionTime": "08:11:29.517500",
    "BaseResolution": 320,
    "BodyPartExamined": "HEAD",
    "ConsistencyInfo": "N4_VE11C_LATEST_20160120",
    "ConversionSoftware": "dcm2niix",
    "ConversionSoftwareVersion": "v1.0.20190902",
    "DeviceSerialNumber": "67064",
    "DwellTime": 2.1e-06,
    "EchoTime": 0.563,
    "EchoTrainLength": 314,
    "FlipAngle": 120,
    "ImageOrientationPatientDICOM": [
      0.0158221,
      0.988761,
      -0.148667,
      0.0066004,
      -0.148785,
      -0.988847
    ],
    "ImageType": [
      "ORIGINAL",
      "PRIMARY",
      "M",
      "ND"
    ],
    "ImagingFrequency": 123.247,
    "InPlanePhaseEncodingDirectionDICOM": "ROW",
    "InstitutionAddress": "Scott_Ave_4525_St._Louis_MO_US_63110",
    "InstitutionName": "Washington_University",
    "InstitutionalDepartmentName": "Department",
    "MRAcquisitionType": "3D",
    "MagneticFieldStrength": 3,
    "Manufacturer": "Siemens",
    "ManufacturersModelName": "Prisma_fit",
    "Modality": "MR",
    "ParallelReductionFactorInPlane": 2,
    "PartialFourier": 1,
    "PatientPosition": "HFS",
    "PercentPhaseFOV": 93.75,
    "PhaseEncodingSteps": 297,
    "PhaseResolution": 1,
    "PixelBandwidth": 745,
    "ProcedureStepDescription": "head_Braver",
    "ProtocolName": "T2w_SPC",
    "PulseSequenceDetails": "%SiemensSeq%_tse_vfl",
    "ReceiveCoilActiveElements": "HEA;HEP",
    "ReceiveCoilName": "Head_32",
    "ReconMatrixPE": 300,
    "RefLinesPE": 32,
    "RepetitionTime": 3.2,
    "SAR": 0.134687,
    "ScanOptions": "PFP",
    "ScanningSequence": "SE",
    "SequenceName": "_spc_314ns",
    "SequenceVariant": "SK_SP",
    "SeriesDescription": "T2w_SPC",
    "SeriesNumber": 13,
    "ShimSetting": [
      -1988,
      -11478,
      5808,
      435,
      80,
      20,
      -13,
      -21
    ],
    "SliceThickness": 0.8,
    "SoftwareVersions": "syngo_MR_E11",
    "StationName": "MRC35177",
    "TxRefAmp": 254.648,
    "dataset": "ds003465",
    "modality": "T2w",
    "session_id": "wave1bas",
    "subject_id": "f8979ai"
  },
  "cjv": 0.3815513078649587,
  "cnr": 1.638164770011918,
  "efc": 0.5245429555404473,
  "fber": 5668.151749828448,
  "fwhm_avg": 3.687216697918007,
  "fwhm_x": 3.4706752068683624,
  "fwhm_y": 3.9173874416263783,
  "fwhm_z": 3.6735874452592814,
  "icvs_csf": 0.3179713827460774,
  "icvs_gm": 0.5257847611693772,
  "icvs_wm": 0.15624385608454544,
  "inu_med": 0.9639846682548523,
  "inu_range": 0.8821893185377121,
  "provenance": {
    "md5sum": "1adee6fd4c82d82ae0cfb20489670d45",
    "settings": {
      "testing": false
    },
    "software": "mriqc",
    "version": "22.0.6",
    "warnings": {
      "large_rot_frame": true,
      "small_air_mask": false
    },
    "webapi_port": null,
    "webapi_url": "https://mriqc.nimh.nih.gov/api/v1"
  },
  "qi_1": 5.455012106035616e-06,
  "qi_2": 0.0014269591299773659,
  "rpve_csf": 11.952341049991194,
  "rpve_gm": 9.026808757337518,
  "rpve_wm": 30.82085570191806,
  "size_x": 208,
  "size_y": 300,
  "size_z": 320,
  "snr_csf": 6.870303301092739,
  "snr_gm": 7.903097169323069,
  "snr_total": 5.73742820228562,
  "snr_wm": 2.438884136441051,
  "snrd_csf": 44.5832616394413,
  "snrd_gm": 26.311945992119387,
  "snrd_total": 50.63321177756541,
  "snrd_wm": 81.00442770113554,
  "spacing_x": 0.7999999523162842,
  "spacing_y": 0.800000011920929,
  "spacing_z": 0.800000011920929,
  "summary_bg_k": 31.97890548067793,
  "summary_bg_mad": 0.0,
  "summary_bg_mean": 4.967294096798714,
  "summary_bg_median": 0.0,
  "summary_bg_n": 6963469.0,
  "summary_bg_p05": 0.0,
  "summary_bg_p95": 20.06043087132275,
  "summary_bg_stdv": 8.087293997730935,
  "summary_csf_k": 1.8067931743923316,
  "summary_csf_mad": 65.24298454271876,
  "summary_csf_mean": 562.8308341579774,
  "summary_csf_median": 550.3555355127901,
  "summary_csf_n": 78472.0,
  "summary_csf_p05": 455.74550001779573,
  "summary_csf_p95": 717.8135603740811,
  "summary_csf_stdv": 80.10592905178072,
  "summary_gm_k": 0.6891851276683099,
  "summary_gm_mad": 38.86959430165072,
  "summary_gm_mean": 326.6948858989478,
  "summary_gm_median": 324.8063195552677,
  "summary_gm_n": 644265.0,
  "summary_gm_p05": 262.9438583292067,
  "summary_gm_p95": 397.0965698752552,
  "summary_gm_stdv": 41.09857952156468,
  "summary_wm_k": -0.560245627274579,
  "summary_wm_mad": 218.73409479629098,
  "summary_wm_mean": 829.1093877836508,
  "summary_wm_median": 999.9545467738062,
  "summary_wm_n": 99699.0,
  "summary_wm_p05": 42.4154297132045,
  "summary_wm_p95": 1248.3381218126042,
  "summary_wm_stdv": 410.0028849065891,
  "tpm_overlap_csf": 0.12543289605796132,
  "tpm_overlap_gm": 0.33668358481916855,
  "tpm_overlap_wm": 0.03207449244670802,
  "wm2max": 0.812399638236217
}