{
  "bids_meta": {
    "AcquisitionMatrixPE": 300,
    "AcquisitionNumber": 1,
    "AcquisitionTime": "14:08:53.315000",
    "BaseResolution": 320,
    "BodyPartExamined": "HEAD",
    "ConsistencyInfo": "N4_VE11C_LATEST_20160120",
    "ConversionSoftware": "dcm2niix",
    "ConversionSoftwareVersion": "v1.0.20190902",
    "DeviceSerialNumber": "67064",
    "DwellTime": 2.1e-06,
    "EchoTime": 0.563,
    "EchoTrainLength": 314,
    "FlipAngle": 120,
    "ImageOrientationPatientDICOM": [
      0.0479965,
      0.985462,
      -0.162974,
      -0.0177446,
      -0.162295,
      -0.986583
    ],
    "ImageType": [
      "ORIGINAL",
      "PRIMARY",
      "M",
      "ND"
    ],
    "ImagingFrequency": 123.247,
    "InPlanePhaseEncodingDirectionDICOM": "ROW",
    "InstitutionAddress": "Scott_Ave_4525_St._Louis_MO_US_63110",
    "InstitutionName": "Washington_University",
    "InstitutionalDepartmentName": "Department",
    "MRAcquisitionType": "3D",
    "MagneticFieldStrength": 3,
    "Manufacturer": "Siemens",
    "ManufacturersModelName": "Prisma_fit",
    "Modality": "MR",
    "ParallelReductionFactorInPlane": 2,
    "PartialFourier": 1,
    "PatientPosition": "HFS",
    "PercentPhaseFOV": 93.75,
    "PhaseEncodingSteps": 297,
    "PhaseResolution": 1,
    "PixelBandwidth": 745,
    "ProcedureStepDescription": "head_Braver",
    "ProtocolName": "T2w_SPC",
    "PulseSequenceDetails": "%SiemensSeq%_tse_vfl",
    "ReceiveCoilActiveElements": "HEA;HEP",
    "ReceiveCoilName": "Head_32",
    "ReconMatrixPE": 300,
    "RefLinesPE": 32,
    "RepetitionTime": 3.2,
    "SAR": 0.179266,
    "ScanOptions": "PFP",
    "ScanningSequence": "SE",
    "SequenceName": "_spc_314ns",
    "SequenceVariant": "SK_SP",
    "SeriesDescription": "T2w_SPC",
    "SeriesNumber": 13,
    "ShimSetting": [
      -2001,
      -11423,
      5723,
      409,
      149,
      491,
      39,
      -83
    ],
    "SliceThickness": 0.8,
    "SoftwareVersions": "syngo_MR_E11",
    "StationName": "MRC35177",
    "TxRefAmp": 270.585,
    "dataset": "ds003465",
    "modality": "T2w",
    "session_id": "wave1bas",
    "subject_id": "f5416zj"
  },
  "cjv": 0.38588550846831243,
  "cnr": 1.4842266582724664,
  "efc": 0.5104377688895431,
  "fber": 6173.712081811542,
  "fwhm_avg": 3.6397291988671494,
  "fwhm_x": 3.4804002074480183,
  "fwhm_y": 3.814049943166227,
  "fwhm_z": 3.624737445987203,
  "icvs_csf": 0.26091433304862494,
  "icvs_gm": 0.649320643998597,
  "icvs_wm": 0.08976502295277804,
  "inu_med": 0.9847814738750458,
  "inu_range": 0.889960590004921,
  "provenance": {
    "md5sum": "c996cf60046efd222b6e461f1a098ec0",
    "settings": {
      "testing": false
    },
    "software": "mriqc",
    "version": "22.0.6",
    "warnings": {
      "large_rot_frame": true,
      "small_air_mask": false
    },
    "webapi_port": null,
    "webapi_url": "https://mriqc.nimh.nih.gov/api/v1"
  },
  "qi_1": 0.0,
  "qi_2": 0.0020243866719918792,
  "rpve_csf": 15.945515123271003,
  "rpve_gm": 9.302490185727493,
  "rpve_wm": 65.62178715453894,
  "size_x": 208,
  "size_y": 300,
  "size_z": 320,
  "snr_csf": 4.388975444457628,
  "snr_gm": 6.425236213366936,
  "snr_total": 4.312825712009114,
  "snr_wm": 2.124265478202776,
  "snrd_csf": 107.06953590701266,
  "snrd_gm": 33.520338918162516,
  "snrd_total": 84.3736396072331,
  "snrd_wm": 112.53104399652412,
  "spacing_x": 0.7999999523162842,
  "spacing_y": 0.800000011920929,
  "spacing_z": 0.800000011920929,
  "summary_bg_k": 16.460830188692817,
  "summary_bg_mad": 0.0,
  "summary_bg_mean": 3.6665722820007067,
  "summary_bg_median": 0.0,
  "summary_bg_n": 6710782.0,
  "summary_bg_p05": 0.0,
  "summary_bg_p95": 15.811398886144161,
  "summary_bg_stdv": 5.82058776828967,
  "summary_csf_k": -0.7445956753251184,
  "summary_csf_mad": 135.77418606499313,
  "summary_csf_mean": 842.4685243226953,
  "summary_csf_median": 951.2639368791133,
  "summary_csf_n": 44085.0,
  "summary_csf_p05": 471.1228793859482,
  "summary_csf_p95": 1068.9689134974033,
  "summary_csf_stdv": 216.7369491766103,
  "summary_gm_k": 0.6003477098307535,
  "summary_gm_mad": 42.88344672303479,
  "summary_gm_mean": 302.1786678553438,
  "summary_gm_median": 297.8129053674638,
  "summary_gm_n": 741428.0,
  "summary_gm_p05": 233.8098775409162,
  "summary_gm_p95": 386.4798218756914,
  "summary_gm_stdv": 46.35046784901981,
  "summary_wm_k": -1.4974758471923604,
  "summary_wm_mad": 227.99816150536583,
  "summary_wm_mean": 725.0050499448596,
  "summary_wm_median": 999.7869424428791,
  "summary_wm_n": 32467.0,
  "summary_wm_p05": 25.752697587013245,
  "summary_wm_p95": 1236.2478329706937,
  "summary_wm_stdv": 470.6434085624489,
  "tpm_overlap_csf": 0.1362863405169939,
  "tpm_overlap_gm": 0.40851531879192293,
  "tpm_overlap_wm": 0.019318101518639393,
  "wm2max": 0.8251899815852496
}