{
  "aor": 0.0029143,
  "aqi": 0.007167544549999999,
  "bids_meta": {
    "AcquisitionMatrixPE": 90,
    "AcquisitionNumber": 1,
    "AcquisitionTime": "17:57:16.120000",
    "BandwidthPerPixelPhaseEncode": 18.832,
    "BaseResolution": 90,
    "BodyPartExamined": "HEAD",
    "ConsistencyInfo": "N4_VE11C_LATEST_20160120",
    "ConversionSoftware": "dcm2niix",
    "ConversionSoftwareVersion": "v1.0.20190902",
    "DerivedVendorReportedEchoSpacing": 0.000590012,
    "DeviceSerialNumber": "67064",
    "DwellTime": 2.5e-06,
    "EchoTime": 0.033,
    "EchoTrainLength": 90,
    "EffectiveEchoSpacing": 0.000590012,
    "FlipAngle": 63,
    "ImageComments": "Unaliased_MB4_PE3_LB",
    "ImageOrientationPatientDICOM": [
      0.99848,
      0.00698271,
      0.0546765,
      0.0123736,
      0.938233,
      -0.345782
    ],
    "ImageType": [
      "ORIGINAL",
      "PRIMARY",
      "M",
      "MB",
      "ND",
      "MOSAIC"
    ],
    "ImagingFrequency": 123.247,
    "InPlanePhaseEncodingDirectionDICOM": "COL",
    "InstitutionAddress": "Scott_Ave_4525_St._Louis_MO_US_63110",
    "InstitutionName": "Washington_University",
    "InstitutionalDepartmentName": "Department",
    "MRAcquisitionType": "2D",
    "MagneticFieldStrength": 3,
    "Manufacturer": "Siemens",
    "ManufacturersModelName": "Prisma_fit",
    "Modality": "MR",
    "MultibandAccelerationFactor": 4,
    "PartialFourier": 1,
    "PatientPosition": "HFS",
    "PercentPhaseFOV": 100,
    "PhaseEncodingDirection": "j-",
    "PhaseEncodingSteps": 90,
    "PhaseResolution": 1,
    "PixelBandwidth": 2220,
    "ProcedureStepDescription": "head_Braver",
    "ProtocolName": "tfMRI_SternBas1_AP",
    "PulseSequenceDetails": "%CustomerSeq%_cmrr_mbep2d_bold",
    "ReceiveCoilActiveElements": "HEA;HEP",
    "ReceiveCoilName": "Head_32",
    "ReconMatrixPE": 90,
    "RepetitionTime": 1.2,
    "SAR": 0.0759866,
    "ScanOptions": "FS_EXT",
    "ScanningSequence": "EP",
    "SequenceName": "epfid2d1_90",
    "SequenceVariant": "SK_SS",
    "SeriesDescription": "tfMRI_SternBas1_AP",
    "SeriesNumber": 49,
    "ShimSetting": [
      -1973,
      -11510,
      5836,
      600,
      119,
      52,
      104,
      -23
    ],
    "SliceThickness": 2.4,
    "SliceTiming": [
      0,
      0.63,
      0.08,
      0.71,
      0.1575,
      0.7875,
      0.2375,
      0.8675,
      0.315,
      0.945,
      0.395,
      1.0225,
      0.4725,
      1.1025,
      0.5525,
      0,
      0.63,
      0.08,
      0.71,
      0.1575,
      0.7875,
      0.2375,
      0.8675,
      0.315,
      0.945,
      0.395,
      1.0225,
      0.4725,
      1.1025,
      0.5525,
      0,
      0.63,
      0.08,
      0.71,
      0.1575,
      0.7875,
      0.2375,
      0.8675,
      0.315,
      0.945,
      0.395,
      1.0225,
      0.4725,
      1.1025,
      0.5525,
      0,
      0.63,
      0.08,
      0.71,
      0.1575,
      0.7875,
      0.2375,
      0.8675,
      0.315,
      0.945,
      0.395,
      1.0225,
      0.4725,
      1.1025,
      0.5525
    ],
    "SoftwareVersions": "syngo_MR_E11",
    "SpacingBetweenSlices": 2.4,
    "StationName": "MRC35177",
    "TaskName": "Stern",
    "TotalReadoutTime": 0.0525111,
    "TxRefAmp": 250.961,
    "VendorReportedEchoSpacing": 0.00059,
    "WipMemBlock": "e5423854-c768-4ba9-8c75-3468910b7422||Sequence: R016 ve11c/master r/e634e98; Dec 19 2017 11:00:25 by eja",
    "acq_id": "mb4AP",
    "dataset": "ds003465",
    "modality": "bold",
    "run_id": 1,
    "session_id": "wave1bas",
    "subject_id": "f5004cr",
    "task_id": "Stern"
  },
  "dummy_trs": 0,
  "dvars_nstd": 33.38647860866445,
  "dvars_std": 1.1079735848580963,
  "dvars_vstd": 1.0045402329048416,
  "efc": 0.551468478552577,
  "fber": 608.762939453125,
  "fd_mean": 0.15824388514669346,
  "fd_num": 120,
  "fd_perc": 20.0,
  "fwhm_avg": 2.886487385301296,
  "fwhm_x": 2.6863873932525557,
  "fwhm_y": 2.9573790491509815,
  "fwhm_z": 3.015695713500352,
  "gcor": 0.0136266,
  "gsr_x": -0.010710419155657291,
  "gsr_y": 0.08512178063392639,
  "provenance": {
    "md5sum": "8929116d61eb49982c6acdf14285ebf8",
    "settings": {
      "fd_thres": 0.2,
      "testing": false
    },
    "software": "mriqc",
    "version": "22.0.6",
    "webapi_port": null,
    "webapi_url": "https://mriqc.nimh.nih.gov/api/v1"
  },
  "size_t": 600,
  "size_x": 90,
  "size_y": 90,
  "size_z": 60,
  "snr": 2.490926255712808,
  "spacing_tr": 1.2000000476837158,
  "spacing_x": 2.4000000953674316,
  "spacing_y": 2.4000000953674316,
  "spacing_z": 2.4000000953674316,
  "summary_bg_k": 18.728645728160956,
  "summary_bg_mad": 78.64712046450065,
  "summary_bg_mean": 414.7751770019531,
  "summary_bg_median": 165.73001098632812,
  "summary_bg_n": 305608.0,
  "summary_bg_p05": 106.75333404541016,
  "summary_bg_p95": 1713.0111206054687,
  "summary_bg_stdv": 623.5819702148438,
  "summary_fg_k": 0.7586546791483779,
  "summary_fg_mad": 1548.1335261342954,
  "summary_fg_mean": 4625.453125,
  "summary_fg_median": 4272.61865234375,
  "summary_fg_n": 96577.0,
  "summary_fg_p05": 2437.4673828125,
  "summary_fg_p95": 7972.654785156248,
  "summary_fg_stdv": 1715.26416015625,
  "tsnr": 40.17163053934928
}