{
  "aor": 0.0017557471264367816,
  "aqi": 0.008353787027914613,
  "bids_meta": {
    "AcquisitionMatrixPE": 90,
    "AcquisitionNumber": 1,
    "AcquisitionTime": "17:07:52.460000",
    "BandwidthPerPixelPhaseEncode": 18.832,
    "BaseResolution": 90,
    "BodyPartExamined": "HEAD",
    "ConsistencyInfo": "N4_VE11C_LATEST_20160120",
    "ConversionSoftware": "dcm2niix",
    "ConversionSoftwareVersion": "v1.0.20190902",
    "DerivedVendorReportedEchoSpacing": 0.000590012,
    "DeviceSerialNumber": "67064",
    "DwellTime": 2.5e-06,
    "EchoTime": 0.033,
    "EchoTrainLength": 90,
    "EffectiveEchoSpacing": 0.000590012,
    "FlipAngle": 63,
    "ImageComments": "Unaliased_MB4_PE3_LB",
    "ImageOrientationPatientDICOM": [
      0.99848,
      0.00698271,
      0.0546765,
      0.0123736,
      0.938233,
      -0.345782
    ],
    "ImageType": [
      "ORIGINAL",
      "PRIMARY",
      "M",
      "MB",
      "ND",
      "MOSAIC"
    ],
    "ImagingFrequency": 123.247,
    "InPlanePhaseEncodingDirectionDICOM": "COL",
    "InstitutionAddress": "Scott_Ave_4525_St._Louis_MO_US_63110",
    "InstitutionName": "Washington_University",
    "InstitutionalDepartmentName": "Department",
    "MRAcquisitionType": "2D",
    "MagneticFieldStrength": 3,
    "Manufacturer": "Siemens",
    "ManufacturersModelName": "Prisma_fit",
    "Modality": "MR",
    "MultibandAccelerationFactor": 4,
    "PartialFourier": 1,
    "PatientPosition": "HFS",
    "PercentPhaseFOV": 100,
    "PhaseEncodingDirection": "j",
    "PhaseEncodingSteps": 90,
    "PhaseResolution": 1,
    "PixelBandwidth": 2220,
    "ProcedureStepDescription": "head_Braver",
    "ProtocolName": "tfMRI_AxcptBas2_PA",
    "PulseSequenceDetails": "%CustomerSeq%_cmrr_mbep2d_bold",
    "ReceiveCoilActiveElements": "HEA;HEP",
    "ReceiveCoilName": "Head_32",
    "ReconMatrixPE": 90,
    "RepetitionTime": 1.2,
    "SAR": 0.0759914,
    "ScanOptions": "FS_EXT",
    "ScanningSequence": "EP",
    "SequenceName": "epfid2d1_90",
    "SequenceVariant": "SK_SS",
    "SeriesDescription": "tfMRI_AxcptBas2_PA",
    "SeriesNumber": 28,
    "ShimSetting": [
      -1973,
      -11510,
      5836,
      600,
      119,
      52,
      104,
      -23
    ],
    "SliceThickness": 2.4,
    "SliceTiming": [
      0,
      0.63,
      0.08,
      0.7075,
      0.1575,
      0.7875,
      0.2375,
      0.865,
      0.315,
      0.945,
      0.395,
      1.0225,
      0.4725,
      1.1025,
      0.55,
      0,
      0.63,
      0.08,
      0.7075,
      0.1575,
      0.7875,
      0.2375,
      0.865,
      0.315,
      0.945,
      0.395,
      1.0225,
      0.4725,
      1.1025,
      0.55,
      0,
      0.63,
      0.08,
      0.7075,
      0.1575,
      0.7875,
      0.2375,
      0.865,
      0.315,
      0.945,
      0.395,
      1.0225,
      0.4725,
      1.1025,
      0.55,
      0,
      0.63,
      0.08,
      0.7075,
      0.1575,
      0.7875,
      0.2375,
      0.865,
      0.315,
      0.945,
      0.395,
      1.0225,
      0.4725,
      1.1025,
      0.55
    ],
    "SoftwareVersions": "syngo_MR_E11",
    "SpacingBetweenSlices": 2.4,
    "StationName": "MRC35177",
    "TaskName": "Axcpt",
    "TotalReadoutTime": 0.0525111,
    "TxRefAmp": 250.961,
    "VendorReportedEchoSpacing": 0.00059,
    "WipMemBlock": "35618758-f96c-4ff9-8482-7d21d4366caf||Sequence: R016 ve11c/master r/e634e98; Dec 19 2017 11:00:25 by eja",
    "acq_id": "mb4PA",
    "dataset": "ds003465",
    "modality": "bold",
    "run_id": 2,
    "session_id": "wave1bas",
    "subject_id": "f5004cr",
    "task_id": "Axcpt"
  },
  "dummy_trs": 1,
  "dvars_nstd": 30.134201397911188,
  "dvars_std": 1.0673675296710514,
  "dvars_vstd": 0.9915346004934219,
  "efc": 0.5470918978517908,
  "fber": 627.9398193359375,
  "fd_mean": 0.1272712686846166,
  "fd_num": 50,
  "fd_perc": 8.210180623973727,
  "fwhm_avg": 2.827774887634322,
  "fwhm_x": 2.6526915612581745,
  "fwhm_y": 2.8362665539635596,
  "fwhm_z": 2.9943665476812305,
  "gcor": 0.013335,
  "gsr_x": -0.013531951233744621,
  "gsr_y": 0.06139073520898819,
  "provenance": {
    "md5sum": "c4562f6853c1a1488bbece684bc7479f",
    "settings": {
      "fd_thres": 0.2,
      "testing": false
    },
    "software": "mriqc",
    "version": "22.0.6",
    "webapi_port": null,
    "webapi_url": "https://mriqc.nimh.nih.gov/api/v1"
  },
  "size_t": 609,
  "size_x": 90,
  "size_y": 90,
  "size_z": 60,
  "snr": 2.4624349274073034,
  "spacing_tr": 1.2000000476837158,
  "spacing_x": 2.4000000953674316,
  "spacing_y": 2.4000000953674316,
  "spacing_z": 2.4000000953674316,
  "summary_bg_k": 18.494485092089025,
  "summary_bg_mad": 83.16204871398575,
  "summary_bg_mean": 421.1141052246094,
  "summary_bg_median": 167.55828857421875,
  "summary_bg_n": 306299.0,
  "summary_bg_p05": 104.6960563659668,
  "summary_bg_p95": 1798.1484741210893,
  "summary_bg_stdv": 637.7454223632812,
  "summary_fg_k": 0.8381843323139138,
  "summary_fg_mad": 1667.3288083018567,
  "summary_fg_mean": 4734.587890625,
  "summary_fg_median": 4406.947265625,
  "summary_fg_n": 92641.0,
  "summary_fg_p05": 2415.2626953125,
  "summary_fg_p95": 8150.9638671875,
  "summary_fg_stdv": 1789.660888671875,
  "tsnr": 38.51367896422744
}