{
  "bids_meta": {
    "AcquisitionMatrixPE": 300,
    "AcquisitionNumber": 1,
    "AcquisitionTime": "14:19:29.795000",
    "BaseResolution": 320,
    "BodyPartExamined": "HEAD",
    "ConsistencyInfo": "N4_VE11C_LATEST_20160120",
    "ConversionSoftware": "dcm2niix",
    "ConversionSoftwareVersion": "v1.0.20190902",
    "DeviceSerialNumber": "67064",
    "DwellTime": 7.1e-06,
    "EchoTime": 0.00222,
    "FlipAngle": 8,
    "ImageOrientationPatientDICOM": [
      0.0205023,
      0.999594,
      -0.0198083,
      0.093079,
      -0.0216348,
      -0.995424
    ],
    "ImageType": [
      "ORIGINAL",
      "PRIMARY",
      "M",
      "ND"
    ],
    "ImagingFrequency": 123.247,
    "InPlanePhaseEncodingDirectionDICOM": "ROW",
    "InstitutionAddress": "Scott_Ave_4525_St._Louis_MO_US_63110",
    "InstitutionName": "Washington_University",
    "InstitutionalDepartmentName": "Department",
    "InversionTime": 1,
    "MRAcquisitionType": "3D",
    "MagneticFieldStrength": 3,
    "Manufacturer": "Siemens",
    "ManufacturersModelName": "Prisma_fit",
    "Modality": "MR",
    "ParallelReductionFactorInPlane": 2,
    "PartialFourier": 1,
    "PatientPosition": "HFS",
    "PercentPhaseFOV": 93.75,
    "PhaseEncodingSteps": 299,
    "PhaseResolution": 1,
    "PixelBandwidth": 220,
    "ProcedureStepDescription": "head_Braver",
    "ProtocolName": "T1w_MPR",
    "PulseSequenceDetails": "%SiemensSeq%_tfl",
    "ReceiveCoilActiveElements": "HEA;HEP",
    "ReceiveCoilName": "Head_32",
    "ReconMatrixPE": 300,
    "RefLinesPE": 32,
    "RepetitionTime": 2.4,
    "SAR": 0.0412683,
    "ScanOptions": "IR_WE",
    "ScanningSequence": "GR_IR",
    "SequenceName": "_tfl3d1_16ns",
    "SequenceVariant": "SK_SP_MP",
    "SeriesDescription": "T1w_MPR",
    "SeriesNumber": 11,
    "ShimSetting": [
      -1945,
      -11508,
      5883,
      801,
      142,
      146,
      -60,
      -40
    ],
    "SliceThickness": 0.8,
    "SoftwareVersions": "syngo_MR_E11",
    "StationName": "MRC35177",
    "TxRefAmp": 227.887,
    "dataset": "ds003465",
    "modality": "T1w",
    "session_id": "wave1bas",
    "subject_id": "f4467ur"
  },
  "cjv": 0.4650551006075441,
  "cnr": 2.9491401055403643,
  "efc": 0.5158745537846291,
  "fber": 29023.76859504132,
  "fwhm_avg": 4.781391713329101,
  "fwhm_x": 4.747712782985734,
  "fwhm_y": 4.707962429845893,
  "fwhm_z": 4.888499927155674,
  "icvs_csf": 0.1646549354418793,
  "icvs_gm": 0.42196254193599686,
  "icvs_wm": 0.4133825226221239,
  "inu_med": 0.8413612842559814,
  "inu_range": 0.6469096779823302,
  "provenance": {
    "md5sum": "87e5766e237bac88e9fd887379dcac3e",
    "settings": {
      "testing": false
    },
    "software": "mriqc",
    "version": "22.0.6",
    "warnings": {
      "large_rot_frame": true,
      "small_air_mask": false
    },
    "webapi_port": null,
    "webapi_url": "https://mriqc.nimh.nih.gov/api/v1"
  },
  "qi_1": 0.0,
  "qi_2": 0.0021917895054084364,
  "rpve_csf": 28.54986729960082,
  "rpve_gm": 11.915708032416074,
  "rpve_wm": 13.753172834890274,
  "size_x": 208,
  "size_y": 300,
  "size_z": 320,
  "snr_csf": 2.3076807583189582,
  "snr_gm": 13.841336416037405,
  "snr_total": 10.978341325901185,
  "snr_wm": 16.786006803347195,
  "snrd_csf": 21.719650133240155,
  "snrd_gm": 56.66067488377963,
  "snrd_total": 50.987451184642026,
  "snrd_wm": 74.58202853690631,
  "spacing_x": 0.7999999523162842,
  "spacing_y": 0.800000011920929,
  "spacing_z": 0.800000011920929,
  "summary_bg_k": 3.988553334701894,
  "summary_bg_mad": 0.0,
  "summary_bg_mean": 6.167312855879613,
  "summary_bg_median": 0.0,
  "summary_bg_n": 6660587.0,
  "summary_bg_p05": 0.0,
  "summary_bg_p95": 24.53607316315174,
  "summary_bg_stdv": 8.784883418419678,
  "summary_csf_k": 15.307229603341721,
  "summary_csf_mad": 87.26596988318398,
  "summary_csf_mean": 303.688109939858,
  "summary_csf_median": 291.2440742254257,
  "summary_csf_n": 62951.0,
  "summary_csf_p05": 107.84357067197561,
  "summary_csf_p95": 517.1398164071143,
  "summary_csf_stdv": 126.20539470471931,
  "summary_gm_k": 0.17872563766695615,
  "summary_gm_mad": 53.974888821653295,
  "summary_gm_mean": 759.9594366483298,
  "summary_gm_median": 759.7767781838775,
  "summary_gm_n": 76872.0,
  "summary_gm_p05": 669.6930727437139,
  "summary_gm_p95": 849.2404384538531,
  "summary_gm_stdv": 54.89150855816601,
  "summary_wm_k": 0.2536975456720505,
  "summary_wm_mad": 57.783335964786986,
  "summary_wm_mean": 1006.5963607352696,
  "summary_wm_median": 1000.0885705724359,
  "summary_wm_n": 471464.0,
  "summary_wm_p05": 920.147032558918,
  "summary_wm_p95": 1115.0183717608452,
  "summary_wm_stdv": 59.57864319178997,
  "tpm_overlap_csf": 0.12846456883833351,
  "tpm_overlap_gm": 0.43721630550587964,
  "tpm_overlap_wm": 0.47753921133149746,
  "wm2max": 0.6438836520689342
}