{
  "aor": 0.001546638795986622,
  "aqi": 0.007771321705685619,
  "bids_meta": {
    "AcquisitionMatrixPE": 90,
    "AcquisitionNumber": 1,
    "AcquisitionTime": "13:00:26.572500",
    "BandwidthPerPixelPhaseEncode": 18.832,
    "BaseResolution": 90,
    "BodyPartExamined": "HEAD",
    "ConsistencyInfo": "N4_VE11C_LATEST_20160120",
    "ConversionSoftware": "dcm2niix",
    "ConversionSoftwareVersion": "v1.0.20190902",
    "DerivedVendorReportedEchoSpacing": 0.000590012,
    "DeviceSerialNumber": "67064",
    "DwellTime": 2.5e-06,
    "EchoTime": 0.033,
    "EchoTrainLength": 90,
    "EffectiveEchoSpacing": 0.000590012,
    "FlipAngle": 63,
    "ImageComments": "Unaliased_MB4_PE3_LB",
    "ImageOrientationPatientDICOM": [
      0.996056,
      0.0884118,
      0.00752478,
      -0.0813657,
      0.94391,
      -0.320021
    ],
    "ImageType": [
      "ORIGINAL",
      "PRIMARY",
      "M",
      "MB",
      "ND",
      "MOSAIC"
    ],
    "ImagingFrequency": 123.247,
    "InPlanePhaseEncodingDirectionDICOM": "COL",
    "InstitutionAddress": "Scott_Ave_4525_St._Louis_MO_US_63110",
    "InstitutionName": "washington_university",
    "InstitutionalDepartmentName": "Department",
    "MRAcquisitionType": "2D",
    "MagneticFieldStrength": 3,
    "Manufacturer": "Siemens",
    "ManufacturersModelName": "Prisma_fit",
    "Modality": "MR",
    "MultibandAccelerationFactor": 4,
    "PartialFourier": 1,
    "PatientPosition": "HFS",
    "PercentPhaseFOV": 100,
    "PhaseEncodingDirection": "j",
    "PhaseEncodingSteps": 90,
    "PhaseResolution": 1,
    "PixelBandwidth": 2220,
    "ProcedureStepDescription": "head_Braver",
    "ProtocolName": "tfMRI_SternBas2_PA",
    "PulseSequenceDetails": "%CustomerSeq%_cmrr_mbep2d_bold",
    "ReceiveCoilActiveElements": "HEA;HEP",
    "ReceiveCoilName": "Head_32",
    "ReconMatrixPE": 90,
    "RepetitionTime": 1.2,
    "SAR": 0.0687546,
    "ScanOptions": "FS_EXT",
    "ScanningSequence": "EP",
    "SequenceName": "epfid2d1_90",
    "SequenceVariant": "SK_SS",
    "SeriesDescription": "tfMRI_SternBas2_PA",
    "SeriesNumber": 24,
    "ShimSetting": [
      -2004,
      -11501,
      5862,
      569,
      40,
      202,
      27,
      -13
    ],
    "SliceThickness": 2.4,
    "SliceTiming": [
      0,
      0.63,
      0.08,
      0.7075,
      0.1575,
      0.7875,
      0.2375,
      0.865,
      0.315,
      0.945,
      0.395,
      1.0225,
      0.4725,
      1.1025,
      0.5525,
      0,
      0.63,
      0.08,
      0.7075,
      0.1575,
      0.7875,
      0.2375,
      0.865,
      0.315,
      0.945,
      0.395,
      1.0225,
      0.4725,
      1.1025,
      0.5525,
      0,
      0.63,
      0.08,
      0.7075,
      0.1575,
      0.7875,
      0.2375,
      0.865,
      0.315,
      0.945,
      0.395,
      1.0225,
      0.4725,
      1.1025,
      0.5525,
      0,
      0.63,
      0.08,
      0.7075,
      0.1575,
      0.7875,
      0.2375,
      0.865,
      0.315,
      0.945,
      0.395,
      1.0225,
      0.4725,
      1.1025,
      0.5525
    ],
    "SoftwareVersions": "syngo_MR_E11",
    "SpacingBetweenSlices": 2.4,
    "StationName": "MRC35177",
    "TaskName": "Stern",
    "TotalReadoutTime": 0.0525111,
    "TxRefAmp": 231.701,
    "VendorReportedEchoSpacing": 0.00059,
    "WipMemBlock": "4352a722-776c-4438-8123-c49c6044be35||Sequence: ve11c/master r/068cfa9; Jul 21 2016 14:39:26 by eja",
    "acq_id": "mb4PA",
    "dataset": "ds003465",
    "modality": "bold",
    "run_id": 2,
    "session_id": "wave1bas",
    "subject_id": "f8710qa",
    "task_id": "Stern"
  },
  "dummy_trs": 2,
  "dvars_nstd": 30.146477678626454,
  "dvars_std": 1.089176336448911,
  "dvars_vstd": 0.9950239381239533,
  "efc": 0.5008611717508956,
  "fber": 877.071044921875,
  "fd_mean": 0.17892185644828018,
  "fd_num": 244,
  "fd_perc": 40.802675585284284,
  "fwhm_avg": 2.8351583190848495,
  "fwhm_x": 2.7137415588322655,
  "fwhm_y": 2.819833221283228,
  "fwhm_z": 2.9719001771390543,
  "gcor": 0.0063232,
  "gsr_x": -0.03066801093518734,
  "gsr_y": 0.08330988883972168,
  "provenance": {
    "md5sum": "dc2bca96be614abe27c0fd420389c6ab",
    "settings": {
      "fd_thres": 0.2,
      "testing": false
    },
    "software": "mriqc",
    "version": "22.0.6",
    "webapi_port": null,
    "webapi_url": "https://mriqc.nimh.nih.gov/api/v1"
  },
  "size_t": 598,
  "size_x": 90,
  "size_y": 90,
  "size_z": 60,
  "snr": 2.634433418632408,
  "spacing_tr": 1.2000000476837158,
  "spacing_x": 2.4000000953674316,
  "spacing_y": 2.4000000953674316,
  "spacing_z": 2.3999998569488525,
  "summary_bg_k": 46.72645862668171,
  "summary_bg_mad": 46.63504058203155,
  "summary_bg_mean": 311.728515625,
  "summary_bg_median": 132.65719604492188,
  "summary_bg_n": 334030.0,
  "summary_bg_p05": 93.9565200805664,
  "summary_bg_p95": 1221.4636413574208,
  "summary_bg_stdv": 506.0804443359375,
  "summary_fg_k": 1.6536481662138325,
  "summary_fg_mad": 1347.7920148523904,
  "summary_fg_mean": 4282.55126953125,
  "summary_fg_median": 4005.75341796875,
  "summary_fg_n": 76996.0,
  "summary_fg_p05": 2336.2562255859375,
  "summary_fg_p95": 7133.1451416015625,
  "summary_fg_stdv": 1520.527099609375,
  "tsnr": 44.060584674356505
}