{
  "aor": 0.0011030864197530863,
  "aqi": 0.004860980725308642,
  "bids_meta": {
    "AcquisitionMatrixPE": 90,
    "AcquisitionNumber": 1,
    "AcquisitionTime": "12:17:30.925000",
    "BandwidthPerPixelPhaseEncode": 18.832,
    "BaseResolution": 90,
    "BodyPartExamined": "HEAD",
    "ConsistencyInfo": "N4_VE11C_LATEST_20160120",
    "ConversionSoftware": "dcm2niix",
    "ConversionSoftwareVersion": "v1.0.20190902",
    "DerivedVendorReportedEchoSpacing": 0.000590012,
    "DeviceSerialNumber": "67064",
    "DwellTime": 2.5e-06,
    "EchoTime": 0.033,
    "EchoTrainLength": 90,
    "EffectiveEchoSpacing": 0.000590012,
    "FlipAngle": 63,
    "ImageComments": "Unaliased_MB4_PE3_LB",
    "ImageOrientationPatientDICOM": [
      0.996056,
      0.0884118,
      0.00752478,
      -0.0813657,
      0.94391,
      -0.320021
    ],
    "ImageType": [
      "ORIGINAL",
      "PRIMARY",
      "M",
      "MB",
      "ND",
      "MOSAIC"
    ],
    "ImagingFrequency": 123.247,
    "InPlanePhaseEncodingDirectionDICOM": "COL",
    "InstitutionAddress": "Scott_Ave_4525_St._Louis_MO_US_63110",
    "InstitutionName": "washington_university",
    "InstitutionalDepartmentName": "Department",
    "MRAcquisitionType": "2D",
    "MagneticFieldStrength": 3,
    "Manufacturer": "Siemens",
    "ManufacturersModelName": "Prisma_fit",
    "Modality": "MR",
    "MultibandAccelerationFactor": 4,
    "PartialFourier": 1,
    "PatientPosition": "HFS",
    "PercentPhaseFOV": 100,
    "PhaseEncodingDirection": "j-",
    "PhaseEncodingSteps": 90,
    "PhaseResolution": 1,
    "PixelBandwidth": 2220,
    "ProcedureStepDescription": "head_Braver",
    "ProtocolName": "tfMRI_CuedtsBas1_AP",
    "PulseSequenceDetails": "%CustomerSeq%_cmrr_mbep2d_bold",
    "ReceiveCoilActiveElements": "HEA;HEP",
    "ReceiveCoilName": "Head_32",
    "ReconMatrixPE": 90,
    "RepetitionTime": 1.2,
    "SAR": 0.0687753,
    "ScanOptions": "FS_EXT",
    "ScanningSequence": "EP",
    "SequenceName": "epfid2d1_90",
    "SequenceVariant": "SK_SS",
    "SeriesDescription": "tfMRI_CuedtsBas1_AP",
    "SeriesNumber": 18,
    "ShimSetting": [
      -2004,
      -11501,
      5862,
      569,
      40,
      202,
      27,
      -13
    ],
    "SliceThickness": 2.4,
    "SliceTiming": [
      0,
      0.6275,
      0.0775,
      0.7075,
      0.155,
      0.785,
      0.235,
      0.865,
      0.3125,
      0.9425,
      0.3925,
      1.0225,
      0.47,
      1.1,
      0.55,
      0,
      0.6275,
      0.0775,
      0.7075,
      0.155,
      0.785,
      0.235,
      0.865,
      0.3125,
      0.9425,
      0.3925,
      1.0225,
      0.47,
      1.1,
      0.55,
      0,
      0.6275,
      0.0775,
      0.7075,
      0.155,
      0.785,
      0.235,
      0.865,
      0.3125,
      0.9425,
      0.3925,
      1.0225,
      0.47,
      1.1,
      0.55,
      0,
      0.6275,
      0.0775,
      0.7075,
      0.155,
      0.785,
      0.235,
      0.865,
      0.3125,
      0.9425,
      0.3925,
      1.0225,
      0.47,
      1.1,
      0.55
    ],
    "SoftwareVersions": "syngo_MR_E11",
    "SpacingBetweenSlices": 2.4,
    "StationName": "MRC35177",
    "TaskName": "Cuedts",
    "TotalReadoutTime": 0.0525111,
    "TxRefAmp": 231.701,
    "VendorReportedEchoSpacing": 0.00059,
    "WipMemBlock": "8257e777-e32c-4e20-8d62-c3131f9c3fe1||Sequence: ve11c/master r/068cfa9; Jul 21 2016 14:39:26 by eja",
    "acq_id": "mb4AP",
    "dataset": "ds003465",
    "modality": "bold",
    "run_id": 1,
    "session_id": "wave1bas",
    "subject_id": "f8710qa",
    "task_id": "Cuedts"
  },
  "dummy_trs": 2,
  "dvars_nstd": 29.37616023989185,
  "dvars_std": 1.126989513879443,
  "dvars_vstd": 1.0090845757805254,
  "efc": 0.49903621906547146,
  "fber": 967.4525756835938,
  "fd_mean": 0.18476040605389218,
  "fd_num": 297,
  "fd_perc": 45.833333333333336,
  "fwhm_avg": 2.762580540280878,
  "fwhm_x": 2.6242790623871857,
  "fwhm_y": 2.8096457216880433,
  "fwhm_z": 2.8538168367674057,
  "gcor": 0.00479632,
  "gsr_x": -0.03193690627813339,
  "gsr_y": 0.0876537635922432,
  "provenance": {
    "md5sum": "aac22a2db29c23d76cbc784819410264",
    "settings": {
      "fd_thres": 0.2,
      "testing": false
    },
    "software": "mriqc",
    "version": "22.0.6",
    "webapi_port": null,
    "webapi_url": "https://mriqc.nimh.nih.gov/api/v1"
  },
  "size_t": 648,
  "size_x": 90,
  "size_y": 90,
  "size_z": 60,
  "snr": 2.825748544684895,
  "spacing_tr": 1.2000000476837158,
  "spacing_x": 2.4000000953674316,
  "spacing_y": 2.4000000953674316,
  "spacing_z": 2.3999998569488525,
  "summary_bg_k": 40.60574690341589,
  "summary_bg_mad": 37.89787676346641,
  "summary_bg_mean": 300.3852233886719,
  "summary_bg_median": 127.93055725097656,
  "summary_bg_n": 334789.0,
  "summary_bg_p05": 99.50308990478516,
  "summary_bg_p95": 1139.2043212890621,
  "summary_bg_stdv": 502.48626708984375,
  "summary_fg_k": 1.6425642019333955,
  "summary_fg_mad": 1251.2637877210514,
  "summary_fg_mean": 4347.28955078125,
  "summary_fg_median": 4074.725341796875,
  "summary_fg_n": 77481.0,
  "summary_fg_p05": 2530.720703125,
  "summary_fg_p95": 7113.97216796875,
  "summary_fg_stdv": 1441.9892578125,
  "tsnr": 52.02265999931842
}