{
  "aor": 0.0015475650557620817,
  "aqi": 0.008285021375464684,
  "bids_meta": {
    "AcquisitionMatrixPE": 90,
    "AcquisitionNumber": 1,
    "AcquisitionTime": "13:24:18.492500",
    "BandwidthPerPixelPhaseEncode": 18.832,
    "BaseResolution": 90,
    "BodyPartExamined": "HEAD",
    "ConsistencyInfo": "N4_VE11C_LATEST_20160120",
    "ConversionSoftware": "dcm2niix",
    "ConversionSoftwareVersion": "v1.0.20190902",
    "DerivedVendorReportedEchoSpacing": 0.000590012,
    "DeviceSerialNumber": "67064",
    "DwellTime": 2.5e-06,
    "EchoTime": 0.033,
    "EchoTrainLength": 90,
    "EffectiveEchoSpacing": 0.000590012,
    "FlipAngle": 63,
    "ImageComments": "Unaliased_MB4_PE3_LB",
    "ImageOrientationPatientDICOM": [
      0.996056,
      0.0884118,
      0.00752478,
      -0.0813657,
      0.94391,
      -0.320021
    ],
    "ImageType": [
      "ORIGINAL",
      "PRIMARY",
      "M",
      "MB",
      "ND",
      "MOSAIC"
    ],
    "ImagingFrequency": 123.247,
    "InPlanePhaseEncodingDirectionDICOM": "COL",
    "InstitutionAddress": "Scott_Ave_4525_St._Louis_MO_US_63110",
    "InstitutionName": "washington_university",
    "InstitutionalDepartmentName": "Department",
    "MRAcquisitionType": "2D",
    "MagneticFieldStrength": 3,
    "Manufacturer": "Siemens",
    "ManufacturersModelName": "Prisma_fit",
    "Modality": "MR",
    "MultibandAccelerationFactor": 4,
    "PartialFourier": 1,
    "PatientPosition": "HFS",
    "PercentPhaseFOV": 100,
    "PhaseEncodingDirection": "j-",
    "PhaseEncodingSteps": 90,
    "PhaseResolution": 1,
    "PixelBandwidth": 2220,
    "ProcedureStepDescription": "head_Braver",
    "ProtocolName": "tfMRI_StroopBas1_AP",
    "PulseSequenceDetails": "%CustomerSeq%_cmrr_mbep2d_bold",
    "ReceiveCoilActiveElements": "HEA;HEP",
    "ReceiveCoilName": "Head_32",
    "ReconMatrixPE": 90,
    "RepetitionTime": 1.2,
    "SAR": 0.0687247,
    "ScanOptions": "FS_EXT",
    "ScanningSequence": "EP",
    "SequenceName": "epfid2d1_90",
    "SequenceVariant": "SK_SS",
    "SeriesDescription": "tfMRI_StroopBas1_AP",
    "SeriesNumber": 30,
    "ShimSetting": [
      -2004,
      -11501,
      5862,
      569,
      40,
      202,
      27,
      -13
    ],
    "SliceThickness": 2.4,
    "SliceTiming": [
      0,
      0.6275,
      0.0775,
      0.7075,
      0.1575,
      0.785,
      0.235,
      0.865,
      0.3125,
      0.9425,
      0.3925,
      1.0225,
      0.47,
      1.1,
      0.55,
      0,
      0.6275,
      0.0775,
      0.7075,
      0.1575,
      0.785,
      0.235,
      0.865,
      0.3125,
      0.9425,
      0.3925,
      1.0225,
      0.47,
      1.1,
      0.55,
      0,
      0.6275,
      0.0775,
      0.7075,
      0.1575,
      0.785,
      0.235,
      0.865,
      0.3125,
      0.9425,
      0.3925,
      1.0225,
      0.47,
      1.1,
      0.55,
      0,
      0.6275,
      0.0775,
      0.7075,
      0.1575,
      0.785,
      0.235,
      0.865,
      0.3125,
      0.9425,
      0.3925,
      1.0225,
      0.47,
      1.1,
      0.55
    ],
    "SoftwareVersions": "syngo_MR_E11",
    "SpacingBetweenSlices": 2.4,
    "StationName": "MRC35177",
    "TaskName": "Stroop",
    "TotalReadoutTime": 0.0525111,
    "TxRefAmp": 231.701,
    "VendorReportedEchoSpacing": 0.00059,
    "WipMemBlock": "25dff73e-3c64-42d6-999d-8d830126a9c3||Sequence: ve11c/master r/068cfa9; Jul 21 2016 14:39:26 by eja",
    "acq_id": "mb4AP",
    "dataset": "ds003465",
    "modality": "bold",
    "run_id": 1,
    "session_id": "wave1bas",
    "subject_id": "f8710qa",
    "task_id": "Stroop"
  },
  "dummy_trs": 2,
  "dvars_nstd": 35.87689995009312,
  "dvars_std": 1.1299049408007453,
  "dvars_vstd": 1.0050897747113592,
  "efc": 0.5042362938188445,
  "fber": 909.0202026367188,
  "fd_mean": 0.21191483037364062,
  "fd_num": 240,
  "fd_perc": 44.60966542750929,
  "fwhm_avg": 2.8209555408769247,
  "fwhm_x": 2.6814415601157524,
  "fwhm_y": 2.8395582204994274,
  "fwhm_z": 2.9418668420155947,
  "gcor": 0.0124391,
  "gsr_x": -0.032441396266222,
  "gsr_y": 0.10429500788450241,
  "provenance": {
    "md5sum": "106a88d51c0defc615d0f65c429dcce5",
    "settings": {
      "fd_thres": 0.2,
      "testing": false
    },
    "software": "mriqc",
    "version": "22.0.6",
    "webapi_port": null,
    "webapi_url": "https://mriqc.nimh.nih.gov/api/v1"
  },
  "size_t": 538,
  "size_x": 90,
  "size_y": 90,
  "size_z": 60,
  "snr": 2.759048591898612,
  "spacing_tr": 1.2000000476837158,
  "spacing_x": 2.4000000953674316,
  "spacing_y": 2.4000000953674316,
  "spacing_z": 2.3999998569488525,
  "summary_bg_k": 36.61537187973081,
  "summary_bg_mad": 38.43466853349663,
  "summary_bg_mean": 314.268798828125,
  "summary_bg_median": 129.65798950195312,
  "summary_bg_n": 333593.0,
  "summary_bg_p05": 100.69330596923828,
  "summary_bg_p95": 1216.8200927734367,
  "summary_bg_stdv": 531.3468017578125,
  "summary_fg_k": 1.9132012829096086,
  "summary_fg_mad": 1241.0234802592004,
  "summary_fg_mean": 4290.68798828125,
  "summary_fg_median": 4008.35400390625,
  "summary_fg_n": 78324.0,
  "summary_fg_p05": 2481.017199707031,
  "summary_fg_p95": 7112.436694335934,
  "summary_fg_stdv": 1452.793701171875,
  "tsnr": 43.54697339585982
}