{
  "aor": 0.0005183148148148148,
  "aqi": 0.006582793907407408,
  "bids_meta": {
    "AcquisitionMatrixPE": 90,
    "AcquisitionNumber": 1,
    "AcquisitionTime": "20:34:58.815000",
    "BandwidthPerPixelPhaseEncode": 18.832,
    "BaseResolution": 90,
    "BodyPartExamined": "HEAD",
    "ConsistencyInfo": "N4_VE11C_LATEST_20160120",
    "ConversionSoftware": "dcm2niix",
    "ConversionSoftwareVersion": "v1.0.20190902",
    "DerivedVendorReportedEchoSpacing": 0.000590012,
    "DeviceSerialNumber": "67064",
    "DwellTime": 2.5e-06,
    "EchoTime": 0.033,
    "EchoTrainLength": 90,
    "EffectiveEchoSpacing": 0.000590012,
    "FlipAngle": 63,
    "ImageComments": "Unaliased_MB4_PE3_LB",
    "ImageOrientationPatientDICOM": [
      0.996411,
      -0.0423134,
      0.0733171,
      0.0616414,
      0.956297,
      -0.285825
    ],
    "ImageType": [
      "ORIGINAL",
      "PRIMARY",
      "M",
      "MB",
      "ND",
      "MOSAIC"
    ],
    "ImagingFrequency": 123.247,
    "InPlanePhaseEncodingDirectionDICOM": "COL",
    "InstitutionAddress": "Scott_Ave_4525_St._Louis_MO_US_63110",
    "InstitutionName": "Washington_University",
    "InstitutionalDepartmentName": "Department",
    "MRAcquisitionType": "2D",
    "MagneticFieldStrength": 3,
    "Manufacturer": "Siemens",
    "ManufacturersModelName": "Prisma_fit",
    "Modality": "MR",
    "MultibandAccelerationFactor": 4,
    "PartialFourier": 1,
    "PatientPosition": "HFS",
    "PercentPhaseFOV": 100,
    "PhaseEncodingDirection": "j-",
    "PhaseEncodingSteps": 90,
    "PhaseResolution": 1,
    "PixelBandwidth": 2220,
    "ProcedureStepDescription": "head_Braver",
    "ProtocolName": "tfMRI_StroopBas1_AP",
    "PulseSequenceDetails": "%CustomerSeq%_cmrr_mbep2d_bold",
    "ReceiveCoilActiveElements": "HEA;HEP",
    "ReceiveCoilName": "Head_32",
    "ReconMatrixPE": 90,
    "RepetitionTime": 1.2,
    "SAR": 0.0567897,
    "ScanOptions": "FS_EXT",
    "ScanningSequence": "EP",
    "SequenceName": "epfid2d1_90",
    "SequenceVariant": "SK_SS",
    "SeriesDescription": "tfMRI_StroopBas1_AP",
    "SeriesNumber": 38,
    "ShimSetting": [
      -1978,
      -11492,
      5838,
      636,
      57,
      202,
      121,
      -35
    ],
    "SliceThickness": 2.4,
    "SliceTiming": [
      0,
      0.6275,
      0.0775,
      0.7075,
      0.155,
      0.785,
      0.235,
      0.865,
      0.3125,
      0.9425,
      0.3925,
      1.0225,
      0.47,
      1.1,
      0.55,
      0,
      0.6275,
      0.0775,
      0.7075,
      0.155,
      0.785,
      0.235,
      0.865,
      0.3125,
      0.9425,
      0.3925,
      1.0225,
      0.47,
      1.1,
      0.55,
      0,
      0.6275,
      0.0775,
      0.7075,
      0.155,
      0.785,
      0.235,
      0.865,
      0.3125,
      0.9425,
      0.3925,
      1.0225,
      0.47,
      1.1,
      0.55,
      0,
      0.6275,
      0.0775,
      0.7075,
      0.155,
      0.785,
      0.235,
      0.865,
      0.3125,
      0.9425,
      0.3925,
      1.0225,
      0.47,
      1.1,
      0.55
    ],
    "SoftwareVersions": "syngo_MR_E11",
    "SpacingBetweenSlices": 2.4,
    "StationName": "MRC35177",
    "TaskName": "Stroop",
    "TotalReadoutTime": 0.0525111,
    "TxRefAmp": 235.69,
    "VendorReportedEchoSpacing": 0.00059,
    "WipMemBlock": "21f4004b-e993-47e9-906d-a781f09e30f7||Sequence: R016 ve11c/master r/e634e98; Dec 19 2017 11:00:25 by eja",
    "acq_id": "mb4AP",
    "dataset": "ds003465",
    "modality": "bold",
    "run_id": 1,
    "session_id": "wave1bas",
    "subject_id": "f8113do",
    "task_id": "Stroop"
  },
  "dummy_trs": 0,
  "dvars_nstd": 30.932533526270852,
  "dvars_std": 1.0852404956215225,
  "dvars_vstd": 0.9717976769573275,
  "efc": 0.4948195229845737,
  "fber": 1069.532470703125,
  "fd_mean": 0.20397024515312748,
  "fd_num": 250,
  "fd_perc": 46.2962962962963,
  "fwhm_avg": 2.8084666496710153,
  "fwhm_x": 2.6957123928820135,
  "fwhm_y": 2.872779052512683,
  "fwhm_z": 2.85690850361835,
  "gcor": 0.0176802,
  "gsr_x": -0.01944672130048275,
  "gsr_y": 0.055918511003255844,
  "provenance": {
    "md5sum": "bb8fecc93c8fcc5f2dcb525a02348d08",
    "settings": {
      "fd_thres": 0.2,
      "testing": false
    },
    "software": "mriqc",
    "version": "22.0.6",
    "webapi_port": null,
    "webapi_url": "https://mriqc.nimh.nih.gov/api/v1"
  },
  "size_t": 540,
  "size_x": 90,
  "size_y": 90,
  "size_z": 60,
  "snr": 2.9376739354275614,
  "spacing_tr": 1.2000000476837158,
  "spacing_x": 2.4000000953674316,
  "spacing_y": 2.4000000953674316,
  "spacing_z": 2.3999998569488525,
  "summary_bg_k": 47.01940892597661,
  "summary_bg_mad": 44.30785325115139,
  "summary_bg_mean": 297.7126159667969,
  "summary_bg_median": 133.7981414794922,
  "summary_bg_n": 334872.0,
  "summary_bg_p05": 101.47777557373047,
  "summary_bg_p95": 1062.4878845214844,
  "summary_bg_stdv": 479.6524963378906,
  "summary_fg_k": 0.703151549869037,
  "summary_fg_mad": 1381.9213658977478,
  "summary_fg_mean": 4697.83251953125,
  "summary_fg_median": 4417.89794921875,
  "summary_fg_n": 81130.0,
  "summary_fg_p05": 2761.321911621094,
  "summary_fg_p95": 7582.1337890625,
  "summary_fg_stdv": 1503.866943359375,
  "tsnr": 45.95207665115595
}