{
  "aor": 0.0010318181818181815,
  "aqi": 0.007795967627118644,
  "bids_meta": {
    "AcquisitionMatrixPE": 90,
    "AcquisitionNumber": 1,
    "AcquisitionTime": "21:19:5.910000",
    "BandwidthPerPixelPhaseEncode": 18.832,
    "BaseResolution": 90,
    "BodyPartExamined": "HEAD",
    "ConsistencyInfo": "N4_VE11C_LATEST_20160120",
    "ConversionSoftware": "dcm2niix",
    "ConversionSoftwareVersion": "v1.0.20190902",
    "DerivedVendorReportedEchoSpacing": 0.000590012,
    "DeviceSerialNumber": "67064",
    "DwellTime": 2.5e-06,
    "EchoTime": 0.033,
    "EchoTrainLength": 90,
    "EffectiveEchoSpacing": 0.000590012,
    "FlipAngle": 63,
    "ImageComments": "Unaliased_MB4_PE3_LB",
    "ImageOrientationPatientDICOM": [
      0.996411,
      -0.0423134,
      0.0733171,
      0.0616414,
      0.956297,
      -0.285825
    ],
    "ImageType": [
      "ORIGINAL",
      "PRIMARY",
      "M",
      "MB",
      "ND",
      "MOSAIC"
    ],
    "ImagingFrequency": 123.247,
    "InPlanePhaseEncodingDirectionDICOM": "COL",
    "InstitutionAddress": "Scott_Ave_4525_St._Louis_MO_US_63110",
    "InstitutionName": "Washington_University",
    "InstitutionalDepartmentName": "Department",
    "MRAcquisitionType": "2D",
    "MagneticFieldStrength": 3,
    "Manufacturer": "Siemens",
    "ManufacturersModelName": "Prisma_fit",
    "Modality": "MR",
    "MultibandAccelerationFactor": 4,
    "PartialFourier": 1,
    "PatientPosition": "HFS",
    "PercentPhaseFOV": 100,
    "PhaseEncodingDirection": "j",
    "PhaseEncodingSteps": 90,
    "PhaseResolution": 1,
    "PixelBandwidth": 2220,
    "ProcedureStepDescription": "head_Braver",
    "ProtocolName": "tfMRI_CuedtsBas2_PA",
    "PulseSequenceDetails": "%CustomerSeq%_cmrr_mbep2d_bold",
    "ReceiveCoilActiveElements": "HEA;HEP",
    "ReceiveCoilName": "Head_32",
    "ReconMatrixPE": 90,
    "RepetitionTime": 1.2,
    "SAR": 0.0568315,
    "ScanOptions": "FS_EXT",
    "ScanningSequence": "EP",
    "SequenceName": "epfid2d1_90",
    "SequenceVariant": "SK_SS",
    "SeriesDescription": "tfMRI_CuedtsBas2_PA",
    "SeriesNumber": 50,
    "ShimSetting": [
      -1978,
      -11492,
      5838,
      636,
      57,
      202,
      121,
      -35
    ],
    "SliceThickness": 2.4,
    "SliceTiming": [
      0,
      0.6275,
      0.0775,
      0.7075,
      0.1575,
      0.785,
      0.235,
      0.865,
      0.315,
      0.9425,
      0.3925,
      1.0225,
      0.4725,
      1.1,
      0.55,
      0,
      0.6275,
      0.0775,
      0.7075,
      0.1575,
      0.785,
      0.235,
      0.865,
      0.315,
      0.9425,
      0.3925,
      1.0225,
      0.4725,
      1.1,
      0.55,
      0,
      0.6275,
      0.0775,
      0.7075,
      0.1575,
      0.785,
      0.235,
      0.865,
      0.315,
      0.9425,
      0.3925,
      1.0225,
      0.4725,
      1.1,
      0.55,
      0,
      0.6275,
      0.0775,
      0.7075,
      0.1575,
      0.785,
      0.235,
      0.865,
      0.315,
      0.9425,
      0.3925,
      1.0225,
      0.4725,
      1.1,
      0.55
    ],
    "SoftwareVersions": "syngo_MR_E11",
    "SpacingBetweenSlices": 2.4,
    "StationName": "MRC35177",
    "TaskName": "Cuedts",
    "TotalReadoutTime": 0.0525111,
    "TxRefAmp": 235.69,
    "VendorReportedEchoSpacing": 0.00059,
    "WipMemBlock": "9ce1a2ab-8dac-4604-8d52-6091dd5eb6b4||Sequence: R016 ve11c/master r/e634e98; Dec 19 2017 11:00:25 by eja",
    "acq_id": "mb4PA",
    "dataset": "ds003465",
    "modality": "bold",
    "run_id": 2,
    "session_id": "wave1bas",
    "subject_id": "f8113do",
    "task_id": "Cuedts"
  },
  "dummy_trs": 1,
  "dvars_nstd": 28.1574158315278,
  "dvars_std": 1.0361037073302468,
  "dvars_vstd": 0.9650774350617278,
  "efc": 0.4944452998996827,
  "fber": 1040.4788818359375,
  "fd_mean": 0.18382551131103672,
  "fd_num": 209,
  "fd_perc": 32.20338983050848,
  "fwhm_avg": 2.780959706969869,
  "fwhm_x": 2.6377082285202254,
  "fwhm_y": 2.8286248876005455,
  "fwhm_z": 2.8765460047888363,
  "gcor": 0.0139057,
  "gsr_x": -0.020098373293876648,
  "gsr_y": 0.0658181682229042,
  "provenance": {
    "md5sum": "2d0f636ae9a1deff29c8079e4d1ca911",
    "settings": {
      "fd_thres": 0.2,
      "testing": false
    },
    "software": "mriqc",
    "version": "22.0.6",
    "webapi_port": null,
    "webapi_url": "https://mriqc.nimh.nih.gov/api/v1"
  },
  "size_t": 649,
  "size_x": 90,
  "size_y": 90,
  "size_z": 60,
  "snr": 2.8965638266220477,
  "spacing_tr": 1.2000000476837158,
  "spacing_x": 2.4000000953674316,
  "spacing_y": 2.4000000953674316,
  "spacing_z": 2.3999998569488525,
  "summary_bg_k": 56.8623150450296,
  "summary_bg_mad": 48.69058566836358,
  "summary_bg_mean": 307.6204833984375,
  "summary_bg_median": 136.81202697753906,
  "summary_bg_n": 337651.0,
  "summary_bg_p05": 101.0416030883789,
  "summary_bg_p95": 1170.3236083984375,
  "summary_bg_stdv": 467.8104248046875,
  "summary_fg_k": 0.689809298364148,
  "summary_fg_mad": 1435.6410828051828,
  "summary_fg_mean": 4643.04833984375,
  "summary_fg_median": 4384.591796875,
  "summary_fg_n": 79541.0,
  "summary_fg_p05": 2667.927734375,
  "summary_fg_p95": 7485.05419921875,
  "summary_fg_stdv": 1513.7122802734375,
  "tsnr": 42.4673258154653
}