{
  "aor": 0.0017720525451559936,
  "aqi": 0.0082610139408867,
  "bids_meta": {
    "AcquisitionMatrixPE": 90,
    "AcquisitionNumber": 1,
    "AcquisitionTime": "15:16:15.215000",
    "BandwidthPerPixelPhaseEncode": 18.832,
    "BaseResolution": 90,
    "BodyPartExamined": "HEAD",
    "ConsistencyInfo": "N4_VE11C_LATEST_20160120",
    "ConversionSoftware": "dcm2niix",
    "ConversionSoftwareVersion": "v1.0.20190902",
    "DerivedVendorReportedEchoSpacing": 0.000590012,
    "DeviceSerialNumber": "67064",
    "DwellTime": 2.5e-06,
    "EchoTime": 0.033,
    "EchoTrainLength": 90,
    "EffectiveEchoSpacing": 0.000590012,
    "FlipAngle": 63,
    "ImageComments": "Unaliased_MB4_PE3_LB",
    "ImageOrientationPatientDICOM": [
      0.998751,
      -0.0378701,
      0.032586,
      0.0455277,
      0.958479,
      -0.281504
    ],
    "ImageType": [
      "ORIGINAL",
      "PRIMARY",
      "M",
      "MB",
      "ND",
      "MOSAIC"
    ],
    "ImagingFrequency": 123.247,
    "InPlanePhaseEncodingDirectionDICOM": "COL",
    "InstitutionAddress": "Scott_Ave_4525_St._Louis_MO_US_63110",
    "InstitutionName": "Washington_University",
    "InstitutionalDepartmentName": "Department",
    "MRAcquisitionType": "2D",
    "MagneticFieldStrength": 3,
    "Manufacturer": "Siemens",
    "ManufacturersModelName": "Prisma_fit",
    "Modality": "MR",
    "MultibandAccelerationFactor": 4,
    "PartialFourier": 1,
    "PatientPosition": "HFS",
    "PercentPhaseFOV": 100,
    "PhaseEncodingDirection": "j-",
    "PhaseEncodingSteps": 90,
    "PhaseResolution": 1,
    "PixelBandwidth": 2220,
    "ProcedureStepDescription": "head_Braver",
    "ProtocolName": "tfMRI_AxcptBas1_AP",
    "PulseSequenceDetails": "%CustomerSeq%_cmrr_mbep2d_bold",
    "ReceiveCoilActiveElements": "HEA;HEP",
    "ReceiveCoilName": "Head_32",
    "ReconMatrixPE": 90,
    "RepetitionTime": 1.2,
    "SAR": 0.07885,
    "ScanOptions": "FS_EXT",
    "ScanningSequence": "EP",
    "SequenceName": "epfid2d1_90",
    "SequenceVariant": "SK_SS",
    "SeriesDescription": "tfMRI_AxcptBas1_AP",
    "SeriesNumber": 43,
    "ShimSetting": [
      -2000,
      -11520,
      5752,
      596,
      -8,
      202,
      256,
      -21
    ],
    "SliceThickness": 2.4,
    "SliceTiming": [
      0,
      0.63,
      0.08,
      0.71,
      0.1575,
      0.7875,
      0.2375,
      0.8675,
      0.315,
      0.945,
      0.395,
      1.025,
      0.4725,
      1.1025,
      0.5525,
      0,
      0.63,
      0.08,
      0.71,
      0.1575,
      0.7875,
      0.2375,
      0.8675,
      0.315,
      0.945,
      0.395,
      1.025,
      0.4725,
      1.1025,
      0.5525,
      0,
      0.63,
      0.08,
      0.71,
      0.1575,
      0.7875,
      0.2375,
      0.8675,
      0.315,
      0.945,
      0.395,
      1.025,
      0.4725,
      1.1025,
      0.5525,
      0,
      0.63,
      0.08,
      0.71,
      0.1575,
      0.7875,
      0.2375,
      0.8675,
      0.315,
      0.945,
      0.395,
      1.025,
      0.4725,
      1.1025,
      0.5525
    ],
    "SoftwareVersions": "syngo_MR_E11",
    "SpacingBetweenSlices": 2.4,
    "StationName": "MRC35177",
    "TaskName": "Axcpt",
    "TotalReadoutTime": 0.0525111,
    "TxRefAmp": 247.314,
    "VendorReportedEchoSpacing": 0.00059,
    "WipMemBlock": "79847f47-798a-4c81-9e51-9afbc40ee271||Sequence: ve11c/master r/b8bea8f; Mar  2 2017 16:56:44 by eja",
    "acq_id": "mb4AP",
    "dataset": "ds003465",
    "modality": "bold",
    "run_id": 1,
    "session_id": "wave1bas",
    "subject_id": "f4310gw",
    "task_id": "Axcpt"
  },
  "dummy_trs": 1,
  "dvars_nstd": 29.410797984786182,
  "dvars_std": 1.1244720972697364,
  "dvars_vstd": 1.0142345496381575,
  "efc": 0.511047089774653,
  "fber": 991.2776489257812,
  "fd_mean": 0.20407300270868386,
  "fd_num": 272,
  "fd_perc": 44.66338259441708,
  "fwhm_avg": 2.8667194281511073,
  "fwhm_x": 2.6475873947943294,
  "fwhm_y": 3.0045498806099142,
  "fwhm_z": 2.948021009049078,
  "gcor": 0.0268854,
  "gsr_x": -0.03220731019973755,
  "gsr_y": 0.10748789459466934,
  "provenance": {
    "md5sum": "ab9d278f9269e2c05393f973a089f1c6",
    "settings": {
      "fd_thres": 0.2,
      "testing": false
    },
    "software": "mriqc",
    "version": "22.0.6",
    "webapi_port": null,
    "webapi_url": "https://mriqc.nimh.nih.gov/api/v1"
  },
  "size_t": 609,
  "size_x": 90,
  "size_y": 90,
  "size_z": 60,
  "snr": 3.019410297626805,
  "spacing_tr": 1.2000000476837158,
  "spacing_x": 2.4000000953674316,
  "spacing_y": 2.4000000953674316,
  "spacing_z": 2.3999998569488525,
  "summary_bg_k": 36.94868886880609,
  "summary_bg_mad": 39.54579446829601,
  "summary_bg_mean": 333.1324768066406,
  "summary_bg_median": 131.11822509765625,
  "summary_bg_n": 334595.0,
  "summary_bg_p05": 101.70278930664062,
  "summary_bg_p95": 1332.445458984375,
  "summary_bg_stdv": 554.4962768554688,
  "summary_fg_k": 0.9269615350929854,
  "summary_fg_mad": 1227.6749928045983,
  "summary_fg_mean": 4427.9423828125,
  "summary_fg_median": 4198.53369140625,
  "summary_fg_n": 79671.0,
  "summary_fg_p05": 2585.98193359375,
  "summary_fg_p95": 7142.506591796875,
  "summary_fg_stdv": 1390.5057373046875,
  "tsnr": 41.80544891010504
}