{
  "aor": 0.0010942037037037038,
  "aqi": 0.006385844592592592,
  "bids_meta": {
    "AcquisitionMatrixPE": 90,
    "AcquisitionNumber": 1,
    "AcquisitionTime": "14:29:52.412500",
    "BandwidthPerPixelPhaseEncode": 18.832,
    "BaseResolution": 90,
    "BodyPartExamined": "HEAD",
    "ConsistencyInfo": "N4_VE11C_LATEST_20160120",
    "ConversionSoftware": "dcm2niix",
    "ConversionSoftwareVersion": "v1.0.20190902",
    "DerivedVendorReportedEchoSpacing": 0.000590012,
    "DeviceSerialNumber": "67064",
    "DwellTime": 2.5e-06,
    "EchoTime": 0.033,
    "EchoTrainLength": 90,
    "EffectiveEchoSpacing": 0.000590012,
    "FlipAngle": 63,
    "ImageComments": "Unaliased_MB4_PE3_LB",
    "ImageOrientationPatientDICOM": [
      0.998751,
      -0.0378701,
      0.032586,
      0.0455277,
      0.958479,
      -0.281504
    ],
    "ImageType": [
      "ORIGINAL",
      "PRIMARY",
      "M",
      "MB",
      "ND",
      "MOSAIC"
    ],
    "ImagingFrequency": 123.247,
    "InPlanePhaseEncodingDirectionDICOM": "COL",
    "InstitutionAddress": "Scott_Ave_4525_St._Louis_MO_US_63110",
    "InstitutionName": "Washington_University",
    "InstitutionalDepartmentName": "Department",
    "MRAcquisitionType": "2D",
    "MagneticFieldStrength": 3,
    "Manufacturer": "Siemens",
    "ManufacturersModelName": "Prisma_fit",
    "Modality": "MR",
    "MultibandAccelerationFactor": 4,
    "PartialFourier": 1,
    "PatientPosition": "HFS",
    "PercentPhaseFOV": 100,
    "PhaseEncodingDirection": "j",
    "PhaseEncodingSteps": 90,
    "PhaseResolution": 1,
    "PixelBandwidth": 2220,
    "ProcedureStepDescription": "head_Braver",
    "ProtocolName": "tfMRI_StroopBas2_PA",
    "PulseSequenceDetails": "%CustomerSeq%_cmrr_mbep2d_bold",
    "ReceiveCoilActiveElements": "HEA;HEP",
    "ReceiveCoilName": "Head_32",
    "ReconMatrixPE": 90,
    "RepetitionTime": 1.2,
    "SAR": 0.0788106,
    "ScanOptions": "FS_EXT",
    "ScanningSequence": "EP",
    "SequenceName": "epfid2d1_90",
    "SequenceVariant": "SK_SS",
    "SeriesDescription": "tfMRI_StroopBas2_PA",
    "SeriesNumber": 31,
    "ShimSetting": [
      -2000,
      -11520,
      5752,
      596,
      -8,
      202,
      256,
      -21
    ],
    "SliceThickness": 2.4,
    "SliceTiming": [
      0,
      0.6275,
      0.0775,
      0.7075,
      0.155,
      0.785,
      0.235,
      0.865,
      0.3125,
      0.9425,
      0.3925,
      1.0225,
      0.47,
      1.1,
      0.55,
      0,
      0.6275,
      0.0775,
      0.7075,
      0.155,
      0.785,
      0.235,
      0.865,
      0.3125,
      0.9425,
      0.3925,
      1.0225,
      0.47,
      1.1,
      0.55,
      0,
      0.6275,
      0.0775,
      0.7075,
      0.155,
      0.785,
      0.235,
      0.865,
      0.3125,
      0.9425,
      0.3925,
      1.0225,
      0.47,
      1.1,
      0.55,
      0,
      0.6275,
      0.0775,
      0.7075,
      0.155,
      0.785,
      0.235,
      0.865,
      0.3125,
      0.9425,
      0.3925,
      1.0225,
      0.47,
      1.1,
      0.55
    ],
    "SoftwareVersions": "syngo_MR_E11",
    "SpacingBetweenSlices": 2.4,
    "StationName": "MRC35177",
    "TaskName": "Stroop",
    "TotalReadoutTime": 0.0525111,
    "TxRefAmp": 247.314,
    "VendorReportedEchoSpacing": 0.00059,
    "WipMemBlock": "3476486a-74c1-4577-a4b7-9c3886049987||Sequence: ve11c/master r/b8bea8f; Mar  2 2017 16:56:44 by eja",
    "acq_id": "mb4PA",
    "dataset": "ds003465",
    "modality": "bold",
    "run_id": 2,
    "session_id": "wave1bas",
    "subject_id": "f4310gw",
    "task_id": "Stroop"
  },
  "dummy_trs": 0,
  "dvars_nstd": 31.65821102686453,
  "dvars_std": 1.139461937012988,
  "dvars_vstd": 1.0056602631539873,
  "efc": 0.5013612056842235,
  "fber": 989.674560546875,
  "fd_mean": 0.18643546128759322,
  "fd_num": 187,
  "fd_perc": 34.629629629629626,
  "fwhm_avg": 2.801681929439478,
  "fwhm_x": 2.6388707284740316,
  "fwhm_y": 2.857291553128101,
  "fwhm_z": 2.9088835067163017,
  "gcor": 0.00909102,
  "gsr_x": -0.020646022632718086,
  "gsr_y": 0.06910258531570435,
  "provenance": {
    "md5sum": "9ac3d0a1fa2a626bf575ddcac6861e77",
    "settings": {
      "fd_thres": 0.2,
      "testing": false
    },
    "software": "mriqc",
    "version": "22.0.6",
    "webapi_port": null,
    "webapi_url": "https://mriqc.nimh.nih.gov/api/v1"
  },
  "size_t": 540,
  "size_x": 90,
  "size_y": 90,
  "size_z": 60,
  "snr": 2.9630275409744202,
  "spacing_tr": 1.2000000476837158,
  "spacing_x": 2.4000000953674316,
  "spacing_y": 2.4000000953674316,
  "spacing_z": 2.3999998569488525,
  "summary_bg_k": 114.97138605513003,
  "summary_bg_mad": 40.59585038526006,
  "summary_bg_mean": 313.5041198730469,
  "summary_bg_median": 131.772216796875,
  "summary_bg_n": 336945.0,
  "summary_bg_p05": 100.54258728027344,
  "summary_bg_p95": 1272.0651367187493,
  "summary_bg_stdv": 522.341796875,
  "summary_fg_k": 0.5579737444714157,
  "summary_fg_mad": 1340.5800744464786,
  "summary_fg_mean": 4425.54248046875,
  "summary_fg_median": 4203.7626953125,
  "summary_fg_n": 77699.0,
  "summary_fg_p05": 2515.2748779296876,
  "summary_fg_p95": 7103.62700195312,
  "summary_fg_stdv": 1418.7298583984375,
  "tsnr": 45.81728666648269
}