{
  "aor": 0.000949078947368421,
  "aqi": 0.006374582138157895,
  "bids_meta": {
    "AcquisitionMatrixPE": 90,
    "AcquisitionNumber": 1,
    "AcquisitionTime": "14:37:1.422500",
    "BandwidthPerPixelPhaseEncode": 18.832,
    "BaseResolution": 90,
    "BodyPartExamined": "HEAD",
    "ConsistencyInfo": "N4_VE11C_LATEST_20160120",
    "ConversionSoftware": "dcm2niix",
    "ConversionSoftwareVersion": "v1.0.20190902",
    "DerivedVendorReportedEchoSpacing": 0.000590012,
    "DeviceSerialNumber": "67064",
    "DwellTime": 2.5e-06,
    "EchoTime": 0.033,
    "EchoTrainLength": 90,
    "EffectiveEchoSpacing": 0.000590012,
    "FlipAngle": 63,
    "ImageComments": "Unaliased_MB4_PE3_LB",
    "ImageOrientationPatientDICOM": [
      0.999753,
      0.00232071,
      -0.0221204,
      -0.0127385,
      0.875016,
      -0.483926
    ],
    "ImageType": [
      "ORIGINAL",
      "PRIMARY",
      "M",
      "MB",
      "ND",
      "MOSAIC"
    ],
    "ImagingFrequency": 123.247,
    "InPlanePhaseEncodingDirectionDICOM": "COL",
    "InstitutionAddress": "Scott_Ave_4525_St._Louis_MO_US_63110",
    "InstitutionName": "Washington_University",
    "InstitutionalDepartmentName": "Department",
    "MRAcquisitionType": "2D",
    "MagneticFieldStrength": 3,
    "Manufacturer": "Siemens",
    "ManufacturersModelName": "Prisma_fit",
    "Modality": "MR",
    "MultibandAccelerationFactor": 4,
    "PartialFourier": 1,
    "PatientPosition": "HFS",
    "PercentPhaseFOV": 100,
    "PhaseEncodingDirection": "j",
    "PhaseEncodingSteps": 90,
    "PhaseResolution": 1,
    "PixelBandwidth": 2220,
    "ProcedureStepDescription": "head_Braver",
    "ProtocolName": "tfMRI_AxcptBas2_PA",
    "PulseSequenceDetails": "%CustomerSeq%_cmrr_mbep2d_bold",
    "ReceiveCoilActiveElements": "HEA;HEP",
    "ReceiveCoilName": "Head_32",
    "ReconMatrixPE": 90,
    "RepetitionTime": 1.2,
    "SAR": 0.0796763,
    "ScanOptions": "FS_EXT",
    "ScanningSequence": "EP",
    "SequenceName": "epfid2d1_90",
    "SequenceVariant": "SK_SS",
    "SeriesDescription": "tfMRI_AxcptBas2_PA",
    "SeriesNumber": 28,
    "ShimSetting": [
      -1973,
      -11490,
      5847,
      555,
      193,
      2,
      -103,
      9
    ],
    "SliceThickness": 2.4,
    "SliceTiming": [
      0,
      0.6275,
      0.0775,
      0.7075,
      0.1575,
      0.785,
      0.235,
      0.865,
      0.315,
      0.9425,
      0.3925,
      1.0225,
      0.47,
      1.1,
      0.55,
      0,
      0.6275,
      0.0775,
      0.7075,
      0.1575,
      0.785,
      0.235,
      0.865,
      0.315,
      0.9425,
      0.3925,
      1.0225,
      0.47,
      1.1,
      0.55,
      0,
      0.6275,
      0.0775,
      0.7075,
      0.1575,
      0.785,
      0.235,
      0.865,
      0.315,
      0.9425,
      0.3925,
      1.0225,
      0.47,
      1.1,
      0.55,
      0,
      0.6275,
      0.0775,
      0.7075,
      0.1575,
      0.785,
      0.235,
      0.865,
      0.315,
      0.9425,
      0.3925,
      1.0225,
      0.47,
      1.1,
      0.55
    ],
    "SoftwareVersions": "syngo_MR_E11",
    "SpacingBetweenSlices": 2.4,
    "StationName": "MRC35177",
    "TaskName": "Axcpt",
    "TotalReadoutTime": 0.0525111,
    "TxRefAmp": 245.348,
    "VendorReportedEchoSpacing": 0.00059,
    "WipMemBlock": "8719e997-ce53-4e6a-9a94-646b099fceda||Sequence: R016 ve11c/master r/e634e98; Dec 19 2017 11:00:25 by eja",
    "acq_id": "mb4PA",
    "dataset": "ds003465",
    "modality": "bold",
    "run_id": 2,
    "session_id": "wave1bas",
    "subject_id": "f7951pz",
    "task_id": "Axcpt"
  },
  "dummy_trs": 2,
  "dvars_nstd": 29.904132070000013,
  "dvars_std": 1.0849232384019767,
  "dvars_vstd": 0.9987791171663909,
  "efc": 0.5230908039621254,
  "fber": 731.0130615234375,
  "fd_mean": 0.1404991986301753,
  "fd_num": 90,
  "fd_perc": 14.802631578947368,
  "fwhm_avg": 2.7117832255767493,
  "fwhm_x": 2.4796874014660757,
  "fwhm_y": 2.7177040586748102,
  "fwhm_z": 2.9379582165893625,
  "gcor": 0.0135767,
  "gsr_x": -0.00240814546123147,
  "gsr_y": 0.06442995369434357,
  "provenance": {
    "md5sum": "02fa18d02d4156ee61ae69d4e79fbdce",
    "settings": {
      "fd_thres": 0.2,
      "testing": false
    },
    "software": "mriqc",
    "version": "22.0.6",
    "webapi_port": null,
    "webapi_url": "https://mriqc.nimh.nih.gov/api/v1"
  },
  "size_t": 608,
  "size_x": 90,
  "size_y": 90,
  "size_z": 60,
  "snr": 2.5656324244568642,
  "spacing_tr": 1.2000000476837158,
  "spacing_x": 2.4000000953674316,
  "spacing_y": 2.4000000953674316,
  "spacing_z": 2.4000000953674316,
  "summary_bg_k": 43.98104290420946,
  "summary_bg_mad": 57.06067897687445,
  "summary_bg_mean": 378.89874267578125,
  "summary_bg_median": 143.3824005126953,
  "summary_bg_n": 327592.0,
  "summary_bg_p05": 99.97862243652344,
  "summary_bg_p95": 1643.8719848632813,
  "summary_bg_stdv": 634.0360107421875,
  "summary_fg_k": 2.6058617162947417,
  "summary_fg_mad": 1312.4540679067425,
  "summary_fg_mean": 4197.64453125,
  "summary_fg_median": 3890.278076171875,
  "summary_fg_n": 83533.0,
  "summary_fg_p05": 2327.929931640625,
  "summary_fg_p95": 7056.4925781249985,
  "summary_fg_stdv": 1516.294677734375,
  "tsnr": 44.05400096834637
}