{
  "aor": 0.0011043055555555554,
  "aqi": 0.005922569382716049,
  "bids_meta": {
    "AcquisitionMatrixPE": 90,
    "AcquisitionNumber": 1,
    "AcquisitionTime": "14:56:46.235000",
    "BandwidthPerPixelPhaseEncode": 18.832,
    "BaseResolution": 90,
    "BodyPartExamined": "HEAD",
    "ConsistencyInfo": "N4_VE11C_LATEST_20160120",
    "ConversionSoftware": "dcm2niix",
    "ConversionSoftwareVersion": "v1.0.20190902",
    "DerivedVendorReportedEchoSpacing": 0.000590012,
    "DeviceSerialNumber": "67064",
    "DwellTime": 2.5e-06,
    "EchoTime": 0.033,
    "EchoTrainLength": 90,
    "EffectiveEchoSpacing": 0.000590012,
    "FlipAngle": 63,
    "ImageComments": "Unaliased_MB4_PE3_LB",
    "ImageOrientationPatientDICOM": [
      0.999753,
      0.00232071,
      -0.0221204,
      -0.0127385,
      0.875016,
      -0.483926
    ],
    "ImageType": [
      "ORIGINAL",
      "PRIMARY",
      "M",
      "MB",
      "ND",
      "MOSAIC"
    ],
    "ImagingFrequency": 123.247,
    "InPlanePhaseEncodingDirectionDICOM": "COL",
    "InstitutionAddress": "Scott_Ave_4525_St._Louis_MO_US_63110",
    "InstitutionName": "Washington_University",
    "InstitutionalDepartmentName": "Department",
    "MRAcquisitionType": "2D",
    "MagneticFieldStrength": 3,
    "Manufacturer": "Siemens",
    "ManufacturersModelName": "Prisma_fit",
    "Modality": "MR",
    "MultibandAccelerationFactor": 4,
    "PartialFourier": 1,
    "PatientPosition": "HFS",
    "PercentPhaseFOV": 100,
    "PhaseEncodingDirection": "j-",
    "PhaseEncodingSteps": 90,
    "PhaseResolution": 1,
    "PixelBandwidth": 2220,
    "ProcedureStepDescription": "head_Braver",
    "ProtocolName": "tfMRI_CuedtsBas1_AP",
    "PulseSequenceDetails": "%CustomerSeq%_cmrr_mbep2d_bold",
    "ReceiveCoilActiveElements": "HEA;HEP",
    "ReceiveCoilName": "Head_32",
    "ReconMatrixPE": 90,
    "RepetitionTime": 1.2,
    "SAR": 0.0796952,
    "ScanOptions": "FS_EXT",
    "ScanningSequence": "EP",
    "SequenceName": "epfid2d1_90",
    "SequenceVariant": "SK_SS",
    "SeriesDescription": "tfMRI_CuedtsBas1_AP",
    "SeriesNumber": 34,
    "ShimSetting": [
      -1973,
      -11490,
      5847,
      555,
      193,
      2,
      -103,
      9
    ],
    "SliceThickness": 2.4,
    "SliceTiming": [
      0,
      0.63,
      0.08,
      0.7075,
      0.1575,
      0.7875,
      0.2375,
      0.865,
      0.315,
      0.945,
      0.395,
      1.0225,
      0.4725,
      1.1025,
      0.5525,
      0,
      0.63,
      0.08,
      0.7075,
      0.1575,
      0.7875,
      0.2375,
      0.865,
      0.315,
      0.945,
      0.395,
      1.0225,
      0.4725,
      1.1025,
      0.5525,
      0,
      0.63,
      0.08,
      0.7075,
      0.1575,
      0.7875,
      0.2375,
      0.865,
      0.315,
      0.945,
      0.395,
      1.0225,
      0.4725,
      1.1025,
      0.5525,
      0,
      0.63,
      0.08,
      0.7075,
      0.1575,
      0.7875,
      0.2375,
      0.865,
      0.315,
      0.945,
      0.395,
      1.0225,
      0.4725,
      1.1025,
      0.5525
    ],
    "SoftwareVersions": "syngo_MR_E11",
    "SpacingBetweenSlices": 2.4,
    "StationName": "MRC35177",
    "TaskName": "Cuedts",
    "TotalReadoutTime": 0.0525111,
    "TxRefAmp": 245.348,
    "VendorReportedEchoSpacing": 0.00059,
    "WipMemBlock": "c34f4452-ffc1-432a-8bd5-7618adfd1d9e||Sequence: R016 ve11c/master r/e634e98; Dec 19 2017 11:00:25 by eja",
    "acq_id": "mb4AP",
    "dataset": "ds003465",
    "modality": "bold",
    "run_id": 1,
    "session_id": "wave1bas",
    "subject_id": "f7951pz",
    "task_id": "Cuedts"
  },
  "dummy_trs": 2,
  "dvars_nstd": 30.988865122967553,
  "dvars_std": 1.0878105440958268,
  "dvars_vstd": 0.9897463203863979,
  "efc": 0.5234152269195101,
  "fber": 728.13330078125,
  "fd_mean": 0.14609599473484647,
  "fd_num": 102,
  "fd_perc": 15.74074074074074,
  "fwhm_avg": 2.759237390357757,
  "fwhm_x": 2.564858231415024,
  "fwhm_y": 2.7239123917614463,
  "fwhm_z": 2.988941547896801,
  "gcor": 0.0129591,
  "gsr_x": -0.0008835545741021633,
  "gsr_y": 0.06618282943964005,
  "provenance": {
    "md5sum": "a189b88f2c52cdd18791fcf37c75e6d2",
    "settings": {
      "fd_thres": 0.2,
      "testing": false
    },
    "software": "mriqc",
    "version": "22.0.6",
    "webapi_port": null,
    "webapi_url": "https://mriqc.nimh.nih.gov/api/v1"
  },
  "size_t": 648,
  "size_x": 90,
  "size_y": 90,
  "size_z": 60,
  "snr": 2.6460246066944686,
  "spacing_tr": 1.2000000476837158,
  "spacing_x": 2.4000000953674316,
  "spacing_y": 2.4000000953674316,
  "spacing_z": 2.4000000953674316,
  "summary_bg_k": 51.58702577377125,
  "summary_bg_mad": 51.481527335459795,
  "summary_bg_mean": 341.56048583984375,
  "summary_bg_median": 140.46759033203125,
  "summary_bg_n": 323689.0,
  "summary_bg_p05": 102.11573791503906,
  "summary_bg_p95": 1345.2431884765615,
  "summary_bg_stdv": 580.9476928710938,
  "summary_fg_k": 1.8301054209683274,
  "summary_fg_mad": 1257.8258227843542,
  "summary_fg_mean": 4149.28515625,
  "summary_fg_median": 3869.1064453125,
  "summary_fg_n": 85853.0,
  "summary_fg_p05": 2308.134521484375,
  "summary_fg_p95": 6968.495214843748,
  "summary_fg_stdv": 1462.2252197265625,
  "tsnr": 44.56084310263395
}