{
  "aor": 0.0007420197044334975,
  "aqi": 0.005751083333333334,
  "bids_meta": {
    "AcquisitionMatrixPE": 90,
    "AcquisitionNumber": 1,
    "AcquisitionTime": "14:35:37.910000",
    "BandwidthPerPixelPhaseEncode": 18.832,
    "BaseResolution": 90,
    "BodyPartExamined": "HEAD",
    "ConsistencyInfo": "N4_VE11C_LATEST_20160120",
    "ConversionSoftware": "dcm2niix",
    "ConversionSoftwareVersion": "v1.0.20190902",
    "DerivedVendorReportedEchoSpacing": 0.000590012,
    "DeviceSerialNumber": "67064",
    "DwellTime": 2.5e-06,
    "EchoTime": 0.033,
    "EchoTrainLength": 90,
    "EffectiveEchoSpacing": 0.000590012,
    "FlipAngle": 63,
    "ImageComments": "Unaliased_MB4_PE3_LB",
    "ImageOrientationPatientDICOM": [
      0.999925,
      0.000560542,
      0.0122018,
      0.00191967,
      0.979321,
      -0.202303
    ],
    "ImageType": [
      "ORIGINAL",
      "PRIMARY",
      "M",
      "MB",
      "ND",
      "MOSAIC"
    ],
    "ImagingFrequency": 123.247,
    "InPlanePhaseEncodingDirectionDICOM": "COL",
    "InstitutionAddress": "Scott_Ave_4525_St._Louis_MO_US_63110",
    "InstitutionName": "Washington_University",
    "InstitutionalDepartmentName": "Department",
    "MRAcquisitionType": "2D",
    "MagneticFieldStrength": 3,
    "Manufacturer": "Siemens",
    "ManufacturersModelName": "Prisma_fit",
    "Modality": "MR",
    "MultibandAccelerationFactor": 4,
    "PartialFourier": 1,
    "PatientPosition": "HFS",
    "PercentPhaseFOV": 100,
    "PhaseEncodingDirection": "j-",
    "PhaseEncodingSteps": 90,
    "PhaseResolution": 1,
    "PixelBandwidth": 2220,
    "ProcedureStepDescription": "head_Braver",
    "ProtocolName": "tfMRI_AxcptBas1_AP",
    "PulseSequenceDetails": "%CustomerSeq%_cmrr_mbep2d_bold",
    "ReceiveCoilActiveElements": "HEA;HEP",
    "ReceiveCoilName": "Head_32",
    "ReconMatrixPE": 90,
    "RepetitionTime": 1.2,
    "SAR": 0.0711335,
    "ScanOptions": "FS_EXT",
    "ScanningSequence": "EP",
    "SequenceName": "epfid2d1_90",
    "SequenceVariant": "SK_SS",
    "SeriesDescription": "tfMRI_AxcptBas1_AP",
    "SeriesNumber": 25,
    "ShimSetting": [
      -1984,
      -11552,
      5846,
      507,
      73,
      -77,
      -182,
      -19
    ],
    "SliceThickness": 2.4,
    "SliceTiming": [
      0,
      0.6275,
      0.0775,
      0.7075,
      0.1575,
      0.785,
      0.235,
      0.865,
      0.315,
      0.9425,
      0.3925,
      1.0225,
      0.4725,
      1.1,
      0.55,
      0,
      0.6275,
      0.0775,
      0.7075,
      0.1575,
      0.785,
      0.235,
      0.865,
      0.315,
      0.9425,
      0.3925,
      1.0225,
      0.4725,
      1.1,
      0.55,
      0,
      0.6275,
      0.0775,
      0.7075,
      0.1575,
      0.785,
      0.235,
      0.865,
      0.315,
      0.9425,
      0.3925,
      1.0225,
      0.4725,
      1.1,
      0.55,
      0,
      0.6275,
      0.0775,
      0.7075,
      0.1575,
      0.785,
      0.235,
      0.865,
      0.315,
      0.9425,
      0.3925,
      1.0225,
      0.4725,
      1.1,
      0.55
    ],
    "SoftwareVersions": "syngo_MR_E11",
    "SpacingBetweenSlices": 2.4,
    "StationName": "MRC35177",
    "TaskName": "Axcpt",
    "TotalReadoutTime": 0.0525111,
    "TxRefAmp": 250.275,
    "VendorReportedEchoSpacing": 0.00059,
    "WipMemBlock": "a657c31a-07ff-4ef3-b8fa-995e08299a06||Sequence: R016 ve11c/master r/e634e98; Dec 19 2017 11:00:25 by eja",
    "acq_id": "mb4AP",
    "dataset": "ds003465",
    "modality": "bold",
    "run_id": 1,
    "session_id": "wave1bas",
    "subject_id": "f9271ex",
    "task_id": "Axcpt"
  },
  "dummy_trs": 1,
  "dvars_nstd": 34.39894552925987,
  "dvars_std": 1.1719742803947364,
  "dvars_vstd": 0.997679709276317,
  "efc": 0.4864321330887883,
  "fber": 931.9277954101562,
  "fd_mean": 0.1728746214951687,
  "fd_num": 219,
  "fd_perc": 35.960591133004925,
  "fwhm_avg": 2.588376286036056,
  "fwhm_x": 2.4337332366254634,
  "fwhm_y": 2.634674895307426,
  "fwhm_z": 2.6967207261752795,
  "gcor": 0.00764939,
  "gsr_x": -0.023413635790348053,
  "gsr_y": 0.07882457971572876,
  "provenance": {
    "md5sum": "53cc7e0fc81fc5dfa6a49c619d1e2404",
    "settings": {
      "fd_thres": 0.2,
      "testing": false
    },
    "software": "mriqc",
    "version": "22.0.6",
    "webapi_port": null,
    "webapi_url": "https://mriqc.nimh.nih.gov/api/v1"
  },
  "size_t": 609,
  "size_x": 90,
  "size_y": 90,
  "size_z": 60,
  "snr": 3.324854442800173,
  "spacing_tr": 1.2000000476837158,
  "spacing_x": 2.4000000953674316,
  "spacing_y": 2.4000000953674316,
  "spacing_z": 2.4000000953674316,
  "summary_bg_k": 39.85077255495683,
  "summary_bg_mad": 40.9553705643447,
  "summary_bg_mean": 297.2962341308594,
  "summary_bg_median": 129.3793182373047,
  "summary_bg_n": 354124.0,
  "summary_bg_p05": 98.11494445800781,
  "summary_bg_p95": 1130.7357666015612,
  "summary_bg_stdv": 458.7923278808594,
  "summary_fg_k": 1.1363029513592533,
  "summary_fg_mad": 1129.031994320325,
  "summary_fg_mean": 4196.57421875,
  "summary_fg_median": 4009.72412109375,
  "summary_fg_n": 63349.0,
  "summary_fg_p05": 2583.232958984375,
  "summary_fg_p95": 6415.560742187499,
  "summary_fg_stdv": 1205.975341796875,
  "tsnr": 48.002660385333
}