{
  "bids_meta": {
    "AcquisitionMatrixPE": 300,
    "AcquisitionNumber": 1,
    "AcquisitionTime": "14:26:16.267500",
    "BaseResolution": 320,
    "BodyPartExamined": "HEAD",
    "ConsistencyInfo": "N4_VE11C_LATEST_20160120",
    "ConversionSoftware": "dcm2niix",
    "ConversionSoftwareVersion": "v1.0.20190902",
    "DeviceSerialNumber": "67064",
    "DwellTime": 2.1e-06,
    "EchoTime": 0.563,
    "EchoTrainLength": 314,
    "FlipAngle": 120,
    "ImageOrientationPatientDICOM": [
      0.0205023,
      0.999594,
      -0.0198083,
      0.093079,
      -0.0216348,
      -0.995424
    ],
    "ImageType": [
      "ORIGINAL",
      "PRIMARY",
      "M",
      "ND"
    ],
    "ImagingFrequency": 123.247,
    "InPlanePhaseEncodingDirectionDICOM": "ROW",
    "InstitutionAddress": "Scott_Ave_4525_St._Louis_MO_US_63110",
    "InstitutionName": "Washington_University",
    "InstitutionalDepartmentName": "Department",
    "MRAcquisitionType": "3D",
    "MagneticFieldStrength": 3,
    "Manufacturer": "Siemens",
    "ManufacturersModelName": "Prisma_fit",
    "Modality": "MR",
    "ParallelReductionFactorInPlane": 2,
    "PartialFourier": 1,
    "PatientPosition": "HFS",
    "PercentPhaseFOV": 93.75,
    "PhaseEncodingSteps": 297,
    "PhaseResolution": 1,
    "PixelBandwidth": 745,
    "ProcedureStepDescription": "head_Braver",
    "ProtocolName": "T2w_SPC",
    "PulseSequenceDetails": "%SiemensSeq%_tse_vfl",
    "ReceiveCoilActiveElements": "HEA;HEP",
    "ReceiveCoilName": "Head_32",
    "ReconMatrixPE": 300,
    "RefLinesPE": 32,
    "RepetitionTime": 3.2,
    "SAR": 0.138849,
    "ScanOptions": "PFP",
    "ScanningSequence": "SE",
    "SequenceName": "_spc_314ns",
    "SequenceVariant": "SK_SP",
    "SeriesDescription": "T2w_SPC",
    "SeriesNumber": 13,
    "ShimSetting": [
      -1945,
      -11508,
      5883,
      801,
      142,
      146,
      -60,
      -40
    ],
    "SliceThickness": 0.8,
    "SoftwareVersions": "syngo_MR_E11",
    "StationName": "MRC35177",
    "TxRefAmp": 227.887,
    "dataset": "ds003465",
    "modality": "T2w",
    "session_id": "wave1bas",
    "subject_id": "f4467ur"
  },
  "cjv": 1.5032295736684254,
  "cnr": 0.9687669488668569,
  "efc": 0.4926561024990421,
  "fber": 9148.125434027777,
  "fwhm_avg": 3.405920864230833,
  "fwhm_x": 3.287650195959222,
  "fwhm_y": 3.676324945218489,
  "fwhm_z": 3.2537874515147887,
  "icvs_csf": 0.4178480070147112,
  "icvs_gm": 0.4516067072851541,
  "icvs_wm": 0.1305452857001347,
  "inu_med": 0.9365700483322144,
  "inu_range": 0.9179905623197555,
  "provenance": {
    "md5sum": "e4ae6d0b63acec4559b55584cba2a703",
    "settings": {
      "testing": false
    },
    "software": "mriqc",
    "version": "22.0.6",
    "warnings": {
      "large_rot_frame": true,
      "small_air_mask": false
    },
    "webapi_port": null,
    "webapi_url": "https://mriqc.nimh.nih.gov/api/v1"
  },
  "qi_1": 0.0,
  "qi_2": 0.0034019483284688954,
  "rpve_csf": 12.233371900970239,
  "rpve_gm": 11.986215947320666,
  "rpve_wm": 42.84672082314405,
  "size_x": 208,
  "size_y": 300,
  "size_z": 320,
  "snr_csf": 8.854749799630401,
  "snr_gm": 9.161291111719327,
  "snr_total": 6.5703087813178565,
  "snr_wm": 1.6948854326038412,
  "snrd_csf": 80.76257703001046,
  "snrd_gm": 47.058628404130666,
  "snrd_total": 79.37650025438317,
  "snrd_wm": 110.30829532900839,
  "spacing_x": 0.7999999523162842,
  "spacing_y": 0.800000011920929,
  "spacing_z": 0.800000011920929,
  "summary_bg_k": 4.327534887597219,
  "summary_bg_mad": 5.948712290433394,
  "summary_bg_mean": 4.923710766981654,
  "summary_bg_median": 4.012345466762781,
  "summary_bg_n": 6730580.0,
  "summary_bg_p05": 0.0,
  "summary_bg_p95": 18.62139819189906,
  "summary_bg_stdv": 6.607932247886372,
  "summary_csf_k": 1.220912368929346,
  "summary_csf_mad": 69.70670555712978,
  "summary_csf_mean": 740.9270425474416,
  "summary_csf_median": 733.3332945406437,
  "summary_csf_n": 155657.0,
  "summary_csf_p05": 621.4334376342595,
  "summary_csf_p95": 897.5651102699339,
  "summary_csf_stdv": 82.81780462740227,
  "summary_gm_k": 1.2979392025855772,
  "summary_gm_mad": 42.556172539254284,
  "summary_gm_mean": 428.1438748194044,
  "summary_gm_median": 427.2976454347372,
  "summary_gm_n": 410508.0,
  "summary_gm_p05": 355.17830768600106,
  "summary_gm_p95": 504.38954807817936,
  "summary_gm_stdv": 46.64158356871476,
  "summary_wm_k": -1.4663731561087654,
  "summary_wm_mad": 820.7697649954383,
  "summary_wm_mean": 790.8043402112004,
  "summary_wm_median": 1001.6117439977825,
  "summary_wm_n": 49910.0,
  "summary_wm_p05": 33.07441525999457,
  "summary_wm_p95": 1713.2252180138598,
  "summary_wm_stdv": 590.9554064842039,
  "tpm_overlap_csf": 0.11033920948689252,
  "tpm_overlap_gm": 0.2955893236927189,
  "tpm_overlap_wm": 0.02690283744734331,
  "wm2max": 0.6478782563842909
}