{
  "aor": 0.0009427333333333333,
  "aqi": 0.010530778883333335,
  "bids_meta": {
    "AcquisitionMatrixPE": 90,
    "AcquisitionNumber": 1,
    "AcquisitionTime": "14:31:59.660000",
    "BandwidthPerPixelPhaseEncode": 18.832,
    "BaseResolution": 90,
    "BodyPartExamined": "HEAD",
    "ConsistencyInfo": "N4_VE11C_LATEST_20160120",
    "ConversionSoftware": "dcm2niix",
    "ConversionSoftwareVersion": "v1.0.20190902",
    "DerivedVendorReportedEchoSpacing": 0.000590012,
    "DeviceSerialNumber": "67064",
    "DwellTime": 2.5e-06,
    "EchoTime": 0.033,
    "EchoTrainLength": 90,
    "EffectiveEchoSpacing": 0.000590012,
    "FlipAngle": 63,
    "ImageComments": "Unaliased_MB4_PE3_LB",
    "ImageOrientationPatientDICOM": [
      0.998581,
      0.0305566,
      -0.043606,
      -0.0369654,
      0.987272,
      -0.154686
    ],
    "ImageType": [
      "ORIGINAL",
      "PRIMARY",
      "M",
      "MB",
      "ND",
      "MOSAIC"
    ],
    "ImagingFrequency": 123.247,
    "InPlanePhaseEncodingDirectionDICOM": "COL",
    "InstitutionAddress": "Scott_Ave_4525_St._Louis_MO_US_63110",
    "InstitutionName": "Washington_University",
    "InstitutionalDepartmentName": "Department",
    "MRAcquisitionType": "2D",
    "MagneticFieldStrength": 3,
    "Manufacturer": "Siemens",
    "ManufacturersModelName": "Prisma_fit",
    "Modality": "MR",
    "MultibandAccelerationFactor": 4,
    "PartialFourier": 1,
    "PatientPosition": "HFS",
    "PercentPhaseFOV": 100,
    "PhaseEncodingDirection": "j-",
    "PhaseEncodingSteps": 90,
    "PhaseResolution": 1,
    "PixelBandwidth": 2220,
    "ProcedureStepDescription": "head_Braver",
    "ProtocolName": "tfMRI_SternBas1_AP",
    "PulseSequenceDetails": "%CustomerSeq%_cmrr_mbep2d_bold",
    "ReceiveCoilActiveElements": "HEA;HEP",
    "ReceiveCoilName": "Head_32",
    "ReconMatrixPE": 90,
    "RepetitionTime": 1.2,
    "SAR": 0.0637203,
    "ScanOptions": "FS_EXT",
    "ScanningSequence": "EP",
    "SequenceName": "epfid2d1_90",
    "SequenceVariant": "SK_SS",
    "SeriesDescription": "tfMRI_SternBas1_AP",
    "SeriesNumber": 23,
    "ShimSetting": [
      -1983,
      -11504,
      5910,
      849,
      109,
      216,
      59,
      -63
    ],
    "SliceThickness": 2.4,
    "SliceTiming": [
      0,
      0.63,
      0.0775,
      0.7075,
      0.1575,
      0.785,
      0.235,
      0.865,
      0.315,
      0.9425,
      0.3925,
      1.0225,
      0.4725,
      1.1,
      0.55,
      0,
      0.63,
      0.0775,
      0.7075,
      0.1575,
      0.785,
      0.235,
      0.865,
      0.315,
      0.9425,
      0.3925,
      1.0225,
      0.4725,
      1.1,
      0.55,
      0,
      0.63,
      0.0775,
      0.7075,
      0.1575,
      0.785,
      0.235,
      0.865,
      0.315,
      0.9425,
      0.3925,
      1.0225,
      0.4725,
      1.1,
      0.55,
      0,
      0.63,
      0.0775,
      0.7075,
      0.1575,
      0.785,
      0.235,
      0.865,
      0.315,
      0.9425,
      0.3925,
      1.0225,
      0.4725,
      1.1,
      0.55
    ],
    "SoftwareVersions": "syngo_MR_E11",
    "SpacingBetweenSlices": 2.4,
    "StationName": "MRC35177",
    "TaskName": "Stern",
    "TotalReadoutTime": 0.0525111,
    "TxRefAmp": 235.395,
    "VendorReportedEchoSpacing": 0.00059,
    "WipMemBlock": "31e2e792-8ac0-4d1f-b3de-9b369d23cb08||Sequence: R016 ve11c/master r/e634e98; Dec 19 2017 11:00:25 by eja",
    "acq_id": "mb4AP",
    "dataset": "ds003465",
    "modality": "bold",
    "run_id": 1,
    "session_id": "wave1bas",
    "subject_id": "f4354bs",
    "task_id": "Stern"
  },
  "dummy_trs": 0,
  "dvars_nstd": 33.22256922191984,
  "dvars_std": 1.0431327024707864,
  "dvars_vstd": 0.9458423540066777,
  "efc": 0.4961220824957489,
  "fber": 865.4381103515625,
  "fd_mean": 0.2470640233253493,
  "fd_num": 318,
  "fd_perc": 53.0,
  "fwhm_avg": 2.7377416490312037,
  "fwhm_x": 2.544512398890162,
  "fwhm_y": 2.915995717462074,
  "fwhm_z": 2.7527168307413756,
  "gcor": 0.022678,
  "gsr_x": -0.031281378120183945,
  "gsr_y": 0.09526760131120682,
  "provenance": {
    "md5sum": "a4501dc945adad35352035a635176677",
    "settings": {
      "fd_thres": 0.2,
      "testing": false
    },
    "software": "mriqc",
    "version": "22.0.6",
    "webapi_port": null,
    "webapi_url": "https://mriqc.nimh.nih.gov/api/v1"
  },
  "size_t": 600,
  "size_x": 90,
  "size_y": 90,
  "size_z": 60,
  "snr": 2.756574473341444,
  "spacing_tr": 1.2000000476837158,
  "spacing_x": 2.4000000953674316,
  "spacing_y": 2.4000000953674316,
  "spacing_z": 2.3999998569488525,
  "summary_bg_k": 20.819340322789714,
  "summary_bg_mad": 57.32606038518034,
  "summary_bg_mean": 350.9825744628906,
  "summary_bg_median": 142.90750122070312,
  "summary_bg_n": 345666.0,
  "summary_bg_p05": 99.41500091552734,
  "summary_bg_p95": 1378.5004577636719,
  "summary_bg_stdv": 527.6124877929688,
  "summary_fg_k": 1.481763380774833,
  "summary_fg_mad": 1369.249750061458,
  "summary_fg_mean": 4590.79931640625,
  "summary_fg_median": 4306.89990234375,
  "summary_fg_n": 67473.0,
  "summary_fg_p05": 2583.932421875,
  "summary_fg_p95": 7585.248632812498,
  "summary_fg_stdv": 1562.3985595703125,
  "tsnr": 34.205671605770476
}