{
  "aor": 0.00038274268104776575,
  "aqi": 0.008957547796610168,
  "bids_meta": {
    "AcquisitionMatrixPE": 90,
    "AcquisitionNumber": 1,
    "AcquisitionTime": "14:15:57.395000",
    "BandwidthPerPixelPhaseEncode": 18.832,
    "BaseResolution": 90,
    "BodyPartExamined": "HEAD",
    "ConsistencyInfo": "N4_VE11C_LATEST_20160120",
    "ConversionSoftware": "dcm2niix",
    "ConversionSoftwareVersion": "v1.0.20190902",
    "DerivedVendorReportedEchoSpacing": 0.000590012,
    "DeviceSerialNumber": "67064",
    "DwellTime": 2.5e-06,
    "EchoTime": 0.033,
    "EchoTrainLength": 90,
    "EffectiveEchoSpacing": 0.000590012,
    "FlipAngle": 63,
    "ImageComments": "Unaliased_MB4_PE3_LB",
    "ImageOrientationPatientDICOM": [
      0.998581,
      0.0305566,
      -0.043606,
      -0.0369654,
      0.987272,
      -0.154686
    ],
    "ImageType": [
      "ORIGINAL",
      "PRIMARY",
      "M",
      "MB",
      "ND",
      "MOSAIC"
    ],
    "ImagingFrequency": 123.247,
    "InPlanePhaseEncodingDirectionDICOM": "COL",
    "InstitutionAddress": "Scott_Ave_4525_St._Louis_MO_US_63110",
    "InstitutionName": "Washington_University",
    "InstitutionalDepartmentName": "Department",
    "MRAcquisitionType": "2D",
    "MagneticFieldStrength": 3,
    "Manufacturer": "Siemens",
    "ManufacturersModelName": "Prisma_fit",
    "Modality": "MR",
    "MultibandAccelerationFactor": 4,
    "PartialFourier": 1,
    "PatientPosition": "HFS",
    "PercentPhaseFOV": 100,
    "PhaseEncodingDirection": "j",
    "PhaseEncodingSteps": 90,
    "PhaseResolution": 1,
    "PixelBandwidth": 2220,
    "ProcedureStepDescription": "head_Braver",
    "ProtocolName": "tfMRI_CuedtsBas2_PA",
    "PulseSequenceDetails": "%CustomerSeq%_cmrr_mbep2d_bold",
    "ReceiveCoilActiveElements": "HEA;HEP",
    "ReceiveCoilName": "Head_32",
    "ReconMatrixPE": 90,
    "RepetitionTime": 1.2,
    "SAR": 0.0637395,
    "ScanOptions": "FS_EXT",
    "ScanningSequence": "EP",
    "SequenceName": "epfid2d1_90",
    "SequenceVariant": "SK_SS",
    "SeriesDescription": "tfMRI_CuedtsBas2_PA",
    "SeriesNumber": 20,
    "ShimSetting": [
      -1983,
      -11504,
      5910,
      849,
      109,
      216,
      59,
      -63
    ],
    "SliceThickness": 2.4,
    "SliceTiming": [
      0,
      0.6275,
      0.0775,
      0.7075,
      0.1575,
      0.785,
      0.235,
      0.865,
      0.3125,
      0.9425,
      0.3925,
      1.0225,
      0.47,
      1.1,
      0.55,
      0,
      0.6275,
      0.0775,
      0.7075,
      0.1575,
      0.785,
      0.235,
      0.865,
      0.3125,
      0.9425,
      0.3925,
      1.0225,
      0.47,
      1.1,
      0.55,
      0,
      0.6275,
      0.0775,
      0.7075,
      0.1575,
      0.785,
      0.235,
      0.865,
      0.3125,
      0.9425,
      0.3925,
      1.0225,
      0.47,
      1.1,
      0.55,
      0,
      0.6275,
      0.0775,
      0.7075,
      0.1575,
      0.785,
      0.235,
      0.865,
      0.3125,
      0.9425,
      0.3925,
      1.0225,
      0.47,
      1.1,
      0.55
    ],
    "SoftwareVersions": "syngo_MR_E11",
    "SpacingBetweenSlices": 2.4,
    "StationName": "MRC35177",
    "TaskName": "Cuedts",
    "TotalReadoutTime": 0.0525111,
    "TxRefAmp": 235.395,
    "VendorReportedEchoSpacing": 0.00059,
    "WipMemBlock": "4a0afed7-f48b-40e5-b93a-37aa6d05d7e6||Sequence: R016 ve11c/master r/e634e98; Dec 19 2017 11:00:25 by eja",
    "acq_id": "mb4PA",
    "dataset": "ds003465",
    "modality": "bold",
    "run_id": 2,
    "session_id": "wave1bas",
    "subject_id": "f4354bs",
    "task_id": "Cuedts"
  },
  "dummy_trs": 1,
  "dvars_nstd": 31.542721839706797,
  "dvars_std": 1.0656854941049383,
  "dvars_vstd": 0.9374365052932108,
  "efc": 0.4865333915650174,
  "fber": 927.5678100585938,
  "fd_mean": 0.16772905753316045,
  "fd_num": 222,
  "fd_perc": 34.20647149460709,
  "fwhm_avg": 2.7407263713121197,
  "fwhm_x": 2.5601957316002952,
  "fwhm_y": 2.9039123846088892,
  "fwhm_z": 2.7580709977271756,
  "gcor": 0.0145651,
  "gsr_x": -0.028208469972014427,
  "gsr_y": 0.0835992619395256,
  "provenance": {
    "md5sum": "26c5de4fc65ac57adfb0b0fbbe2fa146",
    "settings": {
      "fd_thres": 0.2,
      "testing": false
    },
    "software": "mriqc",
    "version": "22.0.6",
    "webapi_port": null,
    "webapi_url": "https://mriqc.nimh.nih.gov/api/v1"
  },
  "size_t": 649,
  "size_x": 90,
  "size_y": 90,
  "size_z": 60,
  "snr": 2.6734901136053595,
  "spacing_tr": 1.2000000476837158,
  "spacing_x": 2.4000000953674316,
  "spacing_y": 2.4000000953674316,
  "spacing_z": 2.3999998569488525,
  "summary_bg_k": 16.000929947148183,
  "summary_bg_mad": 51.438759093667734,
  "summary_bg_mean": 346.8636169433594,
  "summary_bg_median": 139.48536682128906,
  "summary_bg_n": 353065.0,
  "summary_bg_p05": 101.35778350830078,
  "summary_bg_p95": 1437.7541748046872,
  "summary_bg_stdv": 514.0087280273438,
  "summary_fg_k": 1.648543669628597,
  "summary_fg_mad": 1384.5977235158218,
  "summary_fg_mean": 4510.5048828125,
  "summary_fg_median": 4238.59033203125,
  "summary_fg_n": 65843.0,
  "summary_fg_p05": 2440.0011474609373,
  "summary_fg_p95": 7526.640332031248,
  "summary_fg_stdv": 1585.402587890625,
  "tsnr": 39.09606764721684
}