{
  "aor": 0.0012375510204081634,
  "aqi": 0.008730406975881263,
  "bids_meta": {
    "AcquisitionMatrixPE": 90,
    "AcquisitionNumber": 1,
    "AcquisitionTime": "15:38:35.425000",
    "BandwidthPerPixelPhaseEncode": 18.832,
    "BaseResolution": 90,
    "BodyPartExamined": "HEAD",
    "ConsistencyInfo": "N4_VE11C_LATEST_20160120",
    "ConversionSoftware": "dcm2niix",
    "ConversionSoftwareVersion": "v1.0.20190902",
    "DerivedVendorReportedEchoSpacing": 0.000590012,
    "DeviceSerialNumber": "67064",
    "DwellTime": 2.5e-06,
    "EchoTime": 0.033,
    "EchoTrainLength": 90,
    "EffectiveEchoSpacing": 0.000590012,
    "FlipAngle": 63,
    "ImageComments": "Unaliased_MB4_PE3_LB",
    "ImageOrientationPatientDICOM": [
      0.999945,
      -0.00505668,
      0.00920782,
      0.00767916,
      0.949973,
      -0.312237
    ],
    "ImageType": [
      "ORIGINAL",
      "PRIMARY",
      "M",
      "MB",
      "ND",
      "MOSAIC"
    ],
    "ImagingFrequency": 123.247,
    "InPlanePhaseEncodingDirectionDICOM": "COL",
    "InstitutionAddress": "Scott_Ave_4525_St._Louis_MO_US_63110",
    "InstitutionName": "Washington_University",
    "InstitutionalDepartmentName": "Department",
    "MRAcquisitionType": "2D",
    "MagneticFieldStrength": 3,
    "Manufacturer": "Siemens",
    "ManufacturersModelName": "Prisma_fit",
    "Modality": "MR",
    "MultibandAccelerationFactor": 4,
    "PartialFourier": 1,
    "PatientPosition": "HFS",
    "PercentPhaseFOV": 100,
    "PhaseEncodingDirection": "j",
    "PhaseEncodingSteps": 90,
    "PhaseResolution": 1,
    "PixelBandwidth": 2220,
    "ProcedureStepDescription": "head_Braver",
    "ProtocolName": "tfMRI_StroopBas2_PA",
    "PulseSequenceDetails": "%CustomerSeq%_cmrr_mbep2d_bold",
    "ReceiveCoilActiveElements": "HEA;HEP",
    "ReceiveCoilName": "Head_32",
    "ReconMatrixPE": 90,
    "RepetitionTime": 1.2,
    "SAR": 0.066117,
    "ScanOptions": "FS_EXT",
    "ScanningSequence": "EP",
    "SequenceName": "epfid2d1_90",
    "SequenceVariant": "SK_SS",
    "SeriesDescription": "tfMRI_StroopBas2_PA",
    "SeriesNumber": 48,
    "ShimSetting": [
      -1974,
      -11508,
      5868,
      658,
      101,
      197,
      -11,
      -47
    ],
    "SliceThickness": 2.4,
    "SliceTiming": [
      0,
      0.6275,
      0.0775,
      0.7075,
      0.1575,
      0.785,
      0.235,
      0.865,
      0.315,
      0.9425,
      0.3925,
      1.0225,
      0.4725,
      1.1,
      0.55,
      0,
      0.6275,
      0.0775,
      0.7075,
      0.1575,
      0.785,
      0.235,
      0.865,
      0.315,
      0.9425,
      0.3925,
      1.0225,
      0.4725,
      1.1,
      0.55,
      0,
      0.6275,
      0.0775,
      0.7075,
      0.1575,
      0.785,
      0.235,
      0.865,
      0.315,
      0.9425,
      0.3925,
      1.0225,
      0.4725,
      1.1,
      0.55,
      0,
      0.6275,
      0.0775,
      0.7075,
      0.1575,
      0.785,
      0.235,
      0.865,
      0.315,
      0.9425,
      0.3925,
      1.0225,
      0.4725,
      1.1,
      0.55
    ],
    "SoftwareVersions": "syngo_MR_E11",
    "SpacingBetweenSlices": 2.4,
    "StationName": "MRC35177",
    "TaskName": "Stroop",
    "TotalReadoutTime": 0.0525111,
    "TxRefAmp": 237.154,
    "VendorReportedEchoSpacing": 0.00059,
    "WipMemBlock": "2bad823e-0567-4f47-b86a-fefd58a8a5d1||Sequence: R016 ve11c/master r/e634e98; Dec 19 2017 11:00:25 by eja",
    "acq_id": "mb4PA",
    "dataset": "ds003465",
    "modality": "bold",
    "run_id": 2,
    "session_id": "wave1bas",
    "subject_id": "f4354bs",
    "task_id": "Stroop"
  },
  "dummy_trs": 1,
  "dvars_nstd": 39.964349144368,
  "dvars_std": 1.3131757497397774,
  "dvars_vstd": 1.0125449517472116,
  "efc": 0.4853833349147662,
  "fber": 872.2562255859375,
  "fd_mean": 0.14228754499886045,
  "fd_num": 84,
  "fd_perc": 15.584415584415584,
  "fwhm_avg": 2.878267941183463,
  "fwhm_x": 2.650466561346588,
  "fwhm_y": 2.978524881644055,
  "fwhm_z": 3.005812380559747,
  "gcor": 0.00762693,
  "gsr_x": -0.028810353949666023,
  "gsr_y": 0.09955090284347534,
  "provenance": {
    "md5sum": "abcc508dba21c1dcb13e1e868724f1d8",
    "settings": {
      "fd_thres": 0.2,
      "testing": false
    },
    "software": "mriqc",
    "version": "22.0.6",
    "webapi_port": null,
    "webapi_url": "https://mriqc.nimh.nih.gov/api/v1"
  },
  "size_t": 539,
  "size_x": 90,
  "size_y": 90,
  "size_z": 60,
  "snr": 2.360115812499272,
  "spacing_tr": 1.2000000476837158,
  "spacing_x": 2.4000000953674316,
  "spacing_y": 2.4000000953674316,
  "spacing_z": 2.4000000953674316,
  "summary_bg_k": 19.045006192366404,
  "summary_bg_mad": 52.529241801471464,
  "summary_bg_mean": 346.7478332519531,
  "summary_bg_median": 139.88125610351562,
  "summary_bg_n": 348596.0,
  "summary_bg_p05": 98.62709045410156,
  "summary_bg_p95": 1455.2958984375,
  "summary_bg_stdv": 535.830078125,
  "summary_fg_k": 2.417402551847675,
  "summary_fg_mad": 1469.10749782437,
  "summary_fg_mean": 4522.83935546875,
  "summary_fg_median": 4162.111328125,
  "summary_fg_n": 67851.0,
  "summary_fg_p05": 2353.0816650390625,
  "summary_fg_p95": 7941.412109375,
  "summary_fg_stdv": 1763.5069580078125,
  "tsnr": 46.02294364897534
}