{
  "aor": 0.001169769230769231,
  "aqi": 0.013234351276923078,
  "bids_meta": {
    "AcquisitionMatrixPE": 90,
    "AcquisitionNumber": 1,
    "AcquisitionTime": "12:02:50.345000",
    "BandwidthPerPixelPhaseEncode": 18.832,
    "BaseResolution": 90,
    "BodyPartExamined": "HEAD",
    "ConsistencyInfo": "N4_VE11C_LATEST_20160120",
    "ConversionSoftware": "dcm2niix",
    "ConversionSoftwareVersion": "v1.0.20190902",
    "DerivedVendorReportedEchoSpacing": 0.000590012,
    "DeviceSerialNumber": "67064",
    "DwellTime": 2.5e-06,
    "EchoTime": 0.033,
    "EchoTrainLength": 90,
    "EffectiveEchoSpacing": 0.000590012,
    "FlipAngle": 63,
    "ImageComments": "Unaliased_MB4_PE3_LB",
    "ImageOrientationPatientDICOM": [
      0.999957,
      -0.000583932,
      -0.00928068,
      -0.00261788,
      0.939984,
      -0.341209
    ],
    "ImageType": [
      "ORIGINAL",
      "PRIMARY",
      "M",
      "MB",
      "ND",
      "MOSAIC"
    ],
    "ImagingFrequency": 123.247,
    "InPlanePhaseEncodingDirectionDICOM": "COL",
    "InstitutionAddress": "Scott_Ave_4525_St._Louis_MO_US_63110",
    "InstitutionName": "Washington_University",
    "InstitutionalDepartmentName": "Department",
    "MRAcquisitionType": "2D",
    "MagneticFieldStrength": 3,
    "Manufacturer": "Siemens",
    "ManufacturersModelName": "Prisma_fit",
    "Modality": "MR",
    "MultibandAccelerationFactor": 4,
    "PartialFourier": 1,
    "PatientPosition": "HFS",
    "PercentPhaseFOV": 100,
    "PhaseEncodingDirection": "j-",
    "PhaseEncodingSteps": 90,
    "PhaseResolution": 1,
    "PixelBandwidth": 2220,
    "ProcedureStepDescription": "head_Braver",
    "ProtocolName": "tfMRI_CuedtsBas1_AP",
    "PulseSequenceDetails": "%CustomerSeq%_cmrr_mbep2d_bold",
    "ReceiveCoilActiveElements": "HEA;HEP",
    "ReceiveCoilName": "Head_32",
    "ReconMatrixPE": 90,
    "RepetitionTime": 1.2,
    "SAR": 0.0692205,
    "ScanOptions": "FS_EXT",
    "ScanningSequence": "EP",
    "SequenceName": "epfid2d1_90",
    "SequenceVariant": "SK_SS",
    "SeriesDescription": "tfMRI_CuedtsBas1_AP",
    "SeriesNumber": 62,
    "ShimSetting": [
      -1990,
      -11477,
      5805,
      701,
      49,
      21,
      7,
      -43
    ],
    "SliceThickness": 2.4,
    "SliceTiming": [
      0,
      0.63,
      0.08,
      0.7075,
      0.1575,
      0.7875,
      0.2375,
      0.865,
      0.315,
      0.945,
      0.395,
      1.0225,
      0.4725,
      1.1025,
      0.5525,
      0,
      0.63,
      0.08,
      0.7075,
      0.1575,
      0.7875,
      0.2375,
      0.865,
      0.315,
      0.945,
      0.395,
      1.0225,
      0.4725,
      1.1025,
      0.5525,
      0,
      0.63,
      0.08,
      0.7075,
      0.1575,
      0.7875,
      0.2375,
      0.865,
      0.315,
      0.945,
      0.395,
      1.0225,
      0.4725,
      1.1025,
      0.5525,
      0,
      0.63,
      0.08,
      0.7075,
      0.1575,
      0.7875,
      0.2375,
      0.865,
      0.315,
      0.945,
      0.395,
      1.0225,
      0.4725,
      1.1025,
      0.5525
    ],
    "SoftwareVersions": "syngo_MR_E11",
    "SpacingBetweenSlices": 2.4,
    "StationName": "MRC35177",
    "TaskName": "Cuedts",
    "TotalReadoutTime": 0.0525111,
    "TxRefAmp": 244.387,
    "VendorReportedEchoSpacing": 0.00059,
    "WipMemBlock": "67e2c9c3-80df-4d7a-bc49-5abc6f2a1e85||Sequence: ve11c/master r/b8bea8f; Mar  2 2017 16:56:44 by eja",
    "acq_id": "mb4AP",
    "dataset": "ds003465",
    "modality": "bold",
    "run_id": 1,
    "session_id": "wave1bas",
    "subject_id": "f4796rs",
    "task_id": "Cuedts"
  },
  "dummy_trs": 0,
  "dvars_nstd": 30.992536324221913,
  "dvars_std": 1.0383120700154072,
  "dvars_vstd": 0.9682312035747308,
  "efc": 0.5264514834581873,
  "fber": 831.5225219726562,
  "fd_mean": 0.2214650792270263,
  "fd_num": 339,
  "fd_perc": 52.15384615384615,
  "fwhm_avg": 2.803880541843513,
  "fwhm_x": 2.60024156334235,
  "fwhm_y": 2.8608332196540345,
  "fwhm_z": 2.950566842534155,
  "gcor": 0.00935093,
  "gsr_x": -0.021528584882616997,
  "gsr_y": 0.08833719789981842,
  "provenance": {
    "md5sum": "493df62f5086c797d77d1f38b132602a",
    "settings": {
      "fd_thres": 0.2,
      "testing": false
    },
    "software": "mriqc",
    "version": "22.0.6",
    "webapi_port": null,
    "webapi_url": "https://mriqc.nimh.nih.gov/api/v1"
  },
  "size_t": 650,
  "size_x": 90,
  "size_y": 90,
  "size_z": 60,
  "snr": 2.7099727031320646,
  "spacing_tr": 1.2000000476837158,
  "spacing_x": 2.4000000953674316,
  "spacing_y": 2.4000000953674316,
  "spacing_z": 2.3999998569488525,
  "summary_bg_k": 29.730325082656663,
  "summary_bg_mad": 54.327114169468864,
  "summary_bg_mean": 336.9276123046875,
  "summary_bg_median": 141.91539001464844,
  "summary_bg_n": 319293.0,
  "summary_bg_p05": 100.60553894042968,
  "summary_bg_p95": 1323.3467285156246,
  "summary_bg_stdv": 518.4255981445312,
  "summary_fg_k": 1.0012830295671176,
  "summary_fg_mad": 1393.6442755781045,
  "summary_fg_mean": 4422.33203125,
  "summary_fg_median": 4129.240234375,
  "summary_fg_n": 91599.0,
  "summary_fg_p05": 2470.9177978515627,
  "summary_fg_p95": 7337.10502929687,
  "summary_fg_stdv": 1523.7119140625,
  "tsnr": 32.291578504955396
}