{
  "aor": 0.0013184754098360656,
  "aqi": 0.010467107213114753,
  "bids_meta": {
    "AcquisitionMatrixPE": 90,
    "AcquisitionNumber": 1,
    "AcquisitionTime": "11:48:17.622500",
    "BandwidthPerPixelPhaseEncode": 18.832,
    "BaseResolution": 90,
    "BodyPartExamined": "HEAD",
    "ConsistencyInfo": "N4_VE11C_LATEST_20160120",
    "ConversionSoftware": "dcm2niix",
    "ConversionSoftwareVersion": "v1.0.20190902",
    "DerivedVendorReportedEchoSpacing": 0.000590012,
    "DeviceSerialNumber": "67064",
    "DwellTime": 2.5e-06,
    "EchoTime": 0.033,
    "EchoTrainLength": 90,
    "EffectiveEchoSpacing": 0.000590012,
    "FlipAngle": 63,
    "ImageComments": "Unaliased_MB4_PE3_LB",
    "ImageOrientationPatientDICOM": [
      0.999957,
      -0.000583932,
      -0.00928068,
      -0.00261788,
      0.939984,
      -0.341209
    ],
    "ImageType": [
      "ORIGINAL",
      "PRIMARY",
      "M",
      "MB",
      "ND",
      "MOSAIC"
    ],
    "ImagingFrequency": 123.247,
    "InPlanePhaseEncodingDirectionDICOM": "COL",
    "InstitutionAddress": "Scott_Ave_4525_St._Louis_MO_US_63110",
    "InstitutionName": "Washington_University",
    "InstitutionalDepartmentName": "Department",
    "MRAcquisitionType": "2D",
    "MagneticFieldStrength": 3,
    "Manufacturer": "Siemens",
    "ManufacturersModelName": "Prisma_fit",
    "Modality": "MR",
    "MultibandAccelerationFactor": 4,
    "PartialFourier": 1,
    "PatientPosition": "HFS",
    "PercentPhaseFOV": 100,
    "PhaseEncodingDirection": "j",
    "PhaseEncodingSteps": 90,
    "PhaseResolution": 1,
    "PixelBandwidth": 2220,
    "ProcedureStepDescription": "head_Braver",
    "ProtocolName": "tfMRI_AxcptBas2_PA",
    "PulseSequenceDetails": "%CustomerSeq%_cmrr_mbep2d_bold",
    "ReceiveCoilActiveElements": "HEA;HEP",
    "ReceiveCoilName": "Head_32",
    "ReconMatrixPE": 90,
    "RepetitionTime": 1.2,
    "SAR": 0.0692041,
    "ScanOptions": "FS_EXT",
    "ScanningSequence": "EP",
    "SequenceName": "epfid2d1_90",
    "SequenceVariant": "SK_SS",
    "SeriesDescription": "tfMRI_AxcptBas2_PA",
    "SeriesNumber": 59,
    "ShimSetting": [
      -1990,
      -11477,
      5805,
      701,
      49,
      21,
      7,
      -43
    ],
    "SliceThickness": 2.4,
    "SliceTiming": [
      0,
      0.63,
      0.08,
      0.7075,
      0.1575,
      0.7875,
      0.235,
      0.865,
      0.315,
      0.945,
      0.3925,
      1.0225,
      0.4725,
      1.1025,
      0.55,
      0,
      0.63,
      0.08,
      0.7075,
      0.1575,
      0.7875,
      0.235,
      0.865,
      0.315,
      0.945,
      0.3925,
      1.0225,
      0.4725,
      1.1025,
      0.55,
      0,
      0.63,
      0.08,
      0.7075,
      0.1575,
      0.7875,
      0.235,
      0.865,
      0.315,
      0.945,
      0.3925,
      1.0225,
      0.4725,
      1.1025,
      0.55,
      0,
      0.63,
      0.08,
      0.7075,
      0.1575,
      0.7875,
      0.235,
      0.865,
      0.315,
      0.945,
      0.3925,
      1.0225,
      0.4725,
      1.1025,
      0.55
    ],
    "SoftwareVersions": "syngo_MR_E11",
    "SpacingBetweenSlices": 2.4,
    "StationName": "MRC35177",
    "TaskName": "Axcpt",
    "TotalReadoutTime": 0.0525111,
    "TxRefAmp": 244.387,
    "VendorReportedEchoSpacing": 0.00059,
    "WipMemBlock": "02746bac-6494-41a2-a636-3e324900c2e7||Sequence: ve11c/master r/b8bea8f; Mar  2 2017 16:56:44 by eja",
    "acq_id": "mb4PA",
    "dataset": "ds003465",
    "modality": "bold",
    "run_id": 2,
    "session_id": "wave1bas",
    "subject_id": "f4796rs",
    "task_id": "Axcpt"
  },
  "dummy_trs": 0,
  "dvars_nstd": 31.21996394449919,
  "dvars_std": 1.041019692577998,
  "dvars_vstd": 0.9675973950574709,
  "efc": 0.5265797014019385,
  "fber": 815.1372680664062,
  "fd_mean": 0.20935308437079517,
  "fd_num": 274,
  "fd_perc": 44.91803278688525,
  "fwhm_avg": 2.80084859864362,
  "fwhm_x": 2.617066562673785,
  "fwhm_y": 2.8009665553662555,
  "fwhm_z": 2.9845126778908178,
  "gcor": 0.0131758,
  "gsr_x": -0.016199687495827675,
  "gsr_y": 0.07876287400722504,
  "provenance": {
    "md5sum": "51ab9dce49a968ab9d5e68979942ab1f",
    "settings": {
      "fd_thres": 0.2,
      "testing": false
    },
    "software": "mriqc",
    "version": "22.0.6",
    "webapi_port": null,
    "webapi_url": "https://mriqc.nimh.nih.gov/api/v1"
  },
  "size_t": 610,
  "size_x": 90,
  "size_y": 90,
  "size_z": 60,
  "snr": 2.6569363091770053,
  "spacing_tr": 1.2000000476837158,
  "spacing_x": 2.4000000953674316,
  "spacing_y": 2.4000000953674316,
  "spacing_z": 2.3999998569488525,
  "summary_bg_k": 30.39696897518197,
  "summary_bg_mad": 57.08991317970746,
  "summary_bg_mean": 341.61865234375,
  "summary_bg_median": 143.16065979003906,
  "summary_bg_n": 320254.0,
  "summary_bg_p05": 99.94918060302734,
  "summary_bg_p95": 1394.107019042968,
  "summary_bg_stdv": 523.9754028320312,
  "summary_fg_k": 0.6963850308679671,
  "summary_fg_mad": 1467.6171133920711,
  "summary_fg_mean": 4412.15283203125,
  "summary_fg_median": 4123.67626953125,
  "summary_fg_n": 91334.0,
  "summary_fg_p05": 2417.7521118164063,
  "summary_fg_p95": 7359.088476562495,
  "summary_fg_stdv": 1552.0333251953125,
  "tsnr": 35.97724126011599
}