{
  "aor": 0.0013174876847290638,
  "aqi": 0.0137794839408867,
  "bids_meta": {
    "AcquisitionMatrixPE": 90,
    "AcquisitionNumber": 1,
    "AcquisitionTime": "11:34:33.605000",
    "BandwidthPerPixelPhaseEncode": 18.832,
    "BaseResolution": 90,
    "BodyPartExamined": "HEAD",
    "ConsistencyInfo": "N4_VE11C_LATEST_20160120",
    "ConversionSoftware": "dcm2niix",
    "ConversionSoftwareVersion": "v1.0.20190902",
    "DerivedVendorReportedEchoSpacing": 0.000590012,
    "DeviceSerialNumber": "67064",
    "DwellTime": 2.5e-06,
    "EchoTime": 0.033,
    "EchoTrainLength": 90,
    "EffectiveEchoSpacing": 0.000590012,
    "FlipAngle": 63,
    "ImageComments": "Unaliased_MB4_PE3_LB",
    "ImageOrientationPatientDICOM": [
      0.999957,
      -0.000583932,
      -0.00928068,
      -0.00261788,
      0.939984,
      -0.341209
    ],
    "ImageType": [
      "ORIGINAL",
      "PRIMARY",
      "M",
      "MB",
      "ND",
      "MOSAIC"
    ],
    "ImagingFrequency": 123.247,
    "InPlanePhaseEncodingDirectionDICOM": "COL",
    "InstitutionAddress": "Scott_Ave_4525_St._Louis_MO_US_63110",
    "InstitutionName": "Washington_University",
    "InstitutionalDepartmentName": "Department",
    "MRAcquisitionType": "2D",
    "MagneticFieldStrength": 3,
    "Manufacturer": "Siemens",
    "ManufacturersModelName": "Prisma_fit",
    "Modality": "MR",
    "MultibandAccelerationFactor": 4,
    "PartialFourier": 1,
    "PatientPosition": "HFS",
    "PercentPhaseFOV": 100,
    "PhaseEncodingDirection": "j-",
    "PhaseEncodingSteps": 90,
    "PhaseResolution": 1,
    "PixelBandwidth": 2220,
    "ProcedureStepDescription": "head_Braver",
    "ProtocolName": "tfMRI_AxcptBas1_AP",
    "PulseSequenceDetails": "%CustomerSeq%_cmrr_mbep2d_bold",
    "ReceiveCoilActiveElements": "HEA;HEP",
    "ReceiveCoilName": "Head_32",
    "ReconMatrixPE": 90,
    "RepetitionTime": 1.2,
    "SAR": 0.0692041,
    "ScanOptions": "FS_EXT",
    "ScanningSequence": "EP",
    "SequenceName": "epfid2d1_90",
    "SequenceVariant": "SK_SS",
    "SeriesDescription": "tfMRI_AxcptBas1_AP",
    "SeriesNumber": 56,
    "ShimSetting": [
      -1990,
      -11477,
      5805,
      701,
      49,
      21,
      7,
      -43
    ],
    "SliceThickness": 2.4,
    "SliceTiming": [
      0,
      0.6275,
      0.0775,
      0.7075,
      0.1575,
      0.785,
      0.235,
      0.865,
      0.315,
      0.9425,
      0.3925,
      1.0225,
      0.4725,
      1.1,
      0.55,
      0,
      0.6275,
      0.0775,
      0.7075,
      0.1575,
      0.785,
      0.235,
      0.865,
      0.315,
      0.9425,
      0.3925,
      1.0225,
      0.4725,
      1.1,
      0.55,
      0,
      0.6275,
      0.0775,
      0.7075,
      0.1575,
      0.785,
      0.235,
      0.865,
      0.315,
      0.9425,
      0.3925,
      1.0225,
      0.4725,
      1.1,
      0.55,
      0,
      0.6275,
      0.0775,
      0.7075,
      0.1575,
      0.785,
      0.235,
      0.865,
      0.315,
      0.9425,
      0.3925,
      1.0225,
      0.4725,
      1.1,
      0.55
    ],
    "SoftwareVersions": "syngo_MR_E11",
    "SpacingBetweenSlices": 2.4,
    "StationName": "MRC35177",
    "TaskName": "Axcpt",
    "TotalReadoutTime": 0.0525111,
    "TxRefAmp": 244.387,
    "VendorReportedEchoSpacing": 0.00059,
    "WipMemBlock": "2ee0553f-bcd2-4d82-9052-b88acd3cc3e2||Sequence: ve11c/master r/b8bea8f; Mar  2 2017 16:56:44 by eja",
    "acq_id": "mb4AP",
    "dataset": "ds003465",
    "modality": "bold",
    "run_id": 1,
    "session_id": "wave1bas",
    "subject_id": "f4796rs",
    "task_id": "Axcpt"
  },
  "dummy_trs": 1,
  "dvars_nstd": 31.764346433404597,
  "dvars_std": 1.0414115204111845,
  "dvars_vstd": 0.9678546450164468,
  "efc": 0.5259828487459617,
  "fber": 832.8678588867188,
  "fd_mean": 0.23545041631104008,
  "fd_num": 336,
  "fd_perc": 55.172413793103445,
  "fwhm_avg": 2.8241194307910686,
  "fwhm_x": 2.6260915623151635,
  "fwhm_y": 2.8696415526373564,
  "fwhm_z": 2.9766251774206864,
  "gcor": 0.00971411,
  "gsr_x": -0.021746763959527016,
  "gsr_y": 0.08140287548303604,
  "provenance": {
    "md5sum": "5c813da8e369de56568c122f49f9efd4",
    "settings": {
      "fd_thres": 0.2,
      "testing": false
    },
    "software": "mriqc",
    "version": "22.0.6",
    "webapi_port": null,
    "webapi_url": "https://mriqc.nimh.nih.gov/api/v1"
  },
  "size_t": 609,
  "size_x": 90,
  "size_y": 90,
  "size_z": 60,
  "snr": 2.7067421940090672,
  "spacing_tr": 1.2000000476837158,
  "spacing_x": 2.4000000953674316,
  "spacing_y": 2.4000000953674316,
  "spacing_z": 2.3999998569488525,
  "summary_bg_k": 29.50039446759007,
  "summary_bg_mad": 54.01152730197385,
  "summary_bg_mean": 331.56927490234375,
  "summary_bg_median": 140.9803009033203,
  "summary_bg_n": 319269.0,
  "summary_bg_p05": 100.1970443725586,
  "summary_bg_p95": 1291.0716064453109,
  "summary_bg_stdv": 508.5000915527344,
  "summary_fg_k": 0.9271908934392803,
  "summary_fg_mad": 1403.1516070896446,
  "summary_fg_mean": 4436.59619140625,
  "summary_fg_median": 4141.037109375,
  "summary_fg_n": 91784.0,
  "summary_fg_p05": 2473.1907592773437,
  "summary_fg_p95": 7346.03107910156,
  "summary_fg_stdv": 1529.8887939453125,
  "tsnr": 31.41154893510975
}