{
  "aor": 0.0012562307692307692,
  "aqi": 0.0117139152,
  "bids_meta": {
    "AcquisitionMatrixPE": 90,
    "AcquisitionNumber": 1,
    "AcquisitionTime": "12:16:42.637500",
    "BandwidthPerPixelPhaseEncode": 18.832,
    "BaseResolution": 90,
    "BodyPartExamined": "HEAD",
    "ConsistencyInfo": "N4_VE11C_LATEST_20160120",
    "ConversionSoftware": "dcm2niix",
    "ConversionSoftwareVersion": "v1.0.20190902",
    "DerivedVendorReportedEchoSpacing": 0.000590012,
    "DeviceSerialNumber": "67064",
    "DwellTime": 2.5e-06,
    "EchoTime": 0.033,
    "EchoTrainLength": 90,
    "EffectiveEchoSpacing": 0.000590012,
    "FlipAngle": 63,
    "ImageComments": "Unaliased_MB4_PE3_LB",
    "ImageOrientationPatientDICOM": [
      0.999957,
      -0.000583932,
      -0.00928068,
      -0.00261788,
      0.939984,
      -0.341209
    ],
    "ImageType": [
      "ORIGINAL",
      "PRIMARY",
      "M",
      "MB",
      "ND",
      "MOSAIC"
    ],
    "ImagingFrequency": 123.247,
    "InPlanePhaseEncodingDirectionDICOM": "COL",
    "InstitutionAddress": "Scott_Ave_4525_St._Louis_MO_US_63110",
    "InstitutionName": "Washington_University",
    "InstitutionalDepartmentName": "Department",
    "MRAcquisitionType": "2D",
    "MagneticFieldStrength": 3,
    "Manufacturer": "Siemens",
    "ManufacturersModelName": "Prisma_fit",
    "Modality": "MR",
    "MultibandAccelerationFactor": 4,
    "PartialFourier": 1,
    "PatientPosition": "HFS",
    "PercentPhaseFOV": 100,
    "PhaseEncodingDirection": "j",
    "PhaseEncodingSteps": 90,
    "PhaseResolution": 1,
    "PixelBandwidth": 2220,
    "ProcedureStepDescription": "head_Braver",
    "ProtocolName": "tfMRI_CuedtsBas2_PA",
    "PulseSequenceDetails": "%CustomerSeq%_cmrr_mbep2d_bold",
    "ReceiveCoilActiveElements": "HEA;HEP",
    "ReceiveCoilName": "Head_32",
    "ReconMatrixPE": 90,
    "RepetitionTime": 1.2,
    "SAR": 0.0692205,
    "ScanOptions": "FS_EXT",
    "ScanningSequence": "EP",
    "SequenceName": "epfid2d1_90",
    "SequenceVariant": "SK_SS",
    "SeriesDescription": "tfMRI_CuedtsBas2_PA",
    "SeriesNumber": 65,
    "ShimSetting": [
      -1990,
      -11477,
      5805,
      701,
      49,
      21,
      7,
      -43
    ],
    "SliceThickness": 2.4,
    "SliceTiming": [
      0,
      0.63,
      0.08,
      0.7075,
      0.1575,
      0.7875,
      0.2375,
      0.865,
      0.315,
      0.945,
      0.395,
      1.0225,
      0.4725,
      1.1025,
      0.5525,
      0,
      0.63,
      0.08,
      0.7075,
      0.1575,
      0.7875,
      0.2375,
      0.865,
      0.315,
      0.945,
      0.395,
      1.0225,
      0.4725,
      1.1025,
      0.5525,
      0,
      0.63,
      0.08,
      0.7075,
      0.1575,
      0.7875,
      0.2375,
      0.865,
      0.315,
      0.945,
      0.395,
      1.0225,
      0.4725,
      1.1025,
      0.5525,
      0,
      0.63,
      0.08,
      0.7075,
      0.1575,
      0.7875,
      0.2375,
      0.865,
      0.315,
      0.945,
      0.395,
      1.0225,
      0.4725,
      1.1025,
      0.5525
    ],
    "SoftwareVersions": "syngo_MR_E11",
    "SpacingBetweenSlices": 2.4,
    "StationName": "MRC35177",
    "TaskName": "Cuedts",
    "TotalReadoutTime": 0.0525111,
    "TxRefAmp": 244.387,
    "VendorReportedEchoSpacing": 0.00059,
    "WipMemBlock": "6966a632-d5c0-49ce-8633-b446d9a40317||Sequence: ve11c/master r/b8bea8f; Mar  2 2017 16:56:44 by eja",
    "acq_id": "mb4PA",
    "dataset": "ds003465",
    "modality": "bold",
    "run_id": 2,
    "session_id": "wave1bas",
    "subject_id": "f4796rs",
    "task_id": "Cuedts"
  },
  "dummy_trs": 0,
  "dvars_nstd": 31.45042292187979,
  "dvars_std": 1.0309304104314327,
  "dvars_vstd": 0.9673945850847461,
  "efc": 0.5262618043474063,
  "fber": 809.0608520507812,
  "fd_mean": 0.22481495227955292,
  "fd_num": 330,
  "fd_perc": 50.76923076923077,
  "fwhm_avg": 2.7981305425074425,
  "fwhm_x": 2.6154207294058507,
  "fwhm_y": 2.8152540547985216,
  "fwhm_z": 2.963716843317956,
  "gcor": 0.0112282,
  "gsr_x": -0.015593207441270351,
  "gsr_y": 0.08435864001512527,
  "provenance": {
    "md5sum": "6c8d81b06c3dd97cbb536f9707f88904",
    "settings": {
      "fd_thres": 0.2,
      "testing": false
    },
    "software": "mriqc",
    "version": "22.0.6",
    "webapi_port": null,
    "webapi_url": "https://mriqc.nimh.nih.gov/api/v1"
  },
  "size_t": 650,
  "size_x": 90,
  "size_y": 90,
  "size_z": 60,
  "snr": 2.6397966164769824,
  "spacing_tr": 1.2000000476837158,
  "spacing_x": 2.4000000953674316,
  "spacing_y": 2.4000000953674316,
  "spacing_z": 2.3999998569488525,
  "summary_bg_k": 28.884304603960043,
  "summary_bg_mad": 59.19233253051617,
  "summary_bg_mean": 334.3997802734375,
  "summary_bg_median": 143.85231018066406,
  "summary_bg_n": 319276.0,
  "summary_bg_p05": 96.39384460449219,
  "summary_bg_p95": 1358.2804260253906,
  "summary_bg_stdv": 502.884033203125,
  "summary_fg_k": 0.6878500180069387,
  "summary_fg_mad": 1465.6616059493276,
  "summary_fg_mean": 4402.66796875,
  "summary_fg_median": 4111.0400390625,
  "summary_fg_n": 91573.0,
  "summary_fg_p05": 2404.024853515625,
  "summary_fg_p95": 7375.607519531248,
  "summary_fg_stdv": 1557.3236083984375,
  "tsnr": 33.65245593711734
}