{
  "aor": 0.001294925925925926,
  "aqi": 0.005763019166666667,
  "bids_meta": {
    "AcquisitionMatrixPE": 90,
    "AcquisitionNumber": 1,
    "AcquisitionTime": "11:41:18.835000",
    "BandwidthPerPixelPhaseEncode": 18.832,
    "BaseResolution": 90,
    "BodyPartExamined": "HEAD",
    "ConsistencyInfo": "N4_VE11C_LATEST_20160120",
    "ConversionSoftware": "dcm2niix",
    "ConversionSoftwareVersion": "v1.0.20190902",
    "DerivedVendorReportedEchoSpacing": 0.000590012,
    "DeviceSerialNumber": "67064",
    "DwellTime": 2.5e-06,
    "EchoTime": 0.033,
    "EchoTrainLength": 90,
    "EffectiveEchoSpacing": 0.000590012,
    "FlipAngle": 63,
    "ImageComments": "Unaliased_MB4_PE3_LB",
    "ImageOrientationPatientDICOM": [
      0.999148,
      0.021881,
      0.0349847,
      -0.00662671,
      0.92191,
      -0.387347
    ],
    "ImageType": [
      "ORIGINAL",
      "PRIMARY",
      "M",
      "MB",
      "ND",
      "MOSAIC"
    ],
    "ImagingFrequency": 123.247,
    "InPlanePhaseEncodingDirectionDICOM": "COL",
    "InstitutionAddress": "Scott_Ave_4525_St._Louis_MO_US_63110",
    "InstitutionName": "Washington_University",
    "InstitutionalDepartmentName": "Department",
    "MRAcquisitionType": "2D",
    "MagneticFieldStrength": 3,
    "Manufacturer": "Siemens",
    "ManufacturersModelName": "Prisma_fit",
    "Modality": "MR",
    "MultibandAccelerationFactor": 4,
    "PartialFourier": 1,
    "PatientPosition": "HFS",
    "PercentPhaseFOV": 100,
    "PhaseEncodingDirection": "j-",
    "PhaseEncodingSteps": 90,
    "PhaseResolution": 1,
    "PixelBandwidth": 2220,
    "ProcedureStepDescription": "head_Braver",
    "ProtocolName": "tfMRI_StroopBas1_AP",
    "PulseSequenceDetails": "%CustomerSeq%_cmrr_mbep2d_bold",
    "ReceiveCoilActiveElements": "HEA;HEP",
    "ReceiveCoilName": "Head_32",
    "ReconMatrixPE": 90,
    "RepetitionTime": 1.2,
    "SAR": 0.0632724,
    "ScanOptions": "FS_EXT",
    "ScanningSequence": "EP",
    "SequenceName": "epfid2d1_90",
    "SequenceVariant": "SK_SS",
    "SeriesDescription": "tfMRI_StroopBas1_AP",
    "SeriesNumber": 44,
    "ShimSetting": [
      -1984,
      -11472,
      5798,
      592,
      73,
      369,
      10,
      -10
    ],
    "SliceThickness": 2.4,
    "SliceTiming": [
      0,
      0.63,
      0.0775,
      0.7075,
      0.1575,
      0.7875,
      0.235,
      0.865,
      0.315,
      0.945,
      0.3925,
      1.0225,
      0.4725,
      1.1025,
      0.55,
      0,
      0.63,
      0.0775,
      0.7075,
      0.1575,
      0.7875,
      0.235,
      0.865,
      0.315,
      0.945,
      0.3925,
      1.0225,
      0.4725,
      1.1025,
      0.55,
      0,
      0.63,
      0.0775,
      0.7075,
      0.1575,
      0.7875,
      0.235,
      0.865,
      0.315,
      0.945,
      0.3925,
      1.0225,
      0.4725,
      1.1025,
      0.55,
      0,
      0.63,
      0.0775,
      0.7075,
      0.1575,
      0.7875,
      0.235,
      0.865,
      0.315,
      0.945,
      0.3925,
      1.0225,
      0.4725,
      1.1025,
      0.55
    ],
    "SoftwareVersions": "syngo_MR_E11",
    "SpacingBetweenSlices": 2.4,
    "StationName": "MRC35177",
    "TaskName": "Stroop",
    "TotalReadoutTime": 0.0525111,
    "TxRefAmp": 230.721,
    "VendorReportedEchoSpacing": 0.00059,
    "WipMemBlock": "6e1863b3-fb27-41f3-a357-91819bbcb6ba||Sequence: ve11c/master r/068cfa9; Jul 21 2016 14:39:26 by eja",
    "acq_id": "mb4AP",
    "dataset": "ds003465",
    "modality": "bold",
    "run_id": 1,
    "session_id": "wave1bas",
    "subject_id": "f3469wa",
    "task_id": "Stroop"
  },
  "dummy_trs": 0,
  "dvars_nstd": 32.57303092467532,
  "dvars_std": 1.1430492263079777,
  "dvars_vstd": 0.9951289550463812,
  "efc": 0.5177300422237592,
  "fber": 812.63134765625,
  "fd_mean": 0.13885494904713375,
  "fd_num": 76,
  "fd_perc": 14.074074074074074,
  "fwhm_avg": 2.9038082179463616,
  "fwhm_x": 2.7713082232114385,
  "fwhm_y": 2.943779049691397,
  "fwhm_z": 2.9963373809362497,
  "gcor": 0.00959626,
  "gsr_x": -0.015868565067648888,
  "gsr_y": 0.07195532321929932,
  "provenance": {
    "md5sum": "cf07f04a50c942a57a87fc2af253272f",
    "settings": {
      "fd_thres": 0.2,
      "testing": false
    },
    "software": "mriqc",
    "version": "22.0.6",
    "webapi_port": null,
    "webapi_url": "https://mriqc.nimh.nih.gov/api/v1"
  },
  "size_t": 540,
  "size_x": 90,
  "size_y": 90,
  "size_z": 60,
  "snr": 2.714087181541435,
  "spacing_tr": 1.2000000476837158,
  "spacing_x": 2.4000000953674316,
  "spacing_y": 2.4000000953674316,
  "spacing_z": 2.4000000953674316,
  "summary_bg_k": 24.808912257724263,
  "summary_bg_mad": 53.892588380407176,
  "summary_bg_mean": 322.4289245605469,
  "summary_bg_median": 140.95925903320312,
  "summary_bg_n": 324327.0,
  "summary_bg_p05": 97.5999984741211,
  "summary_bg_p95": 1246.0433105468755,
  "summary_bg_stdv": 487.431396484375,
  "summary_fg_k": 1.5870984982768759,
  "summary_fg_mad": 1294.0232518998855,
  "summary_fg_mean": 4433.08642578125,
  "summary_fg_median": 4126.572265625,
  "summary_fg_n": 85896.0,
  "summary_fg_p05": 2576.1416625976562,
  "summary_fg_p95": 7419.118408203125,
  "summary_fg_stdv": 1520.41845703125,
  "tsnr": 46.661302864551544
}