{
  "aor": 0.0009036307692307692,
  "aqi": 0.005110982523076923,
  "bids_meta": {
    "AcquisitionMatrixPE": 90,
    "AcquisitionNumber": 1,
    "AcquisitionTime": "10:31:48.235000",
    "BandwidthPerPixelPhaseEncode": 18.832,
    "BaseResolution": 90,
    "BodyPartExamined": "HEAD",
    "ConsistencyInfo": "N4_VE11C_LATEST_20160120",
    "ConversionSoftware": "dcm2niix",
    "ConversionSoftwareVersion": "v1.0.20190902",
    "DerivedVendorReportedEchoSpacing": 0.000590012,
    "DeviceSerialNumber": "67064",
    "DwellTime": 2.5e-06,
    "EchoTime": 0.033,
    "EchoTrainLength": 90,
    "EffectiveEchoSpacing": 0.000590012,
    "FlipAngle": 63,
    "ImageComments": "Unaliased_MB4_PE3_LB",
    "ImageOrientationPatientDICOM": [
      0.998436,
      0.0127404,
      0.0544299,
      0.00888749,
      0.92512,
      -0.379571
    ],
    "ImageType": [
      "ORIGINAL",
      "PRIMARY",
      "M",
      "MB",
      "ND",
      "MOSAIC"
    ],
    "ImagingFrequency": 123.247,
    "InPlanePhaseEncodingDirectionDICOM": "COL",
    "InstitutionAddress": "Scott_Ave_4525_St._Louis_MO_US_63110",
    "InstitutionName": "Washington_University",
    "InstitutionalDepartmentName": "Department",
    "MRAcquisitionType": "2D",
    "MagneticFieldStrength": 3,
    "Manufacturer": "Siemens",
    "ManufacturersModelName": "Prisma_fit",
    "Modality": "MR",
    "MultibandAccelerationFactor": 4,
    "PartialFourier": 1,
    "PatientPosition": "HFS",
    "PercentPhaseFOV": 100,
    "PhaseEncodingDirection": "j",
    "PhaseEncodingSteps": 90,
    "PhaseResolution": 1,
    "PixelBandwidth": 2220,
    "ProcedureStepDescription": "head_Braver",
    "ProtocolName": "tfMRI_CuedtsBas2_PA",
    "PulseSequenceDetails": "%CustomerSeq%_cmrr_mbep2d_bold",
    "ReceiveCoilActiveElements": "HEA;HEP",
    "ReceiveCoilName": "Head_32",
    "ReconMatrixPE": 90,
    "RepetitionTime": 1.2,
    "SAR": 0.0638264,
    "ScanOptions": "FS_EXT",
    "ScanningSequence": "EP",
    "SequenceName": "epfid2d1_90",
    "SequenceVariant": "SK_SS",
    "SeriesDescription": "tfMRI_CuedtsBas2_PA",
    "SeriesNumber": 24,
    "ShimSetting": [
      -1978,
      -11464,
      5820,
      603,
      96,
      385,
      22,
      -4
    ],
    "SliceThickness": 2.4,
    "SliceTiming": [
      0,
      0.63,
      0.0775,
      0.7075,
      0.1575,
      0.785,
      0.235,
      0.865,
      0.315,
      0.9425,
      0.3925,
      1.0225,
      0.4725,
      1.1,
      0.55,
      0,
      0.63,
      0.0775,
      0.7075,
      0.1575,
      0.785,
      0.235,
      0.865,
      0.315,
      0.9425,
      0.3925,
      1.0225,
      0.4725,
      1.1,
      0.55,
      0,
      0.63,
      0.0775,
      0.7075,
      0.1575,
      0.785,
      0.235,
      0.865,
      0.315,
      0.9425,
      0.3925,
      1.0225,
      0.4725,
      1.1,
      0.55,
      0,
      0.63,
      0.0775,
      0.7075,
      0.1575,
      0.785,
      0.235,
      0.865,
      0.315,
      0.9425,
      0.3925,
      1.0225,
      0.4725,
      1.1,
      0.55
    ],
    "SoftwareVersions": "syngo_MR_E11",
    "SpacingBetweenSlices": 2.4,
    "StationName": "MRC35177",
    "TaskName": "Cuedts",
    "TotalReadoutTime": 0.0525111,
    "TxRefAmp": 230.178,
    "VendorReportedEchoSpacing": 0.00059,
    "WipMemBlock": "1ee052ef-9c13-4b8f-acca-b8de9cc07e57||Sequence: ve11c/master r/068cfa9; Jul 21 2016 14:39:26 by eja",
    "acq_id": "mb4PA",
    "dataset": "ds003465",
    "modality": "bold",
    "run_id": 2,
    "session_id": "wave1bas",
    "subject_id": "f3469wa",
    "task_id": "Cuedts"
  },
  "dummy_trs": 0,
  "dvars_nstd": 27.953540628828954,
  "dvars_std": 1.0997409835901377,
  "dvars_vstd": 0.9985066922804314,
  "efc": 0.5236465755247351,
  "fber": 757.8616333007812,
  "fd_mean": 0.11909768558478508,
  "fd_num": 42,
  "fd_perc": 6.461538461538462,
  "fwhm_avg": 2.9583055403407865,
  "fwhm_x": 2.8317623874758726,
  "fwhm_y": 2.9526582160052373,
  "fwhm_z": 3.0904960175412506,
  "gcor": 0.0162257,
  "gsr_x": -0.02282886765897274,
  "gsr_y": 0.0760389193892479,
  "provenance": {
    "md5sum": "c16217825a385f717ee8017bb1ad4df5",
    "settings": {
      "fd_thres": 0.2,
      "testing": false
    },
    "software": "mriqc",
    "version": "22.0.6",
    "webapi_port": null,
    "webapi_url": "https://mriqc.nimh.nih.gov/api/v1"
  },
  "size_t": 650,
  "size_x": 90,
  "size_y": 90,
  "size_z": 60,
  "snr": 2.6485014690150073,
  "spacing_tr": 1.2000000476837158,
  "spacing_x": 2.4000000953674316,
  "spacing_y": 2.4000000953674316,
  "spacing_z": 2.3999998569488525,
  "summary_bg_k": 20.930584464110314,
  "summary_bg_mad": 64.78286905301088,
  "summary_bg_mean": 363.0074462890625,
  "summary_bg_median": 150.35691833496094,
  "summary_bg_n": 324082.0,
  "summary_bg_p05": 100.97692108154297,
  "summary_bg_p95": 1483.1809509277348,
  "summary_bg_stdv": 561.90771484375,
  "summary_fg_k": 1.325327182593111,
  "summary_fg_mad": 1398.5559383720527,
  "summary_fg_mean": 4498.40185546875,
  "summary_fg_median": 4211.2109375,
  "summary_fg_n": 85116.0,
  "summary_fg_p05": 2487.9439086914062,
  "summary_fg_p95": 7594.55029296875,
  "summary_fg_stdv": 1590.0260009765625,
  "tsnr": 47.73530878778547
}