{
  "aor": 0.0005696833333333333,
  "aqi": 0.00443495935,
  "bids_meta": {
    "AcquisitionMatrixPE": 90,
    "AcquisitionNumber": 1,
    "AcquisitionTime": "10:02:51.977500",
    "BandwidthPerPixelPhaseEncode": 18.832,
    "BaseResolution": 90,
    "BodyPartExamined": "HEAD",
    "ConsistencyInfo": "N4_VE11C_LATEST_20160120",
    "ConversionSoftware": "dcm2niix",
    "ConversionSoftwareVersion": "v1.0.20190902",
    "DerivedVendorReportedEchoSpacing": 0.000590012,
    "DeviceSerialNumber": "67064",
    "DwellTime": 2.5e-06,
    "EchoTime": 0.033,
    "EchoTrainLength": 90,
    "EffectiveEchoSpacing": 0.000590012,
    "FlipAngle": 63,
    "ImageComments": "Unaliased_MB4_PE3_LB",
    "ImageOrientationPatientDICOM": [
      0.998436,
      0.0127404,
      0.0544299,
      0.00888749,
      0.92512,
      -0.379571
    ],
    "ImageType": [
      "ORIGINAL",
      "PRIMARY",
      "M",
      "MB",
      "ND",
      "MOSAIC"
    ],
    "ImagingFrequency": 123.247,
    "InPlanePhaseEncodingDirectionDICOM": "COL",
    "InstitutionAddress": "Scott_Ave_4525_St._Louis_MO_US_63110",
    "InstitutionName": "Washington_University",
    "InstitutionalDepartmentName": "Department",
    "MRAcquisitionType": "2D",
    "MagneticFieldStrength": 3,
    "Manufacturer": "Siemens",
    "ManufacturersModelName": "Prisma_fit",
    "Modality": "MR",
    "MultibandAccelerationFactor": 4,
    "PartialFourier": 1,
    "PatientPosition": "HFS",
    "PercentPhaseFOV": 100,
    "PhaseEncodingDirection": "j",
    "PhaseEncodingSteps": 90,
    "PhaseResolution": 1,
    "PixelBandwidth": 2220,
    "ProcedureStepDescription": "head_Braver",
    "ProtocolName": "tfMRI_SternBas2_PA",
    "PulseSequenceDetails": "%CustomerSeq%_cmrr_mbep2d_bold",
    "ReceiveCoilActiveElements": "HEA;HEP",
    "ReceiveCoilName": "Head_32",
    "ReconMatrixPE": 90,
    "RepetitionTime": 1.2,
    "SAR": 0.0638071,
    "ScanOptions": "FS_EXT",
    "ScanningSequence": "EP",
    "SequenceName": "epfid2d1_90",
    "SequenceVariant": "SK_SS",
    "SeriesDescription": "tfMRI_SternBas2_PA",
    "SeriesNumber": 20,
    "ShimSetting": [
      -1978,
      -11464,
      5820,
      603,
      96,
      385,
      22,
      -4
    ],
    "SliceThickness": 2.4,
    "SliceTiming": [
      0,
      0.6275,
      0.0775,
      0.7075,
      0.155,
      0.785,
      0.235,
      0.865,
      0.3125,
      0.9425,
      0.3925,
      1.0225,
      0.47,
      1.1,
      0.55,
      0,
      0.6275,
      0.0775,
      0.7075,
      0.155,
      0.785,
      0.235,
      0.865,
      0.3125,
      0.9425,
      0.3925,
      1.0225,
      0.47,
      1.1,
      0.55,
      0,
      0.6275,
      0.0775,
      0.7075,
      0.155,
      0.785,
      0.235,
      0.865,
      0.3125,
      0.9425,
      0.3925,
      1.0225,
      0.47,
      1.1,
      0.55,
      0,
      0.6275,
      0.0775,
      0.7075,
      0.155,
      0.785,
      0.235,
      0.865,
      0.3125,
      0.9425,
      0.3925,
      1.0225,
      0.47,
      1.1,
      0.55
    ],
    "SoftwareVersions": "syngo_MR_E11",
    "SpacingBetweenSlices": 2.4,
    "StationName": "MRC35177",
    "TaskName": "Stern",
    "TotalReadoutTime": 0.0525111,
    "TxRefAmp": 230.178,
    "VendorReportedEchoSpacing": 0.00059,
    "WipMemBlock": "626fa259-3b3c-4d4a-82e3-e606c0a4d6a5||Sequence: ve11c/master r/068cfa9; Jul 21 2016 14:39:26 by eja",
    "acq_id": "mb4PA",
    "dataset": "ds003465",
    "modality": "bold",
    "run_id": 2,
    "session_id": "wave1bas",
    "subject_id": "f3469wa",
    "task_id": "Stern"
  },
  "dummy_trs": 0,
  "dvars_nstd": 28.442884715959902,
  "dvars_std": 1.102039193005008,
  "dvars_vstd": 0.9891198720868115,
  "efc": 0.5219927405706669,
  "fber": 774.2899169921875,
  "fd_mean": 0.12957549856558861,
  "fd_num": 53,
  "fd_perc": 8.833333333333334,
  "fwhm_avg": 2.9106277621260737,
  "fwhm_x": 2.808829055053828,
  "fwhm_y": 2.90296655131314,
  "fwhm_z": 3.0200876800112533,
  "gcor": 0.0121761,
  "gsr_x": -0.02304680086672306,
  "gsr_y": 0.07593570649623871,
  "provenance": {
    "md5sum": "bc96c496fb86668a21553b8d8a5ab7d4",
    "settings": {
      "fd_thres": 0.2,
      "testing": false
    },
    "software": "mriqc",
    "version": "22.0.6",
    "webapi_port": null,
    "webapi_url": "https://mriqc.nimh.nih.gov/api/v1"
  },
  "size_t": 600,
  "size_x": 90,
  "size_y": 90,
  "size_z": 60,
  "snr": 2.6558570498087097,
  "spacing_tr": 1.2000000476837158,
  "spacing_x": 2.4000000953674316,
  "spacing_y": 2.4000000953674316,
  "spacing_z": 2.3999998569488525,
  "summary_bg_k": 22.43801874848745,
  "summary_bg_mad": 61.657716368694544,
  "summary_bg_mean": 361.3006286621094,
  "summary_bg_median": 149.72833251953125,
  "summary_bg_n": 324776.0,
  "summary_bg_p05": 104.53333282470703,
  "summary_bg_p95": 1469.7867126464844,
  "summary_bg_stdv": 561.1283569335938,
  "summary_fg_k": 1.2671160706255762,
  "summary_fg_mad": 1419.6079125735653,
  "summary_fg_mean": 4515.11181640625,
  "summary_fg_median": 4237.8212890625,
  "summary_fg_n": 84864.0,
  "summary_fg_p05": 2477.793505859375,
  "summary_fg_p95": 7606.3880859374985,
  "summary_fg_stdv": 1595.6417236328125,
  "tsnr": 51.10451846499927
}