{
  "aor": 0.0003119508196721312,
  "aqi": 0.003833389852459016,
  "bids_meta": {
    "AcquisitionMatrixPE": 90,
    "AcquisitionNumber": 1,
    "AcquisitionTime": "11:13:56.680000",
    "BandwidthPerPixelPhaseEncode": 18.832,
    "BaseResolution": 90,
    "BodyPartExamined": "HEAD",
    "ConsistencyInfo": "N4_VE11C_LATEST_20160120",
    "ConversionSoftware": "dcm2niix",
    "ConversionSoftwareVersion": "v1.0.20190902",
    "DerivedVendorReportedEchoSpacing": 0.000590012,
    "DeviceSerialNumber": "67064",
    "DwellTime": 2.5e-06,
    "EchoTime": 0.033,
    "EchoTrainLength": 90,
    "EffectiveEchoSpacing": 0.000590012,
    "FlipAngle": 63,
    "ImageComments": "Unaliased_MB4_PE3_LB",
    "ImageOrientationPatientDICOM": [
      0.999148,
      0.021881,
      0.0349847,
      -0.00662671,
      0.92191,
      -0.387347
    ],
    "ImageType": [
      "ORIGINAL",
      "PRIMARY",
      "M",
      "MB",
      "ND",
      "MOSAIC"
    ],
    "ImagingFrequency": 123.247,
    "InPlanePhaseEncodingDirectionDICOM": "COL",
    "InstitutionAddress": "Scott_Ave_4525_St._Louis_MO_US_63110",
    "InstitutionName": "Washington_University",
    "InstitutionalDepartmentName": "Department",
    "MRAcquisitionType": "2D",
    "MagneticFieldStrength": 3,
    "Manufacturer": "Siemens",
    "ManufacturersModelName": "Prisma_fit",
    "Modality": "MR",
    "MultibandAccelerationFactor": 4,
    "PartialFourier": 1,
    "PatientPosition": "HFS",
    "PercentPhaseFOV": 100,
    "PhaseEncodingDirection": "j-",
    "PhaseEncodingSteps": 90,
    "PhaseResolution": 1,
    "PixelBandwidth": 2220,
    "ProcedureStepDescription": "head_Braver",
    "ProtocolName": "tfMRI_AxcptBas1_AP",
    "PulseSequenceDetails": "%CustomerSeq%_cmrr_mbep2d_bold",
    "ReceiveCoilActiveElements": "HEA;HEP",
    "ReceiveCoilName": "Head_32",
    "ReconMatrixPE": 90,
    "RepetitionTime": 1.2,
    "SAR": 0.063304,
    "ScanOptions": "FS_EXT",
    "ScanningSequence": "EP",
    "SequenceName": "epfid2d1_90",
    "SequenceVariant": "SK_SS",
    "SeriesDescription": "tfMRI_AxcptBas1_AP",
    "SeriesNumber": 38,
    "ShimSetting": [
      -1984,
      -11472,
      5798,
      592,
      73,
      369,
      10,
      -10
    ],
    "SliceThickness": 2.4,
    "SliceTiming": [
      0,
      0.63,
      0.08,
      0.7075,
      0.1575,
      0.7875,
      0.2375,
      0.865,
      0.315,
      0.945,
      0.395,
      1.0225,
      0.4725,
      1.1025,
      0.5525,
      0,
      0.63,
      0.08,
      0.7075,
      0.1575,
      0.7875,
      0.2375,
      0.865,
      0.315,
      0.945,
      0.395,
      1.0225,
      0.4725,
      1.1025,
      0.5525,
      0,
      0.63,
      0.08,
      0.7075,
      0.1575,
      0.7875,
      0.2375,
      0.865,
      0.315,
      0.945,
      0.395,
      1.0225,
      0.4725,
      1.1025,
      0.5525,
      0,
      0.63,
      0.08,
      0.7075,
      0.1575,
      0.7875,
      0.2375,
      0.865,
      0.315,
      0.945,
      0.395,
      1.0225,
      0.4725,
      1.1025,
      0.5525
    ],
    "SoftwareVersions": "syngo_MR_E11",
    "SpacingBetweenSlices": 2.4,
    "StationName": "MRC35177",
    "TaskName": "Axcpt",
    "TotalReadoutTime": 0.0525111,
    "TxRefAmp": 230.721,
    "VendorReportedEchoSpacing": 0.00059,
    "WipMemBlock": "e0c28eb0-a150-4aa3-8960-f9d505c69e49||Sequence: ve11c/master r/068cfa9; Jul 21 2016 14:39:26 by eja",
    "acq_id": "mb4AP",
    "dataset": "ds003465",
    "modality": "bold",
    "run_id": 1,
    "session_id": "wave1bas",
    "subject_id": "f3469wa",
    "task_id": "Axcpt"
  },
  "dummy_trs": 0,
  "dvars_nstd": 27.027220959293945,
  "dvars_std": 1.0836506350246302,
  "dvars_vstd": 0.9858447272578009,
  "efc": 0.5187211236012407,
  "fber": 826.511962890625,
  "fd_mean": 0.13259627077525407,
  "fd_num": 49,
  "fd_perc": 8.032786885245901,
  "fwhm_avg": 2.8993998847882003,
  "fwhm_x": 2.7878873892193083,
  "fwhm_y": 2.928270716974309,
  "fwhm_z": 2.982041548170982,
  "gcor": 0.00494777,
  "gsr_x": -0.018386047333478928,
  "gsr_y": 0.07102163881063461,
  "provenance": {
    "md5sum": "4ff70cf3dee98e765777929f19505246",
    "settings": {
      "fd_thres": 0.2,
      "testing": false
    },
    "software": "mriqc",
    "version": "22.0.6",
    "webapi_port": null,
    "webapi_url": "https://mriqc.nimh.nih.gov/api/v1"
  },
  "size_t": 610,
  "size_x": 90,
  "size_y": 90,
  "size_z": 60,
  "snr": 2.7517296348706415,
  "spacing_tr": 1.2000000476837158,
  "spacing_x": 2.4000000953674316,
  "spacing_y": 2.4000000953674316,
  "spacing_z": 2.4000000953674316,
  "summary_bg_k": 25.86674620164149,
  "summary_bg_mad": 51.493698355869284,
  "summary_bg_mean": 327.621826171875,
  "summary_bg_median": 141.70164489746094,
  "summary_bg_n": 323844.0,
  "summary_bg_p05": 103.49344635009766,
  "summary_bg_p95": 1264.36505126953,
  "summary_bg_stdv": 495.7165222167969,
  "summary_fg_k": 1.442481735991751,
  "summary_fg_mad": 1318.2143539676063,
  "summary_fg_mean": 4486.7900390625,
  "summary_fg_median": 4193.4130859375,
  "summary_fg_n": 86114.0,
  "summary_fg_p05": 2601.145751953125,
  "summary_fg_p95": 7467.0890380859355,
  "summary_fg_stdv": 1523.91015625,
  "tsnr": 54.03354249894619
}