{
  "aor": 0.0013464918032786886,
  "aqi": 0.005115573524590164,
  "bids_meta": {
    "AcquisitionMatrixPE": 90,
    "AcquisitionNumber": 1,
    "AcquisitionTime": "11:26:55.602500",
    "BandwidthPerPixelPhaseEncode": 18.832,
    "BaseResolution": 90,
    "BodyPartExamined": "HEAD",
    "ConsistencyInfo": "N4_VE11C_LATEST_20160120",
    "ConversionSoftware": "dcm2niix",
    "ConversionSoftwareVersion": "v1.0.20190902",
    "DerivedVendorReportedEchoSpacing": 0.000590012,
    "DeviceSerialNumber": "67064",
    "DwellTime": 2.5e-06,
    "EchoTime": 0.033,
    "EchoTrainLength": 90,
    "EffectiveEchoSpacing": 0.000590012,
    "FlipAngle": 63,
    "ImageComments": "Unaliased_MB4_PE3_LB",
    "ImageOrientationPatientDICOM": [
      0.999148,
      0.021881,
      0.0349847,
      -0.00662671,
      0.92191,
      -0.387347
    ],
    "ImageType": [
      "ORIGINAL",
      "PRIMARY",
      "M",
      "MB",
      "ND",
      "MOSAIC"
    ],
    "ImagingFrequency": 123.247,
    "InPlanePhaseEncodingDirectionDICOM": "COL",
    "InstitutionAddress": "Scott_Ave_4525_St._Louis_MO_US_63110",
    "InstitutionName": "Washington_University",
    "InstitutionalDepartmentName": "Department",
    "MRAcquisitionType": "2D",
    "MagneticFieldStrength": 3,
    "Manufacturer": "Siemens",
    "ManufacturersModelName": "Prisma_fit",
    "Modality": "MR",
    "MultibandAccelerationFactor": 4,
    "PartialFourier": 1,
    "PatientPosition": "HFS",
    "PercentPhaseFOV": 100,
    "PhaseEncodingDirection": "j",
    "PhaseEncodingSteps": 90,
    "PhaseResolution": 1,
    "PixelBandwidth": 2220,
    "ProcedureStepDescription": "head_Braver",
    "ProtocolName": "tfMRI_AxcptBas2_PA",
    "PulseSequenceDetails": "%CustomerSeq%_cmrr_mbep2d_bold",
    "ReceiveCoilActiveElements": "HEA;HEP",
    "ReceiveCoilName": "Head_32",
    "ReconMatrixPE": 90,
    "RepetitionTime": 1.2,
    "SAR": 0.063304,
    "ScanOptions": "FS_EXT",
    "ScanningSequence": "EP",
    "SequenceName": "epfid2d1_90",
    "SequenceVariant": "SK_SS",
    "SeriesDescription": "tfMRI_AxcptBas2_PA",
    "SeriesNumber": 40,
    "ShimSetting": [
      -1984,
      -11472,
      5798,
      592,
      73,
      369,
      10,
      -10
    ],
    "SliceThickness": 2.4,
    "SliceTiming": [
      0,
      0.63,
      0.08,
      0.71,
      0.1575,
      0.7875,
      0.2375,
      0.865,
      0.315,
      0.945,
      0.395,
      1.0225,
      0.4725,
      1.1025,
      0.5525,
      0,
      0.63,
      0.08,
      0.71,
      0.1575,
      0.7875,
      0.2375,
      0.865,
      0.315,
      0.945,
      0.395,
      1.0225,
      0.4725,
      1.1025,
      0.5525,
      0,
      0.63,
      0.08,
      0.71,
      0.1575,
      0.7875,
      0.2375,
      0.865,
      0.315,
      0.945,
      0.395,
      1.0225,
      0.4725,
      1.1025,
      0.5525,
      0,
      0.63,
      0.08,
      0.71,
      0.1575,
      0.7875,
      0.2375,
      0.865,
      0.315,
      0.945,
      0.395,
      1.0225,
      0.4725,
      1.1025,
      0.5525
    ],
    "SoftwareVersions": "syngo_MR_E11",
    "SpacingBetweenSlices": 2.4,
    "StationName": "MRC35177",
    "TaskName": "Axcpt",
    "TotalReadoutTime": 0.0525111,
    "TxRefAmp": 230.721,
    "VendorReportedEchoSpacing": 0.00059,
    "WipMemBlock": "0a16df93-a879-4fc8-a117-ce67520acade||Sequence: ve11c/master r/068cfa9; Jul 21 2016 14:39:26 by eja",
    "acq_id": "mb4PA",
    "dataset": "ds003465",
    "modality": "bold",
    "run_id": 2,
    "session_id": "wave1bas",
    "subject_id": "f3469wa",
    "task_id": "Axcpt"
  },
  "dummy_trs": 0,
  "dvars_nstd": 28.12524323865349,
  "dvars_std": 1.0895234125287354,
  "dvars_vstd": 0.992072210788177,
  "efc": 0.5224112007183374,
  "fber": 793.8135375976562,
  "fd_mean": 0.1350997723031217,
  "fd_num": 57,
  "fd_perc": 9.344262295081966,
  "fwhm_avg": 2.881377663282116,
  "fwhm_x": 2.771720723195047,
  "fwhm_y": 2.8768582190172585,
  "fwhm_z": 2.995554047634043,
  "gcor": 0.00911647,
  "gsr_x": -0.022726014256477356,
  "gsr_y": 0.07561860233545303,
  "provenance": {
    "md5sum": "10e6ac7cb0490fcc79eeedef79c6c6f0",
    "settings": {
      "fd_thres": 0.2,
      "testing": false
    },
    "software": "mriqc",
    "version": "22.0.6",
    "webapi_port": null,
    "webapi_url": "https://mriqc.nimh.nih.gov/api/v1"
  },
  "size_t": 610,
  "size_x": 90,
  "size_y": 90,
  "size_z": 60,
  "snr": 2.7353806046564006,
  "spacing_tr": 1.2000000476837158,
  "spacing_x": 2.4000000953674316,
  "spacing_y": 2.4000000953674316,
  "spacing_z": 2.4000000953674316,
  "summary_bg_k": 22.13129202871683,
  "summary_bg_mad": 58.927363986750194,
  "summary_bg_mean": 356.61749267578125,
  "summary_bg_median": 146.64590454101562,
  "summary_bg_n": 325723.0,
  "summary_bg_p05": 102.80655670166016,
  "summary_bg_p95": 1448.7623413085926,
  "summary_bg_stdv": 552.2274169921875,
  "summary_fg_k": 1.1671966821934125,
  "summary_fg_mad": 1385.488877486027,
  "summary_fg_mean": 4451.01171875,
  "summary_fg_median": 4192.32275390625,
  "summary_fg_n": 84705.0,
  "summary_fg_p05": 2476.502587890625,
  "summary_fg_p95": 7403.231542968751,
  "summary_fg_stdv": 1532.61962890625,
  "tsnr": 47.29415733087808
}