{
  "bids_meta": {
    "AcquisitionMatrixPE": 300,
    "AcquisitionNumber": 1,
    "AcquisitionTime": "19:23:2.460000",
    "BaseResolution": 320,
    "BodyPartExamined": "HEAD",
    "ConsistencyInfo": "N4_VE11C_LATEST_20160120",
    "ConversionSoftware": "dcm2niix",
    "ConversionSoftwareVersion": "v1.0.20190902",
    "DeviceSerialNumber": "67064",
    "DwellTime": 7.1e-06,
    "EchoTime": 0.00222,
    "FlipAngle": 8,
    "ImageOrientationPatientDICOM": [
      -0.0284634,
      0.998325,
      0.050367,
      0.093052,
      0.0528149,
      -0.994259
    ],
    "ImageType": [
      "ORIGINAL",
      "PRIMARY",
      "M",
      "ND"
    ],
    "ImagingFrequency": 123.247,
    "InPlanePhaseEncodingDirectionDICOM": "ROW",
    "InstitutionAddress": "Scott_Ave_4525_St._Louis_MO_US_63110",
    "InstitutionName": "Washington_University",
    "InstitutionalDepartmentName": "Department",
    "InversionTime": 1,
    "MRAcquisitionType": "3D",
    "MagneticFieldStrength": 3,
    "Manufacturer": "Siemens",
    "ManufacturersModelName": "Prisma_fit",
    "Modality": "MR",
    "ParallelReductionFactorInPlane": 2,
    "PartialFourier": 1,
    "PatientPosition": "HFS",
    "PercentPhaseFOV": 93.75,
    "PhaseEncodingSteps": 299,
    "PhaseResolution": 1,
    "PixelBandwidth": 220,
    "ProcedureStepDescription": "head_Braver",
    "ProtocolName": "T1w_MPR",
    "PulseSequenceDetails": "%SiemensSeq%_tfl",
    "ReceiveCoilActiveElements": "HEA;HEP",
    "ReceiveCoilName": "Head_32",
    "ReconMatrixPE": 300,
    "RefLinesPE": 32,
    "RepetitionTime": 2.4,
    "SAR": 0.0341035,
    "ScanOptions": "IR_WE",
    "ScanningSequence": "GR_IR",
    "SequenceName": "_tfl3d1_16ns",
    "SequenceVariant": "SK_SP_MP",
    "SeriesDescription": "T1w_MPR",
    "SeriesNumber": 11,
    "ShimSetting": [
      -1969,
      -11520,
      5747,
      592,
      93,
      258,
      100,
      -48
    ],
    "SliceThickness": 0.8,
    "SoftwareVersions": "syngo_MR_E11",
    "StationName": "MRC35177",
    "TxRefAmp": 244.639,
    "dataset": "ds003465",
    "modality": "T1w",
    "session_id": "wave1bas",
    "subject_id": "f8113do"
  },
  "cjv": 0.4962270265218361,
  "cnr": 2.7294759203738024,
  "efc": 0.5253249479745691,
  "fber": 15337.20710775047,
  "fwhm_avg": 4.830729213307307,
  "fwhm_x": 4.776437784697877,
  "fwhm_y": 4.7254499295853085,
  "fwhm_z": 4.990299925638736,
  "icvs_csf": 0.20563335599175117,
  "icvs_gm": 0.3810519848727588,
  "icvs_wm": 0.41331465913549,
  "inu_med": 0.9621528387069702,
  "inu_range": 0.7838731765747069,
  "provenance": {
    "md5sum": "2bb24f5b43e32aa044300b5ee2850020",
    "settings": {
      "testing": false
    },
    "software": "mriqc",
    "version": "22.0.6",
    "warnings": {
      "large_rot_frame": true,
      "small_air_mask": false
    },
    "webapi_port": null,
    "webapi_url": "https://mriqc.nimh.nih.gov/api/v1"
  },
  "qi_1": 6.588557218114888e-06,
  "qi_2": 0.001270874028050878,
  "rpve_csf": 24.562372114728795,
  "rpve_gm": 12.912376101140854,
  "rpve_wm": 13.977234419806054,
  "size_x": 208,
  "size_y": 300,
  "size_z": 320,
  "snr_csf": 2.7765489042517846,
  "snr_gm": 13.251116524790273,
  "snr_total": 10.519032703353732,
  "snr_wm": 15.529432681019138,
  "snrd_csf": 18.36423357089949,
  "snrd_gm": 42.64028029415702,
  "snrd_total": 38.98332091983938,
  "snrd_wm": 55.94544889446163,
  "spacing_x": 0.7999999523162842,
  "spacing_y": 0.800000011920929,
  "spacing_z": 0.800000011920929,
  "summary_bg_k": 1819.198573634611,
  "summary_bg_mad": 0.0,
  "summary_bg_mean": 7.666556215271362,
  "summary_bg_median": 0.0,
  "summary_bg_n": 6780855.0,
  "summary_bg_p05": 0.0,
  "summary_bg_p95": 29.256273955106735,
  "summary_bg_stdv": 11.711473378969158,
  "summary_csf_k": 1.0608102169648,
  "summary_csf_mad": 87.435708342167,
  "summary_csf_mean": 328.30753094687947,
  "summary_csf_median": 328.28618985414505,
  "summary_csf_n": 93853.0,
  "summary_csf_p05": 98.70142950117588,
  "summary_csf_p95": 526.0688671499488,
  "summary_csf_stdv": 118.23470510769634,
  "summary_gm_k": 0.08355427307959085,
  "summary_gm_mad": 56.92072222797295,
  "summary_gm_mean": 761.8261522076003,
  "summary_gm_median": 762.2542535215616,
  "summary_gm_n": 58386.0,
  "summary_gm_p05": 665.9780151508749,
  "summary_gm_p95": 854.9504478424788,
  "summary_gm_stdv": 57.52328298927105,
  "summary_wm_k": 0.3512221101028197,
  "summary_wm_mad": 61.10606945061802,
  "summary_wm_mean": 1008.7746337741428,
  "summary_wm_median": 1000.1026280969381,
  "summary_wm_n": 469278.0,
  "summary_wm_p05": 918.1850610226393,
  "summary_wm_p95": 1129.1381942778826,
  "summary_wm_stdv": 64.40039266488294,
  "tpm_overlap_csf": 0.1363598996445365,
  "tpm_overlap_gm": 0.4330618811206674,
  "tpm_overlap_wm": 0.48436930070663,
  "wm2max": 0.48727118135440634
}