{
  "bids_meta": {
    "AcquisitionMatrixPE": 300,
    "AcquisitionNumber": 1,
    "AcquisitionTime": "19:30:40.510000",
    "BaseResolution": 320,
    "BodyPartExamined": "HEAD",
    "ConsistencyInfo": "N4_VE11C_LATEST_20160120",
    "ConversionSoftware": "dcm2niix",
    "ConversionSoftwareVersion": "v1.0.20190902",
    "DeviceSerialNumber": "67064",
    "DwellTime": 2.1e-06,
    "EchoTime": 0.563,
    "EchoTrainLength": 314,
    "FlipAngle": 120,
    "ImageOrientationPatientDICOM": [
      -0.0284634,
      0.998325,
      0.050367,
      0.093052,
      0.0528149,
      -0.994259
    ],
    "ImageType": [
      "ORIGINAL",
      "PRIMARY",
      "M",
      "ND"
    ],
    "ImagingFrequency": 123.247,
    "InPlanePhaseEncodingDirectionDICOM": "ROW",
    "InstitutionAddress": "Scott_Ave_4525_St._Louis_MO_US_63110",
    "InstitutionName": "Washington_University",
    "InstitutionalDepartmentName": "Department",
    "MRAcquisitionType": "3D",
    "MagneticFieldStrength": 3,
    "Manufacturer": "Siemens",
    "ManufacturersModelName": "Prisma_fit",
    "Modality": "MR",
    "ParallelReductionFactorInPlane": 2,
    "PartialFourier": 1,
    "PatientPosition": "HFS",
    "PercentPhaseFOV": 93.75,
    "PhaseEncodingSteps": 297,
    "PhaseResolution": 1,
    "PixelBandwidth": 745,
    "ProcedureStepDescription": "head_Braver",
    "ProtocolName": "T2w_SPC",
    "PulseSequenceDetails": "%SiemensSeq%_tse_vfl",
    "ReceiveCoilActiveElements": "HEA;HEP",
    "ReceiveCoilName": "Head_32",
    "ReconMatrixPE": 300,
    "RefLinesPE": 32,
    "RepetitionTime": 3.2,
    "SAR": 0.114743,
    "ScanOptions": "PFP",
    "ScanningSequence": "SE",
    "SequenceName": "_spc_314ns",
    "SequenceVariant": "SK_SP",
    "SeriesDescription": "T2w_SPC",
    "SeriesNumber": 13,
    "ShimSetting": [
      -1969,
      -11520,
      5747,
      592,
      93,
      258,
      100,
      -48
    ],
    "SliceThickness": 0.8,
    "SoftwareVersions": "syngo_MR_E11",
    "StationName": "MRC35177",
    "TxRefAmp": 244.639,
    "dataset": "ds003465",
    "modality": "T2w",
    "session_id": "wave1bas",
    "subject_id": "f8113do"
  },
  "cjv": 0.5713245604420151,
  "cnr": 1.3781410397250833,
  "efc": 0.5068109722043723,
  "fber": 6231.294279204769,
  "fwhm_avg": 3.305945862742828,
  "fwhm_x": 3.1677501888126245,
  "fwhm_y": 3.579387446662971,
  "fwhm_z": 3.170699952752889,
  "icvs_csf": 0.28982143457965165,
  "icvs_gm": 0.5779151794590801,
  "icvs_wm": 0.1322633859612682,
  "inu_med": 0.8995232284069061,
  "inu_range": 0.644151684641838,
  "provenance": {
    "md5sum": "8a9edf5d916911f576839930559fbc1b",
    "settings": {
      "testing": false
    },
    "software": "mriqc",
    "version": "22.0.6",
    "warnings": {
      "large_rot_frame": true,
      "small_air_mask": false
    },
    "webapi_port": null,
    "webapi_url": "https://mriqc.nimh.nih.gov/api/v1"
  },
  "qi_1": 2.9798802740865497e-06,
  "qi_2": 0.0011900644549416885,
  "rpve_csf": 14.60600427783808,
  "rpve_gm": 9.742438442236583,
  "rpve_wm": 45.784138410719166,
  "size_x": 208,
  "size_y": 300,
  "size_z": 320,
  "snr_csf": 4.044998683140912,
  "snr_gm": 6.397851065310581,
  "snr_total": 4.150557821191488,
  "snr_wm": 2.008823715122972,
  "snrd_csf": 64.34348991021173,
  "snrd_gm": 33.42776330056034,
  "snrd_total": 68.46460482975017,
  "snrd_wm": 107.62256127847846,
  "spacing_x": 0.7999999523162842,
  "spacing_y": 0.800000011920929,
  "spacing_z": 0.800000011920929,
  "summary_bg_k": 11.952369686314665,
  "summary_bg_mad": 6.094859196163642,
  "summary_bg_mean": 5.817063909779393,
  "summary_bg_median": 4.1109200567007065,
  "summary_bg_n": 6697281.0,
  "summary_bg_p05": 0.0,
  "summary_bg_p95": 22.597602978348732,
  "summary_bg_stdv": 8.742038701189959,
  "summary_csf_k": 0.944436509441883,
  "summary_csf_mad": 101.43323244039614,
  "summary_csf_mean": 640.3861826045292,
  "summary_csf_median": 598.5997895896435,
  "summary_csf_n": 47935.0,
  "summary_csf_p05": 479.0343026071787,
  "summary_csf_p95": 1007.7484512329102,
  "summary_csf_stdv": 147.9836194217399,
  "summary_gm_k": 1.3223255792646595,
  "summary_gm_mad": 43.181153941304835,
  "summary_gm_mean": 315.95408496671166,
  "summary_gm_median": 310.98487362265587,
  "summary_gm_n": 601904.0,
  "summary_gm_p05": 246.0074220597744,
  "summary_gm_p95": 404.63910691440105,
  "summary_gm_stdv": 48.607667186008705,
  "summary_wm_k": -1.6837518451247329,
  "summary_wm_mad": 351.17470532077425,
  "summary_wm_mean": 701.4804220710075,
  "summary_wm_median": 1001.2332658097148,
  "summary_wm_n": 63618.0,
  "summary_wm_p05": 23.93925779685379,
  "summary_wm_p95": 1277.9766668267546,
  "summary_wm_stdv": 498.41376778743324,
  "tpm_overlap_csf": 0.13288639152504217,
  "tpm_overlap_gm": 0.3765242450150027,
  "tpm_overlap_wm": 0.01905654779761161,
  "wm2max": 0.8109310597008162
}