{
  "aor": 0.004294938461538462,
  "aqi": 0.008317275107692307,
  "bids_meta": {
    "AcquisitionMatrixPE": 90,
    "AcquisitionNumber": 1,
    "AcquisitionTime": "16:09:11.780000",
    "BandwidthPerPixelPhaseEncode": 18.832,
    "BaseResolution": 90,
    "BodyPartExamined": "HEAD",
    "ConsistencyInfo": "N4_VE11C_LATEST_20160120",
    "ConversionSoftware": "dcm2niix",
    "ConversionSoftwareVersion": "v1.0.20190902",
    "DerivedVendorReportedEchoSpacing": 0.000590012,
    "DeviceSerialNumber": "67064",
    "DwellTime": 2.5e-06,
    "EchoTime": 0.033,
    "EchoTrainLength": 90,
    "EffectiveEchoSpacing": 0.000590012,
    "FlipAngle": 63,
    "ImageComments": "Unaliased_MB4_PE3_LB",
    "ImageOrientationPatientDICOM": [
      0.998631,
      0.00993335,
      0.0513569,
      0.00749476,
      0.944502,
      -0.328419
    ],
    "ImageType": [
      "ORIGINAL",
      "PRIMARY",
      "M",
      "MB",
      "ND",
      "MOSAIC"
    ],
    "ImagingFrequency": 123.247,
    "InPlanePhaseEncodingDirectionDICOM": "COL",
    "InstitutionAddress": "Scott_Ave_4525_St._Louis_MO_US_63110",
    "InstitutionName": "Washington_University",
    "InstitutionalDepartmentName": "Department",
    "MRAcquisitionType": "2D",
    "MagneticFieldStrength": 3,
    "Manufacturer": "Siemens",
    "ManufacturersModelName": "Prisma_fit",
    "Modality": "MR",
    "MultibandAccelerationFactor": 4,
    "PartialFourier": 1,
    "PatientPosition": "HFS",
    "PercentPhaseFOV": 100,
    "PhaseEncodingDirection": "j-",
    "PhaseEncodingSteps": 90,
    "PhaseResolution": 1,
    "PixelBandwidth": 2220,
    "ProcedureStepDescription": "head_Braver",
    "ProtocolName": "tfMRI_CuedtsBas1_AP",
    "PulseSequenceDetails": "%CustomerSeq%_cmrr_mbep2d_bold",
    "ReceiveCoilActiveElements": "HEA;HEP",
    "ReceiveCoilName": "Head_32",
    "ReconMatrixPE": 90,
    "RepetitionTime": 1.2,
    "SAR": 0.073983,
    "ScanOptions": "FS_EXT",
    "ScanningSequence": "EP",
    "SequenceName": "epfid2d1_90",
    "SequenceVariant": "SK_SS",
    "SeriesDescription": "tfMRI_CuedtsBas1_AP",
    "SeriesNumber": 46,
    "ShimSetting": [
      -1952,
      -11310,
      5690,
      465,
      203,
      782,
      157,
      -92
    ],
    "SliceThickness": 2.4,
    "SliceTiming": [
      0,
      0.63,
      0.08,
      0.7075,
      0.1575,
      0.7875,
      0.2375,
      0.865,
      0.315,
      0.945,
      0.3925,
      1.0225,
      0.4725,
      1.1025,
      0.55,
      0,
      0.63,
      0.08,
      0.7075,
      0.1575,
      0.7875,
      0.2375,
      0.865,
      0.315,
      0.945,
      0.3925,
      1.0225,
      0.4725,
      1.1025,
      0.55,
      0,
      0.63,
      0.08,
      0.7075,
      0.1575,
      0.7875,
      0.2375,
      0.865,
      0.315,
      0.945,
      0.3925,
      1.0225,
      0.4725,
      1.1025,
      0.55,
      0,
      0.63,
      0.08,
      0.7075,
      0.1575,
      0.7875,
      0.2375,
      0.865,
      0.315,
      0.945,
      0.3925,
      1.0225,
      0.4725,
      1.1025,
      0.55
    ],
    "SoftwareVersions": "syngo_MR_E11",
    "SpacingBetweenSlices": 2.4,
    "StationName": "MRC35177",
    "TaskName": "Cuedts",
    "TotalReadoutTime": 0.0525111,
    "TxRefAmp": 220.518,
    "VendorReportedEchoSpacing": 0.00059,
    "WipMemBlock": "9a0fcd38-f46b-41d8-b6af-2c3ab52590f4||Sequence: R016 ve11c/master r/e634e98; Dec 19 2017 11:00:25 by eja",
    "acq_id": "mb4AP",
    "dataset": "ds003465",
    "modality": "bold",
    "run_id": 1,
    "session_id": "wave1bas",
    "subject_id": "f1027ao",
    "task_id": "Cuedts"
  },
  "dummy_trs": 0,
  "dvars_nstd": 26.54272873548536,
  "dvars_std": 1.080683357796611,
  "dvars_vstd": 1.0141784248690295,
  "efc": 0.4835881767202346,
  "fber": 1137.006103515625,
  "fd_mean": 0.13165074804840415,
  "fd_num": 56,
  "fd_perc": 8.615384615384615,
  "fwhm_avg": 2.722668040474428,
  "fwhm_x": 2.5674165646466984,
  "fwhm_y": 2.7888207225155544,
  "fwhm_z": 2.81176683426103,
  "gcor": 0.00643117,
  "gsr_x": -0.019979018718004227,
  "gsr_y": 0.05440099164843559,
  "provenance": {
    "md5sum": "9134dd61db8a7568445f1b2702f106b6",
    "settings": {
      "fd_thres": 0.2,
      "testing": false
    },
    "software": "mriqc",
    "version": "22.0.6",
    "webapi_port": null,
    "webapi_url": "https://mriqc.nimh.nih.gov/api/v1"
  },
  "size_t": 650,
  "size_x": 90,
  "size_y": 90,
  "size_z": 60,
  "snr": 3.057165847441911,
  "spacing_tr": 1.2000000476837158,
  "spacing_x": 2.4000000953674316,
  "spacing_y": 2.4000000953674316,
  "spacing_z": 2.3999998569488525,
  "summary_bg_k": 30.80843558654496,
  "summary_bg_mad": 40.37012093982169,
  "summary_bg_mean": 273.43487548828125,
  "summary_bg_median": 126.65077209472656,
  "summary_bg_n": 341330.0,
  "summary_bg_p05": 91.31538391113281,
  "summary_bg_p95": 1017.8600097656242,
  "summary_bg_stdv": 424.817138671875,
  "summary_fg_k": 1.3396376692101368,
  "summary_fg_mad": 1252.7011445105254,
  "summary_fg_mean": 4579.96875,
  "summary_fg_median": 4347.45068359375,
  "summary_fg_n": 73721.0,
  "summary_fg_p05": 2705.738525390625,
  "summary_fg_p95": 7313.3876953125,
  "summary_fg_stdv": 1422.04296875,
  "tsnr": 41.58840578282252
}