{
  "aor": 0.0011109276437847866,
  "aqi": 0.0054088567717996295,
  "bids_meta": {
    "AcquisitionMatrixPE": 90,
    "AcquisitionNumber": 1,
    "AcquisitionTime": "15:50:58.640000",
    "BandwidthPerPixelPhaseEncode": 18.832,
    "BaseResolution": 90,
    "BodyPartExamined": "HEAD",
    "ConsistencyInfo": "N4_VE11C_LATEST_20160120",
    "ConversionSoftware": "dcm2niix",
    "ConversionSoftwareVersion": "v1.0.20190902",
    "DerivedVendorReportedEchoSpacing": 0.000590012,
    "DeviceSerialNumber": "67064",
    "DwellTime": 2.5e-06,
    "EchoTime": 0.033,
    "EchoTrainLength": 90,
    "EffectiveEchoSpacing": 0.000590012,
    "FlipAngle": 63,
    "ImageComments": "Unaliased_MB4_PE3_LB",
    "ImageOrientationPatientDICOM": [
      0.998631,
      0.00993335,
      0.0513569,
      0.00749476,
      0.944502,
      -0.328419
    ],
    "ImageType": [
      "ORIGINAL",
      "PRIMARY",
      "M",
      "MB",
      "ND",
      "MOSAIC"
    ],
    "ImagingFrequency": 123.247,
    "InPlanePhaseEncodingDirectionDICOM": "COL",
    "InstitutionAddress": "Scott_Ave_4525_St._Louis_MO_US_63110",
    "InstitutionName": "Washington_University",
    "InstitutionalDepartmentName": "Department",
    "MRAcquisitionType": "2D",
    "MagneticFieldStrength": 3,
    "Manufacturer": "Siemens",
    "ManufacturersModelName": "Prisma_fit",
    "Modality": "MR",
    "MultibandAccelerationFactor": 4,
    "PartialFourier": 1,
    "PatientPosition": "HFS",
    "PercentPhaseFOV": 100,
    "PhaseEncodingDirection": "j",
    "PhaseEncodingSteps": 90,
    "PhaseResolution": 1,
    "PixelBandwidth": 2220,
    "ProcedureStepDescription": "head_Braver",
    "ProtocolName": "tfMRI_StroopBas2_PA",
    "PulseSequenceDetails": "%CustomerSeq%_cmrr_mbep2d_bold",
    "ReceiveCoilActiveElements": "HEA;HEP",
    "ReceiveCoilName": "Head_32",
    "ReconMatrixPE": 90,
    "RepetitionTime": 1.2,
    "SAR": 0.0739286,
    "ScanOptions": "FS_EXT",
    "ScanningSequence": "EP",
    "SequenceName": "epfid2d1_90",
    "SequenceVariant": "SK_SS",
    "SeriesDescription": "tfMRI_StroopBas2_PA",
    "SeriesNumber": 43,
    "ShimSetting": [
      -1952,
      -11310,
      5690,
      465,
      203,
      782,
      157,
      -92
    ],
    "SliceThickness": 2.4,
    "SliceTiming": [
      0,
      0.63,
      0.08,
      0.7075,
      0.1575,
      0.7875,
      0.2375,
      0.865,
      0.315,
      0.945,
      0.3925,
      1.0225,
      0.4725,
      1.1025,
      0.55,
      0,
      0.63,
      0.08,
      0.7075,
      0.1575,
      0.7875,
      0.2375,
      0.865,
      0.315,
      0.945,
      0.3925,
      1.0225,
      0.4725,
      1.1025,
      0.55,
      0,
      0.63,
      0.08,
      0.7075,
      0.1575,
      0.7875,
      0.2375,
      0.865,
      0.315,
      0.945,
      0.3925,
      1.0225,
      0.4725,
      1.1025,
      0.55,
      0,
      0.63,
      0.08,
      0.7075,
      0.1575,
      0.7875,
      0.2375,
      0.865,
      0.315,
      0.945,
      0.3925,
      1.0225,
      0.4725,
      1.1025,
      0.55
    ],
    "SoftwareVersions": "syngo_MR_E11",
    "SpacingBetweenSlices": 2.4,
    "StationName": "MRC35177",
    "TaskName": "Stroop",
    "TotalReadoutTime": 0.0525111,
    "TxRefAmp": 220.518,
    "VendorReportedEchoSpacing": 0.00059,
    "WipMemBlock": "5106f216-6bb5-40ec-bd23-63242f909de0||Sequence: R016 ve11c/master r/e634e98; Dec 19 2017 11:00:25 by eja",
    "acq_id": "mb4PA",
    "dataset": "ds003465",
    "modality": "bold",
    "run_id": 2,
    "session_id": "wave1bas",
    "subject_id": "f1027ao",
    "task_id": "Stroop"
  },
  "dummy_trs": 1,
  "dvars_nstd": 30.544453223829017,
  "dvars_std": 1.1407650308921933,
  "dvars_vstd": 0.9961330980483273,
  "efc": 0.4959304242177094,
  "fber": 1070.61474609375,
  "fd_mean": 0.15838267291955893,
  "fd_num": 164,
  "fd_perc": 30.426716141001855,
  "fwhm_avg": 2.7105222068146486,
  "fwhm_x": 2.52386656637722,
  "fwhm_y": 2.820366554595369,
  "fwhm_z": 2.7873334994713566,
  "gcor": 0.00608931,
  "gsr_x": -0.024148451164364815,
  "gsr_y": 0.0705358162522316,
  "provenance": {
    "md5sum": "57046ab59f9e564e5bdbd3fe145efd3e",
    "settings": {
      "fd_thres": 0.2,
      "testing": false
    },
    "software": "mriqc",
    "version": "22.0.6",
    "webapi_port": null,
    "webapi_url": "https://mriqc.nimh.nih.gov/api/v1"
  },
  "size_t": 539,
  "size_x": 90,
  "size_y": 90,
  "size_z": 60,
  "snr": 3.048406596223497,
  "spacing_tr": 1.2000000476837158,
  "spacing_x": 2.4000000953674316,
  "spacing_y": 2.4000000953674316,
  "spacing_z": 2.3999998569488525,
  "summary_bg_k": 24.07208681182966,
  "summary_bg_mad": 39.378352446807526,
  "summary_bg_mean": 287.4084777832031,
  "summary_bg_median": 128.58627319335938,
  "summary_bg_n": 336845.0,
  "summary_bg_p05": 98.46011352539062,
  "summary_bg_p95": 1121.0961425781247,
  "summary_bg_stdv": 436.9145812988281,
  "summary_fg_k": 0.763288044342795,
  "summary_fg_mad": 1299.1359853804497,
  "summary_fg_mean": 4451.8994140625,
  "summary_fg_median": 4240.890625,
  "summary_fg_n": 77043.0,
  "summary_fg_p05": 2573.26162109375,
  "summary_fg_p95": 7043.8162109375,
  "summary_fg_stdv": 1391.1737060546875,
  "tsnr": 48.565963534172624
}