{
  "aor": 0.0009733333333333334,
  "aqi": 0.005977324020100502,
  "bids_meta": {
    "AcquisitionMatrixPE": 90,
    "AcquisitionNumber": 1,
    "AcquisitionTime": "14:47:19.205000",
    "BandwidthPerPixelPhaseEncode": 18.832,
    "BaseResolution": 90,
    "BodyPartExamined": "HEAD",
    "ConsistencyInfo": "N4_VE11C_LATEST_20160120",
    "ConversionSoftware": "dcm2niix",
    "ConversionSoftwareVersion": "v1.0.20190902",
    "DerivedVendorReportedEchoSpacing": 0.000590012,
    "DeviceSerialNumber": "67064",
    "DwellTime": 2.5e-06,
    "EchoTime": 0.033,
    "EchoTrainLength": 90,
    "EffectiveEchoSpacing": 0.000590012,
    "FlipAngle": 63,
    "ImageComments": "Unaliased_MB4_PE3_LB",
    "ImageOrientationPatientDICOM": [
      0.998631,
      0.00993335,
      0.0513569,
      0.00749476,
      0.944502,
      -0.328419
    ],
    "ImageType": [
      "ORIGINAL",
      "PRIMARY",
      "M",
      "MB",
      "ND",
      "MOSAIC"
    ],
    "ImagingFrequency": 123.247,
    "InPlanePhaseEncodingDirectionDICOM": "COL",
    "InstitutionAddress": "Scott_Ave_4525_St._Louis_MO_US_63110",
    "InstitutionName": "Washington_University",
    "InstitutionalDepartmentName": "Department",
    "MRAcquisitionType": "2D",
    "MagneticFieldStrength": 3,
    "Manufacturer": "Siemens",
    "ManufacturersModelName": "Prisma_fit",
    "Modality": "MR",
    "MultibandAccelerationFactor": 4,
    "PartialFourier": 1,
    "PatientPosition": "HFS",
    "PercentPhaseFOV": 100,
    "PhaseEncodingDirection": "j",
    "PhaseEncodingSteps": 90,
    "PhaseResolution": 1,
    "PixelBandwidth": 2220,
    "ProcedureStepDescription": "head_Braver",
    "ProtocolName": "tfMRI_SternBas2_PA",
    "PulseSequenceDetails": "%CustomerSeq%_cmrr_mbep2d_bold",
    "ReceiveCoilActiveElements": "HEA;HEP",
    "ReceiveCoilName": "Head_32",
    "ReconMatrixPE": 90,
    "RepetitionTime": 1.2,
    "SAR": 0.0739607,
    "ScanOptions": "FS_EXT",
    "ScanningSequence": "EP",
    "SequenceName": "epfid2d1_90",
    "SequenceVariant": "SK_SS",
    "SeriesDescription": "tfMRI_SternBas2_PA",
    "SeriesNumber": 22,
    "ShimSetting": [
      -1952,
      -11310,
      5690,
      465,
      203,
      782,
      157,
      -92
    ],
    "SliceThickness": 2.4,
    "SliceTiming": [
      0,
      0.6275,
      0.0775,
      0.7075,
      0.1575,
      0.785,
      0.235,
      0.865,
      0.315,
      0.9425,
      0.3925,
      1.0225,
      0.47,
      1.1,
      0.55,
      0,
      0.6275,
      0.0775,
      0.7075,
      0.1575,
      0.785,
      0.235,
      0.865,
      0.315,
      0.9425,
      0.3925,
      1.0225,
      0.47,
      1.1,
      0.55,
      0,
      0.6275,
      0.0775,
      0.7075,
      0.1575,
      0.785,
      0.235,
      0.865,
      0.315,
      0.9425,
      0.3925,
      1.0225,
      0.47,
      1.1,
      0.55,
      0,
      0.6275,
      0.0775,
      0.7075,
      0.1575,
      0.785,
      0.235,
      0.865,
      0.315,
      0.9425,
      0.3925,
      1.0225,
      0.47,
      1.1,
      0.55
    ],
    "SoftwareVersions": "syngo_MR_E11",
    "SpacingBetweenSlices": 2.4,
    "StationName": "MRC35177",
    "TaskName": "Stern",
    "TotalReadoutTime": 0.0525111,
    "TxRefAmp": 220.518,
    "VendorReportedEchoSpacing": 0.00059,
    "WipMemBlock": "2ee9340a-7d8e-4b85-89f4-3ff31f6f9317||Sequence: R016 ve11c/master r/e634e98; Dec 19 2017 11:00:25 by eja",
    "acq_id": "mb4PA",
    "dataset": "ds003465",
    "modality": "bold",
    "run_id": 2,
    "session_id": "wave1bas",
    "subject_id": "f1027ao",
    "task_id": "Stern"
  },
  "dummy_trs": 3,
  "dvars_nstd": 25.706768336577202,
  "dvars_std": 1.0533882826510081,
  "dvars_vstd": 0.9618848102013425,
  "efc": 0.492368725517385,
  "fber": 1116.096923828125,
  "fd_mean": 0.10295567022528063,
  "fd_num": 24,
  "fd_perc": 4.0201005025125625,
  "fwhm_avg": 2.6775694288703917,
  "fwhm_x": 2.4925790676204733,
  "fwhm_y": 2.797366555509307,
  "fwhm_z": 2.742762663481394,
  "gcor": 0.00862721,
  "gsr_x": -0.023756926879286766,
  "gsr_y": 0.06448227167129517,
  "provenance": {
    "md5sum": "21b250f13355fce9f40c9d21285f7c38",
    "settings": {
      "fd_thres": 0.2,
      "testing": false
    },
    "software": "mriqc",
    "version": "22.0.6",
    "webapi_port": null,
    "webapi_url": "https://mriqc.nimh.nih.gov/api/v1"
  },
  "size_t": 597,
  "size_x": 90,
  "size_y": 90,
  "size_z": 60,
  "snr": 3.0748524030456426,
  "spacing_tr": 1.2000000476837158,
  "spacing_x": 2.4000000953674316,
  "spacing_y": 2.4000000953674316,
  "spacing_z": 2.3999998569488525,
  "summary_bg_k": 26.08873429351729,
  "summary_bg_mad": 42.105153062572896,
  "summary_bg_mean": 285.9817810058594,
  "summary_bg_median": 128.30653381347656,
  "summary_bg_n": 337796.0,
  "summary_bg_p05": 93.96315002441406,
  "summary_bg_p95": 1115.8383178710938,
  "summary_bg_stdv": 437.7618713378906,
  "summary_fg_k": 0.6903275998830241,
  "summary_fg_mad": 1321.1107853524895,
  "summary_fg_mean": 4531.3134765625,
  "summary_fg_median": 4326.845703125,
  "summary_fg_n": 76155.0,
  "summary_fg_p05": 2618.4508056640625,
  "summary_fg_p95": 7141.550439453126,
  "summary_fg_stdv": 1407.16259765625,
  "tsnr": 45.496285908157006
}