{
  "aor": 0.001009376026272578,
  "aqi": 0.009988332857142857,
  "bids_meta": {
    "AcquisitionMatrixPE": 90,
    "AcquisitionNumber": 1,
    "AcquisitionTime": "15:02:40.682500",
    "BandwidthPerPixelPhaseEncode": 18.832,
    "BaseResolution": 90,
    "BodyPartExamined": "HEAD",
    "ConsistencyInfo": "N4_VE11C_LATEST_20160120",
    "ConversionSoftware": "dcm2niix",
    "ConversionSoftwareVersion": "v1.0.20190902",
    "DerivedVendorReportedEchoSpacing": 0.000590012,
    "DeviceSerialNumber": "67064",
    "DwellTime": 2.5e-06,
    "EchoTime": 0.033,
    "EchoTrainLength": 90,
    "EffectiveEchoSpacing": 0.000590012,
    "FlipAngle": 63,
    "ImageComments": "Unaliased_MB4_PE3_LB",
    "ImageOrientationPatientDICOM": [
      0.998631,
      0.00993335,
      0.0513569,
      0.00749476,
      0.944502,
      -0.328419
    ],
    "ImageType": [
      "ORIGINAL",
      "PRIMARY",
      "M",
      "MB",
      "ND",
      "MOSAIC"
    ],
    "ImagingFrequency": 123.247,
    "InPlanePhaseEncodingDirectionDICOM": "COL",
    "InstitutionAddress": "Scott_Ave_4525_St._Louis_MO_US_63110",
    "InstitutionName": "Washington_University",
    "InstitutionalDepartmentName": "Department",
    "MRAcquisitionType": "2D",
    "MagneticFieldStrength": 3,
    "Manufacturer": "Siemens",
    "ManufacturersModelName": "Prisma_fit",
    "Modality": "MR",
    "MultibandAccelerationFactor": 4,
    "PartialFourier": 1,
    "PatientPosition": "HFS",
    "PercentPhaseFOV": 100,
    "PhaseEncodingDirection": "j-",
    "PhaseEncodingSteps": 90,
    "PhaseResolution": 1,
    "PixelBandwidth": 2220,
    "ProcedureStepDescription": "head_Braver",
    "ProtocolName": "tfMRI_AxcptBas1_AP",
    "PulseSequenceDetails": "%CustomerSeq%_cmrr_mbep2d_bold",
    "ReceiveCoilActiveElements": "HEA;HEP",
    "ReceiveCoilName": "Head_32",
    "ReconMatrixPE": 90,
    "RepetitionTime": 1.2,
    "SAR": 0.0739655,
    "ScanOptions": "FS_EXT",
    "ScanningSequence": "EP",
    "SequenceName": "epfid2d1_90",
    "SequenceVariant": "SK_SS",
    "SeriesDescription": "tfMRI_AxcptBas1_AP",
    "SeriesNumber": 25,
    "ShimSetting": [
      -1952,
      -11310,
      5690,
      465,
      203,
      782,
      157,
      -92
    ],
    "SliceThickness": 2.4,
    "SliceTiming": [
      0,
      0.63,
      0.08,
      0.7075,
      0.1575,
      0.7875,
      0.2375,
      0.865,
      0.315,
      0.945,
      0.395,
      1.0225,
      0.4725,
      1.1025,
      0.55,
      0,
      0.63,
      0.08,
      0.7075,
      0.1575,
      0.7875,
      0.2375,
      0.865,
      0.315,
      0.945,
      0.395,
      1.0225,
      0.4725,
      1.1025,
      0.55,
      0,
      0.63,
      0.08,
      0.7075,
      0.1575,
      0.7875,
      0.2375,
      0.865,
      0.315,
      0.945,
      0.395,
      1.0225,
      0.4725,
      1.1025,
      0.55,
      0,
      0.63,
      0.08,
      0.7075,
      0.1575,
      0.7875,
      0.2375,
      0.865,
      0.315,
      0.945,
      0.395,
      1.0225,
      0.4725,
      1.1025,
      0.55
    ],
    "SoftwareVersions": "syngo_MR_E11",
    "SpacingBetweenSlices": 2.4,
    "StationName": "MRC35177",
    "TaskName": "Axcpt",
    "TotalReadoutTime": 0.0525111,
    "TxRefAmp": 220.518,
    "VendorReportedEchoSpacing": 0.00059,
    "WipMemBlock": "ceec0962-6220-4c5a-b186-f8838b67c796||Sequence: R016 ve11c/master r/e634e98; Dec 19 2017 11:00:25 by eja",
    "acq_id": "mb4AP",
    "dataset": "ds003465",
    "modality": "bold",
    "run_id": 1,
    "session_id": "wave1bas",
    "subject_id": "f1027ao",
    "task_id": "Axcpt"
  },
  "dummy_trs": 1,
  "dvars_nstd": 26.11543031125,
  "dvars_std": 1.0043341221217106,
  "dvars_vstd": 0.923106531233553,
  "efc": 0.48392035587363275,
  "fber": 1171.704833984375,
  "fd_mean": 0.12258524433720713,
  "fd_num": 28,
  "fd_perc": 4.597701149425287,
  "fwhm_avg": 2.7421958177917873,
  "fwhm_x": 2.5929290636329227,
  "fwhm_y": 2.8123623882467594,
  "fwhm_z": 2.8212960014956794,
  "gcor": 0.0115451,
  "gsr_x": -0.02033381350338459,
  "gsr_y": 0.05007627606391907,
  "provenance": {
    "md5sum": "baa8f950a3a8300462ca804ad7beac9d",
    "settings": {
      "fd_thres": 0.2,
      "testing": false
    },
    "software": "mriqc",
    "version": "22.0.6",
    "webapi_port": null,
    "webapi_url": "https://mriqc.nimh.nih.gov/api/v1"
  },
  "size_t": 609,
  "size_x": 90,
  "size_y": 90,
  "size_z": 60,
  "snr": 3.0889573830041455,
  "spacing_tr": 1.2000000476837158,
  "spacing_x": 2.4000000953674316,
  "spacing_y": 2.4000000953674316,
  "spacing_z": 2.3999998569488525,
  "summary_bg_k": 35.23383757094886,
  "summary_bg_mad": 34.99818205201424,
  "summary_bg_mean": 273.6466979980469,
  "summary_bg_median": 125.6502456665039,
  "summary_bg_n": 340782.0,
  "summary_bg_p05": 99.11822509765625,
  "summary_bg_p95": 988.8468811035157,
  "summary_bg_stdv": 430.4498596191406,
  "summary_fg_k": 1.2075013894296696,
  "summary_fg_mad": 1265.991355852535,
  "summary_fg_mean": 4613.6748046875,
  "summary_fg_median": 4384.6787109375,
  "summary_fg_n": 73948.0,
  "summary_fg_p05": 2727.477197265625,
  "summary_fg_p95": 7320.855639648436,
  "summary_fg_stdv": 1419.459228515625,
  "tsnr": 39.822278153151274
}