{
  "aor": 0.0002746822742474917,
  "aqi": 0.007633169197324414,
  "bids_meta": {
    "AcquisitionMatrixPE": 90,
    "AcquisitionNumber": 1,
    "AcquisitionTime": "13:45:38.147500",
    "BandwidthPerPixelPhaseEncode": 18.832,
    "BaseResolution": 90,
    "BodyPartExamined": "HEAD",
    "ConsistencyInfo": "N4_VE11C_LATEST_20160120",
    "ConversionSoftware": "dcm2niix",
    "ConversionSoftwareVersion": "v1.0.20190902",
    "DerivedVendorReportedEchoSpacing": 0.000590012,
    "DeviceSerialNumber": "67064",
    "DwellTime": 2.5e-06,
    "EchoTime": 0.033,
    "EchoTrainLength": 90,
    "EffectiveEchoSpacing": 0.000590012,
    "FlipAngle": 63,
    "ImageComments": "Unaliased_MB4_PE3_LB",
    "ImageOrientationPatientDICOM": [
      0.998674,
      0.00237908,
      0.0514319,
      0.0238838,
      0.863544,
      -0.503707
    ],
    "ImageType": [
      "ORIGINAL",
      "PRIMARY",
      "M",
      "MB",
      "ND",
      "MOSAIC"
    ],
    "ImagingFrequency": 123.247,
    "InPlanePhaseEncodingDirectionDICOM": "COL",
    "InstitutionAddress": "Scott_Ave_4525_St._Louis_MO_US_63110",
    "InstitutionName": "Washington_University",
    "InstitutionalDepartmentName": "Department",
    "MRAcquisitionType": "2D",
    "MagneticFieldStrength": 3,
    "Manufacturer": "Siemens",
    "ManufacturersModelName": "Prisma_fit",
    "Modality": "MR",
    "MultibandAccelerationFactor": 4,
    "PartialFourier": 1,
    "PatientPosition": "HFS",
    "PercentPhaseFOV": 100,
    "PhaseEncodingDirection": "j-",
    "PhaseEncodingSteps": 90,
    "PhaseResolution": 1,
    "PixelBandwidth": 2220,
    "ProcedureStepDescription": "head_Braver",
    "ProtocolName": "tfMRI_SternBas1_AP",
    "PulseSequenceDetails": "%CustomerSeq%_cmrr_mbep2d_bold",
    "ReceiveCoilActiveElements": "HEA;HEP",
    "ReceiveCoilName": "Head_32",
    "ReconMatrixPE": 90,
    "RepetitionTime": 1.2,
    "SAR": 0.069934,
    "ScanOptions": "FS_EXT",
    "ScanningSequence": "EP",
    "SequenceName": "epfid2d1_90",
    "SequenceVariant": "SK_SS",
    "SeriesDescription": "tfMRI_SternBas1_AP",
    "SeriesNumber": 19,
    "ShimSetting": [
      -1992,
      -11461,
      5731,
      621,
      153,
      96,
      -106,
      -10
    ],
    "SliceThickness": 2.4,
    "SliceTiming": [
      0,
      0.63,
      0.0775,
      0.7075,
      0.1575,
      0.7875,
      0.235,
      0.865,
      0.315,
      0.945,
      0.3925,
      1.0225,
      0.4725,
      1.1,
      0.55,
      0,
      0.63,
      0.0775,
      0.7075,
      0.1575,
      0.7875,
      0.235,
      0.865,
      0.315,
      0.945,
      0.3925,
      1.0225,
      0.4725,
      1.1,
      0.55,
      0,
      0.63,
      0.0775,
      0.7075,
      0.1575,
      0.7875,
      0.235,
      0.865,
      0.315,
      0.945,
      0.3925,
      1.0225,
      0.4725,
      1.1,
      0.55,
      0,
      0.63,
      0.0775,
      0.7075,
      0.1575,
      0.7875,
      0.235,
      0.865,
      0.315,
      0.945,
      0.3925,
      1.0225,
      0.4725,
      1.1,
      0.55
    ],
    "SoftwareVersions": "syngo_MR_E11",
    "SpacingBetweenSlices": 2.4,
    "StationName": "MRC35177",
    "TaskName": "Stern",
    "TotalReadoutTime": 0.0525111,
    "TxRefAmp": 238.026,
    "VendorReportedEchoSpacing": 0.00059,
    "WipMemBlock": "e151fce8-9b96-4e2d-8b9a-f073073b9372||Sequence: ve11c/master r/b8bea8f; Mar  2 2017 16:56:44 by eja",
    "acq_id": "mb4AP",
    "dataset": "ds003465",
    "modality": "bold",
    "run_id": 1,
    "session_id": "wave1bas",
    "subject_id": "f1670rz",
    "task_id": "Stern"
  },
  "dummy_trs": 2,
  "dvars_nstd": 26.704443588224482,
  "dvars_std": 1.0044188485762138,
  "dvars_vstd": 0.9421037191959797,
  "efc": 0.5402114031138764,
  "fber": 580.56005859375,
  "fd_mean": 0.14995628373105846,
  "fd_num": 132,
  "fd_perc": 22.073578595317727,
  "fwhm_avg": 3.010798491472728,
  "fwhm_x": 2.847295720191967,
  "fwhm_y": 3.0131290469356755,
  "fwhm_z": 3.1719707072905416,
  "gcor": 0.00356454,
  "gsr_x": -0.005656820721924305,
  "gsr_y": 0.08944345265626907,
  "provenance": {
    "md5sum": "8037c2f1f63681441c3f7898dc9f311f",
    "settings": {
      "fd_thres": 0.2,
      "testing": false
    },
    "software": "mriqc",
    "version": "22.0.6",
    "webapi_port": null,
    "webapi_url": "https://mriqc.nimh.nih.gov/api/v1"
  },
  "size_t": 598,
  "size_x": 90,
  "size_y": 90,
  "size_z": 60,
  "snr": 2.1411903942465917,
  "spacing_tr": 1.2000000476837158,
  "spacing_x": 2.4000000953674316,
  "spacing_y": 2.4000000953674316,
  "spacing_z": 2.4000000953674316,
  "summary_bg_k": 20.98609605889125,
  "summary_bg_mad": 92.9613942244954,
  "summary_bg_mean": 430.9208984375,
  "summary_bg_median": 177.10702514648438,
  "summary_bg_n": 305434.0,
  "summary_bg_p05": 106.16722106933594,
  "summary_bg_p95": 1734.129412841796,
  "summary_bg_stdv": 678.8541870117188,
  "summary_fg_k": 2.0821719214855596,
  "summary_fg_mad": 1707.4222308204362,
  "summary_fg_mean": 4870.1015625,
  "summary_fg_median": 4394.625,
  "summary_fg_n": 99890.0,
  "summary_fg_p05": 2473.777697753906,
  "summary_fg_p95": 8956.881201171867,
  "summary_fg_stdv": 2052.4111328125,
  "tsnr": 44.87903277343139
}