{
  "aor": 0.0007221346469622332,
  "aqi": 0.00640061,
  "bids_meta": {
    "AcquisitionMatrixPE": 90,
    "AcquisitionNumber": 1,
    "AcquisitionTime": "15:14:41.105000",
    "BandwidthPerPixelPhaseEncode": 18.832,
    "BaseResolution": 90,
    "BodyPartExamined": "HEAD",
    "ConsistencyInfo": "N4_VE11C_LATEST_20160120",
    "ConversionSoftware": "dcm2niix",
    "ConversionSoftwareVersion": "v1.0.20190902",
    "DerivedVendorReportedEchoSpacing": 0.000590012,
    "DeviceSerialNumber": "67064",
    "DwellTime": 2.5e-06,
    "EchoTime": 0.033,
    "EchoTrainLength": 90,
    "EffectiveEchoSpacing": 0.000590012,
    "FlipAngle": 63,
    "ImageComments": "Unaliased_MB4_PE3_LB",
    "ImageOrientationPatientDICOM": [
      0.998674,
      0.00237908,
      0.0514319,
      0.0238838,
      0.863544,
      -0.503707
    ],
    "ImageType": [
      "ORIGINAL",
      "PRIMARY",
      "M",
      "MB",
      "ND",
      "MOSAIC"
    ],
    "ImagingFrequency": 123.247,
    "InPlanePhaseEncodingDirectionDICOM": "COL",
    "InstitutionAddress": "Scott_Ave_4525_St._Louis_MO_US_63110",
    "InstitutionName": "Washington_University",
    "InstitutionalDepartmentName": "Department",
    "MRAcquisitionType": "2D",
    "MagneticFieldStrength": 3,
    "Manufacturer": "Siemens",
    "ManufacturersModelName": "Prisma_fit",
    "Modality": "MR",
    "MultibandAccelerationFactor": 4,
    "PartialFourier": 1,
    "PatientPosition": "HFS",
    "PercentPhaseFOV": 100,
    "PhaseEncodingDirection": "j-",
    "PhaseEncodingSteps": 90,
    "PhaseResolution": 1,
    "PixelBandwidth": 2220,
    "ProcedureStepDescription": "head_Braver",
    "ProtocolName": "tfMRI_AxcptBas1_AP",
    "PulseSequenceDetails": "%CustomerSeq%_cmrr_mbep2d_bold",
    "ReceiveCoilActiveElements": "HEA;HEP",
    "ReceiveCoilName": "Head_32",
    "ReconMatrixPE": 90,
    "RepetitionTime": 1.2,
    "SAR": 0.0699385,
    "ScanOptions": "FS_EXT",
    "ScanningSequence": "EP",
    "SequenceName": "epfid2d1_90",
    "SequenceVariant": "SK_SS",
    "SeriesDescription": "tfMRI_AxcptBas1_AP",
    "SeriesNumber": 46,
    "ShimSetting": [
      -1992,
      -11461,
      5731,
      621,
      153,
      96,
      -106,
      -10
    ],
    "SliceThickness": 2.4,
    "SliceTiming": [
      0,
      0.63,
      0.0775,
      0.7075,
      0.1575,
      0.785,
      0.235,
      0.865,
      0.315,
      0.9425,
      0.3925,
      1.0225,
      0.4725,
      1.1,
      0.55,
      0,
      0.63,
      0.0775,
      0.7075,
      0.1575,
      0.785,
      0.235,
      0.865,
      0.315,
      0.9425,
      0.3925,
      1.0225,
      0.4725,
      1.1,
      0.55,
      0,
      0.63,
      0.0775,
      0.7075,
      0.1575,
      0.785,
      0.235,
      0.865,
      0.315,
      0.9425,
      0.3925,
      1.0225,
      0.4725,
      1.1,
      0.55,
      0,
      0.63,
      0.0775,
      0.7075,
      0.1575,
      0.785,
      0.235,
      0.865,
      0.315,
      0.9425,
      0.3925,
      1.0225,
      0.4725,
      1.1,
      0.55
    ],
    "SoftwareVersions": "syngo_MR_E11",
    "SpacingBetweenSlices": 2.4,
    "StationName": "MRC35177",
    "TaskName": "Axcpt",
    "TotalReadoutTime": 0.0525111,
    "TxRefAmp": 238.026,
    "VendorReportedEchoSpacing": 0.00059,
    "WipMemBlock": "b2c93516-e4e9-40a4-b7ef-670747c109ed||Sequence: ve11c/master r/b8bea8f; Mar  2 2017 16:56:44 by eja",
    "acq_id": "mb4AP",
    "dataset": "ds003465",
    "modality": "bold",
    "run_id": 1,
    "session_id": "wave1bas",
    "subject_id": "f1670rz",
    "task_id": "Axcpt"
  },
  "dummy_trs": 1,
  "dvars_nstd": 27.93609070164473,
  "dvars_std": 1.0533422948684212,
  "dvars_vstd": 0.9698411879276309,
  "efc": 0.5417019300236089,
  "fber": 589.4772338867188,
  "fd_mean": 0.13990433119621756,
  "fd_num": 118,
  "fd_perc": 19.376026272577995,
  "fwhm_avg": 2.9746596040198696,
  "fwhm_x": 2.786774889263515,
  "fwhm_y": 2.9911957144738945,
  "fwhm_z": 3.1460082083221987,
  "gcor": 0.00346574,
  "gsr_x": -0.0015212896978482604,
  "gsr_y": 0.09749819338321686,
  "provenance": {
    "md5sum": "71140044486fae6d0757abf6d97e69f0",
    "settings": {
      "fd_thres": 0.2,
      "testing": false
    },
    "software": "mriqc",
    "version": "22.0.6",
    "webapi_port": null,
    "webapi_url": "https://mriqc.nimh.nih.gov/api/v1"
  },
  "size_t": 609,
  "size_x": 90,
  "size_y": 90,
  "size_z": 60,
  "snr": 2.1812539591570195,
  "spacing_tr": 1.2000000476837158,
  "spacing_x": 2.4000000953674316,
  "spacing_y": 2.4000000953674316,
  "spacing_z": 2.4000000953674316,
  "summary_bg_k": 23.72849932853351,
  "summary_bg_mad": 86.01041814188025,
  "summary_bg_mean": 417.66510009765625,
  "summary_bg_median": 169.7947540283203,
  "summary_bg_n": 305656.0,
  "summary_bg_p05": 105.35139465332031,
  "summary_bg_p95": 1693.1399841308594,
  "summary_bg_stdv": 677.7930908203125,
  "summary_fg_k": 2.106208989087383,
  "summary_fg_mad": 1607.625111932426,
  "summary_fg_mean": 4690.8369140625,
  "summary_fg_median": 4234.763671875,
  "summary_fg_n": 99565.0,
  "summary_fg_p05": 2448.531005859375,
  "summary_fg_p95": 8591.99042968749,
  "summary_fg_stdv": 1941.4256591796875,
  "tsnr": 48.45676648430526
}