{
  "aor": 0.0016299072356215213,
  "aqi": 0.008664975417439703,
  "bids_meta": {
    "AcquisitionMatrixPE": 90,
    "AcquisitionNumber": 1,
    "AcquisitionTime": "15:01:43.285000",
    "BandwidthPerPixelPhaseEncode": 18.832,
    "BaseResolution": 90,
    "BodyPartExamined": "HEAD",
    "ConsistencyInfo": "N4_VE11C_LATEST_20160120",
    "ConversionSoftware": "dcm2niix",
    "ConversionSoftwareVersion": "v1.0.20190902",
    "DerivedVendorReportedEchoSpacing": 0.000590012,
    "DeviceSerialNumber": "67064",
    "DwellTime": 2.5e-06,
    "EchoTime": 0.033,
    "EchoTrainLength": 90,
    "EffectiveEchoSpacing": 0.000590012,
    "FlipAngle": 63,
    "ImageComments": "Unaliased_MB4_PE3_LB",
    "ImageOrientationPatientDICOM": [
      0.998674,
      0.00237908,
      0.0514319,
      0.0238838,
      0.863544,
      -0.503707
    ],
    "ImageType": [
      "ORIGINAL",
      "PRIMARY",
      "M",
      "MB",
      "ND",
      "MOSAIC"
    ],
    "ImagingFrequency": 123.247,
    "InPlanePhaseEncodingDirectionDICOM": "COL",
    "InstitutionAddress": "Scott_Ave_4525_St._Louis_MO_US_63110",
    "InstitutionName": "Washington_University",
    "InstitutionalDepartmentName": "Department",
    "MRAcquisitionType": "2D",
    "MagneticFieldStrength": 3,
    "Manufacturer": "Siemens",
    "ManufacturersModelName": "Prisma_fit",
    "Modality": "MR",
    "MultibandAccelerationFactor": 4,
    "PartialFourier": 1,
    "PatientPosition": "HFS",
    "PercentPhaseFOV": 100,
    "PhaseEncodingDirection": "j",
    "PhaseEncodingSteps": 90,
    "PhaseResolution": 1,
    "PixelBandwidth": 2220,
    "ProcedureStepDescription": "head_Braver",
    "ProtocolName": "tfMRI_StroopBas2_PA",
    "PulseSequenceDetails": "%CustomerSeq%_cmrr_mbep2d_bold",
    "ReceiveCoilActiveElements": "HEA;HEP",
    "ReceiveCoilName": "Head_32",
    "ReconMatrixPE": 90,
    "RepetitionTime": 1.2,
    "SAR": 0.0699036,
    "ScanOptions": "FS_EXT",
    "ScanningSequence": "EP",
    "SequenceName": "epfid2d1_90",
    "SequenceVariant": "SK_SS",
    "SeriesDescription": "tfMRI_StroopBas2_PA",
    "SeriesNumber": 43,
    "ShimSetting": [
      -1992,
      -11461,
      5731,
      621,
      153,
      96,
      -106,
      -10
    ],
    "SliceThickness": 2.4,
    "SliceTiming": [
      0,
      0.6275,
      0.0775,
      0.7075,
      0.1575,
      0.785,
      0.235,
      0.865,
      0.315,
      0.9425,
      0.3925,
      1.0225,
      0.4725,
      1.1,
      0.55,
      0,
      0.6275,
      0.0775,
      0.7075,
      0.1575,
      0.785,
      0.235,
      0.865,
      0.315,
      0.9425,
      0.3925,
      1.0225,
      0.4725,
      1.1,
      0.55,
      0,
      0.6275,
      0.0775,
      0.7075,
      0.1575,
      0.785,
      0.235,
      0.865,
      0.315,
      0.9425,
      0.3925,
      1.0225,
      0.4725,
      1.1,
      0.55,
      0,
      0.6275,
      0.0775,
      0.7075,
      0.1575,
      0.785,
      0.235,
      0.865,
      0.315,
      0.9425,
      0.3925,
      1.0225,
      0.4725,
      1.1,
      0.55
    ],
    "SoftwareVersions": "syngo_MR_E11",
    "SpacingBetweenSlices": 2.4,
    "StationName": "MRC35177",
    "TaskName": "Stroop",
    "TotalReadoutTime": 0.0525111,
    "TxRefAmp": 238.026,
    "VendorReportedEchoSpacing": 0.00059,
    "WipMemBlock": "0fd9d5a0-a1b2-4b62-a74b-9f863d875cc4||Sequence: ve11c/master r/b8bea8f; Mar  2 2017 16:56:44 by eja",
    "acq_id": "mb4PA",
    "dataset": "ds003465",
    "modality": "bold",
    "run_id": 2,
    "session_id": "wave1bas",
    "subject_id": "f1670rz",
    "task_id": "Stroop"
  },
  "dummy_trs": 1,
  "dvars_nstd": 36.25455290135688,
  "dvars_std": 1.1490685159107814,
  "dvars_vstd": 0.990670605594795,
  "efc": 0.5410304574128831,
  "fber": 586.4423828125,
  "fd_mean": 0.1490049744536452,
  "fd_num": 114,
  "fd_perc": 21.150278293135436,
  "fwhm_avg": 2.9011804402730026,
  "fwhm_x": 2.7281040582615512,
  "fwhm_y": 2.930458216887386,
  "fwhm_z": 3.0449790456700705,
  "gcor": 0.00852821,
  "gsr_x": 0.0005930965417064726,
  "gsr_y": 0.06210392341017723,
  "provenance": {
    "md5sum": "ec94a3872786495c048c7f4755158d41",
    "settings": {
      "fd_thres": 0.2,
      "testing": false
    },
    "software": "mriqc",
    "version": "22.0.6",
    "webapi_port": null,
    "webapi_url": "https://mriqc.nimh.nih.gov/api/v1"
  },
  "size_t": 539,
  "size_x": 90,
  "size_y": 90,
  "size_z": 60,
  "snr": 2.1614281024725086,
  "spacing_tr": 1.2000000476837158,
  "spacing_x": 2.4000000953674316,
  "spacing_y": 2.4000000953674316,
  "spacing_z": 2.4000000953674316,
  "summary_bg_k": 19.68247892715369,
  "summary_bg_mad": 89.58878863312692,
  "summary_bg_mean": 409.67230224609375,
  "summary_bg_median": 172.72727966308594,
  "summary_bg_n": 305239.0,
  "summary_bg_p05": 104.037109375,
  "summary_bg_p95": 1692.994433593747,
  "summary_bg_stdv": 625.2026977539062,
  "summary_fg_k": 1.6360253812906373,
  "summary_fg_mad": 1722.7124711073557,
  "summary_fg_mean": 4733.6728515625,
  "summary_fg_median": 4287.58447265625,
  "summary_fg_n": 98997.0,
  "summary_fg_p05": 2370.47275390625,
  "summary_fg_p95": 8646.9609375,
  "summary_fg_stdv": 1983.6712646484375,
  "tsnr": 39.94091944769025
}