{
  "aor": 0.0004061633281972265,
  "aqi": 0.008020557057010786,
  "bids_meta": {
    "AcquisitionMatrixPE": 90,
    "AcquisitionNumber": 1,
    "AcquisitionTime": "14:13:0.737500",
    "BandwidthPerPixelPhaseEncode": 18.832,
    "BaseResolution": 90,
    "BodyPartExamined": "HEAD",
    "ConsistencyInfo": "N4_VE11C_LATEST_20160120",
    "ConversionSoftware": "dcm2niix",
    "ConversionSoftwareVersion": "v1.0.20190902",
    "DerivedVendorReportedEchoSpacing": 0.000590012,
    "DeviceSerialNumber": "67064",
    "DwellTime": 2.5e-06,
    "EchoTime": 0.033,
    "EchoTrainLength": 90,
    "EffectiveEchoSpacing": 0.000590012,
    "FlipAngle": 63,
    "ImageComments": "Unaliased_MB4_PE3_LB",
    "ImageOrientationPatientDICOM": [
      0.998674,
      0.00237908,
      0.0514319,
      0.0238838,
      0.863544,
      -0.503707
    ],
    "ImageType": [
      "ORIGINAL",
      "PRIMARY",
      "M",
      "MB",
      "ND",
      "MOSAIC"
    ],
    "ImagingFrequency": 123.247,
    "InPlanePhaseEncodingDirectionDICOM": "COL",
    "InstitutionAddress": "Scott_Ave_4525_St._Louis_MO_US_63110",
    "InstitutionName": "Washington_University",
    "InstitutionalDepartmentName": "Department",
    "MRAcquisitionType": "2D",
    "MagneticFieldStrength": 3,
    "Manufacturer": "Siemens",
    "ManufacturersModelName": "Prisma_fit",
    "Modality": "MR",
    "MultibandAccelerationFactor": 4,
    "PartialFourier": 1,
    "PatientPosition": "HFS",
    "PercentPhaseFOV": 100,
    "PhaseEncodingDirection": "j-",
    "PhaseEncodingSteps": 90,
    "PhaseResolution": 1,
    "PixelBandwidth": 2220,
    "ProcedureStepDescription": "head_Braver",
    "ProtocolName": "tfMRI_CuedtsBas1_AP",
    "PulseSequenceDetails": "%CustomerSeq%_cmrr_mbep2d_bold",
    "ReceiveCoilActiveElements": "HEA;HEP",
    "ReceiveCoilName": "Head_32",
    "ReconMatrixPE": 90,
    "RepetitionTime": 1.2,
    "SAR": 0.0699551,
    "ScanOptions": "FS_EXT",
    "ScanningSequence": "EP",
    "SequenceName": "epfid2d1_90",
    "SequenceVariant": "SK_SS",
    "SeriesDescription": "tfMRI_CuedtsBas1_AP",
    "SeriesNumber": 25,
    "ShimSetting": [
      -1992,
      -11461,
      5731,
      621,
      153,
      96,
      -106,
      -10
    ],
    "SliceThickness": 2.4,
    "SliceTiming": [
      0,
      0.63,
      0.08,
      0.71,
      0.1575,
      0.7875,
      0.2375,
      0.865,
      0.315,
      0.945,
      0.395,
      1.0225,
      0.4725,
      1.1025,
      0.5525,
      0,
      0.63,
      0.08,
      0.71,
      0.1575,
      0.7875,
      0.2375,
      0.865,
      0.315,
      0.945,
      0.395,
      1.0225,
      0.4725,
      1.1025,
      0.5525,
      0,
      0.63,
      0.08,
      0.71,
      0.1575,
      0.7875,
      0.2375,
      0.865,
      0.315,
      0.945,
      0.395,
      1.0225,
      0.4725,
      1.1025,
      0.5525,
      0,
      0.63,
      0.08,
      0.71,
      0.1575,
      0.7875,
      0.2375,
      0.865,
      0.315,
      0.945,
      0.395,
      1.0225,
      0.4725,
      1.1025,
      0.5525
    ],
    "SoftwareVersions": "syngo_MR_E11",
    "SpacingBetweenSlices": 2.4,
    "StationName": "MRC35177",
    "TaskName": "Cuedts",
    "TotalReadoutTime": 0.0525111,
    "TxRefAmp": 238.026,
    "VendorReportedEchoSpacing": 0.00059,
    "WipMemBlock": "9a467f77-6d4a-4d7e-a9b9-5bd8ee3d6be8||Sequence: ve11c/master r/b8bea8f; Mar  2 2017 16:56:44 by eja",
    "acq_id": "mb4AP",
    "dataset": "ds003465",
    "modality": "bold",
    "run_id": 1,
    "session_id": "wave1bas",
    "subject_id": "f1670rz",
    "task_id": "Cuedts"
  },
  "dummy_trs": 1,
  "dvars_nstd": 29.15028637450617,
  "dvars_std": 1.0152671482098758,
  "dvars_vstd": 0.9311431480709886,
  "efc": 0.5403119662070146,
  "fber": 592.7854614257812,
  "fd_mean": 0.14080424799050179,
  "fd_num": 108,
  "fd_perc": 16.640986132511557,
  "fwhm_avg": 2.95531377145527,
  "fwhm_x": 2.7937540556528546,
  "fwhm_y": 2.987741547944484,
  "fwhm_z": 3.0844457107684726,
  "gcor": 0.014107,
  "gsr_x": -0.002595389960333705,
  "gsr_y": 0.0896223708987236,
  "provenance": {
    "md5sum": "5b178ebd3dc3d537af0d08f3498d7639",
    "settings": {
      "fd_thres": 0.2,
      "testing": false
    },
    "software": "mriqc",
    "version": "22.0.6",
    "webapi_port": null,
    "webapi_url": "https://mriqc.nimh.nih.gov/api/v1"
  },
  "size_t": 649,
  "size_x": 90,
  "size_y": 90,
  "size_z": 60,
  "snr": 2.1630755991679242,
  "spacing_tr": 1.2000000476837158,
  "spacing_x": 2.4000000953674316,
  "spacing_y": 2.4000000953674316,
  "spacing_z": 2.4000000953674316,
  "summary_bg_k": 24.022009672238827,
  "summary_bg_mad": 88.64544406053376,
  "summary_bg_mean": 417.5066223144531,
  "summary_bg_median": 172.53158569335938,
  "summary_bg_n": 305375.0,
  "summary_bg_p05": 105.81356048583984,
  "summary_bg_p95": 1668.1052978515625,
  "summary_bg_stdv": 668.42431640625,
  "summary_fg_k": 2.1913922902326766,
  "summary_fg_mad": 1649.9044316183772,
  "summary_fg_mean": 4767.45068359375,
  "summary_fg_median": 4308.580078125,
  "summary_fg_n": 99920.0,
  "summary_fg_p05": 2441.387585449219,
  "summary_fg_p95": 8750.712988281237,
  "summary_fg_stdv": 1991.8668212890625,
  "tsnr": 41.692138493061066
}