{
  "aor": 0.0006107178631051753,
  "aqi": 0.0031960925375626044,
  "bids_meta": {
    "AcquisitionMatrixPE": 90,
    "AcquisitionNumber": 1,
    "AcquisitionTime": "15:55:46.185000",
    "BandwidthPerPixelPhaseEncode": 18.832,
    "BaseResolution": 90,
    "BodyPartExamined": "HEAD",
    "ConsistencyInfo": "N4_VE11C_LATEST_20160120",
    "ConversionSoftware": "dcm2niix",
    "ConversionSoftwareVersion": "v1.0.20190902",
    "DerivedVendorReportedEchoSpacing": 0.000590012,
    "DeviceSerialNumber": "67064",
    "DwellTime": 2.5e-06,
    "EchoTime": 0.033,
    "EchoTrainLength": 90,
    "EffectiveEchoSpacing": 0.000590012,
    "FlipAngle": 63,
    "ImageComments": "Unaliased_MB4_PE3_LB",
    "ImageOrientationPatientDICOM": [
      0.996994,
      -0.0143628,
      0.0761385,
      0.0440527,
      0.913462,
      -0.404532
    ],
    "ImageType": [
      "ORIGINAL",
      "PRIMARY",
      "M",
      "MB",
      "ND",
      "MOSAIC"
    ],
    "ImagingFrequency": 123.247,
    "InPlanePhaseEncodingDirectionDICOM": "COL",
    "InstitutionAddress": "Scott_Ave_4525_St._Louis_MO_US_63110",
    "InstitutionName": "Washington_University",
    "InstitutionalDepartmentName": "Department",
    "MRAcquisitionType": "2D",
    "MagneticFieldStrength": 3,
    "Manufacturer": "Siemens",
    "ManufacturersModelName": "Prisma_fit",
    "Modality": "MR",
    "MultibandAccelerationFactor": 4,
    "PartialFourier": 1,
    "PatientPosition": "HFS",
    "PercentPhaseFOV": 100,
    "PhaseEncodingDirection": "j-",
    "PhaseEncodingSteps": 90,
    "PhaseResolution": 1,
    "PixelBandwidth": 2220,
    "ProcedureStepDescription": "head_Braver",
    "ProtocolName": "tfMRI_SternBas1_AP",
    "PulseSequenceDetails": "%CustomerSeq%_cmrr_mbep2d_bold",
    "ReceiveCoilActiveElements": "HEA;HEP",
    "ReceiveCoilName": "Head_32",
    "ReconMatrixPE": 90,
    "RepetitionTime": 1.2,
    "SAR": 0.0544747,
    "ScanOptions": "FS_EXT",
    "ScanningSequence": "EP",
    "SequenceName": "epfid2d1_90",
    "SequenceVariant": "SK_SS",
    "SeriesDescription": "tfMRI_SternBas1_AP",
    "SeriesNumber": 18,
    "ShimSetting": [
      -1967,
      -11463,
      5792,
      526,
      86,
      279,
      -28,
      -7
    ],
    "SliceThickness": 2.4,
    "SliceTiming": [
      0,
      0.6275,
      0.0775,
      0.7075,
      0.1575,
      0.785,
      0.235,
      0.865,
      0.315,
      0.9425,
      0.3925,
      1.0225,
      0.4725,
      1.1,
      0.55,
      0,
      0.6275,
      0.0775,
      0.7075,
      0.1575,
      0.785,
      0.235,
      0.865,
      0.315,
      0.9425,
      0.3925,
      1.0225,
      0.4725,
      1.1,
      0.55,
      0,
      0.6275,
      0.0775,
      0.7075,
      0.1575,
      0.785,
      0.235,
      0.865,
      0.315,
      0.9425,
      0.3925,
      1.0225,
      0.4725,
      1.1,
      0.55,
      0,
      0.6275,
      0.0775,
      0.7075,
      0.1575,
      0.785,
      0.235,
      0.865,
      0.315,
      0.9425,
      0.3925,
      1.0225,
      0.4725,
      1.1,
      0.55
    ],
    "SoftwareVersions": "syngo_MR_E11",
    "SpacingBetweenSlices": 2.4,
    "StationName": "MRC35177",
    "TaskName": "Stern",
    "TotalReadoutTime": 0.0525111,
    "TxRefAmp": 226.599,
    "VendorReportedEchoSpacing": 0.00059,
    "WipMemBlock": "8666409c-f9d2-405a-8b19-07eabd2632ec||Sequence: ve11c/master r/068cfa9; Jul 21 2016 14:39:26 by eja",
    "acq_id": "mb4AP",
    "dataset": "ds003465",
    "modality": "bold",
    "run_id": 1,
    "session_id": "wave1bas",
    "subject_id": "f9057kp",
    "task_id": "Stern"
  },
  "dummy_trs": 1,
  "dvars_nstd": 26.5703179411873,
  "dvars_std": 1.1181508278929775,
  "dvars_vstd": 0.9981027135785955,
  "efc": 0.49613401099030735,
  "fber": 1022.491943359375,
  "fd_mean": 0.11491907177833631,
  "fd_num": 5,
  "fd_perc": 0.8347245409015025,
  "fwhm_avg": 2.8920821168259714,
  "fwhm_x": 2.7509376639686622,
  "fwhm_y": 2.9670626768507167,
  "fwhm_z": 2.9582460096585357,
  "gcor": 0.00702665,
  "gsr_x": -0.022672712802886963,
  "gsr_y": 0.08084628731012344,
  "provenance": {
    "md5sum": "55fddb270ea4cfc96dabb71d50921d37",
    "settings": {
      "fd_thres": 0.2,
      "testing": false
    },
    "software": "mriqc",
    "version": "22.0.6",
    "webapi_port": null,
    "webapi_url": "https://mriqc.nimh.nih.gov/api/v1"
  },
  "size_t": 599,
  "size_x": 90,
  "size_y": 90,
  "size_z": 60,
  "snr": 2.669312309246263,
  "spacing_tr": 1.2000000476837158,
  "spacing_x": 2.3999998569488525,
  "spacing_y": 2.3999998569488525,
  "spacing_z": 2.3999998569488525,
  "summary_bg_k": 21.25996447507938,
  "summary_bg_mad": 46.81210856854649,
  "summary_bg_mean": 324.0556640625,
  "summary_bg_median": 137.74790954589844,
  "summary_bg_n": 332612.0,
  "summary_bg_p05": 103.11018371582031,
  "summary_bg_p95": 1320.7997680664066,
  "summary_bg_stdv": 500.4261169433594,
  "summary_fg_k": 0.6297550814250497,
  "summary_fg_mad": 1581.7519657950286,
  "summary_fg_mean": 4875.0673828125,
  "summary_fg_median": 4542.13330078125,
  "summary_fg_n": 77618.0,
  "summary_fg_p05": 2698.014758300781,
  "summary_fg_p95": 8164.388085937497,
  "summary_fg_stdv": 1701.600830078125,
  "tsnr": 57.915003958391026
}