{
  "aor": 0.0051159074074074076,
  "aqi": 0.005356092907407407,
  "bids_meta": {
    "AcquisitionMatrixPE": 90,
    "AcquisitionNumber": 1,
    "AcquisitionTime": "16:59:23.215000",
    "BandwidthPerPixelPhaseEncode": 18.832,
    "BaseResolution": 90,
    "BodyPartExamined": "HEAD",
    "ConsistencyInfo": "N4_VE11C_LATEST_20160120",
    "ConversionSoftware": "dcm2niix",
    "ConversionSoftwareVersion": "v1.0.20190902",
    "DerivedVendorReportedEchoSpacing": 0.000590012,
    "DeviceSerialNumber": "67064",
    "DwellTime": 2.5e-06,
    "EchoTime": 0.033,
    "EchoTrainLength": 90,
    "EffectiveEchoSpacing": 0.000590012,
    "FlipAngle": 63,
    "ImageComments": "Unaliased_MB4_PE3_LB",
    "ImageOrientationPatientDICOM": [
      0.996994,
      -0.0143628,
      0.0761385,
      0.0440527,
      0.913462,
      -0.404532
    ],
    "ImageType": [
      "ORIGINAL",
      "PRIMARY",
      "M",
      "MB",
      "ND",
      "MOSAIC"
    ],
    "ImagingFrequency": 123.247,
    "InPlanePhaseEncodingDirectionDICOM": "COL",
    "InstitutionAddress": "Scott_Ave_4525_St._Louis_MO_US_63110",
    "InstitutionName": "Washington_University",
    "InstitutionalDepartmentName": "Department",
    "MRAcquisitionType": "2D",
    "MagneticFieldStrength": 3,
    "Manufacturer": "Siemens",
    "ManufacturersModelName": "Prisma_fit",
    "Modality": "MR",
    "MultibandAccelerationFactor": 4,
    "PartialFourier": 1,
    "PatientPosition": "HFS",
    "PercentPhaseFOV": 100,
    "PhaseEncodingDirection": "j-",
    "PhaseEncodingSteps": 90,
    "PhaseResolution": 1,
    "PixelBandwidth": 2220,
    "ProcedureStepDescription": "head_Braver",
    "ProtocolName": "tfMRI_StroopBas1_AP",
    "PulseSequenceDetails": "%CustomerSeq%_cmrr_mbep2d_bold",
    "ReceiveCoilActiveElements": "HEA;HEP",
    "ReceiveCoilName": "Head_32",
    "ReconMatrixPE": 90,
    "RepetitionTime": 1.2,
    "SAR": 0.054451,
    "ScanOptions": "FS_EXT",
    "ScanningSequence": "EP",
    "SequenceName": "epfid2d1_90",
    "SequenceVariant": "SK_SS",
    "SeriesDescription": "tfMRI_StroopBas1_AP",
    "SeriesNumber": 30,
    "ShimSetting": [
      -1967,
      -11463,
      5792,
      526,
      86,
      279,
      -28,
      -7
    ],
    "SliceThickness": 2.4,
    "SliceTiming": [
      0,
      0.63,
      0.0775,
      0.7075,
      0.1575,
      0.7875,
      0.235,
      0.865,
      0.315,
      0.9425,
      0.3925,
      1.0225,
      0.4725,
      1.1,
      0.55,
      0,
      0.63,
      0.0775,
      0.7075,
      0.1575,
      0.7875,
      0.235,
      0.865,
      0.315,
      0.9425,
      0.3925,
      1.0225,
      0.4725,
      1.1,
      0.55,
      0,
      0.63,
      0.0775,
      0.7075,
      0.1575,
      0.7875,
      0.235,
      0.865,
      0.315,
      0.9425,
      0.3925,
      1.0225,
      0.4725,
      1.1,
      0.55,
      0,
      0.63,
      0.0775,
      0.7075,
      0.1575,
      0.7875,
      0.235,
      0.865,
      0.315,
      0.9425,
      0.3925,
      1.0225,
      0.4725,
      1.1,
      0.55
    ],
    "SoftwareVersions": "syngo_MR_E11",
    "SpacingBetweenSlices": 2.4,
    "StationName": "MRC35177",
    "TaskName": "Stroop",
    "TotalReadoutTime": 0.0525111,
    "TxRefAmp": 226.599,
    "VendorReportedEchoSpacing": 0.00059,
    "WipMemBlock": "11f39a7a-eb69-4c1f-a26b-2898d4571b94||Sequence: ve11c/master r/068cfa9; Jul 21 2016 14:39:26 by eja",
    "acq_id": "mb4AP",
    "dataset": "ds003465",
    "modality": "bold",
    "run_id": 1,
    "session_id": "wave1bas",
    "subject_id": "f9057kp",
    "task_id": "Stroop"
  },
  "dummy_trs": 0,
  "dvars_nstd": 29.458801778979606,
  "dvars_std": 1.1559049961410024,
  "dvars_vstd": 1.0697458227087184,
  "efc": 0.49915422022688793,
  "fber": 1015.0426025390625,
  "fd_mean": 0.15582772524909616,
  "fd_num": 133,
  "fd_perc": 24.62962962962963,
  "fwhm_avg": 2.8318293354568485,
  "fwhm_x": 2.6969418274169263,
  "fwhm_y": 2.9112085068548823,
  "fwhm_z": 2.8873376720987363,
  "gcor": 0.0188701,
  "gsr_x": -0.014529780484735966,
  "gsr_y": 0.09037961065769196,
  "provenance": {
    "md5sum": "8903b3366b743989b4a791db147c4c78",
    "settings": {
      "fd_thres": 0.2,
      "testing": false
    },
    "software": "mriqc",
    "version": "22.0.6",
    "webapi_port": null,
    "webapi_url": "https://mriqc.nimh.nih.gov/api/v1"
  },
  "size_t": 540,
  "size_x": 90,
  "size_y": 90,
  "size_z": 60,
  "snr": 2.736529119049285,
  "spacing_tr": 1.2000000476837158,
  "spacing_x": 2.3999998569488525,
  "spacing_y": 2.3999998569488525,
  "spacing_z": 2.3999998569488525,
  "summary_bg_k": 22.34246991826032,
  "summary_bg_mad": 43.88776075395077,
  "summary_bg_mean": 316.18255615234375,
  "summary_bg_median": 133.0592498779297,
  "summary_bg_n": 333239.0,
  "summary_bg_p05": 98.37036895751953,
  "summary_bg_p95": 1302.9438232421867,
  "summary_bg_stdv": 498.7370910644531,
  "summary_fg_k": 0.7940382488541782,
  "summary_fg_mad": 1423.5370256306644,
  "summary_fg_mean": 4632.35400390625,
  "summary_fg_median": 4326.27392578125,
  "summary_fg_n": 78669.0,
  "summary_fg_p05": 2618.57177734375,
  "summary_fg_p95": 7710.70712890625,
  "summary_fg_stdv": 1580.9246826171875,
  "tsnr": 45.95241279294714
}