{
  "aor": 0.0025801639344262294,
  "aqi": 0.006988173819672131,
  "bids_meta": {
    "AcquisitionMatrixPE": 90,
    "AcquisitionNumber": 1,
    "AcquisitionTime": "17:24:30.522500",
    "BandwidthPerPixelPhaseEncode": 18.832,
    "BaseResolution": 90,
    "BodyPartExamined": "HEAD",
    "ConsistencyInfo": "N4_VE11C_LATEST_20160120",
    "ConversionSoftware": "dcm2niix",
    "ConversionSoftwareVersion": "v1.0.20190902",
    "DerivedVendorReportedEchoSpacing": 0.000590012,
    "DeviceSerialNumber": "67064",
    "DwellTime": 2.5e-06,
    "EchoTime": 0.033,
    "EchoTrainLength": 90,
    "EffectiveEchoSpacing": 0.000590012,
    "FlipAngle": 63,
    "ImageComments": "Unaliased_MB4_PE3_LB",
    "ImageOrientationPatientDICOM": [
      0.996994,
      -0.0143628,
      0.0761385,
      0.0440527,
      0.913462,
      -0.404532
    ],
    "ImageType": [
      "ORIGINAL",
      "PRIMARY",
      "M",
      "MB",
      "ND",
      "MOSAIC"
    ],
    "ImagingFrequency": 123.247,
    "InPlanePhaseEncodingDirectionDICOM": "COL",
    "InstitutionAddress": "Scott_Ave_4525_St._Louis_MO_US_63110",
    "InstitutionName": "Washington_University",
    "InstitutionalDepartmentName": "Department",
    "MRAcquisitionType": "2D",
    "MagneticFieldStrength": 3,
    "Manufacturer": "Siemens",
    "ManufacturersModelName": "Prisma_fit",
    "Modality": "MR",
    "MultibandAccelerationFactor": 4,
    "PartialFourier": 1,
    "PatientPosition": "HFS",
    "PercentPhaseFOV": 100,
    "PhaseEncodingDirection": "j-",
    "PhaseEncodingSteps": 90,
    "PhaseResolution": 1,
    "PixelBandwidth": 2220,
    "ProcedureStepDescription": "head_Braver",
    "ProtocolName": "tfMRI_AxcptBas1_AP",
    "PulseSequenceDetails": "%CustomerSeq%_cmrr_mbep2d_bold",
    "ReceiveCoilActiveElements": "HEA;HEP",
    "ReceiveCoilName": "Head_32",
    "ReconMatrixPE": 90,
    "RepetitionTime": 1.2,
    "SAR": 0.0544782,
    "ScanOptions": "FS_EXT",
    "ScanningSequence": "EP",
    "SequenceName": "epfid2d1_90",
    "SequenceVariant": "SK_SS",
    "SeriesDescription": "tfMRI_AxcptBas1_AP",
    "SeriesNumber": 34,
    "ShimSetting": [
      -1967,
      -11463,
      5792,
      526,
      86,
      279,
      -28,
      -7
    ],
    "SliceThickness": 2.4,
    "SliceTiming": [
      0,
      0.6275,
      0.0775,
      0.7075,
      0.1575,
      0.785,
      0.235,
      0.865,
      0.315,
      0.9425,
      0.3925,
      1.0225,
      0.47,
      1.1,
      0.55,
      0,
      0.6275,
      0.0775,
      0.7075,
      0.1575,
      0.785,
      0.235,
      0.865,
      0.315,
      0.9425,
      0.3925,
      1.0225,
      0.47,
      1.1,
      0.55,
      0,
      0.6275,
      0.0775,
      0.7075,
      0.1575,
      0.785,
      0.235,
      0.865,
      0.315,
      0.9425,
      0.3925,
      1.0225,
      0.47,
      1.1,
      0.55,
      0,
      0.6275,
      0.0775,
      0.7075,
      0.1575,
      0.785,
      0.235,
      0.865,
      0.315,
      0.9425,
      0.3925,
      1.0225,
      0.47,
      1.1,
      0.55
    ],
    "SoftwareVersions": "syngo_MR_E11",
    "SpacingBetweenSlices": 2.4,
    "StationName": "MRC35177",
    "TaskName": "Axcpt",
    "TotalReadoutTime": 0.0525111,
    "TxRefAmp": 226.599,
    "VendorReportedEchoSpacing": 0.00059,
    "WipMemBlock": "0132477f-f8af-4a64-8d67-d6d587959aae||Sequence: ve11c/master r/068cfa9; Jul 21 2016 14:39:26 by eja",
    "acq_id": "mb4AP",
    "dataset": "ds003465",
    "modality": "bold",
    "run_id": 1,
    "session_id": "wave1bas",
    "subject_id": "f9057kp",
    "task_id": "Axcpt"
  },
  "dummy_trs": 0,
  "dvars_nstd": 25.668884671839077,
  "dvars_std": 1.0439203564203614,
  "dvars_vstd": 0.9872194577668302,
  "efc": 0.5004409998910015,
  "fber": 1008.2390747070312,
  "fd_mean": 0.12187964484731122,
  "fd_num": 35,
  "fd_perc": 5.737704918032787,
  "fwhm_avg": 2.874219615761284,
  "fwhm_x": 2.727212662554542,
  "fwhm_y": 2.947129342329264,
  "fwhm_z": 2.948316842400045,
  "gcor": 0.00478354,
  "gsr_x": -0.013566304929554462,
  "gsr_y": 0.08796726912260056,
  "provenance": {
    "md5sum": "679e385697284f82d0732a34136f5811",
    "settings": {
      "fd_thres": 0.2,
      "testing": false
    },
    "software": "mriqc",
    "version": "22.0.6",
    "webapi_port": null,
    "webapi_url": "https://mriqc.nimh.nih.gov/api/v1"
  },
  "size_t": 610,
  "size_x": 90,
  "size_y": 90,
  "size_z": 60,
  "snr": 2.753050419648513,
  "spacing_tr": 1.2000000476837158,
  "spacing_x": 2.3999998569488525,
  "spacing_y": 2.3999998569488525,
  "spacing_z": 2.3999998569488525,
  "summary_bg_k": 20.98499616742813,
  "summary_bg_mad": 44.49021495286303,
  "summary_bg_mean": 318.103271484375,
  "summary_bg_median": 133.27049255371094,
  "summary_bg_n": 332943.0,
  "summary_bg_p05": 97.75245666503906,
  "summary_bg_p95": 1322.991430664059,
  "summary_bg_stdv": 500.2878723144531,
  "summary_fg_k": 0.86279752089033,
  "summary_fg_mad": 1418.0264943380548,
  "summary_fg_mean": 4637.9697265625,
  "summary_fg_median": 4330.56884765625,
  "summary_fg_n": 78467.0,
  "summary_fg_p05": 2649.2375732421874,
  "summary_fg_p95": 7713.158642578124,
  "summary_fg_stdv": 1572.9974365234375,
  "tsnr": 43.97184604825452
}