{
  "aor": 0.00021206471494607089,
  "aqi": 0.004012717103235748,
  "bids_meta": {
    "AcquisitionMatrixPE": 90,
    "AcquisitionNumber": 1,
    "AcquisitionTime": "16:37:22.432500",
    "BandwidthPerPixelPhaseEncode": 18.832,
    "BaseResolution": 90,
    "BodyPartExamined": "HEAD",
    "ConsistencyInfo": "N4_VE11C_LATEST_20160120",
    "ConversionSoftware": "dcm2niix",
    "ConversionSoftwareVersion": "v1.0.20190902",
    "DerivedVendorReportedEchoSpacing": 0.000590012,
    "DeviceSerialNumber": "67064",
    "DwellTime": 2.5e-06,
    "EchoTime": 0.033,
    "EchoTrainLength": 90,
    "EffectiveEchoSpacing": 0.000590012,
    "FlipAngle": 63,
    "ImageComments": "Unaliased_MB4_PE3_LB",
    "ImageOrientationPatientDICOM": [
      0.996994,
      -0.0143628,
      0.0761385,
      0.0440527,
      0.913462,
      -0.404532
    ],
    "ImageType": [
      "ORIGINAL",
      "PRIMARY",
      "M",
      "MB",
      "ND",
      "MOSAIC"
    ],
    "ImagingFrequency": 123.247,
    "InPlanePhaseEncodingDirectionDICOM": "COL",
    "InstitutionAddress": "Scott_Ave_4525_St._Louis_MO_US_63110",
    "InstitutionName": "Washington_University",
    "InstitutionalDepartmentName": "Department",
    "MRAcquisitionType": "2D",
    "MagneticFieldStrength": 3,
    "Manufacturer": "Siemens",
    "ManufacturersModelName": "Prisma_fit",
    "Modality": "MR",
    "MultibandAccelerationFactor": 4,
    "PartialFourier": 1,
    "PatientPosition": "HFS",
    "PercentPhaseFOV": 100,
    "PhaseEncodingDirection": "j",
    "PhaseEncodingSteps": 90,
    "PhaseResolution": 1,
    "PixelBandwidth": 2220,
    "ProcedureStepDescription": "head_Braver",
    "ProtocolName": "tfMRI_CuedtsBas2_PA",
    "PulseSequenceDetails": "%CustomerSeq%_cmrr_mbep2d_bold",
    "ReceiveCoilActiveElements": "HEA;HEP",
    "ReceiveCoilName": "Head_32",
    "ReconMatrixPE": 90,
    "RepetitionTime": 1.2,
    "SAR": 0.0544911,
    "ScanOptions": "FS_EXT",
    "ScanningSequence": "EP",
    "SequenceName": "epfid2d1_90",
    "SequenceVariant": "SK_SS",
    "SeriesDescription": "tfMRI_CuedtsBas2_PA",
    "SeriesNumber": 24,
    "ShimSetting": [
      -1967,
      -11463,
      5792,
      526,
      86,
      279,
      -28,
      -7
    ],
    "SliceThickness": 2.4,
    "SliceTiming": [
      0,
      0.6275,
      0.0775,
      0.7075,
      0.1575,
      0.785,
      0.235,
      0.865,
      0.315,
      0.9425,
      0.3925,
      1.0225,
      0.4725,
      1.1,
      0.55,
      0,
      0.6275,
      0.0775,
      0.7075,
      0.1575,
      0.785,
      0.235,
      0.865,
      0.315,
      0.9425,
      0.3925,
      1.0225,
      0.4725,
      1.1,
      0.55,
      0,
      0.6275,
      0.0775,
      0.7075,
      0.1575,
      0.785,
      0.235,
      0.865,
      0.315,
      0.9425,
      0.3925,
      1.0225,
      0.4725,
      1.1,
      0.55,
      0,
      0.6275,
      0.0775,
      0.7075,
      0.1575,
      0.785,
      0.235,
      0.865,
      0.315,
      0.9425,
      0.3925,
      1.0225,
      0.4725,
      1.1,
      0.55
    ],
    "SoftwareVersions": "syngo_MR_E11",
    "SpacingBetweenSlices": 2.4,
    "StationName": "MRC35177",
    "TaskName": "Cuedts",
    "TotalReadoutTime": 0.0525111,
    "TxRefAmp": 226.599,
    "VendorReportedEchoSpacing": 0.00059,
    "WipMemBlock": "303d2b16-4362-449c-abd8-7e198006beee||Sequence: ve11c/master r/068cfa9; Jul 21 2016 14:39:26 by eja",
    "acq_id": "mb4PA",
    "dataset": "ds003465",
    "modality": "bold",
    "run_id": 2,
    "session_id": "wave1bas",
    "subject_id": "f9057kp",
    "task_id": "Cuedts"
  },
  "dummy_trs": 1,
  "dvars_nstd": 26.29370545733022,
  "dvars_std": 1.0664829858333327,
  "dvars_vstd": 0.9690104666358024,
  "efc": 0.5010054369967434,
  "fber": 998.61181640625,
  "fd_mean": 0.10613895230257286,
  "fd_num": 6,
  "fd_perc": 0.9244992295839753,
  "fwhm_avg": 2.8766529492396553,
  "fwhm_x": 2.7100459948646622,
  "fwhm_y": 2.9147335070649887,
  "fwhm_z": 3.005179345789314,
  "gcor": 0.0127744,
  "gsr_x": -0.021319018676877022,
  "gsr_y": 0.08738145232200623,
  "provenance": {
    "md5sum": "e190cad79f67e3e8d2fc3098a2cd0968",
    "settings": {
      "fd_thres": 0.2,
      "testing": false
    },
    "software": "mriqc",
    "version": "22.0.6",
    "webapi_port": null,
    "webapi_url": "https://mriqc.nimh.nih.gov/api/v1"
  },
  "size_t": 649,
  "size_x": 90,
  "size_y": 90,
  "size_z": 60,
  "snr": 2.647239104843696,
  "spacing_tr": 1.2000000476837158,
  "spacing_x": 2.3999998569488525,
  "spacing_y": 2.3999998569488525,
  "spacing_z": 2.3999998569488525,
  "summary_bg_k": 15.8970252081327,
  "summary_bg_mad": 47.94584590650438,
  "summary_bg_mean": 345.62640380859375,
  "summary_bg_median": 137.99537658691406,
  "summary_bg_n": 335938.0,
  "summary_bg_p05": 102.49923706054688,
  "summary_bg_p95": 1496.2365112304676,
  "summary_bg_stdv": 534.9375,
  "summary_fg_k": 0.9348393912984392,
  "summary_fg_mad": 1547.7762682266623,
  "summary_fg_mean": 4715.8662109375,
  "summary_fg_median": 4397.353515625,
  "summary_fg_n": 78708.0,
  "summary_fg_p05": 2609.1593383789063,
  "summary_fg_p95": 7864.602539062498,
  "summary_fg_stdv": 1661.0987548828125,
  "tsnr": 52.4241474783048
}