{
  "aor": 0.00045266009852216755,
  "aqi": 0.004404642036124795,
  "bids_meta": {
    "AcquisitionMatrixPE": 90,
    "AcquisitionNumber": 1,
    "AcquisitionTime": "17:37:35.387500",
    "BandwidthPerPixelPhaseEncode": 18.832,
    "BaseResolution": 90,
    "BodyPartExamined": "HEAD",
    "ConsistencyInfo": "N4_VE11C_LATEST_20160120",
    "ConversionSoftware": "dcm2niix",
    "ConversionSoftwareVersion": "v1.0.20190902",
    "DerivedVendorReportedEchoSpacing": 0.000590012,
    "DeviceSerialNumber": "67064",
    "DwellTime": 2.5e-06,
    "EchoTime": 0.033,
    "EchoTrainLength": 90,
    "EffectiveEchoSpacing": 0.000590012,
    "FlipAngle": 63,
    "ImageComments": "Unaliased_MB4_PE3_LB",
    "ImageOrientationPatientDICOM": [
      0.996994,
      -0.0143628,
      0.0761385,
      0.0440527,
      0.913462,
      -0.404532
    ],
    "ImageType": [
      "ORIGINAL",
      "PRIMARY",
      "M",
      "MB",
      "ND",
      "MOSAIC"
    ],
    "ImagingFrequency": 123.247,
    "InPlanePhaseEncodingDirectionDICOM": "COL",
    "InstitutionAddress": "Scott_Ave_4525_St._Louis_MO_US_63110",
    "InstitutionName": "Washington_University",
    "InstitutionalDepartmentName": "Department",
    "MRAcquisitionType": "2D",
    "MagneticFieldStrength": 3,
    "Manufacturer": "Siemens",
    "ManufacturersModelName": "Prisma_fit",
    "Modality": "MR",
    "MultibandAccelerationFactor": 4,
    "PartialFourier": 1,
    "PatientPosition": "HFS",
    "PercentPhaseFOV": 100,
    "PhaseEncodingDirection": "j",
    "PhaseEncodingSteps": 90,
    "PhaseResolution": 1,
    "PixelBandwidth": 2220,
    "ProcedureStepDescription": "head_Braver",
    "ProtocolName": "tfMRI_AxcptBas2_PA",
    "PulseSequenceDetails": "%CustomerSeq%_cmrr_mbep2d_bold",
    "ReceiveCoilActiveElements": "HEA;HEP",
    "ReceiveCoilName": "Head_32",
    "ReconMatrixPE": 90,
    "RepetitionTime": 1.2,
    "SAR": 0.0544782,
    "ScanOptions": "FS_EXT",
    "ScanningSequence": "EP",
    "SequenceName": "epfid2d1_90",
    "SequenceVariant": "SK_SS",
    "SeriesDescription": "tfMRI_AxcptBas2_PA",
    "SeriesNumber": 36,
    "ShimSetting": [
      -1967,
      -11463,
      5792,
      526,
      86,
      279,
      -28,
      -7
    ],
    "SliceThickness": 2.4,
    "SliceTiming": [
      0,
      0.63,
      0.0775,
      0.7075,
      0.1575,
      0.7875,
      0.235,
      0.865,
      0.315,
      0.945,
      0.3925,
      1.0225,
      0.4725,
      1.1,
      0.55,
      0,
      0.63,
      0.0775,
      0.7075,
      0.1575,
      0.7875,
      0.235,
      0.865,
      0.315,
      0.945,
      0.3925,
      1.0225,
      0.4725,
      1.1,
      0.55,
      0,
      0.63,
      0.0775,
      0.7075,
      0.1575,
      0.7875,
      0.235,
      0.865,
      0.315,
      0.945,
      0.3925,
      1.0225,
      0.4725,
      1.1,
      0.55,
      0,
      0.63,
      0.0775,
      0.7075,
      0.1575,
      0.7875,
      0.235,
      0.865,
      0.315,
      0.945,
      0.3925,
      1.0225,
      0.4725,
      1.1,
      0.55
    ],
    "SoftwareVersions": "syngo_MR_E11",
    "SpacingBetweenSlices": 2.4,
    "StationName": "MRC35177",
    "TaskName": "Axcpt",
    "TotalReadoutTime": 0.0525111,
    "TxRefAmp": 226.599,
    "VendorReportedEchoSpacing": 0.00059,
    "WipMemBlock": "2376f92f-fa70-410b-a77a-40ea20e0364a||Sequence: ve11c/master r/068cfa9; Jul 21 2016 14:39:26 by eja",
    "acq_id": "mb4PA",
    "dataset": "ds003465",
    "modality": "bold",
    "run_id": 2,
    "session_id": "wave1bas",
    "subject_id": "f9057kp",
    "task_id": "Axcpt"
  },
  "dummy_trs": 1,
  "dvars_nstd": 24.821159099259877,
  "dvars_std": 1.018541790328947,
  "dvars_vstd": 0.963351501250001,
  "efc": 0.5004380578856172,
  "fber": 1010.88720703125,
  "fd_mean": 0.10178788874275897,
  "fd_num": 12,
  "fd_perc": 1.9704433497536946,
  "fwhm_avg": 2.8146626677669686,
  "fwhm_x": 2.6585709917965126,
  "fwhm_y": 2.862725170631717,
  "fwhm_z": 2.9226918408726754,
  "gcor": 0.00787146,
  "gsr_x": -0.014036471024155617,
  "gsr_y": 0.09132835268974304,
  "provenance": {
    "md5sum": "819085e98d8761de07ad15828aafdd64",
    "settings": {
      "fd_thres": 0.2,
      "testing": false
    },
    "software": "mriqc",
    "version": "22.0.6",
    "webapi_port": null,
    "webapi_url": "https://mriqc.nimh.nih.gov/api/v1"
  },
  "size_t": 609,
  "size_x": 90,
  "size_y": 90,
  "size_z": 60,
  "snr": 2.701238867891157,
  "spacing_tr": 1.2000000476837158,
  "spacing_x": 2.3999998569488525,
  "spacing_y": 2.3999998569488525,
  "spacing_z": 2.3999998569488525,
  "summary_bg_k": 17.822278736543904,
  "summary_bg_mad": 42.55239847287107,
  "summary_bg_mean": 329.64959716796875,
  "summary_bg_median": 131.89163208007812,
  "summary_bg_n": 336562.0,
  "summary_bg_p05": 98.95730590820312,
  "summary_bg_p95": 1425.6488830566418,
  "summary_bg_stdv": 527.429931640625,
  "summary_fg_k": 1.1025740570998162,
  "summary_fg_mad": 1418.290727643599,
  "summary_fg_mean": 4514.7353515625,
  "summary_fg_median": 4215.44189453125,
  "summary_fg_n": 78809.0,
  "summary_fg_p05": 2565.010888671875,
  "summary_fg_p95": 7501.0029296875,
  "summary_fg_stdv": 1560.548828125,
  "tsnr": 51.248957556439564
}