{
  "aor": 0.0021220222634508352,
  "aqi": 0.0052674296289424855,
  "bids_meta": {
    "AcquisitionMatrixPE": 90,
    "AcquisitionNumber": 1,
    "AcquisitionTime": "14:46:22.472500",
    "BandwidthPerPixelPhaseEncode": 18.832,
    "BaseResolution": 90,
    "BodyPartExamined": "HEAD",
    "ConsistencyInfo": "N4_VE11C_LATEST_20160120",
    "ConversionSoftware": "dcm2niix",
    "ConversionSoftwareVersion": "v1.0.20190902",
    "DerivedVendorReportedEchoSpacing": 0.000590012,
    "DeviceSerialNumber": "67064",
    "DwellTime": 2.5e-06,
    "EchoTime": 0.033,
    "EchoTrainLength": 90,
    "EffectiveEchoSpacing": 0.000590012,
    "FlipAngle": 63,
    "ImageComments": "Unaliased_MB4_PE3_LB",
    "ImageOrientationPatientDICOM": [
      0.999522,
      -0.0274412,
      0.0142252,
      0.0307127,
      0.93354,
      -0.357156
    ],
    "ImageType": [
      "ORIGINAL",
      "PRIMARY",
      "M",
      "MB",
      "ND",
      "MOSAIC"
    ],
    "ImagingFrequency": 123.247,
    "InPlanePhaseEncodingDirectionDICOM": "COL",
    "InstitutionAddress": "Scott_Ave_4525_St._Louis_MO_US_63110",
    "InstitutionName": "Washington_University",
    "InstitutionalDepartmentName": "Department",
    "MRAcquisitionType": "2D",
    "MagneticFieldStrength": 3,
    "Manufacturer": "Siemens",
    "ManufacturersModelName": "Prisma_fit",
    "Modality": "MR",
    "MultibandAccelerationFactor": 4,
    "PartialFourier": 1,
    "PatientPosition": "HFS",
    "PercentPhaseFOV": 100,
    "PhaseEncodingDirection": "j",
    "PhaseEncodingSteps": 90,
    "PhaseResolution": 1,
    "PixelBandwidth": 2220,
    "ProcedureStepDescription": "head_Braver",
    "ProtocolName": "tfMRI_StroopBas2_PA",
    "PulseSequenceDetails": "%CustomerSeq%_cmrr_mbep2d_bold",
    "ReceiveCoilActiveElements": "HEA;HEP",
    "ReceiveCoilName": "Head_32",
    "ReconMatrixPE": 90,
    "RepetitionTime": 1.2,
    "SAR": 0.0946157,
    "ScanOptions": "FS_EXT",
    "ScanningSequence": "EP",
    "SequenceName": "epfid2d1_90",
    "SequenceVariant": "SK_SS",
    "SeriesDescription": "tfMRI_StroopBas2_PA",
    "SeriesNumber": 31,
    "ShimSetting": [
      -1989,
      -11449,
      5835,
      741,
      103,
      287,
      -14,
      -33
    ],
    "SliceThickness": 2.4,
    "SliceTiming": [
      0,
      0.6275,
      0.0775,
      0.7075,
      0.1575,
      0.785,
      0.235,
      0.865,
      0.315,
      0.9425,
      0.3925,
      1.0225,
      0.47,
      1.1,
      0.55,
      0,
      0.6275,
      0.0775,
      0.7075,
      0.1575,
      0.785,
      0.235,
      0.865,
      0.315,
      0.9425,
      0.3925,
      1.0225,
      0.47,
      1.1,
      0.55,
      0,
      0.6275,
      0.0775,
      0.7075,
      0.1575,
      0.785,
      0.235,
      0.865,
      0.315,
      0.9425,
      0.3925,
      1.0225,
      0.47,
      1.1,
      0.55,
      0,
      0.6275,
      0.0775,
      0.7075,
      0.1575,
      0.785,
      0.235,
      0.865,
      0.315,
      0.9425,
      0.3925,
      1.0225,
      0.47,
      1.1,
      0.55
    ],
    "SoftwareVersions": "syngo_MR_E11",
    "SpacingBetweenSlices": 2.4,
    "StationName": "MRC35177",
    "TaskName": "Stroop",
    "TotalReadoutTime": 0.0525111,
    "TxRefAmp": 231.952,
    "VendorReportedEchoSpacing": 0.00059,
    "WipMemBlock": "9fb500fc-a7a4-4487-93c3-889b66669d5f||Sequence: R016 ve11c/master r/e634e98; Dec 19 2017 11:00:25 by eja",
    "acq_id": "mb4PA",
    "dataset": "ds003465",
    "modality": "bold",
    "run_id": 2,
    "session_id": "wave1bas",
    "subject_id": "f5386yx",
    "task_id": "Stroop"
  },
  "dummy_trs": 1,
  "dvars_nstd": 35.21641259037175,
  "dvars_std": 1.2136156072490714,
  "dvars_vstd": 1.0294244608178447,
  "efc": 0.49012632901342307,
  "fber": 1094.3726806640625,
  "fd_mean": 0.2427161400360305,
  "fd_num": 297,
  "fd_perc": 55.10204081632653,
  "fwhm_avg": 2.748717946331318,
  "fwhm_x": 2.5796540641604238,
  "fwhm_y": 2.8538873865967043,
  "fwhm_z": 2.8126123882368255,
  "gcor": 0.0325038,
  "gsr_x": -0.02376914583146572,
  "gsr_y": 0.07139812409877777,
  "provenance": {
    "md5sum": "1f56c2641fb9a6ddd43dcbc10581d65b",
    "settings": {
      "fd_thres": 0.2,
      "testing": false
    },
    "software": "mriqc",
    "version": "22.0.6",
    "webapi_port": null,
    "webapi_url": "https://mriqc.nimh.nih.gov/api/v1"
  },
  "size_t": 539,
  "size_x": 90,
  "size_y": 90,
  "size_z": 60,
  "snr": 2.9150080056179406,
  "spacing_tr": 1.2000000476837158,
  "spacing_x": 2.4000000953674316,
  "spacing_y": 2.4000000953674316,
  "spacing_z": 2.4000000953674316,
  "summary_bg_k": 21.947772258764505,
  "summary_bg_mad": 39.22155441249871,
  "summary_bg_mean": 319.0639953613281,
  "summary_bg_median": 131.9758758544922,
  "summary_bg_n": 342057.0,
  "summary_bg_p05": 103.19666290283203,
  "summary_bg_p95": 1346.6448730468753,
  "summary_bg_stdv": 516.0162963867188,
  "summary_fg_k": 0.5504086665060273,
  "summary_fg_mad": 1481.5460092102896,
  "summary_fg_mean": 4618.65673828125,
  "summary_fg_median": 4418.45458984375,
  "summary_fg_n": 72449.0,
  "summary_fg_p05": 2536.7814453125,
  "summary_fg_p95": 7408.351953124999,
  "summary_fg_stdv": 1515.750244140625,
  "tsnr": 50.127270862227306
}