{
  "aor": 0.0017901669758812616,
  "aqi": 0.005202193172541744,
  "bids_meta": {
    "AcquisitionMatrixPE": 90,
    "AcquisitionNumber": 1,
    "AcquisitionTime": "14:34:51.397500",
    "BandwidthPerPixelPhaseEncode": 18.832,
    "BaseResolution": 90,
    "BodyPartExamined": "HEAD",
    "ConsistencyInfo": "N4_VE11C_LATEST_20160120",
    "ConversionSoftware": "dcm2niix",
    "ConversionSoftwareVersion": "v1.0.20190902",
    "DerivedVendorReportedEchoSpacing": 0.000590012,
    "DeviceSerialNumber": "67064",
    "DwellTime": 2.5e-06,
    "EchoTime": 0.033,
    "EchoTrainLength": 90,
    "EffectiveEchoSpacing": 0.000590012,
    "FlipAngle": 63,
    "ImageComments": "Unaliased_MB4_PE3_LB",
    "ImageOrientationPatientDICOM": [
      0.999522,
      -0.0274412,
      0.0142252,
      0.0307127,
      0.93354,
      -0.357156
    ],
    "ImageType": [
      "ORIGINAL",
      "PRIMARY",
      "M",
      "MB",
      "ND",
      "MOSAIC"
    ],
    "ImagingFrequency": 123.247,
    "InPlanePhaseEncodingDirectionDICOM": "COL",
    "InstitutionAddress": "Scott_Ave_4525_St._Louis_MO_US_63110",
    "InstitutionName": "Washington_University",
    "InstitutionalDepartmentName": "Department",
    "MRAcquisitionType": "2D",
    "MagneticFieldStrength": 3,
    "Manufacturer": "Siemens",
    "ManufacturersModelName": "Prisma_fit",
    "Modality": "MR",
    "MultibandAccelerationFactor": 4,
    "PartialFourier": 1,
    "PatientPosition": "HFS",
    "PercentPhaseFOV": 100,
    "PhaseEncodingDirection": "j-",
    "PhaseEncodingSteps": 90,
    "PhaseResolution": 1,
    "PixelBandwidth": 2220,
    "ProcedureStepDescription": "head_Braver",
    "ProtocolName": "tfMRI_StroopBas1_AP",
    "PulseSequenceDetails": "%CustomerSeq%_cmrr_mbep2d_bold",
    "ReceiveCoilActiveElements": "HEA;HEP",
    "ReceiveCoilName": "Head_32",
    "ReconMatrixPE": 90,
    "RepetitionTime": 1.2,
    "SAR": 0.0946157,
    "ScanOptions": "FS_EXT",
    "ScanningSequence": "EP",
    "SequenceName": "epfid2d1_90",
    "SequenceVariant": "SK_SS",
    "SeriesDescription": "tfMRI_StroopBas1_AP",
    "SeriesNumber": 28,
    "ShimSetting": [
      -1989,
      -11449,
      5835,
      741,
      103,
      287,
      -14,
      -33
    ],
    "SliceThickness": 2.4,
    "SliceTiming": [
      0,
      0.6275,
      0.0775,
      0.7075,
      0.155,
      0.785,
      0.235,
      0.865,
      0.3125,
      0.9425,
      0.3925,
      1.0225,
      0.47,
      1.1,
      0.55,
      0,
      0.6275,
      0.0775,
      0.7075,
      0.155,
      0.785,
      0.235,
      0.865,
      0.3125,
      0.9425,
      0.3925,
      1.0225,
      0.47,
      1.1,
      0.55,
      0,
      0.6275,
      0.0775,
      0.7075,
      0.155,
      0.785,
      0.235,
      0.865,
      0.3125,
      0.9425,
      0.3925,
      1.0225,
      0.47,
      1.1,
      0.55,
      0,
      0.6275,
      0.0775,
      0.7075,
      0.155,
      0.785,
      0.235,
      0.865,
      0.3125,
      0.9425,
      0.3925,
      1.0225,
      0.47,
      1.1,
      0.55
    ],
    "SoftwareVersions": "syngo_MR_E11",
    "SpacingBetweenSlices": 2.4,
    "StationName": "MRC35177",
    "TaskName": "Stroop",
    "TotalReadoutTime": 0.0525111,
    "TxRefAmp": 231.952,
    "VendorReportedEchoSpacing": 0.00059,
    "WipMemBlock": "8c3c3ac7-fe24-4dbe-88ab-31f6ac95efe3||Sequence: R016 ve11c/master r/e634e98; Dec 19 2017 11:00:25 by eja",
    "acq_id": "mb4AP",
    "dataset": "ds003465",
    "modality": "bold",
    "run_id": 1,
    "session_id": "wave1bas",
    "subject_id": "f5386yx",
    "task_id": "Stroop"
  },
  "dummy_trs": 1,
  "dvars_nstd": 33.77139889858734,
  "dvars_std": 1.1725474591635672,
  "dvars_vstd": 1.0185926405947952,
  "efc": 0.48905035740785086,
  "fber": 1100.4420166015625,
  "fd_mean": 0.257314852158298,
  "fd_num": 291,
  "fd_perc": 53.98886827458256,
  "fwhm_avg": 2.810484610543598,
  "fwhm_x": 2.666249894052748,
  "fwhm_y": 2.9175332174009796,
  "fwhm_z": 2.8476707201770655,
  "gcor": 0.0220001,
  "gsr_x": -0.02244649827480316,
  "gsr_y": 0.06820511072874069,
  "provenance": {
    "md5sum": "f7dbac06cd30459c985251e978886c36",
    "settings": {
      "fd_thres": 0.2,
      "testing": false
    },
    "software": "mriqc",
    "version": "22.0.6",
    "webapi_port": null,
    "webapi_url": "https://mriqc.nimh.nih.gov/api/v1"
  },
  "size_t": 539,
  "size_x": 90,
  "size_y": 90,
  "size_z": 60,
  "snr": 2.842589244999606,
  "spacing_tr": 1.2000000476837158,
  "spacing_x": 2.4000000953674316,
  "spacing_y": 2.4000000953674316,
  "spacing_z": 2.4000000953674316,
  "summary_bg_k": 23.297148409074943,
  "summary_bg_mad": 36.146324403440055,
  "summary_bg_mean": 300.6807556152344,
  "summary_bg_median": 128.8163299560547,
  "summary_bg_n": 338507.0,
  "summary_bg_p05": 100.86270904541016,
  "summary_bg_p95": 1214.4979980468759,
  "summary_bg_stdv": 472.1018371582031,
  "summary_fg_k": 1.2980633961248635,
  "summary_fg_mad": 1415.2940323879818,
  "summary_fg_mean": 4637.5263671875,
  "summary_fg_median": 4387.484375,
  "summary_fg_n": 73699.0,
  "summary_fg_p05": 2604.0255126953125,
  "summary_fg_p95": 7552.253662109372,
  "summary_fg_stdv": 1543.47119140625,
  "tsnr": 47.87112623732537
}