{
  "bids_meta": {
    "AcquisitionMatrixPE": 300,
    "AcquisitionNumber": 1,
    "AcquisitionTime": "16:08:23.257500",
    "BaseResolution": 320,
    "BodyPartExamined": "HEAD",
    "ConsistencyInfo": "N4_VE11C_LATEST_20160120",
    "ConversionSoftware": "dcm2niix",
    "ConversionSoftwareVersion": "v1.0.20190902",
    "DeviceSerialNumber": "67064",
    "DwellTime": 7.1e-06,
    "EchoTime": 0.00222,
    "FlipAngle": 8,
    "ImageOrientationPatientDICOM": [
      0.00862805,
      0.987393,
      -0.158053,
      0.0585227,
      -0.158287,
      -0.985657
    ],
    "ImageType": [
      "ORIGINAL",
      "PRIMARY",
      "M",
      "ND"
    ],
    "ImagingFrequency": 123.247,
    "InPlanePhaseEncodingDirectionDICOM": "ROW",
    "InstitutionAddress": "Scott_Ave_4525_St._Louis_MO_US_63110",
    "InstitutionName": "Washington_University",
    "InstitutionalDepartmentName": "Department",
    "InversionTime": 1,
    "MRAcquisitionType": "3D",
    "MagneticFieldStrength": 3,
    "Manufacturer": "Siemens",
    "ManufacturersModelName": "Prisma_fit",
    "Modality": "MR",
    "ParallelReductionFactorInPlane": 2,
    "PartialFourier": 1,
    "PatientPosition": "HFS",
    "PercentPhaseFOV": 93.75,
    "PhaseEncodingSteps": 299,
    "PhaseResolution": 1,
    "PixelBandwidth": 220,
    "ProcedureStepDescription": "head_Braver",
    "ProtocolName": "T1w_MPR",
    "PulseSequenceDetails": "%SiemensSeq%_tfl",
    "ReceiveCoilActiveElements": "HEA;HEP",
    "ReceiveCoilName": "Head_32",
    "ReconMatrixPE": 300,
    "RefLinesPE": 32,
    "RepetitionTime": 2.4,
    "SAR": 0.0408733,
    "ScanOptions": "IR_WE",
    "ScanningSequence": "GR_IR",
    "SequenceName": "_tfl3d1_16ns",
    "SequenceVariant": "SK_SP_MP",
    "SeriesDescription": "T1w_MPR",
    "SeriesNumber": 11,
    "ShimSetting": [
      -2009,
      -11509,
      5837,
      390,
      -21,
      172,
      55,
      10
    ],
    "SliceThickness": 0.8,
    "SoftwareVersions": "syngo_MR_E11",
    "StationName": "MRC35177",
    "TxRefAmp": 238.246,
    "dataset": "ds003465",
    "modality": "T1w",
    "session_id": "wave1bas",
    "subject_id": "f8570ui"
  },
  "cjv": 0.5260937626678931,
  "cnr": 2.5019260145124007,
  "efc": 0.5583571693627369,
  "fber": 14753.694901805198,
  "fwhm_avg": 4.963791712589878,
  "fwhm_x": 4.827387787734734,
  "fwhm_y": 4.877349927321823,
  "fwhm_z": 5.18663742271308,
  "icvs_csf": 0.18693088472100972,
  "icvs_gm": 0.3885076415210318,
  "icvs_wm": 0.4245614737579585,
  "inu_med": 1.0098991394042969,
  "inu_range": 0.8888600349426269,
  "provenance": {
    "md5sum": "7acea1f7dc21346af110d2d2ab91e2fe",
    "settings": {
      "testing": false
    },
    "software": "mriqc",
    "version": "22.0.6",
    "warnings": {
      "large_rot_frame": true,
      "small_air_mask": false
    },
    "webapi_port": null,
    "webapi_url": "https://mriqc.nimh.nih.gov/api/v1"
  },
  "qi_1": 0.0,
  "qi_2": 0.001180678908369101,
  "rpve_csf": 25.9845401722472,
  "rpve_gm": 12.426120474069693,
  "rpve_wm": 13.19353681149367,
  "size_x": 208,
  "size_y": 300,
  "size_z": 320,
  "snr_csf": 2.961166316696942,
  "snr_gm": 13.13702063118087,
  "snr_total": 9.827719437761546,
  "snr_wm": 13.384971365406829,
  "snrd_csf": 14.294274143758669,
  "snrd_gm": 35.82138244658947,
  "snrd_total": 32.397069670843926,
  "snrd_wm": 47.075552422183634,
  "spacing_x": 0.7999999523162842,
  "spacing_y": 0.800000011920929,
  "spacing_z": 0.800000011920929,
  "summary_bg_k": 3870.8513431134593,
  "summary_bg_mad": 0.0,
  "summary_bg_mean": 7.28301438016667,
  "summary_bg_median": 0.0,
  "summary_bg_n": 7000922.0,
  "summary_bg_p05": 0.0,
  "summary_bg_p95": 28.082472790032625,
  "summary_bg_stdv": 13.917968308873762,
  "summary_csf_k": 2.3870627757148872,
  "summary_csf_mad": 75.3751173831471,
  "summary_csf_mean": 311.92435455827786,
  "summary_csf_median": 303.67302829027176,
  "summary_csf_n": 90118.0,
  "summary_csf_p05": 145.54868008363994,
  "summary_csf_p95": 494.84093443136635,
  "summary_csf_stdv": 102.5512622205544,
  "summary_gm_k": 0.1881113339397653,
  "summary_gm_mad": 57.357967569986606,
  "summary_gm_mean": 761.4397914478312,
  "summary_gm_median": 761.0031524300575,
  "summary_gm_n": 56539.0,
  "summary_gm_p05": 667.0156219415367,
  "summary_gm_p95": 856.5836919099092,
  "summary_gm_stdv": 57.92762635222696,
  "summary_wm_k": 0.5260241209364658,
  "summary_wm_mad": 68.42468131290167,
  "summary_wm_mean": 1012.4551410458715,
  "summary_wm_median": 1000.0910447575152,
  "summary_wm_n": 496337.0,
  "summary_wm_p05": 912.1114338934422,
  "summary_wm_p95": 1158.2995948679745,
  "summary_wm_stdv": 74.71738339836392,
  "tpm_overlap_csf": 0.13857112455043616,
  "tpm_overlap_gm": 0.4264161219147671,
  "tpm_overlap_wm": 0.4712755151796742,
  "wm2max": 0.4862681744749596
}