{
  "bids_meta": {
    "AcquisitionMatrixPE": 300,
    "AcquisitionNumber": 1,
    "AcquisitionTime": "16:15:54.100000",
    "BaseResolution": 320,
    "BodyPartExamined": "HEAD",
    "ConsistencyInfo": "N4_VE11C_LATEST_20160120",
    "ConversionSoftware": "dcm2niix",
    "ConversionSoftwareVersion": "v1.0.20190902",
    "DeviceSerialNumber": "67064",
    "DwellTime": 2.1e-06,
    "EchoTime": 0.563,
    "EchoTrainLength": 314,
    "FlipAngle": 120,
    "ImageOrientationPatientDICOM": [
      0.00862805,
      0.987393,
      -0.158053,
      0.0585227,
      -0.158287,
      -0.985657
    ],
    "ImageType": [
      "ORIGINAL",
      "PRIMARY",
      "M",
      "ND"
    ],
    "ImagingFrequency": 123.247,
    "InPlanePhaseEncodingDirectionDICOM": "ROW",
    "InstitutionAddress": "Scott_Ave_4525_St._Louis_MO_US_63110",
    "InstitutionName": "Washington_University",
    "InstitutionalDepartmentName": "Department",
    "MRAcquisitionType": "3D",
    "MagneticFieldStrength": 3,
    "Manufacturer": "Siemens",
    "ManufacturersModelName": "Prisma_fit",
    "Modality": "MR",
    "ParallelReductionFactorInPlane": 2,
    "PartialFourier": 1,
    "PatientPosition": "HFS",
    "PercentPhaseFOV": 93.75,
    "PhaseEncodingSteps": 297,
    "PhaseResolution": 1,
    "PixelBandwidth": 745,
    "ProcedureStepDescription": "head_Braver",
    "ProtocolName": "T2w_SPC",
    "PulseSequenceDetails": "%SiemensSeq%_tse_vfl",
    "ReceiveCoilActiveElements": "HEA;HEP",
    "ReceiveCoilName": "Head_32",
    "ReconMatrixPE": 300,
    "RefLinesPE": 32,
    "RepetitionTime": 3.2,
    "SAR": 0.13752,
    "ScanOptions": "PFP",
    "ScanningSequence": "SE",
    "SequenceName": "_spc_314ns",
    "SequenceVariant": "SK_SP",
    "SeriesDescription": "T2w_SPC",
    "SeriesNumber": 13,
    "ShimSetting": [
      -2009,
      -11509,
      5837,
      390,
      -21,
      172,
      55,
      10
    ],
    "SliceThickness": 0.8,
    "SoftwareVersions": "syngo_MR_E11",
    "StationName": "MRC35177",
    "TxRefAmp": 238.246,
    "dataset": "ds003465",
    "modality": "T2w",
    "session_id": "wave1bas",
    "subject_id": "f8570ui"
  },
  "cjv": 0.2794179976086755,
  "cnr": 1.666798979296679,
  "efc": 0.5337048199572407,
  "fber": 6679.986241183951,
  "fwhm_avg": 3.7048458664789226,
  "fwhm_x": 3.557525212045027,
  "fwhm_y": 3.962087440960296,
  "fwhm_z": 3.5949249464314437,
  "icvs_csf": 0.3895163363985368,
  "icvs_gm": 0.160600142404142,
  "icvs_wm": 0.4498835211973212,
  "inu_med": 0.9312747120857239,
  "inu_range": 0.834932318329811,
  "provenance": {
    "md5sum": "045851600c0207f4f1098e20f06fd40b",
    "settings": {
      "testing": false
    },
    "software": "mriqc",
    "version": "22.0.6",
    "warnings": {
      "large_rot_frame": true,
      "small_air_mask": false
    },
    "webapi_port": null,
    "webapi_url": "https://mriqc.nimh.nih.gov/api/v1"
  },
  "qi_1": 0.0,
  "qi_2": 0.0014781363109710637,
  "rpve_csf": 12.726468736791354,
  "rpve_gm": 35.23672817280932,
  "rpve_wm": 12.048242616571056,
  "size_x": 208,
  "size_y": 300,
  "size_z": 320,
  "snr_csf": 9.22800338349844,
  "snr_gm": 2.4609683230880837,
  "snr_total": 6.931917526803216,
  "snr_wm": 9.106780873823125,
  "snrd_csf": 53.44814569970066,
  "snrd_gm": 98.64220692794241,
  "snrd_total": 61.221604468971954,
  "snrd_wm": 31.574460779272812,
  "spacing_x": 0.7999999523162842,
  "spacing_y": 0.800000011920929,
  "spacing_z": 0.800000011920929,
  "summary_bg_k": 18.58831049284806,
  "summary_bg_mad": 0.0,
  "summary_bg_mean": 13.019319958647273,
  "summary_bg_median": 0.0,
  "summary_bg_n": 7020686.0,
  "summary_bg_p05": 0.0,
  "summary_bg_p95": 50.85392080247402,
  "summary_bg_stdv": 20.750516652798115,
  "summary_csf_k": 1.273841104338719,
  "summary_csf_mad": 161.983002404028,
  "summary_csf_mean": 1704.6861431026568,
  "summary_csf_median": 1692.894239127636,
  "summary_csf_n": 115764.0,
  "summary_csf_p05": 1428.4843480587006,
  "summary_csf_p95": 2027.0662554353476,
  "summary_csf_stdv": 183.45105186083342,
  "summary_gm_k": -0.8096372794727391,
  "summary_gm_mad": 491.94000450965103,
  "summary_gm_mean": 2463.9623419160057,
  "summary_gm_median": 3124.3520548194647,
  "summary_gm_n": 85269.0,
  "summary_gm_p05": 125.90729357302193,
  "summary_gm_p95": 3697.9263369739056,
  "summary_gm_stdv": 1269.5546321713525,
  "summary_wm_k": 1.022953717464138,
  "summary_wm_mad": 101.62087868891918,
  "summary_wm_mean": 1004.1976760464477,
  "summary_wm_median": 1000.0762806087732,
  "summary_wm_n": 459761.0,
  "summary_wm_p05": 832.4184517562389,
  "summary_wm_p95": 1189.920752570033,
  "summary_wm_stdv": 109.81654295408806,
  "tpm_overlap_csf": 0.11249471365684002,
  "tpm_overlap_gm": 0.08514889535090535,
  "tpm_overlap_wm": 0.4755338814735527,
  "wm2max": 0.27206919439143784
}