{
  "bids_meta": {
    "AcquisitionMatrixPE": 300,
    "AcquisitionNumber": 1,
    "AcquisitionTime": "18:12:54.945000",
    "BaseResolution": 320,
    "BodyPartExamined": "HEAD",
    "ConsistencyInfo": "N4_VE11C_LATEST_20160120",
    "ConversionSoftware": "dcm2niix",
    "ConversionSoftwareVersion": "v1.0.20190902",
    "DeviceSerialNumber": "67064",
    "DwellTime": 7.1e-06,
    "EchoTime": 0.00222,
    "FlipAngle": 8,
    "ImageOrientationPatientDICOM": [
      0.0231033,
      0.999674,
      0.0108208,
      0.00189018,
      0.01078,
      -0.99994
    ],
    "ImageType": [
      "ORIGINAL",
      "PRIMARY",
      "M",
      "ND"
    ],
    "ImagingFrequency": 123.247,
    "InPlanePhaseEncodingDirectionDICOM": "ROW",
    "InstitutionAddress": "Scott_Ave_4525_St._Louis_MO_US_63110",
    "InstitutionName": "Washington_University",
    "InstitutionalDepartmentName": "Department",
    "InversionTime": 1,
    "MRAcquisitionType": "3D",
    "MagneticFieldStrength": 3,
    "Manufacturer": "Siemens",
    "ManufacturersModelName": "Prisma_fit",
    "Modality": "MR",
    "ParallelReductionFactorInPlane": 2,
    "PartialFourier": 1,
    "PatientPosition": "HFS",
    "PercentPhaseFOV": 93.75,
    "PhaseEncodingSteps": 299,
    "PhaseResolution": 1,
    "PixelBandwidth": 220,
    "ProcedureStepDescription": "head_Braver",
    "ProtocolName": "T1w_MPR",
    "PulseSequenceDetails": "%SiemensSeq%_tfl",
    "ReceiveCoilActiveElements": "HEA;HEP",
    "ReceiveCoilName": "Head_32",
    "ReconMatrixPE": 300,
    "RefLinesPE": 32,
    "RepetitionTime": 2.4,
    "SAR": 0.0434579,
    "ScanOptions": "IR_WE",
    "ScanningSequence": "GR_IR",
    "SequenceName": "_tfl3d1_16ns",
    "SequenceVariant": "SK_SP_MP",
    "SeriesDescription": "T1w_MPR",
    "SeriesNumber": 11,
    "ShimSetting": [
      -2020,
      -11492,
      5865,
      552,
      65,
      70,
      212,
      -26
    ],
    "SliceThickness": 0.8,
    "SoftwareVersions": "syngo_MR_E11",
    "StationName": "MRC35177",
    "TxRefAmp": 217.64,
    "dataset": "ds003465",
    "modality": "T1w",
    "session_id": "wave1bas",
    "subject_id": "f5094ya"
  },
  "cjv": 0.502892015369627,
  "cnr": 2.719829913660014,
  "efc": 0.5120380117836231,
  "fber": -1.0,
  "fwhm_avg": 4.593883376670138,
  "fwhm_x": 4.501300268298404,
  "fwhm_y": 4.575937431813219,
  "fwhm_z": 4.704412429898792,
  "icvs_csf": 0.2035663653025056,
  "icvs_gm": 0.3881956629301135,
  "icvs_wm": 0.4082379717673809,
  "inu_med": 0.9638435244560242,
  "inu_range": 0.7332465440034865,
  "provenance": {
    "md5sum": "0f7f604e0925aa0bb17c57b9a4af3563",
    "settings": {
      "testing": false
    },
    "software": "mriqc",
    "version": "22.0.6",
    "warnings": {
      "large_rot_frame": true,
      "small_air_mask": false
    },
    "webapi_port": null,
    "webapi_url": "https://mriqc.nimh.nih.gov/api/v1"
  },
  "qi_1": 0.0,
  "qi_2": 0.0016104754230898753,
  "rpve_csf": 27.5298348446808,
  "rpve_gm": 14.004394144837555,
  "rpve_wm": 15.405865018686034,
  "size_x": 208,
  "size_y": 300,
  "size_z": 320,
  "snr_csf": 2.8373193999544646,
  "snr_gm": 13.108584663959622,
  "snr_total": 10.660226189262433,
  "snr_wm": 16.034774503873216,
  "snrd_csf": 19.11730787824237,
  "snrd_gm": 48.70123041359937,
  "snrd_total": 43.80214175424209,
  "snrd_wm": 63.587886970884554,
  "spacing_x": 0.7999999523162842,
  "spacing_y": 0.800000011920929,
  "spacing_z": 0.800000011920929,
  "summary_bg_k": 6.1892374515449795,
  "summary_bg_mad": 0.0,
  "summary_bg_mean": 6.966641014168516,
  "summary_bg_median": 0.0,
  "summary_bg_n": 6867732.0,
  "summary_bg_p05": 0.0,
  "summary_bg_p95": 28.210969030857086,
  "summary_bg_stdv": 10.304203028163526,
  "summary_csf_k": 2.4578809975521736,
  "summary_csf_mad": 76.37726527810196,
  "summary_csf_mean": 308.11369075390166,
  "summary_csf_median": 300.68337178230286,
  "summary_csf_n": 84415.0,
  "summary_csf_p05": 129.7835992977023,
  "summary_csf_p95": 495.9698623716831,
  "summary_csf_stdv": 105.97382543494521,
  "summary_gm_k": 0.07902364863322742,
  "summary_gm_mad": 57.607682229316694,
  "summary_gm_mean": 765.619430973644,
  "summary_gm_median": 765.9891373813152,
  "summary_gm_n": 44894.0,
  "summary_gm_p05": 667.8486956603825,
  "summary_gm_p95": 860.872613966465,
  "summary_gm_stdv": 58.43350948130286,
  "summary_wm_k": 0.1743243228242588,
  "summary_wm_mad": 60.140601741090485,
  "summary_wm_mean": 1008.2079627099382,
  "summary_wm_median": 1000.1314191669226,
  "summary_wm_n": 394107.0,
  "summary_wm_p05": 919.7038739174604,
  "summary_wm_p95": 1124.1457876861095,
  "summary_wm_stdv": 62.37257343823668,
  "tpm_overlap_csf": 0.14627675547184532,
  "tpm_overlap_gm": 0.4360326773707605,
  "tpm_overlap_wm": 0.4819176648558684,
  "wm2max": 0.604522458700404
}