{
  "bids_meta": {
    "AcquisitionMatrixPE": 300,
    "AcquisitionNumber": 1,
    "AcquisitionTime": "18:20:7.637500",
    "BaseResolution": 320,
    "BodyPartExamined": "HEAD",
    "ConsistencyInfo": "N4_VE11C_LATEST_20160120",
    "ConversionSoftware": "dcm2niix",
    "ConversionSoftwareVersion": "v1.0.20190902",
    "DeviceSerialNumber": "67064",
    "DwellTime": 2.1e-06,
    "EchoTime": 0.563,
    "EchoTrainLength": 314,
    "FlipAngle": 120,
    "ImageOrientationPatientDICOM": [
      0.0231033,
      0.999674,
      0.0108208,
      0.00189018,
      0.01078,
      -0.99994
    ],
    "ImageType": [
      "ORIGINAL",
      "PRIMARY",
      "M",
      "ND"
    ],
    "ImagingFrequency": 123.247,
    "InPlanePhaseEncodingDirectionDICOM": "ROW",
    "InstitutionAddress": "Scott_Ave_4525_St._Louis_MO_US_63110",
    "InstitutionName": "Washington_University",
    "InstitutionalDepartmentName": "Department",
    "MRAcquisitionType": "3D",
    "MagneticFieldStrength": 3,
    "Manufacturer": "Siemens",
    "ManufacturersModelName": "Prisma_fit",
    "Modality": "MR",
    "ParallelReductionFactorInPlane": 2,
    "PartialFourier": 1,
    "PatientPosition": "HFS",
    "PercentPhaseFOV": 93.75,
    "PhaseEncodingSteps": 297,
    "PhaseResolution": 1,
    "PixelBandwidth": 745,
    "ProcedureStepDescription": "head_Braver",
    "ProtocolName": "T2w_SPC",
    "PulseSequenceDetails": "%SiemensSeq%_tse_vfl",
    "ReceiveCoilActiveElements": "HEA;HEP",
    "ReceiveCoilName": "Head_32",
    "ReconMatrixPE": 300,
    "RefLinesPE": 32,
    "RepetitionTime": 3.2,
    "SAR": 0.146216,
    "ScanOptions": "PFP",
    "ScanningSequence": "SE",
    "SequenceName": "_spc_314ns",
    "SequenceVariant": "SK_SP",
    "SeriesDescription": "T2w_SPC",
    "SeriesNumber": 13,
    "ShimSetting": [
      -2020,
      -11492,
      5865,
      552,
      65,
      70,
      212,
      -26
    ],
    "SliceThickness": 0.8,
    "SoftwareVersions": "syngo_MR_E11",
    "StationName": "MRC35177",
    "TxRefAmp": 217.64,
    "dataset": "ds003465",
    "modality": "T2w",
    "session_id": "wave1bas",
    "subject_id": "f5094ya"
  },
  "cjv": 0.3659615201876168,
  "cnr": 1.5478054391054195,
  "efc": 0.4702598246781496,
  "fber": -1.0,
  "fwhm_avg": 3.6023708673496464,
  "fwhm_x": 3.5311002104699734,
  "fwhm_y": 3.837762442812883,
  "fwhm_z": 3.4382499487660834,
  "icvs_csf": 0.3328334081482575,
  "icvs_gm": 0.48840819743678127,
  "icvs_wm": 0.17875839441496122,
  "inu_med": 0.9937859177589417,
  "inu_range": 0.8957602977752686,
  "provenance": {
    "md5sum": "c29560016dc819eb9332fb5a72fdbb50",
    "settings": {
      "testing": false
    },
    "software": "mriqc",
    "version": "22.0.6",
    "warnings": {
      "large_rot_frame": true,
      "small_air_mask": false
    },
    "webapi_port": null,
    "webapi_url": "https://mriqc.nimh.nih.gov/api/v1"
  },
  "qi_1": 0.0,
  "qi_2": 0.0021644904493925915,
  "rpve_csf": 15.50334220970527,
  "rpve_gm": 12.706596148089012,
  "rpve_wm": 36.3162307940495,
  "size_x": 208,
  "size_y": 300,
  "size_z": 320,
  "snr_csf": 9.309342163418439,
  "snr_gm": 9.701479658567221,
  "snr_total": 7.109481945601637,
  "snr_wm": 2.317624014819248,
  "snrd_csf": 64.70598476065845,
  "snrd_gm": 38.861665077357074,
  "snrd_total": 73.77264899479282,
  "snrd_wm": 117.75029714636293,
  "spacing_x": 0.7999999523162842,
  "spacing_y": 0.800000011920929,
  "spacing_z": 0.800000011920929,
  "summary_bg_k": 10.78346205140423,
  "summary_bg_mad": 0.0,
  "summary_bg_mean": 3.7291004834386983,
  "summary_bg_median": 0.0,
  "summary_bg_n": 6878267.0,
  "summary_bg_p05": 0.0,
  "summary_bg_p95": 14.746588792651892,
  "summary_bg_stdv": 5.563776989568253,
  "summary_csf_k": 1.0059739642090992,
  "summary_csf_mad": 53.85932119543842,
  "summary_csf_mean": 553.6836642605782,
  "summary_csf_median": 549.5186484809965,
  "summary_csf_n": 52706.0,
  "summary_csf_p05": 465.1360708340071,
  "summary_csf_p95": 657.0805610865355,
  "summary_csf_stdv": 59.02817038562749,
  "summary_gm_k": 0.5392274115626909,
  "summary_gm_mad": 32.468127544654045,
  "summary_gm_mean": 331.5861492904558,
  "summary_gm_median": 330.03453621827066,
  "summary_gm_n": 434883.0,
  "summary_gm_p05": 278.4459714386612,
  "summary_gm_p95": 389.48631528764963,
  "summary_gm_stdv": 34.01895054993013,
  "summary_wm_k": -1.1602148130301955,
  "summary_wm_mad": 212.7134485783431,
  "summary_wm_mean": 762.5330425311307,
  "summary_wm_median": 999.9999905023724,
  "summary_wm_n": 85836.0,
  "summary_wm_p05": 35.64167224802077,
  "summary_wm_p95": 1221.223318386823,
  "summary_wm_stdv": 431.4738538389309,
  "tpm_overlap_csf": 0.121272676474589,
  "tpm_overlap_gm": 0.3212134099904613,
  "tpm_overlap_wm": 0.035413775468185256,
  "wm2max": 0.8324428952646352
}