{
  "aor": 0.0032112353923205344,
  "aqi": 0.011198309115191988,
  "bids_meta": {
    "AcquisitionMatrixPE": 90,
    "AcquisitionNumber": 1,
    "AcquisitionTime": "19:38:54.050000",
    "BandwidthPerPixelPhaseEncode": 18.832,
    "BaseResolution": 90,
    "BodyPartExamined": "HEAD",
    "ConsistencyInfo": "N4_VE11C_LATEST_20160120",
    "ConversionSoftware": "dcm2niix",
    "ConversionSoftwareVersion": "v1.0.20190902",
    "DerivedVendorReportedEchoSpacing": 0.000590012,
    "DeviceSerialNumber": "67064",
    "DwellTime": 2.5e-06,
    "EchoTime": 0.033,
    "EchoTrainLength": 90,
    "EffectiveEchoSpacing": 0.000590012,
    "FlipAngle": 63,
    "ImageComments": "Unaliased_MB4_PE3_LB",
    "ImageOrientationPatientDICOM": [
      0.999901,
      -0.0140487,
      0.000233435,
      0.0125658,
      0.886676,
      -0.462221
    ],
    "ImageType": [
      "ORIGINAL",
      "PRIMARY",
      "M",
      "MB",
      "ND",
      "MOSAIC"
    ],
    "ImagingFrequency": 123.247,
    "InPlanePhaseEncodingDirectionDICOM": "COL",
    "InstitutionAddress": "Scott_Ave_4525_St._Louis_MO_US_63110",
    "InstitutionName": "Washington_University",
    "InstitutionalDepartmentName": "Department",
    "MRAcquisitionType": "2D",
    "MagneticFieldStrength": 3,
    "Manufacturer": "Siemens",
    "ManufacturersModelName": "Prisma_fit",
    "Modality": "MR",
    "MultibandAccelerationFactor": 4,
    "PartialFourier": 1,
    "PatientPosition": "HFS",
    "PercentPhaseFOV": 100,
    "PhaseEncodingDirection": "j-",
    "PhaseEncodingSteps": 90,
    "PhaseResolution": 1,
    "PixelBandwidth": 2220,
    "ProcedureStepDescription": "head_Braver",
    "ProtocolName": "tfMRI_SternBas1_AP",
    "PulseSequenceDetails": "%CustomerSeq%_cmrr_mbep2d_bold",
    "ReceiveCoilActiveElements": "HEA;HEP",
    "ReceiveCoilName": "Head_32",
    "ReconMatrixPE": 90,
    "RepetitionTime": 1.2,
    "SAR": 0.0758785,
    "ScanOptions": "FS_EXT",
    "ScanningSequence": "EP",
    "SequenceName": "epfid2d1_90",
    "SequenceVariant": "SK_SS",
    "SeriesDescription": "tfMRI_SternBas1_AP",
    "SeriesNumber": 25,
    "ShimSetting": [
      -1974,
      -11498,
      5801,
      601,
      23,
      57,
      -133,
      -41
    ],
    "SliceThickness": 2.4,
    "SliceTiming": [
      0,
      0.6275,
      0.0775,
      0.7075,
      0.1575,
      0.785,
      0.235,
      0.865,
      0.315,
      0.9425,
      0.3925,
      1.0225,
      0.4725,
      1.1,
      0.55,
      0,
      0.6275,
      0.0775,
      0.7075,
      0.1575,
      0.785,
      0.235,
      0.865,
      0.315,
      0.9425,
      0.3925,
      1.0225,
      0.4725,
      1.1,
      0.55,
      0,
      0.6275,
      0.0775,
      0.7075,
      0.1575,
      0.785,
      0.235,
      0.865,
      0.315,
      0.9425,
      0.3925,
      1.0225,
      0.4725,
      1.1,
      0.55,
      0,
      0.6275,
      0.0775,
      0.7075,
      0.1575,
      0.785,
      0.235,
      0.865,
      0.315,
      0.9425,
      0.3925,
      1.0225,
      0.4725,
      1.1,
      0.55
    ],
    "SoftwareVersions": "syngo_MR_E11",
    "SpacingBetweenSlices": 2.4,
    "StationName": "MRC35177",
    "TaskName": "Stern",
    "TotalReadoutTime": 0.0525111,
    "TxRefAmp": 237.399,
    "VendorReportedEchoSpacing": 0.00059,
    "WipMemBlock": "cbb28d26-db4c-4b34-89ce-f47ddf7bbc9d||Sequence: R016 ve11c/master r/e634e98; Dec 19 2017 11:00:25 by eja",
    "acq_id": "mb4AP",
    "dataset": "ds003465",
    "modality": "bold",
    "run_id": 1,
    "session_id": "wave1bas",
    "subject_id": "f1342ku",
    "task_id": "Stern"
  },
  "dummy_trs": 1,
  "dvars_nstd": 36.52791691779266,
  "dvars_std": 1.064312789464882,
  "dvars_vstd": 0.9525068988963216,
  "efc": 0.5222179912010951,
  "fber": 779.0878295898438,
  "fd_mean": 0.19313610976118312,
  "fd_num": 119,
  "fd_perc": 19.86644407345576,
  "fwhm_avg": 2.78911784758421,
  "fwhm_x": 2.5602415649318075,
  "fwhm_y": 2.873529052482881,
  "fwhm_z": 2.9335829253379413,
  "gcor": 0.0248735,
  "gsr_x": -0.003672671038657427,
  "gsr_y": 0.07639051228761673,
  "provenance": {
    "md5sum": "4b37ef7a3c03c8f5f7f0bbf1d024b554",
    "settings": {
      "fd_thres": 0.2,
      "testing": false
    },
    "software": "mriqc",
    "version": "22.0.6",
    "webapi_port": null,
    "webapi_url": "https://mriqc.nimh.nih.gov/api/v1"
  },
  "size_t": 599,
  "size_x": 90,
  "size_y": 90,
  "size_z": 60,
  "snr": 2.9312493138846767,
  "spacing_tr": 1.2000000476837158,
  "spacing_x": 2.4000000953674316,
  "spacing_y": 2.4000000953674316,
  "spacing_z": 2.4000003337860107,
  "summary_bg_k": 36.397209967333495,
  "summary_bg_mad": 46.40371201475053,
  "summary_bg_mean": 277.6878967285156,
  "summary_bg_median": 132.834716796875,
  "summary_bg_n": 322415.0,
  "summary_bg_p05": 97.6143569946289,
  "summary_bg_p95": 978.5856018066405,
  "summary_bg_stdv": 397.7828063964844,
  "summary_fg_k": 1.7275573845247338,
  "summary_fg_mad": 1188.962641761778,
  "summary_fg_mean": 4000.84619140625,
  "summary_fg_median": 3780.6142578125,
  "summary_fg_n": 86481.0,
  "summary_fg_p05": 2317.0966796875,
  "summary_fg_p95": 6357.9482421875,
  "summary_fg_stdv": 1289.754638671875,
  "tsnr": 33.357507200795226
}