{
  "aor": 0.0026282896764252698,
  "aqi": 0.013170813328197226,
  "bids_meta": {
    "AcquisitionMatrixPE": 90,
    "AcquisitionNumber": 1,
    "AcquisitionTime": "20:11:41.707500",
    "BandwidthPerPixelPhaseEncode": 18.832,
    "BaseResolution": 90,
    "BodyPartExamined": "HEAD",
    "ConsistencyInfo": "N4_VE11C_LATEST_20160120",
    "ConversionSoftware": "dcm2niix",
    "ConversionSoftwareVersion": "v1.0.20190902",
    "DerivedVendorReportedEchoSpacing": 0.000590012,
    "DeviceSerialNumber": "67064",
    "DwellTime": 2.5e-06,
    "EchoTime": 0.033,
    "EchoTrainLength": 90,
    "EffectiveEchoSpacing": 0.000590012,
    "FlipAngle": 63,
    "ImageComments": "Unaliased_MB4_PE3_LB",
    "ImageOrientationPatientDICOM": [
      0.999901,
      -0.0140487,
      0.000233435,
      0.0125658,
      0.886676,
      -0.462221
    ],
    "ImageType": [
      "ORIGINAL",
      "PRIMARY",
      "M",
      "MB",
      "ND",
      "MOSAIC"
    ],
    "ImagingFrequency": 123.247,
    "InPlanePhaseEncodingDirectionDICOM": "COL",
    "InstitutionAddress": "Scott_Ave_4525_St._Louis_MO_US_63110",
    "InstitutionName": "Washington_University",
    "InstitutionalDepartmentName": "Department",
    "MRAcquisitionType": "2D",
    "MagneticFieldStrength": 3,
    "Manufacturer": "Siemens",
    "ManufacturersModelName": "Prisma_fit",
    "Modality": "MR",
    "MultibandAccelerationFactor": 4,
    "PartialFourier": 1,
    "PatientPosition": "HFS",
    "PercentPhaseFOV": 100,
    "PhaseEncodingDirection": "j-",
    "PhaseEncodingSteps": 90,
    "PhaseResolution": 1,
    "PixelBandwidth": 2220,
    "ProcedureStepDescription": "head_Braver",
    "ProtocolName": "tfMRI_CuedtsBas1_AP",
    "PulseSequenceDetails": "%CustomerSeq%_cmrr_mbep2d_bold",
    "ReceiveCoilActiveElements": "HEA;HEP",
    "ReceiveCoilName": "Head_32",
    "ReconMatrixPE": 90,
    "RepetitionTime": 1.2,
    "SAR": 0.0759014,
    "ScanOptions": "FS_EXT",
    "ScanningSequence": "EP",
    "SequenceName": "epfid2d1_90",
    "SequenceVariant": "SK_SS",
    "SeriesDescription": "tfMRI_CuedtsBas1_AP",
    "SeriesNumber": 34,
    "ShimSetting": [
      -1974,
      -11498,
      5801,
      601,
      23,
      57,
      -133,
      -41
    ],
    "SliceThickness": 2.4,
    "SliceTiming": [
      0,
      0.6275,
      0.0775,
      0.7075,
      0.1575,
      0.785,
      0.235,
      0.865,
      0.3125,
      0.9425,
      0.3925,
      1.0225,
      0.47,
      1.1,
      0.55,
      0,
      0.6275,
      0.0775,
      0.7075,
      0.1575,
      0.785,
      0.235,
      0.865,
      0.3125,
      0.9425,
      0.3925,
      1.0225,
      0.47,
      1.1,
      0.55,
      0,
      0.6275,
      0.0775,
      0.7075,
      0.1575,
      0.785,
      0.235,
      0.865,
      0.3125,
      0.9425,
      0.3925,
      1.0225,
      0.47,
      1.1,
      0.55,
      0,
      0.6275,
      0.0775,
      0.7075,
      0.1575,
      0.785,
      0.235,
      0.865,
      0.3125,
      0.9425,
      0.3925,
      1.0225,
      0.47,
      1.1,
      0.55
    ],
    "SoftwareVersions": "syngo_MR_E11",
    "SpacingBetweenSlices": 2.4,
    "StationName": "MRC35177",
    "TaskName": "Cuedts",
    "TotalReadoutTime": 0.0525111,
    "TxRefAmp": 237.399,
    "VendorReportedEchoSpacing": 0.00059,
    "WipMemBlock": "ead1edd2-3436-45e2-b1c1-0ec860144bd1||Sequence: R016 ve11c/master r/e634e98; Dec 19 2017 11:00:25 by eja",
    "acq_id": "mb4AP",
    "dataset": "ds003465",
    "modality": "bold",
    "run_id": 1,
    "session_id": "wave1bas",
    "subject_id": "f1342ku",
    "task_id": "Cuedts"
  },
  "dummy_trs": 1,
  "dvars_nstd": 42.823943950478366,
  "dvars_std": 1.20842852257716,
  "dvars_vstd": 0.9779407308333332,
  "efc": 0.5252823305184412,
  "fber": 761.1814575195312,
  "fd_mean": 0.23680472939588113,
  "fd_num": 290,
  "fd_perc": 44.68412942989214,
  "fwhm_avg": 2.763041460384119,
  "fwhm_x": 2.529666566146749,
  "fwhm_y": 2.845583220260015,
  "fwhm_z": 2.913874594745593,
  "gcor": 0.0168154,
  "gsr_x": -0.0019372508395463228,
  "gsr_y": 0.0857042521238327,
  "provenance": {
    "md5sum": "54b11f56fde62d4e35b39ed4be0ce9e9",
    "settings": {
      "fd_thres": 0.2,
      "testing": false
    },
    "software": "mriqc",
    "version": "22.0.6",
    "webapi_port": null,
    "webapi_url": "https://mriqc.nimh.nih.gov/api/v1"
  },
  "size_t": 649,
  "size_x": 90,
  "size_y": 90,
  "size_z": 60,
  "snr": 2.8994226047197285,
  "spacing_tr": 1.2000000476837158,
  "spacing_x": 2.4000000953674316,
  "spacing_y": 2.4000000953674316,
  "spacing_z": 2.4000003337860107,
  "summary_bg_k": 36.7683974215572,
  "summary_bg_mad": 46.237084410984615,
  "summary_bg_mean": 277.79052734375,
  "summary_bg_median": 131.40061950683594,
  "summary_bg_n": 321258.0,
  "summary_bg_p05": 95.57319641113281,
  "summary_bg_p95": 984.336862182617,
  "summary_bg_stdv": 398.0334167480469,
  "summary_fg_k": 1.5597650086943737,
  "summary_fg_mad": 1165.8713655829556,
  "summary_fg_mean": 3894.37841796875,
  "summary_fg_median": 3682.763671875,
  "summary_fg_n": 88006.0,
  "summary_fg_p05": 2231.0974731445312,
  "summary_fg_p95": 6231.89794921875,
  "summary_fg_stdv": 1270.1641845703125,
  "tsnr": 32.5723797918763
}