{
  "bids_meta": {
    "AcquisitionMatrixPE": 300,
    "AcquisitionNumber": 1,
    "AcquisitionTime": "13:14:9.255000",
    "BaseResolution": 320,
    "BodyPartExamined": "HEAD",
    "ConsistencyInfo": "N4_VE11C_LATEST_20160120",
    "ConversionSoftware": "dcm2niix",
    "ConversionSoftwareVersion": "v1.0.20190902",
    "DeviceSerialNumber": "67064",
    "DwellTime": 7.1e-06,
    "EchoTime": 0.00222,
    "FlipAngle": 8,
    "ImageOrientationPatientDICOM": [
      0.0250022,
      0.999606,
      -0.0127405,
      0.00307162,
      -0.0128212,
      -0.999913
    ],
    "ImageType": [
      "ORIGINAL",
      "PRIMARY",
      "M",
      "ND"
    ],
    "ImagingFrequency": 123.247,
    "InPlanePhaseEncodingDirectionDICOM": "ROW",
    "InstitutionAddress": "Scott_Ave_4525_St._Louis_MO_US_63110",
    "InstitutionName": "Washington_University",
    "InstitutionalDepartmentName": "Department",
    "InversionTime": 1,
    "MRAcquisitionType": "3D",
    "MagneticFieldStrength": 3,
    "Manufacturer": "Siemens",
    "ManufacturersModelName": "Prisma_fit",
    "Modality": "MR",
    "ParallelReductionFactorInPlane": 2,
    "PartialFourier": 1,
    "PatientPosition": "HFS",
    "PercentPhaseFOV": 93.75,
    "PhaseEncodingSteps": 299,
    "PhaseResolution": 1,
    "PixelBandwidth": 220,
    "ProcedureStepDescription": "head_Braver",
    "ProtocolName": "T1w_MPR",
    "PulseSequenceDetails": "%SiemensSeq%_tfl",
    "ReceiveCoilActiveElements": "HEA;HEP",
    "ReceiveCoilName": "Head_32",
    "ReconMatrixPE": 300,
    "RefLinesPE": 32,
    "RepetitionTime": 2.4,
    "SAR": 0.0534164,
    "ScanOptions": "IR_WE",
    "ScanningSequence": "GR_IR",
    "SequenceName": "_tfl3d1_16ns",
    "SequenceVariant": "SK_SP_MP",
    "SeriesDescription": "T1w_MPR",
    "SeriesNumber": 11,
    "ShimSetting": [
      -1989,
      -11413,
      5788,
      677,
      147,
      361,
      82,
      -75
    ],
    "SliceThickness": 0.8,
    "SoftwareVersions": "syngo_MR_E11",
    "StationName": "MRC35177",
    "TxRefAmp": 229.966,
    "dataset": "ds003465",
    "modality": "T1w",
    "session_id": "wave1rea",
    "subject_id": "f4831tn"
  },
  "cjv": 0.47692589078994563,
  "cnr": 2.888139520559271,
  "efc": 0.5164789671152155,
  "fber": 22411.990992693376,
  "fwhm_avg": 5.254645883485682,
  "fwhm_x": 5.1721878082864166,
  "fwhm_y": 5.152874923216181,
  "fwhm_z": 5.438874918954448,
  "icvs_csf": 0.19834195131183718,
  "icvs_gm": 0.388183588126291,
  "icvs_wm": 0.4134744605618718,
  "inu_med": 0.9065083861351013,
  "inu_range": 0.8863438844680787,
  "provenance": {
    "md5sum": "39b2595a06e0d11f760d96488dab03e9",
    "settings": {
      "testing": false
    },
    "software": "mriqc",
    "version": "22.0.6",
    "warnings": {
      "large_rot_frame": true,
      "small_air_mask": false
    },
    "webapi_port": null,
    "webapi_url": "https://mriqc.nimh.nih.gov/api/v1"
  },
  "qi_1": 0.0,
  "qi_2": 0.0012599353631066428,
  "rpve_csf": 26.661892164103943,
  "rpve_gm": 13.329356877023914,
  "rpve_wm": 14.551739089535479,
  "size_x": 208,
  "size_y": 300,
  "size_z": 320,
  "snr_csf": 2.9648304711342286,
  "snr_gm": 12.861825994952499,
  "snr_total": 10.912215539219126,
  "snr_wm": 16.909990151570653,
  "snrd_csf": 18.441727056613754,
  "snrd_gm": 47.36758072999988,
  "snrd_total": 42.790644578040606,
  "snrd_wm": 62.56262594750818,
  "spacing_x": 0.7999999523162842,
  "spacing_y": 0.800000011920929,
  "spacing_z": 0.800000011920929,
  "summary_bg_k": 7.632446959604703,
  "summary_bg_mad": 0.0,
  "summary_bg_mean": 7.202500866768488,
  "summary_bg_median": 0.0,
  "summary_bg_n": 6991593.0,
  "summary_bg_p05": 0.0,
  "summary_bg_p95": 28.91345089673996,
  "summary_bg_stdv": 10.472490602465117,
  "summary_csf_k": 1.9115130942893312,
  "summary_csf_mad": 70.99162347630639,
  "summary_csf_mean": 303.0894708424522,
  "summary_csf_median": 294.7948141694069,
  "summary_csf_n": 104471.0,
  "summary_csf_p05": 142.0430643260479,
  "summary_csf_p95": 484.98871801793575,
  "summary_csf_stdv": 99.43010439993596,
  "summary_gm_k": -0.02976376897007027,
  "summary_gm_mad": 59.651108543989075,
  "summary_gm_mean": 758.0745203346456,
  "summary_gm_median": 757.1805566847324,
  "summary_gm_n": 61976.0,
  "summary_gm_p05": 663.0206147432327,
  "summary_gm_p95": 855.5857275277376,
  "summary_gm_stdv": 58.869902943624226,
  "summary_wm_k": 0.3646179540111145,
  "summary_wm_mad": 56.1922514896323,
  "summary_wm_mean": 1006.7776768803216,
  "summary_wm_median": 1000.0764914005995,
  "summary_wm_n": 455783.0,
  "summary_wm_p05": 921.291162237525,
  "summary_wm_p95": 1115.998012125492,
  "summary_wm_stdv": 59.14109856592223,
  "tpm_overlap_csf": 0.14728447139017944,
  "tpm_overlap_gm": 0.4396095652354747,
  "tpm_overlap_wm": 0.49788049575149074,
  "wm2max": 0.5848448927556977
}