{
  "aor": 0.001961557788944724,
  "aqi": 0.007744400854271355,
  "bids_meta": {
    "AcquisitionMatrixPE": 90,
    "AcquisitionNumber": 1,
    "AcquisitionTime": "12:47:24.950000",
    "BandwidthPerPixelPhaseEncode": 18.832,
    "BaseResolution": 90,
    "BodyPartExamined": "HEAD",
    "ConsistencyInfo": "N4_VE11C_LATEST_20160120",
    "ConversionSoftware": "dcm2niix",
    "ConversionSoftwareVersion": "v1.0.20190902",
    "DerivedVendorReportedEchoSpacing": 0.000590012,
    "DeviceSerialNumber": "67064",
    "DwellTime": 2.5e-06,
    "EchoTime": 0.033,
    "EchoTrainLength": 90,
    "EffectiveEchoSpacing": 0.000590012,
    "FlipAngle": 63,
    "ImageComments": "Unaliased_MB4_PE3_LB",
    "ImageOrientationPatientDICOM": [
      0.996056,
      0.0884118,
      0.00752478,
      -0.0813657,
      0.94391,
      -0.320021
    ],
    "ImageType": [
      "ORIGINAL",
      "PRIMARY",
      "M",
      "MB",
      "ND",
      "MOSAIC"
    ],
    "ImagingFrequency": 123.247,
    "InPlanePhaseEncodingDirectionDICOM": "COL",
    "InstitutionAddress": "Scott_Ave_4525_St._Louis_MO_US_63110",
    "InstitutionName": "washington_university",
    "InstitutionalDepartmentName": "Department",
    "MRAcquisitionType": "2D",
    "MagneticFieldStrength": 3,
    "Manufacturer": "Siemens",
    "ManufacturersModelName": "Prisma_fit",
    "Modality": "MR",
    "MultibandAccelerationFactor": 4,
    "PartialFourier": 1,
    "PatientPosition": "HFS",
    "PercentPhaseFOV": 100,
    "PhaseEncodingDirection": "j-",
    "PhaseEncodingSteps": 90,
    "PhaseResolution": 1,
    "PixelBandwidth": 2220,
    "ProcedureStepDescription": "head_Braver",
    "ProtocolName": "tfMRI_SternBas1_AP",
    "PulseSequenceDetails": "%CustomerSeq%_cmrr_mbep2d_bold",
    "ReceiveCoilActiveElements": "HEA;HEP",
    "ReceiveCoilName": "Head_32",
    "ReconMatrixPE": 90,
    "RepetitionTime": 1.2,
    "SAR": 0.0687546,
    "ScanOptions": "FS_EXT",
    "ScanningSequence": "EP",
    "SequenceName": "epfid2d1_90",
    "SequenceVariant": "SK_SS",
    "SeriesDescription": "tfMRI_SternBas1_AP",
    "SeriesNumber": 22,
    "ShimSetting": [
      -2004,
      -11501,
      5862,
      569,
      40,
      202,
      27,
      -13
    ],
    "SliceThickness": 2.4,
    "SliceTiming": [
      0,
      0.63,
      0.08,
      0.7075,
      0.1575,
      0.7875,
      0.2375,
      0.865,
      0.315,
      0.945,
      0.3925,
      1.0225,
      0.4725,
      1.1025,
      0.55,
      0,
      0.63,
      0.08,
      0.7075,
      0.1575,
      0.7875,
      0.2375,
      0.865,
      0.315,
      0.945,
      0.3925,
      1.0225,
      0.4725,
      1.1025,
      0.55,
      0,
      0.63,
      0.08,
      0.7075,
      0.1575,
      0.7875,
      0.2375,
      0.865,
      0.315,
      0.945,
      0.3925,
      1.0225,
      0.4725,
      1.1025,
      0.55,
      0,
      0.63,
      0.08,
      0.7075,
      0.1575,
      0.7875,
      0.2375,
      0.865,
      0.315,
      0.945,
      0.3925,
      1.0225,
      0.4725,
      1.1025,
      0.55
    ],
    "SoftwareVersions": "syngo_MR_E11",
    "SpacingBetweenSlices": 2.4,
    "StationName": "MRC35177",
    "TaskName": "Stern",
    "TotalReadoutTime": 0.0525111,
    "TxRefAmp": 231.701,
    "VendorReportedEchoSpacing": 0.00059,
    "WipMemBlock": "e3451a04-3155-422a-87ff-d16a29e6707c||Sequence: ve11c/master r/068cfa9; Jul 21 2016 14:39:26 by eja",
    "acq_id": "mb4AP",
    "dataset": "ds003465",
    "modality": "bold",
    "run_id": 1,
    "session_id": "wave1bas",
    "subject_id": "f8710qa",
    "task_id": "Stern"
  },
  "dummy_trs": 3,
  "dvars_nstd": 34.399732522550345,
  "dvars_std": 1.198771711342282,
  "dvars_vstd": 1.000490280167785,
  "efc": 0.5007657437944283,
  "fber": 934.0162353515625,
  "fd_mean": 0.22374487263780543,
  "fd_num": 322,
  "fd_perc": 53.93634840871022,
  "fwhm_avg": 2.7803110957900192,
  "fwhm_x": 2.6246415623727817,
  "fwhm_y": 2.842599887045229,
  "fwhm_z": 2.8736918379520477,
  "gcor": 0.00709243,
  "gsr_x": -0.029653219506144524,
  "gsr_y": 0.0893855169415474,
  "provenance": {
    "md5sum": "21cf0b4f9224f7ba83e7e5668e5992c5",
    "settings": {
      "fd_thres": 0.2,
      "testing": false
    },
    "software": "mriqc",
    "version": "22.0.6",
    "webapi_port": null,
    "webapi_url": "https://mriqc.nimh.nih.gov/api/v1"
  },
  "size_t": 597,
  "size_x": 90,
  "size_y": 90,
  "size_z": 60,
  "snr": 2.786501738639967,
  "spacing_tr": 1.2000000476837158,
  "spacing_x": 2.4000000953674316,
  "spacing_y": 2.4000000953674316,
  "spacing_z": 2.3999998569488525,
  "summary_bg_k": 37.784685246246084,
  "summary_bg_mad": 43.467306293317904,
  "summary_bg_mean": 295.34912109375,
  "summary_bg_median": 129.5577850341797,
  "summary_bg_n": 332695.0,
  "summary_bg_p05": 92.57286071777344,
  "summary_bg_p95": 1128.3827514648435,
  "summary_bg_stdv": 471.4116516113281,
  "summary_fg_k": 1.7151424245527336,
  "summary_fg_mad": 1256.1691161549352,
  "summary_fg_mean": 4340.9638671875,
  "summary_fg_median": 4061.693359375,
  "summary_fg_n": 78394.0,
  "summary_fg_p05": 2510.1989624023436,
  "summary_fg_p95": 7162.464233398436,
  "summary_fg_stdv": 1457.6224365234375,
  "tsnr": 42.77029437990859
}