{
  "aor": 0.0026397962962962963,
  "aqi": 0.00874324237037037,
  "bids_meta": {
    "AcquisitionMatrixPE": 90,
    "AcquisitionNumber": 1,
    "AcquisitionTime": "13:36:16.450000",
    "BandwidthPerPixelPhaseEncode": 18.832,
    "BaseResolution": 90,
    "BodyPartExamined": "HEAD",
    "ConsistencyInfo": "N4_VE11C_LATEST_20160120",
    "ConversionSoftware": "dcm2niix",
    "ConversionSoftwareVersion": "v1.0.20190902",
    "DerivedVendorReportedEchoSpacing": 0.000590012,
    "DeviceSerialNumber": "67064",
    "DwellTime": 2.5e-06,
    "EchoTime": 0.033,
    "EchoTrainLength": 90,
    "EffectiveEchoSpacing": 0.000590012,
    "FlipAngle": 63,
    "ImageComments": "Unaliased_MB4_PE3_LB",
    "ImageOrientationPatientDICOM": [
      0.996056,
      0.0884118,
      0.00752478,
      -0.0813657,
      0.94391,
      -0.320021
    ],
    "ImageType": [
      "ORIGINAL",
      "PRIMARY",
      "M",
      "MB",
      "ND",
      "MOSAIC"
    ],
    "ImagingFrequency": 123.247,
    "InPlanePhaseEncodingDirectionDICOM": "COL",
    "InstitutionAddress": "Scott_Ave_4525_St._Louis_MO_US_63110",
    "InstitutionName": "washington_university",
    "InstitutionalDepartmentName": "Department",
    "MRAcquisitionType": "2D",
    "MagneticFieldStrength": 3,
    "Manufacturer": "Siemens",
    "ManufacturersModelName": "Prisma_fit",
    "Modality": "MR",
    "MultibandAccelerationFactor": 4,
    "PartialFourier": 1,
    "PatientPosition": "HFS",
    "PercentPhaseFOV": 100,
    "PhaseEncodingDirection": "j",
    "PhaseEncodingSteps": 90,
    "PhaseResolution": 1,
    "PixelBandwidth": 2220,
    "ProcedureStepDescription": "head_Braver",
    "ProtocolName": "tfMRI_StroopBas2_PA",
    "PulseSequenceDetails": "%CustomerSeq%_cmrr_mbep2d_bold",
    "ReceiveCoilActiveElements": "HEA;HEP",
    "ReceiveCoilName": "Head_32",
    "ReconMatrixPE": 90,
    "RepetitionTime": 1.2,
    "SAR": 0.0687247,
    "ScanOptions": "FS_EXT",
    "ScanningSequence": "EP",
    "SequenceName": "epfid2d1_90",
    "SequenceVariant": "SK_SS",
    "SeriesDescription": "tfMRI_StroopBas2_PA",
    "SeriesNumber": 32,
    "ShimSetting": [
      -2004,
      -11501,
      5862,
      569,
      40,
      202,
      27,
      -13
    ],
    "SliceThickness": 2.4,
    "SliceTiming": [
      0,
      0.63,
      0.0775,
      0.7075,
      0.1575,
      0.7875,
      0.235,
      0.865,
      0.315,
      0.945,
      0.3925,
      1.0225,
      0.4725,
      1.1025,
      0.55,
      0,
      0.63,
      0.0775,
      0.7075,
      0.1575,
      0.7875,
      0.235,
      0.865,
      0.315,
      0.945,
      0.3925,
      1.0225,
      0.4725,
      1.1025,
      0.55,
      0,
      0.63,
      0.0775,
      0.7075,
      0.1575,
      0.7875,
      0.235,
      0.865,
      0.315,
      0.945,
      0.3925,
      1.0225,
      0.4725,
      1.1025,
      0.55,
      0,
      0.63,
      0.0775,
      0.7075,
      0.1575,
      0.7875,
      0.235,
      0.865,
      0.315,
      0.945,
      0.3925,
      1.0225,
      0.4725,
      1.1025,
      0.55
    ],
    "SoftwareVersions": "syngo_MR_E11",
    "SpacingBetweenSlices": 2.4,
    "StationName": "MRC35177",
    "TaskName": "Stroop",
    "TotalReadoutTime": 0.0525111,
    "TxRefAmp": 231.701,
    "VendorReportedEchoSpacing": 0.00059,
    "WipMemBlock": "85111683-27fe-42d3-aa53-31e35882e84f||Sequence: ve11c/master r/068cfa9; Jul 21 2016 14:39:26 by eja",
    "acq_id": "mb4PA",
    "dataset": "ds003465",
    "modality": "bold",
    "run_id": 2,
    "session_id": "wave1bas",
    "subject_id": "f8710qa",
    "task_id": "Stroop"
  },
  "dummy_trs": 0,
  "dvars_nstd": 37.37130507289424,
  "dvars_std": 1.1138626146938773,
  "dvars_vstd": 1.0055027066975875,
  "efc": 0.50060976401805,
  "fber": 861.0834350585938,
  "fd_mean": 0.24251640136104188,
  "fd_num": 241,
  "fd_perc": 44.629629629629626,
  "fwhm_avg": 2.846565263636196,
  "fwhm_x": 2.7227790584731477,
  "fwhm_y": 2.8280998876214074,
  "fwhm_z": 2.988816844814033,
  "gcor": 0.015596,
  "gsr_x": -0.02805412746965885,
  "gsr_y": 0.0867532342672348,
  "provenance": {
    "md5sum": "e09de1735a0d7cc2df4267742ebd1774",
    "settings": {
      "fd_thres": 0.2,
      "testing": false
    },
    "software": "mriqc",
    "version": "22.0.6",
    "webapi_port": null,
    "webapi_url": "https://mriqc.nimh.nih.gov/api/v1"
  },
  "size_t": 540,
  "size_x": 90,
  "size_y": 90,
  "size_z": 60,
  "snr": 2.638103692811058,
  "spacing_tr": 1.2000000476837158,
  "spacing_x": 2.4000000953674316,
  "spacing_y": 2.4000000953674316,
  "spacing_z": 2.3999998569488525,
  "summary_bg_k": 49.27143302609032,
  "summary_bg_mad": 47.36090168862734,
  "summary_bg_mean": 306.52032470703125,
  "summary_bg_median": 132.45555114746094,
  "summary_bg_n": 333475.0,
  "summary_bg_p05": 91.3351821899414,
  "summary_bg_p95": 1193.1214111328122,
  "summary_bg_stdv": 491.5420227050781,
  "summary_fg_k": 1.836726816530624,
  "summary_fg_mad": 1329.3726006936492,
  "summary_fg_mean": 4264.87255859375,
  "summary_fg_median": 3979.50927734375,
  "summary_fg_n": 76105.0,
  "summary_fg_p05": 2357.60283203125,
  "summary_fg_p95": 7099.274023437501,
  "summary_fg_stdv": 1508.4635009765625,
  "tsnr": 38.116703723790124
}