{
  "aor": 0.0023508703703703704,
  "aqi": 0.007655027592592593,
  "bids_meta": {
    "AcquisitionMatrixPE": 90,
    "AcquisitionNumber": 1,
    "AcquisitionTime": "17:15:32.142500",
    "BandwidthPerPixelPhaseEncode": 18.832,
    "BaseResolution": 90,
    "BodyPartExamined": "HEAD",
    "ConsistencyInfo": "N4_VE11B_LATEST_20150530",
    "ConversionSoftware": "dcm2niix",
    "ConversionSoftwareVersion": "v1.0.20190902",
    "DerivedVendorReportedEchoSpacing": 0.000590012,
    "DeviceSerialNumber": "67064",
    "DwellTime": 2.5e-06,
    "EchoTime": 0.033,
    "EchoTrainLength": 90,
    "EffectiveEchoSpacing": 0.000590012,
    "FlipAngle": 63,
    "ImageComments": "Unaliased_MB4_PE3_LB",
    "ImageOrientationPatientDICOM": [
      0.999764,
      -0.0212812,
      0.00440296,
      0.0214658,
      0.935428,
      -0.352864
    ],
    "ImageType": [
      "ORIGINAL",
      "PRIMARY",
      "M",
      "MB",
      "ND",
      "MOSAIC"
    ],
    "ImagingFrequency": 123.247,
    "InPlanePhaseEncodingDirectionDICOM": "COL",
    "InstitutionAddress": "Scott_Ave_4525_St._Louis_MO_US_63110",
    "InstitutionName": "Washington_University",
    "InstitutionalDepartmentName": "Department",
    "MRAcquisitionType": "2D",
    "MagneticFieldStrength": 3,
    "Manufacturer": "Siemens",
    "ManufacturersModelName": "Prisma_fit",
    "Modality": "MR",
    "MultibandAccelerationFactor": 4,
    "PartialFourier": 1,
    "PatientPosition": "HFS",
    "PercentPhaseFOV": 100,
    "PhaseEncodingDirection": "j-",
    "PhaseEncodingSteps": 90,
    "PhaseResolution": 1,
    "PixelBandwidth": 2220,
    "ProcedureStepDescription": "head_Braver",
    "ProtocolName": "tfMRI_StroopBas1_AP",
    "PulseSequenceDetails": "%CustomerSeq%_cmrr_mbep2d_bold",
    "ReceiveCoilActiveElements": "HEA;HEP",
    "ReceiveCoilName": "Head_32",
    "ReconMatrixPE": 90,
    "RepetitionTime": 1.2,
    "SAR": 0.0776127,
    "ScanOptions": "FS_EXT",
    "ScanningSequence": "EP",
    "SequenceName": "epfid2d1_90",
    "SequenceVariant": "SK_SS",
    "SeriesDescription": "tfMRI_StroopBas1_AP",
    "SeriesNumber": 24,
    "ShimSetting": [
      -2002,
      -11492,
      5845,
      500,
      73,
      236,
      139,
      -32
    ],
    "SliceThickness": 2.4,
    "SliceTiming": [
      0,
      0.63,
      0.08,
      0.71,
      0.1575,
      0.7875,
      0.2375,
      0.865,
      0.315,
      0.945,
      0.395,
      1.0225,
      0.4725,
      1.1025,
      0.5525,
      0,
      0.63,
      0.08,
      0.71,
      0.1575,
      0.7875,
      0.2375,
      0.865,
      0.315,
      0.945,
      0.395,
      1.0225,
      0.4725,
      1.1025,
      0.5525,
      0,
      0.63,
      0.08,
      0.71,
      0.1575,
      0.7875,
      0.2375,
      0.865,
      0.315,
      0.945,
      0.395,
      1.0225,
      0.4725,
      1.1025,
      0.5525,
      0,
      0.63,
      0.08,
      0.71,
      0.1575,
      0.7875,
      0.2375,
      0.865,
      0.315,
      0.945,
      0.395,
      1.0225,
      0.4725,
      1.1025,
      0.5525
    ],
    "SoftwareVersions": "syngo_MR_E11",
    "SpacingBetweenSlices": 2.4,
    "StationName": "MRC35177",
    "TaskName": "Stroop",
    "TotalReadoutTime": 0.0525111,
    "TxRefAmp": 246.701,
    "VendorReportedEchoSpacing": 0.00059,
    "WipMemBlock": "7c9a9afd-a0de-4da4-882f-a86fb687f680||Sequence: ve11b/master r/93e61f0; Jul 21 2016 00:18:29 by eja",
    "acq_id": "mb4AP",
    "dataset": "ds003465",
    "modality": "bold",
    "run_id": 1,
    "session_id": "wave1bas",
    "subject_id": "f1659oa",
    "task_id": "Stroop"
  },
  "dummy_trs": 0,
  "dvars_nstd": 34.1548215022078,
  "dvars_std": 1.1336388030426714,
  "dvars_vstd": 1.0109191237105752,
  "efc": 0.5369239528063816,
  "fber": 718.8235473632812,
  "fd_mean": 0.19539274551203453,
  "fd_num": 236,
  "fd_perc": 43.7037037037037,
  "fwhm_avg": 2.6840846155662823,
  "fwhm_x": 2.5388290657826635,
  "fwhm_y": 2.8146248881568554,
  "fwhm_z": 2.6987998927593275,
  "gcor": 0.0340042,
  "gsr_x": -0.020520787686109543,
  "gsr_y": 0.11054446548223495,
  "provenance": {
    "md5sum": "875e68a0e2af5d82962df5395609d379",
    "settings": {
      "fd_thres": 0.2,
      "testing": false
    },
    "software": "mriqc",
    "version": "22.0.6",
    "webapi_port": null,
    "webapi_url": "https://mriqc.nimh.nih.gov/api/v1"
  },
  "size_t": 540,
  "size_x": 90,
  "size_y": 90,
  "size_z": 60,
  "snr": 2.8169327358386687,
  "spacing_tr": 1.2000000476837158,
  "spacing_x": 2.4000000953674316,
  "spacing_y": 2.4000000953674316,
  "spacing_z": 2.4000000953674316,
  "summary_bg_k": 27.55190346542909,
  "summary_bg_mad": 58.5298263359218,
  "summary_bg_mean": 368.4389953613281,
  "summary_bg_median": 145.53518676757812,
  "summary_bg_n": 320139.0,
  "summary_bg_p05": 101.68129501342774,
  "summary_bg_p95": 1528.565185546875,
  "summary_bg_stdv": 586.0270385742188,
  "summary_fg_k": 1.1348332149840816,
  "summary_fg_mad": 1280.9654210813821,
  "summary_fg_mean": 4251.75927734375,
  "summary_fg_median": 4003.57958984375,
  "summary_fg_n": 87493.0,
  "summary_fg_p05": 2408.57373046875,
  "summary_fg_p95": 6982.553906249998,
  "summary_fg_stdv": 1421.246826171875,
  "tsnr": 39.57610794575885
}