{
  "aor": 0.0026849180327868853,
  "aqi": 0.00728521768852459,
  "bids_meta": {
    "AcquisitionMatrixPE": 90,
    "AcquisitionNumber": 1,
    "AcquisitionTime": "18:47:46.937500",
    "BandwidthPerPixelPhaseEncode": 18.832,
    "BaseResolution": 90,
    "BodyPartExamined": "HEAD",
    "ConsistencyInfo": "N4_VE11B_LATEST_20150530",
    "ConversionSoftware": "dcm2niix",
    "ConversionSoftwareVersion": "v1.0.20190902",
    "DerivedVendorReportedEchoSpacing": 0.000590012,
    "DeviceSerialNumber": "67064",
    "DwellTime": 2.5e-06,
    "EchoTime": 0.033,
    "EchoTrainLength": 90,
    "EffectiveEchoSpacing": 0.000590012,
    "FlipAngle": 63,
    "ImageComments": "Unaliased_MB4_PE3_LB",
    "ImageOrientationPatientDICOM": [
      0.99977,
      -0.00870531,
      0.0196038,
      0.0150075,
      0.93688,
      -0.34933
    ],
    "ImageType": [
      "ORIGINAL",
      "PRIMARY",
      "M",
      "MB",
      "ND",
      "MOSAIC"
    ],
    "ImagingFrequency": 123.247,
    "InPlanePhaseEncodingDirectionDICOM": "COL",
    "InstitutionAddress": "Scott_Ave_4525_St._Louis_MO_US_63110",
    "InstitutionName": "Washington_University",
    "InstitutionalDepartmentName": "Department",
    "MRAcquisitionType": "2D",
    "MagneticFieldStrength": 3,
    "Manufacturer": "Siemens",
    "ManufacturersModelName": "Prisma_fit",
    "Modality": "MR",
    "MultibandAccelerationFactor": 4,
    "PartialFourier": 1,
    "PatientPosition": "HFS",
    "PercentPhaseFOV": 100,
    "PhaseEncodingDirection": "j",
    "PhaseEncodingSteps": 90,
    "PhaseResolution": 1,
    "PixelBandwidth": 2220,
    "ProcedureStepDescription": "head_Braver",
    "ProtocolName": "tfMRI_AxcptBas2_PA",
    "PulseSequenceDetails": "%CustomerSeq%_cmrr_mbep2d_bold",
    "ReceiveCoilActiveElements": "HEA;HEP",
    "ReceiveCoilName": "Head_32",
    "ReconMatrixPE": 90,
    "RepetitionTime": 1.2,
    "SAR": 0.0810742,
    "ScanOptions": "FS_EXT",
    "ScanningSequence": "EP",
    "SequenceName": "epfid2d1_90",
    "SequenceVariant": "SK_SS",
    "SeriesDescription": "tfMRI_AxcptBas2_PA",
    "SeriesNumber": 46,
    "ShimSetting": [
      -1998,
      -11485,
      5852,
      453,
      42,
      206,
      150,
      -21
    ],
    "SliceThickness": 2.4,
    "SliceTiming": [
      0,
      0.6275,
      0.0775,
      0.7075,
      0.1575,
      0.785,
      0.235,
      0.865,
      0.315,
      0.9425,
      0.3925,
      1.0225,
      0.4725,
      1.1,
      0.55,
      0,
      0.6275,
      0.0775,
      0.7075,
      0.1575,
      0.785,
      0.235,
      0.865,
      0.315,
      0.9425,
      0.3925,
      1.0225,
      0.4725,
      1.1,
      0.55,
      0,
      0.6275,
      0.0775,
      0.7075,
      0.1575,
      0.785,
      0.235,
      0.865,
      0.315,
      0.9425,
      0.3925,
      1.0225,
      0.4725,
      1.1,
      0.55,
      0,
      0.6275,
      0.0775,
      0.7075,
      0.1575,
      0.785,
      0.235,
      0.865,
      0.315,
      0.9425,
      0.3925,
      1.0225,
      0.4725,
      1.1,
      0.55
    ],
    "SoftwareVersions": "syngo_MR_E11",
    "SpacingBetweenSlices": 2.4,
    "StationName": "MRC35177",
    "TaskName": "Axcpt",
    "TotalReadoutTime": 0.0525111,
    "TxRefAmp": 249.319,
    "VendorReportedEchoSpacing": 0.00059,
    "WipMemBlock": "bda65b57-ae30-4eb9-8245-fd5426cc335a||Sequence: ve11b/master r/93e61f0; Jul 21 2016 00:18:29 by eja",
    "acq_id": "mb4PA",
    "dataset": "ds003465",
    "modality": "bold",
    "run_id": 2,
    "session_id": "wave1bas",
    "subject_id": "f1659oa",
    "task_id": "Axcpt"
  },
  "dummy_trs": 0,
  "dvars_nstd": 27.595192892019707,
  "dvars_std": 1.0733086747126435,
  "dvars_vstd": 0.9953853464039412,
  "efc": 0.530335732930652,
  "fber": 708.9940795898438,
  "fd_mean": 0.13426406464074148,
  "fd_num": 103,
  "fd_perc": 16.885245901639344,
  "fwhm_avg": 2.8427859981489445,
  "fwhm_x": 2.695758226213526,
  "fwhm_y": 2.9107248843381845,
  "fwhm_z": 2.9218748838951236,
  "gcor": 0.0190348,
  "gsr_x": -0.019012516364455223,
  "gsr_y": 0.1014506071805954,
  "provenance": {
    "md5sum": "a4dba605db2839b609b22255e709244f",
    "settings": {
      "fd_thres": 0.2,
      "testing": false
    },
    "software": "mriqc",
    "version": "22.0.6",
    "webapi_port": null,
    "webapi_url": "https://mriqc.nimh.nih.gov/api/v1"
  },
  "size_t": 610,
  "size_x": 90,
  "size_y": 90,
  "size_z": 60,
  "snr": 2.4689376485012744,
  "spacing_tr": 1.2000000476837158,
  "spacing_x": 2.4000000953674316,
  "spacing_y": 2.4000000953674316,
  "spacing_z": 2.4000000953674316,
  "summary_bg_k": 24.767974069774368,
  "summary_bg_mad": 67.54832623220508,
  "summary_bg_mean": 406.7366027832031,
  "summary_bg_median": 155.19508361816406,
  "summary_bg_n": 322163.0,
  "summary_bg_p05": 103.67213439941406,
  "summary_bg_p95": 1750.3890502929678,
  "summary_bg_stdv": 646.9760131835938,
  "summary_fg_k": 1.6879525936771564,
  "summary_fg_mad": 1584.3595503609745,
  "summary_fg_mean": 4522.58154296875,
  "summary_fg_median": 4207.73583984375,
  "summary_fg_n": 87157.0,
  "summary_fg_p05": 2382.780712890625,
  "summary_fg_p95": 7741.182031249999,
  "summary_fg_stdv": 1704.260009765625,
  "tsnr": 42.160838624229655
}