{
  "aor": 0.003184344262295082,
  "aqi": 0.0054580100983606565,
  "bids_meta": {
    "AcquisitionMatrixPE": 90,
    "AcquisitionNumber": 1,
    "AcquisitionTime": "18:34:26.160000",
    "BandwidthPerPixelPhaseEncode": 18.832,
    "BaseResolution": 90,
    "BodyPartExamined": "HEAD",
    "ConsistencyInfo": "N4_VE11B_LATEST_20150530",
    "ConversionSoftware": "dcm2niix",
    "ConversionSoftwareVersion": "v1.0.20190902",
    "DerivedVendorReportedEchoSpacing": 0.000590012,
    "DeviceSerialNumber": "67064",
    "DwellTime": 2.5e-06,
    "EchoTime": 0.033,
    "EchoTrainLength": 90,
    "EffectiveEchoSpacing": 0.000590012,
    "FlipAngle": 63,
    "ImageComments": "Unaliased_MB4_PE3_LB",
    "ImageOrientationPatientDICOM": [
      0.99977,
      -0.00870531,
      0.0196038,
      0.0150075,
      0.93688,
      -0.34933
    ],
    "ImageType": [
      "ORIGINAL",
      "PRIMARY",
      "M",
      "MB",
      "ND",
      "MOSAIC"
    ],
    "ImagingFrequency": 123.247,
    "InPlanePhaseEncodingDirectionDICOM": "COL",
    "InstitutionAddress": "Scott_Ave_4525_St._Louis_MO_US_63110",
    "InstitutionName": "Washington_University",
    "InstitutionalDepartmentName": "Department",
    "MRAcquisitionType": "2D",
    "MagneticFieldStrength": 3,
    "Manufacturer": "Siemens",
    "ManufacturersModelName": "Prisma_fit",
    "Modality": "MR",
    "MultibandAccelerationFactor": 4,
    "PartialFourier": 1,
    "PatientPosition": "HFS",
    "PercentPhaseFOV": 100,
    "PhaseEncodingDirection": "j-",
    "PhaseEncodingSteps": 90,
    "PhaseResolution": 1,
    "PixelBandwidth": 2220,
    "ProcedureStepDescription": "head_Braver",
    "ProtocolName": "tfMRI_AxcptBas1_AP",
    "PulseSequenceDetails": "%CustomerSeq%_cmrr_mbep2d_bold",
    "ReceiveCoilActiveElements": "HEA;HEP",
    "ReceiveCoilName": "Head_32",
    "ReconMatrixPE": 90,
    "RepetitionTime": 1.2,
    "SAR": 0.0810742,
    "ScanOptions": "FS_EXT",
    "ScanningSequence": "EP",
    "SequenceName": "epfid2d1_90",
    "SequenceVariant": "SK_SS",
    "SeriesDescription": "tfMRI_AxcptBas1_AP",
    "SeriesNumber": 44,
    "ShimSetting": [
      -1998,
      -11485,
      5852,
      453,
      42,
      206,
      150,
      -21
    ],
    "SliceThickness": 2.4,
    "SliceTiming": [
      0,
      0.63,
      0.08,
      0.7075,
      0.1575,
      0.7875,
      0.2375,
      0.865,
      0.315,
      0.945,
      0.395,
      1.0225,
      0.4725,
      1.1025,
      0.5525,
      0,
      0.63,
      0.08,
      0.7075,
      0.1575,
      0.7875,
      0.2375,
      0.865,
      0.315,
      0.945,
      0.395,
      1.0225,
      0.4725,
      1.1025,
      0.5525,
      0,
      0.63,
      0.08,
      0.7075,
      0.1575,
      0.7875,
      0.2375,
      0.865,
      0.315,
      0.945,
      0.395,
      1.0225,
      0.4725,
      1.1025,
      0.5525,
      0,
      0.63,
      0.08,
      0.7075,
      0.1575,
      0.7875,
      0.2375,
      0.865,
      0.315,
      0.945,
      0.395,
      1.0225,
      0.4725,
      1.1025,
      0.5525
    ],
    "SoftwareVersions": "syngo_MR_E11",
    "SpacingBetweenSlices": 2.4,
    "StationName": "MRC35177",
    "TaskName": "Axcpt",
    "TotalReadoutTime": 0.0525111,
    "TxRefAmp": 249.319,
    "VendorReportedEchoSpacing": 0.00059,
    "WipMemBlock": "672cb5b9-5b23-4927-83af-395a56965923||Sequence: ve11b/master r/93e61f0; Jul 21 2016 00:18:29 by eja",
    "acq_id": "mb4AP",
    "dataset": "ds003465",
    "modality": "bold",
    "run_id": 1,
    "session_id": "wave1bas",
    "subject_id": "f1659oa",
    "task_id": "Axcpt"
  },
  "dummy_trs": 0,
  "dvars_nstd": 28.57583237952383,
  "dvars_std": 1.1307657905254527,
  "dvars_vstd": 1.0381755640394097,
  "efc": 0.5331471667669567,
  "fber": 738.987060546875,
  "fd_mean": 0.16890328985267705,
  "fd_num": 205,
  "fd_perc": 33.60655737704918,
  "fwhm_avg": 2.799392944317674,
  "fwhm_x": 2.6575623943979583,
  "fwhm_y": 2.908891551077702,
  "fwhm_z": 2.8317248874773626,
  "gcor": 0.0165733,
  "gsr_x": -0.02139604091644287,
  "gsr_y": 0.11011156439781189,
  "provenance": {
    "md5sum": "0c7e3537d430b10e848de566a1ea27ad",
    "settings": {
      "fd_thres": 0.2,
      "testing": false
    },
    "software": "mriqc",
    "version": "22.0.6",
    "webapi_port": null,
    "webapi_url": "https://mriqc.nimh.nih.gov/api/v1"
  },
  "size_t": 610,
  "size_x": 90,
  "size_y": 90,
  "size_z": 60,
  "snr": 2.56412447332136,
  "spacing_tr": 1.2000000476837158,
  "spacing_x": 2.4000000953674316,
  "spacing_y": 2.4000000953674316,
  "spacing_z": 2.4000000953674316,
  "summary_bg_k": 25.50117891758283,
  "summary_bg_mad": 60.57765707660395,
  "summary_bg_mean": 389.3260498046875,
  "summary_bg_median": 150.13278198242188,
  "summary_bg_n": 318083.0,
  "summary_bg_p05": 103.52130889892578,
  "summary_bg_p95": 1637.8126464843726,
  "summary_bg_stdv": 629.39794921875,
  "summary_fg_k": 1.8486060760422696,
  "summary_fg_mad": 1463.1021625198714,
  "summary_fg_mean": 4547.6591796875,
  "summary_fg_median": 4229.23095703125,
  "summary_fg_n": 87799.0,
  "summary_fg_p05": 2485.976489257813,
  "summary_fg_p95": 7678.37329101562,
  "summary_fg_stdv": 1649.3765869140625,
  "tsnr": 47.893147508148104
}