{
  "bids_meta": {
    "AcquisitionMatrixPE": 300,
    "AcquisitionNumber": 1,
    "AcquisitionTime": "15:44:20.512500",
    "BaseResolution": 320,
    "BodyPartExamined": "HEAD",
    "ConsistencyInfo": "N4_VE11C_LATEST_20160120",
    "ConversionSoftware": "dcm2niix",
    "ConversionSoftwareVersion": "v1.0.20190902",
    "DeviceSerialNumber": "67064",
    "DwellTime": 7.1e-06,
    "EchoTime": 0.00222,
    "FlipAngle": 8,
    "ImageOrientationPatientDICOM": [
      0.00429034,
      0.982124,
      -0.188184,
      0.0237009,
      -0.188233,
      -0.981838
    ],
    "ImageType": [
      "ORIGINAL",
      "PRIMARY",
      "M",
      "ND"
    ],
    "ImagingFrequency": 123.247,
    "InPlanePhaseEncodingDirectionDICOM": "ROW",
    "InstitutionAddress": "Scott_Ave_4525_St._Louis_MO_US_63110",
    "InstitutionName": "Washington_University",
    "InstitutionalDepartmentName": "Department",
    "InversionTime": 1,
    "MRAcquisitionType": "3D",
    "MagneticFieldStrength": 3,
    "Manufacturer": "Siemens",
    "ManufacturersModelName": "Prisma_fit",
    "Modality": "MR",
    "ParallelReductionFactorInPlane": 2,
    "PartialFourier": 1,
    "PatientPosition": "HFS",
    "PercentPhaseFOV": 93.75,
    "PhaseEncodingSteps": 299,
    "PhaseResolution": 1,
    "PixelBandwidth": 220,
    "ProcedureStepDescription": "head_Braver",
    "ProtocolName": "T1w_MPR",
    "PulseSequenceDetails": "%SiemensSeq%_tfl",
    "ReceiveCoilActiveElements": "HEA;HEP",
    "ReceiveCoilName": "Head_32",
    "ReconMatrixPE": 300,
    "RefLinesPE": 32,
    "RepetitionTime": 2.4,
    "SAR": 0.0461218,
    "ScanOptions": "IR_WE",
    "ScanningSequence": "GR_IR",
    "SequenceName": "_tfl3d1_16ns",
    "SequenceVariant": "SK_SP_MP",
    "SeriesDescription": "T1w_MPR",
    "SeriesNumber": 11,
    "ShimSetting": [
      -2015,
      -11496,
      5845,
      337,
      -32,
      -10,
      115,
      -43
    ],
    "SliceThickness": 0.8,
    "SoftwareVersions": "syngo_MR_E11",
    "StationName": "MRC35177",
    "TxRefAmp": 268.589,
    "dataset": "ds003465",
    "modality": "T1w",
    "session_id": "wave1bas",
    "subject_id": "f2157me"
  },
  "cjv": 0.5360279719017558,
  "cnr": 2.5704742490883383,
  "efc": 0.5790722756721939,
  "fber": 13363.055791204986,
  "fwhm_avg": 5.187362547654417,
  "fwhm_x": 5.031237799885142,
  "fwhm_y": 5.154824923187123,
  "fwhm_z": 5.376024919890986,
  "icvs_csf": 0.16001003156143917,
  "icvs_gm": 0.40306335604039534,
  "icvs_wm": 0.4369266123981655,
  "inu_med": 1.0089842081069946,
  "inu_range": 0.9666402220726014,
  "provenance": {
    "md5sum": "e164544c2cecbd498441a4434aad8ec4",
    "settings": {
      "testing": false
    },
    "software": "mriqc",
    "version": "22.0.6",
    "warnings": {
      "large_rot_frame": true,
      "small_air_mask": false
    },
    "webapi_port": null,
    "webapi_url": "https://mriqc.nimh.nih.gov/api/v1"
  },
  "qi_1": 0.0,
  "qi_2": 0.00068064164945221,
  "rpve_csf": 29.80483989376795,
  "rpve_gm": 12.104562207127321,
  "rpve_wm": 12.817507880297311,
  "size_x": 208,
  "size_y": 300,
  "size_z": 320,
  "snr_csf": 2.7802605833078995,
  "snr_gm": 13.1060744406487,
  "snr_total": 9.597914592608513,
  "snr_wm": 12.90740875386894,
  "snrd_csf": 14.71557247307996,
  "snrd_gm": 35.05509123835672,
  "snrd_total": 32.173764494484594,
  "snrd_wm": 46.7506297720171,
  "spacing_x": 0.7999999523162842,
  "spacing_y": 0.800000011920929,
  "spacing_z": 0.800000011920929,
  "summary_bg_k": 21.88410707607038,
  "summary_bg_mad": 0.0,
  "summary_bg_mean": 8.619990279085023,
  "summary_bg_median": 0.0,
  "summary_bg_n": 6810470.0,
  "summary_bg_p05": 0.0,
  "summary_bg_p95": 33.49217737093568,
  "summary_bg_stdv": 14.01405392183936,
  "summary_csf_k": 1.1002844413843214,
  "summary_csf_mad": 94.44557296894195,
  "summary_csf_mean": 320.0506792302574,
  "summary_csf_median": 314.7815113440156,
  "summary_csf_n": 59608.0,
  "summary_csf_p05": 130.10249840468168,
  "summary_csf_p95": 519.4209628775716,
  "summary_csf_stdv": 113.2191970755319,
  "summary_gm_k": 0.13551448736169247,
  "summary_gm_mad": 56.45405808376417,
  "summary_gm_mean": 749.9984203178694,
  "summary_gm_median": 749.865125566721,
  "summary_gm_n": 64930.0,
  "summary_gm_p05": 656.2421269306914,
  "summary_gm_p95": 843.9579138047993,
  "summary_gm_stdv": 57.21464154109455,
  "summary_wm_k": 0.09593327712484756,
  "summary_wm_mad": 77.64932428286335,
  "summary_wm_mean": 1010.3427719805472,
  "summary_wm_median": 1000.0449471361935,
  "summary_wm_n": 450740.0,
  "summary_wm_p05": 901.6363883912563,
  "summary_wm_p95": 1152.8951525874436,
  "summary_wm_stdv": 77.47828064242637,
  "tpm_overlap_csf": 0.1504527111724918,
  "tpm_overlap_gm": 0.4326313880489139,
  "tpm_overlap_wm": 0.4743499550352399,
  "wm2max": 0.41764451870904756
}