{
  "aor": 0.0020274055829228245,
  "aqi": 0.014522145960591133,
  "bids_meta": {
    "AcquisitionMatrixPE": 90,
    "AcquisitionNumber": 1,
    "AcquisitionTime": "19:06:56.940000",
    "BandwidthPerPixelPhaseEncode": 18.832,
    "BaseResolution": 90,
    "BodyPartExamined": "HEAD",
    "ConsistencyInfo": "N4_VE11C_LATEST_20160120",
    "ConversionSoftware": "dcm2niix",
    "ConversionSoftwareVersion": "v1.0.20190902",
    "DerivedVendorReportedEchoSpacing": 0.000590012,
    "DeviceSerialNumber": "67064",
    "DwellTime": 2.5e-06,
    "EchoTime": 0.033,
    "EchoTrainLength": 90,
    "EffectiveEchoSpacing": 0.000590012,
    "FlipAngle": 63,
    "ImageComments": "Unaliased_MB4_PE3_LB",
    "ImageOrientationPatientDICOM": [
      0.998887,
      0.0235182,
      0.0408789,
      -0.00784542,
      0.937575,
      -0.347695
    ],
    "ImageType": [
      "ORIGINAL",
      "PRIMARY",
      "M",
      "MB",
      "ND",
      "MOSAIC"
    ],
    "ImagingFrequency": 123.247,
    "InPlanePhaseEncodingDirectionDICOM": "COL",
    "InstitutionAddress": "Scott_Ave_4525_St._Louis_MO_US_63110",
    "InstitutionName": "Washington_University",
    "InstitutionalDepartmentName": "Department",
    "MRAcquisitionType": "2D",
    "MagneticFieldStrength": 3,
    "Manufacturer": "Siemens",
    "ManufacturersModelName": "Prisma_fit",
    "Modality": "MR",
    "MultibandAccelerationFactor": 4,
    "PartialFourier": 1,
    "PatientPosition": "HFS",
    "PercentPhaseFOV": 100,
    "PhaseEncodingDirection": "j-",
    "PhaseEncodingSteps": 90,
    "PhaseResolution": 1,
    "PixelBandwidth": 2220,
    "ProcedureStepDescription": "head_Braver",
    "ProtocolName": "tfMRI_AxcptBas1_AP",
    "PulseSequenceDetails": "%CustomerSeq%_cmrr_mbep2d_bold",
    "ReceiveCoilActiveElements": "HEA;HEP",
    "ReceiveCoilName": "Head_32",
    "ReconMatrixPE": 90,
    "RepetitionTime": 1.2,
    "SAR": 0.0693368,
    "ScanOptions": "FS_EXT",
    "ScanningSequence": "EP",
    "SequenceName": "epfid2d1_90",
    "SequenceVariant": "SK_SS",
    "SeriesDescription": "tfMRI_AxcptBas1_AP",
    "SeriesNumber": 30,
    "ShimSetting": [
      -2003,
      -11529,
      5854,
      421,
      58,
      51,
      35,
      -30
    ],
    "SliceThickness": 2.4,
    "SliceTiming": [
      0,
      0.63,
      0.08,
      0.7075,
      0.1575,
      0.7875,
      0.2375,
      0.865,
      0.315,
      0.945,
      0.3925,
      1.0225,
      0.4725,
      1.1025,
      0.55,
      0,
      0.63,
      0.08,
      0.7075,
      0.1575,
      0.7875,
      0.2375,
      0.865,
      0.315,
      0.945,
      0.3925,
      1.0225,
      0.4725,
      1.1025,
      0.55,
      0,
      0.63,
      0.08,
      0.7075,
      0.1575,
      0.7875,
      0.2375,
      0.865,
      0.315,
      0.945,
      0.3925,
      1.0225,
      0.4725,
      1.1025,
      0.55,
      0,
      0.63,
      0.08,
      0.7075,
      0.1575,
      0.7875,
      0.2375,
      0.865,
      0.315,
      0.945,
      0.3925,
      1.0225,
      0.4725,
      1.1025,
      0.55
    ],
    "SoftwareVersions": "syngo_MR_E11",
    "SpacingBetweenSlices": 2.4,
    "StationName": "MRC35177",
    "TaskName": "Axcpt",
    "TotalReadoutTime": 0.0525111,
    "TxRefAmp": 277.931,
    "VendorReportedEchoSpacing": 0.00059,
    "WipMemBlock": "a227b66d-ef1b-4918-91da-1f56dfa5a615||Sequence: ve11c/master r/068cfa9; Jul 21 2016 14:39:26 by eja",
    "acq_id": "mb4AP",
    "dataset": "ds003465",
    "modality": "bold",
    "run_id": 1,
    "session_id": "wave1bas",
    "subject_id": "f1828ko",
    "task_id": "Axcpt"
  },
  "dummy_trs": 1,
  "dvars_nstd": 44.797325711447364,
  "dvars_std": 1.2162669101480272,
  "dvars_vstd": 0.9858233844736857,
  "efc": 0.5128028250970341,
  "fber": 642.3704833984375,
  "fd_mean": 0.20480601428365358,
  "fd_num": 299,
  "fd_perc": 49.09688013136289,
  "fwhm_avg": 2.815495913739621,
  "fwhm_x": 2.639704061774251,
  "fwhm_y": 2.9103876734726235,
  "fwhm_z": 2.8963960059719884,
  "gcor": 0.0140767,
  "gsr_x": -0.016475019976496696,
  "gsr_y": 0.07667451351881027,
  "provenance": {
    "md5sum": "7c01a85aa4df994839f3da5f9c21cc61",
    "settings": {
      "fd_thres": 0.2,
      "testing": false
    },
    "software": "mriqc",
    "version": "22.0.6",
    "webapi_port": null,
    "webapi_url": "https://mriqc.nimh.nih.gov/api/v1"
  },
  "size_t": 609,
  "size_x": 90,
  "size_y": 90,
  "size_z": 60,
  "snr": 2.749693717582748,
  "spacing_tr": 1.2000000476837158,
  "spacing_x": 2.4000000953674316,
  "spacing_y": 2.3999998569488525,
  "spacing_z": 2.3999998569488525,
  "summary_bg_k": 24.542783871093622,
  "summary_bg_mad": 51.48451353377588,
  "summary_bg_mean": 282.6549377441406,
  "summary_bg_median": 138.3842315673828,
  "summary_bg_n": 334299.0,
  "summary_bg_p05": 100.47602462768555,
  "summary_bg_p95": 990.2617614746092,
  "summary_bg_stdv": 386.13665771484375,
  "summary_fg_k": 2.0893773948987606,
  "summary_fg_mad": 1105.0493831895815,
  "summary_fg_mean": 3869.723388671875,
  "summary_fg_median": 3604.716064453125,
  "summary_fg_n": 76111.0,
  "summary_fg_p05": 2206.7340087890625,
  "summary_fg_p95": 6397.086181640625,
  "summary_fg_stdv": 1310.9432373046875,
  "tsnr": 33.21474382886663
}