{
  "aor": 0.0008150153846153847,
  "aqi": 0.009661822953846154,
  "bids_meta": {
    "AcquisitionMatrixPE": 90,
    "AcquisitionNumber": 1,
    "AcquisitionTime": "18:44:46.900000",
    "BandwidthPerPixelPhaseEncode": 18.832,
    "BaseResolution": 90,
    "BodyPartExamined": "HEAD",
    "ConsistencyInfo": "N4_VE11C_LATEST_20160120",
    "ConversionSoftware": "dcm2niix",
    "ConversionSoftwareVersion": "v1.0.20190902",
    "DerivedVendorReportedEchoSpacing": 0.000590012,
    "DeviceSerialNumber": "67064",
    "DwellTime": 2.5e-06,
    "EchoTime": 0.033,
    "EchoTrainLength": 90,
    "EffectiveEchoSpacing": 0.000590012,
    "FlipAngle": 63,
    "ImageComments": "Unaliased_MB4_PE3_LB",
    "ImageOrientationPatientDICOM": [
      0.998887,
      0.0235182,
      0.0408789,
      -0.00784542,
      0.937575,
      -0.347695
    ],
    "ImageType": [
      "ORIGINAL",
      "PRIMARY",
      "M",
      "MB",
      "ND",
      "MOSAIC"
    ],
    "ImagingFrequency": 123.247,
    "InPlanePhaseEncodingDirectionDICOM": "COL",
    "InstitutionAddress": "Scott_Ave_4525_St._Louis_MO_US_63110",
    "InstitutionName": "Washington_University",
    "InstitutionalDepartmentName": "Department",
    "MRAcquisitionType": "2D",
    "MagneticFieldStrength": 3,
    "Manufacturer": "Siemens",
    "ManufacturersModelName": "Prisma_fit",
    "Modality": "MR",
    "MultibandAccelerationFactor": 4,
    "PartialFourier": 1,
    "PatientPosition": "HFS",
    "PercentPhaseFOV": 100,
    "PhaseEncodingDirection": "j",
    "PhaseEncodingSteps": 90,
    "PhaseResolution": 1,
    "PixelBandwidth": 2220,
    "ProcedureStepDescription": "head_Braver",
    "ProtocolName": "tfMRI_CuedtsBas2_PA",
    "PulseSequenceDetails": "%CustomerSeq%_cmrr_mbep2d_bold",
    "ReceiveCoilActiveElements": "HEA;HEP",
    "ReceiveCoilName": "Head_32",
    "ReconMatrixPE": 90,
    "RepetitionTime": 1.2,
    "SAR": 0.0693533,
    "ScanOptions": "FS_EXT",
    "ScanningSequence": "EP",
    "SequenceName": "epfid2d1_90",
    "SequenceVariant": "SK_SS",
    "SeriesDescription": "tfMRI_CuedtsBas2_PA",
    "SeriesNumber": 26,
    "ShimSetting": [
      -2003,
      -11529,
      5854,
      421,
      58,
      51,
      35,
      -30
    ],
    "SliceThickness": 2.4,
    "SliceTiming": [
      0,
      0.63,
      0.0775,
      0.7075,
      0.1575,
      0.7875,
      0.235,
      0.865,
      0.315,
      0.9425,
      0.3925,
      1.0225,
      0.4725,
      1.1,
      0.55,
      0,
      0.63,
      0.0775,
      0.7075,
      0.1575,
      0.7875,
      0.235,
      0.865,
      0.315,
      0.9425,
      0.3925,
      1.0225,
      0.4725,
      1.1,
      0.55,
      0,
      0.63,
      0.0775,
      0.7075,
      0.1575,
      0.7875,
      0.235,
      0.865,
      0.315,
      0.9425,
      0.3925,
      1.0225,
      0.4725,
      1.1,
      0.55,
      0,
      0.63,
      0.0775,
      0.7075,
      0.1575,
      0.7875,
      0.235,
      0.865,
      0.315,
      0.9425,
      0.3925,
      1.0225,
      0.4725,
      1.1,
      0.55
    ],
    "SoftwareVersions": "syngo_MR_E11",
    "SpacingBetweenSlices": 2.4,
    "StationName": "MRC35177",
    "TaskName": "Cuedts",
    "TotalReadoutTime": 0.0525111,
    "TxRefAmp": 277.931,
    "VendorReportedEchoSpacing": 0.00059,
    "WipMemBlock": "d3305ef7-1a91-40fd-8669-ffe73c7384d4||Sequence: ve11c/master r/068cfa9; Jul 21 2016 14:39:26 by eja",
    "acq_id": "mb4PA",
    "dataset": "ds003465",
    "modality": "bold",
    "run_id": 2,
    "session_id": "wave1bas",
    "subject_id": "f1828ko",
    "task_id": "Cuedts"
  },
  "dummy_trs": 0,
  "dvars_nstd": 35.51063363902929,
  "dvars_std": 1.1360610466101697,
  "dvars_vstd": 1.0077014718489983,
  "efc": 0.5005238574608266,
  "fber": 679.1597290039062,
  "fd_mean": 0.17203917914024072,
  "fd_num": 207,
  "fd_perc": 31.846153846153847,
  "fwhm_avg": 2.7952917473588084,
  "fwhm_x": 2.5947040635623906,
  "fwhm_y": 2.8492918364976947,
  "fwhm_z": 2.94187934201634,
  "gcor": 0.0118066,
  "gsr_x": -0.010050145909190178,
  "gsr_y": 0.08000262081623077,
  "provenance": {
    "md5sum": "0f401a2aeee6df34eb9dd4e2292cd21f",
    "settings": {
      "fd_thres": 0.2,
      "testing": false
    },
    "software": "mriqc",
    "version": "22.0.6",
    "webapi_port": null,
    "webapi_url": "https://mriqc.nimh.nih.gov/api/v1"
  },
  "size_t": 650,
  "size_x": 90,
  "size_y": 90,
  "size_z": 60,
  "snr": 2.7060464171447602,
  "spacing_tr": 1.2000000476837158,
  "spacing_x": 2.4000000953674316,
  "spacing_y": 2.3999998569488525,
  "spacing_z": 2.3999998569488525,
  "summary_bg_k": 28.425054086762657,
  "summary_bg_mad": 53.17980320280151,
  "summary_bg_mean": 316.589599609375,
  "summary_bg_median": 139.2969207763672,
  "summary_bg_n": 347231.0,
  "summary_bg_p05": 100.98077011108398,
  "summary_bg_p95": 1219.7430419921875,
  "summary_bg_stdv": 484.6247863769531,
  "summary_fg_k": 2.5044291472707494,
  "summary_fg_mad": 1148.0745285276887,
  "summary_fg_mean": 3923.101318359375,
  "summary_fg_median": 3656.70458984375,
  "summary_fg_n": 69661.0,
  "summary_fg_p05": 2233.2060546875,
  "summary_fg_p95": 6476.23681640625,
  "summary_fg_stdv": 1351.2991943359375,
  "tsnr": 44.01830595755018
}