{
  "aor": 0.000817262103505843,
  "aqi": 0.012413592554257094,
  "bids_meta": {
    "AcquisitionMatrixPE": 90,
    "AcquisitionNumber": 1,
    "AcquisitionTime": "14:45:14.915000",
    "BandwidthPerPixelPhaseEncode": 18.832,
    "BaseResolution": 90,
    "BodyPartExamined": "HEAD",
    "ConsistencyInfo": "N4_VE11C_LATEST_20160120",
    "ConversionSoftware": "dcm2niix",
    "ConversionSoftwareVersion": "v1.0.20190902",
    "DerivedVendorReportedEchoSpacing": 0.000590012,
    "DeviceSerialNumber": "67064",
    "DwellTime": 2.5e-06,
    "EchoTime": 0.033,
    "EchoTrainLength": 90,
    "EffectiveEchoSpacing": 0.000590012,
    "FlipAngle": 63,
    "ImageComments": "Unaliased_MB4_PE3_LB",
    "ImageOrientationPatientDICOM": [
      0.998581,
      0.0305566,
      -0.043606,
      -0.0369654,
      0.987272,
      -0.154686
    ],
    "ImageType": [
      "ORIGINAL",
      "PRIMARY",
      "M",
      "MB",
      "ND",
      "MOSAIC"
    ],
    "ImagingFrequency": 123.247,
    "InPlanePhaseEncodingDirectionDICOM": "COL",
    "InstitutionAddress": "Scott_Ave_4525_St._Louis_MO_US_63110",
    "InstitutionName": "Washington_University",
    "InstitutionalDepartmentName": "Department",
    "MRAcquisitionType": "2D",
    "MagneticFieldStrength": 3,
    "Manufacturer": "Siemens",
    "ManufacturersModelName": "Prisma_fit",
    "Modality": "MR",
    "MultibandAccelerationFactor": 4,
    "PartialFourier": 1,
    "PatientPosition": "HFS",
    "PercentPhaseFOV": 100,
    "PhaseEncodingDirection": "j",
    "PhaseEncodingSteps": 90,
    "PhaseResolution": 1,
    "PixelBandwidth": 2220,
    "ProcedureStepDescription": "head_Braver",
    "ProtocolName": "tfMRI_SternBas2_PA",
    "PulseSequenceDetails": "%CustomerSeq%_cmrr_mbep2d_bold",
    "ReceiveCoilActiveElements": "HEA;HEP",
    "ReceiveCoilName": "Head_32",
    "ReconMatrixPE": 90,
    "RepetitionTime": 1.2,
    "SAR": 0.0637203,
    "ScanOptions": "FS_EXT",
    "ScanningSequence": "EP",
    "SequenceName": "epfid2d1_90",
    "SequenceVariant": "SK_SS",
    "SeriesDescription": "tfMRI_SternBas2_PA",
    "SeriesNumber": 26,
    "ShimSetting": [
      -1983,
      -11504,
      5910,
      849,
      109,
      216,
      59,
      -63
    ],
    "SliceThickness": 2.4,
    "SliceTiming": [
      0,
      0.63,
      0.08,
      0.7075,
      0.1575,
      0.7875,
      0.2375,
      0.865,
      0.315,
      0.945,
      0.3925,
      1.0225,
      0.4725,
      1.1025,
      0.55,
      0,
      0.63,
      0.08,
      0.7075,
      0.1575,
      0.7875,
      0.2375,
      0.865,
      0.315,
      0.945,
      0.3925,
      1.0225,
      0.4725,
      1.1025,
      0.55,
      0,
      0.63,
      0.08,
      0.7075,
      0.1575,
      0.7875,
      0.2375,
      0.865,
      0.315,
      0.945,
      0.3925,
      1.0225,
      0.4725,
      1.1025,
      0.55,
      0,
      0.63,
      0.08,
      0.7075,
      0.1575,
      0.7875,
      0.2375,
      0.865,
      0.315,
      0.945,
      0.3925,
      1.0225,
      0.4725,
      1.1025,
      0.55
    ],
    "SoftwareVersions": "syngo_MR_E11",
    "SpacingBetweenSlices": 2.4,
    "StationName": "MRC35177",
    "TaskName": "Stern",
    "TotalReadoutTime": 0.0525111,
    "TxRefAmp": 235.395,
    "VendorReportedEchoSpacing": 0.00059,
    "WipMemBlock": "f4507a16-a750-4048-a2fd-06dbbcd6aa2f||Sequence: R016 ve11c/master r/e634e98; Dec 19 2017 11:00:25 by eja",
    "acq_id": "mb4PA",
    "dataset": "ds003465",
    "modality": "bold",
    "run_id": 2,
    "session_id": "wave1bas",
    "subject_id": "f4354bs",
    "task_id": "Stern"
  },
  "dummy_trs": 1,
  "dvars_nstd": 32.626946650033446,
  "dvars_std": 1.0605919640301003,
  "dvars_vstd": 0.94505380339465,
  "efc": 0.48952739020817365,
  "fber": 895.4280395507812,
  "fd_mean": 0.19769253944847132,
  "fd_num": 256,
  "fd_perc": 42.73789649415693,
  "fwhm_avg": 2.7704638711974083,
  "fwhm_x": 2.5973082301255768,
  "fwhm_y": 2.9237915504856287,
  "fwhm_z": 2.79029183298102,
  "gcor": 0.00850317,
  "gsr_x": -0.029123039916157722,
  "gsr_y": 0.08451782166957855,
  "provenance": {
    "md5sum": "91e0a36aacd534a6c011d66f701ac8a8",
    "settings": {
      "fd_thres": 0.2,
      "testing": false
    },
    "software": "mriqc",
    "version": "22.0.6",
    "webapi_port": null,
    "webapi_url": "https://mriqc.nimh.nih.gov/api/v1"
  },
  "size_t": 599,
  "size_x": 90,
  "size_y": 90,
  "size_z": 60,
  "snr": 2.6477201333241784,
  "spacing_tr": 1.2000000476837158,
  "spacing_x": 2.4000000953674316,
  "spacing_y": 2.4000000953674316,
  "spacing_z": 2.3999998569488525,
  "summary_bg_k": 15.553498264483075,
  "summary_bg_mad": 53.160822745322776,
  "summary_bg_mean": 353.72930908203125,
  "summary_bg_median": 141.50250244140625,
  "summary_bg_n": 352545.0,
  "summary_bg_p05": 102.535888671875,
  "summary_bg_p95": 1465.380981445312,
  "summary_bg_stdv": 518.9317626953125,
  "summary_fg_k": 1.6982094953050941,
  "summary_fg_mad": 1396.3419890386813,
  "summary_fg_mean": 4511.19580078125,
  "summary_fg_median": 4232.04638671875,
  "summary_fg_n": 66233.0,
  "summary_fg_p05": 2431.65908203125,
  "summary_fg_p95": 7560.3025390625,
  "summary_fg_stdv": 1598.3616943359375,
  "tsnr": 36.333913206122816
}