{
  "aor": 0.002727462962962963,
  "aqi": 0.007974384277777778,
  "bids_meta": {
    "AcquisitionMatrixPE": 90,
    "AcquisitionNumber": 1,
    "AcquisitionTime": "15:27:2.190000",
    "BandwidthPerPixelPhaseEncode": 18.832,
    "BaseResolution": 90,
    "BodyPartExamined": "HEAD",
    "ConsistencyInfo": "N4_VE11C_LATEST_20160120",
    "ConversionSoftware": "dcm2niix",
    "ConversionSoftwareVersion": "v1.0.20190902",
    "DerivedVendorReportedEchoSpacing": 0.000590012,
    "DeviceSerialNumber": "67064",
    "DwellTime": 2.5e-06,
    "EchoTime": 0.033,
    "EchoTrainLength": 90,
    "EffectiveEchoSpacing": 0.000590012,
    "FlipAngle": 63,
    "ImageComments": "Unaliased_MB4_PE3_LB",
    "ImageOrientationPatientDICOM": [
      0.999945,
      -0.00505668,
      0.00920782,
      0.00767916,
      0.949973,
      -0.312237
    ],
    "ImageType": [
      "ORIGINAL",
      "PRIMARY",
      "M",
      "MB",
      "ND",
      "MOSAIC"
    ],
    "ImagingFrequency": 123.247,
    "InPlanePhaseEncodingDirectionDICOM": "COL",
    "InstitutionAddress": "Scott_Ave_4525_St._Louis_MO_US_63110",
    "InstitutionName": "Washington_University",
    "InstitutionalDepartmentName": "Department",
    "MRAcquisitionType": "2D",
    "MagneticFieldStrength": 3,
    "Manufacturer": "Siemens",
    "ManufacturersModelName": "Prisma_fit",
    "Modality": "MR",
    "MultibandAccelerationFactor": 4,
    "PartialFourier": 1,
    "PatientPosition": "HFS",
    "PercentPhaseFOV": 100,
    "PhaseEncodingDirection": "j-",
    "PhaseEncodingSteps": 90,
    "PhaseResolution": 1,
    "PixelBandwidth": 2220,
    "ProcedureStepDescription": "head_Braver",
    "ProtocolName": "tfMRI_StroopBas1_AP",
    "PulseSequenceDetails": "%CustomerSeq%_cmrr_mbep2d_bold",
    "ReceiveCoilActiveElements": "HEA;HEP",
    "ReceiveCoilName": "Head_32",
    "ReconMatrixPE": 90,
    "RepetitionTime": 1.2,
    "SAR": 0.066117,
    "ScanOptions": "FS_EXT",
    "ScanningSequence": "EP",
    "SequenceName": "epfid2d1_90",
    "SequenceVariant": "SK_SS",
    "SeriesDescription": "tfMRI_StroopBas1_AP",
    "SeriesNumber": 45,
    "ShimSetting": [
      -1974,
      -11508,
      5868,
      658,
      101,
      197,
      -11,
      -47
    ],
    "SliceThickness": 2.4,
    "SliceTiming": [
      0,
      0.6275,
      0.0775,
      0.7075,
      0.1575,
      0.785,
      0.235,
      0.865,
      0.315,
      0.9425,
      0.3925,
      1.0225,
      0.47,
      1.1,
      0.55,
      0,
      0.6275,
      0.0775,
      0.7075,
      0.1575,
      0.785,
      0.235,
      0.865,
      0.315,
      0.9425,
      0.3925,
      1.0225,
      0.47,
      1.1,
      0.55,
      0,
      0.6275,
      0.0775,
      0.7075,
      0.1575,
      0.785,
      0.235,
      0.865,
      0.315,
      0.9425,
      0.3925,
      1.0225,
      0.47,
      1.1,
      0.55,
      0,
      0.6275,
      0.0775,
      0.7075,
      0.1575,
      0.785,
      0.235,
      0.865,
      0.315,
      0.9425,
      0.3925,
      1.0225,
      0.47,
      1.1,
      0.55
    ],
    "SoftwareVersions": "syngo_MR_E11",
    "SpacingBetweenSlices": 2.4,
    "StationName": "MRC35177",
    "TaskName": "Stroop",
    "TotalReadoutTime": 0.0525111,
    "TxRefAmp": 237.154,
    "VendorReportedEchoSpacing": 0.00059,
    "WipMemBlock": "0c7853b9-975e-4524-becb-1711e0394cd5||Sequence: R016 ve11c/master r/e634e98; Dec 19 2017 11:00:25 by eja",
    "acq_id": "mb4AP",
    "dataset": "ds003465",
    "modality": "bold",
    "run_id": 1,
    "session_id": "wave1bas",
    "subject_id": "f4354bs",
    "task_id": "Stroop"
  },
  "dummy_trs": 0,
  "dvars_nstd": 37.83613145847864,
  "dvars_std": 1.1836146283487943,
  "dvars_vstd": 1.020096131725417,
  "efc": 0.4851739176224065,
  "fber": 882.7266235351562,
  "fd_mean": 0.21025020261693655,
  "fd_num": 224,
  "fd_perc": 41.48148148148148,
  "fwhm_avg": 2.8664484972086814,
  "fwhm_x": 2.673799893752738,
  "fwhm_y": 2.975683215090306,
  "fwhm_z": 2.9498623827830004,
  "gcor": 0.009352,
  "gsr_x": -0.02992917224764824,
  "gsr_y": 0.09377989917993546,
  "provenance": {
    "md5sum": "bbe190dc49763824a5e4b9b02aaa5f56",
    "settings": {
      "fd_thres": 0.2,
      "testing": false
    },
    "software": "mriqc",
    "version": "22.0.6",
    "webapi_port": null,
    "webapi_url": "https://mriqc.nimh.nih.gov/api/v1"
  },
  "size_t": 540,
  "size_x": 90,
  "size_y": 90,
  "size_z": 60,
  "snr": 2.445243655529438,
  "spacing_tr": 1.2000000476837158,
  "spacing_x": 2.4000000953674316,
  "spacing_y": 2.4000000953674316,
  "spacing_z": 2.4000000953674316,
  "summary_bg_k": 26.040684782576484,
  "summary_bg_mad": 53.40113253026656,
  "summary_bg_mean": 346.23028564453125,
  "summary_bg_median": 140.35369873046875,
  "summary_bg_n": 347465.0,
  "summary_bg_p05": 99.0111083984375,
  "summary_bg_p95": 1379.3807373046875,
  "summary_bg_stdv": 560.4254760742188,
  "summary_fg_k": 2.0897954441881863,
  "summary_fg_mad": 1428.7862193251879,
  "summary_fg_mean": 4677.560546875,
  "summary_fg_median": 4295.82763671875,
  "summary_fg_n": 66257.0,
  "summary_fg_p05": 2552.399951171875,
  "summary_fg_p95": 8178.858691406249,
  "summary_fg_stdv": 1756.79638671875,
  "tsnr": 43.68560294061899
}