{
  "aor": 0.001706317411402157,
  "aqi": 0.006556931078582435,
  "bids_meta": {
    "AcquisitionMatrixPE": 90,
    "AcquisitionNumber": 1,
    "AcquisitionTime": "14:02:0.675000",
    "BandwidthPerPixelPhaseEncode": 18.832,
    "BaseResolution": 90,
    "BodyPartExamined": "HEAD",
    "ConsistencyInfo": "N4_VE11C_LATEST_20160120",
    "ConversionSoftware": "dcm2niix",
    "ConversionSoftwareVersion": "v1.0.20190902",
    "DerivedVendorReportedEchoSpacing": 0.000590012,
    "DeviceSerialNumber": "67064",
    "DwellTime": 2.5e-06,
    "EchoTime": 0.033,
    "EchoTrainLength": 90,
    "EffectiveEchoSpacing": 0.000590012,
    "FlipAngle": 63,
    "ImageComments": "Unaliased_MB4_PE3_LB",
    "ImageOrientationPatientDICOM": [
      0.998581,
      0.0305566,
      -0.043606,
      -0.0369654,
      0.987272,
      -0.154686
    ],
    "ImageType": [
      "ORIGINAL",
      "PRIMARY",
      "M",
      "MB",
      "ND",
      "MOSAIC"
    ],
    "ImagingFrequency": 123.247,
    "InPlanePhaseEncodingDirectionDICOM": "COL",
    "InstitutionAddress": "Scott_Ave_4525_St._Louis_MO_US_63110",
    "InstitutionName": "Washington_University",
    "InstitutionalDepartmentName": "Department",
    "MRAcquisitionType": "2D",
    "MagneticFieldStrength": 3,
    "Manufacturer": "Siemens",
    "ManufacturersModelName": "Prisma_fit",
    "Modality": "MR",
    "MultibandAccelerationFactor": 4,
    "PartialFourier": 1,
    "PatientPosition": "HFS",
    "PercentPhaseFOV": 100,
    "PhaseEncodingDirection": "j-",
    "PhaseEncodingSteps": 90,
    "PhaseResolution": 1,
    "PixelBandwidth": 2220,
    "ProcedureStepDescription": "head_Braver",
    "ProtocolName": "tfMRI_CuedtsBas1_AP",
    "PulseSequenceDetails": "%CustomerSeq%_cmrr_mbep2d_bold",
    "ReceiveCoilActiveElements": "HEA;HEP",
    "ReceiveCoilName": "Head_32",
    "ReconMatrixPE": 90,
    "RepetitionTime": 1.2,
    "SAR": 0.0637395,
    "ScanOptions": "FS_EXT",
    "ScanningSequence": "EP",
    "SequenceName": "epfid2d1_90",
    "SequenceVariant": "SK_SS",
    "SeriesDescription": "tfMRI_CuedtsBas1_AP",
    "SeriesNumber": 17,
    "ShimSetting": [
      -1983,
      -11504,
      5910,
      849,
      109,
      216,
      59,
      -63
    ],
    "SliceThickness": 2.4,
    "SliceTiming": [
      0,
      0.6275,
      0.0775,
      0.7075,
      0.1575,
      0.785,
      0.235,
      0.865,
      0.315,
      0.9425,
      0.3925,
      1.0225,
      0.4725,
      1.1,
      0.55,
      0,
      0.6275,
      0.0775,
      0.7075,
      0.1575,
      0.785,
      0.235,
      0.865,
      0.315,
      0.9425,
      0.3925,
      1.0225,
      0.4725,
      1.1,
      0.55,
      0,
      0.6275,
      0.0775,
      0.7075,
      0.1575,
      0.785,
      0.235,
      0.865,
      0.315,
      0.9425,
      0.3925,
      1.0225,
      0.4725,
      1.1,
      0.55,
      0,
      0.6275,
      0.0775,
      0.7075,
      0.1575,
      0.785,
      0.235,
      0.865,
      0.315,
      0.9425,
      0.3925,
      1.0225,
      0.4725,
      1.1,
      0.55
    ],
    "SoftwareVersions": "syngo_MR_E11",
    "SpacingBetweenSlices": 2.4,
    "StationName": "MRC35177",
    "TaskName": "Cuedts",
    "TotalReadoutTime": 0.0525111,
    "TxRefAmp": 235.395,
    "VendorReportedEchoSpacing": 0.00059,
    "WipMemBlock": "1953a083-e959-499c-9111-1fe0018e3193||Sequence: R016 ve11c/master r/e634e98; Dec 19 2017 11:00:25 by eja",
    "acq_id": "mb4AP",
    "dataset": "ds003465",
    "modality": "bold",
    "run_id": 1,
    "session_id": "wave1bas",
    "subject_id": "f4354bs",
    "task_id": "Cuedts"
  },
  "dummy_trs": 1,
  "dvars_nstd": 31.75538985510804,
  "dvars_std": 1.1198877973456787,
  "dvars_vstd": 1.001148730679013,
  "efc": 0.49525670498469015,
  "fber": 890.577392578125,
  "fd_mean": 0.20030974827158832,
  "fd_num": 330,
  "fd_perc": 50.847457627118644,
  "fwhm_avg": 2.694924981868825,
  "fwhm_x": 2.509158233628343,
  "fwhm_y": 2.8892498851915245,
  "fwhm_z": 2.686366826786607,
  "gcor": 0.0122836,
  "gsr_x": -0.03186842054128647,
  "gsr_y": 0.09596782922744751,
  "provenance": {
    "md5sum": "29cdf26b089e87fa12b0e17ecaffe0bf",
    "settings": {
      "fd_thres": 0.2,
      "testing": false
    },
    "software": "mriqc",
    "version": "22.0.6",
    "webapi_port": null,
    "webapi_url": "https://mriqc.nimh.nih.gov/api/v1"
  },
  "size_t": 649,
  "size_x": 90,
  "size_y": 90,
  "size_z": 60,
  "snr": 2.7778256320615147,
  "spacing_tr": 1.2000000476837158,
  "spacing_x": 2.4000000953674316,
  "spacing_y": 2.4000000953674316,
  "spacing_z": 2.3999998569488525,
  "summary_bg_k": 22.372990180469532,
  "summary_bg_mad": 50.7374323209643,
  "summary_bg_mean": 340.9498291015625,
  "summary_bg_median": 138.7919921875,
  "summary_bg_n": 345207.0,
  "summary_bg_p05": 101.0662612915039,
  "summary_bg_p95": 1344.1508911132821,
  "summary_bg_stdv": 520.1834106445312,
  "summary_fg_k": 1.4836724211865624,
  "summary_fg_mad": 1333.6220513882918,
  "summary_fg_mean": 4535.6572265625,
  "summary_fg_median": 4256.6240234375,
  "summary_fg_n": 67649.0,
  "summary_fg_p05": 2568.174853515625,
  "summary_fg_p95": 7498.14580078125,
  "summary_fg_stdv": 1532.346923828125,
  "tsnr": 44.131067482056096
}