{
  "aor": 0.0007657377049180329,
  "aqi": 0.008719992344262293,
  "bids_meta": {
    "AcquisitionMatrixPE": 90,
    "AcquisitionNumber": 1,
    "AcquisitionTime": "16:05:58.745000",
    "BandwidthPerPixelPhaseEncode": 18.832,
    "BaseResolution": 90,
    "BodyPartExamined": "HEAD",
    "ConsistencyInfo": "N4_VE11C_LATEST_20160120",
    "ConversionSoftware": "dcm2niix",
    "ConversionSoftwareVersion": "v1.0.20190902",
    "DerivedVendorReportedEchoSpacing": 0.000590012,
    "DeviceSerialNumber": "67064",
    "DwellTime": 2.5e-06,
    "EchoTime": 0.033,
    "EchoTrainLength": 90,
    "EffectiveEchoSpacing": 0.000590012,
    "FlipAngle": 63,
    "ImageComments": "Unaliased_MB4_PE3_LB",
    "ImageOrientationPatientDICOM": [
      0.999945,
      -0.00505668,
      0.00920782,
      0.00767916,
      0.949973,
      -0.312237
    ],
    "ImageType": [
      "ORIGINAL",
      "PRIMARY",
      "M",
      "MB",
      "ND",
      "MOSAIC"
    ],
    "ImagingFrequency": 123.247,
    "InPlanePhaseEncodingDirectionDICOM": "COL",
    "InstitutionAddress": "Scott_Ave_4525_St._Louis_MO_US_63110",
    "InstitutionName": "Washington_University",
    "InstitutionalDepartmentName": "Department",
    "MRAcquisitionType": "2D",
    "MagneticFieldStrength": 3,
    "Manufacturer": "Siemens",
    "ManufacturersModelName": "Prisma_fit",
    "Modality": "MR",
    "MultibandAccelerationFactor": 4,
    "PartialFourier": 1,
    "PatientPosition": "HFS",
    "PercentPhaseFOV": 100,
    "PhaseEncodingDirection": "j",
    "PhaseEncodingSteps": 90,
    "PhaseResolution": 1,
    "PixelBandwidth": 2220,
    "ProcedureStepDescription": "head_Braver",
    "ProtocolName": "tfMRI_AxcptBas2_PA",
    "PulseSequenceDetails": "%CustomerSeq%_cmrr_mbep2d_bold",
    "ReceiveCoilActiveElements": "HEA;HEP",
    "ReceiveCoilName": "Head_32",
    "ReconMatrixPE": 90,
    "RepetitionTime": 1.2,
    "SAR": 0.06615,
    "ScanOptions": "FS_EXT",
    "ScanningSequence": "EP",
    "SequenceName": "epfid2d1_90",
    "SequenceVariant": "SK_SS",
    "SeriesDescription": "tfMRI_AxcptBas2_PA",
    "SeriesNumber": 54,
    "ShimSetting": [
      -1974,
      -11508,
      5868,
      658,
      101,
      197,
      -11,
      -47
    ],
    "SliceThickness": 2.4,
    "SliceTiming": [
      0,
      0.63,
      0.0775,
      0.7075,
      0.1575,
      0.7875,
      0.235,
      0.865,
      0.315,
      0.945,
      0.3925,
      1.0225,
      0.4725,
      1.1,
      0.55,
      0,
      0.63,
      0.0775,
      0.7075,
      0.1575,
      0.7875,
      0.235,
      0.865,
      0.315,
      0.945,
      0.3925,
      1.0225,
      0.4725,
      1.1,
      0.55,
      0,
      0.63,
      0.0775,
      0.7075,
      0.1575,
      0.7875,
      0.235,
      0.865,
      0.315,
      0.945,
      0.3925,
      1.0225,
      0.4725,
      1.1,
      0.55,
      0,
      0.63,
      0.0775,
      0.7075,
      0.1575,
      0.7875,
      0.235,
      0.865,
      0.315,
      0.945,
      0.3925,
      1.0225,
      0.4725,
      1.1,
      0.55
    ],
    "SoftwareVersions": "syngo_MR_E11",
    "SpacingBetweenSlices": 2.4,
    "StationName": "MRC35177",
    "TaskName": "Axcpt",
    "TotalReadoutTime": 0.0525111,
    "TxRefAmp": 237.154,
    "VendorReportedEchoSpacing": 0.00059,
    "WipMemBlock": "c0b665a6-af2b-46af-8629-d9374baad806||Sequence: R016 ve11c/master r/e634e98; Dec 19 2017 11:00:25 by eja",
    "acq_id": "mb4PA",
    "dataset": "ds003465",
    "modality": "bold",
    "run_id": 2,
    "session_id": "wave1bas",
    "subject_id": "f4354bs",
    "task_id": "Axcpt"
  },
  "dummy_trs": 0,
  "dvars_nstd": 30.54453978520524,
  "dvars_std": 1.0990523460919548,
  "dvars_vstd": 0.9815866228078801,
  "efc": 0.48789019095727887,
  "fber": 889.426513671875,
  "fd_mean": 0.13881280259073686,
  "fd_num": 71,
  "fd_perc": 11.639344262295081,
  "fwhm_avg": 2.774705445298667,
  "fwhm_x": 2.5677540646332875,
  "fwhm_y": 2.9024457180005028,
  "fwhm_z": 2.853916553262212,
  "gcor": 0.014839,
  "gsr_x": -0.02652997337281704,
  "gsr_y": 0.09558317065238953,
  "provenance": {
    "md5sum": "8ca1b25acd6ddd42de30619d14005014",
    "settings": {
      "fd_thres": 0.2,
      "testing": false
    },
    "software": "mriqc",
    "version": "22.0.6",
    "webapi_port": null,
    "webapi_url": "https://mriqc.nimh.nih.gov/api/v1"
  },
  "size_t": 610,
  "size_x": 90,
  "size_y": 90,
  "size_z": 60,
  "snr": 2.5698628763087488,
  "spacing_tr": 1.2000000476837158,
  "spacing_x": 2.4000000953674316,
  "spacing_y": 2.4000000953674316,
  "spacing_z": 2.4000000953674316,
  "summary_bg_k": 19.357541798603343,
  "summary_bg_mad": 47.75437856220015,
  "summary_bg_mean": 339.17950439453125,
  "summary_bg_median": 137.34426879882812,
  "summary_bg_n": 349760.0,
  "summary_bg_p05": 101.2557373046875,
  "summary_bg_p95": 1425.4642333984375,
  "summary_bg_stdv": 523.2887573242188,
  "summary_fg_k": 1.8605240987739133,
  "summary_fg_mad": 1375.3488338949098,
  "summary_fg_mean": 4407.24658203125,
  "summary_fg_median": 4111.9248046875,
  "summary_fg_n": 67097.0,
  "summary_fg_p05": 2369.1048828125,
  "summary_fg_p95": 7460.508984374999,
  "summary_fg_stdv": 1600.044189453125,
  "tsnr": 44.97132502216846
}