{
  "bids_meta": {
    "AcquisitionMatrixPE": 300,
    "AcquisitionNumber": 1,
    "AcquisitionTime": "12:02:13.607500",
    "BaseResolution": 320,
    "BodyPartExamined": "HEAD",
    "ConsistencyInfo": "N4_VE11C_LATEST_20160120",
    "ConversionSoftware": "dcm2niix",
    "ConversionSoftwareVersion": "v1.0.20190902",
    "DeviceSerialNumber": "67064",
    "DwellTime": 2.1e-06,
    "EchoTime": 0.563,
    "EchoTrainLength": 314,
    "FlipAngle": 120,
    "ImageOrientationPatientDICOM": [
      -0.0885861,
      0.995798,
      0.0232101,
      0.00543321,
      0.0237845,
      -0.999702
    ],
    "ImageType": [
      "ORIGINAL",
      "PRIMARY",
      "M",
      "ND"
    ],
    "ImagingFrequency": 123.247,
    "InPlanePhaseEncodingDirectionDICOM": "ROW",
    "InstitutionAddress": "Scott_Ave_4525_St._Louis_MO_US_63110",
    "InstitutionName": "washington_university",
    "InstitutionalDepartmentName": "Department",
    "MRAcquisitionType": "3D",
    "MagneticFieldStrength": 3,
    "Manufacturer": "Siemens",
    "ManufacturersModelName": "Prisma_fit",
    "Modality": "MR",
    "ParallelReductionFactorInPlane": 2,
    "PartialFourier": 1,
    "PatientPosition": "HFS",
    "PercentPhaseFOV": 93.75,
    "PhaseEncodingSteps": 297,
    "PhaseResolution": 1,
    "PixelBandwidth": 745,
    "ProcedureStepDescription": "head_Braver",
    "ProtocolName": "T2w_SPC",
    "PulseSequenceDetails": "%SiemensSeq%_tse_vfl",
    "ReceiveCoilActiveElements": "HEA;HEP",
    "ReceiveCoilName": "Head_32",
    "ReconMatrixPE": 300,
    "RefLinesPE": 32,
    "RepetitionTime": 3.2,
    "SAR": 0.134974,
    "ScanOptions": "PFP",
    "ScanningSequence": "SE",
    "SequenceName": "_spc_314ns",
    "SequenceVariant": "SK_SP",
    "SeriesDescription": "T2w_SPC",
    "SeriesNumber": 13,
    "ShimSetting": [
      -2004,
      -11502,
      5860,
      564,
      41,
      186,
      25,
      -11
    ],
    "SliceThickness": 0.8,
    "SoftwareVersions": "syngo_MR_E11",
    "StationName": "MRC35177",
    "TxRefAmp": 231.701,
    "dataset": "ds003465",
    "modality": "T2w",
    "session_id": "wave1bas",
    "subject_id": "f8710qa"
  },
  "cjv": 0.30508016632590906,
  "cnr": 1.490907715672126,
  "efc": 0.4934058693938173,
  "fber": 5459.567901234568,
  "fwhm_avg": 3.464745863275731,
  "fwhm_x": 3.2844876957707223,
  "fwhm_y": 3.6538249455537657,
  "fwhm_z": 3.4559249485027057,
  "icvs_csf": 0.26714509986691204,
  "icvs_gm": 0.5897480841190194,
  "icvs_wm": 0.1431068160140686,
  "inu_med": 0.9529828429222107,
  "inu_range": 0.8060249209403991,
  "provenance": {
    "md5sum": "dc2518a80a9e5ea9baf9aabdc17dd868",
    "settings": {
      "testing": false
    },
    "software": "mriqc",
    "version": "22.0.6",
    "warnings": {
      "large_rot_frame": true,
      "small_air_mask": false
    },
    "webapi_port": null,
    "webapi_url": "https://mriqc.nimh.nih.gov/api/v1"
  },
  "qi_1": 0.0,
  "qi_2": 0.001779763000629679,
  "rpve_csf": 15.25547070356293,
  "rpve_gm": 9.581581673316483,
  "rpve_wm": 42.654802976474386,
  "size_x": 208,
  "size_y": 300,
  "size_z": 320,
  "snr_csf": 5.211920794831178,
  "snr_gm": 7.248044726572506,
  "snr_total": 4.889667139917688,
  "snr_wm": 2.2090358983493825,
  "snrd_csf": 58.024699387180014,
  "snrd_gm": 32.65287040444651,
  "snrd_total": 64.05062795429296,
  "snrd_wm": 101.47431407125238,
  "spacing_x": 0.7999999523162842,
  "spacing_y": 0.800000011920929,
  "spacing_z": 0.800000011920929,
  "summary_bg_k": 10.9826157910274,
  "summary_bg_mad": 0.0,
  "summary_bg_mean": 4.525766242037036,
  "summary_bg_median": 0.0,
  "summary_bg_n": 7122403.0,
  "summary_bg_p05": 0.0,
  "summary_bg_p95": 16.42705163359642,
  "summary_bg_stdv": 6.456510359751924,
  "summary_csf_k": 2.9531743402172985,
  "summary_csf_mad": 70.55668080187077,
  "summary_csf_mean": 598.4918255216651,
  "summary_csf_median": 571.845912873745,
  "summary_csf_n": 36103.0,
  "summary_csf_p05": 479.0061625570059,
  "summary_csf_p95": 842.6257416814569,
  "summary_csf_stdv": 109.71732220885873,
  "summary_gm_k": 1.0375578111020314,
  "summary_gm_mad": 38.94485612381128,
  "summary_gm_mean": 327.359177400094,
  "summary_gm_median": 321.80107232928276,
  "summary_gm_n": 591248.0,
  "summary_gm_p05": 264.8317497372627,
  "summary_gm_p95": 411.5988709628582,
  "summary_gm_stdv": 44.398291171170605,
  "summary_wm_k": -1.336458654149157,
  "summary_wm_mad": 167.97581358377528,
  "summary_wm_mean": 738.9111758605253,
  "summary_wm_median": 1000.0512260496616,
  "summary_wm_n": 80781.0,
  "summary_wm_p05": 27.08797749876976,
  "summary_wm_p95": 1216.6269099116325,
  "summary_wm_stdv": 452.7065571394299,
  "tpm_overlap_csf": 0.1348987024818826,
  "tpm_overlap_gm": 0.3885899226347685,
  "tpm_overlap_wm": 0.02554388491660754,
  "wm2max": 0.8424290742797075
}