{
  "aor": 0.0006032840722495894,
  "aqi": 0.0053201325287356325,
  "bids_meta": {
    "AcquisitionMatrixPE": 90,
    "AcquisitionNumber": 1,
    "AcquisitionTime": "18:29:44.100000",
    "BandwidthPerPixelPhaseEncode": 18.832,
    "BaseResolution": 90,
    "BodyPartExamined": "HEAD",
    "ConsistencyInfo": "N4_VE11C_LATEST_20160120",
    "ConversionSoftware": "dcm2niix",
    "ConversionSoftwareVersion": "v1.0.20190902",
    "DerivedVendorReportedEchoSpacing": 0.000590012,
    "DeviceSerialNumber": "67064",
    "DwellTime": 2.5e-06,
    "EchoTime": 0.033,
    "EchoTrainLength": 90,
    "EffectiveEchoSpacing": 0.000590012,
    "FlipAngle": 63,
    "ImageComments": "Unaliased_MB4_PE3_LB",
    "ImageOrientationPatientDICOM": [
      0.999677,
      -0.0250679,
      0.00416751,
      0.0251299,
      0.950831,
      -0.308688
    ],
    "ImageType": [
      "ORIGINAL",
      "PRIMARY",
      "M",
      "MB",
      "ND",
      "MOSAIC"
    ],
    "ImagingFrequency": 123.247,
    "InPlanePhaseEncodingDirectionDICOM": "COL",
    "InstitutionAddress": "Scott_Ave_4525_St._Louis_MO_US_63110",
    "InstitutionName": "Washington_University",
    "InstitutionalDepartmentName": "Department",
    "MRAcquisitionType": "2D",
    "MagneticFieldStrength": 3,
    "Manufacturer": "Siemens",
    "ManufacturersModelName": "Prisma_fit",
    "Modality": "MR",
    "MultibandAccelerationFactor": 4,
    "PartialFourier": 1,
    "PatientPosition": "HFS",
    "PercentPhaseFOV": 100,
    "PhaseEncodingDirection": "j",
    "PhaseEncodingSteps": 90,
    "PhaseResolution": 1,
    "PixelBandwidth": 2220,
    "ProcedureStepDescription": "head_Braver",
    "ProtocolName": "tfMRI_AxcptBas2_PA",
    "PulseSequenceDetails": "%CustomerSeq%_cmrr_mbep2d_bold",
    "ReceiveCoilActiveElements": "HEA;HEP",
    "ReceiveCoilName": "Head_32",
    "ReconMatrixPE": 90,
    "RepetitionTime": 1.2,
    "SAR": 0.0732747,
    "ScanOptions": "FS_EXT",
    "ScanningSequence": "EP",
    "SequenceName": "epfid2d1_90",
    "SequenceVariant": "SK_SS",
    "SeriesDescription": "tfMRI_AxcptBas2_PA",
    "SeriesNumber": 22,
    "ShimSetting": [
      -2011,
      -11508,
      5837,
      606,
      88,
      237,
      34,
      -6
    ],
    "SliceThickness": 2.4,
    "SliceTiming": [
      0,
      0.63,
      0.08,
      0.71,
      0.1575,
      0.7875,
      0.2375,
      0.865,
      0.315,
      0.945,
      0.395,
      1.0225,
      0.4725,
      1.1025,
      0.5525,
      0,
      0.63,
      0.08,
      0.71,
      0.1575,
      0.7875,
      0.2375,
      0.865,
      0.315,
      0.945,
      0.395,
      1.0225,
      0.4725,
      1.1025,
      0.5525,
      0,
      0.63,
      0.08,
      0.71,
      0.1575,
      0.7875,
      0.2375,
      0.865,
      0.315,
      0.945,
      0.395,
      1.0225,
      0.4725,
      1.1025,
      0.5525,
      0,
      0.63,
      0.08,
      0.71,
      0.1575,
      0.7875,
      0.2375,
      0.865,
      0.315,
      0.945,
      0.395,
      1.0225,
      0.4725,
      1.1025,
      0.5525
    ],
    "SoftwareVersions": "syngo_MR_E11",
    "SpacingBetweenSlices": 2.4,
    "StationName": "MRC35177",
    "TaskName": "Axcpt",
    "TotalReadoutTime": 0.0525111,
    "TxRefAmp": 283.833,
    "VendorReportedEchoSpacing": 0.00059,
    "WipMemBlock": "e5f03c61-2c52-4e62-bdff-68620ee7b158||Sequence: R016 ve11c/master r/e634e98; Dec 19 2017 11:00:25 by eja",
    "acq_id": "mb4PA",
    "dataset": "ds003465",
    "modality": "bold",
    "run_id": 2,
    "session_id": "wave1bas",
    "subject_id": "f6950qp",
    "task_id": "Axcpt"
  },
  "dummy_trs": 1,
  "dvars_nstd": 32.737970311249995,
  "dvars_std": 1.1118334044407903,
  "dvars_vstd": 0.9950769468092098,
  "efc": 0.5119328473593744,
  "fber": 745.6746826171875,
  "fd_mean": 0.24788593255880684,
  "fd_num": 395,
  "fd_perc": 64.86042692939245,
  "fwhm_avg": 2.7226888737843056,
  "fwhm_x": 2.591583230353068,
  "fwhm_y": 2.765399890112881,
  "fwhm_z": 2.811083500886967,
  "gcor": 0.00999393,
  "gsr_x": -0.004410783294588327,
  "gsr_y": 0.05915575474500656,
  "provenance": {
    "md5sum": "8c0dc40fc9b48ecf0a57c93c086b4919",
    "settings": {
      "fd_thres": 0.2,
      "testing": false
    },
    "software": "mriqc",
    "version": "22.0.6",
    "webapi_port": null,
    "webapi_url": "https://mriqc.nimh.nih.gov/api/v1"
  },
  "size_t": 609,
  "size_x": 90,
  "size_y": 90,
  "size_z": 60,
  "snr": 2.9388432754439577,
  "spacing_tr": 1.2000000476837158,
  "spacing_x": 2.4000000953674316,
  "spacing_y": 2.4000000953674316,
  "spacing_z": 2.3999998569488525,
  "summary_bg_k": 29.257807623943783,
  "summary_bg_mad": 60.052696986265474,
  "summary_bg_mean": 328.8049621582031,
  "summary_bg_median": 142.59031677246094,
  "summary_bg_n": 338948.0,
  "summary_bg_p05": 97.80624389648438,
  "summary_bg_p95": 1271.4426818847653,
  "summary_bg_stdv": 487.3822326660156,
  "summary_fg_k": 1.9563667688436928,
  "summary_fg_mad": 1216.0320770427695,
  "summary_fg_mean": 4096.05126953125,
  "summary_fg_median": 3882.757080078125,
  "summary_fg_n": 76762.0,
  "summary_fg_p05": 2375.69345703125,
  "summary_fg_p95": 6449.175439453125,
  "summary_fg_stdv": 1321.1768798828125,
  "tsnr": 47.617105768062174
}