{
  "aor": 0.001397847866419295,
  "aqi": 0.008864074081632653,
  "bids_meta": {
    "AcquisitionMatrixPE": 90,
    "AcquisitionNumber": 1,
    "AcquisitionTime": "18:46:0.467500",
    "BandwidthPerPixelPhaseEncode": 18.832,
    "BaseResolution": 90,
    "BodyPartExamined": "HEAD",
    "ConsistencyInfo": "N4_VE11C_LATEST_20160120",
    "ConversionSoftware": "dcm2niix",
    "ConversionSoftwareVersion": "v1.0.20190902",
    "DerivedVendorReportedEchoSpacing": 0.000590012,
    "DeviceSerialNumber": "67064",
    "DwellTime": 2.5e-06,
    "EchoTime": 0.033,
    "EchoTrainLength": 90,
    "EffectiveEchoSpacing": 0.000590012,
    "FlipAngle": 63,
    "ImageComments": "Unaliased_MB4_PE3_LB",
    "ImageOrientationPatientDICOM": [
      0.999677,
      -0.0250679,
      0.00416751,
      0.0251299,
      0.950831,
      -0.308688
    ],
    "ImageType": [
      "ORIGINAL",
      "PRIMARY",
      "M",
      "MB",
      "ND",
      "MOSAIC"
    ],
    "ImagingFrequency": 123.247,
    "InPlanePhaseEncodingDirectionDICOM": "COL",
    "InstitutionAddress": "Scott_Ave_4525_St._Louis_MO_US_63110",
    "InstitutionName": "Washington_University",
    "InstitutionalDepartmentName": "Department",
    "MRAcquisitionType": "2D",
    "MagneticFieldStrength": 3,
    "Manufacturer": "Siemens",
    "ManufacturersModelName": "Prisma_fit",
    "Modality": "MR",
    "MultibandAccelerationFactor": 4,
    "PartialFourier": 1,
    "PatientPosition": "HFS",
    "PercentPhaseFOV": 100,
    "PhaseEncodingDirection": "j-",
    "PhaseEncodingSteps": 90,
    "PhaseResolution": 1,
    "PixelBandwidth": 2220,
    "ProcedureStepDescription": "head_Braver",
    "ProtocolName": "tfMRI_StroopBas1_AP",
    "PulseSequenceDetails": "%CustomerSeq%_cmrr_mbep2d_bold",
    "ReceiveCoilActiveElements": "HEA;HEP",
    "ReceiveCoilName": "Head_32",
    "ReconMatrixPE": 90,
    "RepetitionTime": 1.2,
    "SAR": 0.0732381,
    "ScanOptions": "FS_EXT",
    "ScanningSequence": "EP",
    "SequenceName": "epfid2d1_90",
    "SequenceVariant": "SK_SS",
    "SeriesDescription": "tfMRI_StroopBas1_AP",
    "SeriesNumber": 31,
    "ShimSetting": [
      -2011,
      -11508,
      5837,
      606,
      88,
      237,
      34,
      -6
    ],
    "SliceThickness": 2.4,
    "SliceTiming": [
      0,
      0.6275,
      0.0775,
      0.7075,
      0.1575,
      0.785,
      0.235,
      0.865,
      0.315,
      0.9425,
      0.3925,
      1.0225,
      0.47,
      1.1,
      0.55,
      0,
      0.6275,
      0.0775,
      0.7075,
      0.1575,
      0.785,
      0.235,
      0.865,
      0.315,
      0.9425,
      0.3925,
      1.0225,
      0.47,
      1.1,
      0.55,
      0,
      0.6275,
      0.0775,
      0.7075,
      0.1575,
      0.785,
      0.235,
      0.865,
      0.315,
      0.9425,
      0.3925,
      1.0225,
      0.47,
      1.1,
      0.55,
      0,
      0.6275,
      0.0775,
      0.7075,
      0.1575,
      0.785,
      0.235,
      0.865,
      0.315,
      0.9425,
      0.3925,
      1.0225,
      0.47,
      1.1,
      0.55
    ],
    "SoftwareVersions": "syngo_MR_E11",
    "SpacingBetweenSlices": 2.4,
    "StationName": "MRC35177",
    "TaskName": "Stroop",
    "TotalReadoutTime": 0.0525111,
    "TxRefAmp": 283.833,
    "VendorReportedEchoSpacing": 0.00059,
    "WipMemBlock": "858a5a0d-a340-4912-a56d-ef8a7e9cfaba||Sequence: R016 ve11c/master r/e634e98; Dec 19 2017 11:00:25 by eja",
    "acq_id": "mb4AP",
    "dataset": "ds003465",
    "modality": "bold",
    "run_id": 1,
    "session_id": "wave1bas",
    "subject_id": "f6950qp",
    "task_id": "Stroop"
  },
  "dummy_trs": 1,
  "dvars_nstd": 39.33575471711896,
  "dvars_std": 1.1322198247955382,
  "dvars_vstd": 0.9969801642750932,
  "efc": 0.5169075110092981,
  "fber": 734.4063720703125,
  "fd_mean": 0.33398980821878005,
  "fd_num": 422,
  "fd_perc": 78.29313543599258,
  "fwhm_avg": 2.7583124840714928,
  "fwhm_x": 2.5560415650987003,
  "fwhm_y": 2.8899457184972084,
  "fwhm_z": 2.82895016861857,
  "gcor": 0.0148324,
  "gsr_x": -0.013660031370818615,
  "gsr_y": 0.06571456044912338,
  "provenance": {
    "md5sum": "0762340bdab33a6b12edf3f287b52bc9",
    "settings": {
      "fd_thres": 0.2,
      "testing": false
    },
    "software": "mriqc",
    "version": "22.0.6",
    "webapi_port": null,
    "webapi_url": "https://mriqc.nimh.nih.gov/api/v1"
  },
  "size_t": 539,
  "size_x": 90,
  "size_y": 90,
  "size_z": 60,
  "snr": 3.084622387468476,
  "spacing_tr": 1.2000000476837158,
  "spacing_x": 2.4000000953674316,
  "spacing_y": 2.4000000953674316,
  "spacing_z": 2.3999998569488525,
  "summary_bg_k": 44.70427302355146,
  "summary_bg_mad": 58.12130535719599,
  "summary_bg_mean": 311.7005920410156,
  "summary_bg_median": 141.35064697265625,
  "summary_bg_n": 331966.0,
  "summary_bg_p05": 97.09091186523438,
  "summary_bg_p95": 1095.7026977539062,
  "summary_bg_stdv": 475.1021423339844,
  "summary_fg_k": 1.122128775493823,
  "summary_fg_mad": 1161.6011019909588,
  "summary_fg_mean": 4114.31298828125,
  "summary_fg_median": 3903.458251953125,
  "summary_fg_n": 79635.0,
  "summary_fg_p05": 2438.03330078125,
  "summary_fg_p95": 6444.748779296875,
  "summary_fg_stdv": 1265.449462890625,
  "tsnr": 39.77148413786199
}