{
  "aor": 0.0007662962962962963,
  "aqi": 0.007748850185185186,
  "bids_meta": {
    "AcquisitionMatrixPE": 90,
    "AcquisitionNumber": 1,
    "AcquisitionTime": "18:57:27.365000",
    "BandwidthPerPixelPhaseEncode": 18.832,
    "BaseResolution": 90,
    "BodyPartExamined": "HEAD",
    "ConsistencyInfo": "N4_VE11C_LATEST_20160120",
    "ConversionSoftware": "dcm2niix",
    "ConversionSoftwareVersion": "v1.0.20190902",
    "DerivedVendorReportedEchoSpacing": 0.000590012,
    "DeviceSerialNumber": "67064",
    "DwellTime": 2.5e-06,
    "EchoTime": 0.033,
    "EchoTrainLength": 90,
    "EffectiveEchoSpacing": 0.000590012,
    "FlipAngle": 63,
    "ImageComments": "Unaliased_MB4_PE3_LB",
    "ImageOrientationPatientDICOM": [
      0.999677,
      -0.0250679,
      0.00416751,
      0.0251299,
      0.950831,
      -0.308688
    ],
    "ImageType": [
      "ORIGINAL",
      "PRIMARY",
      "M",
      "MB",
      "ND",
      "MOSAIC"
    ],
    "ImagingFrequency": 123.247,
    "InPlanePhaseEncodingDirectionDICOM": "COL",
    "InstitutionAddress": "Scott_Ave_4525_St._Louis_MO_US_63110",
    "InstitutionName": "Washington_University",
    "InstitutionalDepartmentName": "Department",
    "MRAcquisitionType": "2D",
    "MagneticFieldStrength": 3,
    "Manufacturer": "Siemens",
    "ManufacturersModelName": "Prisma_fit",
    "Modality": "MR",
    "MultibandAccelerationFactor": 4,
    "PartialFourier": 1,
    "PatientPosition": "HFS",
    "PercentPhaseFOV": 100,
    "PhaseEncodingDirection": "j",
    "PhaseEncodingSteps": 90,
    "PhaseResolution": 1,
    "PixelBandwidth": 2220,
    "ProcedureStepDescription": "head_Braver",
    "ProtocolName": "tfMRI_StroopBas2_PA",
    "PulseSequenceDetails": "%CustomerSeq%_cmrr_mbep2d_bold",
    "ReceiveCoilActiveElements": "HEA;HEP",
    "ReceiveCoilName": "Head_32",
    "ReconMatrixPE": 90,
    "RepetitionTime": 1.2,
    "SAR": 0.0732381,
    "ScanOptions": "FS_EXT",
    "ScanningSequence": "EP",
    "SequenceName": "epfid2d1_90",
    "SequenceVariant": "SK_SS",
    "SeriesDescription": "tfMRI_StroopBas2_PA",
    "SeriesNumber": 34,
    "ShimSetting": [
      -2011,
      -11508,
      5837,
      606,
      88,
      237,
      34,
      -6
    ],
    "SliceThickness": 2.4,
    "SliceTiming": [
      0,
      0.63,
      0.0775,
      0.7075,
      0.1575,
      0.785,
      0.235,
      0.865,
      0.315,
      0.9425,
      0.3925,
      1.0225,
      0.4725,
      1.1,
      0.55,
      0,
      0.63,
      0.0775,
      0.7075,
      0.1575,
      0.785,
      0.235,
      0.865,
      0.315,
      0.9425,
      0.3925,
      1.0225,
      0.4725,
      1.1,
      0.55,
      0,
      0.63,
      0.0775,
      0.7075,
      0.1575,
      0.785,
      0.235,
      0.865,
      0.315,
      0.9425,
      0.3925,
      1.0225,
      0.4725,
      1.1,
      0.55,
      0,
      0.63,
      0.0775,
      0.7075,
      0.1575,
      0.785,
      0.235,
      0.865,
      0.315,
      0.9425,
      0.3925,
      1.0225,
      0.4725,
      1.1,
      0.55
    ],
    "SoftwareVersions": "syngo_MR_E11",
    "SpacingBetweenSlices": 2.4,
    "StationName": "MRC35177",
    "TaskName": "Stroop",
    "TotalReadoutTime": 0.0525111,
    "TxRefAmp": 283.833,
    "VendorReportedEchoSpacing": 0.00059,
    "WipMemBlock": "883b5529-f14d-498c-96e5-1d4cc98077f3||Sequence: R016 ve11c/master r/e634e98; Dec 19 2017 11:00:25 by eja",
    "acq_id": "mb4PA",
    "dataset": "ds003465",
    "modality": "bold",
    "run_id": 2,
    "session_id": "wave1bas",
    "subject_id": "f6950qp",
    "task_id": "Stroop"
  },
  "dummy_trs": 0,
  "dvars_nstd": 40.475987998794075,
  "dvars_std": 1.1628871912430414,
  "dvars_vstd": 0.9954753205751388,
  "efc": 0.5135783912073594,
  "fber": 725.4727783203125,
  "fd_mean": 0.2632230303758406,
  "fd_num": 355,
  "fd_perc": 65.74074074074075,
  "fwhm_avg": 2.738068041746518,
  "fwhm_x": 2.5746165643605963,
  "fwhm_y": 2.7709248898933376,
  "fwhm_z": 2.8686626709856196,
  "gcor": 0.00851098,
  "gsr_x": -0.006470141001045704,
  "gsr_y": 0.0616135410964489,
  "provenance": {
    "md5sum": "c3fe8a12b0a2c08c484d80df0170401b",
    "settings": {
      "fd_thres": 0.2,
      "testing": false
    },
    "software": "mriqc",
    "version": "22.0.6",
    "webapi_port": null,
    "webapi_url": "https://mriqc.nimh.nih.gov/api/v1"
  },
  "size_t": 540,
  "size_x": 90,
  "size_y": 90,
  "size_z": 60,
  "snr": 2.9484133433341073,
  "spacing_tr": 1.2000000476837158,
  "spacing_x": 2.4000000953674316,
  "spacing_y": 2.4000000953674316,
  "spacing_z": 2.3999998569488525,
  "summary_bg_k": 34.96728017620554,
  "summary_bg_mad": 58.78792888583224,
  "summary_bg_mean": 326.605224609375,
  "summary_bg_median": 143.12777709960938,
  "summary_bg_n": 338071.0,
  "summary_bg_p05": 100.59073638916016,
  "summary_bg_p95": 1262.771240234375,
  "summary_bg_stdv": 481.8133239746094,
  "summary_fg_k": 1.8351212475030962,
  "summary_fg_mad": 1216.49177060173,
  "summary_fg_mean": 4075.7744140625,
  "summary_fg_median": 3868.65185546875,
  "summary_fg_n": 77056.0,
  "summary_fg_p05": 2359.6986694335938,
  "summary_fg_p95": 6429.71142578125,
  "summary_fg_stdv": 1312.1046142578125,
  "tsnr": 44.28267482819501
}