{
  "bids_meta": {
    "AcquisitionMatrixPE": 300,
    "AcquisitionNumber": 1,
    "AcquisitionTime": "18:53:48.285000",
    "BaseResolution": 320,
    "BodyPartExamined": "HEAD",
    "ConsistencyInfo": "N4_VE11C_LATEST_20160120",
    "ConversionSoftware": "dcm2niix",
    "ConversionSoftwareVersion": "v1.0.20190902",
    "DeviceSerialNumber": "67064",
    "DwellTime": 2.1e-06,
    "EchoTime": 0.563,
    "EchoTrainLength": 314,
    "FlipAngle": 120,
    "ImageOrientationPatientDICOM": [
      -0.031377,
      0.9959,
      -0.0848402,
      0.0387687,
      -0.0836055,
      -0.995745
    ],
    "ImageType": [
      "ORIGINAL",
      "PRIMARY",
      "M",
      "ND"
    ],
    "ImagingFrequency": 123.247,
    "InPlanePhaseEncodingDirectionDICOM": "ROW",
    "InstitutionAddress": "Scott_Ave_4525_St._Louis_MO_US_63110",
    "InstitutionName": "washington_university",
    "InstitutionalDepartmentName": "Department",
    "MRAcquisitionType": "3D",
    "MagneticFieldStrength": 3,
    "Manufacturer": "Siemens",
    "ManufacturersModelName": "Prisma_fit",
    "Modality": "MR",
    "ParallelReductionFactorInPlane": 2,
    "PartialFourier": 1,
    "PatientPosition": "HFS",
    "PercentPhaseFOV": 93.75,
    "PhaseEncodingSteps": 297,
    "PhaseResolution": 1,
    "PixelBandwidth": 745,
    "ProcedureStepDescription": "head_Braver",
    "ProtocolName": "T2w_SPC",
    "PulseSequenceDetails": "%SiemensSeq%_tse_vfl",
    "ReceiveCoilActiveElements": "HEA;HEP",
    "ReceiveCoilName": "Head_32",
    "ReconMatrixPE": 300,
    "RefLinesPE": 32,
    "RepetitionTime": 3.2,
    "SAR": 0.153457,
    "ScanOptions": "PFP",
    "ScanningSequence": "SE",
    "SequenceName": "_spc_314ns",
    "SequenceVariant": "SK_SP",
    "SeriesDescription": "T2w_SPC",
    "SeriesNumber": 13,
    "ShimSetting": [
      -1987,
      -11498,
      5771,
      502,
      119,
      155,
      -43,
      -4
    ],
    "SliceThickness": 0.8,
    "SoftwareVersions": "syngo_MR_E11",
    "StationName": "MRC35177",
    "TxRefAmp": 250.257,
    "dataset": "ds003465",
    "modality": "T2w",
    "session_id": "wave1bas",
    "subject_id": "f1552xo"
  },
  "cjv": 0.3673338612600011,
  "cnr": 1.6301837278092115,
  "efc": 0.5486463227766892,
  "fber": 5013.529672980456,
  "fwhm_avg": 3.9614666993112664,
  "fwhm_x": 3.6913252200201283,
  "fwhm_y": 4.281799936196209,
  "fwhm_z": 3.911274941717462,
  "icvs_csf": 0.40704681189313113,
  "icvs_gm": 0.44941848972068477,
  "icvs_wm": 0.14353469838618407,
  "inu_med": 0.9616886973381042,
  "inu_range": 0.9662383824586867,
  "provenance": {
    "md5sum": "77d438256ef818b6fd3983269db322ee",
    "settings": {
      "testing": false
    },
    "software": "mriqc",
    "version": "22.0.6",
    "warnings": {
      "large_rot_frame": true,
      "small_air_mask": false
    },
    "webapi_port": null,
    "webapi_url": "https://mriqc.nimh.nih.gov/api/v1"
  },
  "qi_1": 0.0,
  "qi_2": 0.0011936443644388485,
  "rpve_csf": 9.996361764096255,
  "rpve_gm": 9.83737087005355,
  "rpve_wm": 30.897060193378916,
  "size_x": 208,
  "size_y": 300,
  "size_z": 320,
  "snr_csf": 6.266464517407127,
  "snr_gm": 7.295645809735061,
  "snr_total": 5.293545444972932,
  "snr_wm": 2.3185260077766108,
  "snrd_csf": 47.9635155770313,
  "snrd_gm": 26.200093206334188,
  "snrd_total": 54.453439942398234,
  "snrd_wm": 89.19671104382918,
  "spacing_x": 0.7999999523162842,
  "spacing_y": 0.800000011920929,
  "spacing_z": 0.800000011920929,
  "summary_bg_k": 9.690975067247491,
  "summary_bg_mad": 0.0,
  "summary_bg_mean": 4.657076237587548,
  "summary_bg_median": 0.0,
  "summary_bg_n": 6567648.0,
  "summary_bg_p05": 0.0,
  "summary_bg_p95": 18.86164667084813,
  "summary_bg_stdv": 7.346540868423544,
  "summary_csf_k": 7.225742768414813,
  "summary_csf_mad": 63.365553679932106,
  "summary_csf_mean": 547.3931970162223,
  "summary_csf_median": 537.8512434661388,
  "summary_csf_n": 193040.0,
  "summary_csf_p05": 435.3534213267267,
  "summary_csf_p95": 684.8057364765549,
  "summary_csf_stdv": 85.8298724682804,
  "summary_gm_k": 1.7407283260741329,
  "summary_gm_mad": 35.32534759042922,
  "summary_gm_mean": 294.78992838289423,
  "summary_gm_median": 293.8014976680279,
  "summary_gm_n": 602287.0,
  "summary_gm_p05": 231.0487736016512,
  "summary_gm_p95": 361.5191599354148,
  "summary_gm_stdv": 40.27076717060346,
  "summary_wm_k": -1.04385172650744,
  "summary_wm_mad": 224.1698749347538,
  "summary_wm_mean": 777.0156492604502,
  "summary_wm_median": 1000.2303077839315,
  "summary_wm_n": 83669.0,
  "summary_wm_p05": 32.783947605639696,
  "summary_wm_p95": 1193.504603113979,
  "summary_wm_stdv": 431.405266581414,
  "tpm_overlap_csf": 0.1117305020856004,
  "tpm_overlap_gm": 0.2928075019014027,
  "tpm_overlap_wm": 0.028113925992056376,
  "wm2max": 0.8357854668320431
}