{
  "bids_meta": {
    "AcquisitionMatrixPE": 300,
    "AcquisitionNumber": 1,
    "AcquisitionTime": "18:46:38.742500",
    "BaseResolution": 320,
    "BodyPartExamined": "HEAD",
    "ConsistencyInfo": "N4_VE11C_LATEST_20160120",
    "ConversionSoftware": "dcm2niix",
    "ConversionSoftwareVersion": "v1.0.20190902",
    "DeviceSerialNumber": "67064",
    "DwellTime": 7.1e-06,
    "EchoTime": 0.00222,
    "FlipAngle": 8,
    "ImageOrientationPatientDICOM": [
      -0.031377,
      0.9959,
      -0.0848402,
      0.0387687,
      -0.0836055,
      -0.995745
    ],
    "ImageType": [
      "ORIGINAL",
      "PRIMARY",
      "M",
      "ND"
    ],
    "ImagingFrequency": 123.247,
    "InPlanePhaseEncodingDirectionDICOM": "ROW",
    "InstitutionAddress": "Scott_Ave_4525_St._Louis_MO_US_63110",
    "InstitutionName": "washington_university",
    "InstitutionalDepartmentName": "Department",
    "InversionTime": 1,
    "MRAcquisitionType": "3D",
    "MagneticFieldStrength": 3,
    "Manufacturer": "Siemens",
    "ManufacturersModelName": "Prisma_fit",
    "Modality": "MR",
    "ParallelReductionFactorInPlane": 2,
    "PartialFourier": 1,
    "PatientPosition": "HFS",
    "PercentPhaseFOV": 93.75,
    "PhaseEncodingSteps": 299,
    "PhaseResolution": 1,
    "PixelBandwidth": 220,
    "ProcedureStepDescription": "head_Braver",
    "ProtocolName": "T1w_MPR",
    "PulseSequenceDetails": "%SiemensSeq%_tfl",
    "ReceiveCoilActiveElements": "HEA;HEP",
    "ReceiveCoilName": "Head_32",
    "ReconMatrixPE": 300,
    "RefLinesPE": 32,
    "RepetitionTime": 2.4,
    "SAR": 0.0456099,
    "ScanOptions": "IR_WE",
    "ScanningSequence": "GR_IR",
    "SequenceName": "_tfl3d1_16ns",
    "SequenceVariant": "SK_SP_MP",
    "SeriesDescription": "T1w_MPR",
    "SeriesNumber": 11,
    "ShimSetting": [
      -1987,
      -11498,
      5771,
      502,
      119,
      155,
      -43,
      -4
    ],
    "SliceThickness": 0.8,
    "SoftwareVersions": "syngo_MR_E11",
    "StationName": "MRC35177",
    "TxRefAmp": 250.257,
    "dataset": "ds003465",
    "modality": "T1w",
    "session_id": "wave1bas",
    "subject_id": "f1552xo"
  },
  "cjv": 0.4973702558380904,
  "cnr": 2.683584250363947,
  "efc": 0.5828158036587883,
  "fber": 13747.06143618964,
  "fwhm_avg": 5.44807088366996,
  "fwhm_x": 5.295662815646101,
  "fwhm_y": 5.308837420892158,
  "fwhm_z": 5.7397124144716205,
  "icvs_csf": 0.17577135828041715,
  "icvs_gm": 0.3951008514040103,
  "icvs_wm": 0.4291277903155725,
  "inu_med": 1.0226800441741943,
  "inu_range": 1.1028411269187925,
  "provenance": {
    "md5sum": "81a31c6980ff8997722fb2fe9e91124d",
    "settings": {
      "testing": false
    },
    "software": "mriqc",
    "version": "22.0.6",
    "warnings": {
      "large_rot_frame": true,
      "small_air_mask": false
    },
    "webapi_port": null,
    "webapi_url": "https://mriqc.nimh.nih.gov/api/v1"
  },
  "qi_1": 0.0,
  "qi_2": 0.00123559555155303,
  "rpve_csf": 21.98198198198198,
  "rpve_gm": 9.916331387771292,
  "rpve_wm": 10.565941417757074,
  "size_x": 208,
  "size_y": 300,
  "size_z": 320,
  "snr_csf": 2.908822408382596,
  "snr_gm": 12.913824672149067,
  "snr_total": 10.302722330885352,
  "snr_wm": 15.085519912124392,
  "snrd_csf": 19.732613717069828,
  "snrd_gm": 48.930495813161784,
  "snrd_total": 44.33470887732333,
  "snrd_wm": 64.34101710173837,
  "spacing_x": 0.7999999523162842,
  "spacing_y": 0.800000011920929,
  "spacing_z": 0.800000011920929,
  "summary_bg_k": 828.4022597794702,
  "summary_bg_mad": 0.0,
  "summary_bg_mean": 6.7916337877570125,
  "summary_bg_median": 0.0,
  "summary_bg_n": 6538017.0,
  "summary_bg_p05": 0.0,
  "summary_bg_p95": 26.292467061430216,
  "summary_bg_stdv": 10.182852946728804,
  "summary_csf_k": 8.240744924087906,
  "summary_csf_mad": 71.48026138457014,
  "summary_csf_mean": 315.77513111280626,
  "summary_csf_median": 306.70605958625674,
  "summary_csf_n": 102076.0,
  "summary_csf_p05": 156.39586586877704,
  "summary_csf_p95": 500.6794738844037,
  "summary_csf_stdv": 105.43942330650252,
  "summary_gm_k": 0.12514683761920375,
  "summary_gm_mad": 58.34050745358298,
  "summary_gm_mean": 760.9254990313874,
  "summary_gm_median": 760.5317663252354,
  "summary_gm_n": 80515.0,
  "summary_gm_p05": 664.5199484042823,
  "summary_gm_p95": 857.9025207459927,
  "summary_gm_stdv": 58.89247087511085,
  "summary_wm_k": 0.712347407386142,
  "summary_wm_mad": 60.79326152070058,
  "summary_wm_mean": 1009.7531412898876,
  "summary_wm_median": 1000.0590954646468,
  "summary_wm_n": 639579.0,
  "summary_wm_p05": 918.8183264546096,
  "summary_wm_p95": 1136.0118296407163,
  "summary_wm_stdv": 66.29259843077273,
  "tpm_overlap_csf": 0.15048224102690536,
  "tpm_overlap_gm": 0.43113033267448647,
  "tpm_overlap_wm": 0.47972974971534665,
  "wm2max": 0.45204711160964667
}