{
  "aor": 0.003403908045977011,
  "aqi": 0.007438880935960592,
  "bids_meta": {
    "AcquisitionMatrixPE": 90,
    "AcquisitionNumber": 1,
    "AcquisitionTime": "09:07:46.587500",
    "BandwidthPerPixelPhaseEncode": 18.832,
    "BaseResolution": 90,
    "BodyPartExamined": "HEAD",
    "ConsistencyInfo": "N4_VE11C_LATEST_20160120",
    "ConversionSoftware": "dcm2niix",
    "ConversionSoftwareVersion": "v1.0.20190902",
    "DerivedVendorReportedEchoSpacing": 0.000590012,
    "DeviceSerialNumber": "67064",
    "DwellTime": 2.5e-06,
    "EchoTime": 0.033,
    "EchoTrainLength": 90,
    "EffectiveEchoSpacing": 0.000590012,
    "FlipAngle": 63,
    "ImageComments": "Unaliased_MB4_PE3_LB",
    "ImageOrientationPatientDICOM": [
      0.998535,
      0.020894,
      -0.0499081,
      -0.0428986,
      0.867853,
      -0.494966
    ],
    "ImageType": [
      "ORIGINAL",
      "PRIMARY",
      "M",
      "MB",
      "ND",
      "MOSAIC"
    ],
    "ImagingFrequency": 123.247,
    "InPlanePhaseEncodingDirectionDICOM": "COL",
    "InstitutionAddress": "Scott_Ave_4525_St._Louis_MO_US_63110",
    "InstitutionName": "Washington_University",
    "InstitutionalDepartmentName": "Department",
    "MRAcquisitionType": "2D",
    "MagneticFieldStrength": 3,
    "Manufacturer": "Siemens",
    "ManufacturersModelName": "Prisma_fit",
    "Modality": "MR",
    "MultibandAccelerationFactor": 4,
    "PartialFourier": 1,
    "PatientPosition": "HFS",
    "PercentPhaseFOV": 100,
    "PhaseEncodingDirection": "j",
    "PhaseEncodingSteps": 90,
    "PhaseResolution": 1,
    "PixelBandwidth": 2220,
    "ProcedureStepDescription": "head_Braver",
    "ProtocolName": "tfMRI_AxcptBas2_PA",
    "PulseSequenceDetails": "%CustomerSeq%_cmrr_mbep2d_bold",
    "ReceiveCoilActiveElements": "HEA;HEP",
    "ReceiveCoilName": "Head_32",
    "ReconMatrixPE": 90,
    "RepetitionTime": 1.2,
    "SAR": 0.0719542,
    "ScanOptions": "FS_EXT",
    "ScanningSequence": "EP",
    "SequenceName": "epfid2d1_90",
    "SequenceVariant": "SK_SS",
    "SeriesDescription": "tfMRI_AxcptBas2_PA",
    "SeriesNumber": 46,
    "ShimSetting": [
      -1999,
      -11512,
      5854,
      654,
      -5,
      223,
      -234,
      -24
    ],
    "SliceThickness": 2.4,
    "SliceTiming": [
      0,
      0.63,
      0.0775,
      0.7075,
      0.1575,
      0.7875,
      0.235,
      0.865,
      0.315,
      0.945,
      0.3925,
      1.0225,
      0.4725,
      1.1,
      0.55,
      0,
      0.63,
      0.0775,
      0.7075,
      0.1575,
      0.7875,
      0.235,
      0.865,
      0.315,
      0.945,
      0.3925,
      1.0225,
      0.4725,
      1.1,
      0.55,
      0,
      0.63,
      0.0775,
      0.7075,
      0.1575,
      0.7875,
      0.235,
      0.865,
      0.315,
      0.945,
      0.3925,
      1.0225,
      0.4725,
      1.1,
      0.55,
      0,
      0.63,
      0.0775,
      0.7075,
      0.1575,
      0.7875,
      0.235,
      0.865,
      0.315,
      0.945,
      0.3925,
      1.0225,
      0.4725,
      1.1,
      0.55
    ],
    "SoftwareVersions": "syngo_MR_E11",
    "SpacingBetweenSlices": 2.4,
    "StationName": "MRC35177",
    "TaskName": "Axcpt",
    "TotalReadoutTime": 0.0525111,
    "TxRefAmp": 229.223,
    "VendorReportedEchoSpacing": 0.00059,
    "WipMemBlock": "118b8b23-ec84-451d-bb14-1ac467dce9a4||Sequence: R016 ve11c/master r/e634e98; Dec 19 2017 11:00:25 by eja",
    "acq_id": "mb4PA",
    "dataset": "ds003465",
    "modality": "bold",
    "run_id": 2,
    "session_id": "wave1bas",
    "subject_id": "f8298ds",
    "task_id": "Axcpt"
  },
  "dummy_trs": 1,
  "dvars_nstd": 31.61190061212174,
  "dvars_std": 1.1063075241282896,
  "dvars_vstd": 0.9826218937335532,
  "efc": 0.4899762332478136,
  "fber": 906.0994873046875,
  "fd_mean": 0.13732609449195993,
  "fd_num": 158,
  "fd_perc": 25.94417077175698,
  "fwhm_avg": 2.607849896373356,
  "fwhm_x": 2.4861790678747866,
  "fwhm_y": 2.6604207276177116,
  "fwhm_z": 2.6769498936275684,
  "gcor": 0.00687266,
  "gsr_x": 0.0026279764715582132,
  "gsr_y": 0.0334942564368248,
  "provenance": {
    "md5sum": "3e95d9b5855d3cfc232afa6986c4423b",
    "settings": {
      "fd_thres": 0.2,
      "testing": false
    },
    "software": "mriqc",
    "version": "22.0.6",
    "webapi_port": null,
    "webapi_url": "https://mriqc.nimh.nih.gov/api/v1"
  },
  "size_t": 609,
  "size_x": 90,
  "size_y": 90,
  "size_z": 60,
  "snr": 3.3270444021192853,
  "spacing_tr": 1.2000000476837158,
  "spacing_x": 2.4000000953674316,
  "spacing_y": 2.4000000953674316,
  "spacing_z": 2.4000000953674316,
  "summary_bg_k": 28.724329753870183,
  "summary_bg_mad": 48.22717067286526,
  "summary_bg_mean": 291.8335266113281,
  "summary_bg_median": 132.4219970703125,
  "summary_bg_n": 349970.0,
  "summary_bg_p05": 93.72085571289062,
  "summary_bg_p95": 1143.7337280273437,
  "summary_bg_stdv": 440.5854187011719,
  "summary_fg_k": 0.48898813006170805,
  "summary_fg_mad": 1112.5641060065723,
  "summary_fg_mean": 4164.58642578125,
  "summary_fg_median": 3980.58544921875,
  "summary_fg_n": 68558.0,
  "summary_fg_p05": 2547.8283569335936,
  "summary_fg_p95": 6429.3931640625,
  "summary_fg_stdv": 1196.4241943359375,
  "tsnr": 40.62240132270381
}