{
  "aor": 0.002072545155993432,
  "aqi": 0.007557243612479474,
  "bids_meta": {
    "AcquisitionMatrixPE": 90,
    "AcquisitionNumber": 1,
    "AcquisitionTime": "08:54:40.417500",
    "BandwidthPerPixelPhaseEncode": 18.832,
    "BaseResolution": 90,
    "BodyPartExamined": "HEAD",
    "ConsistencyInfo": "N4_VE11C_LATEST_20160120",
    "ConversionSoftware": "dcm2niix",
    "ConversionSoftwareVersion": "v1.0.20190902",
    "DerivedVendorReportedEchoSpacing": 0.000590012,
    "DeviceSerialNumber": "67064",
    "DwellTime": 2.5e-06,
    "EchoTime": 0.033,
    "EchoTrainLength": 90,
    "EffectiveEchoSpacing": 0.000590012,
    "FlipAngle": 63,
    "ImageComments": "Unaliased_MB4_PE3_LB",
    "ImageOrientationPatientDICOM": [
      0.998535,
      0.020894,
      -0.0499081,
      -0.0428986,
      0.867853,
      -0.494966
    ],
    "ImageType": [
      "ORIGINAL",
      "PRIMARY",
      "M",
      "MB",
      "ND",
      "MOSAIC"
    ],
    "ImagingFrequency": 123.247,
    "InPlanePhaseEncodingDirectionDICOM": "COL",
    "InstitutionAddress": "Scott_Ave_4525_St._Louis_MO_US_63110",
    "InstitutionName": "Washington_University",
    "InstitutionalDepartmentName": "Department",
    "MRAcquisitionType": "2D",
    "MagneticFieldStrength": 3,
    "Manufacturer": "Siemens",
    "ManufacturersModelName": "Prisma_fit",
    "Modality": "MR",
    "MultibandAccelerationFactor": 4,
    "PartialFourier": 1,
    "PatientPosition": "HFS",
    "PercentPhaseFOV": 100,
    "PhaseEncodingDirection": "j-",
    "PhaseEncodingSteps": 90,
    "PhaseResolution": 1,
    "PixelBandwidth": 2220,
    "ProcedureStepDescription": "head_Braver",
    "ProtocolName": "tfMRI_AxcptBas1_AP",
    "PulseSequenceDetails": "%CustomerSeq%_cmrr_mbep2d_bold",
    "ReceiveCoilActiveElements": "HEA;HEP",
    "ReceiveCoilName": "Head_32",
    "ReconMatrixPE": 90,
    "RepetitionTime": 1.2,
    "SAR": 0.0719542,
    "ScanOptions": "FS_EXT",
    "ScanningSequence": "EP",
    "SequenceName": "epfid2d1_90",
    "SequenceVariant": "SK_SS",
    "SeriesDescription": "tfMRI_AxcptBas1_AP",
    "SeriesNumber": 43,
    "ShimSetting": [
      -1999,
      -11512,
      5854,
      654,
      -5,
      223,
      -234,
      -24
    ],
    "SliceThickness": 2.4,
    "SliceTiming": [
      0,
      0.63,
      0.08,
      0.7075,
      0.1575,
      0.7875,
      0.2375,
      0.865,
      0.315,
      0.945,
      0.3925,
      1.0225,
      0.4725,
      1.1025,
      0.55,
      0,
      0.63,
      0.08,
      0.7075,
      0.1575,
      0.7875,
      0.2375,
      0.865,
      0.315,
      0.945,
      0.3925,
      1.0225,
      0.4725,
      1.1025,
      0.55,
      0,
      0.63,
      0.08,
      0.7075,
      0.1575,
      0.7875,
      0.2375,
      0.865,
      0.315,
      0.945,
      0.3925,
      1.0225,
      0.4725,
      1.1025,
      0.55,
      0,
      0.63,
      0.08,
      0.7075,
      0.1575,
      0.7875,
      0.2375,
      0.865,
      0.315,
      0.945,
      0.3925,
      1.0225,
      0.4725,
      1.1025,
      0.55
    ],
    "SoftwareVersions": "syngo_MR_E11",
    "SpacingBetweenSlices": 2.4,
    "StationName": "MRC35177",
    "TaskName": "Axcpt",
    "TotalReadoutTime": 0.0525111,
    "TxRefAmp": 229.223,
    "VendorReportedEchoSpacing": 0.00059,
    "WipMemBlock": "f4a317c6-5782-4b84-8af4-f55a9fe84230||Sequence: R016 ve11c/master r/e634e98; Dec 19 2017 11:00:25 by eja",
    "acq_id": "mb4AP",
    "dataset": "ds003465",
    "modality": "bold",
    "run_id": 1,
    "session_id": "wave1bas",
    "subject_id": "f8298ds",
    "task_id": "Axcpt"
  },
  "dummy_trs": 1,
  "dvars_nstd": 30.26696249376646,
  "dvars_std": 1.0104911328618422,
  "dvars_vstd": 0.9514058512006576,
  "efc": 0.4854911192938479,
  "fber": 989.3875122070312,
  "fd_mean": 0.16798857204593723,
  "fd_num": 192,
  "fd_perc": 31.527093596059114,
  "fwhm_avg": 2.6287693399865364,
  "fwhm_x": 2.491120734345089,
  "fwhm_y": 2.6834332267032774,
  "fwhm_z": 2.7117540589112417,
  "gcor": 0.0185031,
  "gsr_x": -0.0005463135312311351,
  "gsr_y": 0.04889572411775589,
  "provenance": {
    "md5sum": "c5f1f1df30c35591ceb39edeabdf65b7",
    "settings": {
      "fd_thres": 0.2,
      "testing": false
    },
    "software": "mriqc",
    "version": "22.0.6",
    "webapi_port": null,
    "webapi_url": "https://mriqc.nimh.nih.gov/api/v1"
  },
  "size_t": 609,
  "size_x": 90,
  "size_y": 90,
  "size_z": 60,
  "snr": 3.4878191019602856,
  "spacing_tr": 1.2000000476837158,
  "spacing_x": 2.4000000953674316,
  "spacing_y": 2.4000000953674316,
  "spacing_z": 2.4000000953674316,
  "summary_bg_k": 33.46866296057054,
  "summary_bg_mad": 35.582441932777186,
  "summary_bg_mean": 271.30352783203125,
  "summary_bg_median": 124.94745635986328,
  "summary_bg_n": 349818.0,
  "summary_bg_p05": 98.35796356201172,
  "summary_bg_p95": 989.6292266845699,
  "summary_bg_stdv": 425.8418273925781,
  "summary_fg_k": 1.0156133600093158,
  "summary_fg_mad": 1020.8870937759955,
  "summary_fg_mean": 4150.5322265625,
  "summary_fg_median": 3957.880126953125,
  "summary_fg_n": 68560.0,
  "summary_fg_p05": 2659.586328125,
  "summary_fg_p95": 6306.093969726558,
  "summary_fg_stdv": 1134.763916015625,
  "tsnr": 43.79157168569509
}