{
  "aor": 0.0039623706176961605,
  "aqi": 0.011255981085141902,
  "bids_meta": {
    "AcquisitionMatrixPE": 90,
    "AcquisitionNumber": 1,
    "AcquisitionTime": "20:12:51.045000",
    "BandwidthPerPixelPhaseEncode": 18.832,
    "BaseResolution": 90,
    "BodyPartExamined": "HEAD",
    "ConsistencyInfo": "N4_VE11C_LATEST_20160120",
    "ConversionSoftware": "dcm2niix",
    "ConversionSoftwareVersion": "v1.0.20190902",
    "DerivedVendorReportedEchoSpacing": 0.000590012,
    "DeviceSerialNumber": "67064",
    "DwellTime": 2.5e-06,
    "EchoTime": 0.033,
    "EchoTrainLength": 90,
    "EffectiveEchoSpacing": 0.000590012,
    "FlipAngle": 63,
    "ImageComments": "Unaliased_MB4_PE3_LB",
    "ImageOrientationPatientDICOM": [
      0.998942,
      0.0356829,
      0.0290036,
      -0.0183087,
      0.887229,
      -0.460966
    ],
    "ImageType": [
      "ORIGINAL",
      "PRIMARY",
      "M",
      "MB",
      "ND",
      "MOSAIC"
    ],
    "ImagingFrequency": 123.247,
    "InPlanePhaseEncodingDirectionDICOM": "COL",
    "InstitutionAddress": "Scott_Ave_4525_St._Louis_MO_US_63110",
    "InstitutionName": "Washington_University",
    "InstitutionalDepartmentName": "Department",
    "MRAcquisitionType": "2D",
    "MagneticFieldStrength": 3,
    "Manufacturer": "Siemens",
    "ManufacturersModelName": "Prisma_fit",
    "Modality": "MR",
    "MultibandAccelerationFactor": 4,
    "PartialFourier": 1,
    "PatientPosition": "HFS",
    "PercentPhaseFOV": 100,
    "PhaseEncodingDirection": "j",
    "PhaseEncodingSteps": 90,
    "PhaseResolution": 1,
    "PixelBandwidth": 2220,
    "ProcedureStepDescription": "head_Braver",
    "ProtocolName": "tfMRI_SternBas2_PA",
    "PulseSequenceDetails": "%CustomerSeq%_cmrr_mbep2d_bold",
    "ReceiveCoilActiveElements": "HEA;HEP",
    "ReceiveCoilName": "Head_32",
    "ReconMatrixPE": 90,
    "RepetitionTime": 1.2,
    "SAR": 0.0784822,
    "ScanOptions": "FS_EXT",
    "ScanningSequence": "EP",
    "SequenceName": "epfid2d1_90",
    "SequenceVariant": "SK_SS",
    "SeriesDescription": "tfMRI_SternBas2_PA",
    "SeriesNumber": 37,
    "ShimSetting": [
      -1987,
      -11464,
      5803,
      518,
      103,
      171,
      53,
      -1
    ],
    "SliceThickness": 2.4,
    "SliceTiming": [
      0,
      0.63,
      0.08,
      0.7075,
      0.1575,
      0.7875,
      0.2375,
      0.865,
      0.315,
      0.945,
      0.395,
      1.0225,
      0.4725,
      1.1025,
      0.55,
      0,
      0.63,
      0.08,
      0.7075,
      0.1575,
      0.7875,
      0.2375,
      0.865,
      0.315,
      0.945,
      0.395,
      1.0225,
      0.4725,
      1.1025,
      0.55,
      0,
      0.63,
      0.08,
      0.7075,
      0.1575,
      0.7875,
      0.2375,
      0.865,
      0.315,
      0.945,
      0.395,
      1.0225,
      0.4725,
      1.1025,
      0.55,
      0,
      0.63,
      0.08,
      0.7075,
      0.1575,
      0.7875,
      0.2375,
      0.865,
      0.315,
      0.945,
      0.395,
      1.0225,
      0.4725,
      1.1025,
      0.55
    ],
    "SoftwareVersions": "syngo_MR_E11",
    "SpacingBetweenSlices": 2.4,
    "StationName": "MRC35177",
    "TaskName": "Stern",
    "TotalReadoutTime": 0.0525111,
    "TxRefAmp": 261.09,
    "VendorReportedEchoSpacing": 0.00059,
    "WipMemBlock": "8a5b5141-b1f7-4740-95f6-d159d6e46e89||Sequence: ve11c/master r/ab69a6c; Apr 19 2017 09:47:47 by eja",
    "acq_id": "mb4PA",
    "dataset": "ds003465",
    "modality": "bold",
    "run_id": 2,
    "session_id": "wave1bas",
    "subject_id": "f6188io",
    "task_id": "Stern"
  },
  "dummy_trs": 1,
  "dvars_nstd": 31.01904341521739,
  "dvars_std": 1.1151730630769237,
  "dvars_vstd": 1.0414891520568552,
  "efc": 0.5615311532962329,
  "fber": 531.24755859375,
  "fd_mean": 0.14866974857867948,
  "fd_num": 93,
  "fd_perc": 15.525876460767947,
  "fwhm_avg": 3.0644484893408688,
  "fwhm_x": 2.822366554515896,
  "fwhm_y": 3.0616957116724763,
  "fwhm_z": 3.3092832018342335,
  "gcor": 0.0175741,
  "gsr_x": -0.005097110755741596,
  "gsr_y": 0.10570333898067474,
  "provenance": {
    "md5sum": "ffc90f3842ec949bc733121ccb826ca5",
    "settings": {
      "fd_thres": 0.2,
      "testing": false
    },
    "software": "mriqc",
    "version": "22.0.6",
    "webapi_port": null,
    "webapi_url": "https://mriqc.nimh.nih.gov/api/v1"
  },
  "size_t": 599,
  "size_x": 90,
  "size_y": 90,
  "size_z": 60,
  "snr": 2.1313056906645715,
  "spacing_tr": 1.2000000476837158,
  "spacing_x": 2.4000000953674316,
  "spacing_y": 2.4000000953674316,
  "spacing_z": 2.4000000953674316,
  "summary_bg_k": 20.133810134669915,
  "summary_bg_mad": 84.30536677154106,
  "summary_bg_mean": 473.7678527832031,
  "summary_bg_median": 169.6627655029297,
  "summary_bg_n": 297220.0,
  "summary_bg_p05": 106.2903980255127,
  "summary_bg_p95": 2078.0367919921873,
  "summary_bg_stdv": 753.6223754882812,
  "summary_fg_k": 3.7622256418533055,
  "summary_fg_mad": 1615.3309514416462,
  "summary_fg_mean": 4453.9892578125,
  "summary_fg_median": 4045.851318359375,
  "summary_fg_n": 101661.0,
  "summary_fg_p05": 2190.026611328125,
  "summary_fg_p95": 7934.74609375,
  "summary_fg_stdv": 1898.2877197265625,
  "tsnr": 36.44719292235095
}