{
  "aor": 0.0031240586419753087,
  "aqi": 0.01869880637345679,
  "bids_meta": {
    "AcquisitionMatrixPE": 90,
    "AcquisitionNumber": 1,
    "AcquisitionTime": "19:08:53.352500",
    "BandwidthPerPixelPhaseEncode": 18.832,
    "BaseResolution": 90,
    "BodyPartExamined": "HEAD",
    "ConsistencyInfo": "N4_VE11C_LATEST_20160120",
    "ConversionSoftware": "dcm2niix",
    "ConversionSoftwareVersion": "v1.0.20190902",
    "DerivedVendorReportedEchoSpacing": 0.000590012,
    "DeviceSerialNumber": "67064",
    "DwellTime": 2.5e-06,
    "EchoTime": 0.033,
    "EchoTrainLength": 90,
    "EffectiveEchoSpacing": 0.000590012,
    "FlipAngle": 63,
    "ImageComments": "Unaliased_MB4_PE3_LB",
    "ImageOrientationPatientDICOM": [
      0.998942,
      0.0356829,
      0.0290036,
      -0.0183087,
      0.887229,
      -0.460966
    ],
    "ImageType": [
      "ORIGINAL",
      "PRIMARY",
      "M",
      "MB",
      "ND",
      "MOSAIC"
    ],
    "ImagingFrequency": 123.247,
    "InPlanePhaseEncodingDirectionDICOM": "COL",
    "InstitutionAddress": "Scott_Ave_4525_St._Louis_MO_US_63110",
    "InstitutionName": "Washington_University",
    "InstitutionalDepartmentName": "Department",
    "MRAcquisitionType": "2D",
    "MagneticFieldStrength": 3,
    "Manufacturer": "Siemens",
    "ManufacturersModelName": "Prisma_fit",
    "Modality": "MR",
    "MultibandAccelerationFactor": 4,
    "PartialFourier": 1,
    "PatientPosition": "HFS",
    "PercentPhaseFOV": 100,
    "PhaseEncodingDirection": "j",
    "PhaseEncodingSteps": 90,
    "PhaseResolution": 1,
    "PixelBandwidth": 2220,
    "ProcedureStepDescription": "head_Braver",
    "ProtocolName": "tfMRI_CuedtsBas2_PA",
    "PulseSequenceDetails": "%CustomerSeq%_cmrr_mbep2d_bold",
    "ReceiveCoilActiveElements": "HEA;HEP",
    "ReceiveCoilName": "Head_32",
    "ReconMatrixPE": 90,
    "RepetitionTime": 1.2,
    "SAR": 0.0785058,
    "ScanOptions": "FS_EXT",
    "ScanningSequence": "EP",
    "SequenceName": "epfid2d1_90",
    "SequenceVariant": "SK_SS",
    "SeriesDescription": "tfMRI_CuedtsBas2_PA",
    "SeriesNumber": 22,
    "ShimSetting": [
      -1987,
      -11464,
      5803,
      518,
      103,
      171,
      53,
      -1
    ],
    "SliceThickness": 2.4,
    "SliceTiming": [
      0,
      0.63,
      0.08,
      0.7075,
      0.1575,
      0.7875,
      0.2375,
      0.865,
      0.315,
      0.945,
      0.395,
      1.0225,
      0.4725,
      1.1025,
      0.55,
      0,
      0.63,
      0.08,
      0.7075,
      0.1575,
      0.7875,
      0.2375,
      0.865,
      0.315,
      0.945,
      0.395,
      1.0225,
      0.4725,
      1.1025,
      0.55,
      0,
      0.63,
      0.08,
      0.7075,
      0.1575,
      0.7875,
      0.2375,
      0.865,
      0.315,
      0.945,
      0.395,
      1.0225,
      0.4725,
      1.1025,
      0.55,
      0,
      0.63,
      0.08,
      0.7075,
      0.1575,
      0.7875,
      0.2375,
      0.865,
      0.315,
      0.945,
      0.395,
      1.0225,
      0.4725,
      1.1025,
      0.55
    ],
    "SoftwareVersions": "syngo_MR_E11",
    "SpacingBetweenSlices": 2.4,
    "StationName": "MRC35177",
    "TaskName": "Cuedts",
    "TotalReadoutTime": 0.0525111,
    "TxRefAmp": 261.09,
    "VendorReportedEchoSpacing": 0.00059,
    "WipMemBlock": "90f97397-a23e-42d4-8198-93b6b0ff4685||Sequence: ve11c/master r/ab69a6c; Apr 19 2017 09:47:47 by eja",
    "acq_id": "mb4PA",
    "dataset": "ds003465",
    "modality": "bold",
    "run_id": 2,
    "session_id": "wave1bas",
    "subject_id": "f6188io",
    "task_id": "Cuedts"
  },
  "dummy_trs": 2,
  "dvars_nstd": 35.29216004599689,
  "dvars_std": 0.9837201165687797,
  "dvars_vstd": 0.9373773010510055,
  "efc": 0.5615116825696892,
  "fber": 530.1643676757812,
  "fd_mean": 0.22113444862825143,
  "fd_num": 199,
  "fd_perc": 30.709876543209877,
  "fwhm_avg": 3.027580435250318,
  "fwhm_x": 2.7803040561873096,
  "fwhm_y": 3.01451238021404,
  "fwhm_z": 3.287924869349604,
  "gcor": 0.040732,
  "gsr_x": -0.00026992271887138486,
  "gsr_y": 0.10473490506410599,
  "provenance": {
    "md5sum": "11a1c4fba2bb821f10f09a176bb1a41d",
    "settings": {
      "fd_thres": 0.2,
      "testing": false
    },
    "software": "mriqc",
    "version": "22.0.6",
    "webapi_port": null,
    "webapi_url": "https://mriqc.nimh.nih.gov/api/v1"
  },
  "size_t": 648,
  "size_x": 90,
  "size_y": 90,
  "size_z": 60,
  "snr": 2.177689376576317,
  "spacing_tr": 1.2000000476837158,
  "spacing_x": 2.4000000953674316,
  "spacing_y": 2.4000000953674316,
  "spacing_z": 2.4000000953674316,
  "summary_bg_k": 20.966560138890916,
  "summary_bg_mad": 87.64512418143264,
  "summary_bg_mean": 458.0748291015625,
  "summary_bg_median": 172.11727905273438,
  "summary_bg_n": 295537.0,
  "summary_bg_p05": 106.11573791503906,
  "summary_bg_p95": 1930.5975830078148,
  "summary_bg_stdv": 705.7945556640625,
  "summary_fg_k": 3.9001300512377526,
  "summary_fg_mad": 1561.320758879829,
  "summary_fg_mean": 4408.4951171875,
  "summary_fg_median": 4008.914306640625,
  "summary_fg_n": 101732.0,
  "summary_fg_p05": 2224.0185791015624,
  "summary_fg_p95": 7771.378393554687,
  "summary_fg_stdv": 1840.8936767578125,
  "tsnr": 27.71540047135204
}