{
  "aor": 0.001737045075125209,
  "aqi": 0.017153503906510853,
  "bids_meta": {
    "AcquisitionMatrixPE": 90,
    "AcquisitionNumber": 1,
    "AcquisitionTime": "19:59:38.895000",
    "BandwidthPerPixelPhaseEncode": 18.832,
    "BaseResolution": 90,
    "BodyPartExamined": "HEAD",
    "ConsistencyInfo": "N4_VE11C_LATEST_20160120",
    "ConversionSoftware": "dcm2niix",
    "ConversionSoftwareVersion": "v1.0.20190902",
    "DerivedVendorReportedEchoSpacing": 0.000590012,
    "DeviceSerialNumber": "67064",
    "DwellTime": 2.5e-06,
    "EchoTime": 0.033,
    "EchoTrainLength": 90,
    "EffectiveEchoSpacing": 0.000590012,
    "FlipAngle": 63,
    "ImageComments": "Unaliased_MB4_PE3_LB",
    "ImageOrientationPatientDICOM": [
      0.998942,
      0.0356829,
      0.0290036,
      -0.0183087,
      0.887229,
      -0.460966
    ],
    "ImageType": [
      "ORIGINAL",
      "PRIMARY",
      "M",
      "MB",
      "ND",
      "MOSAIC"
    ],
    "ImagingFrequency": 123.247,
    "InPlanePhaseEncodingDirectionDICOM": "COL",
    "InstitutionAddress": "Scott_Ave_4525_St._Louis_MO_US_63110",
    "InstitutionName": "Washington_University",
    "InstitutionalDepartmentName": "Department",
    "MRAcquisitionType": "2D",
    "MagneticFieldStrength": 3,
    "Manufacturer": "Siemens",
    "ManufacturersModelName": "Prisma_fit",
    "Modality": "MR",
    "MultibandAccelerationFactor": 4,
    "PartialFourier": 1,
    "PatientPosition": "HFS",
    "PercentPhaseFOV": 100,
    "PhaseEncodingDirection": "j-",
    "PhaseEncodingSteps": 90,
    "PhaseResolution": 1,
    "PixelBandwidth": 2220,
    "ProcedureStepDescription": "head_Braver",
    "ProtocolName": "tfMRI_SternBas1_AP",
    "PulseSequenceDetails": "%CustomerSeq%_cmrr_mbep2d_bold",
    "ReceiveCoilActiveElements": "HEA;HEP",
    "ReceiveCoilName": "Head_32",
    "ReconMatrixPE": 90,
    "RepetitionTime": 1.2,
    "SAR": 0.0784822,
    "ScanOptions": "FS_EXT",
    "ScanningSequence": "EP",
    "SequenceName": "epfid2d1_90",
    "SequenceVariant": "SK_SS",
    "SeriesDescription": "tfMRI_SternBas1_AP",
    "SeriesNumber": 34,
    "ShimSetting": [
      -1987,
      -11464,
      5803,
      518,
      103,
      171,
      53,
      -1
    ],
    "SliceThickness": 2.4,
    "SliceTiming": [
      0,
      0.63,
      0.0775,
      0.7075,
      0.1575,
      0.7875,
      0.235,
      0.865,
      0.315,
      0.945,
      0.3925,
      1.0225,
      0.4725,
      1.1,
      0.55,
      0,
      0.63,
      0.0775,
      0.7075,
      0.1575,
      0.7875,
      0.235,
      0.865,
      0.315,
      0.945,
      0.3925,
      1.0225,
      0.4725,
      1.1,
      0.55,
      0,
      0.63,
      0.0775,
      0.7075,
      0.1575,
      0.7875,
      0.235,
      0.865,
      0.315,
      0.945,
      0.3925,
      1.0225,
      0.4725,
      1.1,
      0.55,
      0,
      0.63,
      0.0775,
      0.7075,
      0.1575,
      0.7875,
      0.235,
      0.865,
      0.315,
      0.945,
      0.3925,
      1.0225,
      0.4725,
      1.1,
      0.55
    ],
    "SoftwareVersions": "syngo_MR_E11",
    "SpacingBetweenSlices": 2.4,
    "StationName": "MRC35177",
    "TaskName": "Stern",
    "TotalReadoutTime": 0.0525111,
    "TxRefAmp": 261.09,
    "VendorReportedEchoSpacing": 0.00059,
    "WipMemBlock": "4c19e537-6d78-4bbd-96bf-5f839efc1e79||Sequence: ve11c/master r/ab69a6c; Apr 19 2017 09:47:47 by eja",
    "acq_id": "mb4AP",
    "dataset": "ds003465",
    "modality": "bold",
    "run_id": 1,
    "session_id": "wave1bas",
    "subject_id": "f6188io",
    "task_id": "Stern"
  },
  "dummy_trs": 1,
  "dvars_nstd": 30.056463799749135,
  "dvars_std": 1.0081576023745826,
  "dvars_vstd": 1.3944791365384617,
  "efc": 0.5599641342465069,
  "fber": 519.0078125,
  "fd_mean": 0.13471626252135413,
  "fd_num": 63,
  "fd_perc": 10.517529215358932,
  "fwhm_avg": 3.096437376958633,
  "fwhm_x": 2.9325248834719306,
  "fwhm_y": 3.0370207126529727,
  "fwhm_z": 3.3197665347509964,
  "gcor": 0.0395251,
  "gsr_x": 0.011129033751785755,
  "gsr_y": 0.10813216865062714,
  "provenance": {
    "md5sum": "a03587a9b2218a048ce37d576c977868",
    "settings": {
      "fd_thres": 0.2,
      "testing": false
    },
    "software": "mriqc",
    "version": "22.0.6",
    "webapi_port": null,
    "webapi_url": "https://mriqc.nimh.nih.gov/api/v1"
  },
  "size_t": 599,
  "size_x": 90,
  "size_y": 90,
  "size_z": 60,
  "snr": 2.1706702316292876,
  "spacing_tr": 1.2000000476837158,
  "spacing_x": 2.4000000953674316,
  "spacing_y": 2.4000000953674316,
  "spacing_z": 2.4000000953674316,
  "summary_bg_k": 19.661750750075743,
  "summary_bg_mad": 86.28051073048404,
  "summary_bg_mean": 480.5059814453125,
  "summary_bg_median": 171.37060546875,
  "summary_bg_n": 301139.0,
  "summary_bg_p05": 106.41051559448242,
  "summary_bg_p95": 2085.0395019531225,
  "summary_bg_stdv": 804.3453979492188,
  "summary_fg_k": 4.036182297009767,
  "summary_fg_mad": 1493.5163208965907,
  "summary_fg_mean": 4415.88818359375,
  "summary_fg_median": 4009.937255859375,
  "summary_fg_n": 102244.0,
  "summary_fg_p05": 2227.5861938476564,
  "summary_fg_p95": 7883.899267578123,
  "summary_fg_stdv": 1847.3177490234375,
  "tsnr": 29.632253692718223
}