{
  "aor": 0.0024522824302134648,
  "aqi": 0.02394564318555008,
  "bids_meta": {
    "AcquisitionMatrixPE": 90,
    "AcquisitionNumber": 1,
    "AcquisitionTime": "19:24:32.017500",
    "BandwidthPerPixelPhaseEncode": 18.832,
    "BaseResolution": 90,
    "BodyPartExamined": "HEAD",
    "ConsistencyInfo": "N4_VE11C_LATEST_20160120",
    "ConversionSoftware": "dcm2niix",
    "ConversionSoftwareVersion": "v1.0.20190902",
    "DerivedVendorReportedEchoSpacing": 0.000590012,
    "DeviceSerialNumber": "67064",
    "DwellTime": 2.5e-06,
    "EchoTime": 0.033,
    "EchoTrainLength": 90,
    "EffectiveEchoSpacing": 0.000590012,
    "FlipAngle": 63,
    "ImageComments": "Unaliased_MB4_PE3_LB",
    "ImageOrientationPatientDICOM": [
      0.998942,
      0.0356829,
      0.0290036,
      -0.0183087,
      0.887229,
      -0.460966
    ],
    "ImageType": [
      "ORIGINAL",
      "PRIMARY",
      "M",
      "MB",
      "ND",
      "MOSAIC"
    ],
    "ImagingFrequency": 123.247,
    "InPlanePhaseEncodingDirectionDICOM": "COL",
    "InstitutionAddress": "Scott_Ave_4525_St._Louis_MO_US_63110",
    "InstitutionName": "Washington_University",
    "InstitutionalDepartmentName": "Department",
    "MRAcquisitionType": "2D",
    "MagneticFieldStrength": 3,
    "Manufacturer": "Siemens",
    "ManufacturersModelName": "Prisma_fit",
    "Modality": "MR",
    "MultibandAccelerationFactor": 4,
    "PartialFourier": 1,
    "PatientPosition": "HFS",
    "PercentPhaseFOV": 100,
    "PhaseEncodingDirection": "j-",
    "PhaseEncodingSteps": 90,
    "PhaseResolution": 1,
    "PixelBandwidth": 2220,
    "ProcedureStepDescription": "head_Braver",
    "ProtocolName": "tfMRI_AxcptBas1_AP",
    "PulseSequenceDetails": "%CustomerSeq%_cmrr_mbep2d_bold",
    "ReceiveCoilActiveElements": "HEA;HEP",
    "ReceiveCoilName": "Head_32",
    "ReconMatrixPE": 90,
    "RepetitionTime": 1.2,
    "SAR": 0.0784872,
    "ScanOptions": "FS_EXT",
    "ScanningSequence": "EP",
    "SequenceName": "epfid2d1_90",
    "SequenceVariant": "SK_SS",
    "SeriesDescription": "tfMRI_AxcptBas1_AP",
    "SeriesNumber": 25,
    "ShimSetting": [
      -1987,
      -11464,
      5803,
      518,
      103,
      171,
      53,
      -1
    ],
    "SliceThickness": 2.4,
    "SliceTiming": [
      0,
      0.63,
      0.08,
      0.7075,
      0.1575,
      0.7875,
      0.2375,
      0.865,
      0.315,
      0.945,
      0.395,
      1.0225,
      0.4725,
      1.1025,
      0.55,
      0,
      0.63,
      0.08,
      0.7075,
      0.1575,
      0.7875,
      0.2375,
      0.865,
      0.315,
      0.945,
      0.395,
      1.0225,
      0.4725,
      1.1025,
      0.55,
      0,
      0.63,
      0.08,
      0.7075,
      0.1575,
      0.7875,
      0.2375,
      0.865,
      0.315,
      0.945,
      0.395,
      1.0225,
      0.4725,
      1.1025,
      0.55,
      0,
      0.63,
      0.08,
      0.7075,
      0.1575,
      0.7875,
      0.2375,
      0.865,
      0.315,
      0.945,
      0.395,
      1.0225,
      0.4725,
      1.1025,
      0.55
    ],
    "SoftwareVersions": "syngo_MR_E11",
    "SpacingBetweenSlices": 2.4,
    "StationName": "MRC35177",
    "TaskName": "Axcpt",
    "TotalReadoutTime": 0.0525111,
    "TxRefAmp": 261.09,
    "VendorReportedEchoSpacing": 0.00059,
    "WipMemBlock": "041fef84-a943-444b-81d0-1ebab82fbe47||Sequence: ve11c/master r/ab69a6c; Apr 19 2017 09:47:47 by eja",
    "acq_id": "mb4AP",
    "dataset": "ds003465",
    "modality": "bold",
    "run_id": 1,
    "session_id": "wave1bas",
    "subject_id": "f6188io",
    "task_id": "Axcpt"
  },
  "dummy_trs": 1,
  "dvars_nstd": 37.257060471398006,
  "dvars_std": 0.9442394124342119,
  "dvars_vstd": 0.8984560595559216,
  "efc": 0.5598651223925714,
  "fber": 523.5597534179688,
  "fd_mean": 0.22358085606399172,
  "fd_num": 129,
  "fd_perc": 21.182266009852217,
  "fwhm_avg": 3.096156821414226,
  "fwhm_x": 2.8848248853673586,
  "fwhm_y": 3.0948665436877194,
  "fwhm_z": 3.3087790351876007,
  "gcor": 0.0474518,
  "gsr_x": 0.0033157470170408487,
  "gsr_y": 0.111040398478508,
  "provenance": {
    "md5sum": "1d7c913d84ca5b045326f891d1d2d8f8",
    "settings": {
      "fd_thres": 0.2,
      "testing": false
    },
    "software": "mriqc",
    "version": "22.0.6",
    "webapi_port": null,
    "webapi_url": "https://mriqc.nimh.nih.gov/api/v1"
  },
  "size_t": 609,
  "size_x": 90,
  "size_y": 90,
  "size_z": 60,
  "snr": 2.2073762472948673,
  "spacing_tr": 1.2000000476837158,
  "spacing_x": 2.4000000953674316,
  "spacing_y": 2.4000000953674316,
  "spacing_z": 2.4000000953674316,
  "summary_bg_k": 22.31984496517464,
  "summary_bg_mad": 85.4772573175298,
  "summary_bg_mean": 460.10498046875,
  "summary_bg_median": 170.76026916503906,
  "summary_bg_n": 298959.0,
  "summary_bg_p05": 106.97372436523438,
  "summary_bg_p95": 1947.2234497070278,
  "summary_bg_stdv": 757.0462036132812,
  "summary_fg_k": 3.840279118679936,
  "summary_fg_mad": 1482.9113352767454,
  "summary_fg_mean": 4404.3798828125,
  "summary_fg_median": 4011.46142578125,
  "summary_fg_n": 102141.0,
  "summary_fg_p05": 2232.8193359375,
  "summary_fg_p95": 7824.02294921875,
  "summary_fg_stdv": 1817.28955078125,
  "tsnr": 25.42580786079634
}