{
  "aor": 0.002033821892393321,
  "aqi": 0.008595583896103896,
  "bids_meta": {
    "AcquisitionMatrixPE": 90,
    "AcquisitionNumber": 1,
    "AcquisitionTime": "20:40:13.927500",
    "BandwidthPerPixelPhaseEncode": 18.832,
    "BaseResolution": 90,
    "BodyPartExamined": "HEAD",
    "ConsistencyInfo": "N4_VE11C_LATEST_20160120",
    "ConversionSoftware": "dcm2niix",
    "ConversionSoftwareVersion": "v1.0.20190902",
    "DerivedVendorReportedEchoSpacing": 0.000590012,
    "DeviceSerialNumber": "67064",
    "DwellTime": 2.5e-06,
    "EchoTime": 0.033,
    "EchoTrainLength": 90,
    "EffectiveEchoSpacing": 0.000590012,
    "FlipAngle": 63,
    "ImageComments": "Unaliased_MB4_PE3_LB",
    "ImageOrientationPatientDICOM": [
      0.998942,
      0.0356829,
      0.0290036,
      -0.0183087,
      0.887229,
      -0.460966
    ],
    "ImageType": [
      "ORIGINAL",
      "PRIMARY",
      "M",
      "MB",
      "ND",
      "MOSAIC"
    ],
    "ImagingFrequency": 123.247,
    "InPlanePhaseEncodingDirectionDICOM": "COL",
    "InstitutionAddress": "Scott_Ave_4525_St._Louis_MO_US_63110",
    "InstitutionName": "Washington_University",
    "InstitutionalDepartmentName": "Department",
    "MRAcquisitionType": "2D",
    "MagneticFieldStrength": 3,
    "Manufacturer": "Siemens",
    "ManufacturersModelName": "Prisma_fit",
    "Modality": "MR",
    "MultibandAccelerationFactor": 4,
    "PartialFourier": 1,
    "PatientPosition": "HFS",
    "PercentPhaseFOV": 100,
    "PhaseEncodingDirection": "j",
    "PhaseEncodingSteps": 90,
    "PhaseResolution": 1,
    "PixelBandwidth": 2220,
    "ProcedureStepDescription": "head_Braver",
    "ProtocolName": "tfMRI_StroopBas2_PA",
    "PulseSequenceDetails": "%CustomerSeq%_cmrr_mbep2d_bold",
    "ReceiveCoilActiveElements": "HEA;HEP",
    "ReceiveCoilName": "Head_32",
    "ReconMatrixPE": 90,
    "RepetitionTime": 1.2,
    "SAR": 0.078448,
    "ScanOptions": "FS_EXT",
    "ScanningSequence": "EP",
    "SequenceName": "epfid2d1_90",
    "SequenceVariant": "SK_SS",
    "SeriesDescription": "tfMRI_StroopBas2_PA",
    "SeriesNumber": 46,
    "ShimSetting": [
      -1987,
      -11464,
      5803,
      518,
      103,
      171,
      53,
      -1
    ],
    "SliceThickness": 2.4,
    "SliceTiming": [
      0,
      0.6275,
      0.0775,
      0.7075,
      0.155,
      0.785,
      0.235,
      0.865,
      0.3125,
      0.9425,
      0.3925,
      1.0225,
      0.47,
      1.1,
      0.55,
      0,
      0.6275,
      0.0775,
      0.7075,
      0.155,
      0.785,
      0.235,
      0.865,
      0.3125,
      0.9425,
      0.3925,
      1.0225,
      0.47,
      1.1,
      0.55,
      0,
      0.6275,
      0.0775,
      0.7075,
      0.155,
      0.785,
      0.235,
      0.865,
      0.3125,
      0.9425,
      0.3925,
      1.0225,
      0.47,
      1.1,
      0.55,
      0,
      0.6275,
      0.0775,
      0.7075,
      0.155,
      0.785,
      0.235,
      0.865,
      0.3125,
      0.9425,
      0.3925,
      1.0225,
      0.47,
      1.1,
      0.55
    ],
    "SoftwareVersions": "syngo_MR_E11",
    "SpacingBetweenSlices": 2.4,
    "StationName": "MRC35177",
    "TaskName": "Stroop",
    "TotalReadoutTime": 0.0525111,
    "TxRefAmp": 261.09,
    "VendorReportedEchoSpacing": 0.00059,
    "WipMemBlock": "4f7981fe-6ae3-4d99-b50b-27d3745b3071||Sequence: ve11c/master r/ab69a6c; Apr 19 2017 09:47:47 by eja",
    "acq_id": "mb4PA",
    "dataset": "ds003465",
    "modality": "bold",
    "run_id": 2,
    "session_id": "wave1bas",
    "subject_id": "f6188io",
    "task_id": "Stroop"
  },
  "dummy_trs": 1,
  "dvars_nstd": 33.91725798973976,
  "dvars_std": 1.1466404840520437,
  "dvars_vstd": 1.0249679203717463,
  "efc": 0.5622821135433435,
  "fber": 527.689697265625,
  "fd_mean": 0.14065681271887537,
  "fd_num": 94,
  "fd_perc": 17.43970315398887,
  "fwhm_avg": 3.0036484917568433,
  "fwhm_x": 2.7631415568692863,
  "fwhm_y": 3.003479047319132,
  "fwhm_z": 3.2443248710821124,
  "gcor": 0.0186548,
  "gsr_x": -7.529123104177415e-05,
  "gsr_y": 0.10466115176677704,
  "provenance": {
    "md5sum": "26b8f8608bee5bc313b3ef503d5de82d",
    "settings": {
      "fd_thres": 0.2,
      "testing": false
    },
    "software": "mriqc",
    "version": "22.0.6",
    "webapi_port": null,
    "webapi_url": "https://mriqc.nimh.nih.gov/api/v1"
  },
  "size_t": 539,
  "size_x": 90,
  "size_y": 90,
  "size_z": 60,
  "snr": 2.1823484013498384,
  "spacing_tr": 1.2000000476837158,
  "spacing_x": 2.4000000953674316,
  "spacing_y": 2.4000000953674316,
  "spacing_z": 2.4000000953674316,
  "summary_bg_k": 20.483238135357173,
  "summary_bg_mad": 81.35056878320712,
  "summary_bg_mean": 457.8999328613281,
  "summary_bg_median": 168.62522888183594,
  "summary_bg_n": 295697.0,
  "summary_bg_p05": 108.13729095458984,
  "summary_bg_p95": 2010.9855224609375,
  "summary_bg_stdv": 727.5774536132812,
  "summary_fg_k": 3.6065465632233904,
  "summary_fg_mad": 1587.5079082947054,
  "summary_fg_mean": 4424.75732421875,
  "summary_fg_median": 4035.339599609375,
  "summary_fg_n": 101070.0,
  "summary_fg_p05": 2213.1443603515627,
  "summary_fg_p95": 7822.987768554686,
  "summary_fg_stdv": 1849.0721435546875,
  "tsnr": 41.45051397127099
}