{
  "aor": 0.0017599074074074075,
  "aqi": 0.006475509814814815,
  "bids_meta": {
    "AcquisitionMatrixPE": 90,
    "AcquisitionNumber": 1,
    "AcquisitionTime": "20:32:44.855000",
    "BandwidthPerPixelPhaseEncode": 18.832,
    "BaseResolution": 90,
    "BodyPartExamined": "HEAD",
    "ConsistencyInfo": "N4_VE11C_LATEST_20160120",
    "ConversionSoftware": "dcm2niix",
    "ConversionSoftwareVersion": "v1.0.20190902",
    "DerivedVendorReportedEchoSpacing": 0.000590012,
    "DeviceSerialNumber": "67064",
    "DwellTime": 2.5e-06,
    "EchoTime": 0.033,
    "EchoTrainLength": 90,
    "EffectiveEchoSpacing": 0.000590012,
    "FlipAngle": 63,
    "ImageComments": "Unaliased_MB4_PE3_LB",
    "ImageOrientationPatientDICOM": [
      0.999865,
      0.0140122,
      0.00854155,
      -0.00732959,
      0.847016,
      -0.531517
    ],
    "ImageType": [
      "ORIGINAL",
      "PRIMARY",
      "M",
      "MB",
      "ND",
      "MOSAIC"
    ],
    "ImagingFrequency": 123.247,
    "InPlanePhaseEncodingDirectionDICOM": "COL",
    "InstitutionAddress": "Scott_Ave_4525_St._Louis_MO_US_63110",
    "InstitutionName": "Washington_University",
    "InstitutionalDepartmentName": "Department",
    "MRAcquisitionType": "2D",
    "MagneticFieldStrength": 3,
    "Manufacturer": "Siemens",
    "ManufacturersModelName": "Prisma_fit",
    "Modality": "MR",
    "MultibandAccelerationFactor": 4,
    "PartialFourier": 1,
    "PatientPosition": "HFS",
    "PercentPhaseFOV": 100,
    "PhaseEncodingDirection": "j",
    "PhaseEncodingSteps": 90,
    "PhaseResolution": 1,
    "PixelBandwidth": 2220,
    "ProcedureStepDescription": "head_Braver",
    "ProtocolName": "tfMRI_StroopBas2_PA",
    "PulseSequenceDetails": "%CustomerSeq%_cmrr_mbep2d_bold",
    "ReceiveCoilActiveElements": "HEA;HEP",
    "ReceiveCoilName": "Head_32",
    "ReconMatrixPE": 90,
    "RepetitionTime": 1.2,
    "SAR": 0.061072,
    "ScanOptions": "FS_EXT",
    "ScanningSequence": "EP",
    "SequenceName": "epfid2d1_90",
    "SequenceVariant": "SK_SS",
    "SeriesDescription": "tfMRI_StroopBas2_PA",
    "SeriesNumber": 46,
    "ShimSetting": [
      -1970,
      -11477,
      5820,
      591,
      104,
      -12,
      -162,
      -56
    ],
    "SliceThickness": 2.4,
    "SliceTiming": [
      0,
      0.63,
      0.0775,
      0.7075,
      0.1575,
      0.785,
      0.235,
      0.865,
      0.315,
      0.9425,
      0.3925,
      1.0225,
      0.4725,
      1.1,
      0.55,
      0,
      0.63,
      0.0775,
      0.7075,
      0.1575,
      0.785,
      0.235,
      0.865,
      0.315,
      0.9425,
      0.3925,
      1.0225,
      0.4725,
      1.1,
      0.55,
      0,
      0.63,
      0.0775,
      0.7075,
      0.1575,
      0.785,
      0.235,
      0.865,
      0.315,
      0.9425,
      0.3925,
      1.0225,
      0.4725,
      1.1,
      0.55,
      0,
      0.63,
      0.0775,
      0.7075,
      0.1575,
      0.785,
      0.235,
      0.865,
      0.315,
      0.9425,
      0.3925,
      1.0225,
      0.4725,
      1.1,
      0.55
    ],
    "SoftwareVersions": "syngo_MR_E11",
    "SpacingBetweenSlices": 2.4,
    "StationName": "MRC35177",
    "TaskName": "Stroop",
    "TotalReadoutTime": 0.0525111,
    "TxRefAmp": 230.788,
    "VendorReportedEchoSpacing": 0.00059,
    "WipMemBlock": "80d32a9e-83d6-4ac3-b4c8-c9b18ace7865||Sequence: R016 ve11c/master r/e634e98; Dec 19 2017 11:00:25 by eja",
    "acq_id": "mb4PA",
    "dataset": "ds003465",
    "modality": "bold",
    "run_id": 2,
    "session_id": "wave1bas",
    "subject_id": "f5930vp",
    "task_id": "Stroop"
  },
  "dummy_trs": 0,
  "dvars_nstd": 32.83497840434138,
  "dvars_std": 1.1359550411131734,
  "dvars_vstd": 1.0158172145825604,
  "efc": 0.4965627414113196,
  "fber": 981.1336059570312,
  "fd_mean": 0.1943275688742782,
  "fd_num": 173,
  "fd_perc": 32.03703703703704,
  "fwhm_avg": 2.6605276720579063,
  "fwhm_x": 2.4871540678360438,
  "fwhm_y": 2.7208373918836357,
  "fwhm_z": 2.7735915564540403,
  "gcor": 0.0196182,
  "gsr_x": -0.005350565537810326,
  "gsr_y": 0.0400577150285244,
  "provenance": {
    "md5sum": "fcddb9a4df7e2d19eb3ffafde0683236",
    "settings": {
      "fd_thres": 0.2,
      "testing": false
    },
    "software": "mriqc",
    "version": "22.0.6",
    "webapi_port": null,
    "webapi_url": "https://mriqc.nimh.nih.gov/api/v1"
  },
  "size_t": 540,
  "size_x": 90,
  "size_y": 90,
  "size_z": 60,
  "snr": 3.4371551920373404,
  "spacing_tr": 1.2000000476837158,
  "spacing_x": 2.4000000953674316,
  "spacing_y": 2.4000000953674316,
  "spacing_z": 2.4000000953674316,
  "summary_bg_k": 24.038585803297476,
  "summary_bg_mad": 37.28196204941727,
  "summary_bg_mean": 265.23114013671875,
  "summary_bg_median": 126.22407531738281,
  "summary_bg_n": 342367.0,
  "summary_bg_p05": 98.63703155517578,
  "summary_bg_p95": 1001.9694458007814,
  "summary_bg_stdv": 365.3392333984375,
  "summary_fg_k": 0.4200686372139155,
  "summary_fg_mad": 1102.5561790682273,
  "summary_fg_mean": 4112.28271484375,
  "summary_fg_median": 3955.010009765625,
  "summary_fg_n": 75118.0,
  "summary_fg_p05": 2518.111962890625,
  "summary_fg_p95": 6209.004711914061,
  "summary_fg_stdv": 1150.6561279296875,
  "tsnr": 45.074056782061234
}