{
  "aor": 0.001153962962962963,
  "aqi": 0.008752081222222222,
  "bids_meta": {
    "AcquisitionMatrixPE": 90,
    "AcquisitionNumber": 1,
    "AcquisitionTime": "20:21:22.767500",
    "BandwidthPerPixelPhaseEncode": 18.832,
    "BaseResolution": 90,
    "BodyPartExamined": "HEAD",
    "ConsistencyInfo": "N4_VE11C_LATEST_20160120",
    "ConversionSoftware": "dcm2niix",
    "ConversionSoftwareVersion": "v1.0.20190902",
    "DerivedVendorReportedEchoSpacing": 0.000590012,
    "DeviceSerialNumber": "67064",
    "DwellTime": 2.5e-06,
    "EchoTime": 0.033,
    "EchoTrainLength": 90,
    "EffectiveEchoSpacing": 0.000590012,
    "FlipAngle": 63,
    "ImageComments": "Unaliased_MB4_PE3_LB",
    "ImageOrientationPatientDICOM": [
      0.999865,
      0.0140122,
      0.00854155,
      -0.00732959,
      0.847016,
      -0.531517
    ],
    "ImageType": [
      "ORIGINAL",
      "PRIMARY",
      "M",
      "MB",
      "ND",
      "MOSAIC"
    ],
    "ImagingFrequency": 123.247,
    "InPlanePhaseEncodingDirectionDICOM": "COL",
    "InstitutionAddress": "Scott_Ave_4525_St._Louis_MO_US_63110",
    "InstitutionName": "Washington_University",
    "InstitutionalDepartmentName": "Department",
    "MRAcquisitionType": "2D",
    "MagneticFieldStrength": 3,
    "Manufacturer": "Siemens",
    "ManufacturersModelName": "Prisma_fit",
    "Modality": "MR",
    "MultibandAccelerationFactor": 4,
    "PartialFourier": 1,
    "PatientPosition": "HFS",
    "PercentPhaseFOV": 100,
    "PhaseEncodingDirection": "j-",
    "PhaseEncodingSteps": 90,
    "PhaseResolution": 1,
    "PixelBandwidth": 2220,
    "ProcedureStepDescription": "head_Braver",
    "ProtocolName": "tfMRI_StroopBas1_AP",
    "PulseSequenceDetails": "%CustomerSeq%_cmrr_mbep2d_bold",
    "ReceiveCoilActiveElements": "HEA;HEP",
    "ReceiveCoilName": "Head_32",
    "ReconMatrixPE": 90,
    "RepetitionTime": 1.2,
    "SAR": 0.061072,
    "ScanOptions": "FS_EXT",
    "ScanningSequence": "EP",
    "SequenceName": "epfid2d1_90",
    "SequenceVariant": "SK_SS",
    "SeriesDescription": "tfMRI_StroopBas1_AP",
    "SeriesNumber": 43,
    "ShimSetting": [
      -1970,
      -11477,
      5820,
      591,
      104,
      -12,
      -162,
      -56
    ],
    "SliceThickness": 2.4,
    "SliceTiming": [
      0,
      0.63,
      0.08,
      0.71,
      0.1575,
      0.7875,
      0.2375,
      0.8675,
      0.315,
      0.945,
      0.395,
      1.025,
      0.4725,
      1.1025,
      0.5525,
      0,
      0.63,
      0.08,
      0.71,
      0.1575,
      0.7875,
      0.2375,
      0.8675,
      0.315,
      0.945,
      0.395,
      1.025,
      0.4725,
      1.1025,
      0.5525,
      0,
      0.63,
      0.08,
      0.71,
      0.1575,
      0.7875,
      0.2375,
      0.8675,
      0.315,
      0.945,
      0.395,
      1.025,
      0.4725,
      1.1025,
      0.5525,
      0,
      0.63,
      0.08,
      0.71,
      0.1575,
      0.7875,
      0.2375,
      0.8675,
      0.315,
      0.945,
      0.395,
      1.025,
      0.4725,
      1.1025,
      0.5525
    ],
    "SoftwareVersions": "syngo_MR_E11",
    "SpacingBetweenSlices": 2.4,
    "StationName": "MRC35177",
    "TaskName": "Stroop",
    "TotalReadoutTime": 0.0525111,
    "TxRefAmp": 230.788,
    "VendorReportedEchoSpacing": 0.00059,
    "WipMemBlock": "c726667d-20e9-4e69-9d5b-efc24a5ed003||Sequence: R016 ve11c/master r/e634e98; Dec 19 2017 11:00:25 by eja",
    "acq_id": "mb4AP",
    "dataset": "ds003465",
    "modality": "bold",
    "run_id": 1,
    "session_id": "wave1bas",
    "subject_id": "f5930vp",
    "task_id": "Stroop"
  },
  "dummy_trs": 0,
  "dvars_nstd": 32.17635457987012,
  "dvars_std": 1.1011235650092757,
  "dvars_vstd": 0.9931401421892384,
  "efc": 0.4930364002666145,
  "fber": 1010.0198364257812,
  "fd_mean": 0.19464714044434442,
  "fd_num": 207,
  "fd_perc": 38.333333333333336,
  "fwhm_avg": 2.6739304493031057,
  "fwhm_x": 2.5404165657195823,
  "fwhm_y": 2.7235748917748572,
  "fwhm_z": 2.757799890414878,
  "gcor": 0.0125265,
  "gsr_x": -0.0020188475027680397,
  "gsr_y": 0.034944333136081696,
  "provenance": {
    "md5sum": "de0c779568ec09b5a5ff20df5674ccbf",
    "settings": {
      "fd_thres": 0.2,
      "testing": false
    },
    "software": "mriqc",
    "version": "22.0.6",
    "webapi_port": null,
    "webapi_url": "https://mriqc.nimh.nih.gov/api/v1"
  },
  "size_t": 540,
  "size_x": 90,
  "size_y": 90,
  "size_z": 60,
  "snr": 3.495794709762221,
  "spacing_tr": 1.2000000476837158,
  "spacing_x": 2.4000000953674316,
  "spacing_y": 2.4000000953674316,
  "spacing_z": 2.4000000953674316,
  "summary_bg_k": 43.71521032068775,
  "summary_bg_mad": 33.72920047100244,
  "summary_bg_mean": 246.30331420898438,
  "summary_bg_median": 124.0,
  "summary_bg_n": 338759.0,
  "summary_bg_p05": 98.18148040771484,
  "summary_bg_p95": 834.8499755859375,
  "summary_bg_stdv": 368.1572265625,
  "summary_fg_k": 0.6216449472629897,
  "summary_fg_mad": 1047.1620193231931,
  "summary_fg_mean": 4140.18017578125,
  "summary_fg_median": 3984.022216796875,
  "summary_fg_n": 76513.0,
  "summary_fg_p05": 2559.71064453125,
  "summary_fg_p95": 6269.601171874998,
  "summary_fg_stdv": 1139.6539306640625,
  "tsnr": 43.24911491945386
}