{
  "aor": 0.00047813559322033904,
  "aqi": 0.005033643204930663,
  "bids_meta": {
    "AcquisitionMatrixPE": 90,
    "AcquisitionNumber": 1,
    "AcquisitionTime": "19:17:13.030000",
    "BandwidthPerPixelPhaseEncode": 18.832,
    "BaseResolution": 90,
    "BodyPartExamined": "HEAD",
    "ConsistencyInfo": "N4_VE11C_LATEST_20160120",
    "ConversionSoftware": "dcm2niix",
    "ConversionSoftwareVersion": "v1.0.20190902",
    "DerivedVendorReportedEchoSpacing": 0.000590012,
    "DeviceSerialNumber": "67064",
    "DwellTime": 2.5e-06,
    "EchoTime": 0.033,
    "EchoTrainLength": 90,
    "EffectiveEchoSpacing": 0.000590012,
    "FlipAngle": 63,
    "ImageComments": "Unaliased_MB4_PE3_LB",
    "ImageOrientationPatientDICOM": [
      0.999865,
      0.0140122,
      0.00854155,
      -0.00732959,
      0.847016,
      -0.531517
    ],
    "ImageType": [
      "ORIGINAL",
      "PRIMARY",
      "M",
      "MB",
      "ND",
      "MOSAIC"
    ],
    "ImagingFrequency": 123.247,
    "InPlanePhaseEncodingDirectionDICOM": "COL",
    "InstitutionAddress": "Scott_Ave_4525_St._Louis_MO_US_63110",
    "InstitutionName": "Washington_University",
    "InstitutionalDepartmentName": "Department",
    "MRAcquisitionType": "2D",
    "MagneticFieldStrength": 3,
    "Manufacturer": "Siemens",
    "ManufacturersModelName": "Prisma_fit",
    "Modality": "MR",
    "MultibandAccelerationFactor": 4,
    "PartialFourier": 1,
    "PatientPosition": "HFS",
    "PercentPhaseFOV": 100,
    "PhaseEncodingDirection": "j-",
    "PhaseEncodingSteps": 90,
    "PhaseResolution": 1,
    "PixelBandwidth": 2220,
    "ProcedureStepDescription": "head_Braver",
    "ProtocolName": "tfMRI_CuedtsBas1_AP",
    "PulseSequenceDetails": "%CustomerSeq%_cmrr_mbep2d_bold",
    "ReceiveCoilActiveElements": "HEA;HEP",
    "ReceiveCoilName": "Head_32",
    "ReconMatrixPE": 90,
    "RepetitionTime": 1.2,
    "SAR": 0.061117,
    "ScanOptions": "FS_EXT",
    "ScanningSequence": "EP",
    "SequenceName": "epfid2d1_90",
    "SequenceVariant": "SK_SS",
    "SeriesDescription": "tfMRI_CuedtsBas1_AP",
    "SeriesNumber": 25,
    "ShimSetting": [
      -1970,
      -11477,
      5820,
      591,
      104,
      -12,
      -162,
      -56
    ],
    "SliceThickness": 2.4,
    "SliceTiming": [
      0,
      0.63,
      0.0775,
      0.7075,
      0.1575,
      0.7875,
      0.235,
      0.865,
      0.315,
      0.945,
      0.3925,
      1.0225,
      0.4725,
      1.1,
      0.55,
      0,
      0.63,
      0.0775,
      0.7075,
      0.1575,
      0.7875,
      0.235,
      0.865,
      0.315,
      0.945,
      0.3925,
      1.0225,
      0.4725,
      1.1,
      0.55,
      0,
      0.63,
      0.0775,
      0.7075,
      0.1575,
      0.7875,
      0.235,
      0.865,
      0.315,
      0.945,
      0.3925,
      1.0225,
      0.4725,
      1.1,
      0.55,
      0,
      0.63,
      0.0775,
      0.7075,
      0.1575,
      0.7875,
      0.235,
      0.865,
      0.315,
      0.945,
      0.3925,
      1.0225,
      0.4725,
      1.1,
      0.55
    ],
    "SoftwareVersions": "syngo_MR_E11",
    "SpacingBetweenSlices": 2.4,
    "StationName": "MRC35177",
    "TaskName": "Cuedts",
    "TotalReadoutTime": 0.0525111,
    "TxRefAmp": 230.788,
    "VendorReportedEchoSpacing": 0.00059,
    "WipMemBlock": "65aee5e5-0227-4f36-8872-8ddaa81c4422||Sequence: R016 ve11c/master r/e634e98; Dec 19 2017 11:00:25 by eja",
    "acq_id": "mb4AP",
    "dataset": "ds003465",
    "modality": "bold",
    "run_id": 1,
    "session_id": "wave1bas",
    "subject_id": "f5930vp",
    "task_id": "Cuedts"
  },
  "dummy_trs": 1,
  "dvars_nstd": 29.533807825246875,
  "dvars_std": 1.1155645418672844,
  "dvars_vstd": 1.0003539988580243,
  "efc": 0.49197936447751617,
  "fber": 1027.170166015625,
  "fd_mean": 0.13512239110244284,
  "fd_num": 62,
  "fd_perc": 9.553158705701078,
  "fwhm_avg": 2.606715174196223,
  "fwhm_x": 2.487470734490127,
  "fwhm_y": 2.6346832286404283,
  "fwhm_z": 2.697991559458114,
  "gcor": 0.0134246,
  "gsr_x": -0.002597460523247719,
  "gsr_y": 0.030704641714692116,
  "provenance": {
    "md5sum": "40005fe8c76a72968cfc9a1d4ee56e60",
    "settings": {
      "fd_thres": 0.2,
      "testing": false
    },
    "software": "mriqc",
    "version": "22.0.6",
    "webapi_port": null,
    "webapi_url": "https://mriqc.nimh.nih.gov/api/v1"
  },
  "size_t": 649,
  "size_x": 90,
  "size_y": 90,
  "size_z": 60,
  "snr": 3.473779165490835,
  "spacing_tr": 1.2000000476837158,
  "spacing_x": 2.4000000953674316,
  "spacing_y": 2.4000000953674316,
  "spacing_z": 2.4000000953674316,
  "summary_bg_k": 39.07732201252508,
  "summary_bg_mad": 34.17981101008484,
  "summary_bg_mean": 251.82154846191406,
  "summary_bg_median": 123.78582763671875,
  "summary_bg_n": 339984.0,
  "summary_bg_p05": 97.559326171875,
  "summary_bg_p95": 862.8267028808576,
  "summary_bg_stdv": 389.726318359375,
  "summary_fg_k": 0.6154517962689101,
  "summary_fg_mad": 1064.9333379564864,
  "summary_fg_mean": 4154.4453125,
  "summary_fg_median": 4002.90625,
  "summary_fg_n": 76254.0,
  "summary_fg_p05": 2549.1321411132812,
  "summary_fg_p95": 6297.252368164062,
  "summary_fg_stdv": 1152.312744140625,
  "tsnr": 54.43946626782417
}