{
  "aor": 0.0006203177257525083,
  "aqi": 0.009698059297658863,
  "bids_meta": {
    "AcquisitionMatrixPE": 90,
    "AcquisitionNumber": 1,
    "AcquisitionTime": "09:07:20.582500",
    "BandwidthPerPixelPhaseEncode": 18.832,
    "BaseResolution": 90,
    "BodyPartExamined": "HEAD",
    "ConsistencyInfo": "N4_VE11C_LATEST_20160120",
    "ConversionSoftware": "dcm2niix",
    "ConversionSoftwareVersion": "v1.0.20190902",
    "DerivedVendorReportedEchoSpacing": 0.000590012,
    "DeviceSerialNumber": "67064",
    "DwellTime": 2.5e-06,
    "EchoTime": 0.033,
    "EchoTrainLength": 90,
    "EffectiveEchoSpacing": 0.000590012,
    "FlipAngle": 63,
    "ImageComments": "Unaliased_MB4_PE3_LB",
    "ImageOrientationPatientDICOM": [
      0.999853,
      -0.0146452,
      0.00886983,
      0.0171034,
      0.878283,
      -0.477835
    ],
    "ImageType": [
      "ORIGINAL",
      "PRIMARY",
      "M",
      "MB",
      "ND",
      "MOSAIC"
    ],
    "ImagingFrequency": 123.247,
    "InPlanePhaseEncodingDirectionDICOM": "COL",
    "InstitutionAddress": "Scott_Ave_4525_St._Louis_MO_US_63110",
    "InstitutionName": "Washington_University",
    "InstitutionalDepartmentName": "Department",
    "MRAcquisitionType": "2D",
    "MagneticFieldStrength": 3,
    "Manufacturer": "Siemens",
    "ManufacturersModelName": "Prisma_fit",
    "Modality": "MR",
    "MultibandAccelerationFactor": 4,
    "PartialFourier": 1,
    "PatientPosition": "HFS",
    "PercentPhaseFOV": 100,
    "PhaseEncodingDirection": "j",
    "PhaseEncodingSteps": 90,
    "PhaseResolution": 1,
    "PixelBandwidth": 2220,
    "ProcedureStepDescription": "head_Braver",
    "ProtocolName": "tfMRI_SternBas2_PA",
    "PulseSequenceDetails": "%CustomerSeq%_cmrr_mbep2d_bold",
    "ReceiveCoilActiveElements": "HEA;HEP",
    "ReceiveCoilName": "Head_32",
    "ReconMatrixPE": 90,
    "RepetitionTime": 1.2,
    "SAR": 0.0686082,
    "ScanOptions": "FS_EXT",
    "ScanningSequence": "EP",
    "SequenceName": "epfid2d1_90",
    "SequenceVariant": "SK_SS",
    "SeriesDescription": "tfMRI_SternBas2_PA",
    "SeriesNumber": 31,
    "ShimSetting": [
      -1988,
      -11477,
      5810,
      438,
      76,
      23,
      -11,
      -23
    ],
    "SliceThickness": 2.4,
    "SliceTiming": [
      0,
      0.63,
      0.0775,
      0.7075,
      0.1575,
      0.7875,
      0.235,
      0.865,
      0.315,
      0.945,
      0.3925,
      1.0225,
      0.4725,
      1.1,
      0.55,
      0,
      0.63,
      0.0775,
      0.7075,
      0.1575,
      0.7875,
      0.235,
      0.865,
      0.315,
      0.945,
      0.3925,
      1.0225,
      0.4725,
      1.1,
      0.55,
      0,
      0.63,
      0.0775,
      0.7075,
      0.1575,
      0.7875,
      0.235,
      0.865,
      0.315,
      0.945,
      0.3925,
      1.0225,
      0.4725,
      1.1,
      0.55,
      0,
      0.63,
      0.0775,
      0.7075,
      0.1575,
      0.7875,
      0.235,
      0.865,
      0.315,
      0.945,
      0.3925,
      1.0225,
      0.4725,
      1.1,
      0.55
    ],
    "SoftwareVersions": "syngo_MR_E11",
    "SpacingBetweenSlices": 2.4,
    "StationName": "MRC35177",
    "TaskName": "Stern",
    "TotalReadoutTime": 0.0525111,
    "TxRefAmp": 254.648,
    "VendorReportedEchoSpacing": 0.00059,
    "WipMemBlock": "990e8c1a-359c-4cf3-9f20-f7da9248c709||Sequence: R016 ve11c/master r/e634e98; Dec 19 2017 11:00:25 by eja",
    "acq_id": "mb4PA",
    "dataset": "ds003465",
    "modality": "bold",
    "run_id": 2,
    "session_id": "wave1bas",
    "subject_id": "f8979ai",
    "task_id": "Stern"
  },
  "dummy_trs": 2,
  "dvars_nstd": 33.47491599792297,
  "dvars_std": 1.0508012252261303,
  "dvars_vstd": 0.9826912115410391,
  "efc": 0.5521575497046018,
  "fber": 559.379150390625,
  "fd_mean": 0.1778496400272941,
  "fd_num": 186,
  "fd_perc": 31.103678929765888,
  "fwhm_avg": 2.825894332153492,
  "fwhm_x": 2.6069915630741294,
  "fwhm_y": 2.810020721673142,
  "fwhm_z": 3.060670711713206,
  "gcor": 0.0155363,
  "gsr_x": 0.0010077920742332935,
  "gsr_y": 0.09329302608966827,
  "provenance": {
    "md5sum": "f2c2d235449f153b2917f337c7d50901",
    "settings": {
      "fd_thres": 0.2,
      "testing": false
    },
    "software": "mriqc",
    "version": "22.0.6",
    "webapi_port": null,
    "webapi_url": "https://mriqc.nimh.nih.gov/api/v1"
  },
  "size_t": 598,
  "size_x": 90,
  "size_y": 90,
  "size_z": 60,
  "snr": 2.5722361640557105,
  "spacing_tr": 1.2000000476837158,
  "spacing_x": 2.4000000953674316,
  "spacing_y": 2.4000000953674316,
  "spacing_z": 2.4000000953674316,
  "summary_bg_k": 26.319428982746107,
  "summary_bg_mad": 65.17251137647327,
  "summary_bg_mean": 393.5071716308594,
  "summary_bg_median": 149.49163818359375,
  "summary_bg_n": 315540.0,
  "summary_bg_p05": 101.05016326904297,
  "summary_bg_p95": 1703.6057617187498,
  "summary_bg_stdv": 620.9830322265625,
  "summary_fg_k": 3.2514277873130295,
  "summary_fg_mad": 1170.111586210076,
  "summary_fg_mean": 3879.376953125,
  "summary_fg_median": 3593.3603515625,
  "summary_fg_n": 93204.0,
  "summary_fg_p05": 2179.59794921875,
  "summary_fg_p95": 6472.446484374996,
  "summary_fg_stdv": 1396.9716796875,
  "tsnr": 39.22871803306043
}