{
  "aor": 0.0007860923076923078,
  "aqi": 0.008486220984615383,
  "bids_meta": {
    "AcquisitionMatrixPE": 90,
    "AcquisitionNumber": 1,
    "AcquisitionTime": "10:27:46.050000",
    "BandwidthPerPixelPhaseEncode": 18.832,
    "BaseResolution": 90,
    "BodyPartExamined": "HEAD",
    "ConsistencyInfo": "N4_VE11C_LATEST_20160120",
    "ConversionSoftware": "dcm2niix",
    "ConversionSoftwareVersion": "v1.0.20190902",
    "DerivedVendorReportedEchoSpacing": 0.000590012,
    "DeviceSerialNumber": "67064",
    "DwellTime": 2.5e-06,
    "EchoTime": 0.033,
    "EchoTrainLength": 90,
    "EffectiveEchoSpacing": 0.000590012,
    "FlipAngle": 63,
    "ImageComments": "Unaliased_MB4_PE3_LB",
    "ImageOrientationPatientDICOM": [
      0.998986,
      -0.00758791,
      0.0443777,
      0.0284276,
      0.870659,
      -0.491065
    ],
    "ImageType": [
      "ORIGINAL",
      "PRIMARY",
      "M",
      "MB",
      "ND",
      "MOSAIC"
    ],
    "ImagingFrequency": 123.247,
    "InPlanePhaseEncodingDirectionDICOM": "COL",
    "InstitutionAddress": "Scott_Ave_4525_St._Louis_MO_US_63110",
    "InstitutionName": "Washington_University",
    "InstitutionalDepartmentName": "Department",
    "MRAcquisitionType": "2D",
    "MagneticFieldStrength": 3,
    "Manufacturer": "Siemens",
    "ManufacturersModelName": "Prisma_fit",
    "Modality": "MR",
    "MultibandAccelerationFactor": 4,
    "PartialFourier": 1,
    "PatientPosition": "HFS",
    "PercentPhaseFOV": 100,
    "PhaseEncodingDirection": "j",
    "PhaseEncodingSteps": 90,
    "PhaseResolution": 1,
    "PixelBandwidth": 2220,
    "ProcedureStepDescription": "head_Braver",
    "ProtocolName": "tfMRI_CuedtsBas2_PA",
    "PulseSequenceDetails": "%CustomerSeq%_cmrr_mbep2d_bold",
    "ReceiveCoilActiveElements": "HEA;HEP",
    "ReceiveCoilName": "Head_32",
    "ReconMatrixPE": 90,
    "RepetitionTime": 1.2,
    "SAR": 0.0705065,
    "ScanOptions": "FS_EXT",
    "ScanningSequence": "EP",
    "SequenceName": "epfid2d1_90",
    "SequenceVariant": "SK_SS",
    "SeriesDescription": "tfMRI_CuedtsBas2_PA",
    "SeriesNumber": 56,
    "ShimSetting": [
      -1989,
      -11472,
      5822,
      459,
      3,
      -27,
      50,
      -14
    ],
    "SliceThickness": 2.4,
    "SliceTiming": [
      0,
      0.63,
      0.08,
      0.7075,
      0.1575,
      0.7875,
      0.235,
      0.865,
      0.315,
      0.945,
      0.3925,
      1.0225,
      0.4725,
      1.1025,
      0.55,
      0,
      0.63,
      0.08,
      0.7075,
      0.1575,
      0.7875,
      0.235,
      0.865,
      0.315,
      0.945,
      0.3925,
      1.0225,
      0.4725,
      1.1025,
      0.55,
      0,
      0.63,
      0.08,
      0.7075,
      0.1575,
      0.7875,
      0.235,
      0.865,
      0.315,
      0.945,
      0.3925,
      1.0225,
      0.4725,
      1.1025,
      0.55,
      0,
      0.63,
      0.08,
      0.7075,
      0.1575,
      0.7875,
      0.235,
      0.865,
      0.315,
      0.945,
      0.3925,
      1.0225,
      0.4725,
      1.1025,
      0.55
    ],
    "SoftwareVersions": "syngo_MR_E11",
    "SpacingBetweenSlices": 2.4,
    "StationName": "MRC35177",
    "TaskName": "Cuedts",
    "TotalReadoutTime": 0.0525111,
    "TxRefAmp": 256.087,
    "VendorReportedEchoSpacing": 0.00059,
    "WipMemBlock": "30dd21b3-deab-4e8d-b3d4-bbea0134e69d||Sequence: R016 ve11c/master r/e634e98; Dec 19 2017 11:00:25 by eja",
    "acq_id": "mb4PA",
    "dataset": "ds003465",
    "modality": "bold",
    "run_id": 2,
    "session_id": "wave1bas",
    "subject_id": "f8979ai",
    "task_id": "Cuedts"
  },
  "dummy_trs": 0,
  "dvars_nstd": 30.43355318144837,
  "dvars_std": 1.0674184946687209,
  "dvars_vstd": 1.0018426323266572,
  "efc": 0.5542696956065469,
  "fber": 554.8604125976562,
  "fd_mean": 0.1300131186598866,
  "fd_num": 84,
  "fd_perc": 12.923076923076923,
  "fwhm_avg": 2.7546819334483046,
  "fwhm_x": 2.5169998999834102,
  "fwhm_y": 2.773499889791016,
  "fwhm_z": 2.973546010570487,
  "gcor": 0.0134654,
  "gsr_x": -0.0028979082126170397,
  "gsr_y": 0.0983089879155159,
  "provenance": {
    "md5sum": "c75645d78c0fa78d521e4b59b1a3a3c3",
    "settings": {
      "fd_thres": 0.2,
      "testing": false
    },
    "software": "mriqc",
    "version": "22.0.6",
    "webapi_port": null,
    "webapi_url": "https://mriqc.nimh.nih.gov/api/v1"
  },
  "size_t": 650,
  "size_x": 90,
  "size_y": 90,
  "size_z": 60,
  "snr": 2.597116016329037,
  "spacing_tr": 1.2000000476837158,
  "spacing_x": 2.4000000953674316,
  "spacing_y": 2.4000000953674316,
  "spacing_z": 2.3999998569488525,
  "summary_bg_k": 26.973491031482006,
  "summary_bg_mad": 66.2723146426575,
  "summary_bg_mean": 397.71588134765625,
  "summary_bg_median": 151.22769165039062,
  "summary_bg_n": 314446.0,
  "summary_bg_p05": 102.04615020751953,
  "summary_bg_p95": 1702.094970703125,
  "summary_bg_stdv": 628.9078369140625,
  "summary_fg_k": 2.9904533591352838,
  "summary_fg_mad": 1182.4311926085006,
  "summary_fg_mean": 3897.3203125,
  "summary_fg_median": 3617.818359375,
  "summary_fg_n": 93906.0,
  "summary_fg_p05": 2184.8142700195312,
  "summary_fg_p95": 6485.8880615234375,
  "summary_fg_stdv": 1393.00634765625,
  "tsnr": 42.40305838402128
}