{
  "aor": 0.0014534918032786885,
  "aqi": 0.010101747426229508,
  "bids_meta": {
    "AcquisitionMatrixPE": 90,
    "AcquisitionNumber": 1,
    "AcquisitionTime": "09:59:34.775000",
    "BandwidthPerPixelPhaseEncode": 18.832,
    "BaseResolution": 90,
    "BodyPartExamined": "HEAD",
    "ConsistencyInfo": "N4_VE11C_LATEST_20160120",
    "ConversionSoftware": "dcm2niix",
    "ConversionSoftwareVersion": "v1.0.20190902",
    "DerivedVendorReportedEchoSpacing": 0.000590012,
    "DeviceSerialNumber": "67064",
    "DwellTime": 2.5e-06,
    "EchoTime": 0.033,
    "EchoTrainLength": 90,
    "EffectiveEchoSpacing": 0.000590012,
    "FlipAngle": 63,
    "ImageComments": "Unaliased_MB4_PE3_LB",
    "ImageOrientationPatientDICOM": [
      0.998986,
      -0.00758791,
      0.0443777,
      0.0284276,
      0.870659,
      -0.491065
    ],
    "ImageType": [
      "ORIGINAL",
      "PRIMARY",
      "M",
      "MB",
      "ND",
      "MOSAIC"
    ],
    "ImagingFrequency": 123.247,
    "InPlanePhaseEncodingDirectionDICOM": "COL",
    "InstitutionAddress": "Scott_Ave_4525_St._Louis_MO_US_63110",
    "InstitutionName": "Washington_University",
    "InstitutionalDepartmentName": "Department",
    "MRAcquisitionType": "2D",
    "MagneticFieldStrength": 3,
    "Manufacturer": "Siemens",
    "ManufacturersModelName": "Prisma_fit",
    "Modality": "MR",
    "MultibandAccelerationFactor": 4,
    "PartialFourier": 1,
    "PatientPosition": "HFS",
    "PercentPhaseFOV": 100,
    "PhaseEncodingDirection": "j",
    "PhaseEncodingSteps": 90,
    "PhaseResolution": 1,
    "PixelBandwidth": 2220,
    "ProcedureStepDescription": "head_Braver",
    "ProtocolName": "tfMRI_AxcptBas2_PA",
    "PulseSequenceDetails": "%CustomerSeq%_cmrr_mbep2d_bold",
    "ReceiveCoilActiveElements": "HEA;HEP",
    "ReceiveCoilName": "Head_32",
    "ReconMatrixPE": 90,
    "RepetitionTime": 1.2,
    "SAR": 0.0704898,
    "ScanOptions": "FS_EXT",
    "ScanningSequence": "EP",
    "SequenceName": "epfid2d1_90",
    "SequenceVariant": "SK_SS",
    "SeriesDescription": "tfMRI_AxcptBas2_PA",
    "SeriesNumber": 50,
    "ShimSetting": [
      -1989,
      -11472,
      5822,
      459,
      3,
      -27,
      50,
      -14
    ],
    "SliceThickness": 2.4,
    "SliceTiming": [
      0,
      0.6275,
      0.0775,
      0.7075,
      0.1575,
      0.785,
      0.235,
      0.865,
      0.315,
      0.9425,
      0.3925,
      1.0225,
      0.4725,
      1.1,
      0.55,
      0,
      0.6275,
      0.0775,
      0.7075,
      0.1575,
      0.785,
      0.235,
      0.865,
      0.315,
      0.9425,
      0.3925,
      1.0225,
      0.4725,
      1.1,
      0.55,
      0,
      0.6275,
      0.0775,
      0.7075,
      0.1575,
      0.785,
      0.235,
      0.865,
      0.315,
      0.9425,
      0.3925,
      1.0225,
      0.4725,
      1.1,
      0.55,
      0,
      0.6275,
      0.0775,
      0.7075,
      0.1575,
      0.785,
      0.235,
      0.865,
      0.315,
      0.9425,
      0.3925,
      1.0225,
      0.4725,
      1.1,
      0.55
    ],
    "SoftwareVersions": "syngo_MR_E11",
    "SpacingBetweenSlices": 2.4,
    "StationName": "MRC35177",
    "TaskName": "Axcpt",
    "TotalReadoutTime": 0.0525111,
    "TxRefAmp": 256.087,
    "VendorReportedEchoSpacing": 0.00059,
    "WipMemBlock": "371579c7-ba48-429a-b1c6-29b65fef1b30||Sequence: R016 ve11c/master r/e634e98; Dec 19 2017 11:00:25 by eja",
    "acq_id": "mb4PA",
    "dataset": "ds003465",
    "modality": "bold",
    "run_id": 2,
    "session_id": "wave1bas",
    "subject_id": "f8979ai",
    "task_id": "Axcpt"
  },
  "dummy_trs": 0,
  "dvars_nstd": 37.009542227389154,
  "dvars_std": 1.0771160052545146,
  "dvars_vstd": 0.9913566633825949,
  "efc": 0.5535974206307164,
  "fber": 531.2064819335938,
  "fd_mean": 0.252465268445803,
  "fd_num": 268,
  "fd_perc": 43.9344262295082,
  "fwhm_avg": 2.8164708223933217,
  "fwhm_x": 2.58703739720037,
  "fwhm_y": 2.812987388221924,
  "fwhm_z": 3.0493876817576697,
  "gcor": 0.0127576,
  "gsr_x": -0.006179195828735828,
  "gsr_y": 0.0946732833981514,
  "provenance": {
    "md5sum": "14930127e345d783665f1dda26be07a8",
    "settings": {
      "fd_thres": 0.2,
      "testing": false
    },
    "software": "mriqc",
    "version": "22.0.6",
    "webapi_port": null,
    "webapi_url": "https://mriqc.nimh.nih.gov/api/v1"
  },
  "size_t": 610,
  "size_x": 90,
  "size_y": 90,
  "size_z": 60,
  "snr": 2.53808046948234,
  "spacing_tr": 1.2000000476837158,
  "spacing_x": 2.4000000953674316,
  "spacing_y": 2.4000000953674316,
  "spacing_z": 2.3999998569488525,
  "summary_bg_k": 26.66041424759038,
  "summary_bg_mad": 72.62563254183775,
  "summary_bg_mean": 394.71807861328125,
  "summary_bg_median": 155.2442626953125,
  "summary_bg_n": 312936.0,
  "summary_bg_p05": 99.48688507080078,
  "summary_bg_p95": 1671.8004150390625,
  "summary_bg_stdv": 612.6348876953125,
  "summary_fg_k": 3.420679318074768,
  "summary_fg_mad": 1197.286714813285,
  "summary_fg_mean": 3949.75537109375,
  "summary_fg_median": 3646.03271484375,
  "summary_fg_n": 93995.0,
  "summary_fg_p05": 2214.748681640625,
  "summary_fg_p95": 6627.09931640625,
  "summary_fg_stdv": 1436.52392578125,
  "tsnr": 36.54038956621662
}