{
  "aor": 0.0016309276437847864,
  "aqi": 0.007750404656771799,
  "bids_meta": {
    "AcquisitionMatrixPE": 90,
    "AcquisitionNumber": 1,
    "AcquisitionTime": "14:54:16.117500",
    "BandwidthPerPixelPhaseEncode": 18.832,
    "BaseResolution": 90,
    "BodyPartExamined": "HEAD",
    "ConsistencyInfo": "N4_VE11C_LATEST_20160120",
    "ConversionSoftware": "dcm2niix",
    "ConversionSoftwareVersion": "v1.0.20190902",
    "DerivedVendorReportedEchoSpacing": 0.000590012,
    "DeviceSerialNumber": "67064",
    "DwellTime": 2.5e-06,
    "EchoTime": 0.033,
    "EchoTrainLength": 90,
    "EffectiveEchoSpacing": 0.000590012,
    "FlipAngle": 63,
    "ImageComments": "Unaliased_MB4_PE3_LB",
    "ImageOrientationPatientDICOM": [
      0.998689,
      -0.050273,
      -0.00968097,
      0.039064,
      0.870497,
      -0.49062
    ],
    "ImageType": [
      "ORIGINAL",
      "PRIMARY",
      "M",
      "MB",
      "ND",
      "MOSAIC"
    ],
    "ImagingFrequency": 123.247,
    "InPlanePhaseEncodingDirectionDICOM": "COL",
    "InstitutionAddress": "Scott_Ave_4525_St._Louis_MO_US_63110",
    "InstitutionName": "Washington_University",
    "InstitutionalDepartmentName": "Department",
    "MRAcquisitionType": "2D",
    "MagneticFieldStrength": 3,
    "Manufacturer": "Siemens",
    "ManufacturersModelName": "Prisma_fit",
    "Modality": "MR",
    "MultibandAccelerationFactor": 4,
    "PartialFourier": 1,
    "PatientPosition": "HFS",
    "PercentPhaseFOV": 100,
    "PhaseEncodingDirection": "j-",
    "PhaseEncodingSteps": 90,
    "PhaseResolution": 1,
    "PixelBandwidth": 2220,
    "ProcedureStepDescription": "head_Braver",
    "ProtocolName": "tfMRI_StroopBas1_AP",
    "PulseSequenceDetails": "%CustomerSeq%_cmrr_mbep2d_bold",
    "ReceiveCoilActiveElements": "HEA;HEP",
    "ReceiveCoilName": "Head_32",
    "ReconMatrixPE": 90,
    "RepetitionTime": 1.2,
    "SAR": 0.0912765,
    "ScanOptions": "FS_EXT",
    "ScanningSequence": "EP",
    "SequenceName": "epfid2d1_90",
    "SequenceVariant": "SK_SS",
    "SeriesDescription": "tfMRI_StroopBas1_AP",
    "SeriesNumber": 29,
    "ShimSetting": [
      -2000,
      -11422,
      5723,
      421,
      159,
      513,
      32,
      -87
    ],
    "SliceThickness": 2.4,
    "SliceTiming": [
      0,
      0.63,
      0.08,
      0.7075,
      0.1575,
      0.7875,
      0.2375,
      0.865,
      0.315,
      0.945,
      0.3925,
      1.0225,
      0.4725,
      1.1025,
      0.55,
      0,
      0.63,
      0.08,
      0.7075,
      0.1575,
      0.7875,
      0.2375,
      0.865,
      0.315,
      0.945,
      0.3925,
      1.0225,
      0.4725,
      1.1025,
      0.55,
      0,
      0.63,
      0.08,
      0.7075,
      0.1575,
      0.7875,
      0.2375,
      0.865,
      0.315,
      0.945,
      0.3925,
      1.0225,
      0.4725,
      1.1025,
      0.55,
      0,
      0.63,
      0.08,
      0.7075,
      0.1575,
      0.7875,
      0.2375,
      0.865,
      0.315,
      0.945,
      0.3925,
      1.0225,
      0.4725,
      1.1025,
      0.55
    ],
    "SoftwareVersions": "syngo_MR_E11",
    "SpacingBetweenSlices": 2.4,
    "StationName": "MRC35177",
    "TaskName": "Stroop",
    "TotalReadoutTime": 0.0525111,
    "TxRefAmp": 270.585,
    "VendorReportedEchoSpacing": 0.00059,
    "WipMemBlock": "b97bf632-e502-45c4-adfc-fb19950a9c27||Sequence: ve11c/master r/ab69a6c; Apr 19 2017 09:47:47 by eja",
    "acq_id": "mb4AP",
    "dataset": "ds003465",
    "modality": "bold",
    "run_id": 1,
    "session_id": "wave1bas",
    "subject_id": "f5416zj",
    "task_id": "Stroop"
  },
  "dummy_trs": 1,
  "dvars_nstd": 38.81793498985129,
  "dvars_std": 1.1434904970446094,
  "dvars_vstd": 1.0138180420817842,
  "efc": 0.5127946944639719,
  "fber": 745.5120849609375,
  "fd_mean": 0.24426736494275578,
  "fd_num": 306,
  "fd_perc": 56.77179962894249,
  "fwhm_avg": 2.6475526725734873,
  "fwhm_x": 2.502787400548164,
  "fwhm_y": 2.7208748918821457,
  "fwhm_z": 2.7189957252901507,
  "gcor": 0.0094658,
  "gsr_x": -0.025613198056817055,
  "gsr_y": 0.07567376643419266,
  "provenance": {
    "md5sum": "40d97c621d984222874566df45317912",
    "settings": {
      "fd_thres": 0.2,
      "testing": false
    },
    "software": "mriqc",
    "version": "22.0.6",
    "webapi_port": null,
    "webapi_url": "https://mriqc.nimh.nih.gov/api/v1"
  },
  "size_t": 539,
  "size_x": 90,
  "size_y": 90,
  "size_z": 60,
  "snr": 2.932816264924157,
  "spacing_tr": 1.2000000476837158,
  "spacing_x": 2.4000000953674316,
  "spacing_y": 2.4000000953674316,
  "spacing_z": 2.4000000953674316,
  "summary_bg_k": 59.12029691768727,
  "summary_bg_mad": 44.35566635828047,
  "summary_bg_mean": 285.9706115722656,
  "summary_bg_median": 133.16976928710938,
  "summary_bg_n": 330630.0,
  "summary_bg_p05": 100.15584564208984,
  "summary_bg_p95": 957.5090179443351,
  "summary_bg_stdv": 456.6365966796875,
  "summary_fg_k": 1.2488293035046514,
  "summary_fg_mad": 1100.5572360136139,
  "summary_fg_mean": 3945.6826171875,
  "summary_fg_median": 3696.892578125,
  "summary_fg_n": 80716.0,
  "summary_fg_p05": 2325.4730224609375,
  "summary_fg_p95": 6359.9686279296875,
  "summary_fg_stdv": 1260.5186767578125,
  "tsnr": 42.26963484613225
}