{
  "aor": 0.0005933223684210527,
  "aqi": 0.0063137187171052635,
  "bids_meta": {
    "AcquisitionMatrixPE": 90,
    "AcquisitionNumber": 1,
    "AcquisitionTime": "16:07:37.117500",
    "BandwidthPerPixelPhaseEncode": 18.832,
    "BaseResolution": 90,
    "BodyPartExamined": "HEAD",
    "ConsistencyInfo": "N4_VE11C_LATEST_20160120",
    "ConversionSoftware": "dcm2niix",
    "ConversionSoftwareVersion": "v1.0.20190902",
    "DerivedVendorReportedEchoSpacing": 0.000590012,
    "DeviceSerialNumber": "67064",
    "DwellTime": 2.5e-06,
    "EchoTime": 0.033,
    "EchoTrainLength": 90,
    "EffectiveEchoSpacing": 0.000590012,
    "FlipAngle": 63,
    "ImageComments": "Unaliased_MB4_PE3_LB",
    "ImageOrientationPatientDICOM": [
      0.998689,
      -0.050273,
      -0.00968097,
      0.039064,
      0.870497,
      -0.49062
    ],
    "ImageType": [
      "ORIGINAL",
      "PRIMARY",
      "M",
      "MB",
      "ND",
      "MOSAIC"
    ],
    "ImagingFrequency": 123.247,
    "InPlanePhaseEncodingDirectionDICOM": "COL",
    "InstitutionAddress": "Scott_Ave_4525_St._Louis_MO_US_63110",
    "InstitutionName": "Washington_University",
    "InstitutionalDepartmentName": "Department",
    "MRAcquisitionType": "2D",
    "MagneticFieldStrength": 3,
    "Manufacturer": "Siemens",
    "ManufacturersModelName": "Prisma_fit",
    "Modality": "MR",
    "MultibandAccelerationFactor": 4,
    "PartialFourier": 1,
    "PatientPosition": "HFS",
    "PercentPhaseFOV": 100,
    "PhaseEncodingDirection": "j",
    "PhaseEncodingSteps": 90,
    "PhaseResolution": 1,
    "PixelBandwidth": 2220,
    "ProcedureStepDescription": "head_Braver",
    "ProtocolName": "tfMRI_AxcptBas2_PA",
    "PulseSequenceDetails": "%CustomerSeq%_cmrr_mbep2d_bold",
    "ReceiveCoilActiveElements": "HEA;HEP",
    "ReceiveCoilName": "Head_32",
    "ReconMatrixPE": 90,
    "RepetitionTime": 1.2,
    "SAR": 0.0913221,
    "ScanOptions": "FS_EXT",
    "ScanningSequence": "EP",
    "SequenceName": "epfid2d1_90",
    "SequenceVariant": "SK_SS",
    "SeriesDescription": "tfMRI_AxcptBas2_PA",
    "SeriesNumber": 47,
    "ShimSetting": [
      -2000,
      -11422,
      5723,
      421,
      159,
      513,
      32,
      -87
    ],
    "SliceThickness": 2.4,
    "SliceTiming": [
      0,
      0.63,
      0.0775,
      0.7075,
      0.1575,
      0.7875,
      0.235,
      0.865,
      0.315,
      0.945,
      0.3925,
      1.0225,
      0.4725,
      1.1,
      0.55,
      0,
      0.63,
      0.0775,
      0.7075,
      0.1575,
      0.7875,
      0.235,
      0.865,
      0.315,
      0.945,
      0.3925,
      1.0225,
      0.4725,
      1.1,
      0.55,
      0,
      0.63,
      0.0775,
      0.7075,
      0.1575,
      0.7875,
      0.235,
      0.865,
      0.315,
      0.945,
      0.3925,
      1.0225,
      0.4725,
      1.1,
      0.55,
      0,
      0.63,
      0.0775,
      0.7075,
      0.1575,
      0.7875,
      0.235,
      0.865,
      0.315,
      0.945,
      0.3925,
      1.0225,
      0.4725,
      1.1,
      0.55
    ],
    "SoftwareVersions": "syngo_MR_E11",
    "SpacingBetweenSlices": 2.4,
    "StationName": "MRC35177",
    "TaskName": "Axcpt",
    "TotalReadoutTime": 0.0525111,
    "TxRefAmp": 270.585,
    "VendorReportedEchoSpacing": 0.00059,
    "WipMemBlock": "43410369-46e3-4e10-a19c-d7075fc53114||Sequence: ve11c/master r/ab69a6c; Apr 19 2017 09:47:47 by eja",
    "acq_id": "mb4PA",
    "dataset": "ds003465",
    "modality": "bold",
    "run_id": 2,
    "session_id": "wave1bas",
    "subject_id": "f5416zj",
    "task_id": "Axcpt"
  },
  "dummy_trs": 2,
  "dvars_nstd": 32.30339271799015,
  "dvars_std": 1.05340677258649,
  "dvars_vstd": 0.9745728914662272,
  "efc": 0.5125374027203575,
  "fber": 691.9909057617188,
  "fd_mean": 0.15891868528122355,
  "fd_num": 158,
  "fd_perc": 25.986842105263158,
  "fwhm_avg": 2.622319340242836,
  "fwhm_x": 2.4888957344335028,
  "fwhm_y": 2.6476582281248477,
  "fwhm_z": 2.7304040581701576,
  "gcor": 0.00698103,
  "gsr_x": -0.018175967037677765,
  "gsr_y": 0.0782223716378212,
  "provenance": {
    "md5sum": "979890f2390e574192dc9ab9ca02dede",
    "settings": {
      "fd_thres": 0.2,
      "testing": false
    },
    "software": "mriqc",
    "version": "22.0.6",
    "webapi_port": null,
    "webapi_url": "https://mriqc.nimh.nih.gov/api/v1"
  },
  "size_t": 608,
  "size_x": 90,
  "size_y": 90,
  "size_z": 60,
  "snr": 2.825262138113535,
  "spacing_tr": 1.2000000476837158,
  "spacing_x": 2.4000000953674316,
  "spacing_y": 2.4000000953674316,
  "spacing_z": 2.4000000953674316,
  "summary_bg_k": 51.46273344595987,
  "summary_bg_mad": 52.97865333668452,
  "summary_bg_mean": 303.6104431152344,
  "summary_bg_median": 140.42599487304688,
  "summary_bg_n": 335313.0,
  "summary_bg_p05": 102.13651275634766,
  "summary_bg_p95": 1137.2437744140623,
  "summary_bg_stdv": 419.5404052734375,
  "summary_fg_k": 1.4945623554486884,
  "summary_fg_mad": 1180.265927356767,
  "summary_fg_mean": 3983.93310546875,
  "summary_fg_median": 3737.75244140625,
  "summary_fg_n": 77562.0,
  "summary_fg_p05": 2287.8749389648438,
  "summary_fg_p95": 6499.949511718747,
  "summary_fg_stdv": 1322.9669189453125,
  "tsnr": 43.445665371604264
}