{
  "bids_meta": {
    "AcquisitionMatrixPE": 300,
    "AcquisitionNumber": 1,
    "AcquisitionTime": "13:34:48.012500",
    "BaseResolution": 320,
    "BodyPartExamined": "HEAD",
    "ConsistencyInfo": "N4_VE11C_LATEST_20160120",
    "ConversionSoftware": "dcm2niix",
    "ConversionSoftwareVersion": "v1.0.20190902",
    "DeviceSerialNumber": "67064",
    "DwellTime": 2.1e-06,
    "EchoTime": 0.563,
    "EchoTrainLength": 314,
    "FlipAngle": 120,
    "ImageOrientationPatientDICOM": [
      0.0189059,
      0.998839,
      -0.0442974,
      0.0287764,
      -0.0448306,
      -0.99858
    ],
    "ImageType": [
      "ORIGINAL",
      "PRIMARY",
      "M",
      "ND"
    ],
    "ImagingFrequency": 123.247,
    "InPlanePhaseEncodingDirectionDICOM": "ROW",
    "InstitutionAddress": "Scott_Ave_4525_St._Louis_MO_US_63110",
    "InstitutionName": "Washington_University",
    "InstitutionalDepartmentName": "Department",
    "MRAcquisitionType": "3D",
    "MagneticFieldStrength": 3,
    "Manufacturer": "Siemens",
    "ManufacturersModelName": "Prisma_fit",
    "Modality": "MR",
    "ParallelReductionFactorInPlane": 2,
    "PartialFourier": 1,
    "PatientPosition": "HFS",
    "PercentPhaseFOV": 93.75,
    "PhaseEncodingSteps": 297,
    "PhaseResolution": 1,
    "PixelBandwidth": 745,
    "ProcedureStepDescription": "head_Braver",
    "ProtocolName": "T2w_SPC",
    "PulseSequenceDetails": "%SiemensSeq%_tse_vfl",
    "ReceiveCoilActiveElements": "HEA;HEP",
    "ReceiveCoilName": "Head_32",
    "ReconMatrixPE": 300,
    "RefLinesPE": 32,
    "RepetitionTime": 3.2,
    "SAR": 0.170419,
    "ScanOptions": "PFP",
    "ScanningSequence": "SE",
    "SequenceName": "_spc_314ns",
    "SequenceVariant": "SK_SP",
    "SeriesDescription": "T2w_SPC",
    "SeriesNumber": 13,
    "ShimSetting": [
      -1992,
      -11510,
      5885,
      485,
      86,
      137,
      35,
      9
    ],
    "SliceThickness": 0.8,
    "SoftwareVersions": "syngo_MR_E11",
    "StationName": "MRC35177",
    "TxRefAmp": 268.609,
    "dataset": "ds003465",
    "modality": "T2w",
    "session_id": "wave1bas",
    "subject_id": "f5445nh"
  },
  "cjv": 0.653463255909757,
  "cnr": 1.3352049248213629,
  "efc": 0.5482479030766707,
  "fber": 5791.13031441024,
  "fwhm_avg": 3.464475031039806,
  "fwhm_x": 3.328512698394817,
  "fwhm_y": 3.7003874448599303,
  "fwhm_z": 3.364524949864671,
  "icvs_csf": 0.3617285388047684,
  "icvs_gm": 0.47894597746396617,
  "icvs_wm": 0.1593254837312654,
  "inu_med": 0.9629383683204651,
  "inu_range": 0.8463141173124313,
  "provenance": {
    "md5sum": "21e16cd02540f0d55cbed2787520829f",
    "settings": {
      "testing": false
    },
    "software": "mriqc",
    "version": "22.0.6",
    "warnings": {
      "large_rot_frame": true,
      "small_air_mask": false
    },
    "webapi_port": null,
    "webapi_url": "https://mriqc.nimh.nih.gov/api/v1"
  },
  "qi_1": 0.0,
  "qi_2": 0.0011440508954481897,
  "rpve_csf": 12.540843255029625,
  "rpve_gm": 10.944131564037638,
  "rpve_wm": 32.46613724438474,
  "size_x": 208,
  "size_y": 300,
  "size_z": 320,
  "snr_csf": 8.41676107038105,
  "snr_gm": 8.755673740989785,
  "snr_total": 6.404844053146165,
  "snr_wm": 2.04209734806766,
  "snrd_csf": 41.6448289501699,
  "snrd_gm": 23.575499590043442,
  "snrd_total": 44.58858327357563,
  "snrd_wm": 68.54542128051354,
  "spacing_x": 0.7999999523162842,
  "spacing_y": 0.800000011920929,
  "spacing_z": 0.800000011920929,
  "summary_bg_k": 16.051284392258633,
  "summary_bg_mad": 0.0,
  "summary_bg_mean": 6.200707224506226,
  "summary_bg_median": 0.0,
  "summary_bg_n": 6822453.0,
  "summary_bg_p05": 0.0,
  "summary_bg_p95": 23.545822858810425,
  "summary_bg_stdv": 9.569696490808402,
  "summary_csf_k": 1.0975855492708009,
  "summary_csf_mad": 65.6406689236119,
  "summary_csf_mean": 613.4137054448674,
  "summary_csf_median": 608.3135870099068,
  "summary_csf_n": 117154.0,
  "summary_csf_p05": 506.39281456768515,
  "summary_csf_p95": 740.5775042772293,
  "summary_csf_stdv": 72.27376252030773,
  "summary_gm_k": 0.5531110369808472,
  "summary_gm_mad": 37.18397061268248,
  "summary_gm_mean": 344.4796654357833,
  "summary_gm_median": 344.3716082572937,
  "summary_gm_n": 562915.0,
  "summary_gm_p05": 280.34594064950943,
  "summary_gm_p95": 408.89943796396255,
  "summary_gm_stdv": 39.33121682715937,
  "summary_wm_k": -1.5604433274850211,
  "summary_wm_mad": 392.0654698972383,
  "summary_wm_mean": 749.7686127493278,
  "summary_wm_median": 1001.2554293870926,
  "summary_wm_n": 76736.0,
  "summary_wm_p05": 34.816572189331055,
  "summary_wm_p95": 1324.5083315968513,
  "summary_wm_stdv": 490.30419939898945,
  "tpm_overlap_csf": 0.11790316874013891,
  "tpm_overlap_gm": 0.30636680193238996,
  "tpm_overlap_wm": 0.023938651700065632,
  "wm2max": 0.7441889398055032
}