{
  "aor": 0.0029516065573770493,
  "aqi": 0.0153312142295082,
  "bids_meta": {
    "AcquisitionMatrixPE": 90,
    "AcquisitionNumber": 1,
    "AcquisitionTime": "08:50:19.862500",
    "BandwidthPerPixelPhaseEncode": 18.832,
    "BaseResolution": 90,
    "BodyPartExamined": "HEAD",
    "ConsistencyInfo": "N4_VE11C_LATEST_20160120",
    "ConversionSoftware": "dcm2niix",
    "ConversionSoftwareVersion": "v1.0.20190902",
    "DerivedVendorReportedEchoSpacing": 0.000590012,
    "DeviceSerialNumber": "67064",
    "DwellTime": 2.5e-06,
    "EchoTime": 0.033,
    "EchoTrainLength": 90,
    "EffectiveEchoSpacing": 0.000590012,
    "FlipAngle": 63,
    "ImageComments": "Unaliased_MB4_PE3_LB",
    "ImageOrientationPatientDICOM": [
      0.999839,
      -0.0177103,
      0.00300575,
      0.0178014,
      0.954413,
      -0.297957
    ],
    "ImageType": [
      "ORIGINAL",
      "PRIMARY",
      "M",
      "MB",
      "ND",
      "MOSAIC"
    ],
    "ImagingFrequency": 123.247,
    "InPlanePhaseEncodingDirectionDICOM": "COL",
    "InstitutionAddress": "Scott_Ave_4525_St._Louis_MO_US_63110",
    "InstitutionName": "Washington_University",
    "InstitutionalDepartmentName": "Department",
    "MRAcquisitionType": "2D",
    "MagneticFieldStrength": 3,
    "Manufacturer": "Siemens",
    "ManufacturersModelName": "Prisma_fit",
    "Modality": "MR",
    "MultibandAccelerationFactor": 4,
    "PartialFourier": 1,
    "PatientPosition": "HFS",
    "PercentPhaseFOV": 100,
    "PhaseEncodingDirection": "j-",
    "PhaseEncodingSteps": 90,
    "PhaseResolution": 1,
    "PixelBandwidth": 2220,
    "ProcedureStepDescription": "head_Braver",
    "ProtocolName": "tfMRI_AxcptBas1_AP",
    "PulseSequenceDetails": "%CustomerSeq%_cmrr_mbep2d_bold",
    "ReceiveCoilActiveElements": "HEA;HEP",
    "ReceiveCoilName": "Head_32",
    "ReconMatrixPE": 90,
    "RepetitionTime": 1.2,
    "SAR": 0.0663292,
    "ScanOptions": "FS_EXT",
    "ScanningSequence": "EP",
    "SequenceName": "epfid2d1_90",
    "SequenceVariant": "SK_SS",
    "SeriesDescription": "tfMRI_AxcptBas1_AP",
    "SeriesNumber": 43,
    "ShimSetting": [
      -2005,
      -11498,
      5879,
      532,
      32,
      105,
      170,
      -18
    ],
    "SliceThickness": 2.4,
    "SliceTiming": [
      0,
      0.63,
      0.0775,
      0.7075,
      0.1575,
      0.7875,
      0.235,
      0.865,
      0.315,
      0.9425,
      0.3925,
      1.0225,
      0.4725,
      1.1,
      0.55,
      0,
      0.63,
      0.0775,
      0.7075,
      0.1575,
      0.7875,
      0.235,
      0.865,
      0.315,
      0.9425,
      0.3925,
      1.0225,
      0.4725,
      1.1,
      0.55,
      0,
      0.63,
      0.0775,
      0.7075,
      0.1575,
      0.7875,
      0.235,
      0.865,
      0.315,
      0.9425,
      0.3925,
      1.0225,
      0.4725,
      1.1,
      0.55,
      0,
      0.63,
      0.0775,
      0.7075,
      0.1575,
      0.7875,
      0.235,
      0.865,
      0.315,
      0.9425,
      0.3925,
      1.0225,
      0.4725,
      1.1,
      0.55
    ],
    "SoftwareVersions": "syngo_MR_E11",
    "SpacingBetweenSlices": 2.4,
    "StationName": "MRC35177",
    "TaskName": "Axcpt",
    "TotalReadoutTime": 0.0525111,
    "TxRefAmp": 239.604,
    "VendorReportedEchoSpacing": 0.00059,
    "WipMemBlock": "8338d705-b72d-4024-93b5-d69293404698||Sequence: R016 ve11c/master r/e634e98; Dec 19 2017 11:00:25 by eja",
    "acq_id": "mb4AP",
    "dataset": "ds003465",
    "modality": "bold",
    "run_id": 1,
    "session_id": "wave1bas",
    "subject_id": "f2593wi",
    "task_id": "Axcpt"
  },
  "dummy_trs": 0,
  "dvars_nstd": 42.28364860832514,
  "dvars_std": 1.190596774532018,
  "dvars_vstd": 0.9687111262889982,
  "efc": 0.5423239769438774,
  "fber": 740.2457275390625,
  "fd_mean": 0.2517590743860061,
  "fd_num": 220,
  "fd_perc": 36.0655737704918,
  "fwhm_avg": 2.9369416494876766,
  "fwhm_x": 2.760512390307093,
  "fwhm_y": 3.0447707123450156,
  "fwhm_z": 3.005541845810921,
  "gcor": 0.0310238,
  "gsr_x": -0.01835305616259575,
  "gsr_y": 0.11504223942756653,
  "provenance": {
    "md5sum": "417cc8c227d407cb77a71571aac20736",
    "settings": {
      "fd_thres": 0.2,
      "testing": false
    },
    "software": "mriqc",
    "version": "22.0.6",
    "webapi_port": null,
    "webapi_url": "https://mriqc.nimh.nih.gov/api/v1"
  },
  "size_t": 610,
  "size_x": 90,
  "size_y": 90,
  "size_z": 60,
  "snr": 2.506485287547982,
  "spacing_tr": 1.2000000476837158,
  "spacing_x": 2.4000000953674316,
  "spacing_y": 2.4000000953674316,
  "spacing_z": 2.3999998569488525,
  "summary_bg_k": 15.605462395534172,
  "summary_bg_mad": 65.19439885276728,
  "summary_bg_mean": 415.3360290527344,
  "summary_bg_median": 154.93360900878906,
  "summary_bg_n": 310274.0,
  "summary_bg_p05": 104.91475677490234,
  "summary_bg_p95": 1838.627941894529,
  "summary_bg_stdv": 660.8543701171875,
  "summary_fg_k": 0.7560935197912464,
  "summary_fg_mad": 1618.4498093556485,
  "summary_fg_mean": 4692.0888671875,
  "summary_fg_median": 4353.5244140625,
  "summary_fg_n": 95024.0,
  "summary_fg_p05": 2484.285400390625,
  "summary_fg_p95": 8017.715551757812,
  "summary_fg_stdv": 1736.8948974609375,
  "tsnr": 30.24137055873871
}