{
  "aor": 0.00224635,
  "aqi": 0.008162156216666666,
  "bids_meta": {
    "AcquisitionMatrixPE": 90,
    "AcquisitionNumber": 1,
    "AcquisitionTime": "07:36:0.315000",
    "BandwidthPerPixelPhaseEncode": 18.832,
    "BaseResolution": 90,
    "BodyPartExamined": "HEAD",
    "ConsistencyInfo": "N4_VE11C_LATEST_20160120",
    "ConversionSoftware": "dcm2niix",
    "ConversionSoftwareVersion": "v1.0.20190902",
    "DerivedVendorReportedEchoSpacing": 0.000590012,
    "DeviceSerialNumber": "67064",
    "DwellTime": 2.5e-06,
    "EchoTime": 0.033,
    "EchoTrainLength": 90,
    "EffectiveEchoSpacing": 0.000590012,
    "FlipAngle": 63,
    "ImageComments": "Unaliased_MB4_PE3_LB",
    "ImageOrientationPatientDICOM": [
      0.999839,
      -0.0177103,
      0.00300575,
      0.0178014,
      0.954413,
      -0.297957
    ],
    "ImageType": [
      "ORIGINAL",
      "PRIMARY",
      "M",
      "MB",
      "ND",
      "MOSAIC"
    ],
    "ImagingFrequency": 123.247,
    "InPlanePhaseEncodingDirectionDICOM": "COL",
    "InstitutionAddress": "Scott_Ave_4525_St._Louis_MO_US_63110",
    "InstitutionName": "Washington_University",
    "InstitutionalDepartmentName": "Department",
    "MRAcquisitionType": "2D",
    "MagneticFieldStrength": 3,
    "Manufacturer": "Siemens",
    "ManufacturersModelName": "Prisma_fit",
    "Modality": "MR",
    "MultibandAccelerationFactor": 4,
    "PartialFourier": 1,
    "PatientPosition": "HFS",
    "PercentPhaseFOV": 100,
    "PhaseEncodingDirection": "j",
    "PhaseEncodingSteps": 90,
    "PhaseResolution": 1,
    "PixelBandwidth": 2220,
    "ProcedureStepDescription": "head_Braver",
    "ProtocolName": "tfMRI_SternBas2_PA",
    "PulseSequenceDetails": "%CustomerSeq%_cmrr_mbep2d_bold",
    "ReceiveCoilActiveElements": "HEA;HEP",
    "ReceiveCoilName": "Head_32",
    "ReconMatrixPE": 90,
    "RepetitionTime": 1.2,
    "SAR": 0.0663249,
    "ScanOptions": "FS_EXT",
    "ScanningSequence": "EP",
    "SequenceName": "epfid2d1_90",
    "SequenceVariant": "SK_SS",
    "SeriesDescription": "tfMRI_SternBas2_PA",
    "SeriesNumber": 22,
    "ShimSetting": [
      -2005,
      -11498,
      5879,
      532,
      32,
      105,
      170,
      -18
    ],
    "SliceThickness": 2.4,
    "SliceTiming": [
      0,
      0.63,
      0.08,
      0.7075,
      0.1575,
      0.7875,
      0.2375,
      0.865,
      0.315,
      0.945,
      0.395,
      1.0225,
      0.4725,
      1.1025,
      0.5525,
      0,
      0.63,
      0.08,
      0.7075,
      0.1575,
      0.7875,
      0.2375,
      0.865,
      0.315,
      0.945,
      0.395,
      1.0225,
      0.4725,
      1.1025,
      0.5525,
      0,
      0.63,
      0.08,
      0.7075,
      0.1575,
      0.7875,
      0.2375,
      0.865,
      0.315,
      0.945,
      0.395,
      1.0225,
      0.4725,
      1.1025,
      0.5525,
      0,
      0.63,
      0.08,
      0.7075,
      0.1575,
      0.7875,
      0.2375,
      0.865,
      0.315,
      0.945,
      0.395,
      1.0225,
      0.4725,
      1.1025,
      0.5525
    ],
    "SoftwareVersions": "syngo_MR_E11",
    "SpacingBetweenSlices": 2.4,
    "StationName": "MRC35177",
    "TaskName": "Stern",
    "TotalReadoutTime": 0.0525111,
    "TxRefAmp": 239.604,
    "VendorReportedEchoSpacing": 0.00059,
    "WipMemBlock": "225a24c3-81e3-4a87-88df-0f7112cead83||Sequence: R016 ve11c/master r/e634e98; Dec 19 2017 11:00:25 by eja",
    "acq_id": "mb4PA",
    "dataset": "ds003465",
    "modality": "bold",
    "run_id": 2,
    "session_id": "wave1bas",
    "subject_id": "f2593wi",
    "task_id": "Stern"
  },
  "dummy_trs": 0,
  "dvars_nstd": 35.255923604040106,
  "dvars_std": 1.2485370498163586,
  "dvars_vstd": 1.008886400534224,
  "efc": 0.5408701983559459,
  "fber": 721.7763671875,
  "fd_mean": 0.13343441826224975,
  "fd_num": 82,
  "fd_perc": 13.666666666666666,
  "fwhm_avg": 2.9245388754322916,
  "fwhm_x": 2.735729057958561,
  "fwhm_y": 2.9348165500475347,
  "fwhm_z": 3.103071018290779,
  "gcor": 0.0308521,
  "gsr_x": -0.02578825317323208,
  "gsr_y": 0.08729057013988495,
  "provenance": {
    "md5sum": "0f60eb34e738b49f06d75281a25204e2",
    "settings": {
      "fd_thres": 0.2,
      "testing": false
    },
    "software": "mriqc",
    "version": "22.0.6",
    "webapi_port": null,
    "webapi_url": "https://mriqc.nimh.nih.gov/api/v1"
  },
  "size_t": 600,
  "size_x": 90,
  "size_y": 90,
  "size_z": 60,
  "snr": 2.3628877116090203,
  "spacing_tr": 1.2000000476837158,
  "spacing_x": 2.4000000953674316,
  "spacing_y": 2.4000000953674316,
  "spacing_z": 2.3999998569488525,
  "summary_bg_k": 19.42975367789539,
  "summary_bg_mad": 65.6545674887326,
  "summary_bg_mean": 430.1562194824219,
  "summary_bg_median": 157.0983428955078,
  "summary_bg_n": 309024.0,
  "summary_bg_p05": 108.21333312988281,
  "summary_bg_p95": 1948.9796997070302,
  "summary_bg_stdv": 705.4547119140625,
  "summary_fg_k": 2.5691762268968557,
  "summary_fg_mad": 1715.3906747997553,
  "summary_fg_mean": 4767.1611328125,
  "summary_fg_median": 4406.34912109375,
  "summary_fg_n": 93362.0,
  "summary_fg_p05": 2474.729931640625,
  "summary_fg_p95": 8173.9085693359375,
  "summary_fg_stdv": 1864.8052978515625,
  "tsnr": 42.23381931800395
}