{
  "aor": 0.004535333333333333,
  "aqi": 0.016371300277777775,
  "bids_meta": {
    "AcquisitionMatrixPE": 90,
    "AcquisitionNumber": 1,
    "AcquisitionTime": "08:01:59.220000",
    "BandwidthPerPixelPhaseEncode": 18.832,
    "BaseResolution": 90,
    "BodyPartExamined": "HEAD",
    "ConsistencyInfo": "N4_VE11C_LATEST_20160120",
    "ConversionSoftware": "dcm2niix",
    "ConversionSoftwareVersion": "v1.0.20190902",
    "DerivedVendorReportedEchoSpacing": 0.000590012,
    "DeviceSerialNumber": "67064",
    "DwellTime": 2.5e-06,
    "EchoTime": 0.033,
    "EchoTrainLength": 90,
    "EffectiveEchoSpacing": 0.000590012,
    "FlipAngle": 63,
    "ImageComments": "Unaliased_MB4_PE3_LB",
    "ImageOrientationPatientDICOM": [
      0.999839,
      -0.0177103,
      0.00300575,
      0.0178014,
      0.954413,
      -0.297957
    ],
    "ImageType": [
      "ORIGINAL",
      "PRIMARY",
      "M",
      "MB",
      "ND",
      "MOSAIC"
    ],
    "ImagingFrequency": 123.247,
    "InPlanePhaseEncodingDirectionDICOM": "COL",
    "InstitutionAddress": "Scott_Ave_4525_St._Louis_MO_US_63110",
    "InstitutionName": "Washington_University",
    "InstitutionalDepartmentName": "Department",
    "MRAcquisitionType": "2D",
    "MagneticFieldStrength": 3,
    "Manufacturer": "Siemens",
    "ManufacturersModelName": "Prisma_fit",
    "Modality": "MR",
    "MultibandAccelerationFactor": 4,
    "PartialFourier": 1,
    "PatientPosition": "HFS",
    "PercentPhaseFOV": 100,
    "PhaseEncodingDirection": "j",
    "PhaseEncodingSteps": 90,
    "PhaseResolution": 1,
    "PixelBandwidth": 2220,
    "ProcedureStepDescription": "head_Braver",
    "ProtocolName": "tfMRI_StroopBas2_PA",
    "PulseSequenceDetails": "%CustomerSeq%_cmrr_mbep2d_bold",
    "ReceiveCoilActiveElements": "HEA;HEP",
    "ReceiveCoilName": "Head_32",
    "ReconMatrixPE": 90,
    "RepetitionTime": 1.2,
    "SAR": 0.0662961,
    "ScanOptions": "FS_EXT",
    "ScanningSequence": "EP",
    "SequenceName": "epfid2d1_90",
    "SequenceVariant": "SK_SS",
    "SeriesDescription": "tfMRI_StroopBas2_PA",
    "SeriesNumber": 31,
    "ShimSetting": [
      -2005,
      -11498,
      5879,
      532,
      32,
      105,
      170,
      -18
    ],
    "SliceThickness": 2.4,
    "SliceTiming": [
      0,
      0.6275,
      0.0775,
      0.7075,
      0.155,
      0.785,
      0.235,
      0.865,
      0.3125,
      0.9425,
      0.3925,
      1.0225,
      0.47,
      1.1,
      0.55,
      0,
      0.6275,
      0.0775,
      0.7075,
      0.155,
      0.785,
      0.235,
      0.865,
      0.3125,
      0.9425,
      0.3925,
      1.0225,
      0.47,
      1.1,
      0.55,
      0,
      0.6275,
      0.0775,
      0.7075,
      0.155,
      0.785,
      0.235,
      0.865,
      0.3125,
      0.9425,
      0.3925,
      1.0225,
      0.47,
      1.1,
      0.55,
      0,
      0.6275,
      0.0775,
      0.7075,
      0.155,
      0.785,
      0.235,
      0.865,
      0.3125,
      0.9425,
      0.3925,
      1.0225,
      0.47,
      1.1,
      0.55
    ],
    "SoftwareVersions": "syngo_MR_E11",
    "SpacingBetweenSlices": 2.4,
    "StationName": "MRC35177",
    "TaskName": "Stroop",
    "TotalReadoutTime": 0.0525111,
    "TxRefAmp": 239.604,
    "VendorReportedEchoSpacing": 0.00059,
    "WipMemBlock": "01e33aae-cb4b-457b-b0b5-a0fa9ef0377a||Sequence: R016 ve11c/master r/e634e98; Dec 19 2017 11:00:25 by eja",
    "acq_id": "mb4PA",
    "dataset": "ds003465",
    "modality": "bold",
    "run_id": 2,
    "session_id": "wave1bas",
    "subject_id": "f2593wi",
    "task_id": "Stroop"
  },
  "dummy_trs": 0,
  "dvars_nstd": 44.350582590000045,
  "dvars_std": 1.1682033686827449,
  "dvars_vstd": 1.0093197089795924,
  "efc": 0.5422634251239664,
  "fber": 703.9776000976562,
  "fd_mean": 0.3204607651316629,
  "fd_num": 276,
  "fd_perc": 51.111111111111114,
  "fwhm_avg": 2.9949902639195387,
  "fwhm_x": 2.795770722239386,
  "fwhm_y": 3.0137165469123306,
  "fwhm_z": 3.1754835226069007,
  "gcor": 0.0205774,
  "gsr_x": -0.02988053485751152,
  "gsr_y": 0.08536208420991898,
  "provenance": {
    "md5sum": "17dedd13969a6614d6c742603bc6eae3",
    "settings": {
      "fd_thres": 0.2,
      "testing": false
    },
    "software": "mriqc",
    "version": "22.0.6",
    "webapi_port": null,
    "webapi_url": "https://mriqc.nimh.nih.gov/api/v1"
  },
  "size_t": 540,
  "size_x": 90,
  "size_y": 90,
  "size_z": 60,
  "snr": 2.3444548669143743,
  "spacing_tr": 1.2000000476837158,
  "spacing_x": 2.4000000953674316,
  "spacing_y": 2.4000000953674316,
  "spacing_z": 2.3999998569488525,
  "summary_bg_k": 23.36012701770998,
  "summary_bg_mad": 70.5334273466329,
  "summary_bg_mean": 452.73736572265625,
  "summary_bg_median": 160.4499969482422,
  "summary_bg_n": 310160.0,
  "summary_bg_p05": 106.88333129882812,
  "summary_bg_p95": 2050.154577636717,
  "summary_bg_stdv": 750.6337890625,
  "summary_fg_k": 2.654903732168049,
  "summary_fg_mad": 1737.2158028925587,
  "summary_fg_mean": 4778.70947265625,
  "summary_fg_median": 4411.8603515625,
  "summary_fg_n": 93586.0,
  "summary_fg_p05": 2469.0111083984375,
  "summary_fg_p95": 8224.0986328125,
  "summary_fg_stdv": 1881.8177490234375,
  "tsnr": 30.40399367827922
}