{
  "aor": 0.000668076923076923,
  "aqi": 0.009260636555183947,
  "bids_meta": {
    "AcquisitionMatrixPE": 90,
    "AcquisitionNumber": 1,
    "AcquisitionTime": "07:23:1.892500",
    "BandwidthPerPixelPhaseEncode": 18.832,
    "BaseResolution": 90,
    "BodyPartExamined": "HEAD",
    "ConsistencyInfo": "N4_VE11C_LATEST_20160120",
    "ConversionSoftware": "dcm2niix",
    "ConversionSoftwareVersion": "v1.0.20190902",
    "DerivedVendorReportedEchoSpacing": 0.000590012,
    "DeviceSerialNumber": "67064",
    "DwellTime": 2.5e-06,
    "EchoTime": 0.033,
    "EchoTrainLength": 90,
    "EffectiveEchoSpacing": 0.000590012,
    "FlipAngle": 63,
    "ImageComments": "Unaliased_MB4_PE3_LB",
    "ImageOrientationPatientDICOM": [
      0.999839,
      -0.0177103,
      0.00300575,
      0.0178014,
      0.954413,
      -0.297957
    ],
    "ImageType": [
      "ORIGINAL",
      "PRIMARY",
      "M",
      "MB",
      "ND",
      "MOSAIC"
    ],
    "ImagingFrequency": 123.247,
    "InPlanePhaseEncodingDirectionDICOM": "COL",
    "InstitutionAddress": "Scott_Ave_4525_St._Louis_MO_US_63110",
    "InstitutionName": "Washington_University",
    "InstitutionalDepartmentName": "Department",
    "MRAcquisitionType": "2D",
    "MagneticFieldStrength": 3,
    "Manufacturer": "Siemens",
    "ManufacturersModelName": "Prisma_fit",
    "Modality": "MR",
    "MultibandAccelerationFactor": 4,
    "PartialFourier": 1,
    "PatientPosition": "HFS",
    "PercentPhaseFOV": 100,
    "PhaseEncodingDirection": "j-",
    "PhaseEncodingSteps": 90,
    "PhaseResolution": 1,
    "PixelBandwidth": 2220,
    "ProcedureStepDescription": "head_Braver",
    "ProtocolName": "tfMRI_SternBas1_AP",
    "PulseSequenceDetails": "%CustomerSeq%_cmrr_mbep2d_bold",
    "ReceiveCoilActiveElements": "HEA;HEP",
    "ReceiveCoilName": "Head_32",
    "ReconMatrixPE": 90,
    "RepetitionTime": 1.2,
    "SAR": 0.0663249,
    "ScanOptions": "FS_EXT",
    "ScanningSequence": "EP",
    "SequenceName": "epfid2d1_90",
    "SequenceVariant": "SK_SS",
    "SeriesDescription": "tfMRI_SternBas1_AP",
    "SeriesNumber": 19,
    "ShimSetting": [
      -2005,
      -11498,
      5879,
      532,
      32,
      105,
      170,
      -18
    ],
    "SliceThickness": 2.4,
    "SliceTiming": [
      0,
      0.63,
      0.08,
      0.71,
      0.1575,
      0.7875,
      0.2375,
      0.8675,
      0.315,
      0.945,
      0.395,
      1.0225,
      0.4725,
      1.1025,
      0.5525,
      0,
      0.63,
      0.08,
      0.71,
      0.1575,
      0.7875,
      0.2375,
      0.8675,
      0.315,
      0.945,
      0.395,
      1.0225,
      0.4725,
      1.1025,
      0.5525,
      0,
      0.63,
      0.08,
      0.71,
      0.1575,
      0.7875,
      0.2375,
      0.8675,
      0.315,
      0.945,
      0.395,
      1.0225,
      0.4725,
      1.1025,
      0.5525,
      0,
      0.63,
      0.08,
      0.71,
      0.1575,
      0.7875,
      0.2375,
      0.8675,
      0.315,
      0.945,
      0.395,
      1.0225,
      0.4725,
      1.1025,
      0.5525
    ],
    "SoftwareVersions": "syngo_MR_E11",
    "SpacingBetweenSlices": 2.4,
    "StationName": "MRC35177",
    "TaskName": "Stern",
    "TotalReadoutTime": 0.0525111,
    "TxRefAmp": 239.604,
    "VendorReportedEchoSpacing": 0.00059,
    "WipMemBlock": "c1f78ed4-06b0-40f4-a219-560bb2468c2a||Sequence: R016 ve11c/master r/e634e98; Dec 19 2017 11:00:25 by eja",
    "acq_id": "mb4AP",
    "dataset": "ds003465",
    "modality": "bold",
    "run_id": 1,
    "session_id": "wave1bas",
    "subject_id": "f2593wi",
    "task_id": "Stern"
  },
  "dummy_trs": 2,
  "dvars_nstd": 34.13717606018428,
  "dvars_std": 1.1888938725963154,
  "dvars_vstd": 0.9556747283417087,
  "efc": 0.5359736315762252,
  "fber": 778.8109130859375,
  "fd_mean": 0.14447859560376647,
  "fd_num": 118,
  "fd_perc": 19.732441471571907,
  "fwhm_avg": 2.932684705248951,
  "fwhm_x": 2.7768248896588927,
  "fwhm_y": 3.014583213544559,
  "fwhm_z": 3.006646012543401,
  "gcor": 0.0164707,
  "gsr_x": -0.018982479348778725,
  "gsr_y": 0.10994993895292282,
  "provenance": {
    "md5sum": "dfb309afe6179ecd54806d88b1d98e81",
    "settings": {
      "fd_thres": 0.2,
      "testing": false
    },
    "software": "mriqc",
    "version": "22.0.6",
    "webapi_port": null,
    "webapi_url": "https://mriqc.nimh.nih.gov/api/v1"
  },
  "size_t": 598,
  "size_x": 90,
  "size_y": 90,
  "size_z": 60,
  "snr": 2.4708675124772013,
  "spacing_tr": 1.2000000476837158,
  "spacing_x": 2.4000000953674316,
  "spacing_y": 2.4000000953674316,
  "spacing_z": 2.3999998569488525,
  "summary_bg_k": 16.24897784738733,
  "summary_bg_mad": 65.72043352204525,
  "summary_bg_mean": 403.2630310058594,
  "summary_bg_median": 153.44146728515625,
  "summary_bg_n": 311503.0,
  "summary_bg_p05": 101.75418090820312,
  "summary_bg_p95": 1761.6007934570302,
  "summary_bg_stdv": 640.8112182617188,
  "summary_fg_k": 0.8566441484540106,
  "summary_fg_mad": 1660.2084446443048,
  "summary_fg_mean": 4789.74462890625,
  "summary_fg_median": 4429.5361328125,
  "summary_fg_n": 94144.0,
  "summary_fg_p05": 2528.7627075195314,
  "summary_fg_p95": 8227.324853515624,
  "summary_fg_stdv": 1792.6953125,
  "tsnr": 39.34386696666479
}