{
  "aor": 0.002246344262295082,
  "aqi": 0.01653990395081967,
  "bids_meta": {
    "AcquisitionMatrixPE": 90,
    "AcquisitionNumber": 1,
    "AcquisitionTime": "23:59:0.272500",
    "BandwidthPerPixelPhaseEncode": 18.832,
    "BaseResolution": 90,
    "BodyPartExamined": "HEAD",
    "ConsistencyInfo": "N4_VE11C_LATEST_20160120",
    "ConversionSoftware": "dcm2niix",
    "ConversionSoftwareVersion": "v1.0.20190902",
    "DerivedVendorReportedEchoSpacing": 0.000590012,
    "DeviceSerialNumber": "67064",
    "DwellTime": 2.5e-06,
    "EchoTime": 0.033,
    "EchoTrainLength": 90,
    "EffectiveEchoSpacing": 0.000590012,
    "FlipAngle": 63,
    "ImageComments": "Unaliased_MB4_PE3_LB",
    "ImageOrientationPatientDICOM": [
      0.998026,
      -0.0368946,
      0.0508205,
      0.0571963,
      0.868167,
      -0.492964
    ],
    "ImageType": [
      "ORIGINAL",
      "PRIMARY",
      "M",
      "MB",
      "ND",
      "MOSAIC"
    ],
    "ImagingFrequency": 123.247,
    "InPlanePhaseEncodingDirectionDICOM": "COL",
    "InstitutionAddress": "Scott_Ave_4525_St._Louis_MO_US_63110",
    "InstitutionName": "Washington_University",
    "InstitutionalDepartmentName": "Department",
    "MRAcquisitionType": "2D",
    "MagneticFieldStrength": 3,
    "Manufacturer": "Siemens",
    "ManufacturersModelName": "Prisma_fit",
    "Modality": "MR",
    "MultibandAccelerationFactor": 4,
    "PartialFourier": 1,
    "PatientPosition": "HFS",
    "PercentPhaseFOV": 100,
    "PhaseEncodingDirection": "j-",
    "PhaseEncodingSteps": 90,
    "PhaseResolution": 1,
    "PixelBandwidth": 2220,
    "ProcedureStepDescription": "head_Braver",
    "ProtocolName": "tfMRI_AxcptBas1_AP",
    "PulseSequenceDetails": "%CustomerSeq%_cmrr_mbep2d_bold",
    "ReceiveCoilActiveElements": "HEA;HEP",
    "ReceiveCoilName": "Head_32",
    "ReconMatrixPE": 90,
    "RepetitionTime": 1.2,
    "SAR": 0.0923871,
    "ScanOptions": "FS_EXT",
    "ScanningSequence": "EP",
    "SequenceName": "epfid2d1_90",
    "SequenceVariant": "SK_SS",
    "SeriesDescription": "tfMRI_AxcptBas1_AP",
    "SeriesNumber": 46,
    "ShimSetting": [
      -1997,
      -11523,
      5821,
      187,
      47,
      -35,
      92,
      -4
    ],
    "SliceThickness": 2.4,
    "SliceTiming": [
      0,
      0.6275,
      0.0775,
      0.7075,
      0.155,
      0.785,
      0.235,
      0.865,
      0.3125,
      0.9425,
      0.3925,
      1.0225,
      0.47,
      1.1,
      0.55,
      0,
      0.6275,
      0.0775,
      0.7075,
      0.155,
      0.785,
      0.235,
      0.865,
      0.3125,
      0.9425,
      0.3925,
      1.0225,
      0.47,
      1.1,
      0.55,
      0,
      0.6275,
      0.0775,
      0.7075,
      0.155,
      0.785,
      0.235,
      0.865,
      0.3125,
      0.9425,
      0.3925,
      1.0225,
      0.47,
      1.1,
      0.55,
      0,
      0.6275,
      0.0775,
      0.7075,
      0.155,
      0.785,
      0.235,
      0.865,
      0.3125,
      0.9425,
      0.3925,
      1.0225,
      0.47,
      1.1,
      0.55
    ],
    "SoftwareVersions": "syngo_MR_E11",
    "SpacingBetweenSlices": 2.4,
    "StationName": "MRC35177",
    "TaskName": "Axcpt",
    "TotalReadoutTime": 0.0525111,
    "TxRefAmp": 317.023,
    "VendorReportedEchoSpacing": 0.00059,
    "WipMemBlock": "69008613-4b68-4568-80f5-a8f1abf1469f||Sequence: ve11c/master r/b8bea8f; Mar  2 2017 16:56:44 by eja",
    "acq_id": "mb4AP",
    "dataset": "ds003465",
    "modality": "bold",
    "run_id": 1,
    "session_id": "wave1bas",
    "subject_id": "f2648qw",
    "task_id": "Axcpt"
  },
  "dummy_trs": 0,
  "dvars_nstd": 41.821885627192124,
  "dvars_std": 1.0892746368472914,
  "dvars_vstd": 0.9981572604269303,
  "efc": 0.5607374002435317,
  "fber": 443.4801940917969,
  "fd_mean": 0.32078925677089565,
  "fd_num": 451,
  "fd_perc": 73.93442622950819,
  "fwhm_avg": 3.1213333197914963,
  "fwhm_x": 2.7940832223064413,
  "fwhm_y": 3.2332665381881975,
  "fwhm_z": 3.33665019887985,
  "gcor": 0.0100356,
  "gsr_x": 0.003357663983479142,
  "gsr_y": 0.10389189422130585,
  "provenance": {
    "md5sum": "df8acdd2d493d0ca38e863cbdc3a8017",
    "settings": {
      "fd_thres": 0.2,
      "testing": false
    },
    "software": "mriqc",
    "version": "22.0.6",
    "webapi_port": null,
    "webapi_url": "https://mriqc.nimh.nih.gov/api/v1"
  },
  "size_t": 610,
  "size_x": 90,
  "size_y": 90,
  "size_z": 60,
  "snr": 2.4649816530084596,
  "spacing_tr": 1.2000000476837158,
  "spacing_x": 2.4000000953674316,
  "spacing_y": 2.4000000953674316,
  "spacing_z": 2.3999998569488525,
  "summary_bg_k": 28.29651153363764,
  "summary_bg_mad": 71.72149313350042,
  "summary_bg_mean": 364.5121765136719,
  "summary_bg_median": 155.8639373779297,
  "summary_bg_n": 307377.0,
  "summary_bg_p05": 101.58655548095703,
  "summary_bg_p95": 1385.7846191406254,
  "summary_bg_stdv": 543.6614379882812,
  "summary_fg_k": 1.5109489283375277,
  "summary_fg_mad": 1137.1267635375002,
  "summary_fg_mean": 3738.7158203125,
  "summary_fg_median": 3441.64111328125,
  "summary_fg_n": 94536.0,
  "summary_fg_p05": 2021.6331787109375,
  "summary_fg_p95": 6562.088134765625,
  "summary_fg_stdv": 1396.206298828125,
  "tsnr": 33.41335352975875
}