{
  "aor": 0.004983185185185186,
  "aqi": 0.02225778911111111,
  "bids_meta": {
    "AcquisitionMatrixPE": 90,
    "AcquisitionNumber": 1,
    "AcquisitionTime": "23:10:52.317500",
    "BandwidthPerPixelPhaseEncode": 18.832,
    "BaseResolution": 90,
    "BodyPartExamined": "HEAD",
    "ConsistencyInfo": "N4_VE11C_LATEST_20160120",
    "ConversionSoftware": "dcm2niix",
    "ConversionSoftwareVersion": "v1.0.20190902",
    "DerivedVendorReportedEchoSpacing": 0.000590012,
    "DeviceSerialNumber": "67064",
    "DwellTime": 2.5e-06,
    "EchoTime": 0.033,
    "EchoTrainLength": 90,
    "EffectiveEchoSpacing": 0.000590012,
    "FlipAngle": 63,
    "ImageComments": "Unaliased_MB4_PE3_LB",
    "ImageOrientationPatientDICOM": [
      0.998026,
      -0.0368946,
      0.0508205,
      0.0571963,
      0.868167,
      -0.492964
    ],
    "ImageType": [
      "ORIGINAL",
      "PRIMARY",
      "M",
      "MB",
      "ND",
      "MOSAIC"
    ],
    "ImagingFrequency": 123.247,
    "InPlanePhaseEncodingDirectionDICOM": "COL",
    "InstitutionAddress": "Scott_Ave_4525_St._Louis_MO_US_63110",
    "InstitutionName": "Washington_University",
    "InstitutionalDepartmentName": "Department",
    "MRAcquisitionType": "2D",
    "MagneticFieldStrength": 3,
    "Manufacturer": "Siemens",
    "ManufacturersModelName": "Prisma_fit",
    "Modality": "MR",
    "MultibandAccelerationFactor": 4,
    "PartialFourier": 1,
    "PatientPosition": "HFS",
    "PercentPhaseFOV": 100,
    "PhaseEncodingDirection": "j",
    "PhaseEncodingSteps": 90,
    "PhaseResolution": 1,
    "PixelBandwidth": 2220,
    "ProcedureStepDescription": "head_Braver",
    "ProtocolName": "tfMRI_StroopBas2_PA",
    "PulseSequenceDetails": "%CustomerSeq%_cmrr_mbep2d_bold",
    "ReceiveCoilActiveElements": "HEA;HEP",
    "ReceiveCoilName": "Head_32",
    "ReconMatrixPE": 90,
    "RepetitionTime": 1.2,
    "SAR": 0.092341,
    "ScanOptions": "FS_EXT",
    "ScanningSequence": "EP",
    "SequenceName": "epfid2d1_90",
    "SequenceVariant": "SK_SS",
    "SeriesDescription": "tfMRI_StroopBas2_PA",
    "SeriesNumber": 34,
    "ShimSetting": [
      -1997,
      -11523,
      5821,
      187,
      47,
      -35,
      92,
      -4
    ],
    "SliceThickness": 2.4,
    "SliceTiming": [
      0,
      0.63,
      0.08,
      0.71,
      0.1575,
      0.7875,
      0.2375,
      0.8675,
      0.315,
      0.945,
      0.395,
      1.025,
      0.4725,
      1.1025,
      0.5525,
      0,
      0.63,
      0.08,
      0.71,
      0.1575,
      0.7875,
      0.2375,
      0.8675,
      0.315,
      0.945,
      0.395,
      1.025,
      0.4725,
      1.1025,
      0.5525,
      0,
      0.63,
      0.08,
      0.71,
      0.1575,
      0.7875,
      0.2375,
      0.8675,
      0.315,
      0.945,
      0.395,
      1.025,
      0.4725,
      1.1025,
      0.5525,
      0,
      0.63,
      0.08,
      0.71,
      0.1575,
      0.7875,
      0.2375,
      0.8675,
      0.315,
      0.945,
      0.395,
      1.025,
      0.4725,
      1.1025,
      0.5525
    ],
    "SoftwareVersions": "syngo_MR_E11",
    "SpacingBetweenSlices": 2.4,
    "StationName": "MRC35177",
    "TaskName": "Stroop",
    "TotalReadoutTime": 0.0525111,
    "TxRefAmp": 317.023,
    "VendorReportedEchoSpacing": 0.00059,
    "WipMemBlock": "96998483-9472-4f50-b336-692f32547add||Sequence: ve11c/master r/b8bea8f; Mar  2 2017 16:56:44 by eja",
    "acq_id": "mb4PA",
    "dataset": "ds003465",
    "modality": "bold",
    "run_id": 2,
    "session_id": "wave1bas",
    "subject_id": "f2648qw",
    "task_id": "Stroop"
  },
  "dummy_trs": 0,
  "dvars_nstd": 63.3156185823748,
  "dvars_std": 1.1939966497217067,
  "dvars_vstd": 1.0316008277179973,
  "efc": 0.5636910131764117,
  "fber": 381.10400390625,
  "fd_mean": 0.5825162357735968,
  "fd_num": 458,
  "fd_perc": 84.81481481481481,
  "fwhm_avg": 2.9887222076379936,
  "fwhm_x": 2.7228248918046596,
  "fwhm_y": 3.097304043590862,
  "fwhm_z": 3.146037687518459,
  "gcor": 0.0316795,
  "gsr_x": 0.03951342776417732,
  "gsr_y": 0.07755804061889648,
  "provenance": {
    "md5sum": "2afc856b128bc1c1b04ddf6c4b88056c",
    "settings": {
      "fd_thres": 0.2,
      "testing": false
    },
    "software": "mriqc",
    "version": "22.0.6",
    "webapi_port": null,
    "webapi_url": "https://mriqc.nimh.nih.gov/api/v1"
  },
  "size_t": 540,
  "size_x": 90,
  "size_y": 90,
  "size_z": 60,
  "snr": 2.6457615667816445,
  "spacing_tr": 1.2000000476837158,
  "spacing_x": 2.4000000953674316,
  "spacing_y": 2.4000000953674316,
  "spacing_z": 2.3999998569488525,
  "summary_bg_k": 24.671494272123763,
  "summary_bg_mad": 112.45261604020753,
  "summary_bg_mean": 482.10546875,
  "summary_bg_median": 188.08517456054688,
  "summary_bg_n": 323971.0,
  "summary_bg_p05": 106.44629669189453,
  "summary_bg_p95": 1995.6101684570312,
  "summary_bg_stdv": 741.8543701171875,
  "summary_fg_k": 1.042176863326426,
  "summary_fg_mad": 1299.2509087701897,
  "summary_fg_mean": 3940.84423828125,
  "summary_fg_median": 3722.13525390625,
  "summary_fg_n": 87650.0,
  "summary_fg_p05": 2095.708459472656,
  "summary_fg_p95": 6605.116235351564,
  "summary_fg_stdv": 1406.8214111328125,
  "tsnr": 27.99355361959897
}