{
  "aor": 0.0010728852459016393,
  "aqi": 0.006303104770491803,
  "bids_meta": {
    "AcquisitionMatrixPE": 90,
    "AcquisitionNumber": 1,
    "AcquisitionTime": "15:06:56.680000",
    "BandwidthPerPixelPhaseEncode": 18.832,
    "BaseResolution": 90,
    "BodyPartExamined": "HEAD",
    "ConsistencyInfo": "N4_VE11C_LATEST_20160120",
    "ConversionSoftware": "dcm2niix",
    "ConversionSoftwareVersion": "v1.0.20190902",
    "DerivedVendorReportedEchoSpacing": 0.000590012,
    "DeviceSerialNumber": "67064",
    "DwellTime": 2.5e-06,
    "EchoTime": 0.033,
    "EchoTrainLength": 90,
    "EffectiveEchoSpacing": 0.000590012,
    "FlipAngle": 63,
    "ImageComments": "Unaliased_MB4_PE3_LB",
    "ImageOrientationPatientDICOM": [
      0.999522,
      -0.0274412,
      0.0142252,
      0.0307127,
      0.93354,
      -0.357156
    ],
    "ImageType": [
      "ORIGINAL",
      "PRIMARY",
      "M",
      "MB",
      "ND",
      "MOSAIC"
    ],
    "ImagingFrequency": 123.247,
    "InPlanePhaseEncodingDirectionDICOM": "COL",
    "InstitutionAddress": "Scott_Ave_4525_St._Louis_MO_US_63110",
    "InstitutionName": "Washington_University",
    "InstitutionalDepartmentName": "Department",
    "MRAcquisitionType": "2D",
    "MagneticFieldStrength": 3,
    "Manufacturer": "Siemens",
    "ManufacturersModelName": "Prisma_fit",
    "Modality": "MR",
    "MultibandAccelerationFactor": 4,
    "PartialFourier": 1,
    "PatientPosition": "HFS",
    "PercentPhaseFOV": 100,
    "PhaseEncodingDirection": "j-",
    "PhaseEncodingSteps": 90,
    "PhaseResolution": 1,
    "PixelBandwidth": 2220,
    "ProcedureStepDescription": "head_Braver",
    "ProtocolName": "tfMRI_AxcptBas1_AP",
    "PulseSequenceDetails": "%CustomerSeq%_cmrr_mbep2d_bold",
    "ReceiveCoilActiveElements": "HEA;HEP",
    "ReceiveCoilName": "Head_32",
    "ReconMatrixPE": 90,
    "RepetitionTime": 1.2,
    "SAR": 0.0946629,
    "ScanOptions": "FS_EXT",
    "ScanningSequence": "EP",
    "SequenceName": "epfid2d1_90",
    "SequenceVariant": "SK_SS",
    "SeriesDescription": "tfMRI_AxcptBas1_AP",
    "SeriesNumber": 37,
    "ShimSetting": [
      -1989,
      -11449,
      5835,
      741,
      103,
      287,
      -14,
      -33
    ],
    "SliceThickness": 2.4,
    "SliceTiming": [
      0,
      0.63,
      0.08,
      0.7075,
      0.1575,
      0.7875,
      0.2375,
      0.865,
      0.315,
      0.945,
      0.395,
      1.0225,
      0.4725,
      1.1025,
      0.5525,
      0,
      0.63,
      0.08,
      0.7075,
      0.1575,
      0.7875,
      0.2375,
      0.865,
      0.315,
      0.945,
      0.395,
      1.0225,
      0.4725,
      1.1025,
      0.5525,
      0,
      0.63,
      0.08,
      0.7075,
      0.1575,
      0.7875,
      0.2375,
      0.865,
      0.315,
      0.945,
      0.395,
      1.0225,
      0.4725,
      1.1025,
      0.5525,
      0,
      0.63,
      0.08,
      0.7075,
      0.1575,
      0.7875,
      0.2375,
      0.865,
      0.315,
      0.945,
      0.395,
      1.0225,
      0.4725,
      1.1025,
      0.5525
    ],
    "SoftwareVersions": "syngo_MR_E11",
    "SpacingBetweenSlices": 2.4,
    "StationName": "MRC35177",
    "TaskName": "Axcpt",
    "TotalReadoutTime": 0.0525111,
    "TxRefAmp": 231.952,
    "VendorReportedEchoSpacing": 0.00059,
    "WipMemBlock": "f32e49f2-273d-4f89-8343-6ccee089297f||Sequence: R016 ve11c/master r/e634e98; Dec 19 2017 11:00:25 by eja",
    "acq_id": "mb4AP",
    "dataset": "ds003465",
    "modality": "bold",
    "run_id": 1,
    "session_id": "wave1bas",
    "subject_id": "f5386yx",
    "task_id": "Axcpt"
  },
  "dummy_trs": 0,
  "dvars_nstd": 28.15682355456489,
  "dvars_std": 1.0906913342857143,
  "dvars_vstd": 0.977512079934319,
  "efc": 0.4895406024868998,
  "fber": 1088.172607421875,
  "fd_mean": 0.16250054426237706,
  "fd_num": 139,
  "fd_perc": 22.78688524590164,
  "fwhm_avg": 2.7980623888149903,
  "fwhm_x": 2.656329061113633,
  "fwhm_y": 2.907554051130849,
  "fwhm_z": 2.830304054200488,
  "gcor": 0.0155073,
  "gsr_x": -0.020563311874866486,
  "gsr_y": 0.06799180060625076,
  "provenance": {
    "md5sum": "f49f1c33c757988fcf8586f35be33787",
    "settings": {
      "fd_thres": 0.2,
      "testing": false
    },
    "software": "mriqc",
    "version": "22.0.6",
    "webapi_port": null,
    "webapi_url": "https://mriqc.nimh.nih.gov/api/v1"
  },
  "size_t": 610,
  "size_x": 90,
  "size_y": 90,
  "size_z": 60,
  "snr": 2.9094985355680043,
  "spacing_tr": 1.2000000476837158,
  "spacing_x": 2.4000000953674316,
  "spacing_y": 2.4000000953674316,
  "spacing_z": 2.4000000953674316,
  "summary_bg_k": 23.62210551279177,
  "summary_bg_mad": 35.599465525450306,
  "summary_bg_mean": 296.4952087402344,
  "summary_bg_median": 127.88032531738281,
  "summary_bg_n": 339444.0,
  "summary_bg_p05": 100.07212829589844,
  "summary_bg_p95": 1191.4735290527321,
  "summary_bg_stdv": 470.60760498046875,
  "summary_fg_k": 1.331982355374727,
  "summary_fg_mad": 1349.2080157993616,
  "summary_fg_mean": 4560.57177734375,
  "summary_fg_median": 4319.4970703125,
  "summary_fg_n": 73628.0,
  "summary_fg_p05": 2618.6245361328124,
  "summary_fg_p95": 7381.548461914061,
  "summary_fg_stdv": 1484.6090087890625,
  "tsnr": 46.62122932472266
}