{
  "aor": 0.0012033,
  "aqi": 0.0042850014833333335,
  "bids_meta": {
    "AcquisitionMatrixPE": 90,
    "AcquisitionNumber": 1,
    "AcquisitionTime": "14:19:0.315000",
    "BandwidthPerPixelPhaseEncode": 18.832,
    "BaseResolution": 90,
    "BodyPartExamined": "HEAD",
    "ConsistencyInfo": "N4_VE11C_LATEST_20160120",
    "ConversionSoftware": "dcm2niix",
    "ConversionSoftwareVersion": "v1.0.20190902",
    "DerivedVendorReportedEchoSpacing": 0.000590012,
    "DeviceSerialNumber": "67064",
    "DwellTime": 2.5e-06,
    "EchoTime": 0.033,
    "EchoTrainLength": 90,
    "EffectiveEchoSpacing": 0.000590012,
    "FlipAngle": 63,
    "ImageComments": "Unaliased_MB4_PE3_LB",
    "ImageOrientationPatientDICOM": [
      0.999522,
      -0.0274412,
      0.0142252,
      0.0307127,
      0.93354,
      -0.357156
    ],
    "ImageType": [
      "ORIGINAL",
      "PRIMARY",
      "M",
      "MB",
      "ND",
      "MOSAIC"
    ],
    "ImagingFrequency": 123.247,
    "InPlanePhaseEncodingDirectionDICOM": "COL",
    "InstitutionAddress": "Scott_Ave_4525_St._Louis_MO_US_63110",
    "InstitutionName": "Washington_University",
    "InstitutionalDepartmentName": "Department",
    "MRAcquisitionType": "2D",
    "MagneticFieldStrength": 3,
    "Manufacturer": "Siemens",
    "ManufacturersModelName": "Prisma_fit",
    "Modality": "MR",
    "MultibandAccelerationFactor": 4,
    "PartialFourier": 1,
    "PatientPosition": "HFS",
    "PercentPhaseFOV": 100,
    "PhaseEncodingDirection": "j",
    "PhaseEncodingSteps": 90,
    "PhaseResolution": 1,
    "PixelBandwidth": 2220,
    "ProcedureStepDescription": "head_Braver",
    "ProtocolName": "tfMRI_SternBas2_PA",
    "PulseSequenceDetails": "%CustomerSeq%_cmrr_mbep2d_bold",
    "ReceiveCoilActiveElements": "HEA;HEP",
    "ReceiveCoilName": "Head_32",
    "ReconMatrixPE": 90,
    "RepetitionTime": 1.2,
    "SAR": 0.0946568,
    "ScanOptions": "FS_EXT",
    "ScanningSequence": "EP",
    "SequenceName": "epfid2d1_90",
    "SequenceVariant": "SK_SS",
    "SeriesDescription": "tfMRI_SternBas2_PA",
    "SeriesNumber": 22,
    "ShimSetting": [
      -1989,
      -11449,
      5835,
      741,
      103,
      287,
      -14,
      -33
    ],
    "SliceThickness": 2.4,
    "SliceTiming": [
      0,
      0.63,
      0.0775,
      0.7075,
      0.1575,
      0.7875,
      0.235,
      0.865,
      0.315,
      0.9425,
      0.3925,
      1.0225,
      0.4725,
      1.1,
      0.55,
      0,
      0.63,
      0.0775,
      0.7075,
      0.1575,
      0.7875,
      0.235,
      0.865,
      0.315,
      0.9425,
      0.3925,
      1.0225,
      0.4725,
      1.1,
      0.55,
      0,
      0.63,
      0.0775,
      0.7075,
      0.1575,
      0.7875,
      0.235,
      0.865,
      0.315,
      0.9425,
      0.3925,
      1.0225,
      0.4725,
      1.1,
      0.55,
      0,
      0.63,
      0.0775,
      0.7075,
      0.1575,
      0.7875,
      0.235,
      0.865,
      0.315,
      0.9425,
      0.3925,
      1.0225,
      0.4725,
      1.1,
      0.55
    ],
    "SoftwareVersions": "syngo_MR_E11",
    "SpacingBetweenSlices": 2.4,
    "StationName": "MRC35177",
    "TaskName": "Stern",
    "TotalReadoutTime": 0.0525111,
    "TxRefAmp": 231.952,
    "VendorReportedEchoSpacing": 0.00059,
    "WipMemBlock": "bc95cf2c-983c-4b4b-aba7-d4bb2f56aaed||Sequence: R016 ve11c/master r/e634e98; Dec 19 2017 11:00:25 by eja",
    "acq_id": "mb4PA",
    "dataset": "ds003465",
    "modality": "bold",
    "run_id": 2,
    "session_id": "wave1bas",
    "subject_id": "f5386yx",
    "task_id": "Stern"
  },
  "dummy_trs": 0,
  "dvars_nstd": 26.51075349475792,
  "dvars_std": 1.1146880074791323,
  "dvars_vstd": 1.0024761480968276,
  "efc": 0.48850410724448506,
  "fber": 1123.35498046875,
  "fd_mean": 0.13955259852034255,
  "fd_num": 90,
  "fd_perc": 15.0,
  "fwhm_avg": 2.753116557267644,
  "fwhm_x": 2.5979623967662495,
  "fwhm_y": 2.8609040529845537,
  "fwhm_z": 2.8004832220521285,
  "gcor": 0.0118402,
  "gsr_x": -0.022625694051384926,
  "gsr_y": 0.06943221390247345,
  "provenance": {
    "md5sum": "756e0e2e10b6bfdd7228d0c43cb4d991",
    "settings": {
      "fd_thres": 0.2,
      "testing": false
    },
    "software": "mriqc",
    "version": "22.0.6",
    "webapi_port": null,
    "webapi_url": "https://mriqc.nimh.nih.gov/api/v1"
  },
  "size_t": 600,
  "size_x": 90,
  "size_y": 90,
  "size_z": 60,
  "snr": 2.9218940336883406,
  "spacing_tr": 1.2000000476837158,
  "spacing_x": 2.4000000953674316,
  "spacing_y": 2.4000000953674316,
  "spacing_z": 2.4000000953674316,
  "summary_bg_k": 21.66429998656715,
  "summary_bg_mad": 39.86841700000542,
  "summary_bg_mean": 314.3188781738281,
  "summary_bg_median": 130.50418090820312,
  "summary_bg_n": 342126.0,
  "summary_bg_p05": 99.34500122070312,
  "summary_bg_p95": 1322.5091857910156,
  "summary_bg_stdv": 507.9396667480469,
  "summary_fg_k": 0.5537018202383703,
  "summary_fg_mad": 1475.7994777598515,
  "summary_fg_mean": 4636.99169921875,
  "summary_fg_median": 4428.31640625,
  "summary_fg_n": 72626.0,
  "summary_fg_p05": 2561.8230590820312,
  "summary_fg_p95": 7439.7596435546875,
  "summary_fg_stdv": 1515.55322265625,
  "tsnr": 52.50285309366882
}