{
  "aor": 0.003933131147540984,
  "aqi": 0.006185469098360656,
  "bids_meta": {
    "AcquisitionMatrixPE": 90,
    "AcquisitionNumber": 1,
    "AcquisitionTime": "15:20:21.347500",
    "BandwidthPerPixelPhaseEncode": 18.832,
    "BaseResolution": 90,
    "BodyPartExamined": "HEAD",
    "ConsistencyInfo": "N4_VE11C_LATEST_20160120",
    "ConversionSoftware": "dcm2niix",
    "ConversionSoftwareVersion": "v1.0.20190902",
    "DerivedVendorReportedEchoSpacing": 0.000590012,
    "DeviceSerialNumber": "67064",
    "DwellTime": 2.5e-06,
    "EchoTime": 0.033,
    "EchoTrainLength": 90,
    "EffectiveEchoSpacing": 0.000590012,
    "FlipAngle": 63,
    "ImageComments": "Unaliased_MB4_PE3_LB",
    "ImageOrientationPatientDICOM": [
      0.999522,
      -0.0274412,
      0.0142252,
      0.0307127,
      0.93354,
      -0.357156
    ],
    "ImageType": [
      "ORIGINAL",
      "PRIMARY",
      "M",
      "MB",
      "ND",
      "MOSAIC"
    ],
    "ImagingFrequency": 123.247,
    "InPlanePhaseEncodingDirectionDICOM": "COL",
    "InstitutionAddress": "Scott_Ave_4525_St._Louis_MO_US_63110",
    "InstitutionName": "Washington_University",
    "InstitutionalDepartmentName": "Department",
    "MRAcquisitionType": "2D",
    "MagneticFieldStrength": 3,
    "Manufacturer": "Siemens",
    "ManufacturersModelName": "Prisma_fit",
    "Modality": "MR",
    "MultibandAccelerationFactor": 4,
    "PartialFourier": 1,
    "PatientPosition": "HFS",
    "PercentPhaseFOV": 100,
    "PhaseEncodingDirection": "j",
    "PhaseEncodingSteps": 90,
    "PhaseResolution": 1,
    "PixelBandwidth": 2220,
    "ProcedureStepDescription": "head_Braver",
    "ProtocolName": "tfMRI_AxcptBas2_PA",
    "PulseSequenceDetails": "%CustomerSeq%_cmrr_mbep2d_bold",
    "ReceiveCoilActiveElements": "HEA;HEP",
    "ReceiveCoilName": "Head_32",
    "ReconMatrixPE": 90,
    "RepetitionTime": 1.2,
    "SAR": 0.0946629,
    "ScanOptions": "FS_EXT",
    "ScanningSequence": "EP",
    "SequenceName": "epfid2d1_90",
    "SequenceVariant": "SK_SS",
    "SeriesDescription": "tfMRI_AxcptBas2_PA",
    "SeriesNumber": 40,
    "ShimSetting": [
      -1989,
      -11449,
      5835,
      741,
      103,
      287,
      -14,
      -33
    ],
    "SliceThickness": 2.4,
    "SliceTiming": [
      0,
      0.6275,
      0.0775,
      0.7075,
      0.1575,
      0.785,
      0.235,
      0.865,
      0.315,
      0.9425,
      0.3925,
      1.0225,
      0.4725,
      1.1,
      0.55,
      0,
      0.6275,
      0.0775,
      0.7075,
      0.1575,
      0.785,
      0.235,
      0.865,
      0.315,
      0.9425,
      0.3925,
      1.0225,
      0.4725,
      1.1,
      0.55,
      0,
      0.6275,
      0.0775,
      0.7075,
      0.1575,
      0.785,
      0.235,
      0.865,
      0.315,
      0.9425,
      0.3925,
      1.0225,
      0.4725,
      1.1,
      0.55,
      0,
      0.6275,
      0.0775,
      0.7075,
      0.1575,
      0.785,
      0.235,
      0.865,
      0.315,
      0.9425,
      0.3925,
      1.0225,
      0.4725,
      1.1,
      0.55
    ],
    "SoftwareVersions": "syngo_MR_E11",
    "SpacingBetweenSlices": 2.4,
    "StationName": "MRC35177",
    "TaskName": "Axcpt",
    "TotalReadoutTime": 0.0525111,
    "TxRefAmp": 231.952,
    "VendorReportedEchoSpacing": 0.00059,
    "WipMemBlock": "f26df31c-351b-471a-8498-122c5cc5c7a5||Sequence: R016 ve11c/master r/e634e98; Dec 19 2017 11:00:25 by eja",
    "acq_id": "mb4PA",
    "dataset": "ds003465",
    "modality": "bold",
    "run_id": 2,
    "session_id": "wave1bas",
    "subject_id": "f5386yx",
    "task_id": "Axcpt"
  },
  "dummy_trs": 0,
  "dvars_nstd": 29.782507071149418,
  "dvars_std": 1.1737321788013135,
  "dvars_vstd": 1.0486303981116583,
  "efc": 0.49111885464809335,
  "fber": 1095.4034423828125,
  "fd_mean": 0.16442156752775072,
  "fd_num": 162,
  "fd_perc": 26.557377049180328,
  "fwhm_avg": 2.7245873917346244,
  "fwhm_x": 2.566712398008013,
  "fwhm_y": 2.8135123882010626,
  "fwhm_z": 2.7935373889947974,
  "gcor": 0.0224055,
  "gsr_x": -0.02174905128777027,
  "gsr_y": 0.07108394056558609,
  "provenance": {
    "md5sum": "99f1f3c01326255ea5298d2138010e9f",
    "settings": {
      "fd_thres": 0.2,
      "testing": false
    },
    "software": "mriqc",
    "version": "22.0.6",
    "webapi_port": null,
    "webapi_url": "https://mriqc.nimh.nih.gov/api/v1"
  },
  "size_t": 610,
  "size_x": 90,
  "size_y": 90,
  "size_z": 60,
  "snr": 2.9715815347144674,
  "spacing_tr": 1.2000000476837158,
  "spacing_x": 2.4000000953674316,
  "spacing_y": 2.4000000953674316,
  "spacing_z": 2.4000000953674316,
  "summary_bg_k": 21.731858560895457,
  "summary_bg_mad": 36.03574457488696,
  "summary_bg_mean": 311.6168212890625,
  "summary_bg_median": 129.0729522705078,
  "summary_bg_n": 342010.0,
  "summary_bg_p05": 102.08688354492188,
  "summary_bg_p95": 1315.1045654296863,
  "summary_bg_stdv": 507.2727966308594,
  "summary_fg_k": 0.6298231995116574,
  "summary_fg_mad": 1382.7039308382775,
  "summary_fg_mean": 4524.67578125,
  "summary_fg_median": 4320.0556640625,
  "summary_fg_n": 72549.0,
  "summary_fg_p05": 2541.068896484375,
  "summary_fg_p95": 7218.982910156246,
  "summary_fg_stdv": 1453.780029296875,
  "tsnr": 45.053233300102875
}