{
  "bids_meta": {
    "AcquisitionMatrixPE": 300,
    "AcquisitionNumber": 1,
    "AcquisitionTime": "13:20:58.435000",
    "BaseResolution": 320,
    "BodyPartExamined": "HEAD",
    "ConsistencyInfo": "N4_VE11C_LATEST_20160120",
    "ConversionSoftware": "dcm2niix",
    "ConversionSoftwareVersion": "v1.0.20190902",
    "DeviceSerialNumber": "67064",
    "DwellTime": 2.1e-06,
    "EchoTime": 0.563,
    "EchoTrainLength": 314,
    "FlipAngle": 120,
    "ImageOrientationPatientDICOM": [
      0.0250022,
      0.999606,
      -0.0127405,
      0.00307162,
      -0.0128212,
      -0.999913
    ],
    "ImageType": [
      "ORIGINAL",
      "PRIMARY",
      "M",
      "ND"
    ],
    "ImagingFrequency": 123.247,
    "InPlanePhaseEncodingDirectionDICOM": "ROW",
    "InstitutionAddress": "Scott_Ave_4525_St._Louis_MO_US_63110",
    "InstitutionName": "Washington_University",
    "InstitutionalDepartmentName": "Department",
    "MRAcquisitionType": "3D",
    "MagneticFieldStrength": 3,
    "Manufacturer": "Siemens",
    "ManufacturersModelName": "Prisma_fit",
    "Modality": "MR",
    "ParallelReductionFactorInPlane": 2,
    "PartialFourier": 1,
    "PatientPosition": "HFS",
    "PercentPhaseFOV": 93.75,
    "PhaseEncodingSteps": 297,
    "PhaseResolution": 1,
    "PixelBandwidth": 745,
    "ProcedureStepDescription": "head_Braver",
    "ProtocolName": "T2w_SPC",
    "PulseSequenceDetails": "%SiemensSeq%_tse_vfl",
    "ReceiveCoilActiveElements": "HEA;HEP",
    "ReceiveCoilName": "Head_32",
    "ReconMatrixPE": 300,
    "RefLinesPE": 32,
    "RepetitionTime": 3.2,
    "SAR": 0.179722,
    "ScanOptions": "PFP",
    "ScanningSequence": "SE",
    "SequenceName": "_spc_314ns",
    "SequenceVariant": "SK_SP",
    "SeriesDescription": "T2w_SPC",
    "SeriesNumber": 13,
    "ShimSetting": [
      -1989,
      -11413,
      5788,
      677,
      147,
      361,
      82,
      -75
    ],
    "SliceThickness": 0.8,
    "SoftwareVersions": "syngo_MR_E11",
    "StationName": "MRC35177",
    "TxRefAmp": 229.966,
    "dataset": "ds003465",
    "modality": "T2w",
    "session_id": "wave1rea",
    "subject_id": "f4831tn"
  },
  "cjv": 0.20892421731439434,
  "cnr": 1.7350597698697454,
  "efc": 0.4858987493890333,
  "fber": 6952.2057676102495,
  "fwhm_avg": 3.6395458656653807,
  "fwhm_x": 3.485587707757217,
  "fwhm_y": 3.8841999421209104,
  "fwhm_z": 3.548849947118015,
  "icvs_csf": 0.3251894849718232,
  "icvs_gm": 0.529264919482694,
  "icvs_wm": 0.14554559554548274,
  "inu_med": 0.9024407267570496,
  "inu_range": 0.771985685825348,
  "provenance": {
    "md5sum": "e76120224502e54e6dfd471d8a7aacc5",
    "settings": {
      "testing": false
    },
    "software": "mriqc",
    "version": "22.0.6",
    "warnings": {
      "large_rot_frame": true,
      "small_air_mask": false
    },
    "webapi_port": null,
    "webapi_url": "https://mriqc.nimh.nih.gov/api/v1"
  },
  "qi_1": 0.0,
  "qi_2": 0.001735087403138364,
  "rpve_csf": 14.521084228405154,
  "rpve_gm": 11.064473715262443,
  "rpve_wm": 43.2575842727105,
  "size_x": 208,
  "size_y": 300,
  "size_z": 320,
  "snr_csf": 7.523296760220679,
  "snr_gm": 8.031385062723738,
  "snr_total": 6.031367456323822,
  "snr_wm": 2.5394205460270505,
  "snrd_csf": 64.0669332263609,
  "snrd_gm": 35.48261154509796,
  "snrd_total": 70.93035808727402,
  "snrd_wm": 113.24152949036318,
  "spacing_x": 0.7999999523162842,
  "spacing_y": 0.800000011920929,
  "spacing_z": 0.800000011920929,
  "summary_bg_k": 12.124582223177338,
  "summary_bg_mad": 0.0,
  "summary_bg_mean": 3.908618383730039,
  "summary_bg_median": 0.0,
  "summary_bg_n": 6920211.0,
  "summary_bg_p05": 0.0,
  "summary_bg_p95": 14.603035420179367,
  "summary_bg_stdv": 5.785556230427821,
  "summary_csf_k": 1.7097462762495308,
  "summary_csf_mad": 65.04929662378503,
  "summary_csf_mean": 574.9479309420773,
  "summary_csf_median": 565.7796524390578,
  "summary_csf_n": 72270.0,
  "summary_csf_p05": 470.68398202210665,
  "summary_csf_p95": 712.1838795356452,
  "summary_csf_stdv": 75.20316639248944,
  "summary_gm_k": 1.7143480757574592,
  "summary_gm_mad": 33.97562259748572,
  "summary_gm_mean": 317.10396100881434,
  "summary_gm_median": 313.34947088360786,
  "summary_gm_n": 534257.0,
  "summary_gm_p05": 260.94128804281354,
  "summary_gm_p95": 387.31032648310065,
  "summary_gm_stdv": 39.01558388484966,
  "summary_wm_k": -0.23511509751104898,
  "summary_wm_mad": 109.4914977757745,
  "summary_wm_mean": 825.3205588092154,
  "summary_wm_median": 1000.0440160036087,
  "summary_wm_n": 78824.0,
  "summary_wm_p05": 38.26699040830135,
  "summary_wm_p95": 1198.5232392141593,
  "summary_wm_stdv": 393.8054585023903,
  "tpm_overlap_csf": 0.12475581055748619,
  "tpm_overlap_gm": 0.34745755529599753,
  "tpm_overlap_wm": 0.022419468173115333,
  "wm2max": 0.8483740368290453
}