{
  "bids_meta": {
    "AcquisitionMatrixPE": 300,
    "AcquisitionNumber": 1,
    "AcquisitionTime": "13:57:57.075000",
    "BaseResolution": 320,
    "BodyPartExamined": "HEAD",
    "ConsistencyInfo": "N4_VE11C_LATEST_20160120",
    "ConversionSoftware": "dcm2niix",
    "ConversionSoftwareVersion": "v1.0.20190902",
    "DeviceSerialNumber": "67064",
    "DwellTime": 2.1e-06,
    "EchoTime": 0.563,
    "EchoTrainLength": 314,
    "FlipAngle": 120,
    "ImageOrientationPatientDICOM": [
      0.0254971,
      0.991347,
      0.128769,
      0.0238604,
      0.128171,
      -0.991465
    ],
    "ImageType": [
      "ORIGINAL",
      "PRIMARY",
      "M",
      "ND"
    ],
    "ImagingFrequency": 123.247,
    "InPlanePhaseEncodingDirectionDICOM": "ROW",
    "InstitutionAddress": "Scott_Ave_4525_St._Louis_MO_US_63110",
    "InstitutionName": "Washington_University",
    "InstitutionalDepartmentName": "Department",
    "MRAcquisitionType": "3D",
    "MagneticFieldStrength": 3,
    "Manufacturer": "Siemens",
    "ManufacturersModelName": "Prisma_fit",
    "Modality": "MR",
    "ParallelReductionFactorInPlane": 2,
    "PartialFourier": 1,
    "PatientPosition": "HFS",
    "PercentPhaseFOV": 93.75,
    "PhaseEncodingSteps": 297,
    "PhaseResolution": 1,
    "PixelBandwidth": 745,
    "ProcedureStepDescription": "head_Braver",
    "ProtocolName": "T2w_SPC",
    "PulseSequenceDetails": "%SiemensSeq%_tse_vfl",
    "ReceiveCoilActiveElements": "HEA;HEP",
    "ReceiveCoilName": "Head_32",
    "ReconMatrixPE": 300,
    "RefLinesPE": 32,
    "RepetitionTime": 3.2,
    "SAR": 0.128187,
    "ScanOptions": "PFP",
    "ScanningSequence": "SE",
    "SequenceName": "_spc_314ns",
    "SequenceVariant": "SK_SP",
    "SeriesDescription": "T2w_SPC",
    "SeriesNumber": 13,
    "ShimSetting": [
      -1983,
      -11531,
      5799,
      732,
      89,
      70,
      10,
      -27
    ],
    "SliceThickness": 0.8,
    "SoftwareVersions": "syngo_MR_E11",
    "StationName": "MRC35177",
    "TxRefAmp": 239.225,
    "dataset": "ds003465",
    "modality": "T2w",
    "session_id": "wave1pro",
    "subject_id": "f4354bs"
  },
  "cjv": 0.3527318048839945,
  "cnr": 2.556209146918931,
  "efc": 0.48541465418221436,
  "fber": 6495.325602676657,
  "fwhm_avg": 3.1739625275357355,
  "fwhm_x": 3.0131126795955105,
  "fwhm_y": 3.510699947686494,
  "fwhm_z": 2.998074955325202,
  "icvs_csf": 0.2891730188157439,
  "icvs_gm": 0.6168449641326204,
  "icvs_wm": 0.09398201705163572,
  "inu_med": 0.864246129989624,
  "inu_range": 0.5469564497470856,
  "provenance": {
    "md5sum": "88e1cb6ae403946b566600476100c3fe",
    "settings": {
      "testing": false
    },
    "software": "mriqc",
    "version": "22.0.6",
    "warnings": {
      "large_rot_frame": true,
      "small_air_mask": false
    },
    "webapi_port": null,
    "webapi_url": "https://mriqc.nimh.nih.gov/api/v1"
  },
  "qi_1": 0.0005934615509736512,
  "qi_2": 0.0011443282952199496,
  "rpve_csf": 16.396359685545725,
  "rpve_gm": 10.657549727530013,
  "rpve_wm": 66.72451691063767,
  "size_x": 208,
  "size_y": 300,
  "size_z": 320,
  "snr_csf": 5.577451620100784,
  "snr_gm": 6.599415091788008,
  "snr_total": 4.29839828689776,
  "snr_wm": 0.7183281488044899,
  "snrd_csf": 83.35994929256047,
  "snrd_gm": 25.88513242336524,
  "snrd_total": 38.11372010545047,
  "snrd_wm": 5.096078600425701,
  "spacing_x": 0.7999999523162842,
  "spacing_y": 0.800000011920929,
  "spacing_z": 0.800000011920929,
  "summary_bg_k": 16.357037167926624,
  "summary_bg_mad": 0.0,
  "summary_bg_mean": 78.91423231428229,
  "summary_bg_median": 0.0,
  "summary_bg_n": 6984953.0,
  "summary_bg_p05": 0.0,
  "summary_bg_p95": 321.90067490935326,
  "summary_bg_stdv": 128.67178779166267,
  "summary_csf_k": 1.7277451359622331,
  "summary_csf_mad": 1467.7708816174793,
  "summary_csf_mean": 15242.886403715382,
  "summary_csf_median": 16372.275614202023,
  "summary_csf_n": 99066.0,
  "summary_csf_p05": 9002.858054429293,
  "summary_csf_p95": 18218.202708639205,
  "summary_csf_stdv": 2935.4253691447975,
  "summary_gm_k": 0.7639258537169278,
  "summary_gm_mad": 696.0126086053294,
  "summary_gm_mean": 5200.146309789005,
  "summary_gm_median": 5083.958494961262,
  "summary_gm_n": 559744.0,
  "summary_gm_p05": 4140.049967646599,
  "summary_gm_p95": 6664.880233556032,
  "summary_gm_stdv": 770.364325159781,
  "summary_wm_k": 84.30039776483825,
  "summary_wm_mad": 744.2143950460334,
  "summary_wm_mean": 1292.1949363902843,
  "summary_wm_median": 1000.8931639939547,
  "summary_wm_n": 25798.0,
  "summary_wm_p05": 204.35869705677032,
  "summary_wm_p95": 3106.162877650558,
  "summary_wm_stdv": 1393.3378036397453,
  "tpm_overlap_csf": 0.1597301096274638,
  "tpm_overlap_gm": 0.40594470201815813,
  "tpm_overlap_wm": 0.017588080228626148,
  "wm2max": 0.05486789738471172
}