{
  "bids_meta": {
    "AcquisitionMatrixPE": 300,
    "AcquisitionNumber": 1,
    "AcquisitionTime": "13:50:51.745000",
    "BaseResolution": 320,
    "BodyPartExamined": "HEAD",
    "ConsistencyInfo": "N4_VE11C_LATEST_20160120",
    "ConversionSoftware": "dcm2niix",
    "ConversionSoftwareVersion": "v1.0.20190902",
    "DeviceSerialNumber": "67064",
    "DwellTime": 7.1e-06,
    "EchoTime": 0.00222,
    "FlipAngle": 8,
    "ImageOrientationPatientDICOM": [
      0.0254971,
      0.991347,
      0.128769,
      0.0238604,
      0.128171,
      -0.991465
    ],
    "ImageType": [
      "ORIGINAL",
      "PRIMARY",
      "M",
      "ND"
    ],
    "ImagingFrequency": 123.247,
    "InPlanePhaseEncodingDirectionDICOM": "ROW",
    "InstitutionAddress": "Scott_Ave_4525_St._Louis_MO_US_63110",
    "InstitutionName": "Washington_University",
    "InstitutionalDepartmentName": "Department",
    "InversionTime": 1,
    "MRAcquisitionType": "3D",
    "MagneticFieldStrength": 3,
    "Manufacturer": "Siemens",
    "ManufacturersModelName": "Prisma_fit",
    "Modality": "MR",
    "ParallelReductionFactorInPlane": 2,
    "PartialFourier": 1,
    "PatientPosition": "HFS",
    "PercentPhaseFOV": 93.75,
    "PhaseEncodingSteps": 299,
    "PhaseResolution": 1,
    "PixelBandwidth": 220,
    "ProcedureStepDescription": "head_Braver",
    "ProtocolName": "T1w_MPR",
    "PulseSequenceDetails": "%SiemensSeq%_tfl",
    "ReceiveCoilActiveElements": "HEA;HEP",
    "ReceiveCoilName": "Head_32",
    "ReconMatrixPE": 300,
    "RefLinesPE": 32,
    "RepetitionTime": 2.4,
    "SAR": 0.0380993,
    "ScanOptions": "IR_WE",
    "ScanningSequence": "GR_IR",
    "SequenceName": "_tfl3d1_16ns",
    "SequenceVariant": "SK_SP_MP",
    "SeriesDescription": "T1w_MPR",
    "SeriesNumber": 11,
    "ShimSetting": [
      -1983,
      -11531,
      5799,
      732,
      89,
      70,
      10,
      -27
    ],
    "SliceThickness": 0.8,
    "SoftwareVersions": "syngo_MR_E11",
    "StationName": "MRC35177",
    "TxRefAmp": 239.225,
    "dataset": "ds003465",
    "modality": "T1w",
    "session_id": "wave1pro",
    "subject_id": "f4354bs"
  },
  "cjv": 0.49239916351366025,
  "cnr": 2.764411438570128,
  "efc": 0.5145796450003622,
  "fber": 19311.331644612477,
  "fwhm_avg": 4.578795876923831,
  "fwhm_x": 4.502462768367694,
  "fwhm_y": 4.629874931009487,
  "fwhm_z": 4.60404993139431,
  "icvs_csf": 0.2143624666121557,
  "icvs_gm": 0.3818442409740512,
  "icvs_wm": 0.40379329241379314,
  "inu_med": 0.9842337071895599,
  "inu_range": 0.7281337082386017,
  "provenance": {
    "md5sum": "ba292e1905d081a38f419b64809e56c2",
    "settings": {
      "testing": false
    },
    "software": "mriqc",
    "version": "22.0.6",
    "warnings": {
      "large_rot_frame": true,
      "small_air_mask": false
    },
    "webapi_port": null,
    "webapi_url": "https://mriqc.nimh.nih.gov/api/v1"
  },
  "qi_1": 8.180419701886419e-06,
  "qi_2": 0.0011473780147336814,
  "rpve_csf": 27.104166581372592,
  "rpve_gm": 14.515964866540875,
  "rpve_wm": 15.962563230437938,
  "size_x": 208,
  "size_y": 300,
  "size_z": 320,
  "snr_csf": 2.4783913884092295,
  "snr_gm": 12.723494383275241,
  "snr_total": 10.119474436702903,
  "snr_wm": 15.156537538424239,
  "snrd_csf": 14.3110007824681,
  "snrd_gm": 36.01882650006806,
  "snrd_total": 32.7381786910422,
  "snrd_wm": 47.884708790590444,
  "spacing_x": 0.7999999523162842,
  "spacing_y": 0.800000011920929,
  "spacing_z": 0.800000011920929,
  "summary_bg_k": 1849.8691901800291,
  "summary_bg_mad": 0.0,
  "summary_bg_mean": 7.773946564762117,
  "summary_bg_median": 0.0,
  "summary_bg_n": 6981788.0,
  "summary_bg_p05": 0.0,
  "summary_bg_p95": 30.66755399107933,
  "summary_bg_stdv": 13.68218710153959,
  "summary_csf_k": 0.6679053544104785,
  "summary_csf_mad": 89.73719147528591,
  "summary_csf_mean": 282.12511611067697,
  "summary_csf_median": 298.8778982758522,
  "summary_csf_n": 91354.0,
  "summary_csf_p05": 58.91023162007332,
  "summary_csf_p95": 467.09775257110596,
  "summary_csf_stdv": 120.59284253746823,
  "summary_gm_k": 0.12210137256201037,
  "summary_gm_mad": 58.72040887581552,
  "summary_gm_mean": 751.8830741845927,
  "summary_gm_median": 752.2346847951412,
  "summary_gm_n": 68134.0,
  "summary_gm_p05": 654.4788847863674,
  "summary_gm_p95": 848.1361675858498,
  "summary_gm_stdv": 59.12127139415761,
  "summary_wm_k": 0.2143687482475607,
  "summary_wm_mad": 63.30243357801002,
  "summary_wm_mean": 1009.6197807284893,
  "summary_wm_median": 1000.0475396811962,
  "summary_wm_n": 410548.0,
  "summary_wm_p05": 917.3640103936195,
  "summary_wm_p95": 1133.9387521445751,
  "summary_wm_stdv": 65.98118595377679,
  "tpm_overlap_csf": 0.1266470592369613,
  "tpm_overlap_gm": 0.42977226156226406,
  "tpm_overlap_wm": 0.46856975531856676,
  "wm2max": 0.5330883284754784
}