{
  "bids_meta": {
    "AcquisitionMatrixPE": 300,
    "AcquisitionNumber": 1,
    "AcquisitionTime": "18:17:41.375000",
    "BaseResolution": 320,
    "BodyPartExamined": "HEAD",
    "ConsistencyInfo": "N4_VE11C_LATEST_20160120",
    "ConversionSoftware": "dcm2niix",
    "ConversionSoftwareVersion": "v1.0.20190902",
    "DeviceSerialNumber": "67064",
    "DwellTime": 7.1e-06,
    "EchoTime": 0.00222,
    "FlipAngle": 8,
    "ImageOrientationPatientDICOM": [
      0.107166,
      0.994053,
      0.0193462,
      -0.0491352,
      0.0247296,
      -0.998486
    ],
    "ImageType": [
      "ORIGINAL",
      "PRIMARY",
      "M",
      "ND"
    ],
    "ImagingFrequency": 123.247,
    "InPlanePhaseEncodingDirectionDICOM": "ROW",
    "InstitutionAddress": "Scott_Ave_4525_St._Louis_MO_US_63110",
    "InstitutionName": "Washington_University",
    "InstitutionalDepartmentName": "Department",
    "InversionTime": 1,
    "MRAcquisitionType": "3D",
    "MagneticFieldStrength": 3,
    "Manufacturer": "Siemens",
    "ManufacturersModelName": "Prisma_fit",
    "Modality": "MR",
    "ParallelReductionFactorInPlane": 2,
    "PartialFourier": 1,
    "PatientPosition": "HFS",
    "PercentPhaseFOV": 93.75,
    "PhaseEncodingSteps": 299,
    "PhaseResolution": 1,
    "PixelBandwidth": 220,
    "ProcedureStepDescription": "head_Braver",
    "ProtocolName": "T1w_MPR",
    "PulseSequenceDetails": "%SiemensSeq%_tfl",
    "ReceiveCoilActiveElements": "HEA;HEP",
    "ReceiveCoilName": "Head_32",
    "ReconMatrixPE": 300,
    "RefLinesPE": 32,
    "RepetitionTime": 2.4,
    "SAR": 0.0360281,
    "ScanOptions": "IR_WE",
    "ScanningSequence": "GR_IR",
    "SequenceName": "_tfl3d1_16ns",
    "SequenceVariant": "SK_SP_MP",
    "SeriesDescription": "T1w_MPR",
    "SeriesNumber": 20,
    "ShimSetting": [
      -1991,
      -11523,
      5686,
      666,
      89,
      -14,
      -49,
      -24
    ],
    "SliceThickness": 0.8,
    "SoftwareVersions": "syngo_MR_E11",
    "StationName": "MRC35177",
    "TxRefAmp": 233.697,
    "dataset": "ds003465",
    "modality": "T1w",
    "session_id": "wave1bas",
    "subject_id": "f3680fb"
  },
  "cjv": 0.4537501451654155,
  "cnr": 2.9349854327595573,
  "efc": 0.5198845200136446,
  "fber": 19153.10318559557,
  "fwhm_avg": 4.445554208326407,
  "fwhm_x": 4.344775258968786,
  "fwhm_y": 4.491437433072367,
  "fwhm_z": 4.50044993293807,
  "icvs_csf": 0.1280278638363508,
  "icvs_gm": 0.45171163375914086,
  "icvs_wm": 0.42026050240450835,
  "inu_med": 0.9406450390815735,
  "inu_range": 0.6443977355957031,
  "provenance": {
    "md5sum": "6d0de849b8f61e8eceeda05b3a086d38",
    "settings": {
      "testing": false
    },
    "software": "mriqc",
    "version": "22.0.6",
    "warnings": {
      "large_rot_frame": true,
      "small_air_mask": false
    },
    "webapi_port": null,
    "webapi_url": "https://mriqc.nimh.nih.gov/api/v1"
  },
  "qi_1": 0.0,
  "qi_2": 0.001132481325103384,
  "rpve_csf": 44.888619078784046,
  "rpve_gm": 14.055427824346035,
  "rpve_wm": 16.23264170646103,
  "size_x": 208,
  "size_y": 300,
  "size_z": 320,
  "snr_csf": 0.9344174741534198,
  "snr_gm": 12.917680282739497,
  "snr_total": 9.955406344298044,
  "snr_wm": 16.014121276001216,
  "snrd_csf": 21.48096491017111,
  "snrd_gm": 74.20651832830634,
  "snrd_total": 65.00228192875961,
  "snrd_wm": 99.31936254780142,
  "spacing_x": 0.7999999523162842,
  "spacing_y": 0.800000011920929,
  "spacing_z": 0.800000011920929,
  "summary_bg_k": 617.8974166767497,
  "summary_bg_mad": 6.596590464395782,
  "summary_bg_mean": 8.412846762549744,
  "summary_bg_median": 4.449332654476166,
  "summary_bg_n": 6432129.0,
  "summary_bg_p05": 0.0,
  "summary_bg_p95": 32.19517111778259,
  "summary_bg_stdv": 13.309730936497632,
  "summary_csf_k": 47.96960683870427,
  "summary_csf_mad": 157.76227869063396,
  "summary_csf_mean": 244.88021606274333,
  "summary_csf_median": 216.2925587594509,
  "summary_csf_n": 24482.0,
  "summary_csf_p05": 37.54686842858791,
  "summary_csf_p95": 487.32690691947937,
  "summary_csf_stdv": 231.46842532137404,
  "summary_gm_k": 0.13334129285234564,
  "summary_gm_mad": 57.36810134204871,
  "summary_gm_mean": 747.8020046124824,
  "summary_gm_median": 747.1879309415817,
  "summary_gm_n": 112080.0,
  "summary_gm_p05": 654.0519002079964,
  "summary_gm_p95": 843.6234667897224,
  "summary_gm_stdv": 57.84201043069915,
  "summary_wm_k": 0.5287662615135043,
  "summary_wm_mad": 57.36810134204871,
  "summary_wm_mean": 1009.5487931658977,
  "summary_wm_median": 1000.0500047206879,
  "summary_wm_n": 363129.0,
  "summary_wm_p05": 923.0615520477295,
  "summary_wm_p95": 1128.0308091640472,
  "summary_wm_stdv": 62.447923959987264,
  "tpm_overlap_csf": 0.09225235562298122,
  "tpm_overlap_gm": 0.4473732398729367,
  "tpm_overlap_wm": 0.46814044617419065,
  "wm2max": 0.5358692740423252
}