{
  "aor": 0.0008025185185185186,
  "aqi": 0.006583726666666666,
  "bids_meta": {
    "AcquisitionMatrixPE": 90,
    "AcquisitionNumber": 1,
    "AcquisitionTime": "16:51:1.352500",
    "BandwidthPerPixelPhaseEncode": 18.832,
    "BaseResolution": 90,
    "BodyPartExamined": "HEAD",
    "ConsistencyInfo": "N4_VE11C_LATEST_20160120",
    "ConversionSoftware": "dcm2niix",
    "ConversionSoftwareVersion": "v1.0.20190902",
    "DerivedVendorReportedEchoSpacing": 0.000590012,
    "DeviceSerialNumber": "67064",
    "DwellTime": 2.5e-06,
    "EchoTime": 0.033,
    "EchoTrainLength": 90,
    "EffectiveEchoSpacing": 0.000590012,
    "FlipAngle": 63,
    "ImageComments": "Unaliased_MB4_PE3_LB",
    "ImageOrientationPatientDICOM": [
      0.984556,
      -0.0171502,
      0.174226,
      0.0861375,
      0.91385,
      -0.39681
    ],
    "ImageType": [
      "ORIGINAL",
      "PRIMARY",
      "M",
      "MB",
      "ND",
      "MOSAIC"
    ],
    "ImagingFrequency": 123.247,
    "InPlanePhaseEncodingDirectionDICOM": "COL",
    "InstitutionAddress": "Scott_Ave_4525_St._Louis_MO_US_63110",
    "InstitutionName": "Washington_University",
    "InstitutionalDepartmentName": "Department",
    "MRAcquisitionType": "2D",
    "MagneticFieldStrength": 3,
    "Manufacturer": "Siemens",
    "ManufacturersModelName": "Prisma_fit",
    "Modality": "MR",
    "MultibandAccelerationFactor": 4,
    "PartialFourier": 1,
    "PatientPosition": "HFS",
    "PercentPhaseFOV": 100,
    "PhaseEncodingDirection": "j",
    "PhaseEncodingSteps": 90,
    "PhaseResolution": 1,
    "PixelBandwidth": 2220,
    "ProcedureStepDescription": "head_Braver",
    "ProtocolName": "tfMRI_StroopBas2_PA",
    "PulseSequenceDetails": "%CustomerSeq%_cmrr_mbep2d_bold",
    "ReceiveCoilActiveElements": "HEP",
    "ReceiveCoilName": "Head_32",
    "ReconMatrixPE": 90,
    "RepetitionTime": 1.2,
    "SAR": 0.0759237,
    "ScanOptions": "FS_EXT",
    "ScanningSequence": "EP",
    "SequenceName": "epfid2d1_90",
    "SequenceVariant": "SK_SS",
    "SeriesDescription": "tfMRI_StroopBas2_PA",
    "SeriesNumber": 54,
    "ShimSetting": [
      -1956,
      -11526,
      5879,
      848,
      130,
      89,
      24,
      -4
    ],
    "SliceThickness": 2.4,
    "SliceTiming": [
      0,
      0.6275,
      0.0775,
      0.7075,
      0.1575,
      0.785,
      0.235,
      0.865,
      0.315,
      0.9425,
      0.3925,
      1.0225,
      0.4725,
      1.1,
      0.55,
      0,
      0.6275,
      0.0775,
      0.7075,
      0.1575,
      0.785,
      0.235,
      0.865,
      0.315,
      0.9425,
      0.3925,
      1.0225,
      0.4725,
      1.1,
      0.55,
      0,
      0.6275,
      0.0775,
      0.7075,
      0.1575,
      0.785,
      0.235,
      0.865,
      0.315,
      0.9425,
      0.3925,
      1.0225,
      0.4725,
      1.1,
      0.55,
      0,
      0.6275,
      0.0775,
      0.7075,
      0.1575,
      0.785,
      0.235,
      0.865,
      0.315,
      0.9425,
      0.3925,
      1.0225,
      0.4725,
      1.1,
      0.55
    ],
    "SoftwareVersions": "syngo_MR_E11",
    "SpacingBetweenSlices": 2.4,
    "StationName": "MRC35177",
    "TaskName": "Stroop",
    "TotalReadoutTime": 0.0525111,
    "TxRefAmp": 234.299,
    "VendorReportedEchoSpacing": 0.00059,
    "WipMemBlock": "67b5881a-7108-47a9-8950-a7eb0ce9788f||Sequence: R016 ve11c/master r/e634e98; Dec 19 2017 11:00:25 by eja",
    "acq_id": "mb4PA",
    "dataset": "ds003465",
    "modality": "bold",
    "run_id": 2,
    "session_id": "wave1bas",
    "subject_id": "f4467ur",
    "task_id": "Stroop"
  },
  "dummy_trs": 0,
  "dvars_nstd": 38.99587869367348,
  "dvars_std": 1.0780826111688309,
  "dvars_vstd": 0.9832127971057504,
  "efc": 0.4550783793425216,
  "fber": 1048.5614013671875,
  "fd_mean": 0.27710090299777906,
  "fd_num": 317,
  "fd_perc": 58.7037037037037,
  "fwhm_avg": 3.6244458153742136,
  "fwhm_x": 3.360079033149122,
  "fwhm_y": 3.8069877269141514,
  "fwhm_z": 3.706270686059368,
  "gcor": 0.0205346,
  "gsr_x": -0.007025041617453098,
  "gsr_y": 0.02672833390533924,
  "provenance": {
    "md5sum": "60965243e37aed2ced8bc2109cf057f5",
    "settings": {
      "fd_thres": 0.2,
      "testing": false
    },
    "software": "mriqc",
    "version": "22.0.6",
    "webapi_port": null,
    "webapi_url": "https://mriqc.nimh.nih.gov/api/v1"
  },
  "size_t": 540,
  "size_x": 90,
  "size_y": 90,
  "size_z": 60,
  "snr": 2.38792814376607,
  "spacing_tr": 1.2000000476837158,
  "spacing_x": 2.4000000953674316,
  "spacing_y": 2.3999998569488525,
  "spacing_z": 2.4000000953674316,
  "summary_bg_k": 29.45058002106535,
  "summary_bg_mad": 26.368357358147804,
  "summary_bg_mean": 161.45492553710938,
  "summary_bg_median": 87.71666717529297,
  "summary_bg_n": 350584.0,
  "summary_bg_p05": 67.55184936523438,
  "summary_bg_p95": 545.988781738281,
  "summary_bg_stdv": 224.63790893554688,
  "summary_fg_k": 0.12852749501179828,
  "summary_fg_mad": 1214.0027290598468,
  "summary_fg_mean": 3053.60791015625,
  "summary_fg_median": 2907.29638671875,
  "summary_fg_n": 67412.0,
  "summary_fg_p05": 1337.31884765625,
  "summary_fg_p95": 5348.345483398434,
  "summary_fg_stdv": 1217.4884033203125,
  "tsnr": 32.88312038755976
}