{
  "aor": 0.002855969230769231,
  "aqi": 0.010621934969230768,
  "bids_meta": {
    "AcquisitionMatrixPE": 90,
    "AcquisitionNumber": 1,
    "AcquisitionTime": "14:57:32.122500",
    "BandwidthPerPixelPhaseEncode": 18.832,
    "BaseResolution": 90,
    "BodyPartExamined": "HEAD",
    "ConsistencyInfo": "N4_VE11C_LATEST_20160120",
    "ConversionSoftware": "dcm2niix",
    "ConversionSoftwareVersion": "v1.0.20190902",
    "DerivedVendorReportedEchoSpacing": 0.000590012,
    "DeviceSerialNumber": "67064",
    "DwellTime": 2.5e-06,
    "EchoTime": 0.033,
    "EchoTrainLength": 90,
    "EffectiveEchoSpacing": 0.000590012,
    "FlipAngle": 63,
    "ImageComments": "Unaliased_MB4_PE3_LB",
    "ImageOrientationPatientDICOM": [
      0.995447,
      -0.0185815,
      0.0934912,
      0.0511239,
      0.931887,
      -0.359127
    ],
    "ImageType": [
      "ORIGINAL",
      "PRIMARY",
      "M",
      "MB",
      "ND",
      "MOSAIC"
    ],
    "ImagingFrequency": 123.247,
    "InPlanePhaseEncodingDirectionDICOM": "COL",
    "InstitutionAddress": "Scott_Ave_4525_St._Louis_MO_US_63110",
    "InstitutionName": "Washington_University",
    "InstitutionalDepartmentName": "Department",
    "MRAcquisitionType": "2D",
    "MagneticFieldStrength": 3,
    "Manufacturer": "Siemens",
    "ManufacturersModelName": "Prisma_fit",
    "Modality": "MR",
    "MultibandAccelerationFactor": 4,
    "PartialFourier": 1,
    "PatientPosition": "HFS",
    "PercentPhaseFOV": 100,
    "PhaseEncodingDirection": "j",
    "PhaseEncodingSteps": 90,
    "PhaseResolution": 1,
    "PixelBandwidth": 2220,
    "ProcedureStepDescription": "head_Braver",
    "ProtocolName": "tfMRI_CuedtsBas2_PA",
    "PulseSequenceDetails": "%CustomerSeq%_cmrr_mbep2d_bold",
    "ReceiveCoilActiveElements": "HEA;HEP",
    "ReceiveCoilName": "Head_32",
    "ReconMatrixPE": 90,
    "RepetitionTime": 1.2,
    "SAR": 0.0707498,
    "ScanOptions": "FS_EXT",
    "ScanningSequence": "EP",
    "SequenceName": "epfid2d1_90",
    "SequenceVariant": "SK_SS",
    "SeriesDescription": "tfMRI_CuedtsBas2_PA",
    "SeriesNumber": 22,
    "ShimSetting": [
      -1944,
      -11505,
      5885,
      810,
      148,
      163,
      -61,
      -35
    ],
    "SliceThickness": 2.4,
    "SliceTiming": [
      0,
      0.63,
      0.08,
      0.7075,
      0.1575,
      0.7875,
      0.235,
      0.865,
      0.315,
      0.945,
      0.3925,
      1.0225,
      0.4725,
      1.1025,
      0.55,
      0,
      0.63,
      0.08,
      0.7075,
      0.1575,
      0.7875,
      0.235,
      0.865,
      0.315,
      0.945,
      0.3925,
      1.0225,
      0.4725,
      1.1025,
      0.55,
      0,
      0.63,
      0.08,
      0.7075,
      0.1575,
      0.7875,
      0.235,
      0.865,
      0.315,
      0.945,
      0.3925,
      1.0225,
      0.4725,
      1.1025,
      0.55,
      0,
      0.63,
      0.08,
      0.7075,
      0.1575,
      0.7875,
      0.235,
      0.865,
      0.315,
      0.945,
      0.3925,
      1.0225,
      0.4725,
      1.1025,
      0.55
    ],
    "SoftwareVersions": "syngo_MR_E11",
    "SpacingBetweenSlices": 2.4,
    "StationName": "MRC35177",
    "TaskName": "Cuedts",
    "TotalReadoutTime": 0.0525111,
    "TxRefAmp": 227.887,
    "VendorReportedEchoSpacing": 0.00059,
    "WipMemBlock": "ca237858-e190-460d-a977-4453fb3d3883||Sequence: R016 ve11c/master r/e634e98; Dec 19 2017 11:00:25 by eja",
    "acq_id": "mb4PA",
    "dataset": "ds003465",
    "modality": "bold",
    "run_id": 2,
    "session_id": "wave1bas",
    "subject_id": "f4467ur",
    "task_id": "Cuedts"
  },
  "dummy_trs": 0,
  "dvars_nstd": 28.031354874730344,
  "dvars_std": 1.0725562849922958,
  "dvars_vstd": 0.9894788989368263,
  "efc": 0.49480556183174973,
  "fber": 1013.1239624023438,
  "fd_mean": 0.11979523387107945,
  "fd_num": 60,
  "fd_perc": 9.23076923076923,
  "fwhm_avg": 2.7453137797999205,
  "fwhm_x": 2.582670730707219,
  "fwhm_y": 2.744258224286309,
  "fwhm_z": 2.9090123844062337,
  "gcor": 0.0163696,
  "gsr_x": -0.015454944223165512,
  "gsr_y": 0.048437606543302536,
  "provenance": {
    "md5sum": "781613c84dcf92f8c8d9ff8e70b3ae15",
    "settings": {
      "fd_thres": 0.2,
      "testing": false
    },
    "software": "mriqc",
    "version": "22.0.6",
    "webapi_port": null,
    "webapi_url": "https://mriqc.nimh.nih.gov/api/v1"
  },
  "size_t": 650,
  "size_x": 90,
  "size_y": 90,
  "size_z": 60,
  "snr": 3.038895399464152,
  "spacing_tr": 1.2000000476837158,
  "spacing_x": 2.4000000953674316,
  "spacing_y": 2.4000000953674316,
  "spacing_z": 2.4000000953674316,
  "summary_bg_k": 40.187573621705646,
  "summary_bg_mad": 40.70998197999212,
  "summary_bg_mean": 279.139892578125,
  "summary_bg_median": 129.984619140625,
  "summary_bg_n": 337813.0,
  "summary_bg_p05": 99.50615692138672,
  "summary_bg_p95": 1088.338183593748,
  "summary_bg_stdv": 410.1438293457031,
  "summary_fg_k": 1.5822508183005368,
  "summary_fg_mad": 1256.4007727515768,
  "summary_fg_mean": 4365.6015625,
  "summary_fg_median": 4134.884765625,
  "summary_fg_n": 76927.0,
  "summary_fg_p05": 2586.3979248046876,
  "summary_fg_p95": 6845.79150390625,
  "summary_fg_stdv": 1360.64501953125,
  "tsnr": 36.95364448311739
}