{
  "aor": 0.00125595,
  "aqi": 0.012992368433333333,
  "bids_meta": {
    "AcquisitionMatrixPE": 90,
    "AcquisitionNumber": 1,
    "AcquisitionTime": "15:12:14.502500",
    "BandwidthPerPixelPhaseEncode": 18.832,
    "BaseResolution": 90,
    "BodyPartExamined": "HEAD",
    "ConsistencyInfo": "N4_VE11C_LATEST_20160120",
    "ConversionSoftware": "dcm2niix",
    "ConversionSoftwareVersion": "v1.0.20190902",
    "DerivedVendorReportedEchoSpacing": 0.000590012,
    "DeviceSerialNumber": "67064",
    "DwellTime": 2.5e-06,
    "EchoTime": 0.033,
    "EchoTrainLength": 90,
    "EffectiveEchoSpacing": 0.000590012,
    "FlipAngle": 63,
    "ImageComments": "Unaliased_MB4_PE3_LB",
    "ImageOrientationPatientDICOM": [
      0.995447,
      -0.0185815,
      0.0934912,
      0.0511239,
      0.931887,
      -0.359127
    ],
    "ImageType": [
      "ORIGINAL",
      "PRIMARY",
      "M",
      "MB",
      "ND",
      "MOSAIC"
    ],
    "ImagingFrequency": 123.247,
    "InPlanePhaseEncodingDirectionDICOM": "COL",
    "InstitutionAddress": "Scott_Ave_4525_St._Louis_MO_US_63110",
    "InstitutionName": "Washington_University",
    "InstitutionalDepartmentName": "Department",
    "MRAcquisitionType": "2D",
    "MagneticFieldStrength": 3,
    "Manufacturer": "Siemens",
    "ManufacturersModelName": "Prisma_fit",
    "Modality": "MR",
    "MultibandAccelerationFactor": 4,
    "PartialFourier": 1,
    "PatientPosition": "HFS",
    "PercentPhaseFOV": 100,
    "PhaseEncodingDirection": "j-",
    "PhaseEncodingSteps": 90,
    "PhaseResolution": 1,
    "PixelBandwidth": 2220,
    "ProcedureStepDescription": "head_Braver",
    "ProtocolName": "tfMRI_SternBas1_AP",
    "PulseSequenceDetails": "%CustomerSeq%_cmrr_mbep2d_bold",
    "ReceiveCoilActiveElements": "HEA;HEP",
    "ReceiveCoilName": "Head_32",
    "ReconMatrixPE": 90,
    "RepetitionTime": 1.2,
    "SAR": 0.0707285,
    "ScanOptions": "FS_EXT",
    "ScanningSequence": "EP",
    "SequenceName": "epfid2d1_90",
    "SequenceVariant": "SK_SS",
    "SeriesDescription": "tfMRI_SternBas1_AP",
    "SeriesNumber": 25,
    "ShimSetting": [
      -1944,
      -11505,
      5885,
      810,
      148,
      163,
      -61,
      -35
    ],
    "SliceThickness": 2.4,
    "SliceTiming": [
      0,
      0.63,
      0.08,
      0.7075,
      0.1575,
      0.7875,
      0.235,
      0.865,
      0.315,
      0.945,
      0.3925,
      1.0225,
      0.4725,
      1.1025,
      0.55,
      0,
      0.63,
      0.08,
      0.7075,
      0.1575,
      0.7875,
      0.235,
      0.865,
      0.315,
      0.945,
      0.3925,
      1.0225,
      0.4725,
      1.1025,
      0.55,
      0,
      0.63,
      0.08,
      0.7075,
      0.1575,
      0.7875,
      0.235,
      0.865,
      0.315,
      0.945,
      0.3925,
      1.0225,
      0.4725,
      1.1025,
      0.55,
      0,
      0.63,
      0.08,
      0.7075,
      0.1575,
      0.7875,
      0.235,
      0.865,
      0.315,
      0.945,
      0.3925,
      1.0225,
      0.4725,
      1.1025,
      0.55
    ],
    "SoftwareVersions": "syngo_MR_E11",
    "SpacingBetweenSlices": 2.4,
    "StationName": "MRC35177",
    "TaskName": "Stern",
    "TotalReadoutTime": 0.0525111,
    "TxRefAmp": 227.887,
    "VendorReportedEchoSpacing": 0.00059,
    "WipMemBlock": "1659981e-ee8c-41bb-9832-ae11bd8fd1ef||Sequence: R016 ve11c/master r/e634e98; Dec 19 2017 11:00:25 by eja",
    "acq_id": "mb4AP",
    "dataset": "ds003465",
    "modality": "bold",
    "run_id": 1,
    "session_id": "wave1bas",
    "subject_id": "f4467ur",
    "task_id": "Stern"
  },
  "dummy_trs": 0,
  "dvars_nstd": 29.85455121958261,
  "dvars_std": 1.0437232080801333,
  "dvars_vstd": 0.9609204963439074,
  "efc": 0.49353236888341123,
  "fber": 1024.453369140625,
  "fd_mean": 0.16573494434322283,
  "fd_num": 132,
  "fd_perc": 22.0,
  "fwhm_avg": 2.706117948024089,
  "fwhm_x": 2.5607248982459345,
  "fwhm_y": 2.7798248895396833,
  "fwhm_z": 2.7778040562866506,
  "gcor": 0.0123682,
  "gsr_x": -0.013039893470704556,
  "gsr_y": 0.04597698524594307,
  "provenance": {
    "md5sum": "d6868f8f7a9aa6137c56f5cbd35f7b59",
    "settings": {
      "fd_thres": 0.2,
      "testing": false
    },
    "software": "mriqc",
    "version": "22.0.6",
    "webapi_port": null,
    "webapi_url": "https://mriqc.nimh.nih.gov/api/v1"
  },
  "size_t": 600,
  "size_x": 90,
  "size_y": 90,
  "size_z": 60,
  "snr": 3.244675943192194,
  "spacing_tr": 1.2000000476837158,
  "spacing_x": 2.4000000953674316,
  "spacing_y": 2.4000000953674316,
  "spacing_z": 2.4000000953674316,
  "summary_bg_k": 52.039291958532516,
  "summary_bg_mad": 37.67662661550216,
  "summary_bg_mean": 263.8299560546875,
  "summary_bg_median": 127.61583709716797,
  "summary_bg_n": 337552.0,
  "summary_bg_p05": 99.40666961669922,
  "summary_bg_p95": 940.8870880126962,
  "summary_bg_stdv": 427.8257751464844,
  "summary_fg_k": 0.6356152964911708,
  "summary_fg_mad": 1170.2502182046285,
  "summary_fg_mean": 4338.9677734375,
  "summary_fg_median": 4127.5,
  "summary_fg_n": 77493.0,
  "summary_fg_p05": 2608.84970703125,
  "summary_fg_p95": 6741.632324218747,
  "summary_fg_stdv": 1272.07568359375,
  "tsnr": 36.45493547688238
}