{
  "aor": 0.003181543513957307,
  "aqi": 0.008678300229885059,
  "bids_meta": {
    "AcquisitionMatrixPE": 90,
    "AcquisitionNumber": 1,
    "AcquisitionTime": "16:23:26.180000",
    "BandwidthPerPixelPhaseEncode": 18.832,
    "BaseResolution": 90,
    "BodyPartExamined": "HEAD",
    "ConsistencyInfo": "N4_VE11C_LATEST_20160120",
    "ConversionSoftware": "dcm2niix",
    "ConversionSoftwareVersion": "v1.0.20190902",
    "DerivedVendorReportedEchoSpacing": 0.000590012,
    "DeviceSerialNumber": "67064",
    "DwellTime": 2.5e-06,
    "EchoTime": 0.033,
    "EchoTrainLength": 90,
    "EffectiveEchoSpacing": 0.000590012,
    "FlipAngle": 63,
    "ImageComments": "Unaliased_MB4_PE3_LB",
    "ImageOrientationPatientDICOM": [
      0.996742,
      -0.00290212,
      0.0806046,
      0.033762,
      0.9226,
      -0.384277
    ],
    "ImageType": [
      "ORIGINAL",
      "PRIMARY",
      "M",
      "MB",
      "ND",
      "MOSAIC"
    ],
    "ImagingFrequency": 123.247,
    "InPlanePhaseEncodingDirectionDICOM": "COL",
    "InstitutionAddress": "Scott_Ave_4525_St._Louis_MO_US_63110",
    "InstitutionName": "Washington_University",
    "InstitutionalDepartmentName": "Department",
    "MRAcquisitionType": "2D",
    "MagneticFieldStrength": 3,
    "Manufacturer": "Siemens",
    "ManufacturersModelName": "Prisma_fit",
    "Modality": "MR",
    "MultibandAccelerationFactor": 4,
    "PartialFourier": 1,
    "PatientPosition": "HFS",
    "PercentPhaseFOV": 100,
    "PhaseEncodingDirection": "j",
    "PhaseEncodingSteps": 90,
    "PhaseResolution": 1,
    "PixelBandwidth": 2220,
    "ProcedureStepDescription": "head_Braver",
    "ProtocolName": "tfMRI_AxcptBas2_PA",
    "PulseSequenceDetails": "%CustomerSeq%_cmrr_mbep2d_bold",
    "ReceiveCoilActiveElements": "HEA;HEP",
    "ReceiveCoilName": "Head_32",
    "ReconMatrixPE": 90,
    "RepetitionTime": 1.2,
    "SAR": 0.0759616,
    "ScanOptions": "FS_EXT",
    "ScanningSequence": "EP",
    "SequenceName": "epfid2d1_90",
    "SequenceVariant": "SK_SS",
    "SeriesDescription": "tfMRI_AxcptBas2_PA",
    "SeriesNumber": 45,
    "ShimSetting": [
      -1956,
      -11511,
      5862,
      705,
      90,
      89,
      -52,
      -16
    ],
    "SliceThickness": 2.4,
    "SliceTiming": [
      0,
      0.63,
      0.08,
      0.71,
      0.1575,
      0.7875,
      0.2375,
      0.8675,
      0.315,
      0.945,
      0.395,
      1.0225,
      0.4725,
      1.1025,
      0.5525,
      0,
      0.63,
      0.08,
      0.71,
      0.1575,
      0.7875,
      0.2375,
      0.8675,
      0.315,
      0.945,
      0.395,
      1.0225,
      0.4725,
      1.1025,
      0.5525,
      0,
      0.63,
      0.08,
      0.71,
      0.1575,
      0.7875,
      0.2375,
      0.8675,
      0.315,
      0.945,
      0.395,
      1.0225,
      0.4725,
      1.1025,
      0.5525,
      0,
      0.63,
      0.08,
      0.71,
      0.1575,
      0.7875,
      0.2375,
      0.8675,
      0.315,
      0.945,
      0.395,
      1.0225,
      0.4725,
      1.1025,
      0.5525
    ],
    "SoftwareVersions": "syngo_MR_E11",
    "SpacingBetweenSlices": 2.4,
    "StationName": "MRC35177",
    "TaskName": "Axcpt",
    "TotalReadoutTime": 0.0525111,
    "TxRefAmp": 234.299,
    "VendorReportedEchoSpacing": 0.00059,
    "WipMemBlock": "356d487e-bd50-4dfb-837c-bed708d84fa4||Sequence: R016 ve11c/master r/e634e98; Dec 19 2017 11:00:25 by eja",
    "acq_id": "mb4PA",
    "dataset": "ds003465",
    "modality": "bold",
    "run_id": 2,
    "session_id": "wave1bas",
    "subject_id": "f4467ur",
    "task_id": "Axcpt"
  },
  "dummy_trs": 1,
  "dvars_nstd": 32.11588060865132,
  "dvars_std": 1.1408330115131584,
  "dvars_vstd": 1.0212540650822364,
  "efc": 0.49263687593541794,
  "fber": 1043.19482421875,
  "fd_mean": 0.15135852576696615,
  "fd_num": 96,
  "fd_perc": 15.763546798029557,
  "fwhm_avg": 2.755226375741076,
  "fwhm_x": 2.580941564109263,
  "fwhm_y": 2.7755165563775477,
  "fwhm_z": 2.9092210067364177,
  "gcor": 0.0118677,
  "gsr_x": -0.013844994828104973,
  "gsr_y": 0.04714646190404892,
  "provenance": {
    "md5sum": "4977ddc0fe25c1fa35b2f32d4b6b5560",
    "settings": {
      "fd_thres": 0.2,
      "testing": false
    },
    "software": "mriqc",
    "version": "22.0.6",
    "webapi_port": null,
    "webapi_url": "https://mriqc.nimh.nih.gov/api/v1"
  },
  "size_t": 609,
  "size_x": 90,
  "size_y": 90,
  "size_z": 60,
  "snr": 3.0517218002200712,
  "spacing_tr": 1.2000000476837158,
  "spacing_x": 2.4000000953674316,
  "spacing_y": 2.4000000953674316,
  "spacing_z": 2.3999998569488525,
  "summary_bg_k": 35.433610958516084,
  "summary_bg_mad": 36.565987069064875,
  "summary_bg_mean": 266.0377502441406,
  "summary_bg_median": 126.79146575927734,
  "summary_bg_n": 337983.0,
  "summary_bg_p05": 99.42528533935547,
  "summary_bg_p95": 1028.7827392578101,
  "summary_bg_stdv": 389.5993347167969,
  "summary_fg_k": 1.2536881898796919,
  "summary_fg_mad": 1260.9933647799944,
  "summary_fg_mean": 4350.919921875,
  "summary_fg_median": 4124.4482421875,
  "summary_fg_n": 76783.0,
  "summary_fg_p05": 2561.8881103515623,
  "summary_fg_p95": 6814.8161132812465,
  "summary_fg_stdv": 1351.50634765625,
  "tsnr": 41.04604170564562
}