{
  "aor": 0.0009180333333333334,
  "aqi": 0.012662677300000001,
  "bids_meta": {
    "AcquisitionMatrixPE": 90,
    "AcquisitionNumber": 1,
    "AcquisitionTime": "15:26:4.010000",
    "BandwidthPerPixelPhaseEncode": 18.832,
    "BaseResolution": 90,
    "BodyPartExamined": "HEAD",
    "ConsistencyInfo": "N4_VE11C_LATEST_20160120",
    "ConversionSoftware": "dcm2niix",
    "ConversionSoftwareVersion": "v1.0.20190902",
    "DerivedVendorReportedEchoSpacing": 0.000590012,
    "DeviceSerialNumber": "67064",
    "DwellTime": 2.5e-06,
    "EchoTime": 0.033,
    "EchoTrainLength": 90,
    "EffectiveEchoSpacing": 0.000590012,
    "FlipAngle": 63,
    "ImageComments": "Unaliased_MB4_PE3_LB",
    "ImageOrientationPatientDICOM": [
      0.995447,
      -0.0185815,
      0.0934912,
      0.0511239,
      0.931887,
      -0.359127
    ],
    "ImageType": [
      "ORIGINAL",
      "PRIMARY",
      "M",
      "MB",
      "ND",
      "MOSAIC"
    ],
    "ImagingFrequency": 123.247,
    "InPlanePhaseEncodingDirectionDICOM": "COL",
    "InstitutionAddress": "Scott_Ave_4525_St._Louis_MO_US_63110",
    "InstitutionName": "Washington_University",
    "InstitutionalDepartmentName": "Department",
    "MRAcquisitionType": "2D",
    "MagneticFieldStrength": 3,
    "Manufacturer": "Siemens",
    "ManufacturersModelName": "Prisma_fit",
    "Modality": "MR",
    "MultibandAccelerationFactor": 4,
    "PartialFourier": 1,
    "PatientPosition": "HFS",
    "PercentPhaseFOV": 100,
    "PhaseEncodingDirection": "j",
    "PhaseEncodingSteps": 90,
    "PhaseResolution": 1,
    "PixelBandwidth": 2220,
    "ProcedureStepDescription": "head_Braver",
    "ProtocolName": "tfMRI_SternBas2_PA",
    "PulseSequenceDetails": "%CustomerSeq%_cmrr_mbep2d_bold",
    "ReceiveCoilActiveElements": "HEA;HEP",
    "ReceiveCoilName": "Head_32",
    "ReconMatrixPE": 90,
    "RepetitionTime": 1.2,
    "SAR": 0.0707285,
    "ScanOptions": "FS_EXT",
    "ScanningSequence": "EP",
    "SequenceName": "epfid2d1_90",
    "SequenceVariant": "SK_SS",
    "SeriesDescription": "tfMRI_SternBas2_PA",
    "SeriesNumber": 28,
    "ShimSetting": [
      -1944,
      -11505,
      5885,
      810,
      148,
      163,
      -61,
      -35
    ],
    "SliceThickness": 2.4,
    "SliceTiming": [
      0,
      0.63,
      0.0775,
      0.7075,
      0.1575,
      0.7875,
      0.235,
      0.865,
      0.315,
      0.945,
      0.3925,
      1.0225,
      0.4725,
      1.1025,
      0.55,
      0,
      0.63,
      0.0775,
      0.7075,
      0.1575,
      0.7875,
      0.235,
      0.865,
      0.315,
      0.945,
      0.3925,
      1.0225,
      0.4725,
      1.1025,
      0.55,
      0,
      0.63,
      0.0775,
      0.7075,
      0.1575,
      0.7875,
      0.235,
      0.865,
      0.315,
      0.945,
      0.3925,
      1.0225,
      0.4725,
      1.1025,
      0.55,
      0,
      0.63,
      0.0775,
      0.7075,
      0.1575,
      0.7875,
      0.235,
      0.865,
      0.315,
      0.945,
      0.3925,
      1.0225,
      0.4725,
      1.1025,
      0.55
    ],
    "SoftwareVersions": "syngo_MR_E11",
    "SpacingBetweenSlices": 2.4,
    "StationName": "MRC35177",
    "TaskName": "Stern",
    "TotalReadoutTime": 0.0525111,
    "TxRefAmp": 227.887,
    "VendorReportedEchoSpacing": 0.00059,
    "WipMemBlock": "b3f10d8d-5b8a-4a03-96f0-3eb15fecf441||Sequence: R016 ve11c/master r/e634e98; Dec 19 2017 11:00:25 by eja",
    "acq_id": "mb4PA",
    "dataset": "ds003465",
    "modality": "bold",
    "run_id": 2,
    "session_id": "wave1bas",
    "subject_id": "f4467ur",
    "task_id": "Stern"
  },
  "dummy_trs": 0,
  "dvars_nstd": 28.862942127312184,
  "dvars_std": 1.0174464445242073,
  "dvars_vstd": 0.9563053872287152,
  "efc": 0.4906059828730883,
  "fber": 1025.23388671875,
  "fd_mean": 0.15298548999962028,
  "fd_num": 108,
  "fd_perc": 18.0,
  "fwhm_avg": 2.6753401714693106,
  "fwhm_x": 2.501129067280727,
  "fwhm_y": 2.7198748919218825,
  "fwhm_z": 2.805016555205323,
  "gcor": 0.0219115,
  "gsr_x": -0.00867368932813406,
  "gsr_y": 0.050368860363960266,
  "provenance": {
    "md5sum": "9ec2633a7b37b56e034739cbe0ce1ae9",
    "settings": {
      "fd_thres": 0.2,
      "testing": false
    },
    "software": "mriqc",
    "version": "22.0.6",
    "webapi_port": null,
    "webapi_url": "https://mriqc.nimh.nih.gov/api/v1"
  },
  "size_t": 600,
  "size_x": 90,
  "size_y": 90,
  "size_z": 60,
  "snr": 3.1868471628661417,
  "spacing_tr": 1.2000000476837158,
  "spacing_x": 2.4000000953674316,
  "spacing_y": 2.4000000953674316,
  "spacing_z": 2.4000000953674316,
  "summary_bg_k": 32.64360842029774,
  "summary_bg_mad": 35.77766464769104,
  "summary_bg_mean": 249.46910095214844,
  "summary_bg_median": 123.70166778564453,
  "summary_bg_n": 339599.0,
  "summary_bg_p05": 95.1933364868164,
  "summary_bg_p95": 934.825677490233,
  "summary_bg_stdv": 357.7798156738281,
  "summary_fg_k": 0.6281235265117924,
  "summary_fg_mad": 1159.283631115963,
  "summary_fg_mean": 4173.20849609375,
  "summary_fg_median": 3965.209228515625,
  "summary_fg_n": 76264.0,
  "summary_fg_p05": 2507.5567016601562,
  "summary_fg_p95": 6502.9337158203125,
  "summary_fg_stdv": 1244.23388671875,
  "tsnr": 34.32420838717371
}