{
  "aor": 0.001259278523489933,
  "aqi": 0.005257097885906041,
  "bids_meta": {
    "AcquisitionMatrixPE": 90,
    "AcquisitionNumber": 1,
    "AcquisitionTime": "19:33:55.995000",
    "BandwidthPerPixelPhaseEncode": 18.832,
    "BaseResolution": 90,
    "BodyPartExamined": "HEAD",
    "ConsistencyInfo": "N4_VE11C_LATEST_20160120",
    "ConversionSoftware": "dcm2niix",
    "ConversionSoftwareVersion": "v1.0.20190902",
    "DerivedVendorReportedEchoSpacing": 0.000590012,
    "DeviceSerialNumber": "67064",
    "DwellTime": 2.5e-06,
    "EchoTime": 0.033,
    "EchoTrainLength": 90,
    "EffectiveEchoSpacing": 0.000590012,
    "FlipAngle": 63,
    "ImageComments": "Unaliased_MB4_PE3_LB",
    "ImageOrientationPatientDICOM": [
      0.998317,
      0.0293875,
      -0.0500036,
      -0.0477779,
      0.905458,
      -0.421737
    ],
    "ImageType": [
      "ORIGINAL",
      "PRIMARY",
      "M",
      "MB",
      "ND",
      "MOSAIC"
    ],
    "ImagingFrequency": 123.247,
    "InPlanePhaseEncodingDirectionDICOM": "COL",
    "InstitutionAddress": "Scott_Ave_4525_St._Louis_MO_US_63110",
    "InstitutionName": "Washington_University",
    "InstitutionalDepartmentName": "Department",
    "MRAcquisitionType": "2D",
    "MagneticFieldStrength": 3,
    "Manufacturer": "Siemens",
    "ManufacturersModelName": "Prisma_fit",
    "Modality": "MR",
    "MultibandAccelerationFactor": 4,
    "PartialFourier": 1,
    "PatientPosition": "HFS",
    "PercentPhaseFOV": 100,
    "PhaseEncodingDirection": "j",
    "PhaseEncodingSteps": 90,
    "PhaseResolution": 1,
    "PixelBandwidth": 2220,
    "ProcedureStepDescription": "head_Braver",
    "ProtocolName": "tfMRI_SternBas2_PA",
    "PulseSequenceDetails": "%CustomerSeq%_cmrr_mbep2d_bold",
    "ReceiveCoilActiveElements": "HEA;HEP",
    "ReceiveCoilName": "Head_32",
    "ReconMatrixPE": 90,
    "RepetitionTime": 1.2,
    "SAR": 0.0673368,
    "ScanOptions": "FS_EXT",
    "ScanningSequence": "EP",
    "SequenceName": "epfid2d1_90",
    "SequenceVariant": "SK_SS",
    "SeriesDescription": "tfMRI_SternBas2_PA",
    "SeriesNumber": 34,
    "ShimSetting": [
      -2016,
      -11407,
      5763,
      702,
      33,
      353,
      21,
      -20
    ],
    "SliceThickness": 2.4,
    "SliceTiming": [
      0,
      0.63,
      0.08,
      0.7075,
      0.1575,
      0.7875,
      0.2375,
      0.865,
      0.315,
      0.945,
      0.395,
      1.0225,
      0.4725,
      1.1025,
      0.55,
      0,
      0.63,
      0.08,
      0.7075,
      0.1575,
      0.7875,
      0.2375,
      0.865,
      0.315,
      0.945,
      0.395,
      1.0225,
      0.4725,
      1.1025,
      0.55,
      0,
      0.63,
      0.08,
      0.7075,
      0.1575,
      0.7875,
      0.2375,
      0.865,
      0.315,
      0.945,
      0.395,
      1.0225,
      0.4725,
      1.1025,
      0.55,
      0,
      0.63,
      0.08,
      0.7075,
      0.1575,
      0.7875,
      0.2375,
      0.865,
      0.315,
      0.945,
      0.395,
      1.0225,
      0.4725,
      1.1025,
      0.55
    ],
    "SoftwareVersions": "syngo_MR_E11",
    "SpacingBetweenSlices": 2.4,
    "StationName": "MRC35177",
    "TaskName": "Stern",
    "TotalReadoutTime": 0.0525111,
    "TxRefAmp": 248,
    "VendorReportedEchoSpacing": 0.00059,
    "WipMemBlock": "c2433adf-307e-4ed3-9978-bfe255c069ce||Sequence: ve11c/master r/b8bea8f; Mar  2 2017 16:56:44 by eja",
    "acq_id": "mb4PA",
    "dataset": "ds003465",
    "modality": "bold",
    "run_id": 2,
    "session_id": "wave1bas",
    "subject_id": "f1031ax",
    "task_id": "Stern"
  },
  "dummy_trs": 4,
  "dvars_nstd": 32.93492846768064,
  "dvars_std": 1.1887643981512612,
  "dvars_vstd": 1.010933392084033,
  "efc": 0.4916166419591277,
  "fber": 930.6705932617188,
  "fd_mean": 0.18443197798627942,
  "fd_num": 242,
  "fd_perc": 40.604026845637584,
  "fwhm_avg": 2.926659605927218,
  "fwhm_x": 2.779229056230026,
  "fwhm_y": 2.928220716976296,
  "fwhm_z": 3.0725290445753317,
  "gcor": 0.0195121,
  "gsr_x": -0.018715469166636467,
  "gsr_y": 0.05679165944457054,
  "provenance": {
    "md5sum": "6eb7e6db29ac4b48d36f393e22615dec",
    "settings": {
      "fd_thres": 0.2,
      "testing": false
    },
    "software": "mriqc",
    "version": "22.0.6",
    "webapi_port": null,
    "webapi_url": "https://mriqc.nimh.nih.gov/api/v1"
  },
  "size_t": 596,
  "size_x": 90,
  "size_y": 90,
  "size_z": 60,
  "snr": 2.5545634345030894,
  "spacing_tr": 1.2000000476837158,
  "spacing_x": 2.4000000953674316,
  "spacing_y": 2.4000000953674316,
  "spacing_z": 2.4000000953674316,
  "summary_bg_k": 16.122854867485717,
  "summary_bg_mad": 61.0279848317549,
  "summary_bg_mean": 352.53448486328125,
  "summary_bg_median": 148.74664306640625,
  "summary_bg_n": 343055.0,
  "summary_bg_p05": 104.71980285644531,
  "summary_bg_p95": 1425.1078979492163,
  "summary_bg_stdv": 516.8361206054688,
  "summary_fg_k": 1.7279969093850838,
  "summary_fg_mad": 1566.9512810502301,
  "summary_fg_mean": 4859.623046875,
  "summary_fg_median": 4527.78857421875,
  "summary_fg_n": 74503.0,
  "summary_fg_p05": 2616.6218017578126,
  "summary_fg_p95": 8226.9837890625,
  "summary_fg_stdv": 1772.4195556640625,
  "tsnr": 47.52010772819631
}