{
  "aor": 0.00045773846153846154,
  "aqi": 0.004018985876923077,
  "bids_meta": {
    "AcquisitionMatrixPE": 90,
    "AcquisitionNumber": 1,
    "AcquisitionTime": "20:23:2.150000",
    "BandwidthPerPixelPhaseEncode": 18.832,
    "BaseResolution": 90,
    "BodyPartExamined": "HEAD",
    "ConsistencyInfo": "N4_VE11C_LATEST_20160120",
    "ConversionSoftware": "dcm2niix",
    "ConversionSoftwareVersion": "v1.0.20190902",
    "DerivedVendorReportedEchoSpacing": 0.000590012,
    "DeviceSerialNumber": "67064",
    "DwellTime": 2.5e-06,
    "EchoTime": 0.033,
    "EchoTrainLength": 90,
    "EffectiveEchoSpacing": 0.000590012,
    "FlipAngle": 63,
    "ImageComments": "Unaliased_MB4_PE3_LB",
    "ImageOrientationPatientDICOM": [
      0.998317,
      0.0293875,
      -0.0500036,
      -0.0477779,
      0.905458,
      -0.421737
    ],
    "ImageType": [
      "ORIGINAL",
      "PRIMARY",
      "M",
      "MB",
      "ND",
      "MOSAIC"
    ],
    "ImagingFrequency": 123.247,
    "InPlanePhaseEncodingDirectionDICOM": "COL",
    "InstitutionAddress": "Scott_Ave_4525_St._Louis_MO_US_63110",
    "InstitutionName": "Washington_University",
    "InstitutionalDepartmentName": "Department",
    "MRAcquisitionType": "2D",
    "MagneticFieldStrength": 3,
    "Manufacturer": "Siemens",
    "ManufacturersModelName": "Prisma_fit",
    "Modality": "MR",
    "MultibandAccelerationFactor": 4,
    "PartialFourier": 1,
    "PatientPosition": "HFS",
    "PercentPhaseFOV": 100,
    "PhaseEncodingDirection": "j-",
    "PhaseEncodingSteps": 90,
    "PhaseResolution": 1,
    "PixelBandwidth": 2220,
    "ProcedureStepDescription": "head_Braver",
    "ProtocolName": "tfMRI_CuedtsBas1_AP",
    "PulseSequenceDetails": "%CustomerSeq%_cmrr_mbep2d_bold",
    "ReceiveCoilActiveElements": "HEA;HEP",
    "ReceiveCoilName": "Head_32",
    "ReconMatrixPE": 90,
    "RepetitionTime": 1.2,
    "SAR": 0.0673571,
    "ScanOptions": "FS_EXT",
    "ScanningSequence": "EP",
    "SequenceName": "epfid2d1_90",
    "SequenceVariant": "SK_SS",
    "SeriesDescription": "tfMRI_CuedtsBas1_AP",
    "SeriesNumber": 46,
    "ShimSetting": [
      -2016,
      -11407,
      5763,
      702,
      33,
      353,
      21,
      -20
    ],
    "SliceThickness": 2.4,
    "SliceTiming": [
      0,
      0.63,
      0.0775,
      0.7075,
      0.1575,
      0.7875,
      0.235,
      0.865,
      0.315,
      0.945,
      0.3925,
      1.0225,
      0.4725,
      1.1,
      0.55,
      0,
      0.63,
      0.0775,
      0.7075,
      0.1575,
      0.7875,
      0.235,
      0.865,
      0.315,
      0.945,
      0.3925,
      1.0225,
      0.4725,
      1.1,
      0.55,
      0,
      0.63,
      0.0775,
      0.7075,
      0.1575,
      0.7875,
      0.235,
      0.865,
      0.315,
      0.945,
      0.3925,
      1.0225,
      0.4725,
      1.1,
      0.55,
      0,
      0.63,
      0.0775,
      0.7075,
      0.1575,
      0.7875,
      0.235,
      0.865,
      0.315,
      0.945,
      0.3925,
      1.0225,
      0.4725,
      1.1,
      0.55
    ],
    "SoftwareVersions": "syngo_MR_E11",
    "SpacingBetweenSlices": 2.4,
    "StationName": "MRC35177",
    "TaskName": "Cuedts",
    "TotalReadoutTime": 0.0525111,
    "TxRefAmp": 248,
    "VendorReportedEchoSpacing": 0.00059,
    "WipMemBlock": "d4e7ac37-bdad-4d5d-a3e0-c3cdeeb85260||Sequence: ve11c/master r/b8bea8f; Mar  2 2017 16:56:44 by eja",
    "acq_id": "mb4AP",
    "dataset": "ds003465",
    "modality": "bold",
    "run_id": 1,
    "session_id": "wave1bas",
    "subject_id": "f1031ax",
    "task_id": "Cuedts"
  },
  "dummy_trs": 0,
  "dvars_nstd": 31.30358758882896,
  "dvars_std": 1.1514645031587067,
  "dvars_vstd": 0.9919683397842821,
  "efc": 0.48602993420724233,
  "fber": 960.0625,
  "fd_mean": 0.18748695762972425,
  "fd_num": 298,
  "fd_perc": 45.84615384615385,
  "fwhm_avg": 3.00392488063475,
  "fwhm_x": 2.8312665541622417,
  "fwhm_y": 3.070379044660765,
  "fwhm_z": 3.1101290430812423,
  "gcor": 0.0153226,
  "gsr_x": -0.014013835228979588,
  "gsr_y": 0.06330383569002151,
  "provenance": {
    "md5sum": "9cf684da9ac452e3ff5c266a3abb0ed8",
    "settings": {
      "fd_thres": 0.2,
      "testing": false
    },
    "software": "mriqc",
    "version": "22.0.6",
    "webapi_port": null,
    "webapi_url": "https://mriqc.nimh.nih.gov/api/v1"
  },
  "size_t": 650,
  "size_x": 90,
  "size_y": 90,
  "size_z": 60,
  "snr": 2.4761288718763907,
  "spacing_tr": 1.2000000476837158,
  "spacing_x": 2.4000000953674316,
  "spacing_y": 2.4000000953674316,
  "spacing_z": 2.4000000953674316,
  "summary_bg_k": 19.808822056799208,
  "summary_bg_mad": 52.96538511462103,
  "summary_bg_mean": 331.3154602050781,
  "summary_bg_median": 143.4107666015625,
  "summary_bg_n": 341063.0,
  "summary_bg_p05": 104.17076873779297,
  "summary_bg_p95": 1307.7502807617186,
  "summary_bg_stdv": 491.8002624511719,
  "summary_fg_k": 2.059046939448457,
  "summary_fg_mad": 1516.5902228306647,
  "summary_fg_mean": 4879.5224609375,
  "summary_fg_median": 4497.2060546875,
  "summary_fg_n": 74735.0,
  "summary_fg_p05": 2629.517138671875,
  "summary_fg_p95": 8443.36923828125,
  "summary_fg_stdv": 1816.21240234375,
  "tsnr": 51.80447793658823
}