{
  "aor": 0.0005740630797773655,
  "aqi": 0.009032246660482376,
  "bids_meta": {
    "AcquisitionMatrixPE": 90,
    "AcquisitionNumber": 1,
    "AcquisitionTime": "18:56:7.915000",
    "BandwidthPerPixelPhaseEncode": 18.832,
    "BaseResolution": 90,
    "BodyPartExamined": "HEAD",
    "ConsistencyInfo": "N4_VE11C_LATEST_20160120",
    "ConversionSoftware": "dcm2niix",
    "ConversionSoftwareVersion": "v1.0.20190902",
    "DerivedVendorReportedEchoSpacing": 0.000590012,
    "DeviceSerialNumber": "67064",
    "DwellTime": 2.5e-06,
    "EchoTime": 0.033,
    "EchoTrainLength": 90,
    "EffectiveEchoSpacing": 0.000590012,
    "FlipAngle": 63,
    "ImageComments": "Unaliased_MB4_PE3_LB",
    "ImageOrientationPatientDICOM": [
      0.998317,
      0.0293875,
      -0.0500036,
      -0.0477779,
      0.905458,
      -0.421737
    ],
    "ImageType": [
      "ORIGINAL",
      "PRIMARY",
      "M",
      "MB",
      "ND",
      "MOSAIC"
    ],
    "ImagingFrequency": 123.247,
    "InPlanePhaseEncodingDirectionDICOM": "COL",
    "InstitutionAddress": "Scott_Ave_4525_St._Louis_MO_US_63110",
    "InstitutionName": "Washington_University",
    "InstitutionalDepartmentName": "Department",
    "MRAcquisitionType": "2D",
    "MagneticFieldStrength": 3,
    "Manufacturer": "Siemens",
    "ManufacturersModelName": "Prisma_fit",
    "Modality": "MR",
    "MultibandAccelerationFactor": 4,
    "PartialFourier": 1,
    "PatientPosition": "HFS",
    "PercentPhaseFOV": 100,
    "PhaseEncodingDirection": "j-",
    "PhaseEncodingSteps": 90,
    "PhaseResolution": 1,
    "PixelBandwidth": 2220,
    "ProcedureStepDescription": "head_Braver",
    "ProtocolName": "tfMRI_StroopBas1_AP",
    "PulseSequenceDetails": "%CustomerSeq%_cmrr_mbep2d_bold",
    "ReceiveCoilActiveElements": "HEA;HEP",
    "ReceiveCoilName": "Head_32",
    "ReconMatrixPE": 90,
    "RepetitionTime": 1.2,
    "SAR": 0.0673075,
    "ScanOptions": "FS_EXT",
    "ScanningSequence": "EP",
    "SequenceName": "epfid2d1_90",
    "SequenceVariant": "SK_SS",
    "SeriesDescription": "tfMRI_StroopBas1_AP",
    "SeriesNumber": 25,
    "ShimSetting": [
      -2016,
      -11407,
      5763,
      702,
      33,
      353,
      21,
      -20
    ],
    "SliceThickness": 2.4,
    "SliceTiming": [
      0,
      0.6275,
      0.0775,
      0.7075,
      0.155,
      0.785,
      0.235,
      0.865,
      0.3125,
      0.9425,
      0.3925,
      1.0225,
      0.47,
      1.1,
      0.55,
      0,
      0.6275,
      0.0775,
      0.7075,
      0.155,
      0.785,
      0.235,
      0.865,
      0.3125,
      0.9425,
      0.3925,
      1.0225,
      0.47,
      1.1,
      0.55,
      0,
      0.6275,
      0.0775,
      0.7075,
      0.155,
      0.785,
      0.235,
      0.865,
      0.3125,
      0.9425,
      0.3925,
      1.0225,
      0.47,
      1.1,
      0.55,
      0,
      0.6275,
      0.0775,
      0.7075,
      0.155,
      0.785,
      0.235,
      0.865,
      0.3125,
      0.9425,
      0.3925,
      1.0225,
      0.47,
      1.1,
      0.55
    ],
    "SoftwareVersions": "syngo_MR_E11",
    "SpacingBetweenSlices": 2.4,
    "StationName": "MRC35177",
    "TaskName": "Stroop",
    "TotalReadoutTime": 0.0525111,
    "TxRefAmp": 248,
    "VendorReportedEchoSpacing": 0.00059,
    "WipMemBlock": "f8e3d21d-b801-4e10-9e6a-7d179040b07d||Sequence: ve11c/master r/b8bea8f; Mar  2 2017 16:56:44 by eja",
    "acq_id": "mb4AP",
    "dataset": "ds003465",
    "modality": "bold",
    "run_id": 1,
    "session_id": "wave1bas",
    "subject_id": "f1031ax",
    "task_id": "Stroop"
  },
  "dummy_trs": 1,
  "dvars_nstd": 36.39345523946096,
  "dvars_std": 1.0744982447769513,
  "dvars_vstd": 0.9424662501301114,
  "efc": 0.48391703943119946,
  "fber": 994.5389404296875,
  "fd_mean": 0.2640601516537727,
  "fd_num": 365,
  "fd_perc": 67.71799628942486,
  "fwhm_avg": 2.975754048420825,
  "fwhm_x": 2.813795721523137,
  "fwhm_y": 3.0737123778616438,
  "fwhm_z": 3.0397540458776935,
  "gcor": 0.0299061,
  "gsr_x": -0.016010278835892677,
  "gsr_y": 0.058931391686201096,
  "provenance": {
    "md5sum": "ea97b9c89f9a7b236e58720df1367347",
    "settings": {
      "fd_thres": 0.2,
      "testing": false
    },
    "software": "mriqc",
    "version": "22.0.6",
    "webapi_port": null,
    "webapi_url": "https://mriqc.nimh.nih.gov/api/v1"
  },
  "size_t": 539,
  "size_x": 90,
  "size_y": 90,
  "size_z": 60,
  "snr": 2.5274028798806096,
  "spacing_tr": 1.2000000476837158,
  "spacing_x": 2.4000000953674316,
  "spacing_y": 2.4000000953674316,
  "spacing_z": 2.4000000953674316,
  "summary_bg_k": 19.160619773093114,
  "summary_bg_mad": 54.207123291677206,
  "summary_bg_mean": 323.72052001953125,
  "summary_bg_median": 142.7606658935547,
  "summary_bg_n": 342078.0,
  "summary_bg_p05": 101.84044647216797,
  "summary_bg_p95": 1244.9647949218738,
  "summary_bg_stdv": 471.2713928222656,
  "summary_fg_k": 1.725123413414571,
  "summary_fg_mad": 1541.130257647077,
  "summary_fg_mean": 4877.2431640625,
  "summary_fg_median": 4515.79052734375,
  "summary_fg_n": 74633.0,
  "summary_fg_p05": 2626.804052734375,
  "summary_fg_p95": 8336.0912109375,
  "summary_fg_stdv": 1786.7196044921875,
  "tsnr": 33.972713520983234
}