{
  "bids_meta": {
    "AcquisitionMatrixPE": 300,
    "AcquisitionNumber": 1,
    "AcquisitionTime": "13:22:5.980000",
    "BaseResolution": 320,
    "BodyPartExamined": "HEAD",
    "ConsistencyInfo": "N4_VE11C_LATEST_20160120",
    "ConversionSoftware": "dcm2niix",
    "ConversionSoftwareVersion": "v1.0.20190902",
    "DeviceSerialNumber": "67064",
    "DwellTime": 7.1e-06,
    "EchoTime": 0.00222,
    "FlipAngle": 8,
    "ImageOrientationPatientDICOM": [
      0.00685713,
      0.983935,
      -0.178394,
      0.0510351,
      -0.17851,
      -0.982614
    ],
    "ImageType": [
      "ORIGINAL",
      "PRIMARY",
      "M",
      "ND"
    ],
    "ImagingFrequency": 123.247,
    "InPlanePhaseEncodingDirectionDICOM": "ROW",
    "InstitutionAddress": "Scott_Ave_4525_St._Louis_MO_US_63110",
    "InstitutionName": "Washington_University",
    "InstitutionalDepartmentName": "Department",
    "InversionTime": 1,
    "MRAcquisitionType": "3D",
    "MagneticFieldStrength": 3,
    "Manufacturer": "Siemens",
    "ManufacturersModelName": "Prisma_fit",
    "Modality": "MR",
    "ParallelReductionFactorInPlane": 2,
    "PartialFourier": 1,
    "PatientPosition": "HFS",
    "PercentPhaseFOV": 93.75,
    "PhaseEncodingSteps": 299,
    "PhaseResolution": 1,
    "PixelBandwidth": 220,
    "ProcedureStepDescription": "head_Braver",
    "ProtocolName": "T1w_MPR",
    "PulseSequenceDetails": "%SiemensSeq%_tfl",
    "ReceiveCoilActiveElements": "HEA;HEP",
    "ReceiveCoilName": "Head_32",
    "ReconMatrixPE": 300,
    "RefLinesPE": 32,
    "RepetitionTime": 2.4,
    "SAR": 0.0408048,
    "ScanOptions": "IR_WE",
    "ScanningSequence": "GR_IR",
    "SequenceName": "_tfl3d1_16ns",
    "SequenceVariant": "SK_SP_MP",
    "SeriesDescription": "T1w_MPR",
    "SeriesNumber": 11,
    "ShimSetting": [
      -1992,
      -11463,
      5731,
      607,
      149,
      85,
      -113,
      -13
    ],
    "SliceThickness": 0.8,
    "SoftwareVersions": "syngo_MR_E11",
    "StationName": "MRC35177",
    "TxRefAmp": 238.026,
    "dataset": "ds003465",
    "modality": "T1w",
    "session_id": "wave1bas",
    "subject_id": "f1670rz"
  },
  "cjv": 0.5132768880466394,
  "cnr": 2.5935866735894653,
  "efc": 0.5625758359200919,
  "fber": 13630.954281338678,
  "fwhm_avg": 5.575679221953211,
  "fwhm_x": 5.5715378320895335,
  "fwhm_y": 5.421299919216336,
  "fwhm_z": 5.734199914553763,
  "icvs_csf": 0.18874986022323775,
  "icvs_gm": 0.3801116319834988,
  "icvs_wm": 0.43113850779326346,
  "inu_med": 0.9807490110397339,
  "inu_range": 1.1493144929409027,
  "provenance": {
    "md5sum": "d8d59f369ff650b01b94d6e5efa55902",
    "settings": {
      "testing": false
    },
    "software": "mriqc",
    "version": "22.0.6",
    "warnings": {
      "large_rot_frame": true,
      "small_air_mask": false
    },
    "webapi_port": null,
    "webapi_url": "https://mriqc.nimh.nih.gov/api/v1"
  },
  "qi_1": 0.0,
  "qi_2": 0.0016344021366771757,
  "rpve_csf": 22.38150603518048,
  "rpve_gm": 10.968401885894023,
  "rpve_wm": 11.419582306530035,
  "size_x": 208,
  "size_y": 300,
  "size_z": 320,
  "snr_csf": 3.4234529662545032,
  "snr_gm": 13.151106689758382,
  "snr_total": 10.51353896818124,
  "snr_wm": 14.966057248530838,
  "snrd_csf": 21.06021749468922,
  "snrd_gm": 50.21446250387223,
  "snrd_total": 45.54316192561094,
  "snrd_wm": 65.35480577827137,
  "spacing_x": 0.7999999523162842,
  "spacing_y": 0.800000011920929,
  "spacing_z": 0.800000011920929,
  "summary_bg_k": 7.851123938606239,
  "summary_bg_mad": 0.0,
  "summary_bg_mean": 6.775797647274692,
  "summary_bg_median": 0.0,
  "summary_bg_n": 6676756.0,
  "summary_bg_p05": 0.0,
  "summary_bg_p95": 27.199852403253317,
  "summary_bg_stdv": 10.025232617640901,
  "summary_csf_k": 2.6128230621001185,
  "summary_csf_mad": 68.69942336641958,
  "summary_csf_mean": 328.18195570639585,
  "summary_csf_median": 322.274230774492,
  "summary_csf_n": 104703.0,
  "summary_csf_p05": 190.03290407322348,
  "summary_csf_p95": 496.22354239597917,
  "summary_csf_stdv": 94.13673707661953,
  "summary_gm_k": 0.08099483610167368,
  "summary_gm_mad": 57.84491447452529,
  "summary_gm_mean": 769.286678820583,
  "summary_gm_median": 768.4074146561325,
  "summary_gm_n": 66340.0,
  "summary_gm_p05": 674.9895910827444,
  "summary_gm_p95": 866.9199976362288,
  "summary_gm_stdv": 58.428666220089056,
  "summary_wm_k": 0.6685087684106943,
  "summary_wm_mad": 61.07378737274701,
  "summary_wm_mean": 1009.6108134699206,
  "summary_wm_median": 1000.0926991812885,
  "summary_wm_n": 598120.0,
  "summary_wm_p05": 916.9176820367575,
  "summary_wm_p95": 1137.2503876201808,
  "summary_wm_stdv": 66.82400357976518,
  "tpm_overlap_csf": 0.15190959758978748,
  "tpm_overlap_gm": 0.41866591103986284,
  "tpm_overlap_wm": 0.471359841967795,
  "wm2max": 0.5173050127354146
}