{
  "bids_meta": {
    "AcquisitionMatrixPE": 300,
    "AcquisitionNumber": 1,
    "AcquisitionTime": "13:31:10.282500",
    "BaseResolution": 320,
    "BodyPartExamined": "HEAD",
    "ConsistencyInfo": "N4_VE11C_LATEST_20160120",
    "ConversionSoftware": "dcm2niix",
    "ConversionSoftwareVersion": "v1.0.20190902",
    "DeviceSerialNumber": "67064",
    "DwellTime": 2.1e-06,
    "EchoTime": 0.563,
    "EchoTrainLength": 314,
    "FlipAngle": 120,
    "ImageOrientationPatientDICOM": [
      0.00685713,
      0.983935,
      -0.178394,
      0.0510351,
      -0.17851,
      -0.982614
    ],
    "ImageType": [
      "ORIGINAL",
      "PRIMARY",
      "M",
      "ND"
    ],
    "ImagingFrequency": 123.247,
    "InPlanePhaseEncodingDirectionDICOM": "ROW",
    "InstitutionAddress": "Scott_Ave_4525_St._Louis_MO_US_63110",
    "InstitutionName": "Washington_University",
    "InstitutionalDepartmentName": "Department",
    "MRAcquisitionType": "3D",
    "MagneticFieldStrength": 3,
    "Manufacturer": "Siemens",
    "ManufacturersModelName": "Prisma_fit",
    "Modality": "MR",
    "ParallelReductionFactorInPlane": 2,
    "PartialFourier": 1,
    "PatientPosition": "HFS",
    "PercentPhaseFOV": 93.75,
    "PhaseEncodingSteps": 297,
    "PhaseResolution": 1,
    "PixelBandwidth": 745,
    "ProcedureStepDescription": "head_Braver",
    "ProtocolName": "T2w_SPC",
    "PulseSequenceDetails": "%SiemensSeq%_tse_vfl",
    "ReceiveCoilActiveElements": "HEA;HEP",
    "ReceiveCoilName": "Head_32",
    "ReconMatrixPE": 300,
    "RefLinesPE": 32,
    "RepetitionTime": 3.2,
    "SAR": 0.13729,
    "ScanOptions": "PFP",
    "ScanningSequence": "SE",
    "SequenceName": "_spc_314ns",
    "SequenceVariant": "SK_SP",
    "SeriesDescription": "T2w_SPC",
    "SeriesNumber": 13,
    "ShimSetting": [
      -1992,
      -11463,
      5731,
      607,
      149,
      85,
      -113,
      -13
    ],
    "SliceThickness": 0.8,
    "SoftwareVersions": "syngo_MR_E11",
    "StationName": "MRC35177",
    "TxRefAmp": 238.026,
    "dataset": "ds003465",
    "modality": "T2w",
    "session_id": "wave1bas",
    "subject_id": "f1670rz"
  },
  "cjv": 0.2552754660959646,
  "cnr": 1.7259025175772176,
  "efc": 0.5216488268836946,
  "fber": 4724.107461734694,
  "fwhm_avg": 3.960491702679798,
  "fwhm_x": 3.8263752280697365,
  "fwhm_y": 4.173599937808515,
  "fwhm_z": 3.8814999421611436,
  "icvs_csf": 0.29165113267289666,
  "icvs_gm": 0.1455905014686281,
  "icvs_wm": 0.5627583658584753,
  "inu_med": 0.985382080078125,
  "inu_range": 0.9463247656822205,
  "provenance": {
    "md5sum": "4f1874c4439988be60018b83a818d3dc",
    "settings": {
      "testing": false
    },
    "software": "mriqc",
    "version": "22.0.6",
    "warnings": {
      "large_rot_frame": true,
      "small_air_mask": false
    },
    "webapi_port": null,
    "webapi_url": "https://mriqc.nimh.nih.gov/api/v1"
  },
  "qi_1": 0.0,
  "qi_2": 0.001629313571781121,
  "rpve_csf": 12.416675947957271,
  "rpve_gm": 35.551279124516675,
  "rpve_wm": 8.5851200264365,
  "size_x": 208,
  "size_y": 300,
  "size_z": 320,
  "snr_csf": 6.04383861508625,
  "snr_gm": 2.434819120599065,
  "snr_total": 5.187116370673447,
  "snr_wm": 7.082691376335027,
  "snrd_csf": 60.66190652463123,
  "snrd_gm": 111.277907952794,
  "snrd_total": 67.98231245898835,
  "snrd_wm": 32.0071228995398,
  "spacing_x": 0.7999999523162842,
  "spacing_y": 0.800000011920929,
  "spacing_z": 0.800000011920929,
  "summary_bg_k": 11.620560626249489,
  "summary_bg_mad": 0.0,
  "summary_bg_mean": 13.343549480819222,
  "summary_bg_median": 0.0,
  "summary_bg_n": 6764370.0,
  "summary_bg_p05": 0.0,
  "summary_bg_p95": 51.778684966266155,
  "summary_bg_stdv": 20.471614713322648,
  "summary_csf_k": 0.9279887552186179,
  "summary_csf_mad": 301.5200263556368,
  "summary_csf_mean": 1932.7303218086624,
  "summary_csf_median": 1895.5551517941058,
  "summary_csf_n": 63246.0,
  "summary_csf_p05": 1495.4857148230076,
  "summary_csf_p95": 2488.9844097103924,
  "summary_csf_stdv": 313.63183017990116,
  "summary_gm_k": -0.6836781873471485,
  "summary_gm_mad": 507.2812737093127,
  "summary_gm_mean": 2746.6989431644347,
  "summary_gm_median": 3477.197203077376,
  "summary_gm_n": 93418.0,
  "summary_gm_p05": 106.79836064577103,
  "summary_gm_p95": 3987.664815379306,
  "summary_gm_stdv": 1428.105505928786,
  "summary_wm_k": 1.2671268569158816,
  "summary_wm_mad": 125.04700770506963,
  "summary_wm_mean": 1011.4270977253644,
  "summary_wm_median": 1000.1543008163571,
  "summary_wm_n": 748576.0,
  "summary_wm_p05": 801.836535744369,
  "summary_wm_p95": 1264.680876173079,
  "summary_wm_stdv": 141.21095776105284,
  "tpm_overlap_csf": 0.12690154903359996,
  "tpm_overlap_gm": 0.07214737428135845,
  "tpm_overlap_wm": 0.45856092237769275,
  "wm2max": 0.24641621354424123
}