{
  "bids_meta": {
    "AcquisitionMatrixPE": 300,
    "AcquisitionNumber": 1,
    "AcquisitionTime": "16:01:20.705000",
    "BaseResolution": 320,
    "BodyPartExamined": "HEAD",
    "ConsistencyInfo": "N4_VE11C_LATEST_20160120",
    "ConversionSoftware": "dcm2niix",
    "ConversionSoftwareVersion": "v1.0.20190902",
    "DeviceSerialNumber": "67064",
    "DwellTime": 7.1e-06,
    "EchoTime": 0.00222,
    "FlipAngle": 8,
    "ImageOrientationPatientDICOM": [
      -0.00679381,
      0.999967,
      -0.00453111,
      0.0546886,
      -0.00415289,
      -0.998495
    ],
    "ImageType": [
      "ORIGINAL",
      "PRIMARY",
      "M",
      "ND"
    ],
    "ImagingFrequency": 123.247,
    "InPlanePhaseEncodingDirectionDICOM": "ROW",
    "InstitutionAddress": "Scott_Ave_4525_St._Louis_MO_US_63110",
    "InstitutionName": "Washington_University",
    "InstitutionalDepartmentName": "Department",
    "InversionTime": 1,
    "MRAcquisitionType": "3D",
    "MagneticFieldStrength": 3,
    "Manufacturer": "Siemens",
    "ManufacturersModelName": "Prisma_fit",
    "Modality": "MR",
    "ParallelReductionFactorInPlane": 2,
    "PartialFourier": 1,
    "PatientPosition": "HFS",
    "PercentPhaseFOV": 93.75,
    "PhaseEncodingSteps": 299,
    "PhaseResolution": 1,
    "PixelBandwidth": 220,
    "ProcedureStepDescription": "head_Braver",
    "ProtocolName": "T1w_MPR",
    "PulseSequenceDetails": "%SiemensSeq%_tfl",
    "ReceiveCoilActiveElements": "HEA;HEP",
    "ReceiveCoilName": "Head_32",
    "ReconMatrixPE": 300,
    "RefLinesPE": 32,
    "RepetitionTime": 2.4,
    "SAR": 0.0443363,
    "ScanOptions": "IR_WE",
    "ScanningSequence": "GR_IR",
    "SequenceName": "_tfl3d1_16ns",
    "SequenceVariant": "SK_SP_MP",
    "SeriesDescription": "T1w_MPR",
    "SeriesNumber": 11,
    "ShimSetting": [
      -1973,
      -11509,
      5832,
      586,
      120,
      54,
      102,
      -24
    ],
    "SliceThickness": 0.8,
    "SoftwareVersions": "syngo_MR_E11",
    "StationName": "MRC35177",
    "TxRefAmp": 250.961,
    "dataset": "ds003465",
    "modality": "T1w",
    "session_id": "wave1bas",
    "subject_id": "f5004cr"
  },
  "cjv": 0.5356904934026617,
  "cnr": 2.534222690855735,
  "efc": 0.5708533747990057,
  "fber": 12163.159127585703,
  "fwhm_avg": 4.891633381186742,
  "fwhm_x": 4.861812789786624,
  "fwhm_y": 4.71046242980864,
  "fwhm_z": 5.102624923964963,
  "icvs_csf": 0.18577203770655992,
  "icvs_gm": 0.3929818903316704,
  "icvs_wm": 0.42124607196176966,
  "inu_med": 1.0135458111763,
  "inu_range": 0.9384666085243225,
  "provenance": {
    "md5sum": "b61e7fa57014f41ef922e461e6ded6c4",
    "settings": {
      "testing": false
    },
    "software": "mriqc",
    "version": "22.0.6",
    "warnings": {
      "large_rot_frame": true,
      "small_air_mask": false
    },
    "webapi_port": null,
    "webapi_url": "https://mriqc.nimh.nih.gov/api/v1"
  },
  "qi_1": 0.0,
  "qi_2": 0.0010059244051451226,
  "rpve_csf": 22.97476380169771,
  "rpve_gm": 10.820433421163383,
  "rpve_wm": 11.678359385254286,
  "size_x": 208,
  "size_y": 300,
  "size_z": 320,
  "snr_csf": 2.9004765308557414,
  "snr_gm": 13.060856147753304,
  "snr_total": 9.755675060841272,
  "snr_wm": 13.305692503914768,
  "snrd_csf": 16.662887562084016,
  "snrd_gm": 41.57660571635935,
  "snrd_total": 37.708115495840445,
  "snrd_wm": 54.88485320907796,
  "spacing_x": 0.7999999523162842,
  "spacing_y": 0.800000011920929,
  "spacing_z": 0.800000011920929,
  "summary_bg_k": 247.83679493069303,
  "summary_bg_mad": 0.0,
  "summary_bg_mean": 8.183186566519685,
  "summary_bg_median": 0.0,
  "summary_bg_n": 6767915.0,
  "summary_bg_p05": 0.0,
  "summary_bg_p95": 31.12920731306076,
  "summary_bg_stdv": 11.937176410040317,
  "summary_csf_k": 2.5152162154009243,
  "summary_csf_mad": 78.77972021385314,
  "summary_csf_mean": 315.58040424383347,
  "summary_csf_median": 303.6128481477499,
  "summary_csf_n": 92427.0,
  "summary_csf_p05": 164.21687626093626,
  "summary_csf_p95": 507.99877106398327,
  "summary_csf_stdv": 104.67631868994981,
  "summary_gm_k": 0.18605647097825084,
  "summary_gm_mad": 56.77335802026468,
  "summary_gm_mean": 757.7554074648361,
  "summary_gm_median": 757.5632753223181,
  "summary_gm_n": 63497.0,
  "summary_gm_p05": 663.2479617744684,
  "summary_gm_p95": 853.4350492358207,
  "summary_gm_stdv": 58.0021172717806,
  "summary_wm_k": 0.35414513909913836,
  "summary_wm_mad": 73.12530770577833,
  "summary_wm_mean": 1010.0854787308593,
  "summary_wm_median": 1000.0515541434288,
  "summary_wm_n": 538426.0,
  "summary_wm_p05": 905.6331637501717,
  "summary_wm_p95": 1150.9045173972845,
  "summary_wm_stdv": 75.15960745133498,
  "tpm_overlap_csf": 0.1611372089804663,
  "tpm_overlap_gm": 0.4287132946547338,
  "tpm_overlap_wm": 0.47731345579954176,
  "wm2max": 0.4729452998812243
}