{
  "aor": 0.0019151384615384614,
  "aqi": 0.004458541630769231,
  "bids_meta": {
    "AcquisitionMatrixPE": 90,
    "AcquisitionNumber": 1,
    "AcquisitionTime": "14:43:11.362500",
    "BandwidthPerPixelPhaseEncode": 18.832,
    "BaseResolution": 90,
    "BodyPartExamined": "HEAD",
    "ConsistencyInfo": "N4_VE11C_LATEST_20160120",
    "ConversionSoftware": "dcm2niix",
    "ConversionSoftwareVersion": "v1.0.20190902",
    "DerivedVendorReportedEchoSpacing": 0.000590012,
    "DeviceSerialNumber": "67064",
    "DwellTime": 2.5e-06,
    "EchoTime": 0.033,
    "EchoTrainLength": 90,
    "EffectiveEchoSpacing": 0.000590012,
    "FlipAngle": 63,
    "ImageComments": "Unaliased_MB4_PE3_LB",
    "ImageOrientationPatientDICOM": [
      0.999813,
      0.0148246,
      0.0123775,
      -0.00698016,
      0.874972,
      -0.484123
    ],
    "ImageType": [
      "ORIGINAL",
      "PRIMARY",
      "M",
      "MB",
      "ND",
      "MOSAIC"
    ],
    "ImagingFrequency": 123.247,
    "InPlanePhaseEncodingDirectionDICOM": "COL",
    "InstitutionAddress": "Scott_Ave_4525_St._Louis_MO_US_63110",
    "InstitutionName": "Washington_University",
    "InstitutionalDepartmentName": "Department",
    "MRAcquisitionType": "2D",
    "MagneticFieldStrength": 3,
    "Manufacturer": "Siemens",
    "ManufacturersModelName": "Prisma_fit",
    "Modality": "MR",
    "MultibandAccelerationFactor": 4,
    "PartialFourier": 1,
    "PatientPosition": "HFS",
    "PercentPhaseFOV": 100,
    "PhaseEncodingDirection": "j-",
    "PhaseEncodingSteps": 90,
    "PhaseResolution": 1,
    "PixelBandwidth": 2220,
    "ProcedureStepDescription": "head_Braver",
    "ProtocolName": "tfMRI_CuedtsBas1_AP",
    "PulseSequenceDetails": "%CustomerSeq%_cmrr_mbep2d_bold",
    "ReceiveCoilActiveElements": "HEA;HEP",
    "ReceiveCoilName": "Head_32",
    "ReconMatrixPE": 90,
    "RepetitionTime": 1.2,
    "SAR": 0.0660767,
    "ScanOptions": "FS_EXT",
    "ScanningSequence": "EP",
    "SequenceName": "epfid2d1_90",
    "SequenceVariant": "SK_SS",
    "SeriesDescription": "tfMRI_CuedtsBas1_AP",
    "SeriesNumber": 19,
    "ShimSetting": [
      -2005,
      -11501,
      5767,
      734,
      100,
      173,
      -120,
      27
    ],
    "SliceThickness": 2.4,
    "SliceTiming": [
      0,
      0.63,
      0.08,
      0.71,
      0.1575,
      0.7875,
      0.2375,
      0.8675,
      0.315,
      0.945,
      0.395,
      1.025,
      0.4725,
      1.1025,
      0.5525,
      0,
      0.63,
      0.08,
      0.71,
      0.1575,
      0.7875,
      0.2375,
      0.8675,
      0.315,
      0.945,
      0.395,
      1.025,
      0.4725,
      1.1025,
      0.5525,
      0,
      0.63,
      0.08,
      0.71,
      0.1575,
      0.7875,
      0.2375,
      0.8675,
      0.315,
      0.945,
      0.395,
      1.025,
      0.4725,
      1.1025,
      0.5525,
      0,
      0.63,
      0.08,
      0.71,
      0.1575,
      0.7875,
      0.2375,
      0.8675,
      0.315,
      0.945,
      0.395,
      1.025,
      0.4725,
      1.1025,
      0.5525
    ],
    "SoftwareVersions": "syngo_MR_E11",
    "SpacingBetweenSlices": 2.4,
    "StationName": "MRC35177",
    "TaskName": "Cuedts",
    "TotalReadoutTime": 0.0525111,
    "TxRefAmp": 233.123,
    "VendorReportedEchoSpacing": 0.00059,
    "WipMemBlock": "0fae0dbc-683b-45a2-82b8-0825b1580b96||Sequence: R016 ve11c/master r/e634e98; Dec 19 2017 11:00:25 by eja",
    "acq_id": "mb4AP",
    "dataset": "ds003465",
    "modality": "bold",
    "run_id": 1,
    "session_id": "wave1bas",
    "subject_id": "f8194sp",
    "task_id": "Cuedts"
  },
  "dummy_trs": 0,
  "dvars_nstd": 35.82716359050843,
  "dvars_std": 1.2825523975963016,
  "dvars_vstd": 1.0339336181972256,
  "efc": 0.49716622695216306,
  "fber": 987.2955322265625,
  "fd_mean": 0.14047044116982146,
  "fd_num": 85,
  "fd_perc": 13.076923076923077,
  "fwhm_avg": 2.9842679369714022,
  "fwhm_x": 2.775366556383508,
  "fwhm_y": 3.0825123775119634,
  "fwhm_z": 3.0949248770187348,
  "gcor": 0.00690484,
  "gsr_x": -0.002653447911143303,
  "gsr_y": 0.06274586915969849,
  "provenance": {
    "md5sum": "7b81165817db72d859906f17c74dde9a",
    "settings": {
      "fd_thres": 0.2,
      "testing": false
    },
    "software": "mriqc",
    "version": "22.0.6",
    "webapi_port": null,
    "webapi_url": "https://mriqc.nimh.nih.gov/api/v1"
  },
  "size_t": 650,
  "size_x": 90,
  "size_y": 90,
  "size_z": 60,
  "snr": 2.8139708575302627,
  "spacing_tr": 1.2000000476837158,
  "spacing_x": 2.4000000953674316,
  "spacing_y": 2.4000000953674316,
  "spacing_z": 2.4000000953674316,
  "summary_bg_k": 29.287477764395184,
  "summary_bg_mad": 39.88656041704707,
  "summary_bg_mean": 305.1651611328125,
  "summary_bg_median": 129.56153869628906,
  "summary_bg_n": 335599.0,
  "summary_bg_p05": 99.01384735107422,
  "summary_bg_p95": 1161.9918945312486,
  "summary_bg_stdv": 503.6983642578125,
  "summary_fg_k": 1.5471864660561465,
  "summary_fg_mad": 1239.9325224743918,
  "summary_fg_mean": 4448.86767578125,
  "summary_fg_median": 4161.24609375,
  "summary_fg_n": 76319.0,
  "summary_fg_p05": 2617.74501953125,
  "summary_fg_p95": 7422.7738281249985,
  "summary_fg_stdv": 1478.7711181640625,
  "tsnr": 55.30430666543543
}