{
  "aor": 0.0013179999999999997,
  "aqi": 0.0069616596666666666,
  "bids_meta": {
    "AcquisitionMatrixPE": 90,
    "AcquisitionNumber": 1,
    "AcquisitionTime": "15:48:29.092500",
    "BandwidthPerPixelPhaseEncode": 18.832,
    "BaseResolution": 90,
    "BodyPartExamined": "HEAD",
    "ConsistencyInfo": "N4_VE11C_LATEST_20160120",
    "ConversionSoftware": "dcm2niix",
    "ConversionSoftwareVersion": "v1.0.20190902",
    "DerivedVendorReportedEchoSpacing": 0.000590012,
    "DeviceSerialNumber": "67064",
    "DwellTime": 2.5e-06,
    "EchoTime": 0.033,
    "EchoTrainLength": 90,
    "EffectiveEchoSpacing": 0.000590012,
    "FlipAngle": 63,
    "ImageComments": "Unaliased_MB4_PE3_LB",
    "ImageOrientationPatientDICOM": [
      0.999813,
      0.0148246,
      0.0123775,
      -0.00698016,
      0.874972,
      -0.484123
    ],
    "ImageType": [
      "ORIGINAL",
      "PRIMARY",
      "M",
      "MB",
      "ND",
      "MOSAIC"
    ],
    "ImagingFrequency": 123.247,
    "InPlanePhaseEncodingDirectionDICOM": "COL",
    "InstitutionAddress": "Scott_Ave_4525_St._Louis_MO_US_63110",
    "InstitutionName": "Washington_University",
    "InstitutionalDepartmentName": "Department",
    "MRAcquisitionType": "2D",
    "MagneticFieldStrength": 3,
    "Manufacturer": "Siemens",
    "ManufacturersModelName": "Prisma_fit",
    "Modality": "MR",
    "MultibandAccelerationFactor": 4,
    "PartialFourier": 1,
    "PatientPosition": "HFS",
    "PercentPhaseFOV": 100,
    "PhaseEncodingDirection": "j-",
    "PhaseEncodingSteps": 90,
    "PhaseResolution": 1,
    "PixelBandwidth": 2220,
    "ProcedureStepDescription": "head_Braver",
    "ProtocolName": "tfMRI_StroopBas1_AP",
    "PulseSequenceDetails": "%CustomerSeq%_cmrr_mbep2d_bold",
    "ReceiveCoilActiveElements": "HEA;HEP",
    "ReceiveCoilName": "Head_32",
    "ReconMatrixPE": 90,
    "RepetitionTime": 1.2,
    "SAR": 0.0660281,
    "ScanOptions": "FS_EXT",
    "ScanningSequence": "EP",
    "SequenceName": "epfid2d1_90",
    "SequenceVariant": "SK_SS",
    "SeriesDescription": "tfMRI_StroopBas1_AP",
    "SeriesNumber": 37,
    "ShimSetting": [
      -2005,
      -11501,
      5767,
      734,
      100,
      173,
      -120,
      27
    ],
    "SliceThickness": 2.4,
    "SliceTiming": [
      0,
      0.6275,
      0.0775,
      0.7075,
      0.155,
      0.785,
      0.235,
      0.865,
      0.3125,
      0.9425,
      0.3925,
      1.0225,
      0.47,
      1.1,
      0.55,
      0,
      0.6275,
      0.0775,
      0.7075,
      0.155,
      0.785,
      0.235,
      0.865,
      0.3125,
      0.9425,
      0.3925,
      1.0225,
      0.47,
      1.1,
      0.55,
      0,
      0.6275,
      0.0775,
      0.7075,
      0.155,
      0.785,
      0.235,
      0.865,
      0.3125,
      0.9425,
      0.3925,
      1.0225,
      0.47,
      1.1,
      0.55,
      0,
      0.6275,
      0.0775,
      0.7075,
      0.155,
      0.785,
      0.235,
      0.865,
      0.3125,
      0.9425,
      0.3925,
      1.0225,
      0.47,
      1.1,
      0.55
    ],
    "SoftwareVersions": "syngo_MR_E11",
    "SpacingBetweenSlices": 2.4,
    "StationName": "MRC35177",
    "TaskName": "Stroop",
    "TotalReadoutTime": 0.0525111,
    "TxRefAmp": 233.123,
    "VendorReportedEchoSpacing": 0.00059,
    "WipMemBlock": "50e1f2ac-8531-489c-8035-9c3f9bed6516||Sequence: R016 ve11c/master r/e634e98; Dec 19 2017 11:00:25 by eja",
    "acq_id": "mb4AP",
    "dataset": "ds003465",
    "modality": "bold",
    "run_id": 1,
    "session_id": "wave1bas",
    "subject_id": "f8194sp",
    "task_id": "Stroop"
  },
  "dummy_trs": 0,
  "dvars_nstd": 39.62239529413724,
  "dvars_std": 1.2094447503710588,
  "dvars_vstd": 1.0043746250649357,
  "efc": 0.4972389212306603,
  "fber": 947.4462280273438,
  "fd_mean": 0.18586159105572908,
  "fd_num": 193,
  "fd_perc": 35.74074074074074,
  "fwhm_avg": 3.0377943237333436,
  "fwhm_x": 2.8377665539039554,
  "fwhm_y": 3.1226998759150555,
  "fwhm_z": 3.15291654138102,
  "gcor": 0.0295392,
  "gsr_x": 0.00011529670882737264,
  "gsr_y": 0.06979760527610779,
  "provenance": {
    "md5sum": "21ab20899972a28c955e759b3c897a0e",
    "settings": {
      "fd_thres": 0.2,
      "testing": false
    },
    "software": "mriqc",
    "version": "22.0.6",
    "webapi_port": null,
    "webapi_url": "https://mriqc.nimh.nih.gov/api/v1"
  },
  "size_t": 540,
  "size_x": 90,
  "size_y": 90,
  "size_z": 60,
  "snr": 2.703068820766019,
  "spacing_tr": 1.2000000476837158,
  "spacing_x": 2.4000000953674316,
  "spacing_y": 2.4000000953674316,
  "spacing_z": 2.4000000953674316,
  "summary_bg_k": 28.57358211079175,
  "summary_bg_mad": 39.01028653731455,
  "summary_bg_mean": 300.6341857910156,
  "summary_bg_median": 128.575927734375,
  "summary_bg_n": 335396.0,
  "summary_bg_p05": 98.56111145019531,
  "summary_bg_p95": 1143.9009094238281,
  "summary_bg_stdv": 496.4990234375,
  "summary_fg_k": 1.7447906990323476,
  "summary_fg_mad": 1206.000622481328,
  "summary_fg_mean": 4343.5576171875,
  "summary_fg_median": 4036.5537109375,
  "summary_fg_n": 76850.0,
  "summary_fg_p05": 2537.752734375,
  "summary_fg_p95": 7392.601953125,
  "summary_fg_stdv": 1493.3128662109375,
  "tsnr": 46.25188919343054
}