{
  "bids_meta": {
    "AcquisitionMatrixPE": 300,
    "AcquisitionNumber": 1,
    "AcquisitionTime": "22:13:54.037500",
    "BaseResolution": 320,
    "BodyPartExamined": "HEAD",
    "ConsistencyInfo": "N4_VE11C_LATEST_20160120",
    "ConversionSoftware": "dcm2niix",
    "ConversionSoftwareVersion": "v1.0.20190902",
    "DeviceSerialNumber": "67064",
    "DwellTime": 2.1e-06,
    "EchoTime": 0.563,
    "EchoTrainLength": 314,
    "FlipAngle": 120,
    "ImageOrientationPatientDICOM": [
      0.0449046,
      0.985067,
      -0.166209,
      0.0439386,
      -0.168164,
      -0.984779
    ],
    "ImageType": [
      "ORIGINAL",
      "PRIMARY",
      "M",
      "ND"
    ],
    "ImagingFrequency": 123.247,
    "InPlanePhaseEncodingDirectionDICOM": "ROW",
    "InstitutionAddress": "Scott_Ave_4525_St._Louis_MO_US_63110",
    "InstitutionName": "Washington_University",
    "InstitutionalDepartmentName": "Department",
    "MRAcquisitionType": "3D",
    "MagneticFieldStrength": 3,
    "Manufacturer": "Siemens",
    "ManufacturersModelName": "Prisma_fit",
    "Modality": "MR",
    "ParallelReductionFactorInPlane": 2,
    "PartialFourier": 1,
    "PatientPosition": "HFS",
    "PercentPhaseFOV": 93.75,
    "PhaseEncodingSteps": 297,
    "PhaseResolution": 1,
    "PixelBandwidth": 745,
    "ProcedureStepDescription": "head_Braver",
    "ProtocolName": "T2w_SPC",
    "PulseSequenceDetails": "%SiemensSeq%_tse_vfl",
    "ReceiveCoilActiveElements": "HEA;HEP",
    "ReceiveCoilName": "Head_32",
    "ReconMatrixPE": 300,
    "RefLinesPE": 32,
    "RepetitionTime": 3.2,
    "SAR": 0.181357,
    "ScanOptions": "PFP",
    "ScanningSequence": "SE",
    "SequenceName": "_spc_314ns",
    "SequenceVariant": "SK_SP",
    "SeriesDescription": "T2w_SPC",
    "SeriesNumber": 13,
    "ShimSetting": [
      -1997,
      -11521,
      5817,
      180,
      39,
      -51,
      96,
      -10
    ],
    "SliceThickness": 0.8,
    "SoftwareVersions": "syngo_MR_E11",
    "StationName": "MRC35177",
    "TxRefAmp": 317.023,
    "dataset": "ds003465",
    "modality": "T2w",
    "session_id": "wave1bas",
    "subject_id": "f2648qw"
  },
  "cjv": 2.4169234749511923,
  "cnr": 0.671555814437829,
  "efc": 0.582220318570282,
  "fber": 1054.386732669573,
  "fwhm_avg": 3.1051958601630645,
  "fwhm_x": 2.943425175441812,
  "fwhm_y": 3.367274949823693,
  "fwhm_z": 3.0048874552236877,
  "icvs_csf": 0.38183627640886464,
  "icvs_gm": 0.46054209293598874,
  "icvs_wm": 0.1576216306551466,
  "inu_med": 1.0772409439086914,
  "inu_range": 1.0626173913478851,
  "provenance": {
    "md5sum": "f2598f408580673700804a6bee74c742",
    "settings": {
      "testing": false
    },
    "software": "mriqc",
    "version": "22.0.6",
    "warnings": {
      "large_rot_frame": true,
      "small_air_mask": false
    },
    "webapi_port": null,
    "webapi_url": "https://mriqc.nimh.nih.gov/api/v1"
  },
  "qi_1": 0.0,
  "qi_2": 0.0014446250718151456,
  "rpve_csf": 11.674717222757131,
  "rpve_gm": 10.715836571704086,
  "rpve_wm": 31.829008219528575,
  "size_x": 208,
  "size_y": 300,
  "size_z": 320,
  "snr_csf": 9.738753482950187,
  "snr_gm": 8.387389268716385,
  "snr_total": 6.491039524868654,
  "snr_wm": 1.3469758229393882,
  "snrd_csf": 41.93688587939009,
  "snrd_gm": 26.146204493793913,
  "snrd_total": 40.14541941465138,
  "snrd_wm": 52.35316787077013,
  "spacing_x": 0.7999999523162842,
  "spacing_y": 0.800000011920929,
  "spacing_z": 0.800000011920929,
  "summary_bg_k": 20.14210219831293,
  "summary_bg_mad": 12.566023167477981,
  "summary_bg_mean": 20.627804305534653,
  "summary_bg_median": 8.4756538271904,
  "summary_bg_n": 6835225.0,
  "summary_bg_p05": 0.0,
  "summary_bg_p95": 85.51934711635113,
  "summary_bg_stdv": 30.527849059214706,
  "summary_csf_k": 0.6036437998543027,
  "summary_csf_mad": 78.66330502841217,
  "summary_csf_mean": 806.786848778777,
  "summary_csf_median": 804.3819264695048,
  "summary_csf_n": 103410.0,
  "summary_csf_p05": 676.6114450246096,
  "summary_csf_p95": 945.7982105761766,
  "summary_csf_stdv": 82.59558459748757,
  "summary_gm_k": 0.1938675919464048,
  "summary_gm_mad": 59.06030888714651,
  "summary_gm_mean": 501.8005245247814,
  "summary_gm_median": 501.5044369548559,
  "summary_gm_n": 456975.0,
  "summary_gm_p05": 404.37344409525394,
  "summary_gm_p95": 599.9491561576724,
  "summary_gm_stdv": 59.79260913799755,
  "summary_wm_k": -1.642393133353819,
  "summary_wm_mad": 1155.8542260025433,
  "summary_wm_mean": 958.2753961530461,
  "summary_wm_median": 1004.1742763109505,
  "summary_wm_n": 87876.0,
  "summary_wm_p05": 51.913379691541195,
  "summary_wm_p95": 2012.893621986732,
  "summary_wm_stdv": 745.4985795637833,
  "tpm_overlap_csf": 0.1133007694569749,
  "tpm_overlap_gm": 0.31005253043225267,
  "tpm_overlap_wm": 0.02625465164909951,
  "wm2max": 0.4565343043754696
}