{
  "aor": 0.002421666666666667,
  "aqi": 0.009441421685185185,
  "bids_meta": {
    "AcquisitionMatrixPE": 90,
    "AcquisitionNumber": 1,
    "AcquisitionTime": "14:39:57.060000",
    "BandwidthPerPixelPhaseEncode": 18.832,
    "BaseResolution": 90,
    "BodyPartExamined": "HEAD",
    "ConsistencyInfo": "N4_VE11C_LATEST_20160120",
    "ConversionSoftware": "dcm2niix",
    "ConversionSoftwareVersion": "v1.0.20190902",
    "DerivedVendorReportedEchoSpacing": 0.000590012,
    "DeviceSerialNumber": "67064",
    "DwellTime": 2.5e-06,
    "EchoTime": 0.033,
    "EchoTrainLength": 90,
    "EffectiveEchoSpacing": 0.000590012,
    "FlipAngle": 63,
    "ImageComments": "Unaliased_MB4_PE3_LB",
    "ImageOrientationPatientDICOM": [
      0.99672,
      0.0268171,
      -0.0763543,
      -0.0571215,
      0.901477,
      -0.429041
    ],
    "ImageType": [
      "ORIGINAL",
      "PRIMARY",
      "M",
      "MB",
      "ND",
      "MOSAIC"
    ],
    "ImagingFrequency": 123.246,
    "InPlanePhaseEncodingDirectionDICOM": "COL",
    "InstitutionAddress": "Scott_Ave_4525_St._Louis_MO_US_63110",
    "InstitutionName": "Washington_University",
    "InstitutionalDepartmentName": "Department",
    "MRAcquisitionType": "2D",
    "MagneticFieldStrength": 3,
    "Manufacturer": "Siemens",
    "ManufacturersModelName": "Prisma_fit",
    "Modality": "MR",
    "MultibandAccelerationFactor": 4,
    "PartialFourier": 1,
    "PatientPosition": "HFS",
    "PercentPhaseFOV": 100,
    "PhaseEncodingDirection": "j-",
    "PhaseEncodingSteps": 90,
    "PhaseResolution": 1,
    "PixelBandwidth": 2220,
    "ProcedureStepDescription": "head_Braver",
    "ProtocolName": "tfMRI_StroopBas1_AP",
    "PulseSequenceDetails": "%CustomerSeq%_cmrr_mbep2d_bold",
    "ReceiveCoilActiveElements": "HEA;HEP",
    "ReceiveCoilName": "Head_32",
    "ReconMatrixPE": 90,
    "RepetitionTime": 1.2,
    "SAR": 0.0746738,
    "ScanOptions": "FS_EXT",
    "ScanningSequence": "EP",
    "SequenceName": "epfid2d1_90",
    "SequenceVariant": "SK_SS",
    "SeriesDescription": "tfMRI_StroopBas1_AP",
    "SeriesNumber": 28,
    "ShimSetting": [
      -2009,
      -11520,
      5808,
      332,
      109,
      23,
      56,
      -18
    ],
    "SliceThickness": 2.4,
    "SliceTiming": [
      0,
      0.63,
      0.08,
      0.7075,
      0.1575,
      0.7875,
      0.235,
      0.865,
      0.315,
      0.945,
      0.3925,
      1.0225,
      0.4725,
      1.1025,
      0.55,
      0,
      0.63,
      0.08,
      0.7075,
      0.1575,
      0.7875,
      0.235,
      0.865,
      0.315,
      0.945,
      0.3925,
      1.0225,
      0.4725,
      1.1025,
      0.55,
      0,
      0.63,
      0.08,
      0.7075,
      0.1575,
      0.7875,
      0.235,
      0.865,
      0.315,
      0.945,
      0.3925,
      1.0225,
      0.4725,
      1.1025,
      0.55,
      0,
      0.63,
      0.08,
      0.7075,
      0.1575,
      0.7875,
      0.235,
      0.865,
      0.315,
      0.945,
      0.3925,
      1.0225,
      0.4725,
      1.1025,
      0.55
    ],
    "SoftwareVersions": "syngo_MR_E11",
    "SpacingBetweenSlices": 2.4,
    "StationName": "MRC35177",
    "TaskName": "Stroop",
    "TotalReadoutTime": 0.0525111,
    "TxRefAmp": 295.283,
    "VendorReportedEchoSpacing": 0.00059,
    "WipMemBlock": "6a21dd57-1e46-421f-8e10-97be8f2a00d4||Sequence: ve11c/master r/068cfa9; Jul 21 2016 14:39:26 by eja",
    "acq_id": "mb4AP",
    "dataset": "ds003465",
    "modality": "bold",
    "run_id": 1,
    "session_id": "wave1bas",
    "subject_id": "f8270up",
    "task_id": "Stroop"
  },
  "dummy_trs": 0,
  "dvars_nstd": 39.04348520630794,
  "dvars_std": 1.1403418796289437,
  "dvars_vstd": 1.0245328408719854,
  "efc": 0.5569244542833826,
  "fber": 479.12725830078125,
  "fd_mean": 0.24866779881066314,
  "fd_num": 345,
  "fd_perc": 63.888888888888886,
  "fwhm_avg": 2.771147110232514,
  "fwhm_x": 2.498874900703633,
  "fwhm_y": 2.8789835049341224,
  "fwhm_z": 2.935582925059786,
  "gcor": 0.0096709,
  "gsr_x": -0.023868922144174576,
  "gsr_y": 0.10431776940822601,
  "provenance": {
    "md5sum": "4bbd3ad391da2c8bc6d2d1d525a13e31",
    "settings": {
      "fd_thres": 0.2,
      "testing": false
    },
    "software": "mriqc",
    "version": "22.0.6",
    "webapi_port": null,
    "webapi_url": "https://mriqc.nimh.nih.gov/api/v1"
  },
  "size_t": 540,
  "size_x": 90,
  "size_y": 90,
  "size_z": 60,
  "snr": 2.8842993395052803,
  "spacing_tr": 1.2000000476837158,
  "spacing_x": 2.4000000953674316,
  "spacing_y": 2.3999998569488525,
  "spacing_z": 2.4000003337860107,
  "summary_bg_k": 62.9747025341691,
  "summary_bg_mad": 79.28901736617115,
  "summary_bg_mean": 396.4528503417969,
  "summary_bg_median": 160.30184936523438,
  "summary_bg_n": 319439.0,
  "summary_bg_p05": 98.94611129760743,
  "summary_bg_p95": 1541.925866699217,
  "summary_bg_stdv": 618.4179077148438,
  "summary_fg_k": 0.6911456669492835,
  "summary_fg_mad": 1170.8782247595864,
  "summary_fg_mean": 3832.94775390625,
  "summary_fg_median": 3639.8916015625,
  "summary_fg_n": 86798.0,
  "summary_fg_p05": 2098.6354125976563,
  "summary_fg_p95": 6194.648632812498,
  "summary_fg_stdv": 1261.9600830078125,
  "tsnr": 38.82712072134018
}