{
  "aor": 0.00118265,
  "aqi": 0.0075043555000000005,
  "bids_meta": {
    "AcquisitionMatrixPE": 90,
    "AcquisitionNumber": 1,
    "AcquisitionTime": "15:05:2.467500",
    "BandwidthPerPixelPhaseEncode": 18.832,
    "BaseResolution": 90,
    "BodyPartExamined": "HEAD",
    "ConsistencyInfo": "N4_VE11C_LATEST_20160120",
    "ConversionSoftware": "dcm2niix",
    "ConversionSoftwareVersion": "v1.0.20190902",
    "DerivedVendorReportedEchoSpacing": 0.000590012,
    "DeviceSerialNumber": "67064",
    "DwellTime": 2.5e-06,
    "EchoTime": 0.033,
    "EchoTrainLength": 90,
    "EffectiveEchoSpacing": 0.000590012,
    "FlipAngle": 63,
    "ImageComments": "Unaliased_MB4_PE3_LB",
    "ImageOrientationPatientDICOM": [
      0.99672,
      0.0268171,
      -0.0763543,
      -0.0571215,
      0.901477,
      -0.429041
    ],
    "ImageType": [
      "ORIGINAL",
      "PRIMARY",
      "M",
      "MB",
      "ND",
      "MOSAIC"
    ],
    "ImagingFrequency": 123.246,
    "InPlanePhaseEncodingDirectionDICOM": "COL",
    "InstitutionAddress": "Scott_Ave_4525_St._Louis_MO_US_63110",
    "InstitutionName": "Washington_University",
    "InstitutionalDepartmentName": "Department",
    "MRAcquisitionType": "2D",
    "MagneticFieldStrength": 3,
    "Manufacturer": "Siemens",
    "ManufacturersModelName": "Prisma_fit",
    "Modality": "MR",
    "MultibandAccelerationFactor": 4,
    "PartialFourier": 1,
    "PatientPosition": "HFS",
    "PercentPhaseFOV": 100,
    "PhaseEncodingDirection": "j-",
    "PhaseEncodingSteps": 90,
    "PhaseResolution": 1,
    "PixelBandwidth": 2220,
    "ProcedureStepDescription": "head_Braver",
    "ProtocolName": "tfMRI_SternBas1_AP",
    "PulseSequenceDetails": "%CustomerSeq%_cmrr_mbep2d_bold",
    "ReceiveCoilActiveElements": "HEA;HEP",
    "ReceiveCoilName": "Head_32",
    "ReconMatrixPE": 90,
    "RepetitionTime": 1.2,
    "SAR": 0.0747062,
    "ScanOptions": "FS_EXT",
    "ScanningSequence": "EP",
    "SequenceName": "epfid2d1_90",
    "SequenceVariant": "SK_SS",
    "SeriesDescription": "tfMRI_SternBas1_AP",
    "SeriesNumber": 32,
    "ShimSetting": [
      -2009,
      -11520,
      5808,
      332,
      109,
      23,
      56,
      -18
    ],
    "SliceThickness": 2.4,
    "SliceTiming": [
      0,
      0.63,
      0.0775,
      0.7075,
      0.1575,
      0.7875,
      0.235,
      0.865,
      0.315,
      0.9425,
      0.3925,
      1.0225,
      0.4725,
      1.1,
      0.55,
      0,
      0.63,
      0.0775,
      0.7075,
      0.1575,
      0.7875,
      0.235,
      0.865,
      0.315,
      0.9425,
      0.3925,
      1.0225,
      0.4725,
      1.1,
      0.55,
      0,
      0.63,
      0.0775,
      0.7075,
      0.1575,
      0.7875,
      0.235,
      0.865,
      0.315,
      0.9425,
      0.3925,
      1.0225,
      0.4725,
      1.1,
      0.55,
      0,
      0.63,
      0.0775,
      0.7075,
      0.1575,
      0.7875,
      0.235,
      0.865,
      0.315,
      0.9425,
      0.3925,
      1.0225,
      0.4725,
      1.1,
      0.55
    ],
    "SoftwareVersions": "syngo_MR_E11",
    "SpacingBetweenSlices": 2.4,
    "StationName": "MRC35177",
    "TaskName": "Stern",
    "TotalReadoutTime": 0.0525111,
    "TxRefAmp": 295.283,
    "VendorReportedEchoSpacing": 0.00059,
    "WipMemBlock": "6dac9453-7fff-47c6-8ca0-bd9fb53fcb72||Sequence: ve11c/master r/068cfa9; Jul 21 2016 14:39:26 by eja",
    "acq_id": "mb4AP",
    "dataset": "ds003465",
    "modality": "bold",
    "run_id": 1,
    "session_id": "wave1bas",
    "subject_id": "f8270up",
    "task_id": "Stern"
  },
  "dummy_trs": 0,
  "dvars_nstd": 31.925697135759556,
  "dvars_std": 1.0661252970951585,
  "dvars_vstd": 1.0094510982637732,
  "efc": 0.557218226893763,
  "fber": 478.5290222167969,
  "fd_mean": 0.18925418682171832,
  "fd_num": 241,
  "fd_perc": 40.166666666666664,
  "fwhm_avg": 2.7336804453183063,
  "fwhm_x": 2.4754457349679573,
  "fwhm_y": 2.8384793358532194,
  "fwhm_z": 2.8871162651337414,
  "gcor": 0.0129175,
  "gsr_x": -0.02520175278186798,
  "gsr_y": 0.10819049924612045,
  "provenance": {
    "md5sum": "ce79b77f4ce0dd49865ec0e01aeaff37",
    "settings": {
      "fd_thres": 0.2,
      "testing": false
    },
    "software": "mriqc",
    "version": "22.0.6",
    "webapi_port": null,
    "webapi_url": "https://mriqc.nimh.nih.gov/api/v1"
  },
  "size_t": 600,
  "size_x": 90,
  "size_y": 90,
  "size_z": 60,
  "snr": 2.9083812870525696,
  "spacing_tr": 1.2000000476837158,
  "spacing_x": 2.4000000953674316,
  "spacing_y": 2.3999998569488525,
  "spacing_z": 2.4000003337860107,
  "summary_bg_k": 69.48635332725725,
  "summary_bg_mad": 73.87311688838093,
  "summary_bg_mean": 396.5822448730469,
  "summary_bg_median": 158.3249969482422,
  "summary_bg_n": 319667.0,
  "summary_bg_p05": 103.47000122070312,
  "summary_bg_p95": 1550.553576660157,
  "summary_bg_stdv": 632.452392578125,
  "summary_fg_k": 0.6840221965704187,
  "summary_fg_mad": 1152.8765164016645,
  "summary_fg_mean": 3802.942626953125,
  "summary_fg_median": 3612.4033203125,
  "summary_fg_n": 86572.0,
  "summary_fg_p05": 2094.2619018554688,
  "summary_fg_p95": 6119.4505615234375,
  "summary_fg_stdv": 1242.0594482421875,
  "tsnr": 42.740152042359114
}