{
  "aor": 0.0006972786885245902,
  "aqi": 0.007455348885245901,
  "bids_meta": {
    "AcquisitionMatrixPE": 90,
    "AcquisitionNumber": 1,
    "AcquisitionTime": "14:08:51.287500",
    "BandwidthPerPixelPhaseEncode": 18.832,
    "BaseResolution": 90,
    "BodyPartExamined": "HEAD",
    "ConsistencyInfo": "N4_VE11C_LATEST_20160120",
    "ConversionSoftware": "dcm2niix",
    "ConversionSoftwareVersion": "v1.0.20190902",
    "DerivedVendorReportedEchoSpacing": 0.000590012,
    "DeviceSerialNumber": "67064",
    "DwellTime": 2.5e-06,
    "EchoTime": 0.033,
    "EchoTrainLength": 90,
    "EffectiveEchoSpacing": 0.000590012,
    "FlipAngle": 63,
    "ImageComments": "Unaliased_MB4_PE3_LB",
    "ImageOrientationPatientDICOM": [
      0.99672,
      0.0268171,
      -0.0763543,
      -0.0571215,
      0.901477,
      -0.429041
    ],
    "ImageType": [
      "ORIGINAL",
      "PRIMARY",
      "M",
      "MB",
      "ND",
      "MOSAIC"
    ],
    "ImagingFrequency": 123.246,
    "InPlanePhaseEncodingDirectionDICOM": "COL",
    "InstitutionAddress": "Scott_Ave_4525_St._Louis_MO_US_63110",
    "InstitutionName": "Washington_University",
    "InstitutionalDepartmentName": "Department",
    "MRAcquisitionType": "2D",
    "MagneticFieldStrength": 3,
    "Manufacturer": "Siemens",
    "ManufacturersModelName": "Prisma_fit",
    "Modality": "MR",
    "MultibandAccelerationFactor": 4,
    "PartialFourier": 1,
    "PatientPosition": "HFS",
    "PercentPhaseFOV": 100,
    "PhaseEncodingDirection": "j-",
    "PhaseEncodingSteps": 90,
    "PhaseResolution": 1,
    "PixelBandwidth": 2220,
    "ProcedureStepDescription": "head_Braver",
    "ProtocolName": "tfMRI_AxcptBas1_AP",
    "PulseSequenceDetails": "%CustomerSeq%_cmrr_mbep2d_bold",
    "ReceiveCoilActiveElements": "HEA;HEP",
    "ReceiveCoilName": "Head_32",
    "ReconMatrixPE": 90,
    "RepetitionTime": 1.2,
    "SAR": 0.074711,
    "ScanOptions": "FS_EXT",
    "ScanningSequence": "EP",
    "SequenceName": "epfid2d1_90",
    "SequenceVariant": "SK_SS",
    "SeriesDescription": "tfMRI_AxcptBas1_AP",
    "SeriesNumber": 18,
    "ShimSetting": [
      -2009,
      -11520,
      5808,
      332,
      109,
      23,
      56,
      -18
    ],
    "SliceThickness": 2.4,
    "SliceTiming": [
      0,
      0.6275,
      0.0775,
      0.7075,
      0.1575,
      0.785,
      0.235,
      0.865,
      0.315,
      0.9425,
      0.3925,
      1.0225,
      0.47,
      1.1,
      0.55,
      0,
      0.6275,
      0.0775,
      0.7075,
      0.1575,
      0.785,
      0.235,
      0.865,
      0.315,
      0.9425,
      0.3925,
      1.0225,
      0.47,
      1.1,
      0.55,
      0,
      0.6275,
      0.0775,
      0.7075,
      0.1575,
      0.785,
      0.235,
      0.865,
      0.315,
      0.9425,
      0.3925,
      1.0225,
      0.47,
      1.1,
      0.55,
      0,
      0.6275,
      0.0775,
      0.7075,
      0.1575,
      0.785,
      0.235,
      0.865,
      0.315,
      0.9425,
      0.3925,
      1.0225,
      0.47,
      1.1,
      0.55
    ],
    "SoftwareVersions": "syngo_MR_E11",
    "SpacingBetweenSlices": 2.4,
    "StationName": "MRC35177",
    "TaskName": "Axcpt",
    "TotalReadoutTime": 0.0525111,
    "TxRefAmp": 295.283,
    "VendorReportedEchoSpacing": 0.00059,
    "WipMemBlock": "bdf7bead-71be-450e-9dc6-06d04c247b1e||Sequence: ve11c/master r/068cfa9; Jul 21 2016 14:39:26 by eja",
    "acq_id": "mb4AP",
    "dataset": "ds003465",
    "modality": "bold",
    "run_id": 1,
    "session_id": "wave1bas",
    "subject_id": "f8270up",
    "task_id": "Axcpt"
  },
  "dummy_trs": 0,
  "dvars_nstd": 32.482910334843986,
  "dvars_std": 1.079692774121511,
  "dvars_vstd": 0.9987260563218407,
  "efc": 0.5566812306746062,
  "fber": 481.3824768066406,
  "fd_mean": 0.1868170487903331,
  "fd_num": 270,
  "fd_perc": 44.26229508196721,
  "fwhm_avg": 2.7521123883081766,
  "fwhm_x": 2.5115915668649844,
  "fwhm_y": 2.837150169107328,
  "fwhm_z": 2.907595428952217,
  "gcor": 0.0115364,
  "gsr_x": -0.0208246111869812,
  "gsr_y": 0.0997561365365982,
  "provenance": {
    "md5sum": "cdeabf2ee91d3df44de1ade9ef858fe5",
    "settings": {
      "fd_thres": 0.2,
      "testing": false
    },
    "software": "mriqc",
    "version": "22.0.6",
    "webapi_port": null,
    "webapi_url": "https://mriqc.nimh.nih.gov/api/v1"
  },
  "size_t": 610,
  "size_x": 90,
  "size_y": 90,
  "size_z": 60,
  "snr": 2.9102106437204642,
  "spacing_tr": 1.2000000476837158,
  "spacing_x": 2.4000000953674316,
  "spacing_y": 2.3999998569488525,
  "spacing_z": 2.4000003337860107,
  "summary_bg_k": 59.550052243737404,
  "summary_bg_mad": 75.64187382279653,
  "summary_bg_mean": 399.31976318359375,
  "summary_bg_median": 159.96392822265625,
  "summary_bg_n": 320405.0,
  "summary_bg_p05": 104.97901916503906,
  "summary_bg_p95": 1569.0835937499996,
  "summary_bg_stdv": 624.5146484375,
  "summary_fg_k": 0.6343571121875686,
  "summary_fg_mad": 1169.756138119604,
  "summary_fg_mean": 3853.05419921875,
  "summary_fg_median": 3660.654052734375,
  "summary_fg_n": 86527.0,
  "summary_fg_p05": 2117.7314697265624,
  "summary_fg_p95": 6208.138476562499,
  "summary_fg_stdv": 1257.8583984375,
  "tsnr": 42.82478751020972
}