{
  "aor": 0.0014224259259259262,
  "aqi": 0.008365793407407406,
  "bids_meta": {
    "AcquisitionMatrixPE": 90,
    "AcquisitionNumber": 1,
    "AcquisitionTime": "14:51:49.567500",
    "BandwidthPerPixelPhaseEncode": 18.832,
    "BaseResolution": 90,
    "BodyPartExamined": "HEAD",
    "ConsistencyInfo": "N4_VE11C_LATEST_20160120",
    "ConversionSoftware": "dcm2niix",
    "ConversionSoftwareVersion": "v1.0.20190902",
    "DerivedVendorReportedEchoSpacing": 0.000590012,
    "DeviceSerialNumber": "67064",
    "DwellTime": 2.5e-06,
    "EchoTime": 0.033,
    "EchoTrainLength": 90,
    "EffectiveEchoSpacing": 0.000590012,
    "FlipAngle": 63,
    "ImageComments": "Unaliased_MB4_PE3_LB",
    "ImageOrientationPatientDICOM": [
      0.99672,
      0.0268171,
      -0.0763543,
      -0.0571215,
      0.901477,
      -0.429041
    ],
    "ImageType": [
      "ORIGINAL",
      "PRIMARY",
      "M",
      "MB",
      "ND",
      "MOSAIC"
    ],
    "ImagingFrequency": 123.246,
    "InPlanePhaseEncodingDirectionDICOM": "COL",
    "InstitutionAddress": "Scott_Ave_4525_St._Louis_MO_US_63110",
    "InstitutionName": "Washington_University",
    "InstitutionalDepartmentName": "Department",
    "MRAcquisitionType": "2D",
    "MagneticFieldStrength": 3,
    "Manufacturer": "Siemens",
    "ManufacturersModelName": "Prisma_fit",
    "Modality": "MR",
    "MultibandAccelerationFactor": 4,
    "PartialFourier": 1,
    "PatientPosition": "HFS",
    "PercentPhaseFOV": 100,
    "PhaseEncodingDirection": "j",
    "PhaseEncodingSteps": 90,
    "PhaseResolution": 1,
    "PixelBandwidth": 2220,
    "ProcedureStepDescription": "head_Braver",
    "ProtocolName": "tfMRI_StroopBas2_PA",
    "PulseSequenceDetails": "%CustomerSeq%_cmrr_mbep2d_bold",
    "ReceiveCoilActiveElements": "HEA;HEP",
    "ReceiveCoilName": "Head_32",
    "ReconMatrixPE": 90,
    "RepetitionTime": 1.2,
    "SAR": 0.0746738,
    "ScanOptions": "FS_EXT",
    "ScanningSequence": "EP",
    "SequenceName": "epfid2d1_90",
    "SequenceVariant": "SK_SS",
    "SeriesDescription": "tfMRI_StroopBas2_PA",
    "SeriesNumber": 30,
    "ShimSetting": [
      -2009,
      -11520,
      5808,
      332,
      109,
      23,
      56,
      -18
    ],
    "SliceThickness": 2.4,
    "SliceTiming": [
      0,
      0.63,
      0.08,
      0.7075,
      0.1575,
      0.7875,
      0.2375,
      0.865,
      0.315,
      0.945,
      0.395,
      1.0225,
      0.4725,
      1.1025,
      0.55,
      0,
      0.63,
      0.08,
      0.7075,
      0.1575,
      0.7875,
      0.2375,
      0.865,
      0.315,
      0.945,
      0.395,
      1.0225,
      0.4725,
      1.1025,
      0.55,
      0,
      0.63,
      0.08,
      0.7075,
      0.1575,
      0.7875,
      0.2375,
      0.865,
      0.315,
      0.945,
      0.395,
      1.0225,
      0.4725,
      1.1025,
      0.55,
      0,
      0.63,
      0.08,
      0.7075,
      0.1575,
      0.7875,
      0.2375,
      0.865,
      0.315,
      0.945,
      0.395,
      1.0225,
      0.4725,
      1.1025,
      0.55
    ],
    "SoftwareVersions": "syngo_MR_E11",
    "SpacingBetweenSlices": 2.4,
    "StationName": "MRC35177",
    "TaskName": "Stroop",
    "TotalReadoutTime": 0.0525111,
    "TxRefAmp": 295.283,
    "VendorReportedEchoSpacing": 0.00059,
    "WipMemBlock": "56efdce3-3122-40be-b3d7-b18f82a66888||Sequence: ve11c/master r/068cfa9; Jul 21 2016 14:39:26 by eja",
    "acq_id": "mb4PA",
    "dataset": "ds003465",
    "modality": "bold",
    "run_id": 2,
    "session_id": "wave1bas",
    "subject_id": "f8270up",
    "task_id": "Stroop"
  },
  "dummy_trs": 0,
  "dvars_nstd": 40.36152210838585,
  "dvars_std": 1.1787652480333952,
  "dvars_vstd": 1.022821455139147,
  "efc": 0.5523262603406434,
  "fber": 442.64556884765625,
  "fd_mean": 0.22424743545777034,
  "fd_num": 288,
  "fd_perc": 53.333333333333336,
  "fwhm_avg": 2.7566373873074252,
  "fwhm_x": 2.504841567133205,
  "fwhm_y": 2.8349168356408776,
  "fwhm_z": 2.9301537591481943,
  "gcor": 0.0128581,
  "gsr_x": -0.013320142403244972,
  "gsr_y": 0.07214575260877609,
  "provenance": {
    "md5sum": "3df79c5a45cf1a30541aa33a5c9dcdd2",
    "settings": {
      "fd_thres": 0.2,
      "testing": false
    },
    "software": "mriqc",
    "version": "22.0.6",
    "webapi_port": null,
    "webapi_url": "https://mriqc.nimh.nih.gov/api/v1"
  },
  "size_t": 540,
  "size_x": 90,
  "size_y": 90,
  "size_z": 60,
  "snr": 2.737627362328908,
  "spacing_tr": 1.2000000476837158,
  "spacing_x": 2.4000000953674316,
  "spacing_y": 2.3999998569488525,
  "spacing_z": 2.4000003337860107,
  "summary_bg_k": 69.90807096764166,
  "summary_bg_mad": 89.28559901318656,
  "summary_bg_mean": 431.1302795410156,
  "summary_bg_median": 169.272216796875,
  "summary_bg_n": 327603.0,
  "summary_bg_p05": 104.78333282470703,
  "summary_bg_p95": 1720.0227294921865,
  "summary_bg_stdv": 668.9110717773438,
  "summary_fg_k": 1.7632875258546727,
  "summary_fg_mad": 1223.2373211251847,
  "summary_fg_mean": 3831.613525390625,
  "summary_fg_median": 3616.5888671875,
  "summary_fg_n": 83289.0,
  "summary_fg_p05": 2101.596630859375,
  "summary_fg_p95": 6226.78740234375,
  "summary_fg_stdv": 1321.0589599609375,
  "tsnr": 42.760126990964636
}