{
  "aor": 0.0014683673469387754,
  "aqi": 0.02048072022263451,
  "bids_meta": {
    "AcquisitionMatrixPE": 90,
    "AcquisitionNumber": 1,
    "AcquisitionTime": "21:57:36.742500",
    "BandwidthPerPixelPhaseEncode": 18.832,
    "BaseResolution": 90,
    "BodyPartExamined": "HEAD",
    "ConsistencyInfo": "N4_VE11C_LATEST_20160120",
    "ConversionSoftware": "dcm2niix",
    "ConversionSoftwareVersion": "v1.0.20190902",
    "DerivedVendorReportedEchoSpacing": 0.000590012,
    "DeviceSerialNumber": "67064",
    "DwellTime": 2.5e-06,
    "EchoTime": 0.033,
    "EchoTrainLength": 90,
    "EffectiveEchoSpacing": 0.000590012,
    "FlipAngle": 63,
    "ImageComments": "Unaliased_MB4_PE3_LB",
    "ImageOrientationPatientDICOM": [
      0.9996,
      -0.0146959,
      0.0241635,
      0.0211131,
      0.956232,
      -0.291846
    ],
    "ImageType": [
      "ORIGINAL",
      "PRIMARY",
      "M",
      "MB",
      "ND",
      "MOSAIC"
    ],
    "ImagingFrequency": 123.247,
    "InPlanePhaseEncodingDirectionDICOM": "COL",
    "InstitutionAddress": "Scott_Ave_4525_St._Louis_MO_US_63110",
    "InstitutionName": "Washington_University",
    "InstitutionalDepartmentName": "Department",
    "MRAcquisitionType": "2D",
    "MagneticFieldStrength": 3,
    "Manufacturer": "Siemens",
    "ManufacturersModelName": "Prisma_fit",
    "Modality": "MR",
    "MultibandAccelerationFactor": 4,
    "PartialFourier": 1,
    "PatientPosition": "HFS",
    "PercentPhaseFOV": 100,
    "PhaseEncodingDirection": "j",
    "PhaseEncodingSteps": 90,
    "PhaseResolution": 1,
    "PixelBandwidth": 2220,
    "ProcedureStepDescription": "head_Braver",
    "ProtocolName": "tfMRI_StroopBas2_PA",
    "PulseSequenceDetails": "%CustomerSeq%_cmrr_mbep2d_bold",
    "ReceiveCoilActiveElements": "HEA;HEP",
    "ReceiveCoilName": "Head_32",
    "ReconMatrixPE": 90,
    "RepetitionTime": 1.2,
    "SAR": 0.0580637,
    "ScanOptions": "FS_EXT",
    "ScanningSequence": "EP",
    "SequenceName": "epfid2d1_90",
    "SequenceVariant": "SK_SS",
    "SeriesDescription": "tfMRI_StroopBas2_PA",
    "SeriesNumber": 25,
    "ShimSetting": [
      -2005,
      -11529,
      5867,
      466,
      16,
      -87,
      -3,
      28
    ],
    "SliceThickness": 2.4,
    "SliceTiming": [
      0,
      0.6275,
      0.0775,
      0.7075,
      0.1575,
      0.785,
      0.235,
      0.865,
      0.315,
      0.9425,
      0.3925,
      1.0225,
      0.47,
      1.1,
      0.55,
      0,
      0.6275,
      0.0775,
      0.7075,
      0.1575,
      0.785,
      0.235,
      0.865,
      0.315,
      0.9425,
      0.3925,
      1.0225,
      0.47,
      1.1,
      0.55,
      0,
      0.6275,
      0.0775,
      0.7075,
      0.1575,
      0.785,
      0.235,
      0.865,
      0.315,
      0.9425,
      0.3925,
      1.0225,
      0.47,
      1.1,
      0.55,
      0,
      0.6275,
      0.0775,
      0.7075,
      0.1575,
      0.785,
      0.235,
      0.865,
      0.315,
      0.9425,
      0.3925,
      1.0225,
      0.47,
      1.1,
      0.55
    ],
    "SoftwareVersions": "syngo_MR_E11",
    "SpacingBetweenSlices": 2.4,
    "StationName": "MRC35177",
    "TaskName": "Stroop",
    "TotalReadoutTime": 0.0525111,
    "TxRefAmp": 234.733,
    "VendorReportedEchoSpacing": 0.00059,
    "WipMemBlock": "166a6ab1-cdf6-41ee-b615-87130f2769e8||Sequence: R016 ve11c/master r/e634e98; Dec 19 2017 11:00:25 by eja",
    "acq_id": "mb4PA",
    "dataset": "ds003465",
    "modality": "bold",
    "run_id": 2,
    "session_id": "wave1bas",
    "subject_id": "f7227ag",
    "task_id": "Stroop"
  },
  "dummy_trs": 1,
  "dvars_nstd": 75.67631553470267,
  "dvars_std": 1.5947203919516717,
  "dvars_vstd": 0.960486124070632,
  "efc": 0.5269356305624395,
  "fber": 587.9655151367188,
  "fd_mean": 0.29512619942904084,
  "fd_num": 350,
  "fd_perc": 64.93506493506493,
  "fwhm_avg": 2.805683221845499,
  "fwhm_x": 2.634337395320837,
  "fwhm_y": 2.9328248834600097,
  "fwhm_z": 2.84988738675565,
  "gcor": 0.023367,
  "gsr_x": -0.010225278325378895,
  "gsr_y": 0.08239050954580307,
  "provenance": {
    "md5sum": "d1c882dfdbd5cd7e0d30fed45d23919d",
    "settings": {
      "fd_thres": 0.2,
      "testing": false
    },
    "software": "mriqc",
    "version": "22.0.6",
    "webapi_port": null,
    "webapi_url": "https://mriqc.nimh.nih.gov/api/v1"
  },
  "size_t": 539,
  "size_x": 90,
  "size_y": 90,
  "size_z": 60,
  "snr": 2.5788427073208298,
  "spacing_tr": 1.2000000476837158,
  "spacing_x": 2.4000000953674316,
  "spacing_y": 2.4000000953674316,
  "spacing_z": 2.4000000953674316,
  "summary_bg_k": 20.96905079593545,
  "summary_bg_mad": 64.68436975400921,
  "summary_bg_mean": 327.1391906738281,
  "summary_bg_median": 149.9684600830078,
  "summary_bg_n": 328002.0,
  "summary_bg_p05": 101.94805145263672,
  "summary_bg_p95": 1253.2042663574223,
  "summary_bg_stdv": 459.14501953125,
  "summary_fg_k": 4.446372373748023,
  "summary_fg_mad": 1236.2716243205916,
  "summary_fg_mean": 3934.515625,
  "summary_fg_median": 3686.9658203125,
  "summary_fg_n": 80644.0,
  "summary_fg_p05": 2136.4357177734373,
  "summary_fg_p95": 6562.255053710934,
  "summary_fg_stdv": 1429.68896484375,
  "tsnr": 28.078793788794428
}