{
  "aor": 0.002044302134646962,
  "aqi": 0.015398800952380954,
  "bids_meta": {
    "AcquisitionMatrixPE": 90,
    "AcquisitionNumber": 1,
    "AcquisitionTime": "23:00:36.130000",
    "BandwidthPerPixelPhaseEncode": 18.832,
    "BaseResolution": 90,
    "BodyPartExamined": "HEAD",
    "ConsistencyInfo": "N4_VE11C_LATEST_20160120",
    "ConversionSoftware": "dcm2niix",
    "ConversionSoftwareVersion": "v1.0.20190902",
    "DerivedVendorReportedEchoSpacing": 0.000590012,
    "DeviceSerialNumber": "67064",
    "DwellTime": 2.5e-06,
    "EchoTime": 0.033,
    "EchoTrainLength": 90,
    "EffectiveEchoSpacing": 0.000590012,
    "FlipAngle": 63,
    "ImageComments": "Unaliased_MB4_PE3_LB",
    "ImageOrientationPatientDICOM": [
      0.9996,
      -0.0146959,
      0.0241635,
      0.0211131,
      0.956232,
      -0.291846
    ],
    "ImageType": [
      "ORIGINAL",
      "PRIMARY",
      "M",
      "MB",
      "ND",
      "MOSAIC"
    ],
    "ImagingFrequency": 123.247,
    "InPlanePhaseEncodingDirectionDICOM": "COL",
    "InstitutionAddress": "Scott_Ave_4525_St._Louis_MO_US_63110",
    "InstitutionName": "Washington_University",
    "InstitutionalDepartmentName": "Department",
    "MRAcquisitionType": "2D",
    "MagneticFieldStrength": 3,
    "Manufacturer": "Siemens",
    "ManufacturersModelName": "Prisma_fit",
    "Modality": "MR",
    "MultibandAccelerationFactor": 4,
    "PartialFourier": 1,
    "PatientPosition": "HFS",
    "PercentPhaseFOV": 100,
    "PhaseEncodingDirection": "j",
    "PhaseEncodingSteps": 90,
    "PhaseResolution": 1,
    "PixelBandwidth": 2220,
    "ProcedureStepDescription": "head_Braver",
    "ProtocolName": "tfMRI_AxcptBas2_PA",
    "PulseSequenceDetails": "%CustomerSeq%_cmrr_mbep2d_bold",
    "ReceiveCoilActiveElements": "HEA;HEP",
    "ReceiveCoilName": "Head_32",
    "ReconMatrixPE": 90,
    "RepetitionTime": 1.2,
    "SAR": 0.0580927,
    "ScanOptions": "FS_EXT",
    "ScanningSequence": "EP",
    "SequenceName": "epfid2d1_90",
    "SequenceVariant": "SK_SS",
    "SeriesDescription": "tfMRI_AxcptBas2_PA",
    "SeriesNumber": 40,
    "ShimSetting": [
      -2005,
      -11529,
      5867,
      466,
      16,
      -87,
      -3,
      28
    ],
    "SliceThickness": 2.4,
    "SliceTiming": [
      0,
      0.63,
      0.0775,
      0.7075,
      0.1575,
      0.7875,
      0.235,
      0.865,
      0.315,
      0.945,
      0.3925,
      1.0225,
      0.4725,
      1.1,
      0.55,
      0,
      0.63,
      0.0775,
      0.7075,
      0.1575,
      0.7875,
      0.235,
      0.865,
      0.315,
      0.945,
      0.3925,
      1.0225,
      0.4725,
      1.1,
      0.55,
      0,
      0.63,
      0.0775,
      0.7075,
      0.1575,
      0.7875,
      0.235,
      0.865,
      0.315,
      0.945,
      0.3925,
      1.0225,
      0.4725,
      1.1,
      0.55,
      0,
      0.63,
      0.0775,
      0.7075,
      0.1575,
      0.7875,
      0.235,
      0.865,
      0.315,
      0.945,
      0.3925,
      1.0225,
      0.4725,
      1.1,
      0.55
    ],
    "SoftwareVersions": "syngo_MR_E11",
    "SpacingBetweenSlices": 2.4,
    "StationName": "MRC35177",
    "TaskName": "Axcpt",
    "TotalReadoutTime": 0.0525111,
    "TxRefAmp": 234.733,
    "VendorReportedEchoSpacing": 0.00059,
    "WipMemBlock": "3e014774-ff8d-4940-9fab-9da2da00f414||Sequence: R016 ve11c/master r/e634e98; Dec 19 2017 11:00:25 by eja",
    "acq_id": "mb4PA",
    "dataset": "ds003465",
    "modality": "bold",
    "run_id": 2,
    "session_id": "wave1bas",
    "subject_id": "f7227ag",
    "task_id": "Axcpt"
  },
  "dummy_trs": 1,
  "dvars_nstd": 68.86243119371707,
  "dvars_std": 1.8078048366611834,
  "dvars_vstd": 0.9982626245888154,
  "efc": 0.5334493909564413,
  "fber": 588.3208618164062,
  "fd_mean": 0.26697905005884,
  "fd_num": 413,
  "fd_perc": 67.816091954023,
  "fwhm_avg": 2.6110276740248595,
  "fwhm_x": 2.4065165710402896,
  "fwhm_y": 2.753516557251749,
  "fwhm_z": 2.6730498937825407,
  "gcor": 0.0161391,
  "gsr_x": -0.0017549023032188416,
  "gsr_y": 0.07732007652521133,
  "provenance": {
    "md5sum": "d72ec0f83391c52542d8a0b41edcc51f",
    "settings": {
      "fd_thres": 0.2,
      "testing": false
    },
    "software": "mriqc",
    "version": "22.0.6",
    "webapi_port": null,
    "webapi_url": "https://mriqc.nimh.nih.gov/api/v1"
  },
  "size_t": 609,
  "size_x": 90,
  "size_y": 90,
  "size_z": 60,
  "snr": 2.944935575886711,
  "spacing_tr": 1.2000000476837158,
  "spacing_x": 2.4000000953674316,
  "spacing_y": 2.4000000953674316,
  "spacing_z": 2.4000000953674316,
  "summary_bg_k": 20.009350571883186,
  "summary_bg_mad": 62.585773641953665,
  "summary_bg_mean": 319.7060241699219,
  "summary_bg_median": 146.37274169921875,
  "summary_bg_n": 328404.0,
  "summary_bg_p05": 98.31690979003906,
  "summary_bg_p95": 1249.7305664062494,
  "summary_bg_stdv": 451.6829528808594,
  "summary_fg_k": 3.8524380037679933,
  "summary_fg_mad": 1094.4867472913097,
  "summary_fg_mean": 3741.19384765625,
  "summary_fg_median": 3581.9990234375,
  "summary_fg_n": 80200.0,
  "summary_fg_p05": 2086.9448974609377,
  "summary_fg_p95": 5921.169702148438,
  "summary_fg_stdv": 1216.3175048828125,
  "tsnr": 30.394234898965806
}