{
  "aor": 0.0011978833333333334,
  "aqi": 0.009340300183333332,
  "bids_meta": {
    "AcquisitionMatrixPE": 90,
    "AcquisitionNumber": 1,
    "AcquisitionTime": "19:35:55.097500",
    "BandwidthPerPixelPhaseEncode": 18.832,
    "BaseResolution": 90,
    "BodyPartExamined": "HEAD",
    "ConsistencyInfo": "N4_VE11C_LATEST_20160120",
    "ConversionSoftware": "dcm2niix",
    "ConversionSoftwareVersion": "v1.0.20190902",
    "DerivedVendorReportedEchoSpacing": 0.000590012,
    "DeviceSerialNumber": "67064",
    "DwellTime": 2.5e-06,
    "EchoTime": 0.033,
    "EchoTrainLength": 90,
    "EffectiveEchoSpacing": 0.000590012,
    "FlipAngle": 63,
    "ImageComments": "Unaliased_MB4_PE3_LB",
    "ImageOrientationPatientDICOM": [
      0.999977,
      -0.00606417,
      -0.00293351,
      0.00506143,
      0.96372,
      -0.266866
    ],
    "ImageType": [
      "ORIGINAL",
      "PRIMARY",
      "M",
      "MB",
      "ND",
      "MOSAIC"
    ],
    "ImagingFrequency": 123.247,
    "InPlanePhaseEncodingDirectionDICOM": "COL",
    "InstitutionAddress": "Scott_Ave_4525_St._Louis_MO_US_63110",
    "InstitutionName": "Washington_University",
    "InstitutionalDepartmentName": "Department",
    "MRAcquisitionType": "2D",
    "MagneticFieldStrength": 3,
    "Manufacturer": "Siemens",
    "ManufacturersModelName": "Prisma_fit",
    "Modality": "MR",
    "MultibandAccelerationFactor": 4,
    "PartialFourier": 1,
    "PatientPosition": "HFS",
    "PercentPhaseFOV": 100,
    "PhaseEncodingDirection": "j-",
    "PhaseEncodingSteps": 90,
    "PhaseResolution": 1,
    "PixelBandwidth": 2220,
    "ProcedureStepDescription": "head_Braver",
    "ProtocolName": "tfMRI_SternBas1_AP",
    "PulseSequenceDetails": "%CustomerSeq%_cmrr_mbep2d_bold",
    "ReceiveCoilActiveElements": "HEA;HEP",
    "ReceiveCoilName": "Head_32",
    "ReconMatrixPE": 90,
    "RepetitionTime": 1.2,
    "SAR": 0.0694711,
    "ScanOptions": "FS_EXT",
    "ScanningSequence": "EP",
    "SequenceName": "epfid2d1_90",
    "SequenceVariant": "SK_SS",
    "SeriesDescription": "tfMRI_SternBas1_AP",
    "SeriesNumber": 38,
    "ShimSetting": [
      -1994,
      -11523,
      5815,
      604,
      77,
      192,
      66,
      -54
    ],
    "SliceThickness": 2.4,
    "SliceTiming": [
      0,
      0.63,
      0.0775,
      0.7075,
      0.1575,
      0.785,
      0.235,
      0.865,
      0.315,
      0.9425,
      0.3925,
      1.0225,
      0.4725,
      1.1,
      0.55,
      0,
      0.63,
      0.0775,
      0.7075,
      0.1575,
      0.785,
      0.235,
      0.865,
      0.315,
      0.9425,
      0.3925,
      1.0225,
      0.4725,
      1.1,
      0.55,
      0,
      0.63,
      0.0775,
      0.7075,
      0.1575,
      0.785,
      0.235,
      0.865,
      0.315,
      0.9425,
      0.3925,
      1.0225,
      0.4725,
      1.1,
      0.55,
      0,
      0.63,
      0.0775,
      0.7075,
      0.1575,
      0.785,
      0.235,
      0.865,
      0.315,
      0.9425,
      0.3925,
      1.0225,
      0.4725,
      1.1,
      0.55
    ],
    "SoftwareVersions": "syngo_MR_E11",
    "SpacingBetweenSlices": 2.4,
    "StationName": "MRC35177",
    "TaskName": "Stern",
    "TotalReadoutTime": 0.0525111,
    "TxRefAmp": 241.22,
    "VendorReportedEchoSpacing": 0.00059,
    "WipMemBlock": "5f11a383-1415-48de-b4f5-8532b5d6c421||Sequence: R016 ve11c/master r/e634e98; Dec 19 2017 11:00:25 by eja",
    "acq_id": "mb4AP",
    "dataset": "ds003465",
    "modality": "bold",
    "run_id": 1,
    "session_id": "wave1bas",
    "subject_id": "f2499cq",
    "task_id": "Stern"
  },
  "dummy_trs": 0,
  "dvars_nstd": 27.25651460796326,
  "dvars_std": 1.0164615750918202,
  "dvars_vstd": 0.9703033488146919,
  "efc": 0.5245562435895803,
  "fber": 709.4335327148438,
  "fd_mean": 0.10292867540646192,
  "fd_num": 13,
  "fd_perc": 2.1666666666666665,
  "fwhm_avg": 2.7162207254004187,
  "fwhm_x": 2.467662401943906,
  "fwhm_y": 2.7995790554213897,
  "fwhm_z": 2.881420718835961,
  "gcor": 0.00958865,
  "gsr_x": -0.024648956954479218,
  "gsr_y": 0.10284662246704102,
  "provenance": {
    "md5sum": "59934fac1b39fbef5f802fd43300e3e4",
    "settings": {
      "fd_thres": 0.2,
      "testing": false
    },
    "software": "mriqc",
    "version": "22.0.6",
    "webapi_port": null,
    "webapi_url": "https://mriqc.nimh.nih.gov/api/v1"
  },
  "size_t": 600,
  "size_x": 90,
  "size_y": 90,
  "size_z": 60,
  "snr": 2.9352287153146563,
  "spacing_tr": 1.2000000476837158,
  "spacing_x": 2.4000000953674316,
  "spacing_y": 2.4000000953674316,
  "spacing_z": 2.4000000953674316,
  "summary_bg_k": 18.8279489783497,
  "summary_bg_mad": 55.70877383580509,
  "summary_bg_mean": 329.4505615234375,
  "summary_bg_median": 141.5816650390625,
  "summary_bg_n": 331172.0,
  "summary_bg_p05": 101.0,
  "summary_bg_p95": 1273.6552185058601,
  "summary_bg_stdv": 476.2274475097656,
  "summary_fg_k": 2.0077611501908352,
  "summary_fg_mad": 1142.2563283176644,
  "summary_fg_mean": 4086.4736328125,
  "summary_fg_median": 3861.74853515625,
  "summary_fg_n": 77743.0,
  "summary_fg_p05": 2383.657666015625,
  "summary_fg_p95": 6512.269580078123,
  "summary_fg_stdv": 1315.6466064453125,
  "tsnr": 41.27437470742734
}