{
  "aor": 0.0005010769230769231,
  "aqi": 0.007805727723076923,
  "bids_meta": {
    "AcquisitionMatrixPE": 90,
    "AcquisitionNumber": 1,
    "AcquisitionTime": "20:25:2.225000",
    "BandwidthPerPixelPhaseEncode": 18.832,
    "BaseResolution": 90,
    "BodyPartExamined": "HEAD",
    "ConsistencyInfo": "N4_VE11C_LATEST_20160120",
    "ConversionSoftware": "dcm2niix",
    "ConversionSoftwareVersion": "v1.0.20190902",
    "DerivedVendorReportedEchoSpacing": 0.000590012,
    "DeviceSerialNumber": "67064",
    "DwellTime": 2.5e-06,
    "EchoTime": 0.033,
    "EchoTrainLength": 90,
    "EffectiveEchoSpacing": 0.000590012,
    "FlipAngle": 63,
    "ImageComments": "Unaliased_MB4_PE3_LB",
    "ImageOrientationPatientDICOM": [
      0.999977,
      -0.00606417,
      -0.00293351,
      0.00506143,
      0.96372,
      -0.266866
    ],
    "ImageType": [
      "ORIGINAL",
      "PRIMARY",
      "M",
      "MB",
      "ND",
      "MOSAIC"
    ],
    "ImagingFrequency": 123.247,
    "InPlanePhaseEncodingDirectionDICOM": "COL",
    "InstitutionAddress": "Scott_Ave_4525_St._Louis_MO_US_63110",
    "InstitutionName": "Washington_University",
    "InstitutionalDepartmentName": "Department",
    "MRAcquisitionType": "2D",
    "MagneticFieldStrength": 3,
    "Manufacturer": "Siemens",
    "ManufacturersModelName": "Prisma_fit",
    "Modality": "MR",
    "MultibandAccelerationFactor": 4,
    "PartialFourier": 1,
    "PatientPosition": "HFS",
    "PercentPhaseFOV": 100,
    "PhaseEncodingDirection": "j",
    "PhaseEncodingSteps": 90,
    "PhaseResolution": 1,
    "PixelBandwidth": 2220,
    "ProcedureStepDescription": "head_Braver",
    "ProtocolName": "tfMRI_CuedtsBas2_PA",
    "PulseSequenceDetails": "%CustomerSeq%_cmrr_mbep2d_bold",
    "ReceiveCoilActiveElements": "HEA;HEP",
    "ReceiveCoilName": "Head_32",
    "ReconMatrixPE": 90,
    "RepetitionTime": 1.2,
    "SAR": 0.0694921,
    "ScanOptions": "FS_EXT",
    "ScanningSequence": "EP",
    "SequenceName": "epfid2d1_90",
    "SequenceVariant": "SK_SS",
    "SeriesDescription": "tfMRI_CuedtsBas2_PA",
    "SeriesNumber": 50,
    "ShimSetting": [
      -1994,
      -11523,
      5815,
      604,
      77,
      192,
      66,
      -54
    ],
    "SliceThickness": 2.4,
    "SliceTiming": [
      0,
      0.63,
      0.08,
      0.71,
      0.1575,
      0.7875,
      0.2375,
      0.8675,
      0.315,
      0.945,
      0.395,
      1.0225,
      0.4725,
      1.1025,
      0.5525,
      0,
      0.63,
      0.08,
      0.71,
      0.1575,
      0.7875,
      0.2375,
      0.8675,
      0.315,
      0.945,
      0.395,
      1.0225,
      0.4725,
      1.1025,
      0.5525,
      0,
      0.63,
      0.08,
      0.71,
      0.1575,
      0.7875,
      0.2375,
      0.8675,
      0.315,
      0.945,
      0.395,
      1.0225,
      0.4725,
      1.1025,
      0.5525,
      0,
      0.63,
      0.08,
      0.71,
      0.1575,
      0.7875,
      0.2375,
      0.8675,
      0.315,
      0.945,
      0.395,
      1.0225,
      0.4725,
      1.1025,
      0.5525
    ],
    "SoftwareVersions": "syngo_MR_E11",
    "SpacingBetweenSlices": 2.4,
    "StationName": "MRC35177",
    "TaskName": "Cuedts",
    "TotalReadoutTime": 0.0525111,
    "TxRefAmp": 241.22,
    "VendorReportedEchoSpacing": 0.00059,
    "WipMemBlock": "b15a9aa1-b1d2-4abe-aa08-5618f344ec54||Sequence: R016 ve11c/master r/e634e98; Dec 19 2017 11:00:25 by eja",
    "acq_id": "mb4PA",
    "dataset": "ds003465",
    "modality": "bold",
    "run_id": 2,
    "session_id": "wave1bas",
    "subject_id": "f2499cq",
    "task_id": "Cuedts"
  },
  "dummy_trs": 0,
  "dvars_nstd": 25.794364165007707,
  "dvars_std": 1.0344376100770434,
  "dvars_vstd": 0.9771776859476116,
  "efc": 0.5121438158909367,
  "fber": 788.4953002929688,
  "fd_mean": 0.08019717806655446,
  "fd_num": 7,
  "fd_perc": 1.0769230769230769,
  "fwhm_avg": 2.661317949804282,
  "fwhm_x": 2.484962401256466,
  "fwhm_y": 2.6902207264335662,
  "fwhm_z": 2.8087707217228126,
  "gcor": 0.0117781,
  "gsr_x": 0.0017746901139616966,
  "gsr_y": 0.07926245778799057,
  "provenance": {
    "md5sum": "cf576431d57beadedc368ab067397ddf",
    "settings": {
      "fd_thres": 0.2,
      "testing": false
    },
    "software": "mriqc",
    "version": "22.0.6",
    "webapi_port": null,
    "webapi_url": "https://mriqc.nimh.nih.gov/api/v1"
  },
  "size_t": 650,
  "size_x": 90,
  "size_y": 90,
  "size_z": 60,
  "snr": 3.031477153258907,
  "spacing_tr": 1.2000000476837158,
  "spacing_x": 2.4000000953674316,
  "spacing_y": 2.4000000953674316,
  "spacing_z": 2.4000000953674316,
  "summary_bg_k": 21.340977289219115,
  "summary_bg_mad": 49.119761185442286,
  "summary_bg_mean": 350.48065185546875,
  "summary_bg_median": 136.81846618652344,
  "summary_bg_n": 342199.0,
  "summary_bg_p05": 100.42922973632812,
  "summary_bg_p95": 1463.136779785155,
  "summary_bg_stdv": 570.5789794921875,
  "summary_fg_k": 1.850698965309011,
  "summary_fg_mad": 1149.6906952526954,
  "summary_fg_mean": 4077.4697265625,
  "summary_fg_median": 3875.53076171875,
  "summary_fg_n": 70758.0,
  "summary_fg_p05": 2399.4412231445312,
  "summary_fg_p95": 6376.36691894531,
  "summary_fg_stdv": 1278.4207763671875,
  "tsnr": 46.945582072250545
}