{
  "aor": 0.0006532666666666666,
  "aqi": 0.0097424684,
  "bids_meta": {
    "AcquisitionMatrixPE": 90,
    "AcquisitionNumber": 1,
    "AcquisitionTime": "19:48:51.835000",
    "BandwidthPerPixelPhaseEncode": 18.832,
    "BaseResolution": 90,
    "BodyPartExamined": "HEAD",
    "ConsistencyInfo": "N4_VE11C_LATEST_20160120",
    "ConversionSoftware": "dcm2niix",
    "ConversionSoftwareVersion": "v1.0.20190902",
    "DerivedVendorReportedEchoSpacing": 0.000590012,
    "DeviceSerialNumber": "67064",
    "DwellTime": 2.5e-06,
    "EchoTime": 0.033,
    "EchoTrainLength": 90,
    "EffectiveEchoSpacing": 0.000590012,
    "FlipAngle": 63,
    "ImageComments": "Unaliased_MB4_PE3_LB",
    "ImageOrientationPatientDICOM": [
      0.999977,
      -0.00606417,
      -0.00293351,
      0.00506143,
      0.96372,
      -0.266866
    ],
    "ImageType": [
      "ORIGINAL",
      "PRIMARY",
      "M",
      "MB",
      "ND",
      "MOSAIC"
    ],
    "ImagingFrequency": 123.247,
    "InPlanePhaseEncodingDirectionDICOM": "COL",
    "InstitutionAddress": "Scott_Ave_4525_St._Louis_MO_US_63110",
    "InstitutionName": "Washington_University",
    "InstitutionalDepartmentName": "Department",
    "MRAcquisitionType": "2D",
    "MagneticFieldStrength": 3,
    "Manufacturer": "Siemens",
    "ManufacturersModelName": "Prisma_fit",
    "Modality": "MR",
    "MultibandAccelerationFactor": 4,
    "PartialFourier": 1,
    "PatientPosition": "HFS",
    "PercentPhaseFOV": 100,
    "PhaseEncodingDirection": "j",
    "PhaseEncodingSteps": 90,
    "PhaseResolution": 1,
    "PixelBandwidth": 2220,
    "ProcedureStepDescription": "head_Braver",
    "ProtocolName": "tfMRI_SternBas2_PA",
    "PulseSequenceDetails": "%CustomerSeq%_cmrr_mbep2d_bold",
    "ReceiveCoilActiveElements": "HEA;HEP",
    "ReceiveCoilName": "Head_32",
    "ReconMatrixPE": 90,
    "RepetitionTime": 1.2,
    "SAR": 0.0694711,
    "ScanOptions": "FS_EXT",
    "ScanningSequence": "EP",
    "SequenceName": "epfid2d1_90",
    "SequenceVariant": "SK_SS",
    "SeriesDescription": "tfMRI_SternBas2_PA",
    "SeriesNumber": 41,
    "ShimSetting": [
      -1994,
      -11523,
      5815,
      604,
      77,
      192,
      66,
      -54
    ],
    "SliceThickness": 2.4,
    "SliceTiming": [
      0,
      0.6275,
      0.0775,
      0.7075,
      0.1575,
      0.785,
      0.235,
      0.865,
      0.3125,
      0.9425,
      0.3925,
      1.0225,
      0.47,
      1.1,
      0.55,
      0,
      0.6275,
      0.0775,
      0.7075,
      0.1575,
      0.785,
      0.235,
      0.865,
      0.3125,
      0.9425,
      0.3925,
      1.0225,
      0.47,
      1.1,
      0.55,
      0,
      0.6275,
      0.0775,
      0.7075,
      0.1575,
      0.785,
      0.235,
      0.865,
      0.3125,
      0.9425,
      0.3925,
      1.0225,
      0.47,
      1.1,
      0.55,
      0,
      0.6275,
      0.0775,
      0.7075,
      0.1575,
      0.785,
      0.235,
      0.865,
      0.3125,
      0.9425,
      0.3925,
      1.0225,
      0.47,
      1.1,
      0.55
    ],
    "SoftwareVersions": "syngo_MR_E11",
    "SpacingBetweenSlices": 2.4,
    "StationName": "MRC35177",
    "TaskName": "Stern",
    "TotalReadoutTime": 0.0525111,
    "TxRefAmp": 241.22,
    "VendorReportedEchoSpacing": 0.00059,
    "WipMemBlock": "e8ac880a-264a-4f14-aa0c-7c0c318c1af0||Sequence: R016 ve11c/master r/e634e98; Dec 19 2017 11:00:25 by eja",
    "acq_id": "mb4PA",
    "dataset": "ds003465",
    "modality": "bold",
    "run_id": 2,
    "session_id": "wave1bas",
    "subject_id": "f2499cq",
    "task_id": "Stern"
  },
  "dummy_trs": 0,
  "dvars_nstd": 25.672052039632714,
  "dvars_std": 0.9757168006510838,
  "dvars_vstd": 0.9344763373622699,
  "efc": 0.5114176219800618,
  "fber": 786.705322265625,
  "fd_mean": 0.09617353183690629,
  "fd_num": 9,
  "fd_perc": 1.5,
  "fwhm_avg": 2.6922415596865985,
  "fwhm_x": 2.5143957334202236,
  "fwhm_y": 2.7391832244879715,
  "fwhm_z": 2.8231457211516013,
  "gcor": 0.00899213,
  "gsr_x": 0.0008330490090884268,
  "gsr_y": 0.0751059278845787,
  "provenance": {
    "md5sum": "0913d87f828c6b97fedeac6a2680594d",
    "settings": {
      "fd_thres": 0.2,
      "testing": false
    },
    "software": "mriqc",
    "version": "22.0.6",
    "webapi_port": null,
    "webapi_url": "https://mriqc.nimh.nih.gov/api/v1"
  },
  "size_t": 600,
  "size_x": 90,
  "size_y": 90,
  "size_z": 60,
  "snr": 2.9946830097118053,
  "spacing_tr": 1.2000000476837158,
  "spacing_x": 2.4000000953674316,
  "spacing_y": 2.4000000953674316,
  "spacing_z": 2.4000000953674316,
  "summary_bg_k": 21.83537965142828,
  "summary_bg_mad": 52.50266011191543,
  "summary_bg_mean": 353.5099792480469,
  "summary_bg_median": 138.62249755859375,
  "summary_bg_n": 342106.0,
  "summary_bg_p05": 98.97666931152344,
  "summary_bg_p95": 1462.02587890625,
  "summary_bg_stdv": 569.131103515625,
  "summary_fg_k": 1.7467677465156157,
  "summary_fg_mad": 1180.7073417623988,
  "summary_fg_mean": 4127.93896484375,
  "summary_fg_median": 3918.5517578125,
  "summary_fg_n": 70775.0,
  "summary_fg_p05": 2413.3479248046874,
  "summary_fg_p95": 6494.022705078126,
  "summary_fg_stdv": 1308.4937744140625,
  "tsnr": 37.23047753877472
}