{
  "bids_meta": {
    "AcquisitionMatrixPE": 300,
    "AcquisitionNumber": 1,
    "AcquisitionTime": "09:47:56.420000",
    "BaseResolution": 320,
    "BodyPartExamined": "HEAD",
    "ConsistencyInfo": "N4_VE11C_LATEST_20160120",
    "ConversionSoftware": "dcm2niix",
    "ConversionSoftwareVersion": "v1.0.20190902",
    "DeviceSerialNumber": "67064",
    "DwellTime": 2.1e-06,
    "EchoTime": 0.563,
    "EchoTrainLength": 314,
    "FlipAngle": 120,
    "ImageOrientationPatientDICOM": [
      0.000833773,
      0.988067,
      -0.154021,
      -0.000332125,
      -0.15402,
      -0.988068
    ],
    "ImageType": [
      "ORIGINAL",
      "PRIMARY",
      "M",
      "ND"
    ],
    "ImagingFrequency": 123.247,
    "InPlanePhaseEncodingDirectionDICOM": "ROW",
    "InstitutionAddress": "Scott_Ave_4525_St._Louis_MO_US_63110",
    "InstitutionName": "Washington_University",
    "InstitutionalDepartmentName": "Department",
    "MRAcquisitionType": "3D",
    "MagneticFieldStrength": 3,
    "Manufacturer": "Siemens",
    "ManufacturersModelName": "Prisma_fit",
    "Modality": "MR",
    "ParallelReductionFactorInPlane": 2,
    "PartialFourier": 1,
    "PatientPosition": "HFS",
    "PercentPhaseFOV": 93.75,
    "PhaseEncodingSteps": 297,
    "PhaseResolution": 1,
    "PixelBandwidth": 745,
    "ProcedureStepDescription": "head_Braver",
    "ProtocolName": "T2w_SPC",
    "PulseSequenceDetails": "%SiemensSeq%_tse_vfl",
    "ReceiveCoilActiveElements": "HEA;HEP",
    "ReceiveCoilName": "Head_32",
    "ReconMatrixPE": 300,
    "RefLinesPE": 32,
    "RepetitionTime": 3.2,
    "SAR": 0.161514,
    "ScanOptions": "PFP",
    "ScanningSequence": "SE",
    "SequenceName": "_spc_314ns",
    "SequenceVariant": "SK_SP",
    "SeriesDescription": "T2w_SPC",
    "SeriesNumber": 44,
    "ShimSetting": [
      -1995,
      -11498,
      5837,
      369,
      140,
      82,
      92,
      -12
    ],
    "SliceThickness": 0.8,
    "SoftwareVersions": "syngo_MR_E11",
    "StationName": "MRC35177",
    "TxRefAmp": 274.576,
    "dataset": "ds003465",
    "modality": "T2w",
    "session_id": "wave1rea",
    "subject_id": "f3996sp"
  },
  "cjv": 0.6501425930687179,
  "cnr": 1.3287048036028717,
  "efc": 0.52818281450463,
  "fber": 3898.9482206105586,
  "fwhm_avg": 3.3568083649011995,
  "fwhm_x": 3.285175195811701,
  "fwhm_y": 3.5350124473242097,
  "fwhm_z": 3.250237451567688,
  "icvs_csf": 0.2832526666711206,
  "icvs_gm": 0.5740272071939658,
  "icvs_wm": 0.14272012613491358,
  "inu_med": 1.001366138458252,
  "inu_range": 0.9168354719877242,
  "provenance": {
    "md5sum": "b2f082dd7118a25ce021184b24c21efa",
    "settings": {
      "testing": false
    },
    "software": "mriqc",
    "version": "22.0.6",
    "warnings": {
      "large_rot_frame": true,
      "small_air_mask": false
    },
    "webapi_port": null,
    "webapi_url": "https://mriqc.nimh.nih.gov/api/v1"
  },
  "qi_1": 0.0,
  "qi_2": 0.001564733613654298,
  "rpve_csf": 14.167217272020189,
  "rpve_gm": 9.297641612795898,
  "rpve_wm": 39.53221620099657,
  "size_x": 208,
  "size_y": 300,
  "size_z": 320,
  "snr_csf": 4.80538374963533,
  "snr_gm": 6.660923189860952,
  "snr_total": 4.486183205235225,
  "snr_wm": 1.9922426762093932,
  "snrd_csf": 49.56949080483965,
  "snrd_gm": 26.127181851696417,
  "snrd_total": 51.6441049166269,
  "snrd_wm": 79.23564209334465,
  "spacing_x": 0.7999999523162842,
  "spacing_y": 0.800000011920929,
  "spacing_z": 0.800000011920929,
  "summary_bg_k": 9.599838644411857,
  "summary_bg_mad": 0.0,
  "summary_bg_mean": 5.525218656514455,
  "summary_bg_median": 0.0,
  "summary_bg_n": 7103695.0,
  "summary_bg_p05": 0.0,
  "summary_bg_p95": 21.506189458072186,
  "summary_bg_stdv": 8.277156968149049,
  "summary_csf_k": 1.3037831420382684,
  "summary_csf_mad": 110.7018656432599,
  "summary_csf_mean": 652.9119726268037,
  "summary_csf_median": 626.2733321227133,
  "summary_csf_n": 39872.0,
  "summary_csf_p05": 491.82187367230654,
  "summary_csf_p95": 918.0511286420746,
  "summary_csf_stdv": 130.32579938553113,
  "summary_gm_k": 1.1805657872153583,
  "summary_gm_mad": 43.79537551418005,
  "summary_gm_mean": 335.13468821113077,
  "summary_gm_median": 330.09734357893467,
  "summary_gm_n": 606548.0,
  "summary_gm_p05": 263.43822941556573,
  "summary_gm_p95": 425.84269758313894,
  "summary_gm_stdv": 49.55725536211099,
  "summary_wm_k": -1.717569781532044,
  "summary_wm_mad": 392.4409139211821,
  "summary_wm_mean": 716.2483014058548,
  "summary_wm_median": 1001.0828998032957,
  "summary_wm_n": 63796.0,
  "summary_wm_p05": 32.762942019850016,
  "summary_wm_p95": 1288.7092966362834,
  "summary_wm_stdv": 502.4865021504792,
  "tpm_overlap_csf": 0.12947321907401896,
  "tpm_overlap_gm": 0.36267247540323133,
  "tpm_overlap_wm": 0.02803451757291768,
  "wm2max": 0.7744647275419354
}