{
  "bids_meta": {
    "AcquisitionMatrixPE": 300,
    "AcquisitionNumber": 1,
    "AcquisitionTime": "15:31:5.142500",
    "BaseResolution": 320,
    "BodyPartExamined": "HEAD",
    "ConsistencyInfo": "N4_VE11C_LATEST_20160120",
    "ConversionSoftware": "dcm2niix",
    "ConversionSoftwareVersion": "v1.0.20190902",
    "DeviceSerialNumber": "67064",
    "DwellTime": 7.1e-06,
    "EchoTime": 0.00222,
    "FlipAngle": 8,
    "ImageOrientationPatientDICOM": [
      0.0195811,
      0.997458,
      -0.0685124,
      0.0749534,
      -0.0697972,
      -0.994741
    ],
    "ImageType": [
      "ORIGINAL",
      "PRIMARY",
      "M",
      "ND"
    ],
    "ImagingFrequency": 123.247,
    "InPlanePhaseEncodingDirectionDICOM": "ROW",
    "InstitutionAddress": "Scott_Ave_4525_St._Louis_MO_US_63110",
    "InstitutionName": "Washington_University",
    "InstitutionalDepartmentName": "Department",
    "InversionTime": 1,
    "MRAcquisitionType": "3D",
    "MagneticFieldStrength": 3,
    "Manufacturer": "Siemens",
    "ManufacturersModelName": "Prisma_fit",
    "Modality": "MR",
    "ParallelReductionFactorInPlane": 2,
    "PartialFourier": 1,
    "PatientPosition": "HFS",
    "PercentPhaseFOV": 93.75,
    "PhaseEncodingSteps": 299,
    "PhaseResolution": 1,
    "PixelBandwidth": 220,
    "ProcedureStepDescription": "head_Braver",
    "ProtocolName": "T1w_MPR",
    "PulseSequenceDetails": "%SiemensSeq%_tfl",
    "ReceiveCoilActiveElements": "HEA;HEP",
    "ReceiveCoilName": "Head_32",
    "ReconMatrixPE": 300,
    "RefLinesPE": 32,
    "RepetitionTime": 2.4,
    "SAR": 0.0317846,
    "ScanOptions": "IR_WE",
    "ScanningSequence": "GR_IR",
    "SequenceName": "_tfl3d1_16ns",
    "SequenceVariant": "SK_SP_MP",
    "SeriesDescription": "T1w_MPR",
    "SeriesNumber": 11,
    "ShimSetting": [
      -1968,
      -11464,
      5791,
      523,
      86,
      260,
      -25,
      -10
    ],
    "SliceThickness": 0.8,
    "SoftwareVersions": "syngo_MR_E11",
    "StationName": "MRC35177",
    "TxRefAmp": 226.599,
    "dataset": "ds003465",
    "modality": "T1w",
    "session_id": "wave1bas",
    "subject_id": "f9057kp"
  },
  "cjv": 0.5112877014450792,
  "cnr": 2.6123025794377317,
  "efc": 0.5222677539556541,
  "fber": 19863.5154738297,
  "fwhm_avg": 4.9440417150026255,
  "fwhm_x": 4.9126877928190105,
  "fwhm_y": 4.833274927978591,
  "fwhm_z": 5.086162424210274,
  "icvs_csf": 0.17285571088881532,
  "icvs_gm": 0.4015656245106492,
  "icvs_wm": 0.4255786646005355,
  "inu_med": 0.9777278304100037,
  "inu_range": 0.8674143850803375,
  "provenance": {
    "md5sum": "182db32284e172d779314d227c5cd4f8",
    "settings": {
      "testing": false
    },
    "software": "mriqc",
    "version": "22.0.6",
    "warnings": {
      "large_rot_frame": true,
      "small_air_mask": false
    },
    "webapi_port": null,
    "webapi_url": "https://mriqc.nimh.nih.gov/api/v1"
  },
  "qi_1": 0.0,
  "qi_2": 0.00151423930570919,
  "rpve_csf": 28.46381092633991,
  "rpve_gm": 12.624923554171135,
  "rpve_wm": 13.757510702760124,
  "size_x": 208,
  "size_y": 300,
  "size_z": 320,
  "snr_csf": 2.617302552776134,
  "snr_gm": 13.196839807383615,
  "snr_total": 10.176812838694813,
  "snr_wm": 14.71629615592469,
  "snrd_csf": 15.771636209943901,
  "snrd_gm": 38.598613648438366,
  "snrd_total": 34.95710158920451,
  "snrd_wm": 50.50105490923127,
  "spacing_x": 0.7999999523162842,
  "spacing_y": 0.800000011920929,
  "spacing_z": 0.800000011920929,
  "summary_bg_k": 8512.67191326322,
  "summary_bg_mad": 0.0,
  "summary_bg_mean": 6.551912965327449,
  "summary_bg_median": 0.0,
  "summary_bg_n": 6848987.0,
  "summary_bg_p05": 0.0,
  "summary_bg_p95": 25.120773673057556,
  "summary_bg_stdv": 12.973817319927685,
  "summary_csf_k": 1.5950528552929688,
  "summary_csf_mad": 85.6365515386235,
  "summary_csf_mean": 318.0723030122262,
  "summary_csf_median": 312.32935160398483,
  "summary_csf_n": 60378.0,
  "summary_csf_p05": 98.08863967657089,
  "summary_csf_p95": 529.9727101325989,
  "summary_csf_stdv": 119.33154797561826,
  "summary_gm_k": 0.14376136780045767,
  "summary_gm_mad": 57.04951360682117,
  "summary_gm_mean": 763.9702719037468,
  "summary_gm_median": 764.3772537708282,
  "summary_gm_n": 68628.0,
  "summary_gm_p05": 668.6557639211417,
  "summary_gm_p95": 858.9645280867812,
  "summary_gm_stdv": 57.92081255189221,
  "summary_wm_k": 0.5386452482970867,
  "summary_wm_mad": 63.46446983116897,
  "summary_wm_mean": 1010.2823911209861,
  "summary_wm_median": 1000.0840448737144,
  "summary_wm_n": 480916.0,
  "summary_wm_p05": 917.1182789802551,
  "summary_wm_p95": 1139.214483678341,
  "summary_wm_stdv": 67.9575210030386,
  "tpm_overlap_csf": 0.1406524719667005,
  "tpm_overlap_gm": 0.4311403455626417,
  "tpm_overlap_wm": 0.47591855252772647,
  "wm2max": 0.5388881282664537
}