{
  "aor": 0.0009064367816091954,
  "aqi": 0.013028537931034482,
  "bids_meta": {
    "AcquisitionMatrixPE": 90,
    "AcquisitionNumber": 1,
    "AcquisitionTime": "17:08:58.105000",
    "BandwidthPerPixelPhaseEncode": 18.832,
    "BaseResolution": 90,
    "BodyPartExamined": "HEAD",
    "ConsistencyInfo": "N4_VE11C_LATEST_20160120",
    "ConversionSoftware": "dcm2niix",
    "ConversionSoftwareVersion": "v1.0.20190902",
    "DerivedVendorReportedEchoSpacing": 0.000590012,
    "DeviceSerialNumber": "67064",
    "DwellTime": 2.5e-06,
    "EchoTime": 0.033,
    "EchoTrainLength": 90,
    "EffectiveEchoSpacing": 0.000590012,
    "FlipAngle": 63,
    "ImageComments": "Unaliased_MB4_PE3_LB",
    "ImageOrientationPatientDICOM": [
      0.996379,
      -0.0848312,
      -0.00575178,
      0.0647822,
      0.801227,
      -0.594844
    ],
    "ImageType": [
      "ORIGINAL",
      "PRIMARY",
      "M",
      "MB",
      "ND",
      "MOSAIC"
    ],
    "ImagingFrequency": 123.247,
    "InPlanePhaseEncodingDirectionDICOM": "COL",
    "InstitutionAddress": "Scott_Ave_4525_St._Louis_MO_US_63110",
    "InstitutionName": "Washington_University",
    "InstitutionalDepartmentName": "Department",
    "MRAcquisitionType": "2D",
    "MagneticFieldStrength": 3,
    "Manufacturer": "Siemens",
    "ManufacturersModelName": "Prisma_fit",
    "Modality": "MR",
    "MultibandAccelerationFactor": 4,
    "PartialFourier": 1,
    "PatientPosition": "HFS",
    "PercentPhaseFOV": 100,
    "PhaseEncodingDirection": "j-",
    "PhaseEncodingSteps": 90,
    "PhaseResolution": 1,
    "PixelBandwidth": 2220,
    "ProcedureStepDescription": "head_Braver",
    "ProtocolName": "tfMRI_AxcptBas1_AP",
    "PulseSequenceDetails": "%CustomerSeq%_cmrr_mbep2d_bold",
    "ReceiveCoilActiveElements": "HEA;HEP",
    "ReceiveCoilName": "Head_32",
    "ReconMatrixPE": 90,
    "RepetitionTime": 1.2,
    "SAR": 0.0641745,
    "ScanOptions": "FS_EXT",
    "ScanningSequence": "EP",
    "SequenceName": "epfid2d1_90",
    "SequenceVariant": "SK_SS",
    "SeriesDescription": "tfMRI_AxcptBas1_AP",
    "SeriesNumber": 47,
    "ShimSetting": [
      -2002,
      -11375,
      5612,
      349,
      21,
      278,
      -322,
      34
    ],
    "SliceThickness": 2.4,
    "SliceTiming": [
      0,
      0.6275,
      0.0775,
      0.7075,
      0.1575,
      0.785,
      0.235,
      0.865,
      0.315,
      0.9425,
      0.3925,
      1.0225,
      0.47,
      1.1,
      0.55,
      0,
      0.6275,
      0.0775,
      0.7075,
      0.1575,
      0.785,
      0.235,
      0.865,
      0.315,
      0.9425,
      0.3925,
      1.0225,
      0.47,
      1.1,
      0.55,
      0,
      0.6275,
      0.0775,
      0.7075,
      0.1575,
      0.785,
      0.235,
      0.865,
      0.315,
      0.9425,
      0.3925,
      1.0225,
      0.47,
      1.1,
      0.55,
      0,
      0.6275,
      0.0775,
      0.7075,
      0.1575,
      0.785,
      0.235,
      0.865,
      0.315,
      0.9425,
      0.3925,
      1.0225,
      0.47,
      1.1,
      0.55
    ],
    "SoftwareVersions": "syngo_MR_E11",
    "SpacingBetweenSlices": 2.4,
    "StationName": "MRC35177",
    "TaskName": "Axcpt",
    "TotalReadoutTime": 0.0525111,
    "TxRefAmp": 233.365,
    "VendorReportedEchoSpacing": 0.00059,
    "WipMemBlock": "3f1ac738-e71f-4260-92cb-8eb1a2e964fe||Sequence: ve11c/master r/ab69a6c; Apr 19 2017 09:47:47 by eja",
    "acq_id": "mb4AP",
    "dataset": "ds003465",
    "modality": "bold",
    "run_id": 1,
    "session_id": "wave1bas",
    "subject_id": "f5094na",
    "task_id": "Axcpt"
  },
  "dummy_trs": 1,
  "dvars_nstd": 33.69802521391449,
  "dvars_std": 1.0769120541940786,
  "dvars_vstd": 0.9464440756743426,
  "efc": 0.5017538831665255,
  "fber": 847.2634887695312,
  "fd_mean": 0.18716655550970618,
  "fd_num": 249,
  "fd_perc": 40.88669950738916,
  "fwhm_avg": 3.0821734886365406,
  "fwhm_x": 2.9363707166524446,
  "fwhm_y": 3.1344915421131634,
  "fwhm_z": 3.175658207144014,
  "gcor": 0.0106109,
  "gsr_x": -0.013089550659060478,
  "gsr_y": 0.06400427967309952,
  "provenance": {
    "md5sum": "06d9cc75b9d250579dc637a4673e6db5",
    "settings": {
      "fd_thres": 0.2,
      "testing": false
    },
    "software": "mriqc",
    "version": "22.0.6",
    "webapi_port": null,
    "webapi_url": "https://mriqc.nimh.nih.gov/api/v1"
  },
  "size_t": 609,
  "size_x": 90,
  "size_y": 90,
  "size_z": 60,
  "snr": 2.5614803283954726,
  "spacing_tr": 1.2000000476837158,
  "spacing_x": 2.4000000953674316,
  "spacing_y": 2.4000000953674316,
  "spacing_z": 2.4000000953674316,
  "summary_bg_k": 36.367036186967304,
  "summary_bg_mad": 50.094415594925266,
  "summary_bg_mean": 305.5451965332031,
  "summary_bg_median": 135.5878448486328,
  "summary_bg_n": 331378.0,
  "summary_bg_p05": 95.97865295410156,
  "summary_bg_p95": 1171.770764160153,
  "summary_bg_stdv": 494.8342590332031,
  "summary_fg_k": 2.252565986187413,
  "summary_fg_mad": 1199.2011394064677,
  "summary_fg_mean": 4349.04248046875,
  "summary_fg_median": 3992.323486328125,
  "summary_fg_n": 81859.0,
  "summary_fg_p05": 2513.10966796875,
  "summary_fg_p95": 7561.371972656245,
  "summary_fg_stdv": 1558.590576171875,
  "tsnr": 35.65035666851327
}