{
  "aor": 0.004384539363484086,
  "aqi": 0.010868083232830823,
  "bids_meta": {
    "AcquisitionMatrixPE": 90,
    "AcquisitionNumber": 1,
    "AcquisitionTime": "16:01:52.387500",
    "BandwidthPerPixelPhaseEncode": 18.832,
    "BaseResolution": 90,
    "BodyPartExamined": "HEAD",
    "ConsistencyInfo": "N4_VE11C_LATEST_20160120",
    "ConversionSoftware": "dcm2niix",
    "ConversionSoftwareVersion": "v1.0.20190902",
    "DerivedVendorReportedEchoSpacing": 0.000590012,
    "DeviceSerialNumber": "67064",
    "DwellTime": 2.5e-06,
    "EchoTime": 0.033,
    "EchoTrainLength": 90,
    "EffectiveEchoSpacing": 0.000590012,
    "FlipAngle": 63,
    "ImageComments": "Unaliased_MB4_PE3_LB",
    "ImageOrientationPatientDICOM": [
      0.989764,
      -0.142673,
      -0.00352645,
      0.114695,
      0.80989,
      -0.575259
    ],
    "ImageType": [
      "ORIGINAL",
      "PRIMARY",
      "M",
      "MB",
      "ND",
      "MOSAIC"
    ],
    "ImagingFrequency": 123.247,
    "InPlanePhaseEncodingDirectionDICOM": "COL",
    "InstitutionAddress": "Scott_Ave_4525_St._Louis_MO_US_63110",
    "InstitutionName": "Washington_University",
    "InstitutionalDepartmentName": "Department",
    "MRAcquisitionType": "2D",
    "MagneticFieldStrength": 3,
    "Manufacturer": "Siemens",
    "ManufacturersModelName": "Prisma_fit",
    "Modality": "MR",
    "MultibandAccelerationFactor": 4,
    "PartialFourier": 1,
    "PatientPosition": "HFS",
    "PercentPhaseFOV": 100,
    "PhaseEncodingDirection": "j",
    "PhaseEncodingSteps": 90,
    "PhaseResolution": 1,
    "PixelBandwidth": 2220,
    "ProcedureStepDescription": "head_Braver",
    "ProtocolName": "tfMRI_SternBas2_PA",
    "PulseSequenceDetails": "%CustomerSeq%_cmrr_mbep2d_bold",
    "ReceiveCoilActiveElements": "HEA;HEP",
    "ReceiveCoilName": "Head_32",
    "ReconMatrixPE": 90,
    "RepetitionTime": 1.2,
    "SAR": 0.0647414,
    "ScanOptions": "FS_EXT",
    "ScanningSequence": "EP",
    "SequenceName": "epfid2d1_90",
    "SequenceVariant": "SK_SS",
    "SeriesDescription": "tfMRI_SternBas2_PA",
    "SeriesNumber": 22,
    "ShimSetting": [
      -2015,
      -11412,
      5591,
      362,
      30,
      232,
      -263,
      13
    ],
    "SliceThickness": 2.4,
    "SliceTiming": [
      0,
      0.6275,
      0.0775,
      0.7075,
      0.155,
      0.785,
      0.235,
      0.865,
      0.3125,
      0.9425,
      0.3925,
      1.0225,
      0.47,
      1.1,
      0.55,
      0,
      0.6275,
      0.0775,
      0.7075,
      0.155,
      0.785,
      0.235,
      0.865,
      0.3125,
      0.9425,
      0.3925,
      1.0225,
      0.47,
      1.1,
      0.55,
      0,
      0.6275,
      0.0775,
      0.7075,
      0.155,
      0.785,
      0.235,
      0.865,
      0.3125,
      0.9425,
      0.3925,
      1.0225,
      0.47,
      1.1,
      0.55,
      0,
      0.6275,
      0.0775,
      0.7075,
      0.155,
      0.785,
      0.235,
      0.865,
      0.3125,
      0.9425,
      0.3925,
      1.0225,
      0.47,
      1.1,
      0.55
    ],
    "SoftwareVersions": "syngo_MR_E11",
    "SpacingBetweenSlices": 2.4,
    "StationName": "MRC35177",
    "TaskName": "Stern",
    "TotalReadoutTime": 0.0525111,
    "TxRefAmp": 235.467,
    "VendorReportedEchoSpacing": 0.00059,
    "WipMemBlock": "6f4557a5-38e9-4c33-9394-5de325959361||Sequence: ve11c/master r/ab69a6c; Apr 19 2017 09:47:47 by eja",
    "acq_id": "mb4PA",
    "dataset": "ds003465",
    "modality": "bold",
    "run_id": 2,
    "session_id": "wave1bas",
    "subject_id": "f5094na",
    "task_id": "Stern"
  },
  "dummy_trs": 3,
  "dvars_nstd": 34.658728020318776,
  "dvars_std": 1.1618320269966442,
  "dvars_vstd": 1.0261843840100673,
  "efc": 0.5023995196208758,
  "fber": 873.791748046875,
  "fd_mean": 0.18602960609557145,
  "fd_num": 248,
  "fd_perc": 41.54103852596315,
  "fwhm_avg": 2.885505440895871,
  "fwhm_x": 2.739424891145035,
  "fwhm_y": 2.8832207187644356,
  "fwhm_z": 3.0338707127781426,
  "gcor": 0.0123649,
  "gsr_x": -0.01667463779449463,
  "gsr_y": 0.06068503111600876,
  "provenance": {
    "md5sum": "2cfed0d1d7c5bd82f10e1992d7a35be3",
    "settings": {
      "fd_thres": 0.2,
      "testing": false
    },
    "software": "mriqc",
    "version": "22.0.6",
    "webapi_port": null,
    "webapi_url": "https://mriqc.nimh.nih.gov/api/v1"
  },
  "size_t": 597,
  "size_x": 90,
  "size_y": 90,
  "size_z": 60,
  "snr": 2.7012763106742494,
  "spacing_tr": 1.2000000476837158,
  "spacing_x": 2.4000000953674316,
  "spacing_y": 2.4000000953674316,
  "spacing_z": 2.4000000953674316,
  "summary_bg_k": 34.63923675172203,
  "summary_bg_mad": 53.569864046482444,
  "summary_bg_mean": 325.8108825683594,
  "summary_bg_median": 138.86431884765625,
  "summary_bg_n": 336320.0,
  "summary_bg_p05": 98.08207702636719,
  "summary_bg_p95": 1269.2665222167968,
  "summary_bg_stdv": 519.0775756835938,
  "summary_fg_k": 1.0144799029236582,
  "summary_fg_mad": 1298.1014938910726,
  "summary_fg_mean": 4395.04150390625,
  "summary_fg_median": 4074.17578125,
  "summary_fg_n": 78631.0,
  "summary_fg_p05": 2530.716796875,
  "summary_fg_p95": 7395.689208984375,
  "summary_fg_stdv": 1508.2314453125,
  "tsnr": 35.72408913448453
}