{
  "aor": 0.002102759259259259,
  "aqi": 0.00997116912962963,
  "bids_meta": {
    "AcquisitionMatrixPE": 90,
    "AcquisitionNumber": 1,
    "AcquisitionTime": "16:17:47.647500",
    "BandwidthPerPixelPhaseEncode": 18.832,
    "BaseResolution": 90,
    "BodyPartExamined": "HEAD",
    "ConsistencyInfo": "N4_VE11C_LATEST_20160120",
    "ConversionSoftware": "dcm2niix",
    "ConversionSoftwareVersion": "v1.0.20190902",
    "DerivedVendorReportedEchoSpacing": 0.000590012,
    "DeviceSerialNumber": "67064",
    "DwellTime": 2.5e-06,
    "EchoTime": 0.033,
    "EchoTrainLength": 90,
    "EffectiveEchoSpacing": 0.000590012,
    "FlipAngle": 63,
    "ImageComments": "Unaliased_MB4_PE3_LB",
    "ImageOrientationPatientDICOM": [
      0.989764,
      -0.142673,
      -0.00352645,
      0.114695,
      0.80989,
      -0.575259
    ],
    "ImageType": [
      "ORIGINAL",
      "PRIMARY",
      "M",
      "MB",
      "ND",
      "MOSAIC"
    ],
    "ImagingFrequency": 123.247,
    "InPlanePhaseEncodingDirectionDICOM": "COL",
    "InstitutionAddress": "Scott_Ave_4525_St._Louis_MO_US_63110",
    "InstitutionName": "Washington_University",
    "InstitutionalDepartmentName": "Department",
    "MRAcquisitionType": "2D",
    "MagneticFieldStrength": 3,
    "Manufacturer": "Siemens",
    "ManufacturersModelName": "Prisma_fit",
    "Modality": "MR",
    "MultibandAccelerationFactor": 4,
    "PartialFourier": 1,
    "PatientPosition": "HFS",
    "PercentPhaseFOV": 100,
    "PhaseEncodingDirection": "j-",
    "PhaseEncodingSteps": 90,
    "PhaseResolution": 1,
    "PixelBandwidth": 2220,
    "ProcedureStepDescription": "head_Braver",
    "ProtocolName": "tfMRI_StroopBas1_AP",
    "PulseSequenceDetails": "%CustomerSeq%_cmrr_mbep2d_bold",
    "ReceiveCoilActiveElements": "HEA;HEP",
    "ReceiveCoilName": "Head_32",
    "ReconMatrixPE": 90,
    "RepetitionTime": 1.2,
    "SAR": 0.0647132,
    "ScanOptions": "FS_EXT",
    "ScanningSequence": "EP",
    "SequenceName": "epfid2d1_90",
    "SequenceVariant": "SK_SS",
    "SeriesDescription": "tfMRI_StroopBas1_AP",
    "SeriesNumber": 28,
    "ShimSetting": [
      -2015,
      -11412,
      5591,
      362,
      30,
      232,
      -263,
      13
    ],
    "SliceThickness": 2.4,
    "SliceTiming": [
      0,
      0.63,
      0.08,
      0.71,
      0.1575,
      0.7875,
      0.2375,
      0.8675,
      0.315,
      0.945,
      0.395,
      1.0225,
      0.4725,
      1.1025,
      0.5525,
      0,
      0.63,
      0.08,
      0.71,
      0.1575,
      0.7875,
      0.2375,
      0.8675,
      0.315,
      0.945,
      0.395,
      1.0225,
      0.4725,
      1.1025,
      0.5525,
      0,
      0.63,
      0.08,
      0.71,
      0.1575,
      0.7875,
      0.2375,
      0.8675,
      0.315,
      0.945,
      0.395,
      1.0225,
      0.4725,
      1.1025,
      0.5525,
      0,
      0.63,
      0.08,
      0.71,
      0.1575,
      0.7875,
      0.2375,
      0.8675,
      0.315,
      0.945,
      0.395,
      1.0225,
      0.4725,
      1.1025,
      0.5525
    ],
    "SoftwareVersions": "syngo_MR_E11",
    "SpacingBetweenSlices": 2.4,
    "StationName": "MRC35177",
    "TaskName": "Stroop",
    "TotalReadoutTime": 0.0525111,
    "TxRefAmp": 235.467,
    "VendorReportedEchoSpacing": 0.00059,
    "WipMemBlock": "07f559ce-a29c-4767-a38f-23aebebc2cdb||Sequence: ve11c/master r/ab69a6c; Apr 19 2017 09:47:47 by eja",
    "acq_id": "mb4AP",
    "dataset": "ds003465",
    "modality": "bold",
    "run_id": 1,
    "session_id": "wave1bas",
    "subject_id": "f5094na",
    "task_id": "Stroop"
  },
  "dummy_trs": 0,
  "dvars_nstd": 36.203769517588164,
  "dvars_std": 1.1208919320779225,
  "dvars_vstd": 0.9930473608719844,
  "efc": 0.501400254119325,
  "fber": 904.4180908203125,
  "fd_mean": 0.24636262855736638,
  "fd_num": 298,
  "fd_perc": 55.18518518518518,
  "fwhm_avg": 2.9716526596949104,
  "fwhm_x": 2.8418582204080334,
  "fwhm_y": 3.0007415474279107,
  "fwhm_z": 3.072358211248787,
  "gcor": 0.012494,
  "gsr_x": -0.013873443007469177,
  "gsr_y": 0.05916742980480194,
  "provenance": {
    "md5sum": "aa1e5f586b46ff8905518305d848939c",
    "settings": {
      "fd_thres": 0.2,
      "testing": false
    },
    "software": "mriqc",
    "version": "22.0.6",
    "webapi_port": null,
    "webapi_url": "https://mriqc.nimh.nih.gov/api/v1"
  },
  "size_t": 540,
  "size_x": 90,
  "size_y": 90,
  "size_z": 60,
  "snr": 2.691008635753612,
  "spacing_tr": 1.2000000476837158,
  "spacing_x": 2.4000000953674316,
  "spacing_y": 2.4000000953674316,
  "spacing_z": 2.4000000953674316,
  "summary_bg_k": 38.86349318012593,
  "summary_bg_mad": 43.86306806105681,
  "summary_bg_mean": 296.31463623046875,
  "summary_bg_median": 131.4962921142578,
  "summary_bg_n": 332157.0,
  "summary_bg_p05": 97.34073638916016,
  "summary_bg_p95": 1130.5395751953126,
  "summary_bg_stdv": 473.721435546875,
  "summary_fg_k": 1.7649538996415144,
  "summary_fg_mad": 1187.7728679599645,
  "summary_fg_mean": 4313.39013671875,
  "summary_fg_median": 3989.84619140625,
  "summary_fg_n": 81521.0,
  "summary_fg_p05": 2514.1796875,
  "summary_fg_p95": 7334.98876953125,
  "summary_fg_stdv": 1482.649169921875,
  "tsnr": 37.08077278122073
}