{
  "aor": 0.00075,
  "aqi": 0.008138015784615385,
  "bids_meta": {
    "AcquisitionMatrixPE": 90,
    "AcquisitionNumber": 1,
    "AcquisitionTime": "17:51:48.182500",
    "BandwidthPerPixelPhaseEncode": 18.832,
    "BaseResolution": 90,
    "BodyPartExamined": "HEAD",
    "ConsistencyInfo": "N4_VE11C_LATEST_20160120",
    "ConversionSoftware": "dcm2niix",
    "ConversionSoftwareVersion": "v1.0.20190902",
    "DerivedVendorReportedEchoSpacing": 0.000590012,
    "DeviceSerialNumber": "67064",
    "DwellTime": 2.5e-06,
    "EchoTime": 0.033,
    "EchoTrainLength": 90,
    "EffectiveEchoSpacing": 0.000590012,
    "FlipAngle": 63,
    "ImageComments": "Unaliased_MB4_PE3_LB",
    "ImageOrientationPatientDICOM": [
      0.996379,
      -0.0848312,
      -0.00575178,
      0.0647822,
      0.801227,
      -0.594844
    ],
    "ImageType": [
      "ORIGINAL",
      "PRIMARY",
      "M",
      "MB",
      "ND",
      "MOSAIC"
    ],
    "ImagingFrequency": 123.247,
    "InPlanePhaseEncodingDirectionDICOM": "COL",
    "InstitutionAddress": "Scott_Ave_4525_St._Louis_MO_US_63110",
    "InstitutionName": "Washington_University",
    "InstitutionalDepartmentName": "Department",
    "MRAcquisitionType": "2D",
    "MagneticFieldStrength": 3,
    "Manufacturer": "Siemens",
    "ManufacturersModelName": "Prisma_fit",
    "Modality": "MR",
    "MultibandAccelerationFactor": 4,
    "PartialFourier": 1,
    "PatientPosition": "HFS",
    "PercentPhaseFOV": 100,
    "PhaseEncodingDirection": "j",
    "PhaseEncodingSteps": 90,
    "PhaseResolution": 1,
    "PixelBandwidth": 2220,
    "ProcedureStepDescription": "head_Braver",
    "ProtocolName": "tfMRI_CuedtsBas2_PA",
    "PulseSequenceDetails": "%CustomerSeq%_cmrr_mbep2d_bold",
    "ReceiveCoilActiveElements": "HEA;HEP",
    "ReceiveCoilName": "Head_32",
    "ReconMatrixPE": 90,
    "RepetitionTime": 1.2,
    "SAR": 0.0641897,
    "ScanOptions": "FS_EXT",
    "ScanningSequence": "EP",
    "SequenceName": "epfid2d1_90",
    "SequenceVariant": "SK_SS",
    "SeriesDescription": "tfMRI_CuedtsBas2_PA",
    "SeriesNumber": 56,
    "ShimSetting": [
      -2002,
      -11375,
      5612,
      349,
      21,
      278,
      -322,
      34
    ],
    "SliceThickness": 2.4,
    "SliceTiming": [
      0,
      0.6275,
      0.0775,
      0.7075,
      0.1575,
      0.785,
      0.235,
      0.865,
      0.3125,
      0.9425,
      0.3925,
      1.0225,
      0.47,
      1.1,
      0.55,
      0,
      0.6275,
      0.0775,
      0.7075,
      0.1575,
      0.785,
      0.235,
      0.865,
      0.3125,
      0.9425,
      0.3925,
      1.0225,
      0.47,
      1.1,
      0.55,
      0,
      0.6275,
      0.0775,
      0.7075,
      0.1575,
      0.785,
      0.235,
      0.865,
      0.3125,
      0.9425,
      0.3925,
      1.0225,
      0.47,
      1.1,
      0.55,
      0,
      0.6275,
      0.0775,
      0.7075,
      0.1575,
      0.785,
      0.235,
      0.865,
      0.3125,
      0.9425,
      0.3925,
      1.0225,
      0.47,
      1.1,
      0.55
    ],
    "SoftwareVersions": "syngo_MR_E11",
    "SpacingBetweenSlices": 2.4,
    "StationName": "MRC35177",
    "TaskName": "Cuedts",
    "TotalReadoutTime": 0.0525111,
    "TxRefAmp": 233.365,
    "VendorReportedEchoSpacing": 0.00059,
    "WipMemBlock": "85cecb1b-1ebb-44f3-8bbc-61b861b156d1||Sequence: ve11c/master r/ab69a6c; Apr 19 2017 09:47:47 by eja",
    "acq_id": "mb4PA",
    "dataset": "ds003465",
    "modality": "bold",
    "run_id": 2,
    "session_id": "wave1bas",
    "subject_id": "f5094na",
    "task_id": "Cuedts"
  },
  "dummy_trs": 0,
  "dvars_nstd": 35.46727608385206,
  "dvars_std": 1.1414853725115566,
  "dvars_vstd": 0.9829599526502312,
  "efc": 0.49927494942966083,
  "fber": 840.0651245117188,
  "fd_mean": 0.16589015829412432,
  "fd_num": 143,
  "fd_perc": 22.0,
  "fwhm_avg": 2.9216859950137404,
  "fwhm_x": 2.748129057465829,
  "fwhm_y": 2.9493623828028688,
  "fwhm_z": 3.0675665447725238,
  "gcor": 0.015052,
  "gsr_x": -0.01240923348814249,
  "gsr_y": 0.06842900067567825,
  "provenance": {
    "md5sum": "61c76d92b7daecd4359f8f6c88b06b55",
    "settings": {
      "fd_thres": 0.2,
      "testing": false
    },
    "software": "mriqc",
    "version": "22.0.6",
    "webapi_port": null,
    "webapi_url": "https://mriqc.nimh.nih.gov/api/v1"
  },
  "size_t": 650,
  "size_x": 90,
  "size_y": 90,
  "size_z": 60,
  "snr": 2.5497098667337643,
  "spacing_tr": 1.2000000476837158,
  "spacing_x": 2.4000000953674316,
  "spacing_y": 2.4000000953674316,
  "spacing_z": 2.4000000953674316,
  "summary_bg_k": 36.62231144790566,
  "summary_bg_mad": 51.63333706121788,
  "summary_bg_mean": 327.3728942871094,
  "summary_bg_median": 138.73846435546875,
  "summary_bg_n": 337385.0,
  "summary_bg_p05": 100.75846099853516,
  "summary_bg_p95": 1271.9916992187495,
  "summary_bg_stdv": 539.2800903320312,
  "summary_fg_k": 1.5925382966820365,
  "summary_fg_mad": 1294.0017150756664,
  "summary_fg_mean": 4408.72314453125,
  "summary_fg_median": 4043.15478515625,
  "summary_fg_n": 77370.0,
  "summary_fg_p05": 2511.475634765625,
  "summary_fg_p95": 7608.695239257814,
  "summary_fg_stdv": 1585.7210693359375,
  "tsnr": 41.429401574190706
}