{
  "aor": 0.0011642777777777778,
  "aqi": 0.007109368462962962,
  "bids_meta": {
    "AcquisitionMatrixPE": 90,
    "AcquisitionNumber": 1,
    "AcquisitionTime": "16:29:32.132500",
    "BandwidthPerPixelPhaseEncode": 18.832,
    "BaseResolution": 90,
    "BodyPartExamined": "HEAD",
    "ConsistencyInfo": "N4_VE11C_LATEST_20160120",
    "ConversionSoftware": "dcm2niix",
    "ConversionSoftwareVersion": "v1.0.20190902",
    "DerivedVendorReportedEchoSpacing": 0.000590012,
    "DeviceSerialNumber": "67064",
    "DwellTime": 2.5e-06,
    "EchoTime": 0.033,
    "EchoTrainLength": 90,
    "EffectiveEchoSpacing": 0.000590012,
    "FlipAngle": 63,
    "ImageComments": "Unaliased_MB4_PE3_LB",
    "ImageOrientationPatientDICOM": [
      0.989764,
      -0.142673,
      -0.00352645,
      0.114695,
      0.80989,
      -0.575259
    ],
    "ImageType": [
      "ORIGINAL",
      "PRIMARY",
      "M",
      "MB",
      "ND",
      "MOSAIC"
    ],
    "ImagingFrequency": 123.247,
    "InPlanePhaseEncodingDirectionDICOM": "COL",
    "InstitutionAddress": "Scott_Ave_4525_St._Louis_MO_US_63110",
    "InstitutionName": "Washington_University",
    "InstitutionalDepartmentName": "Department",
    "MRAcquisitionType": "2D",
    "MagneticFieldStrength": 3,
    "Manufacturer": "Siemens",
    "ManufacturersModelName": "Prisma_fit",
    "Modality": "MR",
    "MultibandAccelerationFactor": 4,
    "PartialFourier": 1,
    "PatientPosition": "HFS",
    "PercentPhaseFOV": 100,
    "PhaseEncodingDirection": "j",
    "PhaseEncodingSteps": 90,
    "PhaseResolution": 1,
    "PixelBandwidth": 2220,
    "ProcedureStepDescription": "head_Braver",
    "ProtocolName": "tfMRI_StroopBas2_PA",
    "PulseSequenceDetails": "%CustomerSeq%_cmrr_mbep2d_bold",
    "ReceiveCoilActiveElements": "HEA;HEP",
    "ReceiveCoilName": "Head_32",
    "ReconMatrixPE": 90,
    "RepetitionTime": 1.2,
    "SAR": 0.0647132,
    "ScanOptions": "FS_EXT",
    "ScanningSequence": "EP",
    "SequenceName": "epfid2d1_90",
    "SequenceVariant": "SK_SS",
    "SeriesDescription": "tfMRI_StroopBas2_PA",
    "SeriesNumber": 31,
    "ShimSetting": [
      -2015,
      -11412,
      5591,
      362,
      30,
      232,
      -263,
      13
    ],
    "SliceThickness": 2.4,
    "SliceTiming": [
      0,
      0.63,
      0.08,
      0.7075,
      0.1575,
      0.7875,
      0.2375,
      0.865,
      0.315,
      0.945,
      0.3925,
      1.0225,
      0.4725,
      1.1025,
      0.55,
      0,
      0.63,
      0.08,
      0.7075,
      0.1575,
      0.7875,
      0.2375,
      0.865,
      0.315,
      0.945,
      0.3925,
      1.0225,
      0.4725,
      1.1025,
      0.55,
      0,
      0.63,
      0.08,
      0.7075,
      0.1575,
      0.7875,
      0.2375,
      0.865,
      0.315,
      0.945,
      0.3925,
      1.0225,
      0.4725,
      1.1025,
      0.55,
      0,
      0.63,
      0.08,
      0.7075,
      0.1575,
      0.7875,
      0.2375,
      0.865,
      0.315,
      0.945,
      0.3925,
      1.0225,
      0.4725,
      1.1025,
      0.55
    ],
    "SoftwareVersions": "syngo_MR_E11",
    "SpacingBetweenSlices": 2.4,
    "StationName": "MRC35177",
    "TaskName": "Stroop",
    "TotalReadoutTime": 0.0525111,
    "TxRefAmp": 235.467,
    "VendorReportedEchoSpacing": 0.00059,
    "WipMemBlock": "941b8fdb-72b9-4a91-b0a3-7a40c87201cb||Sequence: ve11c/master r/ab69a6c; Apr 19 2017 09:47:47 by eja",
    "acq_id": "mb4PA",
    "dataset": "ds003465",
    "modality": "bold",
    "run_id": 2,
    "session_id": "wave1bas",
    "subject_id": "f5094na",
    "task_id": "Stroop"
  },
  "dummy_trs": 0,
  "dvars_nstd": 35.60493647580705,
  "dvars_std": 1.15666602387755,
  "dvars_vstd": 0.9982262869387742,
  "efc": 0.503235209623056,
  "fber": 871.7086791992188,
  "fd_mean": 0.18558089941398917,
  "fd_num": 188,
  "fd_perc": 34.81481481481482,
  "fwhm_avg": 2.874619330217335,
  "fwhm_x": 2.713254058851637,
  "fwhm_y": 2.9097373843774244,
  "fwhm_z": 3.0008665474229432,
  "gcor": 0.00653179,
  "gsr_x": -0.014166426844894886,
  "gsr_y": 0.06622987985610962,
  "provenance": {
    "md5sum": "305cb31720ce705e31b8a2d83fa88257",
    "settings": {
      "fd_thres": 0.2,
      "testing": false
    },
    "software": "mriqc",
    "version": "22.0.6",
    "webapi_port": null,
    "webapi_url": "https://mriqc.nimh.nih.gov/api/v1"
  },
  "size_t": 540,
  "size_x": 90,
  "size_y": 90,
  "size_z": 60,
  "snr": 2.689542940455444,
  "spacing_tr": 1.2000000476837158,
  "spacing_x": 2.4000000953674316,
  "spacing_y": 2.4000000953674316,
  "spacing_z": 2.4000000953674316,
  "summary_bg_k": 35.159502439408676,
  "summary_bg_mad": 50.696745368907685,
  "summary_bg_mean": 326.02325439453125,
  "summary_bg_median": 136.47776794433594,
  "summary_bg_n": 336129.0,
  "summary_bg_p05": 97.37036895751953,
  "summary_bg_p95": 1295.023315429685,
  "summary_bg_stdv": 534.22705078125,
  "summary_fg_k": 1.0412758236079727,
  "summary_fg_mad": 1293.0104782164433,
  "summary_fg_mean": 4374.765625,
  "summary_fg_median": 4049.966552734375,
  "summary_fg_n": 78671.0,
  "summary_fg_p05": 2520.4129638671875,
  "summary_fg_p95": 7371.823974609375,
  "summary_fg_stdv": 1505.81005859375,
  "tsnr": 44.01834393851459
}