{
  "aor": 0.005384245901639344,
  "aqi": 0.008555931721311477,
  "bids_meta": {
    "AcquisitionMatrixPE": 90,
    "AcquisitionNumber": 1,
    "AcquisitionTime": "19:42:31.195000",
    "BandwidthPerPixelPhaseEncode": 18.832,
    "BaseResolution": 90,
    "BodyPartExamined": "HEAD",
    "ConsistencyInfo": "N4_VE11C_LATEST_20160120",
    "ConversionSoftware": "dcm2niix",
    "ConversionSoftwareVersion": "v1.0.20190902",
    "DerivedVendorReportedEchoSpacing": 0.000590012,
    "DeviceSerialNumber": "67064",
    "DwellTime": 2.5e-06,
    "EchoTime": 0.033,
    "EchoTrainLength": 90,
    "EffectiveEchoSpacing": 0.000590012,
    "FlipAngle": 63,
    "ImageComments": "Unaliased_MB4_PE3_LB",
    "ImageOrientationPatientDICOM": [
      0.999991,
      5.64726e-05,
      0.0042216,
      0.00209445,
      0.861562,
      -0.507648
    ],
    "ImageType": [
      "ORIGINAL",
      "PRIMARY",
      "M",
      "MB",
      "ND",
      "MOSAIC"
    ],
    "ImagingFrequency": 123.247,
    "InPlanePhaseEncodingDirectionDICOM": "COL",
    "InstitutionAddress": "Scott_Ave_4525_St._Louis_MO_US_63110",
    "InstitutionName": "Washington_University",
    "InstitutionalDepartmentName": "Department",
    "MRAcquisitionType": "2D",
    "MagneticFieldStrength": 3,
    "Manufacturer": "Siemens",
    "ManufacturersModelName": "Prisma_fit",
    "Modality": "MR",
    "MultibandAccelerationFactor": 4,
    "PartialFourier": 1,
    "PatientPosition": "HFS",
    "PercentPhaseFOV": 100,
    "PhaseEncodingDirection": "j",
    "PhaseEncodingSteps": 90,
    "PhaseResolution": 1,
    "PixelBandwidth": 2220,
    "ProcedureStepDescription": "head_Braver",
    "ProtocolName": "tfMRI_AxcptBas2_PA",
    "PulseSequenceDetails": "%CustomerSeq%_cmrr_mbep2d_bold",
    "ReceiveCoilActiveElements": "HEA;HEP",
    "ReceiveCoilName": "Head_32",
    "ReconMatrixPE": 90,
    "RepetitionTime": 1.2,
    "SAR": 0.0837572,
    "ScanOptions": "FS_EXT",
    "ScanningSequence": "EP",
    "SequenceName": "epfid2d1_90",
    "SequenceVariant": "SK_SS",
    "SeriesDescription": "tfMRI_AxcptBas2_PA",
    "SeriesNumber": 46,
    "ShimSetting": [
      -1987,
      -11442,
      5809,
      458,
      40,
      209,
      -25,
      -18
    ],
    "SliceThickness": 2.4,
    "SliceTiming": [
      0,
      0.63,
      0.08,
      0.7075,
      0.1575,
      0.7875,
      0.2375,
      0.865,
      0.315,
      0.945,
      0.395,
      1.0225,
      0.4725,
      1.1025,
      0.5525,
      0,
      0.63,
      0.08,
      0.7075,
      0.1575,
      0.7875,
      0.2375,
      0.865,
      0.315,
      0.945,
      0.395,
      1.0225,
      0.4725,
      1.1025,
      0.5525,
      0,
      0.63,
      0.08,
      0.7075,
      0.1575,
      0.7875,
      0.2375,
      0.865,
      0.315,
      0.945,
      0.395,
      1.0225,
      0.4725,
      1.1025,
      0.5525,
      0,
      0.63,
      0.08,
      0.7075,
      0.1575,
      0.7875,
      0.2375,
      0.865,
      0.315,
      0.945,
      0.395,
      1.0225,
      0.4725,
      1.1025,
      0.5525
    ],
    "SoftwareVersions": "syngo_MR_E11",
    "SpacingBetweenSlices": 2.4,
    "StationName": "MRC35177",
    "TaskName": "Axcpt",
    "TotalReadoutTime": 0.0525111,
    "TxRefAmp": 268.889,
    "VendorReportedEchoSpacing": 0.00059,
    "WipMemBlock": "d905b603-ba8c-4103-a46e-05bf04eaaae1||Sequence: ve11c/master r/068cfa9; Jul 21 2016 14:39:26 by eja",
    "acq_id": "mb4PA",
    "dataset": "ds003465",
    "modality": "bold",
    "run_id": 2,
    "session_id": "wave1bas",
    "subject_id": "f2709ul",
    "task_id": "Axcpt"
  },
  "dummy_trs": 0,
  "dvars_nstd": 33.81062082310345,
  "dvars_std": 1.1645235192939234,
  "dvars_vstd": 1.0222503161904766,
  "efc": 0.5591013243037836,
  "fber": 567.6121215820312,
  "fd_mean": 0.18579895057753232,
  "fd_num": 203,
  "fd_perc": 33.278688524590166,
  "fwhm_avg": 2.919643041109135,
  "fwhm_x": 2.7410248910814565,
  "fwhm_y": 2.9505998827536946,
  "fwhm_z": 3.067304349492253,
  "gcor": 0.0101432,
  "gsr_x": -0.0033838411327451468,
  "gsr_y": 0.09154706448316574,
  "provenance": {
    "md5sum": "f10852438e0c3287637412c98e632e2f",
    "settings": {
      "fd_thres": 0.2,
      "testing": false
    },
    "software": "mriqc",
    "version": "22.0.6",
    "webapi_port": null,
    "webapi_url": "https://mriqc.nimh.nih.gov/api/v1"
  },
  "size_t": 610,
  "size_x": 90,
  "size_y": 90,
  "size_z": 60,
  "snr": 2.3931652009129594,
  "spacing_tr": 1.2000000476837158,
  "spacing_x": 2.4000000953674316,
  "spacing_y": 2.4000000953674316,
  "spacing_z": 2.3999998569488525,
  "summary_bg_k": 14.350463214532557,
  "summary_bg_mad": 81.03757221652415,
  "summary_bg_mean": 461.12548828125,
  "summary_bg_median": 167.07540893554688,
  "summary_bg_n": 306300.0,
  "summary_bg_p05": 107.49180603027344,
  "summary_bg_p95": 2040.1933288574214,
  "summary_bg_stdv": 728.8897094726562,
  "summary_fg_k": 0.8661319832757401,
  "summary_fg_mad": 1568.4154231336909,
  "summary_fg_mean": 4375.29736328125,
  "summary_fg_median": 4048.024658203125,
  "summary_fg_n": 100235.0,
  "summary_fg_p05": 2261.1978515625,
  "summary_fg_p95": 7638.289404296871,
  "summary_fg_stdv": 1691.485595703125,
  "tsnr": 41.12073650001548
}