{
  "aor": 0.004331252086811351,
  "aqi": 0.011465858631051755,
  "bids_meta": {
    "AcquisitionMatrixPE": 90,
    "AcquisitionNumber": 1,
    "AcquisitionTime": "19:02:46.670000",
    "BandwidthPerPixelPhaseEncode": 18.832,
    "BaseResolution": 90,
    "BodyPartExamined": "HEAD",
    "ConsistencyInfo": "N4_VE11C_LATEST_20160120",
    "ConversionSoftware": "dcm2niix",
    "ConversionSoftwareVersion": "v1.0.20190902",
    "DerivedVendorReportedEchoSpacing": 0.000590012,
    "DeviceSerialNumber": "67064",
    "DwellTime": 2.5e-06,
    "EchoTime": 0.033,
    "EchoTrainLength": 90,
    "EffectiveEchoSpacing": 0.000590012,
    "FlipAngle": 63,
    "ImageComments": "Unaliased_MB4_PE3_LB",
    "ImageOrientationPatientDICOM": [
      0.999991,
      5.64726e-05,
      0.0042216,
      0.00209445,
      0.861562,
      -0.507648
    ],
    "ImageType": [
      "ORIGINAL",
      "PRIMARY",
      "M",
      "MB",
      "ND",
      "MOSAIC"
    ],
    "ImagingFrequency": 123.247,
    "InPlanePhaseEncodingDirectionDICOM": "COL",
    "InstitutionAddress": "Scott_Ave_4525_St._Louis_MO_US_63110",
    "InstitutionName": "Washington_University",
    "InstitutionalDepartmentName": "Department",
    "MRAcquisitionType": "2D",
    "MagneticFieldStrength": 3,
    "Manufacturer": "Siemens",
    "ManufacturersModelName": "Prisma_fit",
    "Modality": "MR",
    "MultibandAccelerationFactor": 4,
    "PartialFourier": 1,
    "PatientPosition": "HFS",
    "PercentPhaseFOV": 100,
    "PhaseEncodingDirection": "j-",
    "PhaseEncodingSteps": 90,
    "PhaseResolution": 1,
    "PixelBandwidth": 2220,
    "ProcedureStepDescription": "head_Braver",
    "ProtocolName": "tfMRI_SternBas1_AP",
    "PulseSequenceDetails": "%CustomerSeq%_cmrr_mbep2d_bold",
    "ReceiveCoilActiveElements": "HEA;HEP",
    "ReceiveCoilName": "Head_32",
    "ReconMatrixPE": 90,
    "RepetitionTime": 1.2,
    "SAR": 0.0837518,
    "ScanOptions": "FS_EXT",
    "ScanningSequence": "EP",
    "SequenceName": "epfid2d1_90",
    "SequenceVariant": "SK_SS",
    "SeriesDescription": "tfMRI_SternBas1_AP",
    "SeriesNumber": 40,
    "ShimSetting": [
      -1987,
      -11442,
      5809,
      458,
      40,
      209,
      -25,
      -18
    ],
    "SliceThickness": 2.4,
    "SliceTiming": [
      0,
      0.6275,
      0.0775,
      0.7075,
      0.155,
      0.785,
      0.235,
      0.865,
      0.3125,
      0.9425,
      0.3925,
      1.0225,
      0.47,
      1.1,
      0.55,
      0,
      0.6275,
      0.0775,
      0.7075,
      0.155,
      0.785,
      0.235,
      0.865,
      0.3125,
      0.9425,
      0.3925,
      1.0225,
      0.47,
      1.1,
      0.55,
      0,
      0.6275,
      0.0775,
      0.7075,
      0.155,
      0.785,
      0.235,
      0.865,
      0.3125,
      0.9425,
      0.3925,
      1.0225,
      0.47,
      1.1,
      0.55,
      0,
      0.6275,
      0.0775,
      0.7075,
      0.155,
      0.785,
      0.235,
      0.865,
      0.3125,
      0.9425,
      0.3925,
      1.0225,
      0.47,
      1.1,
      0.55
    ],
    "SoftwareVersions": "syngo_MR_E11",
    "SpacingBetweenSlices": 2.4,
    "StationName": "MRC35177",
    "TaskName": "Stern",
    "TotalReadoutTime": 0.0525111,
    "TxRefAmp": 268.889,
    "VendorReportedEchoSpacing": 0.00059,
    "WipMemBlock": "3022db5d-2fdd-4ff7-9c96-0a0d889d8e12||Sequence: ve11c/master r/068cfa9; Jul 21 2016 14:39:26 by eja",
    "acq_id": "mb4AP",
    "dataset": "ds003465",
    "modality": "bold",
    "run_id": 1,
    "session_id": "wave1bas",
    "subject_id": "f2709ul",
    "task_id": "Stern"
  },
  "dummy_trs": 1,
  "dvars_nstd": 33.38708382533444,
  "dvars_std": 1.0089786305016726,
  "dvars_vstd": 0.9326054505518403,
  "efc": 0.5512319948106811,
  "fber": 588.9252319335938,
  "fd_mean": 0.21849969020132254,
  "fd_num": 232,
  "fd_perc": 38.73121869782972,
  "fwhm_avg": 3.0331680410068684,
  "fwhm_x": 2.837783220569959,
  "fwhm_y": 3.0612748783558654,
  "fwhm_z": 3.2004460240947816,
  "gcor": 0.043076,
  "gsr_x": -0.012857872061431408,
  "gsr_y": 0.11068179458379745,
  "provenance": {
    "md5sum": "e52285e4685273acf3b557bdcbe60c14",
    "settings": {
      "fd_thres": 0.2,
      "testing": false
    },
    "software": "mriqc",
    "version": "22.0.6",
    "webapi_port": null,
    "webapi_url": "https://mriqc.nimh.nih.gov/api/v1"
  },
  "size_t": 599,
  "size_x": 90,
  "size_y": 90,
  "size_z": 60,
  "snr": 2.3628278925809787,
  "spacing_tr": 1.2000000476837158,
  "spacing_x": 2.4000000953674316,
  "spacing_y": 2.4000000953674316,
  "spacing_z": 2.3999998569488525,
  "summary_bg_k": 13.776964814300502,
  "summary_bg_mad": 83.86107928116583,
  "summary_bg_mean": 450.7820739746094,
  "summary_bg_median": 168.07261657714844,
  "summary_bg_n": 309542.0,
  "summary_bg_p05": 105.69123039245606,
  "summary_bg_p95": 1957.6910827636723,
  "summary_bg_stdv": 689.894287109375,
  "summary_fg_k": 1.328401865972074,
  "summary_fg_mad": 1552.3066025447326,
  "summary_fg_mean": 4471.25341796875,
  "summary_fg_median": 4114.7607421875,
  "summary_fg_n": 98638.0,
  "summary_fg_p05": 2294.4926147460938,
  "summary_fg_p95": 7832.206518554687,
  "summary_fg_stdv": 1741.4471435546875,
  "tsnr": 36.132915671914816
}