{
  "aor": 0.0005744897959183674,
  "aqi": 0.010983720686456401,
  "bids_meta": {
    "AcquisitionMatrixPE": 90,
    "AcquisitionNumber": 1,
    "AcquisitionTime": "17:57:13.397500",
    "BandwidthPerPixelPhaseEncode": 18.832,
    "BaseResolution": 90,
    "BodyPartExamined": "HEAD",
    "ConsistencyInfo": "N4_VE11C_LATEST_20160120",
    "ConversionSoftware": "dcm2niix",
    "ConversionSoftwareVersion": "v1.0.20190902",
    "DerivedVendorReportedEchoSpacing": 0.000590012,
    "DeviceSerialNumber": "67064",
    "DwellTime": 2.5e-06,
    "EchoTime": 0.033,
    "EchoTrainLength": 90,
    "EffectiveEchoSpacing": 0.000590012,
    "FlipAngle": 63,
    "ImageComments": "Unaliased_MB4_PE3_LB",
    "ImageOrientationPatientDICOM": [
      0.999973,
      -0.00451903,
      0.00580492,
      0.00645762,
      0.917193,
      -0.398391
    ],
    "ImageType": [
      "ORIGINAL",
      "PRIMARY",
      "M",
      "MB",
      "ND",
      "MOSAIC"
    ],
    "ImagingFrequency": 123.247,
    "InPlanePhaseEncodingDirectionDICOM": "COL",
    "InstitutionAddress": "Scott_Ave_4525_St._Louis_MO_US_63110",
    "InstitutionName": "Washington_University",
    "InstitutionalDepartmentName": "Department",
    "MRAcquisitionType": "2D",
    "MagneticFieldStrength": 3,
    "Manufacturer": "Siemens",
    "ManufacturersModelName": "Prisma_fit",
    "Modality": "MR",
    "MultibandAccelerationFactor": 4,
    "PartialFourier": 1,
    "PatientPosition": "HFS",
    "PercentPhaseFOV": 100,
    "PhaseEncodingDirection": "j",
    "PhaseEncodingSteps": 90,
    "PhaseResolution": 1,
    "PixelBandwidth": 2220,
    "ProcedureStepDescription": "head_Braver",
    "ProtocolName": "tfMRI_StroopBas2_PA",
    "PulseSequenceDetails": "%CustomerSeq%_cmrr_mbep2d_bold",
    "ReceiveCoilActiveElements": "HEA;HEP",
    "ReceiveCoilName": "Head_32",
    "ReconMatrixPE": 90,
    "RepetitionTime": 1.2,
    "SAR": 0.0729831,
    "ScanOptions": "FS_EXT",
    "ScanningSequence": "EP",
    "SequenceName": "epfid2d1_90",
    "SequenceVariant": "SK_SS",
    "SeriesDescription": "tfMRI_StroopBas2_PA",
    "SeriesNumber": 22,
    "ShimSetting": [
      -1997,
      -11470,
      5837,
      527,
      -1,
      302,
      10,
      7
    ],
    "SliceThickness": 2.4,
    "SliceTiming": [
      0,
      0.6275,
      0.0775,
      0.7075,
      0.1575,
      0.785,
      0.235,
      0.865,
      0.315,
      0.9425,
      0.3925,
      1.0225,
      0.4725,
      1.1,
      0.55,
      0,
      0.6275,
      0.0775,
      0.7075,
      0.1575,
      0.785,
      0.235,
      0.865,
      0.315,
      0.9425,
      0.3925,
      1.0225,
      0.4725,
      1.1,
      0.55,
      0,
      0.6275,
      0.0775,
      0.7075,
      0.1575,
      0.785,
      0.235,
      0.865,
      0.315,
      0.9425,
      0.3925,
      1.0225,
      0.4725,
      1.1,
      0.55,
      0,
      0.6275,
      0.0775,
      0.7075,
      0.1575,
      0.785,
      0.235,
      0.865,
      0.315,
      0.9425,
      0.3925,
      1.0225,
      0.4725,
      1.1,
      0.55
    ],
    "SoftwareVersions": "syngo_MR_E11",
    "SpacingBetweenSlices": 2.4,
    "StationName": "MRC35177",
    "TaskName": "Stroop",
    "TotalReadoutTime": 0.0525111,
    "TxRefAmp": 256.451,
    "VendorReportedEchoSpacing": 0.00059,
    "WipMemBlock": "f334d428-f1f2-4078-a98a-f4654b7c2f0e||Sequence: ve11c/master r/068cfa9; Jul 21 2016 14:39:26 by eja",
    "acq_id": "mb4PA",
    "dataset": "ds003465",
    "modality": "bold",
    "run_id": 2,
    "session_id": "wave1bas",
    "subject_id": "f2709ul",
    "task_id": "Stroop"
  },
  "dummy_trs": 1,
  "dvars_nstd": 34.941594627156135,
  "dvars_std": 1.0595505076579932,
  "dvars_vstd": 0.9535305198698878,
  "efc": 0.5542476573116677,
  "fber": 633.569580078125,
  "fd_mean": 0.18917734251424992,
  "fd_num": 211,
  "fd_perc": 39.14656771799629,
  "fwhm_avg": 2.8719027636568644,
  "fwhm_x": 2.708424892376864,
  "fwhm_y": 2.887437385263547,
  "fwhm_z": 3.019846013330182,
  "gcor": 0.024715,
  "gsr_x": -0.005833336617797613,
  "gsr_y": 0.10525717586278915,
  "provenance": {
    "md5sum": "9cafe7f559a3dc504a167e235bab209d",
    "settings": {
      "fd_thres": 0.2,
      "testing": false
    },
    "software": "mriqc",
    "version": "22.0.6",
    "webapi_port": null,
    "webapi_url": "https://mriqc.nimh.nih.gov/api/v1"
  },
  "size_t": 539,
  "size_x": 90,
  "size_y": 90,
  "size_z": 60,
  "snr": 2.425132013216451,
  "spacing_tr": 1.2000000476837158,
  "spacing_x": 2.4000000953674316,
  "spacing_y": 2.4000000953674316,
  "spacing_z": 2.3999998569488525,
  "summary_bg_k": 17.137116839873887,
  "summary_bg_mad": 70.21867751957498,
  "summary_bg_mean": 431.2847900390625,
  "summary_bg_median": 155.58441162109375,
  "summary_bg_n": 308491.0,
  "summary_bg_p05": 104.40909194946289,
  "summary_bg_p95": 1924.7152709960938,
  "summary_bg_stdv": 682.0596313476562,
  "summary_fg_k": 0.8824915714336146,
  "summary_fg_mad": 1508.6757114027512,
  "summary_fg_mean": 4265.30419921875,
  "summary_fg_median": 3949.28955078125,
  "summary_fg_n": 99758.0,
  "summary_fg_p05": 2222.3532470703126,
  "summary_fg_p95": 7415.745361328124,
  "summary_fg_stdv": 1628.4761962890625,
  "tsnr": 36.02750695485156
}