{
  "aor": 0.0016661936560934893,
  "aqi": 0.009808244223706178,
  "bids_meta": {
    "AcquisitionMatrixPE": 90,
    "AcquisitionNumber": 1,
    "AcquisitionTime": "19:15:35.640000",
    "BandwidthPerPixelPhaseEncode": 18.832,
    "BaseResolution": 90,
    "BodyPartExamined": "HEAD",
    "ConsistencyInfo": "N4_VE11C_LATEST_20160120",
    "ConversionSoftware": "dcm2niix",
    "ConversionSoftwareVersion": "v1.0.20190902",
    "DerivedVendorReportedEchoSpacing": 0.000590012,
    "DeviceSerialNumber": "67064",
    "DwellTime": 2.5e-06,
    "EchoTime": 0.033,
    "EchoTrainLength": 90,
    "EffectiveEchoSpacing": 0.000590012,
    "FlipAngle": 63,
    "ImageComments": "Unaliased_MB4_PE3_LB",
    "ImageOrientationPatientDICOM": [
      0.999991,
      5.64726e-05,
      0.0042216,
      0.00209445,
      0.861562,
      -0.507648
    ],
    "ImageType": [
      "ORIGINAL",
      "PRIMARY",
      "M",
      "MB",
      "ND",
      "MOSAIC"
    ],
    "ImagingFrequency": 123.247,
    "InPlanePhaseEncodingDirectionDICOM": "COL",
    "InstitutionAddress": "Scott_Ave_4525_St._Louis_MO_US_63110",
    "InstitutionName": "Washington_University",
    "InstitutionalDepartmentName": "Department",
    "MRAcquisitionType": "2D",
    "MagneticFieldStrength": 3,
    "Manufacturer": "Siemens",
    "ManufacturersModelName": "Prisma_fit",
    "Modality": "MR",
    "MultibandAccelerationFactor": 4,
    "PartialFourier": 1,
    "PatientPosition": "HFS",
    "PercentPhaseFOV": 100,
    "PhaseEncodingDirection": "j",
    "PhaseEncodingSteps": 90,
    "PhaseResolution": 1,
    "PixelBandwidth": 2220,
    "ProcedureStepDescription": "head_Braver",
    "ProtocolName": "tfMRI_SternBas2_PA",
    "PulseSequenceDetails": "%CustomerSeq%_cmrr_mbep2d_bold",
    "ReceiveCoilActiveElements": "HEA;HEP",
    "ReceiveCoilName": "Head_32",
    "ReconMatrixPE": 90,
    "RepetitionTime": 1.2,
    "SAR": 0.0837518,
    "ScanOptions": "FS_EXT",
    "ScanningSequence": "EP",
    "SequenceName": "epfid2d1_90",
    "SequenceVariant": "SK_SS",
    "SeriesDescription": "tfMRI_SternBas2_PA",
    "SeriesNumber": 42,
    "ShimSetting": [
      -1987,
      -11442,
      5809,
      458,
      40,
      209,
      -25,
      -18
    ],
    "SliceThickness": 2.4,
    "SliceTiming": [
      0,
      0.6275,
      0.0775,
      0.7075,
      0.1575,
      0.785,
      0.235,
      0.865,
      0.315,
      0.9425,
      0.3925,
      1.0225,
      0.4725,
      1.1,
      0.55,
      0,
      0.6275,
      0.0775,
      0.7075,
      0.1575,
      0.785,
      0.235,
      0.865,
      0.315,
      0.9425,
      0.3925,
      1.0225,
      0.4725,
      1.1,
      0.55,
      0,
      0.6275,
      0.0775,
      0.7075,
      0.1575,
      0.785,
      0.235,
      0.865,
      0.315,
      0.9425,
      0.3925,
      1.0225,
      0.4725,
      1.1,
      0.55,
      0,
      0.6275,
      0.0775,
      0.7075,
      0.1575,
      0.785,
      0.235,
      0.865,
      0.315,
      0.9425,
      0.3925,
      1.0225,
      0.4725,
      1.1,
      0.55
    ],
    "SoftwareVersions": "syngo_MR_E11",
    "SpacingBetweenSlices": 2.4,
    "StationName": "MRC35177",
    "TaskName": "Stern",
    "TotalReadoutTime": 0.0525111,
    "TxRefAmp": 268.889,
    "VendorReportedEchoSpacing": 0.00059,
    "WipMemBlock": "38c1f078-249d-4fc1-a7db-bbec7e4a2712||Sequence: ve11c/master r/068cfa9; Jul 21 2016 14:39:26 by eja",
    "acq_id": "mb4PA",
    "dataset": "ds003465",
    "modality": "bold",
    "run_id": 2,
    "session_id": "wave1bas",
    "subject_id": "f2709ul",
    "task_id": "Stern"
  },
  "dummy_trs": 1,
  "dvars_nstd": 32.79567466217393,
  "dvars_std": 1.062336455200669,
  "dvars_vstd": 0.9791584954013379,
  "efc": 0.5572654059619269,
  "fber": 569.4165649414062,
  "fd_mean": 0.2068163788779409,
  "fd_num": 264,
  "fd_perc": 44.073455759599334,
  "fwhm_avg": 2.9123013742664683,
  "fwhm_x": 2.739029057827431,
  "fwhm_y": 2.9446957163216383,
  "fwhm_z": 3.053179348650337,
  "gcor": 0.0143814,
  "gsr_x": -0.00600770628079772,
  "gsr_y": 0.09382282197475433,
  "provenance": {
    "md5sum": "469f2225e414ea682e942b8be4366da0",
    "settings": {
      "fd_thres": 0.2,
      "testing": false
    },
    "software": "mriqc",
    "version": "22.0.6",
    "webapi_port": null,
    "webapi_url": "https://mriqc.nimh.nih.gov/api/v1"
  },
  "size_t": 599,
  "size_x": 90,
  "size_y": 90,
  "size_z": 60,
  "snr": 2.396800706844111,
  "spacing_tr": 1.2000000476837158,
  "spacing_x": 2.4000000953674316,
  "spacing_y": 2.4000000953674316,
  "spacing_z": 2.3999998569488525,
  "summary_bg_k": 15.024848188712845,
  "summary_bg_mad": 84.49098614414297,
  "summary_bg_mean": 460.64031982421875,
  "summary_bg_median": 169.47244262695312,
  "summary_bg_n": 306995.0,
  "summary_bg_p05": 107.03839111328125,
  "summary_bg_p95": 2015.2628906249984,
  "summary_bg_stdv": 723.1920166015625,
  "summary_fg_k": 0.8370672195356881,
  "summary_fg_mad": 1592.2177764751727,
  "summary_fg_mean": 4431.94873046875,
  "summary_fg_median": 4101.3427734375,
  "summary_fg_n": 99484.0,
  "summary_fg_p05": 2293.055798339844,
  "summary_fg_p95": 7729.327685546875,
  "summary_fg_stdv": 1711.165283203125,
  "tsnr": 37.73931025271304
}