{
  "aor": 0.002349814471243043,
  "aqi": 0.0077927528014842306,
  "bids_meta": {
    "AcquisitionMatrixPE": 90,
    "AcquisitionNumber": 1,
    "AcquisitionTime": "10:36:0.075000",
    "BandwidthPerPixelPhaseEncode": 18.832,
    "BaseResolution": 90,
    "BodyPartExamined": "HEAD",
    "ConsistencyInfo": "N4_VE11C_LATEST_20160120",
    "ConversionSoftware": "dcm2niix",
    "ConversionSoftwareVersion": "v1.0.20190902",
    "DerivedVendorReportedEchoSpacing": 0.000590012,
    "DeviceSerialNumber": "67064",
    "DwellTime": 2.5e-06,
    "EchoTime": 0.033,
    "EchoTrainLength": 90,
    "EffectiveEchoSpacing": 0.000590012,
    "FlipAngle": 63,
    "ImageComments": "Unaliased_MB4_PE3_LB",
    "ImageOrientationPatientDICOM": [
      0.999957,
      -0.000583932,
      -0.00928068,
      -0.00261788,
      0.939984,
      -0.341209
    ],
    "ImageType": [
      "ORIGINAL",
      "PRIMARY",
      "M",
      "MB",
      "ND",
      "MOSAIC"
    ],
    "ImagingFrequency": 123.247,
    "InPlanePhaseEncodingDirectionDICOM": "COL",
    "InstitutionAddress": "Scott_Ave_4525_St._Louis_MO_US_63110",
    "InstitutionName": "Washington_University",
    "InstitutionalDepartmentName": "Department",
    "MRAcquisitionType": "2D",
    "MagneticFieldStrength": 3,
    "Manufacturer": "Siemens",
    "ManufacturersModelName": "Prisma_fit",
    "Modality": "MR",
    "MultibandAccelerationFactor": 4,
    "PartialFourier": 1,
    "PatientPosition": "HFS",
    "PercentPhaseFOV": 100,
    "PhaseEncodingDirection": "j-",
    "PhaseEncodingSteps": 90,
    "PhaseResolution": 1,
    "PixelBandwidth": 2220,
    "ProcedureStepDescription": "head_Braver",
    "ProtocolName": "tfMRI_StroopBas1_AP",
    "PulseSequenceDetails": "%CustomerSeq%_cmrr_mbep2d_bold",
    "ReceiveCoilActiveElements": "HEA;HEP",
    "ReceiveCoilName": "Head_32",
    "ReconMatrixPE": 90,
    "RepetitionTime": 1.2,
    "SAR": 0.0691696,
    "ScanOptions": "FS_EXT",
    "ScanningSequence": "EP",
    "SequenceName": "epfid2d1_90",
    "SequenceVariant": "SK_SS",
    "SeriesDescription": "tfMRI_StroopBas1_AP",
    "SeriesNumber": 41,
    "ShimSetting": [
      -1990,
      -11477,
      5805,
      701,
      49,
      21,
      7,
      -43
    ],
    "SliceThickness": 2.4,
    "SliceTiming": [
      0,
      0.6275,
      0.0775,
      0.7075,
      0.1575,
      0.785,
      0.235,
      0.865,
      0.315,
      0.9425,
      0.3925,
      1.0225,
      0.47,
      1.1,
      0.55,
      0,
      0.6275,
      0.0775,
      0.7075,
      0.1575,
      0.785,
      0.235,
      0.865,
      0.315,
      0.9425,
      0.3925,
      1.0225,
      0.47,
      1.1,
      0.55,
      0,
      0.6275,
      0.0775,
      0.7075,
      0.1575,
      0.785,
      0.235,
      0.865,
      0.315,
      0.9425,
      0.3925,
      1.0225,
      0.47,
      1.1,
      0.55,
      0,
      0.6275,
      0.0775,
      0.7075,
      0.1575,
      0.785,
      0.235,
      0.865,
      0.315,
      0.9425,
      0.3925,
      1.0225,
      0.47,
      1.1,
      0.55
    ],
    "SoftwareVersions": "syngo_MR_E11",
    "SpacingBetweenSlices": 2.4,
    "StationName": "MRC35177",
    "TaskName": "Stroop",
    "TotalReadoutTime": 0.0525111,
    "TxRefAmp": 244.387,
    "VendorReportedEchoSpacing": 0.00059,
    "WipMemBlock": "cbe2ec14-b478-4d3c-9d98-c13b72ef5967||Sequence: ve11c/master r/b8bea8f; Mar  2 2017 16:56:44 by eja",
    "acq_id": "mb4AP",
    "dataset": "ds003465",
    "modality": "bold",
    "run_id": 1,
    "session_id": "wave1bas",
    "subject_id": "f4796rs",
    "task_id": "Stroop"
  },
  "dummy_trs": 1,
  "dvars_nstd": 32.26056248566913,
  "dvars_std": 1.1204253587918205,
  "dvars_vstd": 1.034890960204461,
  "efc": 0.5237808914432831,
  "fber": 880.2990112304688,
  "fd_mean": 0.20782893948380074,
  "fd_num": 255,
  "fd_perc": 47.30983302411874,
  "fwhm_avg": 2.7837444297804113,
  "fwhm_x": 2.6099998962879223,
  "fwhm_y": 2.843579053672987,
  "fwhm_z": 2.897654339380324,
  "gcor": 0.0161197,
  "gsr_x": -0.02391330897808075,
  "gsr_y": 0.08170562982559204,
  "provenance": {
    "md5sum": "6a3153ce8d1eccc8b1b61a1c1a6fe094",
    "settings": {
      "fd_thres": 0.2,
      "testing": false
    },
    "software": "mriqc",
    "version": "22.0.6",
    "webapi_port": null,
    "webapi_url": "https://mriqc.nimh.nih.gov/api/v1"
  },
  "size_t": 539,
  "size_x": 90,
  "size_y": 90,
  "size_z": 60,
  "snr": 2.712298108150301,
  "spacing_tr": 1.2000000476837158,
  "spacing_x": 2.4000000953674316,
  "spacing_y": 2.4000000953674316,
  "spacing_z": 2.3999998569488525,
  "summary_bg_k": 35.73824183886521,
  "summary_bg_mad": 52.45497142971619,
  "summary_bg_mean": 328.05987548828125,
  "summary_bg_median": 138.67347717285156,
  "summary_bg_n": 318958.0,
  "summary_bg_p05": 97.84044647216797,
  "summary_bg_p95": 1262.6966247558591,
  "summary_bg_stdv": 516.3570556640625,
  "summary_fg_k": 1.020808312600713,
  "summary_fg_mad": 1414.7326271045583,
  "summary_fg_mean": 4482.931640625,
  "summary_fg_median": 4177.3505859375,
  "summary_fg_n": 91615.0,
  "summary_fg_p05": 2513.5501953125,
  "summary_fg_p95": 7411.53046875,
  "summary_fg_stdv": 1540.143310546875,
  "tsnr": 40.308354761917144
}