{
  "bids_meta": {
    "AcquisitionMatrixPE": 300,
    "AcquisitionNumber": 1,
    "AcquisitionTime": "17:29:30.660000",
    "BaseResolution": 320,
    "BodyPartExamined": "HEAD",
    "ConsistencyInfo": "N4_VE11C_LATEST_20160120",
    "ConversionSoftware": "dcm2niix",
    "ConversionSoftwareVersion": "v1.0.20190902",
    "DeviceSerialNumber": "67064",
    "DwellTime": 7.1e-06,
    "EchoTime": 0.00222,
    "FlipAngle": 8,
    "ImageOrientationPatientDICOM": [
      -0.0182587,
      0.99392,
      -0.108582,
      -0.0435052,
      -0.109287,
      -0.993058
    ],
    "ImageType": [
      "ORIGINAL",
      "PRIMARY",
      "M",
      "ND"
    ],
    "ImagingFrequency": 123.247,
    "InPlanePhaseEncodingDirectionDICOM": "ROW",
    "InstitutionAddress": "Scott_Ave_4525_St._Louis_MO_US_63110",
    "InstitutionName": "Washington_University",
    "InstitutionalDepartmentName": "Department",
    "InversionTime": 1,
    "MRAcquisitionType": "3D",
    "MagneticFieldStrength": 3,
    "Manufacturer": "Siemens",
    "ManufacturersModelName": "Prisma_fit",
    "Modality": "MR",
    "ParallelReductionFactorInPlane": 2,
    "PartialFourier": 1,
    "PatientPosition": "HFS",
    "PercentPhaseFOV": 93.75,
    "PhaseEncodingSteps": 299,
    "PhaseResolution": 1,
    "PixelBandwidth": 220,
    "ProcedureStepDescription": "head_Braver",
    "ProtocolName": "T1w_MPR",
    "PulseSequenceDetails": "%SiemensSeq%_tfl",
    "ReceiveCoilActiveElements": "HEA;HEP",
    "ReceiveCoilName": "Head_32",
    "ReconMatrixPE": 300,
    "RefLinesPE": 32,
    "RepetitionTime": 2.4,
    "SAR": 0.047676,
    "ScanOptions": "IR_WE",
    "ScanningSequence": "GR_IR",
    "SequenceName": "_tfl3d1_16ns",
    "SequenceVariant": "SK_SP_MP",
    "SeriesDescription": "T1w_MPR",
    "SeriesNumber": 11,
    "ShimSetting": [
      -2005,
      -11475,
      5822,
      445,
      -6,
      183,
      -43,
      -25
    ],
    "SliceThickness": 0.8,
    "SoftwareVersions": "syngo_MR_E11",
    "StationName": "MRC35177",
    "TxRefAmp": 251.675,
    "dataset": "ds003465",
    "modality": "T1w",
    "session_id": "wave1bas",
    "subject_id": "f3300jh"
  },
  "cjv": 0.5089255287607684,
  "cnr": 2.612972245577954,
  "efc": 0.5468129636263181,
  "fber": 14403.664355224053,
  "fwhm_avg": 4.620500045261662,
  "fwhm_x": 4.594775273869947,
  "fwhm_y": 4.514374932730571,
  "fwhm_z": 4.752349929184468,
  "icvs_csf": 0.19388018420841024,
  "icvs_gm": 0.4133380664398746,
  "icvs_wm": 0.39278174935171517,
  "inu_med": 0.9928867220878601,
  "inu_range": 0.8544172018766403,
  "provenance": {
    "md5sum": "5338ee98c3cf7d8659b4428b8c709037",
    "settings": {
      "testing": false
    },
    "software": "mriqc",
    "version": "22.0.6",
    "warnings": {
      "large_rot_frame": true,
      "small_air_mask": false
    },
    "webapi_port": null,
    "webapi_url": "https://mriqc.nimh.nih.gov/api/v1"
  },
  "qi_1": 0.0,
  "qi_2": 0.0012882003420062848,
  "rpve_csf": 24.864774097178188,
  "rpve_gm": 11.719897807659416,
  "rpve_wm": 13.772330239755746,
  "size_x": 208,
  "size_y": 300,
  "size_z": 320,
  "snr_csf": 3.019956618303321,
  "snr_gm": 13.601212447896676,
  "snr_total": 10.235408690944375,
  "snr_wm": 14.085057006633125,
  "snrd_csf": 17.92841362840785,
  "snrd_gm": 43.08897171713604,
  "snrd_total": 39.193632022271906,
  "snrd_wm": 56.563510721271825,
  "spacing_x": 0.7999999523162842,
  "spacing_y": 0.800000011920929,
  "spacing_z": 0.800000011920929,
  "summary_bg_k": 6.43260697390623,
  "summary_bg_mad": 0.0,
  "summary_bg_mean": 7.917955896910944,
  "summary_bg_median": 0.0,
  "summary_bg_n": 6908025.0,
  "summary_bg_p05": 0.0,
  "summary_bg_p95": 31.30237514153123,
  "summary_bg_stdv": 11.583456599501435,
  "summary_csf_k": 3.199830584092349,
  "summary_csf_mad": 78.16440047553883,
  "summary_csf_mean": 325.99714541260937,
  "summary_csf_median": 316.9920052718371,
  "summary_csf_n": 82046.0,
  "summary_csf_p05": 166.07512102648616,
  "summary_csf_p95": 513.1987433144823,
  "summary_csf_stdv": 104.96510829008247,
  "summary_gm_k": 0.1540899878282027,
  "summary_gm_mad": 55.10608504773845,
  "summary_gm_mean": 762.1291779884751,
  "summary_gm_median": 761.8554453738034,
  "summary_gm_n": 58878.0,
  "summary_gm_p05": 670.4130738973618,
  "summary_gm_p95": 854.3330135084689,
  "summary_gm_stdv": 56.01331340750265,
  "summary_wm_k": 0.5220257285413332,
  "summary_wm_mad": 66.14191905597255,
  "summary_wm_mean": 1010.4483908434722,
  "summary_wm_median": 1000.098562002182,
  "summary_wm_n": 412095.0,
  "summary_wm_p05": 912.1561411321163,
  "summary_wm_p95": 1145.4697498641908,
  "summary_wm_stdv": 71.00413921636353,
  "tpm_overlap_csf": 0.14221976877400147,
  "tpm_overlap_gm": 0.44232877598248554,
  "tpm_overlap_wm": 0.4643090154652812,
  "wm2max": 0.520231806759321
}