{
  "aor": 0.0010146833333333335,
  "aqi": 0.0079278403,
  "bids_meta": {
    "AcquisitionMatrixPE": 90,
    "AcquisitionNumber": 1,
    "AcquisitionTime": "18:06:29.940000",
    "BandwidthPerPixelPhaseEncode": 18.832,
    "BaseResolution": 90,
    "BodyPartExamined": "HEAD",
    "ConsistencyInfo": "N4_VE11B_LATEST_20150530",
    "ConversionSoftware": "dcm2niix",
    "ConversionSoftwareVersion": "v1.0.20190902",
    "DerivedVendorReportedEchoSpacing": 0.000590012,
    "DeviceSerialNumber": "67064",
    "DwellTime": 2.5e-06,
    "EchoTime": 0.033,
    "EchoTrainLength": 90,
    "EffectiveEchoSpacing": 0.000590012,
    "FlipAngle": 63,
    "ImageComments": "Unaliased_MB4_PE3_LB",
    "ImageOrientationPatientDICOM": [
      0.99977,
      -0.00870531,
      0.0196038,
      0.0150075,
      0.93688,
      -0.34933
    ],
    "ImageType": [
      "ORIGINAL",
      "PRIMARY",
      "M",
      "MB",
      "ND",
      "MOSAIC"
    ],
    "ImagingFrequency": 123.247,
    "InPlanePhaseEncodingDirectionDICOM": "COL",
    "InstitutionAddress": "Scott_Ave_4525_St._Louis_MO_US_63110",
    "InstitutionName": "Washington_University",
    "InstitutionalDepartmentName": "Department",
    "MRAcquisitionType": "2D",
    "MagneticFieldStrength": 3,
    "Manufacturer": "Siemens",
    "ManufacturersModelName": "Prisma_fit",
    "Modality": "MR",
    "MultibandAccelerationFactor": 4,
    "PartialFourier": 1,
    "PatientPosition": "HFS",
    "PercentPhaseFOV": 100,
    "PhaseEncodingDirection": "j-",
    "PhaseEncodingSteps": 90,
    "PhaseResolution": 1,
    "PixelBandwidth": 2220,
    "ProcedureStepDescription": "head_Braver",
    "ProtocolName": "tfMRI_SternBas1_AP",
    "PulseSequenceDetails": "%CustomerSeq%_cmrr_mbep2d_bold",
    "ReceiveCoilActiveElements": "HEA;HEP",
    "ReceiveCoilName": "Head_32",
    "ReconMatrixPE": 90,
    "RepetitionTime": 1.2,
    "SAR": 0.081069,
    "ScanOptions": "FS_EXT",
    "ScanningSequence": "EP",
    "SequenceName": "epfid2d1_90",
    "SequenceVariant": "SK_SS",
    "SeriesDescription": "tfMRI_SternBas1_AP",
    "SeriesNumber": 40,
    "ShimSetting": [
      -1998,
      -11485,
      5852,
      453,
      42,
      206,
      150,
      -21
    ],
    "SliceThickness": 2.4,
    "SliceTiming": [
      0,
      0.63,
      0.08,
      0.7075,
      0.1575,
      0.7875,
      0.2375,
      0.865,
      0.315,
      0.945,
      0.395,
      1.0225,
      0.4725,
      1.1025,
      0.55,
      0,
      0.63,
      0.08,
      0.7075,
      0.1575,
      0.7875,
      0.2375,
      0.865,
      0.315,
      0.945,
      0.395,
      1.0225,
      0.4725,
      1.1025,
      0.55,
      0,
      0.63,
      0.08,
      0.7075,
      0.1575,
      0.7875,
      0.2375,
      0.865,
      0.315,
      0.945,
      0.395,
      1.0225,
      0.4725,
      1.1025,
      0.55,
      0,
      0.63,
      0.08,
      0.7075,
      0.1575,
      0.7875,
      0.2375,
      0.865,
      0.315,
      0.945,
      0.395,
      1.0225,
      0.4725,
      1.1025,
      0.55
    ],
    "SoftwareVersions": "syngo_MR_E11",
    "SpacingBetweenSlices": 2.4,
    "StationName": "MRC35177",
    "TaskName": "Stern",
    "TotalReadoutTime": 0.0525111,
    "TxRefAmp": 249.319,
    "VendorReportedEchoSpacing": 0.00059,
    "WipMemBlock": "8b587775-6c59-4cf6-91ae-df439d256a80||Sequence: ve11b/master r/93e61f0; Jul 21 2016 00:18:29 by eja",
    "acq_id": "mb4AP",
    "dataset": "ds003465",
    "modality": "bold",
    "run_id": 1,
    "session_id": "wave1bas",
    "subject_id": "f1659oa",
    "task_id": "Stern"
  },
  "dummy_trs": 0,
  "dvars_nstd": 28.625315263439088,
  "dvars_std": 1.0653878101001677,
  "dvars_vstd": 0.9747102963439072,
  "efc": 0.5312868565259131,
  "fber": 743.0146484375,
  "fd_mean": 0.17803639088115197,
  "fd_num": 249,
  "fd_perc": 41.5,
  "fwhm_avg": 2.8498373867576365,
  "fwhm_x": 2.701154059332448,
  "fwhm_y": 2.9647748821904307,
  "fwhm_z": 2.883583218750031,
  "gcor": 0.0202412,
  "gsr_x": -0.023214442655444145,
  "gsr_y": 0.11515749245882034,
  "provenance": {
    "md5sum": "fb22c9a13260e7bb7f28db76031bb395",
    "settings": {
      "fd_thres": 0.2,
      "testing": false
    },
    "software": "mriqc",
    "version": "22.0.6",
    "webapi_port": null,
    "webapi_url": "https://mriqc.nimh.nih.gov/api/v1"
  },
  "size_t": 600,
  "size_x": 90,
  "size_y": 90,
  "size_z": 60,
  "snr": 2.544975722945334,
  "spacing_tr": 1.2000000476837158,
  "spacing_x": 2.4000000953674316,
  "spacing_y": 2.4000000953674316,
  "spacing_z": 2.4000000953674316,
  "summary_bg_k": 25.28077766773412,
  "summary_bg_mad": 64.47096968798193,
  "summary_bg_mean": 400.68701171875,
  "summary_bg_median": 152.08334350585938,
  "summary_bg_n": 320665.0,
  "summary_bg_p05": 102.11833953857422,
  "summary_bg_p95": 1701.6124023437494,
  "summary_bg_stdv": 650.4712524414062,
  "summary_fg_k": 1.9344849644453506,
  "summary_fg_mad": 1484.4261522407214,
  "summary_fg_mean": 4583.9736328125,
  "summary_fg_median": 4257.94921875,
  "summary_fg_n": 87478.0,
  "summary_fg_p05": 2496.9487060546876,
  "summary_fg_p95": 7761.307348632812,
  "summary_fg_stdv": 1673.0709228515625,
  "tsnr": 42.84773250808939
}