{
  "aor": 0.0005858833333333333,
  "aqi": 0.004095923733333333,
  "bids_meta": {
    "AcquisitionMatrixPE": 90,
    "AcquisitionNumber": 1,
    "AcquisitionTime": "18:19:36.957500",
    "BandwidthPerPixelPhaseEncode": 18.832,
    "BaseResolution": 90,
    "BodyPartExamined": "HEAD",
    "ConsistencyInfo": "N4_VE11B_LATEST_20150530",
    "ConversionSoftware": "dcm2niix",
    "ConversionSoftwareVersion": "v1.0.20190902",
    "DerivedVendorReportedEchoSpacing": 0.000590012,
    "DeviceSerialNumber": "67064",
    "DwellTime": 2.5e-06,
    "EchoTime": 0.033,
    "EchoTrainLength": 90,
    "EffectiveEchoSpacing": 0.000590012,
    "FlipAngle": 63,
    "ImageComments": "Unaliased_MB4_PE3_LB",
    "ImageOrientationPatientDICOM": [
      0.99977,
      -0.00870531,
      0.0196038,
      0.0150075,
      0.93688,
      -0.34933
    ],
    "ImageType": [
      "ORIGINAL",
      "PRIMARY",
      "M",
      "MB",
      "ND",
      "MOSAIC"
    ],
    "ImagingFrequency": 123.247,
    "InPlanePhaseEncodingDirectionDICOM": "COL",
    "InstitutionAddress": "Scott_Ave_4525_St._Louis_MO_US_63110",
    "InstitutionName": "Washington_University",
    "InstitutionalDepartmentName": "Department",
    "MRAcquisitionType": "2D",
    "MagneticFieldStrength": 3,
    "Manufacturer": "Siemens",
    "ManufacturersModelName": "Prisma_fit",
    "Modality": "MR",
    "MultibandAccelerationFactor": 4,
    "PartialFourier": 1,
    "PatientPosition": "HFS",
    "PercentPhaseFOV": 100,
    "PhaseEncodingDirection": "j",
    "PhaseEncodingSteps": 90,
    "PhaseResolution": 1,
    "PixelBandwidth": 2220,
    "ProcedureStepDescription": "head_Braver",
    "ProtocolName": "tfMRI_SternBas2_PA",
    "PulseSequenceDetails": "%CustomerSeq%_cmrr_mbep2d_bold",
    "ReceiveCoilActiveElements": "HEA;HEP",
    "ReceiveCoilName": "Head_32",
    "ReconMatrixPE": 90,
    "RepetitionTime": 1.2,
    "SAR": 0.081069,
    "ScanOptions": "FS_EXT",
    "ScanningSequence": "EP",
    "SequenceName": "epfid2d1_90",
    "SequenceVariant": "SK_SS",
    "SeriesDescription": "tfMRI_SternBas2_PA",
    "SeriesNumber": 42,
    "ShimSetting": [
      -1998,
      -11485,
      5852,
      453,
      42,
      206,
      150,
      -21
    ],
    "SliceThickness": 2.4,
    "SliceTiming": [
      0,
      0.6275,
      0.0775,
      0.7075,
      0.1575,
      0.785,
      0.235,
      0.865,
      0.315,
      0.9425,
      0.3925,
      1.0225,
      0.4725,
      1.1,
      0.55,
      0,
      0.6275,
      0.0775,
      0.7075,
      0.1575,
      0.785,
      0.235,
      0.865,
      0.315,
      0.9425,
      0.3925,
      1.0225,
      0.4725,
      1.1,
      0.55,
      0,
      0.6275,
      0.0775,
      0.7075,
      0.1575,
      0.785,
      0.235,
      0.865,
      0.315,
      0.9425,
      0.3925,
      1.0225,
      0.4725,
      1.1,
      0.55,
      0,
      0.6275,
      0.0775,
      0.7075,
      0.1575,
      0.785,
      0.235,
      0.865,
      0.315,
      0.9425,
      0.3925,
      1.0225,
      0.4725,
      1.1,
      0.55
    ],
    "SoftwareVersions": "syngo_MR_E11",
    "SpacingBetweenSlices": 2.4,
    "StationName": "MRC35177",
    "TaskName": "Stern",
    "TotalReadoutTime": 0.0525111,
    "TxRefAmp": 249.319,
    "VendorReportedEchoSpacing": 0.00059,
    "WipMemBlock": "2b9e87ae-a38e-4b6a-b80a-e27072140a6c||Sequence: ve11b/master r/93e61f0; Jul 21 2016 00:18:29 by eja",
    "acq_id": "mb4PA",
    "dataset": "ds003465",
    "modality": "bold",
    "run_id": 2,
    "session_id": "wave1bas",
    "subject_id": "f1659oa",
    "task_id": "Stern"
  },
  "dummy_trs": 0,
  "dvars_nstd": 28.09430680250417,
  "dvars_std": 1.1012676687312193,
  "dvars_vstd": 1.0004158682804687,
  "efc": 0.5290039138386541,
  "fber": 719.4730834960938,
  "fd_mean": 0.13947010397218568,
  "fd_num": 113,
  "fd_perc": 18.833333333333332,
  "fwhm_avg": 2.8412068315450285,
  "fwhm_x": 2.6975623928085013,
  "fwhm_y": 2.8836957187455607,
  "fwhm_z": 2.9423623830810235,
  "gcor": 0.0227414,
  "gsr_x": -0.019240206107497215,
  "gsr_y": 0.10483299195766449,
  "provenance": {
    "md5sum": "5da4cbd9fb7815976e2513f77536fa72",
    "settings": {
      "fd_thres": 0.2,
      "testing": false
    },
    "software": "mriqc",
    "version": "22.0.6",
    "webapi_port": null,
    "webapi_url": "https://mriqc.nimh.nih.gov/api/v1"
  },
  "size_t": 600,
  "size_x": 90,
  "size_y": 90,
  "size_z": 60,
  "snr": 2.461136929828412,
  "spacing_tr": 1.2000000476837158,
  "spacing_x": 2.4000000953674316,
  "spacing_y": 2.4000000953674316,
  "spacing_z": 2.4000000953674316,
  "summary_bg_k": 26.37538198764115,
  "summary_bg_mad": 64.1250118262495,
  "summary_bg_mean": 402.88031005859375,
  "summary_bg_median": 153.63333129882812,
  "summary_bg_n": 322439.0,
  "summary_bg_p05": 106.24500274658203,
  "summary_bg_p95": 1744.5997436523392,
  "summary_bg_stdv": 648.37744140625,
  "summary_fg_k": 1.8936130783101648,
  "summary_fg_mad": 1582.6655614980334,
  "summary_fg_mean": 4525.25341796875,
  "summary_fg_median": 4207.171875,
  "summary_fg_n": 87171.0,
  "summary_fg_p05": 2386.65673828125,
  "summary_fg_p95": 7739.184326171875,
  "summary_fg_stdv": 1709.4326171875,
  "tsnr": 52.33448863530066
}