{
  "aor": 0.0007843148148148148,
  "aqi": 0.006219252037037037,
  "bids_meta": {
    "AcquisitionMatrixPE": 90,
    "AcquisitionNumber": 1,
    "AcquisitionTime": "17:27:27.080000",
    "BandwidthPerPixelPhaseEncode": 18.832,
    "BaseResolution": 90,
    "BodyPartExamined": "HEAD",
    "ConsistencyInfo": "N4_VE11B_LATEST_20150530",
    "ConversionSoftware": "dcm2niix",
    "ConversionSoftwareVersion": "v1.0.20190902",
    "DerivedVendorReportedEchoSpacing": 0.000590012,
    "DeviceSerialNumber": "67064",
    "DwellTime": 2.5e-06,
    "EchoTime": 0.033,
    "EchoTrainLength": 90,
    "EffectiveEchoSpacing": 0.000590012,
    "FlipAngle": 63,
    "ImageComments": "Unaliased_MB4_PE3_LB",
    "ImageOrientationPatientDICOM": [
      0.999764,
      -0.0212812,
      0.00440296,
      0.0214658,
      0.935428,
      -0.352864
    ],
    "ImageType": [
      "ORIGINAL",
      "PRIMARY",
      "M",
      "MB",
      "ND",
      "MOSAIC"
    ],
    "ImagingFrequency": 123.247,
    "InPlanePhaseEncodingDirectionDICOM": "COL",
    "InstitutionAddress": "Scott_Ave_4525_St._Louis_MO_US_63110",
    "InstitutionName": "Washington_University",
    "InstitutionalDepartmentName": "Department",
    "MRAcquisitionType": "2D",
    "MagneticFieldStrength": 3,
    "Manufacturer": "Siemens",
    "ManufacturersModelName": "Prisma_fit",
    "Modality": "MR",
    "MultibandAccelerationFactor": 4,
    "PartialFourier": 1,
    "PatientPosition": "HFS",
    "PercentPhaseFOV": 100,
    "PhaseEncodingDirection": "j",
    "PhaseEncodingSteps": 90,
    "PhaseResolution": 1,
    "PixelBandwidth": 2220,
    "ProcedureStepDescription": "head_Braver",
    "ProtocolName": "tfMRI_StroopBas2_PA",
    "PulseSequenceDetails": "%CustomerSeq%_cmrr_mbep2d_bold",
    "ReceiveCoilActiveElements": "HEA;HEP",
    "ReceiveCoilName": "Head_32",
    "ReconMatrixPE": 90,
    "RepetitionTime": 1.2,
    "SAR": 0.0776127,
    "ScanOptions": "FS_EXT",
    "ScanningSequence": "EP",
    "SequenceName": "epfid2d1_90",
    "SequenceVariant": "SK_SS",
    "SeriesDescription": "tfMRI_StroopBas2_PA",
    "SeriesNumber": 26,
    "ShimSetting": [
      -2002,
      -11492,
      5845,
      500,
      73,
      236,
      139,
      -32
    ],
    "SliceThickness": 2.4,
    "SliceTiming": [
      0,
      0.6275,
      0.0775,
      0.7075,
      0.1575,
      0.785,
      0.235,
      0.865,
      0.315,
      0.9425,
      0.3925,
      1.0225,
      0.4725,
      1.1,
      0.55,
      0,
      0.6275,
      0.0775,
      0.7075,
      0.1575,
      0.785,
      0.235,
      0.865,
      0.315,
      0.9425,
      0.3925,
      1.0225,
      0.4725,
      1.1,
      0.55,
      0,
      0.6275,
      0.0775,
      0.7075,
      0.1575,
      0.785,
      0.235,
      0.865,
      0.315,
      0.9425,
      0.3925,
      1.0225,
      0.4725,
      1.1,
      0.55,
      0,
      0.6275,
      0.0775,
      0.7075,
      0.1575,
      0.785,
      0.235,
      0.865,
      0.315,
      0.9425,
      0.3925,
      1.0225,
      0.4725,
      1.1,
      0.55
    ],
    "SoftwareVersions": "syngo_MR_E11",
    "SpacingBetweenSlices": 2.4,
    "StationName": "MRC35177",
    "TaskName": "Stroop",
    "TotalReadoutTime": 0.0525111,
    "TxRefAmp": 246.701,
    "VendorReportedEchoSpacing": 0.00059,
    "WipMemBlock": "f48b935d-be69-4a29-aaf7-7f327354631b||Sequence: ve11b/master r/93e61f0; Jul 21 2016 00:18:29 by eja",
    "acq_id": "mb4PA",
    "dataset": "ds003465",
    "modality": "bold",
    "run_id": 2,
    "session_id": "wave1bas",
    "subject_id": "f1659oa",
    "task_id": "Stroop"
  },
  "dummy_trs": 0,
  "dvars_nstd": 34.04631299027828,
  "dvars_std": 1.114838398719853,
  "dvars_vstd": 0.9904302475324673,
  "efc": 0.5332229635238593,
  "fber": 682.150634765625,
  "fd_mean": 0.18559213421529416,
  "fd_num": 220,
  "fd_perc": 40.74074074074074,
  "fwhm_avg": 2.737981835646821,
  "fwhm_x": 2.5956707301906454,
  "fwhm_y": 2.7780623896097185,
  "fwhm_z": 2.8402123871400997,
  "gcor": 0.0216969,
  "gsr_x": -0.014495464973151684,
  "gsr_y": 0.10342858731746674,
  "provenance": {
    "md5sum": "0b55cc6325c4584d91a987445708e0d7",
    "settings": {
      "fd_thres": 0.2,
      "testing": false
    },
    "software": "mriqc",
    "version": "22.0.6",
    "webapi_port": null,
    "webapi_url": "https://mriqc.nimh.nih.gov/api/v1"
  },
  "size_t": 540,
  "size_x": 90,
  "size_y": 90,
  "size_z": 60,
  "snr": 2.6861162621338663,
  "spacing_tr": 1.2000000476837158,
  "spacing_x": 2.4000000953674316,
  "spacing_y": 2.4000000953674316,
  "spacing_z": 2.4000000953674316,
  "summary_bg_k": 28.095291061726215,
  "summary_bg_mad": 60.4105543958332,
  "summary_bg_mean": 373.3248291015625,
  "summary_bg_median": 147.78518676757812,
  "summary_bg_n": 323971.0,
  "summary_bg_p05": 103.31481170654297,
  "summary_bg_p95": 1590.0629272460938,
  "summary_bg_stdv": 588.90576171875,
  "summary_fg_k": 1.1765255317915013,
  "summary_fg_mad": 1370.1412659950954,
  "summary_fg_mean": 4182.8701171875,
  "summary_fg_median": 3926.00830078125,
  "summary_fg_n": 86066.0,
  "summary_fg_p05": 2301.4781494140625,
  "summary_fg_p95": 6951.2073974609375,
  "summary_fg_stdv": 1461.5843505859375,
  "tsnr": 44.40879801847041
}