{
  "aor": 0.0004927846153846154,
  "aqi": 0.005218534907692307,
  "bids_meta": {
    "AcquisitionMatrixPE": 90,
    "AcquisitionNumber": 1,
    "AcquisitionTime": "16:45:16.977500",
    "BandwidthPerPixelPhaseEncode": 18.832,
    "BaseResolution": 90,
    "BodyPartExamined": "HEAD",
    "ConsistencyInfo": "N4_VE11B_LATEST_20150530",
    "ConversionSoftware": "dcm2niix",
    "ConversionSoftwareVersion": "v1.0.20190902",
    "DerivedVendorReportedEchoSpacing": 0.000590012,
    "DeviceSerialNumber": "67064",
    "DwellTime": 2.5e-06,
    "EchoTime": 0.033,
    "EchoTrainLength": 90,
    "EffectiveEchoSpacing": 0.000590012,
    "FlipAngle": 63,
    "ImageComments": "Unaliased_MB4_PE3_LB",
    "ImageOrientationPatientDICOM": [
      0.999764,
      -0.0212812,
      0.00440296,
      0.0214658,
      0.935428,
      -0.352864
    ],
    "ImageType": [
      "ORIGINAL",
      "PRIMARY",
      "M",
      "MB",
      "ND",
      "MOSAIC"
    ],
    "ImagingFrequency": 123.247,
    "InPlanePhaseEncodingDirectionDICOM": "COL",
    "InstitutionAddress": "Scott_Ave_4525_St._Louis_MO_US_63110",
    "InstitutionName": "Washington_University",
    "InstitutionalDepartmentName": "Department",
    "MRAcquisitionType": "2D",
    "MagneticFieldStrength": 3,
    "Manufacturer": "Siemens",
    "ManufacturersModelName": "Prisma_fit",
    "Modality": "MR",
    "MultibandAccelerationFactor": 4,
    "PartialFourier": 1,
    "PatientPosition": "HFS",
    "PercentPhaseFOV": 100,
    "PhaseEncodingDirection": "j-",
    "PhaseEncodingSteps": 90,
    "PhaseResolution": 1,
    "PixelBandwidth": 2220,
    "ProcedureStepDescription": "head_Braver",
    "ProtocolName": "tfMRI_CuedtsBas1_AP",
    "PulseSequenceDetails": "%CustomerSeq%_cmrr_mbep2d_bold",
    "ReceiveCoilActiveElements": "HEA;HEP",
    "ReceiveCoilName": "Head_32",
    "ReconMatrixPE": 90,
    "RepetitionTime": 1.2,
    "SAR": 0.0776698,
    "ScanOptions": "FS_EXT",
    "ScanningSequence": "EP",
    "SequenceName": "epfid2d1_90",
    "SequenceVariant": "SK_SS",
    "SeriesDescription": "tfMRI_CuedtsBas1_AP",
    "SeriesNumber": 18,
    "ShimSetting": [
      -2002,
      -11492,
      5845,
      500,
      73,
      236,
      139,
      -32
    ],
    "SliceThickness": 2.4,
    "SliceTiming": [
      0,
      0.63,
      0.08,
      0.7075,
      0.1575,
      0.7875,
      0.235,
      0.865,
      0.315,
      0.945,
      0.3925,
      1.0225,
      0.4725,
      1.1025,
      0.55,
      0,
      0.63,
      0.08,
      0.7075,
      0.1575,
      0.7875,
      0.235,
      0.865,
      0.315,
      0.945,
      0.3925,
      1.0225,
      0.4725,
      1.1025,
      0.55,
      0,
      0.63,
      0.08,
      0.7075,
      0.1575,
      0.7875,
      0.235,
      0.865,
      0.315,
      0.945,
      0.3925,
      1.0225,
      0.4725,
      1.1025,
      0.55,
      0,
      0.63,
      0.08,
      0.7075,
      0.1575,
      0.7875,
      0.235,
      0.865,
      0.315,
      0.945,
      0.3925,
      1.0225,
      0.4725,
      1.1025,
      0.55
    ],
    "SoftwareVersions": "syngo_MR_E11",
    "SpacingBetweenSlices": 2.4,
    "StationName": "MRC35177",
    "TaskName": "Cuedts",
    "TotalReadoutTime": 0.0525111,
    "TxRefAmp": 246.701,
    "VendorReportedEchoSpacing": 0.00059,
    "WipMemBlock": "15465a07-1557-4115-9e11-def89e0ca87a||Sequence: ve11b/master r/93e61f0; Jul 21 2016 00:18:29 by eja",
    "acq_id": "mb4AP",
    "dataset": "ds003465",
    "modality": "bold",
    "run_id": 1,
    "session_id": "wave1bas",
    "subject_id": "f1659oa",
    "task_id": "Cuedts"
  },
  "dummy_trs": 0,
  "dvars_nstd": 29.38849627274266,
  "dvars_std": 1.0980470739137125,
  "dvars_vstd": 0.9907512718952252,
  "efc": 0.5350784595742739,
  "fber": 740.0535888671875,
  "fd_mean": 0.18188760408560647,
  "fd_num": 277,
  "fd_perc": 42.61538461538461,
  "fwhm_avg": 2.6840693377891114,
  "fwhm_x": 2.535508232581288,
  "fwhm_y": 2.8099082216776123,
  "fwhm_z": 2.7067915591084337,
  "gcor": 0.0196105,
  "gsr_x": -0.020670585334300995,
  "gsr_y": 0.10850799828767776,
  "provenance": {
    "md5sum": "19d500661a8a7fa531a37fc1b0d99fd9",
    "settings": {
      "fd_thres": 0.2,
      "testing": false
    },
    "software": "mriqc",
    "version": "22.0.6",
    "webapi_port": null,
    "webapi_url": "https://mriqc.nimh.nih.gov/api/v1"
  },
  "size_t": 650,
  "size_x": 90,
  "size_y": 90,
  "size_z": 60,
  "snr": 2.8138078854021384,
  "spacing_tr": 1.2000000476837158,
  "spacing_x": 2.4000000953674316,
  "spacing_y": 2.4000000953674316,
  "spacing_z": 2.4000000953674316,
  "summary_bg_k": 29.9341657702455,
  "summary_bg_mad": 55.57592194481122,
  "summary_bg_mean": 362.43438720703125,
  "summary_bg_median": 143.93307495117188,
  "summary_bg_n": 320212.0,
  "summary_bg_p05": 102.53692626953125,
  "summary_bg_p95": 1504.5716491699225,
  "summary_bg_stdv": 579.3368530273438,
  "summary_fg_k": 1.2225243939194206,
  "summary_fg_mad": 1285.6691358835012,
  "summary_fg_mean": 4263.92724609375,
  "summary_fg_median": 4015.0107421875,
  "summary_fg_n": 87689.0,
  "summary_fg_p05": 2424.4203125,
  "summary_fg_p95": 6996.5240234375,
  "summary_fg_stdv": 1426.8876953125,
  "tsnr": 47.6067286785692
}