{
  "aor": 0.0008632407407407407,
  "aqi": 0.004685746712962962,
  "bids_meta": {
    "AcquisitionMatrixPE": 90,
    "AcquisitionNumber": 1,
    "AcquisitionTime": "16:59:52.202500",
    "BandwidthPerPixelPhaseEncode": 18.832,
    "BaseResolution": 90,
    "BodyPartExamined": "HEAD",
    "ConsistencyInfo": "N4_VE11B_LATEST_20150530",
    "ConversionSoftware": "dcm2niix",
    "ConversionSoftwareVersion": "v1.0.20190902",
    "DerivedVendorReportedEchoSpacing": 0.000590012,
    "DeviceSerialNumber": "67064",
    "DwellTime": 2.5e-06,
    "EchoTime": 0.033,
    "EchoTrainLength": 90,
    "EffectiveEchoSpacing": 0.000590012,
    "FlipAngle": 63,
    "ImageComments": "Unaliased_MB4_PE3_LB",
    "ImageOrientationPatientDICOM": [
      0.999764,
      -0.0212812,
      0.00440296,
      0.0214658,
      0.935428,
      -0.352864
    ],
    "ImageType": [
      "ORIGINAL",
      "PRIMARY",
      "M",
      "MB",
      "ND",
      "MOSAIC"
    ],
    "ImagingFrequency": 123.247,
    "InPlanePhaseEncodingDirectionDICOM": "COL",
    "InstitutionAddress": "Scott_Ave_4525_St._Louis_MO_US_63110",
    "InstitutionName": "Washington_University",
    "InstitutionalDepartmentName": "Department",
    "MRAcquisitionType": "2D",
    "MagneticFieldStrength": 3,
    "Manufacturer": "Siemens",
    "ManufacturersModelName": "Prisma_fit",
    "Modality": "MR",
    "MultibandAccelerationFactor": 4,
    "PartialFourier": 1,
    "PatientPosition": "HFS",
    "PercentPhaseFOV": 100,
    "PhaseEncodingDirection": "j",
    "PhaseEncodingSteps": 90,
    "PhaseResolution": 1,
    "PixelBandwidth": 2220,
    "ProcedureStepDescription": "head_Braver",
    "ProtocolName": "tfMRI_CuedtsBas2_PA",
    "PulseSequenceDetails": "%CustomerSeq%_cmrr_mbep2d_bold",
    "ReceiveCoilActiveElements": "HEA;HEP",
    "ReceiveCoilName": "Head_32",
    "ReconMatrixPE": 90,
    "RepetitionTime": 1.2,
    "SAR": 0.0776698,
    "ScanOptions": "FS_EXT",
    "ScanningSequence": "EP",
    "SequenceName": "epfid2d1_90",
    "SequenceVariant": "SK_SS",
    "SeriesDescription": "tfMRI_CuedtsBas2_PA",
    "SeriesNumber": 20,
    "ShimSetting": [
      -2002,
      -11492,
      5845,
      500,
      73,
      236,
      139,
      -32
    ],
    "SliceThickness": 2.4,
    "SliceTiming": [
      0,
      0.63,
      0.08,
      0.7075,
      0.1575,
      0.7875,
      0.2375,
      0.865,
      0.315,
      0.945,
      0.395,
      1.0225,
      0.4725,
      1.1025,
      0.5525,
      0,
      0.63,
      0.08,
      0.7075,
      0.1575,
      0.7875,
      0.2375,
      0.865,
      0.315,
      0.945,
      0.395,
      1.0225,
      0.4725,
      1.1025,
      0.5525,
      0,
      0.63,
      0.08,
      0.7075,
      0.1575,
      0.7875,
      0.2375,
      0.865,
      0.315,
      0.945,
      0.395,
      1.0225,
      0.4725,
      1.1025,
      0.5525,
      0,
      0.63,
      0.08,
      0.7075,
      0.1575,
      0.7875,
      0.2375,
      0.865,
      0.315,
      0.945,
      0.395,
      1.0225,
      0.4725,
      1.1025,
      0.5525
    ],
    "SoftwareVersions": "syngo_MR_E11",
    "SpacingBetweenSlices": 2.4,
    "StationName": "MRC35177",
    "TaskName": "Cuedts",
    "TotalReadoutTime": 0.0525111,
    "TxRefAmp": 246.701,
    "VendorReportedEchoSpacing": 0.00059,
    "WipMemBlock": "8069f22b-5046-4dbc-9915-969a00e79528||Sequence: ve11b/master r/93e61f0; Jul 21 2016 00:18:29 by eja",
    "acq_id": "mb4PA",
    "dataset": "ds003465",
    "modality": "bold",
    "run_id": 2,
    "session_id": "wave1bas",
    "subject_id": "f1659oa",
    "task_id": "Cuedts"
  },
  "dummy_trs": 2,
  "dvars_nstd": 28.777597798778974,
  "dvars_std": 1.107277121839258,
  "dvars_vstd": 1.0078452274343124,
  "efc": 0.5324560629566663,
  "fber": 697.9833984375,
  "fd_mean": 0.14657554716734789,
  "fd_num": 126,
  "fd_perc": 19.444444444444443,
  "fwhm_avg": 2.7197790585923567,
  "fwhm_x": 2.580433230796129,
  "fwhm_y": 2.7861457226218493,
  "fwhm_z": 2.792758222359092,
  "gcor": 0.0226684,
  "gsr_x": -0.01820591650903225,
  "gsr_y": 0.10207810997962952,
  "provenance": {
    "md5sum": "1bc64c54c9b60f2a29f115797daed828",
    "settings": {
      "fd_thres": 0.2,
      "testing": false
    },
    "software": "mriqc",
    "version": "22.0.6",
    "webapi_port": null,
    "webapi_url": "https://mriqc.nimh.nih.gov/api/v1"
  },
  "size_t": 648,
  "size_x": 90,
  "size_y": 90,
  "size_z": 60,
  "snr": 2.6567105964727955,
  "spacing_tr": 1.2000000476837158,
  "spacing_x": 2.4000000953674316,
  "spacing_y": 2.4000000953674316,
  "spacing_z": 2.4000000953674316,
  "summary_bg_k": 29.695447009757494,
  "summary_bg_mad": 60.04540116083414,
  "summary_bg_mean": 369.4947509765625,
  "summary_bg_median": 147.2916717529297,
  "summary_bg_n": 322483.0,
  "summary_bg_p05": 102.52623748779297,
  "summary_bg_p95": 1567.7343994140604,
  "summary_bg_stdv": 579.7776489257812,
  "summary_fg_k": 1.2779064441683117,
  "summary_fg_mad": 1386.2399516079506,
  "summary_fg_mean": 4222.84326171875,
  "summary_fg_median": 3960.4814453125,
  "summary_fg_n": 86555.0,
  "summary_fg_p05": 2304.8533447265627,
  "summary_fg_p95": 7041.40224609375,
  "summary_fg_stdv": 1490.7376708984375,
  "tsnr": 49.28289472684264
}