{
  "aor": 0.0031409276437847867,
  "aqi": 0.007879660575139147,
  "bids_meta": {
    "AcquisitionMatrixPE": 90,
    "AcquisitionNumber": 1,
    "AcquisitionTime": "11:04:45.755000",
    "BandwidthPerPixelPhaseEncode": 18.832,
    "BaseResolution": 90,
    "BodyPartExamined": "HEAD",
    "ConsistencyInfo": "N4_VE11C_LATEST_20160120",
    "ConversionSoftware": "dcm2niix",
    "ConversionSoftwareVersion": "v1.0.20190902",
    "DerivedVendorReportedEchoSpacing": 0.000590012,
    "DeviceSerialNumber": "67064",
    "DwellTime": 2.5e-06,
    "EchoTime": 0.033,
    "EchoTrainLength": 90,
    "EffectiveEchoSpacing": 0.000590012,
    "FlipAngle": 63,
    "ImageComments": "Unaliased_MB4_PE3_LB",
    "ImageOrientationPatientDICOM": [
      0.998999,
      -0.0412401,
      0.0173377,
      0.044316,
      0.859272,
      -0.509596
    ],
    "ImageType": [
      "ORIGINAL",
      "PRIMARY",
      "M",
      "MB",
      "ND",
      "MOSAIC"
    ],
    "ImagingFrequency": 123.247,
    "InPlanePhaseEncodingDirectionDICOM": "COL",
    "InstitutionAddress": "Scott_Ave_4525_St._Louis_MO_US_63110",
    "InstitutionName": "Washington_University",
    "InstitutionalDepartmentName": "Department",
    "MRAcquisitionType": "2D",
    "MagneticFieldStrength": 3,
    "Manufacturer": "Siemens",
    "ManufacturersModelName": "Prisma_fit",
    "Modality": "MR",
    "MultibandAccelerationFactor": 4,
    "PartialFourier": 1,
    "PatientPosition": "HFS",
    "PercentPhaseFOV": 100,
    "PhaseEncodingDirection": "j-",
    "PhaseEncodingSteps": 90,
    "PhaseResolution": 1,
    "PixelBandwidth": 2220,
    "ProcedureStepDescription": "head_Braver",
    "ProtocolName": "tfMRI_StroopBas1_AP",
    "PulseSequenceDetails": "%CustomerSeq%_cmrr_mbep2d_bold",
    "ReceiveCoilActiveElements": "HEA;HEP",
    "ReceiveCoilName": "Head_32",
    "ReconMatrixPE": 90,
    "RepetitionTime": 1.2,
    "SAR": 0.0611617,
    "ScanOptions": "FS_EXT",
    "ScanningSequence": "EP",
    "SequenceName": "epfid2d1_90",
    "SequenceVariant": "SK_SS",
    "SeriesDescription": "tfMRI_StroopBas1_AP",
    "SeriesNumber": 37,
    "ShimSetting": [
      -1994,
      -11452,
      5757,
      519,
      86,
      292,
      -28,
      -76
    ],
    "SliceThickness": 2.4,
    "SliceTiming": [
      0,
      0.63,
      0.08,
      0.7075,
      0.1575,
      0.7875,
      0.2375,
      0.865,
      0.315,
      0.945,
      0.395,
      1.0225,
      0.4725,
      1.1025,
      0.5525,
      0,
      0.63,
      0.08,
      0.7075,
      0.1575,
      0.7875,
      0.2375,
      0.865,
      0.315,
      0.945,
      0.395,
      1.0225,
      0.4725,
      1.1025,
      0.5525,
      0,
      0.63,
      0.08,
      0.7075,
      0.1575,
      0.7875,
      0.2375,
      0.865,
      0.315,
      0.945,
      0.395,
      1.0225,
      0.4725,
      1.1025,
      0.5525,
      0,
      0.63,
      0.08,
      0.7075,
      0.1575,
      0.7875,
      0.2375,
      0.865,
      0.315,
      0.945,
      0.395,
      1.0225,
      0.4725,
      1.1025,
      0.5525
    ],
    "SoftwareVersions": "syngo_MR_E11",
    "SpacingBetweenSlices": 2.4,
    "StationName": "MRC35177",
    "TaskName": "Stroop",
    "TotalReadoutTime": 0.0525111,
    "TxRefAmp": 220.736,
    "VendorReportedEchoSpacing": 0.00059,
    "WipMemBlock": "14e774f5-8e70-4cbc-a2a4-a022d9a3f8d8||Sequence: ve11c/master r/ab69a6c; Apr 19 2017 09:47:47 by eja",
    "acq_id": "mb4AP",
    "dataset": "ds003465",
    "modality": "bold",
    "run_id": 1,
    "session_id": "wave1bas",
    "subject_id": "f3681wf",
    "task_id": "Stroop"
  },
  "dummy_trs": 1,
  "dvars_nstd": 31.810458835706314,
  "dvars_std": 1.1302713318587363,
  "dvars_vstd": 1.0369200120260225,
  "efc": 0.5064414605819424,
  "fber": 960.7257080078125,
  "fd_mean": 0.22961388976481215,
  "fd_num": 290,
  "fd_perc": 53.80333951762523,
  "fwhm_avg": 2.698688873107406,
  "fwhm_x": 2.531812399394814,
  "fwhm_y": 2.8024123886421366,
  "fwhm_z": 2.761841831285268,
  "gcor": 0.0268485,
  "gsr_x": -0.018323305994272232,
  "gsr_y": 0.06475656479597092,
  "provenance": {
    "md5sum": "17bd69d2f0bfaaf1b9348bd6c529d518",
    "settings": {
      "fd_thres": 0.2,
      "testing": false
    },
    "software": "mriqc",
    "version": "22.0.6",
    "webapi_port": null,
    "webapi_url": "https://mriqc.nimh.nih.gov/api/v1"
  },
  "size_t": 539,
  "size_x": 90,
  "size_y": 90,
  "size_z": 60,
  "snr": 3.1807149100963,
  "spacing_tr": 1.2000000476837158,
  "spacing_x": 2.4000000953674316,
  "spacing_y": 2.4000000953674316,
  "spacing_z": 2.3999998569488525,
  "summary_bg_k": 22.355227328750782,
  "summary_bg_mad": 41.537622679194364,
  "summary_bg_mean": 282.99755859375,
  "summary_bg_median": 128.42857360839844,
  "summary_bg_n": 332751.0,
  "summary_bg_p05": 90.85065078735352,
  "summary_bg_p95": 1092.4285888671875,
  "summary_bg_stdv": 426.29400634765625,
  "summary_fg_k": 1.270732737341472,
  "summary_fg_mad": 1106.7831880300703,
  "summary_fg_mean": 4196.71484375,
  "summary_fg_median": 3987.61328125,
  "summary_fg_n": 82564.0,
  "summary_fg_p05": 2558.1248168945312,
  "summary_fg_p95": 6609.219970703124,
  "summary_fg_stdv": 1253.677001953125,
  "tsnr": 40.58377165929414
}