{
  "aor": 0.00129118530884808,
  "aqi": 0.00557114712854758,
  "bids_meta": {
    "AcquisitionMatrixPE": 90,
    "AcquisitionNumber": 1,
    "AcquisitionTime": "09:58:44.187500",
    "BandwidthPerPixelPhaseEncode": 18.832,
    "BaseResolution": 90,
    "BodyPartExamined": "HEAD",
    "ConsistencyInfo": "N4_VE11C_LATEST_20160120",
    "ConversionSoftware": "dcm2niix",
    "ConversionSoftwareVersion": "v1.0.20190902",
    "DerivedVendorReportedEchoSpacing": 0.000590012,
    "DeviceSerialNumber": "67064",
    "DwellTime": 2.5e-06,
    "EchoTime": 0.033,
    "EchoTrainLength": 90,
    "EffectiveEchoSpacing": 0.000590012,
    "FlipAngle": 63,
    "ImageComments": "Unaliased_MB4_PE3_LB",
    "ImageOrientationPatientDICOM": [
      0.998999,
      -0.0412401,
      0.0173377,
      0.044316,
      0.859272,
      -0.509596
    ],
    "ImageType": [
      "ORIGINAL",
      "PRIMARY",
      "M",
      "MB",
      "ND",
      "MOSAIC"
    ],
    "ImagingFrequency": 123.247,
    "InPlanePhaseEncodingDirectionDICOM": "COL",
    "InstitutionAddress": "Scott_Ave_4525_St._Louis_MO_US_63110",
    "InstitutionName": "Washington_University",
    "InstitutionalDepartmentName": "Department",
    "MRAcquisitionType": "2D",
    "MagneticFieldStrength": 3,
    "Manufacturer": "Siemens",
    "ManufacturersModelName": "Prisma_fit",
    "Modality": "MR",
    "MultibandAccelerationFactor": 4,
    "PartialFourier": 1,
    "PatientPosition": "HFS",
    "PercentPhaseFOV": 100,
    "PhaseEncodingDirection": "j-",
    "PhaseEncodingSteps": 90,
    "PhaseResolution": 1,
    "PixelBandwidth": 2220,
    "ProcedureStepDescription": "head_Braver",
    "ProtocolName": "tfMRI_SternBas1_AP",
    "PulseSequenceDetails": "%CustomerSeq%_cmrr_mbep2d_bold",
    "ReceiveCoilActiveElements": "HEA;HEP",
    "ReceiveCoilName": "Head_32",
    "ReconMatrixPE": 90,
    "RepetitionTime": 1.2,
    "SAR": 0.0611883,
    "ScanOptions": "FS_EXT",
    "ScanningSequence": "EP",
    "SequenceName": "epfid2d1_90",
    "SequenceVariant": "SK_SS",
    "SeriesDescription": "tfMRI_SternBas1_AP",
    "SeriesNumber": 19,
    "ShimSetting": [
      -1994,
      -11452,
      5757,
      519,
      86,
      292,
      -28,
      -76
    ],
    "SliceThickness": 2.4,
    "SliceTiming": [
      0,
      0.6275,
      0.0775,
      0.7075,
      0.1575,
      0.785,
      0.235,
      0.865,
      0.315,
      0.9425,
      0.3925,
      1.0225,
      0.47,
      1.1,
      0.55,
      0,
      0.6275,
      0.0775,
      0.7075,
      0.1575,
      0.785,
      0.235,
      0.865,
      0.315,
      0.9425,
      0.3925,
      1.0225,
      0.47,
      1.1,
      0.55,
      0,
      0.6275,
      0.0775,
      0.7075,
      0.1575,
      0.785,
      0.235,
      0.865,
      0.315,
      0.9425,
      0.3925,
      1.0225,
      0.47,
      1.1,
      0.55,
      0,
      0.6275,
      0.0775,
      0.7075,
      0.1575,
      0.785,
      0.235,
      0.865,
      0.315,
      0.9425,
      0.3925,
      1.0225,
      0.47,
      1.1,
      0.55
    ],
    "SoftwareVersions": "syngo_MR_E11",
    "SpacingBetweenSlices": 2.4,
    "StationName": "MRC35177",
    "TaskName": "Stern",
    "TotalReadoutTime": 0.0525111,
    "TxRefAmp": 220.736,
    "VendorReportedEchoSpacing": 0.00059,
    "WipMemBlock": "81b9ed7c-ad61-47b3-a4ba-220001aebe66||Sequence: ve11c/master r/ab69a6c; Apr 19 2017 09:47:47 by eja",
    "acq_id": "mb4AP",
    "dataset": "ds003465",
    "modality": "bold",
    "run_id": 1,
    "session_id": "wave1bas",
    "subject_id": "f3681wf",
    "task_id": "Stern"
  },
  "dummy_trs": 1,
  "dvars_nstd": 27.439176836973257,
  "dvars_std": 1.0823920144816042,
  "dvars_vstd": 1.003383748913044,
  "efc": 0.5019517464013757,
  "fber": 1024.2060546875,
  "fd_mean": 0.20031331065267954,
  "fd_num": 276,
  "fd_perc": 46.07679465776294,
  "fwhm_avg": 2.6307597066375727,
  "fwhm_x": 2.5086915669802203,
  "fwhm_y": 2.6973165594849364,
  "fwhm_z": 2.6862709934475615,
  "gcor": 0.0152391,
  "gsr_x": -0.01840587519109249,
  "gsr_y": 0.06009139120578766,
  "provenance": {
    "md5sum": "c9146065406d10c8989c0e844b1eb801",
    "settings": {
      "fd_thres": 0.2,
      "testing": false
    },
    "software": "mriqc",
    "version": "22.0.6",
    "webapi_port": null,
    "webapi_url": "https://mriqc.nimh.nih.gov/api/v1"
  },
  "size_t": 599,
  "size_x": 90,
  "size_y": 90,
  "size_z": 60,
  "snr": 3.1950072290336533,
  "spacing_tr": 1.2000000476837158,
  "spacing_x": 2.4000000953674316,
  "spacing_y": 2.4000000953674316,
  "spacing_z": 2.3999998569488525,
  "summary_bg_k": 23.93772083191113,
  "summary_bg_mad": 34.28919749044722,
  "summary_bg_mean": 271.8382873535156,
  "summary_bg_median": 124.81552124023438,
  "summary_bg_n": 333994.0,
  "summary_bg_p05": 98.19699096679688,
  "summary_bg_p95": 1032.9589355468747,
  "summary_bg_stdv": 404.0456237792969,
  "summary_fg_k": 1.3143747216585728,
  "summary_fg_mad": 1109.5160119435754,
  "summary_fg_mean": 4237.40185546875,
  "summary_fg_median": 4017.747802734375,
  "summary_fg_n": 81489.0,
  "summary_fg_p05": 2618.05078125,
  "summary_fg_p95": 6667.277343749999,
  "summary_fg_stdv": 1257.50048828125,
  "tsnr": 50.0972386719659
}