{
  "aor": 0.001568111111111111,
  "aqi": 0.007783662629629629,
  "bids_meta": {
    "AcquisitionMatrixPE": 90,
    "AcquisitionNumber": 1,
    "AcquisitionTime": "11:16:32.715000",
    "BandwidthPerPixelPhaseEncode": 18.832,
    "BaseResolution": 90,
    "BodyPartExamined": "HEAD",
    "ConsistencyInfo": "N4_VE11C_LATEST_20160120",
    "ConversionSoftware": "dcm2niix",
    "ConversionSoftwareVersion": "v1.0.20190902",
    "DerivedVendorReportedEchoSpacing": 0.000590012,
    "DeviceSerialNumber": "67064",
    "DwellTime": 2.5e-06,
    "EchoTime": 0.033,
    "EchoTrainLength": 90,
    "EffectiveEchoSpacing": 0.000590012,
    "FlipAngle": 63,
    "ImageComments": "Unaliased_MB4_PE3_LB",
    "ImageOrientationPatientDICOM": [
      0.998999,
      -0.0412401,
      0.0173377,
      0.044316,
      0.859272,
      -0.509596
    ],
    "ImageType": [
      "ORIGINAL",
      "PRIMARY",
      "M",
      "MB",
      "ND",
      "MOSAIC"
    ],
    "ImagingFrequency": 123.247,
    "InPlanePhaseEncodingDirectionDICOM": "COL",
    "InstitutionAddress": "Scott_Ave_4525_St._Louis_MO_US_63110",
    "InstitutionName": "Washington_University",
    "InstitutionalDepartmentName": "Department",
    "MRAcquisitionType": "2D",
    "MagneticFieldStrength": 3,
    "Manufacturer": "Siemens",
    "ManufacturersModelName": "Prisma_fit",
    "Modality": "MR",
    "MultibandAccelerationFactor": 4,
    "PartialFourier": 1,
    "PatientPosition": "HFS",
    "PercentPhaseFOV": 100,
    "PhaseEncodingDirection": "j",
    "PhaseEncodingSteps": 90,
    "PhaseResolution": 1,
    "PixelBandwidth": 2220,
    "ProcedureStepDescription": "head_Braver",
    "ProtocolName": "tfMRI_StroopBas2_PA",
    "PulseSequenceDetails": "%CustomerSeq%_cmrr_mbep2d_bold",
    "ReceiveCoilActiveElements": "HEA;HEP",
    "ReceiveCoilName": "Head_32",
    "ReconMatrixPE": 90,
    "RepetitionTime": 1.2,
    "SAR": 0.0611617,
    "ScanOptions": "FS_EXT",
    "ScanningSequence": "EP",
    "SequenceName": "epfid2d1_90",
    "SequenceVariant": "SK_SS",
    "SeriesDescription": "tfMRI_StroopBas2_PA",
    "SeriesNumber": 40,
    "ShimSetting": [
      -1994,
      -11452,
      5757,
      519,
      86,
      292,
      -28,
      -76
    ],
    "SliceThickness": 2.4,
    "SliceTiming": [
      0,
      0.63,
      0.08,
      0.71,
      0.1575,
      0.7875,
      0.2375,
      0.8675,
      0.315,
      0.945,
      0.395,
      1.025,
      0.4725,
      1.1025,
      0.5525,
      0,
      0.63,
      0.08,
      0.71,
      0.1575,
      0.7875,
      0.2375,
      0.8675,
      0.315,
      0.945,
      0.395,
      1.025,
      0.4725,
      1.1025,
      0.5525,
      0,
      0.63,
      0.08,
      0.71,
      0.1575,
      0.7875,
      0.2375,
      0.8675,
      0.315,
      0.945,
      0.395,
      1.025,
      0.4725,
      1.1025,
      0.5525,
      0,
      0.63,
      0.08,
      0.71,
      0.1575,
      0.7875,
      0.2375,
      0.8675,
      0.315,
      0.945,
      0.395,
      1.025,
      0.4725,
      1.1025,
      0.5525
    ],
    "SoftwareVersions": "syngo_MR_E11",
    "SpacingBetweenSlices": 2.4,
    "StationName": "MRC35177",
    "TaskName": "Stroop",
    "TotalReadoutTime": 0.0525111,
    "TxRefAmp": 220.736,
    "VendorReportedEchoSpacing": 0.00059,
    "WipMemBlock": "d75fb81e-7c56-491f-8c35-bcccebfdd496||Sequence: ve11c/master r/ab69a6c; Apr 19 2017 09:47:47 by eja",
    "acq_id": "mb4PA",
    "dataset": "ds003465",
    "modality": "bold",
    "run_id": 2,
    "session_id": "wave1bas",
    "subject_id": "f3681wf",
    "task_id": "Stroop"
  },
  "dummy_trs": 0,
  "dvars_nstd": 31.156122295992596,
  "dvars_std": 1.103349021243042,
  "dvars_vstd": 1.00597059471243,
  "efc": 0.4982166298563948,
  "fber": 995.0794067382812,
  "fd_mean": 0.20058431169434374,
  "fd_num": 205,
  "fd_perc": 37.96296296296296,
  "fwhm_avg": 2.6382624857261283,
  "fwhm_x": 2.4583415689809494,
  "fwhm_y": 2.7215873918538334,
  "fwhm_z": 2.7348584963436022,
  "gcor": 0.0141018,
  "gsr_x": -0.020001886412501335,
  "gsr_y": 0.05991605296730995,
  "provenance": {
    "md5sum": "95a7a120b9c2ce212f8ae6d9c8abf4c9",
    "settings": {
      "fd_thres": 0.2,
      "testing": false
    },
    "software": "mriqc",
    "version": "22.0.6",
    "webapi_port": null,
    "webapi_url": "https://mriqc.nimh.nih.gov/api/v1"
  },
  "size_t": 540,
  "size_x": 90,
  "size_y": 90,
  "size_z": 60,
  "snr": 3.1446922546559817,
  "spacing_tr": 1.2000000476837158,
  "spacing_x": 2.4000000953674316,
  "spacing_y": 2.4000000953674316,
  "spacing_z": 2.3999998569488525,
  "summary_bg_k": 19.733999602853913,
  "summary_bg_mad": 37.88322855581744,
  "summary_bg_mean": 285.174072265625,
  "summary_bg_median": 127.91666412353516,
  "summary_bg_n": 339825.0,
  "summary_bg_p05": 98.61481475830078,
  "summary_bg_p95": 1094.7533203124988,
  "summary_bg_stdv": 413.7086181640625,
  "summary_fg_k": 0.7651382260527013,
  "summary_fg_mad": 1183.929178272877,
  "summary_fg_mean": 4222.70947265625,
  "summary_fg_median": 4021.985107421875,
  "summary_fg_n": 77873.0,
  "summary_fg_p05": 2517.5776855468753,
  "summary_fg_p95": 6641.799316406249,
  "summary_fg_stdv": 1278.967529296875,
  "tsnr": 40.97495886310935
}