{
  "aor": 0.0016916000000000004,
  "aqi": 0.005318708876923077,
  "bids_meta": {
    "AcquisitionMatrixPE": 90,
    "AcquisitionNumber": 1,
    "AcquisitionTime": "18:48:9.382500",
    "BandwidthPerPixelPhaseEncode": 18.832,
    "BaseResolution": 90,
    "BodyPartExamined": "HEAD",
    "ConsistencyInfo": "N4_VE11C_LATEST_20160120",
    "ConversionSoftware": "dcm2niix",
    "ConversionSoftwareVersion": "v1.0.20190902",
    "DerivedVendorReportedEchoSpacing": 0.000590012,
    "DeviceSerialNumber": "67064",
    "DwellTime": 2.5e-06,
    "EchoTime": 0.033,
    "EchoTrainLength": 90,
    "EffectiveEchoSpacing": 0.000590012,
    "FlipAngle": 63,
    "ImageComments": "Unaliased_MB4_PE3_LB",
    "ImageOrientationPatientDICOM": [
      0.998186,
      -0.0516457,
      0.0309466,
      0.0598277,
      0.908489,
      -0.413605
    ],
    "ImageType": [
      "ORIGINAL",
      "PRIMARY",
      "M",
      "MB",
      "ND",
      "MOSAIC"
    ],
    "ImagingFrequency": 123.247,
    "InPlanePhaseEncodingDirectionDICOM": "COL",
    "InstitutionAddress": "Scott_Ave_4525_St._Louis_MO_US_63110",
    "InstitutionName": "Washington_University",
    "InstitutionalDepartmentName": "Department",
    "MRAcquisitionType": "2D",
    "MagneticFieldStrength": 3,
    "Manufacturer": "Siemens",
    "ManufacturersModelName": "Prisma_fit",
    "Modality": "MR",
    "MultibandAccelerationFactor": 4,
    "PartialFourier": 1,
    "PatientPosition": "HFS",
    "PercentPhaseFOV": 100,
    "PhaseEncodingDirection": "j-",
    "PhaseEncodingSteps": 90,
    "PhaseResolution": 1,
    "PixelBandwidth": 2220,
    "ProcedureStepDescription": "head_Braver",
    "ProtocolName": "tfMRI_CuedtsBas1_AP",
    "PulseSequenceDetails": "%CustomerSeq%_cmrr_mbep2d_bold",
    "ReceiveCoilActiveElements": "HEA;HEP",
    "ReceiveCoilName": "Head_32",
    "ReconMatrixPE": 90,
    "RepetitionTime": 1.2,
    "SAR": 0.0684514,
    "ScanOptions": "FS_EXT",
    "ScanningSequence": "EP",
    "SequenceName": "epfid2d1_90",
    "SequenceVariant": "SK_SS",
    "SeriesDescription": "tfMRI_CuedtsBas1_AP",
    "SeriesNumber": 19,
    "ShimSetting": [
      -2008,
      -11514,
      5860,
      637,
      17,
      79,
      -143,
      3
    ],
    "SliceThickness": 2.4,
    "SliceTiming": [
      0,
      0.63,
      0.08,
      0.7075,
      0.1575,
      0.7875,
      0.2375,
      0.865,
      0.315,
      0.945,
      0.395,
      1.0225,
      0.4725,
      1.1025,
      0.55,
      0,
      0.63,
      0.08,
      0.7075,
      0.1575,
      0.7875,
      0.2375,
      0.865,
      0.315,
      0.945,
      0.395,
      1.0225,
      0.4725,
      1.1025,
      0.55,
      0,
      0.63,
      0.08,
      0.7075,
      0.1575,
      0.7875,
      0.2375,
      0.865,
      0.315,
      0.945,
      0.395,
      1.0225,
      0.4725,
      1.1025,
      0.55,
      0,
      0.63,
      0.08,
      0.7075,
      0.1575,
      0.7875,
      0.2375,
      0.865,
      0.315,
      0.945,
      0.395,
      1.0225,
      0.4725,
      1.1025,
      0.55
    ],
    "SoftwareVersions": "syngo_MR_E11",
    "SpacingBetweenSlices": 2.4,
    "StationName": "MRC35177",
    "TaskName": "Cuedts",
    "TotalReadoutTime": 0.0525111,
    "TxRefAmp": 222.361,
    "VendorReportedEchoSpacing": 0.00059,
    "WipMemBlock": "820351f4-484c-4f3e-8876-0dd241217b0f||Sequence: R016 ve11c/master r/e634e98; Dec 19 2017 11:00:25 by eja",
    "acq_id": "mb4AP",
    "dataset": "ds003465",
    "modality": "bold",
    "run_id": 1,
    "session_id": "wave1bas",
    "subject_id": "f7688lh",
    "task_id": "Cuedts"
  },
  "dummy_trs": 0,
  "dvars_nstd": 30.908405442110904,
  "dvars_std": 1.156228295916796,
  "dvars_vstd": 1.022240697734977,
  "efc": 0.4804440823114688,
  "fber": 1203.9622802734375,
  "fd_mean": 0.20049638544991155,
  "fd_num": 295,
  "fd_perc": 45.38461538461539,
  "fwhm_avg": 2.7907637779939,
  "fwhm_x": 2.656062394457563,
  "fwhm_y": 2.799320722098322,
  "fwhm_z": 2.9169082174258145,
  "gcor": 0.00718009,
  "gsr_x": -0.01645311899483204,
  "gsr_y": 0.044287387281656265,
  "provenance": {
    "md5sum": "6fe67cf538f2f061d9e299acf7e99271",
    "settings": {
      "fd_thres": 0.2,
      "testing": false
    },
    "software": "mriqc",
    "version": "22.0.6",
    "webapi_port": null,
    "webapi_url": "https://mriqc.nimh.nih.gov/api/v1"
  },
  "size_t": 650,
  "size_x": 90,
  "size_y": 90,
  "size_z": 60,
  "snr": 2.8974519113585857,
  "spacing_tr": 1.2000000476837158,
  "spacing_x": 2.4000000953674316,
  "spacing_y": 2.4000000953674316,
  "spacing_z": 2.4000000953674316,
  "summary_bg_k": 75.46801804708932,
  "summary_bg_mad": 27.74747196910101,
  "summary_bg_mean": 233.20645141601562,
  "summary_bg_median": 117.16769409179688,
  "summary_bg_n": 335988.0,
  "summary_bg_p05": 94.06053695678712,
  "summary_bg_p95": 797.2763061523435,
  "summary_bg_stdv": 401.8428649902344,
  "summary_fg_k": 2.804090798125549,
  "summary_fg_mad": 1236.389624399506,
  "summary_fg_mean": 4377.76416015625,
  "summary_fg_median": 4111.8076171875,
  "summary_fg_n": 79381.0,
  "summary_fg_p05": 2580.796875,
  "summary_fg_p95": 6949.64013671875,
  "summary_fg_stdv": 1419.1026611328125,
  "tsnr": 48.935101295937784
}