{
  "aor": 0.0006694991652754591,
  "aqi": 0.008768782370617696,
  "bids_meta": {
    "AcquisitionMatrixPE": 90,
    "AcquisitionNumber": 1,
    "AcquisitionTime": "19:16:37.387500",
    "BandwidthPerPixelPhaseEncode": 18.832,
    "BaseResolution": 90,
    "BodyPartExamined": "HEAD",
    "ConsistencyInfo": "N4_VE11C_LATEST_20160120",
    "ConversionSoftware": "dcm2niix",
    "ConversionSoftwareVersion": "v1.0.20190902",
    "DerivedVendorReportedEchoSpacing": 0.000590012,
    "DeviceSerialNumber": "67064",
    "DwellTime": 2.5e-06,
    "EchoTime": 0.033,
    "EchoTrainLength": 90,
    "EffectiveEchoSpacing": 0.000590012,
    "FlipAngle": 63,
    "ImageComments": "Unaliased_MB4_PE3_LB",
    "ImageOrientationPatientDICOM": [
      0.998186,
      -0.0516457,
      0.0309466,
      0.0598277,
      0.908489,
      -0.413605
    ],
    "ImageType": [
      "ORIGINAL",
      "PRIMARY",
      "M",
      "MB",
      "ND",
      "MOSAIC"
    ],
    "ImagingFrequency": 123.247,
    "InPlanePhaseEncodingDirectionDICOM": "COL",
    "InstitutionAddress": "Scott_Ave_4525_St._Louis_MO_US_63110",
    "InstitutionName": "Washington_University",
    "InstitutionalDepartmentName": "Department",
    "MRAcquisitionType": "2D",
    "MagneticFieldStrength": 3,
    "Manufacturer": "Siemens",
    "ManufacturersModelName": "Prisma_fit",
    "Modality": "MR",
    "MultibandAccelerationFactor": 4,
    "PartialFourier": 1,
    "PatientPosition": "HFS",
    "PercentPhaseFOV": 100,
    "PhaseEncodingDirection": "j-",
    "PhaseEncodingSteps": 90,
    "PhaseResolution": 1,
    "PixelBandwidth": 2220,
    "ProcedureStepDescription": "head_Braver",
    "ProtocolName": "tfMRI_SternBas1_AP",
    "PulseSequenceDetails": "%CustomerSeq%_cmrr_mbep2d_bold",
    "ReceiveCoilActiveElements": "HEA;HEP",
    "ReceiveCoilName": "Head_32",
    "ReconMatrixPE": 90,
    "RepetitionTime": 1.2,
    "SAR": 0.0684307,
    "ScanOptions": "FS_EXT",
    "ScanningSequence": "EP",
    "SequenceName": "epfid2d1_90",
    "SequenceVariant": "SK_SS",
    "SeriesDescription": "tfMRI_SternBas1_AP",
    "SeriesNumber": 25,
    "ShimSetting": [
      -2008,
      -11514,
      5860,
      637,
      17,
      79,
      -143,
      3
    ],
    "SliceThickness": 2.4,
    "SliceTiming": [
      0,
      0.6275,
      0.0775,
      0.7075,
      0.1575,
      0.785,
      0.235,
      0.865,
      0.315,
      0.9425,
      0.3925,
      1.0225,
      0.4725,
      1.1,
      0.55,
      0,
      0.6275,
      0.0775,
      0.7075,
      0.1575,
      0.785,
      0.235,
      0.865,
      0.315,
      0.9425,
      0.3925,
      1.0225,
      0.4725,
      1.1,
      0.55,
      0,
      0.6275,
      0.0775,
      0.7075,
      0.1575,
      0.785,
      0.235,
      0.865,
      0.315,
      0.9425,
      0.3925,
      1.0225,
      0.4725,
      1.1,
      0.55,
      0,
      0.6275,
      0.0775,
      0.7075,
      0.1575,
      0.785,
      0.235,
      0.865,
      0.315,
      0.9425,
      0.3925,
      1.0225,
      0.4725,
      1.1,
      0.55
    ],
    "SoftwareVersions": "syngo_MR_E11",
    "SpacingBetweenSlices": 2.4,
    "StationName": "MRC35177",
    "TaskName": "Stern",
    "TotalReadoutTime": 0.0525111,
    "TxRefAmp": 222.361,
    "VendorReportedEchoSpacing": 0.00059,
    "WipMemBlock": "ff77d23a-8bc4-4b7a-8007-0655de0857b4||Sequence: R016 ve11c/master r/e634e98; Dec 19 2017 11:00:25 by eja",
    "acq_id": "mb4AP",
    "dataset": "ds003465",
    "modality": "bold",
    "run_id": 1,
    "session_id": "wave1bas",
    "subject_id": "f7688lh",
    "task_id": "Stern"
  },
  "dummy_trs": 1,
  "dvars_nstd": 30.213918249063568,
  "dvars_std": 1.0602097840301004,
  "dvars_vstd": 0.9568259986287623,
  "efc": 0.48056695115452125,
  "fber": 1197.8927001953125,
  "fd_mean": 0.19603409072461914,
  "fd_num": 272,
  "fd_perc": 45.40901502504174,
  "fwhm_avg": 2.7525679461783326,
  "fwhm_x": 2.6167582293527034,
  "fwhm_y": 2.7545540572105227,
  "fwhm_z": 2.886391551971771,
  "gcor": 0.00677449,
  "gsr_x": -0.015379557386040688,
  "gsr_y": 0.04420533776283264,
  "provenance": {
    "md5sum": "0b8dc416773b60f5ba25952601702aeb",
    "settings": {
      "fd_thres": 0.2,
      "testing": false
    },
    "software": "mriqc",
    "version": "22.0.6",
    "webapi_port": null,
    "webapi_url": "https://mriqc.nimh.nih.gov/api/v1"
  },
  "size_t": 599,
  "size_x": 90,
  "size_y": 90,
  "size_z": 60,
  "snr": 2.9722716043408126,
  "spacing_tr": 1.2000000476837158,
  "spacing_x": 2.4000000953674316,
  "spacing_y": 2.4000000953674316,
  "spacing_z": 2.4000000953674316,
  "summary_bg_k": 83.40107714862742,
  "summary_bg_mad": 26.756133307662644,
  "summary_bg_mean": 229.1715850830078,
  "summary_bg_median": 116.48747253417969,
  "summary_bg_n": 336179.0,
  "summary_bg_p05": 93.31552124023438,
  "summary_bg_p95": 780.1175292968741,
  "summary_bg_stdv": 390.7696228027344,
  "summary_fg_k": 2.4872690447649823,
  "summary_fg_mad": 1218.5406646099943,
  "summary_fg_mean": 4320.37158203125,
  "summary_fg_median": 4072.60595703125,
  "summary_fg_n": 79316.0,
  "summary_fg_p05": 2567.0567016601562,
  "summary_fg_p95": 6792.5863037109375,
  "summary_fg_stdv": 1370.191162109375,
  "tsnr": 41.13991004507989
}