{
  "aor": 0.0020315241635687734,
  "aqi": 0.008448917713754648,
  "bids_meta": {
    "AcquisitionMatrixPE": 90,
    "AcquisitionNumber": 1,
    "AcquisitionTime": "18:20:2.117500",
    "BandwidthPerPixelPhaseEncode": 18.832,
    "BaseResolution": 90,
    "BodyPartExamined": "HEAD",
    "ConsistencyInfo": "N4_VE11C_LATEST_20160120",
    "ConversionSoftware": "dcm2niix",
    "ConversionSoftwareVersion": "v1.0.20190902",
    "DerivedVendorReportedEchoSpacing": 0.000590012,
    "DeviceSerialNumber": "67064",
    "DwellTime": 2.5e-06,
    "EchoTime": 0.033,
    "EchoTrainLength": 90,
    "EffectiveEchoSpacing": 0.000590012,
    "FlipAngle": 63,
    "ImageComments": "Unaliased_MB4_PE3_LB",
    "ImageOrientationPatientDICOM": [
      0.999591,
      0.0285474,
      0.00194553,
      -0.0235566,
      0.859621,
      -0.510389
    ],
    "ImageType": [
      "ORIGINAL",
      "PRIMARY",
      "M",
      "MB",
      "ND",
      "MOSAIC"
    ],
    "ImagingFrequency": 123.247,
    "InPlanePhaseEncodingDirectionDICOM": "COL",
    "InstitutionAddress": "Scott_Ave_4525_St._Louis_MO_US_63110",
    "InstitutionName": "Washington_University",
    "InstitutionalDepartmentName": "Department",
    "MRAcquisitionType": "2D",
    "MagneticFieldStrength": 3,
    "Manufacturer": "Siemens",
    "ManufacturersModelName": "Prisma_fit",
    "Modality": "MR",
    "MultibandAccelerationFactor": 4,
    "PartialFourier": 1,
    "PatientPosition": "HFS",
    "PercentPhaseFOV": 100,
    "PhaseEncodingDirection": "j-",
    "PhaseEncodingSteps": 90,
    "PhaseResolution": 1,
    "PixelBandwidth": 2220,
    "ProcedureStepDescription": "head_Braver",
    "ProtocolName": "tfMRI_StroopBas1_AP",
    "PulseSequenceDetails": "%CustomerSeq%_cmrr_mbep2d_bold",
    "ReceiveCoilActiveElements": "HEA;HEP",
    "ReceiveCoilName": "Head_32",
    "ReconMatrixPE": 90,
    "RepetitionTime": 1.2,
    "SAR": 0.0730481,
    "ScanOptions": "FS_EXT",
    "ScanningSequence": "EP",
    "SequenceName": "epfid2d1_90",
    "SequenceVariant": "SK_SS",
    "SeriesDescription": "tfMRI_StroopBas1_AP",
    "SeriesNumber": 24,
    "ShimSetting": [
      -2006,
      -11484,
      5790,
      504,
      44,
      248,
      123,
      -12
    ],
    "SliceThickness": 2.4,
    "SliceTiming": [
      0,
      0.63,
      0.0775,
      0.7075,
      0.1575,
      0.785,
      0.235,
      0.865,
      0.315,
      0.9425,
      0.3925,
      1.0225,
      0.4725,
      1.1,
      0.55,
      0,
      0.63,
      0.0775,
      0.7075,
      0.1575,
      0.785,
      0.235,
      0.865,
      0.315,
      0.9425,
      0.3925,
      1.0225,
      0.4725,
      1.1,
      0.55,
      0,
      0.63,
      0.0775,
      0.7075,
      0.1575,
      0.785,
      0.235,
      0.865,
      0.315,
      0.9425,
      0.3925,
      1.0225,
      0.4725,
      1.1,
      0.55,
      0,
      0.63,
      0.0775,
      0.7075,
      0.1575,
      0.785,
      0.235,
      0.865,
      0.315,
      0.9425,
      0.3925,
      1.0225,
      0.4725,
      1.1,
      0.55
    ],
    "SoftwareVersions": "syngo_MR_E11",
    "SpacingBetweenSlices": 2.4,
    "StationName": "MRC35177",
    "TaskName": "Stroop",
    "TotalReadoutTime": 0.0525111,
    "TxRefAmp": 283.961,
    "VendorReportedEchoSpacing": 0.00059,
    "WipMemBlock": "268ed6c5-cfa6-4737-9ad2-44796281dcac||Sequence: ve11c/master r/068cfa9; Jul 21 2016 14:39:26 by eja",
    "acq_id": "mb4AP",
    "dataset": "ds003465",
    "modality": "bold",
    "run_id": 1,
    "session_id": "wave1bas",
    "subject_id": "f3526dz",
    "task_id": "Stroop"
  },
  "dummy_trs": 2,
  "dvars_nstd": 37.95012206603352,
  "dvars_std": 1.1489644081191817,
  "dvars_vstd": 1.0048513945251387,
  "efc": 0.543901747686008,
  "fber": 557.460205078125,
  "fd_mean": 0.24116563363025995,
  "fd_num": 336,
  "fd_perc": 62.45353159851301,
  "fwhm_avg": 2.98217210372135,
  "fwhm_x": 2.8087165550582984,
  "fwhm_y": 3.056974878526732,
  "fwhm_z": 3.0808248775790186,
  "gcor": 0.0177811,
  "gsr_x": -0.015211132355034351,
  "gsr_y": 0.1125810295343399,
  "provenance": {
    "md5sum": "db56f89243f4732b25a8c0bd058a0b0f",
    "settings": {
      "fd_thres": 0.2,
      "testing": false
    },
    "software": "mriqc",
    "version": "22.0.6",
    "webapi_port": null,
    "webapi_url": "https://mriqc.nimh.nih.gov/api/v1"
  },
  "size_t": 538,
  "size_x": 90,
  "size_y": 90,
  "size_z": 60,
  "snr": 2.3767734759568833,
  "spacing_tr": 1.2000000476837158,
  "spacing_x": 2.4000000953674316,
  "spacing_y": 2.4000000953674316,
  "spacing_z": 2.4000000953674316,
  "summary_bg_k": 21.480567548101998,
  "summary_bg_mad": 91.84831142489041,
  "summary_bg_mean": 437.368408203125,
  "summary_bg_median": 175.07342529296875,
  "summary_bg_n": 313988.0,
  "summary_bg_p05": 106.79925537109375,
  "summary_bg_p95": 1744.7472045898398,
  "summary_bg_stdv": 654.4511108398438,
  "summary_fg_k": 1.3219222938113546,
  "summary_fg_mad": 1651.858853170824,
  "summary_fg_mean": 4676.2802734375,
  "summary_fg_median": 4300.66357421875,
  "summary_fg_n": 91895.0,
  "summary_fg_p05": 2395.0680419921873,
  "summary_fg_p95": 8110.877734375001,
  "summary_fg_stdv": 1809.4447021484375,
  "tsnr": 39.47251543181483
}