{
  "bids_meta": {
    "AcquisitionMatrixPE": 300,
    "AcquisitionNumber": 1,
    "AcquisitionTime": "09:25:39.487500",
    "BaseResolution": 320,
    "BodyPartExamined": "HEAD",
    "ConsistencyInfo": "N4_VE11C_LATEST_20160120",
    "ConversionSoftware": "dcm2niix",
    "ConversionSoftwareVersion": "v1.0.20190902",
    "DeviceSerialNumber": "67064",
    "DwellTime": 7.1e-06,
    "EchoTime": 0.00222,
    "FlipAngle": 8,
    "ImageOrientationPatientDICOM": [
      -0.0105664,
      0.999113,
      -0.0407688,
      0.0548865,
      -0.0401302,
      -0.997686
    ],
    "ImageType": [
      "ORIGINAL",
      "PRIMARY",
      "M",
      "ND"
    ],
    "ImagingFrequency": 123.247,
    "InPlanePhaseEncodingDirectionDICOM": "ROW",
    "InstitutionAddress": "Scott_Ave_4525_St._Louis_MO_US_63110",
    "InstitutionName": "Washington_University",
    "InstitutionalDepartmentName": "Department",
    "InversionTime": 1,
    "MRAcquisitionType": "3D",
    "MagneticFieldStrength": 3,
    "Manufacturer": "Siemens",
    "ManufacturersModelName": "Prisma_fit",
    "Modality": "MR",
    "ParallelReductionFactorInPlane": 2,
    "PartialFourier": 1,
    "PatientPosition": "HFS",
    "PercentPhaseFOV": 93.75,
    "PhaseEncodingSteps": 299,
    "PhaseResolution": 1,
    "PixelBandwidth": 220,
    "ProcedureStepDescription": "head_Braver",
    "ProtocolName": "T1w_MPR",
    "PulseSequenceDetails": "%SiemensSeq%_tfl",
    "ReceiveCoilActiveElements": "HEA;HEP",
    "ReceiveCoilName": "Head_32",
    "ReconMatrixPE": 300,
    "RefLinesPE": 32,
    "RepetitionTime": 2.4,
    "SAR": 0.0372299,
    "ScanOptions": "IR_WE",
    "ScanningSequence": "GR_IR",
    "SequenceName": "_tfl3d1_16ns",
    "SequenceVariant": "SK_SP_MP",
    "SeriesDescription": "T1w_MPR",
    "SeriesNumber": 11,
    "ShimSetting": [
      -1978,
      -11466,
      5818,
      597,
      95,
      373,
      20,
      -4
    ],
    "SliceThickness": 0.8,
    "SoftwareVersions": "syngo_MR_E11",
    "StationName": "MRC35177",
    "TxRefAmp": 230.178,
    "dataset": "ds003465",
    "modality": "T1w",
    "session_id": "wave1bas",
    "subject_id": "f3469wa"
  },
  "cjv": 0.5281137952286141,
  "cnr": 2.6041573248465597,
  "efc": 0.5452011780496216,
  "fber": 17537.60680384088,
  "fwhm_avg": 5.2458500539357535,
  "fwhm_x": 5.319250317052026,
  "fwhm_y": 4.943849926330896,
  "fwhm_z": 5.474449918424339,
  "icvs_csf": 0.17251292889244563,
  "icvs_gm": 0.40174597621297997,
  "icvs_wm": 0.4257410948945744,
  "inu_med": 0.9224005043506622,
  "inu_range": 1.002360302209854,
  "provenance": {
    "md5sum": "7f935c7c7a13eef87cb90a3277123465",
    "settings": {
      "testing": false
    },
    "software": "mriqc",
    "version": "22.0.6",
    "warnings": {
      "large_rot_frame": true,
      "small_air_mask": false
    },
    "webapi_port": null,
    "webapi_url": "https://mriqc.nimh.nih.gov/api/v1"
  },
  "qi_1": 0.0,
  "qi_2": 0.0015278195919854244,
  "rpve_csf": 25.757415156586553,
  "rpve_gm": 11.507992847364779,
  "rpve_wm": 12.550407785838681,
  "size_x": 208,
  "size_y": 300,
  "size_z": 320,
  "snr_csf": 2.6628089122531895,
  "snr_gm": 13.22204617579232,
  "snr_total": 10.328623832899126,
  "snr_wm": 15.101016410651868,
  "snrd_csf": 17.484681411692613,
  "snrd_gm": 44.30584318885215,
  "snrd_total": 39.81104750302657,
  "snrd_wm": 57.64261790853496,
  "spacing_x": 0.7999999523162842,
  "spacing_y": 0.800000011920929,
  "spacing_z": 0.800000011920929,
  "summary_bg_k": 5.745002575471863,
  "summary_bg_mad": 0.0,
  "summary_bg_mean": 7.868925445183064,
  "summary_bg_median": 0.0,
  "summary_bg_n": 7031643.0,
  "summary_bg_p05": 0.0,
  "summary_bg_p95": 30.732455849647522,
  "summary_bg_stdv": 11.36645643887087,
  "summary_csf_k": 1.2904392059140992,
  "summary_csf_mad": 86.00206363305931,
  "summary_csf_mean": 323.5010558640799,
  "summary_csf_median": 303.35494961589575,
  "summary_csf_n": 68443.0,
  "summary_csf_p05": 165.61805825307968,
  "summary_csf_p95": 542.9742005169387,
  "summary_csf_stdv": 113.92208133979175,
  "summary_gm_k": 0.10762362083434729,
  "summary_gm_mad": 57.714409148896316,
  "summary_gm_mean": 769.2672337374481,
  "summary_gm_median": 768.6955519393086,
  "summary_gm_n": 74476.0,
  "summary_gm_p05": 674.9615615978837,
  "summary_gm_p95": 865.588155798614,
  "summary_gm_stdv": 58.13702213779079,
  "summary_wm_k": 0.2273818555259144,
  "summary_wm_mad": 64.48572688895322,
  "summary_wm_mean": 1008.3030539828463,
  "summary_wm_median": 1000.0853341072798,
  "summary_wm_n": 558192.0,
  "summary_wm_p05": 914.5893492922187,
  "summary_wm_p95": 1131.72268666327,
  "summary_wm_stdv": 66.22629967979333,
  "tpm_overlap_csf": 0.13898127178443215,
  "tpm_overlap_gm": 0.42541287014736495,
  "tpm_overlap_wm": 0.4759857693587377,
  "wm2max": 0.5522426691464895
}