{
  "bids_meta": {
    "AcquisitionMatrixPE": 300,
    "AcquisitionNumber": 1,
    "AcquisitionTime": "09:34:19.325000",
    "BaseResolution": 320,
    "BodyPartExamined": "HEAD",
    "ConsistencyInfo": "N4_VE11C_LATEST_20160120",
    "ConversionSoftware": "dcm2niix",
    "ConversionSoftwareVersion": "v1.0.20190902",
    "DeviceSerialNumber": "67064",
    "DwellTime": 2.1e-06,
    "EchoTime": 0.563,
    "EchoTrainLength": 314,
    "FlipAngle": 120,
    "ImageOrientationPatientDICOM": [
      -0.0105664,
      0.999113,
      -0.0407688,
      0.0548865,
      -0.0401302,
      -0.997686
    ],
    "ImageType": [
      "ORIGINAL",
      "PRIMARY",
      "M",
      "ND"
    ],
    "ImagingFrequency": 123.247,
    "InPlanePhaseEncodingDirectionDICOM": "ROW",
    "InstitutionAddress": "Scott_Ave_4525_St._Louis_MO_US_63110",
    "InstitutionName": "Washington_University",
    "InstitutionalDepartmentName": "Department",
    "MRAcquisitionType": "3D",
    "MagneticFieldStrength": 3,
    "Manufacturer": "Siemens",
    "ManufacturersModelName": "Prisma_fit",
    "Modality": "MR",
    "ParallelReductionFactorInPlane": 2,
    "PartialFourier": 1,
    "PatientPosition": "HFS",
    "PercentPhaseFOV": 93.75,
    "PhaseEncodingSteps": 297,
    "PhaseResolution": 1,
    "PixelBandwidth": 745,
    "ProcedureStepDescription": "head_Braver",
    "ProtocolName": "T2w_SPC",
    "PulseSequenceDetails": "%SiemensSeq%_tse_vfl",
    "ReceiveCoilActiveElements": "HEA;HEP",
    "ReceiveCoilName": "Head_32",
    "ReconMatrixPE": 300,
    "RefLinesPE": 32,
    "RepetitionTime": 3.2,
    "SAR": 0.125262,
    "ScanOptions": "PFP",
    "ScanningSequence": "SE",
    "SequenceName": "_spc_314ns",
    "SequenceVariant": "SK_SP",
    "SeriesDescription": "T2w_SPC",
    "SeriesNumber": 13,
    "ShimSetting": [
      -1978,
      -11466,
      5818,
      597,
      95,
      373,
      20,
      -4
    ],
    "SliceThickness": 0.8,
    "SoftwareVersions": "syngo_MR_E11",
    "StationName": "MRC35177",
    "TxRefAmp": 230.178,
    "dataset": "ds003465",
    "modality": "T2w",
    "session_id": "wave1bas",
    "subject_id": "f3469wa"
  },
  "cjv": 0.7428636856178371,
  "cnr": 1.3103904702208276,
  "efc": 0.5237116252983685,
  "fber": 8050.983471074382,
  "fwhm_avg": 3.4324958653497872,
  "fwhm_x": 3.348650199595106,
  "fwhm_y": 3.6644124453959996,
  "fwhm_z": 3.284424951058255,
  "icvs_csf": 0.4060615667330602,
  "icvs_gm": 0.4538200362615839,
  "icvs_wm": 0.1401183970053559,
  "inu_med": 1.0001027584075928,
  "inu_range": 1.0221037507057187,
  "provenance": {
    "md5sum": "721aa40992988c99f7733dc279c69302",
    "settings": {
      "testing": false
    },
    "software": "mriqc",
    "version": "22.0.6",
    "warnings": {
      "large_rot_frame": true,
      "small_air_mask": false
    },
    "webapi_port": null,
    "webapi_url": "https://mriqc.nimh.nih.gov/api/v1"
  },
  "qi_1": 0.0,
  "qi_2": 0.0020973567962176178,
  "rpve_csf": 11.544194467633933,
  "rpve_gm": 11.26729083314562,
  "rpve_wm": 36.11411745923469,
  "size_x": 208,
  "size_y": 300,
  "size_z": 320,
  "snr_csf": 9.198357655834867,
  "snr_gm": 9.278657823541105,
  "snr_total": 6.827025213921437,
  "snr_wm": 2.0040601623883387,
  "snrd_csf": 62.829647827574505,
  "snrd_gm": 36.19804849066842,
  "snrd_total": 68.05622491394476,
  "snrd_wm": 105.14097842359135,
  "spacing_x": 0.7999999523162842,
  "spacing_y": 0.800000011920929,
  "spacing_z": 0.800000011920929,
  "summary_bg_k": 6.650145974188121,
  "summary_bg_mad": 0.0,
  "summary_bg_mean": 4.256171435650609,
  "summary_bg_median": 0.0,
  "summary_bg_n": 7023412.0,
  "summary_bg_p05": 0.0,
  "summary_bg_p95": 16.033699398860335,
  "summary_bg_stdv": 6.23119210664984,
  "summary_csf_k": 0.8941439122370376,
  "summary_csf_mad": 59.87788471525432,
  "summary_csf_mean": 600.373578859532,
  "summary_csf_median": 597.5909835062921,
  "summary_csf_n": 140807.0,
  "summary_csf_p05": 499.9486502377316,
  "summary_csf_p95": 711.3196720009665,
  "summary_csf_stdv": 64.96690864177012,
  "summary_gm_k": 1.438092535960605,
  "summary_gm_mad": 33.45198644131222,
  "summary_gm_mean": 345.920414129574,
  "summary_gm_median": 344.29012650065124,
  "summary_gm_n": 500278.0,
  "summary_gm_p05": 288.6855729203671,
  "summary_gm_p95": 408.5302357506007,
  "summary_gm_stdv": 37.10555868631839,
  "summary_wm_k": -1.461855558440489,
  "summary_wm_mad": 453.670609584774,
  "summary_wm_mean": 779.9752828645906,
  "summary_wm_median": 1000.0263072522357,
  "summary_wm_n": 65358.0,
  "summary_wm_p05": 30.641742274817087,
  "summary_wm_p95": 1365.207633215934,
  "summary_wm_stdv": 498.9963253683217,
  "tpm_overlap_csf": 0.11653014451996693,
  "tpm_overlap_gm": 0.2973734250484197,
  "tpm_overlap_wm": 0.029490894385878517,
  "wm2max": 0.7539400555776101
}