{
  "bids_meta": {
    "AcquisitionMatrixPE": 300,
    "AcquisitionNumber": 1,
    "AcquisitionTime": "13:40:26.347500",
    "BaseResolution": 320,
    "BodyPartExamined": "HEAD",
    "ConsistencyInfo": "N4_VE11C_LATEST_20160120",
    "ConversionSoftware": "dcm2niix",
    "ConversionSoftwareVersion": "v1.0.20190902",
    "DeviceSerialNumber": "67064",
    "DwellTime": 2.1e-06,
    "EchoTime": 0.563,
    "EchoTrainLength": 314,
    "FlipAngle": 120,
    "ImageOrientationPatientDICOM": [
      -0.00486906,
      0.996872,
      -0.0788832,
      -0.049548,
      -0.0790277,
      -0.99564
    ],
    "ImageType": [
      "ORIGINAL",
      "PRIMARY",
      "M",
      "ND"
    ],
    "ImagingFrequency": 123.247,
    "InPlanePhaseEncodingDirectionDICOM": "ROW",
    "InstitutionAddress": "Scott_Ave_4525_St._Louis_MO_US_63110",
    "InstitutionName": "Washington_University",
    "InstitutionalDepartmentName": "Department",
    "MRAcquisitionType": "3D",
    "MagneticFieldStrength": 3,
    "Manufacturer": "Siemens",
    "ManufacturersModelName": "Prisma_fit",
    "Modality": "MR",
    "ParallelReductionFactorInPlane": 2,
    "PartialFourier": 1,
    "PatientPosition": "HFS",
    "PercentPhaseFOV": 93.75,
    "PhaseEncodingSteps": 297,
    "PhaseResolution": 1,
    "PixelBandwidth": 745,
    "ProcedureStepDescription": "head_Braver",
    "ProtocolName": "T2w_SPC",
    "PulseSequenceDetails": "%SiemensSeq%_tse_vfl",
    "ReceiveCoilActiveElements": "HEA;HEP",
    "ReceiveCoilName": "Head_32",
    "ReconMatrixPE": 300,
    "RefLinesPE": 32,
    "RepetitionTime": 3.2,
    "SAR": 0.173226,
    "ScanOptions": "PFP",
    "ScanningSequence": "SE",
    "SequenceName": "_spc_314ns",
    "SequenceVariant": "SK_SP",
    "SeriesDescription": "T2w_SPC",
    "SeriesNumber": 13,
    "ShimSetting": [
      -2016,
      -11550,
      5806,
      592,
      33,
      25,
      -28,
      35
    ],
    "SliceThickness": 0.8,
    "SoftwareVersions": "syngo_MR_E11",
    "StationName": "MRC35177",
    "TxRefAmp": 222.003,
    "dataset": "ds003465",
    "modality": "T2w",
    "session_id": "wave1bas",
    "subject_id": "f1550bc"
  },
  "cjv": 184.98639680611325,
  "cnr": 0.00618110815535863,
  "efc": 0.4822932077879578,
  "fber": 6139.841836734695,
  "fwhm_avg": 3.716604196585719,
  "fwhm_x": 3.43466270472185,
  "fwhm_y": 4.077149939245731,
  "fwhm_z": 3.6379999457895766,
  "icvs_csf": 0.25051798083640175,
  "icvs_gm": 0.647044675899028,
  "icvs_wm": 0.10243734326457025,
  "inu_med": 0.9479961097240448,
  "inu_range": 0.8720395267009734,
  "provenance": {
    "md5sum": "e69d99176aa6782bda2992c97bf56cba",
    "settings": {
      "testing": false
    },
    "software": "mriqc",
    "version": "22.0.6",
    "warnings": {
      "large_rot_frame": true,
      "small_air_mask": false
    },
    "webapi_port": null,
    "webapi_url": "https://mriqc.nimh.nih.gov/api/v1"
  },
  "qi_1": 9.167066726519085e-05,
  "qi_2": 0.0016574328410581564,
  "rpve_csf": 18.009534949925545,
  "rpve_gm": 9.804181337984353,
  "rpve_wm": 53.70182018188338,
  "size_x": 208,
  "size_y": 300,
  "size_z": 320,
  "snr_csf": 6.030109153669751,
  "snr_gm": 5.7192101495059235,
  "snr_total": 4.157909180517759,
  "snr_wm": 0.7244082383776023,
  "snrd_csf": 111.60991307789811,
  "snrd_gm": 41.96422484307608,
  "snrd_total": 65.30079575618146,
  "snrd_wm": 42.32824934757021,
  "spacing_x": 0.7999999523162842,
  "spacing_y": 0.800000011920929,
  "spacing_z": 0.800000011920929,
  "summary_bg_k": 14.447186690084127,
  "summary_bg_mad": 0.0,
  "summary_bg_mean": 9.80105803989674,
  "summary_bg_median": 0.0,
  "summary_bg_n": 7152567.0,
  "summary_bg_p05": 0.0,
  "summary_bg_p95": 38.225970793515444,
  "summary_bg_stdv": 15.509438309665173,
  "summary_csf_k": 2.236813957230841,
  "summary_csf_mad": 185.0800123363552,
  "summary_csf_mean": 2482.3726671861605,
  "summary_csf_median": 2642.208647891879,
  "summary_csf_n": 53805.0,
  "summary_csf_p05": 1517.8603513926269,
  "summary_csf_p95": 2898.094896826893,
  "summary_csf_stdv": 438.1652183873507,
  "summary_gm_k": 0.41697573008102706,
  "summary_gm_mad": 154.14208128013016,
  "summary_gm_mean": 1030.46983486604,
  "summary_gm_median": 993.4443520717323,
  "summary_gm_n": 540450.0,
  "summary_gm_p05": 806.8080502264202,
  "summary_gm_p95": 1371.6413964442909,
  "summary_gm_stdv": 173.70290774630064,
  "summary_wm_k": -1.8727438732900512,
  "summary_wm_mad": 1440.0283602837026,
  "summary_wm_mean": 1591.4331925783456,
  "summary_wm_median": 1002.0621232651174,
  "summary_wm_n": 30970.0,
  "summary_wm_p05": 52.4114377329126,
  "summary_wm_p95": 3319.537763713114,
  "summary_wm_stdv": 1383.2613878471782,
  "tpm_overlap_csf": 0.13613774823006225,
  "tpm_overlap_gm": 0.4150925166751849,
  "tpm_overlap_wm": 0.0413489828510318,
  "wm2max": 0.31483164755255577
}