{
  "bids_meta": {
    "AcquisitionMatrixPE": 300,
    "AcquisitionNumber": 1,
    "AcquisitionTime": "17:35:48.087500",
    "BaseResolution": 320,
    "BodyPartExamined": "HEAD",
    "ConsistencyInfo": "N4_VE11C_LATEST_20160120",
    "ConversionSoftware": "dcm2niix",
    "ConversionSoftwareVersion": "v1.0.20190902",
    "DeviceSerialNumber": "67064",
    "DwellTime": 7.1e-06,
    "EchoTime": 0.00222,
    "FlipAngle": 8,
    "ImageOrientationPatientDICOM": [
      0.105517,
      0.972899,
      0.205754,
      -0.030772,
      0.210004,
      -0.977216
    ],
    "ImageType": [
      "ORIGINAL",
      "PRIMARY",
      "M",
      "ND"
    ],
    "ImagingFrequency": 123.247,
    "InPlanePhaseEncodingDirectionDICOM": "ROW",
    "InstitutionAddress": "Scott_Ave_4525_St._Louis_MO_US_63110",
    "InstitutionName": "Washington_University",
    "InstitutionalDepartmentName": "Department",
    "InversionTime": 1,
    "MRAcquisitionType": "3D",
    "MagneticFieldStrength": 3,
    "Manufacturer": "Siemens",
    "ManufacturersModelName": "Prisma_fit",
    "Modality": "MR",
    "ParallelReductionFactorInPlane": 2,
    "PartialFourier": 1,
    "PatientPosition": "HFS",
    "PercentPhaseFOV": 93.75,
    "PhaseEncodingSteps": 299,
    "PhaseResolution": 1,
    "PixelBandwidth": 220,
    "ProcedureStepDescription": "head_Braver",
    "ProtocolName": "T1w_MPR",
    "PulseSequenceDetails": "%SiemensSeq%_tfl",
    "ReceiveCoilActiveElements": "HEA;HEP",
    "ReceiveCoilName": "Head_32",
    "ReconMatrixPE": 300,
    "RefLinesPE": 32,
    "RepetitionTime": 2.4,
    "SAR": 0.0409487,
    "ScanOptions": "IR_WE",
    "ScanningSequence": "GR_IR",
    "SequenceName": "_tfl3d1_16ns",
    "SequenceVariant": "SK_SP_MP",
    "SeriesDescription": "T1w_MPR",
    "SeriesNumber": 11,
    "ShimSetting": [
      -1988,
      -11574,
      5866,
      468,
      104,
      -56,
      -66,
      -2
    ],
    "SliceThickness": 0.8,
    "SoftwareVersions": "syngo_MR_E11",
    "StationName": "MRC35177",
    "TxRefAmp": 248.316,
    "dataset": "ds003465",
    "modality": "T1w",
    "session_id": "wave1pro",
    "subject_id": "f9271ex"
  },
  "cjv": 0.49402376519944946,
  "cnr": 2.6089176935217866,
  "efc": 0.5194422722234849,
  "fber": 15429.461775147927,
  "fwhm_avg": 4.4390792086994955,
  "fwhm_x": 4.355912759632632,
  "fwhm_y": 4.371299934862555,
  "fwhm_z": 4.590024931603298,
  "icvs_csf": 0.1917521063450498,
  "icvs_gm": 0.3898556386630888,
  "icvs_wm": 0.4183922549918614,
  "inu_med": 0.9951862096786499,
  "inu_range": 0.6664494514465331,
  "provenance": {
    "md5sum": "c381b7de6be7821e39097fe355eae694",
    "settings": {
      "testing": false
    },
    "software": "mriqc",
    "version": "22.0.6",
    "warnings": {
      "large_rot_frame": true,
      "small_air_mask": false
    },
    "webapi_port": null,
    "webapi_url": "https://mriqc.nimh.nih.gov/api/v1"
  },
  "qi_1": 3.691844865659392e-05,
  "qi_2": 0.0008030850010699388,
  "rpve_csf": 30.76701235332843,
  "rpve_gm": 14.833495433590587,
  "rpve_wm": 16.098920211373947,
  "size_x": 208,
  "size_y": 300,
  "size_z": 320,
  "snr_csf": 2.1533672443544774,
  "snr_gm": 11.735318836840188,
  "snr_total": 9.075875862767118,
  "snr_wm": 13.338941507106691,
  "snrd_csf": 7.981705279046355,
  "snrd_gm": 21.479755868957483,
  "snrd_total": 19.521755879462216,
  "snrd_wm": 29.10380649038281,
  "spacing_x": 0.7999999523162842,
  "spacing_y": 0.800000011920929,
  "spacing_z": 0.800000011920929,
  "summary_bg_k": 2694.074089519341,
  "summary_bg_mad": 0.0,
  "summary_bg_mean": 8.913128811256636,
  "summary_bg_median": 0.0,
  "summary_bg_n": 6934614.0,
  "summary_bg_p05": 0.0,
  "summary_bg_p95": 32.92837420105934,
  "summary_bg_stdv": 22.51139002503054,
  "summary_csf_k": 0.21193442047424416,
  "summary_csf_mad": 116.27707412233732,
  "summary_csf_mean": 259.94399479713496,
  "summary_csf_median": 274.2623987942934,
  "summary_csf_n": 55485.0,
  "summary_csf_p05": 48.45443098247051,
  "summary_csf_p95": 463.4363776445389,
  "summary_csf_stdv": 127.36328557137435,
  "summary_gm_k": 0.16866082687856343,
  "summary_gm_mad": 62.03298451981154,
  "summary_gm_mean": 737.22339972358,
  "summary_gm_median": 738.0740285664797,
  "summary_gm_n": 52833.0,
  "summary_gm_p05": 633.472497984767,
  "summary_gm_p95": 839.0168509036303,
  "summary_gm_stdv": 62.89279855308749,
  "summary_wm_k": 0.666945439482185,
  "summary_wm_mad": 67.3878497754455,
  "summary_wm_mean": 1013.9302348261384,
  "summary_wm_median": 1000.0469201803207,
  "summary_wm_n": 385261.0,
  "summary_wm_p05": 915.3337523639202,
  "summary_wm_p95": 1160.7486438453197,
  "summary_wm_stdv": 74.97188751928371,
  "tpm_overlap_csf": 0.1309891153285028,
  "tpm_overlap_gm": 0.4191037668625524,
  "tpm_overlap_wm": 0.45481910194751995,
  "wm2max": 0.4957447797981677
}