{
  "bids_meta": {
    "AcquisitionMatrixPE": 300,
    "AcquisitionNumber": 1,
    "AcquisitionTime": "14:10:10.825000",
    "BaseResolution": 320,
    "BodyPartExamined": "HEAD",
    "ConsistencyInfo": "N4_VE11C_LATEST_20160120",
    "ConversionSoftware": "dcm2niix",
    "ConversionSoftwareVersion": "v1.0.20190902",
    "DeviceSerialNumber": "67064",
    "DwellTime": 7.1e-06,
    "EchoTime": 0.00222,
    "FlipAngle": 8,
    "ImageOrientationPatientDICOM": [
      -0.0105991,
      0.999847,
      0.0139437,
      0.0512335,
      0.0144692,
      -0.998582
    ],
    "ImageType": [
      "ORIGINAL",
      "PRIMARY",
      "M",
      "ND"
    ],
    "ImagingFrequency": 123.247,
    "InPlanePhaseEncodingDirectionDICOM": "ROW",
    "InstitutionAddress": "Scott_Ave_4525_St._Louis_MO_US_63110",
    "InstitutionName": "Washington_University",
    "InstitutionalDepartmentName": "Department",
    "InversionTime": 1,
    "MRAcquisitionType": "3D",
    "MagneticFieldStrength": 3,
    "Manufacturer": "Siemens",
    "ManufacturersModelName": "Prisma_fit",
    "Modality": "MR",
    "ParallelReductionFactorInPlane": 2,
    "PartialFourier": 1,
    "PatientPosition": "HFS",
    "PercentPhaseFOV": 93.75,
    "PhaseEncodingSteps": 299,
    "PhaseResolution": 1,
    "PixelBandwidth": 220,
    "ProcedureStepDescription": "head_Braver",
    "ProtocolName": "T1w_MPR",
    "PulseSequenceDetails": "%SiemensSeq%_tfl",
    "ReceiveCoilActiveElements": "HEA;HEP",
    "ReceiveCoilName": "Head_32",
    "ReconMatrixPE": 300,
    "RefLinesPE": 32,
    "RepetitionTime": 2.4,
    "SAR": 0.0431543,
    "ScanOptions": "IR_WE",
    "ScanningSequence": "GR_IR",
    "SequenceName": "_tfl3d1_16ns",
    "SequenceVariant": "SK_SP_MP",
    "SeriesDescription": "T1w_MPR",
    "SeriesNumber": 11,
    "ShimSetting": [
      -1953,
      -11310,
      5690,
      461,
      199,
      768,
      162,
      -95
    ],
    "SliceThickness": 0.8,
    "SoftwareVersions": "syngo_MR_E11",
    "StationName": "MRC35177",
    "TxRefAmp": 220.518,
    "dataset": "ds003465",
    "modality": "T1w",
    "session_id": "wave1bas",
    "subject_id": "f1027ao"
  },
  "cjv": 0.4646356512736031,
  "cnr": 2.9390657222564593,
  "efc": 0.5244989172696667,
  "fber": 34247.02735260771,
  "fwhm_avg": 4.888754213817921,
  "fwhm_x": 4.831812787998485,
  "fwhm_y": 4.742937429324725,
  "fwhm_z": 5.091512424130554,
  "icvs_csf": 0.16758521925971948,
  "icvs_gm": 0.4318525710948089,
  "icvs_wm": 0.4005622096454716,
  "inu_med": 0.8878499865531921,
  "inu_range": 0.7930235266685486,
  "provenance": {
    "md5sum": "f9d24b91becd40e8d21323b67cf844e7",
    "settings": {
      "testing": false
    },
    "software": "mriqc",
    "version": "22.0.6",
    "warnings": {
      "large_rot_frame": true,
      "small_air_mask": false
    },
    "webapi_port": null,
    "webapi_url": "https://mriqc.nimh.nih.gov/api/v1"
  },
  "qi_1": 0.0,
  "qi_2": 0.0018441849724241141,
  "rpve_csf": 29.142559320192504,
  "rpve_gm": 12.115734228063966,
  "rpve_wm": 14.606085289677674,
  "size_x": 208,
  "size_y": 300,
  "size_z": 320,
  "snr_csf": 2.7014826252804394,
  "snr_gm": 13.313951535449583,
  "snr_total": 10.920778567348405,
  "snr_wm": 16.74690154131519,
  "snrd_csf": 18.59002563344507,
  "snrd_gm": 48.375588136301054,
  "snrd_total": 43.652518723435314,
  "snrd_wm": 63.99194240055981,
  "spacing_x": 0.7999999523162842,
  "spacing_y": 0.800000011920929,
  "spacing_z": 0.800000011920929,
  "summary_bg_k": 6.062436599451543,
  "summary_bg_mad": 0.0,
  "summary_bg_mean": 6.995477081729409,
  "summary_bg_median": 0.0,
  "summary_bg_n": 6641415.0,
  "summary_bg_p05": 0.0,
  "summary_bg_p95": 27.482226848602295,
  "summary_bg_stdv": 10.238283523098284,
  "summary_csf_k": 4.2658035063100685,
  "summary_csf_mad": 80.00491852445269,
  "summary_csf_mean": 299.0001229177273,
  "summary_csf_median": 290.5195820853114,
  "summary_csf_n": 62713.0,
  "summary_csf_p05": 126.43732838332653,
  "summary_csf_p95": 493.8689758852124,
  "summary_csf_stdv": 107.53993495815521,
  "summary_gm_k": 0.13798597789771128,
  "summary_gm_mad": 56.236879068912366,
  "summary_gm_mean": 756.4815487968867,
  "summary_gm_median": 755.9997993335128,
  "summary_gm_n": 80289.0,
  "summary_gm_p05": 663.8675423115492,
  "summary_gm_p95": 849.8019833341241,
  "summary_gm_stdv": 56.78217239373458,
  "summary_wm_k": 0.4717347886033805,
  "summary_wm_mad": 57.15647583356125,
  "summary_wm_mean": 1007.5140543945885,
  "summary_wm_median": 1000.047699213028,
  "summary_wm_n": 441874.0,
  "summary_wm_p05": 922.9447849988937,
  "summary_wm_p95": 1117.2765731140971,
  "summary_wm_stdv": 59.71531898882775,
  "tpm_overlap_csf": 0.14121379601549877,
  "tpm_overlap_gm": 0.4446219361812272,
  "tpm_overlap_wm": 0.4796724372667466,
  "wm2max": 0.5581890812250333
}