{
  "bids_meta": {
    "AcquisitionMatrixPE": 300,
    "AcquisitionNumber": 1,
    "AcquisitionTime": "14:16:59.245000",
    "BaseResolution": 320,
    "BodyPartExamined": "HEAD",
    "ConsistencyInfo": "N4_VE11C_LATEST_20160120",
    "ConversionSoftware": "dcm2niix",
    "ConversionSoftwareVersion": "v1.0.20190902",
    "DeviceSerialNumber": "67064",
    "DwellTime": 2.1e-06,
    "EchoTime": 0.563,
    "EchoTrainLength": 314,
    "FlipAngle": 120,
    "ImageOrientationPatientDICOM": [
      -0.0105991,
      0.999847,
      0.0139437,
      0.0512335,
      0.0144692,
      -0.998582
    ],
    "ImageType": [
      "ORIGINAL",
      "PRIMARY",
      "M",
      "ND"
    ],
    "ImagingFrequency": 123.247,
    "InPlanePhaseEncodingDirectionDICOM": "ROW",
    "InstitutionAddress": "Scott_Ave_4525_St._Louis_MO_US_63110",
    "InstitutionName": "Washington_University",
    "InstitutionalDepartmentName": "Department",
    "MRAcquisitionType": "3D",
    "MagneticFieldStrength": 3,
    "Manufacturer": "Siemens",
    "ManufacturersModelName": "Prisma_fit",
    "Modality": "MR",
    "ParallelReductionFactorInPlane": 2,
    "PartialFourier": 1,
    "PatientPosition": "HFS",
    "PercentPhaseFOV": 93.75,
    "PhaseEncodingSteps": 297,
    "PhaseResolution": 1,
    "PixelBandwidth": 745,
    "ProcedureStepDescription": "head_Braver",
    "ProtocolName": "T2w_SPC",
    "PulseSequenceDetails": "%SiemensSeq%_tse_vfl",
    "ReceiveCoilActiveElements": "HEA;HEP",
    "ReceiveCoilName": "Head_32",
    "ReconMatrixPE": 300,
    "RefLinesPE": 32,
    "RepetitionTime": 3.2,
    "SAR": 0.145195,
    "ScanOptions": "PFP",
    "ScanningSequence": "SE",
    "SequenceName": "_spc_314ns",
    "SequenceVariant": "SK_SP",
    "SeriesDescription": "T2w_SPC",
    "SeriesNumber": 13,
    "ShimSetting": [
      -1953,
      -11310,
      5690,
      461,
      199,
      768,
      162,
      -95
    ],
    "SliceThickness": 0.8,
    "SoftwareVersions": "syngo_MR_E11",
    "StationName": "MRC35177",
    "TxRefAmp": 220.518,
    "dataset": "ds003465",
    "modality": "T2w",
    "session_id": "wave1bas",
    "subject_id": "f1027ao"
  },
  "cjv": 1.0080102167003828,
  "cnr": 1.1293995314548155,
  "efc": 0.5027876504193302,
  "fber": 8800.401939425006,
  "fwhm_avg": 3.316029196232003,
  "fwhm_x": 3.180075189547252,
  "fwhm_y": 3.5711499467857193,
  "fwhm_z": 3.196862452363037,
  "icvs_csf": 0.4025208257415657,
  "icvs_gm": 0.46688444392402745,
  "icvs_wm": 0.13059473033440683,
  "inu_med": 0.9302011132240295,
  "inu_range": 0.7716672569513321,
  "provenance": {
    "md5sum": "9f60aa953aa2bed1c1f1731359ff5871",
    "settings": {
      "testing": false
    },
    "software": "mriqc",
    "version": "22.0.6",
    "warnings": {
      "large_rot_frame": true,
      "small_air_mask": false
    },
    "webapi_port": null,
    "webapi_url": "https://mriqc.nimh.nih.gov/api/v1"
  },
  "qi_1": 2.0839488833031445e-05,
  "qi_2": 0.0022178292798574212,
  "rpve_csf": 12.731148667314049,
  "rpve_gm": 11.938386738885297,
  "rpve_wm": 44.957949745478174,
  "size_x": 208,
  "size_y": 300,
  "size_z": 320,
  "snr_csf": 8.473015698302895,
  "snr_gm": 9.74186397214821,
  "snr_total": 6.690268908819214,
  "snr_wm": 1.8559270560065402,
  "snrd_csf": 74.75882651091379,
  "snrd_gm": 43.7141416732425,
  "snrd_total": 76.87792863437873,
  "snrd_wm": 112.1608177189799,
  "spacing_x": 0.7999999523162842,
  "spacing_y": 0.800000011920929,
  "spacing_z": 0.800000011920929,
  "summary_bg_k": 8.795840386926985,
  "summary_bg_mad": 5.845079383305284,
  "summary_bg_mean": 5.038970534439258,
  "summary_bg_median": 3.942446133121848,
  "summary_bg_n": 6658359.0,
  "summary_bg_p05": 0.0,
  "summary_bg_p95": 17.985611921176314,
  "summary_bg_stdv": 6.809774012259043,
  "summary_csf_k": 1.1746726404234629,
  "summary_csf_mad": 66.04513055004803,
  "summary_csf_mean": 677.4126697915949,
  "summary_csf_median": 666.9928209744394,
  "summary_csf_n": 122200.0,
  "summary_csf_p05": 569.1510921232402,
  "summary_csf_p95": 834.0158463682045,
  "summary_csf_stdv": 78.71932681527493,
  "summary_gm_k": 0.8621281103855765,
  "summary_gm_mad": 37.41704101575718,
  "summary_gm_mean": 391.62076138703543,
  "summary_gm_median": 390.01439738832414,
  "summary_gm_n": 429248.0,
  "summary_gm_p05": 329.23741758428514,
  "summary_gm_p95": 459.30936299823225,
  "summary_gm_stdv": 40.034837706982174,
  "summary_wm_k": -1.610392163674476,
  "summary_wm_mad": 578.1508811910212,
  "summary_wm_mean": 764.7497012138219,
  "summary_wm_median": 1000.6906703151762,
  "summary_wm_n": 56493.0,
  "summary_wm_p05": 29.110792031139145,
  "summary_wm_p95": 1446.5899610649794,
  "summary_wm_stdv": 539.1816506313747,
  "tpm_overlap_csf": 0.11655471327636467,
  "tpm_overlap_gm": 0.3097579894563109,
  "tpm_overlap_wm": 0.024283974296351426,
  "wm2max": 0.7220514950166113
}