{
  "aor": 0.0017575925925925927,
  "aqi": 0.010904365333333334,
  "bids_meta": {
    "AcquisitionMatrixPE": 90,
    "AcquisitionNumber": 1,
    "AcquisitionTime": "17:44:29.975000",
    "BandwidthPerPixelPhaseEncode": 18.832,
    "BaseResolution": 90,
    "BodyPartExamined": "HEAD",
    "ConsistencyInfo": "N4_VE11C_LATEST_20160120",
    "ConversionSoftware": "dcm2niix",
    "ConversionSoftwareVersion": "v1.0.20190902",
    "DerivedVendorReportedEchoSpacing": 0.000590012,
    "DeviceSerialNumber": "67064",
    "DwellTime": 2.5e-06,
    "EchoTime": 0.033,
    "EchoTrainLength": 90,
    "EffectiveEchoSpacing": 0.000590012,
    "FlipAngle": 63,
    "ImageComments": "Unaliased_MB4_PE3_LB",
    "ImageOrientationPatientDICOM": [
      0.99848,
      0.00698271,
      0.0546765,
      0.0123736,
      0.938233,
      -0.345782
    ],
    "ImageType": [
      "ORIGINAL",
      "PRIMARY",
      "M",
      "MB",
      "ND",
      "MOSAIC"
    ],
    "ImagingFrequency": 123.247,
    "InPlanePhaseEncodingDirectionDICOM": "COL",
    "InstitutionAddress": "Scott_Ave_4525_St._Louis_MO_US_63110",
    "InstitutionName": "Washington_University",
    "InstitutionalDepartmentName": "Department",
    "MRAcquisitionType": "2D",
    "MagneticFieldStrength": 3,
    "Manufacturer": "Siemens",
    "ManufacturersModelName": "Prisma_fit",
    "Modality": "MR",
    "MultibandAccelerationFactor": 4,
    "PartialFourier": 1,
    "PatientPosition": "HFS",
    "PercentPhaseFOV": 100,
    "PhaseEncodingDirection": "j",
    "PhaseEncodingSteps": 90,
    "PhaseResolution": 1,
    "PixelBandwidth": 2220,
    "ProcedureStepDescription": "head_Braver",
    "ProtocolName": "tfMRI_StroopBas2_PA",
    "PulseSequenceDetails": "%CustomerSeq%_cmrr_mbep2d_bold",
    "ReceiveCoilActiveElements": "HEA;HEP",
    "ReceiveCoilName": "Head_32",
    "ReconMatrixPE": 90,
    "RepetitionTime": 1.2,
    "SAR": 0.0759535,
    "ScanOptions": "FS_EXT",
    "ScanningSequence": "EP",
    "SequenceName": "epfid2d1_90",
    "SequenceVariant": "SK_SS",
    "SeriesDescription": "tfMRI_StroopBas2_PA",
    "SeriesNumber": 46,
    "ShimSetting": [
      -1973,
      -11510,
      5836,
      600,
      119,
      52,
      104,
      -23
    ],
    "SliceThickness": 2.4,
    "SliceTiming": [
      0,
      0.63,
      0.0775,
      0.7075,
      0.1575,
      0.7875,
      0.235,
      0.865,
      0.315,
      0.945,
      0.3925,
      1.0225,
      0.4725,
      1.1,
      0.55,
      0,
      0.63,
      0.0775,
      0.7075,
      0.1575,
      0.7875,
      0.235,
      0.865,
      0.315,
      0.945,
      0.3925,
      1.0225,
      0.4725,
      1.1,
      0.55,
      0,
      0.63,
      0.0775,
      0.7075,
      0.1575,
      0.7875,
      0.235,
      0.865,
      0.315,
      0.945,
      0.3925,
      1.0225,
      0.4725,
      1.1,
      0.55,
      0,
      0.63,
      0.0775,
      0.7075,
      0.1575,
      0.7875,
      0.235,
      0.865,
      0.315,
      0.945,
      0.3925,
      1.0225,
      0.4725,
      1.1,
      0.55
    ],
    "SoftwareVersions": "syngo_MR_E11",
    "SpacingBetweenSlices": 2.4,
    "StationName": "MRC35177",
    "TaskName": "Stroop",
    "TotalReadoutTime": 0.0525111,
    "TxRefAmp": 250.961,
    "VendorReportedEchoSpacing": 0.00059,
    "WipMemBlock": "65896bf7-3ed4-4382-b42e-5cfde314e093||Sequence: R016 ve11c/master r/e634e98; Dec 19 2017 11:00:25 by eja",
    "acq_id": "mb4PA",
    "dataset": "ds003465",
    "modality": "bold",
    "run_id": 2,
    "session_id": "wave1bas",
    "subject_id": "f5004cr",
    "task_id": "Stroop"
  },
  "dummy_trs": 0,
  "dvars_nstd": 45.23470355589979,
  "dvars_std": 1.208792818218923,
  "dvars_vstd": 1.015430417495362,
  "efc": 0.5456908613967499,
  "fber": 623.047119140625,
  "fd_mean": 0.31740981731491874,
  "fd_num": 345,
  "fd_perc": 63.888888888888886,
  "fwhm_avg": 2.8983762737177634,
  "fwhm_x": 2.759395723684799,
  "fwhm_y": 2.8669165527456384,
  "fwhm_z": 3.0688165447228535,
  "gcor": 0.0193234,
  "gsr_x": 0.0008433317998424172,
  "gsr_y": 0.0610041618347168,
  "provenance": {
    "md5sum": "0e4fc716ae0dab2a7e0942e9d072fd03",
    "settings": {
      "fd_thres": 0.2,
      "testing": false
    },
    "software": "mriqc",
    "version": "22.0.6",
    "webapi_port": null,
    "webapi_url": "https://mriqc.nimh.nih.gov/api/v1"
  },
  "size_t": 540,
  "size_x": 90,
  "size_y": 90,
  "size_z": 60,
  "snr": 2.457320304055828,
  "spacing_tr": 1.2000000476837158,
  "spacing_x": 2.4000000953674316,
  "spacing_y": 2.4000000953674316,
  "spacing_z": 2.4000000953674316,
  "summary_bg_k": 15.16363856875207,
  "summary_bg_mad": 84.93664230874641,
  "summary_bg_mean": 453.81683349609375,
  "summary_bg_median": 170.075927734375,
  "summary_bg_n": 312692.0,
  "summary_bg_p05": 107.10740661621094,
  "summary_bg_p95": 1975.5387329101573,
  "summary_bg_stdv": 706.085693359375,
  "summary_fg_k": 0.7276811797921319,
  "summary_fg_mad": 1690.5563637129221,
  "summary_fg_mean": 4764.64599609375,
  "summary_fg_median": 4426.34814453125,
  "summary_fg_n": 90870.0,
  "summary_fg_p05": 2424.778918457031,
  "summary_fg_p95": 8217.24404296875,
  "summary_fg_stdv": 1801.28076171875,
  "tsnr": 36.92107156023849
}