{
  "aor": 0.002207536945812808,
  "aqi": 0.0048811984893267655,
  "bids_meta": {
    "AcquisitionMatrixPE": 90,
    "AcquisitionNumber": 1,
    "AcquisitionTime": "16:53:59.255000",
    "BandwidthPerPixelPhaseEncode": 18.832,
    "BaseResolution": 90,
    "BodyPartExamined": "HEAD",
    "ConsistencyInfo": "N4_VE11C_LATEST_20160120",
    "ConversionSoftware": "dcm2niix",
    "ConversionSoftwareVersion": "v1.0.20190902",
    "DerivedVendorReportedEchoSpacing": 0.000590012,
    "DeviceSerialNumber": "67064",
    "DwellTime": 2.5e-06,
    "EchoTime": 0.033,
    "EchoTrainLength": 90,
    "EffectiveEchoSpacing": 0.000590012,
    "FlipAngle": 63,
    "ImageComments": "Unaliased_MB4_PE3_LB",
    "ImageOrientationPatientDICOM": [
      0.99848,
      0.00698271,
      0.0546765,
      0.0123736,
      0.938233,
      -0.345782
    ],
    "ImageType": [
      "ORIGINAL",
      "PRIMARY",
      "M",
      "MB",
      "ND",
      "MOSAIC"
    ],
    "ImagingFrequency": 123.247,
    "InPlanePhaseEncodingDirectionDICOM": "COL",
    "InstitutionAddress": "Scott_Ave_4525_St._Louis_MO_US_63110",
    "InstitutionName": "Washington_University",
    "InstitutionalDepartmentName": "Department",
    "MRAcquisitionType": "2D",
    "MagneticFieldStrength": 3,
    "Manufacturer": "Siemens",
    "ManufacturersModelName": "Prisma_fit",
    "Modality": "MR",
    "MultibandAccelerationFactor": 4,
    "PartialFourier": 1,
    "PatientPosition": "HFS",
    "PercentPhaseFOV": 100,
    "PhaseEncodingDirection": "j-",
    "PhaseEncodingSteps": 90,
    "PhaseResolution": 1,
    "PixelBandwidth": 2220,
    "ProcedureStepDescription": "head_Braver",
    "ProtocolName": "tfMRI_AxcptBas1_AP",
    "PulseSequenceDetails": "%CustomerSeq%_cmrr_mbep2d_bold",
    "ReceiveCoilActiveElements": "HEA;HEP",
    "ReceiveCoilName": "Head_32",
    "ReconMatrixPE": 90,
    "RepetitionTime": 1.2,
    "SAR": 0.0759914,
    "ScanOptions": "FS_EXT",
    "ScanningSequence": "EP",
    "SequenceName": "epfid2d1_90",
    "SequenceVariant": "SK_SS",
    "SeriesDescription": "tfMRI_AxcptBas1_AP",
    "SeriesNumber": 25,
    "ShimSetting": [
      -1973,
      -11510,
      5836,
      600,
      119,
      52,
      104,
      -23
    ],
    "SliceThickness": 2.4,
    "SliceTiming": [
      0,
      0.63,
      0.08,
      0.7075,
      0.1575,
      0.7875,
      0.235,
      0.865,
      0.315,
      0.945,
      0.3925,
      1.0225,
      0.4725,
      1.1025,
      0.55,
      0,
      0.63,
      0.08,
      0.7075,
      0.1575,
      0.7875,
      0.235,
      0.865,
      0.315,
      0.945,
      0.3925,
      1.0225,
      0.4725,
      1.1025,
      0.55,
      0,
      0.63,
      0.08,
      0.7075,
      0.1575,
      0.7875,
      0.235,
      0.865,
      0.315,
      0.945,
      0.3925,
      1.0225,
      0.4725,
      1.1025,
      0.55,
      0,
      0.63,
      0.08,
      0.7075,
      0.1575,
      0.7875,
      0.235,
      0.865,
      0.315,
      0.945,
      0.3925,
      1.0225,
      0.4725,
      1.1025,
      0.55
    ],
    "SoftwareVersions": "syngo_MR_E11",
    "SpacingBetweenSlices": 2.4,
    "StationName": "MRC35177",
    "TaskName": "Axcpt",
    "TotalReadoutTime": 0.0525111,
    "TxRefAmp": 250.961,
    "VendorReportedEchoSpacing": 0.00059,
    "WipMemBlock": "a315fb7c-3e22-49a9-8f17-1a6258381aa5||Sequence: R016 ve11c/master r/e634e98; Dec 19 2017 11:00:25 by eja",
    "acq_id": "mb4AP",
    "dataset": "ds003465",
    "modality": "bold",
    "run_id": 1,
    "session_id": "wave1bas",
    "subject_id": "f5004cr",
    "task_id": "Axcpt"
  },
  "dummy_trs": 1,
  "dvars_nstd": 32.0911200705263,
  "dvars_std": 1.1618992627138167,
  "dvars_vstd": 1.0267822455427613,
  "efc": 0.5477329875705471,
  "fber": 626.833251953125,
  "fd_mean": 0.11753574465879209,
  "fd_num": 50,
  "fd_perc": 8.210180623973727,
  "fwhm_avg": 2.8961221071406693,
  "fwhm_x": 2.689791559783953,
  "fwhm_y": 2.9174707174034626,
  "fwhm_z": 3.0811040442345923,
  "gcor": 0.0173733,
  "gsr_x": -0.012602554634213448,
  "gsr_y": 0.0774332657456398,
  "provenance": {
    "md5sum": "c76919ea66cbc4d3bbf49915898abfe8",
    "settings": {
      "fd_thres": 0.2,
      "testing": false
    },
    "software": "mriqc",
    "version": "22.0.6",
    "webapi_port": null,
    "webapi_url": "https://mriqc.nimh.nih.gov/api/v1"
  },
  "size_t": 609,
  "size_x": 90,
  "size_y": 90,
  "size_z": 60,
  "snr": 2.506692615460752,
  "spacing_tr": 1.2000000476837158,
  "spacing_x": 2.4000000953674316,
  "spacing_y": 2.4000000953674316,
  "spacing_z": 2.4000000953674316,
  "summary_bg_k": 21.58284297894364,
  "summary_bg_mad": 80.34291914460287,
  "summary_bg_mean": 409.4027099609375,
  "summary_bg_median": 167.03941345214844,
  "summary_bg_n": 306657.0,
  "summary_bg_p05": 106.76978912353516,
  "summary_bg_p95": 1675.0755371093765,
  "summary_bg_stdv": 610.9036254882812,
  "summary_fg_k": 0.6838405859322214,
  "summary_fg_mad": 1595.9568587303395,
  "summary_fg_mean": 4724.58251953125,
  "summary_fg_median": 4377.03955078125,
  "summary_fg_n": 95761.0,
  "summary_fg_p05": 2481.53857421875,
  "summary_fg_p95": 8119.02978515625,
  "summary_fg_stdv": 1746.1322021484375,
  "tsnr": 48.12809054553509
}