{
  "aor": 0.001570646153846154,
  "aqi": 0.00625635933846154,
  "bids_meta": {
    "AcquisitionMatrixPE": 90,
    "AcquisitionNumber": 1,
    "AcquisitionTime": "16:38:28.010000",
    "BandwidthPerPixelPhaseEncode": 18.832,
    "BaseResolution": 90,
    "BodyPartExamined": "HEAD",
    "ConsistencyInfo": "N4_VE11C_LATEST_20160120",
    "ConversionSoftware": "dcm2niix",
    "ConversionSoftwareVersion": "v1.0.20190902",
    "DerivedVendorReportedEchoSpacing": 0.000590012,
    "DeviceSerialNumber": "67064",
    "DwellTime": 2.5e-06,
    "EchoTime": 0.033,
    "EchoTrainLength": 90,
    "EffectiveEchoSpacing": 0.000590012,
    "FlipAngle": 63,
    "ImageComments": "Unaliased_MB4_PE3_LB",
    "ImageOrientationPatientDICOM": [
      0.99848,
      0.00698271,
      0.0546765,
      0.0123736,
      0.938233,
      -0.345782
    ],
    "ImageType": [
      "ORIGINAL",
      "PRIMARY",
      "M",
      "MB",
      "ND",
      "MOSAIC"
    ],
    "ImagingFrequency": 123.247,
    "InPlanePhaseEncodingDirectionDICOM": "COL",
    "InstitutionAddress": "Scott_Ave_4525_St._Louis_MO_US_63110",
    "InstitutionName": "Washington_University",
    "InstitutionalDepartmentName": "Department",
    "MRAcquisitionType": "2D",
    "MagneticFieldStrength": 3,
    "Manufacturer": "Siemens",
    "ManufacturersModelName": "Prisma_fit",
    "Modality": "MR",
    "MultibandAccelerationFactor": 4,
    "PartialFourier": 1,
    "PatientPosition": "HFS",
    "PercentPhaseFOV": 100,
    "PhaseEncodingDirection": "j",
    "PhaseEncodingSteps": 90,
    "PhaseResolution": 1,
    "PixelBandwidth": 2220,
    "ProcedureStepDescription": "head_Braver",
    "ProtocolName": "tfMRI_CuedtsBas2_PA",
    "PulseSequenceDetails": "%CustomerSeq%_cmrr_mbep2d_bold",
    "ReceiveCoilActiveElements": "HEA;HEP",
    "ReceiveCoilName": "Head_32",
    "ReconMatrixPE": 90,
    "RepetitionTime": 1.2,
    "SAR": 0.0760095,
    "ScanOptions": "FS_EXT",
    "ScanningSequence": "EP",
    "SequenceName": "epfid2d1_90",
    "SequenceVariant": "SK_SS",
    "SeriesDescription": "tfMRI_CuedtsBas2_PA",
    "SeriesNumber": 22,
    "ShimSetting": [
      -1973,
      -11510,
      5836,
      600,
      119,
      52,
      104,
      -23
    ],
    "SliceThickness": 2.4,
    "SliceTiming": [
      0,
      0.63,
      0.08,
      0.71,
      0.1575,
      0.7875,
      0.2375,
      0.8675,
      0.315,
      0.945,
      0.395,
      1.0225,
      0.4725,
      1.1025,
      0.5525,
      0,
      0.63,
      0.08,
      0.71,
      0.1575,
      0.7875,
      0.2375,
      0.8675,
      0.315,
      0.945,
      0.395,
      1.0225,
      0.4725,
      1.1025,
      0.5525,
      0,
      0.63,
      0.08,
      0.71,
      0.1575,
      0.7875,
      0.2375,
      0.8675,
      0.315,
      0.945,
      0.395,
      1.0225,
      0.4725,
      1.1025,
      0.5525,
      0,
      0.63,
      0.08,
      0.71,
      0.1575,
      0.7875,
      0.2375,
      0.8675,
      0.315,
      0.945,
      0.395,
      1.0225,
      0.4725,
      1.1025,
      0.5525
    ],
    "SoftwareVersions": "syngo_MR_E11",
    "SpacingBetweenSlices": 2.4,
    "StationName": "MRC35177",
    "TaskName": "Cuedts",
    "TotalReadoutTime": 0.0525111,
    "TxRefAmp": 250.961,
    "VendorReportedEchoSpacing": 0.00059,
    "WipMemBlock": "552859c7-7517-41f5-b35c-8280e5b489ec||Sequence: R016 ve11c/master r/e634e98; Dec 19 2017 11:00:25 by eja",
    "acq_id": "mb4PA",
    "dataset": "ds003465",
    "modality": "bold",
    "run_id": 2,
    "session_id": "wave1bas",
    "subject_id": "f5004cr",
    "task_id": "Cuedts"
  },
  "dummy_trs": 0,
  "dvars_nstd": 32.8517159196148,
  "dvars_std": 1.1140988128813574,
  "dvars_vstd": 0.9970517123882895,
  "efc": 0.5452824040673863,
  "fber": 636.5004272460938,
  "fd_mean": 0.12723974334180405,
  "fd_num": 61,
  "fd_perc": 9.384615384615385,
  "fwhm_avg": 2.849281831224157,
  "fwhm_x": 2.6806457268140425,
  "fwhm_y": 2.8372207205923115,
  "fwhm_z": 3.029979046266117,
  "gcor": 0.0159145,
  "gsr_x": -0.014034603722393513,
  "gsr_y": 0.06117301434278488,
  "provenance": {
    "md5sum": "45bf1652602befe21b2d4f76971e0109",
    "settings": {
      "fd_thres": 0.2,
      "testing": false
    },
    "software": "mriqc",
    "version": "22.0.6",
    "webapi_port": null,
    "webapi_url": "https://mriqc.nimh.nih.gov/api/v1"
  },
  "size_t": 650,
  "size_x": 90,
  "size_y": 90,
  "size_z": 60,
  "snr": 2.4478123661488826,
  "spacing_tr": 1.2000000476837158,
  "spacing_x": 2.4000000953674316,
  "spacing_y": 2.4000000953674316,
  "spacing_z": 2.4000000953674316,
  "summary_bg_k": 19.22935108145312,
  "summary_bg_mad": 80.33422071087156,
  "summary_bg_mean": 419.08795166015625,
  "summary_bg_median": 167.05076599121094,
  "summary_bg_n": 306312.0,
  "summary_bg_p05": 107.44461822509766,
  "summary_bg_p95": 1784.857647705078,
  "summary_bg_stdv": 637.2506103515625,
  "summary_fg_k": 0.9076603825347602,
  "summary_fg_mad": 1690.7659405401962,
  "summary_fg_mean": 4762.65087890625,
  "summary_fg_median": 4431.037109375,
  "summary_fg_n": 92249.0,
  "summary_fg_p05": 2417.64296875,
  "summary_fg_p95": 8200.624609375,
  "summary_fg_stdv": 1810.193115234375,
  "tsnr": 43.28828752762638
}