{
  "bids_meta": {
    "AcquisitionMatrixPE": 300,
    "AcquisitionNumber": 1,
    "AcquisitionTime": "17:54:41.750000",
    "BaseResolution": 320,
    "BodyPartExamined": "HEAD",
    "ConsistencyInfo": "N4_VE11C_LATEST_20160120",
    "ConversionSoftware": "dcm2niix",
    "ConversionSoftwareVersion": "v1.0.20190902",
    "DeviceSerialNumber": "67064",
    "DwellTime": 7.1e-06,
    "EchoTime": 0.00222,
    "FlipAngle": 8,
    "ImageOrientationPatientDICOM": [
      0.0248491,
      0.99907,
      0.035248,
      0.00502665,
      0.0351336,
      -0.99937
    ],
    "ImageType": [
      "ORIGINAL",
      "PRIMARY",
      "M",
      "ND"
    ],
    "ImagingFrequency": 123.247,
    "InPlanePhaseEncodingDirectionDICOM": "ROW",
    "InstitutionAddress": "Scott_Ave_4525_St._Louis_MO_US_63110",
    "InstitutionName": "Washington_University",
    "InstitutionalDepartmentName": "Department",
    "InversionTime": 1,
    "MRAcquisitionType": "3D",
    "MagneticFieldStrength": 3,
    "Manufacturer": "Siemens",
    "ManufacturersModelName": "Prisma_fit",
    "Modality": "MR",
    "ParallelReductionFactorInPlane": 2,
    "PartialFourier": 1,
    "PatientPosition": "HFS",
    "PercentPhaseFOV": 93.75,
    "PhaseEncodingSteps": 299,
    "PhaseResolution": 1,
    "PixelBandwidth": 220,
    "ProcedureStepDescription": "head_Braver",
    "ProtocolName": "T1w_MPR",
    "PulseSequenceDetails": "%SiemensSeq%_tfl",
    "ReceiveCoilActiveElements": "HEA;HEP",
    "ReceiveCoilName": "Head_32",
    "ReconMatrixPE": 300,
    "RefLinesPE": 32,
    "RepetitionTime": 2.4,
    "SAR": 0.0427513,
    "ScanOptions": "IR_WE",
    "ScanningSequence": "GR_IR",
    "SequenceName": "_tfl3d1_16ns",
    "SequenceVariant": "SK_SP_MP",
    "SeriesDescription": "T1w_MPR",
    "SeriesNumber": 11,
    "ShimSetting": [
      -2011,
      -11510,
      5838,
      604,
      87,
      217,
      37,
      -10
    ],
    "SliceThickness": 0.8,
    "SoftwareVersions": "syngo_MR_E11",
    "StationName": "MRC35177",
    "TxRefAmp": 283.833,
    "dataset": "ds003465",
    "modality": "T1w",
    "session_id": "wave1bas",
    "subject_id": "f6950qp"
  },
  "cjv": 0.4925314741389562,
  "cnr": 2.7511085044386907,
  "efc": 0.5495951339618937,
  "fber": 14157.310317889549,
  "fwhm_avg": 4.457483374112788,
  "fwhm_x": 4.31648775728272,
  "fwhm_y": 4.4576874335752805,
  "fwhm_z": 4.598274931480364,
  "icvs_csf": 0.17110372888030081,
  "icvs_gm": 0.4136609756922119,
  "icvs_wm": 0.4152352954274873,
  "inu_med": 0.9691613018512726,
  "inu_range": 0.7279518872499465,
  "provenance": {
    "md5sum": "ac293298bff3ebbd6085dc8c9df314ee",
    "settings": {
      "testing": false
    },
    "software": "mriqc",
    "version": "22.0.6",
    "warnings": {
      "large_rot_frame": true,
      "small_air_mask": false
    },
    "webapi_port": null,
    "webapi_url": "https://mriqc.nimh.nih.gov/api/v1"
  },
  "qi_1": 3.6491668531016656e-06,
  "qi_2": 0.0015850992697562748,
  "rpve_csf": 27.708404122698152,
  "rpve_gm": 11.913174106088231,
  "rpve_wm": 13.474085455137347,
  "size_x": 208,
  "size_y": 300,
  "size_z": 320,
  "snr_csf": 2.7939424178122216,
  "snr_gm": 12.94889424279582,
  "snr_total": 10.248773499189602,
  "snr_wm": 15.003483836960763,
  "snrd_csf": 25.58246403081297,
  "snrd_gm": 65.36041258694502,
  "snrd_total": 59.229288920367516,
  "snrd_wm": 86.74499014334455,
  "spacing_x": 0.7999999523162842,
  "spacing_y": 0.800000011920929,
  "spacing_z": 0.800000011920929,
  "summary_bg_k": 2028.1577041445553,
  "summary_bg_mad": 7.553180945632848,
  "summary_bg_mean": 8.61131144975218,
  "summary_bg_median": 5.094543129205704,
  "summary_bg_n": 6766485.0,
  "summary_bg_p05": 0.0,
  "summary_bg_p95": 32.47771244868636,
  "summary_bg_stdv": 14.193540044479027,
  "summary_csf_k": 4.654865416486964,
  "summary_csf_mad": 77.71061165218411,
  "summary_csf_mean": 299.8692857170096,
  "summary_csf_median": 294.94465558603406,
  "summary_csf_n": 69483.0,
  "summary_csf_p05": 117.6202644955367,
  "summary_csf_p95": 482.8059334754944,
  "summary_csf_stdv": 105.56500065101537,
  "summary_gm_k": 0.1562690624641041,
  "summary_gm_mad": 57.52037797058861,
  "summary_gm_mean": 753.7357710724534,
  "summary_gm_median": 753.5515091978014,
  "summary_gm_n": 85794.0,
  "summary_gm_p05": 658.6166574247181,
  "summary_gm_p95": 849.662024769932,
  "summary_gm_stdv": 58.1939355919387,
  "summary_wm_k": 0.3163016103397531,
  "summary_wm_mad": 63.91153107843179,
  "summary_wm_mean": 1009.0846830178752,
  "summary_wm_median": 1000.0980050563812,
  "summary_wm_n": 488021.0,
  "summary_wm_p05": 915.1073095835745,
  "summary_wm_p95": 1133.2419302985072,
  "summary_wm_stdv": 66.65765040154561,
  "tpm_overlap_csf": 0.16758455240900413,
  "tpm_overlap_gm": 0.46235526410511363,
  "tpm_overlap_wm": 0.5080733355873228,
  "wm2max": 0.5136746631355968
}