{
  "bids_meta": {
    "AcquisitionMatrixPE": 300,
    "AcquisitionNumber": 1,
    "AcquisitionTime": "18:01:31.882500",
    "BaseResolution": 320,
    "BodyPartExamined": "HEAD",
    "ConsistencyInfo": "N4_VE11C_LATEST_20160120",
    "ConversionSoftware": "dcm2niix",
    "ConversionSoftwareVersion": "v1.0.20190902",
    "DeviceSerialNumber": "67064",
    "DwellTime": 2.1e-06,
    "EchoTime": 0.563,
    "EchoTrainLength": 314,
    "FlipAngle": 120,
    "ImageOrientationPatientDICOM": [
      0.0248491,
      0.99907,
      0.035248,
      0.00502665,
      0.0351336,
      -0.99937
    ],
    "ImageType": [
      "ORIGINAL",
      "PRIMARY",
      "M",
      "ND"
    ],
    "ImagingFrequency": 123.247,
    "InPlanePhaseEncodingDirectionDICOM": "ROW",
    "InstitutionAddress": "Scott_Ave_4525_St._Louis_MO_US_63110",
    "InstitutionName": "Washington_University",
    "InstitutionalDepartmentName": "Department",
    "MRAcquisitionType": "3D",
    "MagneticFieldStrength": 3,
    "Manufacturer": "Siemens",
    "ManufacturersModelName": "Prisma_fit",
    "Modality": "MR",
    "ParallelReductionFactorInPlane": 2,
    "PartialFourier": 1,
    "PatientPosition": "HFS",
    "PercentPhaseFOV": 93.75,
    "PhaseEncodingSteps": 297,
    "PhaseResolution": 1,
    "PixelBandwidth": 745,
    "ProcedureStepDescription": "head_Braver",
    "ProtocolName": "T2w_SPC",
    "PulseSequenceDetails": "%SiemensSeq%_tse_vfl",
    "ReceiveCoilActiveElements": "HEA;HEP",
    "ReceiveCoilName": "Head_32",
    "ReconMatrixPE": 300,
    "RefLinesPE": 32,
    "RepetitionTime": 3.2,
    "SAR": 0.143839,
    "ScanOptions": "PFP",
    "ScanningSequence": "SE",
    "SequenceName": "_spc_314ns",
    "SequenceVariant": "SK_SP",
    "SeriesDescription": "T2w_SPC",
    "SeriesNumber": 13,
    "ShimSetting": [
      -2011,
      -11510,
      5838,
      604,
      87,
      217,
      37,
      -10
    ],
    "SliceThickness": 0.8,
    "SoftwareVersions": "syngo_MR_E11",
    "StationName": "MRC35177",
    "TxRefAmp": 283.833,
    "dataset": "ds003465",
    "modality": "T2w",
    "session_id": "wave1bas",
    "subject_id": "f6950qp"
  },
  "cjv": 0.4339670086675922,
  "cnr": 1.5109137468899139,
  "efc": 0.5183567068925481,
  "fber": 6793.182507689092,
  "fwhm_avg": 3.357050028457994,
  "fwhm_x": 3.1601001883566493,
  "fwhm_y": 3.696699944914878,
  "fwhm_z": 3.2143499521024537,
  "icvs_csf": 0.35979677209425587,
  "icvs_gm": 0.4910123649212557,
  "icvs_wm": 0.14919086298448841,
  "inu_med": 0.9410576224327087,
  "inu_range": 0.7364823520183562,
  "provenance": {
    "md5sum": "6cc99770880f9b823c2caadf7e9e7da8",
    "settings": {
      "testing": false
    },
    "software": "mriqc",
    "version": "22.0.6",
    "warnings": {
      "large_rot_frame": true,
      "small_air_mask": false
    },
    "webapi_port": null,
    "webapi_url": "https://mriqc.nimh.nih.gov/api/v1"
  },
  "qi_1": 0.00032969577769053027,
  "qi_2": 0.001376733182805224,
  "rpve_csf": 13.074230060542249,
  "rpve_gm": 10.989439859227897,
  "rpve_wm": 38.796318937187536,
  "size_x": 208,
  "size_y": 300,
  "size_z": 320,
  "snr_csf": 6.525314987319288,
  "snr_gm": 7.746024564568294,
  "snr_total": 5.496439436720283,
  "snr_wm": 2.2179787582732633,
  "snrd_csf": 43.447276553134365,
  "snrd_gm": 23.704421223165813,
  "snrd_total": 47.39770402301429,
  "snrd_wm": 75.04141429274272,
  "spacing_x": 0.7999999523162842,
  "spacing_y": 0.800000011920929,
  "spacing_z": 0.800000011920929,
  "summary_bg_k": 21.96565572022116,
  "summary_bg_mad": 0.0,
  "summary_bg_mean": 5.3250354317389075,
  "summary_bg_median": 0.0,
  "summary_bg_n": 6854899.0,
  "summary_bg_p05": 0.0,
  "summary_bg_p95": 21.25185622088611,
  "summary_bg_stdv": 8.730979453736454,
  "summary_csf_k": 2.472973831161646,
  "summary_csf_mad": 68.26132657137765,
  "summary_csf_mean": 594.6883649412069,
  "summary_csf_median": 579.0203061625361,
  "summary_csf_n": 108410.0,
  "summary_csf_p05": 481.8654291201383,
  "summary_csf_p95": 763.6566309314221,
  "summary_csf_stdv": 88.73405142434903,
  "summary_gm_k": 0.7541560685893973,
  "summary_gm_mad": 38.257154010718374,
  "summary_gm_mean": 317.49776472666804,
  "summary_gm_median": 315.907976815477,
  "summary_gm_n": 492128.0,
  "summary_gm_p05": 253.83474368602037,
  "summary_gm_p95": 386.88769217953086,
  "summary_gm_stdv": 40.78319830008576,
  "summary_wm_k": -1.1380568333831376,
  "summary_wm_mad": 258.648438644852,
  "summary_wm_mean": 779.9841701364269,
  "summary_wm_median": 1000.0742538031191,
  "summary_wm_n": 74302.0,
  "summary_wm_p05": 30.554182110354304,
  "summary_wm_p95": 1284.3394784573466,
  "summary_wm_stdv": 450.8913894042015,
  "tpm_overlap_csf": 0.12142409533348701,
  "tpm_overlap_gm": 0.31384405842978447,
  "tpm_overlap_wm": 0.02374146862216124,
  "wm2max": 0.7976439480642488
}