{
  "bids_meta": {
    "AcquisitionMatrixPE": 300,
    "AcquisitionNumber": 1,
    "AcquisitionTime": "18:24:55.400000",
    "BaseResolution": 320,
    "BodyPartExamined": "HEAD",
    "ConsistencyInfo": "N4_VE11C_LATEST_20160120",
    "ConversionSoftware": "dcm2niix",
    "ConversionSoftwareVersion": "v1.0.20190902",
    "DeviceSerialNumber": "67064",
    "DwellTime": 2.1e-06,
    "EchoTime": 0.563,
    "EchoTrainLength": 314,
    "FlipAngle": 120,
    "ImageOrientationPatientDICOM": [
      0.107166,
      0.994053,
      0.0193462,
      -0.0491352,
      0.0247296,
      -0.998486
    ],
    "ImageType": [
      "ORIGINAL",
      "PRIMARY",
      "M",
      "ND"
    ],
    "ImagingFrequency": 123.247,
    "InPlanePhaseEncodingDirectionDICOM": "ROW",
    "InstitutionAddress": "Scott_Ave_4525_St._Louis_MO_US_63110",
    "InstitutionName": "Washington_University",
    "InstitutionalDepartmentName": "Department",
    "MRAcquisitionType": "3D",
    "MagneticFieldStrength": 3,
    "Manufacturer": "Siemens",
    "ManufacturersModelName": "Prisma_fit",
    "Modality": "MR",
    "ParallelReductionFactorInPlane": 2,
    "PartialFourier": 1,
    "PatientPosition": "HFS",
    "PercentPhaseFOV": 93.75,
    "PhaseEncodingSteps": 297,
    "PhaseResolution": 1,
    "PixelBandwidth": 745,
    "ProcedureStepDescription": "head_Braver",
    "ProtocolName": "T2w_SPC",
    "PulseSequenceDetails": "%SiemensSeq%_tse_vfl",
    "ReceiveCoilActiveElements": "HEA;HEP",
    "ReceiveCoilName": "Head_32",
    "ReconMatrixPE": 300,
    "RefLinesPE": 32,
    "RepetitionTime": 3.2,
    "SAR": 0.121218,
    "ScanOptions": "PFP",
    "ScanningSequence": "SE",
    "SequenceName": "_spc_314ns",
    "SequenceVariant": "SK_SP",
    "SeriesDescription": "T2w_SPC",
    "SeriesNumber": 22,
    "ShimSetting": [
      -1991,
      -11523,
      5686,
      666,
      89,
      -14,
      -49,
      -24
    ],
    "SliceThickness": 0.8,
    "SoftwareVersions": "syngo_MR_E11",
    "StationName": "MRC35177",
    "TxRefAmp": 233.697,
    "dataset": "ds003465",
    "modality": "T2w",
    "session_id": "wave1bas",
    "subject_id": "f3680fb"
  },
  "cjv": 0.5701319207650763,
  "cnr": 0.5639507136665023,
  "efc": 0.5186456213399009,
  "fber": 2072.732561983471,
  "fwhm_avg": 2.956579193105739,
  "fwhm_x": 2.8385251691892845,
  "fwhm_y": 3.2763124511791397,
  "fwhm_z": 2.754899958948792,
  "icvs_csf": 0.4752450737230292,
  "icvs_gm": 0.38772630455570734,
  "icvs_wm": 0.13702862172126348,
  "inu_med": 0.9603599607944489,
  "inu_range": 0.742663937807083,
  "provenance": {
    "md5sum": "ad0b500fce1903ab8cfb0f50e7ca698d",
    "settings": {
      "testing": false
    },
    "software": "mriqc",
    "version": "22.0.6",
    "warnings": {
      "large_rot_frame": true,
      "small_air_mask": false
    },
    "webapi_port": null,
    "webapi_url": "https://mriqc.nimh.nih.gov/api/v1"
  },
  "qi_1": 0.0,
  "qi_2": 0.001544980619788931,
  "rpve_csf": 14.474056331313875,
  "rpve_gm": 17.543030001408017,
  "rpve_wm": 50.59368623031706,
  "size_x": 208,
  "size_y": 300,
  "size_z": 320,
  "snr_csf": 10.661868287436517,
  "snr_gm": 8.741031310986605,
  "snr_total": 6.5417107396090755,
  "snr_wm": 0.22223262040410055,
  "snrd_csf": 68.79483729046237,
  "snrd_gm": 40.21448990263264,
  "snrd_total": 40.11348812279713,
  "snrd_wm": 11.33113717529638,
  "spacing_x": 0.7999999523162842,
  "spacing_y": 0.800000011920929,
  "spacing_z": 0.800000011920929,
  "summary_bg_k": 4.390483682406046,
  "summary_bg_mad": 58.14126619121706,
  "summary_bg_mean": 99.9662892756309,
  "summary_bg_median": 39.21568810939789,
  "summary_bg_n": 6336098.0,
  "summary_bg_p05": 0.0,
  "summary_bg_p95": 385.9944158196449,
  "summary_bg_stdv": 132.86151565556892,
  "summary_csf_k": 0.48081584146602063,
  "summary_csf_mad": 540.29848081981,
  "summary_csf_mean": 6135.547533054014,
  "summary_csf_median": 6105.322414517403,
  "summary_csf_n": 244021.0,
  "summary_csf_p05": 5251.82097402215,
  "summary_csf_p95": 7136.975123852491,
  "summary_csf_stdv": 572.6304002337843,
  "summary_gm_k": 0.19120006030997683,
  "summary_gm_mad": 402.0053262364151,
  "summary_gm_mean": 3580.2467797474987,
  "summary_gm_median": 3568.907730013132,
  "summary_gm_n": 318791.0,
  "summary_gm_p05": 2928.5715655982494,
  "summary_gm_p95": 4266.106642186642,
  "summary_gm_stdv": 408.29302692879656,
  "summary_wm_k": 0.3185009325892194,
  "summary_wm_mad": 1059.4169289556767,
  "summary_wm_mean": 3529.6793005815216,
  "summary_wm_median": 1005.6022879481316,
  "summary_wm_n": 38385.0,
  "summary_wm_p05": 150.14006304740906,
  "summary_wm_p95": 13529.524442565438,
  "summary_wm_stdv": 4524.939620195001,
  "tpm_overlap_csf": 0.10965464625349974,
  "tpm_overlap_gm": 0.2450697490927579,
  "tpm_overlap_wm": 0.02158763656240455,
  "wm2max": 0.08879544782592595
}