{
  "bids_meta": {
    "AcquisitionMatrixPE": 300,
    "AcquisitionNumber": 1,
    "AcquisitionTime": "16:20:51.315000",
    "BaseResolution": 320,
    "BodyPartExamined": "HEAD",
    "ConsistencyInfo": "N4_VE11B_LATEST_20150530",
    "ConversionSoftware": "dcm2niix",
    "ConversionSoftwareVersion": "v1.0.20190902",
    "DeviceSerialNumber": "67064",
    "DwellTime": 7.1e-06,
    "EchoTime": 0.00222,
    "FlipAngle": 8,
    "ImageOrientationPatientDICOM": [
      0.0213099,
      0.999707,
      -0.0115188,
      0.00414896,
      -0.0116098,
      -0.999924
    ],
    "ImageType": [
      "ORIGINAL",
      "PRIMARY",
      "M",
      "ND"
    ],
    "ImagingFrequency": 123.247,
    "InPlanePhaseEncodingDirectionDICOM": "ROW",
    "InstitutionAddress": "Scott_Ave_4525_St._Louis_MO_US_63110",
    "InstitutionName": "Washington_University",
    "InstitutionalDepartmentName": "Department",
    "InversionTime": 1,
    "MRAcquisitionType": "3D",
    "MagneticFieldStrength": 3,
    "Manufacturer": "Siemens",
    "ManufacturersModelName": "Prisma_fit",
    "Modality": "MR",
    "ParallelReductionFactorInPlane": 2,
    "PartialFourier": 1,
    "PatientPosition": "HFS",
    "PercentPhaseFOV": 93.75,
    "PhaseEncodingSteps": 299,
    "PhaseResolution": 1,
    "PixelBandwidth": 220,
    "ProcedureStepDescription": "head_Braver",
    "ProtocolName": "T1w_MPR",
    "PulseSequenceDetails": "%SiemensSeq%_tfl",
    "ReceiveCoilActiveElements": "HEA;HEP",
    "ReceiveCoilName": "Head_32",
    "ReconMatrixPE": 300,
    "RefLinesPE": 32,
    "RepetitionTime": 2.4,
    "SAR": 0.0453048,
    "ScanOptions": "IR_WE",
    "ScanningSequence": "GR_IR",
    "SequenceName": "_tfl3d1_16ns",
    "SequenceVariant": "SK_SP_MP",
    "SeriesDescription": "T1w_MPR",
    "SeriesNumber": 11,
    "ShimSetting": [
      -2001,
      -11494,
      5844,
      499,
      75,
      224,
      133,
      -32
    ],
    "SliceThickness": 0.8,
    "SoftwareVersions": "syngo_MR_E11",
    "StationName": "MRC35177",
    "TxRefAmp": 246.701,
    "dataset": "ds003465",
    "modality": "T1w",
    "session_id": "wave1bas",
    "subject_id": "f1659oa"
  },
  "cjv": 0.5108202403351259,
  "cnr": 2.6746485198821506,
  "efc": 0.5519159058807387,
  "fber": 14496.87881488082,
  "fwhm_avg": 4.785312543390325,
  "fwhm_x": 4.6183127752728925,
  "fwhm_y": 4.7255874295832605,
  "fwhm_z": 5.012037425314822,
  "icvs_csf": 0.15993771861670428,
  "icvs_gm": 0.40953289353821065,
  "icvs_wm": 0.43052938784508504,
  "inu_med": 1.0057408809661865,
  "inu_range": 0.8877441108226771,
  "provenance": {
    "md5sum": "6b9990a9eb8a4a050d3642dd629d479b",
    "settings": {
      "testing": false
    },
    "software": "mriqc",
    "version": "22.0.6",
    "warnings": {
      "large_rot_frame": true,
      "small_air_mask": false
    },
    "webapi_port": null,
    "webapi_url": "https://mriqc.nimh.nih.gov/api/v1"
  },
  "qi_1": 0.0,
  "qi_2": 0.0013329684802257718,
  "rpve_csf": 27.393605407815,
  "rpve_gm": 11.150442136330097,
  "rpve_wm": 12.004880680306327,
  "size_x": 208,
  "size_y": 300,
  "size_z": 320,
  "snr_csf": 2.9985522157179556,
  "snr_gm": 13.308045538394596,
  "snr_total": 10.40381572525279,
  "snr_wm": 14.904849421645812,
  "snrd_csf": 17.466838422310687,
  "snrd_gm": 44.5651118945059,
  "snrd_total": 40.16779898026014,
  "snrd_wm": 58.471446623963836,
  "spacing_x": 0.7999999523162842,
  "spacing_y": 0.800000011920929,
  "spacing_z": 0.800000011920929,
  "summary_bg_k": 6.427257753862275,
  "summary_bg_mad": 0.0,
  "summary_bg_mean": 7.7413720906969745,
  "summary_bg_median": 0.0,
  "summary_bg_n": 6850852.0,
  "summary_bg_p05": 0.0,
  "summary_bg_p95": 30.375896144658327,
  "summary_bg_stdv": 11.205481453712668,
  "summary_csf_k": 2.920203739539545,
  "summary_csf_mad": 71.80922647818261,
  "summary_csf_mean": 307.83472414837735,
  "summary_csf_median": 298.75356337428093,
  "summary_csf_n": 75075.0,
  "summary_csf_p05": 156.00157325342298,
  "summary_csf_p95": 485.57268554344773,
  "summary_csf_stdv": 99.63193974109339,
  "summary_gm_k": 0.11454388448526753,
  "summary_gm_mad": 56.45791261101287,
  "summary_gm_mean": 762.9562695133441,
  "summary_gm_median": 762.2436103634536,
  "summary_gm_n": 88976.0,
  "summary_gm_p05": 670.183543857187,
  "summary_gm_p95": 858.4748419299722,
  "summary_gm_stdv": 57.27657939926287,
  "summary_wm_k": 0.21795377394948412,
  "summary_wm_mad": 65.043007569904,
  "summary_wm_mean": 1007.7254659647649,
  "summary_wm_median": 1000.0981638580561,
  "summary_wm_n": 544236.0,
  "summary_wm_p05": 911.0805942192674,
  "summary_wm_p95": 1131.7106896415353,
  "summary_wm_stdv": 67.09878219876252,
  "tpm_overlap_csf": 0.1502151846478199,
  "tpm_overlap_gm": 0.44848660765461595,
  "tpm_overlap_wm": 0.49685542117284487,
  "wm2max": 0.5005772112101786
}