{
  "aor": 0.00038078688524590163,
  "aqi": 0.003960728934426229,
  "bids_meta": {
    "AcquisitionMatrixPE": 90,
    "AcquisitionNumber": 1,
    "AcquisitionTime": "19:09:45.715000",
    "BandwidthPerPixelPhaseEncode": 18.832,
    "BaseResolution": 90,
    "BodyPartExamined": "HEAD",
    "ConsistencyInfo": "N4_VE11C_LATEST_20160120",
    "ConversionSoftware": "dcm2niix",
    "ConversionSoftwareVersion": "v1.0.20190902",
    "DerivedVendorReportedEchoSpacing": 0.000590012,
    "DeviceSerialNumber": "67064",
    "DwellTime": 2.5e-06,
    "EchoTime": 0.033,
    "EchoTrainLength": 90,
    "EffectiveEchoSpacing": 0.000590012,
    "FlipAngle": 63,
    "ImageComments": "Unaliased_MB4_PE3_LB",
    "ImageOrientationPatientDICOM": [
      0.998756,
      0.0345227,
      0.0359912,
      -0.0162128,
      0.907235,
      -0.420312
    ],
    "ImageType": [
      "ORIGINAL",
      "PRIMARY",
      "M",
      "MB",
      "ND",
      "MOSAIC"
    ],
    "ImagingFrequency": 123.247,
    "InPlanePhaseEncodingDirectionDICOM": "COL",
    "InstitutionAddress": "Scott_Ave_4525_St._Louis_MO_US_63110",
    "InstitutionName": "washington_university",
    "InstitutionalDepartmentName": "Department",
    "MRAcquisitionType": "2D",
    "MagneticFieldStrength": 3,
    "Manufacturer": "Siemens",
    "ManufacturersModelName": "Prisma_fit",
    "Modality": "MR",
    "MultibandAccelerationFactor": 4,
    "PartialFourier": 1,
    "PatientPosition": "HFS",
    "PercentPhaseFOV": 100,
    "PhaseEncodingDirection": "j-",
    "PhaseEncodingSteps": 90,
    "PhaseResolution": 1,
    "PixelBandwidth": 2220,
    "ProcedureStepDescription": "head_Braver",
    "ProtocolName": "tfMRI_AxcptBas1_AP",
    "PulseSequenceDetails": "%CustomerSeq%_cmrr_mbep2d_bold",
    "ReceiveCoilActiveElements": "HEA;HEP",
    "ReceiveCoilName": "Head_32",
    "ReconMatrixPE": 90,
    "RepetitionTime": 1.2,
    "SAR": 0.0781743,
    "ScanOptions": "FS_EXT",
    "ScanningSequence": "EP",
    "SequenceName": "epfid2d1_90",
    "SequenceVariant": "SK_SS",
    "SeriesDescription": "tfMRI_AxcptBas1_AP",
    "SeriesNumber": 18,
    "ShimSetting": [
      -1987,
      -11497,
      5773,
      510,
      122,
      165,
      -38,
      -2
    ],
    "SliceThickness": 2.4,
    "SliceTiming": [
      0,
      0.63,
      0.0775,
      0.7075,
      0.1575,
      0.7875,
      0.235,
      0.865,
      0.315,
      0.9425,
      0.3925,
      1.0225,
      0.4725,
      1.1,
      0.55,
      0,
      0.63,
      0.0775,
      0.7075,
      0.1575,
      0.7875,
      0.235,
      0.865,
      0.315,
      0.9425,
      0.3925,
      1.0225,
      0.4725,
      1.1,
      0.55,
      0,
      0.63,
      0.0775,
      0.7075,
      0.1575,
      0.7875,
      0.235,
      0.865,
      0.315,
      0.9425,
      0.3925,
      1.0225,
      0.4725,
      1.1,
      0.55,
      0,
      0.63,
      0.0775,
      0.7075,
      0.1575,
      0.7875,
      0.235,
      0.865,
      0.315,
      0.9425,
      0.3925,
      1.0225,
      0.4725,
      1.1,
      0.55
    ],
    "SoftwareVersions": "syngo_MR_E11",
    "SpacingBetweenSlices": 2.4,
    "StationName": "MRC35177",
    "TaskName": "Axcpt",
    "TotalReadoutTime": 0.0525111,
    "TxRefAmp": 250.257,
    "VendorReportedEchoSpacing": 0.00059,
    "WipMemBlock": "b24e5d46-3ed9-4cde-9b66-d6620b2003af||Sequence: ve11c/master r/068cfa9; Jul 21 2016 14:39:26 by eja",
    "acq_id": "mb4AP",
    "dataset": "ds003465",
    "modality": "bold",
    "run_id": 1,
    "session_id": "wave1bas",
    "subject_id": "f1552xo",
    "task_id": "Axcpt"
  },
  "dummy_trs": 0,
  "dvars_nstd": 34.08178214835798,
  "dvars_std": 1.180410113940886,
  "dvars_vstd": 0.9903553527257805,
  "efc": 0.5493725939167564,
  "fber": 551.8048706054688,
  "fd_mean": 0.14062399085319774,
  "fd_num": 102,
  "fd_perc": 16.721311475409838,
  "fwhm_avg": 3.188756817734633,
  "fwhm_x": 2.9714457152586893,
  "fwhm_y": 3.178333207037719,
  "fwhm_z": 3.41649153090749,
  "gcor": 0.0142673,
  "gsr_x": -0.017555275931954384,
  "gsr_y": 0.07795141637325287,
  "provenance": {
    "md5sum": "6f344e6f5c80af29ef4b88f0cdf65bef",
    "settings": {
      "fd_thres": 0.2,
      "testing": false
    },
    "software": "mriqc",
    "version": "22.0.6",
    "webapi_port": null,
    "webapi_url": "https://mriqc.nimh.nih.gov/api/v1"
  },
  "size_t": 610,
  "size_x": 90,
  "size_y": 90,
  "size_z": 60,
  "snr": 2.0227400496699293,
  "spacing_tr": 1.2000000476837158,
  "spacing_x": 2.4000000953674316,
  "spacing_y": 2.4000000953674316,
  "spacing_z": 2.4000000953674316,
  "summary_bg_k": 35.45687089230299,
  "summary_bg_mad": 95.48199445312815,
  "summary_bg_mean": 460.7780456542969,
  "summary_bg_median": 187.908203125,
  "summary_bg_n": 292631.0,
  "summary_bg_p05": 114.62458801269531,
  "summary_bg_p95": 1821.5704956054688,
  "summary_bg_stdv": 730.8516235351562,
  "summary_fg_k": 2.1396601252021465,
  "summary_fg_mad": 1996.0321446913977,
  "summary_fg_mean": 5257.17578125,
  "summary_fg_median": 4692.94921875,
  "summary_fg_n": 104637.0,
  "summary_fg_p05": 2562.1619140625,
  "summary_fg_p95": 9764.874414062497,
  "summary_fg_stdv": 2320.083984375,
  "tsnr": 53.079420370515436
}