{
  "aor": 0.0007487384044526903,
  "aqi": 0.003961876957328386,
  "bids_meta": {
    "AcquisitionMatrixPE": 90,
    "AcquisitionNumber": 1,
    "AcquisitionTime": "20:13:14.262500",
    "BandwidthPerPixelPhaseEncode": 18.832,
    "BaseResolution": 90,
    "BodyPartExamined": "HEAD",
    "ConsistencyInfo": "N4_VE11C_LATEST_20160120",
    "ConversionSoftware": "dcm2niix",
    "ConversionSoftwareVersion": "v1.0.20190902",
    "DerivedVendorReportedEchoSpacing": 0.000590012,
    "DeviceSerialNumber": "67064",
    "DwellTime": 2.5e-06,
    "EchoTime": 0.033,
    "EchoTrainLength": 90,
    "EffectiveEchoSpacing": 0.000590012,
    "FlipAngle": 63,
    "ImageComments": "Unaliased_MB4_PE3_LB",
    "ImageOrientationPatientDICOM": [
      0.998756,
      0.0345227,
      0.0359912,
      -0.0162128,
      0.907235,
      -0.420312
    ],
    "ImageType": [
      "ORIGINAL",
      "PRIMARY",
      "M",
      "MB",
      "ND",
      "MOSAIC"
    ],
    "ImagingFrequency": 123.247,
    "InPlanePhaseEncodingDirectionDICOM": "COL",
    "InstitutionAddress": "Scott_Ave_4525_St._Louis_MO_US_63110",
    "InstitutionName": "washington_university",
    "InstitutionalDepartmentName": "Department",
    "MRAcquisitionType": "2D",
    "MagneticFieldStrength": 3,
    "Manufacturer": "Siemens",
    "ManufacturersModelName": "Prisma_fit",
    "Modality": "MR",
    "MultibandAccelerationFactor": 4,
    "PartialFourier": 1,
    "PatientPosition": "HFS",
    "PercentPhaseFOV": 100,
    "PhaseEncodingDirection": "j-",
    "PhaseEncodingSteps": 90,
    "PhaseResolution": 1,
    "PixelBandwidth": 2220,
    "ProcedureStepDescription": "head_Braver",
    "ProtocolName": "tfMRI_StroopBas1_AP",
    "PulseSequenceDetails": "%CustomerSeq%_cmrr_mbep2d_bold",
    "ReceiveCoilActiveElements": "HEA;HEP",
    "ReceiveCoilName": "Head_32",
    "ReconMatrixPE": 90,
    "RepetitionTime": 1.2,
    "SAR": 0.0781353,
    "ScanOptions": "FS_EXT",
    "ScanningSequence": "EP",
    "SequenceName": "epfid2d1_90",
    "SequenceVariant": "SK_SS",
    "SeriesDescription": "tfMRI_StroopBas1_AP",
    "SeriesNumber": 30,
    "ShimSetting": [
      -1987,
      -11497,
      5773,
      510,
      122,
      165,
      -38,
      -2
    ],
    "SliceThickness": 2.4,
    "SliceTiming": [
      0,
      0.63,
      0.0775,
      0.7075,
      0.1575,
      0.7875,
      0.235,
      0.865,
      0.315,
      0.9425,
      0.3925,
      1.0225,
      0.4725,
      1.1,
      0.55,
      0,
      0.63,
      0.0775,
      0.7075,
      0.1575,
      0.7875,
      0.235,
      0.865,
      0.315,
      0.9425,
      0.3925,
      1.0225,
      0.4725,
      1.1,
      0.55,
      0,
      0.63,
      0.0775,
      0.7075,
      0.1575,
      0.7875,
      0.235,
      0.865,
      0.315,
      0.9425,
      0.3925,
      1.0225,
      0.4725,
      1.1,
      0.55,
      0,
      0.63,
      0.0775,
      0.7075,
      0.1575,
      0.7875,
      0.235,
      0.865,
      0.315,
      0.9425,
      0.3925,
      1.0225,
      0.4725,
      1.1,
      0.55
    ],
    "SoftwareVersions": "syngo_MR_E11",
    "SpacingBetweenSlices": 2.4,
    "StationName": "MRC35177",
    "TaskName": "Stroop",
    "TotalReadoutTime": 0.0525111,
    "TxRefAmp": 250.257,
    "VendorReportedEchoSpacing": 0.00059,
    "WipMemBlock": "2875478b-2f6d-4828-b15b-2c2e15ca488b||Sequence: ve11c/master r/068cfa9; Jul 21 2016 14:39:26 by eja",
    "acq_id": "mb4AP",
    "dataset": "ds003465",
    "modality": "bold",
    "run_id": 1,
    "session_id": "wave1bas",
    "subject_id": "f1552xo",
    "task_id": "Stroop"
  },
  "dummy_trs": 1,
  "dvars_nstd": 35.73159892860593,
  "dvars_std": 1.2012618521375475,
  "dvars_vstd": 1.0086739492936805,
  "efc": 0.5517934899110386,
  "fber": 544.5986938476562,
  "fd_mean": 0.14929728548933408,
  "fd_num": 125,
  "fd_perc": 23.19109461966605,
  "fwhm_avg": 3.156597096790323,
  "fwhm_x": 2.9321790501523397,
  "fwhm_y": 3.164079040937462,
  "fwhm_z": 3.3735331992811677,
  "gcor": 0.0106243,
  "gsr_x": -0.01625003106892109,
  "gsr_y": 0.07912252098321915,
  "provenance": {
    "md5sum": "e88616adf0c6fc736eab307bd7f60c6c",
    "settings": {
      "fd_thres": 0.2,
      "testing": false
    },
    "software": "mriqc",
    "version": "22.0.6",
    "webapi_port": null,
    "webapi_url": "https://mriqc.nimh.nih.gov/api/v1"
  },
  "size_t": 539,
  "size_x": 90,
  "size_y": 90,
  "size_z": 60,
  "snr": 2.051024172175386,
  "spacing_tr": 1.2000000476837158,
  "spacing_x": 2.4000000953674316,
  "spacing_y": 2.4000000953674316,
  "spacing_z": 2.4000000953674316,
  "summary_bg_k": 34.507279762252416,
  "summary_bg_mad": 96.85052163368798,
  "summary_bg_mean": 465.4787902832031,
  "summary_bg_median": 188.8089141845703,
  "summary_bg_n": 292229.0,
  "summary_bg_p05": 114.56771850585938,
  "summary_bg_p95": 1848.9239013671872,
  "summary_bg_stdv": 736.7152099609375,
  "summary_fg_k": 2.0355541102564816,
  "summary_fg_mad": 1983.2323938000902,
  "summary_fg_mean": 5230.31103515625,
  "summary_fg_median": 4683.05029296875,
  "summary_fg_n": 104945.0,
  "summary_fg_p05": 2560.75224609375,
  "summary_fg_p95": 9671.920117187494,
  "summary_fg_stdv": 2283.26318359375,
  "tsnr": 53.56949450750835
}