{
  "aor": 0.00040032357473035435,
  "aqi": 0.0040863375038520805,
  "bids_meta": {
    "AcquisitionMatrixPE": 90,
    "AcquisitionNumber": 1,
    "AcquisitionTime": "20:51:39.562500",
    "BandwidthPerPixelPhaseEncode": 18.832,
    "BaseResolution": 90,
    "BodyPartExamined": "HEAD",
    "ConsistencyInfo": "N4_VE11C_LATEST_20160120",
    "ConversionSoftware": "dcm2niix",
    "ConversionSoftwareVersion": "v1.0.20190902",
    "DerivedVendorReportedEchoSpacing": 0.000590012,
    "DeviceSerialNumber": "67064",
    "DwellTime": 2.5e-06,
    "EchoTime": 0.033,
    "EchoTrainLength": 90,
    "EffectiveEchoSpacing": 0.000590012,
    "FlipAngle": 63,
    "ImageComments": "Unaliased_MB4_PE3_LB",
    "ImageOrientationPatientDICOM": [
      0.998756,
      0.0345227,
      0.0359912,
      -0.0162128,
      0.907235,
      -0.420312
    ],
    "ImageType": [
      "ORIGINAL",
      "PRIMARY",
      "M",
      "MB",
      "ND",
      "MOSAIC"
    ],
    "ImagingFrequency": 123.247,
    "InPlanePhaseEncodingDirectionDICOM": "COL",
    "InstitutionAddress": "Scott_Ave_4525_St._Louis_MO_US_63110",
    "InstitutionName": "washington_university",
    "InstitutionalDepartmentName": "Department",
    "MRAcquisitionType": "2D",
    "MagneticFieldStrength": 3,
    "Manufacturer": "Siemens",
    "ManufacturersModelName": "Prisma_fit",
    "Modality": "MR",
    "MultibandAccelerationFactor": 4,
    "PartialFourier": 1,
    "PatientPosition": "HFS",
    "PercentPhaseFOV": 100,
    "PhaseEncodingDirection": "j",
    "PhaseEncodingSteps": 90,
    "PhaseResolution": 1,
    "PixelBandwidth": 2220,
    "ProcedureStepDescription": "head_Braver",
    "ProtocolName": "tfMRI_CuedtsBas2_PA",
    "PulseSequenceDetails": "%CustomerSeq%_cmrr_mbep2d_bold",
    "ReceiveCoilActiveElements": "HEA;HEP",
    "ReceiveCoilName": "Head_32",
    "ReconMatrixPE": 90,
    "RepetitionTime": 1.2,
    "SAR": 0.0781929,
    "ScanOptions": "FS_EXT",
    "ScanningSequence": "EP",
    "SequenceName": "epfid2d1_90",
    "SequenceVariant": "SK_SS",
    "SeriesDescription": "tfMRI_CuedtsBas2_PA",
    "SeriesNumber": 36,
    "ShimSetting": [
      -1987,
      -11497,
      5773,
      510,
      122,
      165,
      -38,
      -2
    ],
    "SliceThickness": 2.4,
    "SliceTiming": [
      0,
      0.63,
      0.0775,
      0.7075,
      0.1575,
      0.7875,
      0.235,
      0.865,
      0.315,
      0.945,
      0.3925,
      1.0225,
      0.4725,
      1.1025,
      0.55,
      0,
      0.63,
      0.0775,
      0.7075,
      0.1575,
      0.7875,
      0.235,
      0.865,
      0.315,
      0.945,
      0.3925,
      1.0225,
      0.4725,
      1.1025,
      0.55,
      0,
      0.63,
      0.0775,
      0.7075,
      0.1575,
      0.7875,
      0.235,
      0.865,
      0.315,
      0.945,
      0.3925,
      1.0225,
      0.4725,
      1.1025,
      0.55,
      0,
      0.63,
      0.0775,
      0.7075,
      0.1575,
      0.7875,
      0.235,
      0.865,
      0.315,
      0.945,
      0.3925,
      1.0225,
      0.4725,
      1.1025,
      0.55
    ],
    "SoftwareVersions": "syngo_MR_E11",
    "SpacingBetweenSlices": 2.4,
    "StationName": "MRC35177",
    "TaskName": "Cuedts",
    "TotalReadoutTime": 0.0525111,
    "TxRefAmp": 250.257,
    "VendorReportedEchoSpacing": 0.00059,
    "WipMemBlock": "83572bbe-8706-451e-a899-5822598b5153||Sequence: ve11c/master r/068cfa9; Jul 21 2016 14:39:26 by eja",
    "acq_id": "mb4PA",
    "dataset": "ds003465",
    "modality": "bold",
    "run_id": 2,
    "session_id": "wave1bas",
    "subject_id": "f1552xo",
    "task_id": "Cuedts"
  },
  "dummy_trs": 1,
  "dvars_nstd": 32.33219824016976,
  "dvars_std": 1.1757728123765425,
  "dvars_vstd": 0.9956259741512347,
  "efc": 0.557167463928131,
  "fber": 536.7948608398438,
  "fd_mean": 0.09399715948669729,
  "fd_num": 1,
  "fd_perc": 0.15408320493066255,
  "fwhm_avg": 3.064169322685295,
  "fwhm_x": 2.8460540535746395,
  "fwhm_y": 3.0176623800888707,
  "fwhm_z": 3.328791534392375,
  "gcor": 0.0109786,
  "gsr_x": -0.015399957075715065,
  "gsr_y": 0.07766158878803253,
  "provenance": {
    "md5sum": "b3dfdefb418666741f07abab22ec6747",
    "settings": {
      "fd_thres": 0.2,
      "testing": false
    },
    "software": "mriqc",
    "version": "22.0.6",
    "webapi_port": null,
    "webapi_url": "https://mriqc.nimh.nih.gov/api/v1"
  },
  "size_t": 649,
  "size_x": 90,
  "size_y": 90,
  "size_z": 60,
  "snr": 2.0666749545199674,
  "spacing_tr": 1.2000000476837158,
  "spacing_x": 2.4000000953674316,
  "spacing_y": 2.4000000953674316,
  "spacing_z": 2.4000000953674316,
  "summary_bg_k": 42.25560997272476,
  "summary_bg_mad": 100.65247241249402,
  "summary_bg_mean": 498.06640625,
  "summary_bg_median": 190.95069885253906,
  "summary_bg_n": 292231.0,
  "summary_bg_p05": 114.85516357421875,
  "summary_bg_p95": 2107.9808349609375,
  "summary_bg_stdv": 796.135498046875,
  "summary_fg_k": 3.7743180790924944,
  "summary_fg_mad": 1962.6754045921828,
  "summary_fg_mean": 5119.826171875,
  "summary_fg_median": 4633.09423828125,
  "summary_fg_n": 104235.0,
  "summary_fg_p05": 2506.242114257813,
  "summary_fg_p95": 9281.16621093747,
  "summary_fg_stdv": 2241.800048828125,
  "tsnr": 54.072120887227356
}