{
  "aor": 0.003035481481481481,
  "aqi": 0.005823390500000001,
  "bids_meta": {
    "AcquisitionMatrixPE": 90,
    "AcquisitionNumber": 1,
    "AcquisitionTime": "20:39:40.005000",
    "BandwidthPerPixelPhaseEncode": 18.832,
    "BaseResolution": 90,
    "BodyPartExamined": "HEAD",
    "ConsistencyInfo": "N4_VE11C_LATEST_20160120",
    "ConversionSoftware": "dcm2niix",
    "ConversionSoftwareVersion": "v1.0.20190902",
    "DerivedVendorReportedEchoSpacing": 0.000590012,
    "DeviceSerialNumber": "67064",
    "DwellTime": 2.5e-06,
    "EchoTime": 0.033,
    "EchoTrainLength": 90,
    "EffectiveEchoSpacing": 0.000590012,
    "FlipAngle": 63,
    "ImageComments": "Unaliased_MB4_PE3_LB",
    "ImageOrientationPatientDICOM": [
      0.999926,
      0.0051817,
      0.0110068,
      -0.000872614,
      0.932974,
      -0.359943
    ],
    "ImageType": [
      "ORIGINAL",
      "PRIMARY",
      "M",
      "MB",
      "ND",
      "MOSAIC"
    ],
    "ImagingFrequency": 123.247,
    "InPlanePhaseEncodingDirectionDICOM": "COL",
    "InstitutionAddress": "Scott_Ave_4525_St._Louis_MO_US_63110",
    "InstitutionName": "Washington_University",
    "InstitutionalDepartmentName": "Department",
    "MRAcquisitionType": "2D",
    "MagneticFieldStrength": 3,
    "Manufacturer": "Siemens",
    "ManufacturersModelName": "Prisma_fit",
    "Modality": "MR",
    "MultibandAccelerationFactor": 4,
    "PartialFourier": 1,
    "PatientPosition": "HFS",
    "PercentPhaseFOV": 100,
    "PhaseEncodingDirection": "j",
    "PhaseEncodingSteps": 90,
    "PhaseResolution": 1,
    "PixelBandwidth": 2220,
    "ProcedureStepDescription": "head_Braver",
    "ProtocolName": "tfMRI_StroopBas2_PA",
    "PulseSequenceDetails": "%CustomerSeq%_cmrr_mbep2d_bold",
    "ReceiveCoilActiveElements": "HEA;HEP",
    "ReceiveCoilName": "Head_32",
    "ReconMatrixPE": 90,
    "RepetitionTime": 1.2,
    "SAR": 0.0648436,
    "ScanOptions": "FS_EXT",
    "ScanningSequence": "EP",
    "SequenceName": "epfid2d1_90",
    "SequenceVariant": "SK_SS",
    "SeriesDescription": "tfMRI_StroopBas2_PA",
    "SeriesNumber": 49,
    "ShimSetting": [
      -2005,
      -11466,
      5831,
      620,
      24,
      189,
      81,
      26
    ],
    "SliceThickness": 2.4,
    "SliceTiming": [
      0,
      0.63,
      0.0775,
      0.7075,
      0.1575,
      0.7875,
      0.235,
      0.865,
      0.315,
      0.945,
      0.3925,
      1.0225,
      0.4725,
      1.1,
      0.55,
      0,
      0.63,
      0.0775,
      0.7075,
      0.1575,
      0.7875,
      0.235,
      0.865,
      0.315,
      0.945,
      0.3925,
      1.0225,
      0.4725,
      1.1,
      0.55,
      0,
      0.63,
      0.0775,
      0.7075,
      0.1575,
      0.7875,
      0.235,
      0.865,
      0.315,
      0.945,
      0.3925,
      1.0225,
      0.4725,
      1.1,
      0.55,
      0,
      0.63,
      0.0775,
      0.7075,
      0.1575,
      0.7875,
      0.235,
      0.865,
      0.315,
      0.945,
      0.3925,
      1.0225,
      0.4725,
      1.1,
      0.55
    ],
    "SoftwareVersions": "syngo_MR_E11",
    "SpacingBetweenSlices": 2.4,
    "StationName": "MRC35177",
    "TaskName": "Stroop",
    "TotalReadoutTime": 0.0525111,
    "TxRefAmp": 241.215,
    "VendorReportedEchoSpacing": 0.00059,
    "WipMemBlock": "de1efa40-5119-415b-b455-a637efcd9edb||Sequence: R016 ve11c/master r/e634e98; Dec 19 2017 11:00:25 by eja",
    "acq_id": "mb4PA",
    "dataset": "ds003465",
    "modality": "bold",
    "run_id": 2,
    "session_id": "wave1bas",
    "subject_id": "f5635rv",
    "task_id": "Stroop"
  },
  "dummy_trs": 0,
  "dvars_nstd": 30.667474424749532,
  "dvars_std": 1.1140910558627097,
  "dvars_vstd": 0.9956009348608548,
  "efc": 0.523023351802313,
  "fber": 876.7009887695312,
  "fd_mean": 0.15992637600635712,
  "fd_num": 144,
  "fd_perc": 26.666666666666668,
  "fwhm_avg": 3.118969320507739,
  "fwhm_x": 2.909629051048396,
  "fwhm_y": 3.2104873724266936,
  "fwhm_z": 3.2367915380481267,
  "gcor": 0.0156308,
  "gsr_x": -0.020704641938209534,
  "gsr_y": 0.06616183370351791,
  "provenance": {
    "md5sum": "c0b22a3c4948c8f51e528d19f5efc881",
    "settings": {
      "fd_thres": 0.2,
      "testing": false
    },
    "software": "mriqc",
    "version": "22.0.6",
    "webapi_port": null,
    "webapi_url": "https://mriqc.nimh.nih.gov/api/v1"
  },
  "size_t": 540,
  "size_x": 90,
  "size_y": 90,
  "size_z": 60,
  "snr": 2.363514225342614,
  "spacing_tr": 1.2000000476837158,
  "spacing_x": 2.4000000953674316,
  "spacing_y": 2.4000000953674316,
  "spacing_z": 2.4000000953674316,
  "summary_bg_k": 16.205277717620998,
  "summary_bg_mad": 75.26951525322418,
  "summary_bg_mean": 452.025634765625,
  "summary_bg_median": 166.09259033203125,
  "summary_bg_n": 319242.0,
  "summary_bg_p05": 110.35926055908203,
  "summary_bg_p95": 1986.81918334961,
  "summary_bg_stdv": 699.0020141601562,
  "summary_fg_k": 0.8191046608852526,
  "summary_fg_mad": 2110.7535588363203,
  "summary_fg_mean": 5420.02490234375,
  "summary_fg_median": 5054.7314453125,
  "summary_fg_n": 88613.0,
  "summary_fg_p05": 2673.614111328125,
  "summary_fg_p95": 9419.685351562499,
  "summary_fg_stdv": 2138.638671875,
  "tsnr": 45.21285758167505
}