{
  "aor": 0.001845351851851852,
  "aqi": 0.01024647637037037,
  "bids_meta": {
    "AcquisitionMatrixPE": 90,
    "AcquisitionNumber": 1,
    "AcquisitionTime": "20:28:12.347500",
    "BandwidthPerPixelPhaseEncode": 18.832,
    "BaseResolution": 90,
    "BodyPartExamined": "HEAD",
    "ConsistencyInfo": "N4_VE11C_LATEST_20160120",
    "ConversionSoftware": "dcm2niix",
    "ConversionSoftwareVersion": "v1.0.20190902",
    "DerivedVendorReportedEchoSpacing": 0.000590012,
    "DeviceSerialNumber": "67064",
    "DwellTime": 2.5e-06,
    "EchoTime": 0.033,
    "EchoTrainLength": 90,
    "EffectiveEchoSpacing": 0.000590012,
    "FlipAngle": 63,
    "ImageComments": "Unaliased_MB4_PE3_LB",
    "ImageOrientationPatientDICOM": [
      0.999926,
      0.0051817,
      0.0110068,
      -0.000872614,
      0.932974,
      -0.359943
    ],
    "ImageType": [
      "ORIGINAL",
      "PRIMARY",
      "M",
      "MB",
      "ND",
      "MOSAIC"
    ],
    "ImagingFrequency": 123.247,
    "InPlanePhaseEncodingDirectionDICOM": "COL",
    "InstitutionAddress": "Scott_Ave_4525_St._Louis_MO_US_63110",
    "InstitutionName": "Washington_University",
    "InstitutionalDepartmentName": "Department",
    "MRAcquisitionType": "2D",
    "MagneticFieldStrength": 3,
    "Manufacturer": "Siemens",
    "ManufacturersModelName": "Prisma_fit",
    "Modality": "MR",
    "MultibandAccelerationFactor": 4,
    "PartialFourier": 1,
    "PatientPosition": "HFS",
    "PercentPhaseFOV": 100,
    "PhaseEncodingDirection": "j-",
    "PhaseEncodingSteps": 90,
    "PhaseResolution": 1,
    "PixelBandwidth": 2220,
    "ProcedureStepDescription": "head_Braver",
    "ProtocolName": "tfMRI_StroopBas1_AP",
    "PulseSequenceDetails": "%CustomerSeq%_cmrr_mbep2d_bold",
    "ReceiveCoilActiveElements": "HEA;HEP",
    "ReceiveCoilName": "Head_32",
    "ReconMatrixPE": 90,
    "RepetitionTime": 1.2,
    "SAR": 0.0648436,
    "ScanOptions": "FS_EXT",
    "ScanningSequence": "EP",
    "SequenceName": "epfid2d1_90",
    "SequenceVariant": "SK_SS",
    "SeriesDescription": "tfMRI_StroopBas1_AP",
    "SeriesNumber": 46,
    "ShimSetting": [
      -2005,
      -11466,
      5831,
      620,
      24,
      189,
      81,
      26
    ],
    "SliceThickness": 2.4,
    "SliceTiming": [
      0,
      0.63,
      0.08,
      0.71,
      0.1575,
      0.7875,
      0.2375,
      0.8675,
      0.315,
      0.945,
      0.395,
      1.025,
      0.4725,
      1.1025,
      0.5525,
      0,
      0.63,
      0.08,
      0.71,
      0.1575,
      0.7875,
      0.2375,
      0.8675,
      0.315,
      0.945,
      0.395,
      1.025,
      0.4725,
      1.1025,
      0.5525,
      0,
      0.63,
      0.08,
      0.71,
      0.1575,
      0.7875,
      0.2375,
      0.8675,
      0.315,
      0.945,
      0.395,
      1.025,
      0.4725,
      1.1025,
      0.5525,
      0,
      0.63,
      0.08,
      0.71,
      0.1575,
      0.7875,
      0.2375,
      0.8675,
      0.315,
      0.945,
      0.395,
      1.025,
      0.4725,
      1.1025,
      0.5525
    ],
    "SoftwareVersions": "syngo_MR_E11",
    "SpacingBetweenSlices": 2.4,
    "StationName": "MRC35177",
    "TaskName": "Stroop",
    "TotalReadoutTime": 0.0525111,
    "TxRefAmp": 241.215,
    "VendorReportedEchoSpacing": 0.00059,
    "WipMemBlock": "ea6c1658-ad14-42fc-bc1a-187ca0218df5||Sequence: R016 ve11c/master r/e634e98; Dec 19 2017 11:00:25 by eja",
    "acq_id": "mb4AP",
    "dataset": "ds003465",
    "modality": "bold",
    "run_id": 1,
    "session_id": "wave1bas",
    "subject_id": "f5635rv",
    "task_id": "Stroop"
  },
  "dummy_trs": 0,
  "dvars_nstd": 28.818816218534327,
  "dvars_std": 1.0339979753803332,
  "dvars_vstd": 0.9445217546753241,
  "efc": 0.508685301343093,
  "fber": 930.0165405273438,
  "fd_mean": 0.17826837916976365,
  "fd_num": 172,
  "fd_perc": 31.85185185185185,
  "fwhm_avg": 3.0841234885590545,
  "fwhm_x": 2.9132998842358635,
  "fwhm_y": 3.1973248729497246,
  "fwhm_z": 3.1417457084915754,
  "gcor": 0.0317541,
  "gsr_x": -0.011609084904193878,
  "gsr_y": 0.06567955017089844,
  "provenance": {
    "md5sum": "122bd76b360829c3e2be4eba5d1e7bc4",
    "settings": {
      "fd_thres": 0.2,
      "testing": false
    },
    "software": "mriqc",
    "version": "22.0.6",
    "webapi_port": null,
    "webapi_url": "https://mriqc.nimh.nih.gov/api/v1"
  },
  "size_t": 540,
  "size_x": 90,
  "size_y": 90,
  "size_z": 60,
  "snr": 2.4016294221933125,
  "spacing_tr": 1.2000000476837158,
  "spacing_x": 2.4000000953674316,
  "spacing_y": 2.4000000953674316,
  "spacing_z": 2.4000000953674316,
  "summary_bg_k": 18.53683390443466,
  "summary_bg_mad": 73.90770701887554,
  "summary_bg_mean": 412.8782653808594,
  "summary_bg_median": 164.3444366455078,
  "summary_bg_n": 323969.0,
  "summary_bg_p05": 106.82110748291016,
  "summary_bg_p95": 1717.2744140625,
  "summary_bg_stdv": 637.838623046875,
  "summary_fg_k": 0.8247715647838469,
  "summary_fg_mad": 2063.9744907423237,
  "summary_fg_mean": 5588.17236328125,
  "summary_fg_median": 5177.32568359375,
  "summary_fg_n": 84468.0,
  "summary_fg_p05": 2828.127685546875,
  "summary_fg_p95": 9654.619775390622,
  "summary_fg_stdv": 2155.74267578125,
  "tsnr": 36.489103430416435
}