{
  "aor": 0.0019580634390651084,
  "aqi": 0.004256632520868113,
  "bids_meta": {
    "AcquisitionMatrixPE": 90,
    "AcquisitionNumber": 1,
    "AcquisitionTime": "19:59:32.087500",
    "BandwidthPerPixelPhaseEncode": 18.832,
    "BaseResolution": 90,
    "BodyPartExamined": "HEAD",
    "ConsistencyInfo": "N4_VE11C_LATEST_20160120",
    "ConversionSoftware": "dcm2niix",
    "ConversionSoftwareVersion": "v1.0.20190902",
    "DerivedVendorReportedEchoSpacing": 0.000590012,
    "DeviceSerialNumber": "67064",
    "DwellTime": 2.5e-06,
    "EchoTime": 0.033,
    "EchoTrainLength": 90,
    "EffectiveEchoSpacing": 0.000590012,
    "FlipAngle": 63,
    "ImageComments": "Unaliased_MB4_PE3_LB",
    "ImageOrientationPatientDICOM": [
      0.999926,
      0.0051817,
      0.0110068,
      -0.000872614,
      0.932974,
      -0.359943
    ],
    "ImageType": [
      "ORIGINAL",
      "PRIMARY",
      "M",
      "MB",
      "ND",
      "MOSAIC"
    ],
    "ImagingFrequency": 123.247,
    "InPlanePhaseEncodingDirectionDICOM": "COL",
    "InstitutionAddress": "Scott_Ave_4525_St._Louis_MO_US_63110",
    "InstitutionName": "Washington_University",
    "InstitutionalDepartmentName": "Department",
    "MRAcquisitionType": "2D",
    "MagneticFieldStrength": 3,
    "Manufacturer": "Siemens",
    "ManufacturersModelName": "Prisma_fit",
    "Modality": "MR",
    "MultibandAccelerationFactor": 4,
    "PartialFourier": 1,
    "PatientPosition": "HFS",
    "PercentPhaseFOV": 100,
    "PhaseEncodingDirection": "j-",
    "PhaseEncodingSteps": 90,
    "PhaseResolution": 1,
    "PixelBandwidth": 2220,
    "ProcedureStepDescription": "head_Braver",
    "ProtocolName": "tfMRI_SternBas1_AP",
    "PulseSequenceDetails": "%CustomerSeq%_cmrr_mbep2d_bold",
    "ReceiveCoilActiveElements": "HEA;HEP",
    "ReceiveCoilName": "Head_32",
    "ReconMatrixPE": 90,
    "RepetitionTime": 1.2,
    "SAR": 0.0648718,
    "ScanOptions": "FS_EXT",
    "ScanningSequence": "EP",
    "SequenceName": "epfid2d1_90",
    "SequenceVariant": "SK_SS",
    "SeriesDescription": "tfMRI_SternBas1_AP",
    "SeriesNumber": 37,
    "ShimSetting": [
      -2005,
      -11466,
      5831,
      620,
      24,
      189,
      81,
      26
    ],
    "SliceThickness": 2.4,
    "SliceTiming": [
      0,
      0.63,
      0.08,
      0.71,
      0.1575,
      0.7875,
      0.2375,
      0.865,
      0.315,
      0.945,
      0.395,
      1.0225,
      0.4725,
      1.1025,
      0.5525,
      0,
      0.63,
      0.08,
      0.71,
      0.1575,
      0.7875,
      0.2375,
      0.865,
      0.315,
      0.945,
      0.395,
      1.0225,
      0.4725,
      1.1025,
      0.5525,
      0,
      0.63,
      0.08,
      0.71,
      0.1575,
      0.7875,
      0.2375,
      0.865,
      0.315,
      0.945,
      0.395,
      1.0225,
      0.4725,
      1.1025,
      0.5525,
      0,
      0.63,
      0.08,
      0.71,
      0.1575,
      0.7875,
      0.2375,
      0.865,
      0.315,
      0.945,
      0.395,
      1.0225,
      0.4725,
      1.1025,
      0.5525
    ],
    "SoftwareVersions": "syngo_MR_E11",
    "SpacingBetweenSlices": 2.4,
    "StationName": "MRC35177",
    "TaskName": "Stern",
    "TotalReadoutTime": 0.0525111,
    "TxRefAmp": 241.215,
    "VendorReportedEchoSpacing": 0.00059,
    "WipMemBlock": "bc2f08e0-57ce-4e71-b6d1-52dd07cfa947||Sequence: R016 ve11c/master r/e634e98; Dec 19 2017 11:00:25 by eja",
    "acq_id": "mb4AP",
    "dataset": "ds003465",
    "modality": "bold",
    "run_id": 1,
    "session_id": "wave1bas",
    "subject_id": "f5635rv",
    "task_id": "Stern"
  },
  "dummy_trs": 1,
  "dvars_nstd": 26.349650938043496,
  "dvars_std": 1.0853639813043474,
  "dvars_vstd": 0.988286729314381,
  "efc": 0.5096719429669945,
  "fber": 941.8238525390625,
  "fd_mean": 0.13424604410448548,
  "fd_num": 78,
  "fd_perc": 13.021702838063439,
  "fwhm_avg": 3.050863767658455,
  "fwhm_x": 2.89109155178501,
  "fwhm_y": 3.1669040408252065,
  "fwhm_z": 3.094595710365148,
  "gcor": 0.0252911,
  "gsr_x": -0.013419048860669136,
  "gsr_y": 0.06932132691144943,
  "provenance": {
    "md5sum": "fdb5361e6f1bf71b8637aacd6518c77b",
    "settings": {
      "fd_thres": 0.2,
      "testing": false
    },
    "software": "mriqc",
    "version": "22.0.6",
    "webapi_port": null,
    "webapi_url": "https://mriqc.nimh.nih.gov/api/v1"
  },
  "size_t": 599,
  "size_x": 90,
  "size_y": 90,
  "size_z": 60,
  "snr": 2.4052127961775094,
  "spacing_tr": 1.2000000476837158,
  "spacing_x": 2.4000000953674316,
  "spacing_y": 2.4000000953674316,
  "spacing_z": 2.4000000953674316,
  "summary_bg_k": 19.174079705397922,
  "summary_bg_mad": 68.60066704333522,
  "summary_bg_mean": 412.0914611816406,
  "summary_bg_median": 161.74456787109375,
  "summary_bg_n": 323113.0,
  "summary_bg_p05": 110.36560821533203,
  "summary_bg_p95": 1726.5771972656246,
  "summary_bg_stdv": 649.4285888671875,
  "summary_fg_k": 0.7197410020805712,
  "summary_fg_mad": 2043.6086182266458,
  "summary_fg_mean": 5562.4873046875,
  "summary_fg_median": 5147.89453125,
  "summary_fg_n": 84712.0,
  "summary_fg_p05": 2825.430554199219,
  "summary_fg_p95": 9620.203222656248,
  "summary_fg_stdv": 2140.294677734375,
  "tsnr": 50.331722154747695
}