{
  "bids_meta": {
    "AcquisitionMatrixPE": 300,
    "AcquisitionNumber": 1,
    "AcquisitionTime": "14:19:26.965000",
    "BaseResolution": 320,
    "BodyPartExamined": "HEAD",
    "ConsistencyInfo": "N4_VE11C_LATEST_20160120",
    "ConversionSoftware": "dcm2niix",
    "ConversionSoftwareVersion": "v1.0.20190902",
    "DeviceSerialNumber": "67064",
    "DwellTime": 7.1e-06,
    "EchoTime": 0.00222,
    "FlipAngle": 8,
    "ImageOrientationPatientDICOM": [
      -0.0126799,
      0.987718,
      -0.155733,
      0.0145477,
      -0.155547,
      -0.987721
    ],
    "ImageType": [
      "ORIGINAL",
      "PRIMARY",
      "M",
      "ND"
    ],
    "ImagingFrequency": 123.247,
    "InPlanePhaseEncodingDirectionDICOM": "ROW",
    "InstitutionAddress": "Scott_Ave_4525_St._Louis_MO_US_63110",
    "InstitutionName": "Washington_University",
    "InstitutionalDepartmentName": "Department",
    "InversionTime": 1,
    "MRAcquisitionType": "3D",
    "MagneticFieldStrength": 3,
    "Manufacturer": "Siemens",
    "ManufacturersModelName": "Prisma_fit",
    "Modality": "MR",
    "ParallelReductionFactorInPlane": 2,
    "PartialFourier": 1,
    "PatientPosition": "HFS",
    "PercentPhaseFOV": 93.75,
    "PhaseEncodingSteps": 299,
    "PhaseResolution": 1,
    "PixelBandwidth": 220,
    "ProcedureStepDescription": "head_Braver",
    "ProtocolName": "T1w_MPR",
    "PulseSequenceDetails": "%SiemensSeq%_tfl",
    "ReceiveCoilActiveElements": "HEA;HEP",
    "ReceiveCoilName": "Head_32",
    "ReconMatrixPE": 300,
    "RefLinesPE": 32,
    "RepetitionTime": 2.4,
    "SAR": 0.0385426,
    "ScanOptions": "IR_WE",
    "ScanningSequence": "GR_IR",
    "SequenceName": "_tfl3d1_16ns",
    "SequenceVariant": "SK_SP_MP",
    "SeriesDescription": "T1w_MPR",
    "SeriesNumber": 11,
    "ShimSetting": [
      -2006,
      -11502,
      5766,
      728,
      100,
      159,
      -118,
      26
    ],
    "SliceThickness": 0.8,
    "SoftwareVersions": "syngo_MR_E11",
    "StationName": "MRC35177",
    "TxRefAmp": 233.123,
    "dataset": "ds003465",
    "modality": "T1w",
    "session_id": "wave1bas",
    "subject_id": "f8194sp"
  },
  "cjv": 0.4690285569884415,
  "cnr": 2.8705652149662333,
  "efc": 0.5221814013874794,
  "fber": 12692.14498004621,
  "fwhm_avg": 4.94963754559458,
  "fwhm_x": 4.805662786439823,
  "fwhm_y": 4.851749927703293,
  "fwhm_z": 5.191499922640623,
  "icvs_csf": 0.156782288044147,
  "icvs_gm": 0.43754956173302995,
  "icvs_wm": 0.40566815022282304,
  "inu_med": 0.9324937462806702,
  "inu_range": 0.9484568595886231,
  "provenance": {
    "md5sum": "15723765aebfc6e6c3d85507ff6974ea",
    "settings": {
      "testing": false
    },
    "software": "mriqc",
    "version": "22.0.6",
    "warnings": {
      "large_rot_frame": true,
      "small_air_mask": false
    },
    "webapi_port": null,
    "webapi_url": "https://mriqc.nimh.nih.gov/api/v1"
  },
  "qi_1": 6.173201514903652e-06,
  "qi_2": 0.00188182308078665,
  "rpve_csf": 30.495538999758782,
  "rpve_gm": 11.913916786226686,
  "rpve_wm": 14.320668235512061,
  "size_x": 208,
  "size_y": 300,
  "size_z": 320,
  "snr_csf": 2.4941725234275363,
  "snr_gm": 13.050830055562175,
  "snr_total": 10.420576261598347,
  "snr_wm": 15.716726205805331,
  "snrd_csf": 17.572785929665844,
  "snrd_gm": 42.7052702682236,
  "snrd_total": 39.03595940482464,
  "snrd_wm": 56.829822016584465,
  "spacing_x": 0.7999999523162842,
  "spacing_y": 0.800000011920929,
  "spacing_z": 0.800000011920929,
  "summary_bg_k": 60.245396355317524,
  "summary_bg_mad": 0.0,
  "summary_bg_mean": 7.879562785316803,
  "summary_bg_median": 0.0,
  "summary_bg_n": 6777650.0,
  "summary_bg_p05": 0.0,
  "summary_bg_p95": 30.761622935533524,
  "summary_bg_stdv": 11.52917947265777,
  "summary_csf_k": 4.1269193088877465,
  "summary_csf_mad": 92.90094255349267,
  "summary_csf_mean": 310.04062544873284,
  "summary_csf_median": 309.248276874423,
  "summary_csf_n": 41902.0,
  "summary_csf_p05": 88.27893398702145,
  "summary_csf_p95": 515.2324561774731,
  "summary_csf_stdv": 123.9868468641498,
  "summary_gm_k": 0.1634086265611372,
  "summary_gm_mad": 56.532459912188514,
  "summary_gm_mean": 751.6304716431545,
  "summary_gm_median": 751.5331545472145,
  "summary_gm_n": 76531.0,
  "summary_gm_p05": 656.8249424546957,
  "summary_gm_p95": 845.895174741745,
  "summary_gm_stdv": 57.58470850818768,
  "summary_wm_k": 0.3922545559761179,
  "summary_wm_mad": 60.05199049037924,
  "summary_wm_mean": 1007.869812294529,
  "summary_wm_median": 1000.0989373028278,
  "summary_wm_n": 437546.0,
  "summary_wm_p05": 916.567777916789,
  "summary_wm_p95": 1126.0633321851492,
  "summary_wm_stdv": 63.63270450577133,
  "tpm_overlap_csf": 0.14292584553709503,
  "tpm_overlap_gm": 0.4535736483346771,
  "tpm_overlap_wm": 0.48629185693374044,
  "wm2max": 0.5184729379791299
}