{
  "aor": 0.0011643333333333332,
  "aqi": 0.004094221566666666,
  "bids_meta": {
    "AcquisitionMatrixPE": 90,
    "AcquisitionNumber": 1,
    "AcquisitionTime": "18:00:33.262500",
    "BandwidthPerPixelPhaseEncode": 18.832,
    "BaseResolution": 90,
    "BodyPartExamined": "HEAD",
    "ConsistencyInfo": "N4_VE11B_LATEST_20150530",
    "ConversionSoftware": "dcm2niix",
    "ConversionSoftwareVersion": "v1.0.20190902",
    "DerivedVendorReportedEchoSpacing": 0.000590012,
    "DeviceSerialNumber": "67064",
    "DwellTime": 2.5e-06,
    "EchoTime": 0.033,
    "EchoTrainLength": 90,
    "EffectiveEchoSpacing": 0.000590012,
    "FlipAngle": 63,
    "ImageComments": "Unaliased_MB4_PE3_LB",
    "ImageOrientationPatientDICOM": [
      0.999164,
      0.0269293,
      0.0307533,
      -0.00505725,
      0.827987,
      -0.560724
    ],
    "ImageType": [
      "ORIGINAL",
      "PRIMARY",
      "M",
      "MB",
      "ND",
      "MOSAIC"
    ],
    "ImagingFrequency": 123.247,
    "InPlanePhaseEncodingDirectionDICOM": "COL",
    "InstitutionAddress": "Scott_Ave_4525_St._Louis_MO_US_63110",
    "InstitutionName": "Washington_University",
    "InstitutionalDepartmentName": "Department",
    "MRAcquisitionType": "2D",
    "MagneticFieldStrength": 3,
    "Manufacturer": "Siemens",
    "ManufacturersModelName": "Prisma_fit",
    "Modality": "MR",
    "MultibandAccelerationFactor": 4,
    "PartialFourier": 1,
    "PatientPosition": "HFS",
    "PercentPhaseFOV": 100,
    "PhaseEncodingDirection": "j",
    "PhaseEncodingSteps": 90,
    "PhaseResolution": 1,
    "PixelBandwidth": 2220,
    "ProcedureStepDescription": "head_Braver",
    "ProtocolName": "tfMRI_SternBas2_PA",
    "PulseSequenceDetails": "%CustomerSeq%_cmrr_mbep2d_bold",
    "ReceiveCoilActiveElements": "HEA;HEP",
    "ReceiveCoilName": "Head_32",
    "ReconMatrixPE": 90,
    "RepetitionTime": 1.2,
    "SAR": 0.0677083,
    "ScanOptions": "FS_EXT",
    "ScanningSequence": "EP",
    "SequenceName": "epfid2d1_90",
    "SequenceVariant": "SK_SS",
    "SeriesDescription": "tfMRI_SternBas2_PA",
    "SeriesNumber": 38,
    "ShimSetting": [
      -1985,
      -11443,
      5749,
      646,
      126,
      277,
      -20,
      4
    ],
    "SliceThickness": 2.4,
    "SliceTiming": [
      0,
      0.63,
      0.08,
      0.7075,
      0.1575,
      0.7875,
      0.2375,
      0.865,
      0.315,
      0.945,
      0.395,
      1.0225,
      0.4725,
      1.1025,
      0.55,
      0,
      0.63,
      0.08,
      0.7075,
      0.1575,
      0.7875,
      0.2375,
      0.865,
      0.315,
      0.945,
      0.395,
      1.0225,
      0.4725,
      1.1025,
      0.55,
      0,
      0.63,
      0.08,
      0.7075,
      0.1575,
      0.7875,
      0.2375,
      0.865,
      0.315,
      0.945,
      0.395,
      1.0225,
      0.4725,
      1.1025,
      0.55,
      0,
      0.63,
      0.08,
      0.7075,
      0.1575,
      0.7875,
      0.2375,
      0.865,
      0.315,
      0.945,
      0.395,
      1.0225,
      0.4725,
      1.1025,
      0.55
    ],
    "SoftwareVersions": "syngo_MR_E11",
    "SpacingBetweenSlices": 2.4,
    "StationName": "MRC35177",
    "TaskName": "Stern",
    "TotalReadoutTime": 0.0525111,
    "TxRefAmp": 249.519,
    "VendorReportedEchoSpacing": 0.00059,
    "WipMemBlock": "f3b6afdd-a48d-4308-88dd-17b1d7f83807||Sequence: ve11b/master r/93e61f0; Jul 21 2016 00:18:29 by eja",
    "acq_id": "mb4PA",
    "dataset": "ds003465",
    "modality": "bold",
    "run_id": 2,
    "session_id": "wave1bas",
    "subject_id": "f6318if",
    "task_id": "Stern"
  },
  "dummy_trs": 0,
  "dvars_nstd": 28.4971544556594,
  "dvars_std": 1.1304301081469117,
  "dvars_vstd": 1.0131353947412354,
  "efc": 0.5662791755495468,
  "fber": 476.0731506347656,
  "fd_mean": 0.1334097008922256,
  "fd_num": 45,
  "fd_perc": 7.5,
  "fwhm_avg": 2.8321444314668365,
  "fwhm_x": 2.5838290639945245,
  "fwhm_y": 2.9059415511949243,
  "fwhm_z": 3.0066626792110607,
  "gcor": 0.0112437,
  "gsr_x": -0.013943598605692387,
  "gsr_y": 0.10060300678014755,
  "provenance": {
    "md5sum": "206681f08db7a52ef714743da667a7ba",
    "settings": {
      "fd_thres": 0.2,
      "testing": false
    },
    "software": "mriqc",
    "version": "22.0.6",
    "webapi_port": null,
    "webapi_url": "https://mriqc.nimh.nih.gov/api/v1"
  },
  "size_t": 600,
  "size_x": 90,
  "size_y": 90,
  "size_z": 60,
  "snr": 2.3734675629547004,
  "spacing_tr": 1.2000000476837158,
  "spacing_x": 2.4000000953674316,
  "spacing_y": 2.4000000953674316,
  "spacing_z": 2.3999998569488525,
  "summary_bg_k": 16.2594031052564,
  "summary_bg_mad": 103.38555648721615,
  "summary_bg_mean": 480.25347900390625,
  "summary_bg_median": 182.475830078125,
  "summary_bg_n": 302658.0,
  "summary_bg_p05": 106.49308891296387,
  "summary_bg_p95": 2036.7573974609343,
  "summary_bg_stdv": 733.6881713867188,
  "summary_fg_k": 1.3982247918897608,
  "summary_fg_mad": 1608.6901893318286,
  "summary_fg_mean": 4475.47607421875,
  "summary_fg_median": 4127.44091796875,
  "summary_fg_n": 99176.0,
  "summary_fg_p05": 2309.3326416015625,
  "summary_fg_p95": 7714.4393310546875,
  "summary_fg_stdv": 1738.983154296875,
  "tsnr": 53.12642664089799
}