{
  "bids_meta": {
    "AcquisitionMatrixPE": 300,
    "AcquisitionNumber": 1,
    "AcquisitionTime": "07:32:43.915000",
    "BaseResolution": 320,
    "BodyPartExamined": "HEAD",
    "ConsistencyInfo": "N4_VE11C_LATEST_20160120",
    "ConversionSoftware": "dcm2niix",
    "ConversionSoftwareVersion": "v1.0.20190902",
    "DeviceSerialNumber": "67064",
    "DwellTime": 2.1e-06,
    "EchoTime": 0.563,
    "EchoTrainLength": 314,
    "FlipAngle": 120,
    "ImageOrientationPatientDICOM": [
      -0.0185037,
      0.993735,
      -0.11022,
      -0.023129,
      -0.110635,
      -0.993592
    ],
    "ImageType": [
      "ORIGINAL",
      "PRIMARY",
      "M",
      "ND"
    ],
    "ImagingFrequency": 123.247,
    "InPlanePhaseEncodingDirectionDICOM": "ROW",
    "InstitutionAddress": "Scott_Ave_4525_St._Louis_MO_US_63110",
    "InstitutionName": "Washington_University",
    "InstitutionalDepartmentName": "Department",
    "MRAcquisitionType": "3D",
    "MagneticFieldStrength": 3,
    "Manufacturer": "Siemens",
    "ManufacturersModelName": "Prisma_fit",
    "Modality": "MR",
    "ParallelReductionFactorInPlane": 2,
    "PartialFourier": 1,
    "PatientPosition": "HFS",
    "PercentPhaseFOV": 93.75,
    "PhaseEncodingSteps": 297,
    "PhaseResolution": 1,
    "PixelBandwidth": 745,
    "ProcedureStepDescription": "head_Braver",
    "ProtocolName": "T2w_SPC",
    "PulseSequenceDetails": "%SiemensSeq%_tse_vfl",
    "ReceiveCoilActiveElements": "HEA;HEP",
    "ReceiveCoilName": "Head_32",
    "ReconMatrixPE": 300,
    "RefLinesPE": 32,
    "RepetitionTime": 3.2,
    "SAR": 0.146712,
    "ScanOptions": "PFP",
    "ScanningSequence": "SE",
    "SequenceName": "_spc_314ns",
    "SequenceVariant": "SK_SP",
    "SeriesDescription": "T2w_SPC",
    "SeriesNumber": 13,
    "ShimSetting": [
      -2007,
      -11501,
      5857,
      519,
      82,
      72,
      -84,
      -15
    ],
    "SliceThickness": 0.8,
    "SoftwareVersions": "syngo_MR_E11",
    "StationName": "MRC35177",
    "TxRefAmp": 239.225,
    "dataset": "ds003465",
    "modality": "T2w",
    "session_id": "wave1rea",
    "subject_id": "f3387yq"
  },
  "cjv": 0.360251242498045,
  "cnr": 1.470165266803721,
  "efc": 0.5172186149692198,
  "fber": 6813.838320782138,
  "fwhm_avg": 3.4841541973750463,
  "fwhm_x": 3.326975198303175,
  "fwhm_y": 3.724824944495783,
  "fwhm_z": 3.400662449326181,
  "icvs_csf": 0.3969283472495091,
  "icvs_gm": 0.4608961254880752,
  "icvs_wm": 0.1421755272624157,
  "inu_med": 0.9725563526153564,
  "inu_range": 0.8432490646839144,
  "provenance": {
    "md5sum": "ed63fbdce74c5cad72ddcc39eedad377",
    "settings": {
      "testing": false
    },
    "software": "mriqc",
    "version": "22.0.6",
    "warnings": {
      "large_rot_frame": true,
      "small_air_mask": false
    },
    "webapi_port": null,
    "webapi_url": "https://mriqc.nimh.nih.gov/api/v1"
  },
  "qi_1": 0.0,
  "qi_2": 0.0018687864184914027,
  "rpve_csf": 12.209877056118144,
  "rpve_gm": 11.679441778522895,
  "rpve_wm": 37.583385235598534,
  "size_x": 208,
  "size_y": 300,
  "size_z": 320,
  "snr_csf": 10.207357491306455,
  "snr_gm": 9.704703366752833,
  "snr_total": 7.382401328394599,
  "snr_wm": 2.235143127124509,
  "snrd_csf": 54.70313511584158,
  "snrd_gm": 31.805590165049797,
  "snrd_total": 60.00365348200921,
  "snrd_wm": 93.50223516513624,
  "spacing_x": 0.7999999523162842,
  "spacing_y": 0.800000011920929,
  "spacing_z": 0.800000011920929,
  "summary_bg_k": 13.284958378241953,
  "summary_bg_mad": 0.0,
  "summary_bg_mean": 4.854297858077886,
  "summary_bg_median": 0.0,
  "summary_bg_n": 7070634.0,
  "summary_bg_p05": 0.0,
  "summary_bg_p95": 18.56566946953535,
  "summary_bg_stdv": 7.0064531038740405,
  "summary_csf_k": 1.2428196366663196,
  "summary_csf_mad": 51.23675724982572,
  "summary_csf_mean": 587.1690561848224,
  "summary_csf_median": 585.0307673700154,
  "summary_csf_n": 147868.0,
  "summary_csf_p05": 498.14343425258994,
  "summary_csf_p95": 684.0825923477298,
  "summary_csf_stdv": 57.31442144994755,
  "summary_gm_k": 0.7566637133012772,
  "summary_gm_mad": 33.0306032922898,
  "summary_gm_mean": 340.91597372903556,
  "summary_gm_median": 340.1495870668441,
  "summary_gm_n": 501328.0,
  "summary_gm_p05": 285.4073845166713,
  "summary_gm_p95": 399.214938364923,
  "summary_gm_stdv": 35.049937639870905,
  "summary_wm_k": -1.0084846220552077,
  "summary_wm_mad": 204.67177397186714,
  "summary_wm_mean": 791.9877518511246,
  "summary_wm_median": 999.9734800141305,
  "summary_wm_n": 74149.0,
  "summary_wm_p05": 32.171652952209115,
  "summary_wm_p95": 1335.7521780401464,
  "summary_wm_stdv": 447.3837602862589,
  "tpm_overlap_csf": 0.11859532044720952,
  "tpm_overlap_gm": 0.29277296468874286,
  "tpm_overlap_wm": 0.022371415019758437,
  "wm2max": 0.7776059068597121
}