{
  "aor": 0.0005227093596059113,
  "aqi": 0.004420519523809524,
  "bids_meta": {
    "AcquisitionMatrixPE": 90,
    "AcquisitionNumber": 1,
    "AcquisitionTime": "18:29:43.382500",
    "BandwidthPerPixelPhaseEncode": 18.832,
    "BaseResolution": 90,
    "BodyPartExamined": "HEAD",
    "ConsistencyInfo": "N4_VE11C_LATEST_20160120",
    "ConversionSoftware": "dcm2niix",
    "ConversionSoftwareVersion": "v1.0.20190902",
    "DerivedVendorReportedEchoSpacing": 0.000590012,
    "DeviceSerialNumber": "67064",
    "DwellTime": 2.5e-06,
    "EchoTime": 0.033,
    "EchoTrainLength": 90,
    "EffectiveEchoSpacing": 0.000590012,
    "FlipAngle": 63,
    "ImageComments": "Unaliased_MB4_PE3_LB",
    "ImageOrientationPatientDICOM": [
      0.998885,
      0.0134567,
      -0.0452602,
      -0.0320892,
      0.896628,
      -0.44162
    ],
    "ImageType": [
      "ORIGINAL",
      "PRIMARY",
      "M",
      "MB",
      "ND",
      "MOSAIC"
    ],
    "ImagingFrequency": 123.247,
    "InPlanePhaseEncodingDirectionDICOM": "COL",
    "InstitutionAddress": "Scott_Ave_4525_St._Louis_MO_US_63110",
    "InstitutionName": "Washington_University",
    "InstitutionalDepartmentName": "Department",
    "MRAcquisitionType": "2D",
    "MagneticFieldStrength": 3,
    "Manufacturer": "Siemens",
    "ManufacturersModelName": "Prisma_fit",
    "Modality": "MR",
    "MultibandAccelerationFactor": 4,
    "PartialFourier": 1,
    "PatientPosition": "HFS",
    "PercentPhaseFOV": 100,
    "PhaseEncodingDirection": "j",
    "PhaseEncodingSteps": 90,
    "PhaseResolution": 1,
    "PixelBandwidth": 2220,
    "ProcedureStepDescription": "head_Braver",
    "ProtocolName": "tfMRI_AxcptBas2_PA",
    "PulseSequenceDetails": "%CustomerSeq%_cmrr_mbep2d_bold",
    "ReceiveCoilActiveElements": "HEA;HEP",
    "ReceiveCoilName": "Head_32",
    "ReconMatrixPE": 90,
    "RepetitionTime": 1.2,
    "SAR": 0.0817155,
    "ScanOptions": "FS_EXT",
    "ScanningSequence": "EP",
    "SequenceName": "epfid2d1_90",
    "SequenceVariant": "SK_SS",
    "SeriesDescription": "tfMRI_AxcptBas2_PA",
    "SeriesNumber": 31,
    "ShimSetting": [
      -2005,
      -11472,
      5823,
      446,
      -13,
      194,
      -42,
      -31
    ],
    "SliceThickness": 2.4,
    "SliceTiming": [
      0,
      0.63,
      0.08,
      0.71,
      0.1575,
      0.7875,
      0.2375,
      0.8675,
      0.315,
      0.945,
      0.395,
      1.0225,
      0.4725,
      1.1025,
      0.5525,
      0,
      0.63,
      0.08,
      0.71,
      0.1575,
      0.7875,
      0.2375,
      0.8675,
      0.315,
      0.945,
      0.395,
      1.0225,
      0.4725,
      1.1025,
      0.5525,
      0,
      0.63,
      0.08,
      0.71,
      0.1575,
      0.7875,
      0.2375,
      0.8675,
      0.315,
      0.945,
      0.395,
      1.0225,
      0.4725,
      1.1025,
      0.5525,
      0,
      0.63,
      0.08,
      0.71,
      0.1575,
      0.7875,
      0.2375,
      0.8675,
      0.315,
      0.945,
      0.395,
      1.0225,
      0.4725,
      1.1025,
      0.5525
    ],
    "SoftwareVersions": "syngo_MR_E11",
    "SpacingBetweenSlices": 2.4,
    "StationName": "MRC35177",
    "TaskName": "Axcpt",
    "TotalReadoutTime": 0.0525111,
    "TxRefAmp": 251.675,
    "VendorReportedEchoSpacing": 0.00059,
    "WipMemBlock": "01a9af30-33f2-4a68-b96f-b302681d9292||Sequence: R016 ve11c/master r/e634e98; Dec 19 2017 11:00:25 by eja",
    "acq_id": "mb4PA",
    "dataset": "ds003465",
    "modality": "bold",
    "run_id": 2,
    "session_id": "wave1bas",
    "subject_id": "f3300jh",
    "task_id": "Axcpt"
  },
  "dummy_trs": 1,
  "dvars_nstd": 30.83846511034544,
  "dvars_std": 1.0601264224835525,
  "dvars_vstd": 0.978658044424341,
  "efc": 0.530377027988047,
  "fber": 643.8427124023438,
  "fd_mean": 0.14234033361835383,
  "fd_num": 56,
  "fd_perc": 9.195402298850574,
  "fwhm_avg": 2.74737776466065,
  "fwhm_x": 2.556120731762221,
  "fwhm_y": 2.785283222656122,
  "fwhm_z": 2.9007293395636085,
  "gcor": 0.00841972,
  "gsr_x": -0.003385088639333844,
  "gsr_y": 0.08066499978303909,
  "provenance": {
    "md5sum": "5131245a76f49196abe8abec4e5756e9",
    "settings": {
      "fd_thres": 0.2,
      "testing": false
    },
    "software": "mriqc",
    "version": "22.0.6",
    "webapi_port": null,
    "webapi_url": "https://mriqc.nimh.nih.gov/api/v1"
  },
  "size_t": 609,
  "size_x": 90,
  "size_y": 90,
  "size_z": 60,
  "snr": 2.5650262344949097,
  "spacing_tr": 1.2000000476837158,
  "spacing_x": 2.4000000953674316,
  "spacing_y": 2.4000000953674316,
  "spacing_z": 2.3999998569488525,
  "summary_bg_k": 17.082990910959207,
  "summary_bg_mad": 64.173062471881,
  "summary_bg_mean": 379.7945251464844,
  "summary_bg_median": 149.9950714111328,
  "summary_bg_n": 327331.0,
  "summary_bg_p05": 103.60755157470703,
  "summary_bg_p95": 1591.6953735351562,
  "summary_bg_stdv": 586.8724975585938,
  "summary_fg_k": 0.9484867728613366,
  "summary_fg_mad": 1420.4690235788935,
  "summary_fg_mean": 4111.54833984375,
  "summary_fg_median": 3844.09521484375,
  "summary_fg_n": 84835.0,
  "summary_fg_p05": 2170.983251953125,
  "summary_fg_p95": 6906.630224609376,
  "summary_fg_stdv": 1498.6484375,
  "tsnr": 47.140582288848236
}