{
  "aor": 0.0011831539888682747,
  "aqi": 0.004546564248608534,
  "bids_meta": {
    "AcquisitionMatrixPE": 90,
    "AcquisitionNumber": 1,
    "AcquisitionTime": "18:03:37.555000",
    "BandwidthPerPixelPhaseEncode": 18.832,
    "BaseResolution": 90,
    "BodyPartExamined": "HEAD",
    "ConsistencyInfo": "N4_VE11C_LATEST_20160120",
    "ConversionSoftware": "dcm2niix",
    "ConversionSoftwareVersion": "v1.0.20190902",
    "DerivedVendorReportedEchoSpacing": 0.000590012,
    "DeviceSerialNumber": "67064",
    "DwellTime": 2.5e-06,
    "EchoTime": 0.033,
    "EchoTrainLength": 90,
    "EffectiveEchoSpacing": 0.000590012,
    "FlipAngle": 63,
    "ImageComments": "Unaliased_MB4_PE3_LB",
    "ImageOrientationPatientDICOM": [
      0.998885,
      0.0134567,
      -0.0452602,
      -0.0320892,
      0.896628,
      -0.44162
    ],
    "ImageType": [
      "ORIGINAL",
      "PRIMARY",
      "M",
      "MB",
      "ND",
      "MOSAIC"
    ],
    "ImagingFrequency": 123.247,
    "InPlanePhaseEncodingDirectionDICOM": "COL",
    "InstitutionAddress": "Scott_Ave_4525_St._Louis_MO_US_63110",
    "InstitutionName": "Washington_University",
    "InstitutionalDepartmentName": "Department",
    "MRAcquisitionType": "2D",
    "MagneticFieldStrength": 3,
    "Manufacturer": "Siemens",
    "ManufacturersModelName": "Prisma_fit",
    "Modality": "MR",
    "MultibandAccelerationFactor": 4,
    "PartialFourier": 1,
    "PatientPosition": "HFS",
    "PercentPhaseFOV": 100,
    "PhaseEncodingDirection": "j",
    "PhaseEncodingSteps": 90,
    "PhaseResolution": 1,
    "PixelBandwidth": 2220,
    "ProcedureStepDescription": "head_Braver",
    "ProtocolName": "tfMRI_StroopBas2_PA",
    "PulseSequenceDetails": "%CustomerSeq%_cmrr_mbep2d_bold",
    "ReceiveCoilActiveElements": "HEA;HEP",
    "ReceiveCoilName": "Head_32",
    "ReconMatrixPE": 90,
    "RepetitionTime": 1.2,
    "SAR": 0.0816747,
    "ScanOptions": "FS_EXT",
    "ScanningSequence": "EP",
    "SequenceName": "epfid2d1_90",
    "SequenceVariant": "SK_SS",
    "SeriesDescription": "tfMRI_StroopBas2_PA",
    "SeriesNumber": 25,
    "ShimSetting": [
      -2005,
      -11472,
      5823,
      446,
      -13,
      194,
      -42,
      -31
    ],
    "SliceThickness": 2.4,
    "SliceTiming": [
      0,
      0.6275,
      0.0775,
      0.7075,
      0.155,
      0.785,
      0.235,
      0.865,
      0.3125,
      0.9425,
      0.3925,
      1.0225,
      0.47,
      1.1,
      0.55,
      0,
      0.6275,
      0.0775,
      0.7075,
      0.155,
      0.785,
      0.235,
      0.865,
      0.3125,
      0.9425,
      0.3925,
      1.0225,
      0.47,
      1.1,
      0.55,
      0,
      0.6275,
      0.0775,
      0.7075,
      0.155,
      0.785,
      0.235,
      0.865,
      0.3125,
      0.9425,
      0.3925,
      1.0225,
      0.47,
      1.1,
      0.55,
      0,
      0.6275,
      0.0775,
      0.7075,
      0.155,
      0.785,
      0.235,
      0.865,
      0.3125,
      0.9425,
      0.3925,
      1.0225,
      0.47,
      1.1,
      0.55
    ],
    "SoftwareVersions": "syngo_MR_E11",
    "SpacingBetweenSlices": 2.4,
    "StationName": "MRC35177",
    "TaskName": "Stroop",
    "TotalReadoutTime": 0.0525111,
    "TxRefAmp": 251.675,
    "VendorReportedEchoSpacing": 0.00059,
    "WipMemBlock": "f3491ad3-0206-4429-882e-a179d38a071d||Sequence: R016 ve11c/master r/e634e98; Dec 19 2017 11:00:25 by eja",
    "acq_id": "mb4PA",
    "dataset": "ds003465",
    "modality": "bold",
    "run_id": 2,
    "session_id": "wave1bas",
    "subject_id": "f3300jh",
    "task_id": "Stroop"
  },
  "dummy_trs": 1,
  "dvars_nstd": 33.61836013293679,
  "dvars_std": 1.11676575169145,
  "dvars_vstd": 1.0037216712081782,
  "efc": 0.5285849722719207,
  "fber": 656.1326293945312,
  "fd_mean": 0.1662381768500047,
  "fd_num": 150,
  "fd_perc": 27.82931354359926,
  "fwhm_avg": 2.764512486405787,
  "fwhm_x": 2.590966563710906,
  "fwhm_y": 2.7956873889093643,
  "fwhm_z": 2.906883506597092,
  "gcor": 0.0085654,
  "gsr_x": -0.005390623118728399,
  "gsr_y": 0.0806223601102829,
  "provenance": {
    "md5sum": "f6e0314aa7a934e0b057ced3b41f2de7",
    "settings": {
      "fd_thres": 0.2,
      "testing": false
    },
    "software": "mriqc",
    "version": "22.0.6",
    "webapi_port": null,
    "webapi_url": "https://mriqc.nimh.nih.gov/api/v1"
  },
  "size_t": 539,
  "size_x": 90,
  "size_y": 90,
  "size_z": 60,
  "snr": 2.5499709019741874,
  "spacing_tr": 1.2000000476837158,
  "spacing_x": 2.4000000953674316,
  "spacing_y": 2.4000000953674316,
  "spacing_z": 2.3999998569488525,
  "summary_bg_k": 17.23290372144454,
  "summary_bg_mad": 66.54656981073221,
  "summary_bg_mean": 379.54266357421875,
  "summary_bg_median": 150.5918426513672,
  "summary_bg_n": 327662.0,
  "summary_bg_p05": 100.7662353515625,
  "summary_bg_p95": 1578.9155517578135,
  "summary_bg_stdv": 581.8656005859375,
  "summary_fg_k": 1.178481298962046,
  "summary_fg_mad": 1443.355609436777,
  "summary_fg_mean": 4165.38037109375,
  "summary_fg_median": 3894.2578125,
  "summary_fg_n": 84673.0,
  "summary_fg_p05": 2198.00927734375,
  "summary_fg_p95": 6996.31015625,
  "summary_fg_stdv": 1527.1683349609375,
  "tsnr": 45.803448035614565
}