{
  "bids_meta": {
    "AcquisitionMatrixPE": 300,
    "AcquisitionNumber": 1,
    "AcquisitionTime": "17:49:16.072500",
    "BaseResolution": 320,
    "BodyPartExamined": "HEAD",
    "ConsistencyInfo": "N4_VE11C_LATEST_20160120",
    "ConversionSoftware": "dcm2niix",
    "ConversionSoftwareVersion": "v1.0.20190902",
    "DeviceSerialNumber": "67064",
    "DwellTime": 2.1e-06,
    "EchoTime": 0.563,
    "EchoTrainLength": 314,
    "FlipAngle": 120,
    "ImageOrientationPatientDICOM": [
      -0.0233628,
      0.999707,
      -0.00627787,
      0.0409848,
      -0.00531654,
      -0.999146
    ],
    "ImageType": [
      "ORIGINAL",
      "PRIMARY",
      "M",
      "ND"
    ],
    "ImagingFrequency": 123.247,
    "InPlanePhaseEncodingDirectionDICOM": "ROW",
    "InstitutionAddress": "Scott_Ave_4525_St._Louis_MO_US_63110",
    "InstitutionName": "Washington_University",
    "InstitutionalDepartmentName": "Department",
    "MRAcquisitionType": "3D",
    "MagneticFieldStrength": 3,
    "Manufacturer": "Siemens",
    "ManufacturersModelName": "Prisma_fit",
    "Modality": "MR",
    "ParallelReductionFactorInPlane": 2,
    "PartialFourier": 1,
    "PatientPosition": "HFS",
    "PercentPhaseFOV": 93.75,
    "PhaseEncodingSteps": 297,
    "PhaseResolution": 1,
    "PixelBandwidth": 745,
    "ProcedureStepDescription": "head_Braver",
    "ProtocolName": "T2w_SPC",
    "PulseSequenceDetails": "%SiemensSeq%_tse_vfl",
    "ReceiveCoilActiveElements": "HEA;HEP",
    "ReceiveCoilName": "Head_32",
    "ReconMatrixPE": 300,
    "RefLinesPE": 32,
    "RepetitionTime": 3.2,
    "SAR": 0.136109,
    "ScanOptions": "PFP",
    "ScanningSequence": "SE",
    "SequenceName": "_spc_314ns",
    "SequenceVariant": "SK_SP",
    "SeriesDescription": "T2w_SPC",
    "SeriesNumber": 13,
    "ShimSetting": [
      -2002,
      -11529,
      5858,
      392,
      57,
      14,
      48,
      -38
    ],
    "SliceThickness": 0.8,
    "SoftwareVersions": "syngo_MR_E11",
    "StationName": "MRC35177",
    "TxRefAmp": 277.931,
    "dataset": "ds003465",
    "modality": "T2w",
    "session_id": "wave1bas",
    "subject_id": "f1828ko"
  },
  "cjv": 0.3789082370942548,
  "cnr": 1.5743708560205543,
  "efc": 0.5163866767505649,
  "fber": 4337.7702648176855,
  "fwhm_avg": 3.3436500288125792,
  "fwhm_x": 3.166337688728433,
  "fwhm_y": 3.6406624457499017,
  "fwhm_z": 3.223949951959402,
  "icvs_csf": 0.32475226113979583,
  "icvs_gm": 0.5120720001681451,
  "icvs_wm": 0.163175738692059,
  "inu_med": 1.015993893146515,
  "inu_range": 0.8838773369789124,
  "provenance": {
    "md5sum": "d05c85db73d2182c6eea24232b687453",
    "settings": {
      "testing": false
    },
    "software": "mriqc",
    "version": "22.0.6",
    "warnings": {
      "large_rot_frame": true,
      "small_air_mask": false
    },
    "webapi_port": null,
    "webapi_url": "https://mriqc.nimh.nih.gov/api/v1"
  },
  "qi_1": 0.0,
  "qi_2": 0.0008710889863817019,
  "rpve_csf": 15.318949381257385,
  "rpve_gm": 11.96684523184862,
  "rpve_wm": 39.33432006378226,
  "size_x": 208,
  "size_y": 300,
  "size_z": 320,
  "snr_csf": 7.160632852764686,
  "snr_gm": 8.002667298751328,
  "snr_total": 5.811044977958029,
  "snr_wm": 2.2698347823580707,
  "snrd_csf": 29.03250387264148,
  "snrd_gm": 16.17468298350997,
  "snrd_total": 32.82996235156577,
  "snrd_wm": 53.28270019854586,
  "spacing_x": 0.7999999523162842,
  "spacing_y": 0.800000011920929,
  "spacing_z": 0.800000011920929,
  "summary_bg_k": 77.37763547264987,
  "summary_bg_mad": 0.0,
  "summary_bg_mean": 6.030966867302998,
  "summary_bg_median": 0.0,
  "summary_bg_n": 6864793.0,
  "summary_bg_p05": 0.0,
  "summary_bg_p95": 23.649557419121265,
  "summary_bg_stdv": 12.29648658833637,
  "summary_csf_k": 1.2368868402383741,
  "summary_csf_mad": 66.93823747468736,
  "summary_csf_mean": 556.3126407220948,
  "summary_csf_median": 544.9213240109384,
  "summary_csf_n": 72574.0,
  "summary_csf_p05": 453.0958413579501,
  "summary_csf_p95": 700.5912640444001,
  "summary_csf_stdv": 76.09907964230275,
  "summary_gm_k": 0.6750579972329778,
  "summary_gm_mad": 35.721181592340926,
  "summary_gm_mean": 305.1373185191585,
  "summary_gm_median": 303.58834034763277,
  "summary_gm_n": 515975.0,
  "summary_gm_p05": 245.84322534501553,
  "summary_gm_p95": 369.25558970309794,
  "summary_gm_stdv": 37.935857486647976,
  "summary_wm_k": -1.1243276955118058,
  "summary_wm_mad": 228.18593789249013,
  "summary_wm_mean": 771.7755177726569,
  "summary_wm_median": 1000.0818278174847,
  "summary_wm_n": 72827.0,
  "summary_wm_p05": 31.251534719951454,
  "summary_wm_p95": 1231.21886098478,
  "summary_wm_stdv": 440.5937248911137,
  "tpm_overlap_csf": 0.12296041487627504,
  "tpm_overlap_gm": 0.33279200948862675,
  "tpm_overlap_wm": 0.025505369688282667,
  "wm2max": 0.8215430688602637
}