{
  "bids_meta": {
    "AcquisitionMatrixPE": 300,
    "AcquisitionNumber": 1,
    "AcquisitionTime": "17:42:2.462500",
    "BaseResolution": 320,
    "BodyPartExamined": "HEAD",
    "ConsistencyInfo": "N4_VE11C_LATEST_20160120",
    "ConversionSoftware": "dcm2niix",
    "ConversionSoftwareVersion": "v1.0.20190902",
    "DeviceSerialNumber": "67064",
    "DwellTime": 7.1e-06,
    "EchoTime": 0.00222,
    "FlipAngle": 8,
    "ImageOrientationPatientDICOM": [
      -0.0233628,
      0.999707,
      -0.00627787,
      0.0409848,
      -0.00531654,
      -0.999146
    ],
    "ImageType": [
      "ORIGINAL",
      "PRIMARY",
      "M",
      "ND"
    ],
    "ImagingFrequency": 123.247,
    "InPlanePhaseEncodingDirectionDICOM": "ROW",
    "InstitutionAddress": "Scott_Ave_4525_St._Louis_MO_US_63110",
    "InstitutionName": "Washington_University",
    "InstitutionalDepartmentName": "Department",
    "InversionTime": 1,
    "MRAcquisitionType": "3D",
    "MagneticFieldStrength": 3,
    "Manufacturer": "Siemens",
    "ManufacturersModelName": "Prisma_fit",
    "Modality": "MR",
    "ParallelReductionFactorInPlane": 2,
    "PartialFourier": 1,
    "PatientPosition": "HFS",
    "PercentPhaseFOV": 93.75,
    "PhaseEncodingSteps": 299,
    "PhaseResolution": 1,
    "PixelBandwidth": 220,
    "ProcedureStepDescription": "head_Braver",
    "ProtocolName": "T1w_MPR",
    "PulseSequenceDetails": "%SiemensSeq%_tfl",
    "ReceiveCoilActiveElements": "HEA;HEP",
    "ReceiveCoilName": "Head_32",
    "ReconMatrixPE": 300,
    "RefLinesPE": 32,
    "RepetitionTime": 2.4,
    "SAR": 0.0404538,
    "ScanOptions": "IR_WE",
    "ScanningSequence": "GR_IR",
    "SequenceName": "_tfl3d1_16ns",
    "SequenceVariant": "SK_SP_MP",
    "SeriesDescription": "T1w_MPR",
    "SeriesNumber": 11,
    "ShimSetting": [
      -2002,
      -11529,
      5858,
      392,
      57,
      14,
      48,
      -38
    ],
    "SliceThickness": 0.8,
    "SoftwareVersions": "syngo_MR_E11",
    "StationName": "MRC35177",
    "TxRefAmp": 277.931,
    "dataset": "ds003465",
    "modality": "T1w",
    "session_id": "wave1bas",
    "subject_id": "f1828ko"
  },
  "cjv": 0.530634087717225,
  "cnr": 2.5204920208243555,
  "efc": 0.548738851798059,
  "fber": 9438.693979238755,
  "fwhm_avg": 4.797145876361685,
  "fwhm_x": 4.610837774827348,
  "fwhm_y": 4.840487427871117,
  "fwhm_z": 4.940112426386588,
  "icvs_csf": 0.18187918487513197,
  "icvs_gm": 0.3842578627460239,
  "icvs_wm": 0.43386295237884415,
  "inu_med": 0.9799050986766815,
  "inu_range": 0.8455387979745864,
  "provenance": {
    "md5sum": "9328578976c05e0fa75b29881c0b563b",
    "settings": {
      "testing": false
    },
    "software": "mriqc",
    "version": "22.0.6",
    "warnings": {
      "large_rot_frame": true,
      "small_air_mask": false
    },
    "webapi_port": null,
    "webapi_url": "https://mriqc.nimh.nih.gov/api/v1"
  },
  "qi_1": 1.428516500300122e-05,
  "qi_2": 0.000631003545401011,
  "rpve_csf": 29.05293716546632,
  "rpve_gm": 13.77344117186276,
  "rpve_wm": 14.406015934545142,
  "size_x": 208,
  "size_y": 300,
  "size_z": 320,
  "snr_csf": 2.9479594338122475,
  "snr_gm": 12.389652407289823,
  "snr_total": 10.05276494879182,
  "snr_wm": 14.820683005273388,
  "snrd_csf": 8.386720636519911,
  "snrd_gm": 20.94283953233829,
  "snrd_total": 18.93607106291515,
  "snrd_wm": 27.478653019887243,
  "spacing_x": 0.7999999523162842,
  "spacing_y": 0.800000011920929,
  "spacing_z": 0.800000011920929,
  "summary_bg_k": 926.0871403166029,
  "summary_bg_mad": 0.0,
  "summary_bg_mean": 10.642931454624778,
  "summary_bg_median": 0.0,
  "summary_bg_n": 7132059.0,
  "summary_bg_p05": 0.0,
  "summary_bg_p95": 39.40979555249214,
  "summary_bg_stdv": 23.843896625038738,
  "summary_csf_k": 2.019830513669735,
  "summary_csf_mad": 73.87500739837888,
  "summary_csf_mean": 303.49416310859704,
  "summary_csf_median": 305.2373519167304,
  "summary_csf_n": 65975.0,
  "summary_csf_p05": 104.08711552619934,
  "summary_csf_p95": 474.2044933028517,
  "summary_csf_stdv": 103.54112581285298,
  "summary_gm_k": 0.15370566500927518,
  "summary_gm_mad": 60.595677780884095,
  "summary_gm_mean": 761.4161822705449,
  "summary_gm_median": 762.2212730720639,
  "summary_gm_n": 51396.0,
  "summary_gm_p05": 658.9826938137412,
  "summary_gm_p95": 860.3804199490696,
  "summary_gm_stdv": 61.52019708048006,
  "summary_wm_k": 0.16659301474579458,
  "summary_wm_mad": 65.6278447938295,
  "summary_wm_mean": 1009.7893722047585,
  "summary_wm_median": 1000.0942735001445,
  "summary_wm_n": 492563.0,
  "summary_wm_p05": 915.5234921351075,
  "summary_wm_p95": 1135.2472446113825,
  "summary_wm_stdv": 67.47956608676606,
  "tpm_overlap_csf": 0.14448980670114403,
  "tpm_overlap_gm": 0.4219744466235172,
  "tpm_overlap_wm": 0.48782708017703047,
  "wm2max": 0.4295229996760609
}