{
  "bids_meta": {
    "AcquisitionMatrixPE": 300,
    "AcquisitionNumber": 1,
    "AcquisitionTime": "16:28:31.485000",
    "BaseResolution": 320,
    "BodyPartExamined": "HEAD",
    "ConsistencyInfo": "N4_VE11B_LATEST_20150530",
    "ConversionSoftware": "dcm2niix",
    "ConversionSoftwareVersion": "v1.0.20190902",
    "DeviceSerialNumber": "67064",
    "DwellTime": 2.1e-06,
    "EchoTime": 0.563,
    "EchoTrainLength": 314,
    "FlipAngle": 120,
    "ImageOrientationPatientDICOM": [
      0.0213099,
      0.999707,
      -0.0115188,
      0.00414896,
      -0.0116098,
      -0.999924
    ],
    "ImageType": [
      "ORIGINAL",
      "PRIMARY",
      "M",
      "ND"
    ],
    "ImagingFrequency": 123.247,
    "InPlanePhaseEncodingDirectionDICOM": "ROW",
    "InstitutionAddress": "Scott_Ave_4525_St._Louis_MO_US_63110",
    "InstitutionName": "Washington_University",
    "InstitutionalDepartmentName": "Department",
    "MRAcquisitionType": "3D",
    "MagneticFieldStrength": 3,
    "Manufacturer": "Siemens",
    "ManufacturersModelName": "Prisma_fit",
    "Modality": "MR",
    "ParallelReductionFactorInPlane": 2,
    "PartialFourier": 1,
    "PatientPosition": "HFS",
    "PercentPhaseFOV": 93.75,
    "PhaseEncodingSteps": 297,
    "PhaseResolution": 1,
    "PixelBandwidth": 745,
    "ProcedureStepDescription": "head_Braver",
    "ProtocolName": "T2w_SPC",
    "PulseSequenceDetails": "%SiemensSeq%_tse_vfl",
    "ReceiveCoilActiveElements": "HEA;HEP",
    "ReceiveCoilName": "Head_32",
    "ReconMatrixPE": 300,
    "RefLinesPE": 32,
    "RepetitionTime": 3.2,
    "SAR": 0.15243,
    "ScanOptions": "PFP",
    "ScanningSequence": "SE",
    "SequenceName": "_spc_314ns",
    "SequenceVariant": "SK_SP",
    "SeriesDescription": "T2w_SPC",
    "SeriesNumber": 13,
    "ShimSetting": [
      -2001,
      -11494,
      5844,
      499,
      75,
      224,
      133,
      -32
    ],
    "SliceThickness": 0.8,
    "SoftwareVersions": "syngo_MR_E11",
    "StationName": "MRC35177",
    "TxRefAmp": 246.701,
    "dataset": "ds003465",
    "modality": "T2w",
    "session_id": "wave1bas",
    "subject_id": "f1659oa"
  },
  "cjv": 0.44349386058657864,
  "cnr": 1.5118083727164797,
  "efc": 0.517495633788374,
  "fber": 6718.144132653061,
  "fwhm_avg": 3.6123166985153574,
  "fwhm_x": 3.4497877056233706,
  "fwhm_y": 3.894274941970781,
  "fwhm_z": 3.492887447951921,
  "icvs_csf": 0.4029529447897228,
  "icvs_gm": 0.4504283727120378,
  "icvs_wm": 0.14661868249823942,
  "inu_med": 0.9526505172252655,
  "inu_range": 0.8366443693637847,
  "provenance": {
    "md5sum": "1b1390cf5ee7a3c40895ce66705191d9",
    "settings": {
      "testing": false
    },
    "software": "mriqc",
    "version": "22.0.6",
    "warnings": {
      "large_rot_frame": true,
      "small_air_mask": false
    },
    "webapi_port": null,
    "webapi_url": "https://mriqc.nimh.nih.gov/api/v1"
  },
  "qi_1": 2.6069698023711077e-06,
  "qi_2": 0.0016492154382152882,
  "rpve_csf": 11.513156169361826,
  "rpve_gm": 11.19051304663353,
  "rpve_wm": 35.14111490570866,
  "size_x": 208,
  "size_y": 300,
  "size_z": 320,
  "snr_csf": 9.597107562152503,
  "snr_gm": 8.959763541911059,
  "snr_total": 6.9279711164137465,
  "snr_wm": 2.2270422451776746,
  "snrd_csf": 54.33189132191114,
  "snrd_gm": 30.170463521655666,
  "snrd_total": 59.69826183295309,
  "snrd_wm": 94.59243065529246,
  "spacing_x": 0.7999999523162842,
  "spacing_y": 0.800000011920929,
  "spacing_z": 0.800000011920929,
  "summary_bg_k": 12.126406655494849,
  "summary_bg_mad": 0.0,
  "summary_bg_mean": 4.343413470319322,
  "summary_bg_median": 0.0,
  "summary_bg_n": 6926421.0,
  "summary_bg_p05": 0.0,
  "summary_bg_p95": 17.439293140545487,
  "summary_bg_stdv": 6.9260557884743355,
  "summary_csf_k": 1.410012156127391,
  "summary_csf_mad": 53.56568581171752,
  "summary_csf_mean": 577.2114132389913,
  "summary_csf_median": 574.3929209075868,
  "summary_csf_n": 161373.0,
  "summary_csf_p05": 485.9455354437232,
  "summary_csf_p95": 678.8667960170656,
  "summary_csf_stdv": 59.85044321731283,
  "summary_gm_k": 1.2119606777416934,
  "summary_gm_mad": 32.183049520278345,
  "summary_gm_mean": 320.94176011394876,
  "summary_gm_median": 318.96001125127077,
  "summary_gm_n": 510356.0,
  "summary_gm_p05": 266.7341112238355,
  "summary_gm_p95": 382.1437231078744,
  "summary_gm_stdv": 35.59912014098991,
  "summary_wm_k": -1.0792096846263601,
  "summary_wm_mad": 269.8648706101532,
  "summary_wm_mean": 793.2852765159988,
  "summary_wm_median": 1000.0245015937835,
  "summary_wm_n": 84484.0,
  "summary_wm_p05": 32.40495377304034,
  "summary_wm_p95": 1293.4755608532578,
  "summary_wm_stdv": 449.03440216110323,
  "tpm_overlap_csf": 0.11570881877411239,
  "tpm_overlap_gm": 0.2878861672606264,
  "tpm_overlap_wm": 0.02197238055776611,
  "wm2max": 0.7931483931211579
}