{
  "bids_meta": {
    "AcquisitionMatrixPE": 300,
    "AcquisitionNumber": 1,
    "AcquisitionTime": "18:54:49.212500",
    "BaseResolution": 320,
    "BodyPartExamined": "HEAD",
    "ConsistencyInfo": "N4_VE11C_LATEST_20160120",
    "ConversionSoftware": "dcm2niix",
    "ConversionSoftwareVersion": "v1.0.20190902",
    "DeviceSerialNumber": "67064",
    "DwellTime": 2.1e-06,
    "EchoTime": 0.563,
    "EchoTrainLength": 314,
    "FlipAngle": 120,
    "ImageOrientationPatientDICOM": [
      -0.0747352,
      0.98795,
      -0.135532,
      0.0226613,
      -0.134195,
      -0.990696
    ],
    "ImageType": [
      "ORIGINAL",
      "PRIMARY",
      "M",
      "ND"
    ],
    "ImagingFrequency": 123.247,
    "InPlanePhaseEncodingDirectionDICOM": "ROW",
    "InstitutionAddress": "Scott_Ave_4525_St._Louis_MO_US_63110",
    "InstitutionName": "Washington_University",
    "InstitutionalDepartmentName": "Department",
    "MRAcquisitionType": "3D",
    "MagneticFieldStrength": 3,
    "Manufacturer": "Siemens",
    "ManufacturersModelName": "Prisma_fit",
    "Modality": "MR",
    "ParallelReductionFactorInPlane": 2,
    "PartialFourier": 1,
    "PatientPosition": "HFS",
    "PercentPhaseFOV": 93.75,
    "PhaseEncodingSteps": 297,
    "PhaseResolution": 1,
    "PixelBandwidth": 745,
    "ProcedureStepDescription": "head_Braver",
    "ProtocolName": "T2w_SPC",
    "PulseSequenceDetails": "%SiemensSeq%_tse_vfl",
    "ReceiveCoilActiveElements": "HEA;HEP",
    "ReceiveCoilName": "Head_32",
    "ReconMatrixPE": 300,
    "RefLinesPE": 32,
    "RepetitionTime": 3.2,
    "SAR": 0.142256,
    "ScanOptions": "PFP",
    "ScanningSequence": "SE",
    "SequenceName": "_spc_314ns",
    "SequenceVariant": "SK_SP",
    "SeriesDescription": "T2w_SPC",
    "SeriesNumber": 13,
    "ShimSetting": [
      -1988,
      -11498,
      5820,
      556,
      132,
      -8,
      -61,
      6
    ],
    "SliceThickness": 0.8,
    "SoftwareVersions": "syngo_MR_E11",
    "StationName": "MRC35177",
    "TxRefAmp": 240.068,
    "dataset": "ds003465",
    "modality": "T2w",
    "session_id": "wave1rea",
    "subject_id": "f7951pz"
  },
  "cjv": 0.4833290758864612,
  "cnr": 2.6841643711395813,
  "efc": 0.4985341156321793,
  "fber": 5272.994082840236,
  "fwhm_avg": 3.561545864156949,
  "fwhm_x": 3.3780502013474827,
  "fwhm_y": 3.7745874437542644,
  "fwhm_z": 3.5319999473690995,
  "icvs_csf": 0.26124440326286724,
  "icvs_gm": 0.6701705633520376,
  "icvs_wm": 0.06858503338509518,
  "inu_med": 0.9059211015701294,
  "inu_range": 0.7201133966445923,
  "provenance": {
    "md5sum": "894957796ebaf26d0eaad9f8e1e5c9a4",
    "settings": {
      "testing": false
    },
    "software": "mriqc",
    "version": "22.0.6",
    "warnings": {
      "large_rot_frame": true,
      "small_air_mask": false
    },
    "webapi_port": null,
    "webapi_url": "https://mriqc.nimh.nih.gov/api/v1"
  },
  "qi_1": 0.0,
  "qi_2": 0.001369977162980206,
  "rpve_csf": 15.442952537224249,
  "rpve_gm": 8.452234085144418,
  "rpve_wm": 65.06041378048462,
  "size_x": 208,
  "size_y": 300,
  "size_z": 320,
  "snr_csf": 6.269298357658383,
  "snr_gm": 5.525387058375726,
  "snr_total": 4.315847068453928,
  "snr_wm": 1.1528557893276754,
  "snrd_csf": 82.65161763720899,
  "snrd_gm": 27.42690789531836,
  "snrd_total": 38.942698548480145,
  "snrd_wm": 6.749570112913071,
  "spacing_x": 0.7999999523162842,
  "spacing_y": 0.800000011920929,
  "spacing_z": 0.800000011920929,
  "summary_bg_k": 8.63309118061727,
  "summary_bg_mad": 0.0,
  "summary_bg_mean": 64.29468334664007,
  "summary_bg_median": 0.0,
  "summary_bg_n": 7024795.0,
  "summary_bg_p05": 0.0,
  "summary_bg_p95": 254.07926639914513,
  "summary_bg_stdv": 96.98801246579607,
  "summary_csf_k": 4.241199329136845,
  "summary_csf_mad": 1193.4545243580299,
  "summary_csf_mean": 11813.731575671205,
  "summary_csf_median": 12235.949829250574,
  "summary_csf_n": 124958.0,
  "summary_csf_p05": 7701.178824596108,
  "summary_csf_p95": 14124.838809728622,
  "summary_csf_stdv": 1951.7177474821654,
  "summary_gm_k": 0.007225999129218064,
  "summary_gm_mad": 707.3176428145081,
  "summary_gm_mean": 4176.177277884519,
  "summary_gm_median": 4060.3472572267056,
  "summary_gm_n": 727354.0,
  "summary_gm_p05": 3150.738303512335,
  "summary_gm_p95": 5552.70682194829,
  "summary_gm_stdv": 734.8524950653001,
  "summary_wm_k": 3.0941181817045234,
  "summary_wm_mad": 772.212692562419,
  "summary_wm_mean": 1194.3380902304402,
  "summary_wm_median": 999.2230476737022,
  "summary_wm_n": 15492.0,
  "summary_wm_p05": 171.9761803150177,
  "summary_wm_p95": 2832.802520160377,
  "summary_wm_stdv": 866.7092681986308,
  "tpm_overlap_csf": 0.1639164501776502,
  "tpm_overlap_gm": 0.42164107524326155,
  "tpm_overlap_wm": 0.03939613240255654,
  "wm2max": 0.0706761683184641
}