{
  "aor": 0.002082141756548536,
  "aqi": 0.005857480832049307,
  "bids_meta": {
    "AcquisitionMatrixPE": 90,
    "AcquisitionNumber": 1,
    "AcquisitionTime": "16:11:8.277500",
    "BandwidthPerPixelPhaseEncode": 18.832,
    "BaseResolution": 90,
    "BodyPartExamined": "HEAD",
    "ConsistencyInfo": "N4_VE11C_LATEST_20160120",
    "ConversionSoftware": "dcm2niix",
    "ConversionSoftwareVersion": "v1.0.20190902",
    "DerivedVendorReportedEchoSpacing": 0.000590012,
    "DeviceSerialNumber": "67064",
    "DwellTime": 2.5e-06,
    "EchoTime": 0.033,
    "EchoTrainLength": 90,
    "EffectiveEchoSpacing": 0.000590012,
    "FlipAngle": 63,
    "ImageComments": "Unaliased_MB4_PE3_LB",
    "ImageOrientationPatientDICOM": [
      0.999709,
      0.000181117,
      0.0241246,
      0.0122144,
      0.858539,
      -0.512602
    ],
    "ImageType": [
      "ORIGINAL",
      "PRIMARY",
      "M",
      "MB",
      "ND",
      "MOSAIC"
    ],
    "ImagingFrequency": 123.247,
    "InPlanePhaseEncodingDirectionDICOM": "COL",
    "InstitutionAddress": "Scott_Ave_4525_St._Louis_MO_US_63110",
    "InstitutionName": "Washington_University",
    "InstitutionalDepartmentName": "Department",
    "MRAcquisitionType": "2D",
    "MagneticFieldStrength": 3,
    "Manufacturer": "Siemens",
    "ManufacturersModelName": "Prisma_fit",
    "Modality": "MR",
    "MultibandAccelerationFactor": 4,
    "PartialFourier": 1,
    "PatientPosition": "HFS",
    "PercentPhaseFOV": 100,
    "PhaseEncodingDirection": "j-",
    "PhaseEncodingSteps": 90,
    "PhaseResolution": 1,
    "PixelBandwidth": 2220,
    "ProcedureStepDescription": "head_Braver",
    "ProtocolName": "tfMRI_CuedtsBas1_AP",
    "PulseSequenceDetails": "%CustomerSeq%_cmrr_mbep2d_bold",
    "ReceiveCoilActiveElements": "HEA;HEP",
    "ReceiveCoilName": "Head_32",
    "ReconMatrixPE": 90,
    "RepetitionTime": 1.2,
    "SAR": 0.0790704,
    "ScanOptions": "FS_EXT",
    "ScanningSequence": "EP",
    "SequenceName": "epfid2d1_90",
    "SequenceVariant": "SK_SS",
    "SeriesDescription": "tfMRI_CuedtsBas1_AP",
    "SeriesNumber": 19,
    "ShimSetting": [
      -2014,
      -11493,
      5849,
      354,
      -31,
      14,
      118,
      -40
    ],
    "SliceThickness": 2.4,
    "SliceTiming": [
      0,
      0.6275,
      0.0775,
      0.7075,
      0.1575,
      0.785,
      0.235,
      0.865,
      0.3125,
      0.9425,
      0.3925,
      1.0225,
      0.47,
      1.1,
      0.55,
      0,
      0.6275,
      0.0775,
      0.7075,
      0.1575,
      0.785,
      0.235,
      0.865,
      0.3125,
      0.9425,
      0.3925,
      1.0225,
      0.47,
      1.1,
      0.55,
      0,
      0.6275,
      0.0775,
      0.7075,
      0.1575,
      0.785,
      0.235,
      0.865,
      0.3125,
      0.9425,
      0.3925,
      1.0225,
      0.47,
      1.1,
      0.55,
      0,
      0.6275,
      0.0775,
      0.7075,
      0.1575,
      0.785,
      0.235,
      0.865,
      0.3125,
      0.9425,
      0.3925,
      1.0225,
      0.47,
      1.1,
      0.55
    ],
    "SoftwareVersions": "syngo_MR_E11",
    "SpacingBetweenSlices": 2.4,
    "StationName": "MRC35177",
    "TaskName": "Cuedts",
    "TotalReadoutTime": 0.0525111,
    "TxRefAmp": 268.589,
    "VendorReportedEchoSpacing": 0.00059,
    "WipMemBlock": "c17b755d-fc3f-47ea-8338-4cc4da1369bd||Sequence: ve11c/master r/b8bea8f; Mar  2 2017 16:56:44 by eja",
    "acq_id": "mb4AP",
    "dataset": "ds003465",
    "modality": "bold",
    "run_id": 1,
    "session_id": "wave1bas",
    "subject_id": "f2157me",
    "task_id": "Cuedts"
  },
  "dummy_trs": 1,
  "dvars_nstd": 32.953062375401245,
  "dvars_std": 1.1078641994135814,
  "dvars_vstd": 1.002427382175927,
  "efc": 0.505301513732012,
  "fber": 800.9380493164062,
  "fd_mean": 0.2904002111444961,
  "fd_num": 425,
  "fd_perc": 65.48536209553158,
  "fwhm_avg": 2.969924881985788,
  "fwhm_x": 2.800304055392581,
  "fwhm_y": 3.029883212936592,
  "fwhm_z": 3.079587377628192,
  "gcor": 0.0116764,
  "gsr_x": -0.01815926469862461,
  "gsr_y": 0.06889848411083221,
  "provenance": {
    "md5sum": "b244b5cc5adc63edd82271708d16d652",
    "settings": {
      "fd_thres": 0.2,
      "testing": false
    },
    "software": "mriqc",
    "version": "22.0.6",
    "webapi_port": null,
    "webapi_url": "https://mriqc.nimh.nih.gov/api/v1"
  },
  "size_t": 649,
  "size_x": 90,
  "size_y": 90,
  "size_z": 60,
  "snr": 2.5056697498131832,
  "spacing_tr": 1.2000000476837158,
  "spacing_x": 2.4000000953674316,
  "spacing_y": 2.4000000953674316,
  "spacing_z": 2.4000000953674316,
  "summary_bg_k": 34.361024196955945,
  "summary_bg_mad": 67.27451220706344,
  "summary_bg_mean": 381.12890625,
  "summary_bg_median": 155.03082275390625,
  "summary_bg_n": 336072.0,
  "summary_bg_p05": 105.08628845214844,
  "summary_bg_p95": 1485.8060485839846,
  "summary_bg_stdv": 605.2000732421875,
  "summary_fg_k": 0.6216441273052489,
  "summary_fg_mad": 1697.3558467877822,
  "summary_fg_mean": 4762.31396484375,
  "summary_fg_median": 4461.06640625,
  "summary_fg_n": 79091.0,
  "summary_fg_p05": 2418.6279296875,
  "summary_fg_p95": 8122.990234375,
  "summary_fg_stdv": 1780.3775634765625,
  "tsnr": 42.28305161371827
}