{
  "aor": 0.006903750000000001,
  "aqi": 0.0110167441,
  "bids_meta": {
    "AcquisitionMatrixPE": 90,
    "AcquisitionNumber": 1,
    "AcquisitionTime": "17:36:6.565000",
    "BandwidthPerPixelPhaseEncode": 18.832,
    "BaseResolution": 90,
    "BodyPartExamined": "HEAD",
    "ConsistencyInfo": "N4_VE11C_LATEST_20160120",
    "ConversionSoftware": "dcm2niix",
    "ConversionSoftwareVersion": "v1.0.20190902",
    "DerivedVendorReportedEchoSpacing": 0.000590012,
    "DeviceSerialNumber": "67064",
    "DwellTime": 2.5e-06,
    "EchoTime": 0.033,
    "EchoTrainLength": 90,
    "EffectiveEchoSpacing": 0.000590012,
    "FlipAngle": 63,
    "ImageComments": "Unaliased_MB4_PE3_LB",
    "ImageOrientationPatientDICOM": [
      0.999925,
      -0.0110936,
      -0.00521646,
      0.00767907,
      0.89852,
      -0.438866
    ],
    "ImageType": [
      "ORIGINAL",
      "PRIMARY",
      "M",
      "MB",
      "ND",
      "MOSAIC"
    ],
    "ImagingFrequency": 123.247,
    "InPlanePhaseEncodingDirectionDICOM": "COL",
    "InstitutionAddress": "Scott_Ave_4525_St._Louis_MO_US_63110",
    "InstitutionName": "Washington_University",
    "InstitutionalDepartmentName": "Department",
    "MRAcquisitionType": "2D",
    "MagneticFieldStrength": 3,
    "Manufacturer": "Siemens",
    "ManufacturersModelName": "Prisma_fit",
    "Modality": "MR",
    "MultibandAccelerationFactor": 4,
    "PartialFourier": 1,
    "PatientPosition": "HFS",
    "PercentPhaseFOV": 100,
    "PhaseEncodingDirection": "j-",
    "PhaseEncodingSteps": 90,
    "PhaseResolution": 1,
    "PixelBandwidth": 2220,
    "ProcedureStepDescription": "head_Braver",
    "ProtocolName": "tfMRI_SternBas1_AP",
    "PulseSequenceDetails": "%CustomerSeq%_cmrr_mbep2d_bold",
    "ReceiveCoilActiveElements": "HEA;HEP",
    "ReceiveCoilName": "Head_32",
    "ReconMatrixPE": 90,
    "RepetitionTime": 1.2,
    "SAR": 0.0844568,
    "ScanOptions": "FS_EXT",
    "ScanningSequence": "EP",
    "SequenceName": "epfid2d1_90",
    "SequenceVariant": "SK_SS",
    "SeriesDescription": "tfMRI_SternBas1_AP",
    "SeriesNumber": 44,
    "ShimSetting": [
      -2020,
      -11524,
      5839,
      301,
      93,
      -32,
      189,
      -48
    ],
    "SliceThickness": 2.4,
    "SliceTiming": [
      0,
      0.63,
      0.08,
      0.71,
      0.1575,
      0.7875,
      0.2375,
      0.8675,
      0.315,
      0.945,
      0.395,
      1.0225,
      0.4725,
      1.1025,
      0.5525,
      0,
      0.63,
      0.08,
      0.71,
      0.1575,
      0.7875,
      0.2375,
      0.8675,
      0.315,
      0.945,
      0.395,
      1.0225,
      0.4725,
      1.1025,
      0.5525,
      0,
      0.63,
      0.08,
      0.71,
      0.1575,
      0.7875,
      0.2375,
      0.8675,
      0.315,
      0.945,
      0.395,
      1.0225,
      0.4725,
      1.1025,
      0.5525,
      0,
      0.63,
      0.08,
      0.71,
      0.1575,
      0.7875,
      0.2375,
      0.8675,
      0.315,
      0.945,
      0.395,
      1.0225,
      0.4725,
      1.1025,
      0.5525
    ],
    "SoftwareVersions": "syngo_MR_E11",
    "SpacingBetweenSlices": 2.4,
    "StationName": "MRC35177",
    "TaskName": "Stern",
    "TotalReadoutTime": 0.0525111,
    "TxRefAmp": 274.792,
    "VendorReportedEchoSpacing": 0.00059,
    "WipMemBlock": "988d804b-85ab-4f30-9bc3-7b7477c26a90||Sequence: ve11c/master r/b8bea8f; Mar  2 2017 16:56:44 by eja",
    "acq_id": "mb4AP",
    "dataset": "ds003465",
    "modality": "bold",
    "run_id": 1,
    "session_id": "wave1bas",
    "subject_id": "f2157me",
    "task_id": "Stern"
  },
  "dummy_trs": 0,
  "dvars_nstd": 42.50675029163609,
  "dvars_std": 1.0714544538898156,
  "dvars_vstd": 0.9795213166277125,
  "efc": 0.5077673421721646,
  "fber": 758.4190063476562,
  "fd_mean": 0.4298110197910835,
  "fd_num": 486,
  "fd_perc": 81.0,
  "fwhm_avg": 2.982137485309863,
  "fwhm_x": 2.792629055697558,
  "fwhm_y": 3.0188457133751827,
  "fwhm_z": 3.1349376868568473,
  "gcor": 0.0198674,
  "gsr_x": -0.022936196997761726,
  "gsr_y": 0.0745714083313942,
  "provenance": {
    "md5sum": "b4f5a97e58e1a067f4e193dfe70fac61",
    "settings": {
      "fd_thres": 0.2,
      "testing": false
    },
    "software": "mriqc",
    "version": "22.0.6",
    "webapi_port": null,
    "webapi_url": "https://mriqc.nimh.nih.gov/api/v1"
  },
  "size_t": 600,
  "size_x": 90,
  "size_y": 90,
  "size_z": 60,
  "snr": 2.4066065390892097,
  "spacing_tr": 1.2000000476837158,
  "spacing_x": 2.4000000953674316,
  "spacing_y": 2.4000000953674316,
  "spacing_z": 2.3999998569488525,
  "summary_bg_k": 29.861588502169248,
  "summary_bg_mad": 70.62623703293386,
  "summary_bg_mean": 383.1848449707031,
  "summary_bg_median": 153.95167541503906,
  "summary_bg_n": 335524.0,
  "summary_bg_p05": 97.21691780090332,
  "summary_bg_p95": 1509.758508300781,
  "summary_bg_stdv": 611.3475341796875,
  "summary_fg_k": 2.3977977656566134,
  "summary_fg_mad": 1632.0187325404922,
  "summary_fg_mean": 4580.22607421875,
  "summary_fg_median": 4289.50439453125,
  "summary_fg_n": 79412.0,
  "summary_fg_p05": 2313.55517578125,
  "summary_fg_p95": 7853.632641601562,
  "summary_fg_stdv": 1782.3758544921875,
  "tsnr": 30.03056981007103
}