{
  "aor": 0.00502761111111111,
  "aqi": 0.016848382777777778,
  "bids_meta": {
    "AcquisitionMatrixPE": 90,
    "AcquisitionNumber": 1,
    "AcquisitionTime": "18:04:0.692500",
    "BandwidthPerPixelPhaseEncode": 18.832,
    "BaseResolution": 90,
    "BodyPartExamined": "HEAD",
    "ConsistencyInfo": "N4_VE11C_LATEST_20160120",
    "ConversionSoftware": "dcm2niix",
    "ConversionSoftwareVersion": "v1.0.20190902",
    "DerivedVendorReportedEchoSpacing": 0.000590012,
    "DeviceSerialNumber": "67064",
    "DwellTime": 2.5e-06,
    "EchoTime": 0.033,
    "EchoTrainLength": 90,
    "EffectiveEchoSpacing": 0.000590012,
    "FlipAngle": 63,
    "ImageComments": "Unaliased_MB4_PE3_LB",
    "ImageOrientationPatientDICOM": [
      0.999925,
      -0.0110936,
      -0.00521646,
      0.00767907,
      0.89852,
      -0.438866
    ],
    "ImageType": [
      "ORIGINAL",
      "PRIMARY",
      "M",
      "MB",
      "ND",
      "MOSAIC"
    ],
    "ImagingFrequency": 123.247,
    "InPlanePhaseEncodingDirectionDICOM": "COL",
    "InstitutionAddress": "Scott_Ave_4525_St._Louis_MO_US_63110",
    "InstitutionName": "Washington_University",
    "InstitutionalDepartmentName": "Department",
    "MRAcquisitionType": "2D",
    "MagneticFieldStrength": 3,
    "Manufacturer": "Siemens",
    "ManufacturersModelName": "Prisma_fit",
    "Modality": "MR",
    "MultibandAccelerationFactor": 4,
    "PartialFourier": 1,
    "PatientPosition": "HFS",
    "PercentPhaseFOV": 100,
    "PhaseEncodingDirection": "j-",
    "PhaseEncodingSteps": 90,
    "PhaseResolution": 1,
    "PixelBandwidth": 2220,
    "ProcedureStepDescription": "head_Braver",
    "ProtocolName": "tfMRI_StroopBas1_AP",
    "PulseSequenceDetails": "%CustomerSeq%_cmrr_mbep2d_bold",
    "ReceiveCoilActiveElements": "HEA;HEP",
    "ReceiveCoilName": "Head_32",
    "ReconMatrixPE": 90,
    "RepetitionTime": 1.2,
    "SAR": 0.0844201,
    "ScanOptions": "FS_EXT",
    "ScanningSequence": "EP",
    "SequenceName": "epfid2d1_90",
    "SequenceVariant": "SK_SS",
    "SeriesDescription": "tfMRI_StroopBas1_AP",
    "SeriesNumber": 53,
    "ShimSetting": [
      -2020,
      -11524,
      5839,
      301,
      93,
      -32,
      189,
      -48
    ],
    "SliceThickness": 2.4,
    "SliceTiming": [
      0,
      0.63,
      0.0775,
      0.7075,
      0.1575,
      0.7875,
      0.235,
      0.865,
      0.315,
      0.945,
      0.3925,
      1.0225,
      0.4725,
      1.1,
      0.55,
      0,
      0.63,
      0.0775,
      0.7075,
      0.1575,
      0.7875,
      0.235,
      0.865,
      0.315,
      0.945,
      0.3925,
      1.0225,
      0.4725,
      1.1,
      0.55,
      0,
      0.63,
      0.0775,
      0.7075,
      0.1575,
      0.7875,
      0.235,
      0.865,
      0.315,
      0.945,
      0.3925,
      1.0225,
      0.4725,
      1.1,
      0.55,
      0,
      0.63,
      0.0775,
      0.7075,
      0.1575,
      0.7875,
      0.235,
      0.865,
      0.315,
      0.945,
      0.3925,
      1.0225,
      0.4725,
      1.1,
      0.55
    ],
    "SoftwareVersions": "syngo_MR_E11",
    "SpacingBetweenSlices": 2.4,
    "StationName": "MRC35177",
    "TaskName": "Stroop",
    "TotalReadoutTime": 0.0525111,
    "TxRefAmp": 274.792,
    "VendorReportedEchoSpacing": 0.00059,
    "WipMemBlock": "0d09131b-907a-4043-ade9-3fdaf62fe3a2||Sequence: ve11c/master r/b8bea8f; Mar  2 2017 16:56:44 by eja",
    "acq_id": "mb4AP",
    "dataset": "ds003465",
    "modality": "bold",
    "run_id": 1,
    "session_id": "wave1bas",
    "subject_id": "f2157me",
    "task_id": "Stroop"
  },
  "dummy_trs": 0,
  "dvars_nstd": 54.82558440098331,
  "dvars_std": 1.0660771835250473,
  "dvars_vstd": 0.9518269665120588,
  "efc": 0.5151655228757129,
  "fber": 719.1766967773438,
  "fd_mean": 0.4782987661215483,
  "fd_num": 453,
  "fd_perc": 83.88888888888889,
  "fwhm_avg": 3.021084705813788,
  "fwhm_x": 2.8155957214516114,
  "fwhm_y": 3.1178748761067836,
  "fwhm_z": 3.129783519882968,
  "gcor": 0.0508581,
  "gsr_x": -0.02279958501458168,
  "gsr_y": 0.09941940009593964,
  "provenance": {
    "md5sum": "cebca7dc27fbbd0ef66d402e763f353a",
    "settings": {
      "fd_thres": 0.2,
      "testing": false
    },
    "software": "mriqc",
    "version": "22.0.6",
    "webapi_port": null,
    "webapi_url": "https://mriqc.nimh.nih.gov/api/v1"
  },
  "size_t": 540,
  "size_x": 90,
  "size_y": 90,
  "size_z": 60,
  "snr": 2.4898464231771684,
  "spacing_tr": 1.2000000476837158,
  "spacing_x": 2.4000000953674316,
  "spacing_y": 2.4000000953674316,
  "spacing_z": 2.3999998569488525,
  "summary_bg_k": 32.31779991440705,
  "summary_bg_mad": 65.43492355349896,
  "summary_bg_mean": 377.0082092285156,
  "summary_bg_median": 152.64443969726562,
  "summary_bg_n": 332617.0,
  "summary_bg_p05": 104.174072265625,
  "summary_bg_p95": 1465.4644042968753,
  "summary_bg_stdv": 597.5557861328125,
  "summary_fg_k": 1.8272389520523236,
  "summary_fg_mad": 1573.861886898792,
  "summary_fg_mean": 4444.87451171875,
  "summary_fg_median": 4177.822265625,
  "summary_fg_n": 80601.0,
  "summary_fg_p05": 2280.20361328125,
  "summary_fg_p95": 7521.8681640625,
  "summary_fg_stdv": 1677.933349609375,
  "tsnr": 23.817704732413404
}