{
  "aor": 0.0040523230769230765,
  "aqi": 0.007898001092307691,
  "bids_meta": {
    "AcquisitionMatrixPE": 90,
    "AcquisitionNumber": 1,
    "AcquisitionTime": "16:25:37.222500",
    "BandwidthPerPixelPhaseEncode": 18.832,
    "BaseResolution": 90,
    "BodyPartExamined": "HEAD",
    "ConsistencyInfo": "N4_VE11C_LATEST_20160120",
    "ConversionSoftware": "dcm2niix",
    "ConversionSoftwareVersion": "v1.0.20190902",
    "DerivedVendorReportedEchoSpacing": 0.000590012,
    "DeviceSerialNumber": "67064",
    "DwellTime": 2.5e-06,
    "EchoTime": 0.033,
    "EchoTrainLength": 90,
    "EffectiveEchoSpacing": 0.000590012,
    "FlipAngle": 63,
    "ImageComments": "Unaliased_MB4_PE3_LB",
    "ImageOrientationPatientDICOM": [
      0.999709,
      0.000181117,
      0.0241246,
      0.0122144,
      0.858539,
      -0.512602
    ],
    "ImageType": [
      "ORIGINAL",
      "PRIMARY",
      "M",
      "MB",
      "ND",
      "MOSAIC"
    ],
    "ImagingFrequency": 123.247,
    "InPlanePhaseEncodingDirectionDICOM": "COL",
    "InstitutionAddress": "Scott_Ave_4525_St._Louis_MO_US_63110",
    "InstitutionName": "Washington_University",
    "InstitutionalDepartmentName": "Department",
    "MRAcquisitionType": "2D",
    "MagneticFieldStrength": 3,
    "Manufacturer": "Siemens",
    "ManufacturersModelName": "Prisma_fit",
    "Modality": "MR",
    "MultibandAccelerationFactor": 4,
    "PartialFourier": 1,
    "PatientPosition": "HFS",
    "PercentPhaseFOV": 100,
    "PhaseEncodingDirection": "j",
    "PhaseEncodingSteps": 90,
    "PhaseResolution": 1,
    "PixelBandwidth": 2220,
    "ProcedureStepDescription": "head_Braver",
    "ProtocolName": "tfMRI_CuedtsBas2_PA",
    "PulseSequenceDetails": "%CustomerSeq%_cmrr_mbep2d_bold",
    "ReceiveCoilActiveElements": "HEA;HEP",
    "ReceiveCoilName": "Head_32",
    "ReconMatrixPE": 90,
    "RepetitionTime": 1.2,
    "SAR": 0.0790704,
    "ScanOptions": "FS_EXT",
    "ScanningSequence": "EP",
    "SequenceName": "epfid2d1_90",
    "SequenceVariant": "SK_SS",
    "SeriesDescription": "tfMRI_CuedtsBas2_PA",
    "SeriesNumber": 22,
    "ShimSetting": [
      -2014,
      -11493,
      5849,
      354,
      -31,
      14,
      118,
      -40
    ],
    "SliceThickness": 2.4,
    "SliceTiming": [
      0,
      0.63,
      0.0775,
      0.7075,
      0.1575,
      0.7875,
      0.235,
      0.865,
      0.315,
      0.945,
      0.3925,
      1.0225,
      0.4725,
      1.1025,
      0.55,
      0,
      0.63,
      0.0775,
      0.7075,
      0.1575,
      0.7875,
      0.235,
      0.865,
      0.315,
      0.945,
      0.3925,
      1.0225,
      0.4725,
      1.1025,
      0.55,
      0,
      0.63,
      0.0775,
      0.7075,
      0.1575,
      0.7875,
      0.235,
      0.865,
      0.315,
      0.945,
      0.3925,
      1.0225,
      0.4725,
      1.1025,
      0.55,
      0,
      0.63,
      0.0775,
      0.7075,
      0.1575,
      0.7875,
      0.235,
      0.865,
      0.315,
      0.945,
      0.3925,
      1.0225,
      0.4725,
      1.1025,
      0.55
    ],
    "SoftwareVersions": "syngo_MR_E11",
    "SpacingBetweenSlices": 2.4,
    "StationName": "MRC35177",
    "TaskName": "Cuedts",
    "TotalReadoutTime": 0.0525111,
    "TxRefAmp": 268.589,
    "VendorReportedEchoSpacing": 0.00059,
    "WipMemBlock": "10532841-8f2a-42d6-8ddb-f9e3bf8b674f||Sequence: ve11c/master r/b8bea8f; Mar  2 2017 16:56:44 by eja",
    "acq_id": "mb4PA",
    "dataset": "ds003465",
    "modality": "bold",
    "run_id": 2,
    "session_id": "wave1bas",
    "subject_id": "f2157me",
    "task_id": "Cuedts"
  },
  "dummy_trs": 0,
  "dvars_nstd": 34.13258935788907,
  "dvars_std": 1.1070272552696452,
  "dvars_vstd": 1.0117614869953762,
  "efc": 0.5104838829620718,
  "fber": 755.2647094726562,
  "fd_mean": 0.28477008580090235,
  "fd_num": 439,
  "fd_perc": 67.53846153846153,
  "fwhm_avg": 2.946348494033741,
  "fwhm_x": 2.779004056238967,
  "fwhm_y": 2.9920457144401187,
  "fwhm_z": 3.067995711422137,
  "gcor": 0.0133685,
  "gsr_x": -0.021361274644732475,
  "gsr_y": 0.06025820970535278,
  "provenance": {
    "md5sum": "aa49a95376d33622ccdbd25508301ee6",
    "settings": {
      "fd_thres": 0.2,
      "testing": false
    },
    "software": "mriqc",
    "version": "22.0.6",
    "webapi_port": null,
    "webapi_url": "https://mriqc.nimh.nih.gov/api/v1"
  },
  "size_t": 650,
  "size_x": 90,
  "size_y": 90,
  "size_z": 60,
  "snr": 2.4736385576238638,
  "spacing_tr": 1.2000000476837158,
  "spacing_x": 2.4000000953674316,
  "spacing_y": 2.4000000953674316,
  "spacing_z": 2.4000000953674316,
  "summary_bg_k": 46.198431193626625,
  "summary_bg_mad": 73.74234628712252,
  "summary_bg_mean": 404.2643127441406,
  "summary_bg_median": 160.8046112060547,
  "summary_bg_n": 333382.0,
  "summary_bg_p05": 106.6462329864502,
  "summary_bg_p95": 1658.5578247070318,
  "summary_bg_stdv": 633.5175170898438,
  "summary_fg_k": 0.5385596838926525,
  "summary_fg_mad": 1788.2381683028493,
  "summary_fg_mean": 4802.45947265625,
  "summary_fg_median": 4513.099609375,
  "summary_fg_n": 79190.0,
  "summary_fg_p05": 2398.6863403320312,
  "summary_fg_p95": 8225.782910156251,
  "summary_fg_stdv": 1824.4666748046875,
  "tsnr": 37.39390141132753
}