{
  "aor": 0.0030843624161073823,
  "aqi": 0.011746021124161074,
  "bids_meta": {
    "AcquisitionMatrixPE": 90,
    "AcquisitionNumber": 1,
    "AcquisitionTime": "17:49:3.452500",
    "BandwidthPerPixelPhaseEncode": 18.832,
    "BaseResolution": 90,
    "BodyPartExamined": "HEAD",
    "ConsistencyInfo": "N4_VE11C_LATEST_20160120",
    "ConversionSoftware": "dcm2niix",
    "ConversionSoftwareVersion": "v1.0.20190902",
    "DerivedVendorReportedEchoSpacing": 0.000590012,
    "DeviceSerialNumber": "67064",
    "DwellTime": 2.5e-06,
    "EchoTime": 0.033,
    "EchoTrainLength": 90,
    "EffectiveEchoSpacing": 0.000590012,
    "FlipAngle": 63,
    "ImageComments": "Unaliased_MB4_PE3_LB",
    "ImageOrientationPatientDICOM": [
      0.999925,
      -0.0110936,
      -0.00521646,
      0.00767907,
      0.89852,
      -0.438866
    ],
    "ImageType": [
      "ORIGINAL",
      "PRIMARY",
      "M",
      "MB",
      "ND",
      "MOSAIC"
    ],
    "ImagingFrequency": 123.247,
    "InPlanePhaseEncodingDirectionDICOM": "COL",
    "InstitutionAddress": "Scott_Ave_4525_St._Louis_MO_US_63110",
    "InstitutionName": "Washington_University",
    "InstitutionalDepartmentName": "Department",
    "MRAcquisitionType": "2D",
    "MagneticFieldStrength": 3,
    "Manufacturer": "Siemens",
    "ManufacturersModelName": "Prisma_fit",
    "Modality": "MR",
    "MultibandAccelerationFactor": 4,
    "PartialFourier": 1,
    "PatientPosition": "HFS",
    "PercentPhaseFOV": 100,
    "PhaseEncodingDirection": "j",
    "PhaseEncodingSteps": 90,
    "PhaseResolution": 1,
    "PixelBandwidth": 2220,
    "ProcedureStepDescription": "head_Braver",
    "ProtocolName": "tfMRI_SternBas2_PA",
    "PulseSequenceDetails": "%CustomerSeq%_cmrr_mbep2d_bold",
    "ReceiveCoilActiveElements": "HEA;HEP",
    "ReceiveCoilName": "Head_32",
    "ReconMatrixPE": 90,
    "RepetitionTime": 1.2,
    "SAR": 0.0844568,
    "ScanOptions": "FS_EXT",
    "ScanningSequence": "EP",
    "SequenceName": "epfid2d1_90",
    "SequenceVariant": "SK_SS",
    "SeriesDescription": "tfMRI_SternBas2_PA",
    "SeriesNumber": 47,
    "ShimSetting": [
      -2020,
      -11524,
      5839,
      301,
      93,
      -32,
      189,
      -48
    ],
    "SliceThickness": 2.4,
    "SliceTiming": [
      0,
      0.63,
      0.08,
      0.7075,
      0.1575,
      0.7875,
      0.235,
      0.865,
      0.315,
      0.945,
      0.3925,
      1.0225,
      0.4725,
      1.1025,
      0.55,
      0,
      0.63,
      0.08,
      0.7075,
      0.1575,
      0.7875,
      0.235,
      0.865,
      0.315,
      0.945,
      0.3925,
      1.0225,
      0.4725,
      1.1025,
      0.55,
      0,
      0.63,
      0.08,
      0.7075,
      0.1575,
      0.7875,
      0.235,
      0.865,
      0.315,
      0.945,
      0.3925,
      1.0225,
      0.4725,
      1.1025,
      0.55,
      0,
      0.63,
      0.08,
      0.7075,
      0.1575,
      0.7875,
      0.235,
      0.865,
      0.315,
      0.945,
      0.3925,
      1.0225,
      0.4725,
      1.1025,
      0.55
    ],
    "SoftwareVersions": "syngo_MR_E11",
    "SpacingBetweenSlices": 2.4,
    "StationName": "MRC35177",
    "TaskName": "Stern",
    "TotalReadoutTime": 0.0525111,
    "TxRefAmp": 274.792,
    "VendorReportedEchoSpacing": 0.00059,
    "WipMemBlock": "03206f43-63d3-4c46-8aa4-f32d229c6e91||Sequence: ve11c/master r/b8bea8f; Mar  2 2017 16:56:44 by eja",
    "acq_id": "mb4PA",
    "dataset": "ds003465",
    "modality": "bold",
    "run_id": 2,
    "session_id": "wave1bas",
    "subject_id": "f2157me",
    "task_id": "Stern"
  },
  "dummy_trs": 4,
  "dvars_nstd": 38.597657144453784,
  "dvars_std": 1.0777491798487402,
  "dvars_vstd": 0.9683116282352942,
  "efc": 0.5102042319775363,
  "fber": 732.3966674804688,
  "fd_mean": 0.3405663253500222,
  "fd_num": 450,
  "fd_perc": 75.50335570469798,
  "fwhm_avg": 2.88442637633842,
  "fwhm_x": 2.7657082234339625,
  "fwhm_y": 2.80527072186189,
  "fwhm_z": 3.0823001837194077,
  "gcor": 0.0103774,
  "gsr_x": -0.016652202233672142,
  "gsr_y": 0.07058051228523254,
  "provenance": {
    "md5sum": "fdc69d9b5e49755588148dfeaf310ea5",
    "settings": {
      "fd_thres": 0.2,
      "testing": false
    },
    "software": "mriqc",
    "version": "22.0.6",
    "webapi_port": null,
    "webapi_url": "https://mriqc.nimh.nih.gov/api/v1"
  },
  "size_t": 596,
  "size_x": 90,
  "size_y": 90,
  "size_z": 60,
  "snr": 2.3592560979361643,
  "spacing_tr": 1.2000000476837158,
  "spacing_x": 2.4000000953674316,
  "spacing_y": 2.4000000953674316,
  "spacing_z": 2.3999998569488525,
  "summary_bg_k": 49.13167145759377,
  "summary_bg_mad": 67.16734840840223,
  "summary_bg_mean": 394.5063171386719,
  "summary_bg_median": 152.7432861328125,
  "summary_bg_n": 335094.0,
  "summary_bg_p05": 102.96308898925781,
  "summary_bg_p95": 1605.9969787597636,
  "summary_bg_stdv": 650.159912109375,
  "summary_fg_k": 4.240309530640498,
  "summary_fg_mad": 1574.3744271188614,
  "summary_fg_mean": 4476.95068359375,
  "summary_fg_median": 4183.3046875,
  "summary_fg_n": 78802.0,
  "summary_fg_p05": 2295.951513671875,
  "summary_fg_p95": 7626.870654296874,
  "summary_fg_stdv": 1773.1343994140625,
  "tsnr": 33.37417369778268
}