{
  "aor": 0.0008073622704507513,
  "aqi": 0.00817079996661102,
  "bids_meta": {
    "AcquisitionMatrixPE": 90,
    "AcquisitionNumber": 1,
    "AcquisitionTime": "14:34:0.282500",
    "BandwidthPerPixelPhaseEncode": 18.832,
    "BaseResolution": 90,
    "BodyPartExamined": "HEAD",
    "ConsistencyInfo": "N4_VE11C_LATEST_20160120",
    "ConversionSoftware": "dcm2niix",
    "ConversionSoftwareVersion": "v1.0.20190902",
    "DerivedVendorReportedEchoSpacing": 0.000590012,
    "DeviceSerialNumber": "67064",
    "DwellTime": 2.5e-06,
    "EchoTime": 0.033,
    "EchoTrainLength": 90,
    "EffectiveEchoSpacing": 0.000590012,
    "FlipAngle": 63,
    "ImageComments": "Unaliased_MB4_PE3_LB",
    "ImageOrientationPatientDICOM": [
      0.998631,
      0.00993335,
      0.0513569,
      0.00749476,
      0.944502,
      -0.328419
    ],
    "ImageType": [
      "ORIGINAL",
      "PRIMARY",
      "M",
      "MB",
      "ND",
      "MOSAIC"
    ],
    "ImagingFrequency": 123.247,
    "InPlanePhaseEncodingDirectionDICOM": "COL",
    "InstitutionAddress": "Scott_Ave_4525_St._Louis_MO_US_63110",
    "InstitutionName": "Washington_University",
    "InstitutionalDepartmentName": "Department",
    "MRAcquisitionType": "2D",
    "MagneticFieldStrength": 3,
    "Manufacturer": "Siemens",
    "ManufacturersModelName": "Prisma_fit",
    "Modality": "MR",
    "MultibandAccelerationFactor": 4,
    "PartialFourier": 1,
    "PatientPosition": "HFS",
    "PercentPhaseFOV": 100,
    "PhaseEncodingDirection": "j-",
    "PhaseEncodingSteps": 90,
    "PhaseResolution": 1,
    "PixelBandwidth": 2220,
    "ProcedureStepDescription": "head_Braver",
    "ProtocolName": "tfMRI_SternBas1_AP",
    "PulseSequenceDetails": "%CustomerSeq%_cmrr_mbep2d_bold",
    "ReceiveCoilActiveElements": "HEA;HEP",
    "ReceiveCoilName": "Head_32",
    "ReconMatrixPE": 90,
    "RepetitionTime": 1.2,
    "SAR": 0.0739607,
    "ScanOptions": "FS_EXT",
    "ScanningSequence": "EP",
    "SequenceName": "epfid2d1_90",
    "SequenceVariant": "SK_SS",
    "SeriesDescription": "tfMRI_SternBas1_AP",
    "SeriesNumber": 19,
    "ShimSetting": [
      -1952,
      -11310,
      5690,
      465,
      203,
      782,
      157,
      -92
    ],
    "SliceThickness": 2.4,
    "SliceTiming": [
      0,
      0.63,
      0.08,
      0.71,
      0.1575,
      0.7875,
      0.2375,
      0.865,
      0.315,
      0.945,
      0.395,
      1.0225,
      0.4725,
      1.1025,
      0.5525,
      0,
      0.63,
      0.08,
      0.71,
      0.1575,
      0.7875,
      0.2375,
      0.865,
      0.315,
      0.945,
      0.395,
      1.0225,
      0.4725,
      1.1025,
      0.5525,
      0,
      0.63,
      0.08,
      0.71,
      0.1575,
      0.7875,
      0.2375,
      0.865,
      0.315,
      0.945,
      0.395,
      1.0225,
      0.4725,
      1.1025,
      0.5525,
      0,
      0.63,
      0.08,
      0.71,
      0.1575,
      0.7875,
      0.2375,
      0.865,
      0.315,
      0.945,
      0.395,
      1.0225,
      0.4725,
      1.1025,
      0.5525
    ],
    "SoftwareVersions": "syngo_MR_E11",
    "SpacingBetweenSlices": 2.4,
    "StationName": "MRC35177",
    "TaskName": "Stern",
    "TotalReadoutTime": 0.0525111,
    "TxRefAmp": 220.518,
    "VendorReportedEchoSpacing": 0.00059,
    "WipMemBlock": "f367097c-c6f2-49ac-9c88-b8ee13c13323||Sequence: R016 ve11c/master r/e634e98; Dec 19 2017 11:00:25 by eja",
    "acq_id": "mb4AP",
    "dataset": "ds003465",
    "modality": "bold",
    "run_id": 1,
    "session_id": "wave1bas",
    "subject_id": "f1027ao",
    "task_id": "Stern"
  },
  "dummy_trs": 1,
  "dvars_nstd": 29.24013778897993,
  "dvars_std": 1.1047996774247488,
  "dvars_vstd": 0.9495585771237465,
  "efc": 0.48444012798853925,
  "fber": 1170.0262451171875,
  "fd_mean": 0.13331678951689507,
  "fd_num": 62,
  "fd_perc": 10.35058430717863,
  "fwhm_avg": 2.759294429032124,
  "fwhm_x": 2.611695729553869,
  "fwhm_y": 2.8204707212578963,
  "fwhm_z": 2.8457168362846077,
  "gcor": 0.00502955,
  "gsr_x": -0.019434908404946327,
  "gsr_y": 0.05463802441954613,
  "provenance": {
    "md5sum": "221a550b8933d379a1d1a10c39cc7b67",
    "settings": {
      "fd_thres": 0.2,
      "testing": false
    },
    "software": "mriqc",
    "version": "22.0.6",
    "webapi_port": null,
    "webapi_url": "https://mriqc.nimh.nih.gov/api/v1"
  },
  "size_t": 599,
  "size_x": 90,
  "size_y": 90,
  "size_z": 60,
  "snr": 3.0713181181642395,
  "spacing_tr": 1.2000000476837158,
  "spacing_x": 2.4000000953674316,
  "spacing_y": 2.4000000953674316,
  "spacing_z": 2.3999998569488525,
  "summary_bg_k": 33.55865905053501,
  "summary_bg_mad": 35.65298521231599,
  "summary_bg_mean": 262.4574279785156,
  "summary_bg_median": 125.08430480957031,
  "summary_bg_n": 338430.0,
  "summary_bg_p05": 97.38972892761231,
  "summary_bg_p95": 947.330166625975,
  "summary_bg_stdv": 392.5156555175781,
  "summary_fg_k": 1.208842762204278,
  "summary_fg_mad": 1270.9535125452821,
  "summary_fg_mean": 4603.2197265625,
  "summary_fg_median": 4378.5205078125,
  "summary_fg_n": 74903.0,
  "summary_fg_p05": 2695.8043212890625,
  "summary_fg_p95": 7326.683935546873,
  "summary_fg_stdv": 1425.6065673828125,
  "tsnr": 43.29148281016387
}