{
  "bids_meta": {
    "AcquisitionMatrixPE": 300,
    "AcquisitionNumber": 1,
    "AcquisitionTime": "09:33:20.140000",
    "BaseResolution": 320,
    "BodyPartExamined": "HEAD",
    "ConsistencyInfo": "N4_VE11C_LATEST_20160120",
    "ConversionSoftware": "dcm2niix",
    "ConversionSoftwareVersion": "v1.0.20190902",
    "DeviceSerialNumber": "67064",
    "DwellTime": 7.1e-06,
    "EchoTime": 0.00222,
    "FlipAngle": 8,
    "ImageOrientationPatientDICOM": [
      -0.00562677,
      0.983253,
      -0.182161,
      -0.0517206,
      -0.182207,
      -0.981899
    ],
    "ImageType": [
      "ORIGINAL",
      "PRIMARY",
      "M",
      "ND"
    ],
    "ImagingFrequency": 123.247,
    "InPlanePhaseEncodingDirectionDICOM": "ROW",
    "InstitutionAddress": "Scott_Ave_4525_St._Louis_MO_US_63110",
    "InstitutionName": "Washington_University",
    "InstitutionalDepartmentName": "Department",
    "InversionTime": 1,
    "MRAcquisitionType": "3D",
    "MagneticFieldStrength": 3,
    "Manufacturer": "Siemens",
    "ManufacturersModelName": "Prisma_fit",
    "Modality": "MR",
    "ParallelReductionFactorInPlane": 2,
    "PartialFourier": 1,
    "PatientPosition": "HFS",
    "PercentPhaseFOV": 93.75,
    "PhaseEncodingSteps": 299,
    "PhaseResolution": 1,
    "PixelBandwidth": 220,
    "ProcedureStepDescription": "head_Braver",
    "ProtocolName": "T1w_MPR",
    "PulseSequenceDetails": "%SiemensSeq%_tfl",
    "ReceiveCoilActiveElements": "HEA;HEP",
    "ReceiveCoilName": "Head_32",
    "ReconMatrixPE": 300,
    "RefLinesPE": 32,
    "RepetitionTime": 2.4,
    "SAR": 0.0372979,
    "ScanOptions": "IR_WE",
    "ScanningSequence": "GR_IR",
    "SequenceName": "_tfl3d1_16ns",
    "SequenceVariant": "SK_SP_MP",
    "SeriesDescription": "T1w_MPR",
    "SeriesNumber": 11,
    "ShimSetting": [
      -1997,
      -11461,
      5802,
      455,
      46,
      258,
      -83,
      16
    ],
    "SliceThickness": 0.8,
    "SoftwareVersions": "syngo_MR_E11",
    "StationName": "MRC35177",
    "TxRefAmp": 227.258,
    "dataset": "ds003465",
    "modality": "T1w",
    "session_id": "wave1bas",
    "subject_id": "f6464bf"
  },
  "cjv": 0.4763278522743641,
  "cnr": 2.8382953217865734,
  "efc": 0.5025259477305367,
  "fber": 22441.342627599242,
  "fwhm_avg": 4.758441710996634,
  "fwhm_x": 4.640025276567058,
  "fwhm_y": 4.668237430437841,
  "fwhm_z": 4.967062425985002,
  "icvs_csf": 0.1799829180546367,
  "icvs_gm": 0.40304006006616966,
  "icvs_wm": 0.4169770218791936,
  "inu_med": 0.785055935382843,
  "inu_range": 0.6294455528259275,
  "provenance": {
    "md5sum": "c85e1514331f050549c7b1b9b4608c6e",
    "settings": {
      "testing": false
    },
    "software": "mriqc",
    "version": "22.0.6",
    "warnings": {
      "large_rot_frame": true,
      "small_air_mask": false
    },
    "webapi_port": null,
    "webapi_url": "https://mriqc.nimh.nih.gov/api/v1"
  },
  "qi_1": 0.0,
  "qi_2": 0.0018702832244644673,
  "rpve_csf": 28.311988249889485,
  "rpve_gm": 13.038058595180255,
  "rpve_wm": 14.467350100922586,
  "size_x": 208,
  "size_y": 300,
  "size_z": 320,
  "snr_csf": 2.9158801546723434,
  "snr_gm": 13.775763847722667,
  "snr_total": 11.501620183145816,
  "snr_wm": 17.813216547042433,
  "snrd_csf": 33.81206742118447,
  "snrd_gm": 87.72980164087534,
  "snrd_total": 78.34715713490569,
  "snrd_wm": 113.49960234265725,
  "spacing_x": 0.7999999523162842,
  "spacing_y": 0.800000011920929,
  "spacing_z": 0.800000011920929,
  "summary_bg_k": 5.4743823413935075,
  "summary_bg_mad": 5.772555492290684,
  "summary_bg_mean": 7.123924353733564,
  "summary_bg_median": 3.893529511988163,
  "summary_bg_n": 6786684.0,
  "summary_bg_p05": 0.0,
  "summary_bg_p95": 27.148519415408373,
  "summary_bg_stdv": 9.969421834496462,
  "summary_csf_k": 1.8982287769248147,
  "summary_csf_mad": 73.04906586607848,
  "summary_csf_mean": 311.06068311036785,
  "summary_csf_median": 297.925799112767,
  "summary_csf_n": 75383.0,
  "summary_csf_p05": 164.69983792938294,
  "summary_csf_p95": 509.7302649926392,
  "summary_csf_stdv": 102.17286281400101,
  "summary_gm_k": 0.2100357576174452,
  "summary_gm_mad": 54.89175495396414,
  "summary_gm_mean": 773.7128021119358,
  "summary_gm_median": 773.0071910209954,
  "summary_gm_n": 63527.0,
  "summary_gm_p05": 682.1109747774899,
  "summary_gm_p95": 866.7350650914013,
  "summary_gm_stdv": 56.113121236538795,
  "summary_wm_k": 0.42721886019321387,
  "summary_wm_mad": 53.26494386068222,
  "summary_wm_mean": 1005.7378764226659,
  "summary_wm_median": 1000.0707530155778,
  "summary_wm_n": 466895.0,
  "summary_wm_p05": 923.509804520756,
  "summary_wm_p95": 1108.2754777260125,
  "summary_wm_stdv": 56.14200441529383,
  "tpm_overlap_csf": 0.13879171286874487,
  "tpm_overlap_gm": 0.44056257395503023,
  "tpm_overlap_wm": 0.4985830466933717,
  "wm2max": 0.666100847937122
}