{
  "bids_meta": {
    "AcquisitionMatrixPE": 300,
    "AcquisitionNumber": 1,
    "AcquisitionTime": "09:40:25.982500",
    "BaseResolution": 320,
    "BodyPartExamined": "HEAD",
    "ConsistencyInfo": "N4_VE11C_LATEST_20160120",
    "ConversionSoftware": "dcm2niix",
    "ConversionSoftwareVersion": "v1.0.20190902",
    "DeviceSerialNumber": "67064",
    "DwellTime": 2.1e-06,
    "EchoTime": 0.563,
    "EchoTrainLength": 314,
    "FlipAngle": 120,
    "ImageOrientationPatientDICOM": [
      -0.00562677,
      0.983253,
      -0.182161,
      -0.0517206,
      -0.182207,
      -0.981899
    ],
    "ImageType": [
      "ORIGINAL",
      "PRIMARY",
      "M",
      "ND"
    ],
    "ImagingFrequency": 123.247,
    "InPlanePhaseEncodingDirectionDICOM": "ROW",
    "InstitutionAddress": "Scott_Ave_4525_St._Louis_MO_US_63110",
    "InstitutionName": "Washington_University",
    "InstitutionalDepartmentName": "Department",
    "MRAcquisitionType": "3D",
    "MagneticFieldStrength": 3,
    "Manufacturer": "Siemens",
    "ManufacturersModelName": "Prisma_fit",
    "Modality": "MR",
    "ParallelReductionFactorInPlane": 2,
    "PartialFourier": 1,
    "PatientPosition": "HFS",
    "PercentPhaseFOV": 93.75,
    "PhaseEncodingSteps": 297,
    "PhaseResolution": 1,
    "PixelBandwidth": 745,
    "ProcedureStepDescription": "head_Braver",
    "ProtocolName": "T2w_SPC",
    "PulseSequenceDetails": "%SiemensSeq%_tse_vfl",
    "ReceiveCoilActiveElements": "HEA;HEP",
    "ReceiveCoilName": "Head_32",
    "ReconMatrixPE": 300,
    "RefLinesPE": 32,
    "RepetitionTime": 3.2,
    "SAR": 0.125491,
    "ScanOptions": "PFP",
    "ScanningSequence": "SE",
    "SequenceName": "_spc_314ns",
    "SequenceVariant": "SK_SP",
    "SeriesDescription": "T2w_SPC",
    "SeriesNumber": 13,
    "ShimSetting": [
      -1997,
      -11461,
      5802,
      455,
      46,
      258,
      -83,
      16
    ],
    "SliceThickness": 0.8,
    "SoftwareVersions": "syngo_MR_E11",
    "StationName": "MRC35177",
    "TxRefAmp": 227.258,
    "dataset": "ds003465",
    "modality": "T2w",
    "session_id": "wave1bas",
    "subject_id": "f6464bf"
  },
  "cjv": 0.33941997532701895,
  "cnr": 1.5292612500173823,
  "efc": 0.4871109136763619,
  "fber": 7305.975625,
  "fwhm_avg": 3.440979198221743,
  "fwhm_x": 3.335162698791188,
  "fwhm_y": 3.6100624462058772,
  "fwhm_z": 3.3777124496681625,
  "icvs_csf": 0.3865426383043949,
  "icvs_gm": 0.15337155763803223,
  "icvs_wm": 0.4600858040575729,
  "inu_med": 0.9594969153404236,
  "inu_range": 0.8082715153694151,
  "provenance": {
    "md5sum": "6c12b1dd4328a6c836ffc8246927f0b6",
    "settings": {
      "testing": false
    },
    "software": "mriqc",
    "version": "22.0.6",
    "warnings": {
      "large_rot_frame": true,
      "small_air_mask": false
    },
    "webapi_port": null,
    "webapi_url": "https://mriqc.nimh.nih.gov/api/v1"
  },
  "qi_1": 0.0006194770068170476,
  "qi_2": 0.0017579185575484445,
  "rpve_csf": 13.323093474068811,
  "rpve_gm": 38.46612556161219,
  "rpve_wm": 12.456353187247348,
  "size_x": 208,
  "size_y": 300,
  "size_z": 320,
  "snr_csf": 10.049203796959185,
  "snr_gm": 2.3763288662454465,
  "snr_total": 7.20551231505586,
  "snr_wm": 9.191004281962948,
  "snrd_csf": 67.55363154134245,
  "snrd_gm": 115.53954054634592,
  "snrd_total": 74.65257457244434,
  "snrd_wm": 40.864551629644616,
  "spacing_x": 0.7999999523162842,
  "spacing_y": 0.800000011920929,
  "spacing_z": 0.800000011920929,
  "summary_bg_k": 14.140138010120985,
  "summary_bg_mad": 16.033155518016155,
  "summary_bg_mean": 14.033648226005146,
  "summary_bg_median": 10.814199060201645,
  "summary_bg_n": 6782550.0,
  "summary_bg_p05": 0.0,
  "summary_bg_p95": 50.23117099702358,
  "summary_bg_stdv": 20.50132011270092,
  "summary_csf_k": 0.6422731420838268,
  "summary_csf_mad": 155.3357168665768,
  "summary_csf_mean": 1660.9449706739047,
  "summary_csf_median": 1653.240272268653,
  "summary_csf_n": 92836.0,
  "summary_csf_p05": 1404.8271489292383,
  "summary_csf_p95": 1940.9136400222778,
  "summary_csf_stdv": 164.513667108088,
  "summary_gm_k": -0.4655992842464247,
  "summary_gm_mad": 516.8949920264773,
  "summary_gm_mean": 2397.656444738029,
  "summary_gm_median": 2827.599599197507,
  "summary_gm_n": 77005.0,
  "summary_gm_p05": 122.4825589209795,
  "summary_gm_p95": 3948.201385870576,
  "summary_gm_stdv": 1189.8947487690386,
  "summary_wm_k": 0.6782132200854329,
  "summary_wm_mad": 103.40223486256795,
  "summary_wm_mean": 1003.9293875810785,
  "summary_wm_median": 1000.0783217847347,
  "summary_wm_n": 400592.0,
  "summary_wm_p05": 833.3202377259731,
  "summary_wm_p95": 1187.2109837830067,
  "summary_wm_stdv": 108.81042406824717,
  "tpm_overlap_csf": 0.11917751513643363,
  "tpm_overlap_gm": 0.08075149912029639,
  "tpm_overlap_wm": 0.47472770802886305,
  "wm2max": 0.27059920836054707
}