{
  "bids_meta": {
    "AcquisitionMatrixPE": 300,
    "AcquisitionNumber": 1,
    "AcquisitionTime": "13:33:27.155000",
    "BaseResolution": 320,
    "BodyPartExamined": "HEAD",
    "ConsistencyInfo": "N4_VE11C_LATEST_20160120",
    "ConversionSoftware": "dcm2niix",
    "ConversionSoftwareVersion": "v1.0.20190902",
    "DeviceSerialNumber": "67064",
    "DwellTime": 7.1e-06,
    "EchoTime": 0.00222,
    "FlipAngle": 8,
    "ImageOrientationPatientDICOM": [
      -0.00486906,
      0.996872,
      -0.0788832,
      -0.049548,
      -0.0790277,
      -0.99564
    ],
    "ImageType": [
      "ORIGINAL",
      "PRIMARY",
      "M",
      "ND"
    ],
    "ImagingFrequency": 123.247,
    "InPlanePhaseEncodingDirectionDICOM": "ROW",
    "InstitutionAddress": "Scott_Ave_4525_St._Louis_MO_US_63110",
    "InstitutionName": "Washington_University",
    "InstitutionalDepartmentName": "Department",
    "InversionTime": 1,
    "MRAcquisitionType": "3D",
    "MagneticFieldStrength": 3,
    "Manufacturer": "Siemens",
    "ManufacturersModelName": "Prisma_fit",
    "Modality": "MR",
    "ParallelReductionFactorInPlane": 2,
    "PartialFourier": 1,
    "PatientPosition": "HFS",
    "PercentPhaseFOV": 93.75,
    "PhaseEncodingSteps": 299,
    "PhaseResolution": 1,
    "PixelBandwidth": 220,
    "ProcedureStepDescription": "head_Braver",
    "ProtocolName": "T1w_MPR",
    "PulseSequenceDetails": "%SiemensSeq%_tfl",
    "ReceiveCoilActiveElements": "HEA;HEP",
    "ReceiveCoilName": "Head_32",
    "ReconMatrixPE": 300,
    "RefLinesPE": 32,
    "RepetitionTime": 2.4,
    "SAR": 0.0514856,
    "ScanOptions": "IR_WE",
    "ScanningSequence": "GR_IR",
    "SequenceName": "_tfl3d1_16ns",
    "SequenceVariant": "SK_SP_MP",
    "SeriesDescription": "T1w_MPR",
    "SeriesNumber": 11,
    "ShimSetting": [
      -2016,
      -11550,
      5806,
      592,
      33,
      25,
      -28,
      35
    ],
    "SliceThickness": 0.8,
    "SoftwareVersions": "syngo_MR_E11",
    "StationName": "MRC35177",
    "TxRefAmp": 222.003,
    "dataset": "ds003465",
    "modality": "T1w",
    "session_id": "wave1bas",
    "subject_id": "f1550bc"
  },
  "cjv": 0.5033685739567646,
  "cnr": 2.6168018331623437,
  "efc": 0.5253586799546078,
  "fber": 17879.51020408163,
  "fwhm_avg": 4.312620873770496,
  "fwhm_x": 4.215787751280532,
  "fwhm_y": 4.260074936519937,
  "fwhm_z": 4.461999933511019,
  "icvs_csf": 0.20521755825409393,
  "icvs_gm": 0.3996407995064821,
  "icvs_wm": 0.39514164223942394,
  "inu_med": 0.9977657198905945,
  "inu_range": 0.7041232287883757,
  "provenance": {
    "md5sum": "53f7260a02a69a91bb5d1704172abf65",
    "settings": {
      "testing": false
    },
    "software": "mriqc",
    "version": "22.0.6",
    "warnings": {
      "large_rot_frame": true,
      "small_air_mask": false
    },
    "webapi_port": null,
    "webapi_url": "https://mriqc.nimh.nih.gov/api/v1"
  },
  "qi_1": 0.0,
  "qi_2": 0.0012965176470431479,
  "rpve_csf": 27.14037890455776,
  "rpve_gm": 13.505320298356542,
  "rpve_wm": 15.345514293268861,
  "size_x": 208,
  "size_y": 300,
  "size_z": 320,
  "snr_csf": 3.1423599483796454,
  "snr_gm": 13.479801600078721,
  "snr_total": 10.13692728856172,
  "snr_wm": 13.788620317226796,
  "snrd_csf": 17.836282442738007,
  "snrd_gm": 44.01654915610584,
  "snrd_total": 39.97293593449553,
  "snrd_wm": 58.065976204642745,
  "spacing_x": 0.7999999523162842,
  "spacing_y": 0.800000011920929,
  "spacing_z": 0.800000011920929,
  "summary_bg_k": 6.935911050355262,
  "summary_bg_mad": 0.0,
  "summary_bg_mean": 7.825167808735745,
  "summary_bg_median": 0.0,
  "summary_bg_n": 7124397.0,
  "summary_bg_p05": 0.0,
  "summary_bg_p95": 30.133334062993526,
  "summary_bg_stdv": 11.283624129605455,
  "summary_csf_k": 4.4996358020374245,
  "summary_csf_mad": 70.63776074325027,
  "summary_csf_mean": 317.91263721693963,
  "summary_csf_median": 307.20000743865967,
  "summary_csf_n": 100661.0,
  "summary_csf_p05": 185.11111559346318,
  "summary_csf_p95": 496.80001202970743,
  "summary_csf_stdv": 97.76043692242487,
  "summary_gm_k": 0.11369278363548352,
  "summary_gm_mad": 56.04236521654324,
  "summary_gm_mean": 757.7551591245953,
  "summary_gm_median": 758.1111294683069,
  "summary_gm_n": 57112.0,
  "summary_gm_p05": 665.1111272163689,
  "summary_gm_p95": 849.2889094538987,
  "summary_gm_stdv": 56.240033412541706,
  "summary_wm_k": 0.7123739975628629,
  "summary_wm_mad": 65.76164666209306,
  "summary_wm_mean": 1011.6261454402323,
  "summary_wm_median": 1000.0889131054282,
  "summary_wm_n": 355541.0,
  "summary_wm_p05": 913.5111332312226,
  "summary_wm_p95": 1152.088916786015,
  "summary_wm_stdv": 72.52991841557717,
  "tpm_overlap_csf": 0.15223710513087876,
  "tpm_overlap_gm": 0.4310830966340081,
  "tpm_overlap_wm": 0.4647904058929679,
  "wm2max": 0.5248891937848116
}