{
  "aor": 0.006182153589315525,
  "aqi": 0.0079270332721202,
  "bids_meta": {
    "AcquisitionMatrixPE": 90,
    "AcquisitionNumber": 1,
    "AcquisitionTime": "15:47:19.282500",
    "BandwidthPerPixelPhaseEncode": 18.832,
    "BaseResolution": 90,
    "BodyPartExamined": "HEAD",
    "ConsistencyInfo": "N4_VE11C_LATEST_20160120",
    "ConversionSoftware": "dcm2niix",
    "ConversionSoftwareVersion": "v1.0.20190902",
    "DerivedVendorReportedEchoSpacing": 0.000590012,
    "DeviceSerialNumber": "67064",
    "DwellTime": 2.5e-06,
    "EchoTime": 0.033,
    "EchoTrainLength": 90,
    "EffectiveEchoSpacing": 0.000590012,
    "FlipAngle": 63,
    "ImageComments": "Unaliased_MB4_PE3_LB",
    "ImageOrientationPatientDICOM": [
      0.989764,
      -0.142673,
      -0.00352645,
      0.114695,
      0.80989,
      -0.575259
    ],
    "ImageType": [
      "ORIGINAL",
      "PRIMARY",
      "M",
      "MB",
      "ND",
      "MOSAIC"
    ],
    "ImagingFrequency": 123.247,
    "InPlanePhaseEncodingDirectionDICOM": "COL",
    "InstitutionAddress": "Scott_Ave_4525_St._Louis_MO_US_63110",
    "InstitutionName": "Washington_University",
    "InstitutionalDepartmentName": "Department",
    "MRAcquisitionType": "2D",
    "MagneticFieldStrength": 3,
    "Manufacturer": "Siemens",
    "ManufacturersModelName": "Prisma_fit",
    "Modality": "MR",
    "MultibandAccelerationFactor": 4,
    "PartialFourier": 1,
    "PatientPosition": "HFS",
    "PercentPhaseFOV": 100,
    "PhaseEncodingDirection": "j-",
    "PhaseEncodingSteps": 90,
    "PhaseResolution": 1,
    "PixelBandwidth": 2220,
    "ProcedureStepDescription": "head_Braver",
    "ProtocolName": "tfMRI_SternBas1_AP",
    "PulseSequenceDetails": "%CustomerSeq%_cmrr_mbep2d_bold",
    "ReceiveCoilActiveElements": "HEA;HEP",
    "ReceiveCoilName": "Head_32",
    "ReconMatrixPE": 90,
    "RepetitionTime": 1.2,
    "SAR": 0.0647414,
    "ScanOptions": "FS_EXT",
    "ScanningSequence": "EP",
    "SequenceName": "epfid2d1_90",
    "SequenceVariant": "SK_SS",
    "SeriesDescription": "tfMRI_SternBas1_AP",
    "SeriesNumber": 19,
    "ShimSetting": [
      -2015,
      -11412,
      5591,
      362,
      30,
      232,
      -263,
      13
    ],
    "SliceThickness": 2.4,
    "SliceTiming": [
      0,
      0.63,
      0.0775,
      0.7075,
      0.1575,
      0.785,
      0.235,
      0.865,
      0.315,
      0.9425,
      0.3925,
      1.0225,
      0.4725,
      1.1,
      0.55,
      0,
      0.63,
      0.0775,
      0.7075,
      0.1575,
      0.785,
      0.235,
      0.865,
      0.315,
      0.9425,
      0.3925,
      1.0225,
      0.4725,
      1.1,
      0.55,
      0,
      0.63,
      0.0775,
      0.7075,
      0.1575,
      0.785,
      0.235,
      0.865,
      0.315,
      0.9425,
      0.3925,
      1.0225,
      0.4725,
      1.1,
      0.55,
      0,
      0.63,
      0.0775,
      0.7075,
      0.1575,
      0.785,
      0.235,
      0.865,
      0.315,
      0.9425,
      0.3925,
      1.0225,
      0.4725,
      1.1,
      0.55
    ],
    "SoftwareVersions": "syngo_MR_E11",
    "SpacingBetweenSlices": 2.4,
    "StationName": "MRC35177",
    "TaskName": "Stern",
    "TotalReadoutTime": 0.0525111,
    "TxRefAmp": 235.467,
    "VendorReportedEchoSpacing": 0.00059,
    "WipMemBlock": "65e69665-6f34-4fe6-95c1-f3b232c21d66||Sequence: ve11c/master r/ab69a6c; Apr 19 2017 09:47:47 by eja",
    "acq_id": "mb4AP",
    "dataset": "ds003465",
    "modality": "bold",
    "run_id": 1,
    "session_id": "wave1bas",
    "subject_id": "f5094na",
    "task_id": "Stern"
  },
  "dummy_trs": 1,
  "dvars_nstd": 33.91335242724074,
  "dvars_std": 1.1991825592140475,
  "dvars_vstd": 1.0570898422408017,
  "efc": 0.5026266424365486,
  "fber": 917.3875122070312,
  "fd_mean": 0.18182045125330074,
  "fd_num": 247,
  "fd_perc": 41.235392320534224,
  "fwhm_avg": 2.9376971054886276,
  "fwhm_x": 2.7958207222373996,
  "fwhm_y": 2.9861832146730736,
  "fwhm_z": 3.031087379555409,
  "gcor": 0.00631659,
  "gsr_x": -0.015755360946059227,
  "gsr_y": 0.05944826453924179,
  "provenance": {
    "md5sum": "471c523752a03b27c7a15224fb5fcf21",
    "settings": {
      "fd_thres": 0.2,
      "testing": false
    },
    "software": "mriqc",
    "version": "22.0.6",
    "webapi_port": null,
    "webapi_url": "https://mriqc.nimh.nih.gov/api/v1"
  },
  "size_t": 599,
  "size_x": 90,
  "size_y": 90,
  "size_z": 60,
  "snr": 2.7487290286427237,
  "spacing_tr": 1.2000000476837158,
  "spacing_x": 2.4000000953674316,
  "spacing_y": 2.4000000953674316,
  "spacing_z": 2.4000000953674316,
  "summary_bg_k": 39.64820181386036,
  "summary_bg_mad": 43.71572066573696,
  "summary_bg_mean": 298.9404296875,
  "summary_bg_median": 132.55758666992188,
  "summary_bg_n": 331638.0,
  "summary_bg_p05": 99.20867919921875,
  "summary_bg_p95": 1138.9855834960904,
  "summary_bg_stdv": 475.6101989746094,
  "summary_fg_k": 1.6709163148578616,
  "summary_fg_mad": 1209.3603670594944,
  "summary_fg_mean": 4384.716796875,
  "summary_fg_median": 4075.6083984375,
  "summary_fg_n": 81340.0,
  "summary_fg_p05": 2557.100634765625,
  "summary_fg_p95": 7391.341796875001,
  "summary_fg_stdv": 1482.715576171875,
  "tsnr": 42.12252005375922
}