{
  "aor": 0.0014429885057471266,
  "aqi": 0.01080924302134647,
  "bids_meta": {
    "AcquisitionMatrixPE": 90,
    "AcquisitionNumber": 1,
    "AcquisitionTime": "17:22:15.522500",
    "BandwidthPerPixelPhaseEncode": 18.832,
    "BaseResolution": 90,
    "BodyPartExamined": "HEAD",
    "ConsistencyInfo": "N4_VE11C_LATEST_20160120",
    "ConversionSoftware": "dcm2niix",
    "ConversionSoftwareVersion": "v1.0.20190902",
    "DerivedVendorReportedEchoSpacing": 0.000590012,
    "DeviceSerialNumber": "67064",
    "DwellTime": 2.5e-06,
    "EchoTime": 0.033,
    "EchoTrainLength": 90,
    "EffectiveEchoSpacing": 0.000590012,
    "FlipAngle": 63,
    "ImageComments": "Unaliased_MB4_PE3_LB",
    "ImageOrientationPatientDICOM": [
      0.996379,
      -0.0848312,
      -0.00575178,
      0.0647822,
      0.801227,
      -0.594844
    ],
    "ImageType": [
      "ORIGINAL",
      "PRIMARY",
      "M",
      "MB",
      "ND",
      "MOSAIC"
    ],
    "ImagingFrequency": 123.247,
    "InPlanePhaseEncodingDirectionDICOM": "COL",
    "InstitutionAddress": "Scott_Ave_4525_St._Louis_MO_US_63110",
    "InstitutionName": "Washington_University",
    "InstitutionalDepartmentName": "Department",
    "MRAcquisitionType": "2D",
    "MagneticFieldStrength": 3,
    "Manufacturer": "Siemens",
    "ManufacturersModelName": "Prisma_fit",
    "Modality": "MR",
    "MultibandAccelerationFactor": 4,
    "PartialFourier": 1,
    "PatientPosition": "HFS",
    "PercentPhaseFOV": 100,
    "PhaseEncodingDirection": "j",
    "PhaseEncodingSteps": 90,
    "PhaseResolution": 1,
    "PixelBandwidth": 2220,
    "ProcedureStepDescription": "head_Braver",
    "ProtocolName": "tfMRI_AxcptBas2_PA",
    "PulseSequenceDetails": "%CustomerSeq%_cmrr_mbep2d_bold",
    "ReceiveCoilActiveElements": "HEA;HEP",
    "ReceiveCoilName": "Head_32",
    "ReconMatrixPE": 90,
    "RepetitionTime": 1.2,
    "SAR": 0.0641745,
    "ScanOptions": "FS_EXT",
    "ScanningSequence": "EP",
    "SequenceName": "epfid2d1_90",
    "SequenceVariant": "SK_SS",
    "SeriesDescription": "tfMRI_AxcptBas2_PA",
    "SeriesNumber": 50,
    "ShimSetting": [
      -2002,
      -11375,
      5612,
      349,
      21,
      278,
      -322,
      34
    ],
    "SliceThickness": 2.4,
    "SliceTiming": [
      0,
      0.63,
      0.08,
      0.71,
      0.1575,
      0.7875,
      0.2375,
      0.8675,
      0.315,
      0.945,
      0.395,
      1.025,
      0.4725,
      1.1025,
      0.5525,
      0,
      0.63,
      0.08,
      0.71,
      0.1575,
      0.7875,
      0.2375,
      0.8675,
      0.315,
      0.945,
      0.395,
      1.025,
      0.4725,
      1.1025,
      0.5525,
      0,
      0.63,
      0.08,
      0.71,
      0.1575,
      0.7875,
      0.2375,
      0.8675,
      0.315,
      0.945,
      0.395,
      1.025,
      0.4725,
      1.1025,
      0.5525,
      0,
      0.63,
      0.08,
      0.71,
      0.1575,
      0.7875,
      0.2375,
      0.8675,
      0.315,
      0.945,
      0.395,
      1.025,
      0.4725,
      1.1025,
      0.5525
    ],
    "SoftwareVersions": "syngo_MR_E11",
    "SpacingBetweenSlices": 2.4,
    "StationName": "MRC35177",
    "TaskName": "Axcpt",
    "TotalReadoutTime": 0.0525111,
    "TxRefAmp": 233.365,
    "VendorReportedEchoSpacing": 0.00059,
    "WipMemBlock": "1a9ee32e-e0cc-4b86-ad24-c6ec4f6e40d1||Sequence: ve11c/master r/ab69a6c; Apr 19 2017 09:47:47 by eja",
    "acq_id": "mb4PA",
    "dataset": "ds003465",
    "modality": "bold",
    "run_id": 2,
    "session_id": "wave1bas",
    "subject_id": "f5094na",
    "task_id": "Axcpt"
  },
  "dummy_trs": 1,
  "dvars_nstd": 34.77256621493421,
  "dvars_std": 1.1130948243092118,
  "dvars_vstd": 0.9782438000657903,
  "efc": 0.5013049331448717,
  "fber": 841.3961181640625,
  "fd_mean": 0.17118533255863685,
  "fd_num": 153,
  "fd_perc": 25.123152709359605,
  "fwhm_avg": 2.964479048868853,
  "fwhm_x": 2.802704055297214,
  "fwhm_y": 3.019858213334949,
  "fwhm_z": 3.0708748779743957,
  "gcor": 0.0107482,
  "gsr_x": -0.013936467468738556,
  "gsr_y": 0.06640159338712692,
  "provenance": {
    "md5sum": "9e03598f61308d651af43bf9949f3d58",
    "settings": {
      "fd_thres": 0.2,
      "testing": false
    },
    "software": "mriqc",
    "version": "22.0.6",
    "webapi_port": null,
    "webapi_url": "https://mriqc.nimh.nih.gov/api/v1"
  },
  "size_t": 609,
  "size_x": 90,
  "size_y": 90,
  "size_z": 60,
  "snr": 2.5670693474024113,
  "spacing_tr": 1.2000000476837158,
  "spacing_x": 2.4000000953674316,
  "spacing_y": 2.4000000953674316,
  "spacing_z": 2.4000000953674316,
  "summary_bg_k": 35.873978617811034,
  "summary_bg_mad": 53.718167251490584,
  "summary_bg_mean": 328.62664794921875,
  "summary_bg_median": 139.2266082763672,
  "summary_bg_n": 336054.0,
  "summary_bg_p05": 98.67323303222656,
  "summary_bg_p95": 1264.6140869140595,
  "summary_bg_stdv": 536.0568237304688,
  "summary_fg_k": 1.6211637787602777,
  "summary_fg_mad": 1297.6837880902533,
  "summary_fg_mean": 4416.35302734375,
  "summary_fg_median": 4061.62255859375,
  "summary_fg_n": 78316.0,
  "summary_fg_p05": 2519.5066528320312,
  "summary_fg_p95": 7588.3875732421875,
  "summary_fg_stdv": 1582.1920166015625,
  "tsnr": 37.99520103086252
}