{
  "aor": 0.0018575038520801232,
  "aqi": 0.012219925100154082,
  "bids_meta": {
    "AcquisitionMatrixPE": 90,
    "AcquisitionNumber": 1,
    "AcquisitionTime": "17:37:57.965000",
    "BandwidthPerPixelPhaseEncode": 18.832,
    "BaseResolution": 90,
    "BodyPartExamined": "HEAD",
    "ConsistencyInfo": "N4_VE11C_LATEST_20160120",
    "ConversionSoftware": "dcm2niix",
    "ConversionSoftwareVersion": "v1.0.20190902",
    "DerivedVendorReportedEchoSpacing": 0.000590012,
    "DeviceSerialNumber": "67064",
    "DwellTime": 2.5e-06,
    "EchoTime": 0.033,
    "EchoTrainLength": 90,
    "EffectiveEchoSpacing": 0.000590012,
    "FlipAngle": 63,
    "ImageComments": "Unaliased_MB4_PE3_LB",
    "ImageOrientationPatientDICOM": [
      0.996379,
      -0.0848312,
      -0.00575178,
      0.0647822,
      0.801227,
      -0.594844
    ],
    "ImageType": [
      "ORIGINAL",
      "PRIMARY",
      "M",
      "MB",
      "ND",
      "MOSAIC"
    ],
    "ImagingFrequency": 123.247,
    "InPlanePhaseEncodingDirectionDICOM": "COL",
    "InstitutionAddress": "Scott_Ave_4525_St._Louis_MO_US_63110",
    "InstitutionName": "Washington_University",
    "InstitutionalDepartmentName": "Department",
    "MRAcquisitionType": "2D",
    "MagneticFieldStrength": 3,
    "Manufacturer": "Siemens",
    "ManufacturersModelName": "Prisma_fit",
    "Modality": "MR",
    "MultibandAccelerationFactor": 4,
    "PartialFourier": 1,
    "PatientPosition": "HFS",
    "PercentPhaseFOV": 100,
    "PhaseEncodingDirection": "j-",
    "PhaseEncodingSteps": 90,
    "PhaseResolution": 1,
    "PixelBandwidth": 2220,
    "ProcedureStepDescription": "head_Braver",
    "ProtocolName": "tfMRI_CuedtsBas1_AP",
    "PulseSequenceDetails": "%CustomerSeq%_cmrr_mbep2d_bold",
    "ReceiveCoilActiveElements": "HEA;HEP",
    "ReceiveCoilName": "Head_32",
    "ReconMatrixPE": 90,
    "RepetitionTime": 1.2,
    "SAR": 0.0641897,
    "ScanOptions": "FS_EXT",
    "ScanningSequence": "EP",
    "SequenceName": "epfid2d1_90",
    "SequenceVariant": "SK_SS",
    "SeriesDescription": "tfMRI_CuedtsBas1_AP",
    "SeriesNumber": 53,
    "ShimSetting": [
      -2002,
      -11375,
      5612,
      349,
      21,
      278,
      -322,
      34
    ],
    "SliceThickness": 2.4,
    "SliceTiming": [
      0,
      0.63,
      0.0775,
      0.7075,
      0.1575,
      0.785,
      0.235,
      0.865,
      0.315,
      0.9425,
      0.3925,
      1.0225,
      0.4725,
      1.1,
      0.55,
      0,
      0.63,
      0.0775,
      0.7075,
      0.1575,
      0.785,
      0.235,
      0.865,
      0.315,
      0.9425,
      0.3925,
      1.0225,
      0.4725,
      1.1,
      0.55,
      0,
      0.63,
      0.0775,
      0.7075,
      0.1575,
      0.785,
      0.235,
      0.865,
      0.315,
      0.9425,
      0.3925,
      1.0225,
      0.4725,
      1.1,
      0.55,
      0,
      0.63,
      0.0775,
      0.7075,
      0.1575,
      0.785,
      0.235,
      0.865,
      0.315,
      0.9425,
      0.3925,
      1.0225,
      0.4725,
      1.1,
      0.55
    ],
    "SoftwareVersions": "syngo_MR_E11",
    "SpacingBetweenSlices": 2.4,
    "StationName": "MRC35177",
    "TaskName": "Cuedts",
    "TotalReadoutTime": 0.0525111,
    "TxRefAmp": 233.365,
    "VendorReportedEchoSpacing": 0.00059,
    "WipMemBlock": "df3cfbb1-6dcc-4eac-aaa6-1a1b24457731||Sequence: ve11c/master r/ab69a6c; Apr 19 2017 09:47:47 by eja",
    "acq_id": "mb4AP",
    "dataset": "ds003465",
    "modality": "bold",
    "run_id": 1,
    "session_id": "wave1bas",
    "subject_id": "f5094na",
    "task_id": "Cuedts"
  },
  "dummy_trs": 1,
  "dvars_nstd": 37.10812319061724,
  "dvars_std": 1.156500266435185,
  "dvars_vstd": 0.9666270272839502,
  "efc": 0.5049256859169113,
  "fber": 816.183837890625,
  "fd_mean": 0.21263353896014217,
  "fd_num": 325,
  "fd_perc": 50.07704160246533,
  "fwhm_avg": 3.1103109875184565,
  "fwhm_x": 2.952916549328305,
  "fwhm_y": 3.1683498741010876,
  "fwhm_z": 3.209666539125977,
  "gcor": 0.0263588,
  "gsr_x": -0.010967603884637356,
  "gsr_y": 0.06732465326786041,
  "provenance": {
    "md5sum": "5c3c647c0bed3a0cc2d7aa5a295adbaf",
    "settings": {
      "fd_thres": 0.2,
      "testing": false
    },
    "software": "mriqc",
    "version": "22.0.6",
    "webapi_port": null,
    "webapi_url": "https://mriqc.nimh.nih.gov/api/v1"
  },
  "size_t": 649,
  "size_x": 90,
  "size_y": 90,
  "size_z": 60,
  "snr": 2.5388191197633287,
  "spacing_tr": 1.2000000476837158,
  "spacing_x": 2.4000000953674316,
  "spacing_y": 2.4000000953674316,
  "spacing_z": 2.4000000953674316,
  "summary_bg_k": 28.180945579258108,
  "summary_bg_mad": 52.20862137999669,
  "summary_bg_mean": 305.05816650390625,
  "summary_bg_median": 137.71649169921875,
  "summary_bg_n": 328791.0,
  "summary_bg_p05": 96.26810455322266,
  "summary_bg_p95": 1186.1109619140625,
  "summary_bg_stdv": 468.9523010253906,
  "summary_fg_k": 2.2434081879597016,
  "summary_fg_mad": 1195.172124442067,
  "summary_fg_mean": 4321.34130859375,
  "summary_fg_median": 3960.28662109375,
  "summary_fg_n": 83085.0,
  "summary_fg_p05": 2484.874755859375,
  "summary_fg_p95": 7542.295898437501,
  "summary_fg_stdv": 1559.8837890625,
  "tsnr": 33.17533898726106
}