{
  "aor": 0.001405611111111111,
  "aqi": 0.006607609148148149,
  "bids_meta": {
    "AcquisitionMatrixPE": 90,
    "AcquisitionNumber": 1,
    "AcquisitionTime": "19:33:28.412500",
    "BandwidthPerPixelPhaseEncode": 18.832,
    "BaseResolution": 90,
    "BodyPartExamined": "HEAD",
    "ConsistencyInfo": "N4_VE11C_LATEST_20160120",
    "ConversionSoftware": "dcm2niix",
    "ConversionSoftwareVersion": "v1.0.20190902",
    "DerivedVendorReportedEchoSpacing": 0.000590012,
    "DeviceSerialNumber": "67064",
    "DwellTime": 2.5e-06,
    "EchoTime": 0.033,
    "EchoTrainLength": 90,
    "EffectiveEchoSpacing": 0.000590012,
    "FlipAngle": 63,
    "ImageComments": "Unaliased_MB4_PE3_LB",
    "ImageOrientationPatientDICOM": [
      0.998931,
      -0.0378471,
      0.02656,
      0.0462347,
      0.823064,
      -0.566064
    ],
    "ImageType": [
      "ORIGINAL",
      "PRIMARY",
      "M",
      "MB",
      "ND",
      "MOSAIC"
    ],
    "ImagingFrequency": 123.247,
    "InPlanePhaseEncodingDirectionDICOM": "COL",
    "InstitutionAddress": "Scott_Ave_4525_St._Louis_MO_US_63110",
    "InstitutionName": "Washington_University",
    "InstitutionalDepartmentName": "Department",
    "MRAcquisitionType": "2D",
    "MagneticFieldStrength": 3,
    "Manufacturer": "Siemens",
    "ManufacturersModelName": "Prisma_fit",
    "Modality": "MR",
    "MultibandAccelerationFactor": 4,
    "PartialFourier": 1,
    "PatientPosition": "HFS",
    "PercentPhaseFOV": 100,
    "PhaseEncodingDirection": "j",
    "PhaseEncodingSteps": 90,
    "PhaseResolution": 1,
    "PixelBandwidth": 2220,
    "ProcedureStepDescription": "head_Braver",
    "ProtocolName": "tfMRI_StroopBas2_PA",
    "PulseSequenceDetails": "%CustomerSeq%_cmrr_mbep2d_bold",
    "ReceiveCoilActiveElements": "HEA;HEP",
    "ReceiveCoilName": "Head_32",
    "ReconMatrixPE": 90,
    "RepetitionTime": 1.2,
    "SAR": 0.0717977,
    "ScanOptions": "FS_EXT",
    "ScanningSequence": "EP",
    "SequenceName": "epfid2d1_90",
    "SequenceVariant": "SK_SS",
    "SeriesDescription": "tfMRI_StroopBas2_PA",
    "SeriesNumber": 40,
    "ShimSetting": [
      -2008,
      -11485,
      5811,
      259,
      117,
      -131,
      26,
      -67
    ],
    "SliceThickness": 2.4,
    "SliceTiming": [
      0,
      0.63,
      0.08,
      0.7075,
      0.1575,
      0.7875,
      0.2375,
      0.865,
      0.315,
      0.945,
      0.395,
      1.0225,
      0.4725,
      1.1025,
      0.5525,
      0,
      0.63,
      0.08,
      0.7075,
      0.1575,
      0.7875,
      0.2375,
      0.865,
      0.315,
      0.945,
      0.395,
      1.0225,
      0.4725,
      1.1025,
      0.5525,
      0,
      0.63,
      0.08,
      0.7075,
      0.1575,
      0.7875,
      0.2375,
      0.865,
      0.315,
      0.945,
      0.395,
      1.0225,
      0.4725,
      1.1025,
      0.5525,
      0,
      0.63,
      0.08,
      0.7075,
      0.1575,
      0.7875,
      0.2375,
      0.865,
      0.315,
      0.945,
      0.395,
      1.0225,
      0.4725,
      1.1025,
      0.5525
    ],
    "SoftwareVersions": "syngo_MR_E11",
    "SpacingBetweenSlices": 2.4,
    "StationName": "MRC35177",
    "TaskName": "Stroop",
    "TotalReadoutTime": 0.0525111,
    "TxRefAmp": 263.777,
    "VendorReportedEchoSpacing": 0.00059,
    "WipMemBlock": "3cca5984-795b-4182-b589-ae1ec8713732||Sequence: R016 ve11c/master r/e634e98; Dec 19 2017 11:00:25 by eja",
    "acq_id": "mb4PA",
    "dataset": "ds003465",
    "modality": "bold",
    "run_id": 2,
    "session_id": "wave1bas",
    "subject_id": "f5001ob",
    "task_id": "Stroop"
  },
  "dummy_trs": 0,
  "dvars_nstd": 36.727014888311686,
  "dvars_std": 1.1403238260111308,
  "dvars_vstd": 1.006854156586271,
  "efc": 0.5136410826675497,
  "fber": 751.5194702148438,
  "fd_mean": 0.29784872539831153,
  "fd_num": 368,
  "fd_perc": 68.14814814814815,
  "fwhm_avg": 2.840833220448763,
  "fwhm_x": 2.7100082256472815,
  "fwhm_y": 2.9329957167865546,
  "fwhm_z": 2.879495718912454,
  "gcor": 0.0209761,
  "gsr_x": -0.02847832255065441,
  "gsr_y": 0.07721691578626633,
  "provenance": {
    "md5sum": "e3bec8f4f690a6ff6faa642f4551556b",
    "settings": {
      "fd_thres": 0.2,
      "testing": false
    },
    "software": "mriqc",
    "version": "22.0.6",
    "webapi_port": null,
    "webapi_url": "https://mriqc.nimh.nih.gov/api/v1"
  },
  "size_t": 540,
  "size_x": 90,
  "size_y": 90,
  "size_z": 60,
  "snr": 3.109169365391374,
  "spacing_tr": 1.2000000476837158,
  "spacing_x": 2.4000000953674316,
  "spacing_y": 2.4000000953674316,
  "spacing_z": 2.4000000953674316,
  "summary_bg_k": 28.948793645434435,
  "summary_bg_mad": 63.68599542835644,
  "summary_bg_mean": 347.30572509765625,
  "summary_bg_median": 148.99813842773438,
  "summary_bg_n": 343197.0,
  "summary_bg_p05": 103.11259002685547,
  "summary_bg_p95": 1358.2255126953128,
  "summary_bg_stdv": 490.4057312011719,
  "summary_fg_k": 0.5118679932308661,
  "summary_fg_mad": 1254.167639356296,
  "summary_fg_mean": 4273.81640625,
  "summary_fg_median": 4123.3349609375,
  "summary_fg_n": 72772.0,
  "summary_fg_p05": 2420.8140258789062,
  "summary_fg_p95": 6774.416088867186,
  "summary_fg_stdv": 1326.17626953125,
  "tsnr": 42.482967695221305
}