{
  "aor": 0.0012513442622950819,
  "aqi": 0.008417435475409836,
  "bids_meta": {
    "AcquisitionMatrixPE": 90,
    "AcquisitionNumber": 1,
    "AcquisitionTime": "18:30:44.350000",
    "BandwidthPerPixelPhaseEncode": 18.832,
    "BaseResolution": 90,
    "BodyPartExamined": "HEAD",
    "ConsistencyInfo": "N4_VE11C_LATEST_20160120",
    "ConversionSoftware": "dcm2niix",
    "ConversionSoftwareVersion": "v1.0.20190902",
    "DerivedVendorReportedEchoSpacing": 0.000590012,
    "DeviceSerialNumber": "67064",
    "DwellTime": 2.5e-06,
    "EchoTime": 0.033,
    "EchoTrainLength": 90,
    "EffectiveEchoSpacing": 0.000590012,
    "FlipAngle": 63,
    "ImageComments": "Unaliased_MB4_PE3_LB",
    "ImageOrientationPatientDICOM": [
      0.998931,
      -0.0378471,
      0.02656,
      0.0462347,
      0.823064,
      -0.566064
    ],
    "ImageType": [
      "ORIGINAL",
      "PRIMARY",
      "M",
      "MB",
      "ND",
      "MOSAIC"
    ],
    "ImagingFrequency": 123.247,
    "InPlanePhaseEncodingDirectionDICOM": "COL",
    "InstitutionAddress": "Scott_Ave_4525_St._Louis_MO_US_63110",
    "InstitutionName": "Washington_University",
    "InstitutionalDepartmentName": "Department",
    "MRAcquisitionType": "2D",
    "MagneticFieldStrength": 3,
    "Manufacturer": "Siemens",
    "ManufacturersModelName": "Prisma_fit",
    "Modality": "MR",
    "MultibandAccelerationFactor": 4,
    "PartialFourier": 1,
    "PatientPosition": "HFS",
    "PercentPhaseFOV": 100,
    "PhaseEncodingDirection": "j",
    "PhaseEncodingSteps": 90,
    "PhaseResolution": 1,
    "PixelBandwidth": 2220,
    "ProcedureStepDescription": "head_Braver",
    "ProtocolName": "tfMRI_AxcptBas2_PA",
    "PulseSequenceDetails": "%CustomerSeq%_cmrr_mbep2d_bold",
    "ReceiveCoilActiveElements": "HEA;HEP",
    "ReceiveCoilName": "Head_32",
    "ReconMatrixPE": 90,
    "RepetitionTime": 1.2,
    "SAR": 0.0718335,
    "ScanOptions": "FS_EXT",
    "ScanningSequence": "EP",
    "SequenceName": "epfid2d1_90",
    "SequenceVariant": "SK_SS",
    "SeriesDescription": "tfMRI_AxcptBas2_PA",
    "SeriesNumber": 22,
    "ShimSetting": [
      -2008,
      -11485,
      5811,
      259,
      117,
      -131,
      26,
      -67
    ],
    "SliceThickness": 2.4,
    "SliceTiming": [
      0,
      0.63,
      0.0775,
      0.7075,
      0.1575,
      0.785,
      0.235,
      0.865,
      0.315,
      0.9425,
      0.3925,
      1.0225,
      0.4725,
      1.1,
      0.55,
      0,
      0.63,
      0.0775,
      0.7075,
      0.1575,
      0.785,
      0.235,
      0.865,
      0.315,
      0.9425,
      0.3925,
      1.0225,
      0.4725,
      1.1,
      0.55,
      0,
      0.63,
      0.0775,
      0.7075,
      0.1575,
      0.785,
      0.235,
      0.865,
      0.315,
      0.9425,
      0.3925,
      1.0225,
      0.4725,
      1.1,
      0.55,
      0,
      0.63,
      0.0775,
      0.7075,
      0.1575,
      0.785,
      0.235,
      0.865,
      0.315,
      0.9425,
      0.3925,
      1.0225,
      0.4725,
      1.1,
      0.55
    ],
    "SoftwareVersions": "syngo_MR_E11",
    "SpacingBetweenSlices": 2.4,
    "StationName": "MRC35177",
    "TaskName": "Axcpt",
    "TotalReadoutTime": 0.0525111,
    "TxRefAmp": 263.777,
    "VendorReportedEchoSpacing": 0.00059,
    "WipMemBlock": "0eb83e1c-73c3-4486-ad7c-00b270e74399||Sequence: R016 ve11c/master r/e634e98; Dec 19 2017 11:00:25 by eja",
    "acq_id": "mb4PA",
    "dataset": "ds003465",
    "modality": "bold",
    "run_id": 2,
    "session_id": "wave1bas",
    "subject_id": "f5001ob",
    "task_id": "Axcpt"
  },
  "dummy_trs": 0,
  "dvars_nstd": 34.397370671904724,
  "dvars_std": 1.1273652095730704,
  "dvars_vstd": 1.0035275802298849,
  "efc": 0.5127266539030826,
  "fber": 749.2571411132812,
  "fd_mean": 0.27366197622848054,
  "fd_num": 418,
  "fd_perc": 68.52459016393442,
  "fwhm_avg": 2.8307193319617645,
  "fwhm_x": 2.6706790605434154,
  "fwhm_y": 2.9462915495915594,
  "fwhm_z": 2.8751873857503183,
  "gcor": 0.0152906,
  "gsr_x": -0.028337348252534866,
  "gsr_y": 0.08018066734075546,
  "provenance": {
    "md5sum": "8a5f754cbe9f5df2cf97c7470ba1913e",
    "settings": {
      "fd_thres": 0.2,
      "testing": false
    },
    "software": "mriqc",
    "version": "22.0.6",
    "webapi_port": null,
    "webapi_url": "https://mriqc.nimh.nih.gov/api/v1"
  },
  "size_t": 610,
  "size_x": 90,
  "size_y": 90,
  "size_z": 60,
  "snr": 3.1010193051623847,
  "spacing_tr": 1.2000000476837158,
  "spacing_x": 2.4000000953674316,
  "spacing_y": 2.4000000953674316,
  "spacing_z": 2.4000000953674316,
  "summary_bg_k": 34.65563551736759,
  "summary_bg_mad": 66.30390726347878,
  "summary_bg_mean": 340.9483947753906,
  "summary_bg_median": 149.55409240722656,
  "summary_bg_n": 342262.0,
  "summary_bg_p05": 101.76557159423828,
  "summary_bg_p95": 1306.4036621093758,
  "summary_bg_stdv": 475.920654296875,
  "summary_fg_k": 0.4495926413627185,
  "summary_fg_mad": 1276.4645867830402,
  "summary_fg_mean": 4298.8447265625,
  "summary_fg_median": 4151.04443359375,
  "summary_fg_n": 73094.0,
  "summary_fg_p05": 2417.5714111328125,
  "summary_fg_p95": 6812.462084960936,
  "summary_fg_stdv": 1338.5972900390625,
  "tsnr": 40.84547355165705
}