{
  "aor": 0.0018003505843071784,
  "aqi": 0.004379584874791319,
  "bids_meta": {
    "AcquisitionMatrixPE": 90,
    "AcquisitionNumber": 1,
    "AcquisitionTime": "16:13:13.102500",
    "BandwidthPerPixelPhaseEncode": 18.832,
    "BaseResolution": 90,
    "BodyPartExamined": "HEAD",
    "ConsistencyInfo": "N4_VE11C_LATEST_20160120",
    "ConversionSoftware": "dcm2niix",
    "ConversionSoftwareVersion": "v1.0.20190902",
    "DerivedVendorReportedEchoSpacing": 0.000590012,
    "DeviceSerialNumber": "67064",
    "DwellTime": 2.5e-06,
    "EchoTime": 0.033,
    "EchoTrainLength": 90,
    "EffectiveEchoSpacing": 0.000590012,
    "FlipAngle": 63,
    "ImageComments": "Unaliased_MB4_PE3_LB",
    "ImageOrientationPatientDICOM": [
      0.999813,
      0.0148246,
      0.0123775,
      -0.00698016,
      0.874972,
      -0.484123
    ],
    "ImageType": [
      "ORIGINAL",
      "PRIMARY",
      "M",
      "MB",
      "ND",
      "MOSAIC"
    ],
    "ImagingFrequency": 123.247,
    "InPlanePhaseEncodingDirectionDICOM": "COL",
    "InstitutionAddress": "Scott_Ave_4525_St._Louis_MO_US_63110",
    "InstitutionName": "Washington_University",
    "InstitutionalDepartmentName": "Department",
    "MRAcquisitionType": "2D",
    "MagneticFieldStrength": 3,
    "Manufacturer": "Siemens",
    "ManufacturersModelName": "Prisma_fit",
    "Modality": "MR",
    "MultibandAccelerationFactor": 4,
    "PartialFourier": 1,
    "PatientPosition": "HFS",
    "PercentPhaseFOV": 100,
    "PhaseEncodingDirection": "j-",
    "PhaseEncodingSteps": 90,
    "PhaseResolution": 1,
    "PixelBandwidth": 2220,
    "ProcedureStepDescription": "head_Braver",
    "ProtocolName": "tfMRI_SternBas1_AP",
    "PulseSequenceDetails": "%CustomerSeq%_cmrr_mbep2d_bold",
    "ReceiveCoilActiveElements": "HEA;HEP",
    "ReceiveCoilName": "Head_32",
    "ReconMatrixPE": 90,
    "RepetitionTime": 1.2,
    "SAR": 0.0660568,
    "ScanOptions": "FS_EXT",
    "ScanningSequence": "EP",
    "SequenceName": "epfid2d1_90",
    "SequenceVariant": "SK_SS",
    "SeriesDescription": "tfMRI_SternBas1_AP",
    "SeriesNumber": 43,
    "ShimSetting": [
      -2005,
      -11501,
      5767,
      734,
      100,
      173,
      -120,
      27
    ],
    "SliceThickness": 2.4,
    "SliceTiming": [
      0,
      0.63,
      0.08,
      0.7075,
      0.1575,
      0.7875,
      0.2375,
      0.865,
      0.315,
      0.945,
      0.395,
      1.0225,
      0.4725,
      1.1025,
      0.5525,
      0,
      0.63,
      0.08,
      0.7075,
      0.1575,
      0.7875,
      0.2375,
      0.865,
      0.315,
      0.945,
      0.395,
      1.0225,
      0.4725,
      1.1025,
      0.5525,
      0,
      0.63,
      0.08,
      0.7075,
      0.1575,
      0.7875,
      0.2375,
      0.865,
      0.315,
      0.945,
      0.395,
      1.0225,
      0.4725,
      1.1025,
      0.5525,
      0,
      0.63,
      0.08,
      0.7075,
      0.1575,
      0.7875,
      0.2375,
      0.865,
      0.315,
      0.945,
      0.395,
      1.0225,
      0.4725,
      1.1025,
      0.5525
    ],
    "SoftwareVersions": "syngo_MR_E11",
    "SpacingBetweenSlices": 2.4,
    "StationName": "MRC35177",
    "TaskName": "Stern",
    "TotalReadoutTime": 0.0525111,
    "TxRefAmp": 233.123,
    "VendorReportedEchoSpacing": 0.00059,
    "WipMemBlock": "baea6880-c3b9-47c7-965e-9f5c6a74957e||Sequence: R016 ve11c/master r/e634e98; Dec 19 2017 11:00:25 by eja",
    "acq_id": "mb4AP",
    "dataset": "ds003465",
    "modality": "bold",
    "run_id": 1,
    "session_id": "wave1bas",
    "subject_id": "f8194sp",
    "task_id": "Stern"
  },
  "dummy_trs": 1,
  "dvars_nstd": 35.36628520309362,
  "dvars_std": 1.2593065418060196,
  "dvars_vstd": 1.0281237425919725,
  "efc": 0.49657959107852095,
  "fber": 963.2745971679688,
  "fd_mean": 0.1223750576566232,
  "fd_num": 44,
  "fd_perc": 7.345575959933222,
  "fwhm_avg": 3.0607568228208955,
  "fwhm_x": 2.8553498865385896,
  "fwhm_y": 3.1312748755743156,
  "fwhm_z": 3.195645706349782,
  "gcor": 0.0120325,
  "gsr_x": -0.00031480693724006414,
  "gsr_y": 0.06953245401382446,
  "provenance": {
    "md5sum": "91f3e0ab290b43ec1e1ce3005401ecfb",
    "settings": {
      "fd_thres": 0.2,
      "testing": false
    },
    "software": "mriqc",
    "version": "22.0.6",
    "webapi_port": null,
    "webapi_url": "https://mriqc.nimh.nih.gov/api/v1"
  },
  "size_t": 599,
  "size_x": 90,
  "size_y": 90,
  "size_z": 60,
  "snr": 2.6770774932285324,
  "spacing_tr": 1.2000000476837158,
  "spacing_x": 2.4000000953674316,
  "spacing_y": 2.4000000953674316,
  "spacing_z": 2.4000000953674316,
  "summary_bg_k": 28.29957773298068,
  "summary_bg_mad": 37.28038977075842,
  "summary_bg_mean": 303.2402648925781,
  "summary_bg_median": 128.49581909179688,
  "summary_bg_n": 335417.0,
  "summary_bg_p05": 100.70783996582031,
  "summary_bg_p95": 1169.6112792968763,
  "summary_bg_stdv": 503.18011474609375,
  "summary_fg_k": 1.7668003510646901,
  "summary_fg_mad": 1229.7950126273004,
  "summary_fg_mean": 4378.48779296875,
  "summary_fg_median": 4062.380615234375,
  "summary_fg_n": 77227.0,
  "summary_fg_p05": 2547.818115234375,
  "summary_fg_p95": 7464.431005859375,
  "summary_fg_stdv": 1517.4586181640625,
  "tsnr": 55.41336247744039
}