{
  "aor": 0.004217213114754099,
  "aqi": 0.005239542229508197,
  "bids_meta": {
    "AcquisitionMatrixPE": 90,
    "AcquisitionNumber": 1,
    "AcquisitionTime": "15:25:51.212500",
    "BandwidthPerPixelPhaseEncode": 18.832,
    "BaseResolution": 90,
    "BodyPartExamined": "HEAD",
    "ConsistencyInfo": "N4_VE11C_LATEST_20160120",
    "ConversionSoftware": "dcm2niix",
    "ConversionSoftwareVersion": "v1.0.20190902",
    "DerivedVendorReportedEchoSpacing": 0.000590012,
    "DeviceSerialNumber": "67064",
    "DwellTime": 2.5e-06,
    "EchoTime": 0.033,
    "EchoTrainLength": 90,
    "EffectiveEchoSpacing": 0.000590012,
    "FlipAngle": 63,
    "ImageComments": "Unaliased_MB4_PE3_LB",
    "ImageOrientationPatientDICOM": [
      0.999813,
      0.0148246,
      0.0123775,
      -0.00698016,
      0.874972,
      -0.484123
    ],
    "ImageType": [
      "ORIGINAL",
      "PRIMARY",
      "M",
      "MB",
      "ND",
      "MOSAIC"
    ],
    "ImagingFrequency": 123.247,
    "InPlanePhaseEncodingDirectionDICOM": "COL",
    "InstitutionAddress": "Scott_Ave_4525_St._Louis_MO_US_63110",
    "InstitutionName": "Washington_University",
    "InstitutionalDepartmentName": "Department",
    "MRAcquisitionType": "2D",
    "MagneticFieldStrength": 3,
    "Manufacturer": "Siemens",
    "ManufacturersModelName": "Prisma_fit",
    "Modality": "MR",
    "MultibandAccelerationFactor": 4,
    "PartialFourier": 1,
    "PatientPosition": "HFS",
    "PercentPhaseFOV": 100,
    "PhaseEncodingDirection": "j",
    "PhaseEncodingSteps": 90,
    "PhaseResolution": 1,
    "PixelBandwidth": 2220,
    "ProcedureStepDescription": "head_Braver",
    "ProtocolName": "tfMRI_AxcptBas2_PA",
    "PulseSequenceDetails": "%CustomerSeq%_cmrr_mbep2d_bold",
    "ReceiveCoilActiveElements": "HEA;HEP",
    "ReceiveCoilName": "Head_32",
    "ReconMatrixPE": 90,
    "RepetitionTime": 1.2,
    "SAR": 0.066061,
    "ScanOptions": "FS_EXT",
    "ScanningSequence": "EP",
    "SequenceName": "epfid2d1_90",
    "SequenceVariant": "SK_SS",
    "SeriesDescription": "tfMRI_AxcptBas2_PA",
    "SeriesNumber": 28,
    "ShimSetting": [
      -2005,
      -11501,
      5767,
      734,
      100,
      173,
      -120,
      27
    ],
    "SliceThickness": 2.4,
    "SliceTiming": [
      0,
      0.6275,
      0.0775,
      0.7075,
      0.1575,
      0.785,
      0.235,
      0.865,
      0.3125,
      0.9425,
      0.3925,
      1.0225,
      0.47,
      1.1,
      0.55,
      0,
      0.6275,
      0.0775,
      0.7075,
      0.1575,
      0.785,
      0.235,
      0.865,
      0.3125,
      0.9425,
      0.3925,
      1.0225,
      0.47,
      1.1,
      0.55,
      0,
      0.6275,
      0.0775,
      0.7075,
      0.1575,
      0.785,
      0.235,
      0.865,
      0.3125,
      0.9425,
      0.3925,
      1.0225,
      0.47,
      1.1,
      0.55,
      0,
      0.6275,
      0.0775,
      0.7075,
      0.1575,
      0.785,
      0.235,
      0.865,
      0.3125,
      0.9425,
      0.3925,
      1.0225,
      0.47,
      1.1,
      0.55
    ],
    "SoftwareVersions": "syngo_MR_E11",
    "SpacingBetweenSlices": 2.4,
    "StationName": "MRC35177",
    "TaskName": "Axcpt",
    "TotalReadoutTime": 0.0525111,
    "TxRefAmp": 233.123,
    "VendorReportedEchoSpacing": 0.00059,
    "WipMemBlock": "b3cfea27-5120-45c2-b50b-d3123edfe06d||Sequence: R016 ve11c/master r/e634e98; Dec 19 2017 11:00:25 by eja",
    "acq_id": "mb4PA",
    "dataset": "ds003465",
    "modality": "bold",
    "run_id": 2,
    "session_id": "wave1bas",
    "subject_id": "f8194sp",
    "task_id": "Axcpt"
  },
  "dummy_trs": 0,
  "dvars_nstd": 33.16613456965519,
  "dvars_std": 1.220860768932677,
  "dvars_vstd": 1.0590447576518882,
  "efc": 0.4990280884324092,
  "fber": 947.1210327148438,
  "fd_mean": 0.1327258723494059,
  "fd_num": 40,
  "fd_perc": 6.557377049180328,
  "fwhm_avg": 2.925660994855788,
  "fwhm_x": 2.7363957245987365,
  "fwhm_y": 2.9597040490585944,
  "fwhm_z": 3.080883210910034,
  "gcor": 0.00849823,
  "gsr_x": 0.0048185246996581554,
  "gsr_y": 0.054597824811935425,
  "provenance": {
    "md5sum": "4d21b0336c717f266d683eb0fc88309b",
    "settings": {
      "fd_thres": 0.2,
      "testing": false
    },
    "software": "mriqc",
    "version": "22.0.6",
    "webapi_port": null,
    "webapi_url": "https://mriqc.nimh.nih.gov/api/v1"
  },
  "size_t": 610,
  "size_x": 90,
  "size_y": 90,
  "size_z": 60,
  "snr": 2.67448367685164,
  "spacing_tr": 1.2000000476837158,
  "spacing_x": 2.4000000953674316,
  "spacing_y": 2.4000000953674316,
  "spacing_z": 2.4000000953674316,
  "summary_bg_k": 27.984356188608576,
  "summary_bg_mad": 46.51481216573748,
  "summary_bg_mean": 329.5516052246094,
  "summary_bg_median": 132.8459014892578,
  "summary_bg_n": 339429.0,
  "summary_bg_p05": 95.94754028320312,
  "summary_bg_p95": 1349.3734130859375,
  "summary_bg_stdv": 543.9337768554688,
  "summary_fg_k": 2.06430860199376,
  "summary_fg_mad": 1292.9532879941476,
  "summary_fg_mean": 4400.52685546875,
  "summary_fg_median": 4118.61328125,
  "summary_fg_n": 75555.0,
  "summary_fg_p05": 2485.6390869140623,
  "summary_fg_p95": 7392.2854980468765,
  "summary_fg_stdv": 1539.95556640625,
  "tsnr": 48.82448072684929
}