{
  "aor": 0.004190866666666667,
  "aqi": 0.0051128958666666665,
  "bids_meta": {
    "AcquisitionMatrixPE": 90,
    "AcquisitionNumber": 1,
    "AcquisitionTime": "16:26:2.585000",
    "BandwidthPerPixelPhaseEncode": 18.832,
    "BaseResolution": 90,
    "BodyPartExamined": "HEAD",
    "ConsistencyInfo": "N4_VE11C_LATEST_20160120",
    "ConversionSoftware": "dcm2niix",
    "ConversionSoftwareVersion": "v1.0.20190902",
    "DerivedVendorReportedEchoSpacing": 0.000590012,
    "DeviceSerialNumber": "67064",
    "DwellTime": 2.5e-06,
    "EchoTime": 0.033,
    "EchoTrainLength": 90,
    "EffectiveEchoSpacing": 0.000590012,
    "FlipAngle": 63,
    "ImageComments": "Unaliased_MB4_PE3_LB",
    "ImageOrientationPatientDICOM": [
      0.999813,
      0.0148246,
      0.0123775,
      -0.00698016,
      0.874972,
      -0.484123
    ],
    "ImageType": [
      "ORIGINAL",
      "PRIMARY",
      "M",
      "MB",
      "ND",
      "MOSAIC"
    ],
    "ImagingFrequency": 123.247,
    "InPlanePhaseEncodingDirectionDICOM": "COL",
    "InstitutionAddress": "Scott_Ave_4525_St._Louis_MO_US_63110",
    "InstitutionName": "Washington_University",
    "InstitutionalDepartmentName": "Department",
    "MRAcquisitionType": "2D",
    "MagneticFieldStrength": 3,
    "Manufacturer": "Siemens",
    "ManufacturersModelName": "Prisma_fit",
    "Modality": "MR",
    "MultibandAccelerationFactor": 4,
    "PartialFourier": 1,
    "PatientPosition": "HFS",
    "PercentPhaseFOV": 100,
    "PhaseEncodingDirection": "j",
    "PhaseEncodingSteps": 90,
    "PhaseResolution": 1,
    "PixelBandwidth": 2220,
    "ProcedureStepDescription": "head_Braver",
    "ProtocolName": "tfMRI_SternBas2_PA",
    "PulseSequenceDetails": "%CustomerSeq%_cmrr_mbep2d_bold",
    "ReceiveCoilActiveElements": "HEA;HEP",
    "ReceiveCoilName": "Head_32",
    "ReconMatrixPE": 90,
    "RepetitionTime": 1.2,
    "SAR": 0.0660568,
    "ScanOptions": "FS_EXT",
    "ScanningSequence": "EP",
    "SequenceName": "epfid2d1_90",
    "SequenceVariant": "SK_SS",
    "SeriesDescription": "tfMRI_SternBas2_PA",
    "SeriesNumber": 46,
    "ShimSetting": [
      -2005,
      -11501,
      5767,
      734,
      100,
      173,
      -120,
      27
    ],
    "SliceThickness": 2.4,
    "SliceTiming": [
      0,
      0.63,
      0.08,
      0.71,
      0.1575,
      0.7875,
      0.2375,
      0.865,
      0.315,
      0.945,
      0.395,
      1.0225,
      0.4725,
      1.1025,
      0.5525,
      0,
      0.63,
      0.08,
      0.71,
      0.1575,
      0.7875,
      0.2375,
      0.865,
      0.315,
      0.945,
      0.395,
      1.0225,
      0.4725,
      1.1025,
      0.5525,
      0,
      0.63,
      0.08,
      0.71,
      0.1575,
      0.7875,
      0.2375,
      0.865,
      0.315,
      0.945,
      0.395,
      1.0225,
      0.4725,
      1.1025,
      0.5525,
      0,
      0.63,
      0.08,
      0.71,
      0.1575,
      0.7875,
      0.2375,
      0.865,
      0.315,
      0.945,
      0.395,
      1.0225,
      0.4725,
      1.1025,
      0.5525
    ],
    "SoftwareVersions": "syngo_MR_E11",
    "SpacingBetweenSlices": 2.4,
    "StationName": "MRC35177",
    "TaskName": "Stern",
    "TotalReadoutTime": 0.0525111,
    "TxRefAmp": 233.123,
    "VendorReportedEchoSpacing": 0.00059,
    "WipMemBlock": "895330d2-4b2c-4f95-9187-acc50f5f022e||Sequence: R016 ve11c/master r/e634e98; Dec 19 2017 11:00:25 by eja",
    "acq_id": "mb4PA",
    "dataset": "ds003465",
    "modality": "bold",
    "run_id": 2,
    "session_id": "wave1bas",
    "subject_id": "f8194sp",
    "task_id": "Stern"
  },
  "dummy_trs": 0,
  "dvars_nstd": 32.30838200562603,
  "dvars_std": 1.2045034431886477,
  "dvars_vstd": 1.0478498030884809,
  "efc": 0.49569121243445713,
  "fber": 946.0333862304688,
  "fd_mean": 0.12319579037582243,
  "fd_num": 36,
  "fd_perc": 6.0,
  "fwhm_avg": 2.984134603643367,
  "fwhm_x": 2.8140498881797043,
  "fwhm_y": 3.014933213530651,
  "fwhm_z": 3.1234207092197455,
  "gcor": 0.0168385,
  "gsr_x": 0.008199824951589108,
  "gsr_y": 0.05505688861012459,
  "provenance": {
    "md5sum": "40aa1c8d30a3f898c97b05b9791883ef",
    "settings": {
      "fd_thres": 0.2,
      "testing": false
    },
    "software": "mriqc",
    "version": "22.0.6",
    "webapi_port": null,
    "webapi_url": "https://mriqc.nimh.nih.gov/api/v1"
  },
  "size_t": 600,
  "size_x": 90,
  "size_y": 90,
  "size_z": 60,
  "snr": 2.627228576425204,
  "spacing_tr": 1.2000000476837158,
  "spacing_x": 2.4000000953674316,
  "spacing_y": 2.4000000953674316,
  "spacing_z": 2.4000000953674316,
  "summary_bg_k": 25.775929782572952,
  "summary_bg_mad": 43.22032280759197,
  "summary_bg_mean": 339.69097900390625,
  "summary_bg_median": 132.61166381835938,
  "summary_bg_n": 343164.0,
  "summary_bg_p05": 100.86000061035156,
  "summary_bg_p95": 1408.1152099609358,
  "summary_bg_stdv": 577.4254150390625,
  "summary_fg_k": 2.10431655484072,
  "summary_fg_mad": 1290.3457034282014,
  "summary_fg_mean": 4380.2958984375,
  "summary_fg_median": 4084.45166015625,
  "summary_fg_n": 74310.0,
  "summary_fg_p05": 2471.310437011719,
  "summary_fg_p95": 7420.603930664063,
  "summary_fg_stdv": 1554.6512451171875,
  "tsnr": 50.21326635486912
}