{
  "aor": 0.0020366111111111114,
  "aqi": 0.013888103666666667,
  "bids_meta": {
    "AcquisitionMatrixPE": 90,
    "AcquisitionNumber": 1,
    "AcquisitionTime": "21:46:2.657500",
    "BandwidthPerPixelPhaseEncode": 18.832,
    "BaseResolution": 90,
    "BodyPartExamined": "HEAD",
    "ConsistencyInfo": "N4_VE11C_LATEST_20160120",
    "ConversionSoftware": "dcm2niix",
    "ConversionSoftwareVersion": "v1.0.20190902",
    "DerivedVendorReportedEchoSpacing": 0.000590012,
    "DeviceSerialNumber": "67064",
    "DwellTime": 2.5e-06,
    "EchoTime": 0.033,
    "EchoTrainLength": 90,
    "EffectiveEchoSpacing": 0.000590012,
    "FlipAngle": 63,
    "ImageComments": "Unaliased_MB4_PE3_LB",
    "ImageOrientationPatientDICOM": [
      0.9996,
      -0.0146959,
      0.0241635,
      0.0211131,
      0.956232,
      -0.291846
    ],
    "ImageType": [
      "ORIGINAL",
      "PRIMARY",
      "M",
      "MB",
      "ND",
      "MOSAIC"
    ],
    "ImagingFrequency": 123.247,
    "InPlanePhaseEncodingDirectionDICOM": "COL",
    "InstitutionAddress": "Scott_Ave_4525_St._Louis_MO_US_63110",
    "InstitutionName": "Washington_University",
    "InstitutionalDepartmentName": "Department",
    "MRAcquisitionType": "2D",
    "MagneticFieldStrength": 3,
    "Manufacturer": "Siemens",
    "ManufacturersModelName": "Prisma_fit",
    "Modality": "MR",
    "MultibandAccelerationFactor": 4,
    "PartialFourier": 1,
    "PatientPosition": "HFS",
    "PercentPhaseFOV": 100,
    "PhaseEncodingDirection": "j-",
    "PhaseEncodingSteps": 90,
    "PhaseResolution": 1,
    "PixelBandwidth": 2220,
    "ProcedureStepDescription": "head_Braver",
    "ProtocolName": "tfMRI_StroopBas1_AP",
    "PulseSequenceDetails": "%CustomerSeq%_cmrr_mbep2d_bold",
    "ReceiveCoilActiveElements": "HEA;HEP",
    "ReceiveCoilName": "Head_32",
    "ReconMatrixPE": 90,
    "RepetitionTime": 1.2,
    "SAR": 0.0580637,
    "ScanOptions": "FS_EXT",
    "ScanningSequence": "EP",
    "SequenceName": "epfid2d1_90",
    "SequenceVariant": "SK_SS",
    "SeriesDescription": "tfMRI_StroopBas1_AP",
    "SeriesNumber": 22,
    "ShimSetting": [
      -2005,
      -11529,
      5867,
      466,
      16,
      -87,
      -3,
      28
    ],
    "SliceThickness": 2.4,
    "SliceTiming": [
      0,
      0.63,
      0.08,
      0.71,
      0.1575,
      0.7875,
      0.2375,
      0.865,
      0.315,
      0.945,
      0.395,
      1.0225,
      0.4725,
      1.1025,
      0.5525,
      0,
      0.63,
      0.08,
      0.71,
      0.1575,
      0.7875,
      0.2375,
      0.865,
      0.315,
      0.945,
      0.395,
      1.0225,
      0.4725,
      1.1025,
      0.5525,
      0,
      0.63,
      0.08,
      0.71,
      0.1575,
      0.7875,
      0.2375,
      0.865,
      0.315,
      0.945,
      0.395,
      1.0225,
      0.4725,
      1.1025,
      0.5525,
      0,
      0.63,
      0.08,
      0.71,
      0.1575,
      0.7875,
      0.2375,
      0.865,
      0.315,
      0.945,
      0.395,
      1.0225,
      0.4725,
      1.1025,
      0.5525
    ],
    "SoftwareVersions": "syngo_MR_E11",
    "SpacingBetweenSlices": 2.4,
    "StationName": "MRC35177",
    "TaskName": "Stroop",
    "TotalReadoutTime": 0.0525111,
    "TxRefAmp": 234.733,
    "VendorReportedEchoSpacing": 0.00059,
    "WipMemBlock": "52131de4-4b12-44ab-b18d-0bb3d4b07042||Sequence: R016 ve11c/master r/e634e98; Dec 19 2017 11:00:25 by eja",
    "acq_id": "mb4AP",
    "dataset": "ds003465",
    "modality": "bold",
    "run_id": 1,
    "session_id": "wave1bas",
    "subject_id": "f7227ag",
    "task_id": "Stroop"
  },
  "dummy_trs": 0,
  "dvars_nstd": 45.0877088004082,
  "dvars_std": 1.1517465912059366,
  "dvars_vstd": 0.9882425868831166,
  "efc": 0.5234741740092114,
  "fber": 582.2271118164062,
  "fd_mean": 0.2929496064856479,
  "fd_num": 379,
  "fd_perc": 70.18518518518519,
  "fwhm_avg": 2.827129054326651,
  "fwhm_x": 2.6388332284755216,
  "fwhm_y": 2.942620716404092,
  "fwhm_z": 2.8999332181003403,
  "gcor": 0.0101127,
  "gsr_x": -0.020968347787857056,
  "gsr_y": 0.08167234808206558,
  "provenance": {
    "md5sum": "adf3c3d65ce7b79850e131dccf359d37",
    "settings": {
      "fd_thres": 0.2,
      "testing": false
    },
    "software": "mriqc",
    "version": "22.0.6",
    "webapi_port": null,
    "webapi_url": "https://mriqc.nimh.nih.gov/api/v1"
  },
  "size_t": 540,
  "size_x": 90,
  "size_y": 90,
  "size_z": 60,
  "snr": 2.6864298843370378,
  "spacing_tr": 1.2000000476837158,
  "spacing_x": 2.4000000953674316,
  "spacing_y": 2.4000000953674316,
  "spacing_z": 2.4000000953674316,
  "summary_bg_k": 78.25946526366955,
  "summary_bg_mad": 65.14937965088089,
  "summary_bg_mean": 347.1527404785156,
  "summary_bg_median": 152.4351806640625,
  "summary_bg_n": 328541.0,
  "summary_bg_p05": 103.3370361328125,
  "summary_bg_p95": 1216.199951171875,
  "summary_bg_stdv": 647.4419555664062,
  "summary_fg_k": 2.4387428242264777,
  "summary_fg_mad": 1171.9036671631573,
  "summary_fg_mean": 4025.171875,
  "summary_fg_median": 3780.429443359375,
  "summary_fg_n": 79455.0,
  "summary_fg_p05": 2249.2689453125,
  "summary_fg_p95": 6675.897119140625,
  "summary_fg_stdv": 1407.222900390625,
  "tsnr": 35.14863039273769
}