{
  "aor": 0.0026838564273789648,
  "aqi": 0.016188274357262104,
  "bids_meta": {
    "AcquisitionMatrixPE": 90,
    "AcquisitionNumber": 1,
    "AcquisitionTime": "23:14:42.402500",
    "BandwidthPerPixelPhaseEncode": 18.832,
    "BaseResolution": 90,
    "BodyPartExamined": "HEAD",
    "ConsistencyInfo": "N4_VE11C_LATEST_20160120",
    "ConversionSoftware": "dcm2niix",
    "ConversionSoftwareVersion": "v1.0.20190902",
    "DerivedVendorReportedEchoSpacing": 0.000590012,
    "DeviceSerialNumber": "67064",
    "DwellTime": 2.5e-06,
    "EchoTime": 0.033,
    "EchoTrainLength": 90,
    "EffectiveEchoSpacing": 0.000590012,
    "FlipAngle": 63,
    "ImageComments": "Unaliased_MB4_PE3_LB",
    "ImageOrientationPatientDICOM": [
      0.9996,
      -0.0146959,
      0.0241635,
      0.0211131,
      0.956232,
      -0.291846
    ],
    "ImageType": [
      "ORIGINAL",
      "PRIMARY",
      "M",
      "MB",
      "ND",
      "MOSAIC"
    ],
    "ImagingFrequency": 123.247,
    "InPlanePhaseEncodingDirectionDICOM": "COL",
    "InstitutionAddress": "Scott_Ave_4525_St._Louis_MO_US_63110",
    "InstitutionName": "Washington_University",
    "InstitutionalDepartmentName": "Department",
    "MRAcquisitionType": "2D",
    "MagneticFieldStrength": 3,
    "Manufacturer": "Siemens",
    "ManufacturersModelName": "Prisma_fit",
    "Modality": "MR",
    "MultibandAccelerationFactor": 4,
    "PartialFourier": 1,
    "PatientPosition": "HFS",
    "PercentPhaseFOV": 100,
    "PhaseEncodingDirection": "j-",
    "PhaseEncodingSteps": 90,
    "PhaseResolution": 1,
    "PixelBandwidth": 2220,
    "ProcedureStepDescription": "head_Braver",
    "ProtocolName": "tfMRI_SternBas1_AP",
    "PulseSequenceDetails": "%CustomerSeq%_cmrr_mbep2d_bold",
    "ReceiveCoilActiveElements": "HEA;HEP",
    "ReceiveCoilName": "Head_32",
    "ReconMatrixPE": 90,
    "RepetitionTime": 1.2,
    "SAR": 0.058089,
    "ScanOptions": "FS_EXT",
    "ScanningSequence": "EP",
    "SequenceName": "epfid2d1_90",
    "SequenceVariant": "SK_SS",
    "SeriesDescription": "tfMRI_SternBas1_AP",
    "SeriesNumber": 43,
    "ShimSetting": [
      -2005,
      -11529,
      5867,
      466,
      16,
      -87,
      -3,
      28
    ],
    "SliceThickness": 2.4,
    "SliceTiming": [
      0,
      0.63,
      0.08,
      0.7075,
      0.1575,
      0.7875,
      0.2375,
      0.865,
      0.315,
      0.945,
      0.3925,
      1.0225,
      0.4725,
      1.1025,
      0.55,
      0,
      0.63,
      0.08,
      0.7075,
      0.1575,
      0.7875,
      0.2375,
      0.865,
      0.315,
      0.945,
      0.3925,
      1.0225,
      0.4725,
      1.1025,
      0.55,
      0,
      0.63,
      0.08,
      0.7075,
      0.1575,
      0.7875,
      0.2375,
      0.865,
      0.315,
      0.945,
      0.3925,
      1.0225,
      0.4725,
      1.1025,
      0.55,
      0,
      0.63,
      0.08,
      0.7075,
      0.1575,
      0.7875,
      0.2375,
      0.865,
      0.315,
      0.945,
      0.3925,
      1.0225,
      0.4725,
      1.1025,
      0.55
    ],
    "SoftwareVersions": "syngo_MR_E11",
    "SpacingBetweenSlices": 2.4,
    "StationName": "MRC35177",
    "TaskName": "Stern",
    "TotalReadoutTime": 0.0525111,
    "TxRefAmp": 234.733,
    "VendorReportedEchoSpacing": 0.00059,
    "WipMemBlock": "1738f11d-a775-4fbb-ab05-d9b73d786314||Sequence: R016 ve11c/master r/e634e98; Dec 19 2017 11:00:25 by eja",
    "acq_id": "mb4AP",
    "dataset": "ds003465",
    "modality": "bold",
    "run_id": 1,
    "session_id": "wave1bas",
    "subject_id": "f7227ag",
    "task_id": "Stern"
  },
  "dummy_trs": 1,
  "dvars_nstd": 38.096144079632104,
  "dvars_std": 1.1308419500334443,
  "dvars_vstd": 1.0268527434280932,
  "efc": 0.5358815200621911,
  "fber": 561.6553955078125,
  "fd_mean": 0.2515684807029672,
  "fd_num": 379,
  "fd_perc": 63.27212020033389,
  "fwhm_avg": 2.602004063272315,
  "fwhm_x": 2.3737915723406644,
  "fwhm_y": 2.744258224286309,
  "fwhm_z": 2.687962393189971,
  "gcor": 0.00769409,
  "gsr_x": -0.01495788712054491,
  "gsr_y": 0.08677956461906433,
  "provenance": {
    "md5sum": "6cf5fe5f21ca8ef7efa8725d98a629b9",
    "settings": {
      "fd_thres": 0.2,
      "testing": false
    },
    "software": "mriqc",
    "version": "22.0.6",
    "webapi_port": null,
    "webapi_url": "https://mriqc.nimh.nih.gov/api/v1"
  },
  "size_t": 599,
  "size_x": 90,
  "size_y": 90,
  "size_z": 60,
  "snr": 3.1240884641817335,
  "spacing_tr": 1.2000000476837158,
  "spacing_x": 2.4000000953674316,
  "spacing_y": 2.4000000953674316,
  "spacing_z": 2.4000000953674316,
  "summary_bg_k": 62.95780782876582,
  "summary_bg_mad": 66.85075483011127,
  "summary_bg_mean": 350.2410888671875,
  "summary_bg_median": 151.57762145996094,
  "summary_bg_n": 327177.0,
  "summary_bg_p05": 97.7659393310547,
  "summary_bg_p95": 1277.8640869140631,
  "summary_bg_stdv": 616.7203979492188,
  "summary_fg_k": 1.1490100755749353,
  "summary_fg_mad": 1038.4216883245958,
  "summary_fg_mean": 3830.245361328125,
  "summary_fg_median": 3664.5908203125,
  "summary_fg_n": 80194.0,
  "summary_fg_p05": 2219.8032470703124,
  "summary_fg_p95": 6002.938012695311,
  "summary_fg_stdv": 1173.00390625,
  "tsnr": 30.523498433292843
}