{
  "aor": 0.0006855008210180624,
  "aqi": 0.016112321100164202,
  "bids_meta": {
    "AcquisitionMatrixPE": 90,
    "AcquisitionNumber": 1,
    "AcquisitionTime": "22:47:32.160000",
    "BandwidthPerPixelPhaseEncode": 18.832,
    "BaseResolution": 90,
    "BodyPartExamined": "HEAD",
    "ConsistencyInfo": "N4_VE11C_LATEST_20160120",
    "ConversionSoftware": "dcm2niix",
    "ConversionSoftwareVersion": "v1.0.20190902",
    "DerivedVendorReportedEchoSpacing": 0.000590012,
    "DeviceSerialNumber": "67064",
    "DwellTime": 2.5e-06,
    "EchoTime": 0.033,
    "EchoTrainLength": 90,
    "EffectiveEchoSpacing": 0.000590012,
    "FlipAngle": 63,
    "ImageComments": "Unaliased_MB4_PE3_LB",
    "ImageOrientationPatientDICOM": [
      0.9996,
      -0.0146959,
      0.0241635,
      0.0211131,
      0.956232,
      -0.291846
    ],
    "ImageType": [
      "ORIGINAL",
      "PRIMARY",
      "M",
      "MB",
      "ND",
      "MOSAIC"
    ],
    "ImagingFrequency": 123.247,
    "InPlanePhaseEncodingDirectionDICOM": "COL",
    "InstitutionAddress": "Scott_Ave_4525_St._Louis_MO_US_63110",
    "InstitutionName": "Washington_University",
    "InstitutionalDepartmentName": "Department",
    "MRAcquisitionType": "2D",
    "MagneticFieldStrength": 3,
    "Manufacturer": "Siemens",
    "ManufacturersModelName": "Prisma_fit",
    "Modality": "MR",
    "MultibandAccelerationFactor": 4,
    "PartialFourier": 1,
    "PatientPosition": "HFS",
    "PercentPhaseFOV": 100,
    "PhaseEncodingDirection": "j-",
    "PhaseEncodingSteps": 90,
    "PhaseResolution": 1,
    "PixelBandwidth": 2220,
    "ProcedureStepDescription": "head_Braver",
    "ProtocolName": "tfMRI_AxcptBas1_AP",
    "PulseSequenceDetails": "%CustomerSeq%_cmrr_mbep2d_bold",
    "ReceiveCoilActiveElements": "HEA;HEP",
    "ReceiveCoilName": "Head_32",
    "ReconMatrixPE": 90,
    "RepetitionTime": 1.2,
    "SAR": 0.0580927,
    "ScanOptions": "FS_EXT",
    "ScanningSequence": "EP",
    "SequenceName": "epfid2d1_90",
    "SequenceVariant": "SK_SS",
    "SeriesDescription": "tfMRI_AxcptBas1_AP",
    "SeriesNumber": 37,
    "ShimSetting": [
      -2005,
      -11529,
      5867,
      466,
      16,
      -87,
      -3,
      28
    ],
    "SliceThickness": 2.4,
    "SliceTiming": [
      0,
      0.63,
      0.08,
      0.71,
      0.1575,
      0.7875,
      0.2375,
      0.8675,
      0.315,
      0.945,
      0.395,
      1.0225,
      0.4725,
      1.1025,
      0.5525,
      0,
      0.63,
      0.08,
      0.71,
      0.1575,
      0.7875,
      0.2375,
      0.8675,
      0.315,
      0.945,
      0.395,
      1.0225,
      0.4725,
      1.1025,
      0.5525,
      0,
      0.63,
      0.08,
      0.71,
      0.1575,
      0.7875,
      0.2375,
      0.8675,
      0.315,
      0.945,
      0.395,
      1.0225,
      0.4725,
      1.1025,
      0.5525,
      0,
      0.63,
      0.08,
      0.71,
      0.1575,
      0.7875,
      0.2375,
      0.8675,
      0.315,
      0.945,
      0.395,
      1.0225,
      0.4725,
      1.1025,
      0.5525
    ],
    "SoftwareVersions": "syngo_MR_E11",
    "SpacingBetweenSlices": 2.4,
    "StationName": "MRC35177",
    "TaskName": "Axcpt",
    "TotalReadoutTime": 0.0525111,
    "TxRefAmp": 234.733,
    "VendorReportedEchoSpacing": 0.00059,
    "WipMemBlock": "a7ac55ce-f068-4294-bb5c-ae2ce3b97615||Sequence: R016 ve11c/master r/e634e98; Dec 19 2017 11:00:25 by eja",
    "acq_id": "mb4AP",
    "dataset": "ds003465",
    "modality": "bold",
    "run_id": 1,
    "session_id": "wave1bas",
    "subject_id": "f7227ag",
    "task_id": "Axcpt"
  },
  "dummy_trs": 1,
  "dvars_nstd": 37.0164765716941,
  "dvars_std": 1.0279890620723682,
  "dvars_vstd": 0.934795988552631,
  "efc": 0.5332050975275252,
  "fber": 590.8507690429688,
  "fd_mean": 0.25786995389513434,
  "fd_num": 388,
  "fd_perc": 63.71100164203612,
  "fwhm_avg": 2.574449897700552,
  "fwhm_x": 2.3574665729893614,
  "fwhm_y": 2.684279060003,
  "fwhm_z": 2.681604060109295,
  "gcor": 0.00548246,
  "gsr_x": -0.013553464785218239,
  "gsr_y": 0.06570085883140564,
  "provenance": {
    "md5sum": "63379582f4f8905f6792c9d39a11a2a6",
    "settings": {
      "fd_thres": 0.2,
      "testing": false
    },
    "software": "mriqc",
    "version": "22.0.6",
    "webapi_port": null,
    "webapi_url": "https://mriqc.nimh.nih.gov/api/v1"
  },
  "size_t": 609,
  "size_x": 90,
  "size_y": 90,
  "size_z": 60,
  "snr": 3.267026561571176,
  "spacing_tr": 1.2000000476837158,
  "spacing_x": 2.4000000953674316,
  "spacing_y": 2.4000000953674316,
  "spacing_z": 2.4000000953674316,
  "summary_bg_k": 62.228105316350934,
  "summary_bg_mad": 59.17993528296152,
  "summary_bg_mean": 328.7261047363281,
  "summary_bg_median": 145.7635498046875,
  "summary_bg_n": 328911.0,
  "summary_bg_p05": 100.41871643066406,
  "summary_bg_p95": 1194.988525390625,
  "summary_bg_stdv": 569.1016235351562,
  "summary_fg_k": 1.0137562232471486,
  "summary_fg_mad": 1008.2621712224659,
  "summary_fg_mean": 3814.587158203125,
  "summary_fg_median": 3656.78662109375,
  "summary_fg_n": 78903.0,
  "summary_fg_p05": 2269.6132080078123,
  "summary_fg_p95": 5902.4640136718735,
  "summary_fg_stdv": 1119.2940673828125,
  "tsnr": 32.46126072877087
}