{
  "aor": 0.0018480131362889984,
  "aqi": 0.0074538959770114955,
  "bids_meta": {
    "AcquisitionMatrixPE": 90,
    "AcquisitionNumber": 1,
    "AcquisitionTime": "19:55:26.600000",
    "BandwidthPerPixelPhaseEncode": 18.832,
    "BaseResolution": 90,
    "BodyPartExamined": "HEAD",
    "ConsistencyInfo": "N4_VE11C_LATEST_20160120",
    "ConversionSoftware": "dcm2niix",
    "ConversionSoftwareVersion": "v1.0.20190902",
    "DerivedVendorReportedEchoSpacing": 0.000590012,
    "DeviceSerialNumber": "67064",
    "DwellTime": 2.5e-06,
    "EchoTime": 0.033,
    "EchoTrainLength": 90,
    "EffectiveEchoSpacing": 0.000590012,
    "FlipAngle": 63,
    "ImageComments": "Unaliased_MB4_PE3_LB",
    "ImageOrientationPatientDICOM": [
      0.998317,
      0.0293875,
      -0.0500036,
      -0.0477779,
      0.905458,
      -0.421737
    ],
    "ImageType": [
      "ORIGINAL",
      "PRIMARY",
      "M",
      "MB",
      "ND",
      "MOSAIC"
    ],
    "ImagingFrequency": 123.247,
    "InPlanePhaseEncodingDirectionDICOM": "COL",
    "InstitutionAddress": "Scott_Ave_4525_St._Louis_MO_US_63110",
    "InstitutionName": "Washington_University",
    "InstitutionalDepartmentName": "Department",
    "MRAcquisitionType": "2D",
    "MagneticFieldStrength": 3,
    "Manufacturer": "Siemens",
    "ManufacturersModelName": "Prisma_fit",
    "Modality": "MR",
    "MultibandAccelerationFactor": 4,
    "PartialFourier": 1,
    "PatientPosition": "HFS",
    "PercentPhaseFOV": 100,
    "PhaseEncodingDirection": "j-",
    "PhaseEncodingSteps": 90,
    "PhaseResolution": 1,
    "PixelBandwidth": 2220,
    "ProcedureStepDescription": "head_Braver",
    "ProtocolName": "tfMRI_AxcptBas1_AP",
    "PulseSequenceDetails": "%CustomerSeq%_cmrr_mbep2d_bold",
    "ReceiveCoilActiveElements": "HEA;HEP",
    "ReceiveCoilName": "Head_32",
    "ReconMatrixPE": 90,
    "RepetitionTime": 1.2,
    "SAR": 0.0673411,
    "ScanOptions": "FS_EXT",
    "ScanningSequence": "EP",
    "SequenceName": "epfid2d1_90",
    "SequenceVariant": "SK_SS",
    "SeriesDescription": "tfMRI_AxcptBas1_AP",
    "SeriesNumber": 40,
    "ShimSetting": [
      -2016,
      -11407,
      5763,
      702,
      33,
      353,
      21,
      -20
    ],
    "SliceThickness": 2.4,
    "SliceTiming": [
      0,
      0.6275,
      0.0775,
      0.7075,
      0.1575,
      0.785,
      0.235,
      0.865,
      0.315,
      0.9425,
      0.3925,
      1.0225,
      0.47,
      1.1,
      0.55,
      0,
      0.6275,
      0.0775,
      0.7075,
      0.1575,
      0.785,
      0.235,
      0.865,
      0.315,
      0.9425,
      0.3925,
      1.0225,
      0.47,
      1.1,
      0.55,
      0,
      0.6275,
      0.0775,
      0.7075,
      0.1575,
      0.785,
      0.235,
      0.865,
      0.315,
      0.9425,
      0.3925,
      1.0225,
      0.47,
      1.1,
      0.55,
      0,
      0.6275,
      0.0775,
      0.7075,
      0.1575,
      0.785,
      0.235,
      0.865,
      0.315,
      0.9425,
      0.3925,
      1.0225,
      0.47,
      1.1,
      0.55
    ],
    "SoftwareVersions": "syngo_MR_E11",
    "SpacingBetweenSlices": 2.4,
    "StationName": "MRC35177",
    "TaskName": "Axcpt",
    "TotalReadoutTime": 0.0525111,
    "TxRefAmp": 248,
    "VendorReportedEchoSpacing": 0.00059,
    "WipMemBlock": "939ddc48-0169-4a16-8a99-a6da2c3f9d7c||Sequence: ve11c/master r/b8bea8f; Mar  2 2017 16:56:44 by eja",
    "acq_id": "mb4AP",
    "dataset": "ds003465",
    "modality": "bold",
    "run_id": 1,
    "session_id": "wave1bas",
    "subject_id": "f1031ax",
    "task_id": "Axcpt"
  },
  "dummy_trs": 1,
  "dvars_nstd": 31.514897729226977,
  "dvars_std": 1.121973632384868,
  "dvars_vstd": 0.9735632046052637,
  "efc": 0.48574060135044195,
  "fber": 957.9205932617188,
  "fd_mean": 0.20030633585857832,
  "fd_num": 314,
  "fd_perc": 51.55993431855501,
  "fwhm_avg": 2.9977484919912882,
  "fwhm_x": 2.8250957210741157,
  "fwhm_y": 3.0797790442872426,
  "fwhm_z": 3.0883707106125073,
  "gcor": 0.00956161,
  "gsr_x": -0.014663055539131165,
  "gsr_y": 0.061673764139413834,
  "provenance": {
    "md5sum": "8598b971e2706fa6674b719c69549b81",
    "settings": {
      "fd_thres": 0.2,
      "testing": false
    },
    "software": "mriqc",
    "version": "22.0.6",
    "webapi_port": null,
    "webapi_url": "https://mriqc.nimh.nih.gov/api/v1"
  },
  "size_t": 609,
  "size_x": 90,
  "size_y": 90,
  "size_z": 60,
  "snr": 2.498804360406256,
  "spacing_tr": 1.2000000476837158,
  "spacing_x": 2.4000000953674316,
  "spacing_y": 2.4000000953674316,
  "spacing_z": 2.4000000953674316,
  "summary_bg_k": 18.14916283425852,
  "summary_bg_mad": 57.48795984161246,
  "summary_bg_mean": 333.2818908691406,
  "summary_bg_median": 144.86370849609375,
  "summary_bg_n": 342501.0,
  "summary_bg_p05": 100.6551742553711,
  "summary_bg_p95": 1315.3250732421875,
  "summary_bg_stdv": 489.3037414550781,
  "summary_fg_k": 2.0066840421229655,
  "summary_fg_mad": 1513.5862883064026,
  "summary_fg_mean": 4879.1484375,
  "summary_fg_median": 4504.0576171875,
  "summary_fg_n": 74647.0,
  "summary_fg_p05": 2642.02587890625,
  "summary_fg_p95": 8407.441992187498,
  "summary_fg_stdv": 1802.4730224609375,
  "tsnr": 40.55687116109766
}