{
  "aor": 0.0006511481481481481,
  "aqi": 0.008511278703703704,
  "bids_meta": {
    "AcquisitionMatrixPE": 90,
    "AcquisitionNumber": 1,
    "AcquisitionTime": "19:08:2.437500",
    "BandwidthPerPixelPhaseEncode": 18.832,
    "BaseResolution": 90,
    "BodyPartExamined": "HEAD",
    "ConsistencyInfo": "N4_VE11C_LATEST_20160120",
    "ConversionSoftware": "dcm2niix",
    "ConversionSoftwareVersion": "v1.0.20190902",
    "DerivedVendorReportedEchoSpacing": 0.000590012,
    "DeviceSerialNumber": "67064",
    "DwellTime": 2.5e-06,
    "EchoTime": 0.033,
    "EchoTrainLength": 90,
    "EffectiveEchoSpacing": 0.000590012,
    "FlipAngle": 63,
    "ImageComments": "Unaliased_MB4_PE3_LB",
    "ImageOrientationPatientDICOM": [
      0.998317,
      0.0293875,
      -0.0500036,
      -0.0477779,
      0.905458,
      -0.421737
    ],
    "ImageType": [
      "ORIGINAL",
      "PRIMARY",
      "M",
      "MB",
      "ND",
      "MOSAIC"
    ],
    "ImagingFrequency": 123.247,
    "InPlanePhaseEncodingDirectionDICOM": "COL",
    "InstitutionAddress": "Scott_Ave_4525_St._Louis_MO_US_63110",
    "InstitutionName": "Washington_University",
    "InstitutionalDepartmentName": "Department",
    "MRAcquisitionType": "2D",
    "MagneticFieldStrength": 3,
    "Manufacturer": "Siemens",
    "ManufacturersModelName": "Prisma_fit",
    "Modality": "MR",
    "MultibandAccelerationFactor": 4,
    "PartialFourier": 1,
    "PatientPosition": "HFS",
    "PercentPhaseFOV": 100,
    "PhaseEncodingDirection": "j",
    "PhaseEncodingSteps": 90,
    "PhaseResolution": 1,
    "PixelBandwidth": 2220,
    "ProcedureStepDescription": "head_Braver",
    "ProtocolName": "tfMRI_StroopBas2_PA",
    "PulseSequenceDetails": "%CustomerSeq%_cmrr_mbep2d_bold",
    "ReceiveCoilActiveElements": "HEA;HEP",
    "ReceiveCoilName": "Head_32",
    "ReconMatrixPE": 90,
    "RepetitionTime": 1.2,
    "SAR": 0.0673075,
    "ScanOptions": "FS_EXT",
    "ScanningSequence": "EP",
    "SequenceName": "epfid2d1_90",
    "SequenceVariant": "SK_SS",
    "SeriesDescription": "tfMRI_StroopBas2_PA",
    "SeriesNumber": 28,
    "ShimSetting": [
      -2016,
      -11407,
      5763,
      702,
      33,
      353,
      21,
      -20
    ],
    "SliceThickness": 2.4,
    "SliceTiming": [
      0,
      0.63,
      0.08,
      0.7075,
      0.1575,
      0.7875,
      0.2375,
      0.865,
      0.315,
      0.945,
      0.395,
      1.0225,
      0.4725,
      1.1025,
      0.5525,
      0,
      0.63,
      0.08,
      0.7075,
      0.1575,
      0.7875,
      0.2375,
      0.865,
      0.315,
      0.945,
      0.395,
      1.0225,
      0.4725,
      1.1025,
      0.5525,
      0,
      0.63,
      0.08,
      0.7075,
      0.1575,
      0.7875,
      0.2375,
      0.865,
      0.315,
      0.945,
      0.395,
      1.0225,
      0.4725,
      1.1025,
      0.5525,
      0,
      0.63,
      0.08,
      0.7075,
      0.1575,
      0.7875,
      0.2375,
      0.865,
      0.315,
      0.945,
      0.395,
      1.0225,
      0.4725,
      1.1025,
      0.5525
    ],
    "SoftwareVersions": "syngo_MR_E11",
    "SpacingBetweenSlices": 2.4,
    "StationName": "MRC35177",
    "TaskName": "Stroop",
    "TotalReadoutTime": 0.0525111,
    "TxRefAmp": 248,
    "VendorReportedEchoSpacing": 0.00059,
    "WipMemBlock": "ad2cd4bf-ac97-4517-b659-73507d12c1e7||Sequence: ve11c/master r/b8bea8f; Mar  2 2017 16:56:44 by eja",
    "acq_id": "mb4PA",
    "dataset": "ds003465",
    "modality": "bold",
    "run_id": 2,
    "session_id": "wave1bas",
    "subject_id": "f1031ax",
    "task_id": "Stroop"
  },
  "dummy_trs": 0,
  "dvars_nstd": 38.16741855256033,
  "dvars_std": 1.1156284461966617,
  "dvars_vstd": 0.9636753967903524,
  "efc": 0.48803397478406374,
  "fber": 956.6500854492188,
  "fd_mean": 0.26966545773181394,
  "fd_num": 341,
  "fd_perc": 63.148148148148145,
  "fwhm_avg": 2.8977512737425983,
  "fwhm_x": 2.759795723668904,
  "fwhm_y": 2.9260790503947316,
  "fwhm_z": 3.0073790471641604,
  "gcor": 0.0176053,
  "gsr_x": -0.01779680699110031,
  "gsr_y": 0.054773397743701935,
  "provenance": {
    "md5sum": "a5ac06337605d6151edd73ffadab6977",
    "settings": {
      "fd_thres": 0.2,
      "testing": false
    },
    "software": "mriqc",
    "version": "22.0.6",
    "webapi_port": null,
    "webapi_url": "https://mriqc.nimh.nih.gov/api/v1"
  },
  "size_t": 540,
  "size_x": 90,
  "size_y": 90,
  "size_z": 60,
  "snr": 2.5856351207987,
  "spacing_tr": 1.2000000476837158,
  "spacing_x": 2.4000000953674316,
  "spacing_y": 2.4000000953674316,
  "spacing_z": 2.4000000953674316,
  "summary_bg_k": 16.234979370166258,
  "summary_bg_mad": 58.860683535714955,
  "summary_bg_mean": 338.960693359375,
  "summary_bg_median": 145.68240356445312,
  "summary_bg_n": 344220.0,
  "summary_bg_p05": 102.22222137451172,
  "summary_bg_p95": 1349.7890991210936,
  "summary_bg_stdv": 490.3965759277344,
  "summary_fg_k": 1.6445102916689391,
  "summary_fg_mad": 1551.400608073805,
  "summary_fg_mean": 4809.78662109375,
  "summary_fg_median": 4489.388671875,
  "summary_fg_n": 73705.0,
  "summary_fg_p05": 2615.1107421875,
  "summary_fg_p95": 8121.6236328125015,
  "summary_fg_stdv": 1736.26904296875,
  "tsnr": 36.29812825890258
}