{
  "aor": 0.0020505183946488295,
  "aqi": 0.00862973016722408,
  "bids_meta": {
    "AcquisitionMatrixPE": 90,
    "AcquisitionNumber": 1,
    "AcquisitionTime": "15:52:15.860000",
    "BandwidthPerPixelPhaseEncode": 18.832,
    "BaseResolution": 90,
    "BodyPartExamined": "HEAD",
    "ConsistencyInfo": "N4_VE11C_LATEST_20160120",
    "ConversionSoftware": "dcm2niix",
    "ConversionSoftwareVersion": "v1.0.20190902",
    "DerivedVendorReportedEchoSpacing": 0.000590012,
    "DeviceSerialNumber": "67064",
    "DwellTime": 2.5e-06,
    "EchoTime": 0.033,
    "EchoTrainLength": 90,
    "EffectiveEchoSpacing": 0.000590012,
    "FlipAngle": 63,
    "ImageComments": "Unaliased_MB4_PE3_LB",
    "ImageOrientationPatientDICOM": [
      0.999609,
      -0.0246244,
      -0.0132109,
      0.0177973,
      0.925475,
      -0.378389
    ],
    "ImageType": [
      "ORIGINAL",
      "PRIMARY",
      "M",
      "MB",
      "ND",
      "MOSAIC"
    ],
    "ImagingFrequency": 123.247,
    "InPlanePhaseEncodingDirectionDICOM": "COL",
    "InstitutionAddress": "Scott_Ave_4525_St._Louis_MO_US_63110",
    "InstitutionName": "Washington_University",
    "InstitutionalDepartmentName": "Department",
    "MRAcquisitionType": "2D",
    "MagneticFieldStrength": 3,
    "Manufacturer": "Siemens",
    "ManufacturersModelName": "Prisma_fit",
    "Modality": "MR",
    "MultibandAccelerationFactor": 4,
    "PartialFourier": 1,
    "PatientPosition": "HFS",
    "PercentPhaseFOV": 100,
    "PhaseEncodingDirection": "j",
    "PhaseEncodingSteps": 90,
    "PhaseResolution": 1,
    "PixelBandwidth": 2220,
    "ProcedureStepDescription": "head_Braver",
    "ProtocolName": "tfMRI_SternBas2_PA",
    "PulseSequenceDetails": "%CustomerSeq%_cmrr_mbep2d_bold",
    "ReceiveCoilActiveElements": "HEA;HEP",
    "ReceiveCoilName": "Head_32",
    "ReconMatrixPE": 90,
    "RepetitionTime": 1.2,
    "SAR": 0.0748589,
    "ScanOptions": "FS_EXT",
    "ScanningSequence": "EP",
    "SequenceName": "epfid2d1_90",
    "SequenceVariant": "SK_SS",
    "SeriesDescription": "tfMRI_SternBas2_PA",
    "SeriesNumber": 37,
    "ShimSetting": [
      -2009,
      -11519,
      5836,
      628,
      73,
      194,
      137,
      -33
    ],
    "SliceThickness": 2.4,
    "SliceTiming": [
      0,
      0.63,
      0.08,
      0.71,
      0.1575,
      0.7875,
      0.2375,
      0.865,
      0.315,
      0.945,
      0.395,
      1.0225,
      0.4725,
      1.1025,
      0.5525,
      0,
      0.63,
      0.08,
      0.71,
      0.1575,
      0.7875,
      0.2375,
      0.865,
      0.315,
      0.945,
      0.395,
      1.0225,
      0.4725,
      1.1025,
      0.5525,
      0,
      0.63,
      0.08,
      0.71,
      0.1575,
      0.7875,
      0.2375,
      0.865,
      0.315,
      0.945,
      0.395,
      1.0225,
      0.4725,
      1.1025,
      0.5525,
      0,
      0.63,
      0.08,
      0.71,
      0.1575,
      0.7875,
      0.2375,
      0.865,
      0.315,
      0.945,
      0.395,
      1.0225,
      0.4725,
      1.1025,
      0.5525
    ],
    "SoftwareVersions": "syngo_MR_E11",
    "SpacingBetweenSlices": 2.4,
    "StationName": "MRC35177",
    "TaskName": "Stern",
    "TotalReadoutTime": 0.0525111,
    "TxRefAmp": 219.147,
    "VendorReportedEchoSpacing": 0.00059,
    "WipMemBlock": "c43c2d60-644e-4fd7-99c4-88d11530c7cc||Sequence: ve11c/master r/ab69a6c; Apr 19 2017 09:47:47 by eja",
    "acq_id": "mb4PA",
    "dataset": "ds003465",
    "modality": "bold",
    "run_id": 2,
    "session_id": "wave1bas",
    "subject_id": "f4831tn",
    "task_id": "Stern"
  },
  "dummy_trs": 2,
  "dvars_nstd": 32.20192652376884,
  "dvars_std": 1.0396735214572863,
  "dvars_vstd": 0.9784521831825802,
  "efc": 0.4748622422412194,
  "fber": 1055.8072509765625,
  "fd_mean": 0.1828412121816657,
  "fd_num": 150,
  "fd_perc": 25.08361204013378,
  "fwhm_avg": 2.9721526596750425,
  "fwhm_x": 2.811283221622975,
  "fwhm_y": 2.9654623821631123,
  "fwhm_z": 3.1397123752390392,
  "gcor": 0.0176587,
  "gsr_x": -0.010966234840452671,
  "gsr_y": 0.06943143904209137,
  "provenance": {
    "md5sum": "90c720e4629ad8adcf23b8f3758e8a7d",
    "settings": {
      "fd_thres": 0.2,
      "testing": false
    },
    "software": "mriqc",
    "version": "22.0.6",
    "webapi_port": null,
    "webapi_url": "https://mriqc.nimh.nih.gov/api/v1"
  },
  "size_t": 598,
  "size_x": 90,
  "size_y": 90,
  "size_z": 60,
  "snr": 2.5376835721821,
  "spacing_tr": 1.2000000476837158,
  "spacing_x": 2.4000000953674316,
  "spacing_y": 2.4000000953674316,
  "spacing_z": 2.4000000953674316,
  "summary_bg_k": 33.94538117407231,
  "summary_bg_mad": 32.69162098109384,
  "summary_bg_mean": 261.33514404296875,
  "summary_bg_median": 123.90300750732422,
  "summary_bg_n": 342633.0,
  "summary_bg_p05": 97.86956787109375,
  "summary_bg_p95": 960.588281249999,
  "summary_bg_stdv": 399.5621032714844,
  "summary_fg_k": 1.6936218700461234,
  "summary_fg_mad": 1316.1898924910188,
  "summary_fg_mean": 4358.71142578125,
  "summary_fg_median": 4012.998291015625,
  "summary_fg_n": 74702.0,
  "summary_fg_p05": 2456.6501708984374,
  "summary_fg_p95": 7510.098071289062,
  "summary_fg_stdv": 1581.3521728515625,
  "tsnr": 38.002416343195364
}