{
  "aor": 0.0004541666666666667,
  "aqi": 0.008348553209876543,
  "bids_meta": {
    "AcquisitionMatrixPE": 90,
    "AcquisitionNumber": 1,
    "AcquisitionTime": "14:49:22.365000",
    "BandwidthPerPixelPhaseEncode": 18.832,
    "BaseResolution": 90,
    "BodyPartExamined": "HEAD",
    "ConsistencyInfo": "N4_VE11C_LATEST_20160120",
    "ConversionSoftware": "dcm2niix",
    "ConversionSoftwareVersion": "v1.0.20190902",
    "DerivedVendorReportedEchoSpacing": 0.000590012,
    "DeviceSerialNumber": "67064",
    "DwellTime": 2.5e-06,
    "EchoTime": 0.033,
    "EchoTrainLength": 90,
    "EffectiveEchoSpacing": 0.000590012,
    "FlipAngle": 63,
    "ImageComments": "Unaliased_MB4_PE3_LB",
    "ImageOrientationPatientDICOM": [
      0.999609,
      -0.0246244,
      -0.0132109,
      0.0177973,
      0.925475,
      -0.378389
    ],
    "ImageType": [
      "ORIGINAL",
      "PRIMARY",
      "M",
      "MB",
      "ND",
      "MOSAIC"
    ],
    "ImagingFrequency": 123.247,
    "InPlanePhaseEncodingDirectionDICOM": "COL",
    "InstitutionAddress": "Scott_Ave_4525_St._Louis_MO_US_63110",
    "InstitutionName": "Washington_University",
    "InstitutionalDepartmentName": "Department",
    "MRAcquisitionType": "2D",
    "MagneticFieldStrength": 3,
    "Manufacturer": "Siemens",
    "ManufacturersModelName": "Prisma_fit",
    "Modality": "MR",
    "MultibandAccelerationFactor": 4,
    "PartialFourier": 1,
    "PatientPosition": "HFS",
    "PercentPhaseFOV": 100,
    "PhaseEncodingDirection": "j",
    "PhaseEncodingSteps": 90,
    "PhaseResolution": 1,
    "PixelBandwidth": 2220,
    "ProcedureStepDescription": "head_Braver",
    "ProtocolName": "tfMRI_CuedtsBas2_PA",
    "PulseSequenceDetails": "%CustomerSeq%_cmrr_mbep2d_bold",
    "ReceiveCoilActiveElements": "HEA;HEP",
    "ReceiveCoilName": "Head_32",
    "ReconMatrixPE": 90,
    "RepetitionTime": 1.2,
    "SAR": 0.0748815,
    "ScanOptions": "FS_EXT",
    "ScanningSequence": "EP",
    "SequenceName": "epfid2d1_90",
    "SequenceVariant": "SK_SS",
    "SeriesDescription": "tfMRI_CuedtsBas2_PA",
    "SeriesNumber": 22,
    "ShimSetting": [
      -2009,
      -11519,
      5836,
      628,
      73,
      194,
      137,
      -33
    ],
    "SliceThickness": 2.4,
    "SliceTiming": [
      0,
      0.63,
      0.08,
      0.7075,
      0.1575,
      0.7875,
      0.2375,
      0.865,
      0.315,
      0.945,
      0.395,
      1.0225,
      0.4725,
      1.1025,
      0.5525,
      0,
      0.63,
      0.08,
      0.7075,
      0.1575,
      0.7875,
      0.2375,
      0.865,
      0.315,
      0.945,
      0.395,
      1.0225,
      0.4725,
      1.1025,
      0.5525,
      0,
      0.63,
      0.08,
      0.7075,
      0.1575,
      0.7875,
      0.2375,
      0.865,
      0.315,
      0.945,
      0.395,
      1.0225,
      0.4725,
      1.1025,
      0.5525,
      0,
      0.63,
      0.08,
      0.7075,
      0.1575,
      0.7875,
      0.2375,
      0.865,
      0.315,
      0.945,
      0.395,
      1.0225,
      0.4725,
      1.1025,
      0.5525
    ],
    "SoftwareVersions": "syngo_MR_E11",
    "SpacingBetweenSlices": 2.4,
    "StationName": "MRC35177",
    "TaskName": "Cuedts",
    "TotalReadoutTime": 0.0525111,
    "TxRefAmp": 219.147,
    "VendorReportedEchoSpacing": 0.00059,
    "WipMemBlock": "9d8c6b12-252e-44f6-8a9a-94ef359d1d52||Sequence: ve11c/master r/ab69a6c; Apr 19 2017 09:47:47 by eja",
    "acq_id": "mb4PA",
    "dataset": "ds003465",
    "modality": "bold",
    "run_id": 2,
    "session_id": "wave1bas",
    "subject_id": "f4831tn",
    "task_id": "Cuedts"
  },
  "dummy_trs": 2,
  "dvars_nstd": 28.987822068485286,
  "dvars_std": 1.0221306952086555,
  "dvars_vstd": 0.9416775329984538,
  "efc": 0.47515467757642516,
  "fber": 1073.85546875,
  "fd_mean": 0.12896776628764448,
  "fd_num": 81,
  "fd_perc": 12.5,
  "fwhm_avg": 2.9755457150957696,
  "fwhm_x": 2.8364332206236034,
  "fwhm_y": 2.9849832147207573,
  "fwhm_z": 3.1052207099429485,
  "gcor": 0.0133567,
  "gsr_x": -0.014605696313083172,
  "gsr_y": 0.06497478485107422,
  "provenance": {
    "md5sum": "bbab6c5475c3978b2a29d4ff96a91f80",
    "settings": {
      "fd_thres": 0.2,
      "testing": false
    },
    "software": "mriqc",
    "version": "22.0.6",
    "webapi_port": null,
    "webapi_url": "https://mriqc.nimh.nih.gov/api/v1"
  },
  "size_t": 648,
  "size_x": 90,
  "size_y": 90,
  "size_z": 60,
  "snr": 2.580467001440869,
  "spacing_tr": 1.2000000476837158,
  "spacing_x": 2.4000000953674316,
  "spacing_y": 2.4000000953674316,
  "spacing_z": 2.4000000953674316,
  "summary_bg_k": 34.816156782260386,
  "summary_bg_mad": 36.172736422637215,
  "summary_bg_mean": 270.1448669433594,
  "summary_bg_median": 125.07099151611328,
  "summary_bg_n": 343744.0,
  "summary_bg_p05": 96.51851654052734,
  "summary_bg_p95": 1009.4343994140621,
  "summary_bg_stdv": 420.332763671875,
  "summary_fg_k": 1.556545410151264,
  "summary_fg_mad": 1328.7981647266647,
  "summary_fg_mean": 4416.56982421875,
  "summary_fg_median": 4079.703125,
  "summary_fg_n": 74664.0,
  "summary_fg_p05": 2494.5014526367186,
  "summary_fg_p95": 7564.072265624999,
  "summary_fg_stdv": 1580.9835205078125,
  "tsnr": 39.18990065320395
}