{
  "aor": 0.0010396289424860854,
  "aqi": 0.006926628515769944,
  "bids_meta": {
    "AcquisitionMatrixPE": 90,
    "AcquisitionNumber": 1,
    "AcquisitionTime": "16:07:17.270000",
    "BandwidthPerPixelPhaseEncode": 18.832,
    "BaseResolution": 90,
    "BodyPartExamined": "HEAD",
    "ConsistencyInfo": "N4_VE11C_LATEST_20160120",
    "ConversionSoftware": "dcm2niix",
    "ConversionSoftwareVersion": "v1.0.20190902",
    "DerivedVendorReportedEchoSpacing": 0.000590012,
    "DeviceSerialNumber": "67064",
    "DwellTime": 2.5e-06,
    "EchoTime": 0.033,
    "EchoTrainLength": 90,
    "EffectiveEchoSpacing": 0.000590012,
    "FlipAngle": 63,
    "ImageComments": "Unaliased_MB4_PE3_LB",
    "ImageOrientationPatientDICOM": [
      0.999609,
      -0.0246244,
      -0.0132109,
      0.0177973,
      0.925475,
      -0.378389
    ],
    "ImageType": [
      "ORIGINAL",
      "PRIMARY",
      "M",
      "MB",
      "ND",
      "MOSAIC"
    ],
    "ImagingFrequency": 123.247,
    "InPlanePhaseEncodingDirectionDICOM": "COL",
    "InstitutionAddress": "Scott_Ave_4525_St._Louis_MO_US_63110",
    "InstitutionName": "Washington_University",
    "InstitutionalDepartmentName": "Department",
    "MRAcquisitionType": "2D",
    "MagneticFieldStrength": 3,
    "Manufacturer": "Siemens",
    "ManufacturersModelName": "Prisma_fit",
    "Modality": "MR",
    "MultibandAccelerationFactor": 4,
    "PartialFourier": 1,
    "PatientPosition": "HFS",
    "PercentPhaseFOV": 100,
    "PhaseEncodingDirection": "j-",
    "PhaseEncodingSteps": 90,
    "PhaseResolution": 1,
    "PixelBandwidth": 2220,
    "ProcedureStepDescription": "head_Braver",
    "ProtocolName": "tfMRI_StroopBas1_AP",
    "PulseSequenceDetails": "%CustomerSeq%_cmrr_mbep2d_bold",
    "ReceiveCoilActiveElements": "HEA;HEP",
    "ReceiveCoilName": "Head_32",
    "ReconMatrixPE": 90,
    "RepetitionTime": 1.2,
    "SAR": 0.0748264,
    "ScanOptions": "FS_EXT",
    "ScanningSequence": "EP",
    "SequenceName": "epfid2d1_90",
    "SequenceVariant": "SK_SS",
    "SeriesDescription": "tfMRI_StroopBas1_AP",
    "SeriesNumber": 43,
    "ShimSetting": [
      -2009,
      -11519,
      5836,
      628,
      73,
      194,
      137,
      -33
    ],
    "SliceThickness": 2.4,
    "SliceTiming": [
      0,
      0.6275,
      0.0775,
      0.7075,
      0.1575,
      0.785,
      0.235,
      0.865,
      0.315,
      0.9425,
      0.3925,
      1.0225,
      0.4725,
      1.1,
      0.55,
      0,
      0.6275,
      0.0775,
      0.7075,
      0.1575,
      0.785,
      0.235,
      0.865,
      0.315,
      0.9425,
      0.3925,
      1.0225,
      0.4725,
      1.1,
      0.55,
      0,
      0.6275,
      0.0775,
      0.7075,
      0.1575,
      0.785,
      0.235,
      0.865,
      0.315,
      0.9425,
      0.3925,
      1.0225,
      0.4725,
      1.1,
      0.55,
      0,
      0.6275,
      0.0775,
      0.7075,
      0.1575,
      0.785,
      0.235,
      0.865,
      0.315,
      0.9425,
      0.3925,
      1.0225,
      0.4725,
      1.1,
      0.55
    ],
    "SoftwareVersions": "syngo_MR_E11",
    "SpacingBetweenSlices": 2.4,
    "StationName": "MRC35177",
    "TaskName": "Stroop",
    "TotalReadoutTime": 0.0525111,
    "TxRefAmp": 219.147,
    "VendorReportedEchoSpacing": 0.00059,
    "WipMemBlock": "4e8a76f1-d6ea-4820-a839-b983e00eb83f||Sequence: ve11c/master r/ab69a6c; Apr 19 2017 09:47:47 by eja",
    "acq_id": "mb4AP",
    "dataset": "ds003465",
    "modality": "bold",
    "run_id": 1,
    "session_id": "wave1bas",
    "subject_id": "f4831tn",
    "task_id": "Stroop"
  },
  "dummy_trs": 1,
  "dvars_nstd": 35.30570258864312,
  "dvars_std": 1.1361636268401478,
  "dvars_vstd": 0.9901339540706309,
  "efc": 0.4847126646691453,
  "fber": 1014.9933471679688,
  "fd_mean": 0.1890085612487148,
  "fd_num": 188,
  "fd_perc": 34.87940630797774,
  "fwhm_avg": 3.0335748794565642,
  "fwhm_x": 2.9073832178043038,
  "fwhm_y": 3.120841542655566,
  "fwhm_z": 3.072499877909824,
  "gcor": 0.0147209,
  "gsr_x": -0.010940042324364185,
  "gsr_y": 0.0761544480919838,
  "provenance": {
    "md5sum": "e73756e7477e44019bf7186585ce48c2",
    "settings": {
      "fd_thres": 0.2,
      "testing": false
    },
    "software": "mriqc",
    "version": "22.0.6",
    "webapi_port": null,
    "webapi_url": "https://mriqc.nimh.nih.gov/api/v1"
  },
  "size_t": 539,
  "size_x": 90,
  "size_y": 90,
  "size_z": 60,
  "snr": 2.563259529145414,
  "spacing_tr": 1.2000000476837158,
  "spacing_x": 2.4000000953674316,
  "spacing_y": 2.4000000953674316,
  "spacing_z": 2.4000000953674316,
  "summary_bg_k": 33.999710758790435,
  "summary_bg_mad": 33.159130687919514,
  "summary_bg_mean": 260.24920654296875,
  "summary_bg_median": 123.38590240478516,
  "summary_bg_n": 335450.0,
  "summary_bg_p05": 97.0111312866211,
  "summary_bg_p95": 933.5342468261713,
  "summary_bg_stdv": 398.4922180175781,
  "summary_fg_k": 1.912347092004949,
  "summary_fg_mad": 1216.295224458017,
  "summary_fg_mean": 4330.9189453125,
  "summary_fg_median": 3976.989013671875,
  "summary_fg_n": 78887.0,
  "summary_fg_p05": 2516.3177734375,
  "summary_fg_p95": 7540.495947265625,
  "summary_fg_stdv": 1551.5260009765625,
  "tsnr": 43.56829117704183
}