{
  "aor": 0.001581334431630972,
  "aqi": 0.007214758764415156,
  "bids_meta": {
    "AcquisitionMatrixPE": 90,
    "AcquisitionNumber": 1,
    "AcquisitionTime": "15:17:49.577500",
    "BandwidthPerPixelPhaseEncode": 18.832,
    "BaseResolution": 90,
    "BodyPartExamined": "HEAD",
    "ConsistencyInfo": "N4_VE11C_LATEST_20160120",
    "ConversionSoftware": "dcm2niix",
    "ConversionSoftwareVersion": "v1.0.20190902",
    "DerivedVendorReportedEchoSpacing": 0.000590012,
    "DeviceSerialNumber": "67064",
    "DwellTime": 2.5e-06,
    "EchoTime": 0.033,
    "EchoTrainLength": 90,
    "EffectiveEchoSpacing": 0.000590012,
    "FlipAngle": 63,
    "ImageComments": "Unaliased_MB4_PE3_LB",
    "ImageOrientationPatientDICOM": [
      0.999609,
      -0.0246244,
      -0.0132109,
      0.0177973,
      0.925475,
      -0.378389
    ],
    "ImageType": [
      "ORIGINAL",
      "PRIMARY",
      "M",
      "MB",
      "ND",
      "MOSAIC"
    ],
    "ImagingFrequency": 123.247,
    "InPlanePhaseEncodingDirectionDICOM": "COL",
    "InstitutionAddress": "Scott_Ave_4525_St._Louis_MO_US_63110",
    "InstitutionName": "Washington_University",
    "InstitutionalDepartmentName": "Department",
    "MRAcquisitionType": "2D",
    "MagneticFieldStrength": 3,
    "Manufacturer": "Siemens",
    "ManufacturersModelName": "Prisma_fit",
    "Modality": "MR",
    "MultibandAccelerationFactor": 4,
    "PartialFourier": 1,
    "PatientPosition": "HFS",
    "PercentPhaseFOV": 100,
    "PhaseEncodingDirection": "j",
    "PhaseEncodingSteps": 90,
    "PhaseResolution": 1,
    "PixelBandwidth": 2220,
    "ProcedureStepDescription": "head_Braver",
    "ProtocolName": "tfMRI_AxcptBas2_PA",
    "PulseSequenceDetails": "%CustomerSeq%_cmrr_mbep2d_bold",
    "ReceiveCoilActiveElements": "HEA;HEP",
    "ReceiveCoilName": "Head_32",
    "ReconMatrixPE": 90,
    "RepetitionTime": 1.2,
    "SAR": 0.0748637,
    "ScanOptions": "FS_EXT",
    "ScanningSequence": "EP",
    "SequenceName": "epfid2d1_90",
    "SequenceVariant": "SK_SS",
    "SeriesDescription": "tfMRI_AxcptBas2_PA",
    "SeriesNumber": 28,
    "ShimSetting": [
      -2009,
      -11519,
      5836,
      628,
      73,
      194,
      137,
      -33
    ],
    "SliceThickness": 2.4,
    "SliceTiming": [
      0,
      0.63,
      0.08,
      0.7075,
      0.1575,
      0.7875,
      0.2375,
      0.865,
      0.315,
      0.945,
      0.395,
      1.0225,
      0.4725,
      1.1025,
      0.5525,
      0,
      0.63,
      0.08,
      0.7075,
      0.1575,
      0.7875,
      0.2375,
      0.865,
      0.315,
      0.945,
      0.395,
      1.0225,
      0.4725,
      1.1025,
      0.5525,
      0,
      0.63,
      0.08,
      0.7075,
      0.1575,
      0.7875,
      0.2375,
      0.865,
      0.315,
      0.945,
      0.395,
      1.0225,
      0.4725,
      1.1025,
      0.5525,
      0,
      0.63,
      0.08,
      0.7075,
      0.1575,
      0.7875,
      0.2375,
      0.865,
      0.315,
      0.945,
      0.395,
      1.0225,
      0.4725,
      1.1025,
      0.5525
    ],
    "SoftwareVersions": "syngo_MR_E11",
    "SpacingBetweenSlices": 2.4,
    "StationName": "MRC35177",
    "TaskName": "Axcpt",
    "TotalReadoutTime": 0.0525111,
    "TxRefAmp": 219.147,
    "VendorReportedEchoSpacing": 0.00059,
    "WipMemBlock": "dc07f323-ce06-4853-a524-6c99abaaa07d||Sequence: ve11c/master r/ab69a6c; Apr 19 2017 09:47:47 by eja",
    "acq_id": "mb4PA",
    "dataset": "ds003465",
    "modality": "bold",
    "run_id": 2,
    "session_id": "wave1bas",
    "subject_id": "f4831tn",
    "task_id": "Axcpt"
  },
  "dummy_trs": 3,
  "dvars_nstd": 30.063688589901005,
  "dvars_std": 1.049823711402639,
  "dvars_vstd": 0.9775003701980197,
  "efc": 0.4751954912147573,
  "fber": 1072.5877685546875,
  "fd_mean": 0.16834368797373525,
  "fd_num": 121,
  "fd_perc": 19.934102141680395,
  "fwhm_avg": 2.970145715310346,
  "fwhm_x": 2.8526290533133722,
  "fwhm_y": 2.991224881139402,
  "fwhm_z": 3.0665832114782647,
  "gcor": 0.0178007,
  "gsr_x": -0.013478193432092667,
  "gsr_y": 0.06643860042095184,
  "provenance": {
    "md5sum": "ce203e67a1fb7e6e7e8a774a3c7eb665",
    "settings": {
      "fd_thres": 0.2,
      "testing": false
    },
    "software": "mriqc",
    "version": "22.0.6",
    "webapi_port": null,
    "webapi_url": "https://mriqc.nimh.nih.gov/api/v1"
  },
  "size_t": 607,
  "size_x": 90,
  "size_y": 90,
  "size_z": 60,
  "snr": 2.550922382796048,
  "spacing_tr": 1.2000000476837158,
  "spacing_x": 2.4000000953674316,
  "spacing_y": 2.4000000953674316,
  "spacing_z": 2.4000000953674316,
  "summary_bg_k": 31.236498376982205,
  "summary_bg_mad": 36.69257246813787,
  "summary_bg_mean": 271.09832763671875,
  "summary_bg_median": 124.58566284179688,
  "summary_bg_n": 343946.0,
  "summary_bg_p05": 93.83360290527344,
  "summary_bg_p95": 1021.6667633056641,
  "summary_bg_stdv": 421.2088623046875,
  "summary_fg_k": 1.6868745233720377,
  "summary_fg_mad": 1323.9981676515665,
  "summary_fg_mean": 4394.6787109375,
  "summary_fg_median": 4051.220703125,
  "summary_fg_n": 74665.0,
  "summary_fg_p05": 2483.992138671875,
  "summary_fg_p95": 7565.516015625001,
  "summary_fg_stdv": 1588.12890625,
  "tsnr": 40.32227606384549
}