{
  "bids_meta": {
    "AcquisitionMatrixPE": 300,
    "AcquisitionNumber": 1,
    "AcquisitionTime": "09:36:8.250000",
    "BaseResolution": 320,
    "BodyPartExamined": "HEAD",
    "ConsistencyInfo": "N4_VE11C_LATEST_20160120",
    "ConversionSoftware": "dcm2niix",
    "ConversionSoftwareVersion": "v1.0.20190902",
    "DeviceSerialNumber": "67064",
    "DwellTime": 7.1e-06,
    "EchoTime": 0.00222,
    "FlipAngle": 8,
    "ImageOrientationPatientDICOM": [
      0.0437307,
      0.981839,
      -0.18461,
      0.00940776,
      -0.185183,
      -0.982659
    ],
    "ImageType": [
      "ORIGINAL",
      "PRIMARY",
      "M",
      "ND"
    ],
    "ImagingFrequency": 123.247,
    "InPlanePhaseEncodingDirectionDICOM": "ROW",
    "InstitutionAddress": "Scott_Ave_4525_St._Louis_MO_US_63110",
    "InstitutionName": "Washington_University",
    "InstitutionalDepartmentName": "Department",
    "InversionTime": 1,
    "MRAcquisitionType": "3D",
    "MagneticFieldStrength": 3,
    "Manufacturer": "Siemens",
    "ManufacturersModelName": "Prisma_fit",
    "Modality": "MR",
    "ParallelReductionFactorInPlane": 2,
    "PartialFourier": 1,
    "PatientPosition": "HFS",
    "PercentPhaseFOV": 93.75,
    "PhaseEncodingSteps": 299,
    "PhaseResolution": 1,
    "PixelBandwidth": 220,
    "ProcedureStepDescription": "head_Braver",
    "ProtocolName": "T1w_MPR",
    "PulseSequenceDetails": "%SiemensSeq%_tfl",
    "ReceiveCoilActiveElements": "HEA;HEP",
    "ReceiveCoilName": "Head_32",
    "ReconMatrixPE": 300,
    "RefLinesPE": 32,
    "RepetitionTime": 2.4,
    "SAR": 0.0357019,
    "ScanOptions": "IR_WE",
    "ScanningSequence": "GR_IR",
    "SequenceName": "_tfl3d1_16ns",
    "SequenceVariant": "SK_SP_MP",
    "SeriesDescription": "T1w_MPR",
    "SeriesNumber": 11,
    "ShimSetting": [
      -1994,
      -11453,
      5755,
      511,
      85,
      272,
      -29,
      -80
    ],
    "SliceThickness": 0.8,
    "SoftwareVersions": "syngo_MR_E11",
    "StationName": "MRC35177",
    "TxRefAmp": 220.736,
    "dataset": "ds003465",
    "modality": "T1w",
    "session_id": "wave1bas",
    "subject_id": "f3681wf"
  },
  "cjv": 0.49598164306763975,
  "cnr": 2.7251839343579336,
  "efc": 0.5108379812730386,
  "fber": 20716.98549305803,
  "fwhm_avg": 4.79821671108722,
  "fwhm_x": 4.667537778206931,
  "fwhm_y": 4.708812429833227,
  "fwhm_z": 5.018299925221504,
  "icvs_csf": 0.1761742923174351,
  "icvs_gm": 0.40416893439760576,
  "icvs_wm": 0.41965677328495915,
  "inu_med": 0.9425277709960938,
  "inu_range": 0.826541715860367,
  "provenance": {
    "md5sum": "f126307a856b7d239f8d8ea3ff422fc9",
    "settings": {
      "testing": false
    },
    "software": "mriqc",
    "version": "22.0.6",
    "warnings": {
      "large_rot_frame": true,
      "small_air_mask": false
    },
    "webapi_port": null,
    "webapi_url": "https://mriqc.nimh.nih.gov/api/v1"
  },
  "qi_1": 3.652506727023693e-05,
  "qi_2": 0.0013889777887205754,
  "rpve_csf": 27.064735917605855,
  "rpve_gm": 12.156233197159509,
  "rpve_wm": 13.52354887139947,
  "size_x": 208,
  "size_y": 300,
  "size_z": 320,
  "snr_csf": 2.8443873565078044,
  "snr_gm": 12.38172274057537,
  "snr_total": 10.451581915039458,
  "snr_wm": 16.1286356480352,
  "snrd_csf": 16.497442049050065,
  "snrd_gm": 43.254555329332824,
  "snrd_total": 38.88474595805413,
  "snrd_wm": 56.90224049577951,
  "spacing_x": 0.7999999523162842,
  "spacing_y": 0.800000011920929,
  "spacing_z": 0.800000011920929,
  "summary_bg_k": 14.193617031329335,
  "summary_bg_mad": 0.0,
  "summary_bg_mean": 7.837126457555387,
  "summary_bg_median": 0.0,
  "summary_bg_n": 7360306.0,
  "summary_bg_p05": 0.0,
  "summary_bg_p95": 30.442715905606747,
  "summary_bg_stdv": 11.513367413838548,
  "summary_csf_k": 5.371737227342386,
  "summary_csf_mad": 68.91188662230395,
  "summary_csf_mean": 302.5525716004427,
  "summary_csf_median": 289.92605463415384,
  "summary_csf_n": 82648.0,
  "summary_csf_p05": 159.06559145189826,
  "summary_csf_p95": 495.72649686038494,
  "summary_csf_stdv": 101.92855765036678,
  "summary_gm_k": 0.09471418490551065,
  "summary_gm_mad": 60.5826606565916,
  "summary_gm_mean": 760.5776411759952,
  "summary_gm_median": 760.1555765010417,
  "summary_gm_n": 63009.0,
  "summary_gm_p05": 659.9443019032478,
  "summary_gm_p95": 862.1722866162658,
  "summary_gm_stdv": 61.39287401962529,
  "summary_wm_k": 0.4311819371840908,
  "summary_wm_mad": 58.37577172550542,
  "summary_wm_mean": 1008.7351481298892,
  "summary_wm_median": 1000.0000022873282,
  "summary_wm_n": 493897.0,
  "summary_wm_p05": 922.020553342998,
  "summary_wm_p95": 1125.1320490539074,
  "summary_wm_stdv": 62.00146198056168,
  "tpm_overlap_csf": 0.13470895038040928,
  "tpm_overlap_gm": 0.42244808438315584,
  "tpm_overlap_wm": 0.4785353653119399,
  "wm2max": 0.554369526446083
}