{
  "bids_meta": {
    "AcquisitionMatrixPE": 300,
    "AcquisitionNumber": 1,
    "AcquisitionTime": "09:43:18.007500",
    "BaseResolution": 320,
    "BodyPartExamined": "HEAD",
    "ConsistencyInfo": "N4_VE11C_LATEST_20160120",
    "ConversionSoftware": "dcm2niix",
    "ConversionSoftwareVersion": "v1.0.20190902",
    "DeviceSerialNumber": "67064",
    "DwellTime": 2.1e-06,
    "EchoTime": 0.563,
    "EchoTrainLength": 314,
    "FlipAngle": 120,
    "ImageOrientationPatientDICOM": [
      0.0437307,
      0.981839,
      -0.18461,
      0.00940776,
      -0.185183,
      -0.982659
    ],
    "ImageType": [
      "ORIGINAL",
      "PRIMARY",
      "M",
      "ND"
    ],
    "ImagingFrequency": 123.247,
    "InPlanePhaseEncodingDirectionDICOM": "ROW",
    "InstitutionAddress": "Scott_Ave_4525_St._Louis_MO_US_63110",
    "InstitutionName": "Washington_University",
    "InstitutionalDepartmentName": "Department",
    "MRAcquisitionType": "3D",
    "MagneticFieldStrength": 3,
    "Manufacturer": "Siemens",
    "ManufacturersModelName": "Prisma_fit",
    "Modality": "MR",
    "ParallelReductionFactorInPlane": 2,
    "PartialFourier": 1,
    "PatientPosition": "HFS",
    "PercentPhaseFOV": 93.75,
    "PhaseEncodingSteps": 297,
    "PhaseResolution": 1,
    "PixelBandwidth": 745,
    "ProcedureStepDescription": "head_Braver",
    "ProtocolName": "T2w_SPC",
    "PulseSequenceDetails": "%SiemensSeq%_tse_vfl",
    "ReceiveCoilActiveElements": "HEA;HEP",
    "ReceiveCoilName": "Head_32",
    "ReconMatrixPE": 300,
    "RefLinesPE": 32,
    "RepetitionTime": 3.2,
    "SAR": 0.120121,
    "ScanOptions": "PFP",
    "ScanningSequence": "SE",
    "SequenceName": "_spc_314ns",
    "SequenceVariant": "SK_SP",
    "SeriesDescription": "T2w_SPC",
    "SeriesNumber": 13,
    "ShimSetting": [
      -1994,
      -11453,
      5755,
      511,
      85,
      272,
      -29,
      -80
    ],
    "SliceThickness": 0.8,
    "SoftwareVersions": "syngo_MR_E11",
    "StationName": "MRC35177",
    "TxRefAmp": 220.736,
    "dataset": "ds003465",
    "modality": "T2w",
    "session_id": "wave1bas",
    "subject_id": "f3681wf"
  },
  "cjv": 0.5890627704536152,
  "cnr": 1.4094156110480578,
  "efc": 0.48291595693314954,
  "fber": 7259.8867327649405,
  "fwhm_avg": 3.33332086196983,
  "fwhm_x": 3.1530501879364365,
  "fwhm_y": 3.5929499464608736,
  "fwhm_z": 3.253962451512181,
  "icvs_csf": 0.3764834221132386,
  "icvs_gm": 0.474792139244785,
  "icvs_wm": 0.14872443864197638,
  "inu_med": 0.9224849939346313,
  "inu_range": 0.7572609126567831,
  "provenance": {
    "md5sum": "b1b364e7875f471bff3114eb8d5bfdbe",
    "settings": {
      "testing": false
    },
    "software": "mriqc",
    "version": "22.0.6",
    "warnings": {
      "large_rot_frame": true,
      "small_air_mask": false
    },
    "webapi_port": null,
    "webapi_url": "https://mriqc.nimh.nih.gov/api/v1"
  },
  "qi_1": 0.0,
  "qi_2": 0.0021371172133119068,
  "rpve_csf": 12.941427705433023,
  "rpve_gm": 11.726612501835987,
  "rpve_wm": 37.257136013712525,
  "size_x": 208,
  "size_y": 300,
  "size_z": 320,
  "snr_csf": 9.000589723370737,
  "snr_gm": 9.641715288065827,
  "snr_total": 6.935106017739856,
  "snr_wm": 2.1630130417830045,
  "snrd_csf": 67.85756482163166,
  "snrd_gm": 39.95582314207176,
  "snrd_total": 74.38861245028106,
  "snrd_wm": 115.35244938713976,
  "spacing_x": 0.7999999523162842,
  "spacing_y": 0.800000011920929,
  "spacing_z": 0.800000011920929,
  "summary_bg_k": 10.648476373588872,
  "summary_bg_mad": 5.679580214457687,
  "summary_bg_mean": 4.681027560754072,
  "summary_bg_median": 3.8308186400681734,
  "summary_bg_n": 7252513.0,
  "summary_bg_p05": 0.0,
  "summary_bg_p95": 17.06929394043982,
  "summary_bg_stdv": 6.332552110630969,
  "summary_csf_k": 0.9243676375994152,
  "summary_csf_mad": 60.079913152936754,
  "summary_csf_mean": 591.9550645185622,
  "summary_csf_median": 588.2782311625779,
  "summary_csf_n": 107602.0,
  "summary_csf_p05": 492.2992852348834,
  "summary_csf_p95": 704.9488097447902,
  "summary_csf_stdv": 65.35966149469408,
  "summary_gm_k": 0.7128465949378411,
  "summary_gm_mad": 33.6138420855659,
  "summary_gm_mean": 347.49575777519306,
  "summary_gm_median": 346.3893970325589,
  "summary_gm_n": 487075.0,
  "summary_gm_p05": 290.9337367191911,
  "summary_gm_p95": 408.2297550793737,
  "summary_gm_stdv": 35.926080692296956,
  "summary_wm_k": -0.9133080451991566,
  "summary_wm_mad": 351.41919619455706,
  "summary_wm_mean": 835.4062523585959,
  "summary_wm_median": 1000.0260849930346,
  "summary_wm_n": 83102.0,
  "summary_wm_p05": 31.08956896327436,
  "summary_wm_p95": 1374.5589690347201,
  "summary_wm_stdv": 462.32734098139815,
  "tpm_overlap_csf": 0.11745834131766415,
  "tpm_overlap_gm": 0.3118861853458869,
  "tpm_overlap_wm": 0.028520157856849353,
  "wm2max": 0.7402106400216041
}