{
  "aor": 0.0007951803278688526,
  "aqi": 0.0063838291639344265,
  "bids_meta": {
    "AcquisitionMatrixPE": 90,
    "AcquisitionNumber": 1,
    "AcquisitionTime": "19:52:14.940000",
    "BandwidthPerPixelPhaseEncode": 18.832,
    "BaseResolution": 90,
    "BodyPartExamined": "HEAD",
    "ConsistencyInfo": "N4_VE11C_LATEST_20160120",
    "ConversionSoftware": "dcm2niix",
    "ConversionSoftwareVersion": "v1.0.20190902",
    "DerivedVendorReportedEchoSpacing": 0.000590012,
    "DeviceSerialNumber": "67064",
    "DwellTime": 2.5e-06,
    "EchoTime": 0.033,
    "EchoTrainLength": 90,
    "EffectiveEchoSpacing": 0.000590012,
    "FlipAngle": 63,
    "ImageComments": "Unaliased_MB4_PE3_LB",
    "ImageOrientationPatientDICOM": [
      0.999865,
      0.0140122,
      0.00854155,
      -0.00732959,
      0.847016,
      -0.531517
    ],
    "ImageType": [
      "ORIGINAL",
      "PRIMARY",
      "M",
      "MB",
      "ND",
      "MOSAIC"
    ],
    "ImagingFrequency": 123.247,
    "InPlanePhaseEncodingDirectionDICOM": "COL",
    "InstitutionAddress": "Scott_Ave_4525_St._Louis_MO_US_63110",
    "InstitutionName": "Washington_University",
    "InstitutionalDepartmentName": "Department",
    "MRAcquisitionType": "2D",
    "MagneticFieldStrength": 3,
    "Manufacturer": "Siemens",
    "ManufacturersModelName": "Prisma_fit",
    "Modality": "MR",
    "MultibandAccelerationFactor": 4,
    "PartialFourier": 1,
    "PatientPosition": "HFS",
    "PercentPhaseFOV": 100,
    "PhaseEncodingDirection": "j-",
    "PhaseEncodingSteps": 90,
    "PhaseResolution": 1,
    "PixelBandwidth": 2220,
    "ProcedureStepDescription": "head_Braver",
    "ProtocolName": "tfMRI_AxcptBas1_AP",
    "PulseSequenceDetails": "%CustomerSeq%_cmrr_mbep2d_bold",
    "ReceiveCoilActiveElements": "HEA;HEP",
    "ReceiveCoilName": "Head_32",
    "ReconMatrixPE": 90,
    "RepetitionTime": 1.2,
    "SAR": 0.0611025,
    "ScanOptions": "FS_EXT",
    "ScanningSequence": "EP",
    "SequenceName": "epfid2d1_90",
    "SequenceVariant": "SK_SS",
    "SeriesDescription": "tfMRI_AxcptBas1_AP",
    "SeriesNumber": 34,
    "ShimSetting": [
      -1970,
      -11477,
      5820,
      591,
      104,
      -12,
      -162,
      -56
    ],
    "SliceThickness": 2.4,
    "SliceTiming": [
      0,
      0.63,
      0.08,
      0.71,
      0.1575,
      0.7875,
      0.2375,
      0.865,
      0.315,
      0.945,
      0.395,
      1.0225,
      0.4725,
      1.1025,
      0.5525,
      0,
      0.63,
      0.08,
      0.71,
      0.1575,
      0.7875,
      0.2375,
      0.865,
      0.315,
      0.945,
      0.395,
      1.0225,
      0.4725,
      1.1025,
      0.5525,
      0,
      0.63,
      0.08,
      0.71,
      0.1575,
      0.7875,
      0.2375,
      0.865,
      0.315,
      0.945,
      0.395,
      1.0225,
      0.4725,
      1.1025,
      0.5525,
      0,
      0.63,
      0.08,
      0.71,
      0.1575,
      0.7875,
      0.2375,
      0.865,
      0.315,
      0.945,
      0.395,
      1.0225,
      0.4725,
      1.1025,
      0.5525
    ],
    "SoftwareVersions": "syngo_MR_E11",
    "SpacingBetweenSlices": 2.4,
    "StationName": "MRC35177",
    "TaskName": "Axcpt",
    "TotalReadoutTime": 0.0525111,
    "TxRefAmp": 230.788,
    "VendorReportedEchoSpacing": 0.00059,
    "WipMemBlock": "3317e3a1-9851-4431-b132-a54b0e920119||Sequence: R016 ve11c/master r/e634e98; Dec 19 2017 11:00:25 by eja",
    "acq_id": "mb4AP",
    "dataset": "ds003465",
    "modality": "bold",
    "run_id": 1,
    "session_id": "wave1bas",
    "subject_id": "f5930vp",
    "task_id": "Axcpt"
  },
  "dummy_trs": 0,
  "dvars_nstd": 28.960721020640385,
  "dvars_std": 1.1045579629064042,
  "dvars_vstd": 0.9971243990804596,
  "efc": 0.49341249553675015,
  "fber": 1003.8363647460938,
  "fd_mean": 0.11265736795265695,
  "fd_num": 27,
  "fd_perc": 4.426229508196721,
  "fwhm_avg": 2.6298804510534954,
  "fwhm_x": 2.498116567400433,
  "fwhm_y": 2.6592957276624154,
  "fwhm_z": 2.732229058097638,
  "gcor": 0.00972854,
  "gsr_x": -0.0038206810131669044,
  "gsr_y": 0.030043259263038635,
  "provenance": {
    "md5sum": "e2b8cfbb2638bc9024d9dce39d5b71a3",
    "settings": {
      "fd_thres": 0.2,
      "testing": false
    },
    "software": "mriqc",
    "version": "22.0.6",
    "webapi_port": null,
    "webapi_url": "https://mriqc.nimh.nih.gov/api/v1"
  },
  "size_t": 610,
  "size_x": 90,
  "size_y": 90,
  "size_z": 60,
  "snr": 3.48563880875411,
  "spacing_tr": 1.2000000476837158,
  "spacing_x": 2.4000000953674316,
  "spacing_y": 2.4000000953674316,
  "spacing_z": 2.4000000953674316,
  "summary_bg_k": 36.73143366642127,
  "summary_bg_mad": 36.23139712137661,
  "summary_bg_mean": 262.4533996582031,
  "summary_bg_median": 126.00983428955078,
  "summary_bg_n": 341116.0,
  "summary_bg_p05": 98.3442611694336,
  "summary_bg_p95": 910.9500274658203,
  "summary_bg_stdv": 414.091064453125,
  "summary_fg_k": 0.6141039051716488,
  "summary_fg_mad": 1059.656997004544,
  "summary_fg_mean": 4167.53173828125,
  "summary_fg_median": 4015.552490234375,
  "summary_fg_n": 76121.0,
  "summary_fg_p05": 2558.21630859375,
  "summary_fg_p95": 6320.427734375,
  "summary_fg_stdv": 1152.0201416015625,
  "tsnr": 51.33292266353965
}