{
  "aor": 0.00105965,
  "aqi": 0.006848902966666667,
  "bids_meta": {
    "AcquisitionMatrixPE": 90,
    "AcquisitionNumber": 1,
    "AcquisitionTime": "18:50:18.185000",
    "BandwidthPerPixelPhaseEncode": 18.832,
    "BaseResolution": 90,
    "BodyPartExamined": "HEAD",
    "ConsistencyInfo": "N4_VE11C_LATEST_20160120",
    "ConversionSoftware": "dcm2niix",
    "ConversionSoftwareVersion": "v1.0.20190902",
    "DerivedVendorReportedEchoSpacing": 0.000590012,
    "DeviceSerialNumber": "67064",
    "DwellTime": 2.5e-06,
    "EchoTime": 0.033,
    "EchoTrainLength": 90,
    "EffectiveEchoSpacing": 0.000590012,
    "FlipAngle": 63,
    "ImageComments": "Unaliased_MB4_PE3_LB",
    "ImageOrientationPatientDICOM": [
      0.999865,
      0.0140122,
      0.00854155,
      -0.00732959,
      0.847016,
      -0.531517
    ],
    "ImageType": [
      "ORIGINAL",
      "PRIMARY",
      "M",
      "MB",
      "ND",
      "MOSAIC"
    ],
    "ImagingFrequency": 123.247,
    "InPlanePhaseEncodingDirectionDICOM": "COL",
    "InstitutionAddress": "Scott_Ave_4525_St._Louis_MO_US_63110",
    "InstitutionName": "Washington_University",
    "InstitutionalDepartmentName": "Department",
    "MRAcquisitionType": "2D",
    "MagneticFieldStrength": 3,
    "Manufacturer": "Siemens",
    "ManufacturersModelName": "Prisma_fit",
    "Modality": "MR",
    "MultibandAccelerationFactor": 4,
    "PartialFourier": 1,
    "PatientPosition": "HFS",
    "PercentPhaseFOV": 100,
    "PhaseEncodingDirection": "j-",
    "PhaseEncodingSteps": 90,
    "PhaseResolution": 1,
    "PixelBandwidth": 2220,
    "ProcedureStepDescription": "head_Braver",
    "ProtocolName": "tfMRI_SternBas1_AP",
    "PulseSequenceDetails": "%CustomerSeq%_cmrr_mbep2d_bold",
    "ReceiveCoilActiveElements": "HEA;HEP",
    "ReceiveCoilName": "Head_32",
    "ReconMatrixPE": 90,
    "RepetitionTime": 1.2,
    "SAR": 0.0610986,
    "ScanOptions": "FS_EXT",
    "ScanningSequence": "EP",
    "SequenceName": "epfid2d1_90",
    "SequenceVariant": "SK_SS",
    "SeriesDescription": "tfMRI_SternBas1_AP",
    "SeriesNumber": 19,
    "ShimSetting": [
      -1970,
      -11477,
      5820,
      591,
      104,
      -12,
      -162,
      -56
    ],
    "SliceThickness": 2.4,
    "SliceTiming": [
      0,
      0.63,
      0.0775,
      0.7075,
      0.1575,
      0.7875,
      0.235,
      0.865,
      0.315,
      0.945,
      0.3925,
      1.0225,
      0.4725,
      1.1025,
      0.55,
      0,
      0.63,
      0.0775,
      0.7075,
      0.1575,
      0.7875,
      0.235,
      0.865,
      0.315,
      0.945,
      0.3925,
      1.0225,
      0.4725,
      1.1025,
      0.55,
      0,
      0.63,
      0.0775,
      0.7075,
      0.1575,
      0.7875,
      0.235,
      0.865,
      0.315,
      0.945,
      0.3925,
      1.0225,
      0.4725,
      1.1025,
      0.55,
      0,
      0.63,
      0.0775,
      0.7075,
      0.1575,
      0.7875,
      0.235,
      0.865,
      0.315,
      0.945,
      0.3925,
      1.0225,
      0.4725,
      1.1025,
      0.55
    ],
    "SoftwareVersions": "syngo_MR_E11",
    "SpacingBetweenSlices": 2.4,
    "StationName": "MRC35177",
    "TaskName": "Stern",
    "TotalReadoutTime": 0.0525111,
    "TxRefAmp": 230.788,
    "VendorReportedEchoSpacing": 0.00059,
    "WipMemBlock": "b5d156f5-66a1-45c3-9aad-b8ae331b1003||Sequence: R016 ve11c/master r/e634e98; Dec 19 2017 11:00:25 by eja",
    "acq_id": "mb4AP",
    "dataset": "ds003465",
    "modality": "bold",
    "run_id": 1,
    "session_id": "wave1bas",
    "subject_id": "f5930vp",
    "task_id": "Stern"
  },
  "dummy_trs": 0,
  "dvars_nstd": 29.116627134140202,
  "dvars_std": 1.103730364774625,
  "dvars_vstd": 0.9980727816694486,
  "efc": 0.4913451750986614,
  "fber": 1024.463134765625,
  "fd_mean": 0.12924292421389932,
  "fd_num": 63,
  "fd_perc": 10.5,
  "fwhm_avg": 2.626126284536006,
  "fwhm_x": 2.5081040670035653,
  "fwhm_y": 2.660549894279246,
  "fwhm_z": 2.7097248923252066,
  "gcor": 0.00887431,
  "gsr_x": -0.003046114696189761,
  "gsr_y": 0.030965857207775116,
  "provenance": {
    "md5sum": "17d76affdd307a3d4cfa7e259a6076e4",
    "settings": {
      "fd_thres": 0.2,
      "testing": false
    },
    "software": "mriqc",
    "version": "22.0.6",
    "webapi_port": null,
    "webapi_url": "https://mriqc.nimh.nih.gov/api/v1"
  },
  "size_t": 600,
  "size_x": 90,
  "size_y": 90,
  "size_z": 60,
  "snr": 3.464666059269776,
  "spacing_tr": 1.2000000476837158,
  "spacing_x": 2.4000000953674316,
  "spacing_y": 2.4000000953674316,
  "spacing_z": 2.4000000953674316,
  "summary_bg_k": 38.42903785453429,
  "summary_bg_mad": 35.610873029244885,
  "summary_bg_mean": 255.25439453125,
  "summary_bg_median": 124.24250793457031,
  "summary_bg_n": 341030.0,
  "summary_bg_p05": 96.51667022705078,
  "summary_bg_p95": 870.7431060791014,
  "summary_bg_stdv": 403.7166442871094,
  "summary_fg_k": 0.6216323942038264,
  "summary_fg_mad": 1064.3798958685727,
  "summary_fg_mean": 4154.05078125,
  "summary_fg_median": 3999.376708984375,
  "summary_fg_n": 76239.0,
  "summary_fg_p05": 2547.117578125,
  "summary_fg_p95": 6297.579394531248,
  "summary_fg_stdv": 1154.324951171875,
  "tsnr": 48.009037730284035
}