{
  "bids_meta": {
    "AcquisitionMatrixPE": 300,
    "AcquisitionNumber": 1,
    "AcquisitionTime": "15:53:26.315000",
    "BaseResolution": 320,
    "BodyPartExamined": "HEAD",
    "ConsistencyInfo": "N4_VE11B_LATEST_20150530",
    "ConversionSoftware": "dcm2niix",
    "ConversionSoftwareVersion": "v1.0.20190902",
    "DeviceSerialNumber": "67064",
    "DwellTime": 7.1e-06,
    "EchoTime": 0.00222,
    "FlipAngle": 8,
    "ImageOrientationPatientDICOM": [
      -0.0186483,
      0.969637,
      -0.243838,
      0.0363788,
      -0.243061,
      -0.969329
    ],
    "ImageType": [
      "ORIGINAL",
      "PRIMARY",
      "M",
      "ND"
    ],
    "ImagingFrequency": 123.247,
    "InPlanePhaseEncodingDirectionDICOM": "ROW",
    "InstitutionAddress": "Scott_Ave_4525_St._Louis_MO_US_63110",
    "InstitutionName": "Washington_University",
    "InstitutionalDepartmentName": "Department",
    "InversionTime": 1,
    "MRAcquisitionType": "3D",
    "MagneticFieldStrength": 3,
    "Manufacturer": "Siemens",
    "ManufacturersModelName": "Prisma_fit",
    "Modality": "MR",
    "ParallelReductionFactorInPlane": 2,
    "PartialFourier": 1,
    "PatientPosition": "HFS",
    "PercentPhaseFOV": 93.75,
    "PhaseEncodingSteps": 299,
    "PhaseResolution": 1,
    "PixelBandwidth": 220,
    "ProcedureStepDescription": "head_Braver",
    "ProtocolName": "T1w_MPR",
    "PulseSequenceDetails": "%SiemensSeq%_tfl",
    "ReceiveCoilActiveElements": "HEA;HEP",
    "ReceiveCoilName": "Head_32",
    "ReconMatrixPE": 300,
    "RefLinesPE": 32,
    "RepetitionTime": 2.4,
    "SAR": 0.0395062,
    "ScanOptions": "IR_WE",
    "ScanningSequence": "GR_IR",
    "SequenceName": "_tfl3d1_16ns",
    "SequenceVariant": "SK_SP_MP",
    "SeriesDescription": "T1w_MPR",
    "SeriesNumber": 11,
    "ShimSetting": [
      -1984,
      -11445,
      5746,
      634,
      121,
      267,
      -25,
      2
    ],
    "SliceThickness": 0.8,
    "SoftwareVersions": "syngo_MR_E11",
    "StationName": "MRC35177",
    "TxRefAmp": 249.519,
    "dataset": "ds003465",
    "modality": "T1w",
    "session_id": "wave1bas",
    "subject_id": "f6318if"
  },
  "cjv": 0.5116572820664887,
  "cnr": 2.602169109156553,
  "efc": 0.5775016952558212,
  "fber": 10874.001602307322,
  "fwhm_avg": 5.001175049736854,
  "fwhm_x": 5.003375298224407,
  "fwhm_y": 4.891937427104452,
  "fwhm_z": 5.108212423881703,
  "icvs_csf": 0.17661054495755313,
  "icvs_gm": 0.39681457766845074,
  "icvs_wm": 0.42657487737399613,
  "inu_med": 1.0165019035339355,
  "inu_range": 1.0402395367622375,
  "provenance": {
    "md5sum": "86856f58953817e2b280535cd8c23133",
    "settings": {
      "testing": false
    },
    "software": "mriqc",
    "version": "22.0.6",
    "warnings": {
      "large_rot_frame": true,
      "small_air_mask": false
    },
    "webapi_port": null,
    "webapi_url": "https://mriqc.nimh.nih.gov/api/v1"
  },
  "qi_1": 2.669615420822719e-06,
  "qi_2": 0.0013355659765569006,
  "rpve_csf": 23.024966998979494,
  "rpve_gm": 10.260246202876989,
  "rpve_wm": 10.960297437554155,
  "size_x": 208,
  "size_y": 300,
  "size_z": 320,
  "snr_csf": 3.102534397765898,
  "snr_gm": 12.884679105898378,
  "snr_total": 10.145510705084154,
  "snr_wm": 14.449318611588184,
  "snrd_csf": 14.19258013811114,
  "snrd_gm": 33.5115700055763,
  "snrd_total": 30.595374600724014,
  "snrd_wm": 44.0819736584846,
  "spacing_x": 0.7999999523162842,
  "spacing_y": 0.800000011920929,
  "spacing_z": 0.800000011920929,
  "summary_bg_k": 6274.448450162879,
  "summary_bg_mad": 0.0,
  "summary_bg_mean": 7.550587099782033,
  "summary_bg_median": 0.0,
  "summary_bg_n": 6757838.0,
  "summary_bg_p05": 0.0,
  "summary_bg_p95": 30.232218638062477,
  "summary_bg_stdv": 14.863222696382154,
  "summary_csf_k": 5.991457807737481,
  "summary_csf_mad": 72.75512602016576,
  "summary_csf_mean": 331.8068700307085,
  "summary_csf_median": 321.99016758799553,
  "summary_csf_n": 102099.0,
  "summary_csf_p05": 183.34063670039177,
  "summary_csf_p95": 520.8607201427221,
  "summary_csf_stdv": 103.78244024088669,
  "summary_gm_k": 0.22025604735477833,
  "summary_gm_mad": 57.52563039491281,
  "summary_gm_mean": 761.7429522967459,
  "summary_gm_median": 760.2843131572008,
  "summary_gm_n": 68988.0,
  "summary_gm_p05": 667.1535011529922,
  "summary_gm_p95": 861.3821180440483,
  "summary_gm_stdv": 59.006421240577595,
  "summary_wm_k": 0.5817334089148116,
  "summary_wm_mad": 65.17646705973183,
  "summary_wm_mean": 1009.5175022559447,
  "summary_wm_median": 1000.0973711460829,
  "summary_wm_n": 570866.0,
  "summary_wm_p05": 912.9545831233263,
  "summary_wm_p95": 1139.0390007644892,
  "summary_wm_stdv": 69.21409390170575,
  "tpm_overlap_csf": 0.14688635853687623,
  "tpm_overlap_gm": 0.4289135371678098,
  "tpm_overlap_wm": 0.47122975055663596,
  "wm2max": 0.5046924135220126
}