{
  "aor": 0.0005911822660098523,
  "aqi": 0.011136774515599345,
  "bids_meta": {
    "AcquisitionMatrixPE": 90,
    "AcquisitionNumber": 1,
    "AcquisitionTime": "15:29:7.335000",
    "BandwidthPerPixelPhaseEncode": 18.832,
    "BaseResolution": 90,
    "BodyPartExamined": "HEAD",
    "ConsistencyInfo": "N4_VE11C_LATEST_20160120",
    "ConversionSoftware": "dcm2niix",
    "ConversionSoftwareVersion": "v1.0.20190902",
    "DerivedVendorReportedEchoSpacing": 0.000590012,
    "DeviceSerialNumber": "67064",
    "DwellTime": 2.5e-06,
    "EchoTime": 0.033,
    "EchoTrainLength": 90,
    "EffectiveEchoSpacing": 0.000590012,
    "FlipAngle": 63,
    "ImageComments": "Unaliased_MB4_PE3_LB",
    "ImageOrientationPatientDICOM": [
      0.998751,
      -0.0378701,
      0.032586,
      0.0455277,
      0.958479,
      -0.281504
    ],
    "ImageType": [
      "ORIGINAL",
      "PRIMARY",
      "M",
      "MB",
      "ND",
      "MOSAIC"
    ],
    "ImagingFrequency": 123.247,
    "InPlanePhaseEncodingDirectionDICOM": "COL",
    "InstitutionAddress": "Scott_Ave_4525_St._Louis_MO_US_63110",
    "InstitutionName": "Washington_University",
    "InstitutionalDepartmentName": "Department",
    "MRAcquisitionType": "2D",
    "MagneticFieldStrength": 3,
    "Manufacturer": "Siemens",
    "ManufacturersModelName": "Prisma_fit",
    "Modality": "MR",
    "MultibandAccelerationFactor": 4,
    "PartialFourier": 1,
    "PatientPosition": "HFS",
    "PercentPhaseFOV": 100,
    "PhaseEncodingDirection": "j",
    "PhaseEncodingSteps": 90,
    "PhaseResolution": 1,
    "PixelBandwidth": 2220,
    "ProcedureStepDescription": "head_Braver",
    "ProtocolName": "tfMRI_AxcptBas2_PA",
    "PulseSequenceDetails": "%CustomerSeq%_cmrr_mbep2d_bold",
    "ReceiveCoilActiveElements": "HEA;HEP",
    "ReceiveCoilName": "Head_32",
    "ReconMatrixPE": 90,
    "RepetitionTime": 1.2,
    "SAR": 0.07885,
    "ScanOptions": "FS_EXT",
    "ScanningSequence": "EP",
    "SequenceName": "epfid2d1_90",
    "SequenceVariant": "SK_SS",
    "SeriesDescription": "tfMRI_AxcptBas2_PA",
    "SeriesNumber": 46,
    "ShimSetting": [
      -2000,
      -11520,
      5752,
      596,
      -8,
      202,
      256,
      -21
    ],
    "SliceThickness": 2.4,
    "SliceTiming": [
      0,
      0.63,
      0.08,
      0.71,
      0.1575,
      0.7875,
      0.2375,
      0.865,
      0.315,
      0.945,
      0.395,
      1.0225,
      0.4725,
      1.1025,
      0.5525,
      0,
      0.63,
      0.08,
      0.71,
      0.1575,
      0.7875,
      0.2375,
      0.865,
      0.315,
      0.945,
      0.395,
      1.0225,
      0.4725,
      1.1025,
      0.5525,
      0,
      0.63,
      0.08,
      0.71,
      0.1575,
      0.7875,
      0.2375,
      0.865,
      0.315,
      0.945,
      0.395,
      1.0225,
      0.4725,
      1.1025,
      0.5525,
      0,
      0.63,
      0.08,
      0.71,
      0.1575,
      0.7875,
      0.2375,
      0.865,
      0.315,
      0.945,
      0.395,
      1.0225,
      0.4725,
      1.1025,
      0.5525
    ],
    "SoftwareVersions": "syngo_MR_E11",
    "SpacingBetweenSlices": 2.4,
    "StationName": "MRC35177",
    "TaskName": "Axcpt",
    "TotalReadoutTime": 0.0525111,
    "TxRefAmp": 247.314,
    "VendorReportedEchoSpacing": 0.00059,
    "WipMemBlock": "08047d67-3e7d-4cb4-b12a-725be72a42c0||Sequence: ve11c/master r/b8bea8f; Mar  2 2017 16:56:44 by eja",
    "acq_id": "mb4PA",
    "dataset": "ds003465",
    "modality": "bold",
    "run_id": 2,
    "session_id": "wave1bas",
    "subject_id": "f4310gw",
    "task_id": "Axcpt"
  },
  "dummy_trs": 1,
  "dvars_nstd": 30.746109595427644,
  "dvars_std": 1.0363695476315786,
  "dvars_vstd": 0.9531457909210529,
  "efc": 0.5011194798236428,
  "fber": 953.0197143554688,
  "fd_mean": 0.2182442279324724,
  "fd_num": 270,
  "fd_perc": 44.33497536945813,
  "fwhm_avg": 2.882181929464176,
  "fwhm_x": 2.7109748922755363,
  "fwhm_y": 2.9293415502650917,
  "fwhm_z": 3.006229345851899,
  "gcor": 0.051536,
  "gsr_x": -0.020185023546218872,
  "gsr_y": 0.06757578998804092,
  "provenance": {
    "md5sum": "a10b0a258bfb4837535b84638ee649dc",
    "settings": {
      "fd_thres": 0.2,
      "testing": false
    },
    "software": "mriqc",
    "version": "22.0.6",
    "webapi_port": null,
    "webapi_url": "https://mriqc.nimh.nih.gov/api/v1"
  },
  "size_t": 609,
  "size_x": 90,
  "size_y": 90,
  "size_z": 60,
  "snr": 2.9035282998477054,
  "spacing_tr": 1.2000000476837158,
  "spacing_x": 2.4000000953674316,
  "spacing_y": 2.4000000953674316,
  "spacing_z": 2.3999998569488525,
  "summary_bg_k": 83.70953435570965,
  "summary_bg_mad": 44.543785540836375,
  "summary_bg_mean": 316.7473449707031,
  "summary_bg_median": 135.4351348876953,
  "summary_bg_n": 337048.0,
  "summary_bg_p05": 102.30049133300781,
  "summary_bg_p95": 1273.6114196777332,
  "summary_bg_stdv": 508.3218078613281,
  "summary_fg_k": 0.7361300270531843,
  "summary_fg_mad": 1327.7882867506808,
  "summary_fg_mean": 4424.52978515625,
  "summary_fg_median": 4190.76611328125,
  "summary_fg_n": 77554.0,
  "summary_fg_p05": 2489.2147827148438,
  "summary_fg_p95": 7182.909545898435,
  "summary_fg_stdv": 1443.326416015625,
  "tsnr": 33.494267750065774
}