{
  "aor": 0.0010528518518518517,
  "aqi": 0.006600065759259259,
  "bids_meta": {
    "AcquisitionMatrixPE": 90,
    "AcquisitionNumber": 1,
    "AcquisitionTime": "14:18:15.047500",
    "BandwidthPerPixelPhaseEncode": 18.832,
    "BaseResolution": 90,
    "BodyPartExamined": "HEAD",
    "ConsistencyInfo": "N4_VE11C_LATEST_20160120",
    "ConversionSoftware": "dcm2niix",
    "ConversionSoftwareVersion": "v1.0.20190902",
    "DerivedVendorReportedEchoSpacing": 0.000590012,
    "DeviceSerialNumber": "67064",
    "DwellTime": 2.5e-06,
    "EchoTime": 0.033,
    "EchoTrainLength": 90,
    "EffectiveEchoSpacing": 0.000590012,
    "FlipAngle": 63,
    "ImageComments": "Unaliased_MB4_PE3_LB",
    "ImageOrientationPatientDICOM": [
      0.998751,
      -0.0378701,
      0.032586,
      0.0455277,
      0.958479,
      -0.281504
    ],
    "ImageType": [
      "ORIGINAL",
      "PRIMARY",
      "M",
      "MB",
      "ND",
      "MOSAIC"
    ],
    "ImagingFrequency": 123.247,
    "InPlanePhaseEncodingDirectionDICOM": "COL",
    "InstitutionAddress": "Scott_Ave_4525_St._Louis_MO_US_63110",
    "InstitutionName": "Washington_University",
    "InstitutionalDepartmentName": "Department",
    "MRAcquisitionType": "2D",
    "MagneticFieldStrength": 3,
    "Manufacturer": "Siemens",
    "ManufacturersModelName": "Prisma_fit",
    "Modality": "MR",
    "MultibandAccelerationFactor": 4,
    "PartialFourier": 1,
    "PatientPosition": "HFS",
    "PercentPhaseFOV": 100,
    "PhaseEncodingDirection": "j-",
    "PhaseEncodingSteps": 90,
    "PhaseResolution": 1,
    "PixelBandwidth": 2220,
    "ProcedureStepDescription": "head_Braver",
    "ProtocolName": "tfMRI_StroopBas1_AP",
    "PulseSequenceDetails": "%CustomerSeq%_cmrr_mbep2d_bold",
    "ReceiveCoilActiveElements": "HEA;HEP",
    "ReceiveCoilName": "Head_32",
    "ReconMatrixPE": 90,
    "RepetitionTime": 1.2,
    "SAR": 0.0788106,
    "ScanOptions": "FS_EXT",
    "ScanningSequence": "EP",
    "SequenceName": "epfid2d1_90",
    "SequenceVariant": "SK_SS",
    "SeriesDescription": "tfMRI_StroopBas1_AP",
    "SeriesNumber": 28,
    "ShimSetting": [
      -2000,
      -11520,
      5752,
      596,
      -8,
      202,
      256,
      -21
    ],
    "SliceThickness": 2.4,
    "SliceTiming": [
      0,
      0.63,
      0.0775,
      0.7075,
      0.1575,
      0.785,
      0.235,
      0.865,
      0.315,
      0.9425,
      0.3925,
      1.0225,
      0.4725,
      1.1,
      0.55,
      0,
      0.63,
      0.0775,
      0.7075,
      0.1575,
      0.785,
      0.235,
      0.865,
      0.315,
      0.9425,
      0.3925,
      1.0225,
      0.4725,
      1.1,
      0.55,
      0,
      0.63,
      0.0775,
      0.7075,
      0.1575,
      0.785,
      0.235,
      0.865,
      0.315,
      0.9425,
      0.3925,
      1.0225,
      0.4725,
      1.1,
      0.55,
      0,
      0.63,
      0.0775,
      0.7075,
      0.1575,
      0.785,
      0.235,
      0.865,
      0.315,
      0.9425,
      0.3925,
      1.0225,
      0.4725,
      1.1,
      0.55
    ],
    "SoftwareVersions": "syngo_MR_E11",
    "SpacingBetweenSlices": 2.4,
    "StationName": "MRC35177",
    "TaskName": "Stroop",
    "TotalReadoutTime": 0.0525111,
    "TxRefAmp": 247.314,
    "VendorReportedEchoSpacing": 0.00059,
    "WipMemBlock": "5674b0b2-13e3-430c-8662-b6ed1d68b1d0||Sequence: ve11c/master r/b8bea8f; Mar  2 2017 16:56:44 by eja",
    "acq_id": "mb4AP",
    "dataset": "ds003465",
    "modality": "bold",
    "run_id": 1,
    "session_id": "wave1bas",
    "subject_id": "f4310gw",
    "task_id": "Stroop"
  },
  "dummy_trs": 0,
  "dvars_nstd": 31.37448068096475,
  "dvars_std": 1.1252885083487953,
  "dvars_vstd": 0.9981655572170678,
  "efc": 0.5125614736735024,
  "fber": 995.3900146484375,
  "fd_mean": 0.19251288160258861,
  "fd_num": 220,
  "fd_perc": 40.74074074074074,
  "fwhm_avg": 2.8216541510798656,
  "fwhm_x": 2.6005373966639285,
  "fwhm_y": 2.9491457161448116,
  "fwhm_z": 2.9152793404308563,
  "gcor": 0.0171246,
  "gsr_x": -0.032158851623535156,
  "gsr_y": 0.11182160675525665,
  "provenance": {
    "md5sum": "2628435758028523bc0cc070f9cb8820",
    "settings": {
      "fd_thres": 0.2,
      "testing": false
    },
    "software": "mriqc",
    "version": "22.0.6",
    "webapi_port": null,
    "webapi_url": "https://mriqc.nimh.nih.gov/api/v1"
  },
  "size_t": 540,
  "size_x": 90,
  "size_y": 90,
  "size_z": 60,
  "snr": 3.0923629652233733,
  "spacing_tr": 1.2000000476837158,
  "spacing_x": 2.4000000953674316,
  "spacing_y": 2.4000000953674316,
  "spacing_z": 2.3999998569488525,
  "summary_bg_k": 45.09617290762328,
  "summary_bg_mad": 39.28622144194204,
  "summary_bg_mean": 335.55780029296875,
  "summary_bg_median": 130.83148193359375,
  "summary_bg_n": 334326.0,
  "summary_bg_p05": 101.76481628417969,
  "summary_bg_p95": 1331.46435546875,
  "summary_bg_stdv": 571.323974609375,
  "summary_fg_k": 0.7678611479963693,
  "summary_fg_mad": 1221.6711053538288,
  "summary_fg_mean": 4402.58251953125,
  "summary_fg_median": 4197.52392578125,
  "summary_fg_n": 79996.0,
  "summary_fg_p05": 2564.8314208984375,
  "summary_fg_p95": 6998.5753173828125,
  "summary_fg_stdv": 1357.37548828125,
  "tsnr": 46.75524847419001
}