{
  "aor": 0.0006078274268104776,
  "aqi": 0.007143758166409861,
  "bids_meta": {
    "AcquisitionMatrixPE": 90,
    "AcquisitionNumber": 1,
    "AcquisitionTime": "14:02:56.322500",
    "BandwidthPerPixelPhaseEncode": 18.832,
    "BaseResolution": 90,
    "BodyPartExamined": "HEAD",
    "ConsistencyInfo": "N4_VE11C_LATEST_20160120",
    "ConversionSoftware": "dcm2niix",
    "ConversionSoftwareVersion": "v1.0.20190902",
    "DerivedVendorReportedEchoSpacing": 0.000590012,
    "DeviceSerialNumber": "67064",
    "DwellTime": 2.5e-06,
    "EchoTime": 0.033,
    "EchoTrainLength": 90,
    "EffectiveEchoSpacing": 0.000590012,
    "FlipAngle": 63,
    "ImageComments": "Unaliased_MB4_PE3_LB",
    "ImageOrientationPatientDICOM": [
      0.998751,
      -0.0378701,
      0.032586,
      0.0455277,
      0.958479,
      -0.281504
    ],
    "ImageType": [
      "ORIGINAL",
      "PRIMARY",
      "M",
      "MB",
      "ND",
      "MOSAIC"
    ],
    "ImagingFrequency": 123.247,
    "InPlanePhaseEncodingDirectionDICOM": "COL",
    "InstitutionAddress": "Scott_Ave_4525_St._Louis_MO_US_63110",
    "InstitutionName": "Washington_University",
    "InstitutionalDepartmentName": "Department",
    "MRAcquisitionType": "2D",
    "MagneticFieldStrength": 3,
    "Manufacturer": "Siemens",
    "ManufacturersModelName": "Prisma_fit",
    "Modality": "MR",
    "MultibandAccelerationFactor": 4,
    "PartialFourier": 1,
    "PatientPosition": "HFS",
    "PercentPhaseFOV": 100,
    "PhaseEncodingDirection": "j",
    "PhaseEncodingSteps": 90,
    "PhaseResolution": 1,
    "PixelBandwidth": 2220,
    "ProcedureStepDescription": "head_Braver",
    "ProtocolName": "tfMRI_CuedtsBas2_PA",
    "PulseSequenceDetails": "%CustomerSeq%_cmrr_mbep2d_bold",
    "ReceiveCoilActiveElements": "HEA;HEP",
    "ReceiveCoilName": "Head_32",
    "ReconMatrixPE": 90,
    "RepetitionTime": 1.2,
    "SAR": 0.0788687,
    "ScanOptions": "FS_EXT",
    "ScanningSequence": "EP",
    "SequenceName": "epfid2d1_90",
    "SequenceVariant": "SK_SS",
    "SeriesDescription": "tfMRI_CuedtsBas2_PA",
    "SeriesNumber": 22,
    "ShimSetting": [
      -2000,
      -11520,
      5752,
      596,
      -8,
      202,
      256,
      -21
    ],
    "SliceThickness": 2.4,
    "SliceTiming": [
      0,
      0.63,
      0.08,
      0.7075,
      0.1575,
      0.7875,
      0.235,
      0.865,
      0.315,
      0.945,
      0.3925,
      1.0225,
      0.4725,
      1.1025,
      0.55,
      0,
      0.63,
      0.08,
      0.7075,
      0.1575,
      0.7875,
      0.235,
      0.865,
      0.315,
      0.945,
      0.3925,
      1.0225,
      0.4725,
      1.1025,
      0.55,
      0,
      0.63,
      0.08,
      0.7075,
      0.1575,
      0.7875,
      0.235,
      0.865,
      0.315,
      0.945,
      0.3925,
      1.0225,
      0.4725,
      1.1025,
      0.55,
      0,
      0.63,
      0.08,
      0.7075,
      0.1575,
      0.7875,
      0.235,
      0.865,
      0.315,
      0.945,
      0.3925,
      1.0225,
      0.4725,
      1.1025,
      0.55
    ],
    "SoftwareVersions": "syngo_MR_E11",
    "SpacingBetweenSlices": 2.4,
    "StationName": "MRC35177",
    "TaskName": "Cuedts",
    "TotalReadoutTime": 0.0525111,
    "TxRefAmp": 247.314,
    "VendorReportedEchoSpacing": 0.00059,
    "WipMemBlock": "6112f7d6-2b28-4697-9ce2-f9f032da191b||Sequence: ve11c/master r/b8bea8f; Mar  2 2017 16:56:44 by eja",
    "acq_id": "mb4PA",
    "dataset": "ds003465",
    "modality": "bold",
    "run_id": 2,
    "session_id": "wave1bas",
    "subject_id": "f4310gw",
    "task_id": "Cuedts"
  },
  "dummy_trs": 1,
  "dvars_nstd": 27.902629598966037,
  "dvars_std": 1.0727247815586427,
  "dvars_vstd": 0.9688690572530859,
  "efc": 0.5013784832794808,
  "fber": 984.533447265625,
  "fd_mean": 0.12805616049580262,
  "fd_num": 61,
  "fd_perc": 9.399075500770415,
  "fwhm_avg": 2.7882097063506426,
  "fwhm_x": 2.6383165618293853,
  "fwhm_y": 2.8597665530297536,
  "fwhm_z": 2.8665460041927897,
  "gcor": 0.0109991,
  "gsr_x": -0.018833421170711517,
  "gsr_y": 0.068609319627285,
  "provenance": {
    "md5sum": "14a5192d6493b1794eed280b86b8542e",
    "settings": {
      "fd_thres": 0.2,
      "testing": false
    },
    "software": "mriqc",
    "version": "22.0.6",
    "webapi_port": null,
    "webapi_url": "https://mriqc.nimh.nih.gov/api/v1"
  },
  "size_t": 649,
  "size_x": 90,
  "size_y": 90,
  "size_z": 60,
  "snr": 2.992663938445741,
  "spacing_tr": 1.2000000476837158,
  "spacing_x": 2.4000000953674316,
  "spacing_y": 2.4000000953674316,
  "spacing_z": 2.3999998569488525,
  "summary_bg_k": 77.9044982088068,
  "summary_bg_mad": 40.96345818478409,
  "summary_bg_mean": 310.90087890625,
  "summary_bg_median": 131.80355834960938,
  "summary_bg_n": 337226.0,
  "summary_bg_p05": 100.43027877807617,
  "summary_bg_p95": 1258.3925476074219,
  "summary_bg_stdv": 504.025390625,
  "summary_fg_k": 0.5854239579553644,
  "summary_fg_mad": 1317.0716354119857,
  "summary_fg_mean": 4409.671875,
  "summary_fg_median": 4189.78759765625,
  "summary_fg_n": 77497.0,
  "summary_fg_p05": 2523.39326171875,
  "summary_fg_p95": 7057.8126953125,
  "summary_fg_stdv": 1400.0103759765625,
  "tsnr": 44.865807518363
}