{
  "aor": 0.0014879629629629629,
  "aqi": 0.010371944796296297,
  "bids_meta": {
    "AcquisitionMatrixPE": 90,
    "AcquisitionNumber": 1,
    "AcquisitionTime": "16:59:41.797500",
    "BandwidthPerPixelPhaseEncode": 18.832,
    "BaseResolution": 90,
    "BodyPartExamined": "HEAD",
    "ConsistencyInfo": "N4_VE11C_LATEST_20160120",
    "ConversionSoftware": "dcm2niix",
    "ConversionSoftwareVersion": "v1.0.20190902",
    "DerivedVendorReportedEchoSpacing": 0.000590012,
    "DeviceSerialNumber": "67064",
    "DwellTime": 2.5e-06,
    "EchoTime": 0.033,
    "EchoTrainLength": 90,
    "EffectiveEchoSpacing": 0.000590012,
    "FlipAngle": 63,
    "ImageComments": "Unaliased_MB4_PE3_LB",
    "ImageOrientationPatientDICOM": [
      0.998251,
      0.000804435,
      0.0591177,
      0.028058,
      0.873691,
      -0.485671
    ],
    "ImageType": [
      "ORIGINAL",
      "PRIMARY",
      "M",
      "MB",
      "ND",
      "MOSAIC"
    ],
    "ImagingFrequency": 123.247,
    "InPlanePhaseEncodingDirectionDICOM": "COL",
    "InstitutionAddress": "Scott_Ave_4525_St._Louis_MO_US_63110",
    "InstitutionName": "Washington_University",
    "InstitutionalDepartmentName": "Department",
    "MRAcquisitionType": "2D",
    "MagneticFieldStrength": 3,
    "Manufacturer": "Siemens",
    "ManufacturersModelName": "Prisma_fit",
    "Modality": "MR",
    "MultibandAccelerationFactor": 4,
    "PartialFourier": 1,
    "PatientPosition": "HFS",
    "PercentPhaseFOV": 100,
    "PhaseEncodingDirection": "j-",
    "PhaseEncodingSteps": 90,
    "PhaseResolution": 1,
    "PixelBandwidth": 2220,
    "ProcedureStepDescription": "head_Braver",
    "ProtocolName": "tfMRI_StroopBas1_AP",
    "PulseSequenceDetails": "%CustomerSeq%_cmrr_mbep2d_bold",
    "ReceiveCoilActiveElements": "HEA;HEP",
    "ReceiveCoilName": "Head_32",
    "ReconMatrixPE": 90,
    "RepetitionTime": 1.2,
    "SAR": 0.070021,
    "ScanOptions": "FS_EXT",
    "ScanningSequence": "EP",
    "SequenceName": "epfid2d1_90",
    "SequenceVariant": "SK_SS",
    "SeriesDescription": "tfMRI_StroopBas1_AP",
    "SeriesNumber": 24,
    "ShimSetting": [
      -2010,
      -11504,
      5840,
      402,
      -23,
      192,
      60,
      10
    ],
    "SliceThickness": 2.4,
    "SliceTiming": [
      0,
      0.63,
      0.08,
      0.7075,
      0.1575,
      0.7875,
      0.2375,
      0.865,
      0.315,
      0.945,
      0.3925,
      1.0225,
      0.4725,
      1.1025,
      0.55,
      0,
      0.63,
      0.08,
      0.7075,
      0.1575,
      0.7875,
      0.2375,
      0.865,
      0.315,
      0.945,
      0.3925,
      1.0225,
      0.4725,
      1.1025,
      0.55,
      0,
      0.63,
      0.08,
      0.7075,
      0.1575,
      0.7875,
      0.2375,
      0.865,
      0.315,
      0.945,
      0.3925,
      1.0225,
      0.4725,
      1.1025,
      0.55,
      0,
      0.63,
      0.08,
      0.7075,
      0.1575,
      0.7875,
      0.2375,
      0.865,
      0.315,
      0.945,
      0.3925,
      1.0225,
      0.4725,
      1.1025,
      0.55
    ],
    "SoftwareVersions": "syngo_MR_E11",
    "SpacingBetweenSlices": 2.4,
    "StationName": "MRC35177",
    "TaskName": "Stroop",
    "TotalReadoutTime": 0.0525111,
    "TxRefAmp": 238.246,
    "VendorReportedEchoSpacing": 0.00059,
    "WipMemBlock": "bfa4470a-955e-4a4a-8b85-540ff349f8b5||Sequence: ve11c/master r/068cfa9; Jul 21 2016 14:39:26 by eja",
    "acq_id": "mb4AP",
    "dataset": "ds003465",
    "modality": "bold",
    "run_id": 1,
    "session_id": "wave1bas",
    "subject_id": "f8570ui",
    "task_id": "Stroop"
  },
  "dummy_trs": 0,
  "dvars_nstd": 41.602255309740244,
  "dvars_std": 1.1725842496846017,
  "dvars_vstd": 1.0023573746938774,
  "efc": 0.5265338596089495,
  "fber": 729.3074340820312,
  "fd_mean": 0.31548576212280566,
  "fd_num": 378,
  "fd_perc": 70.0,
  "fwhm_avg": 2.8157859992218284,
  "fwhm_x": 2.697779059466558,
  "fwhm_y": 2.914087384204571,
  "fwhm_z": 2.8354915539943555,
  "gcor": 0.021327,
  "gsr_x": -0.016599399968981743,
  "gsr_y": 0.08681932836771011,
  "provenance": {
    "md5sum": "f91fe50ff96c29d4713c6184a76f7742",
    "settings": {
      "fd_thres": 0.2,
      "testing": false
    },
    "software": "mriqc",
    "version": "22.0.6",
    "webapi_port": null,
    "webapi_url": "https://mriqc.nimh.nih.gov/api/v1"
  },
  "size_t": 540,
  "size_x": 90,
  "size_y": 90,
  "size_z": 60,
  "snr": 2.7105964694490576,
  "spacing_tr": 1.2000000476837158,
  "spacing_x": 2.4000000953674316,
  "spacing_y": 2.4000000953674316,
  "spacing_z": 2.4000000953674316,
  "summary_bg_k": 26.666179521692897,
  "summary_bg_mad": 64.2666809202259,
  "summary_bg_mean": 372.14715576171875,
  "summary_bg_median": 150.517578125,
  "summary_bg_n": 325816.0,
  "summary_bg_p05": 101.84814453125,
  "summary_bg_p95": 1520.2564392089844,
  "summary_bg_stdv": 573.6544799804688,
  "summary_fg_k": 1.4445684084832617,
  "summary_fg_mad": 1381.2195188026105,
  "summary_fg_mean": 4487.37109375,
  "summary_fg_median": 4194.49609375,
  "summary_fg_n": 83623.0,
  "summary_fg_p05": 2526.131298828125,
  "summary_fg_p95": 7432.780517578125,
  "summary_fg_stdv": 1547.4346923828125,
  "tsnr": 38.23686975170858
}