{
  "aor": 0.0007158784893267652,
  "aqi": 0.005713752561576354,
  "bids_meta": {
    "AcquisitionMatrixPE": 90,
    "AcquisitionNumber": 1,
    "AcquisitionTime": "16:44:38.482500",
    "BandwidthPerPixelPhaseEncode": 18.832,
    "BaseResolution": 90,
    "BodyPartExamined": "HEAD",
    "ConsistencyInfo": "N4_VE11C_LATEST_20160120",
    "ConversionSoftware": "dcm2niix",
    "ConversionSoftwareVersion": "v1.0.20190902",
    "DerivedVendorReportedEchoSpacing": 0.000590012,
    "DeviceSerialNumber": "67064",
    "DwellTime": 2.5e-06,
    "EchoTime": 0.033,
    "EchoTrainLength": 90,
    "EffectiveEchoSpacing": 0.000590012,
    "FlipAngle": 63,
    "ImageComments": "Unaliased_MB4_PE3_LB",
    "ImageOrientationPatientDICOM": [
      0.998251,
      0.000804435,
      0.0591177,
      0.028058,
      0.873691,
      -0.485671
    ],
    "ImageType": [
      "ORIGINAL",
      "PRIMARY",
      "M",
      "MB",
      "ND",
      "MOSAIC"
    ],
    "ImagingFrequency": 123.247,
    "InPlanePhaseEncodingDirectionDICOM": "COL",
    "InstitutionAddress": "Scott_Ave_4525_St._Louis_MO_US_63110",
    "InstitutionName": "Washington_University",
    "InstitutionalDepartmentName": "Department",
    "MRAcquisitionType": "2D",
    "MagneticFieldStrength": 3,
    "Manufacturer": "Siemens",
    "ManufacturersModelName": "Prisma_fit",
    "Modality": "MR",
    "MultibandAccelerationFactor": 4,
    "PartialFourier": 1,
    "PatientPosition": "HFS",
    "PercentPhaseFOV": 100,
    "PhaseEncodingDirection": "j",
    "PhaseEncodingSteps": 90,
    "PhaseResolution": 1,
    "PixelBandwidth": 2220,
    "ProcedureStepDescription": "head_Braver",
    "ProtocolName": "tfMRI_AxcptBas2_PA",
    "PulseSequenceDetails": "%CustomerSeq%_cmrr_mbep2d_bold",
    "ReceiveCoilActiveElements": "HEA;HEP",
    "ReceiveCoilName": "Head_32",
    "ReconMatrixPE": 90,
    "RepetitionTime": 1.2,
    "SAR": 0.0700559,
    "ScanOptions": "FS_EXT",
    "ScanningSequence": "EP",
    "SequenceName": "epfid2d1_90",
    "SequenceVariant": "SK_SS",
    "SeriesDescription": "tfMRI_AxcptBas2_PA",
    "SeriesNumber": 20,
    "ShimSetting": [
      -2010,
      -11504,
      5840,
      402,
      -23,
      192,
      60,
      10
    ],
    "SliceThickness": 2.4,
    "SliceTiming": [
      0,
      0.6275,
      0.0775,
      0.7075,
      0.1575,
      0.785,
      0.235,
      0.865,
      0.315,
      0.9425,
      0.3925,
      1.0225,
      0.4725,
      1.1,
      0.55,
      0,
      0.6275,
      0.0775,
      0.7075,
      0.1575,
      0.785,
      0.235,
      0.865,
      0.315,
      0.9425,
      0.3925,
      1.0225,
      0.4725,
      1.1,
      0.55,
      0,
      0.6275,
      0.0775,
      0.7075,
      0.1575,
      0.785,
      0.235,
      0.865,
      0.315,
      0.9425,
      0.3925,
      1.0225,
      0.4725,
      1.1,
      0.55,
      0,
      0.6275,
      0.0775,
      0.7075,
      0.1575,
      0.785,
      0.235,
      0.865,
      0.315,
      0.9425,
      0.3925,
      1.0225,
      0.4725,
      1.1,
      0.55
    ],
    "SoftwareVersions": "syngo_MR_E11",
    "SpacingBetweenSlices": 2.4,
    "StationName": "MRC35177",
    "TaskName": "Axcpt",
    "TotalReadoutTime": 0.0525111,
    "TxRefAmp": 238.246,
    "VendorReportedEchoSpacing": 0.00059,
    "WipMemBlock": "5df31b56-5a6d-4346-a3af-9d5f9822655e||Sequence: ve11c/master r/068cfa9; Jul 21 2016 14:39:26 by eja",
    "acq_id": "mb4PA",
    "dataset": "ds003465",
    "modality": "bold",
    "run_id": 2,
    "session_id": "wave1bas",
    "subject_id": "f8570ui",
    "task_id": "Axcpt"
  },
  "dummy_trs": 1,
  "dvars_nstd": 31.547454865411215,
  "dvars_std": 1.1626028537664461,
  "dvars_vstd": 0.995541953470395,
  "efc": 0.5210419914124546,
  "fber": 767.0924072265625,
  "fd_mean": 0.15381962310418107,
  "fd_num": 129,
  "fd_perc": 21.182266009852217,
  "fwhm_avg": 2.8131484993266334,
  "fwhm_x": 2.68492489331067,
  "fwhm_y": 2.890462385143344,
  "fwhm_z": 2.8640582195258846,
  "gcor": 0.0169276,
  "gsr_x": -0.020700594410300255,
  "gsr_y": 0.07919613271951675,
  "provenance": {
    "md5sum": "5052c54685b18574b5ce9812786b9de0",
    "settings": {
      "fd_thres": 0.2,
      "testing": false
    },
    "software": "mriqc",
    "version": "22.0.6",
    "webapi_port": null,
    "webapi_url": "https://mriqc.nimh.nih.gov/api/v1"
  },
  "size_t": 609,
  "size_x": 90,
  "size_y": 90,
  "size_z": 60,
  "snr": 2.7199255678482848,
  "spacing_tr": 1.2000000476837158,
  "spacing_x": 2.4000000953674316,
  "spacing_y": 2.4000000953674316,
  "spacing_z": 2.4000000953674316,
  "summary_bg_k": 17.838442215235872,
  "summary_bg_mad": 70.25563172373649,
  "summary_bg_mean": 422.8576965332031,
  "summary_bg_median": 155.83334350585938,
  "summary_bg_n": 335030.0,
  "summary_bg_p05": 104.73234558105469,
  "summary_bg_p95": 1826.6173645019521,
  "summary_bg_stdv": 666.000732421875,
  "summary_fg_k": 1.0693891095869485,
  "summary_fg_mad": 1518.0091194850938,
  "summary_fg_mean": 4638.068359375,
  "summary_fg_median": 4357.9736328125,
  "summary_fg_n": 78734.0,
  "summary_fg_p05": 2551.640673828125,
  "summary_fg_p95": 7639.941992187498,
  "summary_fg_stdv": 1602.2298583984375,
  "tsnr": 47.89735531876795
}