{
  "aor": 0.0006334615384615384,
  "aqi": 0.006243410476923077,
  "bids_meta": {
    "AcquisitionMatrixPE": 90,
    "AcquisitionNumber": 1,
    "AcquisitionTime": "17:34:15.540000",
    "BandwidthPerPixelPhaseEncode": 18.832,
    "BaseResolution": 90,
    "BodyPartExamined": "HEAD",
    "ConsistencyInfo": "N4_VE11C_LATEST_20160120",
    "ConversionSoftware": "dcm2niix",
    "ConversionSoftwareVersion": "v1.0.20190902",
    "DerivedVendorReportedEchoSpacing": 0.000590012,
    "DeviceSerialNumber": "67064",
    "DwellTime": 2.5e-06,
    "EchoTime": 0.033,
    "EchoTrainLength": 90,
    "EffectiveEchoSpacing": 0.000590012,
    "FlipAngle": 63,
    "ImageComments": "Unaliased_MB4_PE3_LB",
    "ImageOrientationPatientDICOM": [
      0.998251,
      0.000804435,
      0.0591177,
      0.028058,
      0.873691,
      -0.485671
    ],
    "ImageType": [
      "ORIGINAL",
      "PRIMARY",
      "M",
      "MB",
      "ND",
      "MOSAIC"
    ],
    "ImagingFrequency": 123.247,
    "InPlanePhaseEncodingDirectionDICOM": "COL",
    "InstitutionAddress": "Scott_Ave_4525_St._Louis_MO_US_63110",
    "InstitutionName": "Washington_University",
    "InstitutionalDepartmentName": "Department",
    "MRAcquisitionType": "2D",
    "MagneticFieldStrength": 3,
    "Manufacturer": "Siemens",
    "ManufacturersModelName": "Prisma_fit",
    "Modality": "MR",
    "MultibandAccelerationFactor": 4,
    "PartialFourier": 1,
    "PatientPosition": "HFS",
    "PercentPhaseFOV": 100,
    "PhaseEncodingDirection": "j-",
    "PhaseEncodingSteps": 90,
    "PhaseResolution": 1,
    "PixelBandwidth": 2220,
    "ProcedureStepDescription": "head_Braver",
    "ProtocolName": "tfMRI_CuedtsBas1_AP",
    "PulseSequenceDetails": "%CustomerSeq%_cmrr_mbep2d_bold",
    "ReceiveCoilActiveElements": "HEA;HEP",
    "ReceiveCoilName": "Head_32",
    "ReconMatrixPE": 90,
    "RepetitionTime": 1.2,
    "SAR": 0.0700725,
    "ScanOptions": "FS_EXT",
    "ScanningSequence": "EP",
    "SequenceName": "epfid2d1_90",
    "SequenceVariant": "SK_SS",
    "SeriesDescription": "tfMRI_CuedtsBas1_AP",
    "SeriesNumber": 30,
    "ShimSetting": [
      -2010,
      -11504,
      5840,
      402,
      -23,
      192,
      60,
      10
    ],
    "SliceThickness": 2.4,
    "SliceTiming": [
      0,
      0.63,
      0.0775,
      0.7075,
      0.1575,
      0.7875,
      0.235,
      0.865,
      0.315,
      0.9425,
      0.3925,
      1.0225,
      0.4725,
      1.1,
      0.55,
      0,
      0.63,
      0.0775,
      0.7075,
      0.1575,
      0.7875,
      0.235,
      0.865,
      0.315,
      0.9425,
      0.3925,
      1.0225,
      0.4725,
      1.1,
      0.55,
      0,
      0.63,
      0.0775,
      0.7075,
      0.1575,
      0.7875,
      0.235,
      0.865,
      0.315,
      0.9425,
      0.3925,
      1.0225,
      0.4725,
      1.1,
      0.55,
      0,
      0.63,
      0.0775,
      0.7075,
      0.1575,
      0.7875,
      0.235,
      0.865,
      0.315,
      0.9425,
      0.3925,
      1.0225,
      0.4725,
      1.1,
      0.55
    ],
    "SoftwareVersions": "syngo_MR_E11",
    "SpacingBetweenSlices": 2.4,
    "StationName": "MRC35177",
    "TaskName": "Cuedts",
    "TotalReadoutTime": 0.0525111,
    "TxRefAmp": 238.246,
    "VendorReportedEchoSpacing": 0.00059,
    "WipMemBlock": "54036603-d545-4ff1-8321-46ff97fbdd12||Sequence: ve11c/master r/068cfa9; Jul 21 2016 14:39:26 by eja",
    "acq_id": "mb4AP",
    "dataset": "ds003465",
    "modality": "bold",
    "run_id": 1,
    "session_id": "wave1bas",
    "subject_id": "f8570ui",
    "task_id": "Cuedts"
  },
  "dummy_trs": 0,
  "dvars_nstd": 31.812400665007715,
  "dvars_std": 1.1262719464869044,
  "dvars_vstd": 0.990928525993836,
  "efc": 0.5281311545686309,
  "fber": 720.9799194335938,
  "fd_mean": 0.15797146925877126,
  "fd_num": 173,
  "fd_perc": 26.615384615384617,
  "fwhm_avg": 2.783522111614991,
  "fwhm_x": 2.629374895518029,
  "fwhm_y": 2.8547957198939438,
  "fwhm_z": 2.8663957194330005,
  "gcor": 0.0153185,
  "gsr_x": -0.014281822368502617,
  "gsr_y": 0.09351441264152527,
  "provenance": {
    "md5sum": "24d1de95a1e0177b0af11faf1556fea2",
    "settings": {
      "fd_thres": 0.2,
      "testing": false
    },
    "software": "mriqc",
    "version": "22.0.6",
    "webapi_port": null,
    "webapi_url": "https://mriqc.nimh.nih.gov/api/v1"
  },
  "size_t": 650,
  "size_x": 90,
  "size_y": 90,
  "size_z": 60,
  "snr": 2.7573133605362834,
  "spacing_tr": 1.2000000476837158,
  "spacing_x": 2.4000000953674316,
  "spacing_y": 2.4000000953674316,
  "spacing_z": 2.4000000953674316,
  "summary_bg_k": 25.111231600647212,
  "summary_bg_mad": 64.88551962012619,
  "summary_bg_mean": 362.1671447753906,
  "summary_bg_median": 148.1692352294922,
  "summary_bg_n": 324901.0,
  "summary_bg_p05": 96.596923828125,
  "summary_bg_p95": 1480.218505859375,
  "summary_bg_stdv": 560.8286743164062,
  "summary_fg_k": 1.3099497139094165,
  "summary_fg_mad": 1335.8021571407478,
  "summary_fg_mean": 4394.83935546875,
  "summary_fg_median": 4117.09716796875,
  "summary_fg_n": 84307.0,
  "summary_fg_p05": 2502.33408203125,
  "summary_fg_p95": 7283.7125,
  "summary_fg_stdv": 1493.146484375,
  "tsnr": 45.52765139332041
}