{
  "bids_meta": {
    "AcquisitionMatrixPE": 300,
    "AcquisitionNumber": 1,
    "AcquisitionTime": "19:56:38.477500",
    "BaseResolution": 320,
    "BodyPartExamined": "HEAD",
    "ConsistencyInfo": "N4_VE11C_LATEST_20160120",
    "ConversionSoftware": "dcm2niix",
    "ConversionSoftwareVersion": "v1.0.20190902",
    "DeviceSerialNumber": "67064",
    "DwellTime": 2.1e-06,
    "EchoTime": 0.563,
    "EchoTrainLength": 313,
    "FlipAngle": 120,
    "ImageOrientationPatientDICOM": [
      0.105517,
      0.972899,
      0.205754,
      -0.030772,
      0.210004,
      -0.977216
    ],
    "ImageType": [
      "ORIGINAL",
      "PRIMARY",
      "M",
      "ND"
    ],
    "ImagingFrequency": 123.247,
    "InPlanePhaseEncodingDirectionDICOM": "ROW",
    "InstitutionAddress": "Scott_Ave_4525_St._Louis_MO_US_63110",
    "InstitutionName": "Washington_University",
    "InstitutionalDepartmentName": "Department",
    "MRAcquisitionType": "3D",
    "MagneticFieldStrength": 3,
    "Manufacturer": "Siemens",
    "ManufacturersModelName": "Prisma_fit",
    "Modality": "MR",
    "ParallelReductionFactorInPlane": 2,
    "PartialFourier": 1,
    "PatientPosition": "HFS",
    "PercentPhaseFOV": 93.75,
    "PhaseEncodingSteps": 299,
    "PhaseResolution": 1,
    "PixelBandwidth": 745,
    "ProcedureStepDescription": "head_Braver",
    "ProtocolName": "T2w_SPC",
    "PulseSequenceDetails": "%SiemensSeq%_tse_vfl",
    "ReceiveCoilActiveElements": "HEA;HEP",
    "ReceiveCoilName": "Head_32",
    "ReconMatrixPE": 300,
    "RefLinesPE": 32,
    "RepetitionTime": 3.2,
    "SAR": 0.132256,
    "ScanOptions": "PFP",
    "ScanningSequence": "SE",
    "SequenceName": "_spc_314ns",
    "SequenceVariant": "SK_SP",
    "SeriesDescription": "T2w_SPC",
    "SeriesNumber": 49,
    "ShimSetting": [
      -1988,
      -11574,
      5866,
      468,
      104,
      -56,
      -66,
      -2
    ],
    "SliceThickness": 0.8,
    "SoftwareVersions": "syngo_MR_E11",
    "StationName": "MRC35177",
    "TxRefAmp": 248.316,
    "dataset": "ds003465",
    "modality": "T2w",
    "session_id": "wave1pro",
    "subject_id": "f9271ex"
  },
  "cjv": 0.907287903693137,
  "cnr": 0.4084714938111456,
  "efc": 0.500009243721296,
  "fber": 7118.223534971644,
  "fwhm_avg": 3.175195863306899,
  "fwhm_x": 3.1120126854904107,
  "fwhm_y": 3.3570874499754986,
  "fwhm_z": 3.056487454454788,
  "icvs_csf": 0.3827245533154214,
  "icvs_gm": 0.4700408280813583,
  "icvs_wm": 0.14723461860322035,
  "inu_med": 0.9197277426719666,
  "inu_range": 0.5994812965393066,
  "provenance": {
    "md5sum": "b5fb756f7d839da52f9d653f5001fd59",
    "settings": {
      "testing": false
    },
    "software": "mriqc",
    "version": "22.0.6",
    "warnings": {
      "large_rot_frame": true,
      "small_air_mask": false
    },
    "webapi_port": null,
    "webapi_url": "https://mriqc.nimh.nih.gov/api/v1"
  },
  "qi_1": 1.547379458113191e-05,
  "qi_2": 0.0010213024852703855,
  "rpve_csf": 15.370355824855377,
  "rpve_gm": 13.562531295912136,
  "rpve_wm": 48.09988229846023,
  "size_x": 208,
  "size_y": 300,
  "size_z": 320,
  "snr_csf": 4.692595422498203,
  "snr_gm": 8.057450614868387,
  "snr_total": 4.333629547936458,
  "snr_wm": 0.25084260644278444,
  "snrd_csf": 68.19898655379963,
  "snrd_gm": 35.17805333339034,
  "snrd_total": 38.91008901976806,
  "snrd_wm": 13.353227172114199,
  "spacing_x": 0.7999999523162842,
  "spacing_y": 0.800000011920929,
  "spacing_z": 0.800000011920929,
  "summary_bg_k": 493.5464973382866,
  "summary_bg_mad": 49.37138243810642,
  "summary_bg_mean": 51.937183192286774,
  "summary_bg_median": 33.30049140751362,
  "summary_bg_n": 6952218.0,
  "summary_bg_p05": 0.0,
  "summary_bg_p95": 204.33496798574924,
  "summary_bg_stdv": 106.73114017803624,
  "summary_csf_k": 1.1619201915491608,
  "summary_csf_mad": 743.7842585054376,
  "summary_csf_mean": 5404.511818449145,
  "summary_csf_median": 5139.5072034448385,
  "summary_csf_n": 118477.0,
  "summary_csf_p05": 4122.36438305676,
  "summary_csf_p95": 8145.615469202399,
  "summary_csf_stdv": 1095.2330322073024,
  "summary_gm_k": 1.110737653143957,
  "summary_gm_mad": 303.53175356918683,
  "summary_gm_mean": 2664.7197290094573,
  "summary_gm_median": 2651.034386962652,
  "summary_gm_n": 359559.0,
  "summary_gm_p05": 2153.497459128499,
  "summary_gm_p95": 3219.9013614803553,
  "summary_gm_stdv": 329.0160656473617,
  "summary_wm_k": -1.5096846863253766,
  "summary_wm_mad": 1188.7109771636394,
  "summary_wm_mean": 3709.373322719449,
  "summary_wm_median": 1006.3053823560476,
  "summary_wm_n": 51015.0,
  "summary_wm_p05": 135.5664975643158,
  "summary_wm_p95": 9960.787817403674,
  "summary_wm_stdv": 4011.661072015833,
  "tpm_overlap_csf": 0.11910752451068271,
  "tpm_overlap_gm": 0.3222643350217463,
  "tpm_overlap_wm": 0.032952833433569806,
  "wm2max": 0.10372070352167026
}