{
  "aor": 0.00037166409861325115,
  "aqi": 0.004422423482280432,
  "bids_meta": {
    "AcquisitionMatrixPE": 90,
    "AcquisitionNumber": 1,
    "AcquisitionTime": "16:33:38.190000",
    "BandwidthPerPixelPhaseEncode": 18.832,
    "BaseResolution": 90,
    "BodyPartExamined": "HEAD",
    "ConsistencyInfo": "N4_VE11B_LATEST_20150530",
    "ConversionSoftware": "dcm2niix",
    "ConversionSoftwareVersion": "v1.0.20190902",
    "DerivedVendorReportedEchoSpacing": 0.000590012,
    "DeviceSerialNumber": "67064",
    "DwellTime": 2.5e-06,
    "EchoTime": 0.033,
    "EchoTrainLength": 90,
    "EffectiveEchoSpacing": 0.000590012,
    "FlipAngle": 63,
    "ImageComments": "Unaliased_MB4_PE3_LB",
    "ImageOrientationPatientDICOM": [
      0.999164,
      0.0269293,
      0.0307533,
      -0.00505725,
      0.827987,
      -0.560724
    ],
    "ImageType": [
      "ORIGINAL",
      "PRIMARY",
      "M",
      "MB",
      "ND",
      "MOSAIC"
    ],
    "ImagingFrequency": 123.247,
    "InPlanePhaseEncodingDirectionDICOM": "COL",
    "InstitutionAddress": "Scott_Ave_4525_St._Louis_MO_US_63110",
    "InstitutionName": "Washington_University",
    "InstitutionalDepartmentName": "Department",
    "MRAcquisitionType": "2D",
    "MagneticFieldStrength": 3,
    "Manufacturer": "Siemens",
    "ManufacturersModelName": "Prisma_fit",
    "Modality": "MR",
    "MultibandAccelerationFactor": 4,
    "PartialFourier": 1,
    "PatientPosition": "HFS",
    "PercentPhaseFOV": 100,
    "PhaseEncodingDirection": "j",
    "PhaseEncodingSteps": 90,
    "PhaseResolution": 1,
    "PixelBandwidth": 2220,
    "ProcedureStepDescription": "head_Braver",
    "ProtocolName": "tfMRI_CuedtsBas2_PA",
    "PulseSequenceDetails": "%CustomerSeq%_cmrr_mbep2d_bold",
    "ReceiveCoilActiveElements": "HEA;HEP",
    "ReceiveCoilName": "Head_32",
    "ReconMatrixPE": 90,
    "RepetitionTime": 1.2,
    "SAR": 0.0677288,
    "ScanOptions": "FS_EXT",
    "ScanningSequence": "EP",
    "SequenceName": "epfid2d1_90",
    "SequenceVariant": "SK_SS",
    "SeriesDescription": "tfMRI_CuedtsBas2_PA",
    "SeriesNumber": 20,
    "ShimSetting": [
      -1985,
      -11443,
      5749,
      646,
      126,
      277,
      -20,
      4
    ],
    "SliceThickness": 2.4,
    "SliceTiming": [
      0,
      0.63,
      0.0775,
      0.7075,
      0.1575,
      0.785,
      0.235,
      0.865,
      0.315,
      0.9425,
      0.3925,
      1.0225,
      0.4725,
      1.1,
      0.55,
      0,
      0.63,
      0.0775,
      0.7075,
      0.1575,
      0.785,
      0.235,
      0.865,
      0.315,
      0.9425,
      0.3925,
      1.0225,
      0.4725,
      1.1,
      0.55,
      0,
      0.63,
      0.0775,
      0.7075,
      0.1575,
      0.785,
      0.235,
      0.865,
      0.315,
      0.9425,
      0.3925,
      1.0225,
      0.4725,
      1.1,
      0.55,
      0,
      0.63,
      0.0775,
      0.7075,
      0.1575,
      0.785,
      0.235,
      0.865,
      0.315,
      0.9425,
      0.3925,
      1.0225,
      0.4725,
      1.1,
      0.55
    ],
    "SoftwareVersions": "syngo_MR_E11",
    "SpacingBetweenSlices": 2.4,
    "StationName": "MRC35177",
    "TaskName": "Cuedts",
    "TotalReadoutTime": 0.0525111,
    "TxRefAmp": 249.519,
    "VendorReportedEchoSpacing": 0.00059,
    "WipMemBlock": "a629dd61-14b7-4686-9241-3ccb38153a50||Sequence: ve11b/master r/93e61f0; Jul 21 2016 00:18:29 by eja",
    "acq_id": "mb4PA",
    "dataset": "ds003465",
    "modality": "bold",
    "run_id": 2,
    "session_id": "wave1bas",
    "subject_id": "f6318if",
    "task_id": "Cuedts"
  },
  "dummy_trs": 1,
  "dvars_nstd": 27.502328825509288,
  "dvars_std": 1.0711417152777776,
  "dvars_vstd": 1.0000849448148168,
  "efc": 0.5613850158651406,
  "fber": 499.4522399902344,
  "fd_mean": 0.13366396584348597,
  "fd_num": 51,
  "fd_perc": 7.858243451463791,
  "fwhm_avg": 2.8878847092847373,
  "fwhm_x": 2.62907489552995,
  "fwhm_y": 2.959816549054124,
  "fwhm_z": 3.0747626832701376,
  "gcor": 0.0175044,
  "gsr_x": -0.015367395244538784,
  "gsr_y": 0.09599468857049942,
  "provenance": {
    "md5sum": "0fd9eff219ffa5c3e155a6fdfc77614d",
    "settings": {
      "fd_thres": 0.2,
      "testing": false
    },
    "software": "mriqc",
    "version": "22.0.6",
    "webapi_port": null,
    "webapi_url": "https://mriqc.nimh.nih.gov/api/v1"
  },
  "size_t": 649,
  "size_x": 90,
  "size_y": 90,
  "size_z": 60,
  "snr": 2.355042104737157,
  "spacing_tr": 1.2000000476837158,
  "spacing_x": 2.4000000953674316,
  "spacing_y": 2.4000000953674316,
  "spacing_z": 2.3999998569488525,
  "summary_bg_k": 21.19547286045278,
  "summary_bg_mad": 97.56620251875167,
  "summary_bg_mean": 458.9833984375,
  "summary_bg_median": 178.7457733154297,
  "summary_bg_n": 300869.0,
  "summary_bg_p05": 107.19876861572266,
  "summary_bg_p95": 1920.7716796874997,
  "summary_bg_stdv": 710.546630859375,
  "summary_fg_k": 1.4682895014894077,
  "summary_fg_mad": 1633.7132643485816,
  "summary_fg_mean": 4524.70263671875,
  "summary_fg_median": 4168.2236328125,
  "summary_fg_n": 99043.0,
  "summary_fg_p05": 2317.970751953125,
  "summary_fg_p95": 7825.139404296865,
  "summary_fg_stdv": 1769.90576171875,
  "tsnr": 53.29125141026452
}