{
  "aor": 0.00059346687211094,
  "aqi": 0.004568161987673343,
  "bids_meta": {
    "AcquisitionMatrixPE": 90,
    "AcquisitionNumber": 1,
    "AcquisitionTime": "16:19:39.472500",
    "BandwidthPerPixelPhaseEncode": 18.832,
    "BaseResolution": 90,
    "BodyPartExamined": "HEAD",
    "ConsistencyInfo": "N4_VE11B_LATEST_20150530",
    "ConversionSoftware": "dcm2niix",
    "ConversionSoftwareVersion": "v1.0.20190902",
    "DerivedVendorReportedEchoSpacing": 0.000590012,
    "DeviceSerialNumber": "67064",
    "DwellTime": 2.5e-06,
    "EchoTime": 0.033,
    "EchoTrainLength": 90,
    "EffectiveEchoSpacing": 0.000590012,
    "FlipAngle": 63,
    "ImageComments": "Unaliased_MB4_PE3_LB",
    "ImageOrientationPatientDICOM": [
      0.999164,
      0.0269293,
      0.0307533,
      -0.00505725,
      0.827987,
      -0.560724
    ],
    "ImageType": [
      "ORIGINAL",
      "PRIMARY",
      "M",
      "MB",
      "ND",
      "MOSAIC"
    ],
    "ImagingFrequency": 123.247,
    "InPlanePhaseEncodingDirectionDICOM": "COL",
    "InstitutionAddress": "Scott_Ave_4525_St._Louis_MO_US_63110",
    "InstitutionName": "Washington_University",
    "InstitutionalDepartmentName": "Department",
    "MRAcquisitionType": "2D",
    "MagneticFieldStrength": 3,
    "Manufacturer": "Siemens",
    "ManufacturersModelName": "Prisma_fit",
    "Modality": "MR",
    "MultibandAccelerationFactor": 4,
    "PartialFourier": 1,
    "PatientPosition": "HFS",
    "PercentPhaseFOV": 100,
    "PhaseEncodingDirection": "j-",
    "PhaseEncodingSteps": 90,
    "PhaseResolution": 1,
    "PixelBandwidth": 2220,
    "ProcedureStepDescription": "head_Braver",
    "ProtocolName": "tfMRI_CuedtsBas1_AP",
    "PulseSequenceDetails": "%CustomerSeq%_cmrr_mbep2d_bold",
    "ReceiveCoilActiveElements": "HEA;HEP",
    "ReceiveCoilName": "Head_32",
    "ReconMatrixPE": 90,
    "RepetitionTime": 1.2,
    "SAR": 0.0677288,
    "ScanOptions": "FS_EXT",
    "ScanningSequence": "EP",
    "SequenceName": "epfid2d1_90",
    "SequenceVariant": "SK_SS",
    "SeriesDescription": "tfMRI_CuedtsBas1_AP",
    "SeriesNumber": 18,
    "ShimSetting": [
      -1985,
      -11443,
      5749,
      646,
      126,
      277,
      -20,
      4
    ],
    "SliceThickness": 2.4,
    "SliceTiming": [
      0,
      0.63,
      0.08,
      0.7075,
      0.1575,
      0.7875,
      0.2375,
      0.865,
      0.315,
      0.945,
      0.395,
      1.0225,
      0.4725,
      1.1025,
      0.55,
      0,
      0.63,
      0.08,
      0.7075,
      0.1575,
      0.7875,
      0.2375,
      0.865,
      0.315,
      0.945,
      0.395,
      1.0225,
      0.4725,
      1.1025,
      0.55,
      0,
      0.63,
      0.08,
      0.7075,
      0.1575,
      0.7875,
      0.2375,
      0.865,
      0.315,
      0.945,
      0.395,
      1.0225,
      0.4725,
      1.1025,
      0.55,
      0,
      0.63,
      0.08,
      0.7075,
      0.1575,
      0.7875,
      0.2375,
      0.865,
      0.315,
      0.945,
      0.395,
      1.0225,
      0.4725,
      1.1025,
      0.55
    ],
    "SoftwareVersions": "syngo_MR_E11",
    "SpacingBetweenSlices": 2.4,
    "StationName": "MRC35177",
    "TaskName": "Cuedts",
    "TotalReadoutTime": 0.0525111,
    "TxRefAmp": 249.519,
    "VendorReportedEchoSpacing": 0.00059,
    "WipMemBlock": "2c0f0f96-4d71-4be6-afa9-dff0abb2eb45||Sequence: ve11b/master r/93e61f0; Jul 21 2016 00:18:29 by eja",
    "acq_id": "mb4AP",
    "dataset": "ds003465",
    "modality": "bold",
    "run_id": 1,
    "session_id": "wave1bas",
    "subject_id": "f6318if",
    "task_id": "Cuedts"
  },
  "dummy_trs": 1,
  "dvars_nstd": 28.434440597746885,
  "dvars_std": 1.1129532286419754,
  "dvars_vstd": 0.9976911683024695,
  "efc": 0.5547713342700844,
  "fber": 563.38916015625,
  "fd_mean": 0.13987552820116816,
  "fd_num": 24,
  "fd_perc": 3.6979969183359014,
  "fwhm_avg": 2.834740263847378,
  "fwhm_x": 2.5860082305745986,
  "fwhm_y": 2.937208216619165,
  "fwhm_z": 2.981004344348372,
  "gcor": 0.0150639,
  "gsr_x": 0.0007687737816013396,
  "gsr_y": 0.09029796719551086,
  "provenance": {
    "md5sum": "3066bfeafefb1eeec8ffaa2c4b997d18",
    "settings": {
      "fd_thres": 0.2,
      "testing": false
    },
    "software": "mriqc",
    "version": "22.0.6",
    "webapi_port": null,
    "webapi_url": "https://mriqc.nimh.nih.gov/api/v1"
  },
  "size_t": 649,
  "size_x": 90,
  "size_y": 90,
  "size_z": 60,
  "snr": 2.44343144397772,
  "spacing_tr": 1.2000000476837158,
  "spacing_x": 2.4000000953674316,
  "spacing_y": 2.4000000953674316,
  "spacing_z": 2.3999998569488525,
  "summary_bg_k": 27.966297238065433,
  "summary_bg_mad": 83.24617127791265,
  "summary_bg_mean": 390.2359619140625,
  "summary_bg_median": 168.5485382080078,
  "summary_bg_n": 297888.0,
  "summary_bg_p05": 107.0400619506836,
  "summary_bg_p95": 1549.9513366699177,
  "summary_bg_stdv": 600.1215209960938,
  "summary_fg_k": 1.106144117964936,
  "summary_fg_mad": 1562.3154343916583,
  "summary_fg_mean": 4558.04052734375,
  "summary_fg_median": 4210.5126953125,
  "summary_fg_n": 100342.0,
  "summary_fg_p05": 2380.1902709960937,
  "summary_fg_p95": 7869.165917968749,
  "summary_fg_stdv": 1723.18798828125,
  "tsnr": 52.352147112833336
}