{
  "aor": 0.00040386666666666665,
  "aqi": 0.004643385833333334,
  "bids_meta": {
    "AcquisitionMatrixPE": 90,
    "AcquisitionNumber": 1,
    "AcquisitionTime": "17:47:53.517500",
    "BandwidthPerPixelPhaseEncode": 18.832,
    "BaseResolution": 90,
    "BodyPartExamined": "HEAD",
    "ConsistencyInfo": "N4_VE11B_LATEST_20150530",
    "ConversionSoftware": "dcm2niix",
    "ConversionSoftwareVersion": "v1.0.20190902",
    "DerivedVendorReportedEchoSpacing": 0.000590012,
    "DeviceSerialNumber": "67064",
    "DwellTime": 2.5e-06,
    "EchoTime": 0.033,
    "EchoTrainLength": 90,
    "EffectiveEchoSpacing": 0.000590012,
    "FlipAngle": 63,
    "ImageComments": "Unaliased_MB4_PE3_LB",
    "ImageOrientationPatientDICOM": [
      0.999164,
      0.0269293,
      0.0307533,
      -0.00505725,
      0.827987,
      -0.560724
    ],
    "ImageType": [
      "ORIGINAL",
      "PRIMARY",
      "M",
      "MB",
      "ND",
      "MOSAIC"
    ],
    "ImagingFrequency": 123.247,
    "InPlanePhaseEncodingDirectionDICOM": "COL",
    "InstitutionAddress": "Scott_Ave_4525_St._Louis_MO_US_63110",
    "InstitutionName": "Washington_University",
    "InstitutionalDepartmentName": "Department",
    "MRAcquisitionType": "2D",
    "MagneticFieldStrength": 3,
    "Manufacturer": "Siemens",
    "ManufacturersModelName": "Prisma_fit",
    "Modality": "MR",
    "MultibandAccelerationFactor": 4,
    "PartialFourier": 1,
    "PatientPosition": "HFS",
    "PercentPhaseFOV": 100,
    "PhaseEncodingDirection": "j-",
    "PhaseEncodingSteps": 90,
    "PhaseResolution": 1,
    "PixelBandwidth": 2220,
    "ProcedureStepDescription": "head_Braver",
    "ProtocolName": "tfMRI_SternBas1_AP",
    "PulseSequenceDetails": "%CustomerSeq%_cmrr_mbep2d_bold",
    "ReceiveCoilActiveElements": "HEA;HEP",
    "ReceiveCoilName": "Head_32",
    "ReconMatrixPE": 90,
    "RepetitionTime": 1.2,
    "SAR": 0.0677083,
    "ScanOptions": "FS_EXT",
    "ScanningSequence": "EP",
    "SequenceName": "epfid2d1_90",
    "SequenceVariant": "SK_SS",
    "SeriesDescription": "tfMRI_SternBas1_AP",
    "SeriesNumber": 36,
    "ShimSetting": [
      -1985,
      -11443,
      5749,
      646,
      126,
      277,
      -20,
      4
    ],
    "SliceThickness": 2.4,
    "SliceTiming": [
      0,
      0.6275,
      0.0775,
      0.7075,
      0.1575,
      0.785,
      0.235,
      0.865,
      0.315,
      0.9425,
      0.3925,
      1.0225,
      0.4725,
      1.1,
      0.55,
      0,
      0.6275,
      0.0775,
      0.7075,
      0.1575,
      0.785,
      0.235,
      0.865,
      0.315,
      0.9425,
      0.3925,
      1.0225,
      0.4725,
      1.1,
      0.55,
      0,
      0.6275,
      0.0775,
      0.7075,
      0.1575,
      0.785,
      0.235,
      0.865,
      0.315,
      0.9425,
      0.3925,
      1.0225,
      0.4725,
      1.1,
      0.55,
      0,
      0.6275,
      0.0775,
      0.7075,
      0.1575,
      0.785,
      0.235,
      0.865,
      0.315,
      0.9425,
      0.3925,
      1.0225,
      0.4725,
      1.1,
      0.55
    ],
    "SoftwareVersions": "syngo_MR_E11",
    "SpacingBetweenSlices": 2.4,
    "StationName": "MRC35177",
    "TaskName": "Stern",
    "TotalReadoutTime": 0.0525111,
    "TxRefAmp": 249.519,
    "VendorReportedEchoSpacing": 0.00059,
    "WipMemBlock": "c19be6ba-4881-4b49-993a-47f0e9259a46||Sequence: ve11b/master r/93e61f0; Jul 21 2016 00:18:29 by eja",
    "acq_id": "mb4AP",
    "dataset": "ds003465",
    "modality": "bold",
    "run_id": 1,
    "session_id": "wave1bas",
    "subject_id": "f6318if",
    "task_id": "Stern"
  },
  "dummy_trs": 0,
  "dvars_nstd": 27.124038253539233,
  "dvars_std": 1.0509533183639397,
  "dvars_vstd": 0.9849140616694478,
  "efc": 0.559131974650788,
  "fber": 531.3388671875,
  "fd_mean": 0.13991689856105777,
  "fd_num": 39,
  "fd_perc": 6.5,
  "fwhm_avg": 2.7972166530880727,
  "fwhm_x": 2.554583231823316,
  "fwhm_y": 2.8904665518098454,
  "fwhm_z": 2.946600175631057,
  "gcor": 0.0104925,
  "gsr_x": 0.0023598026018589735,
  "gsr_y": 0.0903807282447815,
  "provenance": {
    "md5sum": "f3ed923784b63467f2accb2ebdc24bbb",
    "settings": {
      "fd_thres": 0.2,
      "testing": false
    },
    "software": "mriqc",
    "version": "22.0.6",
    "webapi_port": null,
    "webapi_url": "https://mriqc.nimh.nih.gov/api/v1"
  },
  "size_t": 600,
  "size_x": 90,
  "size_y": 90,
  "size_z": 60,
  "snr": 2.461195920122016,
  "spacing_tr": 1.2000000476837158,
  "spacing_x": 2.4000000953674316,
  "spacing_y": 2.4000000953674316,
  "spacing_z": 2.3999998569488525,
  "summary_bg_k": 30.99431533020612,
  "summary_bg_mad": 86.20344645348607,
  "summary_bg_mean": 406.2472839355469,
  "summary_bg_median": 170.65834045410156,
  "summary_bg_n": 297425.0,
  "summary_bg_p05": 106.95833587646484,
  "summary_bg_p95": 1640.7249999999992,
  "summary_bg_stdv": 645.32275390625,
  "summary_fg_k": 1.025011321512351,
  "summary_fg_mad": 1528.9831268241205,
  "summary_fg_mean": 4479.44482421875,
  "summary_fg_median": 4145.89697265625,
  "summary_fg_n": 100839.0,
  "summary_fg_p05": 2341.2593017578124,
  "summary_fg_p95": 7720.199755859372,
  "summary_fg_stdv": 1684.4967041015625,
  "tsnr": 51.05625494150445
}