{
  "aor": 0.0013558550185873604,
  "aqi": 0.007318008959107808,
  "bids_meta": {
    "AcquisitionMatrixPE": 90,
    "AcquisitionNumber": 1,
    "AcquisitionTime": "16:50:7.072500",
    "BandwidthPerPixelPhaseEncode": 18.832,
    "BaseResolution": 90,
    "BodyPartExamined": "HEAD",
    "ConsistencyInfo": "N4_VE11B_LATEST_20150530",
    "ConversionSoftware": "dcm2niix",
    "ConversionSoftwareVersion": "v1.0.20190902",
    "DerivedVendorReportedEchoSpacing": 0.000590012,
    "DeviceSerialNumber": "67064",
    "DwellTime": 2.5e-06,
    "EchoTime": 0.033,
    "EchoTrainLength": 90,
    "EffectiveEchoSpacing": 0.000590012,
    "FlipAngle": 63,
    "ImageComments": "Unaliased_MB4_PE3_LB",
    "ImageOrientationPatientDICOM": [
      0.999164,
      0.0269293,
      0.0307533,
      -0.00505725,
      0.827987,
      -0.560724
    ],
    "ImageType": [
      "ORIGINAL",
      "PRIMARY",
      "M",
      "MB",
      "ND",
      "MOSAIC"
    ],
    "ImagingFrequency": 123.247,
    "InPlanePhaseEncodingDirectionDICOM": "COL",
    "InstitutionAddress": "Scott_Ave_4525_St._Louis_MO_US_63110",
    "InstitutionName": "Washington_University",
    "InstitutionalDepartmentName": "Department",
    "MRAcquisitionType": "2D",
    "MagneticFieldStrength": 3,
    "Manufacturer": "Siemens",
    "ManufacturersModelName": "Prisma_fit",
    "Modality": "MR",
    "MultibandAccelerationFactor": 4,
    "PartialFourier": 1,
    "PatientPosition": "HFS",
    "PercentPhaseFOV": 100,
    "PhaseEncodingDirection": "j-",
    "PhaseEncodingSteps": 90,
    "PhaseResolution": 1,
    "PixelBandwidth": 2220,
    "ProcedureStepDescription": "head_Braver",
    "ProtocolName": "tfMRI_StroopBas1_AP",
    "PulseSequenceDetails": "%CustomerSeq%_cmrr_mbep2d_bold",
    "ReceiveCoilActiveElements": "HEA;HEP",
    "ReceiveCoilName": "Head_32",
    "ReconMatrixPE": 90,
    "RepetitionTime": 1.2,
    "SAR": 0.0676789,
    "ScanOptions": "FS_EXT",
    "ScanningSequence": "EP",
    "SequenceName": "epfid2d1_90",
    "SequenceVariant": "SK_SS",
    "SeriesDescription": "tfMRI_StroopBas1_AP",
    "SeriesNumber": 26,
    "ShimSetting": [
      -1985,
      -11443,
      5749,
      646,
      126,
      277,
      -20,
      4
    ],
    "SliceThickness": 2.4,
    "SliceTiming": [
      0,
      0.63,
      0.08,
      0.7075,
      0.1575,
      0.7875,
      0.2375,
      0.865,
      0.315,
      0.945,
      0.395,
      1.0225,
      0.4725,
      1.1025,
      0.55,
      0,
      0.63,
      0.08,
      0.7075,
      0.1575,
      0.7875,
      0.2375,
      0.865,
      0.315,
      0.945,
      0.395,
      1.0225,
      0.4725,
      1.1025,
      0.55,
      0,
      0.63,
      0.08,
      0.7075,
      0.1575,
      0.7875,
      0.2375,
      0.865,
      0.315,
      0.945,
      0.395,
      1.0225,
      0.4725,
      1.1025,
      0.55,
      0,
      0.63,
      0.08,
      0.7075,
      0.1575,
      0.7875,
      0.2375,
      0.865,
      0.315,
      0.945,
      0.395,
      1.0225,
      0.4725,
      1.1025,
      0.55
    ],
    "SoftwareVersions": "syngo_MR_E11",
    "SpacingBetweenSlices": 2.4,
    "StationName": "MRC35177",
    "TaskName": "Stroop",
    "TotalReadoutTime": 0.0525111,
    "TxRefAmp": 249.519,
    "VendorReportedEchoSpacing": 0.00059,
    "WipMemBlock": "cc019216-bf10-4fe1-b04f-788ebeedb4d7||Sequence: ve11b/master r/93e61f0; Jul 21 2016 00:18:29 by eja",
    "acq_id": "mb4AP",
    "dataset": "ds003465",
    "modality": "bold",
    "run_id": 1,
    "session_id": "wave1bas",
    "subject_id": "f6318if",
    "task_id": "Stroop"
  },
  "dummy_trs": 2,
  "dvars_nstd": 32.39746108301673,
  "dvars_std": 1.118514863575419,
  "dvars_vstd": 0.996300874357542,
  "efc": 0.5569901412399644,
  "fber": 551.1207885742188,
  "fd_mean": 0.15479649762539985,
  "fd_num": 105,
  "fd_perc": 19.516728624535315,
  "fwhm_avg": 2.8335249853347526,
  "fwhm_x": 2.6015248966246887,
  "fwhm_y": 2.9416957164408477,
  "fwhm_z": 2.9573543429387215,
  "gcor": 0.0114075,
  "gsr_x": 0.0036395136266946793,
  "gsr_y": 0.0902043879032135,
  "provenance": {
    "md5sum": "e29a2bebe4a9455a2d248b1df1b98c57",
    "settings": {
      "fd_thres": 0.2,
      "testing": false
    },
    "software": "mriqc",
    "version": "22.0.6",
    "webapi_port": null,
    "webapi_url": "https://mriqc.nimh.nih.gov/api/v1"
  },
  "size_t": 538,
  "size_x": 90,
  "size_y": 90,
  "size_z": 60,
  "snr": 2.4415949972580284,
  "spacing_tr": 1.2000000476837158,
  "spacing_x": 2.4000000953674316,
  "spacing_y": 2.4000000953674316,
  "spacing_z": 2.3999998569488525,
  "summary_bg_k": 19.127525866901532,
  "summary_bg_mad": 85.53899470544334,
  "summary_bg_mean": 388.6280212402344,
  "summary_bg_median": 169.61338806152344,
  "summary_bg_n": 296185.0,
  "summary_bg_p05": 105.13419952392579,
  "summary_bg_p95": 1551.7933105468749,
  "summary_bg_stdv": 578.604248046875,
  "summary_fg_k": 1.1293810333266068,
  "summary_fg_mad": 1554.071536240395,
  "summary_fg_mean": 4549.8818359375,
  "summary_fg_median": 4202.21923828125,
  "summary_fg_n": 100788.0,
  "summary_fg_p05": 2375.7325317382815,
  "summary_fg_p95": 7852.585571289062,
  "summary_fg_stdv": 1721.08740234375,
  "tsnr": 44.31544089037925
}