{
  "bids_meta": {
    "AcquisitionMatrixPE": 300,
    "AcquisitionNumber": 1,
    "AcquisitionTime": "10:04:10.205000",
    "BaseResolution": 320,
    "BodyPartExamined": "HEAD",
    "ConsistencyInfo": "N4_VE11C_LATEST_20160120",
    "ConversionSoftware": "dcm2niix",
    "ConversionSoftwareVersion": "v1.0.20190902",
    "DeviceSerialNumber": "67064",
    "DwellTime": 7.1e-06,
    "EchoTime": 0.00222,
    "FlipAngle": 8,
    "ImageOrientationPatientDICOM": [
      -0.00958574,
      0.998424,
      -0.0552986,
      0.00227829,
      -0.0552792,
      -0.998468
    ],
    "ImageType": [
      "ORIGINAL",
      "PRIMARY",
      "M",
      "ND"
    ],
    "ImagingFrequency": 123.247,
    "InPlanePhaseEncodingDirectionDICOM": "ROW",
    "InstitutionAddress": "Scott_Ave_4525_St._Louis_MO_US_63110",
    "InstitutionName": "Washington_University",
    "InstitutionalDepartmentName": "Department",
    "InversionTime": 1,
    "MRAcquisitionType": "3D",
    "MagneticFieldStrength": 3,
    "Manufacturer": "Siemens",
    "ManufacturersModelName": "Prisma_fit",
    "Modality": "MR",
    "ParallelReductionFactorInPlane": 2,
    "PartialFourier": 1,
    "PatientPosition": "HFS",
    "PercentPhaseFOV": 93.75,
    "PhaseEncodingSteps": 299,
    "PhaseResolution": 1,
    "PixelBandwidth": 220,
    "ProcedureStepDescription": "head_Braver",
    "ProtocolName": "T1w_MPR",
    "PulseSequenceDetails": "%SiemensSeq%_tfl",
    "ReceiveCoilActiveElements": "HEA;HEP",
    "ReceiveCoilName": "Head_32",
    "ReconMatrixPE": 300,
    "RefLinesPE": 32,
    "RepetitionTime": 2.4,
    "SAR": 0.0385561,
    "ScanOptions": "IR_WE",
    "ScanningSequence": "GR_IR",
    "SequenceName": "_tfl3d1_16ns",
    "SequenceVariant": "SK_SP_MP",
    "SeriesDescription": "T1w_MPR",
    "SeriesNumber": 11,
    "ShimSetting": [
      -1986,
      -11514,
      5803,
      489,
      130,
      110,
      -60,
      20
    ],
    "SliceThickness": 0.8,
    "SoftwareVersions": "syngo_MR_E11",
    "StationName": "MRC35177",
    "TxRefAmp": 254.332,
    "dataset": "ds003465",
    "modality": "T1w",
    "session_id": "wave1bas",
    "subject_id": "f8294bu"
  },
  "cjv": 0.5074292431542466,
  "cnr": 2.58150120578359,
  "efc": 0.57383000792237,
  "fber": 7880.1333069097645,
  "fwhm_avg": 5.099062546175291,
  "fwhm_x": 4.918700293177383,
  "fwhm_y": 4.942137426356414,
  "fwhm_z": 5.436349918992073,
  "icvs_csf": 0.2215192539075954,
  "icvs_gm": 0.36884569630434516,
  "icvs_wm": 0.4096350497880594,
  "inu_med": 1.0003520250320435,
  "inu_range": 0.9715726077556609,
  "provenance": {
    "md5sum": "5febbe923d17029361bad09352e7e6eb",
    "settings": {
      "testing": false
    },
    "software": "mriqc",
    "version": "22.0.6",
    "warnings": {
      "large_rot_frame": true,
      "small_air_mask": false
    },
    "webapi_port": null,
    "webapi_url": "https://mriqc.nimh.nih.gov/api/v1"
  },
  "qi_1": 6.040302822345222e-06,
  "qi_2": 0.0007714586280533202,
  "rpve_csf": 21.760846221933637,
  "rpve_gm": 12.306340077475234,
  "rpve_wm": 13.017177903618245,
  "size_x": 208,
  "size_y": 300,
  "size_z": 320,
  "snr_csf": 3.5902064360359742,
  "snr_gm": 12.178725475340062,
  "snr_total": 9.81455603473862,
  "snr_wm": 13.674736192839822,
  "snrd_csf": 13.45536348112097,
  "snrd_gm": 31.596749406394935,
  "snrd_total": 29.061088203265754,
  "snrd_wm": 42.13115172228136,
  "spacing_x": 0.7999999523162842,
  "spacing_y": 0.800000011920929,
  "spacing_z": 0.800000011920929,
  "summary_bg_k": 1556.7151603873624,
  "summary_bg_mad": 0.0,
  "summary_bg_mean": 8.906915591952291,
  "summary_bg_median": 0.0,
  "summary_bg_n": 6917992.0,
  "summary_bg_p05": 0.0,
  "summary_bg_p95": 34.28367108106613,
  "summary_bg_stdv": 15.55072331317546,
  "summary_csf_k": 2.9196490382235423,
  "summary_csf_mad": 64.54001173832468,
  "summary_csf_mean": 324.4199793565056,
  "summary_csf_median": 319.3848404288292,
  "summary_csf_n": 155894.0,
  "summary_csf_p05": 197.04935927689078,
  "summary_csf_p95": 477.3656317591667,
  "summary_csf_stdv": 88.9597358124124,
  "summary_gm_k": 0.13624395889090746,
  "summary_gm_mad": 60.297945239092066,
  "summary_gm_mean": 751.330723411444,
  "summary_gm_median": 750.0000116229057,
  "summary_gm_n": 58200.0,
  "summary_gm_p05": 652.2583383321762,
  "summary_gm_p95": 855.3546014428139,
  "summary_gm_stdv": 61.582270641929995,
  "summary_wm_k": 0.6891075842221999,
  "summary_wm_mad": 66.58529380045468,
  "summary_wm_mean": 1011.2144491123659,
  "summary_wm_median": 1000.0511088967323,
  "summary_wm_n": 531386.0,
  "summary_wm_p05": 911.4551541209221,
  "summary_wm_p95": 1153.2291206717491,
  "summary_wm_stdv": 73.13122197093945,
  "tpm_overlap_csf": 0.14595020201948328,
  "tpm_overlap_gm": 0.4206174289132508,
  "tpm_overlap_wm": 0.4758336262150282,
  "wm2max": 0.41189839420127494
}