{
  "aor": 0.00309737037037037,
  "aqi": 0.013540440166666667,
  "bids_meta": {
    "AcquisitionMatrixPE": 90,
    "AcquisitionNumber": 1,
    "AcquisitionTime": "14:37:49.085000",
    "BandwidthPerPixelPhaseEncode": 18.832,
    "BaseResolution": 90,
    "BodyPartExamined": "HEAD",
    "ConsistencyInfo": "N4_VE11C_LATEST_20160120",
    "ConversionSoftware": "dcm2niix",
    "ConversionSoftwareVersion": "v1.0.20190902",
    "DerivedVendorReportedEchoSpacing": 0.000590012,
    "DeviceSerialNumber": "67064",
    "DwellTime": 2.5e-06,
    "EchoTime": 0.033,
    "EchoTrainLength": 90,
    "EffectiveEchoSpacing": 0.000590012,
    "FlipAngle": 63,
    "ImageComments": "Unaliased_MB4_PE3_LB",
    "ImageOrientationPatientDICOM": [
      0.997027,
      0.0531435,
      -0.0557999,
      -0.0726923,
      0.888922,
      -0.452254
    ],
    "ImageType": [
      "ORIGINAL",
      "PRIMARY",
      "M",
      "MB",
      "ND",
      "MOSAIC"
    ],
    "ImagingFrequency": 123.247,
    "InPlanePhaseEncodingDirectionDICOM": "COL",
    "InstitutionAddress": "Scott_Ave_4525_St._Louis_MO_US_63110",
    "InstitutionName": "Washington_University",
    "InstitutionalDepartmentName": "Department",
    "MRAcquisitionType": "2D",
    "MagneticFieldStrength": 3,
    "Manufacturer": "Siemens",
    "ManufacturersModelName": "Prisma_fit",
    "Modality": "MR",
    "MultibandAccelerationFactor": 4,
    "PartialFourier": 1,
    "PatientPosition": "HFS",
    "PercentPhaseFOV": 100,
    "PhaseEncodingDirection": "j",
    "PhaseEncodingSteps": 90,
    "PhaseResolution": 1,
    "PixelBandwidth": 2220,
    "ProcedureStepDescription": "head_Braver",
    "ProtocolName": "tfMRI_StroopBas2_PA",
    "PulseSequenceDetails": "%CustomerSeq%_cmrr_mbep2d_bold",
    "ReceiveCoilActiveElements": "HEA;HEP",
    "ReceiveCoilName": "Head_32",
    "ReconMatrixPE": 90,
    "RepetitionTime": 1.2,
    "SAR": 0.0915768,
    "ScanOptions": "FS_EXT",
    "ScanningSequence": "EP",
    "SequenceName": "epfid2d1_90",
    "SequenceVariant": "SK_SS",
    "SeriesDescription": "tfMRI_StroopBas2_PA",
    "SeriesNumber": 31,
    "ShimSetting": [
      -2007,
      -11501,
      5838,
      449,
      155,
      45,
      130,
      -50
    ],
    "SliceThickness": 2.4,
    "SliceTiming": [
      0,
      0.6275,
      0.0775,
      0.7075,
      0.1575,
      0.785,
      0.235,
      0.865,
      0.3125,
      0.9425,
      0.3925,
      1.0225,
      0.47,
      1.1,
      0.55,
      0,
      0.6275,
      0.0775,
      0.7075,
      0.1575,
      0.785,
      0.235,
      0.865,
      0.3125,
      0.9425,
      0.3925,
      1.0225,
      0.47,
      1.1,
      0.55,
      0,
      0.6275,
      0.0775,
      0.7075,
      0.1575,
      0.785,
      0.235,
      0.865,
      0.3125,
      0.9425,
      0.3925,
      1.0225,
      0.47,
      1.1,
      0.55,
      0,
      0.6275,
      0.0775,
      0.7075,
      0.1575,
      0.785,
      0.235,
      0.865,
      0.3125,
      0.9425,
      0.3925,
      1.0225,
      0.47,
      1.1,
      0.55
    ],
    "SoftwareVersions": "syngo_MR_E11",
    "SpacingBetweenSlices": 2.4,
    "StationName": "MRC35177",
    "TaskName": "Stroop",
    "TotalReadoutTime": 0.0525111,
    "TxRefAmp": 285.493,
    "VendorReportedEchoSpacing": 0.00059,
    "WipMemBlock": "f2e30b25-8ae6-436a-8898-1e7f23f234dd||Sequence: R016 ve11c/master r/e634e98; Dec 19 2017 11:00:25 by eja",
    "acq_id": "mb4PA",
    "dataset": "ds003465",
    "modality": "bold",
    "run_id": 2,
    "session_id": "wave1bas",
    "subject_id": "f3996sp",
    "task_id": "Stroop"
  },
  "dummy_trs": 0,
  "dvars_nstd": 50.61102257751392,
  "dvars_std": 1.1942904253246753,
  "dvars_vstd": 1.0182975089795927,
  "efc": 0.5410879067543888,
  "fber": 577.5604858398438,
  "fd_mean": 0.339368281978138,
  "fd_num": 385,
  "fd_perc": 71.29629629629629,
  "fwhm_avg": 2.809779055016078,
  "fwhm_x": 2.631929062083202,
  "fwhm_y": 2.8636248862097706,
  "fwhm_z": 2.933783216755262,
  "gcor": 0.0198734,
  "gsr_x": -0.007594228722155094,
  "gsr_y": 0.07348556816577911,
  "provenance": {
    "md5sum": "86f827dd6eaca5c9b9b70f046eea5fb9",
    "settings": {
      "fd_thres": 0.2,
      "testing": false
    },
    "software": "mriqc",
    "version": "22.0.6",
    "webapi_port": null,
    "webapi_url": "https://mriqc.nimh.nih.gov/api/v1"
  },
  "size_t": 540,
  "size_x": 90,
  "size_y": 90,
  "size_z": 60,
  "snr": 2.8752596928821412,
  "spacing_tr": 1.2000000476837158,
  "spacing_x": 2.4000000953674316,
  "spacing_y": 2.4000000953674316,
  "spacing_z": 2.4000000953674316,
  "summary_bg_k": 35.551823971241916,
  "summary_bg_mad": 77.0925780138349,
  "summary_bg_mean": 391.3500671386719,
  "summary_bg_median": 161.79258728027344,
  "summary_bg_n": 319250.0,
  "summary_bg_p05": 105.5092544555664,
  "summary_bg_p95": 1590.2814331054674,
  "summary_bg_stdv": 606.756591796875,
  "summary_fg_k": 0.6083671495790699,
  "summary_fg_mad": 1364.0816361757588,
  "summary_fg_mean": 4307.818359375,
  "summary_fg_median": 4104.390625,
  "summary_fg_n": 80465.0,
  "summary_fg_p05": 2347.784765625,
  "summary_fg_p95": 6960.244238281251,
  "summary_fg_stdv": 1427.476318359375,
  "tsnr": 32.358542000642046
}