{
  "aor": 0.002179515859766277,
  "aqi": 0.011854627262103505,
  "bids_meta": {
    "AcquisitionMatrixPE": 90,
    "AcquisitionNumber": 1,
    "AcquisitionTime": "13:58:17.540000",
    "BandwidthPerPixelPhaseEncode": 18.832,
    "BaseResolution": 90,
    "BodyPartExamined": "HEAD",
    "ConsistencyInfo": "N4_VE11C_LATEST_20160120",
    "ConversionSoftware": "dcm2niix",
    "ConversionSoftwareVersion": "v1.0.20190902",
    "DerivedVendorReportedEchoSpacing": 0.000590012,
    "DeviceSerialNumber": "67064",
    "DwellTime": 2.5e-06,
    "EchoTime": 0.033,
    "EchoTrainLength": 90,
    "EffectiveEchoSpacing": 0.000590012,
    "FlipAngle": 63,
    "ImageComments": "Unaliased_MB4_PE3_LB",
    "ImageOrientationPatientDICOM": [
      0.997027,
      0.0531435,
      -0.0557999,
      -0.0726923,
      0.888922,
      -0.452254
    ],
    "ImageType": [
      "ORIGINAL",
      "PRIMARY",
      "M",
      "MB",
      "ND",
      "MOSAIC"
    ],
    "ImagingFrequency": 123.247,
    "InPlanePhaseEncodingDirectionDICOM": "COL",
    "InstitutionAddress": "Scott_Ave_4525_St._Louis_MO_US_63110",
    "InstitutionName": "Washington_University",
    "InstitutionalDepartmentName": "Department",
    "MRAcquisitionType": "2D",
    "MagneticFieldStrength": 3,
    "Manufacturer": "Siemens",
    "ManufacturersModelName": "Prisma_fit",
    "Modality": "MR",
    "MultibandAccelerationFactor": 4,
    "PartialFourier": 1,
    "PatientPosition": "HFS",
    "PercentPhaseFOV": 100,
    "PhaseEncodingDirection": "j-",
    "PhaseEncodingSteps": 90,
    "PhaseResolution": 1,
    "PixelBandwidth": 2220,
    "ProcedureStepDescription": "head_Braver",
    "ProtocolName": "tfMRI_SternBas1_AP",
    "PulseSequenceDetails": "%CustomerSeq%_cmrr_mbep2d_bold",
    "ReceiveCoilActiveElements": "HEA;HEP",
    "ReceiveCoilName": "Head_32",
    "ReconMatrixPE": 90,
    "RepetitionTime": 1.2,
    "SAR": 0.0916167,
    "ScanOptions": "FS_EXT",
    "ScanningSequence": "EP",
    "SequenceName": "epfid2d1_90",
    "SequenceVariant": "SK_SS",
    "SeriesDescription": "tfMRI_SternBas1_AP",
    "SeriesNumber": 19,
    "ShimSetting": [
      -2007,
      -11501,
      5838,
      449,
      155,
      45,
      130,
      -50
    ],
    "SliceThickness": 2.4,
    "SliceTiming": [
      0,
      0.63,
      0.08,
      0.7075,
      0.1575,
      0.7875,
      0.2375,
      0.865,
      0.315,
      0.945,
      0.395,
      1.0225,
      0.4725,
      1.1025,
      0.55,
      0,
      0.63,
      0.08,
      0.7075,
      0.1575,
      0.7875,
      0.2375,
      0.865,
      0.315,
      0.945,
      0.395,
      1.0225,
      0.4725,
      1.1025,
      0.55,
      0,
      0.63,
      0.08,
      0.7075,
      0.1575,
      0.7875,
      0.2375,
      0.865,
      0.315,
      0.945,
      0.395,
      1.0225,
      0.4725,
      1.1025,
      0.55,
      0,
      0.63,
      0.08,
      0.7075,
      0.1575,
      0.7875,
      0.2375,
      0.865,
      0.315,
      0.945,
      0.395,
      1.0225,
      0.4725,
      1.1025,
      0.55
    ],
    "SoftwareVersions": "syngo_MR_E11",
    "SpacingBetweenSlices": 2.4,
    "StationName": "MRC35177",
    "TaskName": "Stern",
    "TotalReadoutTime": 0.0525111,
    "TxRefAmp": 285.493,
    "VendorReportedEchoSpacing": 0.00059,
    "WipMemBlock": "281bfccf-2311-4d25-af97-2a455438af86||Sequence: R016 ve11c/master r/e634e98; Dec 19 2017 11:00:25 by eja",
    "acq_id": "mb4AP",
    "dataset": "ds003465",
    "modality": "bold",
    "run_id": 1,
    "session_id": "wave1bas",
    "subject_id": "f3996sp",
    "task_id": "Stern"
  },
  "dummy_trs": 1,
  "dvars_nstd": 36.94452439479931,
  "dvars_std": 1.1150066994816064,
  "dvars_vstd": 0.9753102707190628,
  "efc": 0.538405707190968,
  "fber": 602.8944091796875,
  "fd_mean": 0.20671807876678558,
  "fd_num": 243,
  "fd_perc": 40.567612687813025,
  "fwhm_avg": 2.8216040545461953,
  "fwhm_x": 2.6516790612984074,
  "fwhm_y": 2.8389040538587547,
  "fwhm_z": 2.974229048481423,
  "gcor": 0.0122372,
  "gsr_x": -0.005008493084460497,
  "gsr_y": 0.08050332218408585,
  "provenance": {
    "md5sum": "a53e846c82f8ba43563867d9df101a13",
    "settings": {
      "fd_thres": 0.2,
      "testing": false
    },
    "software": "mriqc",
    "version": "22.0.6",
    "webapi_port": null,
    "webapi_url": "https://mriqc.nimh.nih.gov/api/v1"
  },
  "size_t": 599,
  "size_x": 90,
  "size_y": 90,
  "size_z": 60,
  "snr": 2.8332039885634126,
  "spacing_tr": 1.2000000476837158,
  "spacing_x": 2.4000000953674316,
  "spacing_y": 2.4000000953674316,
  "spacing_z": 2.4000000953674316,
  "summary_bg_k": 36.03782633231365,
  "summary_bg_mad": 69.66868539562479,
  "summary_bg_mean": 363.9547424316406,
  "summary_bg_median": 155.4949951171875,
  "summary_bg_n": 319390.0,
  "summary_bg_p05": 104.04840850830078,
  "summary_bg_p95": 1390.8819519042959,
  "summary_bg_stdv": 560.3822021484375,
  "summary_fg_k": 0.8650489247003423,
  "summary_fg_mad": 1289.310668993676,
  "summary_fg_mean": 4247.59716796875,
  "summary_fg_median": 4011.618408203125,
  "summary_fg_n": 85006.0,
  "summary_fg_p05": 2349.5892333984375,
  "summary_fg_p95": 6929.0433349609375,
  "summary_fg_stdv": 1415.921630859375,
  "tsnr": 37.41105348977726
}