{
  "aor": 0.001719672131147541,
  "aqi": 0.009634652475409837,
  "bids_meta": {
    "AcquisitionMatrixPE": 90,
    "AcquisitionNumber": 1,
    "AcquisitionTime": "14:57:9.135000",
    "BandwidthPerPixelPhaseEncode": 18.832,
    "BaseResolution": 90,
    "BodyPartExamined": "HEAD",
    "ConsistencyInfo": "N4_VE11C_LATEST_20160120",
    "ConversionSoftware": "dcm2niix",
    "ConversionSoftwareVersion": "v1.0.20190902",
    "DerivedVendorReportedEchoSpacing": 0.000590012,
    "DeviceSerialNumber": "67064",
    "DwellTime": 2.5e-06,
    "EchoTime": 0.033,
    "EchoTrainLength": 90,
    "EffectiveEchoSpacing": 0.000590012,
    "FlipAngle": 63,
    "ImageComments": "Unaliased_MB4_PE3_LB",
    "ImageOrientationPatientDICOM": [
      0.997027,
      0.0531435,
      -0.0557999,
      -0.0726923,
      0.888922,
      -0.452254
    ],
    "ImageType": [
      "ORIGINAL",
      "PRIMARY",
      "M",
      "MB",
      "ND",
      "MOSAIC"
    ],
    "ImagingFrequency": 123.247,
    "InPlanePhaseEncodingDirectionDICOM": "COL",
    "InstitutionAddress": "Scott_Ave_4525_St._Louis_MO_US_63110",
    "InstitutionName": "Washington_University",
    "InstitutionalDepartmentName": "Department",
    "MRAcquisitionType": "2D",
    "MagneticFieldStrength": 3,
    "Manufacturer": "Siemens",
    "ManufacturersModelName": "Prisma_fit",
    "Modality": "MR",
    "MultibandAccelerationFactor": 4,
    "PartialFourier": 1,
    "PatientPosition": "HFS",
    "PercentPhaseFOV": 100,
    "PhaseEncodingDirection": "j-",
    "PhaseEncodingSteps": 90,
    "PhaseResolution": 1,
    "PixelBandwidth": 2220,
    "ProcedureStepDescription": "head_Braver",
    "ProtocolName": "tfMRI_AxcptBas1_AP",
    "PulseSequenceDetails": "%CustomerSeq%_cmrr_mbep2d_bold",
    "ReceiveCoilActiveElements": "HEA;HEP",
    "ReceiveCoilName": "Head_32",
    "ReconMatrixPE": 90,
    "RepetitionTime": 1.2,
    "SAR": 0.0916225,
    "ScanOptions": "FS_EXT",
    "ScanningSequence": "EP",
    "SequenceName": "epfid2d1_90",
    "SequenceVariant": "SK_SS",
    "SeriesDescription": "tfMRI_AxcptBas1_AP",
    "SeriesNumber": 37,
    "ShimSetting": [
      -2007,
      -11501,
      5838,
      449,
      155,
      45,
      130,
      -50
    ],
    "SliceThickness": 2.4,
    "SliceTiming": [
      0,
      0.63,
      0.08,
      0.7075,
      0.1575,
      0.7875,
      0.2375,
      0.865,
      0.315,
      0.945,
      0.395,
      1.0225,
      0.4725,
      1.1025,
      0.55,
      0,
      0.63,
      0.08,
      0.7075,
      0.1575,
      0.7875,
      0.2375,
      0.865,
      0.315,
      0.945,
      0.395,
      1.0225,
      0.4725,
      1.1025,
      0.55,
      0,
      0.63,
      0.08,
      0.7075,
      0.1575,
      0.7875,
      0.2375,
      0.865,
      0.315,
      0.945,
      0.395,
      1.0225,
      0.4725,
      1.1025,
      0.55,
      0,
      0.63,
      0.08,
      0.7075,
      0.1575,
      0.7875,
      0.2375,
      0.865,
      0.315,
      0.945,
      0.395,
      1.0225,
      0.4725,
      1.1025,
      0.55
    ],
    "SoftwareVersions": "syngo_MR_E11",
    "SpacingBetweenSlices": 2.4,
    "StationName": "MRC35177",
    "TaskName": "Axcpt",
    "TotalReadoutTime": 0.0525111,
    "TxRefAmp": 285.493,
    "VendorReportedEchoSpacing": 0.00059,
    "WipMemBlock": "c05ec756-3542-4f92-bb94-8158ae66c911||Sequence: R016 ve11c/master r/e634e98; Dec 19 2017 11:00:25 by eja",
    "acq_id": "mb4AP",
    "dataset": "ds003465",
    "modality": "bold",
    "run_id": 1,
    "session_id": "wave1bas",
    "subject_id": "f3996sp",
    "task_id": "Axcpt"
  },
  "dummy_trs": 0,
  "dvars_nstd": 36.19172576993429,
  "dvars_std": 1.1416680033004942,
  "dvars_vstd": 1.0022134432840721,
  "efc": 0.5403760484333867,
  "fber": 603.4290161132812,
  "fd_mean": 0.22492492291059907,
  "fd_num": 280,
  "fd_perc": 45.90163934426229,
  "fwhm_avg": 2.8210623879010526,
  "fwhm_x": 2.643262394966189,
  "fwhm_y": 2.8595873863702064,
  "fwhm_z": 2.960337382366761,
  "gcor": 0.0108858,
  "gsr_x": -0.005914910696446896,
  "gsr_y": 0.08539676666259766,
  "provenance": {
    "md5sum": "e3af9b6ee70d188c62d8efe7b4ab8910",
    "settings": {
      "fd_thres": 0.2,
      "testing": false
    },
    "software": "mriqc",
    "version": "22.0.6",
    "webapi_port": null,
    "webapi_url": "https://mriqc.nimh.nih.gov/api/v1"
  },
  "size_t": 610,
  "size_x": 90,
  "size_y": 90,
  "size_z": 60,
  "snr": 2.779369275413468,
  "spacing_tr": 1.2000000476837158,
  "spacing_x": 2.4000000953674316,
  "spacing_y": 2.4000000953674316,
  "spacing_z": 2.4000000953674316,
  "summary_bg_k": 36.04067151877633,
  "summary_bg_mad": 67.66499157096291,
  "summary_bg_mean": 365.8133850097656,
  "summary_bg_median": 153.52130126953125,
  "summary_bg_n": 317998.0,
  "summary_bg_p05": 102.09508514404297,
  "summary_bg_p95": 1427.9824279785155,
  "summary_bg_stdv": 566.6231079101562,
  "summary_fg_k": 1.0250460758628908,
  "summary_fg_mad": 1273.3048270011936,
  "summary_fg_mean": 4197.31494140625,
  "summary_fg_median": 3949.304931640625,
  "summary_fg_n": 85624.0,
  "summary_fg_p05": 2313.882116699219,
  "summary_fg_p95": 6900.28049316406,
  "summary_fg_stdv": 1420.9273681640625,
  "tsnr": 39.72590651828796
}