{
  "aor": 0.00414525876460768,
  "aqi": 0.012382574390651086,
  "bids_meta": {
    "AcquisitionMatrixPE": 90,
    "AcquisitionNumber": 1,
    "AcquisitionTime": "14:11:23.090000",
    "BandwidthPerPixelPhaseEncode": 18.832,
    "BaseResolution": 90,
    "BodyPartExamined": "HEAD",
    "ConsistencyInfo": "N4_VE11C_LATEST_20160120",
    "ConversionSoftware": "dcm2niix",
    "ConversionSoftwareVersion": "v1.0.20190902",
    "DerivedVendorReportedEchoSpacing": 0.000590012,
    "DeviceSerialNumber": "67064",
    "DwellTime": 2.5e-06,
    "EchoTime": 0.033,
    "EchoTrainLength": 90,
    "EffectiveEchoSpacing": 0.000590012,
    "FlipAngle": 63,
    "ImageComments": "Unaliased_MB4_PE3_LB",
    "ImageOrientationPatientDICOM": [
      0.997027,
      0.0531435,
      -0.0557999,
      -0.0726923,
      0.888922,
      -0.452254
    ],
    "ImageType": [
      "ORIGINAL",
      "PRIMARY",
      "M",
      "MB",
      "ND",
      "MOSAIC"
    ],
    "ImagingFrequency": 123.247,
    "InPlanePhaseEncodingDirectionDICOM": "COL",
    "InstitutionAddress": "Scott_Ave_4525_St._Louis_MO_US_63110",
    "InstitutionName": "Washington_University",
    "InstitutionalDepartmentName": "Department",
    "MRAcquisitionType": "2D",
    "MagneticFieldStrength": 3,
    "Manufacturer": "Siemens",
    "ManufacturersModelName": "Prisma_fit",
    "Modality": "MR",
    "MultibandAccelerationFactor": 4,
    "PartialFourier": 1,
    "PatientPosition": "HFS",
    "PercentPhaseFOV": 100,
    "PhaseEncodingDirection": "j",
    "PhaseEncodingSteps": 90,
    "PhaseResolution": 1,
    "PixelBandwidth": 2220,
    "ProcedureStepDescription": "head_Braver",
    "ProtocolName": "tfMRI_SternBas2_PA",
    "PulseSequenceDetails": "%CustomerSeq%_cmrr_mbep2d_bold",
    "ReceiveCoilActiveElements": "HEA;HEP",
    "ReceiveCoilName": "Head_32",
    "ReconMatrixPE": 90,
    "RepetitionTime": 1.2,
    "SAR": 0.0916167,
    "ScanOptions": "FS_EXT",
    "ScanningSequence": "EP",
    "SequenceName": "epfid2d1_90",
    "SequenceVariant": "SK_SS",
    "SeriesDescription": "tfMRI_SternBas2_PA",
    "SeriesNumber": 22,
    "ShimSetting": [
      -2007,
      -11501,
      5838,
      449,
      155,
      45,
      130,
      -50
    ],
    "SliceThickness": 2.4,
    "SliceTiming": [
      0,
      0.6275,
      0.0775,
      0.7075,
      0.1575,
      0.785,
      0.235,
      0.865,
      0.315,
      0.9425,
      0.3925,
      1.0225,
      0.4725,
      1.1,
      0.55,
      0,
      0.6275,
      0.0775,
      0.7075,
      0.1575,
      0.785,
      0.235,
      0.865,
      0.315,
      0.9425,
      0.3925,
      1.0225,
      0.4725,
      1.1,
      0.55,
      0,
      0.6275,
      0.0775,
      0.7075,
      0.1575,
      0.785,
      0.235,
      0.865,
      0.315,
      0.9425,
      0.3925,
      1.0225,
      0.4725,
      1.1,
      0.55,
      0,
      0.6275,
      0.0775,
      0.7075,
      0.1575,
      0.785,
      0.235,
      0.865,
      0.315,
      0.9425,
      0.3925,
      1.0225,
      0.4725,
      1.1,
      0.55
    ],
    "SoftwareVersions": "syngo_MR_E11",
    "SpacingBetweenSlices": 2.4,
    "StationName": "MRC35177",
    "TaskName": "Stern",
    "TotalReadoutTime": 0.0525111,
    "TxRefAmp": 285.493,
    "VendorReportedEchoSpacing": 0.00059,
    "WipMemBlock": "c5a19ee6-a904-421c-8480-7a1ae92b2a09||Sequence: R016 ve11c/master r/e634e98; Dec 19 2017 11:00:25 by eja",
    "acq_id": "mb4PA",
    "dataset": "ds003465",
    "modality": "bold",
    "run_id": 2,
    "session_id": "wave1bas",
    "subject_id": "f3996sp",
    "task_id": "Stern"
  },
  "dummy_trs": 1,
  "dvars_nstd": 36.15590261371243,
  "dvars_std": 1.1418668864548496,
  "dvars_vstd": 1.0113250606187292,
  "efc": 0.5416574255057945,
  "fber": 572.0346069335938,
  "fd_mean": 0.21358780658565252,
  "fd_num": 240,
  "fd_perc": 40.06677796327212,
  "fwhm_avg": 2.7972068332934312,
  "fwhm_x": 2.627649895586574,
  "fwhm_y": 2.8693498859822797,
  "fwhm_z": 2.8946207183114403,
  "gcor": 0.0117606,
  "gsr_x": -0.010020564310252666,
  "gsr_y": 0.06912191212177277,
  "provenance": {
    "md5sum": "7b13312c702f95426860a2cc54f4626d",
    "settings": {
      "fd_thres": 0.2,
      "testing": false
    },
    "software": "mriqc",
    "version": "22.0.6",
    "webapi_port": null,
    "webapi_url": "https://mriqc.nimh.nih.gov/api/v1"
  },
  "size_t": 599,
  "size_x": 90,
  "size_y": 90,
  "size_z": 60,
  "snr": 2.8899992807827553,
  "spacing_tr": 1.2000000476837158,
  "spacing_x": 2.4000000953674316,
  "spacing_y": 2.4000000953674316,
  "spacing_z": 2.4000000953674316,
  "summary_bg_k": 34.34121304216449,
  "summary_bg_mad": 80.45034876015964,
  "summary_bg_mean": 394.59552001953125,
  "summary_bg_median": 164.36810302734375,
  "summary_bg_n": 318380.0,
  "summary_bg_p05": 105.39231872558594,
  "summary_bg_p95": 1583.159442138671,
  "summary_bg_stdv": 603.7643432617188,
  "summary_fg_k": 0.5613578265765247,
  "summary_fg_mad": 1373.4749492061394,
  "summary_fg_mean": 4356.09423828125,
  "summary_fg_median": 4151.60107421875,
  "summary_fg_n": 80656.0,
  "summary_fg_p05": 2372.2937622070312,
  "summary_fg_p95": 7010.4005126953125,
  "summary_fg_stdv": 1436.5316162109375,
  "tsnr": 35.68667132675182
}