{
  "aor": 0.0016601851851851851,
  "aqi": 0.012556653722222224,
  "bids_meta": {
    "AcquisitionMatrixPE": 90,
    "AcquisitionNumber": 1,
    "AcquisitionTime": "14:26:9.897500",
    "BandwidthPerPixelPhaseEncode": 18.832,
    "BaseResolution": 90,
    "BodyPartExamined": "HEAD",
    "ConsistencyInfo": "N4_VE11C_LATEST_20160120",
    "ConversionSoftware": "dcm2niix",
    "ConversionSoftwareVersion": "v1.0.20190902",
    "DerivedVendorReportedEchoSpacing": 0.000590012,
    "DeviceSerialNumber": "67064",
    "DwellTime": 2.5e-06,
    "EchoTime": 0.033,
    "EchoTrainLength": 90,
    "EffectiveEchoSpacing": 0.000590012,
    "FlipAngle": 63,
    "ImageComments": "Unaliased_MB4_PE3_LB",
    "ImageOrientationPatientDICOM": [
      0.997027,
      0.0531435,
      -0.0557999,
      -0.0726923,
      0.888922,
      -0.452254
    ],
    "ImageType": [
      "ORIGINAL",
      "PRIMARY",
      "M",
      "MB",
      "ND",
      "MOSAIC"
    ],
    "ImagingFrequency": 123.247,
    "InPlanePhaseEncodingDirectionDICOM": "COL",
    "InstitutionAddress": "Scott_Ave_4525_St._Louis_MO_US_63110",
    "InstitutionName": "Washington_University",
    "InstitutionalDepartmentName": "Department",
    "MRAcquisitionType": "2D",
    "MagneticFieldStrength": 3,
    "Manufacturer": "Siemens",
    "ManufacturersModelName": "Prisma_fit",
    "Modality": "MR",
    "MultibandAccelerationFactor": 4,
    "PartialFourier": 1,
    "PatientPosition": "HFS",
    "PercentPhaseFOV": 100,
    "PhaseEncodingDirection": "j-",
    "PhaseEncodingSteps": 90,
    "PhaseResolution": 1,
    "PixelBandwidth": 2220,
    "ProcedureStepDescription": "head_Braver",
    "ProtocolName": "tfMRI_StroopBas1_AP",
    "PulseSequenceDetails": "%CustomerSeq%_cmrr_mbep2d_bold",
    "ReceiveCoilActiveElements": "HEA;HEP",
    "ReceiveCoilName": "Head_32",
    "ReconMatrixPE": 90,
    "RepetitionTime": 1.2,
    "SAR": 0.0915768,
    "ScanOptions": "FS_EXT",
    "ScanningSequence": "EP",
    "SequenceName": "epfid2d1_90",
    "SequenceVariant": "SK_SS",
    "SeriesDescription": "tfMRI_StroopBas1_AP",
    "SeriesNumber": 28,
    "ShimSetting": [
      -2007,
      -11501,
      5838,
      449,
      155,
      45,
      130,
      -50
    ],
    "SliceThickness": 2.4,
    "SliceTiming": [
      0,
      0.6275,
      0.0775,
      0.7075,
      0.1575,
      0.785,
      0.235,
      0.865,
      0.3125,
      0.9425,
      0.3925,
      1.0225,
      0.47,
      1.1,
      0.55,
      0,
      0.6275,
      0.0775,
      0.7075,
      0.1575,
      0.785,
      0.235,
      0.865,
      0.3125,
      0.9425,
      0.3925,
      1.0225,
      0.47,
      1.1,
      0.55,
      0,
      0.6275,
      0.0775,
      0.7075,
      0.1575,
      0.785,
      0.235,
      0.865,
      0.3125,
      0.9425,
      0.3925,
      1.0225,
      0.47,
      1.1,
      0.55,
      0,
      0.6275,
      0.0775,
      0.7075,
      0.1575,
      0.785,
      0.235,
      0.865,
      0.3125,
      0.9425,
      0.3925,
      1.0225,
      0.47,
      1.1,
      0.55
    ],
    "SoftwareVersions": "syngo_MR_E11",
    "SpacingBetweenSlices": 2.4,
    "StationName": "MRC35177",
    "TaskName": "Stroop",
    "TotalReadoutTime": 0.0525111,
    "TxRefAmp": 285.493,
    "VendorReportedEchoSpacing": 0.00059,
    "WipMemBlock": "174449e2-5811-436d-aa53-44c92936d670||Sequence: R016 ve11c/master r/e634e98; Dec 19 2017 11:00:25 by eja",
    "acq_id": "mb4AP",
    "dataset": "ds003465",
    "modality": "bold",
    "run_id": 1,
    "session_id": "wave1bas",
    "subject_id": "f3996sp",
    "task_id": "Stroop"
  },
  "dummy_trs": 0,
  "dvars_nstd": 49.482881811502814,
  "dvars_std": 1.1667350915769945,
  "dvars_vstd": 0.9881813745269016,
  "efc": 0.5399668957209323,
  "fber": 594.50390625,
  "fd_mean": 0.33971600723553874,
  "fd_num": 390,
  "fd_perc": 72.22222222222223,
  "fwhm_avg": 2.8331498874207384,
  "fwhm_x": 2.6378873951797726,
  "fwhm_y": 2.867324886062746,
  "fwhm_z": 2.9942373810196963,
  "gcor": 0.0105515,
  "gsr_x": -0.0057653747498989105,
  "gsr_y": 0.08227503299713135,
  "provenance": {
    "md5sum": "e55b8a001abaceff29cfe39fe099ffa4",
    "settings": {
      "fd_thres": 0.2,
      "testing": false
    },
    "software": "mriqc",
    "version": "22.0.6",
    "webapi_port": null,
    "webapi_url": "https://mriqc.nimh.nih.gov/api/v1"
  },
  "size_t": 540,
  "size_x": 90,
  "size_y": 90,
  "size_z": 60,
  "snr": 2.807995400887492,
  "spacing_tr": 1.2000000476837158,
  "spacing_x": 2.4000000953674316,
  "spacing_y": 2.4000000953674316,
  "spacing_z": 2.4000000953674316,
  "summary_bg_k": 34.8053888157611,
  "summary_bg_mad": 70.15453081256551,
  "summary_bg_mean": 367.54345703125,
  "summary_bg_median": 155.8444366455078,
  "summary_bg_n": 318845.0,
  "summary_bg_p05": 103.7629623413086,
  "summary_bg_p95": 1418.6841064453113,
  "summary_bg_stdv": 567.386474609375,
  "summary_fg_k": 0.8804903076652573,
  "summary_fg_mad": 1292.9333800053735,
  "summary_fg_mean": 4234.48193359375,
  "summary_fg_median": 3997.316650390625,
  "summary_fg_n": 85219.0,
  "summary_fg_p05": 2329.4551269531253,
  "summary_fg_p95": 6925.260253906249,
  "summary_fg_stdv": 1423.539794921875,
  "tsnr": 35.02546787110623
}