{
  "aor": 0.000811425925925926,
  "aqi": 0.008684393074074075,
  "bids_meta": {
    "AcquisitionMatrixPE": 90,
    "AcquisitionNumber": 1,
    "AcquisitionTime": "20:16:52.725000",
    "BandwidthPerPixelPhaseEncode": 18.832,
    "BaseResolution": 90,
    "BodyPartExamined": "HEAD",
    "ConsistencyInfo": "N4_VE11C_LATEST_20160120",
    "ConversionSoftware": "dcm2niix",
    "ConversionSoftwareVersion": "v1.0.20190902",
    "DerivedVendorReportedEchoSpacing": 0.000590012,
    "DeviceSerialNumber": "67064",
    "DwellTime": 2.5e-06,
    "EchoTime": 0.033,
    "EchoTrainLength": 90,
    "EffectiveEchoSpacing": 0.000590012,
    "FlipAngle": 63,
    "ImageComments": "Unaliased_MB4_PE3_LB",
    "ImageOrientationPatientDICOM": [
      0.998186,
      -0.0516457,
      0.0309466,
      0.0598277,
      0.908489,
      -0.413605
    ],
    "ImageType": [
      "ORIGINAL",
      "PRIMARY",
      "M",
      "MB",
      "ND",
      "MOSAIC"
    ],
    "ImagingFrequency": 123.247,
    "InPlanePhaseEncodingDirectionDICOM": "COL",
    "InstitutionAddress": "Scott_Ave_4525_St._Louis_MO_US_63110",
    "InstitutionName": "Washington_University",
    "InstitutionalDepartmentName": "Department",
    "MRAcquisitionType": "2D",
    "MagneticFieldStrength": 3,
    "Manufacturer": "Siemens",
    "ManufacturersModelName": "Prisma_fit",
    "Modality": "MR",
    "MultibandAccelerationFactor": 4,
    "PartialFourier": 1,
    "PatientPosition": "HFS",
    "PercentPhaseFOV": 100,
    "PhaseEncodingDirection": "j-",
    "PhaseEncodingSteps": 90,
    "PhaseResolution": 1,
    "PixelBandwidth": 2220,
    "ProcedureStepDescription": "head_Braver",
    "ProtocolName": "tfMRI_StroopBas1_AP",
    "PulseSequenceDetails": "%CustomerSeq%_cmrr_mbep2d_bold",
    "ReceiveCoilActiveElements": "HEA;HEP",
    "ReceiveCoilName": "Head_32",
    "ReconMatrixPE": 90,
    "RepetitionTime": 1.2,
    "SAR": 0.068401,
    "ScanOptions": "FS_EXT",
    "ScanningSequence": "EP",
    "SequenceName": "epfid2d1_90",
    "SequenceVariant": "SK_SS",
    "SeriesDescription": "tfMRI_StroopBas1_AP",
    "SeriesNumber": 43,
    "ShimSetting": [
      -2008,
      -11514,
      5860,
      637,
      17,
      79,
      -143,
      3
    ],
    "SliceThickness": 2.4,
    "SliceTiming": [
      0,
      0.63,
      0.08,
      0.71,
      0.1575,
      0.7875,
      0.2375,
      0.865,
      0.315,
      0.945,
      0.395,
      1.0225,
      0.4725,
      1.1025,
      0.5525,
      0,
      0.63,
      0.08,
      0.71,
      0.1575,
      0.7875,
      0.2375,
      0.865,
      0.315,
      0.945,
      0.395,
      1.0225,
      0.4725,
      1.1025,
      0.5525,
      0,
      0.63,
      0.08,
      0.71,
      0.1575,
      0.7875,
      0.2375,
      0.865,
      0.315,
      0.945,
      0.395,
      1.0225,
      0.4725,
      1.1025,
      0.5525,
      0,
      0.63,
      0.08,
      0.71,
      0.1575,
      0.7875,
      0.2375,
      0.865,
      0.315,
      0.945,
      0.395,
      1.0225,
      0.4725,
      1.1025,
      0.5525
    ],
    "SoftwareVersions": "syngo_MR_E11",
    "SpacingBetweenSlices": 2.4,
    "StationName": "MRC35177",
    "TaskName": "Stroop",
    "TotalReadoutTime": 0.0525111,
    "TxRefAmp": 222.361,
    "VendorReportedEchoSpacing": 0.00059,
    "WipMemBlock": "bbcf4ace-b7c8-43b3-8992-4098037adeff||Sequence: R016 ve11c/master r/e634e98; Dec 19 2017 11:00:25 by eja",
    "acq_id": "mb4AP",
    "dataset": "ds003465",
    "modality": "bold",
    "run_id": 1,
    "session_id": "wave1bas",
    "subject_id": "f7688lh",
    "task_id": "Stroop"
  },
  "dummy_trs": 0,
  "dvars_nstd": 33.220063685547316,
  "dvars_std": 1.1015769249350655,
  "dvars_vstd": 0.976238734879406,
  "efc": 0.4826678639449987,
  "fber": 1182.952392578125,
  "fd_mean": 0.20316420347448588,
  "fd_num": 247,
  "fd_perc": 45.74074074074074,
  "fwhm_avg": 2.7003679482525746,
  "fwhm_x": 2.547870732090047,
  "fwhm_y": 2.716358225394955,
  "fwhm_z": 2.83687488727272,
  "gcor": 0.00761931,
  "gsr_x": -0.013928847387433052,
  "gsr_y": 0.04710938408970833,
  "provenance": {
    "md5sum": "36ec2ca05c2d504ac32cff8a8f768217",
    "settings": {
      "fd_thres": 0.2,
      "testing": false
    },
    "software": "mriqc",
    "version": "22.0.6",
    "webapi_port": null,
    "webapi_url": "https://mriqc.nimh.nih.gov/api/v1"
  },
  "size_t": 540,
  "size_x": 90,
  "size_y": 90,
  "size_z": 60,
  "snr": 3.1268965716472503,
  "spacing_tr": 1.2000000476837158,
  "spacing_x": 2.4000000953674316,
  "spacing_y": 2.4000000953674316,
  "spacing_z": 2.4000000953674316,
  "summary_bg_k": 90.8242138145425,
  "summary_bg_mad": 22.475157860342396,
  "summary_bg_mean": 219.9741973876953,
  "summary_bg_median": 114.6611099243164,
  "summary_bg_n": 336233.0,
  "summary_bg_p05": 96.37333068847657,
  "summary_bg_p95": 730.3285278320295,
  "summary_bg_stdv": 371.192138671875,
  "summary_fg_k": 1.7079254831248196,
  "summary_fg_mad": 1169.292643944605,
  "summary_fg_mean": 4207.302734375,
  "summary_fg_median": 3985.99267578125,
  "summary_fg_n": 79192.0,
  "summary_fg_p05": 2546.3691284179686,
  "summary_fg_p95": 6521.026293945312,
  "summary_fg_stdv": 1274.7359619140625,
  "tsnr": 43.483793527353555
}