{
  "aor": 0.0016835185185185187,
  "aqi": 0.007518881925925927,
  "bids_meta": {
    "AcquisitionMatrixPE": 90,
    "AcquisitionNumber": 1,
    "AcquisitionTime": "20:28:17.730000",
    "BandwidthPerPixelPhaseEncode": 18.832,
    "BaseResolution": 90,
    "BodyPartExamined": "HEAD",
    "ConsistencyInfo": "N4_VE11C_LATEST_20160120",
    "ConversionSoftware": "dcm2niix",
    "ConversionSoftwareVersion": "v1.0.20190902",
    "DerivedVendorReportedEchoSpacing": 0.000590012,
    "DeviceSerialNumber": "67064",
    "DwellTime": 2.5e-06,
    "EchoTime": 0.033,
    "EchoTrainLength": 90,
    "EffectiveEchoSpacing": 0.000590012,
    "FlipAngle": 63,
    "ImageComments": "Unaliased_MB4_PE3_LB",
    "ImageOrientationPatientDICOM": [
      0.998186,
      -0.0516457,
      0.0309466,
      0.0598277,
      0.908489,
      -0.413605
    ],
    "ImageType": [
      "ORIGINAL",
      "PRIMARY",
      "M",
      "MB",
      "ND",
      "MOSAIC"
    ],
    "ImagingFrequency": 123.247,
    "InPlanePhaseEncodingDirectionDICOM": "COL",
    "InstitutionAddress": "Scott_Ave_4525_St._Louis_MO_US_63110",
    "InstitutionName": "Washington_University",
    "InstitutionalDepartmentName": "Department",
    "MRAcquisitionType": "2D",
    "MagneticFieldStrength": 3,
    "Manufacturer": "Siemens",
    "ManufacturersModelName": "Prisma_fit",
    "Modality": "MR",
    "MultibandAccelerationFactor": 4,
    "PartialFourier": 1,
    "PatientPosition": "HFS",
    "PercentPhaseFOV": 100,
    "PhaseEncodingDirection": "j",
    "PhaseEncodingSteps": 90,
    "PhaseResolution": 1,
    "PixelBandwidth": 2220,
    "ProcedureStepDescription": "head_Braver",
    "ProtocolName": "tfMRI_StroopBas2_PA",
    "PulseSequenceDetails": "%CustomerSeq%_cmrr_mbep2d_bold",
    "ReceiveCoilActiveElements": "HEA;HEP",
    "ReceiveCoilName": "Head_32",
    "ReconMatrixPE": 90,
    "RepetitionTime": 1.2,
    "SAR": 0.068401,
    "ScanOptions": "FS_EXT",
    "ScanningSequence": "EP",
    "SequenceName": "epfid2d1_90",
    "SequenceVariant": "SK_SS",
    "SeriesDescription": "tfMRI_StroopBas2_PA",
    "SeriesNumber": 46,
    "ShimSetting": [
      -2008,
      -11514,
      5860,
      637,
      17,
      79,
      -143,
      3
    ],
    "SliceThickness": 2.4,
    "SliceTiming": [
      0,
      0.63,
      0.08,
      0.7075,
      0.1575,
      0.7875,
      0.235,
      0.865,
      0.315,
      0.945,
      0.3925,
      1.0225,
      0.4725,
      1.1025,
      0.55,
      0,
      0.63,
      0.08,
      0.7075,
      0.1575,
      0.7875,
      0.235,
      0.865,
      0.315,
      0.945,
      0.3925,
      1.0225,
      0.4725,
      1.1025,
      0.55,
      0,
      0.63,
      0.08,
      0.7075,
      0.1575,
      0.7875,
      0.235,
      0.865,
      0.315,
      0.945,
      0.3925,
      1.0225,
      0.4725,
      1.1025,
      0.55,
      0,
      0.63,
      0.08,
      0.7075,
      0.1575,
      0.7875,
      0.235,
      0.865,
      0.315,
      0.945,
      0.3925,
      1.0225,
      0.4725,
      1.1025,
      0.55
    ],
    "SoftwareVersions": "syngo_MR_E11",
    "SpacingBetweenSlices": 2.4,
    "StationName": "MRC35177",
    "TaskName": "Stroop",
    "TotalReadoutTime": 0.0525111,
    "TxRefAmp": 222.361,
    "VendorReportedEchoSpacing": 0.00059,
    "WipMemBlock": "d1ab4b7b-c40e-43d7-99fa-64bf0f610358||Sequence: R016 ve11c/master r/e634e98; Dec 19 2017 11:00:25 by eja",
    "acq_id": "mb4PA",
    "dataset": "ds003465",
    "modality": "bold",
    "run_id": 2,
    "session_id": "wave1bas",
    "subject_id": "f7688lh",
    "task_id": "Stroop"
  },
  "dummy_trs": 0,
  "dvars_nstd": 33.260664754118714,
  "dvars_std": 1.1237108438218912,
  "dvars_vstd": 0.9972645785528762,
  "efc": 0.4787106527390018,
  "fber": 1161.4940185546875,
  "fd_mean": 0.18969833715785947,
  "fd_num": 239,
  "fd_perc": 44.25925925925926,
  "fwhm_avg": 2.645847117085704,
  "fwhm_x": 2.4926582342839945,
  "fwhm_y": 2.629533228845071,
  "fwhm_z": 2.815349888128047,
  "gcor": 0.0144604,
  "gsr_x": -0.017849428579211235,
  "gsr_y": 0.05355818197131157,
  "provenance": {
    "md5sum": "3297b6d4847de32a331e9d6cb372d511",
    "settings": {
      "fd_thres": 0.2,
      "testing": false
    },
    "software": "mriqc",
    "version": "22.0.6",
    "webapi_port": null,
    "webapi_url": "https://mriqc.nimh.nih.gov/api/v1"
  },
  "size_t": 540,
  "size_x": 90,
  "size_y": 90,
  "size_z": 60,
  "snr": 3.0504067524606793,
  "spacing_tr": 1.2000000476837158,
  "spacing_x": 2.4000000953674316,
  "spacing_y": 2.4000000953674316,
  "spacing_z": 2.4000000953674316,
  "summary_bg_k": 104.2695042380507,
  "summary_bg_mad": 24.94477780181385,
  "summary_bg_mean": 228.21031188964844,
  "summary_bg_median": 115.12036895751953,
  "summary_bg_n": 340930.0,
  "summary_bg_p05": 92.69074249267578,
  "summary_bg_p95": 838.5763702392575,
  "summary_bg_stdv": 351.7467346191406,
  "summary_fg_k": 1.1606815136632846,
  "summary_fg_mad": 1204.188995502905,
  "summary_fg_mean": 4158.62060546875,
  "summary_fg_median": 3933.538818359375,
  "summary_fg_n": 77027.0,
  "summary_fg_p05": 2463.9546630859377,
  "summary_fg_p95": 6513.19970703125,
  "summary_fg_stdv": 1289.5045166015625,
  "tsnr": 41.84993694978766
}