{
  "aor": 0.0041828196721311476,
  "aqi": 0.006804839032786884,
  "bids_meta": {
    "AcquisitionMatrixPE": 90,
    "AcquisitionNumber": 1,
    "AcquisitionTime": "19:25:39.770000",
    "BandwidthPerPixelPhaseEncode": 18.832,
    "BaseResolution": 90,
    "BodyPartExamined": "HEAD",
    "ConsistencyInfo": "N4_VE11C_LATEST_20160120",
    "ConversionSoftware": "dcm2niix",
    "ConversionSoftwareVersion": "v1.0.20190902",
    "DerivedVendorReportedEchoSpacing": 0.000590012,
    "DeviceSerialNumber": "67064",
    "DwellTime": 2.5e-06,
    "EchoTime": 0.033,
    "EchoTrainLength": 90,
    "EffectiveEchoSpacing": 0.000590012,
    "FlipAngle": 63,
    "ImageComments": "Unaliased_MB4_PE3_LB",
    "ImageOrientationPatientDICOM": [
      0.999926,
      0.0051817,
      0.0110068,
      -0.000872614,
      0.932974,
      -0.359943
    ],
    "ImageType": [
      "ORIGINAL",
      "PRIMARY",
      "M",
      "MB",
      "ND",
      "MOSAIC"
    ],
    "ImagingFrequency": 123.247,
    "InPlanePhaseEncodingDirectionDICOM": "COL",
    "InstitutionAddress": "Scott_Ave_4525_St._Louis_MO_US_63110",
    "InstitutionName": "Washington_University",
    "InstitutionalDepartmentName": "Department",
    "MRAcquisitionType": "2D",
    "MagneticFieldStrength": 3,
    "Manufacturer": "Siemens",
    "ManufacturersModelName": "Prisma_fit",
    "Modality": "MR",
    "MultibandAccelerationFactor": 4,
    "PartialFourier": 1,
    "PatientPosition": "HFS",
    "PercentPhaseFOV": 100,
    "PhaseEncodingDirection": "j-",
    "PhaseEncodingSteps": 90,
    "PhaseResolution": 1,
    "PixelBandwidth": 2220,
    "ProcedureStepDescription": "head_Braver",
    "ProtocolName": "tfMRI_AxcptBas1_AP",
    "PulseSequenceDetails": "%CustomerSeq%_cmrr_mbep2d_bold",
    "ReceiveCoilActiveElements": "HEA;HEP",
    "ReceiveCoilName": "Head_32",
    "ReconMatrixPE": 90,
    "RepetitionTime": 1.2,
    "SAR": 0.064876,
    "ScanOptions": "FS_EXT",
    "ScanningSequence": "EP",
    "SequenceName": "epfid2d1_90",
    "SequenceVariant": "SK_SS",
    "SeriesDescription": "tfMRI_AxcptBas1_AP",
    "SeriesNumber": 28,
    "ShimSetting": [
      -2005,
      -11466,
      5831,
      620,
      24,
      189,
      81,
      26
    ],
    "SliceThickness": 2.4,
    "SliceTiming": [
      0,
      0.63,
      0.0775,
      0.7075,
      0.1575,
      0.7875,
      0.235,
      0.865,
      0.315,
      0.945,
      0.3925,
      1.0225,
      0.4725,
      1.1,
      0.55,
      0,
      0.63,
      0.0775,
      0.7075,
      0.1575,
      0.7875,
      0.235,
      0.865,
      0.315,
      0.945,
      0.3925,
      1.0225,
      0.4725,
      1.1,
      0.55,
      0,
      0.63,
      0.0775,
      0.7075,
      0.1575,
      0.7875,
      0.235,
      0.865,
      0.315,
      0.945,
      0.3925,
      1.0225,
      0.4725,
      1.1,
      0.55,
      0,
      0.63,
      0.0775,
      0.7075,
      0.1575,
      0.7875,
      0.235,
      0.865,
      0.315,
      0.945,
      0.3925,
      1.0225,
      0.4725,
      1.1,
      0.55
    ],
    "SoftwareVersions": "syngo_MR_E11",
    "SpacingBetweenSlices": 2.4,
    "StationName": "MRC35177",
    "TaskName": "Axcpt",
    "TotalReadoutTime": 0.0525111,
    "TxRefAmp": 241.215,
    "VendorReportedEchoSpacing": 0.00059,
    "WipMemBlock": "3d46708c-b315-45c1-9307-085a35c5ce27||Sequence: R016 ve11c/master r/e634e98; Dec 19 2017 11:00:25 by eja",
    "acq_id": "mb4AP",
    "dataset": "ds003465",
    "modality": "bold",
    "run_id": 1,
    "session_id": "wave1bas",
    "subject_id": "f5635rv",
    "task_id": "Axcpt"
  },
  "dummy_trs": 0,
  "dvars_nstd": 27.535507098587846,
  "dvars_std": 1.107531597241378,
  "dvars_vstd": 1.0172512345320202,
  "efc": 0.509447494701671,
  "fber": 943.0029296875,
  "fd_mean": 0.16071795969312413,
  "fd_num": 145,
  "fd_perc": 23.770491803278688,
  "fwhm_avg": 3.0657165448460364,
  "fwhm_x": 2.874970719092261,
  "fwhm_y": 3.1773582070764617,
  "fwhm_z": 3.144820708369386,
  "gcor": 0.0183791,
  "gsr_x": -0.013501771725714207,
  "gsr_y": 0.07178501039743423,
  "provenance": {
    "md5sum": "52295d20e50bc507499e0357fc8393a9",
    "settings": {
      "fd_thres": 0.2,
      "testing": false
    },
    "software": "mriqc",
    "version": "22.0.6",
    "webapi_port": null,
    "webapi_url": "https://mriqc.nimh.nih.gov/api/v1"
  },
  "size_t": 610,
  "size_x": 90,
  "size_y": 90,
  "size_z": 60,
  "snr": 2.424952223714028,
  "spacing_tr": 1.2000000476837158,
  "spacing_x": 2.4000000953674316,
  "spacing_y": 2.4000000953674316,
  "spacing_z": 2.4000000953674316,
  "summary_bg_k": 19.57031968437897,
  "summary_bg_mad": 69.11964342568427,
  "summary_bg_mean": 405.9606018066406,
  "summary_bg_median": 160.19918823242188,
  "summary_bg_n": 323260.0,
  "summary_bg_p05": 106.7442626953125,
  "summary_bg_p95": 1690.0376220703117,
  "summary_bg_stdv": 642.73681640625,
  "summary_fg_k": 0.6822972350227587,
  "summary_fg_mad": 1996.924746515332,
  "summary_fg_mean": 5490.1611328125,
  "summary_fg_median": 5083.5751953125,
  "summary_fg_n": 84963.0,
  "summary_fg_p05": 2807.1377197265624,
  "summary_fg_p95": 9475.298242187499,
  "summary_fg_stdv": 2096.3486328125,
  "tsnr": 41.217592752422206
}