{
  "aor": 0.0018257935285053931,
  "aqi": 0.004223503343605548,
  "bids_meta": {
    "AcquisitionMatrixPE": 90,
    "AcquisitionNumber": 1,
    "AcquisitionTime": "18:45:51.292500",
    "BandwidthPerPixelPhaseEncode": 18.832,
    "BaseResolution": 90,
    "BodyPartExamined": "HEAD",
    "ConsistencyInfo": "N4_VE11C_LATEST_20160120",
    "ConversionSoftware": "dcm2niix",
    "ConversionSoftwareVersion": "v1.0.20190902",
    "DerivedVendorReportedEchoSpacing": 0.000590012,
    "DeviceSerialNumber": "67064",
    "DwellTime": 2.5e-06,
    "EchoTime": 0.033,
    "EchoTrainLength": 90,
    "EffectiveEchoSpacing": 0.000590012,
    "FlipAngle": 63,
    "ImageComments": "Unaliased_MB4_PE3_LB",
    "ImageOrientationPatientDICOM": [
      0.999926,
      0.0051817,
      0.0110068,
      -0.000872614,
      0.932974,
      -0.359943
    ],
    "ImageType": [
      "ORIGINAL",
      "PRIMARY",
      "M",
      "MB",
      "ND",
      "MOSAIC"
    ],
    "ImagingFrequency": 123.247,
    "InPlanePhaseEncodingDirectionDICOM": "COL",
    "InstitutionAddress": "Scott_Ave_4525_St._Louis_MO_US_63110",
    "InstitutionName": "Washington_University",
    "InstitutionalDepartmentName": "Department",
    "MRAcquisitionType": "2D",
    "MagneticFieldStrength": 3,
    "Manufacturer": "Siemens",
    "ManufacturersModelName": "Prisma_fit",
    "Modality": "MR",
    "MultibandAccelerationFactor": 4,
    "PartialFourier": 1,
    "PatientPosition": "HFS",
    "PercentPhaseFOV": 100,
    "PhaseEncodingDirection": "j-",
    "PhaseEncodingSteps": 90,
    "PhaseResolution": 1,
    "PixelBandwidth": 2220,
    "ProcedureStepDescription": "head_Braver",
    "ProtocolName": "tfMRI_CuedtsBas1_AP",
    "PulseSequenceDetails": "%CustomerSeq%_cmrr_mbep2d_bold",
    "ReceiveCoilActiveElements": "HEA;HEP",
    "ReceiveCoilName": "Head_32",
    "ReconMatrixPE": 90,
    "RepetitionTime": 1.2,
    "SAR": 0.0648914,
    "ScanOptions": "FS_EXT",
    "ScanningSequence": "EP",
    "SequenceName": "epfid2d1_90",
    "SequenceVariant": "SK_SS",
    "SeriesDescription": "tfMRI_CuedtsBas1_AP",
    "SeriesNumber": 19,
    "ShimSetting": [
      -2005,
      -11466,
      5831,
      620,
      24,
      189,
      81,
      26
    ],
    "SliceThickness": 2.4,
    "SliceTiming": [
      0,
      0.63,
      0.08,
      0.71,
      0.1575,
      0.7875,
      0.2375,
      0.8675,
      0.315,
      0.945,
      0.395,
      1.0225,
      0.4725,
      1.1025,
      0.5525,
      0,
      0.63,
      0.08,
      0.71,
      0.1575,
      0.7875,
      0.2375,
      0.8675,
      0.315,
      0.945,
      0.395,
      1.0225,
      0.4725,
      1.1025,
      0.5525,
      0,
      0.63,
      0.08,
      0.71,
      0.1575,
      0.7875,
      0.2375,
      0.8675,
      0.315,
      0.945,
      0.395,
      1.0225,
      0.4725,
      1.1025,
      0.5525,
      0,
      0.63,
      0.08,
      0.71,
      0.1575,
      0.7875,
      0.2375,
      0.8675,
      0.315,
      0.945,
      0.395,
      1.0225,
      0.4725,
      1.1025,
      0.5525
    ],
    "SoftwareVersions": "syngo_MR_E11",
    "SpacingBetweenSlices": 2.4,
    "StationName": "MRC35177",
    "TaskName": "Cuedts",
    "TotalReadoutTime": 0.0525111,
    "TxRefAmp": 241.215,
    "VendorReportedEchoSpacing": 0.00059,
    "WipMemBlock": "a61cc617-557e-4725-a612-e61054ad2654||Sequence: R016 ve11c/master r/e634e98; Dec 19 2017 11:00:25 by eja",
    "acq_id": "mb4AP",
    "dataset": "ds003465",
    "modality": "bold",
    "run_id": 1,
    "session_id": "wave1bas",
    "subject_id": "f5635rv",
    "task_id": "Cuedts"
  },
  "dummy_trs": 1,
  "dvars_nstd": 27.913017004999983,
  "dvars_std": 1.1099189353240746,
  "dvars_vstd": 0.9989325432098765,
  "efc": 0.5123982191201737,
  "fber": 968.9430541992188,
  "fd_mean": 0.14217558986265924,
  "fd_num": 96,
  "fd_perc": 14.791987673343606,
  "fwhm_avg": 2.9540665492826084,
  "fwhm_x": 2.7706748899032716,
  "fwhm_y": 3.0804332109279153,
  "fwhm_z": 3.0110915470166386,
  "gcor": 0.0125898,
  "gsr_x": -0.010042864829301834,
  "gsr_y": 0.07967393100261688,
  "provenance": {
    "md5sum": "5410994c3a61c405799008df8aebefa6",
    "settings": {
      "fd_thres": 0.2,
      "testing": false
    },
    "software": "mriqc",
    "version": "22.0.6",
    "webapi_port": null,
    "webapi_url": "https://mriqc.nimh.nih.gov/api/v1"
  },
  "size_t": 649,
  "size_x": 90,
  "size_y": 90,
  "size_z": 60,
  "snr": 2.527220194766203,
  "spacing_tr": 1.2000000476837158,
  "spacing_x": 2.4000000953674316,
  "spacing_y": 2.4000000953674316,
  "spacing_z": 2.4000000953674316,
  "summary_bg_k": 24.545950973787907,
  "summary_bg_mad": 58.84948529202965,
  "summary_bg_mean": 373.7626647949219,
  "summary_bg_median": 148.9429931640625,
  "summary_bg_n": 321358.0,
  "summary_bg_p05": 103.66564178466797,
  "summary_bg_p95": 1553.587158203125,
  "summary_bg_stdv": 619.831787109375,
  "summary_fg_k": 0.5918121851785116,
  "summary_fg_mad": 1790.1735867751026,
  "summary_fg_mean": 5147.81201171875,
  "summary_fg_median": 4796.2373046875,
  "summary_fg_n": 86284.0,
  "summary_fg_p05": 2705.1181030273438,
  "summary_fg_p95": 8765.373046874996,
  "summary_fg_stdv": 1897.8201904296875,
  "tsnr": 50.72211882099509
}