{
  "aor": 0.0015681538461538459,
  "aqi": 0.008426004415384615,
  "bids_meta": {
    "AcquisitionMatrixPE": 90,
    "AcquisitionNumber": 1,
    "AcquisitionTime": "14:35:19.547500",
    "BandwidthPerPixelPhaseEncode": 18.832,
    "BaseResolution": 90,
    "BodyPartExamined": "HEAD",
    "ConsistencyInfo": "N4_VE11C_LATEST_20160120",
    "ConversionSoftware": "dcm2niix",
    "ConversionSoftwareVersion": "v1.0.20190902",
    "DerivedVendorReportedEchoSpacing": 0.000590012,
    "DeviceSerialNumber": "67064",
    "DwellTime": 2.5e-06,
    "EchoTime": 0.033,
    "EchoTrainLength": 90,
    "EffectiveEchoSpacing": 0.000590012,
    "FlipAngle": 63,
    "ImageComments": "Unaliased_MB4_PE3_LB",
    "ImageOrientationPatientDICOM": [
      0.999609,
      -0.0246244,
      -0.0132109,
      0.0177973,
      0.925475,
      -0.378389
    ],
    "ImageType": [
      "ORIGINAL",
      "PRIMARY",
      "M",
      "MB",
      "ND",
      "MOSAIC"
    ],
    "ImagingFrequency": 123.247,
    "InPlanePhaseEncodingDirectionDICOM": "COL",
    "InstitutionAddress": "Scott_Ave_4525_St._Louis_MO_US_63110",
    "InstitutionName": "Washington_University",
    "InstitutionalDepartmentName": "Department",
    "MRAcquisitionType": "2D",
    "MagneticFieldStrength": 3,
    "Manufacturer": "Siemens",
    "ManufacturersModelName": "Prisma_fit",
    "Modality": "MR",
    "MultibandAccelerationFactor": 4,
    "PartialFourier": 1,
    "PatientPosition": "HFS",
    "PercentPhaseFOV": 100,
    "PhaseEncodingDirection": "j-",
    "PhaseEncodingSteps": 90,
    "PhaseResolution": 1,
    "PixelBandwidth": 2220,
    "ProcedureStepDescription": "head_Braver",
    "ProtocolName": "tfMRI_CuedtsBas1_AP",
    "PulseSequenceDetails": "%CustomerSeq%_cmrr_mbep2d_bold",
    "ReceiveCoilActiveElements": "HEA;HEP",
    "ReceiveCoilName": "Head_32",
    "ReconMatrixPE": 90,
    "RepetitionTime": 1.2,
    "SAR": 0.0748815,
    "ScanOptions": "FS_EXT",
    "ScanningSequence": "EP",
    "SequenceName": "epfid2d1_90",
    "SequenceVariant": "SK_SS",
    "SeriesDescription": "tfMRI_CuedtsBas1_AP",
    "SeriesNumber": 19,
    "ShimSetting": [
      -2009,
      -11519,
      5836,
      628,
      73,
      194,
      137,
      -33
    ],
    "SliceThickness": 2.4,
    "SliceTiming": [
      0,
      0.63,
      0.08,
      0.71,
      0.1575,
      0.7875,
      0.2375,
      0.8675,
      0.315,
      0.945,
      0.395,
      1.025,
      0.4725,
      1.1025,
      0.5525,
      0,
      0.63,
      0.08,
      0.71,
      0.1575,
      0.7875,
      0.2375,
      0.8675,
      0.315,
      0.945,
      0.395,
      1.025,
      0.4725,
      1.1025,
      0.5525,
      0,
      0.63,
      0.08,
      0.71,
      0.1575,
      0.7875,
      0.2375,
      0.8675,
      0.315,
      0.945,
      0.395,
      1.025,
      0.4725,
      1.1025,
      0.5525,
      0,
      0.63,
      0.08,
      0.71,
      0.1575,
      0.7875,
      0.2375,
      0.8675,
      0.315,
      0.945,
      0.395,
      1.025,
      0.4725,
      1.1025,
      0.5525
    ],
    "SoftwareVersions": "syngo_MR_E11",
    "SpacingBetweenSlices": 2.4,
    "StationName": "MRC35177",
    "TaskName": "Cuedts",
    "TotalReadoutTime": 0.0525111,
    "TxRefAmp": 219.147,
    "VendorReportedEchoSpacing": 0.00059,
    "WipMemBlock": "34c05623-64f9-4d59-a937-d56ba4211c54||Sequence: ve11c/master r/ab69a6c; Apr 19 2017 09:47:47 by eja",
    "acq_id": "mb4AP",
    "dataset": "ds003465",
    "modality": "bold",
    "run_id": 1,
    "session_id": "wave1bas",
    "subject_id": "f4831tn",
    "task_id": "Cuedts"
  },
  "dummy_trs": 0,
  "dvars_nstd": 30.263121459383672,
  "dvars_std": 1.0869000894761163,
  "dvars_vstd": 0.9641619522342076,
  "efc": 0.48345712375311295,
  "fber": 1070.70947265625,
  "fd_mean": 0.15433143986175388,
  "fd_num": 152,
  "fd_perc": 23.384615384615383,
  "fwhm_avg": 3.0025762695772276,
  "fwhm_x": 2.8897832185036654,
  "fwhm_y": 3.091541543819843,
  "fwhm_z": 3.0264040464081745,
  "gcor": 0.0134772,
  "gsr_x": -0.013358404859900475,
  "gsr_y": 0.06845279037952423,
  "provenance": {
    "md5sum": "729c38fd87dab5d9cdfa2c98c25a8618",
    "settings": {
      "fd_thres": 0.2,
      "testing": false
    },
    "software": "mriqc",
    "version": "22.0.6",
    "webapi_port": null,
    "webapi_url": "https://mriqc.nimh.nih.gov/api/v1"
  },
  "size_t": 650,
  "size_x": 90,
  "size_y": 90,
  "size_z": 60,
  "snr": 2.636821284194231,
  "spacing_tr": 1.2000000476837158,
  "spacing_x": 2.4000000953674316,
  "spacing_y": 2.4000000953674316,
  "spacing_z": 2.4000000953674316,
  "summary_bg_k": 33.12182711482289,
  "summary_bg_mad": 34.494459034927445,
  "summary_bg_mean": 258.22857666015625,
  "summary_bg_median": 123.31230926513672,
  "summary_bg_n": 335885.0,
  "summary_bg_p05": 95.23846435546875,
  "summary_bg_p95": 921.3996826171872,
  "summary_bg_stdv": 390.2947692871094,
  "summary_fg_k": 1.8312086643653211,
  "summary_fg_mad": 1241.6621647354095,
  "summary_fg_mean": 4411.44775390625,
  "summary_fg_median": 4074.4931640625,
  "summary_fg_n": 78762.0,
  "summary_fg_p05": 2573.2099853515624,
  "summary_fg_p95": 7580.765551757811,
  "summary_fg_stdv": 1545.2193603515625,
  "tsnr": 38.46866349410266
}