{
  "bids_meta": {
    "AcquisitionMatrixPE": 300,
    "AcquisitionNumber": 1,
    "AcquisitionTime": "13:27:55.335000",
    "BaseResolution": 320,
    "BodyPartExamined": "HEAD",
    "ConsistencyInfo": "N4_VE11C_LATEST_20160120",
    "ConversionSoftware": "dcm2niix",
    "ConversionSoftwareVersion": "v1.0.20190902",
    "DeviceSerialNumber": "67064",
    "DwellTime": 7.1e-06,
    "EchoTime": 0.00222,
    "FlipAngle": 8,
    "ImageOrientationPatientDICOM": [
      0.0189059,
      0.998839,
      -0.0442974,
      0.0287764,
      -0.0448306,
      -0.99858
    ],
    "ImageType": [
      "ORIGINAL",
      "PRIMARY",
      "M",
      "ND"
    ],
    "ImagingFrequency": 123.247,
    "InPlanePhaseEncodingDirectionDICOM": "ROW",
    "InstitutionAddress": "Scott_Ave_4525_St._Louis_MO_US_63110",
    "InstitutionName": "Washington_University",
    "InstitutionalDepartmentName": "Department",
    "InversionTime": 1,
    "MRAcquisitionType": "3D",
    "MagneticFieldStrength": 3,
    "Manufacturer": "Siemens",
    "ManufacturersModelName": "Prisma_fit",
    "Modality": "MR",
    "ParallelReductionFactorInPlane": 2,
    "PartialFourier": 1,
    "PatientPosition": "HFS",
    "PercentPhaseFOV": 93.75,
    "PhaseEncodingSteps": 299,
    "PhaseResolution": 1,
    "PixelBandwidth": 220,
    "ProcedureStepDescription": "head_Braver",
    "ProtocolName": "T1w_MPR",
    "PulseSequenceDetails": "%SiemensSeq%_tfl",
    "ReceiveCoilActiveElements": "HEA;HEP",
    "ReceiveCoilName": "Head_32",
    "ReconMatrixPE": 300,
    "RefLinesPE": 32,
    "RepetitionTime": 2.4,
    "SAR": 0.0506515,
    "ScanOptions": "IR_WE",
    "ScanningSequence": "GR_IR",
    "SequenceName": "_tfl3d1_16ns",
    "SequenceVariant": "SK_SP_MP",
    "SeriesDescription": "T1w_MPR",
    "SeriesNumber": 11,
    "ShimSetting": [
      -1992,
      -11510,
      5885,
      485,
      86,
      137,
      35,
      9
    ],
    "SliceThickness": 0.8,
    "SoftwareVersions": "syngo_MR_E11",
    "StationName": "MRC35177",
    "TxRefAmp": 268.609,
    "dataset": "ds003465",
    "modality": "T1w",
    "session_id": "wave1bas",
    "subject_id": "f5445nh"
  },
  "cjv": 0.5532043580695087,
  "cnr": 2.4934430658415714,
  "efc": 0.5745323735529656,
  "fber": 12714.892152175398,
  "fwhm_avg": 4.885141713207408,
  "fwhm_x": 4.8050627864040605,
  "fwhm_y": 4.804387428409049,
  "fwhm_z": 5.045974924809115,
  "icvs_csf": 0.16746680799067995,
  "icvs_gm": 0.3921796480210255,
  "icvs_wm": 0.44035354398829457,
  "inu_med": 0.9966853857040405,
  "inu_range": 0.9503212571144104,
  "provenance": {
    "md5sum": "feb803ae1e02282ab5863874a6cd6875",
    "settings": {
      "testing": false
    },
    "software": "mriqc",
    "version": "22.0.6",
    "warnings": {
      "large_rot_frame": true,
      "small_air_mask": false
    },
    "webapi_port": null,
    "webapi_url": "https://mriqc.nimh.nih.gov/api/v1"
  },
  "qi_1": 0.0,
  "qi_2": 0.0011516671965755537,
  "rpve_csf": 26.27320829486862,
  "rpve_gm": 11.445510451950401,
  "rpve_wm": 12.007241706690834,
  "size_x": 208,
  "size_y": 300,
  "size_z": 320,
  "snr_csf": 2.5819100718547454,
  "snr_gm": 12.03146074087166,
  "snr_total": 9.503057117369012,
  "snr_wm": 13.895800539380636,
  "snrd_csf": 17.77204329936659,
  "snrd_gm": 42.4151970777584,
  "snrd_total": 38.677295418029935,
  "snrd_wm": 55.844645876964826,
  "spacing_x": 0.7999999523162842,
  "spacing_y": 0.800000011920929,
  "spacing_z": 0.800000011920929,
  "summary_bg_k": 6.062944459587188,
  "summary_bg_mad": 0.0,
  "summary_bg_mean": 8.087316102349579,
  "summary_bg_median": 0.0,
  "summary_bg_n": 6810983.0,
  "summary_bg_p05": 0.0,
  "summary_bg_p95": 31.839622110128403,
  "summary_bg_stdv": 11.73279256098126,
  "summary_csf_k": 12.203743778302245,
  "summary_csf_mad": 94.5858239180715,
  "summary_csf_mean": 326.48181871104975,
  "summary_csf_median": 318.2782965749502,
  "summary_csf_n": 63634.0,
  "summary_csf_p05": 128.18396012485027,
  "summary_csf_p95": 530.5424439758062,
  "summary_csf_stdv": 123.27144898797913,
  "summary_gm_k": 0.10678232304700197,
  "summary_gm_mad": 62.15390092952757,
  "summary_gm_mean": 760.5647369254556,
  "summary_gm_median": 759.61083637923,
  "summary_gm_n": 59140.0,
  "summary_gm_p05": 658.3726305216551,
  "summary_gm_p95": 866.2146081849933,
  "summary_gm_stdv": 63.13484543324529,
  "summary_wm_k": 0.07559016708478605,
  "summary_wm_mad": 70.89565914746395,
  "summary_wm_mean": 1009.3255490751013,
  "summary_wm_median": 1000.1179078370333,
  "summary_wm_n": 549060.0,
  "summary_wm_p05": 907.3702678754926,
  "summary_wm_p95": 1143.6910186484456,
  "summary_wm_stdv": 71.97260742536069,
  "tpm_overlap_csf": 0.1526799056217687,
  "tpm_overlap_gm": 0.4248768563364084,
  "tpm_overlap_wm": 0.48729734022289994,
  "wm2max": 0.4111302174977198
}