{
  "bids_meta": {
    "AcquisitionMatrixPE": 300,
    "AcquisitionNumber": 1,
    "AcquisitionTime": "13:36:41.835000",
    "BaseResolution": 320,
    "BodyPartExamined": "HEAD",
    "ConsistencyInfo": "N4_VE11C_LATEST_20160120",
    "ConversionSoftware": "dcm2niix",
    "ConversionSoftwareVersion": "v1.0.20190902",
    "DeviceSerialNumber": "67064",
    "DwellTime": 7.1e-06,
    "EchoTime": 0.00222,
    "FlipAngle": 8,
    "ImageOrientationPatientDICOM": [
      0.0276015,
      0.999487,
      -0.0162292,
      0.0137472,
      -0.0166134,
      -0.999767
    ],
    "ImageType": [
      "ORIGINAL",
      "PRIMARY",
      "M",
      "ND"
    ],
    "ImagingFrequency": 123.247,
    "InPlanePhaseEncodingDirectionDICOM": "ROW",
    "InstitutionAddress": "Scott_Ave_4525_St._Louis_MO_US_63110",
    "InstitutionName": "Washington_University",
    "InstitutionalDepartmentName": "Department",
    "InversionTime": 1,
    "MRAcquisitionType": "3D",
    "MagneticFieldStrength": 3,
    "Manufacturer": "Siemens",
    "ManufacturersModelName": "Prisma_fit",
    "Modality": "MR",
    "ParallelReductionFactorInPlane": 2,
    "PartialFourier": 1,
    "PatientPosition": "HFS",
    "PercentPhaseFOV": 93.75,
    "PhaseEncodingSteps": 299,
    "PhaseResolution": 1,
    "PixelBandwidth": 220,
    "ProcedureStepDescription": "head_Braver",
    "ProtocolName": "T1w_MPR",
    "PulseSequenceDetails": "%SiemensSeq%_tfl",
    "ReceiveCoilActiveElements": "HEA;HEP",
    "ReceiveCoilName": "Head_32",
    "ReconMatrixPE": 300,
    "RefLinesPE": 32,
    "RepetitionTime": 2.4,
    "SAR": 0.05523,
    "ScanOptions": "IR_WE",
    "ScanningSequence": "GR_IR",
    "SequenceName": "_tfl3d1_16ns",
    "SequenceVariant": "SK_SP_MP",
    "SeriesDescription": "T1w_MPR",
    "SeriesNumber": 11,
    "ShimSetting": [
      -1990,
      -11452,
      5833,
      736,
      101,
      266,
      -15,
      -37
    ],
    "SliceThickness": 0.8,
    "SoftwareVersions": "syngo_MR_E11",
    "StationName": "MRC35177",
    "TxRefAmp": 231.952,
    "dataset": "ds003465",
    "modality": "T1w",
    "session_id": "wave1bas",
    "subject_id": "f5386yx"
  },
  "cjv": 0.492471631294557,
  "cnr": 2.7892163517858135,
  "efc": 0.5153745542090917,
  "fber": 28033.41373966942,
  "fwhm_avg": 4.850329213857161,
  "fwhm_x": 4.810337786718475,
  "fwhm_y": 4.692949930069597,
  "fwhm_z": 5.0476999247834105,
  "icvs_csf": 0.1726287046977631,
  "icvs_gm": 0.40383357071331033,
  "icvs_wm": 0.4235377245889266,
  "inu_med": 0.9131792485713959,
  "inu_range": 0.7937424123287198,
  "provenance": {
    "md5sum": "2a0d5d42fc04c0704fdfd90c7445ea41",
    "settings": {
      "testing": false
    },
    "software": "mriqc",
    "version": "22.0.6",
    "warnings": {
      "large_rot_frame": true,
      "small_air_mask": false
    },
    "webapi_port": null,
    "webapi_url": "https://mriqc.nimh.nih.gov/api/v1"
  },
  "qi_1": 0.0,
  "qi_2": 0.0018417622279998953,
  "rpve_csf": 29.726871481614566,
  "rpve_gm": 13.147686592773297,
  "rpve_wm": 14.485660450228508,
  "size_x": 208,
  "size_y": 300,
  "size_z": 320,
  "snr_csf": 2.621778869410278,
  "snr_gm": 12.825916511600742,
  "snr_total": 10.755250121403222,
  "snr_wm": 16.81805498319865,
  "snrd_csf": 23.075605250470645,
  "snrd_gm": 57.56846311559949,
  "snrd_total": 51.998534132267714,
  "snrd_wm": 75.351534030733,
  "spacing_x": 0.7999999523162842,
  "spacing_y": 0.800000011920929,
  "spacing_z": 0.800000011920929,
  "summary_bg_k": 4.5569546857381695,
  "summary_bg_mad": 0.0,
  "summary_bg_mean": 6.061143012489623,
  "summary_bg_median": 0.0,
  "summary_bg_n": 6730602.0,
  "summary_bg_p05": 0.0,
  "summary_bg_p95": 23.895540587604046,
  "summary_bg_stdv": 8.69484891430255,
  "summary_csf_k": 1.2348765909682573,
  "summary_csf_mad": 88.45417753700585,
  "summary_csf_mean": 318.59906767098374,
  "summary_csf_median": 306.2551573365927,
  "summary_csf_n": 61688.0,
  "summary_csf_p05": 121.50856583677235,
  "summary_csf_p95": 529.211389169097,
  "summary_csf_stdv": 116.81102422807803,
  "summary_gm_k": 0.06071952408249537,
  "summary_gm_mad": 58.688887691075685,
  "summary_gm_mean": 764.0706631200653,
  "summary_gm_median": 764.0379759371281,
  "summary_gm_n": 59124.0,
  "summary_gm_p05": 665.7282124634833,
  "summary_gm_p95": 861.5297171249986,
  "summary_gm_stdv": 59.56935037744686,
  "summary_wm_k": 0.30686764556441304,
  "summary_wm_mad": 57.54112587182388,
  "summary_wm_mean": 1006.9563148257778,
  "summary_wm_median": 1000.0515981987119,
  "summary_wm_n": 465690.0,
  "summary_wm_p05": 921.5008146688342,
  "summary_wm_p95": 1115.968194656074,
  "summary_wm_stdv": 59.462912058866,
  "tpm_overlap_csf": 0.14036230146860154,
  "tpm_overlap_gm": 0.43872609462026835,
  "tpm_overlap_wm": 0.4900113594011073,
  "wm2max": 0.5788671804982972
}