{
  "aor": 0.0008168615384615385,
  "aqi": 0.009995548553846155,
  "bids_meta": {
    "AcquisitionMatrixPE": 90,
    "AcquisitionNumber": 1,
    "AcquisitionTime": "15:32:41.902500",
    "BandwidthPerPixelPhaseEncode": 18.832,
    "BaseResolution": 90,
    "BodyPartExamined": "HEAD",
    "ConsistencyInfo": "N4_VE11C_LATEST_20160120",
    "ConversionSoftware": "dcm2niix",
    "ConversionSoftwareVersion": "v1.0.20190902",
    "DerivedVendorReportedEchoSpacing": 0.000590012,
    "DeviceSerialNumber": "67064",
    "DwellTime": 2.5e-06,
    "EchoTime": 0.033,
    "EchoTrainLength": 90,
    "EffectiveEchoSpacing": 0.000590012,
    "FlipAngle": 63,
    "ImageComments": "Unaliased_MB4_PE3_LB",
    "ImageOrientationPatientDICOM": [
      0.99672,
      0.0268171,
      -0.0763543,
      -0.0571215,
      0.901477,
      -0.429041
    ],
    "ImageType": [
      "ORIGINAL",
      "PRIMARY",
      "M",
      "MB",
      "ND",
      "MOSAIC"
    ],
    "ImagingFrequency": 123.246,
    "InPlanePhaseEncodingDirectionDICOM": "COL",
    "InstitutionAddress": "Scott_Ave_4525_St._Louis_MO_US_63110",
    "InstitutionName": "Washington_University",
    "InstitutionalDepartmentName": "Department",
    "MRAcquisitionType": "2D",
    "MagneticFieldStrength": 3,
    "Manufacturer": "Siemens",
    "ManufacturersModelName": "Prisma_fit",
    "Modality": "MR",
    "MultibandAccelerationFactor": 4,
    "PartialFourier": 1,
    "PatientPosition": "HFS",
    "PercentPhaseFOV": 100,
    "PhaseEncodingDirection": "j-",
    "PhaseEncodingSteps": 90,
    "PhaseResolution": 1,
    "PixelBandwidth": 2220,
    "ProcedureStepDescription": "head_Braver",
    "ProtocolName": "tfMRI_CuedtsBas1_AP",
    "PulseSequenceDetails": "%CustomerSeq%_cmrr_mbep2d_bold",
    "ReceiveCoilActiveElements": "HEA;HEP",
    "ReceiveCoilName": "Head_32",
    "ReconMatrixPE": 90,
    "RepetitionTime": 1.2,
    "SAR": 0.0747288,
    "ScanOptions": "FS_EXT",
    "ScanningSequence": "EP",
    "SequenceName": "epfid2d1_90",
    "SequenceVariant": "SK_SS",
    "SeriesDescription": "tfMRI_CuedtsBas1_AP",
    "SeriesNumber": 36,
    "ShimSetting": [
      -2009,
      -11520,
      5808,
      332,
      109,
      23,
      56,
      -18
    ],
    "SliceThickness": 2.4,
    "SliceTiming": [
      0,
      0.6275,
      0.0775,
      0.7075,
      0.155,
      0.785,
      0.235,
      0.865,
      0.3125,
      0.9425,
      0.3925,
      1.0225,
      0.47,
      1.1,
      0.55,
      0,
      0.6275,
      0.0775,
      0.7075,
      0.155,
      0.785,
      0.235,
      0.865,
      0.3125,
      0.9425,
      0.3925,
      1.0225,
      0.47,
      1.1,
      0.55,
      0,
      0.6275,
      0.0775,
      0.7075,
      0.155,
      0.785,
      0.235,
      0.865,
      0.3125,
      0.9425,
      0.3925,
      1.0225,
      0.47,
      1.1,
      0.55,
      0,
      0.6275,
      0.0775,
      0.7075,
      0.155,
      0.785,
      0.235,
      0.865,
      0.3125,
      0.9425,
      0.3925,
      1.0225,
      0.47,
      1.1,
      0.55
    ],
    "SoftwareVersions": "syngo_MR_E11",
    "SpacingBetweenSlices": 2.4,
    "StationName": "MRC35177",
    "TaskName": "Cuedts",
    "TotalReadoutTime": 0.0525111,
    "TxRefAmp": 295.283,
    "VendorReportedEchoSpacing": 0.00059,
    "WipMemBlock": "4a996b65-815f-488f-9552-420ccb78714f||Sequence: ve11c/master r/068cfa9; Jul 21 2016 14:39:26 by eja",
    "acq_id": "mb4AP",
    "dataset": "ds003465",
    "modality": "bold",
    "run_id": 1,
    "session_id": "wave1bas",
    "subject_id": "f8270up",
    "task_id": "Cuedts"
  },
  "dummy_trs": 0,
  "dvars_nstd": 30.94750120477659,
  "dvars_std": 1.0240207206933745,
  "dvars_vstd": 0.9807532927734982,
  "efc": 0.5591616621596666,
  "fber": 471.723876953125,
  "fd_mean": 0.18976296131082043,
  "fd_num": 298,
  "fd_perc": 45.84615384615385,
  "fwhm_avg": 2.7648609986569,
  "fwhm_x": 2.510687400234246,
  "fwhm_y": 2.852862670043866,
  "fwhm_z": 2.9310329256925884,
  "gcor": 0.0141676,
  "gsr_x": -0.02561059035360813,
  "gsr_y": 0.10532234609127045,
  "provenance": {
    "md5sum": "50abf73df25b419c5ba87c7058ee08a9",
    "settings": {
      "fd_thres": 0.2,
      "testing": false
    },
    "software": "mriqc",
    "version": "22.0.6",
    "webapi_port": null,
    "webapi_url": "https://mriqc.nimh.nih.gov/api/v1"
  },
  "size_t": 650,
  "size_x": 90,
  "size_y": 90,
  "size_z": 60,
  "snr": 2.9117613310704344,
  "spacing_tr": 1.2000000476837158,
  "spacing_x": 2.4000000953674316,
  "spacing_y": 2.3999998569488525,
  "spacing_z": 2.4000003337860107,
  "summary_bg_k": 56.46867222009058,
  "summary_bg_mad": 75.58533965922162,
  "summary_bg_mean": 399.0655212402344,
  "summary_bg_median": 160.14768981933594,
  "summary_bg_n": 319097.0,
  "summary_bg_p05": 104.32307434082031,
  "summary_bg_p95": 1568.639428710938,
  "summary_bg_stdv": 617.0772094726562,
  "summary_fg_k": 0.5868730092136696,
  "summary_fg_mad": 1167.1536210417098,
  "summary_fg_mean": 3816.811767578125,
  "summary_fg_median": 3632.25830078125,
  "summary_fg_n": 87026.0,
  "summary_fg_p05": 2086.5276489257812,
  "summary_fg_p95": 6144.872802734375,
  "summary_fg_stdv": 1247.4365234375,
  "tsnr": 37.84566484531388
}