{
  "bids_meta": {
    "AcquisitionMatrixPE": 300,
    "AcquisitionNumber": 1,
    "AcquisitionTime": "17:58:8.067500",
    "BaseResolution": 320,
    "BodyPartExamined": "HEAD",
    "ConsistencyInfo": "N4_VE11C_LATEST_20160120",
    "ConversionSoftware": "dcm2niix",
    "ConversionSoftwareVersion": "v1.0.20190902",
    "DeviceSerialNumber": "67064",
    "DwellTime": 7.1e-06,
    "EchoTime": 0.00222,
    "FlipAngle": 8,
    "ImageOrientationPatientDICOM": [
      0,
      1,
      0,
      0,
      0,
      -1
    ],
    "ImageType": [
      "ORIGINAL",
      "PRIMARY",
      "M",
      "ND"
    ],
    "ImagingFrequency": 123.247,
    "InPlanePhaseEncodingDirectionDICOM": "ROW",
    "InstitutionAddress": "Scott_Ave_4525_St._Louis_MO_US_63110",
    "InstitutionName": "Washington_University",
    "InstitutionalDepartmentName": "Department",
    "InversionTime": 1,
    "MRAcquisitionType": "3D",
    "MagneticFieldStrength": 3,
    "Manufacturer": "Siemens",
    "ManufacturersModelName": "Prisma_fit",
    "Modality": "MR",
    "ParallelReductionFactorInPlane": 2,
    "PartialFourier": 1,
    "PatientPosition": "HFS",
    "PercentPhaseFOV": 93.75,
    "PhaseEncodingSteps": 299,
    "PhaseResolution": 1,
    "PixelBandwidth": 220,
    "ProcedureStepDescription": "head_Braver",
    "ProtocolName": "T1w_MPR",
    "PulseSequenceDetails": "%SiemensSeq%_tfl",
    "ReceiveCoilActiveElements": "HEA;HEP",
    "ReceiveCoilName": "Head_32",
    "ReconMatrixPE": 300,
    "RefLinesPE": 32,
    "RepetitionTime": 2.4,
    "SAR": 0.0392376,
    "ScanOptions": "IR_WE",
    "ScanningSequence": "GR_IR",
    "SequenceName": "_tfl3d1_16ns",
    "SequenceVariant": "SK_SP_MP",
    "SeriesDescription": "T1w_MPR",
    "SeriesNumber": 35,
    "ShimSetting": [
      -2012,
      -11508,
      5795,
      515,
      37,
      166,
      -11,
      15
    ],
    "SliceThickness": 0.8,
    "SoftwareVersions": "syngo_MR_E11",
    "StationName": "MRC35177",
    "TxRefAmp": 245.157,
    "dataset": "ds003465",
    "modality": "T1w",
    "session_id": "wave1bas",
    "subject_id": "f4138ge"
  },
  "cjv": 0.5087929005626382,
  "cnr": 2.548205697596461,
  "efc": 0.5460821706734271,
  "fber": 18496.0,
  "fwhm_avg": 5.233691717782872,
  "fwhm_x": 5.198425309850294,
  "fwhm_y": 5.073224924403058,
  "fwhm_z": 5.429424919095264,
  "icvs_csf": 0.17068828526587587,
  "icvs_gm": 0.39236396160415904,
  "icvs_wm": 0.4369477531299651,
  "inu_med": 1.0319857597351074,
  "inu_range": 0.976624211668968,
  "provenance": {
    "md5sum": "c7541700f957c3b0eb7fad44fc352903",
    "settings": {
      "testing": false
    },
    "software": "mriqc",
    "version": "22.0.6",
    "warnings": {
      "large_rot_frame": true,
      "small_air_mask": false
    },
    "webapi_port": null,
    "webapi_url": "https://mriqc.nimh.nih.gov/api/v1"
  },
  "qi_1": 0.0,
  "qi_2": 0.0012033793316899224,
  "rpve_csf": 25.812884560849398,
  "rpve_gm": 11.480695590994646,
  "rpve_wm": 11.923460432843617,
  "size_x": 208,
  "size_y": 300,
  "size_z": 320,
  "snr_csf": 3.1299815853741078,
  "snr_gm": 12.945696184848444,
  "snr_total": 10.176482129826809,
  "snr_wm": 14.453768619257874,
  "snrd_csf": 12.626508571263148,
  "snrd_gm": 29.5111037775836,
  "snrd_total": 26.91744481969125,
  "snrd_wm": 38.61472211022701,
  "spacing_x": 0.7999999523162842,
  "spacing_y": 0.800000011920929,
  "spacing_z": 0.800000011920929,
  "summary_bg_k": 7605.83288880176,
  "summary_bg_mad": 0.0,
  "summary_bg_mean": 7.759466594182179,
  "summary_bg_median": 0.0,
  "summary_bg_n": 7339940.0,
  "summary_bg_p05": 0.0,
  "summary_bg_p95": 29.781936779618263,
  "summary_bg_stdv": 16.966756664168454,
  "summary_csf_k": 2.192741028075968,
  "summary_csf_mad": 75.93799460664178,
  "summary_csf_mean": 334.67675914308865,
  "summary_csf_median": 327.00197767466307,
  "summary_csf_n": 87106.0,
  "summary_csf_p05": 171.08477924019098,
  "summary_csf_p95": 523.3852674532682,
  "summary_csf_stdv": 104.47349024752891,
  "summary_gm_k": 0.16109694448347467,
  "summary_gm_mad": 58.03002468140313,
  "summary_gm_mean": 765.0038582354453,
  "summary_gm_median": 764.2801051586866,
  "summary_gm_n": 71003.0,
  "summary_gm_p05": 669.5403527095914,
  "summary_gm_p95": 862.8417191542683,
  "summary_gm_stdv": 59.03697353931313,
  "summary_wm_k": 0.8361079331815411,
  "summary_wm_mad": 61.92603340559627,
  "summary_wm_mean": 1011.2882814459718,
  "summary_wm_median": 1000.0460876524448,
  "summary_wm_n": 569688.0,
  "summary_wm_p05": 917.7538939192891,
  "summary_wm_p95": 1144.4377687573433,
  "summary_wm_stdv": 69.18923612806276,
  "tpm_overlap_csf": 0.14672474380896192,
  "tpm_overlap_gm": 0.4306826318163926,
  "tpm_overlap_wm": 0.47783184442431825,
  "wm2max": 0.49463002514387155
}