{
  "aor": 0.0026497384615384615,
  "aqi": 0.02099162946153846,
  "bids_meta": {
    "AcquisitionMatrixPE": 90,
    "AcquisitionNumber": 1,
    "AcquisitionTime": "23:43:56.150000",
    "BandwidthPerPixelPhaseEncode": 18.832,
    "BaseResolution": 90,
    "BodyPartExamined": "HEAD",
    "ConsistencyInfo": "N4_VE11C_LATEST_20160120",
    "ConversionSoftware": "dcm2niix",
    "ConversionSoftwareVersion": "v1.0.20190902",
    "DerivedVendorReportedEchoSpacing": 0.000590012,
    "DeviceSerialNumber": "67064",
    "DwellTime": 2.5e-06,
    "EchoTime": 0.033,
    "EchoTrainLength": 90,
    "EffectiveEchoSpacing": 0.000590012,
    "FlipAngle": 63,
    "ImageComments": "Unaliased_MB4_PE3_LB",
    "ImageOrientationPatientDICOM": [
      0.998026,
      -0.0368946,
      0.0508205,
      0.0571963,
      0.868167,
      -0.492964
    ],
    "ImageType": [
      "ORIGINAL",
      "PRIMARY",
      "M",
      "MB",
      "ND",
      "MOSAIC"
    ],
    "ImagingFrequency": 123.247,
    "InPlanePhaseEncodingDirectionDICOM": "COL",
    "InstitutionAddress": "Scott_Ave_4525_St._Louis_MO_US_63110",
    "InstitutionName": "Washington_University",
    "InstitutionalDepartmentName": "Department",
    "MRAcquisitionType": "2D",
    "MagneticFieldStrength": 3,
    "Manufacturer": "Siemens",
    "ManufacturersModelName": "Prisma_fit",
    "Modality": "MR",
    "MultibandAccelerationFactor": 4,
    "PartialFourier": 1,
    "PatientPosition": "HFS",
    "PercentPhaseFOV": 100,
    "PhaseEncodingDirection": "j",
    "PhaseEncodingSteps": 90,
    "PhaseResolution": 1,
    "PixelBandwidth": 2220,
    "ProcedureStepDescription": "head_Braver",
    "ProtocolName": "tfMRI_CuedtsBas2_PA",
    "PulseSequenceDetails": "%CustomerSeq%_cmrr_mbep2d_bold",
    "ReceiveCoilActiveElements": "HEA;HEP",
    "ReceiveCoilName": "Head_32",
    "ReconMatrixPE": 90,
    "RepetitionTime": 1.2,
    "SAR": 0.092409,
    "ScanOptions": "FS_EXT",
    "ScanningSequence": "EP",
    "SequenceName": "epfid2d1_90",
    "SequenceVariant": "SK_SS",
    "SeriesDescription": "tfMRI_CuedtsBas2_PA",
    "SeriesNumber": 43,
    "ShimSetting": [
      -1997,
      -11523,
      5821,
      187,
      47,
      -35,
      92,
      -4
    ],
    "SliceThickness": 2.4,
    "SliceTiming": [
      0,
      0.6275,
      0.0775,
      0.7075,
      0.1575,
      0.785,
      0.235,
      0.865,
      0.315,
      0.9425,
      0.3925,
      1.0225,
      0.4725,
      1.1,
      0.55,
      0,
      0.6275,
      0.0775,
      0.7075,
      0.1575,
      0.785,
      0.235,
      0.865,
      0.315,
      0.9425,
      0.3925,
      1.0225,
      0.4725,
      1.1,
      0.55,
      0,
      0.6275,
      0.0775,
      0.7075,
      0.1575,
      0.785,
      0.235,
      0.865,
      0.315,
      0.9425,
      0.3925,
      1.0225,
      0.4725,
      1.1,
      0.55,
      0,
      0.6275,
      0.0775,
      0.7075,
      0.1575,
      0.785,
      0.235,
      0.865,
      0.315,
      0.9425,
      0.3925,
      1.0225,
      0.4725,
      1.1,
      0.55
    ],
    "SoftwareVersions": "syngo_MR_E11",
    "SpacingBetweenSlices": 2.4,
    "StationName": "MRC35177",
    "TaskName": "Cuedts",
    "TotalReadoutTime": 0.0525111,
    "TxRefAmp": 317.023,
    "VendorReportedEchoSpacing": 0.00059,
    "WipMemBlock": "0ab4d203-544f-4919-859a-6414429681a7||Sequence: ve11c/master r/b8bea8f; Mar  2 2017 16:56:44 by eja",
    "acq_id": "mb4PA",
    "dataset": "ds003465",
    "modality": "bold",
    "run_id": 2,
    "session_id": "wave1bas",
    "subject_id": "f2648qw",
    "task_id": "Cuedts"
  },
  "dummy_trs": 0,
  "dvars_nstd": 43.448229996795064,
  "dvars_std": 1.0840575382896764,
  "dvars_vstd": 0.9821765106163327,
  "efc": 0.5563403859780759,
  "fber": 421.8810729980469,
  "fd_mean": 0.3787247477458932,
  "fd_num": 496,
  "fd_perc": 76.3076923076923,
  "fwhm_avg": 3.0403124852742103,
  "fwhm_x": 2.7349498913228554,
  "fwhm_y": 3.1823165402127684,
  "fwhm_z": 3.2036710242870066,
  "gcor": 0.0230806,
  "gsr_x": 0.023826755583286285,
  "gsr_y": 0.08739196509122849,
  "provenance": {
    "md5sum": "4da570f9d11a0249bc7eb41b94594ce2",
    "settings": {
      "fd_thres": 0.2,
      "testing": false
    },
    "software": "mriqc",
    "version": "22.0.6",
    "webapi_port": null,
    "webapi_url": "https://mriqc.nimh.nih.gov/api/v1"
  },
  "size_t": 650,
  "size_x": 90,
  "size_y": 90,
  "size_z": 60,
  "snr": 2.5708151550062333,
  "spacing_tr": 1.2000000476837158,
  "spacing_x": 2.4000000953674316,
  "spacing_y": 2.4000000953674316,
  "spacing_z": 2.3999998569488525,
  "summary_bg_k": 33.79348216526556,
  "summary_bg_mad": 97.55751539637761,
  "summary_bg_mean": 434.6590576171875,
  "summary_bg_median": 176.53077697753906,
  "summary_bg_n": 319470.0,
  "summary_bg_p05": 105.66922760009766,
  "summary_bg_p95": 1729.8547302246084,
  "summary_bg_stdv": 675.8701171875,
  "summary_fg_k": 1.129772132933506,
  "summary_fg_mad": 1279.4216470428257,
  "summary_fg_mean": 3913.7685546875,
  "summary_fg_median": 3668.42919921875,
  "summary_fg_n": 87519.0,
  "summary_fg_p05": 2072.136669921875,
  "summary_fg_p95": 6674.386767578124,
  "summary_fg_stdv": 1426.943603515625,
  "tsnr": 30.49397513642907
}