{
  "aor": 0.003733129629629629,
  "aqi": 0.01977832562962963,
  "bids_meta": {
    "AcquisitionMatrixPE": 90,
    "AcquisitionNumber": 1,
    "AcquisitionTime": "22:59:15.547500",
    "BandwidthPerPixelPhaseEncode": 18.832,
    "BaseResolution": 90,
    "BodyPartExamined": "HEAD",
    "ConsistencyInfo": "N4_VE11C_LATEST_20160120",
    "ConversionSoftware": "dcm2niix",
    "ConversionSoftwareVersion": "v1.0.20190902",
    "DerivedVendorReportedEchoSpacing": 0.000590012,
    "DeviceSerialNumber": "67064",
    "DwellTime": 2.5e-06,
    "EchoTime": 0.033,
    "EchoTrainLength": 90,
    "EffectiveEchoSpacing": 0.000590012,
    "FlipAngle": 63,
    "ImageComments": "Unaliased_MB4_PE3_LB",
    "ImageOrientationPatientDICOM": [
      0.998026,
      -0.0368946,
      0.0508205,
      0.0571963,
      0.868167,
      -0.492964
    ],
    "ImageType": [
      "ORIGINAL",
      "PRIMARY",
      "M",
      "MB",
      "ND",
      "MOSAIC"
    ],
    "ImagingFrequency": 123.247,
    "InPlanePhaseEncodingDirectionDICOM": "COL",
    "InstitutionAddress": "Scott_Ave_4525_St._Louis_MO_US_63110",
    "InstitutionName": "Washington_University",
    "InstitutionalDepartmentName": "Department",
    "MRAcquisitionType": "2D",
    "MagneticFieldStrength": 3,
    "Manufacturer": "Siemens",
    "ManufacturersModelName": "Prisma_fit",
    "Modality": "MR",
    "MultibandAccelerationFactor": 4,
    "PartialFourier": 1,
    "PatientPosition": "HFS",
    "PercentPhaseFOV": 100,
    "PhaseEncodingDirection": "j-",
    "PhaseEncodingSteps": 90,
    "PhaseResolution": 1,
    "PixelBandwidth": 2220,
    "ProcedureStepDescription": "head_Braver",
    "ProtocolName": "tfMRI_StroopBas1_AP",
    "PulseSequenceDetails": "%CustomerSeq%_cmrr_mbep2d_bold",
    "ReceiveCoilActiveElements": "HEA;HEP",
    "ReceiveCoilName": "Head_32",
    "ReconMatrixPE": 90,
    "RepetitionTime": 1.2,
    "SAR": 0.092341,
    "ScanOptions": "FS_EXT",
    "ScanningSequence": "EP",
    "SequenceName": "epfid2d1_90",
    "SequenceVariant": "SK_SS",
    "SeriesDescription": "tfMRI_StroopBas1_AP",
    "SeriesNumber": 31,
    "ShimSetting": [
      -1997,
      -11523,
      5821,
      187,
      47,
      -35,
      92,
      -4
    ],
    "SliceThickness": 2.4,
    "SliceTiming": [
      0,
      0.63,
      0.0775,
      0.7075,
      0.1575,
      0.7875,
      0.235,
      0.865,
      0.315,
      0.9425,
      0.3925,
      1.0225,
      0.4725,
      1.1,
      0.55,
      0,
      0.63,
      0.0775,
      0.7075,
      0.1575,
      0.7875,
      0.235,
      0.865,
      0.315,
      0.9425,
      0.3925,
      1.0225,
      0.4725,
      1.1,
      0.55,
      0,
      0.63,
      0.0775,
      0.7075,
      0.1575,
      0.7875,
      0.235,
      0.865,
      0.315,
      0.9425,
      0.3925,
      1.0225,
      0.4725,
      1.1,
      0.55,
      0,
      0.63,
      0.0775,
      0.7075,
      0.1575,
      0.7875,
      0.235,
      0.865,
      0.315,
      0.9425,
      0.3925,
      1.0225,
      0.4725,
      1.1,
      0.55
    ],
    "SoftwareVersions": "syngo_MR_E11",
    "SpacingBetweenSlices": 2.4,
    "StationName": "MRC35177",
    "TaskName": "Stroop",
    "TotalReadoutTime": 0.0525111,
    "TxRefAmp": 317.023,
    "VendorReportedEchoSpacing": 0.00059,
    "WipMemBlock": "7aba1f12-e68a-4a9b-80f7-a23e5e634c5d||Sequence: ve11c/master r/b8bea8f; Mar  2 2017 16:56:44 by eja",
    "acq_id": "mb4AP",
    "dataset": "ds003465",
    "modality": "bold",
    "run_id": 1,
    "session_id": "wave1bas",
    "subject_id": "f2648qw",
    "task_id": "Stroop"
  },
  "dummy_trs": 0,
  "dvars_nstd": 61.39328315038963,
  "dvars_std": 1.1817460843784788,
  "dvars_vstd": 1.0140492223005568,
  "efc": 0.5692126758637991,
  "fber": 394.40850830078125,
  "fd_mean": 0.46914225176605456,
  "fd_num": 460,
  "fd_perc": 85.18518518518519,
  "fwhm_avg": 3.033249985227437,
  "fwhm_x": 2.739041557826934,
  "fwhm_y": 3.166924874157712,
  "fwhm_z": 3.1937835236976655,
  "gcor": 0.0210671,
  "gsr_x": -0.0031266675796359777,
  "gsr_y": 0.10215713083744049,
  "provenance": {
    "md5sum": "3a91890f93b1d23296da90b3d167104c",
    "settings": {
      "fd_thres": 0.2,
      "testing": false
    },
    "software": "mriqc",
    "version": "22.0.6",
    "webapi_port": null,
    "webapi_url": "https://mriqc.nimh.nih.gov/api/v1"
  },
  "size_t": 540,
  "size_x": 90,
  "size_y": 90,
  "size_z": 60,
  "snr": 2.585082762843268,
  "spacing_tr": 1.2000000476837158,
  "spacing_x": 2.4000000953674316,
  "spacing_y": 2.4000000953674316,
  "spacing_z": 2.3999998569488525,
  "summary_bg_k": 26.458264867193876,
  "summary_bg_mad": 92.33591575788472,
  "summary_bg_mean": 393.6953125,
  "summary_bg_median": 171.88519287109375,
  "summary_bg_n": 303808.0,
  "summary_bg_p05": 101.34814453125,
  "summary_bg_p95": 1469.3427429199196,
  "summary_bg_stdv": 577.0170288085938,
  "summary_fg_k": 1.24449145502032,
  "summary_fg_mad": 1192.7176504079637,
  "summary_fg_mean": 3821.031982421875,
  "summary_fg_median": 3569.501708984375,
  "summary_fg_n": 95581.0,
  "summary_fg_p05": 2026.031494140625,
  "summary_fg_p95": 6535.177734375,
  "summary_fg_stdv": 1380.80029296875,
  "tsnr": 28.80650237086229
}