{
  "aor": 0.0036204098360655738,
  "aqi": 0.01796458560655738,
  "bids_meta": {
    "AcquisitionMatrixPE": 90,
    "AcquisitionNumber": 1,
    "AcquisitionTime": "00:12:32.327500",
    "BandwidthPerPixelPhaseEncode": 18.832,
    "BaseResolution": 90,
    "BodyPartExamined": "HEAD",
    "ConsistencyInfo": "N4_VE11C_LATEST_20160120",
    "ConversionSoftware": "dcm2niix",
    "ConversionSoftwareVersion": "v1.0.20190902",
    "DerivedVendorReportedEchoSpacing": 0.000590012,
    "DeviceSerialNumber": "67064",
    "DwellTime": 2.5e-06,
    "EchoTime": 0.033,
    "EchoTrainLength": 90,
    "EffectiveEchoSpacing": 0.000590012,
    "FlipAngle": 63,
    "ImageComments": "Unaliased_MB4_PE3_LB",
    "ImageOrientationPatientDICOM": [
      0.998026,
      -0.0368946,
      0.0508205,
      0.0571963,
      0.868167,
      -0.492964
    ],
    "ImageType": [
      "ORIGINAL",
      "PRIMARY",
      "M",
      "MB",
      "ND",
      "MOSAIC"
    ],
    "ImagingFrequency": 123.247,
    "InPlanePhaseEncodingDirectionDICOM": "COL",
    "InstitutionAddress": "Scott_Ave_4525_St._Louis_MO_US_63110",
    "InstitutionName": "Washington_University",
    "InstitutionalDepartmentName": "Department",
    "MRAcquisitionType": "2D",
    "MagneticFieldStrength": 3,
    "Manufacturer": "Siemens",
    "ManufacturersModelName": "Prisma_fit",
    "Modality": "MR",
    "MultibandAccelerationFactor": 4,
    "PartialFourier": 1,
    "PatientPosition": "HFS",
    "PercentPhaseFOV": 100,
    "PhaseEncodingDirection": "j",
    "PhaseEncodingSteps": 90,
    "PhaseResolution": 1,
    "PixelBandwidth": 2220,
    "ProcedureStepDescription": "head_Braver",
    "ProtocolName": "tfMRI_AxcptBas2_PA",
    "PulseSequenceDetails": "%CustomerSeq%_cmrr_mbep2d_bold",
    "ReceiveCoilActiveElements": "HEA;HEP",
    "ReceiveCoilName": "Head_32",
    "ReconMatrixPE": 90,
    "RepetitionTime": 1.2,
    "SAR": 0.0923871,
    "ScanOptions": "FS_EXT",
    "ScanningSequence": "EP",
    "SequenceName": "epfid2d1_90",
    "SequenceVariant": "SK_SS",
    "SeriesDescription": "tfMRI_AxcptBas2_PA",
    "SeriesNumber": 49,
    "ShimSetting": [
      -1997,
      -11523,
      5821,
      187,
      47,
      -35,
      92,
      -4
    ],
    "SliceThickness": 2.4,
    "SliceTiming": [
      0,
      0.63,
      0.08,
      0.7075,
      0.1575,
      0.7875,
      0.2375,
      0.865,
      0.315,
      0.945,
      0.3925,
      1.0225,
      0.4725,
      1.1025,
      0.55,
      0,
      0.63,
      0.08,
      0.7075,
      0.1575,
      0.7875,
      0.2375,
      0.865,
      0.315,
      0.945,
      0.3925,
      1.0225,
      0.4725,
      1.1025,
      0.55,
      0,
      0.63,
      0.08,
      0.7075,
      0.1575,
      0.7875,
      0.2375,
      0.865,
      0.315,
      0.945,
      0.3925,
      1.0225,
      0.4725,
      1.1025,
      0.55,
      0,
      0.63,
      0.08,
      0.7075,
      0.1575,
      0.7875,
      0.2375,
      0.865,
      0.315,
      0.945,
      0.3925,
      1.0225,
      0.4725,
      1.1025,
      0.55
    ],
    "SoftwareVersions": "syngo_MR_E11",
    "SpacingBetweenSlices": 2.4,
    "StationName": "MRC35177",
    "TaskName": "Axcpt",
    "TotalReadoutTime": 0.0525111,
    "TxRefAmp": 317.023,
    "VendorReportedEchoSpacing": 0.00059,
    "WipMemBlock": "6d147468-705f-431d-8936-daa0b9e0285f||Sequence: ve11c/master r/b8bea8f; Mar  2 2017 16:56:44 by eja",
    "acq_id": "mb4PA",
    "dataset": "ds003465",
    "modality": "bold",
    "run_id": 2,
    "session_id": "wave1bas",
    "subject_id": "f2648qw",
    "task_id": "Axcpt"
  },
  "dummy_trs": 0,
  "dvars_nstd": 44.42843179128082,
  "dvars_std": 1.1347632183415426,
  "dvars_vstd": 1.0102534821346463,
  "efc": 0.5502871831542445,
  "fber": 461.6470947265625,
  "fd_mean": 0.3606087830362258,
  "fd_num": 435,
  "fd_perc": 71.31147540983606,
  "fwhm_avg": 2.995794429326285,
  "fwhm_x": 2.70226239262174,
  "fwhm_y": 3.146720708293887,
  "fwhm_z": 3.1384001870632283,
  "gcor": 0.0162382,
  "gsr_x": 0.0325026735663414,
  "gsr_y": 0.09015514701604843,
  "provenance": {
    "md5sum": "7f70f319a4c70f592df32b184ff65ff1",
    "settings": {
      "fd_thres": 0.2,
      "testing": false
    },
    "software": "mriqc",
    "version": "22.0.6",
    "webapi_port": null,
    "webapi_url": "https://mriqc.nimh.nih.gov/api/v1"
  },
  "size_t": 610,
  "size_x": 90,
  "size_y": 90,
  "size_z": 60,
  "snr": 2.5388537828422706,
  "spacing_tr": 1.2000000476837158,
  "spacing_x": 2.4000000953674316,
  "spacing_y": 2.4000000953674316,
  "spacing_z": 2.3999998569488525,
  "summary_bg_k": 25.291288596940447,
  "summary_bg_mad": 82.38407618450289,
  "summary_bg_mean": 405.8467712402344,
  "summary_bg_median": 163.41311645507812,
  "summary_bg_n": 321558.0,
  "summary_bg_p05": 102.82623291015625,
  "summary_bg_p95": 1652.228411865234,
  "summary_bg_stdv": 637.819091796875,
  "summary_fg_k": 1.224857169456251,
  "summary_fg_mad": 1237.8416407079862,
  "summary_fg_mean": 3858.243896484375,
  "summary_fg_median": 3597.61962890625,
  "summary_fg_n": 86732.0,
  "summary_fg_p05": 2063.0039184570314,
  "summary_fg_p95": 6626.504296874999,
  "summary_fg_stdv": 1417.0169677734375,
  "tsnr": 33.849671493982896
}