{
  "aor": 0.0005523706176961603,
  "aqi": 0.00464961080133556,
  "bids_meta": {
    "AcquisitionMatrixPE": 90,
    "AcquisitionNumber": 1,
    "AcquisitionTime": "14:08:4.510000",
    "BandwidthPerPixelPhaseEncode": 18.832,
    "BaseResolution": 90,
    "BodyPartExamined": "HEAD",
    "ConsistencyInfo": "N4_VE11C_LATEST_20160120",
    "ConversionSoftware": "dcm2niix",
    "ConversionSoftwareVersion": "v1.0.20190902",
    "DerivedVendorReportedEchoSpacing": 0.000590012,
    "DeviceSerialNumber": "67064",
    "DwellTime": 2.5e-06,
    "EchoTime": 0.033,
    "EchoTrainLength": 90,
    "EffectiveEchoSpacing": 0.000590012,
    "FlipAngle": 63,
    "ImageComments": "Unaliased_MB4_PE3_LB",
    "ImageOrientationPatientDICOM": [
      0.998762,
      0.000870201,
      -0.0497463,
      -0.0214443,
      0.90974,
      -0.414625
    ],
    "ImageType": [
      "ORIGINAL",
      "PRIMARY",
      "M",
      "MB",
      "ND",
      "MOSAIC"
    ],
    "ImagingFrequency": 123.247,
    "InPlanePhaseEncodingDirectionDICOM": "COL",
    "InstitutionAddress": "Scott_Ave_4525_St._Louis_MO_US_63110",
    "InstitutionName": "Washington_University",
    "InstitutionalDepartmentName": "Department",
    "MRAcquisitionType": "2D",
    "MagneticFieldStrength": 3,
    "Manufacturer": "Siemens",
    "ManufacturersModelName": "Prisma_fit",
    "Modality": "MR",
    "MultibandAccelerationFactor": 4,
    "PartialFourier": 1,
    "PatientPosition": "HFS",
    "PercentPhaseFOV": 100,
    "PhaseEncodingDirection": "j",
    "PhaseEncodingSteps": 90,
    "PhaseResolution": 1,
    "PixelBandwidth": 2220,
    "ProcedureStepDescription": "head_Braver",
    "ProtocolName": "tfMRI_SternBas2_PA",
    "PulseSequenceDetails": "%CustomerSeq%_cmrr_mbep2d_bold",
    "ReceiveCoilActiveElements": "HEA;HEP",
    "ReceiveCoilName": "Head_32",
    "ReconMatrixPE": 90,
    "RepetitionTime": 1.2,
    "SAR": 0.0882394,
    "ScanOptions": "FS_EXT",
    "ScanningSequence": "EP",
    "SequenceName": "epfid2d1_90",
    "SequenceVariant": "SK_SS",
    "SeriesDescription": "tfMRI_SternBas2_PA",
    "SeriesNumber": 22,
    "ShimSetting": [
      -2016,
      -11547,
      5808,
      598,
      34,
      41,
      -18,
      35
    ],
    "SliceThickness": 2.4,
    "SliceTiming": [
      0,
      0.63,
      0.08,
      0.7075,
      0.1575,
      0.7875,
      0.2375,
      0.865,
      0.315,
      0.945,
      0.3925,
      1.0225,
      0.4725,
      1.1025,
      0.55,
      0,
      0.63,
      0.08,
      0.7075,
      0.1575,
      0.7875,
      0.2375,
      0.865,
      0.315,
      0.945,
      0.3925,
      1.0225,
      0.4725,
      1.1025,
      0.55,
      0,
      0.63,
      0.08,
      0.7075,
      0.1575,
      0.7875,
      0.2375,
      0.865,
      0.315,
      0.945,
      0.3925,
      1.0225,
      0.4725,
      1.1025,
      0.55,
      0,
      0.63,
      0.08,
      0.7075,
      0.1575,
      0.7875,
      0.2375,
      0.865,
      0.315,
      0.945,
      0.3925,
      1.0225,
      0.4725,
      1.1025,
      0.55
    ],
    "SoftwareVersions": "syngo_MR_E11",
    "SpacingBetweenSlices": 2.4,
    "StationName": "MRC35177",
    "TaskName": "Stern",
    "TotalReadoutTime": 0.0525111,
    "TxRefAmp": 222.003,
    "VendorReportedEchoSpacing": 0.00059,
    "WipMemBlock": "f485a45e-ccdd-445f-9a0b-00e69dc4c961||Sequence: R016 ve11c/master r/e634e98; Dec 19 2017 11:00:25 by eja",
    "acq_id": "mb4PA",
    "dataset": "ds003465",
    "modality": "bold",
    "run_id": 2,
    "session_id": "wave1bas",
    "subject_id": "f1550bc",
    "task_id": "Stern"
  },
  "dummy_trs": 1,
  "dvars_nstd": 33.102891475484924,
  "dvars_std": 1.198468069983278,
  "dvars_vstd": 1.0002670633779263,
  "efc": 0.4698651658593675,
  "fber": 1154.3673095703125,
  "fd_mean": 0.17256047197648738,
  "fd_num": 185,
  "fd_perc": 30.884808013355592,
  "fwhm_avg": 2.954948596742232,
  "fwhm_x": 2.8045582218902023,
  "fwhm_y": 2.9482748828460816,
  "fwhm_z": 3.1120126854904107,
  "gcor": 0.0203694,
  "gsr_x": -0.017629623413085938,
  "gsr_y": 0.059989083558321,
  "provenance": {
    "md5sum": "abfc0ab5dd1a27bfacb6f28ed5548dcb",
    "settings": {
      "fd_thres": 0.2,
      "testing": false
    },
    "software": "mriqc",
    "version": "22.0.6",
    "webapi_port": null,
    "webapi_url": "https://mriqc.nimh.nih.gov/api/v1"
  },
  "size_t": 599,
  "size_x": 90,
  "size_y": 90,
  "size_z": 60,
  "snr": 2.4712972589852003,
  "spacing_tr": 1.2000000476837158,
  "spacing_x": 2.4000000953674316,
  "spacing_y": 2.4000000953674316,
  "spacing_z": 2.3999998569488525,
  "summary_bg_k": 109.46686801944672,
  "summary_bg_mad": 40.782702695803074,
  "summary_bg_mean": 316.0045166015625,
  "summary_bg_median": 131.26210021972656,
  "summary_bg_n": 348193.0,
  "summary_bg_p05": 100.59599304199219,
  "summary_bg_p95": 1292.0035888671873,
  "summary_bg_stdv": 565.07421875,
  "summary_fg_k": 3.731051890378664,
  "summary_fg_mad": 1584.5054216241722,
  "summary_fg_mean": 4808.93310546875,
  "summary_fg_median": 4461.9462890625,
  "summary_fg_n": 70249.0,
  "summary_fg_p05": 2650.884716796875,
  "summary_fg_p95": 8065.48994140625,
  "summary_fg_stdv": 1805.494873046875,
  "tsnr": 53.60977419978008
}