{
  "aor": 0.0008600556586270872,
  "aqi": 0.008019790742115028,
  "bids_meta": {
    "AcquisitionMatrixPE": 90,
    "AcquisitionNumber": 1,
    "AcquisitionTime": "15:41:27.145000",
    "BandwidthPerPixelPhaseEncode": 18.832,
    "BaseResolution": 90,
    "BodyPartExamined": "HEAD",
    "ConsistencyInfo": "N4_VE11C_LATEST_20160120",
    "ConversionSoftware": "dcm2niix",
    "ConversionSoftwareVersion": "v1.0.20190902",
    "DerivedVendorReportedEchoSpacing": 0.000590012,
    "DeviceSerialNumber": "67064",
    "DwellTime": 2.5e-06,
    "EchoTime": 0.033,
    "EchoTrainLength": 90,
    "EffectiveEchoSpacing": 0.000590012,
    "FlipAngle": 63,
    "ImageComments": "Unaliased_MB4_PE3_LB",
    "ImageOrientationPatientDICOM": [
      0.999866,
      0.0112821,
      -0.0118457,
      -0.015009,
      0.920705,
      -0.389971
    ],
    "ImageType": [
      "ORIGINAL",
      "PRIMARY",
      "M",
      "MB",
      "ND",
      "MOSAIC"
    ],
    "ImagingFrequency": 123.247,
    "InPlanePhaseEncodingDirectionDICOM": "COL",
    "InstitutionAddress": "Scott_Ave_4525_St._Louis_MO_US_63110",
    "InstitutionName": "Washington_University",
    "InstitutionalDepartmentName": "Department",
    "MRAcquisitionType": "2D",
    "MagneticFieldStrength": 3,
    "Manufacturer": "Siemens",
    "ManufacturersModelName": "Prisma_fit",
    "Modality": "MR",
    "MultibandAccelerationFactor": 4,
    "PartialFourier": 1,
    "PatientPosition": "HFS",
    "PercentPhaseFOV": 100,
    "PhaseEncodingDirection": "j-",
    "PhaseEncodingSteps": 90,
    "PhaseResolution": 1,
    "PixelBandwidth": 2220,
    "ProcedureStepDescription": "head_Braver",
    "ProtocolName": "tfMRI_StroopBas1_AP",
    "PulseSequenceDetails": "%CustomerSeq%_cmrr_mbep2d_bold",
    "ReceiveCoilActiveElements": "HEA;HEP",
    "ReceiveCoilName": "Head_32",
    "ReconMatrixPE": 90,
    "RepetitionTime": 1.2,
    "SAR": 0.0798891,
    "ScanOptions": "FS_EXT",
    "ScanningSequence": "EP",
    "SequenceName": "epfid2d1_90",
    "SequenceVariant": "SK_SS",
    "SeriesDescription": "tfMRI_StroopBas1_AP",
    "SeriesNumber": 56,
    "ShimSetting": [
      -2010,
      -11544,
      5799,
      609,
      0,
      29,
      -6,
      -5
    ],
    "SliceThickness": 2.4,
    "SliceTiming": [
      0,
      0.63,
      0.08,
      0.71,
      0.1575,
      0.7875,
      0.2375,
      0.865,
      0.315,
      0.945,
      0.395,
      1.0225,
      0.4725,
      1.1025,
      0.5525,
      0,
      0.63,
      0.08,
      0.71,
      0.1575,
      0.7875,
      0.2375,
      0.865,
      0.315,
      0.945,
      0.395,
      1.0225,
      0.4725,
      1.1025,
      0.5525,
      0,
      0.63,
      0.08,
      0.71,
      0.1575,
      0.7875,
      0.2375,
      0.865,
      0.315,
      0.945,
      0.395,
      1.0225,
      0.4725,
      1.1025,
      0.5525,
      0,
      0.63,
      0.08,
      0.71,
      0.1575,
      0.7875,
      0.2375,
      0.865,
      0.315,
      0.945,
      0.395,
      1.0225,
      0.4725,
      1.1025,
      0.5525
    ],
    "SoftwareVersions": "syngo_MR_E11",
    "SpacingBetweenSlices": 2.4,
    "StationName": "MRC35177",
    "TaskName": "Stroop",
    "TotalReadoutTime": 0.0525111,
    "TxRefAmp": 218.885,
    "VendorReportedEchoSpacing": 0.00059,
    "WipMemBlock": "cb2a19cb-b6e6-4ef6-b217-2cd6217d5dab||Sequence: R016 ve11c/master r/e634e98; Dec 19 2017 11:00:25 by eja",
    "acq_id": "mb4AP",
    "dataset": "ds003465",
    "modality": "bold",
    "run_id": 1,
    "session_id": "wave1bas",
    "subject_id": "f1550bc",
    "task_id": "Stroop"
  },
  "dummy_trs": 1,
  "dvars_nstd": 32.96272951429366,
  "dvars_std": 1.0912721116356874,
  "dvars_vstd": 0.9667412510966551,
  "efc": 0.47779590302849273,
  "fber": 1093.0357666015625,
  "fd_mean": 0.16833382542085468,
  "fd_num": 136,
  "fd_perc": 25.23191094619666,
  "fwhm_avg": 2.8797040522375084,
  "fwhm_x": 2.726612391654158,
  "fwhm_y": 2.9485082161701435,
  "fwhm_z": 2.9639915488882242,
  "gcor": 0.0126826,
  "gsr_x": -0.021464422345161438,
  "gsr_y": 0.06762727349996567,
  "provenance": {
    "md5sum": "44ab09b01f9b6d0bb4671a5ab607611f",
    "settings": {
      "fd_thres": 0.2,
      "testing": false
    },
    "software": "mriqc",
    "version": "22.0.6",
    "webapi_port": null,
    "webapi_url": "https://mriqc.nimh.nih.gov/api/v1"
  },
  "size_t": 539,
  "size_x": 90,
  "size_y": 90,
  "size_z": 60,
  "snr": 2.6200379921921133,
  "spacing_tr": 1.2000000476837158,
  "spacing_x": 2.4000000953674316,
  "spacing_y": 2.4000000953674316,
  "spacing_z": 2.4000000953674316,
  "summary_bg_k": 69.46490791566384,
  "summary_bg_mad": 39.989007379731746,
  "summary_bg_mean": 296.2934265136719,
  "summary_bg_median": 129.59555053710938,
  "summary_bg_n": 343431.0,
  "summary_bg_p05": 96.06307983398438,
  "summary_bg_p95": 1098.1475219726562,
  "summary_bg_stdv": 521.103759765625,
  "summary_fg_k": 3.2216653389828815,
  "summary_fg_mad": 1449.0205181332424,
  "summary_fg_mean": 4678.81396484375,
  "summary_fg_median": 4349.1591796875,
  "summary_fg_n": 72970.0,
  "summary_fg_p05": 2670.0777221679687,
  "summary_fg_p95": 7814.14501953125,
  "summary_fg_stdv": 1659.948974609375,
  "tsnr": 40.23867206770228
}