{
  "aor": 0.0009754440789473686,
  "aqi": 0.004639936019736842,
  "bids_meta": {
    "AcquisitionMatrixPE": 90,
    "AcquisitionNumber": 1,
    "AcquisitionTime": "14:34:59.610000",
    "BandwidthPerPixelPhaseEncode": 18.832,
    "BaseResolution": 90,
    "BodyPartExamined": "HEAD",
    "ConsistencyInfo": "N4_VE11C_LATEST_20160120",
    "ConversionSoftware": "dcm2niix",
    "ConversionSoftwareVersion": "v1.0.20190902",
    "DerivedVendorReportedEchoSpacing": 0.000590012,
    "DeviceSerialNumber": "67064",
    "DwellTime": 2.5e-06,
    "EchoTime": 0.033,
    "EchoTrainLength": 90,
    "EffectiveEchoSpacing": 0.000590012,
    "FlipAngle": 63,
    "ImageComments": "Unaliased_MB4_PE3_LB",
    "ImageOrientationPatientDICOM": [
      0.998762,
      0.000870201,
      -0.0497463,
      -0.0214443,
      0.90974,
      -0.414625
    ],
    "ImageType": [
      "ORIGINAL",
      "PRIMARY",
      "M",
      "MB",
      "ND",
      "MOSAIC"
    ],
    "ImagingFrequency": 123.247,
    "InPlanePhaseEncodingDirectionDICOM": "COL",
    "InstitutionAddress": "Scott_Ave_4525_St._Louis_MO_US_63110",
    "InstitutionName": "Washington_University",
    "InstitutionalDepartmentName": "Department",
    "MRAcquisitionType": "2D",
    "MagneticFieldStrength": 3,
    "Manufacturer": "Siemens",
    "ManufacturersModelName": "Prisma_fit",
    "Modality": "MR",
    "MultibandAccelerationFactor": 4,
    "PartialFourier": 1,
    "PatientPosition": "HFS",
    "PercentPhaseFOV": 100,
    "PhaseEncodingDirection": "j",
    "PhaseEncodingSteps": 90,
    "PhaseResolution": 1,
    "PixelBandwidth": 2220,
    "ProcedureStepDescription": "head_Braver",
    "ProtocolName": "tfMRI_AxcptBas2_PA",
    "PulseSequenceDetails": "%CustomerSeq%_cmrr_mbep2d_bold",
    "ReceiveCoilActiveElements": "HEA;HEP",
    "ReceiveCoilName": "Head_32",
    "ReconMatrixPE": 90,
    "RepetitionTime": 1.2,
    "SAR": 0.0882451,
    "ScanOptions": "FS_EXT",
    "ScanningSequence": "EP",
    "SequenceName": "epfid2d1_90",
    "SequenceVariant": "SK_SS",
    "SeriesDescription": "tfMRI_AxcptBas2_PA",
    "SeriesNumber": 28,
    "ShimSetting": [
      -2016,
      -11547,
      5808,
      598,
      34,
      41,
      -18,
      35
    ],
    "SliceThickness": 2.4,
    "SliceTiming": [
      0,
      0.63,
      0.0775,
      0.7075,
      0.1575,
      0.7875,
      0.235,
      0.865,
      0.315,
      0.9425,
      0.3925,
      1.0225,
      0.4725,
      1.1,
      0.55,
      0,
      0.63,
      0.0775,
      0.7075,
      0.1575,
      0.7875,
      0.235,
      0.865,
      0.315,
      0.9425,
      0.3925,
      1.0225,
      0.4725,
      1.1,
      0.55,
      0,
      0.63,
      0.0775,
      0.7075,
      0.1575,
      0.7875,
      0.235,
      0.865,
      0.315,
      0.9425,
      0.3925,
      1.0225,
      0.4725,
      1.1,
      0.55,
      0,
      0.63,
      0.0775,
      0.7075,
      0.1575,
      0.7875,
      0.235,
      0.865,
      0.315,
      0.9425,
      0.3925,
      1.0225,
      0.4725,
      1.1,
      0.55
    ],
    "SoftwareVersions": "syngo_MR_E11",
    "SpacingBetweenSlices": 2.4,
    "StationName": "MRC35177",
    "TaskName": "Axcpt",
    "TotalReadoutTime": 0.0525111,
    "TxRefAmp": 222.003,
    "VendorReportedEchoSpacing": 0.00059,
    "WipMemBlock": "6f6d63f6-4248-40a8-85f7-b450b586c9d0||Sequence: R016 ve11c/master r/e634e98; Dec 19 2017 11:00:25 by eja",
    "acq_id": "mb4PA",
    "dataset": "ds003465",
    "modality": "bold",
    "run_id": 2,
    "session_id": "wave1bas",
    "subject_id": "f1550bc",
    "task_id": "Axcpt"
  },
  "dummy_trs": 2,
  "dvars_nstd": 35.028841615799,
  "dvars_std": 1.1834125132784175,
  "dvars_vstd": 0.9981040879242177,
  "efc": 0.4700963539915715,
  "fber": 1155.7313232421875,
  "fd_mean": 0.20397161504447117,
  "fd_num": 241,
  "fd_perc": 39.63815789473684,
  "fwhm_avg": 2.9307485969575535,
  "fwhm_x": 2.7794373895550812,
  "fwhm_y": 2.923333217170508,
  "fwhm_z": 3.089475184147071,
  "gcor": 0.0127901,
  "gsr_x": -0.017852408811450005,
  "gsr_y": 0.05838419124484062,
  "provenance": {
    "md5sum": "12d1cc1df2ff82a8fd7b85cff11d4517",
    "settings": {
      "fd_thres": 0.2,
      "testing": false
    },
    "software": "mriqc",
    "version": "22.0.6",
    "webapi_port": null,
    "webapi_url": "https://mriqc.nimh.nih.gov/api/v1"
  },
  "size_t": 608,
  "size_x": 90,
  "size_y": 90,
  "size_z": 60,
  "snr": 2.487148227551679,
  "spacing_tr": 1.2000000476837158,
  "spacing_x": 2.4000000953674316,
  "spacing_y": 2.4000000953674316,
  "spacing_z": 2.3999998569488525,
  "summary_bg_k": 96.69531134766814,
  "summary_bg_mad": 39.979053385344805,
  "summary_bg_mean": 315.111572265625,
  "summary_bg_median": 130.84375,
  "summary_bg_n": 348392.0,
  "summary_bg_p05": 100.53453826904297,
  "summary_bg_p95": 1292.8936828613287,
  "summary_bg_stdv": 560.9000854492188,
  "summary_fg_k": 3.6504617371874195,
  "summary_fg_mad": 1580.3200384570382,
  "summary_fg_mean": 4797.94287109375,
  "summary_fg_median": 4458.11328125,
  "summary_fg_n": 69989.0,
  "summary_fg_p05": 2644.655615234375,
  "summary_fg_p95": 8033.486035156249,
  "summary_fg_stdv": 1792.447021484375,
  "tsnr": 50.323728792602196
}