{
  "bids_meta": {
    "AcquisitionMatrixPE": 300,
    "AcquisitionNumber": 1,
    "AcquisitionTime": "16:08:41.885000",
    "BaseResolution": 320,
    "BodyPartExamined": "HEAD",
    "ConsistencyInfo": "N4_VE11C_LATEST_20160120",
    "ConversionSoftware": "dcm2niix",
    "ConversionSoftwareVersion": "v1.0.20190902",
    "DeviceSerialNumber": "67064",
    "DwellTime": 2.1e-06,
    "EchoTime": 0.563,
    "EchoTrainLength": 314,
    "FlipAngle": 120,
    "ImageOrientationPatientDICOM": [
      -0.00679381,
      0.999967,
      -0.00453111,
      0.0546886,
      -0.00415289,
      -0.998495
    ],
    "ImageType": [
      "ORIGINAL",
      "PRIMARY",
      "M",
      "ND"
    ],
    "ImagingFrequency": 123.247,
    "InPlanePhaseEncodingDirectionDICOM": "ROW",
    "InstitutionAddress": "Scott_Ave_4525_St._Louis_MO_US_63110",
    "InstitutionName": "Washington_University",
    "InstitutionalDepartmentName": "Department",
    "MRAcquisitionType": "3D",
    "MagneticFieldStrength": 3,
    "Manufacturer": "Siemens",
    "ManufacturersModelName": "Prisma_fit",
    "Modality": "MR",
    "ParallelReductionFactorInPlane": 2,
    "PartialFourier": 1,
    "PatientPosition": "HFS",
    "PercentPhaseFOV": 93.75,
    "PhaseEncodingSteps": 297,
    "PhaseResolution": 1,
    "PixelBandwidth": 745,
    "ProcedureStepDescription": "head_Braver",
    "ProtocolName": "T2w_SPC",
    "PulseSequenceDetails": "%SiemensSeq%_tse_vfl",
    "ReceiveCoilActiveElements": "HEA;HEP",
    "ReceiveCoilName": "Head_32",
    "ReconMatrixPE": 300,
    "RefLinesPE": 32,
    "RepetitionTime": 3.2,
    "SAR": 0.149172,
    "ScanOptions": "PFP",
    "ScanningSequence": "SE",
    "SequenceName": "_spc_314ns",
    "SequenceVariant": "SK_SP",
    "SeriesDescription": "T2w_SPC",
    "SeriesNumber": 13,
    "ShimSetting": [
      -1973,
      -11509,
      5832,
      586,
      120,
      54,
      102,
      -24
    ],
    "SliceThickness": 0.8,
    "SoftwareVersions": "syngo_MR_E11",
    "StationName": "MRC35177",
    "TxRefAmp": 250.961,
    "dataset": "ds003465",
    "modality": "T2w",
    "session_id": "wave1bas",
    "subject_id": "f5004cr"
  },
  "cjv": 0.37774417572408114,
  "cnr": 1.4647357204603795,
  "efc": 0.536246299492129,
  "fber": 6166.823663870299,
  "fwhm_avg": 3.740870869032236,
  "fwhm_x": 3.681950219461335,
  "fwhm_y": 3.94459994122088,
  "fwhm_z": 3.596062446414494,
  "icvs_csf": 0.3254738794198512,
  "icvs_gm": 0.539574306936085,
  "icvs_wm": 0.13495181364406386,
  "inu_med": 0.9066803455352783,
  "inu_range": 0.7600184738636018,
  "provenance": {
    "md5sum": "64d1484a68b53b752d7502bcc60e8e7e",
    "settings": {
      "testing": false
    },
    "software": "mriqc",
    "version": "22.0.6",
    "warnings": {
      "large_rot_frame": true,
      "small_air_mask": false
    },
    "webapi_port": null,
    "webapi_url": "https://mriqc.nimh.nih.gov/api/v1"
  },
  "qi_1": 0.0,
  "qi_2": 0.001387114560286706,
  "rpve_csf": 11.78201024366262,
  "rpve_gm": 8.870769794406389,
  "rpve_wm": 37.64948597724774,
  "size_x": 208,
  "size_y": 300,
  "size_z": 320,
  "snr_csf": 4.166823913138714,
  "snr_gm": 7.090402240485457,
  "snr_total": 4.458567109725359,
  "snr_wm": 2.1184751755519047,
  "snrd_csf": 55.60427593702216,
  "snrd_gm": 28.79905227912089,
  "snrd_total": 59.542625679598416,
  "snrd_wm": 94.22454882265218,
  "spacing_x": 0.7999999523162842,
  "spacing_y": 0.800000011920929,
  "spacing_z": 0.800000011920929,
  "summary_bg_k": 11.517462921590093,
  "summary_bg_mad": 0.0,
  "summary_bg_mean": 4.614854140208445,
  "summary_bg_median": 0.0,
  "summary_bg_n": 6856703.0,
  "summary_bg_p05": 0.0,
  "summary_bg_p95": 17.69343912601471,
  "summary_bg_stdv": 6.9546953572340104,
  "summary_csf_k": 1.001021928532154,
  "summary_csf_mad": 105.4867654620439,
  "summary_csf_mean": 625.1023574152665,
  "summary_csf_median": 590.2752460427582,
  "summary_csf_n": 82134.0,
  "summary_csf_p05": 463.8113898895681,
  "summary_csf_p95": 984.2860185801983,
  "summary_csf_stdv": 141.65985051669097,
  "summary_gm_k": 1.372388185214998,
  "summary_gm_mad": 36.62689369633293,
  "summary_gm_mean": 309.07047410689734,
  "summary_gm_median": 305.72051129862666,
  "summary_gm_n": 639860.0,
  "summary_gm_p05": 244.6781463138759,
  "summary_gm_p95": 387.1766816750169,
  "summary_gm_stdv": 43.11747938029445,
  "summary_wm_k": -1.6398109538984025,
  "summary_wm_mad": 225.72921773102587,
  "summary_wm_mean": 696.3321690934856,
  "summary_wm_median": 1000.2543473914266,
  "summary_wm_n": 71529.0,
  "summary_wm_p05": 23.541120757162574,
  "summary_wm_p95": 1168.8064718656242,
  "summary_wm_stdv": 472.15439055435445,
  "tpm_overlap_csf": 0.12748726288381929,
  "tpm_overlap_gm": 0.36026390621656673,
  "tpm_overlap_wm": 0.028433339921058016,
  "wm2max": 0.8628445973209353
}