{
  "bids_meta": {
    "AcquisitionMatrixPE": 300,
    "AcquisitionNumber": 1,
    "AcquisitionTime": "13:33:20.687500",
    "BaseResolution": 320,
    "BodyPartExamined": "HEAD",
    "ConsistencyInfo": "N4_VE11C_LATEST_20160120",
    "ConversionSoftware": "dcm2niix",
    "ConversionSoftwareVersion": "v1.0.20190902",
    "DeviceSerialNumber": "67064",
    "DwellTime": 7.1e-06,
    "EchoTime": 0.00222,
    "FlipAngle": 8,
    "ImageOrientationPatientDICOM": [
      -0.00950293,
      0.982312,
      -0.18701,
      -0.0158463,
      -0.187143,
      -0.982205
    ],
    "ImageType": [
      "ORIGINAL",
      "PRIMARY",
      "M",
      "ND"
    ],
    "ImagingFrequency": 123.247,
    "InPlanePhaseEncodingDirectionDICOM": "ROW",
    "InstitutionAddress": "Scott_Ave_4525_St._Louis_MO_US_63110",
    "InstitutionName": "Washington_University",
    "InstitutionalDepartmentName": "Department",
    "InversionTime": 1,
    "MRAcquisitionType": "3D",
    "MagneticFieldStrength": 3,
    "Manufacturer": "Siemens",
    "ManufacturersModelName": "Prisma_fit",
    "Modality": "MR",
    "ParallelReductionFactorInPlane": 2,
    "PartialFourier": 1,
    "PatientPosition": "HFS",
    "PercentPhaseFOV": 93.75,
    "PhaseEncodingSteps": 299,
    "PhaseResolution": 1,
    "PixelBandwidth": 220,
    "ProcedureStepDescription": "head_Braver",
    "ProtocolName": "T1w_MPR",
    "PulseSequenceDetails": "%SiemensSeq%_tfl",
    "ReceiveCoilActiveElements": "HEA;HEP",
    "ReceiveCoilName": "Head_32",
    "ReconMatrixPE": 300,
    "RefLinesPE": 32,
    "RepetitionTime": 2.4,
    "SAR": 0.0405465,
    "ScanOptions": "IR_WE",
    "ScanningSequence": "GR_IR",
    "SequenceName": "_tfl3d1_16ns",
    "SequenceVariant": "SK_SP_MP",
    "SeriesDescription": "T1w_MPR",
    "SeriesNumber": 11,
    "ShimSetting": [
      -1975,
      -11491,
      5761,
      608,
      41,
      95,
      -189,
      -16
    ],
    "SliceThickness": 0.8,
    "SoftwareVersions": "syngo_MR_E11",
    "StationName": "MRC35177",
    "TxRefAmp": 234.181,
    "dataset": "ds003465",
    "modality": "T1w",
    "session_id": "wave1rea",
    "subject_id": "f1342ku"
  },
  "cjv": 0.528013894622677,
  "cnr": 2.5503090220210463,
  "efc": 0.5488628336240018,
  "fber": 12521.436512228833,
  "fwhm_avg": 4.716512544796746,
  "fwhm_x": 4.6336627761878235,
  "fwhm_y": 4.694649930044265,
  "fwhm_z": 4.82122492815815,
  "icvs_csf": 0.17804203789682174,
  "icvs_gm": 0.4115340298048061,
  "icvs_wm": 0.4104239322983722,
  "inu_med": 0.9976845383644104,
  "inu_range": 0.8194063007831573,
  "provenance": {
    "md5sum": "f4bc709aadc79bf3f77d4769a8492024",
    "settings": {
      "testing": false
    },
    "software": "mriqc",
    "version": "22.0.6",
    "warnings": {
      "large_rot_frame": true,
      "small_air_mask": false
    },
    "webapi_port": null,
    "webapi_url": "https://mriqc.nimh.nih.gov/api/v1"
  },
  "qi_1": 9.664162129498125e-05,
  "qi_2": 0.0010125444045632971,
  "rpve_csf": 26.26495767208369,
  "rpve_gm": 11.354651364417183,
  "rpve_wm": 12.73693254918745,
  "size_x": 208,
  "size_y": 300,
  "size_z": 320,
  "snr_csf": 3.117410250728776,
  "snr_gm": 13.720182604238467,
  "snr_total": 10.106400918665953,
  "snr_wm": 13.481609901030618,
  "snrd_csf": 11.72510989903013,
  "snrd_gm": 27.307823367274217,
  "snrd_total": 24.99698837895281,
  "snrd_wm": 35.95803187055409,
  "spacing_x": 0.7999999523162842,
  "spacing_y": 0.800000011920929,
  "spacing_z": 0.800000011920929,
  "summary_bg_k": 473.38666528227105,
  "summary_bg_mad": 0.0,
  "summary_bg_mean": 9.711150255797264,
  "summary_bg_median": 0.0,
  "summary_bg_n": 6924294.0,
  "summary_bg_p05": 0.0,
  "summary_bg_p95": 36.03217148780823,
  "summary_bg_stdv": 18.22142703928607,
  "summary_csf_k": 4.165471372838701,
  "summary_csf_mad": 78.22415974290534,
  "summary_csf_mean": 330.29606450539114,
  "summary_csf_median": 326.11259968578815,
  "summary_csf_n": 89643.0,
  "summary_csf_p05": 161.71581727266312,
  "summary_csf_p95": 504.0214464068413,
  "summary_csf_stdv": 104.60951703505752,
  "summary_gm_k": 0.30183809040966736,
  "summary_gm_mad": 53.739361774597576,
  "summary_gm_mean": 760.4903084052139,
  "summary_gm_median": 759.5174242928624,
  "summary_gm_n": 72646.0,
  "summary_gm_p05": 671.7426255941391,
  "summary_gm_p95": 852.6005339697003,
  "summary_gm_stdv": 55.35729506371092,
  "summary_wm_k": 0.10455493523450787,
  "summary_wm_mad": 73.29540171032392,
  "summary_wm_mean": 1010.0039280192922,
  "summary_wm_median": 1000.1072359979153,
  "summary_wm_n": 450225.0,
  "summary_wm_p05": 904.932973511517,
  "summary_wm_p95": 1146.4879326671362,
  "summary_wm_stdv": 74.18298946967153,
  "tpm_overlap_csf": 0.1459793137839071,
  "tpm_overlap_gm": 0.42915539860012264,
  "tpm_overlap_wm": 0.45452262152144185,
  "wm2max": 0.5584765554823642
}