{
  "aor": 0.0009091851851851852,
  "aqi": 0.007188794574074074,
  "bids_meta": {
    "AcquisitionMatrixPE": 90,
    "AcquisitionNumber": 1,
    "AcquisitionTime": "19:11:16.307500",
    "BandwidthPerPixelPhaseEncode": 18.832,
    "BaseResolution": 90,
    "BodyPartExamined": "HEAD",
    "ConsistencyInfo": "N4_VE11C_LATEST_20160120",
    "ConversionSoftware": "dcm2niix",
    "ConversionSoftwareVersion": "v1.0.20190902",
    "DerivedVendorReportedEchoSpacing": 0.000590012,
    "DeviceSerialNumber": "67064",
    "DwellTime": 2.5e-06,
    "EchoTime": 0.033,
    "EchoTrainLength": 90,
    "EffectiveEchoSpacing": 0.000590012,
    "FlipAngle": 63,
    "ImageComments": "Unaliased_MB4_PE3_LB",
    "ImageOrientationPatientDICOM": [
      0.999977,
      -0.00606417,
      -0.00293351,
      0.00506143,
      0.96372,
      -0.266866
    ],
    "ImageType": [
      "ORIGINAL",
      "PRIMARY",
      "M",
      "MB",
      "ND",
      "MOSAIC"
    ],
    "ImagingFrequency": 123.247,
    "InPlanePhaseEncodingDirectionDICOM": "COL",
    "InstitutionAddress": "Scott_Ave_4525_St._Louis_MO_US_63110",
    "InstitutionName": "Washington_University",
    "InstitutionalDepartmentName": "Department",
    "MRAcquisitionType": "2D",
    "MagneticFieldStrength": 3,
    "Manufacturer": "Siemens",
    "ManufacturersModelName": "Prisma_fit",
    "Modality": "MR",
    "MultibandAccelerationFactor": 4,
    "PartialFourier": 1,
    "PatientPosition": "HFS",
    "PercentPhaseFOV": 100,
    "PhaseEncodingDirection": "j-",
    "PhaseEncodingSteps": 90,
    "PhaseResolution": 1,
    "PixelBandwidth": 2220,
    "ProcedureStepDescription": "head_Braver",
    "ProtocolName": "tfMRI_StroopBas1_AP",
    "PulseSequenceDetails": "%CustomerSeq%_cmrr_mbep2d_bold",
    "ReceiveCoilActiveElements": "HEA;HEP",
    "ReceiveCoilName": "Head_32",
    "ReconMatrixPE": 90,
    "RepetitionTime": 1.2,
    "SAR": 0.069441,
    "ScanOptions": "FS_EXT",
    "ScanningSequence": "EP",
    "SequenceName": "epfid2d1_90",
    "SequenceVariant": "SK_SS",
    "SeriesDescription": "tfMRI_StroopBas1_AP",
    "SeriesNumber": 32,
    "ShimSetting": [
      -1994,
      -11523,
      5815,
      604,
      77,
      192,
      66,
      -54
    ],
    "SliceThickness": 2.4,
    "SliceTiming": [
      0,
      0.6275,
      0.0775,
      0.7075,
      0.1575,
      0.785,
      0.235,
      0.865,
      0.3125,
      0.9425,
      0.3925,
      1.0225,
      0.47,
      1.1,
      0.55,
      0,
      0.6275,
      0.0775,
      0.7075,
      0.1575,
      0.785,
      0.235,
      0.865,
      0.3125,
      0.9425,
      0.3925,
      1.0225,
      0.47,
      1.1,
      0.55,
      0,
      0.6275,
      0.0775,
      0.7075,
      0.1575,
      0.785,
      0.235,
      0.865,
      0.3125,
      0.9425,
      0.3925,
      1.0225,
      0.47,
      1.1,
      0.55,
      0,
      0.6275,
      0.0775,
      0.7075,
      0.1575,
      0.785,
      0.235,
      0.865,
      0.3125,
      0.9425,
      0.3925,
      1.0225,
      0.47,
      1.1,
      0.55
    ],
    "SoftwareVersions": "syngo_MR_E11",
    "SpacingBetweenSlices": 2.4,
    "StationName": "MRC35177",
    "TaskName": "Stroop",
    "TotalReadoutTime": 0.0525111,
    "TxRefAmp": 241.22,
    "VendorReportedEchoSpacing": 0.00059,
    "WipMemBlock": "1050340b-4662-4b5c-98f5-0d45a4db41b7||Sequence: R016 ve11c/master r/e634e98; Dec 19 2017 11:00:25 by eja",
    "acq_id": "mb4AP",
    "dataset": "ds003465",
    "modality": "bold",
    "run_id": 1,
    "session_id": "wave1bas",
    "subject_id": "f2499cq",
    "task_id": "Stroop"
  },
  "dummy_trs": 0,
  "dvars_nstd": 32.02517196990719,
  "dvars_std": 1.1107137604638224,
  "dvars_vstd": 0.9877937485714281,
  "efc": 0.5176555827420313,
  "fber": 732.7263793945312,
  "fd_mean": 0.11738589397424502,
  "fd_num": 44,
  "fd_perc": 8.148148148148149,
  "fwhm_avg": 2.7499721129481483,
  "fwhm_x": 2.5126624001557665,
  "fwhm_y": 2.7840415560387948,
  "fwhm_z": 2.9532123826498835,
  "gcor": 0.0119997,
  "gsr_x": -0.023734694346785545,
  "gsr_y": 0.09199810028076172,
  "provenance": {
    "md5sum": "c26d9f7c5d941042cb3a3ef5c5c7164a",
    "settings": {
      "fd_thres": 0.2,
      "testing": false
    },
    "software": "mriqc",
    "version": "22.0.6",
    "webapi_port": null,
    "webapi_url": "https://mriqc.nimh.nih.gov/api/v1"
  },
  "size_t": 540,
  "size_x": 90,
  "size_y": 90,
  "size_z": 60,
  "snr": 2.897914689222488,
  "spacing_tr": 1.2000000476837158,
  "spacing_x": 2.4000000953674316,
  "spacing_y": 2.4000000953674316,
  "spacing_z": 2.4000000953674316,
  "summary_bg_k": 21.92183031547689,
  "summary_bg_mad": 52.904190671855865,
  "summary_bg_mean": 318.2641296386719,
  "summary_bg_median": 139.61666870117188,
  "summary_bg_n": 333351.0,
  "summary_bg_p05": 100.91666412353516,
  "summary_bg_p95": 1222.272216796875,
  "summary_bg_stdv": 463.7508850097656,
  "summary_fg_k": 2.3175382659430666,
  "summary_fg_mad": 1133.0320522101458,
  "summary_fg_mean": 4114.02685546875,
  "summary_fg_median": 3878.3203125,
  "summary_fg_n": 76413.0,
  "summary_fg_p05": 2389.33994140625,
  "summary_fg_p95": 6601.709277343749,
  "summary_fg_stdv": 1338.305419921875,
  "tsnr": 44.97106094076298
}