{
  "aor": 0.000578613251155624,
  "aqi": 0.005666538582434515,
  "bids_meta": {
    "AcquisitionMatrixPE": 90,
    "AcquisitionNumber": 1,
    "AcquisitionTime": "20:10:42.662500",
    "BandwidthPerPixelPhaseEncode": 18.832,
    "BaseResolution": 90,
    "BodyPartExamined": "HEAD",
    "ConsistencyInfo": "N4_VE11C_LATEST_20160120",
    "ConversionSoftware": "dcm2niix",
    "ConversionSoftwareVersion": "v1.0.20190902",
    "DerivedVendorReportedEchoSpacing": 0.000590012,
    "DeviceSerialNumber": "67064",
    "DwellTime": 2.5e-06,
    "EchoTime": 0.033,
    "EchoTrainLength": 90,
    "EffectiveEchoSpacing": 0.000590012,
    "FlipAngle": 63,
    "ImageComments": "Unaliased_MB4_PE3_LB",
    "ImageOrientationPatientDICOM": [
      0.999977,
      -0.00606417,
      -0.00293351,
      0.00506143,
      0.96372,
      -0.266866
    ],
    "ImageType": [
      "ORIGINAL",
      "PRIMARY",
      "M",
      "MB",
      "ND",
      "MOSAIC"
    ],
    "ImagingFrequency": 123.247,
    "InPlanePhaseEncodingDirectionDICOM": "COL",
    "InstitutionAddress": "Scott_Ave_4525_St._Louis_MO_US_63110",
    "InstitutionName": "Washington_University",
    "InstitutionalDepartmentName": "Department",
    "MRAcquisitionType": "2D",
    "MagneticFieldStrength": 3,
    "Manufacturer": "Siemens",
    "ManufacturersModelName": "Prisma_fit",
    "Modality": "MR",
    "MultibandAccelerationFactor": 4,
    "PartialFourier": 1,
    "PatientPosition": "HFS",
    "PercentPhaseFOV": 100,
    "PhaseEncodingDirection": "j-",
    "PhaseEncodingSteps": 90,
    "PhaseResolution": 1,
    "PixelBandwidth": 2220,
    "ProcedureStepDescription": "head_Braver",
    "ProtocolName": "tfMRI_CuedtsBas1_AP",
    "PulseSequenceDetails": "%CustomerSeq%_cmrr_mbep2d_bold",
    "ReceiveCoilActiveElements": "HEA;HEP",
    "ReceiveCoilName": "Head_32",
    "ReconMatrixPE": 90,
    "RepetitionTime": 1.2,
    "SAR": 0.0694921,
    "ScanOptions": "FS_EXT",
    "ScanningSequence": "EP",
    "SequenceName": "epfid2d1_90",
    "SequenceVariant": "SK_SS",
    "SeriesDescription": "tfMRI_CuedtsBas1_AP",
    "SeriesNumber": 47,
    "ShimSetting": [
      -1994,
      -11523,
      5815,
      604,
      77,
      192,
      66,
      -54
    ],
    "SliceThickness": 2.4,
    "SliceTiming": [
      0,
      0.6275,
      0.0775,
      0.7075,
      0.1575,
      0.785,
      0.235,
      0.865,
      0.3125,
      0.9425,
      0.3925,
      1.0225,
      0.47,
      1.1,
      0.55,
      0,
      0.6275,
      0.0775,
      0.7075,
      0.1575,
      0.785,
      0.235,
      0.865,
      0.3125,
      0.9425,
      0.3925,
      1.0225,
      0.47,
      1.1,
      0.55,
      0,
      0.6275,
      0.0775,
      0.7075,
      0.1575,
      0.785,
      0.235,
      0.865,
      0.3125,
      0.9425,
      0.3925,
      1.0225,
      0.47,
      1.1,
      0.55,
      0,
      0.6275,
      0.0775,
      0.7075,
      0.1575,
      0.785,
      0.235,
      0.865,
      0.3125,
      0.9425,
      0.3925,
      1.0225,
      0.47,
      1.1,
      0.55
    ],
    "SoftwareVersions": "syngo_MR_E11",
    "SpacingBetweenSlices": 2.4,
    "StationName": "MRC35177",
    "TaskName": "Cuedts",
    "TotalReadoutTime": 0.0525111,
    "TxRefAmp": 241.22,
    "VendorReportedEchoSpacing": 0.00059,
    "WipMemBlock": "9b5432fb-573b-4827-92e5-67852ca0772d||Sequence: R016 ve11c/master r/e634e98; Dec 19 2017 11:00:25 by eja",
    "acq_id": "mb4AP",
    "dataset": "ds003465",
    "modality": "bold",
    "run_id": 1,
    "session_id": "wave1bas",
    "subject_id": "f2499cq",
    "task_id": "Cuedts"
  },
  "dummy_trs": 1,
  "dvars_nstd": 27.58385227640432,
  "dvars_std": 1.0551795660185184,
  "dvars_vstd": 0.9799751123919754,
  "efc": 0.5243114687416013,
  "fber": 718.5711059570312,
  "fd_mean": 0.08507128770680521,
  "fd_num": 5,
  "fd_perc": 0.7704160246533128,
  "fwhm_avg": 2.6599512831919214,
  "fwhm_x": 2.4278832368579217,
  "fwhm_y": 2.7147957254570434,
  "fwhm_z": 2.837174887260799,
  "gcor": 0.00887516,
  "gsr_x": -0.024130845442414284,
  "gsr_y": 0.099883534014225,
  "provenance": {
    "md5sum": "6d798ab6010811f531f5752f348767e6",
    "settings": {
      "fd_thres": 0.2,
      "testing": false
    },
    "software": "mriqc",
    "version": "22.0.6",
    "webapi_port": null,
    "webapi_url": "https://mriqc.nimh.nih.gov/api/v1"
  },
  "size_t": 649,
  "size_x": 90,
  "size_y": 90,
  "size_z": 60,
  "snr": 3.0307175798227615,
  "spacing_tr": 1.2000000476837158,
  "spacing_x": 2.4000000953674316,
  "spacing_y": 2.4000000953674316,
  "spacing_z": 2.4000000953674316,
  "summary_bg_k": 19.24091117178494,
  "summary_bg_mad": 50.63007622922971,
  "summary_bg_mean": 318.00543212890625,
  "summary_bg_median": 138.52235412597656,
  "summary_bg_n": 330941.0,
  "summary_bg_p05": 101.70108032226562,
  "summary_bg_p95": 1239.6441650390625,
  "summary_bg_stdv": 460.9519958496094,
  "summary_fg_k": 2.122191069713118,
  "summary_fg_mad": 1082.679138167806,
  "summary_fg_mean": 4031.5048828125,
  "summary_fg_median": 3820.880859375,
  "summary_fg_n": 77510.0,
  "summary_fg_p05": 2391.06728515625,
  "summary_fg_p95": 6328.65966796875,
  "summary_fg_stdv": 1260.7100830078125,
  "tsnr": 50.20405153743923
}