{
  "bids_meta": {
    "AcquisitionMatrixPE": 300,
    "AcquisitionNumber": 1,
    "AcquisitionTime": "08:04:9.132500",
    "BaseResolution": 320,
    "BodyPartExamined": "HEAD",
    "ConsistencyInfo": "N4_VE11C_LATEST_20160120",
    "ConversionSoftware": "dcm2niix",
    "ConversionSoftwareVersion": "v1.0.20190902",
    "DeviceSerialNumber": "67064",
    "DwellTime": 7.1e-06,
    "EchoTime": 0.00222,
    "FlipAngle": 8,
    "ImageOrientationPatientDICOM": [
      0.0158221,
      0.988761,
      -0.148667,
      0.0066004,
      -0.148785,
      -0.988847
    ],
    "ImageType": [
      "ORIGINAL",
      "PRIMARY",
      "M",
      "ND"
    ],
    "ImagingFrequency": 123.247,
    "InPlanePhaseEncodingDirectionDICOM": "ROW",
    "InstitutionAddress": "Scott_Ave_4525_St._Louis_MO_US_63110",
    "InstitutionName": "Washington_University",
    "InstitutionalDepartmentName": "Department",
    "InversionTime": 1,
    "MRAcquisitionType": "3D",
    "MagneticFieldStrength": 3,
    "Manufacturer": "Siemens",
    "ManufacturersModelName": "Prisma_fit",
    "Modality": "MR",
    "ParallelReductionFactorInPlane": 2,
    "PartialFourier": 1,
    "PatientPosition": "HFS",
    "PercentPhaseFOV": 93.75,
    "PhaseEncodingSteps": 299,
    "PhaseResolution": 1,
    "PixelBandwidth": 220,
    "ProcedureStepDescription": "head_Braver",
    "ProtocolName": "T1w_MPR",
    "PulseSequenceDetails": "%SiemensSeq%_tfl",
    "ReceiveCoilActiveElements": "HEA;HEP",
    "ReceiveCoilName": "Head_32",
    "ReconMatrixPE": 300,
    "RefLinesPE": 32,
    "RepetitionTime": 2.4,
    "SAR": 0.0400312,
    "ScanOptions": "IR_WE",
    "ScanningSequence": "GR_IR",
    "SequenceName": "_tfl3d1_16ns",
    "SequenceVariant": "SK_SP_MP",
    "SeriesDescription": "T1w_MPR",
    "SeriesNumber": 11,
    "ShimSetting": [
      -1988,
      -11478,
      5808,
      435,
      80,
      20,
      -13,
      -21
    ],
    "SliceThickness": 0.8,
    "SoftwareVersions": "syngo_MR_E11",
    "StationName": "MRC35177",
    "TxRefAmp": 254.648,
    "dataset": "ds003465",
    "modality": "T1w",
    "session_id": "wave1bas",
    "subject_id": "f8979ai"
  },
  "cjv": 0.5781216197946373,
  "cnr": 2.357239520689848,
  "efc": 0.5584430661271765,
  "fber": 9463.67800925096,
  "fwhm_avg": 4.849575042861457,
  "fwhm_x": 4.635575276301818,
  "fwhm_y": 4.849012427744084,
  "fwhm_z": 5.064137424538472,
  "icvs_csf": 0.17870486969525526,
  "icvs_gm": 0.3819203317847292,
  "icvs_wm": 0.43937479852001554,
  "inu_med": 0.9944894313812256,
  "inu_range": 0.9081375002861016,
  "provenance": {
    "md5sum": "970e7f1ddc9c4e5d89029b1eddc4cde5",
    "settings": {
      "testing": false
    },
    "software": "mriqc",
    "version": "22.0.6",
    "warnings": {
      "large_rot_frame": true,
      "small_air_mask": false
    },
    "webapi_port": null,
    "webapi_url": "https://mriqc.nimh.nih.gov/api/v1"
  },
  "qi_1": 9.850376879523734e-06,
  "qi_2": 0.00109113389920895,
  "rpve_csf": 23.51887214131668,
  "rpve_gm": 10.645501703044626,
  "rpve_wm": 10.806331679209526,
  "size_x": 208,
  "size_y": 300,
  "size_z": 320,
  "snr_csf": 2.966992714636869,
  "snr_gm": 12.820567555750765,
  "snr_total": 9.617286225988487,
  "snr_wm": 13.064298407577823,
  "snrd_csf": 10.865103895922456,
  "snrd_gm": 26.57390522612314,
  "snrd_total": 24.032590667535803,
  "snrd_wm": 34.65876288056182,
  "spacing_x": 0.7999999523162842,
  "spacing_y": 0.800000011920929,
  "spacing_z": 0.800000011920929,
  "summary_bg_k": 3578.3313027110844,
  "summary_bg_mad": 0.0,
  "summary_bg_mean": 9.88000803874816,
  "summary_bg_median": 0.0,
  "summary_bg_n": 6937969.0,
  "summary_bg_p05": 0.0,
  "summary_bg_p95": 38.80921885371208,
  "summary_bg_stdv": 18.903369312512066,
  "summary_csf_k": 3.318726313956766,
  "summary_csf_mad": 80.4137494277396,
  "summary_csf_mean": 322.7735762989297,
  "summary_csf_median": 313.5027630329132,
  "summary_csf_n": 97168.0,
  "summary_csf_p05": 167.6368941217661,
  "summary_csf_p95": 513.9855082333088,
  "summary_csf_stdv": 105.6629321273893,
  "summary_gm_k": 0.20043866840265023,
  "summary_gm_mad": 58.66133902407532,
  "summary_gm_mean": 766.9027062669926,
  "summary_gm_median": 766.7660422548652,
  "summary_gm_n": 69121.0,
  "summary_gm_p05": 668.9384137541056,
  "summary_gm_p95": 864.4043574929237,
  "summary_gm_stdv": 59.80706332628435,
  "summary_wm_k": 0.04725700977559244,
  "summary_wm_mad": 76.2036054786433,
  "summary_wm_mean": 1010.3070267839543,
  "summary_wm_median": 1000.047310218215,
  "summary_wm_n": 553216.0,
  "summary_wm_p05": 902.1723534017801,
  "summary_wm_p95": 1151.4979203790426,
  "summary_wm_stdv": 76.54803764960478,
  "tpm_overlap_csf": 0.15183964964503296,
  "tpm_overlap_gm": 0.4174360054891999,
  "tpm_overlap_wm": 0.4658677061949968,
  "wm2max": 0.5161211529066927
}