{
  "aor": 0.005479058641975308,
  "aqi": 0.008013561172839507,
  "bids_meta": {
    "AcquisitionMatrixPE": 90,
    "AcquisitionNumber": 1,
    "AcquisitionTime": "17:35:35.125000",
    "BandwidthPerPixelPhaseEncode": 18.832,
    "BaseResolution": 90,
    "BodyPartExamined": "HEAD",
    "ConsistencyInfo": "N4_VE11C_LATEST_20160120",
    "ConversionSoftware": "dcm2niix",
    "ConversionSoftwareVersion": "v1.0.20190902",
    "DerivedVendorReportedEchoSpacing": 0.000590012,
    "DeviceSerialNumber": "67064",
    "DwellTime": 2.5e-06,
    "EchoTime": 0.033,
    "EchoTrainLength": 90,
    "EffectiveEchoSpacing": 0.000590012,
    "FlipAngle": 63,
    "ImageComments": "Unaliased_MB4_PE3_LB",
    "ImageOrientationPatientDICOM": [
      0.999875,
      0.0147094,
      0.00584656,
      -0.0104711,
      0.89166,
      -0.452585
    ],
    "ImageType": [
      "ORIGINAL",
      "PRIMARY",
      "M",
      "MB",
      "ND",
      "MOSAIC"
    ],
    "ImagingFrequency": 123.247,
    "InPlanePhaseEncodingDirectionDICOM": "COL",
    "InstitutionAddress": "Scott_Ave_4525_St._Louis_MO_US_63110",
    "InstitutionName": "Washington_University",
    "InstitutionalDepartmentName": "Department",
    "MRAcquisitionType": "2D",
    "MagneticFieldStrength": 3,
    "Manufacturer": "Siemens",
    "ManufacturersModelName": "Prisma_fit",
    "Modality": "MR",
    "MultibandAccelerationFactor": 4,
    "PartialFourier": 1,
    "PatientPosition": "HFS",
    "PercentPhaseFOV": 100,
    "PhaseEncodingDirection": "j-",
    "PhaseEncodingSteps": 90,
    "PhaseResolution": 1,
    "PixelBandwidth": 2220,
    "ProcedureStepDescription": "head_Braver",
    "ProtocolName": "tfMRI_CuedtsBas1_AP",
    "PulseSequenceDetails": "%CustomerSeq%_cmrr_mbep2d_bold",
    "ReceiveCoilActiveElements": "HEA;HEP",
    "ReceiveCoilName": "Head_32",
    "ReconMatrixPE": 90,
    "RepetitionTime": 1.2,
    "SAR": 0.0753146,
    "ScanOptions": "FS_EXT",
    "ScanningSequence": "EP",
    "SequenceName": "epfid2d1_90",
    "SequenceVariant": "SK_SS",
    "SeriesDescription": "tfMRI_CuedtsBas1_AP",
    "SeriesNumber": 19,
    "ShimSetting": [
      -1981,
      -11532,
      5836,
      560,
      76,
      108,
      -69,
      -39
    ],
    "SliceThickness": 2.4,
    "SliceTiming": [
      0,
      0.63,
      0.0775,
      0.7075,
      0.1575,
      0.7875,
      0.235,
      0.865,
      0.315,
      0.9425,
      0.3925,
      1.0225,
      0.4725,
      1.1,
      0.55,
      0,
      0.63,
      0.0775,
      0.7075,
      0.1575,
      0.7875,
      0.235,
      0.865,
      0.315,
      0.9425,
      0.3925,
      1.0225,
      0.4725,
      1.1,
      0.55,
      0,
      0.63,
      0.0775,
      0.7075,
      0.1575,
      0.7875,
      0.235,
      0.865,
      0.315,
      0.9425,
      0.3925,
      1.0225,
      0.4725,
      1.1,
      0.55,
      0,
      0.63,
      0.0775,
      0.7075,
      0.1575,
      0.7875,
      0.235,
      0.865,
      0.315,
      0.9425,
      0.3925,
      1.0225,
      0.4725,
      1.1,
      0.55
    ],
    "SoftwareVersions": "syngo_MR_E11",
    "SpacingBetweenSlices": 2.4,
    "StationName": "MRC35177",
    "TaskName": "Cuedts",
    "TotalReadoutTime": 0.0525111,
    "TxRefAmp": 240.808,
    "VendorReportedEchoSpacing": 0.00059,
    "WipMemBlock": "c38721cf-27a8-42bb-b39c-b4f5bf18f7f1||Sequence: R016 ve11c/master r/e634e98; Dec 19 2017 11:00:25 by eja",
    "acq_id": "mb4AP",
    "dataset": "ds003465",
    "modality": "bold",
    "run_id": 1,
    "session_id": "wave1bas",
    "subject_id": "f3387yq",
    "task_id": "Cuedts"
  },
  "dummy_trs": 2,
  "dvars_nstd": 35.86905427542505,
  "dvars_std": 1.1660400702782083,
  "dvars_vstd": 1.0462064193199392,
  "efc": 0.5394309693219153,
  "fber": 656.3294677734375,
  "fd_mean": 0.21390906796731657,
  "fd_num": 277,
  "fd_perc": 42.74691358024691,
  "fwhm_avg": 2.6968610039474825,
  "fwhm_x": 2.5173123999709923,
  "fwhm_y": 2.750083224054844,
  "fwhm_z": 2.8231873878166125,
  "gcor": 0.0160174,
  "gsr_x": -0.014233790338039398,
  "gsr_y": 0.07010847330093384,
  "provenance": {
    "md5sum": "617146af7e26fb2a72967560c83c8003",
    "settings": {
      "fd_thres": 0.2,
      "testing": false
    },
    "software": "mriqc",
    "version": "22.0.6",
    "webapi_port": null,
    "webapi_url": "https://mriqc.nimh.nih.gov/api/v1"
  },
  "size_t": 648,
  "size_x": 90,
  "size_y": 90,
  "size_z": 60,
  "snr": 3.055445802417556,
  "spacing_tr": 1.2000000476837158,
  "spacing_x": 2.4000000953674316,
  "spacing_y": 2.4000000953674316,
  "spacing_z": 2.4000000953674316,
  "summary_bg_k": 22.953380539647966,
  "summary_bg_mad": 55.13769734192621,
  "summary_bg_mean": 330.4590148925781,
  "summary_bg_median": 142.98147583007812,
  "summary_bg_n": 321434.0,
  "summary_bg_p05": 102.47531127929688,
  "summary_bg_p95": 1266.891284179687,
  "summary_bg_stdv": 490.2202453613281,
  "summary_fg_k": 0.9504082221605197,
  "summary_fg_mad": 1100.6857330320634,
  "summary_fg_mean": 3913.927001953125,
  "summary_fg_median": 3717.50537109375,
  "summary_fg_n": 89794.0,
  "summary_fg_p05": 2289.378173828125,
  "summary_fg_p95": 6195.825244140625,
  "summary_fg_stdv": 1216.675048828125,
  "tsnr": 41.02545474236831
}