{
  "aor": 0.0020114499999999997,
  "aqi": 0.007808080133333333,
  "bids_meta": {
    "AcquisitionMatrixPE": 90,
    "AcquisitionNumber": 1,
    "AcquisitionTime": "18:04:54.332500",
    "BandwidthPerPixelPhaseEncode": 18.832,
    "BaseResolution": 90,
    "BodyPartExamined": "HEAD",
    "ConsistencyInfo": "N4_VE11C_LATEST_20160120",
    "ConversionSoftware": "dcm2niix",
    "ConversionSoftwareVersion": "v1.0.20190902",
    "DerivedVendorReportedEchoSpacing": 0.000590012,
    "DeviceSerialNumber": "67064",
    "DwellTime": 2.5e-06,
    "EchoTime": 0.033,
    "EchoTrainLength": 90,
    "EffectiveEchoSpacing": 0.000590012,
    "FlipAngle": 63,
    "ImageComments": "Unaliased_MB4_PE3_LB",
    "ImageOrientationPatientDICOM": [
      0.999875,
      0.0147094,
      0.00584656,
      -0.0104711,
      0.89166,
      -0.452585
    ],
    "ImageType": [
      "ORIGINAL",
      "PRIMARY",
      "M",
      "MB",
      "ND",
      "MOSAIC"
    ],
    "ImagingFrequency": 123.247,
    "InPlanePhaseEncodingDirectionDICOM": "COL",
    "InstitutionAddress": "Scott_Ave_4525_St._Louis_MO_US_63110",
    "InstitutionName": "Washington_University",
    "InstitutionalDepartmentName": "Department",
    "MRAcquisitionType": "2D",
    "MagneticFieldStrength": 3,
    "Manufacturer": "Siemens",
    "ManufacturersModelName": "Prisma_fit",
    "Modality": "MR",
    "MultibandAccelerationFactor": 4,
    "PartialFourier": 1,
    "PatientPosition": "HFS",
    "PercentPhaseFOV": 100,
    "PhaseEncodingDirection": "j-",
    "PhaseEncodingSteps": 90,
    "PhaseResolution": 1,
    "PixelBandwidth": 2220,
    "ProcedureStepDescription": "head_Braver",
    "ProtocolName": "tfMRI_SternBas1_AP",
    "PulseSequenceDetails": "%CustomerSeq%_cmrr_mbep2d_bold",
    "ReceiveCoilActiveElements": "HEA;HEP",
    "ReceiveCoilName": "Head_32",
    "ReconMatrixPE": 90,
    "RepetitionTime": 1.2,
    "SAR": 0.0752919,
    "ScanOptions": "FS_EXT",
    "ScanningSequence": "EP",
    "SequenceName": "epfid2d1_90",
    "SequenceVariant": "SK_SS",
    "SeriesDescription": "tfMRI_SternBas1_AP",
    "SeriesNumber": 25,
    "ShimSetting": [
      -1981,
      -11532,
      5836,
      560,
      76,
      108,
      -69,
      -39
    ],
    "SliceThickness": 2.4,
    "SliceTiming": [
      0,
      0.63,
      0.08,
      0.71,
      0.1575,
      0.7875,
      0.2375,
      0.8675,
      0.315,
      0.945,
      0.395,
      1.025,
      0.4725,
      1.1025,
      0.5525,
      0,
      0.63,
      0.08,
      0.71,
      0.1575,
      0.7875,
      0.2375,
      0.8675,
      0.315,
      0.945,
      0.395,
      1.025,
      0.4725,
      1.1025,
      0.5525,
      0,
      0.63,
      0.08,
      0.71,
      0.1575,
      0.7875,
      0.2375,
      0.8675,
      0.315,
      0.945,
      0.395,
      1.025,
      0.4725,
      1.1025,
      0.5525,
      0,
      0.63,
      0.08,
      0.71,
      0.1575,
      0.7875,
      0.2375,
      0.8675,
      0.315,
      0.945,
      0.395,
      1.025,
      0.4725,
      1.1025,
      0.5525
    ],
    "SoftwareVersions": "syngo_MR_E11",
    "SpacingBetweenSlices": 2.4,
    "StationName": "MRC35177",
    "TaskName": "Stern",
    "TotalReadoutTime": 0.0525111,
    "TxRefAmp": 240.808,
    "VendorReportedEchoSpacing": 0.00059,
    "WipMemBlock": "bf0997d0-33b6-4160-939b-f569f76e61ae||Sequence: R016 ve11c/master r/e634e98; Dec 19 2017 11:00:25 by eja",
    "acq_id": "mb4AP",
    "dataset": "ds003465",
    "modality": "bold",
    "run_id": 1,
    "session_id": "wave1bas",
    "subject_id": "f3387yq",
    "task_id": "Stern"
  },
  "dummy_trs": 0,
  "dvars_nstd": 35.170240889499155,
  "dvars_std": 1.1077225272454092,
  "dvars_vstd": 0.9827242680467452,
  "efc": 0.542519379592406,
  "fber": 637.4764404296875,
  "fd_mean": 0.19412066035204234,
  "fd_num": 270,
  "fd_perc": 45.0,
  "fwhm_avg": 2.7132568366293044,
  "fwhm_x": 2.530495732780467,
  "fwhm_y": 2.7814957228066235,
  "fwhm_z": 2.8277790543008225,
  "gcor": 0.010976,
  "gsr_x": -0.01458727102726698,
  "gsr_y": 0.07585572451353073,
  "provenance": {
    "md5sum": "7156f96278f91473026adec1a6f80b96",
    "settings": {
      "fd_thres": 0.2,
      "testing": false
    },
    "software": "mriqc",
    "version": "22.0.6",
    "webapi_port": null,
    "webapi_url": "https://mriqc.nimh.nih.gov/api/v1"
  },
  "size_t": 600,
  "size_x": 90,
  "size_y": 90,
  "size_z": 60,
  "snr": 3.0063739186168954,
  "spacing_tr": 1.2000000476837158,
  "spacing_x": 2.4000000953674316,
  "spacing_y": 2.4000000953674316,
  "spacing_z": 2.4000000953674316,
  "summary_bg_k": 20.368238887664003,
  "summary_bg_mad": 56.12143477128728,
  "summary_bg_mean": 338.2724609375,
  "summary_bg_median": 143.8866729736328,
  "summary_bg_n": 320233.0,
  "summary_bg_p05": 102.66000366210938,
  "summary_bg_p95": 1323.2813476562499,
  "summary_bg_stdv": 501.8720703125,
  "summary_fg_k": 0.9895108570434497,
  "summary_fg_mad": 1106.0693961416687,
  "summary_fg_mean": 3896.29931640625,
  "summary_fg_median": 3693.74755859375,
  "summary_fg_n": 90160.0,
  "summary_fg_p05": 2272.131140136719,
  "summary_fg_p95": 6219.896166992188,
  "summary_fg_stdv": 1228.6319580078125,
  "tsnr": 42.880562354112044
}