{
  "aor": 0.0009621639344262295,
  "aqi": 0.006222820442622951,
  "bids_meta": {
    "AcquisitionMatrixPE": 90,
    "AcquisitionNumber": 1,
    "AcquisitionTime": "18:55:45.210000",
    "BandwidthPerPixelPhaseEncode": 18.832,
    "BaseResolution": 90,
    "BodyPartExamined": "HEAD",
    "ConsistencyInfo": "N4_VE11C_LATEST_20160120",
    "ConversionSoftware": "dcm2niix",
    "ConversionSoftwareVersion": "v1.0.20190902",
    "DerivedVendorReportedEchoSpacing": 0.000590012,
    "DeviceSerialNumber": "67064",
    "DwellTime": 2.5e-06,
    "EchoTime": 0.033,
    "EchoTrainLength": 90,
    "EffectiveEchoSpacing": 0.000590012,
    "FlipAngle": 63,
    "ImageComments": "Unaliased_MB4_PE3_LB",
    "ImageOrientationPatientDICOM": [
      0.999854,
      0.0169762,
      0.00199395,
      -0.0129143,
      0.826687,
      -0.562515
    ],
    "ImageType": [
      "ORIGINAL",
      "PRIMARY",
      "M",
      "MB",
      "ND",
      "MOSAIC"
    ],
    "ImagingFrequency": 123.247,
    "InPlanePhaseEncodingDirectionDICOM": "COL",
    "InstitutionAddress": "Scott_Ave_4525_St._Louis_MO_US_63110",
    "InstitutionName": "Washington_University",
    "InstitutionalDepartmentName": "Department",
    "MRAcquisitionType": "2D",
    "MagneticFieldStrength": 3,
    "Manufacturer": "Siemens",
    "ManufacturersModelName": "Prisma_fit",
    "Modality": "MR",
    "MultibandAccelerationFactor": 4,
    "PartialFourier": 1,
    "PatientPosition": "HFS",
    "PercentPhaseFOV": 100,
    "PhaseEncodingDirection": "j-",
    "PhaseEncodingSteps": 90,
    "PhaseResolution": 1,
    "PixelBandwidth": 2220,
    "ProcedureStepDescription": "head_Braver",
    "ProtocolName": "tfMRI_AxcptBas1_AP",
    "PulseSequenceDetails": "%CustomerSeq%_cmrr_mbep2d_bold",
    "ReceiveCoilActiveElements": "HEA;HEP",
    "ReceiveCoilName": "Head_32",
    "ReconMatrixPE": 90,
    "RepetitionTime": 1.2,
    "SAR": 0.0727545,
    "ScanOptions": "FS_EXT",
    "ScanningSequence": "EP",
    "SequenceName": "epfid2d1_90",
    "SequenceVariant": "SK_SS",
    "SeriesDescription": "tfMRI_AxcptBas1_AP",
    "SeriesNumber": 44,
    "ShimSetting": [
      -1996,
      -11476,
      5826,
      414,
      125,
      -7,
      -91,
      -31
    ],
    "SliceThickness": 2.4,
    "SliceTiming": [
      0,
      0.63,
      0.0775,
      0.7075,
      0.1575,
      0.7875,
      0.235,
      0.865,
      0.315,
      0.9425,
      0.3925,
      1.0225,
      0.4725,
      1.1,
      0.55,
      0,
      0.63,
      0.0775,
      0.7075,
      0.1575,
      0.7875,
      0.235,
      0.865,
      0.315,
      0.9425,
      0.3925,
      1.0225,
      0.4725,
      1.1,
      0.55,
      0,
      0.63,
      0.0775,
      0.7075,
      0.1575,
      0.7875,
      0.235,
      0.865,
      0.315,
      0.9425,
      0.3925,
      1.0225,
      0.4725,
      1.1,
      0.55,
      0,
      0.63,
      0.0775,
      0.7075,
      0.1575,
      0.7875,
      0.235,
      0.865,
      0.315,
      0.9425,
      0.3925,
      1.0225,
      0.4725,
      1.1,
      0.55
    ],
    "SoftwareVersions": "syngo_MR_E11",
    "SpacingBetweenSlices": 2.4,
    "StationName": "MRC35177",
    "TaskName": "Axcpt",
    "TotalReadoutTime": 0.0525111,
    "TxRefAmp": 241.26,
    "VendorReportedEchoSpacing": 0.00059,
    "WipMemBlock": "d338c483-f557-49da-bd64-80c5af764297||Sequence: R016 ve11c/master r/e634e98; Dec 19 2017 11:00:25 by eja",
    "acq_id": "mb4AP",
    "dataset": "ds003465",
    "modality": "bold",
    "run_id": 1,
    "session_id": "wave1bas",
    "subject_id": "f3387yq",
    "task_id": "Axcpt"
  },
  "dummy_trs": 0,
  "dvars_nstd": 34.321665834137974,
  "dvars_std": 1.1286843594088682,
  "dvars_vstd": 1.0088554729064043,
  "efc": 0.5330002804617665,
  "fber": 657.8310546875,
  "fd_mean": 0.22868531331991368,
  "fd_num": 327,
  "fd_perc": 53.60655737704918,
  "fwhm_avg": 2.7771485971280607,
  "fwhm_x": 2.6091248963226916,
  "fwhm_y": 2.812016554927168,
  "fwhm_z": 2.910304340134323,
  "gcor": 0.0141014,
  "gsr_x": -0.005762099288403988,
  "gsr_y": 0.06532204151153564,
  "provenance": {
    "md5sum": "ab734dc72a1bfe3493647e26f934d97f",
    "settings": {
      "fd_thres": 0.2,
      "testing": false
    },
    "software": "mriqc",
    "version": "22.0.6",
    "webapi_port": null,
    "webapi_url": "https://mriqc.nimh.nih.gov/api/v1"
  },
  "size_t": 610,
  "size_x": 90,
  "size_y": 90,
  "size_z": 60,
  "snr": 2.8942206590695965,
  "spacing_tr": 1.2000000476837158,
  "spacing_x": 2.4000000953674316,
  "spacing_y": 2.4000000953674316,
  "spacing_z": 2.3999998569488525,
  "summary_bg_k": 22.292689905407048,
  "summary_bg_mad": 54.44552145724441,
  "summary_bg_mean": 337.4070129394531,
  "summary_bg_median": 141.3180389404297,
  "summary_bg_n": 324730.0,
  "summary_bg_p05": 99.63442993164062,
  "summary_bg_p95": 1325.2812316894515,
  "summary_bg_stdv": 532.0123291015625,
  "summary_fg_k": 1.152424603899103,
  "summary_fg_mad": 1097.3004700319234,
  "summary_fg_mean": 3907.474365234375,
  "summary_fg_median": 3664.2802734375,
  "summary_fg_n": 87343.0,
  "summary_fg_p05": 2284.4408935546876,
  "summary_fg_p95": 6386.250878906249,
  "summary_fg_stdv": 1266.060791015625,
  "tsnr": 45.28584364289418
}