{
  "bids_meta": {
    "AcquisitionMatrixPE": 300,
    "AcquisitionNumber": 1,
    "AcquisitionTime": "17:46:9.230000",
    "BaseResolution": 320,
    "BodyPartExamined": "HEAD",
    "ConsistencyInfo": "N4_VE11C_LATEST_20160120",
    "ConversionSoftware": "dcm2niix",
    "ConversionSoftwareVersion": "v1.0.20190902",
    "DeviceSerialNumber": "67064",
    "DwellTime": 2.1e-06,
    "EchoTime": 0.563,
    "EchoTrainLength": 314,
    "FlipAngle": 120,
    "ImageOrientationPatientDICOM": [
      0.00467364,
      0.999849,
      -0.0167533,
      0.0111306,
      -0.0168045,
      -0.999797
    ],
    "ImageType": [
      "ORIGINAL",
      "PRIMARY",
      "M",
      "ND"
    ],
    "ImagingFrequency": 123.247,
    "InPlanePhaseEncodingDirectionDICOM": "ROW",
    "InstitutionAddress": "Scott_Ave_4525_St._Louis_MO_US_63110",
    "InstitutionName": "Washington_University",
    "InstitutionalDepartmentName": "Department",
    "MRAcquisitionType": "3D",
    "MagneticFieldStrength": 3,
    "Manufacturer": "Siemens",
    "ManufacturersModelName": "Prisma_fit",
    "Modality": "MR",
    "ParallelReductionFactorInPlane": 2,
    "PartialFourier": 1,
    "PatientPosition": "HFS",
    "PercentPhaseFOV": 93.75,
    "PhaseEncodingSteps": 297,
    "PhaseResolution": 1,
    "PixelBandwidth": 745,
    "ProcedureStepDescription": "head_Braver",
    "ProtocolName": "T2w_SPC",
    "PulseSequenceDetails": "%SiemensSeq%_tse_vfl",
    "ReceiveCoilActiveElements": "HEA;HEP",
    "ReceiveCoilName": "Head_32",
    "ReconMatrixPE": 300,
    "RefLinesPE": 32,
    "RepetitionTime": 3.2,
    "SAR": 0.150975,
    "ScanOptions": "PFP",
    "ScanningSequence": "SE",
    "SequenceName": "_spc_314ns",
    "SequenceVariant": "SK_SP",
    "SeriesDescription": "T2w_SPC",
    "SeriesNumber": 13,
    "ShimSetting": [
      -2006,
      -11535,
      5851,
      623,
      21,
      63,
      -90,
      -23
    ],
    "SliceThickness": 0.8,
    "SoftwareVersions": "syngo_MR_E11",
    "StationName": "MRC35177",
    "TxRefAmp": 282.895,
    "dataset": "ds003465",
    "modality": "T2w",
    "session_id": "wave1bas",
    "subject_id": "f9206gd"
  },
  "cjv": 0.803144086407499,
  "cnr": 1.2055955967656584,
  "efc": 0.5306656659369235,
  "fber": 7210.6812586794595,
  "fwhm_avg": 3.5545375340523244,
  "fwhm_x": 3.5038502088457473,
  "fwhm_y": 3.743212444221788,
  "fwhm_z": 3.4165499490894384,
  "icvs_csf": 0.37014189133375963,
  "icvs_gm": 0.4936517301111023,
  "icvs_wm": 0.13620637855513806,
  "inu_med": 0.9545802474021912,
  "inu_range": 0.811483496427536,
  "provenance": {
    "md5sum": "b0e202948760b5b983e173adc518e523",
    "settings": {
      "testing": false
    },
    "software": "mriqc",
    "version": "22.0.6",
    "warnings": {
      "large_rot_frame": true,
      "small_air_mask": false
    },
    "webapi_port": null,
    "webapi_url": "https://mriqc.nimh.nih.gov/api/v1"
  },
  "qi_1": 0.0,
  "qi_2": 0.0012987688569618524,
  "rpve_csf": 11.876036478483725,
  "rpve_gm": 10.247134470517649,
  "rpve_wm": 38.68549583343041,
  "size_x": 208,
  "size_y": 300,
  "size_z": 320,
  "snr_csf": 8.335111145054722,
  "snr_gm": 8.860390635642146,
  "snr_total": 6.376123279878861,
  "snr_wm": 1.9328680589397165,
  "snrd_csf": 48.00340353399763,
  "snrd_gm": 27.41431576396907,
  "snrd_total": 49.565855727072005,
  "snrd_wm": 73.27984788324933,
  "spacing_x": 0.7999999523162842,
  "spacing_y": 0.800000011920929,
  "spacing_z": 0.800000011920929,
  "summary_bg_k": 11.849710584837732,
  "summary_bg_mad": 0.0,
  "summary_bg_mean": 5.947695938023454,
  "summary_bg_median": 0.0,
  "summary_bg_n": 7138815.0,
  "summary_bg_p05": 0.0,
  "summary_bg_p95": 23.150940366089344,
  "summary_bg_stdv": 8.960485099757983,
  "summary_csf_k": 1.071328522759356,
  "summary_csf_mad": 71.20238044045941,
  "summary_csf_mean": 662.015217778077,
  "summary_csf_median": 656.5560730621219,
  "summary_csf_n": 114044.0,
  "summary_csf_p05": 543.8173125945032,
  "summary_csf_p95": 800.5170074477792,
  "summary_csf_stdv": 78.76957884652299,
  "summary_gm_k": 0.569189173398593,
  "summary_gm_mad": 40.20038704293881,
  "summary_gm_mean": 376.88656427948627,
  "summary_gm_median": 374.9533195272088,
  "summary_gm_n": 529307.0,
  "summary_gm_p05": 311.1877021417022,
  "summary_gm_p95": 449.5188793167472,
  "summary_gm_stdv": 42.31788199338199,
  "summary_wm_k": -1.6721628864720883,
  "summary_wm_mad": 463.62459082253685,
  "summary_wm_mean": 724.9649806826172,
  "summary_wm_median": 1002.2691229954362,
  "summary_wm_n": 63307.0,
  "summary_wm_p05": 32.51472021639347,
  "summary_wm_p95": 1383.2830484993756,
  "summary_wm_stdv": 518.5357595342717,
  "tpm_overlap_csf": 0.1237791512936402,
  "tpm_overlap_gm": 0.3159969779863271,
  "tpm_overlap_wm": 0.02165216062200881,
  "wm2max": 0.7608145822431537
}