{
  "aor": 0.0006936227045075124,
  "aqi": 0.004687698530884808,
  "bids_meta": {
    "AcquisitionMatrixPE": 90,
    "AcquisitionNumber": 1,
    "AcquisitionTime": "20:35:15.832500",
    "BandwidthPerPixelPhaseEncode": 18.832,
    "BaseResolution": 90,
    "BodyPartExamined": "HEAD",
    "ConsistencyInfo": "N4_VE11C_LATEST_20160120",
    "ConversionSoftware": "dcm2niix",
    "ConversionSoftwareVersion": "v1.0.20190902",
    "DerivedVendorReportedEchoSpacing": 0.000590012,
    "DeviceSerialNumber": "67064",
    "DwellTime": 2.5e-06,
    "EchoTime": 0.033,
    "EchoTrainLength": 90,
    "EffectiveEchoSpacing": 0.000590012,
    "FlipAngle": 63,
    "ImageComments": "Unaliased_MB4_PE3_LB",
    "ImageOrientationPatientDICOM": [
      0.999136,
      -0.0112382,
      0.0400224,
      0.0282575,
      0.889739,
      -0.455594
    ],
    "ImageType": [
      "ORIGINAL",
      "PRIMARY",
      "M",
      "MB",
      "ND",
      "MOSAIC"
    ],
    "ImagingFrequency": 123.247,
    "InPlanePhaseEncodingDirectionDICOM": "COL",
    "InstitutionAddress": "Scott_Ave_4525_St._Louis_MO_US_63110",
    "InstitutionName": "Washington_University",
    "InstitutionalDepartmentName": "Department",
    "MRAcquisitionType": "2D",
    "MagneticFieldStrength": 3,
    "Manufacturer": "Siemens",
    "ManufacturersModelName": "Prisma_fit",
    "Modality": "MR",
    "MultibandAccelerationFactor": 4,
    "PartialFourier": 1,
    "PatientPosition": "HFS",
    "PercentPhaseFOV": 100,
    "PhaseEncodingDirection": "j-",
    "PhaseEncodingSteps": 90,
    "PhaseResolution": 1,
    "PixelBandwidth": 2220,
    "ProcedureStepDescription": "head_Braver",
    "ProtocolName": "tfMRI_SternBas1_AP",
    "PulseSequenceDetails": "%CustomerSeq%_cmrr_mbep2d_bold",
    "ReceiveCoilActiveElements": "HEA;HEP",
    "ReceiveCoilName": "Head_32",
    "ReconMatrixPE": 90,
    "RepetitionTime": 1.2,
    "SAR": 0.0678029,
    "ScanOptions": "FS_EXT",
    "ScanningSequence": "EP",
    "SequenceName": "epfid2d1_90",
    "SequenceVariant": "SK_SS",
    "SeriesDescription": "tfMRI_SternBas1_AP",
    "SeriesNumber": 43,
    "ShimSetting": [
      -1972,
      -11495,
      5820,
      598,
      142,
      205,
      -9,
      -16
    ],
    "SliceThickness": 2.4,
    "SliceTiming": [
      0,
      0.63,
      0.08,
      0.7075,
      0.1575,
      0.7875,
      0.2375,
      0.865,
      0.315,
      0.945,
      0.395,
      1.0225,
      0.4725,
      1.1025,
      0.55,
      0,
      0.63,
      0.08,
      0.7075,
      0.1575,
      0.7875,
      0.2375,
      0.865,
      0.315,
      0.945,
      0.395,
      1.0225,
      0.4725,
      1.1025,
      0.55,
      0,
      0.63,
      0.08,
      0.7075,
      0.1575,
      0.7875,
      0.2375,
      0.865,
      0.315,
      0.945,
      0.395,
      1.0225,
      0.4725,
      1.1025,
      0.55,
      0,
      0.63,
      0.08,
      0.7075,
      0.1575,
      0.7875,
      0.2375,
      0.865,
      0.315,
      0.945,
      0.395,
      1.0225,
      0.4725,
      1.1025,
      0.55
    ],
    "SoftwareVersions": "syngo_MR_E11",
    "SpacingBetweenSlices": 2.4,
    "StationName": "MRC35177",
    "TaskName": "Stern",
    "TotalReadoutTime": 0.0525111,
    "TxRefAmp": 229.22,
    "VendorReportedEchoSpacing": 0.00059,
    "WipMemBlock": "a08f4312-f7b4-4d93-b2a9-959da682a9e4||Sequence: R016 ve11c/master r/e634e98; Dec 19 2017 11:00:25 by eja",
    "acq_id": "mb4AP",
    "dataset": "ds003465",
    "modality": "bold",
    "run_id": 1,
    "session_id": "wave1bas",
    "subject_id": "f5650zm",
    "task_id": "Stern"
  },
  "dummy_trs": 1,
  "dvars_nstd": 36.20522850901337,
  "dvars_std": 1.2530329513377934,
  "dvars_vstd": 0.9968064452508361,
  "efc": 0.5110872615209012,
  "fber": 866.3516845703125,
  "fd_mean": 0.14320653102386358,
  "fd_num": 115,
  "fd_perc": 19.198664440734557,
  "fwhm_avg": 3.0497178329202543,
  "fwhm_x": 2.8792290522563833,
  "fwhm_y": 3.0636995739083086,
  "fwhm_z": 3.2062248725960703,
  "gcor": 0.00547065,
  "gsr_x": -0.0020412227604538202,
  "gsr_y": 0.05742768943309784,
  "provenance": {
    "md5sum": "d977fab2cda2b472ce8139497f7c7a2d",
    "settings": {
      "fd_thres": 0.2,
      "testing": false
    },
    "software": "mriqc",
    "version": "22.0.6",
    "webapi_port": null,
    "webapi_url": "https://mriqc.nimh.nih.gov/api/v1"
  },
  "size_t": 599,
  "size_x": 90,
  "size_y": 90,
  "size_z": 60,
  "snr": 2.4504309181706754,
  "spacing_tr": 1.2000000476837158,
  "spacing_x": 2.4000000953674316,
  "spacing_y": 2.4000003337860107,
  "spacing_z": 2.4000000953674316,
  "summary_bg_k": 55.37439682049806,
  "summary_bg_mad": 53.304375180282605,
  "summary_bg_mean": 300.4239196777344,
  "summary_bg_median": 140.70700073242188,
  "summary_bg_n": 319428.0,
  "summary_bg_p05": 101.23204803466797,
  "summary_bg_p95": 1065.7918151855467,
  "summary_bg_stdv": 477.8644714355469,
  "summary_fg_k": 3.3483329908764468,
  "summary_fg_mad": 1394.2324661555147,
  "summary_fg_mean": 4575.904296875,
  "summary_fg_median": 4200.9697265625,
  "summary_fg_n": 90193.0,
  "summary_fg_p05": 2544.967529296875,
  "summary_fg_p95": 7874.976855468744,
  "summary_fg_stdv": 1714.3704833984375,
  "tsnr": 53.20458840345964
}