{
  "aor": 0.00024833333333333337,
  "aqi": 0.0033692327006172836,
  "bids_meta": {
    "AcquisitionMatrixPE": 90,
    "AcquisitionNumber": 1,
    "AcquisitionTime": "20:20:25.297500",
    "BandwidthPerPixelPhaseEncode": 18.832,
    "BaseResolution": 90,
    "BodyPartExamined": "HEAD",
    "ConsistencyInfo": "N4_VE11C_LATEST_20160120",
    "ConversionSoftware": "dcm2niix",
    "ConversionSoftwareVersion": "v1.0.20190902",
    "DerivedVendorReportedEchoSpacing": 0.000590012,
    "DeviceSerialNumber": "67064",
    "DwellTime": 2.5e-06,
    "EchoTime": 0.033,
    "EchoTrainLength": 90,
    "EffectiveEchoSpacing": 0.000590012,
    "FlipAngle": 63,
    "ImageComments": "Unaliased_MB4_PE3_LB",
    "ImageOrientationPatientDICOM": [
      0.999136,
      -0.0112382,
      0.0400224,
      0.0282575,
      0.889739,
      -0.455594
    ],
    "ImageType": [
      "ORIGINAL",
      "PRIMARY",
      "M",
      "MB",
      "ND",
      "MOSAIC"
    ],
    "ImagingFrequency": 123.247,
    "InPlanePhaseEncodingDirectionDICOM": "COL",
    "InstitutionAddress": "Scott_Ave_4525_St._Louis_MO_US_63110",
    "InstitutionName": "Washington_University",
    "InstitutionalDepartmentName": "Department",
    "MRAcquisitionType": "2D",
    "MagneticFieldStrength": 3,
    "Manufacturer": "Siemens",
    "ManufacturersModelName": "Prisma_fit",
    "Modality": "MR",
    "MultibandAccelerationFactor": 4,
    "PartialFourier": 1,
    "PatientPosition": "HFS",
    "PercentPhaseFOV": 100,
    "PhaseEncodingDirection": "j",
    "PhaseEncodingSteps": 90,
    "PhaseResolution": 1,
    "PixelBandwidth": 2220,
    "ProcedureStepDescription": "head_Braver",
    "ProtocolName": "tfMRI_CuedtsBas2_PA",
    "PulseSequenceDetails": "%CustomerSeq%_cmrr_mbep2d_bold",
    "ReceiveCoilActiveElements": "HEA;HEP",
    "ReceiveCoilName": "Head_32",
    "ReconMatrixPE": 90,
    "RepetitionTime": 1.2,
    "SAR": 0.0678234,
    "ScanOptions": "FS_EXT",
    "ScanningSequence": "EP",
    "SequenceName": "epfid2d1_90",
    "SequenceVariant": "SK_SS",
    "SeriesDescription": "tfMRI_CuedtsBas2_PA",
    "SeriesNumber": 40,
    "ShimSetting": [
      -1972,
      -11495,
      5820,
      598,
      142,
      205,
      -9,
      -16
    ],
    "SliceThickness": 2.4,
    "SliceTiming": [
      0,
      0.63,
      0.0775,
      0.7075,
      0.1575,
      0.7875,
      0.235,
      0.865,
      0.315,
      0.9425,
      0.3925,
      1.0225,
      0.4725,
      1.1,
      0.55,
      0,
      0.63,
      0.0775,
      0.7075,
      0.1575,
      0.7875,
      0.235,
      0.865,
      0.315,
      0.9425,
      0.3925,
      1.0225,
      0.4725,
      1.1,
      0.55,
      0,
      0.63,
      0.0775,
      0.7075,
      0.1575,
      0.7875,
      0.235,
      0.865,
      0.315,
      0.9425,
      0.3925,
      1.0225,
      0.4725,
      1.1,
      0.55,
      0,
      0.63,
      0.0775,
      0.7075,
      0.1575,
      0.7875,
      0.235,
      0.865,
      0.315,
      0.9425,
      0.3925,
      1.0225,
      0.4725,
      1.1,
      0.55
    ],
    "SoftwareVersions": "syngo_MR_E11",
    "SpacingBetweenSlices": 2.4,
    "StationName": "MRC35177",
    "TaskName": "Cuedts",
    "TotalReadoutTime": 0.0525111,
    "TxRefAmp": 229.22,
    "VendorReportedEchoSpacing": 0.00059,
    "WipMemBlock": "b1758bf5-f0fc-4204-9ebf-96b2ad89ce4d||Sequence: R016 ve11c/master r/e634e98; Dec 19 2017 11:00:25 by eja",
    "acq_id": "mb4PA",
    "dataset": "ds003465",
    "modality": "bold",
    "run_id": 2,
    "session_id": "wave1bas",
    "subject_id": "f5650zm",
    "task_id": "Cuedts"
  },
  "dummy_trs": 2,
  "dvars_nstd": 31.1076841131994,
  "dvars_std": 1.1263685709273572,
  "dvars_vstd": 0.9869510047295204,
  "efc": 0.5097634660799517,
  "fber": 843.10791015625,
  "fd_mean": 0.11546345602848287,
  "fd_num": 4,
  "fd_perc": 0.6172839506172839,
  "fwhm_avg": 3.119969218574432,
  "fwhm_x": 2.9807623815551447,
  "fwhm_y": 3.0770829053803217,
  "fwhm_z": 3.3020623687878303,
  "gcor": 0.00520455,
  "gsr_x": -0.00197908328846097,
  "gsr_y": 0.06774736195802689,
  "provenance": {
    "md5sum": "f8929d9743a8943ac5b8d677a8cbcf38",
    "settings": {
      "fd_thres": 0.2,
      "testing": false
    },
    "software": "mriqc",
    "version": "22.0.6",
    "webapi_port": null,
    "webapi_url": "https://mriqc.nimh.nih.gov/api/v1"
  },
  "size_t": 648,
  "size_x": 90,
  "size_y": 90,
  "size_z": 60,
  "snr": 2.315835192243497,
  "spacing_tr": 1.2000000476837158,
  "spacing_x": 2.4000000953674316,
  "spacing_y": 2.4000003337860107,
  "spacing_z": 2.4000000953674316,
  "summary_bg_k": 34.57425085843624,
  "summary_bg_mad": 58.393479235535246,
  "summary_bg_mean": 337.3476867675781,
  "summary_bg_median": 144.0,
  "summary_bg_n": 324980.0,
  "summary_bg_p05": 101.56327056884766,
  "summary_bg_p95": 1307.0240417480468,
  "summary_bg_stdv": 521.2869262695312,
  "summary_fg_k": 4.397794993397014,
  "summary_fg_mad": 1481.071837114039,
  "summary_fg_mean": 4583.92431640625,
  "summary_fg_median": 4193.63427734375,
  "summary_fg_n": 88541.0,
  "summary_fg_p05": 2476.3349609375,
  "summary_fg_p95": 7937.4091796875,
  "summary_fg_stdv": 1810.841552734375,
  "tsnr": 55.50548237049952
}