{
  "bids_meta": {
    "AcquisitionMatrixPE": 300,
    "AcquisitionNumber": 1,
    "AcquisitionTime": "14:27:22.110000",
    "BaseResolution": 320,
    "BodyPartExamined": "HEAD",
    "ConsistencyInfo": "N4_VE11C_LATEST_20160120",
    "ConversionSoftware": "dcm2niix",
    "ConversionSoftwareVersion": "v1.0.20190902",
    "DeviceSerialNumber": "67064",
    "DwellTime": 2.1e-06,
    "EchoTime": 0.563,
    "EchoTrainLength": 314,
    "FlipAngle": 120,
    "ImageOrientationPatientDICOM": [
      -0.0126799,
      0.987718,
      -0.155733,
      0.0145477,
      -0.155547,
      -0.987721
    ],
    "ImageType": [
      "ORIGINAL",
      "PRIMARY",
      "M",
      "ND"
    ],
    "ImagingFrequency": 123.247,
    "InPlanePhaseEncodingDirectionDICOM": "ROW",
    "InstitutionAddress": "Scott_Ave_4525_St._Louis_MO_US_63110",
    "InstitutionName": "Washington_University",
    "InstitutionalDepartmentName": "Department",
    "MRAcquisitionType": "3D",
    "MagneticFieldStrength": 3,
    "Manufacturer": "Siemens",
    "ManufacturersModelName": "Prisma_fit",
    "Modality": "MR",
    "ParallelReductionFactorInPlane": 2,
    "PartialFourier": 1,
    "PatientPosition": "HFS",
    "PercentPhaseFOV": 93.75,
    "PhaseEncodingSteps": 297,
    "PhaseResolution": 1,
    "PixelBandwidth": 745,
    "ProcedureStepDescription": "head_Braver",
    "ProtocolName": "T2w_SPC",
    "PulseSequenceDetails": "%SiemensSeq%_tse_vfl",
    "ReceiveCoilActiveElements": "HEA;HEP",
    "ReceiveCoilName": "Head_32",
    "ReconMatrixPE": 300,
    "RefLinesPE": 32,
    "RepetitionTime": 3.2,
    "SAR": 0.129678,
    "ScanOptions": "PFP",
    "ScanningSequence": "SE",
    "SequenceName": "_spc_314ns",
    "SequenceVariant": "SK_SP",
    "SeriesDescription": "T2w_SPC",
    "SeriesNumber": 13,
    "ShimSetting": [
      -2006,
      -11502,
      5766,
      728,
      100,
      159,
      -118,
      26
    ],
    "SliceThickness": 0.8,
    "SoftwareVersions": "syngo_MR_E11",
    "StationName": "MRC35177",
    "TxRefAmp": 233.123,
    "dataset": "ds003465",
    "modality": "T2w",
    "session_id": "wave1bas",
    "subject_id": "f8194sp"
  },
  "cjv": 2.0806254861816917,
  "cnr": 0.2929143441917291,
  "efc": 0.5012602623099476,
  "fber": 6849.296891247445,
  "fwhm_avg": 3.3168500289915173,
  "fwhm_x": 3.157462688199442,
  "fwhm_y": 3.6069124462528164,
  "fwhm_z": 3.1861749525222933,
  "icvs_csf": 0.45655837027735235,
  "icvs_gm": 0.4005939157102051,
  "icvs_wm": 0.14284771401244256,
  "inu_med": 0.953544944524765,
  "inu_range": 0.941031891107559,
  "provenance": {
    "md5sum": "a803b6dff3f0cb56dd16c529736dbb9c",
    "settings": {
      "testing": false
    },
    "software": "mriqc",
    "version": "22.0.6",
    "warnings": {
      "large_rot_frame": true,
      "small_air_mask": false
    },
    "webapi_port": null,
    "webapi_url": "https://mriqc.nimh.nih.gov/api/v1"
  },
  "qi_1": 9.809177859172156e-07,
  "qi_2": 0.002230764666656324,
  "rpve_csf": 12.192097111938118,
  "rpve_gm": 14.254703528917913,
  "rpve_wm": 39.59479944168957,
  "size_x": 208,
  "size_y": 300,
  "size_z": 320,
  "snr_csf": 8.368649618924874,
  "snr_gm": 8.364292754675116,
  "snr_total": 5.709606213634845,
  "snr_wm": 0.39587626730454173,
  "snrd_csf": 68.61234543825957,
  "snrd_gm": 39.05873024408219,
  "snrd_total": 43.36219477361214,
  "snrd_wm": 22.415508638494636,
  "spacing_x": 0.7999999523162842,
  "spacing_y": 0.800000011920929,
  "spacing_z": 0.800000011920929,
  "summary_bg_k": 7.5500027496248965,
  "summary_bg_mad": 29.51581818194867,
  "summary_bg_mean": 25.89860092719696,
  "summary_bg_median": 19.908116832375526,
  "summary_bg_n": 6789113.0,
  "summary_bg_p05": 0.0,
  "summary_bg_p95": 94.11109775304794,
  "summary_bg_stdv": 34.76878328256862,
  "summary_csf_k": 0.6296947042790131,
  "summary_csf_mad": 322.1971481260271,
  "summary_csf_mean": 3143.109917850112,
  "summary_csf_median": 3091.1875954270363,
  "summary_csf_n": 215887.0,
  "summary_csf_p05": 2630.3773386776447,
  "summary_csf_p95": 3898.19025865942,
  "summary_csf_stdv": 369.3762526699822,
  "summary_gm_k": 0.5516347704330085,
  "summary_gm_mad": 201.45061919987344,
  "summary_gm_mean": 1766.2572809826177,
  "summary_gm_median": 1759.7104668617249,
  "summary_gm_n": 390572.0,
  "summary_gm_p05": 1434.4981527328491,
  "summary_gm_p95": 2120.5624866485596,
  "summary_gm_stdv": 210.38338395576451,
  "summary_wm_k": -1.3992234267276937,
  "summary_wm_mad": 1358.656455822917,
  "summary_wm_mean": 2596.856801872556,
  "summary_wm_median": 1009.8844720423222,
  "summary_wm_n": 49660.0,
  "summary_wm_p05": 90.63065774738789,
  "summary_wm_p95": 6907.009760912507,
  "summary_wm_stdv": 2550.9847076213337,
  "tpm_overlap_csf": 0.10955141018859749,
  "tpm_overlap_gm": 0.25503447429916365,
  "tpm_overlap_wm": 0.027597601796002173,
  "wm2max": 0.1579428619379295
}