{
  "aor": 0.0013174013157894735,
  "aqi": 0.0038829851644736836,
  "bids_meta": {
    "AcquisitionMatrixPE": 90,
    "AcquisitionNumber": 1,
    "AcquisitionTime": "18:37:1.667500",
    "BandwidthPerPixelPhaseEncode": 18.832,
    "BaseResolution": 90,
    "BodyPartExamined": "HEAD",
    "ConsistencyInfo": "N4_VE11C_LATEST_20160120",
    "ConversionSoftware": "dcm2niix",
    "ConversionSoftwareVersion": "v1.0.20190902",
    "DerivedVendorReportedEchoSpacing": 0.000590012,
    "DeviceSerialNumber": "67064",
    "DwellTime": 2.5e-06,
    "EchoTime": 0.033,
    "EchoTrainLength": 90,
    "EffectiveEchoSpacing": 0.000590012,
    "FlipAngle": 63,
    "ImageComments": "Unaliased_MB4_PE3_LB",
    "ImageOrientationPatientDICOM": [
      0.999732,
      -0.023105,
      0.0016344,
      0.022338,
      0.943068,
      -0.331849
    ],
    "ImageType": [
      "ORIGINAL",
      "PRIMARY",
      "M",
      "MB",
      "ND",
      "MOSAIC"
    ],
    "ImagingFrequency": 123.247,
    "InPlanePhaseEncodingDirectionDICOM": "COL",
    "InstitutionAddress": "Scott_Ave_4525_St._Louis_MO_US_63110",
    "InstitutionName": "Washington_University",
    "InstitutionalDepartmentName": "Department",
    "MRAcquisitionType": "2D",
    "MagneticFieldStrength": 3,
    "Manufacturer": "Siemens",
    "ManufacturersModelName": "Prisma_fit",
    "Modality": "MR",
    "MultibandAccelerationFactor": 4,
    "PartialFourier": 1,
    "PatientPosition": "HFS",
    "PercentPhaseFOV": 100,
    "PhaseEncodingDirection": "j-",
    "PhaseEncodingSteps": 90,
    "PhaseResolution": 1,
    "PixelBandwidth": 2220,
    "ProcedureStepDescription": "head_Braver",
    "ProtocolName": "tfMRI_AxcptBas1_AP",
    "PulseSequenceDetails": "%CustomerSeq%_cmrr_mbep2d_bold",
    "ReceiveCoilActiveElements": "HEA;HEP",
    "ReceiveCoilName": "Head_32",
    "ReconMatrixPE": 90,
    "RepetitionTime": 1.2,
    "SAR": 0.0744859,
    "ScanOptions": "FS_EXT",
    "ScanningSequence": "EP",
    "SequenceName": "epfid2d1_90",
    "SequenceVariant": "SK_SS",
    "SeriesDescription": "tfMRI_AxcptBas1_AP",
    "SeriesNumber": 19,
    "ShimSetting": [
      -2020,
      -11489,
      5865,
      559,
      66,
      84,
      216,
      -26
    ],
    "SliceThickness": 2.4,
    "SliceTiming": [
      0,
      0.63,
      0.08,
      0.7075,
      0.1575,
      0.7875,
      0.235,
      0.865,
      0.315,
      0.945,
      0.3925,
      1.0225,
      0.4725,
      1.1025,
      0.55,
      0,
      0.63,
      0.08,
      0.7075,
      0.1575,
      0.7875,
      0.235,
      0.865,
      0.315,
      0.945,
      0.3925,
      1.0225,
      0.4725,
      1.1025,
      0.55,
      0,
      0.63,
      0.08,
      0.7075,
      0.1575,
      0.7875,
      0.235,
      0.865,
      0.315,
      0.945,
      0.3925,
      1.0225,
      0.4725,
      1.1025,
      0.55,
      0,
      0.63,
      0.08,
      0.7075,
      0.1575,
      0.7875,
      0.235,
      0.865,
      0.315,
      0.945,
      0.3925,
      1.0225,
      0.4725,
      1.1025,
      0.55
    ],
    "SoftwareVersions": "syngo_MR_E11",
    "SpacingBetweenSlices": 2.4,
    "StationName": "MRC35177",
    "TaskName": "Axcpt",
    "TotalReadoutTime": 0.0525111,
    "TxRefAmp": 217.64,
    "VendorReportedEchoSpacing": 0.00059,
    "WipMemBlock": "48b24ad9-82e0-4f28-829e-16ebeae8c242||Sequence: R016 ve11c/master r/e634e98; Dec 19 2017 11:00:25 by eja",
    "acq_id": "mb4AP",
    "dataset": "ds003465",
    "modality": "bold",
    "run_id": 1,
    "session_id": "wave1bas",
    "subject_id": "f5094ya",
    "task_id": "Axcpt"
  },
  "dummy_trs": 2,
  "dvars_nstd": 30.60140257476112,
  "dvars_std": 1.1712084852059306,
  "dvars_vstd": 1.0082908465568365,
  "efc": 0.48542339967900056,
  "fber": 1002.5191040039062,
  "fd_mean": 0.10579188735788181,
  "fd_num": 7,
  "fd_perc": 1.1513157894736843,
  "fwhm_avg": 2.690986004180935,
  "fwhm_x": 2.6360290619202824,
  "fwhm_y": 2.658108227709602,
  "fwhm_z": 2.778820722912919,
  "gcor": 0.00490155,
  "gsr_x": -0.010238785296678543,
  "gsr_y": 0.06342862546443939,
  "provenance": {
    "md5sum": "410cc3a059edfb8a1a939b951e359aa3",
    "settings": {
      "fd_thres": 0.2,
      "testing": false
    },
    "software": "mriqc",
    "version": "22.0.6",
    "webapi_port": null,
    "webapi_url": "https://mriqc.nimh.nih.gov/api/v1"
  },
  "size_t": 608,
  "size_x": 90,
  "size_y": 90,
  "size_z": 60,
  "snr": 2.7041338160991333,
  "spacing_tr": 1.2000000476837158,
  "spacing_x": 2.4000000953674316,
  "spacing_y": 2.4000000953674316,
  "spacing_z": 2.4000000953674316,
  "summary_bg_k": 30.14918712671375,
  "summary_bg_mad": 31.53211637130249,
  "summary_bg_mean": 273.05859375,
  "summary_bg_median": 121.8930892944336,
  "summary_bg_n": 339924.0,
  "summary_bg_p05": 96.60855102539062,
  "summary_bg_p95": 1076.5165832519529,
  "summary_bg_stdv": 443.0887756347656,
  "summary_fg_k": 5.9578623957359405,
  "summary_fg_mad": 1105.1713648662505,
  "summary_fg_mean": 4229.1875,
  "summary_fg_median": 3929.17431640625,
  "summary_fg_n": 72898.0,
  "summary_fg_p05": 2557.1393798828126,
  "summary_fg_p95": 6897.2830078125,
  "summary_fg_stdv": 1453.01513671875,
  "tsnr": 55.56832988420501
}