{
  "aor": 0.0011997996661101838,
  "aqi": 0.006098056627712855,
  "bids_meta": {
    "AcquisitionMatrixPE": 90,
    "AcquisitionNumber": 1,
    "AcquisitionTime": "19:41:20.577500",
    "BandwidthPerPixelPhaseEncode": 18.832,
    "BaseResolution": 90,
    "BodyPartExamined": "HEAD",
    "ConsistencyInfo": "N4_VE11C_LATEST_20160120",
    "ConversionSoftware": "dcm2niix",
    "ConversionSoftwareVersion": "v1.0.20190902",
    "DerivedVendorReportedEchoSpacing": 0.000590012,
    "DeviceSerialNumber": "67064",
    "DwellTime": 2.5e-06,
    "EchoTime": 0.033,
    "EchoTrainLength": 90,
    "EffectiveEchoSpacing": 0.000590012,
    "FlipAngle": 63,
    "ImageComments": "Unaliased_MB4_PE3_LB",
    "ImageOrientationPatientDICOM": [
      0.999732,
      -0.023105,
      0.0016344,
      0.022338,
      0.943068,
      -0.331849
    ],
    "ImageType": [
      "ORIGINAL",
      "PRIMARY",
      "M",
      "MB",
      "ND",
      "MOSAIC"
    ],
    "ImagingFrequency": 123.247,
    "InPlanePhaseEncodingDirectionDICOM": "COL",
    "InstitutionAddress": "Scott_Ave_4525_St._Louis_MO_US_63110",
    "InstitutionName": "Washington_University",
    "InstitutionalDepartmentName": "Department",
    "MRAcquisitionType": "2D",
    "MagneticFieldStrength": 3,
    "Manufacturer": "Siemens",
    "ManufacturersModelName": "Prisma_fit",
    "Modality": "MR",
    "MultibandAccelerationFactor": 4,
    "PartialFourier": 1,
    "PatientPosition": "HFS",
    "PercentPhaseFOV": 100,
    "PhaseEncodingDirection": "j-",
    "PhaseEncodingSteps": 90,
    "PhaseResolution": 1,
    "PixelBandwidth": 2220,
    "ProcedureStepDescription": "head_Braver",
    "ProtocolName": "tfMRI_SternBas1_AP",
    "PulseSequenceDetails": "%CustomerSeq%_cmrr_mbep2d_bold",
    "ReceiveCoilActiveElements": "HEA;HEP",
    "ReceiveCoilName": "Head_32",
    "ReconMatrixPE": 90,
    "RepetitionTime": 1.2,
    "SAR": 0.0744811,
    "ScanOptions": "FS_EXT",
    "ScanningSequence": "EP",
    "SequenceName": "epfid2d1_90",
    "SequenceVariant": "SK_SS",
    "SeriesDescription": "tfMRI_SternBas1_AP",
    "SeriesNumber": 41,
    "ShimSetting": [
      -2020,
      -11489,
      5865,
      559,
      66,
      84,
      216,
      -26
    ],
    "SliceThickness": 2.4,
    "SliceTiming": [
      0,
      0.6275,
      0.0775,
      0.7075,
      0.1575,
      0.785,
      0.235,
      0.865,
      0.315,
      0.9425,
      0.3925,
      1.0225,
      0.4725,
      1.1,
      0.55,
      0,
      0.6275,
      0.0775,
      0.7075,
      0.1575,
      0.785,
      0.235,
      0.865,
      0.315,
      0.9425,
      0.3925,
      1.0225,
      0.4725,
      1.1,
      0.55,
      0,
      0.6275,
      0.0775,
      0.7075,
      0.1575,
      0.785,
      0.235,
      0.865,
      0.315,
      0.9425,
      0.3925,
      1.0225,
      0.4725,
      1.1,
      0.55,
      0,
      0.6275,
      0.0775,
      0.7075,
      0.1575,
      0.785,
      0.235,
      0.865,
      0.315,
      0.9425,
      0.3925,
      1.0225,
      0.4725,
      1.1,
      0.55
    ],
    "SoftwareVersions": "syngo_MR_E11",
    "SpacingBetweenSlices": 2.4,
    "StationName": "MRC35177",
    "TaskName": "Stern",
    "TotalReadoutTime": 0.0525111,
    "TxRefAmp": 217.64,
    "VendorReportedEchoSpacing": 0.00059,
    "WipMemBlock": "d8302f7e-3732-4017-a5a8-1eab70c10c65||Sequence: R016 ve11c/master r/e634e98; Dec 19 2017 11:00:25 by eja",
    "acq_id": "mb4AP",
    "dataset": "ds003465",
    "modality": "bold",
    "run_id": 1,
    "session_id": "wave1bas",
    "subject_id": "f5094ya",
    "task_id": "Stern"
  },
  "dummy_trs": 1,
  "dvars_nstd": 30.245165675016732,
  "dvars_std": 1.1171166797157197,
  "dvars_vstd": 0.9833807309866219,
  "efc": 0.4899922270589031,
  "fber": 976.1972045898438,
  "fd_mean": 0.0990646725356198,
  "fd_num": 22,
  "fd_perc": 3.672787979966611,
  "fwhm_avg": 2.7347165579987944,
  "fwhm_x": 2.6320623954112374,
  "fwhm_y": 2.744099890959267,
  "fwhm_z": 2.8279873876258774,
  "gcor": 0.0208438,
  "gsr_x": -0.009869606234133244,
  "gsr_y": 0.06692752242088318,
  "provenance": {
    "md5sum": "ec0ecd0f7f557118b0f17bef61839064",
    "settings": {
      "fd_thres": 0.2,
      "testing": false
    },
    "software": "mriqc",
    "version": "22.0.6",
    "webapi_port": null,
    "webapi_url": "https://mriqc.nimh.nih.gov/api/v1"
  },
  "size_t": 599,
  "size_x": 90,
  "size_y": 90,
  "size_z": 60,
  "snr": 2.7738334701789187,
  "spacing_tr": 1.2000000476837158,
  "spacing_x": 2.4000000953674316,
  "spacing_y": 2.4000000953674316,
  "spacing_z": 2.4000000953674316,
  "summary_bg_k": 26.696146824052573,
  "summary_bg_mad": 31.134646588617642,
  "summary_bg_mean": 283.7138977050781,
  "summary_bg_median": 123.29048156738281,
  "summary_bg_n": 340243.0,
  "summary_bg_p05": 99.26544189453125,
  "summary_bg_p95": 1149.0644287109367,
  "summary_bg_stdv": 461.0012512207031,
  "summary_fg_k": 5.230558757508172,
  "summary_fg_mad": 1100.1196222240208,
  "summary_fg_mean": 4206.17578125,
  "summary_fg_median": 3923.17919921875,
  "summary_fg_n": 73030.0,
  "summary_fg_p05": 2552.8998168945313,
  "summary_fg_p95": 6827.063281250001,
  "summary_fg_stdv": 1414.3431396484375,
  "tsnr": 46.82812401512638
}