{
  "aor": 0.0003903782894736842,
  "aqi": 0.003813507664473684,
  "bids_meta": {
    "AcquisitionMatrixPE": 90,
    "AcquisitionNumber": 1,
    "AcquisitionTime": "18:51:2.905000",
    "BandwidthPerPixelPhaseEncode": 18.832,
    "BaseResolution": 90,
    "BodyPartExamined": "HEAD",
    "ConsistencyInfo": "N4_VE11C_LATEST_20160120",
    "ConversionSoftware": "dcm2niix",
    "ConversionSoftwareVersion": "v1.0.20190902",
    "DerivedVendorReportedEchoSpacing": 0.000590012,
    "DeviceSerialNumber": "67064",
    "DwellTime": 2.5e-06,
    "EchoTime": 0.033,
    "EchoTrainLength": 90,
    "EffectiveEchoSpacing": 0.000590012,
    "FlipAngle": 63,
    "ImageComments": "Unaliased_MB4_PE3_LB",
    "ImageOrientationPatientDICOM": [
      0.999732,
      -0.023105,
      0.0016344,
      0.022338,
      0.943068,
      -0.331849
    ],
    "ImageType": [
      "ORIGINAL",
      "PRIMARY",
      "M",
      "MB",
      "ND",
      "MOSAIC"
    ],
    "ImagingFrequency": 123.247,
    "InPlanePhaseEncodingDirectionDICOM": "COL",
    "InstitutionAddress": "Scott_Ave_4525_St._Louis_MO_US_63110",
    "InstitutionName": "Washington_University",
    "InstitutionalDepartmentName": "Department",
    "MRAcquisitionType": "2D",
    "MagneticFieldStrength": 3,
    "Manufacturer": "Siemens",
    "ManufacturersModelName": "Prisma_fit",
    "Modality": "MR",
    "MultibandAccelerationFactor": 4,
    "PartialFourier": 1,
    "PatientPosition": "HFS",
    "PercentPhaseFOV": 100,
    "PhaseEncodingDirection": "j",
    "PhaseEncodingSteps": 90,
    "PhaseResolution": 1,
    "PixelBandwidth": 2220,
    "ProcedureStepDescription": "head_Braver",
    "ProtocolName": "tfMRI_AxcptBas2_PA",
    "PulseSequenceDetails": "%CustomerSeq%_cmrr_mbep2d_bold",
    "ReceiveCoilActiveElements": "HEA;HEP",
    "ReceiveCoilName": "Head_32",
    "ReconMatrixPE": 90,
    "RepetitionTime": 1.2,
    "SAR": 0.0744859,
    "ScanOptions": "FS_EXT",
    "ScanningSequence": "EP",
    "SequenceName": "epfid2d1_90",
    "SequenceVariant": "SK_SS",
    "SeriesDescription": "tfMRI_AxcptBas2_PA",
    "SeriesNumber": 22,
    "ShimSetting": [
      -2020,
      -11489,
      5865,
      559,
      66,
      84,
      216,
      -26
    ],
    "SliceThickness": 2.4,
    "SliceTiming": [
      0,
      0.63,
      0.0775,
      0.7075,
      0.1575,
      0.7875,
      0.235,
      0.865,
      0.315,
      0.945,
      0.3925,
      1.0225,
      0.4725,
      1.1025,
      0.55,
      0,
      0.63,
      0.0775,
      0.7075,
      0.1575,
      0.7875,
      0.235,
      0.865,
      0.315,
      0.945,
      0.3925,
      1.0225,
      0.4725,
      1.1025,
      0.55,
      0,
      0.63,
      0.0775,
      0.7075,
      0.1575,
      0.7875,
      0.235,
      0.865,
      0.315,
      0.945,
      0.3925,
      1.0225,
      0.4725,
      1.1025,
      0.55,
      0,
      0.63,
      0.0775,
      0.7075,
      0.1575,
      0.7875,
      0.235,
      0.865,
      0.315,
      0.945,
      0.3925,
      1.0225,
      0.4725,
      1.1025,
      0.55
    ],
    "SoftwareVersions": "syngo_MR_E11",
    "SpacingBetweenSlices": 2.4,
    "StationName": "MRC35177",
    "TaskName": "Axcpt",
    "TotalReadoutTime": 0.0525111,
    "TxRefAmp": 217.64,
    "VendorReportedEchoSpacing": 0.00059,
    "WipMemBlock": "b541cd35-8362-4a48-b164-5d5ff8f91d31||Sequence: R016 ve11c/master r/e634e98; Dec 19 2017 11:00:25 by eja",
    "acq_id": "mb4PA",
    "dataset": "ds003465",
    "modality": "bold",
    "run_id": 2,
    "session_id": "wave1bas",
    "subject_id": "f5094ya",
    "task_id": "Axcpt"
  },
  "dummy_trs": 2,
  "dvars_nstd": 28.51403279759472,
  "dvars_std": 1.1308499736902793,
  "dvars_vstd": 0.980568611795717,
  "efc": 0.47912146367267294,
  "fber": 1031.1729736328125,
  "fd_mean": 0.07083672732894357,
  "fd_num": 3,
  "fd_perc": 0.4934210526315789,
  "fwhm_avg": 2.749298501863804,
  "fwhm_x": 2.6570915610833343,
  "fwhm_y": 2.730820724820267,
  "fwhm_z": 2.8599832196878108,
  "gcor": 0.012873,
  "gsr_x": -0.012732133269309998,
  "gsr_y": 0.0513966828584671,
  "provenance": {
    "md5sum": "8e63759b2468cf3c193d4705c3d8072f",
    "settings": {
      "fd_thres": 0.2,
      "testing": false
    },
    "software": "mriqc",
    "version": "22.0.6",
    "webapi_port": null,
    "webapi_url": "https://mriqc.nimh.nih.gov/api/v1"
  },
  "size_t": 608,
  "size_x": 90,
  "size_y": 90,
  "size_z": 60,
  "snr": 2.7089315425718508,
  "spacing_tr": 1.2000000476837158,
  "spacing_x": 2.4000000953674316,
  "spacing_y": 2.4000000953674316,
  "spacing_z": 2.4000000953674316,
  "summary_bg_k": 27.072899369678876,
  "summary_bg_mad": 33.157377427544546,
  "summary_bg_mean": 295.2093811035156,
  "summary_bg_median": 124.16036224365234,
  "summary_bg_n": 347830.0,
  "summary_bg_p05": 98.78125,
  "summary_bg_p95": 1223.8507751464833,
  "summary_bg_stdv": 492.0133972167969,
  "summary_fg_k": 5.203297726743809,
  "summary_fg_mad": 1194.987161128186,
  "summary_fg_mean": 4262.3564453125,
  "summary_fg_median": 3996.194091796875,
  "summary_fg_n": 69679.0,
  "summary_fg_p05": 2480.1485107421877,
  "summary_fg_p95": 6908.203857421872,
  "summary_fg_stdv": 1475.181396484375,
  "tsnr": 55.37634714064188
}