{
  "aor": 0.0007361846153846155,
  "aqi": 0.007619903138461539,
  "bids_meta": {
    "AcquisitionMatrixPE": 90,
    "AcquisitionNumber": 1,
    "AcquisitionTime": "14:06:3.335000",
    "BandwidthPerPixelPhaseEncode": 18.832,
    "BaseResolution": 90,
    "BodyPartExamined": "HEAD",
    "ConsistencyInfo": "N4_VE11C_LATEST_20160120",
    "ConversionSoftware": "dcm2niix",
    "ConversionSoftwareVersion": "v1.0.20190902",
    "DerivedVendorReportedEchoSpacing": 0.000590012,
    "DeviceSerialNumber": "67064",
    "DwellTime": 2.5e-06,
    "EchoTime": 0.033,
    "EchoTrainLength": 90,
    "EffectiveEchoSpacing": 0.000590012,
    "FlipAngle": 63,
    "ImageComments": "Unaliased_MB4_PE3_LB",
    "ImageOrientationPatientDICOM": [
      0.999408,
      -0.0175651,
      0.0295743,
      0.0275669,
      0.923242,
      -0.383228
    ],
    "ImageType": [
      "ORIGINAL",
      "PRIMARY",
      "M",
      "MB",
      "ND",
      "MOSAIC"
    ],
    "ImagingFrequency": 123.247,
    "InPlanePhaseEncodingDirectionDICOM": "COL",
    "InstitutionAddress": "Scott_Ave_4525_St._Louis_MO_US_63110",
    "InstitutionName": "Washington_University",
    "InstitutionalDepartmentName": "Department",
    "MRAcquisitionType": "2D",
    "MagneticFieldStrength": 3,
    "Manufacturer": "Siemens",
    "ManufacturersModelName": "Prisma_fit",
    "Modality": "MR",
    "MultibandAccelerationFactor": 4,
    "PartialFourier": 1,
    "PatientPosition": "HFS",
    "PercentPhaseFOV": 100,
    "PhaseEncodingDirection": "j",
    "PhaseEncodingSteps": 90,
    "PhaseResolution": 1,
    "PixelBandwidth": 2220,
    "ProcedureStepDescription": "head_Braver",
    "ProtocolName": "tfMRI_CuedtsBas2_PA",
    "PulseSequenceDetails": "%CustomerSeq%_cmrr_mbep2d_bold",
    "ReceiveCoilActiveElements": "HEA;HEP",
    "ReceiveCoilName": "Head_32",
    "ReconMatrixPE": 90,
    "RepetitionTime": 1.2,
    "SAR": 0.0868361,
    "ScanOptions": "FS_EXT",
    "ScanningSequence": "EP",
    "SequenceName": "epfid2d1_90",
    "SequenceVariant": "SK_SS",
    "SeriesDescription": "tfMRI_CuedtsBas2_PA",
    "SeriesNumber": 22,
    "ShimSetting": [
      -1991,
      -11508,
      5889,
      502,
      89,
      143,
      39,
      9
    ],
    "SliceThickness": 2.4,
    "SliceTiming": [
      0,
      0.63,
      0.0775,
      0.7075,
      0.1575,
      0.7875,
      0.235,
      0.865,
      0.315,
      0.945,
      0.3925,
      1.0225,
      0.4725,
      1.1,
      0.55,
      0,
      0.63,
      0.0775,
      0.7075,
      0.1575,
      0.7875,
      0.235,
      0.865,
      0.315,
      0.945,
      0.3925,
      1.0225,
      0.4725,
      1.1,
      0.55,
      0,
      0.63,
      0.0775,
      0.7075,
      0.1575,
      0.7875,
      0.235,
      0.865,
      0.315,
      0.945,
      0.3925,
      1.0225,
      0.4725,
      1.1,
      0.55,
      0,
      0.63,
      0.0775,
      0.7075,
      0.1575,
      0.7875,
      0.235,
      0.865,
      0.315,
      0.945,
      0.3925,
      1.0225,
      0.4725,
      1.1,
      0.55
    ],
    "SoftwareVersions": "syngo_MR_E11",
    "SpacingBetweenSlices": 2.4,
    "StationName": "MRC35177",
    "TaskName": "Cuedts",
    "TotalReadoutTime": 0.0525111,
    "TxRefAmp": 268.609,
    "VendorReportedEchoSpacing": 0.00059,
    "WipMemBlock": "8e460260-18a1-438f-a598-cd35948678d1||Sequence: R016 ve11c/master r/e634e98; Dec 19 2017 11:00:25 by eja",
    "acq_id": "mb4PA",
    "dataset": "ds003465",
    "modality": "bold",
    "run_id": 2,
    "session_id": "wave1bas",
    "subject_id": "f5445nh",
    "task_id": "Cuedts"
  },
  "dummy_trs": 0,
  "dvars_nstd": 32.72055630899847,
  "dvars_std": 1.101273543050847,
  "dvars_vstd": 0.9824092472573184,
  "efc": 0.544548721415533,
  "fber": 601.4635009765625,
  "fd_mean": 0.15559392026067467,
  "fd_num": 167,
  "fd_perc": 25.692307692307693,
  "fwhm_avg": 2.8538166545354446,
  "fwhm_x": 2.6591040610033647,
  "fwhm_y": 2.8441165536516286,
  "fwhm_z": 3.058229348951341,
  "gcor": 0.00992301,
  "gsr_x": -0.031993307173252106,
  "gsr_y": 0.09566939622163773,
  "provenance": {
    "md5sum": "f03550b1a0e2802460927b082716432b",
    "settings": {
      "fd_thres": 0.2,
      "testing": false
    },
    "software": "mriqc",
    "version": "22.0.6",
    "webapi_port": null,
    "webapi_url": "https://mriqc.nimh.nih.gov/api/v1"
  },
  "size_t": 650,
  "size_x": 90,
  "size_y": 90,
  "size_z": 60,
  "snr": 2.578535777455621,
  "spacing_tr": 1.2000000476837158,
  "spacing_x": 2.4000000953674316,
  "spacing_y": 2.4000000953674316,
  "spacing_z": 2.3999998569488525,
  "summary_bg_k": 25.33770266393752,
  "summary_bg_mad": 76.62545289315598,
  "summary_bg_mean": 432.1280212402344,
  "summary_bg_median": 160.66000366210938,
  "summary_bg_n": 321844.0,
  "summary_bg_p05": 103.984619140625,
  "summary_bg_p95": 1893.416754150388,
  "summary_bg_stdv": 674.82373046875,
  "summary_fg_k": 1.5264027544101566,
  "summary_fg_mad": 1441.4029977014918,
  "summary_fg_mean": 4278.291015625,
  "summary_fg_median": 4012.377685546875,
  "summary_fg_n": 87070.0,
  "summary_fg_p05": 2270.019885253906,
  "summary_fg_p95": 7194.327221679688,
  "summary_fg_stdv": 1556.059326171875,
  "tsnr": 42.95234786171932
}