{
  "aor": 0.0009262222222222223,
  "aqi": 0.008794363962962962,
  "bids_meta": {
    "AcquisitionMatrixPE": 90,
    "AcquisitionNumber": 1,
    "AcquisitionTime": "15:07:48.602500",
    "BandwidthPerPixelPhaseEncode": 18.832,
    "BaseResolution": 90,
    "BodyPartExamined": "HEAD",
    "ConsistencyInfo": "N4_VE11C_LATEST_20160120",
    "ConversionSoftware": "dcm2niix",
    "ConversionSoftwareVersion": "v1.0.20190902",
    "DerivedVendorReportedEchoSpacing": 0.000590012,
    "DeviceSerialNumber": "67064",
    "DwellTime": 2.5e-06,
    "EchoTime": 0.033,
    "EchoTrainLength": 90,
    "EffectiveEchoSpacing": 0.000590012,
    "FlipAngle": 63,
    "ImageComments": "Unaliased_MB4_PE3_LB",
    "ImageOrientationPatientDICOM": [
      0.999408,
      -0.0175651,
      0.0295743,
      0.0275669,
      0.923242,
      -0.383228
    ],
    "ImageType": [
      "ORIGINAL",
      "PRIMARY",
      "M",
      "MB",
      "ND",
      "MOSAIC"
    ],
    "ImagingFrequency": 123.247,
    "InPlanePhaseEncodingDirectionDICOM": "COL",
    "InstitutionAddress": "Scott_Ave_4525_St._Louis_MO_US_63110",
    "InstitutionName": "Washington_University",
    "InstitutionalDepartmentName": "Department",
    "MRAcquisitionType": "2D",
    "MagneticFieldStrength": 3,
    "Manufacturer": "Siemens",
    "ManufacturersModelName": "Prisma_fit",
    "Modality": "MR",
    "MultibandAccelerationFactor": 4,
    "PartialFourier": 1,
    "PatientPosition": "HFS",
    "PercentPhaseFOV": 100,
    "PhaseEncodingDirection": "j",
    "PhaseEncodingSteps": 90,
    "PhaseResolution": 1,
    "PixelBandwidth": 2220,
    "ProcedureStepDescription": "head_Braver",
    "ProtocolName": "tfMRI_StroopBas2_PA",
    "PulseSequenceDetails": "%CustomerSeq%_cmrr_mbep2d_bold",
    "ReceiveCoilActiveElements": "HEA;HEP",
    "ReceiveCoilName": "Head_32",
    "ReconMatrixPE": 90,
    "RepetitionTime": 1.2,
    "SAR": 0.0867722,
    "ScanOptions": "FS_EXT",
    "ScanningSequence": "EP",
    "SequenceName": "epfid2d1_90",
    "SequenceVariant": "SK_SS",
    "SeriesDescription": "tfMRI_StroopBas2_PA",
    "SeriesNumber": 40,
    "ShimSetting": [
      -1991,
      -11508,
      5889,
      502,
      89,
      143,
      39,
      9
    ],
    "SliceThickness": 2.4,
    "SliceTiming": [
      0,
      0.63,
      0.08,
      0.7075,
      0.1575,
      0.7875,
      0.2375,
      0.865,
      0.315,
      0.945,
      0.395,
      1.0225,
      0.4725,
      1.1025,
      0.5525,
      0,
      0.63,
      0.08,
      0.7075,
      0.1575,
      0.7875,
      0.2375,
      0.865,
      0.315,
      0.945,
      0.395,
      1.0225,
      0.4725,
      1.1025,
      0.5525,
      0,
      0.63,
      0.08,
      0.7075,
      0.1575,
      0.7875,
      0.2375,
      0.865,
      0.315,
      0.945,
      0.395,
      1.0225,
      0.4725,
      1.1025,
      0.5525,
      0,
      0.63,
      0.08,
      0.7075,
      0.1575,
      0.7875,
      0.2375,
      0.865,
      0.315,
      0.945,
      0.395,
      1.0225,
      0.4725,
      1.1025,
      0.5525
    ],
    "SoftwareVersions": "syngo_MR_E11",
    "SpacingBetweenSlices": 2.4,
    "StationName": "MRC35177",
    "TaskName": "Stroop",
    "TotalReadoutTime": 0.0525111,
    "TxRefAmp": 268.609,
    "VendorReportedEchoSpacing": 0.00059,
    "WipMemBlock": "ad1467a8-6d50-4076-bed1-214a2a755fae||Sequence: R016 ve11c/master r/e634e98; Dec 19 2017 11:00:25 by eja",
    "acq_id": "mb4PA",
    "dataset": "ds003465",
    "modality": "bold",
    "run_id": 2,
    "session_id": "wave1bas",
    "subject_id": "f5445nh",
    "task_id": "Stroop"
  },
  "dummy_trs": 0,
  "dvars_nstd": 35.38524057614102,
  "dvars_std": 1.0983144082745837,
  "dvars_vstd": 0.9811986276437847,
  "efc": 0.5474754818629048,
  "fber": 588.2107543945312,
  "fd_mean": 0.19039378434234308,
  "fd_num": 204,
  "fd_perc": 37.77777777777778,
  "fwhm_avg": 2.8693805432548465,
  "fwhm_x": 2.672191560483314,
  "fwhm_y": 2.8641623861884122,
  "fwhm_z": 3.0717876830928135,
  "gcor": 0.0127022,
  "gsr_x": -0.031075533479452133,
  "gsr_y": 0.09907182306051254,
  "provenance": {
    "md5sum": "82fa1544921085b6c3842d5643caa45d",
    "settings": {
      "fd_thres": 0.2,
      "testing": false
    },
    "software": "mriqc",
    "version": "22.0.6",
    "webapi_port": null,
    "webapi_url": "https://mriqc.nimh.nih.gov/api/v1"
  },
  "size_t": 540,
  "size_x": 90,
  "size_y": 90,
  "size_z": 60,
  "snr": 2.598966814348012,
  "spacing_tr": 1.2000000476837158,
  "spacing_x": 2.4000000953674316,
  "spacing_y": 2.4000000953674316,
  "spacing_z": 2.3999998569488525,
  "summary_bg_k": 23.38927946176943,
  "summary_bg_mad": 76.36498626957865,
  "summary_bg_mean": 446.46051025390625,
  "summary_bg_median": 162.35556030273438,
  "summary_bg_n": 322515.0,
  "summary_bg_p05": 106.24758987426758,
  "summary_bg_p95": 1965.0869995117177,
  "summary_bg_stdv": 696.1670532226562,
  "summary_fg_k": 1.3651323917412803,
  "summary_fg_mad": 1436.1829420632646,
  "summary_fg_mean": 4261.06640625,
  "summary_fg_median": 4009.890625,
  "summary_fg_n": 87073.0,
  "summary_fg_p05": 2249.814453125,
  "summary_fg_p95": 7152.076562499999,
  "summary_fg_stdv": 1542.869873046875,
  "tsnr": 41.395148783922195
}