{
  "bids_meta": {
    "AcquisitionMatrixPE": 300,
    "AcquisitionNumber": 1,
    "AcquisitionTime": "07:25:45.335000",
    "BaseResolution": 320,
    "BodyPartExamined": "HEAD",
    "ConsistencyInfo": "N4_VE11C_LATEST_20160120",
    "ConversionSoftware": "dcm2niix",
    "ConversionSoftwareVersion": "v1.0.20190902",
    "DeviceSerialNumber": "67064",
    "DwellTime": 7.1e-06,
    "EchoTime": 0.00222,
    "FlipAngle": 8,
    "ImageOrientationPatientDICOM": [
      -0.0185037,
      0.993735,
      -0.11022,
      -0.023129,
      -0.110635,
      -0.993592
    ],
    "ImageType": [
      "ORIGINAL",
      "PRIMARY",
      "M",
      "ND"
    ],
    "ImagingFrequency": 123.247,
    "InPlanePhaseEncodingDirectionDICOM": "ROW",
    "InstitutionAddress": "Scott_Ave_4525_St._Louis_MO_US_63110",
    "InstitutionName": "Washington_University",
    "InstitutionalDepartmentName": "Department",
    "InversionTime": 1,
    "MRAcquisitionType": "3D",
    "MagneticFieldStrength": 3,
    "Manufacturer": "Siemens",
    "ManufacturersModelName": "Prisma_fit",
    "Modality": "MR",
    "ParallelReductionFactorInPlane": 2,
    "PartialFourier": 1,
    "PatientPosition": "HFS",
    "PercentPhaseFOV": 93.75,
    "PhaseEncodingSteps": 299,
    "PhaseResolution": 1,
    "PixelBandwidth": 220,
    "ProcedureStepDescription": "head_Braver",
    "ProtocolName": "T1w_MPR",
    "PulseSequenceDetails": "%SiemensSeq%_tfl",
    "ReceiveCoilActiveElements": "HEA;HEP",
    "ReceiveCoilName": "Head_32",
    "ReconMatrixPE": 300,
    "RefLinesPE": 32,
    "RepetitionTime": 2.4,
    "SAR": 0.0436053,
    "ScanOptions": "IR_WE",
    "ScanningSequence": "GR_IR",
    "SequenceName": "_tfl3d1_16ns",
    "SequenceVariant": "SK_SP_MP",
    "SeriesDescription": "T1w_MPR",
    "SeriesNumber": 11,
    "ShimSetting": [
      -2007,
      -11501,
      5857,
      519,
      82,
      72,
      -84,
      -15
    ],
    "SliceThickness": 0.8,
    "SoftwareVersions": "syngo_MR_E11",
    "StationName": "MRC35177",
    "TxRefAmp": 239.225,
    "dataset": "ds003465",
    "modality": "T1w",
    "session_id": "wave1rea",
    "subject_id": "f3387yq"
  },
  "cjv": 0.4969736305289366,
  "cnr": 2.7436620438528236,
  "efc": 0.5480734959184461,
  "fber": 17281.53684499314,
  "fwhm_avg": 4.5914583772908335,
  "fwhm_x": 4.524837769701348,
  "fwhm_y": 4.415849934198708,
  "fwhm_z": 4.833687427972444,
  "icvs_csf": 0.14877953300709423,
  "icvs_gm": 0.4150327203169184,
  "icvs_wm": 0.43618774667598736,
  "inu_med": 0.9636592268943787,
  "inu_range": 0.7291775166988373,
  "provenance": {
    "md5sum": "198401cbdf4627df9534263fdc72977c",
    "settings": {
      "testing": false
    },
    "software": "mriqc",
    "version": "22.0.6",
    "warnings": {
      "large_rot_frame": true,
      "small_air_mask": false
    },
    "webapi_port": null,
    "webapi_url": "https://mriqc.nimh.nih.gov/api/v1"
  },
  "qi_1": 0.0,
  "qi_2": 0.00098449869146041,
  "rpve_csf": 30.30919965926057,
  "rpve_gm": 11.644038424534864,
  "rpve_wm": 12.630408892924626,
  "size_x": 208,
  "size_y": 300,
  "size_z": 320,
  "snr_csf": 2.8893465973231436,
  "snr_gm": 12.904372594961472,
  "snr_total": 10.532849734300665,
  "snr_wm": 15.80483001061738,
  "snrd_csf": 25.092368826180618,
  "snrd_gm": 63.8210213369717,
  "snrd_total": 57.637096937951775,
  "snrd_wm": 83.99790065070302,
  "spacing_x": 0.7999999523162842,
  "spacing_y": 0.800000011920929,
  "spacing_z": 0.800000011920929,
  "summary_bg_k": 55.719609131106125,
  "summary_bg_mad": 7.800115861009308,
  "summary_bg_mean": 9.553503360223733,
  "summary_bg_median": 5.261098198592663,
  "summary_bg_n": 7058890.0,
  "summary_bg_p05": 0.0,
  "summary_bg_p95": 36.21896528452635,
  "summary_bg_stdv": 13.96474051376875,
  "summary_csf_k": 8.070270224576824,
  "summary_csf_mad": 71.74817316779637,
  "summary_csf_mean": 307.32164751519986,
  "summary_csf_median": 298.7521134093404,
  "summary_csf_n": 61222.0,
  "summary_csf_p05": 153.31535833105445,
  "summary_csf_p95": 490.54088282324363,
  "summary_csf_stdv": 103.39696655569347,
  "summary_gm_k": 0.12239079343270642,
  "summary_gm_mad": 58.14631823661484,
  "summary_gm_mean": 760.5560485930207,
  "summary_gm_median": 759.8591084182262,
  "summary_gm_n": 92058.0,
  "summary_gm_p05": 664.3332179859281,
  "summary_gm_p95": 858.5155696794391,
  "summary_gm_stdv": 58.88352771497654,
  "summary_wm_k": 0.17464369300198657,
  "summary_wm_mad": 61.24057907404002,
  "summary_wm_mean": 1007.6429733854226,
  "summary_wm_median": 1000.0869393870234,
  "summary_wm_n": 545901.0,
  "summary_wm_p05": 916.3006895631552,
  "summary_wm_p95": 1124.7445305883884,
  "summary_wm_stdv": 63.277240104331874,
  "tpm_overlap_csf": 0.1346926130241754,
  "tpm_overlap_gm": 0.438539184829385,
  "tpm_overlap_wm": 0.49683985965905664,
  "wm2max": 0.5605215060314366
}