{
  "bids_meta": {
    "AcquisitionMatrixPE": 300,
    "AcquisitionNumber": 1,
    "AcquisitionTime": "06:51:23.567500",
    "BaseResolution": 320,
    "BodyPartExamined": "HEAD",
    "ConsistencyInfo": "N4_VE11C_LATEST_20160120",
    "ConversionSoftware": "dcm2niix",
    "ConversionSoftwareVersion": "v1.0.20190902",
    "DeviceSerialNumber": "67064",
    "DwellTime": 7.1e-06,
    "EchoTime": 0.00222,
    "FlipAngle": 8,
    "ImageOrientationPatientDICOM": [
      0.00245982,
      0.999981,
      0.00558258,
      0.0294672,
      0.00550769,
      -0.999551
    ],
    "ImageType": [
      "ORIGINAL",
      "PRIMARY",
      "M",
      "ND"
    ],
    "ImagingFrequency": 123.247,
    "InPlanePhaseEncodingDirectionDICOM": "ROW",
    "InstitutionAddress": "Scott_Ave_4525_St._Louis_MO_US_63110",
    "InstitutionName": "Washington_University",
    "InstitutionalDepartmentName": "Department",
    "InversionTime": 1,
    "MRAcquisitionType": "3D",
    "MagneticFieldStrength": 3,
    "Manufacturer": "Siemens",
    "ManufacturersModelName": "Prisma_fit",
    "Modality": "MR",
    "ParallelReductionFactorInPlane": 2,
    "PartialFourier": 1,
    "PatientPosition": "HFS",
    "PercentPhaseFOV": 93.75,
    "PhaseEncodingSteps": 299,
    "PhaseResolution": 1,
    "PixelBandwidth": 220,
    "ProcedureStepDescription": "head_Braver",
    "ProtocolName": "T1w_MPR",
    "PulseSequenceDetails": "%SiemensSeq%_tfl",
    "ReceiveCoilActiveElements": "HEA;HEP",
    "ReceiveCoilName": "Head_32",
    "ReconMatrixPE": 300,
    "RefLinesPE": 32,
    "RepetitionTime": 2.4,
    "SAR": 0.0384611,
    "ScanOptions": "IR_WE",
    "ScanningSequence": "GR_IR",
    "SequenceName": "_tfl3d1_16ns",
    "SequenceVariant": "SK_SP_MP",
    "SeriesDescription": "T1w_MPR",
    "SeriesNumber": 11,
    "ShimSetting": [
      -1992,
      -11509,
      5861,
      512,
      20,
      108,
      121,
      -37
    ],
    "SliceThickness": 0.8,
    "SoftwareVersions": "syngo_MR_E11",
    "StationName": "MRC35177",
    "TxRefAmp": 240.153,
    "dataset": "ds003465",
    "modality": "T1w",
    "session_id": "wave1rea",
    "subject_id": "f2593wi"
  },
  "cjv": 0.5463985940138002,
  "cnr": 2.509359879534648,
  "efc": 0.5579030816552787,
  "fber": 13548.32219928692,
  "fwhm_avg": 4.8471958792679075,
  "fwhm_x": 4.757887783592211,
  "fwhm_y": 4.744912429295295,
  "fwhm_z": 5.038787424916217,
  "icvs_csf": 0.1829974519833379,
  "icvs_gm": 0.3888070417915026,
  "icvs_wm": 0.42819550622515956,
  "inu_med": 1.0056202411651611,
  "inu_range": 0.9584355354309082,
  "provenance": {
    "md5sum": "e860e01626d0dd851ae42be63e9a23fc",
    "settings": {
      "testing": false
    },
    "software": "mriqc",
    "version": "22.0.6",
    "warnings": {
      "large_rot_frame": true,
      "small_air_mask": false
    },
    "webapi_port": null,
    "webapi_url": "https://mriqc.nimh.nih.gov/api/v1"
  },
  "qi_1": 0.0,
  "qi_2": 0.0013793675215352757,
  "rpve_csf": 23.631234147695526,
  "rpve_gm": 10.968774751499833,
  "rpve_wm": 11.586880987592327,
  "size_x": 208,
  "size_y": 300,
  "size_z": 320,
  "snr_csf": 3.071942667371871,
  "snr_gm": 13.215015443852328,
  "snr_total": 9.947915117749027,
  "snr_wm": 13.55678724202288,
  "snrd_csf": 19.23465469549181,
  "snrd_gm": 46.223362549405536,
  "snrd_total": 42.0040718277376,
  "snrd_wm": 60.55419823831544,
  "spacing_x": 0.7999999523162842,
  "spacing_y": 0.800000011920929,
  "spacing_z": 0.800000011920929,
  "summary_bg_k": 7.427548036790858,
  "summary_bg_mad": 0.0,
  "summary_bg_mean": 7.7453906556958065,
  "summary_bg_median": 0.0,
  "summary_bg_n": 6799997.0,
  "summary_bg_p05": 0.0,
  "summary_bg_p95": 29.383101034909487,
  "summary_bg_stdv": 10.819535920945517,
  "summary_csf_k": 1.9915945978395841,
  "summary_csf_mad": 79.18000340945346,
  "summary_csf_mean": 324.96880493007,
  "summary_csf_median": 317.65909725800157,
  "summary_csf_n": 94797.0,
  "summary_csf_p05": 161.5826915949583,
  "summary_csf_p95": 506.96813128888607,
  "summary_csf_stdv": 103.40603851671052,
  "summary_gm_k": 0.25530738245806894,
  "summary_gm_mad": 56.06175423881011,
  "summary_gm_mean": 764.584454921939,
  "summary_gm_median": 763.3758885785937,
  "summary_gm_n": 61132.0,
  "summary_gm_p05": 671.3283299468458,
  "summary_gm_p95": 861.2221023067832,
  "summary_gm_stdv": 57.765323705289866,
  "summary_wm_k": 0.12693005213237907,
  "summary_wm_mad": 73.2559520594761,
  "summary_wm_mean": 1009.1703068340262,
  "summary_wm_median": 1000.0487272627652,
  "summary_wm_n": 538605.0,
  "summary_wm_p05": 904.9800205975771,
  "summary_wm_p95": 1146.0871249437332,
  "summary_wm_stdv": 73.76731529673107,
  "tpm_overlap_csf": 0.1384875730810538,
  "tpm_overlap_gm": 0.41570541845096914,
  "tpm_overlap_wm": 0.46633255547974384,
  "wm2max": 0.505281039958638
}