{
  "bids_meta": {
    "AcquisitionMatrixPE": 300,
    "AcquisitionNumber": 1,
    "AcquisitionTime": "06:58:10.412500",
    "BaseResolution": 320,
    "BodyPartExamined": "HEAD",
    "ConsistencyInfo": "N4_VE11C_LATEST_20160120",
    "ConversionSoftware": "dcm2niix",
    "ConversionSoftwareVersion": "v1.0.20190902",
    "DeviceSerialNumber": "67064",
    "DwellTime": 2.1e-06,
    "EchoTime": 0.563,
    "EchoTrainLength": 314,
    "FlipAngle": 120,
    "ImageOrientationPatientDICOM": [
      0.00245982,
      0.999981,
      0.00558258,
      0.0294672,
      0.00550769,
      -0.999551
    ],
    "ImageType": [
      "ORIGINAL",
      "PRIMARY",
      "M",
      "ND"
    ],
    "ImagingFrequency": 123.247,
    "InPlanePhaseEncodingDirectionDICOM": "ROW",
    "InstitutionAddress": "Scott_Ave_4525_St._Louis_MO_US_63110",
    "InstitutionName": "Washington_University",
    "InstitutionalDepartmentName": "Department",
    "MRAcquisitionType": "3D",
    "MagneticFieldStrength": 3,
    "Manufacturer": "Siemens",
    "ManufacturersModelName": "Prisma_fit",
    "Modality": "MR",
    "ParallelReductionFactorInPlane": 2,
    "PartialFourier": 1,
    "PatientPosition": "HFS",
    "PercentPhaseFOV": 93.75,
    "PhaseEncodingSteps": 297,
    "PhaseResolution": 1,
    "PixelBandwidth": 745,
    "ProcedureStepDescription": "head_Braver",
    "ProtocolName": "T2w_SPC",
    "PulseSequenceDetails": "%SiemensSeq%_tse_vfl",
    "ReceiveCoilActiveElements": "HEA;HEP",
    "ReceiveCoilName": "Head_32",
    "ReconMatrixPE": 300,
    "RefLinesPE": 32,
    "RepetitionTime": 3.2,
    "SAR": 0.129404,
    "ScanOptions": "PFP",
    "ScanningSequence": "SE",
    "SequenceName": "_spc_314ns",
    "SequenceVariant": "SK_SP",
    "SeriesDescription": "T2w_SPC",
    "SeriesNumber": 13,
    "ShimSetting": [
      -1992,
      -11509,
      5861,
      512,
      20,
      108,
      121,
      -37
    ],
    "SliceThickness": 0.8,
    "SoftwareVersions": "syngo_MR_E11",
    "StationName": "MRC35177",
    "TxRefAmp": 240.153,
    "dataset": "ds003465",
    "modality": "T2w",
    "session_id": "wave1rea",
    "subject_id": "f2593wi"
  },
  "cjv": 0.45272872455125546,
  "cnr": 1.448453322368163,
  "efc": 0.5215594954064344,
  "fber": 5676.656515450361,
  "fwhm_avg": 3.6578125317003622,
  "fwhm_x": 3.4711127068944396,
  "fwhm_y": 3.9619374409625316,
  "fwhm_z": 3.540387447244116,
  "icvs_csf": 0.3384323686745031,
  "icvs_gm": 0.4996684607543303,
  "icvs_wm": 0.16189917057116657,
  "inu_med": 0.9528948068618774,
  "inu_range": 0.8897399246692659,
  "provenance": {
    "md5sum": "274312e35d70beb30a8fefa5ad69b596",
    "settings": {
      "testing": false
    },
    "software": "mriqc",
    "version": "22.0.6",
    "warnings": {
      "large_rot_frame": true,
      "small_air_mask": false
    },
    "webapi_port": null,
    "webapi_url": "https://mriqc.nimh.nih.gov/api/v1"
  },
  "qi_1": 0.0,
  "qi_2": 0.001573077529646124,
  "rpve_csf": 12.014734010722542,
  "rpve_gm": 9.737459339196644,
  "rpve_wm": 31.995493477105224,
  "size_x": 208,
  "size_y": 300,
  "size_z": 320,
  "snr_csf": 8.38850804234773,
  "snr_gm": 8.966820653571945,
  "snr_total": 6.512400249662879,
  "snr_wm": 2.1818720530689637,
  "snrd_csf": 58.63922377319794,
  "snrd_gm": 34.488105331110695,
  "snrd_total": 65.47255453064487,
  "snrd_wm": 103.290334487626,
  "spacing_x": 0.7999999523162842,
  "spacing_y": 0.800000011920929,
  "spacing_z": 0.800000011920929,
  "summary_bg_k": 12.339446024896292,
  "summary_bg_mad": 0.0,
  "summary_bg_mean": 4.168059654969821,
  "summary_bg_median": 0.0,
  "summary_bg_n": 6854287.0,
  "summary_bg_p05": 0.0,
  "summary_bg_p95": 16.558363527059555,
  "summary_bg_stdv": 6.3438902290553845,
  "summary_csf_k": 1.4624552546684892,
  "summary_csf_mad": 60.08910114254158,
  "summary_csf_mean": 573.588983331628,
  "summary_csf_median": 567.8219050783664,
  "summary_csf_n": 90426.0,
  "summary_csf_p05": 475.0481379185803,
  "summary_csf_p95": 693.3273210707121,
  "summary_csf_stdv": 67.69007819963875,
  "summary_gm_k": 0.8732439199157742,
  "summary_gm_mad": 34.39779899133615,
  "summary_gm_mean": 335.33079117971135,
  "summary_gm_median": 333.95908764749765,
  "summary_gm_n": 596823.0,
  "summary_gm_p05": 276.967510856688,
  "summary_gm_p95": 398.4115549810231,
  "summary_gm_stdv": 37.24383711563018,
  "summary_wm_k": -1.4217117589397632,
  "summary_wm_mad": 267.2252247366353,
  "summary_wm_mean": 742.5563818443281,
  "summary_wm_median": 1000.19254572317,
  "summary_wm_n": 91515.0,
  "summary_wm_p05": 31.35980766825378,
  "summary_wm_p95": 1239.2130045840518,
  "summary_wm_stdv": 458.4077602828316,
  "tpm_overlap_csf": 0.12188473190054627,
  "tpm_overlap_gm": 0.3282143852416347,
  "tpm_overlap_wm": 0.028458209038013802,
  "wm2max": 0.8142719987460078
}