{
  "aor": 0.0008302459016393444,
  "aqi": 0.013458853901639343,
  "bids_meta": {
    "AcquisitionMatrixPE": 90,
    "AcquisitionNumber": 1,
    "AcquisitionTime": "19:20:29.447500",
    "BandwidthPerPixelPhaseEncode": 18.832,
    "BaseResolution": 90,
    "BodyPartExamined": "HEAD",
    "ConsistencyInfo": "N4_VE11C_LATEST_20160120",
    "ConversionSoftware": "dcm2niix",
    "ConversionSoftwareVersion": "v1.0.20190902",
    "DerivedVendorReportedEchoSpacing": 0.000590012,
    "DeviceSerialNumber": "67064",
    "DwellTime": 2.5e-06,
    "EchoTime": 0.033,
    "EchoTrainLength": 90,
    "EffectiveEchoSpacing": 0.000590012,
    "FlipAngle": 63,
    "ImageComments": "Unaliased_MB4_PE3_LB",
    "ImageOrientationPatientDICOM": [
      0.998887,
      0.0235182,
      0.0408789,
      -0.00784542,
      0.937575,
      -0.347695
    ],
    "ImageType": [
      "ORIGINAL",
      "PRIMARY",
      "M",
      "MB",
      "ND",
      "MOSAIC"
    ],
    "ImagingFrequency": 123.247,
    "InPlanePhaseEncodingDirectionDICOM": "COL",
    "InstitutionAddress": "Scott_Ave_4525_St._Louis_MO_US_63110",
    "InstitutionName": "Washington_University",
    "InstitutionalDepartmentName": "Department",
    "MRAcquisitionType": "2D",
    "MagneticFieldStrength": 3,
    "Manufacturer": "Siemens",
    "ManufacturersModelName": "Prisma_fit",
    "Modality": "MR",
    "MultibandAccelerationFactor": 4,
    "PartialFourier": 1,
    "PatientPosition": "HFS",
    "PercentPhaseFOV": 100,
    "PhaseEncodingDirection": "j",
    "PhaseEncodingSteps": 90,
    "PhaseResolution": 1,
    "PixelBandwidth": 2220,
    "ProcedureStepDescription": "head_Braver",
    "ProtocolName": "tfMRI_AxcptBas2_PA",
    "PulseSequenceDetails": "%CustomerSeq%_cmrr_mbep2d_bold",
    "ReceiveCoilActiveElements": "HEA;HEP",
    "ReceiveCoilName": "Head_32",
    "ReconMatrixPE": 90,
    "RepetitionTime": 1.2,
    "SAR": 0.0693368,
    "ScanOptions": "FS_EXT",
    "ScanningSequence": "EP",
    "SequenceName": "epfid2d1_90",
    "SequenceVariant": "SK_SS",
    "SeriesDescription": "tfMRI_AxcptBas2_PA",
    "SeriesNumber": 32,
    "ShimSetting": [
      -2003,
      -11529,
      5854,
      421,
      58,
      51,
      35,
      -30
    ],
    "SliceThickness": 2.4,
    "SliceTiming": [
      0,
      0.63,
      0.08,
      0.7075,
      0.1575,
      0.7875,
      0.2375,
      0.865,
      0.315,
      0.945,
      0.3925,
      1.0225,
      0.4725,
      1.1025,
      0.55,
      0,
      0.63,
      0.08,
      0.7075,
      0.1575,
      0.7875,
      0.2375,
      0.865,
      0.315,
      0.945,
      0.3925,
      1.0225,
      0.4725,
      1.1025,
      0.55,
      0,
      0.63,
      0.08,
      0.7075,
      0.1575,
      0.7875,
      0.2375,
      0.865,
      0.315,
      0.945,
      0.3925,
      1.0225,
      0.4725,
      1.1025,
      0.55,
      0,
      0.63,
      0.08,
      0.7075,
      0.1575,
      0.7875,
      0.2375,
      0.865,
      0.315,
      0.945,
      0.3925,
      1.0225,
      0.4725,
      1.1025,
      0.55
    ],
    "SoftwareVersions": "syngo_MR_E11",
    "SpacingBetweenSlices": 2.4,
    "StationName": "MRC35177",
    "TaskName": "Axcpt",
    "TotalReadoutTime": 0.0525111,
    "TxRefAmp": 277.931,
    "VendorReportedEchoSpacing": 0.00059,
    "WipMemBlock": "cc6a9af7-0c92-4e52-9a1b-fe0aab1137e8||Sequence: ve11c/master r/068cfa9; Jul 21 2016 14:39:26 by eja",
    "acq_id": "mb4PA",
    "dataset": "ds003465",
    "modality": "bold",
    "run_id": 2,
    "session_id": "wave1bas",
    "subject_id": "f1828ko",
    "task_id": "Axcpt"
  },
  "dummy_trs": 0,
  "dvars_nstd": 34.29813107220034,
  "dvars_std": 1.0449946430049268,
  "dvars_vstd": 0.9607471578817728,
  "efc": 0.5032690694304797,
  "fber": 661.9028930664062,
  "fd_mean": 0.18954492303643242,
  "fd_num": 249,
  "fd_perc": 40.81967213114754,
  "fwhm_avg": 2.8113611932068596,
  "fwhm_x": 2.5812415640973425,
  "fwhm_y": 2.8701751710757715,
  "fwhm_z": 2.9826668444474644,
  "gcor": 0.0100893,
  "gsr_x": -0.01238961424678564,
  "gsr_y": 0.07931899279356003,
  "provenance": {
    "md5sum": "50b42e702dedac5861a4344374b07171",
    "settings": {
      "fd_thres": 0.2,
      "testing": false
    },
    "software": "mriqc",
    "version": "22.0.6",
    "webapi_port": null,
    "webapi_url": "https://mriqc.nimh.nih.gov/api/v1"
  },
  "size_t": 610,
  "size_x": 90,
  "size_y": 90,
  "size_z": 60,
  "snr": 2.732663424164892,
  "spacing_tr": 1.2000000476837158,
  "spacing_x": 2.4000000953674316,
  "spacing_y": 2.3999998569488525,
  "spacing_z": 2.3999998569488525,
  "summary_bg_k": 38.24551320613845,
  "summary_bg_mad": 57.36940550619256,
  "summary_bg_mean": 314.0530090332031,
  "summary_bg_median": 142.1704864501953,
  "summary_bg_n": 344856.0,
  "summary_bg_p05": 100.0618839263916,
  "summary_bg_p95": 1195.9663696289062,
  "summary_bg_stdv": 463.30328369140625,
  "summary_fg_k": 2.3107801263080603,
  "summary_fg_mad": 1159.5046097913532,
  "summary_fg_mean": 3947.72314453125,
  "summary_fg_median": 3689.588623046875,
  "summary_fg_n": 70075.0,
  "summary_fg_p05": 2251.294384765625,
  "summary_fg_p95": 6494.751513671876,
  "summary_fg_stdv": 1350.1707763671875,
  "tsnr": 35.89275342610199
}