{
  "aor": 0.002161421404682274,
  "aqi": 0.01361535008361204,
  "bids_meta": {
    "AcquisitionMatrixPE": 90,
    "AcquisitionNumber": 1,
    "AcquisitionTime": "19:34:54.692500",
    "BandwidthPerPixelPhaseEncode": 18.832,
    "BaseResolution": 90,
    "BodyPartExamined": "HEAD",
    "ConsistencyInfo": "N4_VE11C_LATEST_20160120",
    "ConversionSoftware": "dcm2niix",
    "ConversionSoftwareVersion": "v1.0.20190902",
    "DerivedVendorReportedEchoSpacing": 0.000590012,
    "DeviceSerialNumber": "67064",
    "DwellTime": 2.5e-06,
    "EchoTime": 0.033,
    "EchoTrainLength": 90,
    "EffectiveEchoSpacing": 0.000590012,
    "FlipAngle": 63,
    "ImageComments": "Unaliased_MB4_PE3_LB",
    "ImageOrientationPatientDICOM": [
      0.998887,
      0.0235182,
      0.0408789,
      -0.00784542,
      0.937575,
      -0.347695
    ],
    "ImageType": [
      "ORIGINAL",
      "PRIMARY",
      "M",
      "MB",
      "ND",
      "MOSAIC"
    ],
    "ImagingFrequency": 123.247,
    "InPlanePhaseEncodingDirectionDICOM": "COL",
    "InstitutionAddress": "Scott_Ave_4525_St._Louis_MO_US_63110",
    "InstitutionName": "Washington_University",
    "InstitutionalDepartmentName": "Department",
    "MRAcquisitionType": "2D",
    "MagneticFieldStrength": 3,
    "Manufacturer": "Siemens",
    "ManufacturersModelName": "Prisma_fit",
    "Modality": "MR",
    "MultibandAccelerationFactor": 4,
    "PartialFourier": 1,
    "PatientPosition": "HFS",
    "PercentPhaseFOV": 100,
    "PhaseEncodingDirection": "j-",
    "PhaseEncodingSteps": 90,
    "PhaseResolution": 1,
    "PixelBandwidth": 2220,
    "ProcedureStepDescription": "head_Braver",
    "ProtocolName": "tfMRI_SternBas1_AP",
    "PulseSequenceDetails": "%CustomerSeq%_cmrr_mbep2d_bold",
    "ReceiveCoilActiveElements": "HEA;HEP",
    "ReceiveCoilName": "Head_32",
    "ReconMatrixPE": 90,
    "RepetitionTime": 1.2,
    "SAR": 0.0693323,
    "ScanOptions": "FS_EXT",
    "ScanningSequence": "EP",
    "SequenceName": "epfid2d1_90",
    "SequenceVariant": "SK_SS",
    "SeriesDescription": "tfMRI_SternBas1_AP",
    "SeriesNumber": 34,
    "ShimSetting": [
      -2003,
      -11529,
      5854,
      421,
      58,
      51,
      35,
      -30
    ],
    "SliceThickness": 2.4,
    "SliceTiming": [
      0,
      0.63,
      0.0775,
      0.7075,
      0.1575,
      0.7875,
      0.235,
      0.865,
      0.315,
      0.945,
      0.3925,
      1.0225,
      0.4725,
      1.1,
      0.55,
      0,
      0.63,
      0.0775,
      0.7075,
      0.1575,
      0.7875,
      0.235,
      0.865,
      0.315,
      0.945,
      0.3925,
      1.0225,
      0.4725,
      1.1,
      0.55,
      0,
      0.63,
      0.0775,
      0.7075,
      0.1575,
      0.7875,
      0.235,
      0.865,
      0.315,
      0.945,
      0.3925,
      1.0225,
      0.4725,
      1.1,
      0.55,
      0,
      0.63,
      0.0775,
      0.7075,
      0.1575,
      0.7875,
      0.235,
      0.865,
      0.315,
      0.945,
      0.3925,
      1.0225,
      0.4725,
      1.1,
      0.55
    ],
    "SoftwareVersions": "syngo_MR_E11",
    "SpacingBetweenSlices": 2.4,
    "StationName": "MRC35177",
    "TaskName": "Stern",
    "TotalReadoutTime": 0.0525111,
    "TxRefAmp": 277.931,
    "VendorReportedEchoSpacing": 0.00059,
    "WipMemBlock": "53f0e3fb-d483-4b43-959c-4af8f5cb8bf8||Sequence: ve11c/master r/068cfa9; Jul 21 2016 14:39:26 by eja",
    "acq_id": "mb4AP",
    "dataset": "ds003465",
    "modality": "bold",
    "run_id": 1,
    "session_id": "wave1bas",
    "subject_id": "f1828ko",
    "task_id": "Stern"
  },
  "dummy_trs": 2,
  "dvars_nstd": 47.45638456941376,
  "dvars_std": 1.1806765696147394,
  "dvars_vstd": 1.0006296276716913,
  "efc": 0.5162275868194682,
  "fber": 615.6268920898438,
  "fd_mean": 0.3816122305038037,
  "fd_num": 478,
  "fd_perc": 79.93311036789298,
  "fwhm_avg": 2.807175080774043,
  "fwhm_x": 2.6136207294773763,
  "fwhm_y": 2.9332751748368247,
  "fwhm_z": 2.8746293380079275,
  "gcor": 0.0146785,
  "gsr_x": -0.01821431890130043,
  "gsr_y": 0.07718228548765182,
  "provenance": {
    "md5sum": "5330786fe812f1eeabcd789bf87ab2ca",
    "settings": {
      "fd_thres": 0.2,
      "testing": false
    },
    "software": "mriqc",
    "version": "22.0.6",
    "webapi_port": null,
    "webapi_url": "https://mriqc.nimh.nih.gov/api/v1"
  },
  "size_t": 598,
  "size_x": 90,
  "size_y": 90,
  "size_z": 60,
  "snr": 2.75964560062885,
  "spacing_tr": 1.2000000476837158,
  "spacing_x": 2.4000000953674316,
  "spacing_y": 2.3999998569488525,
  "spacing_z": 2.3999998569488525,
  "summary_bg_k": 23.038733736816088,
  "summary_bg_mad": 57.21654382420949,
  "summary_bg_mean": 294.7025451660156,
  "summary_bg_median": 142.3812713623047,
  "summary_bg_n": 333845.0,
  "summary_bg_p05": 99.22441711425782,
  "summary_bg_p95": 1046.5207519531248,
  "summary_bg_stdv": 402.66412353515625,
  "summary_fg_k": 1.9041650685741427,
  "summary_fg_mad": 1112.3695506617369,
  "summary_fg_mean": 3879.392333984375,
  "summary_fg_median": 3614.90380859375,
  "summary_fg_n": 76082.0,
  "summary_fg_p05": 2203.7063598632812,
  "summary_fg_p95": 6394.866796875,
  "summary_fg_stdv": 1309.9073486328125,
  "tsnr": 31.830023887800053
}