{
  "aor": 0.0009049152542372883,
  "aqi": 0.012516345038520801,
  "bids_meta": {
    "AcquisitionMatrixPE": 90,
    "AcquisitionNumber": 1,
    "AcquisitionTime": "18:30:39.837500",
    "BandwidthPerPixelPhaseEncode": 18.832,
    "BaseResolution": 90,
    "BodyPartExamined": "HEAD",
    "ConsistencyInfo": "N4_VE11C_LATEST_20160120",
    "ConversionSoftware": "dcm2niix",
    "ConversionSoftwareVersion": "v1.0.20190902",
    "DerivedVendorReportedEchoSpacing": 0.000590012,
    "DeviceSerialNumber": "67064",
    "DwellTime": 2.5e-06,
    "EchoTime": 0.033,
    "EchoTrainLength": 90,
    "EffectiveEchoSpacing": 0.000590012,
    "FlipAngle": 63,
    "ImageComments": "Unaliased_MB4_PE3_LB",
    "ImageOrientationPatientDICOM": [
      0.998887,
      0.0235182,
      0.0408789,
      -0.00784542,
      0.937575,
      -0.347695
    ],
    "ImageType": [
      "ORIGINAL",
      "PRIMARY",
      "M",
      "MB",
      "ND",
      "MOSAIC"
    ],
    "ImagingFrequency": 123.247,
    "InPlanePhaseEncodingDirectionDICOM": "COL",
    "InstitutionAddress": "Scott_Ave_4525_St._Louis_MO_US_63110",
    "InstitutionName": "Washington_University",
    "InstitutionalDepartmentName": "Department",
    "MRAcquisitionType": "2D",
    "MagneticFieldStrength": 3,
    "Manufacturer": "Siemens",
    "ManufacturersModelName": "Prisma_fit",
    "Modality": "MR",
    "MultibandAccelerationFactor": 4,
    "PartialFourier": 1,
    "PatientPosition": "HFS",
    "PercentPhaseFOV": 100,
    "PhaseEncodingDirection": "j-",
    "PhaseEncodingSteps": 90,
    "PhaseResolution": 1,
    "PixelBandwidth": 2220,
    "ProcedureStepDescription": "head_Braver",
    "ProtocolName": "tfMRI_CuedtsBas1_AP",
    "PulseSequenceDetails": "%CustomerSeq%_cmrr_mbep2d_bold",
    "ReceiveCoilActiveElements": "HEA;HEP",
    "ReceiveCoilName": "Head_32",
    "ReconMatrixPE": 90,
    "RepetitionTime": 1.2,
    "SAR": 0.0693533,
    "ScanOptions": "FS_EXT",
    "ScanningSequence": "EP",
    "SequenceName": "epfid2d1_90",
    "SequenceVariant": "SK_SS",
    "SeriesDescription": "tfMRI_CuedtsBas1_AP",
    "SeriesNumber": 24,
    "ShimSetting": [
      -2003,
      -11529,
      5854,
      421,
      58,
      51,
      35,
      -30
    ],
    "SliceThickness": 2.4,
    "SliceTiming": [
      0,
      0.63,
      0.0775,
      0.7075,
      0.1575,
      0.7875,
      0.235,
      0.865,
      0.315,
      0.945,
      0.3925,
      1.0225,
      0.4725,
      1.1,
      0.55,
      0,
      0.63,
      0.0775,
      0.7075,
      0.1575,
      0.7875,
      0.235,
      0.865,
      0.315,
      0.945,
      0.3925,
      1.0225,
      0.4725,
      1.1,
      0.55,
      0,
      0.63,
      0.0775,
      0.7075,
      0.1575,
      0.7875,
      0.235,
      0.865,
      0.315,
      0.945,
      0.3925,
      1.0225,
      0.4725,
      1.1,
      0.55,
      0,
      0.63,
      0.0775,
      0.7075,
      0.1575,
      0.7875,
      0.235,
      0.865,
      0.315,
      0.945,
      0.3925,
      1.0225,
      0.4725,
      1.1,
      0.55
    ],
    "SoftwareVersions": "syngo_MR_E11",
    "SpacingBetweenSlices": 2.4,
    "StationName": "MRC35177",
    "TaskName": "Cuedts",
    "TotalReadoutTime": 0.0525111,
    "TxRefAmp": 277.931,
    "VendorReportedEchoSpacing": 0.00059,
    "WipMemBlock": "ceb8d810-83c3-47f1-8896-b75e84c4e0bd||Sequence: ve11c/master r/068cfa9; Jul 21 2016 14:39:26 by eja",
    "acq_id": "mb4AP",
    "dataset": "ds003465",
    "modality": "bold",
    "run_id": 1,
    "session_id": "wave1bas",
    "subject_id": "f1828ko",
    "task_id": "Cuedts"
  },
  "dummy_trs": 1,
  "dvars_nstd": 40.59027476986111,
  "dvars_std": 1.1528159512654312,
  "dvars_vstd": 0.972057723858025,
  "efc": 0.5113581934712976,
  "fber": 651.4387817382812,
  "fd_mean": 0.19343670964501766,
  "fd_num": 276,
  "fd_perc": 42.526964560862865,
  "fwhm_avg": 2.832029248320568,
  "fwhm_x": 2.631787395422165,
  "fwhm_y": 2.930521008005997,
  "fwhm_z": 2.9337793415335423,
  "gcor": 0.0109749,
  "gsr_x": -0.021803757175803185,
  "gsr_y": 0.08712281286716461,
  "provenance": {
    "md5sum": "52615e57f91fbde4f50174ae2f45985e",
    "settings": {
      "fd_thres": 0.2,
      "testing": false
    },
    "software": "mriqc",
    "version": "22.0.6",
    "webapi_port": null,
    "webapi_url": "https://mriqc.nimh.nih.gov/api/v1"
  },
  "size_t": 649,
  "size_x": 90,
  "size_y": 90,
  "size_z": 60,
  "snr": 2.733181452633127,
  "spacing_tr": 1.2000000476837158,
  "spacing_x": 2.4000000953674316,
  "spacing_y": 2.3999998569488525,
  "spacing_z": 2.3999998569488525,
  "summary_bg_k": 53.21831523649356,
  "summary_bg_mad": 50.66205343619775,
  "summary_bg_mean": 295.8446350097656,
  "summary_bg_median": 136.72727966308594,
  "summary_bg_n": 336355.0,
  "summary_bg_p05": 99.23574829101562,
  "summary_bg_p95": 1042.1211425781246,
  "summary_bg_stdv": 469.2406921386719,
  "summary_fg_k": 2.303194490379706,
  "summary_fg_mad": 1091.8737332738801,
  "summary_fg_mean": 3843.3583984375,
  "summary_fg_median": 3578.7822265625,
  "summary_fg_n": 75302.0,
  "summary_fg_p05": 2193.1972778320314,
  "summary_fg_p95": 6345.058154296875,
  "summary_fg_stdv": 1309.3746337890625,
  "tsnr": 37.03752066649031
}