{
  "bids_meta": {
    "AcquisitionMatrixPE": 300,
    "AcquisitionNumber": 1,
    "AcquisitionTime": "18:32:27.982500",
    "BaseResolution": 320,
    "BodyPartExamined": "HEAD",
    "ConsistencyInfo": "N4_VE11C_LATEST_20160120",
    "ConversionSoftware": "dcm2niix",
    "ConversionSoftwareVersion": "v1.0.20190902",
    "DeviceSerialNumber": "67064",
    "DwellTime": 2.1e-06,
    "EchoTime": 0.563,
    "EchoTrainLength": 314,
    "FlipAngle": 120,
    "ImageOrientationPatientDICOM": [
      -0.00627003,
      0.999865,
      -0.0151808,
      0.0198971,
      -0.0150534,
      -0.999689
    ],
    "ImageType": [
      "ORIGINAL",
      "PRIMARY",
      "M",
      "ND"
    ],
    "ImagingFrequency": 123.247,
    "InPlanePhaseEncodingDirectionDICOM": "ROW",
    "InstitutionAddress": "Scott_Ave_4525_St._Louis_MO_US_63110",
    "InstitutionName": "Washington_University",
    "InstitutionalDepartmentName": "Department",
    "MRAcquisitionType": "3D",
    "MagneticFieldStrength": 3,
    "Manufacturer": "Siemens",
    "ManufacturersModelName": "Prisma_fit",
    "Modality": "MR",
    "ParallelReductionFactorInPlane": 2,
    "PartialFourier": 1,
    "PatientPosition": "HFS",
    "PercentPhaseFOV": 93.75,
    "PhaseEncodingSteps": 297,
    "PhaseResolution": 1,
    "PixelBandwidth": 745,
    "ProcedureStepDescription": "head_Braver",
    "ProtocolName": "T2w_SPC",
    "PulseSequenceDetails": "%SiemensSeq%_tse_vfl",
    "ReceiveCoilActiveElements": "HEA;HEP",
    "ReceiveCoilName": "Head_32",
    "ReconMatrixPE": 300,
    "RefLinesPE": 32,
    "RepetitionTime": 3.2,
    "SAR": 0.129064,
    "ScanOptions": "PFP",
    "ScanningSequence": "SE",
    "SequenceName": "_spc_314ns",
    "SequenceVariant": "SK_SP",
    "SeriesDescription": "T2w_SPC",
    "SeriesNumber": 13,
    "ShimSetting": [
      -1987,
      -11523,
      5806,
      495,
      38,
      270,
      -95,
      -42
    ],
    "SliceThickness": 0.8,
    "SoftwareVersions": "syngo_MR_E11",
    "StationName": "MRC35177",
    "TxRefAmp": 238.728,
    "dataset": "ds003465",
    "modality": "T2w",
    "session_id": "wave1bas",
    "subject_id": "f2499cq"
  },
  "cjv": 2.72238608534599,
  "cnr": 0.5668616834322087,
  "efc": 0.5094241371761974,
  "fber": 7528.419807092402,
  "fwhm_avg": 3.083408361093704,
  "fwhm_x": 2.9678251768961657,
  "fwhm_y": 3.378299949659408,
  "fwhm_z": 2.9040999567255383,
  "icvs_csf": 0.3431363017525931,
  "icvs_gm": 0.5096715081336428,
  "icvs_wm": 0.14719219011376405,
  "inu_med": 0.9178281426429749,
  "inu_range": 0.6925819993019103,
  "provenance": {
    "md5sum": "8f084e0049dec71da0bfdc12042aa991",
    "settings": {
      "testing": false
    },
    "software": "mriqc",
    "version": "22.0.6",
    "warnings": {
      "large_rot_frame": true,
      "small_air_mask": false
    },
    "webapi_port": null,
    "webapi_url": "https://mriqc.nimh.nih.gov/api/v1"
  },
  "qi_1": 0.0014140566937007677,
  "qi_2": 0.0007709874586032488,
  "rpve_csf": 14.104794073157315,
  "rpve_gm": 11.19122390274638,
  "rpve_wm": 41.4366160298791,
  "size_x": 208,
  "size_y": 300,
  "size_z": 320,
  "snr_csf": 5.309385178589073,
  "snr_gm": 8.019923530845332,
  "snr_total": 4.871290866756407,
  "snr_wm": 1.2845638908348171,
  "snrd_csf": 68.87954846064699,
  "snrd_gm": 37.98766537966645,
  "snrd_total": 58.375091847593005,
  "snrd_wm": 68.25806170246557,
  "spacing_x": 0.7999999523162842,
  "spacing_y": 0.800000011920929,
  "spacing_z": 0.800000011920929,
  "summary_bg_k": 598.297564422075,
  "summary_bg_mad": 9.699617675496432,
  "summary_bg_mean": 11.35268241686998,
  "summary_bg_median": 6.542292702943087,
  "summary_bg_n": 7000692.0,
  "summary_bg_p05": 0.0,
  "summary_bg_p95": 35.62383897602558,
  "summary_bg_stdv": 35.053636175475866,
  "summary_csf_k": 0.016426015431499685,
  "summary_csf_mad": 157.47798632507593,
  "summary_csf_mean": 1069.6935197285718,
  "summary_csf_median": 1019.7957031987607,
  "summary_csf_n": 107796.0,
  "summary_csf_p05": 830.4490898735821,
  "summary_csf_p95": 1471.9842019071802,
  "summary_csf_stdv": 192.07327000666857,
  "summary_gm_k": 0.67452541161519,
  "summary_gm_mad": 66.20771290758209,
  "summary_gm_mean": 566.3807774614334,
  "summary_gm_median": 562.4261307530105,
  "summary_gm_n": 483623.0,
  "summary_gm_p05": 458.5936143063009,
  "summary_gm_p95": 687.7004839293659,
  "summary_gm_stdv": 70.12854263733543,
  "summary_wm_k": -1.6667049701234549,
  "summary_wm_mad": 1153.8790343127657,
  "summary_wm_mean": 962.6513149265439,
  "summary_wm_median": 1010.5942850746214,
  "summary_wm_n": 68343.0,
  "summary_wm_p05": 36.21475573629141,
  "summary_wm_p95": 2118.715160597115,
  "summary_wm_stdv": 786.7159420497163,
  "tpm_overlap_csf": 0.12254865420345966,
  "tpm_overlap_gm": 0.3357177337423317,
  "tpm_overlap_wm": 0.02117989401976925,
  "wm2max": 0.499415960952818
}