{
  "bids_meta": {
    "AcquisitionMatrixPE": 300,
    "AcquisitionNumber": 1,
    "AcquisitionTime": "17:29:40.662500",
    "BaseResolution": 320,
    "BodyPartExamined": "HEAD",
    "ConsistencyInfo": "N4_VE11C_LATEST_20160120",
    "ConversionSoftware": "dcm2niix",
    "ConversionSoftwareVersion": "v1.0.20190902",
    "DeviceSerialNumber": "67064",
    "DwellTime": 2.1e-06,
    "EchoTime": 0.563,
    "EchoTrainLength": 314,
    "FlipAngle": 120,
    "ImageOrientationPatientDICOM": [
      0.00484054,
      0.998144,
      -0.0606991,
      0.00551165,
      -0.0607255,
      -0.998139
    ],
    "ImageType": [
      "ORIGINAL",
      "PRIMARY",
      "M",
      "ND"
    ],
    "ImagingFrequency": 123.247,
    "InPlanePhaseEncodingDirectionDICOM": "ROW",
    "InstitutionAddress": "Scott_Ave_4525_St._Louis_MO_US_63110",
    "InstitutionName": "Washington_University",
    "InstitutionalDepartmentName": "Department",
    "MRAcquisitionType": "3D",
    "MagneticFieldStrength": 3,
    "Manufacturer": "Siemens",
    "ManufacturersModelName": "Prisma_fit",
    "Modality": "MR",
    "ParallelReductionFactorInPlane": 2,
    "PartialFourier": 1,
    "PatientPosition": "HFS",
    "PercentPhaseFOV": 93.75,
    "PhaseEncodingSteps": 297,
    "PhaseResolution": 1,
    "PixelBandwidth": 745,
    "ProcedureStepDescription": "head_Braver",
    "ProtocolName": "T2w_SPC",
    "PulseSequenceDetails": "%SiemensSeq%_tse_vfl",
    "ReceiveCoilActiveElements": "HEA;HEP",
    "ReceiveCoilName": "Head_32",
    "ReconMatrixPE": 300,
    "RefLinesPE": 32,
    "RepetitionTime": 3.2,
    "SAR": 0.143338,
    "ScanOptions": "PFP",
    "ScanningSequence": "SE",
    "SequenceName": "_spc_314ns",
    "SequenceVariant": "SK_SP",
    "SeriesDescription": "T2w_SPC",
    "SeriesNumber": 13,
    "ShimSetting": [
      -1998,
      -11471,
      5836,
      518,
      -1,
      284,
      12,
      6
    ],
    "SliceThickness": 0.8,
    "SoftwareVersions": "syngo_MR_E11",
    "StationName": "MRC35177",
    "TxRefAmp": 256.451,
    "dataset": "ds003465",
    "modality": "T2w",
    "session_id": "wave1bas",
    "subject_id": "f2709ul"
  },
  "cjv": 0.508363106578562,
  "cnr": 1.4515923951602405,
  "efc": 0.5483286361973264,
  "fber": 5462.743881274475,
  "fwhm_avg": 3.6850708646498673,
  "fwhm_x": 3.4720127069480844,
  "fwhm_y": 3.9719624408131473,
  "fwhm_z": 3.611237446188369,
  "icvs_csf": 0.37455191985096226,
  "icvs_gm": 0.4733831146054111,
  "icvs_wm": 0.15206496554362667,
  "inu_med": 0.964235782623291,
  "inu_range": 0.9220583200454708,
  "provenance": {
    "md5sum": "bbd339f167f00688500608879a3b5217",
    "settings": {
      "testing": false
    },
    "software": "mriqc",
    "version": "22.0.6",
    "warnings": {
      "large_rot_frame": true,
      "small_air_mask": false
    },
    "webapi_port": null,
    "webapi_url": "https://mriqc.nimh.nih.gov/api/v1"
  },
  "qi_1": 0.0,
  "qi_2": 0.0011301131902018864,
  "rpve_csf": 11.149444357009216,
  "rpve_gm": 9.655064375003992,
  "rpve_wm": 32.21770778896139,
  "size_x": 208,
  "size_y": 300,
  "size_z": 320,
  "snr_csf": 9.19954923908816,
  "snr_gm": 8.167359725862159,
  "snr_total": 6.528029025528028,
  "snr_wm": 2.217178111633764,
  "snrd_csf": 61.33132224699227,
  "snrd_gm": 35.29789829173344,
  "snrd_total": 66.57951723922643,
  "snrd_wm": 103.10933117895361,
  "spacing_x": 0.7999999523162842,
  "spacing_y": 0.800000011920929,
  "spacing_z": 0.800000011920929,
  "summary_bg_k": 7.6478795721626724,
  "summary_bg_mad": 6.355273526806155,
  "summary_bg_mean": 6.5502985661658215,
  "summary_bg_median": 4.286566853523254,
  "summary_bg_n": 6923070.0,
  "summary_bg_p05": 0.0,
  "summary_bg_p95": 25.841178588569164,
  "summary_bg_stdv": 9.524919526219838,
  "summary_csf_k": 1.1737357165768367,
  "summary_csf_mad": 58.96682766633211,
  "summary_csf_mean": 597.7565120345131,
  "summary_csf_median": 594.955994874239,
  "summary_csf_n": 121647.0,
  "summary_csf_p05": 498.0211308002472,
  "summary_csf_p95": 706.942553922534,
  "summary_csf_stdv": 64.6720327254056,
  "summary_gm_k": 0.7428019982286984,
  "summary_gm_mad": 39.57602150783833,
  "summary_gm_mean": 344.4145646463032,
  "summary_gm_median": 342.4138829186559,
  "summary_gm_n": 548258.0,
  "summary_gm_p05": 279.6497762054205,
  "summary_gm_p95": 416.357161141932,
  "summary_gm_stdv": 41.92463441518874,
  "summary_wm_k": -1.2508795000866901,
  "summary_wm_mad": 294.83413833166054,
  "summary_wm_mean": 774.0304484853361,
  "summary_wm_median": 1000.2314064800739,
  "summary_wm_n": 88019.0,
  "summary_wm_p05": 35.775784381479035,
  "summary_wm_p95": 1287.3120437480507,
  "summary_wm_stdv": 451.1255633047391,
  "tpm_overlap_csf": 0.10906850759583846,
  "tpm_overlap_gm": 0.3248100119372293,
  "tpm_overlap_wm": 0.032424772928982305,
  "wm2max": 0.7865775411311793
}