{
  "bids_meta": {
    "AcquisitionMatrixPE": 300,
    "AcquisitionNumber": 1,
    "AcquisitionTime": "17:22:28.327500",
    "BaseResolution": 320,
    "BodyPartExamined": "HEAD",
    "ConsistencyInfo": "N4_VE11C_LATEST_20160120",
    "ConversionSoftware": "dcm2niix",
    "ConversionSoftwareVersion": "v1.0.20190902",
    "DeviceSerialNumber": "67064",
    "DwellTime": 7.1e-06,
    "EchoTime": 0.00222,
    "FlipAngle": 8,
    "ImageOrientationPatientDICOM": [
      0.00484054,
      0.998144,
      -0.0606991,
      0.00551165,
      -0.0607255,
      -0.998139
    ],
    "ImageType": [
      "ORIGINAL",
      "PRIMARY",
      "M",
      "ND"
    ],
    "ImagingFrequency": 123.247,
    "InPlanePhaseEncodingDirectionDICOM": "ROW",
    "InstitutionAddress": "Scott_Ave_4525_St._Louis_MO_US_63110",
    "InstitutionName": "Washington_University",
    "InstitutionalDepartmentName": "Department",
    "InversionTime": 1,
    "MRAcquisitionType": "3D",
    "MagneticFieldStrength": 3,
    "Manufacturer": "Siemens",
    "ManufacturersModelName": "Prisma_fit",
    "Modality": "MR",
    "ParallelReductionFactorInPlane": 2,
    "PartialFourier": 1,
    "PatientPosition": "HFS",
    "PercentPhaseFOV": 93.75,
    "PhaseEncodingSteps": 299,
    "PhaseResolution": 1,
    "PixelBandwidth": 220,
    "ProcedureStepDescription": "head_Braver",
    "ProtocolName": "T1w_MPR",
    "PulseSequenceDetails": "%SiemensSeq%_tfl",
    "ReceiveCoilActiveElements": "HEA;HEP",
    "ReceiveCoilName": "Head_32",
    "ReconMatrixPE": 300,
    "RefLinesPE": 32,
    "RepetitionTime": 2.4,
    "SAR": 0.0426024,
    "ScanOptions": "IR_WE",
    "ScanningSequence": "GR_IR",
    "SequenceName": "_tfl3d1_16ns",
    "SequenceVariant": "SK_SP_MP",
    "SeriesDescription": "T1w_MPR",
    "SeriesNumber": 11,
    "ShimSetting": [
      -1998,
      -11471,
      5836,
      518,
      -1,
      284,
      12,
      6
    ],
    "SliceThickness": 0.8,
    "SoftwareVersions": "syngo_MR_E11",
    "StationName": "MRC35177",
    "TxRefAmp": 256.451,
    "dataset": "ds003465",
    "modality": "T1w",
    "session_id": "wave1bas",
    "subject_id": "f2709ul"
  },
  "cjv": 0.5450124723779598,
  "cnr": 2.5340293806414347,
  "efc": 0.5698426486639553,
  "fber": 12101.571479591836,
  "fwhm_avg": 5.24532921744865,
  "fwhm_x": 5.191950309464353,
  "fwhm_y": 4.999912425495499,
  "fwhm_z": 5.5441249173861005,
  "icvs_csf": 0.1623914635209169,
  "icvs_gm": 0.4037240380199219,
  "icvs_wm": 0.4338844984591612,
  "inu_med": 0.9890773296356201,
  "inu_range": 1.0292410552501676,
  "provenance": {
    "md5sum": "17cdc0e7b742cf509615e4c4b546a898",
    "settings": {
      "testing": false
    },
    "software": "mriqc",
    "version": "22.0.6",
    "warnings": {
      "large_rot_frame": true,
      "small_air_mask": false
    },
    "webapi_port": null,
    "webapi_url": "https://mriqc.nimh.nih.gov/api/v1"
  },
  "qi_1": 0.0,
  "qi_2": 0.001079351494950054,
  "rpve_csf": 25.560507314056775,
  "rpve_gm": 10.417733322211177,
  "rpve_wm": 11.028246894976684,
  "size_x": 208,
  "size_y": 300,
  "size_z": 320,
  "snr_csf": 2.8311049558896793,
  "snr_gm": 13.421740841928194,
  "snr_total": 9.937570405866124,
  "snr_wm": 13.559865419780497,
  "snrd_csf": 17.37219735049935,
  "snrd_gm": 42.839949484444425,
  "snrd_total": 38.803837157251024,
  "snrd_wm": 56.19936463680929,
  "spacing_x": 0.7999999523162842,
  "spacing_y": 0.800000011920929,
  "spacing_z": 0.800000011920929,
  "summary_bg_k": 8.381828932819323,
  "summary_bg_mad": 0.0,
  "summary_bg_mean": 8.055075889542783,
  "summary_bg_median": 0.0,
  "summary_bg_n": 6832632.0,
  "summary_bg_p05": 0.0,
  "summary_bg_p95": 30.87701078504324,
  "summary_bg_stdv": 11.657968014044203,
  "summary_csf_k": 3.4490742272772597,
  "summary_csf_mad": 78.86181984536918,
  "summary_csf_mean": 317.3605975618084,
  "summary_csf_median": 309.13336680084467,
  "summary_csf_n": 76141.0,
  "summary_csf_p05": 139.07628387212753,
  "summary_csf_p95": 509.6523074284196,
  "summary_csf_stdv": 109.19105494309716,
  "summary_gm_k": 0.135631933068884,
  "summary_gm_mad": 56.08806504124306,
  "summary_gm_mean": 763.1756839811856,
  "summary_gm_median": 762.3248545080423,
  "summary_gm_n": 85164.0,
  "summary_gm_p05": 670.9911755472422,
  "summary_gm_p95": 858.0176408737898,
  "summary_gm_stdv": 56.79742947241022,
  "summary_wm_k": 0.08106898445379551,
  "summary_wm_mad": 73.47613458763666,
  "summary_wm_mean": 1009.7296119866069,
  "summary_wm_median": 1000.0518904849887,
  "summary_wm_n": 544344.0,
  "summary_wm_p05": 906.0716105997562,
  "summary_wm_p95": 1146.1338826864958,
  "summary_wm_stdv": 73.75080363565175,
  "tpm_overlap_csf": 0.13237451447535642,
  "tpm_overlap_gm": 0.4125828109485573,
  "tpm_overlap_wm": 0.44509770281437855,
  "wm2max": 0.48693652718819486
}