{
  "bids_meta": {
    "AcquisitionMatrixPE": 300,
    "AcquisitionNumber": 1,
    "AcquisitionTime": "15:38:30.477500",
    "BaseResolution": 320,
    "BodyPartExamined": "HEAD",
    "ConsistencyInfo": "N4_VE11C_LATEST_20160120",
    "ConversionSoftware": "dcm2niix",
    "ConversionSoftwareVersion": "v1.0.20190902",
    "DeviceSerialNumber": "67064",
    "DwellTime": 2.1e-06,
    "EchoTime": 0.563,
    "EchoTrainLength": 314,
    "FlipAngle": 120,
    "ImageOrientationPatientDICOM": [
      0.0195811,
      0.997458,
      -0.0685124,
      0.0749534,
      -0.0697972,
      -0.994741
    ],
    "ImageType": [
      "ORIGINAL",
      "PRIMARY",
      "M",
      "ND"
    ],
    "ImagingFrequency": 123.247,
    "InPlanePhaseEncodingDirectionDICOM": "ROW",
    "InstitutionAddress": "Scott_Ave_4525_St._Louis_MO_US_63110",
    "InstitutionName": "Washington_University",
    "InstitutionalDepartmentName": "Department",
    "MRAcquisitionType": "3D",
    "MagneticFieldStrength": 3,
    "Manufacturer": "Siemens",
    "ManufacturersModelName": "Prisma_fit",
    "Modality": "MR",
    "ParallelReductionFactorInPlane": 2,
    "PartialFourier": 1,
    "PatientPosition": "HFS",
    "PercentPhaseFOV": 93.75,
    "PhaseEncodingSteps": 297,
    "PhaseResolution": 1,
    "PixelBandwidth": 745,
    "ProcedureStepDescription": "head_Braver",
    "ProtocolName": "T2w_SPC",
    "PulseSequenceDetails": "%SiemensSeq%_tse_vfl",
    "ReceiveCoilActiveElements": "HEA;HEP",
    "ReceiveCoilName": "Head_32",
    "ReconMatrixPE": 300,
    "RefLinesPE": 32,
    "RepetitionTime": 3.2,
    "SAR": 0.106941,
    "ScanOptions": "PFP",
    "ScanningSequence": "SE",
    "SequenceName": "_spc_314ns",
    "SequenceVariant": "SK_SP",
    "SeriesDescription": "T2w_SPC",
    "SeriesNumber": 13,
    "ShimSetting": [
      -1968,
      -11464,
      5791,
      523,
      86,
      260,
      -25,
      -10
    ],
    "SliceThickness": 0.8,
    "SoftwareVersions": "syngo_MR_E11",
    "StationName": "MRC35177",
    "TxRefAmp": 226.599,
    "dataset": "ds003465",
    "modality": "T2w",
    "session_id": "wave1bas",
    "subject_id": "f9057kp"
  },
  "cjv": 0.626465406764727,
  "cnr": 1.371469183460663,
  "efc": 0.4955996176797043,
  "fber": 7207.171505868008,
  "fwhm_avg": 3.4203208645353143,
  "fwhm_x": 3.3085501972049594,
  "fwhm_y": 3.741137444252708,
  "fwhm_z": 3.2112749521482744,
  "icvs_csf": 0.3890347544171572,
  "icvs_gm": 0.4733206362948032,
  "icvs_wm": 0.13764460928803962,
  "inu_med": 0.926841676235199,
  "inu_range": 0.7972581535577773,
  "provenance": {
    "md5sum": "268e4a303474b9f9d2bb1a7e786ecc24",
    "settings": {
      "testing": false
    },
    "software": "mriqc",
    "version": "22.0.6",
    "warnings": {
      "large_rot_frame": true,
      "small_air_mask": false
    },
    "webapi_port": null,
    "webapi_url": "https://mriqc.nimh.nih.gov/api/v1"
  },
  "qi_1": 0.0,
  "qi_2": 0.0017551741659778673,
  "rpve_csf": 13.059321634664192,
  "rpve_gm": 11.843578138512658,
  "rpve_wm": 42.94078608566743,
  "size_x": 208,
  "size_y": 300,
  "size_z": 320,
  "snr_csf": 7.00215612417787,
  "snr_gm": 8.207464942786817,
  "snr_total": 5.753372838057122,
  "snr_wm": 2.050497447206679,
  "snrd_csf": 61.34445260337506,
  "snrd_gm": 33.71530177444423,
  "snrd_total": 65.86170536565221,
  "snrd_wm": 102.52536171913735,
  "spacing_x": 0.7999999523162842,
  "spacing_y": 0.800000011920929,
  "spacing_z": 0.800000011920929,
  "summary_bg_k": 11.978025112463964,
  "summary_bg_mad": 0.0,
  "summary_bg_mean": 4.091401232838625,
  "summary_bg_median": 0.0,
  "summary_bg_n": 6846795.0,
  "summary_bg_p05": 0.0,
  "summary_bg_p95": 16.822916265577078,
  "summary_bg_stdv": 6.394153548658437,
  "summary_csf_k": 5.89493508035876,
  "summary_csf_mad": 62.77893619308007,
  "summary_csf_mean": 608.3133396057311,
  "summary_csf_median": 598.7239440586418,
  "summary_csf_n": 121496.0,
  "summary_csf_p05": 495.9635298419744,
  "summary_csf_p95": 745.4166488945484,
  "summary_csf_stdv": 85.50530286243888,
  "summary_gm_k": 1.9720742096432948,
  "summary_gm_mad": 34.7484886677565,
  "summary_gm_mean": 331.6137412302567,
  "summary_gm_median": 329.06249215453863,
  "summary_gm_n": 480627.0,
  "summary_gm_p05": 271.5364518593997,
  "summary_gm_p95": 400.8854071088135,
  "summary_gm_stdv": 40.09303141980439,
  "summary_wm_k": -1.5299829367966016,
  "summary_wm_mad": 385.97849023506853,
  "summary_wm_mean": 732.3278078631008,
  "summary_wm_median": 1000.6510178092867,
  "summary_wm_n": 53947.0,
  "summary_wm_p05": 26.223957708105445,
  "summary_wm_p95": 1335.4947598259896,
  "summary_wm_stdv": 487.9995070169937,
  "tpm_overlap_csf": 0.11770692528387347,
  "tpm_overlap_gm": 0.30604135022281787,
  "tpm_overlap_wm": 0.023479362153073356,
  "wm2max": 0.7942659886725371
}