{
  "aor": 0.0016938330757341575,
  "aqi": 0.007083752333848531,
  "bids_meta": {
    "AcquisitionMatrixPE": 90,
    "AcquisitionNumber": 1,
    "AcquisitionTime": "20:08:36.652500",
    "BandwidthPerPixelPhaseEncode": 18.832,
    "BaseResolution": 90,
    "BodyPartExamined": "HEAD",
    "ConsistencyInfo": "N4_VE11C_LATEST_20160120",
    "ConversionSoftware": "dcm2niix",
    "ConversionSoftwareVersion": "v1.0.20190902",
    "DerivedVendorReportedEchoSpacing": 0.000590012,
    "DeviceSerialNumber": "67064",
    "DwellTime": 2.5e-06,
    "EchoTime": 0.033,
    "EchoTrainLength": 90,
    "EffectiveEchoSpacing": 0.000590012,
    "FlipAngle": 63,
    "ImageComments": "Unaliased_MB4_PE3_LB",
    "ImageOrientationPatientDICOM": [
      0.999732,
      -0.023105,
      0.0016344,
      0.022338,
      0.943068,
      -0.331849
    ],
    "ImageType": [
      "ORIGINAL",
      "PRIMARY",
      "M",
      "MB",
      "ND",
      "MOSAIC"
    ],
    "ImagingFrequency": 123.247,
    "InPlanePhaseEncodingDirectionDICOM": "COL",
    "InstitutionAddress": "Scott_Ave_4525_St._Louis_MO_US_63110",
    "InstitutionName": "Washington_University",
    "InstitutionalDepartmentName": "Department",
    "MRAcquisitionType": "2D",
    "MagneticFieldStrength": 3,
    "Manufacturer": "Siemens",
    "ManufacturersModelName": "Prisma_fit",
    "Modality": "MR",
    "MultibandAccelerationFactor": 4,
    "PartialFourier": 1,
    "PatientPosition": "HFS",
    "PercentPhaseFOV": 100,
    "PhaseEncodingDirection": "j-",
    "PhaseEncodingSteps": 90,
    "PhaseResolution": 1,
    "PixelBandwidth": 2220,
    "ProcedureStepDescription": "head_Braver",
    "ProtocolName": "tfMRI_CuedtsBas1_AP",
    "PulseSequenceDetails": "%CustomerSeq%_cmrr_mbep2d_bold",
    "ReceiveCoilActiveElements": "HEA;HEP",
    "ReceiveCoilName": "Head_32",
    "ReconMatrixPE": 90,
    "RepetitionTime": 1.2,
    "SAR": 0.0745035,
    "ScanOptions": "FS_EXT",
    "ScanningSequence": "EP",
    "SequenceName": "epfid2d1_90",
    "SequenceVariant": "SK_SS",
    "SeriesDescription": "tfMRI_CuedtsBas1_AP",
    "SeriesNumber": 47,
    "ShimSetting": [
      -2020,
      -11489,
      5865,
      559,
      66,
      84,
      216,
      -26
    ],
    "SliceThickness": 2.4,
    "SliceTiming": [
      0,
      0.63,
      0.08,
      0.7075,
      0.1575,
      0.7875,
      0.2375,
      0.865,
      0.315,
      0.945,
      0.395,
      1.0225,
      0.4725,
      1.1025,
      0.55,
      0,
      0.63,
      0.08,
      0.7075,
      0.1575,
      0.7875,
      0.2375,
      0.865,
      0.315,
      0.945,
      0.395,
      1.0225,
      0.4725,
      1.1025,
      0.55,
      0,
      0.63,
      0.08,
      0.7075,
      0.1575,
      0.7875,
      0.2375,
      0.865,
      0.315,
      0.945,
      0.395,
      1.0225,
      0.4725,
      1.1025,
      0.55,
      0,
      0.63,
      0.08,
      0.7075,
      0.1575,
      0.7875,
      0.2375,
      0.865,
      0.315,
      0.945,
      0.395,
      1.0225,
      0.4725,
      1.1025,
      0.55
    ],
    "SoftwareVersions": "syngo_MR_E11",
    "SpacingBetweenSlices": 2.4,
    "StationName": "MRC35177",
    "TaskName": "Cuedts",
    "TotalReadoutTime": 0.0525111,
    "TxRefAmp": 217.64,
    "VendorReportedEchoSpacing": 0.00059,
    "WipMemBlock": "ef6bec22-0edc-4240-8a1d-3f49d5a88c69||Sequence: R016 ve11c/master r/e634e98; Dec 19 2017 11:00:25 by eja",
    "acq_id": "mb4AP",
    "dataset": "ds003465",
    "modality": "bold",
    "run_id": 1,
    "session_id": "wave1bas",
    "subject_id": "f5094ya",
    "task_id": "Cuedts"
  },
  "dummy_trs": 3,
  "dvars_nstd": 30.93147009448921,
  "dvars_std": 1.1338187736996905,
  "dvars_vstd": 0.991791895417958,
  "efc": 0.4923463127854568,
  "fber": 949.890869140625,
  "fd_mean": 0.10754352940413782,
  "fd_num": 33,
  "fd_perc": 5.1004636785162285,
  "fwhm_avg": 2.7209235029913255,
  "fwhm_x": 2.645291561552224,
  "fwhm_y": 2.7035123925720694,
  "fwhm_z": 2.813966554849682,
  "gcor": 0.0116528,
  "gsr_x": -0.008080439642071724,
  "gsr_y": 0.06438915431499481,
  "provenance": {
    "md5sum": "60f78fac66a555767846c282554416f7",
    "settings": {
      "fd_thres": 0.2,
      "testing": false
    },
    "software": "mriqc",
    "version": "22.0.6",
    "webapi_port": null,
    "webapi_url": "https://mriqc.nimh.nih.gov/api/v1"
  },
  "size_t": 647,
  "size_x": 90,
  "size_y": 90,
  "size_z": 60,
  "snr": 2.7583889095563294,
  "spacing_tr": 1.2000000476837158,
  "spacing_x": 2.4000000953674316,
  "spacing_y": 2.4000000953674316,
  "spacing_z": 2.4000000953674316,
  "summary_bg_k": 23.44994180476362,
  "summary_bg_mad": 35.128732081806135,
  "summary_bg_mean": 278.8159484863281,
  "summary_bg_median": 124.86089324951172,
  "summary_bg_n": 337157.0,
  "summary_bg_p05": 95.10973358154297,
  "summary_bg_p95": 1122.4602783203127,
  "summary_bg_stdv": 432.7029724121094,
  "summary_fg_k": 5.4788801215580065,
  "summary_fg_mad": 1104.84342599663,
  "summary_fg_mean": 4208.72216796875,
  "summary_fg_median": 3926.34765625,
  "summary_fg_n": 74053.0,
  "summary_fg_p05": 2542.5443359375,
  "summary_fg_p95": 6824.958496093748,
  "summary_fg_stdv": 1423.4110107421875,
  "tsnr": 42.99108245107345
}