{
  "aor": 0.002048046153846154,
  "aqi": 0.00844988150769231,
  "bids_meta": {
    "AcquisitionMatrixPE": 90,
    "AcquisitionNumber": 1,
    "AcquisitionTime": "20:22:32.865000",
    "BandwidthPerPixelPhaseEncode": 18.832,
    "BaseResolution": 90,
    "BodyPartExamined": "HEAD",
    "ConsistencyInfo": "N4_VE11C_LATEST_20160120",
    "ConversionSoftware": "dcm2niix",
    "ConversionSoftwareVersion": "v1.0.20190902",
    "DerivedVendorReportedEchoSpacing": 0.000590012,
    "DeviceSerialNumber": "67064",
    "DwellTime": 2.5e-06,
    "EchoTime": 0.033,
    "EchoTrainLength": 90,
    "EffectiveEchoSpacing": 0.000590012,
    "FlipAngle": 63,
    "ImageComments": "Unaliased_MB4_PE3_LB",
    "ImageOrientationPatientDICOM": [
      0.999732,
      -0.023105,
      0.0016344,
      0.022338,
      0.943068,
      -0.331849
    ],
    "ImageType": [
      "ORIGINAL",
      "PRIMARY",
      "M",
      "MB",
      "ND",
      "MOSAIC"
    ],
    "ImagingFrequency": 123.247,
    "InPlanePhaseEncodingDirectionDICOM": "COL",
    "InstitutionAddress": "Scott_Ave_4525_St._Louis_MO_US_63110",
    "InstitutionName": "Washington_University",
    "InstitutionalDepartmentName": "Department",
    "MRAcquisitionType": "2D",
    "MagneticFieldStrength": 3,
    "Manufacturer": "Siemens",
    "ManufacturersModelName": "Prisma_fit",
    "Modality": "MR",
    "MultibandAccelerationFactor": 4,
    "PartialFourier": 1,
    "PatientPosition": "HFS",
    "PercentPhaseFOV": 100,
    "PhaseEncodingDirection": "j",
    "PhaseEncodingSteps": 90,
    "PhaseResolution": 1,
    "PixelBandwidth": 2220,
    "ProcedureStepDescription": "head_Braver",
    "ProtocolName": "tfMRI_CuedtsBas2_PA",
    "PulseSequenceDetails": "%CustomerSeq%_cmrr_mbep2d_bold",
    "ReceiveCoilActiveElements": "HEA;HEP",
    "ReceiveCoilName": "Head_32",
    "ReconMatrixPE": 90,
    "RepetitionTime": 1.2,
    "SAR": 0.0745035,
    "ScanOptions": "FS_EXT",
    "ScanningSequence": "EP",
    "SequenceName": "epfid2d1_90",
    "SequenceVariant": "SK_SS",
    "SeriesDescription": "tfMRI_CuedtsBas2_PA",
    "SeriesNumber": 50,
    "ShimSetting": [
      -2020,
      -11489,
      5865,
      559,
      66,
      84,
      216,
      -26
    ],
    "SliceThickness": 2.4,
    "SliceTiming": [
      0,
      0.6275,
      0.0775,
      0.7075,
      0.1575,
      0.785,
      0.235,
      0.865,
      0.315,
      0.9425,
      0.3925,
      1.0225,
      0.4725,
      1.1,
      0.55,
      0,
      0.6275,
      0.0775,
      0.7075,
      0.1575,
      0.785,
      0.235,
      0.865,
      0.315,
      0.9425,
      0.3925,
      1.0225,
      0.4725,
      1.1,
      0.55,
      0,
      0.6275,
      0.0775,
      0.7075,
      0.1575,
      0.785,
      0.235,
      0.865,
      0.315,
      0.9425,
      0.3925,
      1.0225,
      0.4725,
      1.1,
      0.55,
      0,
      0.6275,
      0.0775,
      0.7075,
      0.1575,
      0.785,
      0.235,
      0.865,
      0.315,
      0.9425,
      0.3925,
      1.0225,
      0.4725,
      1.1,
      0.55
    ],
    "SoftwareVersions": "syngo_MR_E11",
    "SpacingBetweenSlices": 2.4,
    "StationName": "MRC35177",
    "TaskName": "Cuedts",
    "TotalReadoutTime": 0.0525111,
    "TxRefAmp": 217.64,
    "VendorReportedEchoSpacing": 0.00059,
    "WipMemBlock": "6178ada9-5193-450b-ac24-0348aa31badb||Sequence: R016 ve11c/master r/e634e98; Dec 19 2017 11:00:25 by eja",
    "acq_id": "mb4PA",
    "dataset": "ds003465",
    "modality": "bold",
    "run_id": 2,
    "session_id": "wave1bas",
    "subject_id": "f5094ya",
    "task_id": "Cuedts"
  },
  "dummy_trs": 0,
  "dvars_nstd": 28.82552368526964,
  "dvars_std": 1.102632014607088,
  "dvars_vstd": 0.9829234420184897,
  "efc": 0.486909861272202,
  "fber": 979.89501953125,
  "fd_mean": 0.09838000375279538,
  "fd_num": 24,
  "fd_perc": 3.6923076923076925,
  "fwhm_avg": 2.7179471142207077,
  "fwhm_x": 2.5757248976498883,
  "fwhm_y": 2.7034832259065618,
  "fwhm_z": 2.874633219105672,
  "gcor": 0.0137208,
  "gsr_x": -0.011267662979662418,
  "gsr_y": 0.0530441515147686,
  "provenance": {
    "md5sum": "81668f6c71eaa6fc1e9cc8f91cfb24fa",
    "settings": {
      "fd_thres": 0.2,
      "testing": false
    },
    "software": "mriqc",
    "version": "22.0.6",
    "webapi_port": null,
    "webapi_url": "https://mriqc.nimh.nih.gov/api/v1"
  },
  "size_t": 650,
  "size_x": 90,
  "size_y": 90,
  "size_z": 60,
  "snr": 2.771507714952292,
  "spacing_tr": 1.2000000476837158,
  "spacing_x": 2.4000000953674316,
  "spacing_y": 2.4000000953674316,
  "spacing_z": 2.4000000953674316,
  "summary_bg_k": 22.024558973366265,
  "summary_bg_mad": 39.27528335947367,
  "summary_bg_mean": 305.2816467285156,
  "summary_bg_median": 127.1861572265625,
  "summary_bg_n": 345796.0,
  "summary_bg_p05": 93.86423110961914,
  "summary_bg_p95": 1302.9538879394531,
  "summary_bg_stdv": 496.6714782714844,
  "summary_fg_k": 4.5985865211544175,
  "summary_fg_mad": 1207.951243417736,
  "summary_fg_mean": 4252.869140625,
  "summary_fg_median": 4008.4375,
  "summary_fg_n": 70512.0,
  "summary_fg_p05": 2465.4033935546877,
  "summary_fg_p95": 6844.47041015625,
  "summary_fg_stdv": 1446.2918701171875,
  "tsnr": 42.31073366990313
}