{
  "bids_meta": {
    "AcquisitionMatrixPE": 300,
    "AcquisitionNumber": 1,
    "AcquisitionTime": "18:29:37.655000",
    "BaseResolution": 320,
    "BodyPartExamined": "HEAD",
    "ConsistencyInfo": "N4_VE11C_LATEST_20160120",
    "ConversionSoftware": "dcm2niix",
    "ConversionSoftwareVersion": "v1.0.20190902",
    "DeviceSerialNumber": "67064",
    "DwellTime": 7.1e-06,
    "EchoTime": 0.00222,
    "FlipAngle": 8,
    "ImageOrientationPatientDICOM": [
      -0.0336198,
      0.995667,
      -0.0866995,
      -0.0472273,
      -0.0882343,
      -0.99498
    ],
    "ImageType": [
      "ORIGINAL",
      "PRIMARY",
      "M",
      "ND"
    ],
    "ImagingFrequency": 123.247,
    "InPlanePhaseEncodingDirectionDICOM": "ROW",
    "InstitutionAddress": "Scott_Ave_4525_St._Louis_MO_US_63110",
    "InstitutionName": "Washington_University",
    "InstitutionalDepartmentName": "Department",
    "InversionTime": 1,
    "MRAcquisitionType": "3D",
    "MagneticFieldStrength": 3,
    "Manufacturer": "Siemens",
    "ManufacturersModelName": "Prisma_fit",
    "Modality": "MR",
    "ParallelReductionFactorInPlane": 2,
    "PartialFourier": 1,
    "PatientPosition": "HFS",
    "PercentPhaseFOV": 93.75,
    "PhaseEncodingSteps": 299,
    "PhaseResolution": 1,
    "PixelBandwidth": 220,
    "ProcedureStepDescription": "head_Braver",
    "ProtocolName": "T1w_MPR",
    "PulseSequenceDetails": "%SiemensSeq%_tfl",
    "ReceiveCoilActiveElements": "HEA;HEP",
    "ReceiveCoilName": "Head_32",
    "ReconMatrixPE": 300,
    "RefLinesPE": 32,
    "RepetitionTime": 2.4,
    "SAR": 0.0392894,
    "ScanOptions": "IR_WE",
    "ScanningSequence": "GR_IR",
    "SequenceName": "_tfl3d1_16ns",
    "SequenceVariant": "SK_SP_MP",
    "SeriesDescription": "T1w_MPR",
    "SeriesNumber": 11,
    "ShimSetting": [
      -2015,
      -11409,
      5760,
      692,
      34,
      325,
      28,
      -21
    ],
    "SliceThickness": 0.8,
    "SoftwareVersions": "syngo_MR_E11",
    "StationName": "MRC35177",
    "TxRefAmp": 248,
    "dataset": "ds003465",
    "modality": "T1w",
    "session_id": "wave1bas",
    "subject_id": "f1031ax"
  },
  "cjv": 0.5190587407702247,
  "cnr": 2.6257480807814773,
  "efc": 0.5443266577127064,
  "fber": -1.0,
  "fwhm_avg": 4.802670881209778,
  "fwhm_x": 4.809362786660361,
  "fwhm_y": 4.619624931162225,
  "fwhm_z": 4.979024925806748,
  "icvs_csf": 0.21248402962081706,
  "icvs_gm": 0.4060419034937142,
  "icvs_wm": 0.3814740668854687,
  "inu_med": 0.9746152758598328,
  "inu_range": 0.9736110419034958,
  "provenance": {
    "md5sum": "b6d69aec38d8df3f28d46ee5812031dd",
    "settings": {
      "testing": false
    },
    "software": "mriqc",
    "version": "22.0.6",
    "warnings": {
      "large_rot_frame": true,
      "small_air_mask": false
    },
    "webapi_port": null,
    "webapi_url": "https://mriqc.nimh.nih.gov/api/v1"
  },
  "qi_1": 0.00020597970847994112,
  "qi_2": 0.0012011161066370214,
  "rpve_csf": 25.62055827736277,
  "rpve_gm": 12.936079374505537,
  "rpve_wm": 15.324309270284195,
  "size_x": 208,
  "size_y": 300,
  "size_z": 320,
  "snr_csf": 3.5697827512262927,
  "snr_gm": 14.190485897541667,
  "snr_total": 10.449960893630019,
  "snr_wm": 13.589614032122096,
  "snrd_csf": 19.327636843670227,
  "snrd_gm": 45.87630162247933,
  "snrd_total": 41.87171120070217,
  "snrd_wm": 60.411195135956945,
  "spacing_x": 0.7999999523162842,
  "spacing_y": 0.800000011920929,
  "spacing_z": 0.800000011920929,
  "summary_bg_k": 6.924099083958591,
  "summary_bg_mad": 0.0,
  "summary_bg_mean": 7.207703842823587,
  "summary_bg_median": 0.0,
  "summary_bg_n": 6794639.0,
  "summary_bg_p05": 0.0,
  "summary_bg_p95": 28.38480321317911,
  "summary_bg_stdv": 10.845660564077104,
  "summary_csf_k": 3.3217443511105724,
  "summary_csf_mad": 66.00894423681535,
  "summary_csf_mean": 329.90228331881116,
  "summary_csf_median": 319.9654128700495,
  "summary_csf_n": 103576.0,
  "summary_csf_p05": 213.39032263308764,
  "summary_csf_p95": 494.4046772867441,
  "summary_csf_stdv": 89.63118782619713,
  "summary_gm_k": 0.2146464673832882,
  "summary_gm_mad": 52.26598173659382,
  "summary_gm_mean": 759.2096375880161,
  "summary_gm_median": 759.4735925719142,
  "summary_gm_n": 46385.0,
  "summary_gm_p05": 671.2453632950783,
  "summary_gm_p95": 846.6932247802615,
  "summary_gm_stdv": 53.51933763100675,
  "summary_wm_k": 0.22636107427495933,
  "summary_wm_mad": 72.63120077837289,
  "summary_wm_mean": 1009.0467493711608,
  "summary_wm_median": 1000.096036054194,
  "summary_wm_n": 310323.0,
  "summary_wm_p05": 904.9036841616035,
  "summary_wm_p95": 1144.8537295982242,
  "summary_wm_stdv": 73.59255548463547,
  "tpm_overlap_csf": 0.15224949857559134,
  "tpm_overlap_gm": 0.4232843265237137,
  "tpm_overlap_wm": 0.4379554327305493,
  "wm2max": 0.48191349024508784
}