{
  "bids_meta": {
    "AcquisitionMatrixPE": 300,
    "AcquisitionNumber": 1,
    "AcquisitionTime": "18:36:29.632500",
    "BaseResolution": 320,
    "BodyPartExamined": "HEAD",
    "ConsistencyInfo": "N4_VE11C_LATEST_20160120",
    "ConversionSoftware": "dcm2niix",
    "ConversionSoftwareVersion": "v1.0.20190902",
    "DeviceSerialNumber": "67064",
    "DwellTime": 2.1e-06,
    "EchoTime": 0.563,
    "EchoTrainLength": 314,
    "FlipAngle": 120,
    "ImageOrientationPatientDICOM": [
      -0.0336198,
      0.995667,
      -0.0866995,
      -0.0472273,
      -0.0882343,
      -0.99498
    ],
    "ImageType": [
      "ORIGINAL",
      "PRIMARY",
      "M",
      "ND"
    ],
    "ImagingFrequency": 123.247,
    "InPlanePhaseEncodingDirectionDICOM": "ROW",
    "InstitutionAddress": "Scott_Ave_4525_St._Louis_MO_US_63110",
    "InstitutionName": "Washington_University",
    "InstitutionalDepartmentName": "Department",
    "MRAcquisitionType": "3D",
    "MagneticFieldStrength": 3,
    "Manufacturer": "Siemens",
    "ManufacturersModelName": "Prisma_fit",
    "Modality": "MR",
    "ParallelReductionFactorInPlane": 2,
    "PartialFourier": 1,
    "PatientPosition": "HFS",
    "PercentPhaseFOV": 93.75,
    "PhaseEncodingSteps": 297,
    "PhaseResolution": 1,
    "PixelBandwidth": 745,
    "ProcedureStepDescription": "head_Braver",
    "ProtocolName": "T2w_SPC",
    "PulseSequenceDetails": "%SiemensSeq%_tse_vfl",
    "ReceiveCoilActiveElements": "HEA;HEP",
    "ReceiveCoilName": "Head_32",
    "ReconMatrixPE": 300,
    "RefLinesPE": 32,
    "RepetitionTime": 3.2,
    "SAR": 0.132191,
    "ScanOptions": "PFP",
    "ScanningSequence": "SE",
    "SequenceName": "_spc_314ns",
    "SequenceVariant": "SK_SP",
    "SeriesDescription": "T2w_SPC",
    "SeriesNumber": 13,
    "ShimSetting": [
      -2015,
      -11409,
      5760,
      692,
      34,
      325,
      28,
      -21
    ],
    "SliceThickness": 0.8,
    "SoftwareVersions": "syngo_MR_E11",
    "StationName": "MRC35177",
    "TxRefAmp": 248,
    "dataset": "ds003465",
    "modality": "T2w",
    "session_id": "wave1bas",
    "subject_id": "f1031ax"
  },
  "cjv": 0.49576137341608373,
  "cnr": 1.3497809205868765,
  "efc": 0.5042707477324457,
  "fber": 6591.350808795869,
  "fwhm_avg": 3.547158365341467,
  "fwhm_x": 3.417112703675789,
  "fwhm_y": 3.73933744427953,
  "fwhm_z": 3.4850249480690816,
  "icvs_csf": 0.23439939330365042,
  "icvs_gm": 0.6763703377355542,
  "icvs_wm": 0.08923026896079539,
  "inu_med": 0.9205793738365173,
  "inu_range": 0.7986146688461304,
  "provenance": {
    "md5sum": "72cbb6876f136131a96c4cd55196ffd3",
    "settings": {
      "testing": false
    },
    "software": "mriqc",
    "version": "22.0.6",
    "warnings": {
      "large_rot_frame": true,
      "small_air_mask": false
    },
    "webapi_port": null,
    "webapi_url": "https://mriqc.nimh.nih.gov/api/v1"
  },
  "qi_1": 1.956317935760388e-06,
  "qi_2": 0.0015381911904237898,
  "rpve_csf": 19.67554089937974,
  "rpve_gm": 9.423946883689542,
  "rpve_wm": 52.28192361885134,
  "size_x": 208,
  "size_y": 300,
  "size_z": 320,
  "snr_csf": 6.95025964391226,
  "snr_gm": 5.396763580004832,
  "snr_total": 4.240386800645851,
  "snr_wm": 0.37413717802046076,
  "snrd_csf": 113.09010978799002,
  "snrd_gm": 41.75407269368857,
  "snrd_total": 54.51201988959995,
  "snrd_wm": 8.691877187121252,
  "spacing_x": 0.7999999523162842,
  "spacing_y": 0.800000011920929,
  "spacing_z": 0.800000011920929,
  "summary_bg_k": 14.05009644758579,
  "summary_bg_mad": 0.0,
  "summary_bg_mean": 47.962782277957864,
  "summary_bg_median": 0.0,
  "summary_bg_n": 6810603.0,
  "summary_bg_p05": 0.0,
  "summary_bg_p95": 186.70674487948418,
  "summary_bg_stdv": 75.44893103526964,
  "summary_csf_k": 6.329683038890346,
  "summary_csf_mad": 1081.992589727545,
  "summary_csf_mean": 12578.72388673871,
  "summary_csf_median": 13024.047960340977,
  "summary_csf_n": 91638.0,
  "summary_csf_p05": 8687.608459815383,
  "summary_csf_p95": 14506.0118727386,
  "summary_csf_stdv": 1873.8835043479337,
  "summary_gm_k": -0.761921805772134,
  "summary_gm_mad": 1045.3484471006168,
  "summary_gm_mean": 4912.423804361257,
  "summary_gm_median": 4808.6171843111515,
  "summary_gm_n": 579506.0,
  "summary_gm_p05": 3659.6526004374027,
  "summary_gm_p95": 6429.525651037693,
  "summary_gm_stdv": 891.0179154840246,
  "summary_wm_k": 16.79959015645933,
  "summary_wm_mad": 842.3200893027707,
  "summary_wm_mean": 1693.5489432191364,
  "summary_wm_median": 1001.0019935667515,
  "summary_wm_n": 22101.0,
  "summary_wm_p05": 165.66466093063354,
  "summary_wm_p95": 4074.4822554290295,
  "summary_wm_stdv": 2675.4340547696684,
  "tpm_overlap_csf": 0.15541755737834298,
  "tpm_overlap_gm": 0.43688380127844256,
  "tpm_overlap_wm": 0.0631975617487988,
  "wm2max": 0.06868182234851958
}