{
  "bids_meta": {
    "AcquisitionMatrixPE": 300,
    "AcquisitionNumber": 1,
    "AcquisitionTime": "18:47:57.615000",
    "BaseResolution": 320,
    "BodyPartExamined": "HEAD",
    "ConsistencyInfo": "N4_VE11C_LATEST_20160120",
    "ConversionSoftware": "dcm2niix",
    "ConversionSoftwareVersion": "v1.0.20190902",
    "DeviceSerialNumber": "67064",
    "DwellTime": 7.1e-06,
    "EchoTime": 0.00222,
    "FlipAngle": 8,
    "ImageOrientationPatientDICOM": [
      -0.0747352,
      0.98795,
      -0.135532,
      0.0226613,
      -0.134195,
      -0.990696
    ],
    "ImageType": [
      "ORIGINAL",
      "PRIMARY",
      "M",
      "ND"
    ],
    "ImagingFrequency": 123.247,
    "InPlanePhaseEncodingDirectionDICOM": "ROW",
    "InstitutionAddress": "Scott_Ave_4525_St._Louis_MO_US_63110",
    "InstitutionName": "Washington_University",
    "InstitutionalDepartmentName": "Department",
    "InversionTime": 1,
    "MRAcquisitionType": "3D",
    "MagneticFieldStrength": 3,
    "Manufacturer": "Siemens",
    "ManufacturersModelName": "Prisma_fit",
    "Modality": "MR",
    "ParallelReductionFactorInPlane": 2,
    "PartialFourier": 1,
    "PatientPosition": "HFS",
    "PercentPhaseFOV": 93.75,
    "PhaseEncodingSteps": 299,
    "PhaseResolution": 1,
    "PixelBandwidth": 220,
    "ProcedureStepDescription": "head_Braver",
    "ProtocolName": "T1w_MPR",
    "PulseSequenceDetails": "%SiemensSeq%_tfl",
    "ReceiveCoilActiveElements": "HEA;HEP",
    "ReceiveCoilName": "Head_32",
    "ReconMatrixPE": 300,
    "RefLinesPE": 32,
    "RepetitionTime": 2.4,
    "SAR": 0.0422809,
    "ScanOptions": "IR_WE",
    "ScanningSequence": "GR_IR",
    "SequenceName": "_tfl3d1_16ns",
    "SequenceVariant": "SK_SP_MP",
    "SeriesDescription": "T1w_MPR",
    "SeriesNumber": 11,
    "ShimSetting": [
      -1988,
      -11498,
      5820,
      556,
      132,
      -8,
      -61,
      6
    ],
    "SliceThickness": 0.8,
    "SoftwareVersions": "syngo_MR_E11",
    "StationName": "MRC35177",
    "TxRefAmp": 240.068,
    "dataset": "ds003465",
    "modality": "T1w",
    "session_id": "wave1rea",
    "subject_id": "f7951pz"
  },
  "cjv": 0.5068996878402451,
  "cnr": 2.7102045132307033,
  "efc": 0.5365849966589069,
  "fber": 10645.109770500176,
  "fwhm_avg": 4.69341254599778,
  "fwhm_x": 4.668162778244184,
  "fwhm_y": 4.4872124331353245,
  "fwhm_z": 4.9248624266138314,
  "icvs_csf": 0.23890748641194445,
  "icvs_gm": 0.37599818391038536,
  "icvs_wm": 0.3850943296776702,
  "inu_med": 0.9857659637928009,
  "inu_range": 0.8659176707267761,
  "provenance": {
    "md5sum": "5922e87696983cdb0455e78104fc00a1",
    "settings": {
      "testing": false
    },
    "software": "mriqc",
    "version": "22.0.6",
    "warnings": {
      "large_rot_frame": true,
      "small_air_mask": false
    },
    "webapi_port": null,
    "webapi_url": "https://mriqc.nimh.nih.gov/api/v1"
  },
  "qi_1": 0.0,
  "qi_2": 0.001643565262421759,
  "rpve_csf": 20.907046445162,
  "rpve_gm": 12.355804680945992,
  "rpve_wm": 13.96191063513321,
  "size_x": 208,
  "size_y": 300,
  "size_z": 320,
  "snr_csf": 3.252235238163046,
  "snr_gm": 13.367856478841587,
  "snr_total": 10.769606605316305,
  "snr_wm": 15.688728098944285,
  "snrd_csf": 17.9058675593146,
  "snrd_gm": 44.08468400979256,
  "snrd_total": 39.854736715232065,
  "snrd_wm": 57.57365857658904,
  "spacing_x": 0.7999999523162842,
  "spacing_y": 0.800000011920929,
  "spacing_z": 0.800000011920929,
  "summary_bg_k": 5.353699600791986,
  "summary_bg_mad": 0.0,
  "summary_bg_mean": 8.16151639283649,
  "summary_bg_median": 0.0,
  "summary_bg_n": 7019181.0,
  "summary_bg_p05": 0.0,
  "summary_bg_p95": 31.39894513785839,
  "summary_bg_stdv": 11.379574979143946,
  "summary_csf_k": 2.7260140871770453,
  "summary_csf_mad": 70.35510704705905,
  "summary_csf_mean": 319.4587351147013,
  "summary_csf_median": 311.02097587287426,
  "summary_csf_n": 143020.0,
  "summary_csf_p05": 180.44986313581467,
  "summary_csf_p95": 495.4030238158996,
  "summary_csf_stdv": 95.6326543933493,
  "summary_gm_k": 0.1815143541912061,
  "summary_gm_mad": 56.22209875919168,
  "summary_gm_mean": 766.1803435302638,
  "summary_gm_median": 765.7412519305944,
  "summary_gm_n": 54712.0,
  "summary_gm_p05": 672.255178257823,
  "summary_gm_p95": 860.9833251982927,
  "summary_gm_stdv": 57.281753075581406,
  "summary_wm_k": 0.19051773471996647,
  "summary_wm_mad": 62.54476036165866,
  "summary_wm_mean": 1006.2856172244204,
  "summary_wm_median": 1000.041769310832,
  "summary_wm_n": 432518.0,
  "summary_wm_p05": 912.6598847061396,
  "summary_wm_p95": 1120.8712652474642,
  "summary_wm_stdv": 63.742618709028385,
  "tpm_overlap_csf": 0.15817373098738893,
  "tpm_overlap_gm": 0.4317076239085952,
  "tpm_overlap_wm": 0.4869435632333128,
  "wm2max": 0.49959269587497734
}