{
  "aor": 0.0016713,
  "aqi": 0.004444192166666666,
  "bids_meta": {
    "AcquisitionMatrixPE": 90,
    "AcquisitionNumber": 1,
    "AcquisitionTime": "08:40:32.175000",
    "BandwidthPerPixelPhaseEncode": 18.832,
    "BaseResolution": 90,
    "BodyPartExamined": "HEAD",
    "ConsistencyInfo": "N4_VE11C_LATEST_20160120",
    "ConversionSoftware": "dcm2niix",
    "ConversionSoftwareVersion": "v1.0.20190902",
    "DerivedVendorReportedEchoSpacing": 0.000590012,
    "DeviceSerialNumber": "67064",
    "DwellTime": 2.5e-06,
    "EchoTime": 0.033,
    "EchoTrainLength": 90,
    "EffectiveEchoSpacing": 0.000590012,
    "FlipAngle": 63,
    "ImageComments": "Unaliased_MB4_PE3_LB",
    "ImageOrientationPatientDICOM": [
      0.998535,
      0.020894,
      -0.0499081,
      -0.0428986,
      0.867853,
      -0.494966
    ],
    "ImageType": [
      "ORIGINAL",
      "PRIMARY",
      "M",
      "MB",
      "ND",
      "MOSAIC"
    ],
    "ImagingFrequency": 123.247,
    "InPlanePhaseEncodingDirectionDICOM": "COL",
    "InstitutionAddress": "Scott_Ave_4525_St._Louis_MO_US_63110",
    "InstitutionName": "Washington_University",
    "InstitutionalDepartmentName": "Department",
    "MRAcquisitionType": "2D",
    "MagneticFieldStrength": 3,
    "Manufacturer": "Siemens",
    "ManufacturersModelName": "Prisma_fit",
    "Modality": "MR",
    "MultibandAccelerationFactor": 4,
    "PartialFourier": 1,
    "PatientPosition": "HFS",
    "PercentPhaseFOV": 100,
    "PhaseEncodingDirection": "j",
    "PhaseEncodingSteps": 90,
    "PhaseResolution": 1,
    "PixelBandwidth": 2220,
    "ProcedureStepDescription": "head_Braver",
    "ProtocolName": "tfMRI_SternBas2_PA",
    "PulseSequenceDetails": "%CustomerSeq%_cmrr_mbep2d_bold",
    "ReceiveCoilActiveElements": "HEA;HEP",
    "ReceiveCoilName": "Head_32",
    "ReconMatrixPE": 90,
    "RepetitionTime": 1.2,
    "SAR": 0.0719496,
    "ScanOptions": "FS_EXT",
    "ScanningSequence": "EP",
    "SequenceName": "epfid2d1_90",
    "SequenceVariant": "SK_SS",
    "SeriesDescription": "tfMRI_SternBas2_PA",
    "SeriesNumber": 40,
    "ShimSetting": [
      -1999,
      -11512,
      5854,
      654,
      -5,
      223,
      -234,
      -24
    ],
    "SliceThickness": 2.4,
    "SliceTiming": [
      0,
      0.63,
      0.08,
      0.7075,
      0.1575,
      0.7875,
      0.235,
      0.865,
      0.315,
      0.945,
      0.3925,
      1.0225,
      0.4725,
      1.1025,
      0.55,
      0,
      0.63,
      0.08,
      0.7075,
      0.1575,
      0.7875,
      0.235,
      0.865,
      0.315,
      0.945,
      0.3925,
      1.0225,
      0.4725,
      1.1025,
      0.55,
      0,
      0.63,
      0.08,
      0.7075,
      0.1575,
      0.7875,
      0.235,
      0.865,
      0.315,
      0.945,
      0.3925,
      1.0225,
      0.4725,
      1.1025,
      0.55,
      0,
      0.63,
      0.08,
      0.7075,
      0.1575,
      0.7875,
      0.235,
      0.865,
      0.315,
      0.945,
      0.3925,
      1.0225,
      0.4725,
      1.1025,
      0.55
    ],
    "SoftwareVersions": "syngo_MR_E11",
    "SpacingBetweenSlices": 2.4,
    "StationName": "MRC35177",
    "TaskName": "Stern",
    "TotalReadoutTime": 0.0525111,
    "TxRefAmp": 229.223,
    "VendorReportedEchoSpacing": 0.00059,
    "WipMemBlock": "68ff59c7-b73e-47ca-a36c-df2886789e7b||Sequence: R016 ve11c/master r/e634e98; Dec 19 2017 11:00:25 by eja",
    "acq_id": "mb4PA",
    "dataset": "ds003465",
    "modality": "bold",
    "run_id": 2,
    "session_id": "wave1bas",
    "subject_id": "f8298ds",
    "task_id": "Stern"
  },
  "dummy_trs": 0,
  "dvars_nstd": 29.767431762370638,
  "dvars_std": 1.1032143082971635,
  "dvars_vstd": 1.0127216733722875,
  "efc": 0.4874524740470926,
  "fber": 953.6110229492188,
  "fd_mean": 0.11749161790447815,
  "fd_num": 71,
  "fd_perc": 11.833333333333334,
  "fwhm_avg": 2.5863735083378616,
  "fwhm_x": 2.483604067977108,
  "fwhm_y": 2.622541562456228,
  "fwhm_z": 2.6529748945802494,
  "gcor": 0.00989318,
  "gsr_x": 0.006191221531480551,
  "gsr_y": 0.034996017813682556,
  "provenance": {
    "md5sum": "5f62fdd1ccb5a1821d4ad5c7f34abef0",
    "settings": {
      "fd_thres": 0.2,
      "testing": false
    },
    "software": "mriqc",
    "version": "22.0.6",
    "webapi_port": null,
    "webapi_url": "https://mriqc.nimh.nih.gov/api/v1"
  },
  "size_t": 600,
  "size_x": 90,
  "size_y": 90,
  "size_z": 60,
  "snr": 3.2920233616674377,
  "spacing_tr": 1.2000000476837158,
  "spacing_x": 2.4000000953674316,
  "spacing_y": 2.4000000953674316,
  "spacing_z": 2.4000000953674316,
  "summary_bg_k": 32.28982859771678,
  "summary_bg_mad": 38.52047648965495,
  "summary_bg_mean": 278.350830078125,
  "summary_bg_median": 125.58000183105469,
  "summary_bg_n": 350095.0,
  "summary_bg_p05": 95.42833709716797,
  "summary_bg_p95": 1069.8613647460932,
  "summary_bg_stdv": 433.8967590332031,
  "summary_fg_k": 0.5331124800476523,
  "summary_fg_mad": 1077.6603341979112,
  "summary_fg_mean": 4055.604248046875,
  "summary_fg_median": 3859.777587890625,
  "summary_fg_n": 68728.0,
  "summary_fg_p05": 2482.886328125,
  "summary_fg_p95": 6282.770483398437,
  "summary_fg_stdv": 1172.455078125,
  "tsnr": 50.18279904790688
}