{
  "aor": 0.0010515230769230768,
  "aqi": 0.004407092538461538,
  "bids_meta": {
    "AcquisitionMatrixPE": 90,
    "AcquisitionNumber": 1,
    "AcquisitionTime": "07:26:35.587500",
    "BandwidthPerPixelPhaseEncode": 18.832,
    "BaseResolution": 90,
    "BodyPartExamined": "HEAD",
    "ConsistencyInfo": "N4_VE11C_LATEST_20160120",
    "ConversionSoftware": "dcm2niix",
    "ConversionSoftwareVersion": "v1.0.20190902",
    "DerivedVendorReportedEchoSpacing": 0.000590012,
    "DeviceSerialNumber": "67064",
    "DwellTime": 2.5e-06,
    "EchoTime": 0.033,
    "EchoTrainLength": 90,
    "EffectiveEchoSpacing": 0.000590012,
    "FlipAngle": 63,
    "ImageComments": "Unaliased_MB4_PE3_LB",
    "ImageOrientationPatientDICOM": [
      0.998535,
      0.020894,
      -0.0499081,
      -0.0428986,
      0.867853,
      -0.494966
    ],
    "ImageType": [
      "ORIGINAL",
      "PRIMARY",
      "M",
      "MB",
      "ND",
      "MOSAIC"
    ],
    "ImagingFrequency": 123.247,
    "InPlanePhaseEncodingDirectionDICOM": "COL",
    "InstitutionAddress": "Scott_Ave_4525_St._Louis_MO_US_63110",
    "InstitutionName": "Washington_University",
    "InstitutionalDepartmentName": "Department",
    "MRAcquisitionType": "2D",
    "MagneticFieldStrength": 3,
    "Manufacturer": "Siemens",
    "ManufacturersModelName": "Prisma_fit",
    "Modality": "MR",
    "MultibandAccelerationFactor": 4,
    "PartialFourier": 1,
    "PatientPosition": "HFS",
    "PercentPhaseFOV": 100,
    "PhaseEncodingDirection": "j-",
    "PhaseEncodingSteps": 90,
    "PhaseResolution": 1,
    "PixelBandwidth": 2220,
    "ProcedureStepDescription": "head_Braver",
    "ProtocolName": "tfMRI_CuedtsBas1_AP",
    "PulseSequenceDetails": "%CustomerSeq%_cmrr_mbep2d_bold",
    "ReceiveCoilActiveElements": "HEA;HEP",
    "ReceiveCoilName": "Head_32",
    "ReconMatrixPE": 90,
    "RepetitionTime": 1.2,
    "SAR": 0.0719713,
    "ScanOptions": "FS_EXT",
    "ScanningSequence": "EP",
    "SequenceName": "epfid2d1_90",
    "SequenceVariant": "SK_SS",
    "SeriesDescription": "tfMRI_CuedtsBas1_AP",
    "SeriesNumber": 19,
    "ShimSetting": [
      -1999,
      -11512,
      5854,
      654,
      -5,
      223,
      -234,
      -24
    ],
    "SliceThickness": 2.4,
    "SliceTiming": [
      0,
      0.6275,
      0.0775,
      0.7075,
      0.1575,
      0.785,
      0.235,
      0.865,
      0.315,
      0.9425,
      0.3925,
      1.0225,
      0.47,
      1.1,
      0.55,
      0,
      0.6275,
      0.0775,
      0.7075,
      0.1575,
      0.785,
      0.235,
      0.865,
      0.315,
      0.9425,
      0.3925,
      1.0225,
      0.47,
      1.1,
      0.55,
      0,
      0.6275,
      0.0775,
      0.7075,
      0.1575,
      0.785,
      0.235,
      0.865,
      0.315,
      0.9425,
      0.3925,
      1.0225,
      0.47,
      1.1,
      0.55,
      0,
      0.6275,
      0.0775,
      0.7075,
      0.1575,
      0.785,
      0.235,
      0.865,
      0.315,
      0.9425,
      0.3925,
      1.0225,
      0.47,
      1.1,
      0.55
    ],
    "SoftwareVersions": "syngo_MR_E11",
    "SpacingBetweenSlices": 2.4,
    "StationName": "MRC35177",
    "TaskName": "Cuedts",
    "TotalReadoutTime": 0.0525111,
    "TxRefAmp": 229.223,
    "VendorReportedEchoSpacing": 0.00059,
    "WipMemBlock": "7137f0b6-9b77-4b9e-bd0b-2ce2c3616391||Sequence: R016 ve11c/master r/e634e98; Dec 19 2017 11:00:25 by eja",
    "acq_id": "mb4AP",
    "dataset": "ds003465",
    "modality": "bold",
    "run_id": 1,
    "session_id": "wave1bas",
    "subject_id": "f8298ds",
    "task_id": "Cuedts"
  },
  "dummy_trs": 0,
  "dvars_nstd": 28.863192865362098,
  "dvars_std": 1.0877381104160242,
  "dvars_vstd": 1.0066825682896758,
  "efc": 0.4841146887020217,
  "fber": 1021.5755615234375,
  "fd_mean": 0.16235536417061175,
  "fd_num": 220,
  "fd_perc": 33.84615384615385,
  "fwhm_avg": 2.4933096231469993,
  "fwhm_x": 2.370287405813241,
  "fwhm_y": 2.542695732295683,
  "fwhm_z": 2.566945731332074,
  "gcor": 0.0110486,
  "gsr_x": -0.0019380737794563174,
  "gsr_y": 0.04498878866434097,
  "provenance": {
    "md5sum": "5658aff1de588a9da73a63e572d60a46",
    "settings": {
      "fd_thres": 0.2,
      "testing": false
    },
    "software": "mriqc",
    "version": "22.0.6",
    "webapi_port": null,
    "webapi_url": "https://mriqc.nimh.nih.gov/api/v1"
  },
  "size_t": 650,
  "size_x": 90,
  "size_y": 90,
  "size_z": 60,
  "snr": 3.628858367491849,
  "spacing_tr": 1.2000000476837158,
  "spacing_x": 2.4000000953674316,
  "spacing_y": 2.4000000953674316,
  "spacing_z": 2.4000000953674316,
  "summary_bg_k": 38.537367958478974,
  "summary_bg_mad": 35.044145752231664,
  "summary_bg_mean": 267.3048400878906,
  "summary_bg_median": 123.32307434082031,
  "summary_bg_n": 350303.0,
  "summary_bg_p05": 96.94000244140625,
  "summary_bg_p95": 966.1686157226501,
  "summary_bg_stdv": 427.0318298339844,
  "summary_fg_k": 0.8926426261237648,
  "summary_fg_mad": 996.6214272412305,
  "summary_fg_mean": 4135.70654296875,
  "summary_fg_median": 3967.5615234375,
  "summary_fg_n": 68285.0,
  "summary_fg_p05": 2667.3041015625,
  "summary_fg_p95": 6186.802636718747,
  "summary_fg_stdv": 1093.3280029296875,
  "tsnr": 54.69851905340329
}