{
  "aor": 0.0016064197530864192,
  "aqi": 0.004003766404320988,
  "bids_meta": {
    "AcquisitionMatrixPE": 90,
    "AcquisitionNumber": 1,
    "AcquisitionTime": "07:40:48.692500",
    "BandwidthPerPixelPhaseEncode": 18.832,
    "BaseResolution": 90,
    "BodyPartExamined": "HEAD",
    "ConsistencyInfo": "N4_VE11C_LATEST_20160120",
    "ConversionSoftware": "dcm2niix",
    "ConversionSoftwareVersion": "v1.0.20190902",
    "DerivedVendorReportedEchoSpacing": 0.000590012,
    "DeviceSerialNumber": "67064",
    "DwellTime": 2.5e-06,
    "EchoTime": 0.033,
    "EchoTrainLength": 90,
    "EffectiveEchoSpacing": 0.000590012,
    "FlipAngle": 63,
    "ImageComments": "Unaliased_MB4_PE3_LB",
    "ImageOrientationPatientDICOM": [
      0.998535,
      0.020894,
      -0.0499081,
      -0.0428986,
      0.867853,
      -0.494966
    ],
    "ImageType": [
      "ORIGINAL",
      "PRIMARY",
      "M",
      "MB",
      "ND",
      "MOSAIC"
    ],
    "ImagingFrequency": 123.247,
    "InPlanePhaseEncodingDirectionDICOM": "COL",
    "InstitutionAddress": "Scott_Ave_4525_St._Louis_MO_US_63110",
    "InstitutionName": "Washington_University",
    "InstitutionalDepartmentName": "Department",
    "MRAcquisitionType": "2D",
    "MagneticFieldStrength": 3,
    "Manufacturer": "Siemens",
    "ManufacturersModelName": "Prisma_fit",
    "Modality": "MR",
    "MultibandAccelerationFactor": 4,
    "PartialFourier": 1,
    "PatientPosition": "HFS",
    "PercentPhaseFOV": 100,
    "PhaseEncodingDirection": "j",
    "PhaseEncodingSteps": 90,
    "PhaseResolution": 1,
    "PixelBandwidth": 2220,
    "ProcedureStepDescription": "head_Braver",
    "ProtocolName": "tfMRI_CuedtsBas2_PA",
    "PulseSequenceDetails": "%CustomerSeq%_cmrr_mbep2d_bold",
    "ReceiveCoilActiveElements": "HEA;HEP",
    "ReceiveCoilName": "Head_32",
    "ReconMatrixPE": 90,
    "RepetitionTime": 1.2,
    "SAR": 0.0719713,
    "ScanOptions": "FS_EXT",
    "ScanningSequence": "EP",
    "SequenceName": "epfid2d1_90",
    "SequenceVariant": "SK_SS",
    "SeriesDescription": "tfMRI_CuedtsBas2_PA",
    "SeriesNumber": 22,
    "ShimSetting": [
      -1999,
      -11512,
      5854,
      654,
      -5,
      223,
      -234,
      -24
    ],
    "SliceThickness": 2.4,
    "SliceTiming": [
      0,
      0.63,
      0.08,
      0.71,
      0.1575,
      0.7875,
      0.2375,
      0.8675,
      0.315,
      0.945,
      0.395,
      1.025,
      0.4725,
      1.1025,
      0.5525,
      0,
      0.63,
      0.08,
      0.71,
      0.1575,
      0.7875,
      0.2375,
      0.8675,
      0.315,
      0.945,
      0.395,
      1.025,
      0.4725,
      1.1025,
      0.5525,
      0,
      0.63,
      0.08,
      0.71,
      0.1575,
      0.7875,
      0.2375,
      0.8675,
      0.315,
      0.945,
      0.395,
      1.025,
      0.4725,
      1.1025,
      0.5525,
      0,
      0.63,
      0.08,
      0.71,
      0.1575,
      0.7875,
      0.2375,
      0.8675,
      0.315,
      0.945,
      0.395,
      1.025,
      0.4725,
      1.1025,
      0.5525
    ],
    "SoftwareVersions": "syngo_MR_E11",
    "SpacingBetweenSlices": 2.4,
    "StationName": "MRC35177",
    "TaskName": "Cuedts",
    "TotalReadoutTime": 0.0525111,
    "TxRefAmp": 229.223,
    "VendorReportedEchoSpacing": 0.00059,
    "WipMemBlock": "1714348a-cd49-4c10-85f3-db19eef3dbb7||Sequence: R016 ve11c/master r/e634e98; Dec 19 2017 11:00:25 by eja",
    "acq_id": "mb4PA",
    "dataset": "ds003465",
    "modality": "bold",
    "run_id": 2,
    "session_id": "wave1bas",
    "subject_id": "f8298ds",
    "task_id": "Cuedts"
  },
  "dummy_trs": 2,
  "dvars_nstd": 28.626332340587364,
  "dvars_std": 1.0791077035394123,
  "dvars_vstd": 1.0118161198299844,
  "efc": 0.4901548397201479,
  "fber": 959.7259521484375,
  "fd_mean": 0.13023752500196673,
  "fd_num": 131,
  "fd_perc": 20.21604938271605,
  "fwhm_avg": 2.5231554552943662,
  "fwhm_x": 2.4313665700528397,
  "fwhm_y": 2.5748123976861477,
  "fwhm_z": 2.56328739814411,
  "gcor": 0.00789797,
  "gsr_x": 0.0026429640129208565,
  "gsr_y": 0.03572285175323486,
  "provenance": {
    "md5sum": "73d07d98f9f2ff6140abf05645f33150",
    "settings": {
      "fd_thres": 0.2,
      "testing": false
    },
    "software": "mriqc",
    "version": "22.0.6",
    "webapi_port": null,
    "webapi_url": "https://mriqc.nimh.nih.gov/api/v1"
  },
  "size_t": 648,
  "size_x": 90,
  "size_y": 90,
  "size_z": 60,
  "snr": 3.4214743964584593,
  "spacing_tr": 1.2000000476837158,
  "spacing_x": 2.4000000953674316,
  "spacing_y": 2.4000000953674316,
  "spacing_z": 2.4000000953674316,
  "summary_bg_k": 36.56575947719801,
  "summary_bg_mad": 43.92895671708399,
  "summary_bg_mean": 288.45867919921875,
  "summary_bg_median": 129.03240966796875,
  "summary_bg_n": 349828.0,
  "summary_bg_p05": 95.06790161132812,
  "summary_bg_p95": 1113.7903259277339,
  "summary_bg_stdv": 446.0686950683594,
  "summary_fg_k": 0.4305222159896527,
  "summary_fg_mad": 1094.840023601188,
  "summary_fg_mean": 4121.02099609375,
  "summary_fg_median": 3958.0927734375,
  "summary_fg_n": 68962.0,
  "summary_fg_p05": 2520.570654296875,
  "summary_fg_p95": 6277.324536132812,
  "summary_fg_stdv": 1156.8299560546875,
  "tsnr": 50.83957031276077
}