{
  "aor": 0.005582065573770492,
  "aqi": 0.013747763032786887,
  "bids_meta": {
    "AcquisitionMatrixPE": 90,
    "AcquisitionNumber": 1,
    "AcquisitionTime": "09:03:24.592500",
    "BandwidthPerPixelPhaseEncode": 18.832,
    "BaseResolution": 90,
    "BodyPartExamined": "HEAD",
    "ConsistencyInfo": "N4_VE11C_LATEST_20160120",
    "ConversionSoftware": "dcm2niix",
    "ConversionSoftwareVersion": "v1.0.20190902",
    "DerivedVendorReportedEchoSpacing": 0.000590012,
    "DeviceSerialNumber": "67064",
    "DwellTime": 2.5e-06,
    "EchoTime": 0.033,
    "EchoTrainLength": 90,
    "EffectiveEchoSpacing": 0.000590012,
    "FlipAngle": 63,
    "ImageComments": "Unaliased_MB4_PE3_LB",
    "ImageOrientationPatientDICOM": [
      0.999839,
      -0.0177103,
      0.00300575,
      0.0178014,
      0.954413,
      -0.297957
    ],
    "ImageType": [
      "ORIGINAL",
      "PRIMARY",
      "M",
      "MB",
      "ND",
      "MOSAIC"
    ],
    "ImagingFrequency": 123.247,
    "InPlanePhaseEncodingDirectionDICOM": "COL",
    "InstitutionAddress": "Scott_Ave_4525_St._Louis_MO_US_63110",
    "InstitutionName": "Washington_University",
    "InstitutionalDepartmentName": "Department",
    "MRAcquisitionType": "2D",
    "MagneticFieldStrength": 3,
    "Manufacturer": "Siemens",
    "ManufacturersModelName": "Prisma_fit",
    "Modality": "MR",
    "MultibandAccelerationFactor": 4,
    "PartialFourier": 1,
    "PatientPosition": "HFS",
    "PercentPhaseFOV": 100,
    "PhaseEncodingDirection": "j",
    "PhaseEncodingSteps": 90,
    "PhaseResolution": 1,
    "PixelBandwidth": 2220,
    "ProcedureStepDescription": "head_Braver",
    "ProtocolName": "tfMRI_AxcptBas2_PA",
    "PulseSequenceDetails": "%CustomerSeq%_cmrr_mbep2d_bold",
    "ReceiveCoilActiveElements": "HEA;HEP",
    "ReceiveCoilName": "Head_32",
    "ReconMatrixPE": 90,
    "RepetitionTime": 1.2,
    "SAR": 0.0663292,
    "ScanOptions": "FS_EXT",
    "ScanningSequence": "EP",
    "SequenceName": "epfid2d1_90",
    "SequenceVariant": "SK_SS",
    "SeriesDescription": "tfMRI_AxcptBas2_PA",
    "SeriesNumber": 46,
    "ShimSetting": [
      -2005,
      -11498,
      5879,
      532,
      32,
      105,
      170,
      -18
    ],
    "SliceThickness": 2.4,
    "SliceTiming": [
      0,
      0.63,
      0.08,
      0.7075,
      0.1575,
      0.7875,
      0.2375,
      0.865,
      0.315,
      0.945,
      0.3925,
      1.0225,
      0.4725,
      1.1025,
      0.55,
      0,
      0.63,
      0.08,
      0.7075,
      0.1575,
      0.7875,
      0.2375,
      0.865,
      0.315,
      0.945,
      0.3925,
      1.0225,
      0.4725,
      1.1025,
      0.55,
      0,
      0.63,
      0.08,
      0.7075,
      0.1575,
      0.7875,
      0.2375,
      0.865,
      0.315,
      0.945,
      0.3925,
      1.0225,
      0.4725,
      1.1025,
      0.55,
      0,
      0.63,
      0.08,
      0.7075,
      0.1575,
      0.7875,
      0.2375,
      0.865,
      0.315,
      0.945,
      0.3925,
      1.0225,
      0.4725,
      1.1025,
      0.55
    ],
    "SoftwareVersions": "syngo_MR_E11",
    "SpacingBetweenSlices": 2.4,
    "StationName": "MRC35177",
    "TaskName": "Axcpt",
    "TotalReadoutTime": 0.0525111,
    "TxRefAmp": 239.604,
    "VendorReportedEchoSpacing": 0.00059,
    "WipMemBlock": "dbf1b51c-255e-46f8-b8f2-4b15694ffb4d||Sequence: R016 ve11c/master r/e634e98; Dec 19 2017 11:00:25 by eja",
    "acq_id": "mb4PA",
    "dataset": "ds003465",
    "modality": "bold",
    "run_id": 2,
    "session_id": "wave1bas",
    "subject_id": "f2593wi",
    "task_id": "Axcpt"
  },
  "dummy_trs": 0,
  "dvars_nstd": 40.465211163530384,
  "dvars_std": 1.2248050903284078,
  "dvars_vstd": 1.044624289490968,
  "efc": 0.5417946834297268,
  "fber": 692.5894775390625,
  "fd_mean": 0.2408884196702191,
  "fd_num": 228,
  "fd_perc": 37.377049180327866,
  "fwhm_avg": 2.920530541509452,
  "fwhm_x": 2.752020723977855,
  "fwhm_y": 2.929112383607531,
  "fwhm_z": 3.080458516942969,
  "gcor": 0.0265782,
  "gsr_x": -0.026088634505867958,
  "gsr_y": 0.09597230702638626,
  "provenance": {
    "md5sum": "12aa1e4348a9921c3687d60d6ff9d944",
    "settings": {
      "fd_thres": 0.2,
      "testing": false
    },
    "software": "mriqc",
    "version": "22.0.6",
    "webapi_port": null,
    "webapi_url": "https://mriqc.nimh.nih.gov/api/v1"
  },
  "size_t": 610,
  "size_x": 90,
  "size_y": 90,
  "size_z": 60,
  "snr": 2.402013365335542,
  "spacing_tr": 1.2000000476837158,
  "spacing_x": 2.4000000953674316,
  "spacing_y": 2.4000000953674316,
  "spacing_z": 2.3999998569488525,
  "summary_bg_k": 16.275795748028685,
  "summary_bg_mad": 72.37285764119576,
  "summary_bg_mean": 457.2532653808594,
  "summary_bg_median": 162.5,
  "summary_bg_n": 313353.0,
  "summary_bg_p05": 107.73868560791016,
  "summary_bg_p95": 2097.441992187493,
  "summary_bg_stdv": 739.5833129882812,
  "summary_fg_k": 2.308839809168636,
  "summary_fg_mad": 1685.696642671502,
  "summary_fg_mean": 4708.29345703125,
  "summary_fg_median": 4359.4736328125,
  "summary_fg_n": 91797.0,
  "summary_fg_p05": 2464.11611328125,
  "summary_fg_p95": 8031.681445312499,
  "summary_fg_stdv": 1814.9149169921875,
  "tsnr": 32.79236094490625
}