{
  "aor": 0.0009953344481605352,
  "aqi": 0.006985022458193979,
  "bids_meta": {
    "AcquisitionMatrixPE": 90,
    "AcquisitionNumber": 1,
    "AcquisitionTime": "10:31:39.525000",
    "BandwidthPerPixelPhaseEncode": 18.832,
    "BaseResolution": 90,
    "BodyPartExamined": "HEAD",
    "ConsistencyInfo": "N4_VE11C_LATEST_20160120",
    "ConversionSoftware": "dcm2niix",
    "ConversionSoftwareVersion": "v1.0.20190902",
    "DerivedVendorReportedEchoSpacing": 0.000590012,
    "DeviceSerialNumber": "67064",
    "DwellTime": 2.5e-06,
    "EchoTime": 0.033,
    "EchoTrainLength": 90,
    "EffectiveEchoSpacing": 0.000590012,
    "FlipAngle": 63,
    "ImageComments": "Unaliased_MB4_PE3_LB",
    "ImageOrientationPatientDICOM": [
      0.999952,
      0.00967331,
      0.00175497,
      -0.00820291,
      0.919327,
      -0.393408
    ],
    "ImageType": [
      "ORIGINAL",
      "PRIMARY",
      "M",
      "MB",
      "ND",
      "MOSAIC"
    ],
    "ImagingFrequency": 123.247,
    "InPlanePhaseEncodingDirectionDICOM": "COL",
    "InstitutionAddress": "Scott_Ave_4525_St._Louis_MO_US_63110",
    "InstitutionName": "Washington_University",
    "InstitutionalDepartmentName": "Department",
    "MRAcquisitionType": "2D",
    "MagneticFieldStrength": 3,
    "Manufacturer": "Siemens",
    "ManufacturersModelName": "Prisma_fit",
    "Modality": "MR",
    "MultibandAccelerationFactor": 4,
    "PartialFourier": 1,
    "PatientPosition": "HFS",
    "PercentPhaseFOV": 100,
    "PhaseEncodingDirection": "j-",
    "PhaseEncodingSteps": 90,
    "PhaseResolution": 1,
    "PixelBandwidth": 2220,
    "ProcedureStepDescription": "head_Braver",
    "ProtocolName": "tfMRI_SternBas1_AP",
    "PulseSequenceDetails": "%CustomerSeq%_cmrr_mbep2d_bold",
    "ReceiveCoilActiveElements": "HEA;HEP",
    "ReceiveCoilName": "Head_32",
    "ReconMatrixPE": 90,
    "RepetitionTime": 1.2,
    "SAR": 0.06608,
    "ScanOptions": "FS_EXT",
    "ScanningSequence": "EP",
    "SequenceName": "epfid2d1_90",
    "SequenceVariant": "SK_SS",
    "SeriesDescription": "tfMRI_SternBas1_AP",
    "SeriesNumber": 18,
    "ShimSetting": [
      -1986,
      -11512,
      5807,
      500,
      133,
      124,
      -63,
      21
    ],
    "SliceThickness": 2.4,
    "SliceTiming": [
      0,
      0.63,
      0.0775,
      0.7075,
      0.1575,
      0.785,
      0.235,
      0.865,
      0.315,
      0.9425,
      0.3925,
      1.0225,
      0.4725,
      1.1,
      0.55,
      0,
      0.63,
      0.0775,
      0.7075,
      0.1575,
      0.785,
      0.235,
      0.865,
      0.315,
      0.9425,
      0.3925,
      1.0225,
      0.4725,
      1.1,
      0.55,
      0,
      0.63,
      0.0775,
      0.7075,
      0.1575,
      0.785,
      0.235,
      0.865,
      0.315,
      0.9425,
      0.3925,
      1.0225,
      0.4725,
      1.1,
      0.55,
      0,
      0.63,
      0.0775,
      0.7075,
      0.1575,
      0.785,
      0.235,
      0.865,
      0.315,
      0.9425,
      0.3925,
      1.0225,
      0.4725,
      1.1,
      0.55
    ],
    "SoftwareVersions": "syngo_MR_E11",
    "SpacingBetweenSlices": 2.4,
    "StationName": "MRC35177",
    "TaskName": "Stern",
    "TotalReadoutTime": 0.0525111,
    "TxRefAmp": 254.332,
    "VendorReportedEchoSpacing": 0.00059,
    "WipMemBlock": "00c4e51f-5b10-4c01-9cdf-d55684d10ce8||Sequence: ve11c/master r/068cfa9; Jul 21 2016 14:39:26 by eja",
    "acq_id": "mb4AP",
    "dataset": "ds003465",
    "modality": "bold",
    "run_id": 1,
    "session_id": "wave1bas",
    "subject_id": "f8294bu",
    "task_id": "Stern"
  },
  "dummy_trs": 2,
  "dvars_nstd": 37.79944386341708,
  "dvars_std": 1.1596572048911231,
  "dvars_vstd": 0.9811581273199331,
  "efc": 0.5340759311212968,
  "fber": 528.9494018554688,
  "fd_mean": 0.2039925202993999,
  "fd_num": 306,
  "fd_perc": 51.17056856187291,
  "fwhm_avg": 2.996899880913898,
  "fwhm_x": 2.8668498860816207,
  "fwhm_y": 3.070499877989297,
  "fwhm_z": 3.0533498786707765,
  "gcor": 0.00511847,
  "gsr_x": -0.032000958919525146,
  "gsr_y": 0.11861375719308853,
  "provenance": {
    "md5sum": "fd8855caf9825094258151d61fbba557",
    "settings": {
      "fd_thres": 0.2,
      "testing": false
    },
    "software": "mriqc",
    "version": "22.0.6",
    "webapi_port": null,
    "webapi_url": "https://mriqc.nimh.nih.gov/api/v1"
  },
  "size_t": 598,
  "size_x": 90,
  "size_y": 90,
  "size_z": 60,
  "snr": 2.0894068883456267,
  "spacing_tr": 1.2000000476837158,
  "spacing_x": 2.4000000953674316,
  "spacing_y": 2.4000000953674316,
  "spacing_z": 2.4000000953674316,
  "summary_bg_k": 18.0994586102479,
  "summary_bg_mad": 91.87175986848601,
  "summary_bg_mean": 460.1912536621094,
  "summary_bg_median": 177.03846740722656,
  "summary_bg_n": 316405.0,
  "summary_bg_p05": 109.84615325927734,
  "summary_bg_p95": 1880.3454833984372,
  "summary_bg_stdv": 697.0217895507812,
  "summary_fg_k": 1.6698077469205188,
  "summary_fg_mad": 1731.3297345389874,
  "summary_fg_mean": 4757.76025390625,
  "summary_fg_median": 4270.162109375,
  "summary_fg_n": 88925.0,
  "summary_fg_p05": 2371.278857421875,
  "summary_fg_p95": 8847.141406250003,
  "summary_fg_stdv": 2043.708251953125,
  "tsnr": 42.46527431346476
}