{
  "aor": 0.0025003896103896104,
  "aqi": 0.005369092356215213,
  "bids_meta": {
    "AcquisitionMatrixPE": 90,
    "AcquisitionNumber": 1,
    "AcquisitionTime": "11:12:10.522500",
    "BandwidthPerPixelPhaseEncode": 18.832,
    "BaseResolution": 90,
    "BodyPartExamined": "HEAD",
    "ConsistencyInfo": "N4_VE11C_LATEST_20160120",
    "ConversionSoftware": "dcm2niix",
    "ConversionSoftwareVersion": "v1.0.20190902",
    "DerivedVendorReportedEchoSpacing": 0.000590012,
    "DeviceSerialNumber": "67064",
    "DwellTime": 2.5e-06,
    "EchoTime": 0.033,
    "EchoTrainLength": 90,
    "EffectiveEchoSpacing": 0.000590012,
    "FlipAngle": 63,
    "ImageComments": "Unaliased_MB4_PE3_LB",
    "ImageOrientationPatientDICOM": [
      0.999952,
      0.00967331,
      0.00175497,
      -0.00820291,
      0.919327,
      -0.393408
    ],
    "ImageType": [
      "ORIGINAL",
      "PRIMARY",
      "M",
      "MB",
      "ND",
      "MOSAIC"
    ],
    "ImagingFrequency": 123.247,
    "InPlanePhaseEncodingDirectionDICOM": "COL",
    "InstitutionAddress": "Scott_Ave_4525_St._Louis_MO_US_63110",
    "InstitutionName": "Washington_University",
    "InstitutionalDepartmentName": "Department",
    "MRAcquisitionType": "2D",
    "MagneticFieldStrength": 3,
    "Manufacturer": "Siemens",
    "ManufacturersModelName": "Prisma_fit",
    "Modality": "MR",
    "MultibandAccelerationFactor": 4,
    "PartialFourier": 1,
    "PatientPosition": "HFS",
    "PercentPhaseFOV": 100,
    "PhaseEncodingDirection": "j",
    "PhaseEncodingSteps": 90,
    "PhaseResolution": 1,
    "PixelBandwidth": 2220,
    "ProcedureStepDescription": "head_Braver",
    "ProtocolName": "tfMRI_StroopBas2_PA",
    "PulseSequenceDetails": "%CustomerSeq%_cmrr_mbep2d_bold",
    "ReceiveCoilActiveElements": "HEA;HEP",
    "ReceiveCoilName": "Head_32",
    "ReconMatrixPE": 90,
    "RepetitionTime": 1.2,
    "SAR": 0.0660513,
    "ScanOptions": "FS_EXT",
    "ScanningSequence": "EP",
    "SequenceName": "epfid2d1_90",
    "SequenceVariant": "SK_SS",
    "SeriesDescription": "tfMRI_StroopBas2_PA",
    "SeriesNumber": 26,
    "ShimSetting": [
      -1986,
      -11512,
      5807,
      500,
      133,
      124,
      -63,
      21
    ],
    "SliceThickness": 2.4,
    "SliceTiming": [
      0,
      0.6275,
      0.0775,
      0.7075,
      0.1575,
      0.785,
      0.235,
      0.865,
      0.3125,
      0.9425,
      0.3925,
      1.0225,
      0.47,
      1.1,
      0.55,
      0,
      0.6275,
      0.0775,
      0.7075,
      0.1575,
      0.785,
      0.235,
      0.865,
      0.3125,
      0.9425,
      0.3925,
      1.0225,
      0.47,
      1.1,
      0.55,
      0,
      0.6275,
      0.0775,
      0.7075,
      0.1575,
      0.785,
      0.235,
      0.865,
      0.3125,
      0.9425,
      0.3925,
      1.0225,
      0.47,
      1.1,
      0.55,
      0,
      0.6275,
      0.0775,
      0.7075,
      0.1575,
      0.785,
      0.235,
      0.865,
      0.3125,
      0.9425,
      0.3925,
      1.0225,
      0.47,
      1.1,
      0.55
    ],
    "SoftwareVersions": "syngo_MR_E11",
    "SpacingBetweenSlices": 2.4,
    "StationName": "MRC35177",
    "TaskName": "Stroop",
    "TotalReadoutTime": 0.0525111,
    "TxRefAmp": 254.332,
    "VendorReportedEchoSpacing": 0.00059,
    "WipMemBlock": "59740760-8a22-40ca-9f13-ca07ce1177fb||Sequence: ve11c/master r/068cfa9; Jul 21 2016 14:39:26 by eja",
    "acq_id": "mb4PA",
    "dataset": "ds003465",
    "modality": "bold",
    "run_id": 2,
    "session_id": "wave1bas",
    "subject_id": "f8294bu",
    "task_id": "Stroop"
  },
  "dummy_trs": 1,
  "dvars_nstd": 40.9172020421004,
  "dvars_std": 1.2536131865241622,
  "dvars_vstd": 1.025170226524164,
  "efc": 0.5373838149934611,
  "fber": 506.5519104003906,
  "fd_mean": 0.22237410248986292,
  "fd_num": 248,
  "fd_perc": 46.01113172541744,
  "fwhm_avg": 2.998735991952048,
  "fwhm_x": 2.8741832191235535,
  "fwhm_y": 3.0735957111996126,
  "fwhm_z": 3.0484290455329797,
  "gcor": 0.0147096,
  "gsr_x": -0.02755729854106903,
  "gsr_y": 0.10743014514446259,
  "provenance": {
    "md5sum": "03ab1719b8fb15c3520167b7810b6f5b",
    "settings": {
      "fd_thres": 0.2,
      "testing": false
    },
    "software": "mriqc",
    "version": "22.0.6",
    "webapi_port": null,
    "webapi_url": "https://mriqc.nimh.nih.gov/api/v1"
  },
  "size_t": 539,
  "size_x": 90,
  "size_y": 90,
  "size_z": 60,
  "snr": 2.068171302494426,
  "spacing_tr": 1.2000000476837158,
  "spacing_x": 2.4000000953674316,
  "spacing_y": 2.4000000953674316,
  "spacing_z": 2.4000000953674316,
  "summary_bg_k": 16.24558345610211,
  "summary_bg_mad": 103.98020584962046,
  "summary_bg_mean": 508.82330322265625,
  "summary_bg_median": 187.5269012451172,
  "summary_bg_n": 319189.0,
  "summary_bg_p05": 111.29684448242188,
  "summary_bg_p95": 2207.189990234374,
  "summary_bg_stdv": 779.2344970703125,
  "summary_fg_k": 1.7931070028442226,
  "summary_fg_mad": 1808.8684551057877,
  "summary_fg_mean": 4831.28271484375,
  "summary_fg_median": 4360.873046875,
  "summary_fg_n": 87950.0,
  "summary_fg_p05": 2370.6862182617188,
  "summary_fg_p95": 9082.437744140625,
  "summary_fg_stdv": 2108.552734375,
  "tsnr": 46.89401439810172
}