{
  "aor": 0.0014974706867671693,
  "aqi": 0.004113549078726968,
  "bids_meta": {
    "AcquisitionMatrixPE": 90,
    "AcquisitionNumber": 1,
    "AcquisitionTime": "10:45:16.295000",
    "BandwidthPerPixelPhaseEncode": 18.832,
    "BaseResolution": 90,
    "BodyPartExamined": "HEAD",
    "ConsistencyInfo": "N4_VE11C_LATEST_20160120",
    "ConversionSoftware": "dcm2niix",
    "ConversionSoftwareVersion": "v1.0.20190902",
    "DerivedVendorReportedEchoSpacing": 0.000590012,
    "DeviceSerialNumber": "67064",
    "DwellTime": 2.5e-06,
    "EchoTime": 0.033,
    "EchoTrainLength": 90,
    "EffectiveEchoSpacing": 0.000590012,
    "FlipAngle": 63,
    "ImageComments": "Unaliased_MB4_PE3_LB",
    "ImageOrientationPatientDICOM": [
      0.999952,
      0.00967331,
      0.00175497,
      -0.00820291,
      0.919327,
      -0.393408
    ],
    "ImageType": [
      "ORIGINAL",
      "PRIMARY",
      "M",
      "MB",
      "ND",
      "MOSAIC"
    ],
    "ImagingFrequency": 123.247,
    "InPlanePhaseEncodingDirectionDICOM": "COL",
    "InstitutionAddress": "Scott_Ave_4525_St._Louis_MO_US_63110",
    "InstitutionName": "Washington_University",
    "InstitutionalDepartmentName": "Department",
    "MRAcquisitionType": "2D",
    "MagneticFieldStrength": 3,
    "Manufacturer": "Siemens",
    "ManufacturersModelName": "Prisma_fit",
    "Modality": "MR",
    "MultibandAccelerationFactor": 4,
    "PartialFourier": 1,
    "PatientPosition": "HFS",
    "PercentPhaseFOV": 100,
    "PhaseEncodingDirection": "j",
    "PhaseEncodingSteps": 90,
    "PhaseResolution": 1,
    "PixelBandwidth": 2220,
    "ProcedureStepDescription": "head_Braver",
    "ProtocolName": "tfMRI_SternBas2_PA",
    "PulseSequenceDetails": "%CustomerSeq%_cmrr_mbep2d_bold",
    "ReceiveCoilActiveElements": "HEA;HEP",
    "ReceiveCoilName": "Head_32",
    "ReconMatrixPE": 90,
    "RepetitionTime": 1.2,
    "SAR": 0.06608,
    "ScanOptions": "FS_EXT",
    "ScanningSequence": "EP",
    "SequenceName": "epfid2d1_90",
    "SequenceVariant": "SK_SS",
    "SeriesDescription": "tfMRI_SternBas2_PA",
    "SeriesNumber": 20,
    "ShimSetting": [
      -1986,
      -11512,
      5807,
      500,
      133,
      124,
      -63,
      21
    ],
    "SliceThickness": 2.4,
    "SliceTiming": [
      0,
      0.63,
      0.08,
      0.7075,
      0.1575,
      0.7875,
      0.2375,
      0.865,
      0.315,
      0.945,
      0.395,
      1.0225,
      0.4725,
      1.1025,
      0.5525,
      0,
      0.63,
      0.08,
      0.7075,
      0.1575,
      0.7875,
      0.2375,
      0.865,
      0.315,
      0.945,
      0.395,
      1.0225,
      0.4725,
      1.1025,
      0.5525,
      0,
      0.63,
      0.08,
      0.7075,
      0.1575,
      0.7875,
      0.2375,
      0.865,
      0.315,
      0.945,
      0.395,
      1.0225,
      0.4725,
      1.1025,
      0.5525,
      0,
      0.63,
      0.08,
      0.7075,
      0.1575,
      0.7875,
      0.2375,
      0.865,
      0.315,
      0.945,
      0.395,
      1.0225,
      0.4725,
      1.1025,
      0.5525
    ],
    "SoftwareVersions": "syngo_MR_E11",
    "SpacingBetweenSlices": 2.4,
    "StationName": "MRC35177",
    "TaskName": "Stern",
    "TotalReadoutTime": 0.0525111,
    "TxRefAmp": 254.332,
    "VendorReportedEchoSpacing": 0.00059,
    "WipMemBlock": "5b43e687-3078-41e6-9c73-b6d97ae0d6bd||Sequence: ve11c/master r/068cfa9; Jul 21 2016 14:39:26 by eja",
    "acq_id": "mb4PA",
    "dataset": "ds003465",
    "modality": "bold",
    "run_id": 2,
    "session_id": "wave1bas",
    "subject_id": "f8294bu",
    "task_id": "Stern"
  },
  "dummy_trs": 3,
  "dvars_nstd": 37.86170230758394,
  "dvars_std": 1.2398041587919466,
  "dvars_vstd": 1.010029821946309,
  "efc": 0.5369077985222711,
  "fber": 524.2470092773438,
  "fd_mean": 0.16481765968858103,
  "fd_num": 191,
  "fd_perc": 31.99329983249581,
  "fwhm_avg": 2.9357415500107784,
  "fwhm_x": 2.7995582220888844,
  "fwhm_y": 3.0121457136414165,
  "fwhm_z": 2.995520714302035,
  "gcor": 0.00513708,
  "gsr_x": -0.03448983281850815,
  "gsr_y": 0.11208734661340714,
  "provenance": {
    "md5sum": "1325e8c080d26c68d5dd555fccf17348",
    "settings": {
      "fd_thres": 0.2,
      "testing": false
    },
    "software": "mriqc",
    "version": "22.0.6",
    "webapi_port": null,
    "webapi_url": "https://mriqc.nimh.nih.gov/api/v1"
  },
  "size_t": 597,
  "size_x": 90,
  "size_y": 90,
  "size_z": 60,
  "snr": 2.0924808024911874,
  "spacing_tr": 1.2000000476837158,
  "spacing_x": 2.4000000953674316,
  "spacing_y": 2.4000000953674316,
  "spacing_z": 2.4000000953674316,
  "summary_bg_k": 19.99339773301416,
  "summary_bg_mad": 96.11583766843103,
  "summary_bg_mean": 473.8758850097656,
  "summary_bg_median": 181.06700134277344,
  "summary_bg_n": 315409.0,
  "summary_bg_p05": 110.95879364013672,
  "summary_bg_p95": 2022.7494384765607,
  "summary_bg_stdv": 717.7465209960938,
  "summary_fg_k": 1.7415063963782647,
  "summary_fg_mad": 1772.092246462085,
  "summary_fg_mean": 4758.158203125,
  "summary_fg_median": 4306.96630859375,
  "summary_fg_n": 88952.0,
  "summary_fg_p05": 2346.0488159179686,
  "summary_fg_p95": 8916.256298828124,
  "summary_fg_stdv": 2058.294677734375,
  "tsnr": 50.955545384669676
}