{
  "aor": 0.0010417405582922824,
  "aqi": 0.005284260344827586,
  "bids_meta": {
    "AcquisitionMatrixPE": 90,
    "AcquisitionNumber": 1,
    "AcquisitionTime": "11:59:59.847500",
    "BandwidthPerPixelPhaseEncode": 18.832,
    "BaseResolution": 90,
    "BodyPartExamined": "HEAD",
    "ConsistencyInfo": "N4_VE11C_LATEST_20160120",
    "ConversionSoftware": "dcm2niix",
    "ConversionSoftwareVersion": "v1.0.20190902",
    "DerivedVendorReportedEchoSpacing": 0.000590012,
    "DeviceSerialNumber": "67064",
    "DwellTime": 2.5e-06,
    "EchoTime": 0.033,
    "EchoTrainLength": 90,
    "EffectiveEchoSpacing": 0.000590012,
    "FlipAngle": 63,
    "ImageComments": "Unaliased_MB4_PE3_LB",
    "ImageOrientationPatientDICOM": [
      0.99827,
      -0.0479686,
      0.0340034,
      0.0570354,
      0.930533,
      -0.36174
    ],
    "ImageType": [
      "ORIGINAL",
      "PRIMARY",
      "M",
      "MB",
      "ND",
      "MOSAIC"
    ],
    "ImagingFrequency": 123.247,
    "InPlanePhaseEncodingDirectionDICOM": "COL",
    "InstitutionAddress": "Scott_Ave_4525_St._Louis_MO_US_63110",
    "InstitutionName": "Washington_University",
    "InstitutionalDepartmentName": "Department",
    "MRAcquisitionType": "2D",
    "MagneticFieldStrength": 3,
    "Manufacturer": "Siemens",
    "ManufacturersModelName": "Prisma_fit",
    "Modality": "MR",
    "MultibandAccelerationFactor": 4,
    "PartialFourier": 1,
    "PatientPosition": "HFS",
    "PercentPhaseFOV": 100,
    "PhaseEncodingDirection": "j-",
    "PhaseEncodingSteps": 90,
    "PhaseResolution": 1,
    "PixelBandwidth": 2220,
    "ProcedureStepDescription": "head_Braver",
    "ProtocolName": "tfMRI_AxcptBas1_AP",
    "PulseSequenceDetails": "%CustomerSeq%_cmrr_mbep2d_bold",
    "ReceiveCoilActiveElements": "HEA;HEP",
    "ReceiveCoilName": "Head_32",
    "ReconMatrixPE": 90,
    "RepetitionTime": 1.2,
    "SAR": 0.067017,
    "ScanOptions": "FS_EXT",
    "ScanningSequence": "EP",
    "SequenceName": "epfid2d1_90",
    "SequenceVariant": "SK_SS",
    "SeriesDescription": "tfMRI_AxcptBas1_AP",
    "SeriesNumber": 40,
    "ShimSetting": [
      -1986,
      -11512,
      5808,
      502,
      160,
      232,
      -16,
      1
    ],
    "SliceThickness": 2.4,
    "SliceTiming": [
      0,
      0.63,
      0.08,
      0.7075,
      0.1575,
      0.7875,
      0.2375,
      0.865,
      0.315,
      0.945,
      0.395,
      1.0225,
      0.4725,
      1.1025,
      0.5525,
      0,
      0.63,
      0.08,
      0.7075,
      0.1575,
      0.7875,
      0.2375,
      0.865,
      0.315,
      0.945,
      0.395,
      1.0225,
      0.4725,
      1.1025,
      0.5525,
      0,
      0.63,
      0.08,
      0.7075,
      0.1575,
      0.7875,
      0.2375,
      0.865,
      0.315,
      0.945,
      0.395,
      1.0225,
      0.4725,
      1.1025,
      0.5525,
      0,
      0.63,
      0.08,
      0.7075,
      0.1575,
      0.7875,
      0.2375,
      0.865,
      0.315,
      0.945,
      0.395,
      1.0225,
      0.4725,
      1.1025,
      0.5525
    ],
    "SoftwareVersions": "syngo_MR_E11",
    "SpacingBetweenSlices": 2.4,
    "StationName": "MRC35177",
    "TaskName": "Axcpt",
    "TotalReadoutTime": 0.0525111,
    "TxRefAmp": 255.866,
    "VendorReportedEchoSpacing": 0.00059,
    "WipMemBlock": "4772e574-2eb9-413b-9216-6bf2bf9281b0||Sequence: ve11c/master r/068cfa9; Jul 21 2016 14:39:26 by eja",
    "acq_id": "mb4AP",
    "dataset": "ds003465",
    "modality": "bold",
    "run_id": 1,
    "session_id": "wave1bas",
    "subject_id": "f8294bu",
    "task_id": "Axcpt"
  },
  "dummy_trs": 1,
  "dvars_nstd": 37.23925978876647,
  "dvars_std": 1.172766781019736,
  "dvars_vstd": 1.0050793125822366,
  "efc": 0.546023040550148,
  "fber": 532.1195678710938,
  "fd_mean": 0.20378007555082797,
  "fd_num": 317,
  "fd_perc": 52.052545155993435,
  "fwhm_avg": 2.7986193332373035,
  "fwhm_x": 2.6411998950481457,
  "fwhm_y": 2.860504053000448,
  "fwhm_z": 2.894154051663317,
  "gcor": 0.00528878,
  "gsr_x": -0.027322372421622276,
  "gsr_y": 0.12466266006231308,
  "provenance": {
    "md5sum": "6ec958b957743be894ab665354c725a5",
    "settings": {
      "fd_thres": 0.2,
      "testing": false
    },
    "software": "mriqc",
    "version": "22.0.6",
    "webapi_port": null,
    "webapi_url": "https://mriqc.nimh.nih.gov/api/v1"
  },
  "size_t": 609,
  "size_x": 90,
  "size_y": 90,
  "size_z": 60,
  "snr": 2.4602071908499643,
  "spacing_tr": 1.2000000476837158,
  "spacing_x": 2.4000000953674316,
  "spacing_y": 2.4000000953674316,
  "spacing_z": 2.4000000953674316,
  "summary_bg_k": 22.62097337369625,
  "summary_bg_mad": 76.48061096346876,
  "summary_bg_mean": 413.5343017578125,
  "summary_bg_median": 160.55746459960938,
  "summary_bg_n": 316916.0,
  "summary_bg_p05": 105.3165054321289,
  "summary_bg_p95": 1682.1211242675781,
  "summary_bg_stdv": 627.993896484375,
  "summary_fg_k": 1.420718864589082,
  "summary_fg_mad": 1401.0956547944513,
  "summary_fg_mean": 4183.63818359375,
  "summary_fg_median": 3860.43115234375,
  "summary_fg_n": 89342.0,
  "summary_fg_p05": 2264.8645874023437,
  "summary_fg_p95": 7216.528662109374,
  "summary_fg_stdv": 1569.1400146484375,
  "tsnr": 46.808929537655786
}