{
  "aor": 0.0024380739599383664,
  "aqi": 0.007263720816640986,
  "bids_meta": {
    "AcquisitionMatrixPE": 90,
    "AcquisitionNumber": 1,
    "AcquisitionTime": "15:10:39.192500",
    "BandwidthPerPixelPhaseEncode": 18.832,
    "BaseResolution": 90,
    "BodyPartExamined": "HEAD",
    "ConsistencyInfo": "N4_VE11C_LATEST_20160120",
    "ConversionSoftware": "dcm2niix",
    "ConversionSoftwareVersion": "v1.0.20190902",
    "DerivedVendorReportedEchoSpacing": 0.000590012,
    "DeviceSerialNumber": "67064",
    "DwellTime": 2.5e-06,
    "EchoTime": 0.033,
    "EchoTrainLength": 90,
    "EffectiveEchoSpacing": 0.000590012,
    "FlipAngle": 63,
    "ImageComments": "Unaliased_MB4_PE3_LB",
    "ImageOrientationPatientDICOM": [
      0.999753,
      0.00232071,
      -0.0221204,
      -0.0127385,
      0.875016,
      -0.483926
    ],
    "ImageType": [
      "ORIGINAL",
      "PRIMARY",
      "M",
      "MB",
      "ND",
      "MOSAIC"
    ],
    "ImagingFrequency": 123.247,
    "InPlanePhaseEncodingDirectionDICOM": "COL",
    "InstitutionAddress": "Scott_Ave_4525_St._Louis_MO_US_63110",
    "InstitutionName": "Washington_University",
    "InstitutionalDepartmentName": "Department",
    "MRAcquisitionType": "2D",
    "MagneticFieldStrength": 3,
    "Manufacturer": "Siemens",
    "ManufacturersModelName": "Prisma_fit",
    "Modality": "MR",
    "MultibandAccelerationFactor": 4,
    "PartialFourier": 1,
    "PatientPosition": "HFS",
    "PercentPhaseFOV": 100,
    "PhaseEncodingDirection": "j",
    "PhaseEncodingSteps": 90,
    "PhaseResolution": 1,
    "PixelBandwidth": 2220,
    "ProcedureStepDescription": "head_Braver",
    "ProtocolName": "tfMRI_CuedtsBas2_PA",
    "PulseSequenceDetails": "%CustomerSeq%_cmrr_mbep2d_bold",
    "ReceiveCoilActiveElements": "HEA;HEP",
    "ReceiveCoilName": "Head_32",
    "ReconMatrixPE": 90,
    "RepetitionTime": 1.2,
    "SAR": 0.0796952,
    "ScanOptions": "FS_EXT",
    "ScanningSequence": "EP",
    "SequenceName": "epfid2d1_90",
    "SequenceVariant": "SK_SS",
    "SeriesDescription": "tfMRI_CuedtsBas2_PA",
    "SeriesNumber": 37,
    "ShimSetting": [
      -1973,
      -11490,
      5847,
      555,
      193,
      2,
      -103,
      9
    ],
    "SliceThickness": 2.4,
    "SliceTiming": [
      0,
      0.63,
      0.0775,
      0.7075,
      0.1575,
      0.785,
      0.235,
      0.865,
      0.315,
      0.9425,
      0.3925,
      1.0225,
      0.4725,
      1.1,
      0.55,
      0,
      0.63,
      0.0775,
      0.7075,
      0.1575,
      0.785,
      0.235,
      0.865,
      0.315,
      0.9425,
      0.3925,
      1.0225,
      0.4725,
      1.1,
      0.55,
      0,
      0.63,
      0.0775,
      0.7075,
      0.1575,
      0.785,
      0.235,
      0.865,
      0.315,
      0.9425,
      0.3925,
      1.0225,
      0.4725,
      1.1,
      0.55,
      0,
      0.63,
      0.0775,
      0.7075,
      0.1575,
      0.785,
      0.235,
      0.865,
      0.315,
      0.9425,
      0.3925,
      1.0225,
      0.4725,
      1.1,
      0.55
    ],
    "SoftwareVersions": "syngo_MR_E11",
    "SpacingBetweenSlices": 2.4,
    "StationName": "MRC35177",
    "TaskName": "Cuedts",
    "TotalReadoutTime": 0.0525111,
    "TxRefAmp": 245.348,
    "VendorReportedEchoSpacing": 0.00059,
    "WipMemBlock": "042a5696-8459-4d92-ad38-e49d16961474||Sequence: R016 ve11c/master r/e634e98; Dec 19 2017 11:00:25 by eja",
    "acq_id": "mb4PA",
    "dataset": "ds003465",
    "modality": "bold",
    "run_id": 2,
    "session_id": "wave1bas",
    "subject_id": "f7951pz",
    "task_id": "Cuedts"
  },
  "dummy_trs": 1,
  "dvars_nstd": 30.12629192535499,
  "dvars_std": 1.102578699691358,
  "dvars_vstd": 1.023564171604937,
  "efc": 0.5257623588151554,
  "fber": 716.52978515625,
  "fd_mean": 0.1418807068302402,
  "fd_num": 108,
  "fd_perc": 16.640986132511557,
  "fwhm_avg": 2.7400637800085366,
  "fwhm_x": 2.4900124010557967,
  "fwhm_y": 2.755729057163832,
  "fwhm_z": 2.974449881805981,
  "gcor": 0.0152762,
  "gsr_x": -0.0005557260010391474,
  "gsr_y": 0.06014638394117355,
  "provenance": {
    "md5sum": "99d2c9163b5bf8d81d9f8a6427e3bf07",
    "settings": {
      "fd_thres": 0.2,
      "testing": false
    },
    "software": "mriqc",
    "version": "22.0.6",
    "webapi_port": null,
    "webapi_url": "https://mriqc.nimh.nih.gov/api/v1"
  },
  "size_t": 649,
  "size_x": 90,
  "size_y": 90,
  "size_z": 60,
  "snr": 2.5971216703795816,
  "spacing_tr": 1.2000000476837158,
  "spacing_x": 2.4000000953674316,
  "spacing_y": 2.4000000953674316,
  "spacing_z": 2.4000000953674316,
  "summary_bg_k": 41.29170502255791,
  "summary_bg_mad": 57.938004812831956,
  "summary_bg_mean": 382.2124938964844,
  "summary_bg_median": 144.20648193359375,
  "summary_bg_n": 327104.0,
  "summary_bg_p05": 99.96147918701172,
  "summary_bg_p95": 1663.8255187988275,
  "summary_bg_stdv": 637.1997680664062,
  "summary_fg_k": 2.142301531065571,
  "summary_fg_mad": 1307.6233039399026,
  "summary_fg_mean": 4148.72705078125,
  "summary_fg_median": 3868.91845703125,
  "summary_fg_n": 84511.0,
  "summary_fg_p05": 2274.701171875,
  "summary_fg_p95": 6942.145263671875,
  "summary_fg_stdv": 1489.6859130859375,
  "tsnr": 43.34605113742873
}