{
  "aor": 0.001509888888888889,
  "aqi": 0.010326449444444444,
  "bids_meta": {
    "AcquisitionMatrixPE": 90,
    "AcquisitionNumber": 1,
    "AcquisitionTime": "15:26:34.192500",
    "BandwidthPerPixelPhaseEncode": 18.832,
    "BaseResolution": 90,
    "BodyPartExamined": "HEAD",
    "ConsistencyInfo": "N4_VE11C_LATEST_20160120",
    "ConversionSoftware": "dcm2niix",
    "ConversionSoftwareVersion": "v1.0.20190902",
    "DerivedVendorReportedEchoSpacing": 0.000590012,
    "DeviceSerialNumber": "67064",
    "DwellTime": 2.5e-06,
    "EchoTime": 0.033,
    "EchoTrainLength": 90,
    "EffectiveEchoSpacing": 0.000590012,
    "FlipAngle": 63,
    "ImageComments": "Unaliased_MB4_PE3_LB",
    "ImageOrientationPatientDICOM": [
      0.999753,
      0.00232071,
      -0.0221204,
      -0.0127385,
      0.875016,
      -0.483926
    ],
    "ImageType": [
      "ORIGINAL",
      "PRIMARY",
      "M",
      "MB",
      "ND",
      "MOSAIC"
    ],
    "ImagingFrequency": 123.247,
    "InPlanePhaseEncodingDirectionDICOM": "COL",
    "InstitutionAddress": "Scott_Ave_4525_St._Louis_MO_US_63110",
    "InstitutionName": "Washington_University",
    "InstitutionalDepartmentName": "Department",
    "MRAcquisitionType": "2D",
    "MagneticFieldStrength": 3,
    "Manufacturer": "Siemens",
    "ManufacturersModelName": "Prisma_fit",
    "Modality": "MR",
    "MultibandAccelerationFactor": 4,
    "PartialFourier": 1,
    "PatientPosition": "HFS",
    "PercentPhaseFOV": 100,
    "PhaseEncodingDirection": "j-",
    "PhaseEncodingSteps": 90,
    "PhaseResolution": 1,
    "PixelBandwidth": 2220,
    "ProcedureStepDescription": "head_Braver",
    "ProtocolName": "tfMRI_StroopBas1_AP",
    "PulseSequenceDetails": "%CustomerSeq%_cmrr_mbep2d_bold",
    "ReceiveCoilActiveElements": "HEA;HEP",
    "ReceiveCoilName": "Head_32",
    "ReconMatrixPE": 90,
    "RepetitionTime": 1.2,
    "SAR": 0.0796366,
    "ScanOptions": "FS_EXT",
    "ScanningSequence": "EP",
    "SequenceName": "epfid2d1_90",
    "SequenceVariant": "SK_SS",
    "SeriesDescription": "tfMRI_StroopBas1_AP",
    "SeriesNumber": 43,
    "ShimSetting": [
      -1973,
      -11490,
      5847,
      555,
      193,
      2,
      -103,
      9
    ],
    "SliceThickness": 2.4,
    "SliceTiming": [
      0,
      0.63,
      0.0775,
      0.7075,
      0.1575,
      0.7875,
      0.235,
      0.865,
      0.315,
      0.945,
      0.3925,
      1.0225,
      0.4725,
      1.1025,
      0.55,
      0,
      0.63,
      0.0775,
      0.7075,
      0.1575,
      0.7875,
      0.235,
      0.865,
      0.315,
      0.945,
      0.3925,
      1.0225,
      0.4725,
      1.1025,
      0.55,
      0,
      0.63,
      0.0775,
      0.7075,
      0.1575,
      0.7875,
      0.235,
      0.865,
      0.315,
      0.945,
      0.3925,
      1.0225,
      0.4725,
      1.1025,
      0.55,
      0,
      0.63,
      0.0775,
      0.7075,
      0.1575,
      0.7875,
      0.235,
      0.865,
      0.315,
      0.945,
      0.3925,
      1.0225,
      0.4725,
      1.1025,
      0.55
    ],
    "SoftwareVersions": "syngo_MR_E11",
    "SpacingBetweenSlices": 2.4,
    "StationName": "MRC35177",
    "TaskName": "Stroop",
    "TotalReadoutTime": 0.0525111,
    "TxRefAmp": 245.348,
    "VendorReportedEchoSpacing": 0.00059,
    "WipMemBlock": "95e24576-d0fa-4fe0-bb7b-5fbcfe14b2f1||Sequence: R016 ve11c/master r/e634e98; Dec 19 2017 11:00:25 by eja",
    "acq_id": "mb4AP",
    "dataset": "ds003465",
    "modality": "bold",
    "run_id": 1,
    "session_id": "wave1bas",
    "subject_id": "f7951pz",
    "task_id": "Stroop"
  },
  "dummy_trs": 0,
  "dvars_nstd": 37.29849520248604,
  "dvars_std": 1.0789646686641934,
  "dvars_vstd": 0.9547806034508355,
  "efc": 0.5241577890785235,
  "fber": 721.3359985351562,
  "fd_mean": 0.20545439647837066,
  "fd_num": 215,
  "fd_perc": 39.81481481481482,
  "fwhm_avg": 2.74790405747477,
  "fwhm_x": 2.549441565360961,
  "fwhm_y": 2.73743322455751,
  "fwhm_z": 2.9568373825058387,
  "gcor": 0.0319621,
  "gsr_x": 0.0055263591930270195,
  "gsr_y": 0.06428151577711105,
  "provenance": {
    "md5sum": "423277f63b48ce19f79babf98153c103",
    "settings": {
      "fd_thres": 0.2,
      "testing": false
    },
    "software": "mriqc",
    "version": "22.0.6",
    "webapi_port": null,
    "webapi_url": "https://mriqc.nimh.nih.gov/api/v1"
  },
  "size_t": 540,
  "size_x": 90,
  "size_y": 90,
  "size_z": 60,
  "snr": 2.688716748408731,
  "spacing_tr": 1.2000000476837158,
  "spacing_x": 2.4000000953674316,
  "spacing_y": 2.4000000953674316,
  "spacing_z": 2.4000000953674316,
  "summary_bg_k": 43.592368823684005,
  "summary_bg_mad": 54.46366487428606,
  "summary_bg_mean": 329.9065856933594,
  "summary_bg_median": 141.28147888183594,
  "summary_bg_n": 322885.0,
  "summary_bg_p05": 98.35926055908203,
  "summary_bg_p95": 1295.8792236328122,
  "summary_bg_stdv": 520.2269897460938,
  "summary_fg_k": 1.5907956532155847,
  "summary_fg_mad": 1249.9791794999878,
  "summary_fg_mean": 4135.11376953125,
  "summary_fg_median": 3862.977783203125,
  "summary_fg_n": 86163.0,
  "summary_fg_p05": 2310.6643798828127,
  "summary_fg_p95": 6899.22734375,
  "summary_fg_stdv": 1436.728271484375,
  "tsnr": 32.82150145294145
}