{
  "aor": 0.001342804674457429,
  "aqi": 0.011386665191986646,
  "bids_meta": {
    "AcquisitionMatrixPE": 90,
    "AcquisitionNumber": 1,
    "AcquisitionTime": "13:57:34.880000",
    "BandwidthPerPixelPhaseEncode": 18.832,
    "BaseResolution": 90,
    "BodyPartExamined": "HEAD",
    "ConsistencyInfo": "N4_VE11C_LATEST_20160120",
    "ConversionSoftware": "dcm2niix",
    "ConversionSoftwareVersion": "v1.0.20190902",
    "DerivedVendorReportedEchoSpacing": 0.000590012,
    "DeviceSerialNumber": "67064",
    "DwellTime": 2.5e-06,
    "EchoTime": 0.033,
    "EchoTrainLength": 90,
    "EffectiveEchoSpacing": 0.000590012,
    "FlipAngle": 63,
    "ImageComments": "Unaliased_MB4_PE3_LB",
    "ImageOrientationPatientDICOM": [
      0.999753,
      0.00232071,
      -0.0221204,
      -0.0127385,
      0.875016,
      -0.483926
    ],
    "ImageType": [
      "ORIGINAL",
      "PRIMARY",
      "M",
      "MB",
      "ND",
      "MOSAIC"
    ],
    "ImagingFrequency": 123.247,
    "InPlanePhaseEncodingDirectionDICOM": "COL",
    "InstitutionAddress": "Scott_Ave_4525_St._Louis_MO_US_63110",
    "InstitutionName": "Washington_University",
    "InstitutionalDepartmentName": "Department",
    "MRAcquisitionType": "2D",
    "MagneticFieldStrength": 3,
    "Manufacturer": "Siemens",
    "ManufacturersModelName": "Prisma_fit",
    "Modality": "MR",
    "MultibandAccelerationFactor": 4,
    "PartialFourier": 1,
    "PatientPosition": "HFS",
    "PercentPhaseFOV": 100,
    "PhaseEncodingDirection": "j-",
    "PhaseEncodingSteps": 90,
    "PhaseResolution": 1,
    "PixelBandwidth": 2220,
    "ProcedureStepDescription": "head_Braver",
    "ProtocolName": "tfMRI_SternBas1_AP",
    "PulseSequenceDetails": "%CustomerSeq%_cmrr_mbep2d_bold",
    "ReceiveCoilActiveElements": "HEA;HEP",
    "ReceiveCoilName": "Head_32",
    "ReconMatrixPE": 90,
    "RepetitionTime": 1.2,
    "SAR": 0.0796712,
    "ScanOptions": "FS_EXT",
    "ScanningSequence": "EP",
    "SequenceName": "epfid2d1_90",
    "SequenceVariant": "SK_SS",
    "SeriesDescription": "tfMRI_SternBas1_AP",
    "SeriesNumber": 19,
    "ShimSetting": [
      -1973,
      -11490,
      5847,
      555,
      193,
      2,
      -103,
      9
    ],
    "SliceThickness": 2.4,
    "SliceTiming": [
      0,
      0.63,
      0.08,
      0.7075,
      0.1575,
      0.7875,
      0.2375,
      0.865,
      0.315,
      0.945,
      0.395,
      1.0225,
      0.4725,
      1.1025,
      0.5525,
      0,
      0.63,
      0.08,
      0.7075,
      0.1575,
      0.7875,
      0.2375,
      0.865,
      0.315,
      0.945,
      0.395,
      1.0225,
      0.4725,
      1.1025,
      0.5525,
      0,
      0.63,
      0.08,
      0.7075,
      0.1575,
      0.7875,
      0.2375,
      0.865,
      0.315,
      0.945,
      0.395,
      1.0225,
      0.4725,
      1.1025,
      0.5525,
      0,
      0.63,
      0.08,
      0.7075,
      0.1575,
      0.7875,
      0.2375,
      0.865,
      0.315,
      0.945,
      0.395,
      1.0225,
      0.4725,
      1.1025,
      0.5525
    ],
    "SoftwareVersions": "syngo_MR_E11",
    "SpacingBetweenSlices": 2.4,
    "StationName": "MRC35177",
    "TaskName": "Stern",
    "TotalReadoutTime": 0.0525111,
    "TxRefAmp": 245.348,
    "VendorReportedEchoSpacing": 0.00059,
    "WipMemBlock": "90b8f10d-e055-46f2-81c0-ad3ad35110f2||Sequence: R016 ve11c/master r/e634e98; Dec 19 2017 11:00:25 by eja",
    "acq_id": "mb4AP",
    "dataset": "ds003465",
    "modality": "bold",
    "run_id": 1,
    "session_id": "wave1bas",
    "subject_id": "f7951pz",
    "task_id": "Stern"
  },
  "dummy_trs": 1,
  "dvars_nstd": 30.863199839949814,
  "dvars_std": 1.0238930439130434,
  "dvars_vstd": 0.9438419934615385,
  "efc": 0.5192389165488887,
  "fber": 738.5872802734375,
  "fd_mean": 0.14929495893340883,
  "fd_num": 86,
  "fd_perc": 14.357262103505843,
  "fwhm_avg": 2.816673499186562,
  "fwhm_x": 2.6188915626012657,
  "fwhm_y": 2.7573582237657615,
  "fwhm_z": 3.073770711192659,
  "gcor": 0.0517675,
  "gsr_x": -0.0026857350021600723,
  "gsr_y": 0.061738960444927216,
  "provenance": {
    "md5sum": "60b0505e62be8592c48a56e933c39b42",
    "settings": {
      "fd_thres": 0.2,
      "testing": false
    },
    "software": "mriqc",
    "version": "22.0.6",
    "webapi_port": null,
    "webapi_url": "https://mriqc.nimh.nih.gov/api/v1"
  },
  "size_t": 599,
  "size_x": 90,
  "size_y": 90,
  "size_z": 60,
  "snr": 2.5752798186057304,
  "spacing_tr": 1.2000000476837158,
  "spacing_x": 2.4000000953674316,
  "spacing_y": 2.4000000953674316,
  "spacing_z": 2.4000000953674316,
  "summary_bg_k": 55.82660143743529,
  "summary_bg_mad": 54.68798040006719,
  "summary_bg_mean": 343.92596435546875,
  "summary_bg_median": 142.2237091064453,
  "summary_bg_n": 324756.0,
  "summary_bg_p05": 101.55258178710938,
  "summary_bg_p95": 1331.5529174804688,
  "summary_bg_stdv": 589.892578125,
  "summary_fg_k": 2.1116441681143447,
  "summary_fg_mad": 1291.2364954349746,
  "summary_fg_mean": 4240.20263671875,
  "summary_fg_median": 3928.5966796875,
  "summary_fg_n": 85276.0,
  "summary_fg_p05": 2351.0370483398438,
  "summary_fg_p95": 7185.3966064453125,
  "summary_fg_stdv": 1525.493896484375,
  "tsnr": 32.72226265608333
}