{
  "bids_meta": {
    "AcquisitionMatrixPE": 300,
    "AcquisitionNumber": 1,
    "AcquisitionTime": "14:01:25.632500",
    "BaseResolution": 320,
    "BodyPartExamined": "HEAD",
    "ConsistencyInfo": "N4_VE11C_LATEST_20160120",
    "ConversionSoftware": "dcm2niix",
    "ConversionSoftwareVersion": "v1.0.20190902",
    "DeviceSerialNumber": "67064",
    "DwellTime": 7.1e-06,
    "EchoTime": 0.00222,
    "FlipAngle": 8,
    "ImageOrientationPatientDICOM": [
      0.0479965,
      0.985462,
      -0.162974,
      -0.0177446,
      -0.162295,
      -0.986583
    ],
    "ImageType": [
      "ORIGINAL",
      "PRIMARY",
      "M",
      "ND"
    ],
    "ImagingFrequency": 123.247,
    "InPlanePhaseEncodingDirectionDICOM": "ROW",
    "InstitutionAddress": "Scott_Ave_4525_St._Louis_MO_US_63110",
    "InstitutionName": "Washington_University",
    "InstitutionalDepartmentName": "Department",
    "InversionTime": 1,
    "MRAcquisitionType": "3D",
    "MagneticFieldStrength": 3,
    "Manufacturer": "Siemens",
    "ManufacturersModelName": "Prisma_fit",
    "Modality": "MR",
    "ParallelReductionFactorInPlane": 2,
    "PartialFourier": 1,
    "PatientPosition": "HFS",
    "PercentPhaseFOV": 93.75,
    "PhaseEncodingSteps": 299,
    "PhaseResolution": 1,
    "PixelBandwidth": 220,
    "ProcedureStepDescription": "head_Braver",
    "ProtocolName": "T1w_MPR",
    "PulseSequenceDetails": "%SiemensSeq%_tfl",
    "ReceiveCoilActiveElements": "HEA;HEP",
    "ReceiveCoilName": "Head_32",
    "ReconMatrixPE": 300,
    "RefLinesPE": 32,
    "RepetitionTime": 2.4,
    "SAR": 0.0532808,
    "ScanOptions": "IR_WE",
    "ScanningSequence": "GR_IR",
    "SequenceName": "_tfl3d1_16ns",
    "SequenceVariant": "SK_SP_MP",
    "SeriesDescription": "T1w_MPR",
    "SeriesNumber": 11,
    "ShimSetting": [
      -2001,
      -11423,
      5723,
      409,
      149,
      491,
      39,
      -83
    ],
    "SliceThickness": 0.8,
    "SoftwareVersions": "syngo_MR_E11",
    "StationName": "MRC35177",
    "TxRefAmp": 270.585,
    "dataset": "ds003465",
    "modality": "T1w",
    "session_id": "wave1bas",
    "subject_id": "f5416zj"
  },
  "cjv": 0.5105186884476837,
  "cnr": 2.683900090750543,
  "efc": 0.555544352324482,
  "fber": 15601.829788167184,
  "fwhm_avg": 4.905458379735245,
  "fwhm_x": 4.811662786797451,
  "fwhm_y": 4.768062428950333,
  "fwhm_z": 5.136649923457952,
  "icvs_csf": 0.20938042969200163,
  "icvs_gm": 0.3838429157514088,
  "icvs_wm": 0.40677665455658957,
  "inu_med": 0.9099453687667847,
  "inu_range": 0.7711124420166016,
  "provenance": {
    "md5sum": "23f1e6d5e422be3312284ff955286037",
    "settings": {
      "testing": false
    },
    "software": "mriqc",
    "version": "22.0.6",
    "warnings": {
      "large_rot_frame": true,
      "small_air_mask": false
    },
    "webapi_port": null,
    "webapi_url": "https://mriqc.nimh.nih.gov/api/v1"
  },
  "qi_1": 0.0,
  "qi_2": 0.001321129636133194,
  "rpve_csf": 25.10283150795437,
  "rpve_gm": 13.292197614531513,
  "rpve_wm": 14.53983048669919,
  "size_x": 208,
  "size_y": 300,
  "size_z": 320,
  "snr_csf": 3.3910935310793198,
  "snr_gm": 13.7214784207127,
  "snr_total": 11.241180272143602,
  "snr_wm": 16.610968864638785,
  "snrd_csf": 17.350617391505967,
  "snrd_gm": 42.89052724411159,
  "snrd_total": 38.503226076566214,
  "snrd_wm": 55.26853359408107,
  "spacing_x": 0.7999999523162842,
  "spacing_y": 0.800000011920929,
  "spacing_z": 0.800000011920929,
  "summary_bg_k": 703.1077159537685,
  "summary_bg_mad": 0.0,
  "summary_bg_mean": 7.651144681345716,
  "summary_bg_median": 0.0,
  "summary_bg_n": 6749288.0,
  "summary_bg_p05": 0.0,
  "summary_bg_p95": 30.050474166870117,
  "summary_bg_stdv": 11.85415940429777,
  "summary_csf_k": 2.6867749600673436,
  "summary_csf_mad": 65.35005400366627,
  "summary_csf_mean": 319.69843640551227,
  "summary_csf_median": 313.9452857784927,
  "summary_csf_n": 112902.0,
  "summary_csf_p05": 179.75504989922047,
  "summary_csf_p95": 483.075067109987,
  "summary_csf_stdv": 92.57895500489892,
  "summary_gm_k": 0.20822503800156156,
  "summary_gm_mad": 55.45907823125163,
  "summary_gm_mean": 776.1747166366231,
  "summary_gm_median": 776.0691466480494,
  "summary_gm_n": 53910.0,
  "summary_gm_p05": 683.5309026315808,
  "summary_gm_p95": 868.6073906645179,
  "summary_gm_stdv": 56.55818746334185,
  "summary_wm_k": 0.1292980651394937,
  "summary_wm_mad": 58.881761929623856,
  "summary_wm_mean": 1006.6602523063149,
  "summary_wm_median": 1000.0390869230032,
  "summary_wm_n": 467290.0,
  "summary_wm_p05": 918.8871553838253,
  "summary_wm_p95": 1116.2499049901962,
  "summary_wm_stdv": 60.20347308037629,
  "tpm_overlap_csf": 0.13972778602850408,
  "tpm_overlap_gm": 0.428861990150455,
  "tpm_overlap_wm": 0.4830009894796941,
  "wm2max": 0.5452605977855055
}