{
  "bids_meta": {
    "AcquisitionMatrixPE": 300,
    "AcquisitionNumber": 1,
    "AcquisitionTime": "18:00:22.920000",
    "BaseResolution": 320,
    "BodyPartExamined": "HEAD",
    "ConsistencyInfo": "N4_VE11C_LATEST_20160120",
    "ConversionSoftware": "dcm2niix",
    "ConversionSoftwareVersion": "v1.0.20190902",
    "DeviceSerialNumber": "67064",
    "DwellTime": 2.1e-06,
    "EchoTime": 0.563,
    "EchoTrainLength": 314,
    "FlipAngle": 120,
    "ImageOrientationPatientDICOM": [
      0.0432398,
      0.967248,
      -0.250123,
      0.0162029,
      -0.251003,
      -0.967851
    ],
    "ImageType": [
      "ORIGINAL",
      "PRIMARY",
      "M",
      "ND"
    ],
    "ImagingFrequency": 123.247,
    "InPlanePhaseEncodingDirectionDICOM": "ROW",
    "InstitutionAddress": "Scott_Ave_4525_St._Louis_MO_US_63110",
    "InstitutionName": "Washington_University",
    "InstitutionalDepartmentName": "Department",
    "MRAcquisitionType": "3D",
    "MagneticFieldStrength": 3,
    "Manufacturer": "Siemens",
    "ManufacturersModelName": "Prisma_fit",
    "Modality": "MR",
    "ParallelReductionFactorInPlane": 2,
    "PartialFourier": 1,
    "PatientPosition": "HFS",
    "PercentPhaseFOV": 93.75,
    "PhaseEncodingSteps": 297,
    "PhaseResolution": 1,
    "PixelBandwidth": 745,
    "ProcedureStepDescription": "head_Braver",
    "ProtocolName": "T2w_SPC",
    "PulseSequenceDetails": "%SiemensSeq%_tse_vfl",
    "ReceiveCoilActiveElements": "HEA;HEP",
    "ReceiveCoilName": "Head_32",
    "ReconMatrixPE": 300,
    "RefLinesPE": 32,
    "RepetitionTime": 3.2,
    "SAR": 0.14101,
    "ScanOptions": "PFP",
    "ScanningSequence": "SE",
    "SequenceName": "_spc_314ns",
    "SequenceVariant": "SK_SP",
    "SeriesDescription": "T2w_SPC",
    "SeriesNumber": 13,
    "ShimSetting": [
      -2009,
      -11484,
      5811,
      233,
      113,
      -146,
      41,
      -71
    ],
    "SliceThickness": 0.8,
    "SoftwareVersions": "syngo_MR_E11",
    "StationName": "MRC35177",
    "TxRefAmp": 263.777,
    "dataset": "ds003465",
    "modality": "T2w",
    "session_id": "wave1bas",
    "subject_id": "f5001ob"
  },
  "cjv": 2.0580029414674472,
  "cnr": 0.775032981782631,
  "efc": 0.5527407039392722,
  "fber": 5573.505491964389,
  "fwhm_avg": 3.170745862402771,
  "fwhm_x": 3.0729376831613586,
  "fwhm_y": 3.421262449019217,
  "fwhm_z": 3.0180374550277373,
  "icvs_csf": 0.3908719240975385,
  "icvs_gm": 0.4649931115277668,
  "icvs_wm": 0.14413496437469467,
  "inu_med": 1.0602081418037415,
  "inu_range": 1.0078908473253252,
  "provenance": {
    "md5sum": "06d7e190076551f1e636764b394dbb10",
    "settings": {
      "testing": false
    },
    "software": "mriqc",
    "version": "22.0.6",
    "warnings": {
      "large_rot_frame": true,
      "small_air_mask": false
    },
    "webapi_port": null,
    "webapi_url": "https://mriqc.nimh.nih.gov/api/v1"
  },
  "qi_1": 1.7117600399557923e-05,
  "qi_2": 0.0010310990988044151,
  "rpve_csf": 13.661559452570922,
  "rpve_gm": 12.864984140477679,
  "rpve_wm": 38.41902243667069,
  "size_x": 208,
  "size_y": 300,
  "size_z": 320,
  "snr_csf": 9.696931260427498,
  "snr_gm": 9.044060254841082,
  "snr_total": 6.716387364899409,
  "snr_wm": 1.4081705794296486,
  "snrd_csf": 41.732810729699416,
  "snrd_gm": 25.693405519749675,
  "snrd_total": 41.58345061290985,
  "snrd_wm": 57.32413558928045,
  "spacing_x": 0.7999999523162842,
  "spacing_y": 0.800000011920929,
  "spacing_z": 0.800000011920929,
  "summary_bg_k": 13.815771686146565,
  "summary_bg_mad": 0.0,
  "summary_bg_mean": 7.2838028493784535,
  "summary_bg_median": 0.0,
  "summary_bg_n": 6891645.0,
  "summary_bg_p05": 0.0,
  "summary_bg_p95": 29.129040241241455,
  "summary_bg_stdv": 11.472532421089582,
  "summary_csf_k": 0.5718479090555393,
  "summary_csf_mad": 70.8263186827498,
  "summary_csf_mean": 733.6024429327304,
  "summary_csf_median": 730.8112083524466,
  "summary_csf_n": 104761.0,
  "summary_csf_p05": 615.168918594718,
  "summary_csf_p95": 861.81906683743,
  "summary_csf_stdv": 75.36484489003129,
  "summary_gm_k": 0.4644267525600223,
  "summary_gm_mad": 47.72139155148691,
  "summary_gm_mean": 449.26135019429637,
  "summary_gm_median": 449.9344378262758,
  "summary_gm_n": 440142.0,
  "summary_gm_p05": 366.8438505381346,
  "summary_gm_p95": 529.2382498830557,
  "summary_gm_stdv": 49.74910759367905,
  "summary_wm_k": -1.5674446417412018,
  "summary_wm_mad": 1092.2206499609263,
  "summary_wm_mean": 913.1673715573215,
  "summary_wm_median": 1003.8413436636329,
  "summary_wm_n": 51790.0,
  "summary_wm_p05": 37.738492197543394,
  "summary_wm_p95": 1979.9208914123474,
  "summary_wm_stdv": 712.8622532109957,
  "tpm_overlap_csf": 0.1146641190711151,
  "tpm_overlap_gm": 0.3051330088760943,
  "tpm_overlap_wm": 0.027554345050443355,
  "wm2max": 0.5550868730234563
}