{
  "bids_meta": {
    "AcquisitionMatrixPE": 300,
    "AcquisitionNumber": 1,
    "AcquisitionTime": "17:52:47.295000",
    "BaseResolution": 320,
    "BodyPartExamined": "HEAD",
    "ConsistencyInfo": "N4_VE11C_LATEST_20160120",
    "ConversionSoftware": "dcm2niix",
    "ConversionSoftwareVersion": "v1.0.20190902",
    "DeviceSerialNumber": "67064",
    "DwellTime": 7.1e-06,
    "EchoTime": 0.00222,
    "FlipAngle": 8,
    "ImageOrientationPatientDICOM": [
      0.0432398,
      0.967248,
      -0.250123,
      0.0162029,
      -0.251003,
      -0.967851
    ],
    "ImageType": [
      "ORIGINAL",
      "PRIMARY",
      "M",
      "ND"
    ],
    "ImagingFrequency": 123.247,
    "InPlanePhaseEncodingDirectionDICOM": "ROW",
    "InstitutionAddress": "Scott_Ave_4525_St._Louis_MO_US_63110",
    "InstitutionName": "Washington_University",
    "InstitutionalDepartmentName": "Department",
    "InversionTime": 1,
    "MRAcquisitionType": "3D",
    "MagneticFieldStrength": 3,
    "Manufacturer": "Siemens",
    "ManufacturersModelName": "Prisma_fit",
    "Modality": "MR",
    "ParallelReductionFactorInPlane": 2,
    "PartialFourier": 1,
    "PatientPosition": "HFS",
    "PercentPhaseFOV": 93.75,
    "PhaseEncodingSteps": 299,
    "PhaseResolution": 1,
    "PixelBandwidth": 220,
    "ProcedureStepDescription": "head_Braver",
    "ProtocolName": "T1w_MPR",
    "PulseSequenceDetails": "%SiemensSeq%_tfl",
    "ReceiveCoilActiveElements": "HEA;HEP",
    "ReceiveCoilName": "Head_32",
    "ReconMatrixPE": 300,
    "RefLinesPE": 32,
    "RepetitionTime": 2.4,
    "SAR": 0.0419105,
    "ScanOptions": "IR_WE",
    "ScanningSequence": "GR_IR",
    "SequenceName": "_tfl3d1_16ns",
    "SequenceVariant": "SK_SP_MP",
    "SeriesDescription": "T1w_MPR",
    "SeriesNumber": 11,
    "ShimSetting": [
      -2009,
      -11484,
      5811,
      233,
      113,
      -146,
      41,
      -71
    ],
    "SliceThickness": 0.8,
    "SoftwareVersions": "syngo_MR_E11",
    "StationName": "MRC35177",
    "TxRefAmp": 263.777,
    "dataset": "ds003465",
    "modality": "T1w",
    "session_id": "wave1bas",
    "subject_id": "f5001ob"
  },
  "cjv": 0.48067074807458277,
  "cnr": 2.815296708564594,
  "efc": 0.5733037776740957,
  "fber": 20054.53493382579,
  "fwhm_avg": 5.211550048479569,
  "fwhm_x": 5.078975302730519,
  "fwhm_y": 5.109937423855999,
  "fwhm_z": 5.445737418852189,
  "icvs_csf": 0.1523943122192241,
  "icvs_gm": 0.39153981937164467,
  "icvs_wm": 0.45606586840913127,
  "inu_med": 0.8977417647838593,
  "inu_range": 0.805304366350174,
  "provenance": {
    "md5sum": "863d590a6387007a6b58422a46c43391",
    "settings": {
      "testing": false
    },
    "software": "mriqc",
    "version": "22.0.6",
    "warnings": {
      "large_rot_frame": true,
      "small_air_mask": false
    },
    "webapi_port": null,
    "webapi_url": "https://mriqc.nimh.nih.gov/api/v1"
  },
  "qi_1": 0.0,
  "qi_2": 0.0010552062409027237,
  "rpve_csf": 32.49640319548718,
  "rpve_gm": 13.294452765719615,
  "rpve_wm": 13.373740402949478,
  "size_x": 208,
  "size_y": 300,
  "size_z": 320,
  "snr_csf": 2.107287067827412,
  "snr_gm": 13.240195545891396,
  "snr_total": 11.161490302036086,
  "snr_wm": 18.136988292389447,
  "snrd_csf": 13.117460861681074,
  "snrd_gm": 34.53890735517994,
  "snrd_total": 30.826138862136755,
  "snrd_wm": 44.82204836954925,
  "spacing_x": 0.7999999523162842,
  "spacing_y": 0.800000011920929,
  "spacing_z": 0.800000011920929,
  "summary_bg_k": 4608.29974027529,
  "summary_bg_mad": 0.0,
  "summary_bg_mean": 6.541343923921801,
  "summary_bg_median": 0.0,
  "summary_bg_n": 6884507.0,
  "summary_bg_p05": 0.0,
  "summary_bg_p95": 26.118170250207186,
  "summary_bg_stdv": 14.617768043495238,
  "summary_csf_k": 0.7893397705997613,
  "summary_csf_mad": 123.52101270099462,
  "summary_csf_mean": 287.2757710889065,
  "summary_csf_median": 292.6840886808932,
  "summary_csf_n": 45320.0,
  "summary_csf_p05": 58.0928560718894,
  "summary_csf_p95": 522.4578649327159,
  "summary_csf_stdv": 138.88988550656717,
  "summary_gm_k": 0.06561752321520009,
  "summary_gm_mad": 58.119297359311524,
  "summary_gm_mean": 770.9907848014352,
  "summary_gm_median": 770.6513272561133,
  "summary_gm_n": 72448.0,
  "summary_gm_p05": 676.1913986839354,
  "summary_gm_p95": 866.9532244354486,
  "summary_gm_stdv": 58.20503223801741,
  "summary_wm_k": 0.4574268865496931,
  "summary_wm_mad": 52.16732112371938,
  "summary_wm_mean": 1006.9098224252699,
  "summary_wm_median": 1000.0944937579334,
  "summary_wm_n": 554167.0,
  "summary_wm_p05": 928.210488114506,
  "summary_wm_p95": 1108.770641580224,
  "summary_wm_stdv": 55.141105860272674,
  "tpm_overlap_csf": 0.13733089455737793,
  "tpm_overlap_gm": 0.4212864867658684,
  "tpm_overlap_wm": 0.4880968953371069,
  "wm2max": 0.49556507290130825
}