{
  "bids_meta": {
    "AcquisitionMatrixPE": 300,
    "AcquisitionNumber": 1,
    "AcquisitionTime": "09:40:24.037500",
    "BaseResolution": 320,
    "BodyPartExamined": "HEAD",
    "ConsistencyInfo": "N4_VE11C_LATEST_20160120",
    "ConversionSoftware": "dcm2niix",
    "ConversionSoftwareVersion": "v1.0.20190902",
    "DeviceSerialNumber": "67064",
    "DwellTime": 7.1e-06,
    "EchoTime": 0.00222,
    "FlipAngle": 8,
    "ImageOrientationPatientDICOM": [
      0.000833773,
      0.988067,
      -0.154021,
      -0.000332125,
      -0.15402,
      -0.988068
    ],
    "ImageType": [
      "ORIGINAL",
      "PRIMARY",
      "M",
      "ND"
    ],
    "ImagingFrequency": 123.247,
    "InPlanePhaseEncodingDirectionDICOM": "ROW",
    "InstitutionAddress": "Scott_Ave_4525_St._Louis_MO_US_63110",
    "InstitutionName": "Washington_University",
    "InstitutionalDepartmentName": "Department",
    "InversionTime": 1,
    "MRAcquisitionType": "3D",
    "MagneticFieldStrength": 3,
    "Manufacturer": "Siemens",
    "ManufacturersModelName": "Prisma_fit",
    "Modality": "MR",
    "ParallelReductionFactorInPlane": 2,
    "PartialFourier": 1,
    "PatientPosition": "HFS",
    "PercentPhaseFOV": 93.75,
    "PhaseEncodingSteps": 299,
    "PhaseResolution": 1,
    "PixelBandwidth": 220,
    "ProcedureStepDescription": "head_Braver",
    "ProtocolName": "T1w_MPR",
    "PulseSequenceDetails": "%SiemensSeq%_tfl",
    "ReceiveCoilActiveElements": "HEA;HEP",
    "ReceiveCoilName": "Head_32",
    "ReconMatrixPE": 300,
    "RefLinesPE": 32,
    "RepetitionTime": 2.4,
    "SAR": 0.0480048,
    "ScanOptions": "IR_WE",
    "ScanningSequence": "GR_IR",
    "SequenceName": "_tfl3d1_16ns",
    "SequenceVariant": "SK_SP_MP",
    "SeriesDescription": "T1w_MPR",
    "SeriesNumber": 42,
    "ShimSetting": [
      -1995,
      -11498,
      5837,
      369,
      140,
      82,
      92,
      -12
    ],
    "SliceThickness": 0.8,
    "SoftwareVersions": "syngo_MR_E11",
    "StationName": "MRC35177",
    "TxRefAmp": 274.576,
    "dataset": "ds003465",
    "modality": "T1w",
    "session_id": "wave1rea",
    "subject_id": "f3996sp"
  },
  "cjv": 0.4964354251880616,
  "cnr": 2.65236322434274,
  "efc": 0.5572071849626015,
  "fber": 7384.325598231977,
  "fwhm_avg": 5.0730083830127555,
  "fwhm_x": 5.044162800655532,
  "fwhm_y": 4.807099928368629,
  "fwhm_z": 5.367762420014106,
  "icvs_csf": 0.19680601319802513,
  "icvs_gm": 0.39154146813166263,
  "icvs_wm": 0.4116525186703123,
  "inu_med": 0.981128990650177,
  "inu_range": 1.0561105072498311,
  "provenance": {
    "md5sum": "1129a2d5399bfee8aa2790346ff0d725",
    "settings": {
      "testing": false
    },
    "software": "mriqc",
    "version": "22.0.6",
    "warnings": {
      "large_rot_frame": true,
      "small_air_mask": false
    },
    "webapi_port": null,
    "webapi_url": "https://mriqc.nimh.nih.gov/api/v1"
  },
  "qi_1": 9.444306452633497e-07,
  "qi_2": 0.0013401594817028582,
  "rpve_csf": 23.969250251334003,
  "rpve_gm": 11.840503503112538,
  "rpve_wm": 13.110105666697386,
  "size_x": 208,
  "size_y": 300,
  "size_z": 320,
  "snr_csf": 2.6238348528788484,
  "snr_gm": 13.002809113660907,
  "snr_total": 9.891093244127292,
  "snr_wm": 14.046635765842126,
  "snrd_csf": 14.066853526401337,
  "snrd_gm": 35.778908490315175,
  "snrd_total": 32.437711456960535,
  "snrd_wm": 47.4673723541651,
  "spacing_x": 0.7999999523162842,
  "spacing_y": 0.800000011920929,
  "spacing_z": 0.800000011920929,
  "summary_bg_k": 7.513820697316405,
  "summary_bg_mad": 0.0,
  "summary_bg_mean": 9.36319747908204,
  "summary_bg_median": 0.0,
  "summary_bg_n": 7044094.0,
  "summary_bg_p05": 0.0,
  "summary_bg_p95": 36.46790334954858,
  "summary_bg_stdv": 13.802594394164862,
  "summary_csf_k": 9.918163235731377,
  "summary_csf_mad": 87.00310489838806,
  "summary_csf_mean": 304.2588119029302,
  "summary_csf_median": 296.3643504269421,
  "summary_csf_n": 91266.0,
  "summary_csf_p05": 130.2822806686163,
  "summary_csf_p95": 501.5311043858528,
  "summary_csf_stdv": 112.95022111158036,
  "summary_gm_k": 0.19796606693104213,
  "summary_gm_mad": 57.03903746184644,
  "summary_gm_mean": 754.1081278438784,
  "summary_gm_median": 753.7999136634171,
  "summary_gm_n": 61644.0,
  "summary_gm_p05": 659.0390411429107,
  "summary_gm_p95": 849.2845766320825,
  "summary_gm_stdv": 57.971611588770074,
  "summary_wm_k": 0.6699927550011253,
  "summary_wm_mad": 65.21105585363051,
  "summary_wm_mean": 1011.1143661268902,
  "summary_wm_median": 1000.0556946024299,
  "summary_wm_n": 481271.0,
  "summary_wm_p05": 913.5905741415918,
  "summary_wm_p95": 1145.9551460947841,
  "summary_wm_stdv": 71.1953148283523,
  "tpm_overlap_csf": 0.16806975727612877,
  "tpm_overlap_gm": 0.4413715640667261,
  "tpm_overlap_wm": 0.4894683738922671,
  "wm2max": 0.46647275749233885
}