{
  "bids_meta": {
    "AcquisitionMatrixPE": 300,
    "AcquisitionNumber": 1,
    "AcquisitionTime": "17:29:9.727500",
    "BaseResolution": 320,
    "BodyPartExamined": "HEAD",
    "ConsistencyInfo": "N4_VE11C_LATEST_20160120",
    "ConversionSoftware": "dcm2niix",
    "ConversionSoftwareVersion": "v1.0.20190902",
    "DeviceSerialNumber": "67064",
    "DwellTime": 7.1e-06,
    "EchoTime": 0.00222,
    "FlipAngle": 8,
    "ImageOrientationPatientDICOM": [
      -0.0277172,
      0.982254,
      -0.185495,
      0.00719697,
      -0.185365,
      -0.982643
    ],
    "ImageType": [
      "ORIGINAL",
      "PRIMARY",
      "M",
      "ND"
    ],
    "ImagingFrequency": 123.247,
    "InPlanePhaseEncodingDirectionDICOM": "ROW",
    "InstitutionAddress": "Scott_Ave_4525_St._Louis_MO_US_63110",
    "InstitutionName": "Washington_University",
    "InstitutionalDepartmentName": "Department",
    "InversionTime": 1,
    "MRAcquisitionType": "3D",
    "MagneticFieldStrength": 3,
    "Manufacturer": "Siemens",
    "ManufacturersModelName": "Prisma_fit",
    "Modality": "MR",
    "ParallelReductionFactorInPlane": 2,
    "PartialFourier": 1,
    "PatientPosition": "HFS",
    "PercentPhaseFOV": 93.75,
    "PhaseEncodingSteps": 299,
    "PhaseResolution": 1,
    "PixelBandwidth": 220,
    "ProcedureStepDescription": "head_Braver",
    "ProtocolName": "T1w_MPR",
    "PulseSequenceDetails": "%SiemensSeq%_tfl",
    "ReceiveCoilActiveElements": "HEA;HEP",
    "ReceiveCoilName": "Head_32",
    "ReconMatrixPE": 300,
    "RefLinesPE": 32,
    "RepetitionTime": 2.4,
    "SAR": 0.0426403,
    "ScanOptions": "IR_WE",
    "ScanningSequence": "GR_IR",
    "SequenceName": "_tfl3d1_16ns",
    "SequenceVariant": "SK_SP_MP",
    "SeriesDescription": "T1w_MPR",
    "SeriesNumber": 11,
    "ShimSetting": [
      -2006,
      -11484,
      5789,
      487,
      41,
      221,
      125,
      -15
    ],
    "SliceThickness": 0.8,
    "SoftwareVersions": "syngo_MR_E11",
    "StationName": "MRC35177",
    "TxRefAmp": 283.961,
    "dataset": "ds003465",
    "modality": "T1w",
    "session_id": "wave1bas",
    "subject_id": "f3526dz"
  },
  "cjv": 0.5471402561810021,
  "cnr": 2.423640864938442,
  "efc": 0.5942326562030845,
  "fber": 10080.16,
  "fwhm_avg": 5.152962550133349,
  "fwhm_x": 5.11041280460434,
  "fwhm_y": 5.042974924853818,
  "fwhm_z": 5.30549992094189,
  "icvs_csf": 0.18111160888931327,
  "icvs_gm": 0.3863201618866461,
  "icvs_wm": 0.43256822922404065,
  "inu_med": 1.0352625846862793,
  "inu_range": 1.027684015035629,
  "provenance": {
    "md5sum": "01208eecf79791c3ac5e35263661f992",
    "settings": {
      "testing": false
    },
    "software": "mriqc",
    "version": "22.0.6",
    "warnings": {
      "large_rot_frame": true,
      "small_air_mask": false
    },
    "webapi_port": null,
    "webapi_url": "https://mriqc.nimh.nih.gov/api/v1"
  },
  "qi_1": 0.0,
  "qi_2": 0.0004758903834136348,
  "rpve_csf": 25.08099430137485,
  "rpve_gm": 11.632049316116758,
  "rpve_wm": 12.09455350143416,
  "size_x": 208,
  "size_y": 300,
  "size_z": 320,
  "snr_csf": 3.148862272274142,
  "snr_gm": 13.06801695234963,
  "snr_total": 9.82666264929695,
  "snr_wm": 13.263108723267075,
  "snrd_csf": 21.08847506565581,
  "snrd_gm": 49.66153029912242,
  "snrd_total": 45.22949673884032,
  "snrd_wm": 64.93848485174273,
  "spacing_x": 0.7999999523162842,
  "spacing_y": 0.800000011920929,
  "spacing_z": 0.800000011920929,
  "summary_bg_k": 14.98832425253179,
  "summary_bg_mad": 10.089516017833008,
  "summary_bg_mean": 11.273658592319824,
  "summary_bg_median": 6.80527513846755,
  "summary_bg_n": 6955680.0,
  "summary_bg_p05": 0.0,
  "summary_bg_p95": 44.351620730012655,
  "summary_bg_stdv": 17.67871039683819,
  "summary_csf_k": 2.899555402143495,
  "summary_csf_mad": 81.20320822628358,
  "summary_csf_mean": 334.8758617172113,
  "summary_csf_median": 324.77588936686516,
  "summary_csf_n": 94106.0,
  "summary_csf_p05": 187.63786209374666,
  "summary_csf_p95": 522.8328623622656,
  "summary_csf_stdv": 103.14016165028143,
  "summary_gm_k": 0.13734880433843744,
  "summary_gm_mad": 57.7537813434579,
  "summary_gm_mean": 765.7027304527542,
  "summary_gm_median": 764.8190596997738,
  "summary_gm_n": 50703.0,
  "summary_gm_p05": 671.3286591768265,
  "summary_gm_p95": 863.1435522176325,
  "summary_gm_stdv": 58.52544577370449,
  "summary_wm_k": 0.4688791945963082,
  "summary_wm_mad": 70.97452647027357,
  "summary_wm_mean": 1011.8479114389436,
  "summary_wm_median": 1000.0938477627933,
  "summary_wm_n": 499406.0,
  "summary_wm_p05": 908.8092950433493,
  "summary_wm_p95": 1155.207187987864,
  "summary_wm_stdv": 75.40410527770813,
  "tpm_overlap_csf": 0.15348607690550867,
  "tpm_overlap_gm": 0.42415812595775526,
  "tpm_overlap_wm": 0.47834064196673853,
  "wm2max": 0.39000329441048354
}