{
  "bids_meta": {
    "AcquisitionMatrixPE": 300,
    "AcquisitionNumber": 1,
    "AcquisitionTime": "17:36:6.982500",
    "BaseResolution": 320,
    "BodyPartExamined": "HEAD",
    "ConsistencyInfo": "N4_VE11C_LATEST_20160120",
    "ConversionSoftware": "dcm2niix",
    "ConversionSoftwareVersion": "v1.0.20190902",
    "DeviceSerialNumber": "67064",
    "DwellTime": 2.1e-06,
    "EchoTime": 0.563,
    "EchoTrainLength": 314,
    "FlipAngle": 120,
    "ImageOrientationPatientDICOM": [
      -0.0277172,
      0.982254,
      -0.185495,
      0.00719697,
      -0.185365,
      -0.982643
    ],
    "ImageType": [
      "ORIGINAL",
      "PRIMARY",
      "M",
      "ND"
    ],
    "ImagingFrequency": 123.247,
    "InPlanePhaseEncodingDirectionDICOM": "ROW",
    "InstitutionAddress": "Scott_Ave_4525_St._Louis_MO_US_63110",
    "InstitutionName": "Washington_University",
    "InstitutionalDepartmentName": "Department",
    "MRAcquisitionType": "3D",
    "MagneticFieldStrength": 3,
    "Manufacturer": "Siemens",
    "ManufacturersModelName": "Prisma_fit",
    "Modality": "MR",
    "ParallelReductionFactorInPlane": 2,
    "PartialFourier": 1,
    "PatientPosition": "HFS",
    "PercentPhaseFOV": 93.75,
    "PhaseEncodingSteps": 297,
    "PhaseResolution": 1,
    "PixelBandwidth": 745,
    "ProcedureStepDescription": "head_Braver",
    "ProtocolName": "T2w_SPC",
    "PulseSequenceDetails": "%SiemensSeq%_tse_vfl",
    "ReceiveCoilActiveElements": "HEA;HEP",
    "ReceiveCoilName": "Head_32",
    "ReconMatrixPE": 300,
    "RefLinesPE": 32,
    "RepetitionTime": 3.2,
    "SAR": 0.143465,
    "ScanOptions": "PFP",
    "ScanningSequence": "SE",
    "SequenceName": "_spc_314ns",
    "SequenceVariant": "SK_SP",
    "SeriesDescription": "T2w_SPC",
    "SeriesNumber": 13,
    "ShimSetting": [
      -2006,
      -11484,
      5789,
      487,
      41,
      221,
      125,
      -15
    ],
    "SliceThickness": 0.8,
    "SoftwareVersions": "syngo_MR_E11",
    "StationName": "MRC35177",
    "TxRefAmp": 283.961,
    "dataset": "ds003465",
    "modality": "T2w",
    "session_id": "wave1bas",
    "subject_id": "f3526dz"
  },
  "cjv": 0.3424873395173307,
  "cnr": 1.8954345219733644,
  "efc": 0.5708478755780168,
  "fber": 567.4634081140423,
  "fwhm_avg": 3.7106791971135933,
  "fwhm_x": 3.452362705776853,
  "fwhm_y": 3.9373874413283554,
  "fwhm_z": 3.7422874442355716,
  "icvs_csf": 0.2432507713283038,
  "icvs_gm": 0.1497771558320901,
  "icvs_wm": 0.6069720728396061,
  "inu_med": 0.9500928223133087,
  "inu_range": 0.7491852641105652,
  "provenance": {
    "md5sum": "aa7e65cd29135ba95cf48ce067fe5025",
    "settings": {
      "testing": false
    },
    "software": "mriqc",
    "version": "22.0.6",
    "warnings": {
      "large_rot_frame": true,
      "small_air_mask": false
    },
    "webapi_port": null,
    "webapi_url": "https://mriqc.nimh.nih.gov/api/v1"
  },
  "qi_1": 0.0,
  "qi_2": 0.0010493462069843665,
  "rpve_csf": 15.698618204790936,
  "rpve_gm": 37.18878002351492,
  "rpve_wm": 8.639176788355346,
  "size_x": 208,
  "size_y": 300,
  "size_z": 320,
  "snr_csf": 5.6142835841957375,
  "snr_gm": 2.609207242964855,
  "snr_total": 4.509255802073388,
  "snr_wm": 5.304276579059572,
  "snrd_csf": 41.06408985220295,
  "snrd_gm": 83.00031678357766,
  "snrd_total": 48.71822327000077,
  "snrd_wm": 22.09026317422169,
  "spacing_x": 0.7999999523162842,
  "spacing_y": 0.800000011920929,
  "spacing_z": 0.800000011920929,
  "summary_bg_k": 4.987837950451236,
  "summary_bg_mad": 29.67286791604897,
  "summary_bg_mean": 61.05622133785067,
  "summary_bg_median": 20.014045268297195,
  "summary_bg_n": 6903408.0,
  "summary_bg_p05": 0.0,
  "summary_bg_p95": 236.48174540698528,
  "summary_bg_stdv": 83.78436127596407,
  "summary_csf_k": 1.8248902919434729,
  "summary_csf_mad": 283.97455172288966,
  "summary_csf_mean": 1905.9655695391602,
  "summary_csf_median": 1859.9017155468464,
  "summary_csf_n": 20417.0,
  "summary_csf_p05": 1463.254939453304,
  "summary_csf_p95": 2517.31043407023,
  "summary_csf_stdv": 331.27221652194817,
  "summary_gm_k": -0.20840236538475398,
  "summary_gm_mad": 765.1175020984731,
  "summary_gm_mean": 3150.169907801421,
  "summary_gm_median": 3759.30483622849,
  "summary_gm_n": 103671.0,
  "summary_gm_p05": 209.5330090150237,
  "summary_gm_p95": 4491.836449228227,
  "summary_gm_stdv": 1440.7773531149658,
  "summary_wm_k": 0.561727255170239,
  "summary_wm_mad": 179.7290815441387,
  "summary_wm_mean": 1011.6329771773208,
  "summary_wm_median": 1000.5267016142607,
  "summary_wm_n": 653021.0,
  "summary_wm_p05": 722.8757139667869,
  "summary_wm_p95": 1341.2921565771103,
  "summary_wm_stdv": 188.62627553933388,
  "tpm_overlap_csf": 0.12965232498729415,
  "tpm_overlap_gm": 0.07359044598320398,
  "tpm_overlap_wm": 0.44844757530869017,
  "wm2max": 0.218729610439455
}