{
  "aor": 0.0020507666666666666,
  "aqi": 0.008544132283333334,
  "bids_meta": {
    "AcquisitionMatrixPE": 90,
    "AcquisitionNumber": 1,
    "AcquisitionTime": "18:16:44.415000",
    "BandwidthPerPixelPhaseEncode": 18.832,
    "BaseResolution": 90,
    "BodyPartExamined": "HEAD",
    "ConsistencyInfo": "N4_VE11C_LATEST_20160120",
    "ConversionSoftware": "dcm2niix",
    "ConversionSoftwareVersion": "v1.0.20190902",
    "DerivedVendorReportedEchoSpacing": 0.000590012,
    "DeviceSerialNumber": "67064",
    "DwellTime": 2.5e-06,
    "EchoTime": 0.033,
    "EchoTrainLength": 90,
    "EffectiveEchoSpacing": 0.000590012,
    "FlipAngle": 63,
    "ImageComments": "Unaliased_MB4_PE3_LB",
    "ImageOrientationPatientDICOM": [
      0.998251,
      0.000804435,
      0.0591177,
      0.028058,
      0.873691,
      -0.485671
    ],
    "ImageType": [
      "ORIGINAL",
      "PRIMARY",
      "M",
      "MB",
      "ND",
      "MOSAIC"
    ],
    "ImagingFrequency": 123.247,
    "InPlanePhaseEncodingDirectionDICOM": "COL",
    "InstitutionAddress": "Scott_Ave_4525_St._Louis_MO_US_63110",
    "InstitutionName": "Washington_University",
    "InstitutionalDepartmentName": "Department",
    "MRAcquisitionType": "2D",
    "MagneticFieldStrength": 3,
    "Manufacturer": "Siemens",
    "ManufacturersModelName": "Prisma_fit",
    "Modality": "MR",
    "MultibandAccelerationFactor": 4,
    "PartialFourier": 1,
    "PatientPosition": "HFS",
    "PercentPhaseFOV": 100,
    "PhaseEncodingDirection": "j",
    "PhaseEncodingSteps": 90,
    "PhaseResolution": 1,
    "PixelBandwidth": 2220,
    "ProcedureStepDescription": "head_Braver",
    "ProtocolName": "tfMRI_SternBas2_PA",
    "PulseSequenceDetails": "%CustomerSeq%_cmrr_mbep2d_bold",
    "ReceiveCoilActiveElements": "HEA;HEP",
    "ReceiveCoilName": "Head_32",
    "ReconMatrixPE": 90,
    "RepetitionTime": 1.2,
    "SAR": 0.0700514,
    "ScanOptions": "FS_EXT",
    "ScanningSequence": "EP",
    "SequenceName": "epfid2d1_90",
    "SequenceVariant": "SK_SS",
    "SeriesDescription": "tfMRI_SternBas2_PA",
    "SeriesNumber": 36,
    "ShimSetting": [
      -2010,
      -11504,
      5840,
      402,
      -23,
      192,
      60,
      10
    ],
    "SliceThickness": 2.4,
    "SliceTiming": [
      0,
      0.63,
      0.08,
      0.7075,
      0.1575,
      0.7875,
      0.2375,
      0.865,
      0.315,
      0.945,
      0.395,
      1.0225,
      0.4725,
      1.1025,
      0.5525,
      0,
      0.63,
      0.08,
      0.7075,
      0.1575,
      0.7875,
      0.2375,
      0.865,
      0.315,
      0.945,
      0.395,
      1.0225,
      0.4725,
      1.1025,
      0.5525,
      0,
      0.63,
      0.08,
      0.7075,
      0.1575,
      0.7875,
      0.2375,
      0.865,
      0.315,
      0.945,
      0.395,
      1.0225,
      0.4725,
      1.1025,
      0.5525,
      0,
      0.63,
      0.08,
      0.7075,
      0.1575,
      0.7875,
      0.2375,
      0.865,
      0.315,
      0.945,
      0.395,
      1.0225,
      0.4725,
      1.1025,
      0.5525
    ],
    "SoftwareVersions": "syngo_MR_E11",
    "SpacingBetweenSlices": 2.4,
    "StationName": "MRC35177",
    "TaskName": "Stern",
    "TotalReadoutTime": 0.0525111,
    "TxRefAmp": 238.246,
    "VendorReportedEchoSpacing": 0.00059,
    "WipMemBlock": "2282ecf6-3ef0-4148-b612-51bb3183434c||Sequence: ve11c/master r/068cfa9; Jul 21 2016 14:39:26 by eja",
    "acq_id": "mb4PA",
    "dataset": "ds003465",
    "modality": "bold",
    "run_id": 2,
    "session_id": "wave1bas",
    "subject_id": "f8570ui",
    "task_id": "Stern"
  },
  "dummy_trs": 0,
  "dvars_nstd": 30.16283401125208,
  "dvars_std": 1.1151781942070114,
  "dvars_vstd": 1.0075698968447404,
  "efc": 0.519542531504555,
  "fber": 786.6002197265625,
  "fd_mean": 0.17925466805548004,
  "fd_num": 205,
  "fd_perc": 34.166666666666664,
  "fwhm_avg": 2.7240651695331533,
  "fwhm_x": 2.5462582321541216,
  "fwhm_y": 2.8514915533585725,
  "fwhm_z": 2.7744457230867656,
  "gcor": 0.017167,
  "gsr_x": -0.01395101472735405,
  "gsr_y": 0.08100303262472153,
  "provenance": {
    "md5sum": "1e3718a7c5c82a6c4ae643fecd423576",
    "settings": {
      "fd_thres": 0.2,
      "testing": false
    },
    "software": "mriqc",
    "version": "22.0.6",
    "webapi_port": null,
    "webapi_url": "https://mriqc.nimh.nih.gov/api/v1"
  },
  "size_t": 600,
  "size_x": 90,
  "size_y": 90,
  "size_z": 60,
  "snr": 2.8391212653551796,
  "spacing_tr": 1.2000000476837158,
  "spacing_x": 2.4000000953674316,
  "spacing_y": 2.4000000953674316,
  "spacing_z": 2.4000000953674316,
  "summary_bg_k": 17.7498717011585,
  "summary_bg_mad": 68.2565303101213,
  "summary_bg_mean": 396.3301696777344,
  "summary_bg_median": 149.80166625976562,
  "summary_bg_n": 335825.0,
  "summary_bg_p05": 91.19166564941406,
  "summary_bg_p95": 1716.9303222656245,
  "summary_bg_stdv": 630.8892822265625,
  "summary_fg_k": 0.5993635670037611,
  "summary_fg_mad": 1443.1415080665997,
  "summary_fg_mean": 4494.17626953125,
  "summary_fg_median": 4251.4892578125,
  "summary_fg_n": 78278.0,
  "summary_fg_p05": 2511.7490844726562,
  "summary_fg_p95": 7301.079223632812,
  "summary_fg_stdv": 1497.45703125,
  "tsnr": 40.37466175388545
}