{
  "aor": 0.0009309682804674457,
  "aqi": 0.0061470485141903175,
  "bids_meta": {
    "AcquisitionMatrixPE": 90,
    "AcquisitionNumber": 1,
    "AcquisitionTime": "18:03:33.755000",
    "BandwidthPerPixelPhaseEncode": 18.832,
    "BaseResolution": 90,
    "BodyPartExamined": "HEAD",
    "ConsistencyInfo": "N4_VE11C_LATEST_20160120",
    "ConversionSoftware": "dcm2niix",
    "ConversionSoftwareVersion": "v1.0.20190902",
    "DerivedVendorReportedEchoSpacing": 0.000590012,
    "DeviceSerialNumber": "67064",
    "DwellTime": 2.5e-06,
    "EchoTime": 0.033,
    "EchoTrainLength": 90,
    "EffectiveEchoSpacing": 0.000590012,
    "FlipAngle": 63,
    "ImageComments": "Unaliased_MB4_PE3_LB",
    "ImageOrientationPatientDICOM": [
      0.998251,
      0.000804435,
      0.0591177,
      0.028058,
      0.873691,
      -0.485671
    ],
    "ImageType": [
      "ORIGINAL",
      "PRIMARY",
      "M",
      "MB",
      "ND",
      "MOSAIC"
    ],
    "ImagingFrequency": 123.247,
    "InPlanePhaseEncodingDirectionDICOM": "COL",
    "InstitutionAddress": "Scott_Ave_4525_St._Louis_MO_US_63110",
    "InstitutionName": "Washington_University",
    "InstitutionalDepartmentName": "Department",
    "MRAcquisitionType": "2D",
    "MagneticFieldStrength": 3,
    "Manufacturer": "Siemens",
    "ManufacturersModelName": "Prisma_fit",
    "Modality": "MR",
    "MultibandAccelerationFactor": 4,
    "PartialFourier": 1,
    "PatientPosition": "HFS",
    "PercentPhaseFOV": 100,
    "PhaseEncodingDirection": "j-",
    "PhaseEncodingSteps": 90,
    "PhaseResolution": 1,
    "PixelBandwidth": 2220,
    "ProcedureStepDescription": "head_Braver",
    "ProtocolName": "tfMRI_SternBas1_AP",
    "PulseSequenceDetails": "%CustomerSeq%_cmrr_mbep2d_bold",
    "ReceiveCoilActiveElements": "HEA;HEP",
    "ReceiveCoilName": "Head_32",
    "ReconMatrixPE": 90,
    "RepetitionTime": 1.2,
    "SAR": 0.0700514,
    "ScanOptions": "FS_EXT",
    "ScanningSequence": "EP",
    "SequenceName": "epfid2d1_90",
    "SequenceVariant": "SK_SS",
    "SeriesDescription": "tfMRI_SternBas1_AP",
    "SeriesNumber": 34,
    "ShimSetting": [
      -2010,
      -11504,
      5840,
      402,
      -23,
      192,
      60,
      10
    ],
    "SliceThickness": 2.4,
    "SliceTiming": [
      0,
      0.6275,
      0.0775,
      0.7075,
      0.1575,
      0.785,
      0.235,
      0.865,
      0.3125,
      0.9425,
      0.3925,
      1.0225,
      0.47,
      1.1,
      0.55,
      0,
      0.6275,
      0.0775,
      0.7075,
      0.1575,
      0.785,
      0.235,
      0.865,
      0.3125,
      0.9425,
      0.3925,
      1.0225,
      0.47,
      1.1,
      0.55,
      0,
      0.6275,
      0.0775,
      0.7075,
      0.1575,
      0.785,
      0.235,
      0.865,
      0.3125,
      0.9425,
      0.3925,
      1.0225,
      0.47,
      1.1,
      0.55,
      0,
      0.6275,
      0.0775,
      0.7075,
      0.1575,
      0.785,
      0.235,
      0.865,
      0.3125,
      0.9425,
      0.3925,
      1.0225,
      0.47,
      1.1,
      0.55
    ],
    "SoftwareVersions": "syngo_MR_E11",
    "SpacingBetweenSlices": 2.4,
    "StationName": "MRC35177",
    "TaskName": "Stern",
    "TotalReadoutTime": 0.0525111,
    "TxRefAmp": 238.246,
    "VendorReportedEchoSpacing": 0.00059,
    "WipMemBlock": "ccc57df8-d311-41c6-8ac3-cd8ffd6e0c58||Sequence: ve11c/master r/068cfa9; Jul 21 2016 14:39:26 by eja",
    "acq_id": "mb4AP",
    "dataset": "ds003465",
    "modality": "bold",
    "run_id": 1,
    "session_id": "wave1bas",
    "subject_id": "f8570ui",
    "task_id": "Stern"
  },
  "dummy_trs": 1,
  "dvars_nstd": 32.151748590200675,
  "dvars_std": 1.1320796603344485,
  "dvars_vstd": 1.000077920635452,
  "efc": 0.5286813095755069,
  "fber": 713.1544189453125,
  "fd_mean": 0.18955431155758465,
  "fd_num": 242,
  "fd_perc": 40.40066777963272,
  "fwhm_avg": 2.7963512777718726,
  "fwhm_x": 2.6284707288872906,
  "fwhm_y": 2.888808218542408,
  "fwhm_z": 2.8717748858859187,
  "gcor": 0.0130845,
  "gsr_x": -0.014481820166110992,
  "gsr_y": 0.09111469984054565,
  "provenance": {
    "md5sum": "dc96aded8110fcbb5baac193ef6f173b",
    "settings": {
      "fd_thres": 0.2,
      "testing": false
    },
    "software": "mriqc",
    "version": "22.0.6",
    "webapi_port": null,
    "webapi_url": "https://mriqc.nimh.nih.gov/api/v1"
  },
  "size_t": 599,
  "size_x": 90,
  "size_y": 90,
  "size_z": 60,
  "snr": 2.75102784207903,
  "spacing_tr": 1.2000000476837158,
  "spacing_x": 2.4000000953674316,
  "spacing_y": 2.4000000953674316,
  "spacing_z": 2.4000000953674316,
  "summary_bg_k": 25.49152052376456,
  "summary_bg_mad": 65.0810251189715,
  "summary_bg_mean": 362.9479064941406,
  "summary_bg_median": 148.7762908935547,
  "summary_bg_n": 324619.0,
  "summary_bg_p05": 96.50750732421875,
  "summary_bg_p95": 1481.487768554685,
  "summary_bg_stdv": 560.4465942382812,
  "summary_fg_k": 1.2746240967013707,
  "summary_fg_mad": 1334.4446132880853,
  "summary_fg_mean": 4389.01220703125,
  "summary_fg_median": 4111.1728515625,
  "summary_fg_n": 84412.0,
  "summary_fg_p05": 2497.1566528320313,
  "summary_fg_p95": 7275.1959228515625,
  "summary_fg_stdv": 1494.404541015625,
  "tsnr": 47.42242179531604
}