{
  "bids_meta": {
    "AcquisitionMatrixPE": 300,
    "AcquisitionNumber": 1,
    "AcquisitionTime": "18:25:11.972500",
    "BaseResolution": 320,
    "BodyPartExamined": "HEAD",
    "ConsistencyInfo": "N4_VE11C_LATEST_20160120",
    "ConversionSoftware": "dcm2niix",
    "ConversionSoftwareVersion": "v1.0.20190902",
    "DeviceSerialNumber": "67064",
    "DwellTime": 7.1e-06,
    "EchoTime": 0.00222,
    "FlipAngle": 8,
    "ImageOrientationPatientDICOM": [
      -0.00627003,
      0.999865,
      -0.0151808,
      0.0198971,
      -0.0150534,
      -0.999689
    ],
    "ImageType": [
      "ORIGINAL",
      "PRIMARY",
      "M",
      "ND"
    ],
    "ImagingFrequency": 123.247,
    "InPlanePhaseEncodingDirectionDICOM": "ROW",
    "InstitutionAddress": "Scott_Ave_4525_St._Louis_MO_US_63110",
    "InstitutionName": "Washington_University",
    "InstitutionalDepartmentName": "Department",
    "InversionTime": 1,
    "MRAcquisitionType": "3D",
    "MagneticFieldStrength": 3,
    "Manufacturer": "Siemens",
    "ManufacturersModelName": "Prisma_fit",
    "Modality": "MR",
    "ParallelReductionFactorInPlane": 2,
    "PartialFourier": 1,
    "PatientPosition": "HFS",
    "PercentPhaseFOV": 93.75,
    "PhaseEncodingSteps": 299,
    "PhaseResolution": 1,
    "PixelBandwidth": 220,
    "ProcedureStepDescription": "head_Braver",
    "ProtocolName": "T1w_MPR",
    "PulseSequenceDetails": "%SiemensSeq%_tfl",
    "ReceiveCoilActiveElements": "HEA;HEP",
    "ReceiveCoilName": "Head_32",
    "ReconMatrixPE": 300,
    "RefLinesPE": 32,
    "RepetitionTime": 2.4,
    "SAR": 0.03836,
    "ScanOptions": "IR_WE",
    "ScanningSequence": "GR_IR",
    "SequenceName": "_tfl3d1_16ns",
    "SequenceVariant": "SK_SP_MP",
    "SeriesDescription": "T1w_MPR",
    "SeriesNumber": 11,
    "ShimSetting": [
      -1987,
      -11523,
      5806,
      495,
      38,
      270,
      -95,
      -42
    ],
    "SliceThickness": 0.8,
    "SoftwareVersions": "syngo_MR_E11",
    "StationName": "MRC35177",
    "TxRefAmp": 238.728,
    "dataset": "ds003465",
    "modality": "T1w",
    "session_id": "wave1bas",
    "subject_id": "f2499cq"
  },
  "cjv": 0.4692830551572354,
  "cnr": 2.8182669939029865,
  "efc": 0.5333076145000977,
  "fber": 15456.442967665145,
  "fwhm_avg": 4.56259171156623,
  "fwhm_x": 4.5454502709299485,
  "fwhm_y": 4.471662433367037,
  "fwhm_z": 4.670662430401706,
  "icvs_csf": 0.1814856008920806,
  "icvs_gm": 0.39534564320957355,
  "icvs_wm": 0.42316875589834585,
  "inu_med": 0.9154005646705627,
  "inu_range": 0.6949408739805221,
  "provenance": {
    "md5sum": "6d137a1aa0f38e51152589765d892542",
    "settings": {
      "testing": false
    },
    "software": "mriqc",
    "version": "22.0.6",
    "warnings": {
      "large_rot_frame": true,
      "small_air_mask": false
    },
    "webapi_port": null,
    "webapi_url": "https://mriqc.nimh.nih.gov/api/v1"
  },
  "qi_1": 0.0006050113441337643,
  "qi_2": 0.0007469976803356421,
  "rpve_csf": 27.689600861584307,
  "rpve_gm": 12.884437584198393,
  "rpve_wm": 14.110712924132672,
  "size_x": 208,
  "size_y": 300,
  "size_z": 320,
  "snr_csf": 2.3576379894267676,
  "snr_gm": 12.592552442170202,
  "snr_total": 10.731433383255087,
  "snr_wm": 17.244109718168293,
  "snrd_csf": 7.249996341695539,
  "snrd_gm": 17.88078802752594,
  "snrd_total": 16.294926302332104,
  "snrd_wm": 23.753994537774833,
  "spacing_x": 0.7999999523162842,
  "spacing_y": 0.800000011920929,
  "spacing_z": 0.800000011920929,
  "summary_bg_k": 1120.1352555672113,
  "summary_bg_mad": 0.0,
  "summary_bg_mean": 9.434722555758736,
  "summary_bg_median": 0.0,
  "summary_bg_n": 6939398.0,
  "summary_bg_p05": 0.0,
  "summary_bg_p95": 32.9004342854023,
  "summary_bg_stdv": 27.58244085242915,
  "summary_csf_k": 3.7290235402777663,
  "summary_csf_mad": 100.63724573496529,
  "summary_csf_mean": 306.87242475738265,
  "summary_csf_median": 305.23810808733106,
  "summary_csf_n": 59886.0,
  "summary_csf_p05": 81.42857485637069,
  "summary_csf_p95": 525.0541346566752,
  "summary_csf_stdv": 129.46667849455082,
  "summary_gm_k": 0.09673188835001989,
  "summary_gm_mad": 59.30409123667597,
  "summary_gm_mean": 753.3313228120154,
  "summary_gm_median": 752.8138845041394,
  "summary_gm_n": 57127.0,
  "summary_gm_p05": 656.147213768214,
  "summary_gm_p95": 852.0779579468071,
  "summary_gm_stdv": 59.78194643084151,
  "summary_wm_k": 0.1808485651774152,
  "summary_wm_mad": 56.736814559763594,
  "summary_wm_mean": 1005.8139587816064,
  "summary_wm_median": 1000.0866221860051,
  "summary_wm_n": 478436.0,
  "summary_wm_p05": 920.5628093145788,
  "summary_wm_p95": 1110.3463670872152,
  "summary_wm_stdv": 57.99577904386616,
  "tpm_overlap_csf": 0.14541271353927246,
  "tpm_overlap_gm": 0.43421899792744834,
  "tpm_overlap_wm": 0.49380642676314646,
  "wm2max": 0.5301055469239717
}