{
  "aor": 0.0015832053422370615,
  "aqi": 0.007914100050083472,
  "bids_meta": {
    "AcquisitionMatrixPE": 90,
    "AcquisitionNumber": 1,
    "AcquisitionTime": "17:52:40.252500",
    "BandwidthPerPixelPhaseEncode": 18.832,
    "BaseResolution": 90,
    "BodyPartExamined": "HEAD",
    "ConsistencyInfo": "N4_VE11C_LATEST_20160120",
    "ConversionSoftware": "dcm2niix",
    "ConversionSoftwareVersion": "v1.0.20190902",
    "DerivedVendorReportedEchoSpacing": 0.000590012,
    "DeviceSerialNumber": "67064",
    "DwellTime": 2.5e-06,
    "EchoTime": 0.033,
    "EchoTrainLength": 90,
    "EffectiveEchoSpacing": 0.000590012,
    "FlipAngle": 63,
    "ImageComments": "Unaliased_MB4_PE3_LB",
    "ImageOrientationPatientDICOM": [
      0.999591,
      0.0285474,
      0.00194553,
      -0.0235566,
      0.859621,
      -0.510389
    ],
    "ImageType": [
      "ORIGINAL",
      "PRIMARY",
      "M",
      "MB",
      "ND",
      "MOSAIC"
    ],
    "ImagingFrequency": 123.247,
    "InPlanePhaseEncodingDirectionDICOM": "COL",
    "InstitutionAddress": "Scott_Ave_4525_St._Louis_MO_US_63110",
    "InstitutionName": "Washington_University",
    "InstitutionalDepartmentName": "Department",
    "MRAcquisitionType": "2D",
    "MagneticFieldStrength": 3,
    "Manufacturer": "Siemens",
    "ManufacturersModelName": "Prisma_fit",
    "Modality": "MR",
    "MultibandAccelerationFactor": 4,
    "PartialFourier": 1,
    "PatientPosition": "HFS",
    "PercentPhaseFOV": 100,
    "PhaseEncodingDirection": "j-",
    "PhaseEncodingSteps": 90,
    "PhaseResolution": 1,
    "PixelBandwidth": 2220,
    "ProcedureStepDescription": "head_Braver",
    "ProtocolName": "tfMRI_SternBas1_AP",
    "PulseSequenceDetails": "%CustomerSeq%_cmrr_mbep2d_bold",
    "ReceiveCoilActiveElements": "HEA;HEP",
    "ReceiveCoilName": "Head_32",
    "ReconMatrixPE": 90,
    "RepetitionTime": 1.2,
    "SAR": 0.0730798,
    "ScanOptions": "FS_EXT",
    "ScanningSequence": "EP",
    "SequenceName": "epfid2d1_90",
    "SequenceVariant": "SK_SS",
    "SeriesDescription": "tfMRI_SternBas1_AP",
    "SeriesNumber": 18,
    "ShimSetting": [
      -2006,
      -11484,
      5790,
      504,
      44,
      248,
      123,
      -12
    ],
    "SliceThickness": 2.4,
    "SliceTiming": [
      0,
      0.63,
      0.08,
      0.71,
      0.1575,
      0.7875,
      0.2375,
      0.8675,
      0.315,
      0.945,
      0.395,
      1.0225,
      0.4725,
      1.1025,
      0.5525,
      0,
      0.63,
      0.08,
      0.71,
      0.1575,
      0.7875,
      0.2375,
      0.8675,
      0.315,
      0.945,
      0.395,
      1.0225,
      0.4725,
      1.1025,
      0.5525,
      0,
      0.63,
      0.08,
      0.71,
      0.1575,
      0.7875,
      0.2375,
      0.8675,
      0.315,
      0.945,
      0.395,
      1.0225,
      0.4725,
      1.1025,
      0.5525,
      0,
      0.63,
      0.08,
      0.71,
      0.1575,
      0.7875,
      0.2375,
      0.8675,
      0.315,
      0.945,
      0.395,
      1.0225,
      0.4725,
      1.1025,
      0.5525
    ],
    "SoftwareVersions": "syngo_MR_E11",
    "SpacingBetweenSlices": 2.4,
    "StationName": "MRC35177",
    "TaskName": "Stern",
    "TotalReadoutTime": 0.0525111,
    "TxRefAmp": 283.961,
    "VendorReportedEchoSpacing": 0.00059,
    "WipMemBlock": "d9495ced-6637-4825-8ea2-4418bbf2c033||Sequence: ve11c/master r/068cfa9; Jul 21 2016 14:39:26 by eja",
    "acq_id": "mb4AP",
    "dataset": "ds003465",
    "modality": "bold",
    "run_id": 1,
    "session_id": "wave1bas",
    "subject_id": "f3526dz",
    "task_id": "Stern"
  },
  "dummy_trs": 1,
  "dvars_nstd": 35.37291569851169,
  "dvars_std": 1.1287021300334452,
  "dvars_vstd": 0.9936082125418054,
  "efc": 0.5432240701184716,
  "fber": 544.9032592773438,
  "fd_mean": 0.2487521360629495,
  "fd_num": 379,
  "fd_perc": 63.27212020033389,
  "fwhm_avg": 3.00223182514647,
  "fwhm_x": 2.8416832204149873,
  "fwhm_y": 3.0408873791659916,
  "fwhm_z": 3.124124875858431,
  "gcor": 0.00812871,
  "gsr_x": -0.01662706956267357,
  "gsr_y": 0.11028977483510971,
  "provenance": {
    "md5sum": "4791c67a4a1a68fd7fd5ef79d331e6ee",
    "settings": {
      "fd_thres": 0.2,
      "testing": false
    },
    "software": "mriqc",
    "version": "22.0.6",
    "webapi_port": null,
    "webapi_url": "https://mriqc.nimh.nih.gov/api/v1"
  },
  "size_t": 599,
  "size_x": 90,
  "size_y": 90,
  "size_z": 60,
  "snr": 2.3514814441394276,
  "spacing_tr": 1.2000000476837158,
  "spacing_x": 2.4000000953674316,
  "spacing_y": 2.4000000953674316,
  "spacing_z": 2.4000000953674316,
  "summary_bg_k": 21.975083552369068,
  "summary_bg_mad": 93.71456660319035,
  "summary_bg_mean": 443.0355224609375,
  "summary_bg_median": 178.27462768554688,
  "summary_bg_n": 313160.0,
  "summary_bg_p05": 109.43739318847656,
  "summary_bg_p95": 1758.4913513183585,
  "summary_bg_stdv": 667.6797485351562,
  "summary_fg_k": 1.3977693083211227,
  "summary_fg_mad": 1691.2875298460717,
  "summary_fg_mean": 4770.70458984375,
  "summary_fg_median": 4370.5791015625,
  "summary_fg_n": 91465.0,
  "summary_fg_p05": 2452.4255859375,
  "summary_fg_p95": 8291.978125,
  "summary_fg_stdv": 1858.6390380859375,
  "tsnr": 42.23055528430268
}