{
  "aor": 0.0018602134646962234,
  "aqi": 0.008107548489326764,
  "bids_meta": {
    "AcquisitionMatrixPE": 90,
    "AcquisitionNumber": 1,
    "AcquisitionTime": "19:02:35.115000",
    "BandwidthPerPixelPhaseEncode": 18.832,
    "BaseResolution": 90,
    "BodyPartExamined": "HEAD",
    "ConsistencyInfo": "N4_VE11C_LATEST_20160120",
    "ConversionSoftware": "dcm2niix",
    "ConversionSoftwareVersion": "v1.0.20190902",
    "DerivedVendorReportedEchoSpacing": 0.000590012,
    "DeviceSerialNumber": "67064",
    "DwellTime": 2.5e-06,
    "EchoTime": 0.033,
    "EchoTrainLength": 90,
    "EffectiveEchoSpacing": 0.000590012,
    "FlipAngle": 63,
    "ImageComments": "Unaliased_MB4_PE3_LB",
    "ImageOrientationPatientDICOM": [
      0.999591,
      0.0285474,
      0.00194553,
      -0.0235566,
      0.859621,
      -0.510389
    ],
    "ImageType": [
      "ORIGINAL",
      "PRIMARY",
      "M",
      "MB",
      "ND",
      "MOSAIC"
    ],
    "ImagingFrequency": 123.247,
    "InPlanePhaseEncodingDirectionDICOM": "COL",
    "InstitutionAddress": "Scott_Ave_4525_St._Louis_MO_US_63110",
    "InstitutionName": "Washington_University",
    "InstitutionalDepartmentName": "Department",
    "MRAcquisitionType": "2D",
    "MagneticFieldStrength": 3,
    "Manufacturer": "Siemens",
    "ManufacturersModelName": "Prisma_fit",
    "Modality": "MR",
    "MultibandAccelerationFactor": 4,
    "PartialFourier": 1,
    "PatientPosition": "HFS",
    "PercentPhaseFOV": 100,
    "PhaseEncodingDirection": "j",
    "PhaseEncodingSteps": 90,
    "PhaseResolution": 1,
    "PixelBandwidth": 2220,
    "ProcedureStepDescription": "head_Braver",
    "ProtocolName": "tfMRI_AxcptBas2_PA",
    "PulseSequenceDetails": "%CustomerSeq%_cmrr_mbep2d_bold",
    "ReceiveCoilActiveElements": "HEA;HEP",
    "ReceiveCoilName": "Head_32",
    "ReconMatrixPE": 90,
    "RepetitionTime": 1.2,
    "SAR": 0.0730845,
    "ScanOptions": "FS_EXT",
    "ScanningSequence": "EP",
    "SequenceName": "epfid2d1_90",
    "SequenceVariant": "SK_SS",
    "SeriesDescription": "tfMRI_AxcptBas2_PA",
    "SeriesNumber": 32,
    "ShimSetting": [
      -2006,
      -11484,
      5790,
      504,
      44,
      248,
      123,
      -12
    ],
    "SliceThickness": 2.4,
    "SliceTiming": [
      0,
      0.63,
      0.08,
      0.7075,
      0.1575,
      0.7875,
      0.2375,
      0.865,
      0.315,
      0.945,
      0.3925,
      1.0225,
      0.4725,
      1.1025,
      0.55,
      0,
      0.63,
      0.08,
      0.7075,
      0.1575,
      0.7875,
      0.2375,
      0.865,
      0.315,
      0.945,
      0.3925,
      1.0225,
      0.4725,
      1.1025,
      0.55,
      0,
      0.63,
      0.08,
      0.7075,
      0.1575,
      0.7875,
      0.2375,
      0.865,
      0.315,
      0.945,
      0.3925,
      1.0225,
      0.4725,
      1.1025,
      0.55,
      0,
      0.63,
      0.08,
      0.7075,
      0.1575,
      0.7875,
      0.2375,
      0.865,
      0.315,
      0.945,
      0.3925,
      1.0225,
      0.4725,
      1.1025,
      0.55
    ],
    "SoftwareVersions": "syngo_MR_E11",
    "SpacingBetweenSlices": 2.4,
    "StationName": "MRC35177",
    "TaskName": "Axcpt",
    "TotalReadoutTime": 0.0525111,
    "TxRefAmp": 283.961,
    "VendorReportedEchoSpacing": 0.00059,
    "WipMemBlock": "ff4bfaa4-5cf0-4124-8ce8-682269fef7cf||Sequence: ve11c/master r/068cfa9; Jul 21 2016 14:39:26 by eja",
    "acq_id": "mb4PA",
    "dataset": "ds003465",
    "modality": "bold",
    "run_id": 2,
    "session_id": "wave1bas",
    "subject_id": "f3526dz",
    "task_id": "Axcpt"
  },
  "dummy_trs": 1,
  "dvars_nstd": 36.15492738236844,
  "dvars_std": 1.1379420846217108,
  "dvars_vstd": 1.0127027650164473,
  "efc": 0.5414580645227487,
  "fber": 627.6026000976562,
  "fd_mean": 0.24231132858176832,
  "fd_num": 387,
  "fd_perc": 63.54679802955665,
  "fwhm_avg": 2.7926179445868886,
  "fwhm_x": 2.6246332290397794,
  "fwhm_y": 2.8544040532428405,
  "fwhm_z": 2.898816551478046,
  "gcor": 0.0128935,
  "gsr_x": -0.0055156913585960865,
  "gsr_y": 0.08231461048126221,
  "provenance": {
    "md5sum": "e036f42d21c738b023ef71ba9e887f46",
    "settings": {
      "fd_thres": 0.2,
      "testing": false
    },
    "software": "mriqc",
    "version": "22.0.6",
    "webapi_port": null,
    "webapi_url": "https://mriqc.nimh.nih.gov/api/v1"
  },
  "size_t": 609,
  "size_x": 90,
  "size_y": 90,
  "size_z": 60,
  "snr": 2.501292929216952,
  "spacing_tr": 1.2000000476837158,
  "spacing_x": 2.4000000953674316,
  "spacing_y": 2.4000000953674316,
  "spacing_z": 2.4000000953674316,
  "summary_bg_k": 21.07697161585645,
  "summary_bg_mad": 76.49156035729439,
  "summary_bg_mean": 423.6617431640625,
  "summary_bg_median": 161.5878448486328,
  "summary_bg_n": 317693.0,
  "summary_bg_p05": 104.84893035888672,
  "summary_bg_p95": 1762.2387939453124,
  "summary_bg_stdv": 647.4384155273438,
  "summary_fg_k": 1.3969349566315579,
  "summary_fg_mad": 1535.0217627643865,
  "summary_fg_mean": 4507.57275390625,
  "summary_fg_median": 4183.576171875,
  "summary_fg_n": 86401.0,
  "summary_fg_p05": 2401.01806640625,
  "summary_fg_p95": 7668.4912109375,
  "summary_fg_stdv": 1672.5557861328125,
  "tsnr": 39.523053431883454
}