{
  "aor": 0.001022046153846154,
  "aqi": 0.010361962015384614,
  "bids_meta": {
    "AcquisitionMatrixPE": 90,
    "AcquisitionNumber": 1,
    "AcquisitionTime": "19:16:15.117500",
    "BandwidthPerPixelPhaseEncode": 18.832,
    "BaseResolution": 90,
    "BodyPartExamined": "HEAD",
    "ConsistencyInfo": "N4_VE11C_LATEST_20160120",
    "ConversionSoftware": "dcm2niix",
    "ConversionSoftwareVersion": "v1.0.20190902",
    "DerivedVendorReportedEchoSpacing": 0.000590012,
    "DeviceSerialNumber": "67064",
    "DwellTime": 2.5e-06,
    "EchoTime": 0.033,
    "EchoTrainLength": 90,
    "EffectiveEchoSpacing": 0.000590012,
    "FlipAngle": 63,
    "ImageComments": "Unaliased_MB4_PE3_LB",
    "ImageOrientationPatientDICOM": [
      0.999591,
      0.0285474,
      0.00194553,
      -0.0235566,
      0.859621,
      -0.510389
    ],
    "ImageType": [
      "ORIGINAL",
      "PRIMARY",
      "M",
      "MB",
      "ND",
      "MOSAIC"
    ],
    "ImagingFrequency": 123.247,
    "InPlanePhaseEncodingDirectionDICOM": "COL",
    "InstitutionAddress": "Scott_Ave_4525_St._Louis_MO_US_63110",
    "InstitutionName": "Washington_University",
    "InstitutionalDepartmentName": "Department",
    "MRAcquisitionType": "2D",
    "MagneticFieldStrength": 3,
    "Manufacturer": "Siemens",
    "ManufacturersModelName": "Prisma_fit",
    "Modality": "MR",
    "MultibandAccelerationFactor": 4,
    "PartialFourier": 1,
    "PatientPosition": "HFS",
    "PercentPhaseFOV": 100,
    "PhaseEncodingDirection": "j-",
    "PhaseEncodingSteps": 90,
    "PhaseResolution": 1,
    "PixelBandwidth": 2220,
    "ProcedureStepDescription": "head_Braver",
    "ProtocolName": "tfMRI_CuedtsBas1_AP",
    "PulseSequenceDetails": "%CustomerSeq%_cmrr_mbep2d_bold",
    "ReceiveCoilActiveElements": "HEA;HEP",
    "ReceiveCoilName": "Head_32",
    "ReconMatrixPE": 90,
    "RepetitionTime": 1.2,
    "SAR": 0.0731019,
    "ScanOptions": "FS_EXT",
    "ScanningSequence": "EP",
    "SequenceName": "epfid2d1_90",
    "SequenceVariant": "SK_SS",
    "SeriesDescription": "tfMRI_CuedtsBas1_AP",
    "SeriesNumber": 34,
    "ShimSetting": [
      -2006,
      -11484,
      5790,
      504,
      44,
      248,
      123,
      -12
    ],
    "SliceThickness": 2.4,
    "SliceTiming": [
      0,
      0.63,
      0.08,
      0.7075,
      0.1575,
      0.7875,
      0.2375,
      0.865,
      0.315,
      0.945,
      0.395,
      1.0225,
      0.4725,
      1.1025,
      0.55,
      0,
      0.63,
      0.08,
      0.7075,
      0.1575,
      0.7875,
      0.2375,
      0.865,
      0.315,
      0.945,
      0.395,
      1.0225,
      0.4725,
      1.1025,
      0.55,
      0,
      0.63,
      0.08,
      0.7075,
      0.1575,
      0.7875,
      0.2375,
      0.865,
      0.315,
      0.945,
      0.395,
      1.0225,
      0.4725,
      1.1025,
      0.55,
      0,
      0.63,
      0.08,
      0.7075,
      0.1575,
      0.7875,
      0.2375,
      0.865,
      0.315,
      0.945,
      0.395,
      1.0225,
      0.4725,
      1.1025,
      0.55
    ],
    "SoftwareVersions": "syngo_MR_E11",
    "SpacingBetweenSlices": 2.4,
    "StationName": "MRC35177",
    "TaskName": "Cuedts",
    "TotalReadoutTime": 0.0525111,
    "TxRefAmp": 283.961,
    "VendorReportedEchoSpacing": 0.00059,
    "WipMemBlock": "34b829fa-d9e5-4acd-a606-7ea5e576ebbd||Sequence: ve11c/master r/068cfa9; Jul 21 2016 14:39:26 by eja",
    "acq_id": "mb4AP",
    "dataset": "ds003465",
    "modality": "bold",
    "run_id": 1,
    "session_id": "wave1bas",
    "subject_id": "f3526dz",
    "task_id": "Cuedts"
  },
  "dummy_trs": 0,
  "dvars_nstd": 38.13849710426809,
  "dvars_std": 1.059945182526964,
  "dvars_vstd": 0.9395598464098625,
  "efc": 0.5427148892229487,
  "fber": 626.7872314453125,
  "fd_mean": 0.23844399992948684,
  "fd_num": 412,
  "fd_perc": 63.38461538461539,
  "fwhm_avg": 2.961984604523529,
  "fwhm_x": 2.7442248909543,
  "fwhm_y": 3.024054046501555,
  "fwhm_z": 3.117674876114731,
  "gcor": 0.0197848,
  "gsr_x": -0.0006927445065230131,
  "gsr_y": 0.10862831771373749,
  "provenance": {
    "md5sum": "f357677a54d22c432d39ea10a2cebf77",
    "settings": {
      "fd_thres": 0.2,
      "testing": false
    },
    "software": "mriqc",
    "version": "22.0.6",
    "webapi_port": null,
    "webapi_url": "https://mriqc.nimh.nih.gov/api/v1"
  },
  "size_t": 650,
  "size_x": 90,
  "size_y": 90,
  "size_z": 60,
  "snr": 2.4571025320436077,
  "spacing_tr": 1.2000000476837158,
  "spacing_x": 2.4000000953674316,
  "spacing_y": 2.4000000953674316,
  "spacing_z": 2.4000000953674316,
  "summary_bg_k": 25.611161686562724,
  "summary_bg_mad": 61.757228034170794,
  "summary_bg_mean": 358.6391906738281,
  "summary_bg_median": 149.91461181640625,
  "summary_bg_n": 309786.0,
  "summary_bg_p05": 103.3926944732666,
  "summary_bg_p95": 1403.2392272949219,
  "summary_bg_stdv": 539.017578125,
  "summary_fg_k": 1.4875877063803298,
  "summary_fg_mad": 1392.9527444407863,
  "summary_fg_mean": 4267.91015625,
  "summary_fg_median": 3919.9892578125,
  "summary_fg_n": 92894.0,
  "summary_fg_p05": 2320.5700805664064,
  "summary_fg_p95": 7394.434277343748,
  "summary_fg_stdv": 1595.362060546875,
  "tsnr": 35.97674937499687
}