{
  "aor": 0.0009329016393442621,
  "aqi": 0.007979155065573772,
  "bids_meta": {
    "AcquisitionMatrixPE": 90,
    "AcquisitionNumber": 1,
    "AcquisitionTime": "18:49:34.775000",
    "BandwidthPerPixelPhaseEncode": 18.832,
    "BaseResolution": 90,
    "BodyPartExamined": "HEAD",
    "ConsistencyInfo": "N4_VE11C_LATEST_20160120",
    "ConversionSoftware": "dcm2niix",
    "ConversionSoftwareVersion": "v1.0.20190902",
    "DerivedVendorReportedEchoSpacing": 0.000590012,
    "DeviceSerialNumber": "67064",
    "DwellTime": 2.5e-06,
    "EchoTime": 0.033,
    "EchoTrainLength": 90,
    "EffectiveEchoSpacing": 0.000590012,
    "FlipAngle": 63,
    "ImageComments": "Unaliased_MB4_PE3_LB",
    "ImageOrientationPatientDICOM": [
      0.999591,
      0.0285474,
      0.00194553,
      -0.0235566,
      0.859621,
      -0.510389
    ],
    "ImageType": [
      "ORIGINAL",
      "PRIMARY",
      "M",
      "MB",
      "ND",
      "MOSAIC"
    ],
    "ImagingFrequency": 123.247,
    "InPlanePhaseEncodingDirectionDICOM": "COL",
    "InstitutionAddress": "Scott_Ave_4525_St._Louis_MO_US_63110",
    "InstitutionName": "Washington_University",
    "InstitutionalDepartmentName": "Department",
    "MRAcquisitionType": "2D",
    "MagneticFieldStrength": 3,
    "Manufacturer": "Siemens",
    "ManufacturersModelName": "Prisma_fit",
    "Modality": "MR",
    "MultibandAccelerationFactor": 4,
    "PartialFourier": 1,
    "PatientPosition": "HFS",
    "PercentPhaseFOV": 100,
    "PhaseEncodingDirection": "j-",
    "PhaseEncodingSteps": 90,
    "PhaseResolution": 1,
    "PixelBandwidth": 2220,
    "ProcedureStepDescription": "head_Braver",
    "ProtocolName": "tfMRI_AxcptBas1_AP",
    "PulseSequenceDetails": "%CustomerSeq%_cmrr_mbep2d_bold",
    "ReceiveCoilActiveElements": "HEA;HEP",
    "ReceiveCoilName": "Head_32",
    "ReconMatrixPE": 90,
    "RepetitionTime": 1.2,
    "SAR": 0.0730845,
    "ScanOptions": "FS_EXT",
    "ScanningSequence": "EP",
    "SequenceName": "epfid2d1_90",
    "SequenceVariant": "SK_SS",
    "SeriesDescription": "tfMRI_AxcptBas1_AP",
    "SeriesNumber": 30,
    "ShimSetting": [
      -2006,
      -11484,
      5790,
      504,
      44,
      248,
      123,
      -12
    ],
    "SliceThickness": 2.4,
    "SliceTiming": [
      0,
      0.63,
      0.08,
      0.71,
      0.1575,
      0.7875,
      0.2375,
      0.8675,
      0.315,
      0.945,
      0.395,
      1.0225,
      0.4725,
      1.1025,
      0.5525,
      0,
      0.63,
      0.08,
      0.71,
      0.1575,
      0.7875,
      0.2375,
      0.8675,
      0.315,
      0.945,
      0.395,
      1.0225,
      0.4725,
      1.1025,
      0.5525,
      0,
      0.63,
      0.08,
      0.71,
      0.1575,
      0.7875,
      0.2375,
      0.8675,
      0.315,
      0.945,
      0.395,
      1.0225,
      0.4725,
      1.1025,
      0.5525,
      0,
      0.63,
      0.08,
      0.71,
      0.1575,
      0.7875,
      0.2375,
      0.8675,
      0.315,
      0.945,
      0.395,
      1.0225,
      0.4725,
      1.1025,
      0.5525
    ],
    "SoftwareVersions": "syngo_MR_E11",
    "SpacingBetweenSlices": 2.4,
    "StationName": "MRC35177",
    "TaskName": "Axcpt",
    "TotalReadoutTime": 0.0525111,
    "TxRefAmp": 283.961,
    "VendorReportedEchoSpacing": 0.00059,
    "WipMemBlock": "5a129cbe-cbe7-45a9-be31-8685b8097a86||Sequence: ve11c/master r/068cfa9; Jul 21 2016 14:39:26 by eja",
    "acq_id": "mb4AP",
    "dataset": "ds003465",
    "modality": "bold",
    "run_id": 1,
    "session_id": "wave1bas",
    "subject_id": "f3526dz",
    "task_id": "Axcpt"
  },
  "dummy_trs": 0,
  "dvars_nstd": 36.171014453760286,
  "dvars_std": 1.1236615256978655,
  "dvars_vstd": 0.9857210769293929,
  "efc": 0.5450322801187084,
  "fber": 556.2830200195312,
  "fd_mean": 0.2405213858202201,
  "fd_num": 372,
  "fd_perc": 60.98360655737705,
  "fwhm_avg": 2.9429818275008537,
  "fwhm_x": 2.764204056827066,
  "fwhm_y": 3.0099457137288366,
  "fwhm_z": 3.0547957119466576,
  "gcor": 0.0197767,
  "gsr_x": -0.013080508448183537,
  "gsr_y": 0.11435806006193161,
  "provenance": {
    "md5sum": "25c1bf620147c51196b14ee73f5e33ea",
    "settings": {
      "fd_thres": 0.2,
      "testing": false
    },
    "software": "mriqc",
    "version": "22.0.6",
    "webapi_port": null,
    "webapi_url": "https://mriqc.nimh.nih.gov/api/v1"
  },
  "size_t": 610,
  "size_x": 90,
  "size_y": 90,
  "size_z": 60,
  "snr": 2.410299920115542,
  "spacing_tr": 1.2000000476837158,
  "spacing_x": 2.4000000953674316,
  "spacing_y": 2.4000000953674316,
  "spacing_z": 2.4000000953674316,
  "summary_bg_k": 20.92456187741024,
  "summary_bg_mad": 89.21376058324172,
  "summary_bg_mean": 431.4517822265625,
  "summary_bg_median": 172.30982971191406,
  "summary_bg_n": 314218.0,
  "summary_bg_p05": 105.81147766113281,
  "summary_bg_p95": 1733.235363769531,
  "summary_bg_stdv": 644.2276611328125,
  "summary_fg_k": 1.3320495834413988,
  "summary_fg_mad": 1589.2558297090518,
  "summary_fg_mean": 4582.44677734375,
  "summary_fg_median": 4218.693359375,
  "summary_fg_n": 91842.0,
  "summary_fg_p05": 2378.2660522460938,
  "summary_fg_p95": 7919.94541015625,
  "summary_fg_stdv": 1750.267822265625,
  "tsnr": 39.722529631108046
}