{
  "aor": 0.000509322033898305,
  "aqi": 0.004740050369799692,
  "bids_meta": {
    "AcquisitionMatrixPE": 90,
    "AcquisitionNumber": 1,
    "AcquisitionTime": "21:05:28.927500",
    "BandwidthPerPixelPhaseEncode": 18.832,
    "BaseResolution": 90,
    "BodyPartExamined": "HEAD",
    "ConsistencyInfo": "N4_VE11C_LATEST_20160120",
    "ConversionSoftware": "dcm2niix",
    "ConversionSoftwareVersion": "v1.0.20190902",
    "DerivedVendorReportedEchoSpacing": 0.000590012,
    "DeviceSerialNumber": "67064",
    "DwellTime": 2.5e-06,
    "EchoTime": 0.033,
    "EchoTrainLength": 90,
    "EffectiveEchoSpacing": 0.000590012,
    "FlipAngle": 63,
    "ImageComments": "Unaliased_MB4_PE3_LB",
    "ImageOrientationPatientDICOM": [
      0.996411,
      -0.0423134,
      0.0733171,
      0.0616414,
      0.956297,
      -0.285825
    ],
    "ImageType": [
      "ORIGINAL",
      "PRIMARY",
      "M",
      "MB",
      "ND",
      "MOSAIC"
    ],
    "ImagingFrequency": 123.247,
    "InPlanePhaseEncodingDirectionDICOM": "COL",
    "InstitutionAddress": "Scott_Ave_4525_St._Louis_MO_US_63110",
    "InstitutionName": "Washington_University",
    "InstitutionalDepartmentName": "Department",
    "MRAcquisitionType": "2D",
    "MagneticFieldStrength": 3,
    "Manufacturer": "Siemens",
    "ManufacturersModelName": "Prisma_fit",
    "Modality": "MR",
    "MultibandAccelerationFactor": 4,
    "PartialFourier": 1,
    "PatientPosition": "HFS",
    "PercentPhaseFOV": 100,
    "PhaseEncodingDirection": "j-",
    "PhaseEncodingSteps": 90,
    "PhaseResolution": 1,
    "PixelBandwidth": 2220,
    "ProcedureStepDescription": "head_Braver",
    "ProtocolName": "tfMRI_CuedtsBas1_AP",
    "PulseSequenceDetails": "%CustomerSeq%_cmrr_mbep2d_bold",
    "ReceiveCoilActiveElements": "HEA;HEP",
    "ReceiveCoilName": "Head_32",
    "ReconMatrixPE": 90,
    "RepetitionTime": 1.2,
    "SAR": 0.0568315,
    "ScanOptions": "FS_EXT",
    "ScanningSequence": "EP",
    "SequenceName": "epfid2d1_90",
    "SequenceVariant": "SK_SS",
    "SeriesDescription": "tfMRI_CuedtsBas1_AP",
    "SeriesNumber": 47,
    "ShimSetting": [
      -1978,
      -11492,
      5838,
      636,
      57,
      202,
      121,
      -35
    ],
    "SliceThickness": 2.4,
    "SliceTiming": [
      0,
      0.63,
      0.08,
      0.7075,
      0.1575,
      0.7875,
      0.2375,
      0.865,
      0.315,
      0.945,
      0.3925,
      1.0225,
      0.4725,
      1.1025,
      0.55,
      0,
      0.63,
      0.08,
      0.7075,
      0.1575,
      0.7875,
      0.2375,
      0.865,
      0.315,
      0.945,
      0.3925,
      1.0225,
      0.4725,
      1.1025,
      0.55,
      0,
      0.63,
      0.08,
      0.7075,
      0.1575,
      0.7875,
      0.2375,
      0.865,
      0.315,
      0.945,
      0.3925,
      1.0225,
      0.4725,
      1.1025,
      0.55,
      0,
      0.63,
      0.08,
      0.7075,
      0.1575,
      0.7875,
      0.2375,
      0.865,
      0.315,
      0.945,
      0.3925,
      1.0225,
      0.4725,
      1.1025,
      0.55
    ],
    "SoftwareVersions": "syngo_MR_E11",
    "SpacingBetweenSlices": 2.4,
    "StationName": "MRC35177",
    "TaskName": "Cuedts",
    "TotalReadoutTime": 0.0525111,
    "TxRefAmp": 235.69,
    "VendorReportedEchoSpacing": 0.00059,
    "WipMemBlock": "9a4c0e9b-b89c-4f3d-bab4-3198c7b5933e||Sequence: R016 ve11c/master r/e634e98; Dec 19 2017 11:00:25 by eja",
    "acq_id": "mb4AP",
    "dataset": "ds003465",
    "modality": "bold",
    "run_id": 1,
    "session_id": "wave1bas",
    "subject_id": "f8113do",
    "task_id": "Cuedts"
  },
  "dummy_trs": 1,
  "dvars_nstd": 28.04735918702162,
  "dvars_std": 1.0876222188271616,
  "dvars_vstd": 0.9865866763425925,
  "efc": 0.49643323968340064,
  "fber": 1056.28369140625,
  "fd_mean": 0.20065931152111674,
  "fd_num": 335,
  "fd_perc": 51.61787365177196,
  "fwhm_avg": 2.7830569280237296,
  "fwhm_x": 2.6637332274860848,
  "fwhm_y": 2.841658220415981,
  "fwhm_z": 2.8437793361691237,
  "gcor": 0.0104668,
  "gsr_x": -0.017552878707647324,
  "gsr_y": 0.05898556113243103,
  "provenance": {
    "md5sum": "0d3a7ee5eb3d2a73bd52cb91f6f853a2",
    "settings": {
      "fd_thres": 0.2,
      "testing": false
    },
    "software": "mriqc",
    "version": "22.0.6",
    "webapi_port": null,
    "webapi_url": "https://mriqc.nimh.nih.gov/api/v1"
  },
  "size_t": 649,
  "size_x": 90,
  "size_y": 90,
  "size_z": 60,
  "snr": 2.959598691517127,
  "spacing_tr": 1.2000000476837158,
  "spacing_x": 2.4000000953674316,
  "spacing_y": 2.4000000953674316,
  "spacing_z": 2.3999998569488525,
  "summary_bg_k": 53.26358935704249,
  "summary_bg_mad": 42.83556699046498,
  "summary_bg_mean": 291.418701171875,
  "summary_bg_median": 133.13868713378906,
  "summary_bg_n": 333050.0,
  "summary_bg_p05": 102.2049331665039,
  "summary_bg_p95": 1034.9760925292962,
  "summary_bg_stdv": 466.8207092285156,
  "summary_fg_k": 0.660631868264463,
  "summary_fg_mad": 1371.0246377515073,
  "summary_fg_mean": 4663.07080078125,
  "summary_fg_median": 4387.8798828125,
  "summary_fg_n": 81302.0,
  "summary_fg_p05": 2751.6821533203124,
  "summary_fg_p95": 7505.924658203124,
  "summary_fg_stdv": 1482.583740234375,
  "tsnr": 53.16204052779358
}