{
  "aor": 0.001029704918032787,
  "aqi": 0.007669477868852458,
  "bids_meta": {
    "AcquisitionMatrixPE": 90,
    "AcquisitionNumber": 1,
    "AcquisitionTime": "21:33:42.282500",
    "BandwidthPerPixelPhaseEncode": 18.832,
    "BaseResolution": 90,
    "BodyPartExamined": "HEAD",
    "ConsistencyInfo": "N4_VE11C_LATEST_20160120",
    "ConversionSoftware": "dcm2niix",
    "ConversionSoftwareVersion": "v1.0.20190902",
    "DerivedVendorReportedEchoSpacing": 0.000590012,
    "DeviceSerialNumber": "67064",
    "DwellTime": 2.5e-06,
    "EchoTime": 0.033,
    "EchoTrainLength": 90,
    "EffectiveEchoSpacing": 0.000590012,
    "FlipAngle": 63,
    "ImageComments": "Unaliased_MB4_PE3_LB",
    "ImageOrientationPatientDICOM": [
      0.996411,
      -0.0423134,
      0.0733171,
      0.0616414,
      0.956297,
      -0.285825
    ],
    "ImageType": [
      "ORIGINAL",
      "PRIMARY",
      "M",
      "MB",
      "ND",
      "MOSAIC"
    ],
    "ImagingFrequency": 123.247,
    "InPlanePhaseEncodingDirectionDICOM": "COL",
    "InstitutionAddress": "Scott_Ave_4525_St._Louis_MO_US_63110",
    "InstitutionName": "Washington_University",
    "InstitutionalDepartmentName": "Department",
    "MRAcquisitionType": "2D",
    "MagneticFieldStrength": 3,
    "Manufacturer": "Siemens",
    "ManufacturersModelName": "Prisma_fit",
    "Modality": "MR",
    "MultibandAccelerationFactor": 4,
    "PartialFourier": 1,
    "PatientPosition": "HFS",
    "PercentPhaseFOV": 100,
    "PhaseEncodingDirection": "j-",
    "PhaseEncodingSteps": 90,
    "PhaseResolution": 1,
    "PixelBandwidth": 2220,
    "ProcedureStepDescription": "head_Braver",
    "ProtocolName": "tfMRI_AxcptBas1_AP",
    "PulseSequenceDetails": "%CustomerSeq%_cmrr_mbep2d_bold",
    "ReceiveCoilActiveElements": "HEA;HEP",
    "ReceiveCoilName": "Head_32",
    "ReconMatrixPE": 90,
    "RepetitionTime": 1.2,
    "SAR": 0.0568181,
    "ScanOptions": "FS_EXT",
    "ScanningSequence": "EP",
    "SequenceName": "epfid2d1_90",
    "SequenceVariant": "SK_SS",
    "SeriesDescription": "tfMRI_AxcptBas1_AP",
    "SeriesNumber": 53,
    "ShimSetting": [
      -1978,
      -11492,
      5838,
      636,
      57,
      202,
      121,
      -35
    ],
    "SliceThickness": 2.4,
    "SliceTiming": [
      0,
      0.63,
      0.08,
      0.71,
      0.1575,
      0.7875,
      0.2375,
      0.865,
      0.315,
      0.945,
      0.395,
      1.0225,
      0.4725,
      1.1025,
      0.5525,
      0,
      0.63,
      0.08,
      0.71,
      0.1575,
      0.7875,
      0.2375,
      0.865,
      0.315,
      0.945,
      0.395,
      1.0225,
      0.4725,
      1.1025,
      0.5525,
      0,
      0.63,
      0.08,
      0.71,
      0.1575,
      0.7875,
      0.2375,
      0.865,
      0.315,
      0.945,
      0.395,
      1.0225,
      0.4725,
      1.1025,
      0.5525,
      0,
      0.63,
      0.08,
      0.71,
      0.1575,
      0.7875,
      0.2375,
      0.865,
      0.315,
      0.945,
      0.395,
      1.0225,
      0.4725,
      1.1025,
      0.5525
    ],
    "SoftwareVersions": "syngo_MR_E11",
    "SpacingBetweenSlices": 2.4,
    "StationName": "MRC35177",
    "TaskName": "Axcpt",
    "TotalReadoutTime": 0.0525111,
    "TxRefAmp": 235.69,
    "VendorReportedEchoSpacing": 0.00059,
    "WipMemBlock": "f9baa4f9-d249-49a0-8098-0a5d74cc2501||Sequence: R016 ve11c/master r/e634e98; Dec 19 2017 11:00:25 by eja",
    "acq_id": "mb4AP",
    "dataset": "ds003465",
    "modality": "bold",
    "run_id": 1,
    "session_id": "wave1bas",
    "subject_id": "f8113do",
    "task_id": "Axcpt"
  },
  "dummy_trs": 0,
  "dvars_nstd": 29.521249874351373,
  "dvars_std": 1.0292627247947435,
  "dvars_vstd": 0.9553580990640389,
  "efc": 0.49758859194334365,
  "fber": 1052.7261962890625,
  "fd_mean": 0.22320695196405224,
  "fd_num": 317,
  "fd_perc": 51.967213114754095,
  "fwhm_avg": 2.758643039430132,
  "fwhm_x": 2.6355040619411443,
  "fwhm_y": 2.8170248880614883,
  "fwhm_z": 2.823400168287764,
  "gcor": 0.013535,
  "gsr_x": -0.01735292188823223,
  "gsr_y": 0.06160029396414757,
  "provenance": {
    "md5sum": "cfb153af6f742faf9bf8bdd3697918cf",
    "settings": {
      "fd_thres": 0.2,
      "testing": false
    },
    "software": "mriqc",
    "version": "22.0.6",
    "webapi_port": null,
    "webapi_url": "https://mriqc.nimh.nih.gov/api/v1"
  },
  "size_t": 610,
  "size_x": 90,
  "size_y": 90,
  "size_z": 60,
  "snr": 2.9827772909893286,
  "spacing_tr": 1.2000000476837158,
  "spacing_x": 2.4000000953674316,
  "spacing_y": 2.4000000953674316,
  "spacing_z": 2.3999998569488525,
  "summary_bg_k": 46.761155881873705,
  "summary_bg_mad": 42.60902312730405,
  "summary_bg_mean": 295.5034484863281,
  "summary_bg_median": 132.1524658203125,
  "summary_bg_n": 334329.0,
  "summary_bg_p05": 100.64262390136719,
  "summary_bg_p95": 1063.4763916015622,
  "summary_bg_stdv": 478.3157653808594,
  "summary_fg_k": 0.7068491384636904,
  "summary_fg_mad": 1337.0299371029478,
  "summary_fg_mean": 4584.37060546875,
  "summary_fg_median": 4321.34765625,
  "summary_fg_n": 81593.0,
  "summary_fg_p05": 2713.983642578125,
  "summary_fg_p95": 7370.966308593749,
  "summary_fg_stdv": 1448.757568359375,
  "tsnr": 43.293528406647965
}