{
  "aor": 0.0003797333333333333,
  "aqi": 0.00490286725,
  "bids_meta": {
    "AcquisitionMatrixPE": 90,
    "AcquisitionNumber": 1,
    "AcquisitionTime": "19:59:43.475000",
    "BandwidthPerPixelPhaseEncode": 18.832,
    "BaseResolution": 90,
    "BodyPartExamined": "HEAD",
    "ConsistencyInfo": "N4_VE11C_LATEST_20160120",
    "ConversionSoftware": "dcm2niix",
    "ConversionSoftwareVersion": "v1.0.20190902",
    "DerivedVendorReportedEchoSpacing": 0.000590012,
    "DeviceSerialNumber": "67064",
    "DwellTime": 2.5e-06,
    "EchoTime": 0.033,
    "EchoTrainLength": 90,
    "EffectiveEchoSpacing": 0.000590012,
    "FlipAngle": 63,
    "ImageComments": "Unaliased_MB4_PE3_LB",
    "ImageOrientationPatientDICOM": [
      0.995255,
      0.0236458,
      0.0943895,
      0.0050375,
      0.956204,
      -0.292658
    ],
    "ImageType": [
      "ORIGINAL",
      "PRIMARY",
      "M",
      "MB",
      "ND",
      "MOSAIC"
    ],
    "ImagingFrequency": 123.247,
    "InPlanePhaseEncodingDirectionDICOM": "COL",
    "InstitutionAddress": "Scott_Ave_4525_St._Louis_MO_US_63110",
    "InstitutionName": "Washington_University",
    "InstitutionalDepartmentName": "Department",
    "MRAcquisitionType": "2D",
    "MagneticFieldStrength": 3,
    "Manufacturer": "Siemens",
    "ManufacturersModelName": "Prisma_fit",
    "Modality": "MR",
    "MultibandAccelerationFactor": 4,
    "PartialFourier": 1,
    "PatientPosition": "HFS",
    "PercentPhaseFOV": 100,
    "PhaseEncodingDirection": "j",
    "PhaseEncodingSteps": 90,
    "PhaseResolution": 1,
    "PixelBandwidth": 2220,
    "ProcedureStepDescription": "head_Braver",
    "ProtocolName": "tfMRI_SternBas2_PA",
    "PulseSequenceDetails": "%CustomerSeq%_cmrr_mbep2d_bold",
    "ReceiveCoilActiveElements": "HEA;HEP",
    "ReceiveCoilName": "Head_32",
    "ReconMatrixPE": 90,
    "RepetitionTime": 1.2,
    "SAR": 0.0584489,
    "ScanOptions": "FS_EXT",
    "ScanningSequence": "EP",
    "SequenceName": "epfid2d1_90",
    "SequenceVariant": "SK_SS",
    "SeriesDescription": "tfMRI_SternBas2_PA",
    "SeriesNumber": 22,
    "ShimSetting": [
      -1969,
      -11520,
      5748,
      600,
      97,
      270,
      99,
      -45
    ],
    "SliceThickness": 2.4,
    "SliceTiming": [
      0,
      0.6275,
      0.0775,
      0.7075,
      0.155,
      0.785,
      0.235,
      0.865,
      0.3125,
      0.9425,
      0.3925,
      1.0225,
      0.47,
      1.1,
      0.55,
      0,
      0.6275,
      0.0775,
      0.7075,
      0.155,
      0.785,
      0.235,
      0.865,
      0.3125,
      0.9425,
      0.3925,
      1.0225,
      0.47,
      1.1,
      0.55,
      0,
      0.6275,
      0.0775,
      0.7075,
      0.155,
      0.785,
      0.235,
      0.865,
      0.3125,
      0.9425,
      0.3925,
      1.0225,
      0.47,
      1.1,
      0.55,
      0,
      0.6275,
      0.0775,
      0.7075,
      0.155,
      0.785,
      0.235,
      0.865,
      0.3125,
      0.9425,
      0.3925,
      1.0225,
      0.47,
      1.1,
      0.55
    ],
    "SoftwareVersions": "syngo_MR_E11",
    "SpacingBetweenSlices": 2.4,
    "StationName": "MRC35177",
    "TaskName": "Stern",
    "TotalReadoutTime": 0.0525111,
    "TxRefAmp": 244.639,
    "VendorReportedEchoSpacing": 0.00059,
    "WipMemBlock": "ae29349c-77f4-48fd-a953-d71dde701373||Sequence: R016 ve11c/master r/e634e98; Dec 19 2017 11:00:25 by eja",
    "acq_id": "mb4PA",
    "dataset": "ds003465",
    "modality": "bold",
    "run_id": 2,
    "session_id": "wave1bas",
    "subject_id": "f8113do",
    "task_id": "Stern"
  },
  "dummy_trs": 0,
  "dvars_nstd": 28.490822150384012,
  "dvars_std": 1.1000268201502508,
  "dvars_vstd": 0.989957682921536,
  "efc": 0.49501209060973206,
  "fber": 1048.21142578125,
  "fd_mean": 0.19797361055181717,
  "fd_num": 306,
  "fd_perc": 51.0,
  "fwhm_avg": 2.7479721130276213,
  "fwhm_x": 2.590733230386844,
  "fwhm_y": 2.7812498894830586,
  "fwhm_z": 2.8719332192129605,
  "gcor": 0.0124798,
  "gsr_x": -0.01807338371872902,
  "gsr_y": 0.06441938877105713,
  "provenance": {
    "md5sum": "c875f44b84cfcd8ebbd4583f7dc92bc7",
    "settings": {
      "fd_thres": 0.2,
      "testing": false
    },
    "software": "mriqc",
    "version": "22.0.6",
    "webapi_port": null,
    "webapi_url": "https://mriqc.nimh.nih.gov/api/v1"
  },
  "size_t": 600,
  "size_x": 90,
  "size_y": 90,
  "size_z": 60,
  "snr": 3.008491485294487,
  "spacing_tr": 1.2000000476837158,
  "spacing_x": 2.4000000953674316,
  "spacing_y": 2.4000000953674316,
  "spacing_z": 2.4000000953674316,
  "summary_bg_k": 76.23075154531514,
  "summary_bg_mad": 44.27544621260755,
  "summary_bg_mean": 289.96014404296875,
  "summary_bg_median": 132.5800018310547,
  "summary_bg_n": 336749.0,
  "summary_bg_p05": 100.47000122070312,
  "summary_bg_p95": 1072.2726806640624,
  "summary_bg_stdv": 445.4677429199219,
  "summary_fg_k": 0.7882287512706174,
  "summary_fg_mad": 1345.661317108437,
  "summary_fg_mean": 4526.9521484375,
  "summary_fg_median": 4282.3251953125,
  "summary_fg_n": 79429.0,
  "summary_fg_p05": 2675.70703125,
  "summary_fg_p95": 7194.631933593743,
  "summary_fg_stdv": 1423.40380859375,
  "tsnr": 54.16785223968327
}