{
  "aor": 0.0037953694581280783,
  "aqi": 0.00644792486042693,
  "bids_meta": {
    "AcquisitionMatrixPE": 90,
    "AcquisitionNumber": 1,
    "AcquisitionTime": "21:46:37.757500",
    "BandwidthPerPixelPhaseEncode": 18.832,
    "BaseResolution": 90,
    "BodyPartExamined": "HEAD",
    "ConsistencyInfo": "N4_VE11C_LATEST_20160120",
    "ConversionSoftware": "dcm2niix",
    "ConversionSoftwareVersion": "v1.0.20190902",
    "DerivedVendorReportedEchoSpacing": 0.000590012,
    "DeviceSerialNumber": "67064",
    "DwellTime": 2.5e-06,
    "EchoTime": 0.033,
    "EchoTrainLength": 90,
    "EffectiveEchoSpacing": 0.000590012,
    "FlipAngle": 63,
    "ImageComments": "Unaliased_MB4_PE3_LB",
    "ImageOrientationPatientDICOM": [
      0.996411,
      -0.0423134,
      0.0733171,
      0.0616414,
      0.956297,
      -0.285825
    ],
    "ImageType": [
      "ORIGINAL",
      "PRIMARY",
      "M",
      "MB",
      "ND",
      "MOSAIC"
    ],
    "ImagingFrequency": 123.247,
    "InPlanePhaseEncodingDirectionDICOM": "COL",
    "InstitutionAddress": "Scott_Ave_4525_St._Louis_MO_US_63110",
    "InstitutionName": "Washington_University",
    "InstitutionalDepartmentName": "Department",
    "MRAcquisitionType": "2D",
    "MagneticFieldStrength": 3,
    "Manufacturer": "Siemens",
    "ManufacturersModelName": "Prisma_fit",
    "Modality": "MR",
    "MultibandAccelerationFactor": 4,
    "PartialFourier": 1,
    "PatientPosition": "HFS",
    "PercentPhaseFOV": 100,
    "PhaseEncodingDirection": "j",
    "PhaseEncodingSteps": 90,
    "PhaseResolution": 1,
    "PixelBandwidth": 2220,
    "ProcedureStepDescription": "head_Braver",
    "ProtocolName": "tfMRI_AxcptBas2_PA",
    "PulseSequenceDetails": "%CustomerSeq%_cmrr_mbep2d_bold",
    "ReceiveCoilActiveElements": "HEA;HEP",
    "ReceiveCoilName": "Head_32",
    "ReconMatrixPE": 90,
    "RepetitionTime": 1.2,
    "SAR": 0.0568181,
    "ScanOptions": "FS_EXT",
    "ScanningSequence": "EP",
    "SequenceName": "epfid2d1_90",
    "SequenceVariant": "SK_SS",
    "SeriesDescription": "tfMRI_AxcptBas2_PA",
    "SeriesNumber": 56,
    "ShimSetting": [
      -1978,
      -11492,
      5838,
      636,
      57,
      202,
      121,
      -35
    ],
    "SliceThickness": 2.4,
    "SliceTiming": [
      0,
      0.6275,
      0.0775,
      0.7075,
      0.155,
      0.785,
      0.235,
      0.865,
      0.3125,
      0.9425,
      0.3925,
      1.0225,
      0.47,
      1.1,
      0.55,
      0,
      0.6275,
      0.0775,
      0.7075,
      0.155,
      0.785,
      0.235,
      0.865,
      0.3125,
      0.9425,
      0.3925,
      1.0225,
      0.47,
      1.1,
      0.55,
      0,
      0.6275,
      0.0775,
      0.7075,
      0.155,
      0.785,
      0.235,
      0.865,
      0.3125,
      0.9425,
      0.3925,
      1.0225,
      0.47,
      1.1,
      0.55,
      0,
      0.6275,
      0.0775,
      0.7075,
      0.155,
      0.785,
      0.235,
      0.865,
      0.3125,
      0.9425,
      0.3925,
      1.0225,
      0.47,
      1.1,
      0.55
    ],
    "SoftwareVersions": "syngo_MR_E11",
    "SpacingBetweenSlices": 2.4,
    "StationName": "MRC35177",
    "TaskName": "Axcpt",
    "TotalReadoutTime": 0.0525111,
    "TxRefAmp": 235.69,
    "VendorReportedEchoSpacing": 0.00059,
    "WipMemBlock": "de791af7-3b0f-4430-9b63-7f5a34e4bbb6||Sequence: R016 ve11c/master r/e634e98; Dec 19 2017 11:00:25 by eja",
    "acq_id": "mb4PA",
    "dataset": "ds003465",
    "modality": "bold",
    "run_id": 2,
    "session_id": "wave1bas",
    "subject_id": "f8113do",
    "task_id": "Axcpt"
  },
  "dummy_trs": 1,
  "dvars_nstd": 28.532727169325646,
  "dvars_std": 1.1212683995723685,
  "dvars_vstd": 1.030242801447368,
  "efc": 0.4943398156339015,
  "fber": 1042.08544921875,
  "fd_mean": 0.1848870004970543,
  "fd_num": 219,
  "fd_perc": 35.960591133004925,
  "fwhm_avg": 2.7566055414307233,
  "fwhm_x": 2.6144332294450905,
  "fwhm_y": 2.7740123897706512,
  "fwhm_z": 2.8813710050764283,
  "gcor": 0.0115863,
  "gsr_x": -0.018238374963402748,
  "gsr_y": 0.06808477640151978,
  "provenance": {
    "md5sum": "c4b5645b4bc648ce53d9655184a533ff",
    "settings": {
      "fd_thres": 0.2,
      "testing": false
    },
    "software": "mriqc",
    "version": "22.0.6",
    "webapi_port": null,
    "webapi_url": "https://mriqc.nimh.nih.gov/api/v1"
  },
  "size_t": 609,
  "size_x": 90,
  "size_y": 90,
  "size_z": 60,
  "snr": 2.9089324119525273,
  "spacing_tr": 1.2000000476837158,
  "spacing_x": 2.4000000953674316,
  "spacing_y": 2.4000000953674316,
  "spacing_z": 2.3999998569488525,
  "summary_bg_k": 60.27814071614873,
  "summary_bg_mad": 45.95580489005277,
  "summary_bg_mean": 303.51361083984375,
  "summary_bg_median": 135.14122009277344,
  "summary_bg_n": 337953.0,
  "summary_bg_p05": 101.694580078125,
  "summary_bg_p95": 1146.7474365234368,
  "summary_bg_stdv": 467.4263916015625,
  "summary_fg_k": 0.756988442319039,
  "summary_fg_mad": 1403.471944727188,
  "summary_fg_mean": 4581.72705078125,
  "summary_fg_median": 4326.2744140625,
  "summary_fg_n": 79583.0,
  "summary_fg_p05": 2656.19013671875,
  "summary_fg_p95": 7384.850097656249,
  "summary_fg_stdv": 1487.228515625,
  "tsnr": 46.56322737922892
}