{
  "aor": 0.00030910000000000003,
  "aqi": 0.004814023616666666,
  "bids_meta": {
    "AcquisitionMatrixPE": 90,
    "AcquisitionNumber": 1,
    "AcquisitionTime": "19:46:34.652500",
    "BandwidthPerPixelPhaseEncode": 18.832,
    "BaseResolution": 90,
    "BodyPartExamined": "HEAD",
    "ConsistencyInfo": "N4_VE11C_LATEST_20160120",
    "ConversionSoftware": "dcm2niix",
    "ConversionSoftwareVersion": "v1.0.20190902",
    "DerivedVendorReportedEchoSpacing": 0.000590012,
    "DeviceSerialNumber": "67064",
    "DwellTime": 2.5e-06,
    "EchoTime": 0.033,
    "EchoTrainLength": 90,
    "EffectiveEchoSpacing": 0.000590012,
    "FlipAngle": 63,
    "ImageComments": "Unaliased_MB4_PE3_LB",
    "ImageOrientationPatientDICOM": [
      0.995255,
      0.0236458,
      0.0943895,
      0.0050375,
      0.956204,
      -0.292658
    ],
    "ImageType": [
      "ORIGINAL",
      "PRIMARY",
      "M",
      "MB",
      "ND",
      "MOSAIC"
    ],
    "ImagingFrequency": 123.247,
    "InPlanePhaseEncodingDirectionDICOM": "COL",
    "InstitutionAddress": "Scott_Ave_4525_St._Louis_MO_US_63110",
    "InstitutionName": "Washington_University",
    "InstitutionalDepartmentName": "Department",
    "MRAcquisitionType": "2D",
    "MagneticFieldStrength": 3,
    "Manufacturer": "Siemens",
    "ManufacturersModelName": "Prisma_fit",
    "Modality": "MR",
    "MultibandAccelerationFactor": 4,
    "PartialFourier": 1,
    "PatientPosition": "HFS",
    "PercentPhaseFOV": 100,
    "PhaseEncodingDirection": "j-",
    "PhaseEncodingSteps": 90,
    "PhaseResolution": 1,
    "PixelBandwidth": 2220,
    "ProcedureStepDescription": "head_Braver",
    "ProtocolName": "tfMRI_SternBas1_AP",
    "PulseSequenceDetails": "%CustomerSeq%_cmrr_mbep2d_bold",
    "ReceiveCoilActiveElements": "HEA;HEP",
    "ReceiveCoilName": "Head_32",
    "ReconMatrixPE": 90,
    "RepetitionTime": 1.2,
    "SAR": 0.0584489,
    "ScanOptions": "FS_EXT",
    "ScanningSequence": "EP",
    "SequenceName": "epfid2d1_90",
    "SequenceVariant": "SK_SS",
    "SeriesDescription": "tfMRI_SternBas1_AP",
    "SeriesNumber": 19,
    "ShimSetting": [
      -1969,
      -11520,
      5748,
      600,
      97,
      270,
      99,
      -45
    ],
    "SliceThickness": 2.4,
    "SliceTiming": [
      0,
      0.6275,
      0.0775,
      0.7075,
      0.1575,
      0.785,
      0.235,
      0.865,
      0.315,
      0.9425,
      0.3925,
      1.0225,
      0.47,
      1.1,
      0.55,
      0,
      0.6275,
      0.0775,
      0.7075,
      0.1575,
      0.785,
      0.235,
      0.865,
      0.315,
      0.9425,
      0.3925,
      1.0225,
      0.47,
      1.1,
      0.55,
      0,
      0.6275,
      0.0775,
      0.7075,
      0.1575,
      0.785,
      0.235,
      0.865,
      0.315,
      0.9425,
      0.3925,
      1.0225,
      0.47,
      1.1,
      0.55,
      0,
      0.6275,
      0.0775,
      0.7075,
      0.1575,
      0.785,
      0.235,
      0.865,
      0.315,
      0.9425,
      0.3925,
      1.0225,
      0.47,
      1.1,
      0.55
    ],
    "SoftwareVersions": "syngo_MR_E11",
    "SpacingBetweenSlices": 2.4,
    "StationName": "MRC35177",
    "TaskName": "Stern",
    "TotalReadoutTime": 0.0525111,
    "TxRefAmp": 244.639,
    "VendorReportedEchoSpacing": 0.00059,
    "WipMemBlock": "3687a86a-611f-4006-b4c6-534b28e313c1||Sequence: R016 ve11c/master r/e634e98; Dec 19 2017 11:00:25 by eja",
    "acq_id": "mb4AP",
    "dataset": "ds003465",
    "modality": "bold",
    "run_id": 1,
    "session_id": "wave1bas",
    "subject_id": "f8113do",
    "task_id": "Stern"
  },
  "dummy_trs": 0,
  "dvars_nstd": 29.900150862554266,
  "dvars_std": 1.1115610766777957,
  "dvars_vstd": 0.9897843095659423,
  "efc": 0.4960312012748756,
  "fber": 1066.019775390625,
  "fd_mean": 0.23872836879309356,
  "fd_num": 378,
  "fd_perc": 63.0,
  "fwhm_avg": 2.717716558674313,
  "fwhm_x": 2.602841563239035,
  "fwhm_y": 2.762637390222653,
  "fwhm_z": 2.787670722561251,
  "gcor": 0.00967982,
  "gsr_x": -0.018217632547020912,
  "gsr_y": 0.057909030467271805,
  "provenance": {
    "md5sum": "a6ea29e5bdc22e1e86ed9a28e2f44b89",
    "settings": {
      "fd_thres": 0.2,
      "testing": false
    },
    "software": "mriqc",
    "version": "22.0.6",
    "webapi_port": null,
    "webapi_url": "https://mriqc.nimh.nih.gov/api/v1"
  },
  "size_t": 600,
  "size_x": 90,
  "size_y": 90,
  "size_z": 60,
  "snr": 3.1038387976148054,
  "spacing_tr": 1.2000000476837158,
  "spacing_x": 2.4000000953674316,
  "spacing_y": 2.4000000953674316,
  "spacing_z": 2.4000000953674316,
  "summary_bg_k": 56.953304113073614,
  "summary_bg_mad": 41.96998799901979,
  "summary_bg_mean": 285.4784240722656,
  "summary_bg_median": 131.01499938964844,
  "summary_bg_n": 334783.0,
  "summary_bg_p05": 100.36683578491211,
  "summary_bg_p95": 1007.796545410155,
  "summary_bg_stdv": 459.4903564453125,
  "summary_fg_k": 0.7439804153733958,
  "summary_fg_mad": 1285.0295464987114,
  "summary_fg_mean": 4550.9833984375,
  "summary_fg_median": 4310.67431640625,
  "summary_fg_n": 80278.0,
  "summary_fg_p05": 2748.971057128906,
  "summary_fg_p95": 7199.0966796875,
  "summary_fg_stdv": 1388.8116455078125,
  "tsnr": 54.37427416583523
}