{
  "aor": 0.01598272131147541,
  "aqi": 0.01716529706557377,
  "bids_meta": {
    "AcquisitionMatrixPE": 90,
    "AcquisitionNumber": 1,
    "AcquisitionTime": "19:11:33.685000",
    "BandwidthPerPixelPhaseEncode": 18.832,
    "BaseResolution": 90,
    "BodyPartExamined": "HEAD",
    "ConsistencyInfo": "N4_VE11C_LATEST_20160120",
    "ConversionSoftware": "dcm2niix",
    "ConversionSoftwareVersion": "v1.0.20190902",
    "DerivedVendorReportedEchoSpacing": 0.000590012,
    "DeviceSerialNumber": "67064",
    "DwellTime": 2.5e-06,
    "EchoTime": 0.033,
    "EchoTrainLength": 90,
    "EffectiveEchoSpacing": 0.000590012,
    "FlipAngle": 63,
    "ImageComments": "Unaliased_MB4_PE3_LB",
    "ImageOrientationPatientDICOM": [
      0.999901,
      -0.0140487,
      0.000233435,
      0.0125658,
      0.886676,
      -0.462221
    ],
    "ImageType": [
      "ORIGINAL",
      "PRIMARY",
      "M",
      "MB",
      "ND",
      "MOSAIC"
    ],
    "ImagingFrequency": 123.247,
    "InPlanePhaseEncodingDirectionDICOM": "COL",
    "InstitutionAddress": "Scott_Ave_4525_St._Louis_MO_US_63110",
    "InstitutionName": "Washington_University",
    "InstitutionalDepartmentName": "Department",
    "MRAcquisitionType": "2D",
    "MagneticFieldStrength": 3,
    "Manufacturer": "Siemens",
    "ManufacturersModelName": "Prisma_fit",
    "Modality": "MR",
    "MultibandAccelerationFactor": 4,
    "PartialFourier": 1,
    "PatientPosition": "HFS",
    "PercentPhaseFOV": 100,
    "PhaseEncodingDirection": "j-",
    "PhaseEncodingSteps": 90,
    "PhaseResolution": 1,
    "PixelBandwidth": 2220,
    "ProcedureStepDescription": "head_Braver",
    "ProtocolName": "tfMRI_AxcptBas1_AP",
    "PulseSequenceDetails": "%CustomerSeq%_cmrr_mbep2d_bold",
    "ReceiveCoilActiveElements": "HEA;HEP",
    "ReceiveCoilName": "Head_32",
    "ReconMatrixPE": 90,
    "RepetitionTime": 1.2,
    "SAR": 0.0758834,
    "ScanOptions": "FS_EXT",
    "ScanningSequence": "EP",
    "SequenceName": "epfid2d1_90",
    "SequenceVariant": "SK_SS",
    "SeriesDescription": "tfMRI_AxcptBas1_AP",
    "SeriesNumber": 19,
    "ShimSetting": [
      -1974,
      -11498,
      5801,
      601,
      23,
      57,
      -133,
      -41
    ],
    "SliceThickness": 2.4,
    "SliceTiming": [
      0,
      0.6275,
      0.0775,
      0.7075,
      0.1575,
      0.785,
      0.235,
      0.865,
      0.3125,
      0.9425,
      0.3925,
      1.0225,
      0.47,
      1.1,
      0.55,
      0,
      0.6275,
      0.0775,
      0.7075,
      0.1575,
      0.785,
      0.235,
      0.865,
      0.3125,
      0.9425,
      0.3925,
      1.0225,
      0.47,
      1.1,
      0.55,
      0,
      0.6275,
      0.0775,
      0.7075,
      0.1575,
      0.785,
      0.235,
      0.865,
      0.3125,
      0.9425,
      0.3925,
      1.0225,
      0.47,
      1.1,
      0.55,
      0,
      0.6275,
      0.0775,
      0.7075,
      0.1575,
      0.785,
      0.235,
      0.865,
      0.3125,
      0.9425,
      0.3925,
      1.0225,
      0.47,
      1.1,
      0.55
    ],
    "SoftwareVersions": "syngo_MR_E11",
    "SpacingBetweenSlices": 2.4,
    "StationName": "MRC35177",
    "TaskName": "Axcpt",
    "TotalReadoutTime": 0.0525111,
    "TxRefAmp": 237.399,
    "VendorReportedEchoSpacing": 0.00059,
    "WipMemBlock": "69a1a22a-b8a0-449a-ac7c-b78a6b63baf4||Sequence: R016 ve11c/master r/e634e98; Dec 19 2017 11:00:25 by eja",
    "acq_id": "mb4AP",
    "dataset": "ds003465",
    "modality": "bold",
    "run_id": 1,
    "session_id": "wave1bas",
    "subject_id": "f1342ku",
    "task_id": "Axcpt"
  },
  "dummy_trs": 0,
  "dvars_nstd": 39.12526488333333,
  "dvars_std": 1.2475562133661737,
  "dvars_vstd": 1.1058079071921185,
  "efc": 0.5176407122420884,
  "fber": 804.2577514648438,
  "fd_mean": 0.21761154387679915,
  "fd_num": 138,
  "fd_perc": 22.62295081967213,
  "fwhm_avg": 2.857244231733509,
  "fwhm_x": 2.6689332272794553,
  "fwhm_y": 2.907837384452924,
  "fwhm_z": 2.994962083468147,
  "gcor": 0.0546394,
  "gsr_x": -0.002732391469180584,
  "gsr_y": 0.06345972418785095,
  "provenance": {
    "md5sum": "5353b9ded4376e9d88d4bcc98dff207f",
    "settings": {
      "fd_thres": 0.2,
      "testing": false
    },
    "software": "mriqc",
    "version": "22.0.6",
    "webapi_port": null,
    "webapi_url": "https://mriqc.nimh.nih.gov/api/v1"
  },
  "size_t": 610,
  "size_x": 90,
  "size_y": 90,
  "size_z": 60,
  "snr": 2.866059288072427,
  "spacing_tr": 1.2000000476837158,
  "spacing_x": 2.4000000953674316,
  "spacing_y": 2.4000000953674316,
  "spacing_z": 2.4000003337860107,
  "summary_bg_k": 37.862924741040516,
  "summary_bg_mad": 49.91023276469512,
  "summary_bg_mean": 281.82989501953125,
  "summary_bg_median": 134.43115234375,
  "summary_bg_n": 324606.0,
  "summary_bg_p05": 95.95901489257812,
  "summary_bg_p95": 982.3139343261719,
  "summary_bg_stdv": 403.9900817871094,
  "summary_fg_k": 1.9828460549376832,
  "summary_fg_mad": 1217.8075076779674,
  "summary_fg_mean": 4101.2646484375,
  "summary_fg_median": 3861.003173828125,
  "summary_fg_n": 85909.0,
  "summary_fg_p05": 2357.417724609375,
  "summary_fg_p95": 6553.43671875,
  "summary_fg_stdv": 1347.13916015625,
  "tsnr": 27.552000048570335
}