{
  "aor": 0.00507987037037037,
  "aqi": 0.01306126638888889,
  "bids_meta": {
    "AcquisitionMatrixPE": 90,
    "AcquisitionNumber": 1,
    "AcquisitionTime": "20:52:58.530000",
    "BandwidthPerPixelPhaseEncode": 18.832,
    "BaseResolution": 90,
    "BodyPartExamined": "HEAD",
    "ConsistencyInfo": "N4_VE11C_LATEST_20160120",
    "ConversionSoftware": "dcm2niix",
    "ConversionSoftwareVersion": "v1.0.20190902",
    "DerivedVendorReportedEchoSpacing": 0.000590012,
    "DeviceSerialNumber": "67064",
    "DwellTime": 2.5e-06,
    "EchoTime": 0.033,
    "EchoTrainLength": 90,
    "EffectiveEchoSpacing": 0.000590012,
    "FlipAngle": 63,
    "ImageComments": "Unaliased_MB4_PE3_LB",
    "ImageOrientationPatientDICOM": [
      0.999901,
      -0.0140487,
      0.000233435,
      0.0125658,
      0.886676,
      -0.462221
    ],
    "ImageType": [
      "ORIGINAL",
      "PRIMARY",
      "M",
      "MB",
      "ND",
      "MOSAIC"
    ],
    "ImagingFrequency": 123.247,
    "InPlanePhaseEncodingDirectionDICOM": "COL",
    "InstitutionAddress": "Scott_Ave_4525_St._Louis_MO_US_63110",
    "InstitutionName": "Washington_University",
    "InstitutionalDepartmentName": "Department",
    "MRAcquisitionType": "2D",
    "MagneticFieldStrength": 3,
    "Manufacturer": "Siemens",
    "ManufacturersModelName": "Prisma_fit",
    "Modality": "MR",
    "MultibandAccelerationFactor": 4,
    "PartialFourier": 1,
    "PatientPosition": "HFS",
    "PercentPhaseFOV": 100,
    "PhaseEncodingDirection": "j",
    "PhaseEncodingSteps": 90,
    "PhaseResolution": 1,
    "PixelBandwidth": 2220,
    "ProcedureStepDescription": "head_Braver",
    "ProtocolName": "tfMRI_StroopBas2_PA",
    "PulseSequenceDetails": "%CustomerSeq%_cmrr_mbep2d_bold",
    "ReceiveCoilActiveElements": "HEA;HEP",
    "ReceiveCoilName": "Head_32",
    "ReconMatrixPE": 90,
    "RepetitionTime": 1.2,
    "SAR": 0.0758455,
    "ScanOptions": "FS_EXT",
    "ScanningSequence": "EP",
    "SequenceName": "epfid2d1_90",
    "SequenceVariant": "SK_SS",
    "SeriesDescription": "tfMRI_StroopBas2_PA",
    "SeriesNumber": 46,
    "ShimSetting": [
      -1974,
      -11498,
      5801,
      601,
      23,
      57,
      -133,
      -41
    ],
    "SliceThickness": 2.4,
    "SliceTiming": [
      0,
      0.63,
      0.08,
      0.7075,
      0.1575,
      0.7875,
      0.2375,
      0.865,
      0.315,
      0.945,
      0.395,
      1.0225,
      0.4725,
      1.1025,
      0.5525,
      0,
      0.63,
      0.08,
      0.7075,
      0.1575,
      0.7875,
      0.2375,
      0.865,
      0.315,
      0.945,
      0.395,
      1.0225,
      0.4725,
      1.1025,
      0.5525,
      0,
      0.63,
      0.08,
      0.7075,
      0.1575,
      0.7875,
      0.2375,
      0.865,
      0.315,
      0.945,
      0.395,
      1.0225,
      0.4725,
      1.1025,
      0.5525,
      0,
      0.63,
      0.08,
      0.7075,
      0.1575,
      0.7875,
      0.2375,
      0.865,
      0.315,
      0.945,
      0.395,
      1.0225,
      0.4725,
      1.1025,
      0.5525
    ],
    "SoftwareVersions": "syngo_MR_E11",
    "SpacingBetweenSlices": 2.4,
    "StationName": "MRC35177",
    "TaskName": "Stroop",
    "TotalReadoutTime": 0.0525111,
    "TxRefAmp": 237.399,
    "VendorReportedEchoSpacing": 0.00059,
    "WipMemBlock": "13ba456d-8fd4-44e8-a1a9-79ed98c5c9b1||Sequence: R016 ve11c/master r/e634e98; Dec 19 2017 11:00:25 by eja",
    "acq_id": "mb4PA",
    "dataset": "ds003465",
    "modality": "bold",
    "run_id": 2,
    "session_id": "wave1bas",
    "subject_id": "f1342ku",
    "task_id": "Stroop"
  },
  "dummy_trs": 0,
  "dvars_nstd": 45.75349573129865,
  "dvars_std": 1.0608359556957327,
  "dvars_vstd": 0.9749914640074215,
  "efc": 0.5184374073001741,
  "fber": 739.9746704101562,
  "fd_mean": 0.3775497189394365,
  "fd_num": 314,
  "fd_perc": 58.148148148148145,
  "fwhm_avg": 2.8508678422273808,
  "fwhm_x": 2.5925290636488176,
  "fwhm_y": 2.93882071655509,
  "fwhm_z": 3.0212537464782354,
  "gcor": 0.028371,
  "gsr_x": 0.0013414276763796806,
  "gsr_y": 0.08021706342697144,
  "provenance": {
    "md5sum": "c589b07c3fe6cd017810932a28a6211f",
    "settings": {
      "fd_thres": 0.2,
      "testing": false
    },
    "software": "mriqc",
    "version": "22.0.6",
    "webapi_port": null,
    "webapi_url": "https://mriqc.nimh.nih.gov/api/v1"
  },
  "size_t": 540,
  "size_x": 90,
  "size_y": 90,
  "size_z": 60,
  "snr": 2.693110752457471,
  "spacing_tr": 1.2000000476837158,
  "spacing_x": 2.4000000953674316,
  "spacing_y": 2.4000000953674316,
  "spacing_z": 2.4000003337860107,
  "summary_bg_k": 26.559684131353873,
  "summary_bg_mad": 46.353285984094875,
  "summary_bg_mean": 291.5441589355469,
  "summary_bg_median": 131.47962951660156,
  "summary_bg_n": 328369.0,
  "summary_bg_p05": 96.35259094238282,
  "summary_bg_p95": 1127.8032958984359,
  "summary_bg_stdv": 412.9353332519531,
  "summary_fg_k": 1.0694119908787867,
  "summary_fg_mad": 1233.2217204404333,
  "summary_fg_mean": 3849.738525390625,
  "summary_fg_median": 3603.068359375,
  "summary_fg_n": 85108.0,
  "summary_fg_p05": 2123.333532714844,
  "summary_fg_p95": 6355.678124999998,
  "summary_fg_stdv": 1337.8756103515625,
  "tsnr": 28.5313319779234
}