{
  "aor": 0.0024632,
  "aqi": 0.011415245400000001,
  "bids_meta": {
    "AcquisitionMatrixPE": 90,
    "AcquisitionNumber": 1,
    "AcquisitionTime": "19:51:59.167500",
    "BandwidthPerPixelPhaseEncode": 18.832,
    "BaseResolution": 90,
    "BodyPartExamined": "HEAD",
    "ConsistencyInfo": "N4_VE11C_LATEST_20160120",
    "ConversionSoftware": "dcm2niix",
    "ConversionSoftwareVersion": "v1.0.20190902",
    "DerivedVendorReportedEchoSpacing": 0.000590012,
    "DeviceSerialNumber": "67064",
    "DwellTime": 2.5e-06,
    "EchoTime": 0.033,
    "EchoTrainLength": 90,
    "EffectiveEchoSpacing": 0.000590012,
    "FlipAngle": 63,
    "ImageComments": "Unaliased_MB4_PE3_LB",
    "ImageOrientationPatientDICOM": [
      0.999901,
      -0.0140487,
      0.000233435,
      0.0125658,
      0.886676,
      -0.462221
    ],
    "ImageType": [
      "ORIGINAL",
      "PRIMARY",
      "M",
      "MB",
      "ND",
      "MOSAIC"
    ],
    "ImagingFrequency": 123.247,
    "InPlanePhaseEncodingDirectionDICOM": "COL",
    "InstitutionAddress": "Scott_Ave_4525_St._Louis_MO_US_63110",
    "InstitutionName": "Washington_University",
    "InstitutionalDepartmentName": "Department",
    "MRAcquisitionType": "2D",
    "MagneticFieldStrength": 3,
    "Manufacturer": "Siemens",
    "ManufacturersModelName": "Prisma_fit",
    "Modality": "MR",
    "MultibandAccelerationFactor": 4,
    "PartialFourier": 1,
    "PatientPosition": "HFS",
    "PercentPhaseFOV": 100,
    "PhaseEncodingDirection": "j",
    "PhaseEncodingSteps": 90,
    "PhaseResolution": 1,
    "PixelBandwidth": 2220,
    "ProcedureStepDescription": "head_Braver",
    "ProtocolName": "tfMRI_SternBas2_PA",
    "PulseSequenceDetails": "%CustomerSeq%_cmrr_mbep2d_bold",
    "ReceiveCoilActiveElements": "HEA;HEP",
    "ReceiveCoilName": "Head_32",
    "ReconMatrixPE": 90,
    "RepetitionTime": 1.2,
    "SAR": 0.0758785,
    "ScanOptions": "FS_EXT",
    "ScanningSequence": "EP",
    "SequenceName": "epfid2d1_90",
    "SequenceVariant": "SK_SS",
    "SeriesDescription": "tfMRI_SternBas2_PA",
    "SeriesNumber": 28,
    "ShimSetting": [
      -1974,
      -11498,
      5801,
      601,
      23,
      57,
      -133,
      -41
    ],
    "SliceThickness": 2.4,
    "SliceTiming": [
      0,
      0.63,
      0.08,
      0.7075,
      0.1575,
      0.7875,
      0.2375,
      0.865,
      0.315,
      0.945,
      0.395,
      1.0225,
      0.4725,
      1.1025,
      0.5525,
      0,
      0.63,
      0.08,
      0.7075,
      0.1575,
      0.7875,
      0.2375,
      0.865,
      0.315,
      0.945,
      0.395,
      1.0225,
      0.4725,
      1.1025,
      0.5525,
      0,
      0.63,
      0.08,
      0.7075,
      0.1575,
      0.7875,
      0.2375,
      0.865,
      0.315,
      0.945,
      0.395,
      1.0225,
      0.4725,
      1.1025,
      0.5525,
      0,
      0.63,
      0.08,
      0.7075,
      0.1575,
      0.7875,
      0.2375,
      0.865,
      0.315,
      0.945,
      0.395,
      1.0225,
      0.4725,
      1.1025,
      0.5525
    ],
    "SoftwareVersions": "syngo_MR_E11",
    "SpacingBetweenSlices": 2.4,
    "StationName": "MRC35177",
    "TaskName": "Stern",
    "TotalReadoutTime": 0.0525111,
    "TxRefAmp": 237.399,
    "VendorReportedEchoSpacing": 0.00059,
    "WipMemBlock": "4fb38863-8e4f-4395-a81b-2693f2f085ca||Sequence: R016 ve11c/master r/e634e98; Dec 19 2017 11:00:25 by eja",
    "acq_id": "mb4PA",
    "dataset": "ds003465",
    "modality": "bold",
    "run_id": 2,
    "session_id": "wave1bas",
    "subject_id": "f1342ku",
    "task_id": "Stern"
  },
  "dummy_trs": 0,
  "dvars_nstd": 33.43213720767947,
  "dvars_std": 1.0014575207345573,
  "dvars_vstd": 0.9452783095993319,
  "efc": 0.5181669032778337,
  "fber": 747.5022583007812,
  "fd_mean": 0.17725850044500813,
  "fd_num": 156,
  "fd_perc": 26.0,
  "fwhm_avg": 2.8538470087043337,
  "fwhm_x": 2.5966207301528956,
  "fwhm_y": 2.9415123831148,
  "fwhm_z": 3.0234079128453057,
  "gcor": 0.0142156,
  "gsr_x": -0.002499088179320097,
  "gsr_y": 0.08026468753814697,
  "provenance": {
    "md5sum": "3612403cf8771e548cc8b2f2c5c3ea33",
    "settings": {
      "fd_thres": 0.2,
      "testing": false
    },
    "software": "mriqc",
    "version": "22.0.6",
    "webapi_port": null,
    "webapi_url": "https://mriqc.nimh.nih.gov/api/v1"
  },
  "size_t": 600,
  "size_x": 90,
  "size_y": 90,
  "size_z": 60,
  "snr": 2.6724432715240147,
  "spacing_tr": 1.2000000476837158,
  "spacing_x": 2.4000000953674316,
  "spacing_y": 2.4000000953674316,
  "spacing_z": 2.4000003337860107,
  "summary_bg_k": 29.22477562533173,
  "summary_bg_mad": 49.854965473133085,
  "summary_bg_mean": 295.17742919921875,
  "summary_bg_median": 133.6316680908203,
  "summary_bg_n": 327629.0,
  "summary_bg_p05": 95.1356674194336,
  "summary_bg_p95": 1126.2193603515616,
  "summary_bg_stdv": 412.87884521484375,
  "summary_fg_k": 1.3706919031149702,
  "summary_fg_mad": 1249.5406608018143,
  "summary_fg_mean": 3913.63818359375,
  "summary_fg_median": 3652.908447265625,
  "summary_fg_n": 85514.0,
  "summary_fg_p05": 2175.7882446289063,
  "summary_fg_p95": 6471.886450195312,
  "summary_fg_stdv": 1366.8717041015625,
  "tsnr": 32.53989307384472
}