{
  "aor": 0.0008353345724907063,
  "aqi": 0.009337925762081783,
  "bids_meta": {
    "AcquisitionMatrixPE": 90,
    "AcquisitionNumber": 1,
    "AcquisitionTime": "14:50:9.510000",
    "BandwidthPerPixelPhaseEncode": 18.832,
    "BaseResolution": 90,
    "BodyPartExamined": "HEAD",
    "ConsistencyInfo": "N4_VE11C_LATEST_20160120",
    "ConversionSoftware": "dcm2niix",
    "ConversionSoftwareVersion": "v1.0.20190902",
    "DerivedVendorReportedEchoSpacing": 0.000590012,
    "DeviceSerialNumber": "67064",
    "DwellTime": 2.5e-06,
    "EchoTime": 0.033,
    "EchoTrainLength": 90,
    "EffectiveEchoSpacing": 0.000590012,
    "FlipAngle": 63,
    "ImageComments": "Unaliased_MB4_PE3_LB",
    "ImageOrientationPatientDICOM": [
      0.998674,
      0.00237908,
      0.0514319,
      0.0238838,
      0.863544,
      -0.503707
    ],
    "ImageType": [
      "ORIGINAL",
      "PRIMARY",
      "M",
      "MB",
      "ND",
      "MOSAIC"
    ],
    "ImagingFrequency": 123.247,
    "InPlanePhaseEncodingDirectionDICOM": "COL",
    "InstitutionAddress": "Scott_Ave_4525_St._Louis_MO_US_63110",
    "InstitutionName": "Washington_University",
    "InstitutionalDepartmentName": "Department",
    "MRAcquisitionType": "2D",
    "MagneticFieldStrength": 3,
    "Manufacturer": "Siemens",
    "ManufacturersModelName": "Prisma_fit",
    "Modality": "MR",
    "MultibandAccelerationFactor": 4,
    "PartialFourier": 1,
    "PatientPosition": "HFS",
    "PercentPhaseFOV": 100,
    "PhaseEncodingDirection": "j-",
    "PhaseEncodingSteps": 90,
    "PhaseResolution": 1,
    "PixelBandwidth": 2220,
    "ProcedureStepDescription": "head_Braver",
    "ProtocolName": "tfMRI_StroopBas1_AP",
    "PulseSequenceDetails": "%CustomerSeq%_cmrr_mbep2d_bold",
    "ReceiveCoilActiveElements": "HEA;HEP",
    "ReceiveCoilName": "Head_32",
    "ReconMatrixPE": 90,
    "RepetitionTime": 1.2,
    "SAR": 0.0699036,
    "ScanOptions": "FS_EXT",
    "ScanningSequence": "EP",
    "SequenceName": "epfid2d1_90",
    "SequenceVariant": "SK_SS",
    "SeriesDescription": "tfMRI_StroopBas1_AP",
    "SeriesNumber": 40,
    "ShimSetting": [
      -1992,
      -11461,
      5731,
      621,
      153,
      96,
      -106,
      -10
    ],
    "SliceThickness": 2.4,
    "SliceTiming": [
      0,
      0.63,
      0.0775,
      0.7075,
      0.1575,
      0.7875,
      0.235,
      0.865,
      0.315,
      0.945,
      0.3925,
      1.0225,
      0.4725,
      1.1,
      0.55,
      0,
      0.63,
      0.0775,
      0.7075,
      0.1575,
      0.7875,
      0.235,
      0.865,
      0.315,
      0.945,
      0.3925,
      1.0225,
      0.4725,
      1.1,
      0.55,
      0,
      0.63,
      0.0775,
      0.7075,
      0.1575,
      0.7875,
      0.235,
      0.865,
      0.315,
      0.945,
      0.3925,
      1.0225,
      0.4725,
      1.1,
      0.55,
      0,
      0.63,
      0.0775,
      0.7075,
      0.1575,
      0.7875,
      0.235,
      0.865,
      0.315,
      0.945,
      0.3925,
      1.0225,
      0.4725,
      1.1,
      0.55
    ],
    "SoftwareVersions": "syngo_MR_E11",
    "SpacingBetweenSlices": 2.4,
    "StationName": "MRC35177",
    "TaskName": "Stroop",
    "TotalReadoutTime": 0.0525111,
    "TxRefAmp": 238.026,
    "VendorReportedEchoSpacing": 0.00059,
    "WipMemBlock": "f03875e4-5503-49d2-9063-abf69973688a||Sequence: ve11c/master r/b8bea8f; Mar  2 2017 16:56:44 by eja",
    "acq_id": "mb4AP",
    "dataset": "ds003465",
    "modality": "bold",
    "run_id": 1,
    "session_id": "wave1bas",
    "subject_id": "f1670rz",
    "task_id": "Stroop"
  },
  "dummy_trs": 2,
  "dvars_nstd": 34.059749791526954,
  "dvars_std": 1.0870065216387335,
  "dvars_vstd": 0.9608058217318435,
  "efc": 0.5419571891089577,
  "fber": 580.5708618164062,
  "fd_mean": 0.14233271563584451,
  "fd_num": 91,
  "fd_perc": 16.91449814126394,
  "fwhm_avg": 2.966267937686658,
  "fwhm_x": 2.798587388794129,
  "fwhm_y": 3.0111998803456674,
  "fwhm_z": 3.0890165439201773,
  "gcor": 0.0177153,
  "gsr_x": -0.00227532722055912,
  "gsr_y": 0.09313307702541351,
  "provenance": {
    "md5sum": "375077eaa47e1774143ffd399be53f06",
    "settings": {
      "fd_thres": 0.2,
      "testing": false
    },
    "software": "mriqc",
    "version": "22.0.6",
    "webapi_port": null,
    "webapi_url": "https://mriqc.nimh.nih.gov/api/v1"
  },
  "size_t": 538,
  "size_x": 90,
  "size_y": 90,
  "size_z": 60,
  "snr": 2.158018275113234,
  "spacing_tr": 1.2000000476837158,
  "spacing_x": 2.4000000953674316,
  "spacing_y": 2.4000000953674316,
  "spacing_z": 2.4000000953674316,
  "summary_bg_k": 21.926514122373778,
  "summary_bg_mad": 89.26477480447478,
  "summary_bg_mean": 423.5360412597656,
  "summary_bg_median": 173.11709594726562,
  "summary_bg_n": 306093.0,
  "summary_bg_p05": 105.82713317871094,
  "summary_bg_p95": 1713.2293701171875,
  "summary_bg_stdv": 674.4907836914062,
  "summary_fg_k": 2.120925526407417,
  "summary_fg_mad": 1634.8089276580095,
  "summary_fg_mean": 4738.66015625,
  "summary_fg_median": 4274.35693359375,
  "summary_fg_n": 100117.0,
  "summary_fg_p05": 2436.35166015625,
  "summary_fg_p95": 8707.160742187498,
  "summary_fg_stdv": 1980.67626953125,
  "tsnr": 40.404674673685804
}