{
  "aor": 0.0007226885245901639,
  "aqi": 0.009179804704918033,
  "bids_meta": {
    "AcquisitionMatrixPE": 90,
    "AcquisitionNumber": 1,
    "AcquisitionTime": "11:26:49.870000",
    "BandwidthPerPixelPhaseEncode": 18.832,
    "BaseResolution": 90,
    "BodyPartExamined": "HEAD",
    "ConsistencyInfo": "N4_VE11C_LATEST_20160120",
    "ConversionSoftware": "dcm2niix",
    "ConversionSoftwareVersion": "v1.0.20190902",
    "DerivedVendorReportedEchoSpacing": 0.000590012,
    "DeviceSerialNumber": "67064",
    "DwellTime": 2.5e-06,
    "EchoTime": 0.033,
    "EchoTrainLength": 90,
    "EffectiveEchoSpacing": 0.000590012,
    "FlipAngle": 63,
    "ImageComments": "Unaliased_MB4_PE3_LB",
    "ImageOrientationPatientDICOM": [
      0.998645,
      -0.00386926,
      -0.0518958,
      -0.0230112,
      0.861609,
      -0.507051
    ],
    "ImageType": [
      "ORIGINAL",
      "PRIMARY",
      "M",
      "MB",
      "ND",
      "MOSAIC"
    ],
    "ImagingFrequency": 123.247,
    "InPlanePhaseEncodingDirectionDICOM": "COL",
    "InstitutionAddress": "Scott_Ave_4525_St._Louis_MO_US_63110",
    "InstitutionName": "Washington_University",
    "InstitutionalDepartmentName": "Department",
    "MRAcquisitionType": "2D",
    "MagneticFieldStrength": 3,
    "Manufacturer": "Siemens",
    "ManufacturersModelName": "Prisma_fit",
    "Modality": "MR",
    "MultibandAccelerationFactor": 4,
    "PartialFourier": 1,
    "PatientPosition": "HFS",
    "PercentPhaseFOV": 100,
    "PhaseEncodingDirection": "j-",
    "PhaseEncodingSteps": 90,
    "PhaseResolution": 1,
    "PixelBandwidth": 2220,
    "ProcedureStepDescription": "head_Braver",
    "ProtocolName": "tfMRI_AxcptBas1_AP",
    "PulseSequenceDetails": "%CustomerSeq%_cmrr_mbep2d_bold",
    "ReceiveCoilActiveElements": "HEA;HEP",
    "ReceiveCoilName": "Head_32",
    "ReconMatrixPE": 90,
    "RepetitionTime": 1.2,
    "SAR": 0.0639278,
    "ScanOptions": "FS_EXT",
    "ScanningSequence": "EP",
    "SequenceName": "epfid2d1_90",
    "SequenceVariant": "SK_SS",
    "SeriesDescription": "tfMRI_AxcptBas1_AP",
    "SeriesNumber": 43,
    "ShimSetting": [
      -1997,
      -11460,
      5804,
      457,
      48,
      271,
      -82,
      16
    ],
    "SliceThickness": 2.4,
    "SliceTiming": [
      0,
      0.63,
      0.08,
      0.7075,
      0.1575,
      0.7875,
      0.2375,
      0.865,
      0.315,
      0.945,
      0.395,
      1.0225,
      0.4725,
      1.1025,
      0.55,
      0,
      0.63,
      0.08,
      0.7075,
      0.1575,
      0.7875,
      0.2375,
      0.865,
      0.315,
      0.945,
      0.395,
      1.0225,
      0.4725,
      1.1025,
      0.55,
      0,
      0.63,
      0.08,
      0.7075,
      0.1575,
      0.7875,
      0.2375,
      0.865,
      0.315,
      0.945,
      0.395,
      1.0225,
      0.4725,
      1.1025,
      0.55,
      0,
      0.63,
      0.08,
      0.7075,
      0.1575,
      0.7875,
      0.2375,
      0.865,
      0.315,
      0.945,
      0.395,
      1.0225,
      0.4725,
      1.1025,
      0.55
    ],
    "SoftwareVersions": "syngo_MR_E11",
    "SpacingBetweenSlices": 2.4,
    "StationName": "MRC35177",
    "TaskName": "Axcpt",
    "TotalReadoutTime": 0.0525111,
    "TxRefAmp": 227.258,
    "VendorReportedEchoSpacing": 0.00059,
    "WipMemBlock": "9de34f79-0b1b-466c-a980-9c43c25b0042||Sequence: R016 ve11c/master r/e634e98; Dec 19 2017 11:00:25 by eja",
    "acq_id": "mb4AP",
    "dataset": "ds003465",
    "modality": "bold",
    "run_id": 1,
    "session_id": "wave1bas",
    "subject_id": "f6464bf",
    "task_id": "Axcpt"
  },
  "dummy_trs": 0,
  "dvars_nstd": 32.45213055712646,
  "dvars_std": 1.1551642300492624,
  "dvars_vstd": 0.9537409569293916,
  "efc": 0.49509264806625664,
  "fber": 985.2368774414062,
  "fd_mean": 0.16052787711559335,
  "fd_num": 137,
  "fd_perc": 22.459016393442624,
  "fwhm_avg": 2.789290166941345,
  "fwhm_x": 2.569862397882843,
  "fwhm_y": 2.8998040514388066,
  "fwhm_z": 2.8982040515023844,
  "gcor": 0.0109242,
  "gsr_x": -0.008238635957241058,
  "gsr_y": 0.06233450397849083,
  "provenance": {
    "md5sum": "9bef552e210e9b2b344664c51be21e23",
    "settings": {
      "fd_thres": 0.2,
      "testing": false
    },
    "software": "mriqc",
    "version": "22.0.6",
    "webapi_port": null,
    "webapi_url": "https://mriqc.nimh.nih.gov/api/v1"
  },
  "size_t": 610,
  "size_x": 90,
  "size_y": 90,
  "size_z": 60,
  "snr": 3.1359202752144775,
  "spacing_tr": 1.2000000476837158,
  "spacing_x": 2.4000000953674316,
  "spacing_y": 2.4000000953674316,
  "spacing_z": 2.4000000953674316,
  "summary_bg_k": 128.74483995475572,
  "summary_bg_mad": 31.739838135986304,
  "summary_bg_mean": 246.47447204589844,
  "summary_bg_median": 120.8213119506836,
  "summary_bg_n": 333145.0,
  "summary_bg_p05": 95.1901626586914,
  "summary_bg_p95": 836.2344482421873,
  "summary_bg_stdv": 425.0874938964844,
  "summary_fg_k": 1.4606356138892957,
  "summary_fg_mad": 1051.6583290786318,
  "summary_fg_mean": 4070.12939453125,
  "summary_fg_median": 3848.975341796875,
  "summary_fg_n": 78781.0,
  "summary_fg_p05": 2473.14599609375,
  "summary_fg_p95": 6451.427734375,
  "summary_fg_stdv": 1227.375244140625,
  "tsnr": 40.5975656057708
}