{
  "aor": 0.0014377295492487483,
  "aqi": 0.009101014540901502,
  "bids_meta": {
    "AcquisitionMatrixPE": 90,
    "AcquisitionNumber": 1,
    "AcquisitionTime": "11:00:11.067500",
    "BandwidthPerPixelPhaseEncode": 18.832,
    "BaseResolution": 90,
    "BodyPartExamined": "HEAD",
    "ConsistencyInfo": "N4_VE11C_LATEST_20160120",
    "ConversionSoftware": "dcm2niix",
    "ConversionSoftwareVersion": "v1.0.20190902",
    "DerivedVendorReportedEchoSpacing": 0.000590012,
    "DeviceSerialNumber": "67064",
    "DwellTime": 2.5e-06,
    "EchoTime": 0.033,
    "EchoTrainLength": 90,
    "EffectiveEchoSpacing": 0.000590012,
    "FlipAngle": 63,
    "ImageComments": "Unaliased_MB4_PE3_LB",
    "ImageOrientationPatientDICOM": [
      0.998645,
      -0.00386926,
      -0.0518958,
      -0.0230112,
      0.861609,
      -0.507051
    ],
    "ImageType": [
      "ORIGINAL",
      "PRIMARY",
      "M",
      "MB",
      "ND",
      "MOSAIC"
    ],
    "ImagingFrequency": 123.247,
    "InPlanePhaseEncodingDirectionDICOM": "COL",
    "InstitutionAddress": "Scott_Ave_4525_St._Louis_MO_US_63110",
    "InstitutionName": "Washington_University",
    "InstitutionalDepartmentName": "Department",
    "MRAcquisitionType": "2D",
    "MagneticFieldStrength": 3,
    "Manufacturer": "Siemens",
    "ManufacturersModelName": "Prisma_fit",
    "Modality": "MR",
    "MultibandAccelerationFactor": 4,
    "PartialFourier": 1,
    "PatientPosition": "HFS",
    "PercentPhaseFOV": 100,
    "PhaseEncodingDirection": "j-",
    "PhaseEncodingSteps": 90,
    "PhaseResolution": 1,
    "PixelBandwidth": 2220,
    "ProcedureStepDescription": "head_Braver",
    "ProtocolName": "tfMRI_SternBas1_AP",
    "PulseSequenceDetails": "%CustomerSeq%_cmrr_mbep2d_bold",
    "ReceiveCoilActiveElements": "HEA;HEP",
    "ReceiveCoilName": "Head_32",
    "ReconMatrixPE": 90,
    "RepetitionTime": 1.2,
    "SAR": 0.0639237,
    "ScanOptions": "FS_EXT",
    "ScanningSequence": "EP",
    "SequenceName": "epfid2d1_90",
    "SequenceVariant": "SK_SS",
    "SeriesDescription": "tfMRI_SternBas1_AP",
    "SeriesNumber": 37,
    "ShimSetting": [
      -1997,
      -11460,
      5804,
      457,
      48,
      271,
      -82,
      16
    ],
    "SliceThickness": 2.4,
    "SliceTiming": [
      0,
      0.63,
      0.08,
      0.71,
      0.1575,
      0.7875,
      0.2375,
      0.8675,
      0.315,
      0.945,
      0.395,
      1.0225,
      0.4725,
      1.1025,
      0.5525,
      0,
      0.63,
      0.08,
      0.71,
      0.1575,
      0.7875,
      0.2375,
      0.8675,
      0.315,
      0.945,
      0.395,
      1.0225,
      0.4725,
      1.1025,
      0.5525,
      0,
      0.63,
      0.08,
      0.71,
      0.1575,
      0.7875,
      0.2375,
      0.8675,
      0.315,
      0.945,
      0.395,
      1.0225,
      0.4725,
      1.1025,
      0.5525,
      0,
      0.63,
      0.08,
      0.71,
      0.1575,
      0.7875,
      0.2375,
      0.8675,
      0.315,
      0.945,
      0.395,
      1.0225,
      0.4725,
      1.1025,
      0.5525
    ],
    "SoftwareVersions": "syngo_MR_E11",
    "SpacingBetweenSlices": 2.4,
    "StationName": "MRC35177",
    "TaskName": "Stern",
    "TotalReadoutTime": 0.0525111,
    "TxRefAmp": 227.258,
    "VendorReportedEchoSpacing": 0.00059,
    "WipMemBlock": "913ffdb0-0042-4c9a-b5c8-96660b3cecc6||Sequence: R016 ve11c/master r/e634e98; Dec 19 2017 11:00:25 by eja",
    "acq_id": "mb4AP",
    "dataset": "ds003465",
    "modality": "bold",
    "run_id": 1,
    "session_id": "wave1bas",
    "subject_id": "f6464bf",
    "task_id": "Stern"
  },
  "dummy_trs": 1,
  "dvars_nstd": 31.379759271789293,
  "dvars_std": 1.1844612990969894,
  "dvars_vstd": 0.9743563184113719,
  "efc": 0.49584178961912956,
  "fber": 997.9729614257812,
  "fd_mean": 0.1382643915063663,
  "fd_num": 96,
  "fd_perc": 16.026711185308848,
  "fwhm_avg": 2.7634776679670416,
  "fwhm_x": 2.549420732028455,
  "fwhm_y": 2.884845718699864,
  "fwhm_z": 2.856166553172805,
  "gcor": 0.0104192,
  "gsr_x": -0.007765494287014008,
  "gsr_y": 0.06201290711760521,
  "provenance": {
    "md5sum": "4c60077aaa73b36f4a1496993f3722c1",
    "settings": {
      "fd_thres": 0.2,
      "testing": false
    },
    "software": "mriqc",
    "version": "22.0.6",
    "webapi_port": null,
    "webapi_url": "https://mriqc.nimh.nih.gov/api/v1"
  },
  "size_t": 599,
  "size_x": 90,
  "size_y": 90,
  "size_z": 60,
  "snr": 3.159258569426925,
  "spacing_tr": 1.2000000476837158,
  "spacing_x": 2.4000000953674316,
  "spacing_y": 2.4000000953674316,
  "spacing_z": 2.4000000953674316,
  "summary_bg_k": 131.3436834520871,
  "summary_bg_mad": 33.15930035827839,
  "summary_bg_mean": 251.85092163085938,
  "summary_bg_median": 121.22203063964844,
  "summary_bg_n": 332907.0,
  "summary_bg_p05": 93.81636047363281,
  "summary_bg_p95": 870.1770874023438,
  "summary_bg_stdv": 440.66961669921875,
  "summary_fg_k": 1.6433537145149728,
  "summary_fg_mad": 1058.3475942883713,
  "summary_fg_mean": 4096.5927734375,
  "summary_fg_median": 3878.3603515625,
  "summary_fg_n": 79060.0,
  "summary_fg_p05": 2489.7970581054688,
  "summary_fg_p95": 6472.569970703125,
  "summary_fg_stdv": 1227.6094970703125,
  "tsnr": 39.82451654574834
}