{
  "aor": 0.0009573035439137134,
  "aqi": 0.009694845885978428,
  "bids_meta": {
    "AcquisitionMatrixPE": 90,
    "AcquisitionNumber": 1,
    "AcquisitionTime": "09:57:45.855000",
    "BandwidthPerPixelPhaseEncode": 18.832,
    "BaseResolution": 90,
    "BodyPartExamined": "HEAD",
    "ConsistencyInfo": "N4_VE11C_LATEST_20160120",
    "ConversionSoftware": "dcm2niix",
    "ConversionSoftwareVersion": "v1.0.20190902",
    "DerivedVendorReportedEchoSpacing": 0.000590012,
    "DeviceSerialNumber": "67064",
    "DwellTime": 2.5e-06,
    "EchoTime": 0.033,
    "EchoTrainLength": 90,
    "EffectiveEchoSpacing": 0.000590012,
    "FlipAngle": 63,
    "ImageComments": "Unaliased_MB4_PE3_LB",
    "ImageOrientationPatientDICOM": [
      0.998645,
      -0.00386926,
      -0.0518958,
      -0.0230112,
      0.861609,
      -0.507051
    ],
    "ImageType": [
      "ORIGINAL",
      "PRIMARY",
      "M",
      "MB",
      "ND",
      "MOSAIC"
    ],
    "ImagingFrequency": 123.247,
    "InPlanePhaseEncodingDirectionDICOM": "COL",
    "InstitutionAddress": "Scott_Ave_4525_St._Louis_MO_US_63110",
    "InstitutionName": "Washington_University",
    "InstitutionalDepartmentName": "Department",
    "MRAcquisitionType": "2D",
    "MagneticFieldStrength": 3,
    "Manufacturer": "Siemens",
    "ManufacturersModelName": "Prisma_fit",
    "Modality": "MR",
    "MultibandAccelerationFactor": 4,
    "PartialFourier": 1,
    "PatientPosition": "HFS",
    "PercentPhaseFOV": 100,
    "PhaseEncodingDirection": "j-",
    "PhaseEncodingSteps": 90,
    "PhaseResolution": 1,
    "PixelBandwidth": 2220,
    "ProcedureStepDescription": "head_Braver",
    "ProtocolName": "tfMRI_CuedtsBas1_AP",
    "PulseSequenceDetails": "%CustomerSeq%_cmrr_mbep2d_bold",
    "ReceiveCoilActiveElements": "HEA;HEP",
    "ReceiveCoilName": "Head_32",
    "ReconMatrixPE": 90,
    "RepetitionTime": 1.2,
    "SAR": 0.0639429,
    "ScanOptions": "FS_EXT",
    "ScanningSequence": "EP",
    "SequenceName": "epfid2d1_90",
    "SequenceVariant": "SK_SS",
    "SeriesDescription": "tfMRI_CuedtsBas1_AP",
    "SeriesNumber": 19,
    "ShimSetting": [
      -1997,
      -11460,
      5804,
      457,
      48,
      271,
      -82,
      16
    ],
    "SliceThickness": 2.4,
    "SliceTiming": [
      0,
      0.63,
      0.0775,
      0.7075,
      0.1575,
      0.7875,
      0.235,
      0.865,
      0.315,
      0.9425,
      0.3925,
      1.0225,
      0.4725,
      1.1,
      0.55,
      0,
      0.63,
      0.0775,
      0.7075,
      0.1575,
      0.7875,
      0.235,
      0.865,
      0.315,
      0.9425,
      0.3925,
      1.0225,
      0.4725,
      1.1,
      0.55,
      0,
      0.63,
      0.0775,
      0.7075,
      0.1575,
      0.7875,
      0.235,
      0.865,
      0.315,
      0.9425,
      0.3925,
      1.0225,
      0.4725,
      1.1,
      0.55,
      0,
      0.63,
      0.0775,
      0.7075,
      0.1575,
      0.7875,
      0.235,
      0.865,
      0.315,
      0.9425,
      0.3925,
      1.0225,
      0.4725,
      1.1,
      0.55
    ],
    "SoftwareVersions": "syngo_MR_E11",
    "SpacingBetweenSlices": 2.4,
    "StationName": "MRC35177",
    "TaskName": "Cuedts",
    "TotalReadoutTime": 0.0525111,
    "TxRefAmp": 227.258,
    "VendorReportedEchoSpacing": 0.00059,
    "WipMemBlock": "68664a49-1077-4f03-bf1f-84f0e76b2e2b||Sequence: R016 ve11c/master r/e634e98; Dec 19 2017 11:00:25 by eja",
    "acq_id": "mb4AP",
    "dataset": "ds003465",
    "modality": "bold",
    "run_id": 1,
    "session_id": "wave1bas",
    "subject_id": "f6464bf",
    "task_id": "Cuedts"
  },
  "dummy_trs": 1,
  "dvars_nstd": 30.729218591728383,
  "dvars_std": 1.1257948337962962,
  "dvars_vstd": 0.9521596694907414,
  "efc": 0.4968723473597686,
  "fber": 1026.763427734375,
  "fd_mean": 0.16922597042844895,
  "fd_num": 240,
  "fd_perc": 36.97996918335902,
  "fwhm_avg": 2.7518568350954786,
  "fwhm_x": 2.5422957323115773,
  "fwhm_y": 2.86453321950701,
  "fwhm_z": 2.8487415534678475,
  "gcor": 0.0141725,
  "gsr_x": -0.010068698786199093,
  "gsr_y": 0.056942082941532135,
  "provenance": {
    "md5sum": "4f1b5f683517c204b766aea6961e600c",
    "settings": {
      "fd_thres": 0.2,
      "testing": false
    },
    "software": "mriqc",
    "version": "22.0.6",
    "webapi_port": null,
    "webapi_url": "https://mriqc.nimh.nih.gov/api/v1"
  },
  "size_t": 649,
  "size_x": 90,
  "size_y": 90,
  "size_z": 60,
  "snr": 3.2714441853973786,
  "spacing_tr": 1.2000000476837158,
  "spacing_x": 2.4000000953674316,
  "spacing_y": 2.4000000953674316,
  "spacing_z": 2.4000000953674316,
  "summary_bg_k": 121.9430011161204,
  "summary_bg_mad": 34.12612730853891,
  "summary_bg_mean": 257.6325988769531,
  "summary_bg_median": 122.75115966796875,
  "summary_bg_n": 332888.0,
  "summary_bg_p05": 95.60401153564453,
  "summary_bg_p95": 890.798480224609,
  "summary_bg_stdv": 447.9046325683594,
  "summary_fg_k": 1.608196378280696,
  "summary_fg_mad": 1070.1054334399403,
  "summary_fg_mean": 4195.970703125,
  "summary_fg_median": 3992.604248046875,
  "summary_fg_n": 78405.0,
  "summary_fg_p05": 2577.815576171875,
  "summary_fg_p95": 6530.486328125001,
  "summary_fg_stdv": 1220.43310546875,
  "tsnr": 39.533303981181234
}