{
  "aor": 0.0013606666666666667,
  "aqi": 0.009295012833333333,
  "bids_meta": {
    "AcquisitionMatrixPE": 90,
    "AcquisitionNumber": 1,
    "AcquisitionTime": "10:40:10.050000",
    "BandwidthPerPixelPhaseEncode": 18.832,
    "BaseResolution": 90,
    "BodyPartExamined": "HEAD",
    "ConsistencyInfo": "N4_VE11C_LATEST_20160120",
    "ConversionSoftware": "dcm2niix",
    "ConversionSoftwareVersion": "v1.0.20190902",
    "DerivedVendorReportedEchoSpacing": 0.000590012,
    "DeviceSerialNumber": "67064",
    "DwellTime": 2.5e-06,
    "EchoTime": 0.033,
    "EchoTrainLength": 90,
    "EffectiveEchoSpacing": 0.000590012,
    "FlipAngle": 63,
    "ImageComments": "Unaliased_MB4_PE3_LB",
    "ImageOrientationPatientDICOM": [
      0.998645,
      -0.00386926,
      -0.0518958,
      -0.0230112,
      0.861609,
      -0.507051
    ],
    "ImageType": [
      "ORIGINAL",
      "PRIMARY",
      "M",
      "MB",
      "ND",
      "MOSAIC"
    ],
    "ImagingFrequency": 123.247,
    "InPlanePhaseEncodingDirectionDICOM": "COL",
    "InstitutionAddress": "Scott_Ave_4525_St._Louis_MO_US_63110",
    "InstitutionName": "Washington_University",
    "InstitutionalDepartmentName": "Department",
    "MRAcquisitionType": "2D",
    "MagneticFieldStrength": 3,
    "Manufacturer": "Siemens",
    "ManufacturersModelName": "Prisma_fit",
    "Modality": "MR",
    "MultibandAccelerationFactor": 4,
    "PartialFourier": 1,
    "PatientPosition": "HFS",
    "PercentPhaseFOV": 100,
    "PhaseEncodingDirection": "j",
    "PhaseEncodingSteps": 90,
    "PhaseResolution": 1,
    "PixelBandwidth": 2220,
    "ProcedureStepDescription": "head_Braver",
    "ProtocolName": "tfMRI_StroopBas2_PA",
    "PulseSequenceDetails": "%CustomerSeq%_cmrr_mbep2d_bold",
    "ReceiveCoilActiveElements": "HEA;HEP",
    "ReceiveCoilName": "Head_32",
    "ReconMatrixPE": 90,
    "RepetitionTime": 1.2,
    "SAR": 0.0638959,
    "ScanOptions": "FS_EXT",
    "ScanningSequence": "EP",
    "SequenceName": "epfid2d1_90",
    "SequenceVariant": "SK_SS",
    "SeriesDescription": "tfMRI_StroopBas2_PA",
    "SeriesNumber": 31,
    "ShimSetting": [
      -1997,
      -11460,
      5804,
      457,
      48,
      271,
      -82,
      16
    ],
    "SliceThickness": 2.4,
    "SliceTiming": [
      0,
      0.6275,
      0.0775,
      0.7075,
      0.1575,
      0.785,
      0.235,
      0.865,
      0.315,
      0.9425,
      0.3925,
      1.0225,
      0.47,
      1.1,
      0.55,
      0,
      0.6275,
      0.0775,
      0.7075,
      0.1575,
      0.785,
      0.235,
      0.865,
      0.315,
      0.9425,
      0.3925,
      1.0225,
      0.47,
      1.1,
      0.55,
      0,
      0.6275,
      0.0775,
      0.7075,
      0.1575,
      0.785,
      0.235,
      0.865,
      0.315,
      0.9425,
      0.3925,
      1.0225,
      0.47,
      1.1,
      0.55,
      0,
      0.6275,
      0.0775,
      0.7075,
      0.1575,
      0.785,
      0.235,
      0.865,
      0.315,
      0.9425,
      0.3925,
      1.0225,
      0.47,
      1.1,
      0.55
    ],
    "SoftwareVersions": "syngo_MR_E11",
    "SpacingBetweenSlices": 2.4,
    "StationName": "MRC35177",
    "TaskName": "Stroop",
    "TotalReadoutTime": 0.0525111,
    "TxRefAmp": 227.258,
    "VendorReportedEchoSpacing": 0.00059,
    "WipMemBlock": "a836d3a9-d462-4097-a41f-be2af1ff3c95||Sequence: R016 ve11c/master r/e634e98; Dec 19 2017 11:00:25 by eja",
    "acq_id": "mb4PA",
    "dataset": "ds003465",
    "modality": "bold",
    "run_id": 2,
    "session_id": "wave1bas",
    "subject_id": "f6464bf",
    "task_id": "Stroop"
  },
  "dummy_trs": 0,
  "dvars_nstd": 39.800306203580696,
  "dvars_std": 1.3450758170500936,
  "dvars_vstd": 0.9693809658441557,
  "efc": 0.4933472899992312,
  "fber": 961.9754028320312,
  "fd_mean": 0.1631270701215324,
  "fd_num": 136,
  "fd_perc": 25.185185185185187,
  "fwhm_avg": 2.7198804474772174,
  "fwhm_x": 2.5557123984451136,
  "fwhm_y": 2.7910248890946354,
  "fwhm_z": 2.8129040548919018,
  "gcor": 0.00920563,
  "gsr_x": -0.007288186810910702,
  "gsr_y": 0.051187824457883835,
  "provenance": {
    "md5sum": "2b90cc9fe6718be9cc91b2323b36314e",
    "settings": {
      "fd_thres": 0.2,
      "testing": false
    },
    "software": "mriqc",
    "version": "22.0.6",
    "webapi_port": null,
    "webapi_url": "https://mriqc.nimh.nih.gov/api/v1"
  },
  "size_t": 540,
  "size_x": 90,
  "size_y": 90,
  "size_z": 60,
  "snr": 3.0095498829618106,
  "spacing_tr": 1.2000000476837158,
  "spacing_x": 2.4000000953674316,
  "spacing_y": 2.4000000953674316,
  "spacing_z": 2.4000000953674316,
  "summary_bg_k": 27.4774490741759,
  "summary_bg_mad": 40.86490232899612,
  "summary_bg_mean": 257.63201904296875,
  "summary_bg_median": 126.73147583007812,
  "summary_bg_n": 336738.0,
  "summary_bg_p05": 93.48490562438965,
  "summary_bg_p95": 939.7653289794921,
  "summary_bg_stdv": 357.0610656738281,
  "summary_fg_k": 4.228603099712183,
  "summary_fg_mad": 1178.7635981312037,
  "summary_fg_mean": 4173.48046875,
  "summary_fg_median": 3962.443359375,
  "summary_fg_n": 76284.0,
  "summary_fg_p05": 2459.648583984375,
  "summary_fg_p95": 6573.078637695308,
  "summary_fg_stdv": 1316.6146240234375,
  "tsnr": 37.64927021670155
}