{
  "aor": 0.0008313518518518518,
  "aqi": 0.008318973148148147,
  "bids_meta": {
    "AcquisitionMatrixPE": 90,
    "AcquisitionNumber": 1,
    "AcquisitionTime": "14:42:41.347500",
    "BandwidthPerPixelPhaseEncode": 18.832,
    "BaseResolution": 90,
    "BodyPartExamined": "HEAD",
    "ConsistencyInfo": "N4_VE11C_LATEST_20160120",
    "ConversionSoftware": "dcm2niix",
    "ConversionSoftwareVersion": "v1.0.20190902",
    "DerivedVendorReportedEchoSpacing": 0.000590012,
    "DeviceSerialNumber": "67064",
    "DwellTime": 2.5e-06,
    "EchoTime": 0.033,
    "EchoTrainLength": 90,
    "EffectiveEchoSpacing": 0.000590012,
    "FlipAngle": 63,
    "ImageComments": "Unaliased_MB4_PE3_LB",
    "ImageOrientationPatientDICOM": [
      0.999076,
      0.0404582,
      -0.0144675,
      -0.0425725,
      0.886566,
      -0.460639
    ],
    "ImageType": [
      "ORIGINAL",
      "PRIMARY",
      "M",
      "MB",
      "ND",
      "MOSAIC"
    ],
    "ImagingFrequency": 123.247,
    "InPlanePhaseEncodingDirectionDICOM": "COL",
    "InstitutionAddress": "Scott_Ave_4525_St._Louis_MO_US_63110",
    "InstitutionName": "Washington_University",
    "InstitutionalDepartmentName": "Department",
    "MRAcquisitionType": "2D",
    "MagneticFieldStrength": 3,
    "Manufacturer": "Siemens",
    "ManufacturersModelName": "Prisma_fit",
    "Modality": "MR",
    "MultibandAccelerationFactor": 4,
    "PartialFourier": 1,
    "PatientPosition": "HFS",
    "PercentPhaseFOV": 100,
    "PhaseEncodingDirection": "j",
    "PhaseEncodingSteps": 90,
    "PhaseResolution": 1,
    "PixelBandwidth": 2220,
    "ProcedureStepDescription": "head_Braver",
    "ProtocolName": "tfMRI_StroopBas2_PA",
    "PulseSequenceDetails": "%CustomerSeq%_cmrr_mbep2d_bold",
    "ReceiveCoilActiveElements": "HEA;HEP",
    "ReceiveCoilName": "Head_32",
    "ReconMatrixPE": 90,
    "RepetitionTime": 1.2,
    "SAR": 0.074281,
    "ScanOptions": "FS_EXT",
    "ScanningSequence": "EP",
    "SequenceName": "epfid2d1_90",
    "SequenceVariant": "SK_SS",
    "SeriesDescription": "tfMRI_StroopBas2_PA",
    "SeriesNumber": 25,
    "ShimSetting": [
      -1943,
      -11413,
      5822,
      887,
      251,
      468,
      -590,
      -2
    ],
    "SliceThickness": 2.4,
    "SliceTiming": [
      0,
      0.63,
      0.08,
      0.7075,
      0.1575,
      0.7875,
      0.2375,
      0.865,
      0.315,
      0.945,
      0.395,
      1.0225,
      0.4725,
      1.1025,
      0.5525,
      0,
      0.63,
      0.08,
      0.7075,
      0.1575,
      0.7875,
      0.2375,
      0.865,
      0.315,
      0.945,
      0.395,
      1.0225,
      0.4725,
      1.1025,
      0.5525,
      0,
      0.63,
      0.08,
      0.7075,
      0.1575,
      0.7875,
      0.2375,
      0.865,
      0.315,
      0.945,
      0.395,
      1.0225,
      0.4725,
      1.1025,
      0.5525,
      0,
      0.63,
      0.08,
      0.7075,
      0.1575,
      0.7875,
      0.2375,
      0.865,
      0.315,
      0.945,
      0.395,
      1.0225,
      0.4725,
      1.1025,
      0.5525
    ],
    "SoftwareVersions": "syngo_MR_E11",
    "SpacingBetweenSlices": 2.4,
    "StationName": "MRC35177",
    "TaskName": "Stroop",
    "TotalReadoutTime": 0.0525111,
    "TxRefAmp": 237.74,
    "VendorReportedEchoSpacing": 0.00059,
    "WipMemBlock": "26337903-eb43-445d-b8af-f323b65f256c||Sequence: ve11c/master r/ab69a6c; Apr 19 2017 09:47:47 by eja",
    "acq_id": "mb4PA",
    "dataset": "ds003465",
    "modality": "bold",
    "run_id": 2,
    "session_id": "wave1bas",
    "subject_id": "f2968sp",
    "task_id": "Stroop"
  },
  "dummy_trs": 0,
  "dvars_nstd": 42.87964348454548,
  "dvars_std": 1.1642398313172537,
  "dvars_vstd": 0.9953836565491652,
  "efc": 0.4956332281828817,
  "fber": 993.0957641601562,
  "fd_mean": 0.26280624997894125,
  "fd_num": 328,
  "fd_perc": 60.74074074074074,
  "fwhm_avg": 2.5915207303555516,
  "fwhm_x": 2.419295737199158,
  "fwhm_y": 2.6043373965129297,
  "fwhm_z": 2.750929057354567,
  "gcor": 0.0280799,
  "gsr_x": -0.019353097304701805,
  "gsr_y": 0.05403192713856697,
  "provenance": {
    "md5sum": "34e23d115f2b2bba5532643cfe929a8f",
    "settings": {
      "fd_thres": 0.2,
      "testing": false
    },
    "software": "mriqc",
    "version": "22.0.6",
    "webapi_port": null,
    "webapi_url": "https://mriqc.nimh.nih.gov/api/v1"
  },
  "size_t": 540,
  "size_x": 90,
  "size_y": 90,
  "size_z": 60,
  "snr": 3.206940856885351,
  "spacing_tr": 1.2000000476837158,
  "spacing_x": 2.4000000953674316,
  "spacing_y": 2.4000000953674316,
  "spacing_z": 2.4000000953674316,
  "summary_bg_k": 55.924340799366085,
  "summary_bg_mad": 37.180374749884194,
  "summary_bg_mean": 280.85272216796875,
  "summary_bg_median": 126.48888397216797,
  "summary_bg_n": 341686.0,
  "summary_bg_p05": 98.95925903320312,
  "summary_bg_p95": 1076.8837890625,
  "summary_bg_stdv": 424.16754150390625,
  "summary_fg_k": 1.1725979993042799,
  "summary_fg_mad": 1142.743169134044,
  "summary_fg_mean": 4184.0263671875,
  "summary_fg_median": 3992.985107421875,
  "summary_fg_n": 74921.0,
  "summary_fg_p05": 2498.613037109375,
  "summary_fg_p95": 6480.7626953125,
  "summary_fg_stdv": 1245.098876953125,
  "tsnr": 42.04816933302209
}