{
  "aor": 0.002962265023112481,
  "aqi": 0.008605408859784284,
  "bids_meta": {
    "AcquisitionMatrixPE": 90,
    "AcquisitionNumber": 1,
    "AcquisitionTime": "16:11:47.085000",
    "BandwidthPerPixelPhaseEncode": 18.832,
    "BaseResolution": 90,
    "BodyPartExamined": "HEAD",
    "ConsistencyInfo": "N4_VE11C_LATEST_20160120",
    "ConversionSoftware": "dcm2niix",
    "ConversionSoftwareVersion": "v1.0.20190902",
    "DerivedVendorReportedEchoSpacing": 0.000590012,
    "DeviceSerialNumber": "67064",
    "DwellTime": 2.5e-06,
    "EchoTime": 0.033,
    "EchoTrainLength": 90,
    "EffectiveEchoSpacing": 0.000590012,
    "FlipAngle": 63,
    "ImageComments": "Unaliased_MB4_PE3_LB",
    "ImageOrientationPatientDICOM": [
      0.999076,
      0.0404582,
      -0.0144675,
      -0.0425725,
      0.886566,
      -0.460639
    ],
    "ImageType": [
      "ORIGINAL",
      "PRIMARY",
      "M",
      "MB",
      "ND",
      "MOSAIC"
    ],
    "ImagingFrequency": 123.247,
    "InPlanePhaseEncodingDirectionDICOM": "COL",
    "InstitutionAddress": "Scott_Ave_4525_St._Louis_MO_US_63110",
    "InstitutionName": "Washington_University",
    "InstitutionalDepartmentName": "Department",
    "MRAcquisitionType": "2D",
    "MagneticFieldStrength": 3,
    "Manufacturer": "Siemens",
    "ManufacturersModelName": "Prisma_fit",
    "Modality": "MR",
    "MultibandAccelerationFactor": 4,
    "PartialFourier": 1,
    "PatientPosition": "HFS",
    "PercentPhaseFOV": 100,
    "PhaseEncodingDirection": "j",
    "PhaseEncodingSteps": 90,
    "PhaseResolution": 1,
    "PixelBandwidth": 2220,
    "ProcedureStepDescription": "head_Braver",
    "ProtocolName": "tfMRI_CuedtsBas2_PA",
    "PulseSequenceDetails": "%CustomerSeq%_cmrr_mbep2d_bold",
    "ReceiveCoilActiveElements": "HEA;HEP",
    "ReceiveCoilName": "Head_32",
    "ReconMatrixPE": 90,
    "RepetitionTime": 1.2,
    "SAR": 0.0743357,
    "ScanOptions": "FS_EXT",
    "ScanningSequence": "EP",
    "SequenceName": "epfid2d1_90",
    "SequenceVariant": "SK_SS",
    "SeriesDescription": "tfMRI_CuedtsBas2_PA",
    "SeriesNumber": 46,
    "ShimSetting": [
      -1943,
      -11413,
      5822,
      887,
      251,
      468,
      -590,
      -2
    ],
    "SliceThickness": 2.4,
    "SliceTiming": [
      0,
      0.63,
      0.08,
      0.7075,
      0.1575,
      0.7875,
      0.235,
      0.865,
      0.315,
      0.945,
      0.3925,
      1.0225,
      0.4725,
      1.1025,
      0.55,
      0,
      0.63,
      0.08,
      0.7075,
      0.1575,
      0.7875,
      0.235,
      0.865,
      0.315,
      0.945,
      0.3925,
      1.0225,
      0.4725,
      1.1025,
      0.55,
      0,
      0.63,
      0.08,
      0.7075,
      0.1575,
      0.7875,
      0.235,
      0.865,
      0.315,
      0.945,
      0.3925,
      1.0225,
      0.4725,
      1.1025,
      0.55,
      0,
      0.63,
      0.08,
      0.7075,
      0.1575,
      0.7875,
      0.235,
      0.865,
      0.315,
      0.945,
      0.3925,
      1.0225,
      0.4725,
      1.1025,
      0.55
    ],
    "SoftwareVersions": "syngo_MR_E11",
    "SpacingBetweenSlices": 2.4,
    "StationName": "MRC35177",
    "TaskName": "Cuedts",
    "TotalReadoutTime": 0.0525111,
    "TxRefAmp": 237.74,
    "VendorReportedEchoSpacing": 0.00059,
    "WipMemBlock": "ac8e5a44-f49b-4f1b-ba69-714dbbe94330||Sequence: ve11c/master r/ab69a6c; Apr 19 2017 09:47:47 by eja",
    "acq_id": "mb4PA",
    "dataset": "ds003465",
    "modality": "bold",
    "run_id": 2,
    "session_id": "wave1bas",
    "subject_id": "f2968sp",
    "task_id": "Cuedts"
  },
  "dummy_trs": 1,
  "dvars_nstd": 32.25109762908946,
  "dvars_std": 1.1450434467438277,
  "dvars_vstd": 1.036239281280865,
  "efc": 0.4981882796226909,
  "fber": 942.4412231445312,
  "fd_mean": 0.18498040823012468,
  "fd_num": 189,
  "fd_perc": 29.121725731895225,
  "fwhm_avg": 2.580267953024919,
  "fwhm_x": 2.402070737883618,
  "fwhm_y": 2.6030873965626005,
  "fwhm_z": 2.735645724628539,
  "gcor": 0.0153364,
  "gsr_x": -0.013666364364326,
  "gsr_y": 0.05779643729329109,
  "provenance": {
    "md5sum": "24430518230b955f27ebe43f4ab3c095",
    "settings": {
      "fd_thres": 0.2,
      "testing": false
    },
    "software": "mriqc",
    "version": "22.0.6",
    "webapi_port": null,
    "webapi_url": "https://mriqc.nimh.nih.gov/api/v1"
  },
  "size_t": 649,
  "size_x": 90,
  "size_y": 90,
  "size_z": 60,
  "snr": 3.1987214385653684,
  "spacing_tr": 1.2000000476837158,
  "spacing_x": 2.4000000953674316,
  "spacing_y": 2.4000000953674316,
  "spacing_z": 2.4000000953674316,
  "summary_bg_k": 52.70924137459002,
  "summary_bg_mad": 38.22098568353791,
  "summary_bg_mean": 280.1891174316406,
  "summary_bg_median": 126.66564178466797,
  "summary_bg_n": 341099.0,
  "summary_bg_p05": 97.46687316894531,
  "summary_bg_p95": 1085.8123901367182,
  "summary_bg_stdv": 427.2265930175781,
  "summary_fg_k": 1.3034204844778712,
  "summary_fg_mad": 1115.4261508653917,
  "summary_fg_mean": 4095.4814453125,
  "summary_fg_median": 3897.525390625,
  "summary_fg_n": 75420.0,
  "summary_fg_p05": 2469.6583618164063,
  "summary_fg_p95": 6340.609765625001,
  "summary_fg_stdv": 1218.4554443359375,
  "tsnr": 41.8912566031795
}