{
  "aor": 0.0018476794657762937,
  "aqi": 0.005830777195325543,
  "bids_meta": {
    "AcquisitionMatrixPE": 90,
    "AcquisitionNumber": 1,
    "AcquisitionTime": "15:43:8.290000",
    "BandwidthPerPixelPhaseEncode": 18.832,
    "BaseResolution": 90,
    "BodyPartExamined": "HEAD",
    "ConsistencyInfo": "N4_VE11C_LATEST_20160120",
    "ConversionSoftware": "dcm2niix",
    "ConversionSoftwareVersion": "v1.0.20190902",
    "DerivedVendorReportedEchoSpacing": 0.000590012,
    "DeviceSerialNumber": "67064",
    "DwellTime": 2.5e-06,
    "EchoTime": 0.033,
    "EchoTrainLength": 90,
    "EffectiveEchoSpacing": 0.000590012,
    "FlipAngle": 63,
    "ImageComments": "Unaliased_MB4_PE3_LB",
    "ImageOrientationPatientDICOM": [
      0.999076,
      0.0404582,
      -0.0144675,
      -0.0425725,
      0.886566,
      -0.460639
    ],
    "ImageType": [
      "ORIGINAL",
      "PRIMARY",
      "M",
      "MB",
      "ND",
      "MOSAIC"
    ],
    "ImagingFrequency": 123.247,
    "InPlanePhaseEncodingDirectionDICOM": "COL",
    "InstitutionAddress": "Scott_Ave_4525_St._Louis_MO_US_63110",
    "InstitutionName": "Washington_University",
    "InstitutionalDepartmentName": "Department",
    "MRAcquisitionType": "2D",
    "MagneticFieldStrength": 3,
    "Manufacturer": "Siemens",
    "ManufacturersModelName": "Prisma_fit",
    "Modality": "MR",
    "MultibandAccelerationFactor": 4,
    "PartialFourier": 1,
    "PatientPosition": "HFS",
    "PercentPhaseFOV": 100,
    "PhaseEncodingDirection": "j",
    "PhaseEncodingSteps": 90,
    "PhaseResolution": 1,
    "PixelBandwidth": 2220,
    "ProcedureStepDescription": "head_Braver",
    "ProtocolName": "tfMRI_SternBas2_PA",
    "PulseSequenceDetails": "%CustomerSeq%_cmrr_mbep2d_bold",
    "ReceiveCoilActiveElements": "HEA;HEP",
    "ReceiveCoilName": "Head_32",
    "ReconMatrixPE": 90,
    "RepetitionTime": 1.2,
    "SAR": 0.0743133,
    "ScanOptions": "FS_EXT",
    "ScanningSequence": "EP",
    "SequenceName": "epfid2d1_90",
    "SequenceVariant": "SK_SS",
    "SeriesDescription": "tfMRI_SternBas2_PA",
    "SeriesNumber": 40,
    "ShimSetting": [
      -1943,
      -11413,
      5822,
      887,
      251,
      468,
      -590,
      -2
    ],
    "SliceThickness": 2.4,
    "SliceTiming": [
      0,
      0.63,
      0.08,
      0.7075,
      0.1575,
      0.7875,
      0.2375,
      0.865,
      0.315,
      0.945,
      0.395,
      1.0225,
      0.4725,
      1.1025,
      0.55,
      0,
      0.63,
      0.08,
      0.7075,
      0.1575,
      0.7875,
      0.2375,
      0.865,
      0.315,
      0.945,
      0.395,
      1.0225,
      0.4725,
      1.1025,
      0.55,
      0,
      0.63,
      0.08,
      0.7075,
      0.1575,
      0.7875,
      0.2375,
      0.865,
      0.315,
      0.945,
      0.395,
      1.0225,
      0.4725,
      1.1025,
      0.55,
      0,
      0.63,
      0.08,
      0.7075,
      0.1575,
      0.7875,
      0.2375,
      0.865,
      0.315,
      0.945,
      0.395,
      1.0225,
      0.4725,
      1.1025,
      0.55
    ],
    "SoftwareVersions": "syngo_MR_E11",
    "SpacingBetweenSlices": 2.4,
    "StationName": "MRC35177",
    "TaskName": "Stern",
    "TotalReadoutTime": 0.0525111,
    "TxRefAmp": 237.74,
    "VendorReportedEchoSpacing": 0.00059,
    "WipMemBlock": "878c8279-e1e7-4dd5-858b-22fca4b734d5||Sequence: ve11c/master r/ab69a6c; Apr 19 2017 09:47:47 by eja",
    "acq_id": "mb4PA",
    "dataset": "ds003465",
    "modality": "bold",
    "run_id": 2,
    "session_id": "wave1bas",
    "subject_id": "f2968sp",
    "task_id": "Stern"
  },
  "dummy_trs": 1,
  "dvars_nstd": 29.340612229749155,
  "dvars_std": 1.1107329794314382,
  "dvars_vstd": 1.017173321688962,
  "efc": 0.4981961962917252,
  "fber": 941.0133056640625,
  "fd_mean": 0.14794325124747187,
  "fd_num": 97,
  "fd_perc": 16.19365609348915,
  "fwhm_avg": 2.5826304529310415,
  "fwhm_x": 2.411399904179577,
  "fwhm_y": 2.5922540636597446,
  "fwhm_z": 2.7442373909538036,
  "gcor": 0.00938931,
  "gsr_x": -0.01676316373050213,
  "gsr_y": 0.05777546018362045,
  "provenance": {
    "md5sum": "963cadad69723a8b780fdc228f43535b",
    "settings": {
      "fd_thres": 0.2,
      "testing": false
    },
    "software": "mriqc",
    "version": "22.0.6",
    "webapi_port": null,
    "webapi_url": "https://mriqc.nimh.nih.gov/api/v1"
  },
  "size_t": 599,
  "size_x": 90,
  "size_y": 90,
  "size_z": 60,
  "snr": 3.1858147490770765,
  "spacing_tr": 1.2000000476837158,
  "spacing_x": 2.4000000953674316,
  "spacing_y": 2.4000000953674316,
  "spacing_z": 2.4000000953674316,
  "summary_bg_k": 50.567062370273455,
  "summary_bg_mad": 39.755507031857206,
  "summary_bg_mean": 286.9776306152344,
  "summary_bg_median": 129.1903076171875,
  "summary_bg_n": 341103.0,
  "summary_bg_p05": 99.9782943725586,
  "summary_bg_p95": 1119.515490722655,
  "summary_bg_stdv": 433.33636474609375,
  "summary_fg_k": 1.228554220424173,
  "summary_fg_mad": 1141.5195517513148,
  "summary_fg_mean": 4166.09619140625,
  "summary_fg_median": 3975.61328125,
  "summary_fg_n": 75232.0,
  "summary_fg_p05": 2484.006799316406,
  "summary_fg_p95": 6462.3929443359375,
  "summary_fg_stdv": 1247.9027099609375,
  "tsnr": 48.66134621016681
}