{
  "aor": 0.0011428618421052631,
  "aqi": 0.005984116743421052,
  "bids_meta": {
    "AcquisitionMatrixPE": 90,
    "AcquisitionNumber": 1,
    "AcquisitionTime": "15:09:12.807500",
    "BandwidthPerPixelPhaseEncode": 18.832,
    "BaseResolution": 90,
    "BodyPartExamined": "HEAD",
    "ConsistencyInfo": "N4_VE11C_LATEST_20160120",
    "ConversionSoftware": "dcm2niix",
    "ConversionSoftwareVersion": "v1.0.20190902",
    "DerivedVendorReportedEchoSpacing": 0.000590012,
    "DeviceSerialNumber": "67064",
    "DwellTime": 2.5e-06,
    "EchoTime": 0.033,
    "EchoTrainLength": 90,
    "EffectiveEchoSpacing": 0.000590012,
    "FlipAngle": 63,
    "ImageComments": "Unaliased_MB4_PE3_LB",
    "ImageOrientationPatientDICOM": [
      0.999076,
      0.0404582,
      -0.0144675,
      -0.0425725,
      0.886566,
      -0.460639
    ],
    "ImageType": [
      "ORIGINAL",
      "PRIMARY",
      "M",
      "MB",
      "ND",
      "MOSAIC"
    ],
    "ImagingFrequency": 123.247,
    "InPlanePhaseEncodingDirectionDICOM": "COL",
    "InstitutionAddress": "Scott_Ave_4525_St._Louis_MO_US_63110",
    "InstitutionName": "Washington_University",
    "InstitutionalDepartmentName": "Department",
    "MRAcquisitionType": "2D",
    "MagneticFieldStrength": 3,
    "Manufacturer": "Siemens",
    "ManufacturersModelName": "Prisma_fit",
    "Modality": "MR",
    "MultibandAccelerationFactor": 4,
    "PartialFourier": 1,
    "PatientPosition": "HFS",
    "PercentPhaseFOV": 100,
    "PhaseEncodingDirection": "j",
    "PhaseEncodingSteps": 90,
    "PhaseResolution": 1,
    "PixelBandwidth": 2220,
    "ProcedureStepDescription": "head_Braver",
    "ProtocolName": "tfMRI_AxcptBas2_PA",
    "PulseSequenceDetails": "%CustomerSeq%_cmrr_mbep2d_bold",
    "ReceiveCoilActiveElements": "HEA;HEP",
    "ReceiveCoilName": "Head_32",
    "ReconMatrixPE": 90,
    "RepetitionTime": 1.2,
    "SAR": 0.0743181,
    "ScanOptions": "FS_EXT",
    "ScanningSequence": "EP",
    "SequenceName": "epfid2d1_90",
    "SequenceVariant": "SK_SS",
    "SeriesDescription": "tfMRI_AxcptBas2_PA",
    "SeriesNumber": 31,
    "ShimSetting": [
      -1943,
      -11413,
      5822,
      887,
      251,
      468,
      -590,
      -2
    ],
    "SliceThickness": 2.4,
    "SliceTiming": [
      0,
      0.63,
      0.08,
      0.7075,
      0.1575,
      0.7875,
      0.235,
      0.865,
      0.315,
      0.945,
      0.3925,
      1.0225,
      0.4725,
      1.1025,
      0.55,
      0,
      0.63,
      0.08,
      0.7075,
      0.1575,
      0.7875,
      0.235,
      0.865,
      0.315,
      0.945,
      0.3925,
      1.0225,
      0.4725,
      1.1025,
      0.55,
      0,
      0.63,
      0.08,
      0.7075,
      0.1575,
      0.7875,
      0.235,
      0.865,
      0.315,
      0.945,
      0.3925,
      1.0225,
      0.4725,
      1.1025,
      0.55,
      0,
      0.63,
      0.08,
      0.7075,
      0.1575,
      0.7875,
      0.235,
      0.865,
      0.315,
      0.945,
      0.3925,
      1.0225,
      0.4725,
      1.1025,
      0.55
    ],
    "SoftwareVersions": "syngo_MR_E11",
    "SpacingBetweenSlices": 2.4,
    "StationName": "MRC35177",
    "TaskName": "Axcpt",
    "TotalReadoutTime": 0.0525111,
    "TxRefAmp": 237.74,
    "VendorReportedEchoSpacing": 0.00059,
    "WipMemBlock": "3ebccb64-80e0-4c46-a538-5fb51b47edca||Sequence: ve11c/master r/ab69a6c; Apr 19 2017 09:47:47 by eja",
    "acq_id": "mb4PA",
    "dataset": "ds003465",
    "modality": "bold",
    "run_id": 2,
    "session_id": "wave1bas",
    "subject_id": "f2968sp",
    "task_id": "Axcpt"
  },
  "dummy_trs": 2,
  "dvars_nstd": 30.630796058780934,
  "dvars_std": 1.114190321581548,
  "dvars_vstd": 0.997748990741351,
  "efc": 0.49716611997014903,
  "fber": 957.4414672851562,
  "fd_mean": 0.16036579682257845,
  "fd_num": 133,
  "fd_perc": 21.875,
  "fwhm_avg": 2.5936054524949346,
  "fwhm_x": 2.4273790702112885,
  "fwhm_y": 2.591033230374923,
  "fwhm_z": 2.7624040568985917,
  "gcor": 0.0113344,
  "gsr_x": -0.018372878432273865,
  "gsr_y": 0.05463156849145889,
  "provenance": {
    "md5sum": "faf372261822bcb149a8fc28424f6d04",
    "settings": {
      "fd_thres": 0.2,
      "testing": false
    },
    "software": "mriqc",
    "version": "22.0.6",
    "webapi_port": null,
    "webapi_url": "https://mriqc.nimh.nih.gov/api/v1"
  },
  "size_t": 608,
  "size_x": 90,
  "size_y": 90,
  "size_z": 60,
  "snr": 3.198649058316372,
  "spacing_tr": 1.2000000476837158,
  "spacing_x": 2.4000000953674316,
  "spacing_y": 2.4000000953674316,
  "spacing_z": 2.4000000953674316,
  "summary_bg_k": 49.83372094515823,
  "summary_bg_mad": 40.61427658623315,
  "summary_bg_mean": 294.94732666015625,
  "summary_bg_median": 129.06167602539062,
  "summary_bg_n": 342918.0,
  "summary_bg_p05": 99.2563304901123,
  "summary_bg_p95": 1145.8906555175774,
  "summary_bg_stdv": 465.22576904296875,
  "summary_fg_k": 1.2360300236775732,
  "summary_fg_mad": 1144.3213296986642,
  "summary_fg_mean": 4180.7958984375,
  "summary_fg_median": 3989.56005859375,
  "summary_fg_n": 74798.0,
  "summary_fg_p05": 2496.7016357421876,
  "summary_fg_p95": 6475.031738281249,
  "summary_fg_stdv": 1247.2557373046875,
  "tsnr": 47.64449538756162
}