{
  "bids_meta": {
    "AcquisitionMatrixPE": 300,
    "AcquisitionNumber": 1,
    "AcquisitionTime": "18:43:20.327500",
    "BaseResolution": 320,
    "BodyPartExamined": "HEAD",
    "ConsistencyInfo": "N4_VE11C_LATEST_20160120",
    "ConversionSoftware": "dcm2niix",
    "ConversionSoftwareVersion": "v1.0.20190902",
    "DeviceSerialNumber": "67064",
    "DwellTime": 7.1e-06,
    "EchoTime": 0.00222,
    "FlipAngle": 8,
    "ImageOrientationPatientDICOM": [
      0.0161815,
      0.992148,
      -0.124022,
      0.0383339,
      -0.124562,
      -0.991471
    ],
    "ImageType": [
      "ORIGINAL",
      "PRIMARY",
      "M",
      "ND"
    ],
    "ImagingFrequency": 123.247,
    "InPlanePhaseEncodingDirectionDICOM": "ROW",
    "InstitutionAddress": "Scott_Ave_4525_St._Louis_MO_US_63110",
    "InstitutionName": "Washington_University",
    "InstitutionalDepartmentName": "Department",
    "InversionTime": 1,
    "MRAcquisitionType": "3D",
    "MagneticFieldStrength": 3,
    "Manufacturer": "Siemens",
    "ManufacturersModelName": "Prisma_fit",
    "Modality": "MR",
    "ParallelReductionFactorInPlane": 2,
    "PartialFourier": 1,
    "PatientPosition": "HFS",
    "PercentPhaseFOV": 93.75,
    "PhaseEncodingSteps": 299,
    "PhaseResolution": 1,
    "PixelBandwidth": 220,
    "ProcedureStepDescription": "head_Braver",
    "ProtocolName": "T1w_MPR",
    "PulseSequenceDetails": "%SiemensSeq%_tfl",
    "ReceiveCoilActiveElements": "HEA;HEP",
    "ReceiveCoilName": "Head_32",
    "ReconMatrixPE": 300,
    "RefLinesPE": 32,
    "RepetitionTime": 2.4,
    "SAR": 0.0395614,
    "ScanOptions": "IR_WE",
    "ScanningSequence": "GR_IR",
    "SequenceName": "_tfl3d1_16ns",
    "SequenceVariant": "SK_SP_MP",
    "SeriesDescription": "T1w_MPR",
    "SeriesNumber": 11,
    "ShimSetting": [
      -1973,
      -11498,
      5821,
      592,
      140,
      187,
      -8,
      -17
    ],
    "SliceThickness": 0.8,
    "SoftwareVersions": "syngo_MR_E11",
    "StationName": "MRC35177",
    "TxRefAmp": 229.22,
    "dataset": "ds003465",
    "modality": "T1w",
    "session_id": "wave1bas",
    "subject_id": "f5650zm"
  },
  "cjv": 0.495106421981101,
  "cnr": 2.7509964282501875,
  "efc": 0.5394383342879518,
  "fber": 17342.863905325445,
  "fwhm_avg": 4.782416713174128,
  "fwhm_x": 4.742087782650458,
  "fwhm_y": 4.6726124303726495,
  "fwhm_z": 4.932549926499278,
  "icvs_csf": 0.1688536939105229,
  "icvs_gm": 0.4292607744306265,
  "icvs_wm": 0.4018855316588506,
  "inu_med": 0.9645909070968628,
  "inu_range": 0.8840127587318416,
  "provenance": {
    "md5sum": "5f89fb5529b3f4ecd55b5ef8eb124e65",
    "settings": {
      "testing": false
    },
    "software": "mriqc",
    "version": "22.0.6",
    "warnings": {
      "large_rot_frame": true,
      "small_air_mask": false
    },
    "webapi_port": null,
    "webapi_url": "https://mriqc.nimh.nih.gov/api/v1"
  },
  "qi_1": 0.0,
  "qi_2": 0.0015433616852220675,
  "rpve_csf": 26.169366803157082,
  "rpve_gm": 10.829090600388193,
  "rpve_wm": 12.749652327150477,
  "size_x": 208,
  "size_y": 300,
  "size_z": 320,
  "snr_csf": 2.972305139443477,
  "snr_gm": 13.935071154176017,
  "snr_total": 10.675422004902424,
  "snr_wm": 15.118889721087784,
  "snrd_csf": 19.01518522220349,
  "snrd_gm": 45.085778535903295,
  "snrd_total": 41.09058200279176,
  "snrd_wm": 59.17078225026851,
  "spacing_x": 0.7999999523162842,
  "spacing_y": 0.800000011920929,
  "spacing_z": 0.800000011920929,
  "summary_bg_k": 6.182993293845016,
  "summary_bg_mad": 0.0,
  "summary_bg_mean": 7.704146494531057,
  "summary_bg_median": 0.0,
  "summary_bg_n": 6922836.0,
  "summary_bg_p05": 0.0,
  "summary_bg_p95": 30.004847280681133,
  "summary_bg_stdv": 11.072494412611807,
  "summary_csf_k": 6.23098788095999,
  "summary_csf_mad": 76.25016734419945,
  "summary_csf_mean": 329.32695998612724,
  "summary_csf_median": 321.37663565576077,
  "summary_csf_n": 74649.0,
  "summary_csf_p05": 159.76732897758484,
  "summary_csf_p95": 516.723218113184,
  "summary_csf_stdv": 108.1229779536439,
  "summary_gm_k": 0.17581494222401428,
  "summary_gm_mad": 53.82787496777134,
  "summary_gm_mean": 762.4707218473447,
  "summary_gm_median": 761.9970908761024,
  "summary_gm_n": 99479.0,
  "summary_gm_p05": 672.7096454948187,
  "summary_gm_p95": 852.0601058155298,
  "summary_gm_stdv": 54.6816914313844,
  "summary_wm_k": 0.2903120732547393,
  "summary_wm_mad": 64.0328926519149,
  "summary_wm_mean": 1007.6586419328873,
  "summary_wm_median": 1000.0484721288085,
  "summary_wm_n": 488440.0,
  "summary_wm_p05": 912.7968968376517,
  "summary_wm_p95": 1129.8594269230962,
  "summary_wm_stdv": 66.1455614043283,
  "tpm_overlap_csf": 0.1252724014582092,
  "tpm_overlap_gm": 0.43930955956954476,
  "tpm_overlap_wm": 0.46832670440900936,
  "wm2max": 0.5252023827707347
}