{
  "bids_meta": {
    "AcquisitionMatrixPE": 300,
    "AcquisitionNumber": 1,
    "AcquisitionTime": "21:30:25.527500",
    "BaseResolution": 320,
    "BodyPartExamined": "HEAD",
    "ConsistencyInfo": "N4_VE11C_LATEST_20160120",
    "ConversionSoftware": "dcm2niix",
    "ConversionSoftwareVersion": "v1.0.20190902",
    "DeviceSerialNumber": "67064",
    "DwellTime": 2.1e-06,
    "EchoTime": 0.563,
    "EchoTrainLength": 314,
    "FlipAngle": 120,
    "ImageOrientationPatientDICOM": [
      0.0134592,
      0.998512,
      0.0528434,
      0.0249247,
      0.0524968,
      -0.99831
    ],
    "ImageType": [
      "ORIGINAL",
      "PRIMARY",
      "M",
      "ND"
    ],
    "ImagingFrequency": 123.247,
    "InPlanePhaseEncodingDirectionDICOM": "ROW",
    "InstitutionAddress": "Scott_Ave_4525_St._Louis_MO_US_63110",
    "InstitutionName": "Washington_University",
    "InstitutionalDepartmentName": "Department",
    "MRAcquisitionType": "3D",
    "MagneticFieldStrength": 3,
    "Manufacturer": "Siemens",
    "ManufacturersModelName": "Prisma_fit",
    "Modality": "MR",
    "ParallelReductionFactorInPlane": 2,
    "PartialFourier": 1,
    "PatientPosition": "HFS",
    "PercentPhaseFOV": 93.75,
    "PhaseEncodingSteps": 297,
    "PhaseResolution": 1,
    "PixelBandwidth": 745,
    "ProcedureStepDescription": "head_Braver",
    "ProtocolName": "T2w_SPC",
    "PulseSequenceDetails": "%SiemensSeq%_tse_vfl",
    "ReceiveCoilActiveElements": "HEA;HEP",
    "ReceiveCoilName": "Head_32",
    "ReconMatrixPE": 300,
    "RefLinesPE": 32,
    "RepetitionTime": 3.2,
    "SAR": 0.114036,
    "ScanOptions": "PFP",
    "ScanningSequence": "SE",
    "SequenceName": "_spc_314ns",
    "SequenceVariant": "SK_SP",
    "SeriesDescription": "T2w_SPC",
    "SeriesNumber": 13,
    "ShimSetting": [
      -2006,
      -11531,
      5868,
      453,
      11,
      -113,
      -4,
      23
    ],
    "SliceThickness": 0.8,
    "SoftwareVersions": "syngo_MR_E11",
    "StationName": "MRC35177",
    "TxRefAmp": 234.733,
    "dataset": "ds003465",
    "modality": "T2w",
    "session_id": "wave1bas",
    "subject_id": "f7227ag"
  },
  "cjv": 1.6961297768818682,
  "cnr": 0.9178516480139918,
  "efc": 0.5155772625410167,
  "fber": 5363.9702268431,
  "fwhm_avg": 3.296854198325119,
  "fwhm_x": 3.25285019388498,
  "fwhm_y": 3.524712447477692,
  "fwhm_z": 3.112999953612686,
  "icvs_csf": 0.37825237687583557,
  "icvs_gm": 0.48156916514183784,
  "icvs_wm": 0.1401784579823266,
  "inu_med": 1.0014837384223938,
  "inu_range": 0.9705786019563675,
  "provenance": {
    "md5sum": "94c5e84fc24ba66096d4a8431329594e",
    "settings": {
      "testing": false
    },
    "software": "mriqc",
    "version": "22.0.6",
    "warnings": {
      "large_rot_frame": true,
      "small_air_mask": false
    },
    "webapi_port": null,
    "webapi_url": "https://mriqc.nimh.nih.gov/api/v1"
  },
  "qi_1": 0.0028938104979438933,
  "qi_2": 0.0005434631804219711,
  "rpve_csf": 12.55588074248131,
  "rpve_gm": 11.308342638379326,
  "rpve_wm": 38.37682796372503,
  "size_x": 208,
  "size_y": 300,
  "size_z": 320,
  "snr_csf": 7.645508949492405,
  "snr_gm": 8.409535358240952,
  "snr_total": 5.855051189403081,
  "snr_wm": 1.5101092604758868,
  "snrd_csf": 22.069526767081406,
  "snrd_gm": 12.501807170862723,
  "snrd_total": 22.19759421982597,
  "snrd_wm": 32.02144872153378,
  "spacing_x": 0.7999999523162842,
  "spacing_y": 0.800000011920929,
  "spacing_z": 0.800000011920929,
  "summary_bg_k": 210.2433566759233,
  "summary_bg_mad": 0.0,
  "summary_bg_mean": 8.636103036328398,
  "summary_bg_median": 0.0,
  "summary_bg_n": 6777124.0,
  "summary_bg_p05": 0.0,
  "summary_bg_p95": 31.950066156685352,
  "summary_bg_stdv": 20.601539916876707,
  "summary_csf_k": 1.1152716289756182,
  "summary_csf_mad": 79.52901242143624,
  "summary_csf_mean": 702.4338907170927,
  "summary_csf_median": 694.0024041384459,
  "summary_csf_n": 91155.0,
  "summary_csf_p05": 566.409166052565,
  "summary_csf_p95": 865.1855438947678,
  "summary_csf_stdv": 90.77206004160458,
  "summary_gm_k": 0.5494729393964759,
  "summary_gm_mad": 44.57472873620821,
  "summary_gm_mean": 394.5291686452528,
  "summary_gm_median": 393.13413124904037,
  "summary_gm_n": 465156.0,
  "summary_gm_p05": 320.08775175735354,
  "summary_gm_p95": 473.0479209953919,
  "summary_gm_stdv": 46.74856480393511,
  "summary_wm_k": -1.7100090019559355,
  "summary_wm_mad": 996.5406723522478,
  "summary_wm_mean": 845.4675899876826,
  "summary_wm_median": 1006.9523751586676,
  "summary_wm_n": 52411.0,
  "summary_wm_p05": 30.621388357132673,
  "summary_wm_p95": 1729.9230452757329,
  "summary_wm_stdv": 666.801267404932,
  "tpm_overlap_csf": 0.11801066079522378,
  "tpm_overlap_gm": 0.31594237539776376,
  "tpm_overlap_wm": 0.0267887725849203,
  "wm2max": 0.6140569059732429
}