{
  "aor": 0.0012497701149425287,
  "aqi": 0.010869828440065682,
  "bids_meta": {
    "AcquisitionMatrixPE": 90,
    "AcquisitionNumber": 1,
    "AcquisitionTime": "16:10:24.417500",
    "BandwidthPerPixelPhaseEncode": 18.832,
    "BaseResolution": 90,
    "BodyPartExamined": "HEAD",
    "ConsistencyInfo": "N4_VE11C_LATEST_20160120",
    "ConversionSoftware": "dcm2niix",
    "ConversionSoftwareVersion": "v1.0.20190902",
    "DerivedVendorReportedEchoSpacing": 0.000590012,
    "DeviceSerialNumber": "67064",
    "DwellTime": 2.5e-06,
    "EchoTime": 0.033,
    "EchoTrainLength": 90,
    "EffectiveEchoSpacing": 0.000590012,
    "FlipAngle": 63,
    "ImageComments": "Unaliased_MB4_PE3_LB",
    "ImageOrientationPatientDICOM": [
      0.996742,
      -0.00290212,
      0.0806046,
      0.033762,
      0.9226,
      -0.384277
    ],
    "ImageType": [
      "ORIGINAL",
      "PRIMARY",
      "M",
      "MB",
      "ND",
      "MOSAIC"
    ],
    "ImagingFrequency": 123.247,
    "InPlanePhaseEncodingDirectionDICOM": "COL",
    "InstitutionAddress": "Scott_Ave_4525_St._Louis_MO_US_63110",
    "InstitutionName": "Washington_University",
    "InstitutionalDepartmentName": "Department",
    "MRAcquisitionType": "2D",
    "MagneticFieldStrength": 3,
    "Manufacturer": "Siemens",
    "ManufacturersModelName": "Prisma_fit",
    "Modality": "MR",
    "MultibandAccelerationFactor": 4,
    "PartialFourier": 1,
    "PatientPosition": "HFS",
    "PercentPhaseFOV": 100,
    "PhaseEncodingDirection": "j-",
    "PhaseEncodingSteps": 90,
    "PhaseResolution": 1,
    "PixelBandwidth": 2220,
    "ProcedureStepDescription": "head_Braver",
    "ProtocolName": "tfMRI_AxcptBas1_AP",
    "PulseSequenceDetails": "%CustomerSeq%_cmrr_mbep2d_bold",
    "ReceiveCoilActiveElements": "HEA;HEP",
    "ReceiveCoilName": "Head_32",
    "ReconMatrixPE": 90,
    "RepetitionTime": 1.2,
    "SAR": 0.0759616,
    "ScanOptions": "FS_EXT",
    "ScanningSequence": "EP",
    "SequenceName": "epfid2d1_90",
    "SequenceVariant": "SK_SS",
    "SeriesDescription": "tfMRI_AxcptBas1_AP",
    "SeriesNumber": 42,
    "ShimSetting": [
      -1956,
      -11511,
      5862,
      705,
      90,
      89,
      -52,
      -16
    ],
    "SliceThickness": 2.4,
    "SliceTiming": [
      0,
      0.6275,
      0.0775,
      0.7075,
      0.1575,
      0.785,
      0.235,
      0.865,
      0.315,
      0.9425,
      0.3925,
      1.0225,
      0.4725,
      1.1,
      0.55,
      0,
      0.6275,
      0.0775,
      0.7075,
      0.1575,
      0.785,
      0.235,
      0.865,
      0.315,
      0.9425,
      0.3925,
      1.0225,
      0.4725,
      1.1,
      0.55,
      0,
      0.6275,
      0.0775,
      0.7075,
      0.1575,
      0.785,
      0.235,
      0.865,
      0.315,
      0.9425,
      0.3925,
      1.0225,
      0.4725,
      1.1,
      0.55,
      0,
      0.6275,
      0.0775,
      0.7075,
      0.1575,
      0.785,
      0.235,
      0.865,
      0.315,
      0.9425,
      0.3925,
      1.0225,
      0.4725,
      1.1,
      0.55
    ],
    "SoftwareVersions": "syngo_MR_E11",
    "SpacingBetweenSlices": 2.4,
    "StationName": "MRC35177",
    "TaskName": "Axcpt",
    "TotalReadoutTime": 0.0525111,
    "TxRefAmp": 234.299,
    "VendorReportedEchoSpacing": 0.00059,
    "WipMemBlock": "af8d7414-e9fd-4ee0-87c3-b88749716176||Sequence: R016 ve11c/master r/e634e98; Dec 19 2017 11:00:25 by eja",
    "acq_id": "mb4AP",
    "dataset": "ds003465",
    "modality": "bold",
    "run_id": 1,
    "session_id": "wave1bas",
    "subject_id": "f4467ur",
    "task_id": "Axcpt"
  },
  "dummy_trs": 1,
  "dvars_nstd": 28.936816661085555,
  "dvars_std": 1.0090240662006587,
  "dvars_vstd": 0.9346968910690784,
  "efc": 0.49085412765450764,
  "fber": 1042.8267822265625,
  "fd_mean": 0.14845356717022642,
  "fd_num": 59,
  "fd_perc": 9.688013136288998,
  "fwhm_avg": 2.794002762229002,
  "fwhm_x": 2.646687394830092,
  "fwhm_y": 2.852074886668726,
  "fwhm_z": 2.8832460051881874,
  "gcor": 0.0234661,
  "gsr_x": -0.01388461422175169,
  "gsr_y": 0.042924392968416214,
  "provenance": {
    "md5sum": "2751c524951cc19f7a4ebfb89364553b",
    "settings": {
      "fd_thres": 0.2,
      "testing": false
    },
    "software": "mriqc",
    "version": "22.0.6",
    "webapi_port": null,
    "webapi_url": "https://mriqc.nimh.nih.gov/api/v1"
  },
  "size_t": 609,
  "size_x": 90,
  "size_y": 90,
  "size_z": 60,
  "snr": 3.060278939963881,
  "spacing_tr": 1.2000000476837158,
  "spacing_x": 2.4000000953674316,
  "spacing_y": 2.4000000953674316,
  "spacing_z": 2.3999998569488525,
  "summary_bg_k": 57.121646631802975,
  "summary_bg_mad": 39.32912542002121,
  "summary_bg_mean": 263.5052490234375,
  "summary_bg_median": 127.49589538574219,
  "summary_bg_n": 336462.0,
  "summary_bg_p05": 95.8653564453125,
  "summary_bg_p95": 930.2520477294923,
  "summary_bg_stdv": 436.249267578125,
  "summary_fg_k": 1.0994552012689747,
  "summary_fg_mad": 1231.3945290344236,
  "summary_fg_mean": 4393.51220703125,
  "summary_fg_median": 4154.0966796875,
  "summary_fg_n": 78295.0,
  "summary_fg_p05": 2587.64814453125,
  "summary_fg_p95": 6947.42109375,
  "summary_fg_stdv": 1357.41552734375,
  "tsnr": 35.449611625866964
}