{
  "aor": 0.001211962962962963,
  "aqi": 0.012667590203703703,
  "bids_meta": {
    "AcquisitionMatrixPE": 90,
    "AcquisitionNumber": 1,
    "AcquisitionTime": "16:39:18.532500",
    "BandwidthPerPixelPhaseEncode": 18.832,
    "BaseResolution": 90,
    "BodyPartExamined": "HEAD",
    "ConsistencyInfo": "N4_VE11C_LATEST_20160120",
    "ConversionSoftware": "dcm2niix",
    "ConversionSoftwareVersion": "v1.0.20190902",
    "DerivedVendorReportedEchoSpacing": 0.000590012,
    "DeviceSerialNumber": "67064",
    "DwellTime": 2.5e-06,
    "EchoTime": 0.033,
    "EchoTrainLength": 90,
    "EffectiveEchoSpacing": 0.000590012,
    "FlipAngle": 63,
    "ImageComments": "Unaliased_MB4_PE3_LB",
    "ImageOrientationPatientDICOM": [
      0.996742,
      -0.00290212,
      0.0806046,
      0.033762,
      0.9226,
      -0.384277
    ],
    "ImageType": [
      "ORIGINAL",
      "PRIMARY",
      "M",
      "MB",
      "ND",
      "MOSAIC"
    ],
    "ImagingFrequency": 123.247,
    "InPlanePhaseEncodingDirectionDICOM": "COL",
    "InstitutionAddress": "Scott_Ave_4525_St._Louis_MO_US_63110",
    "InstitutionName": "Washington_University",
    "InstitutionalDepartmentName": "Department",
    "MRAcquisitionType": "2D",
    "MagneticFieldStrength": 3,
    "Manufacturer": "Siemens",
    "ManufacturersModelName": "Prisma_fit",
    "Modality": "MR",
    "MultibandAccelerationFactor": 4,
    "PartialFourier": 1,
    "PatientPosition": "HFS",
    "PercentPhaseFOV": 100,
    "PhaseEncodingDirection": "j-",
    "PhaseEncodingSteps": 90,
    "PhaseResolution": 1,
    "PixelBandwidth": 2220,
    "ProcedureStepDescription": "head_Braver",
    "ProtocolName": "tfMRI_StroopBas1_AP",
    "PulseSequenceDetails": "%CustomerSeq%_cmrr_mbep2d_bold",
    "ReceiveCoilActiveElements": "HEA;HEP",
    "ReceiveCoilName": "Head_32",
    "ReconMatrixPE": 90,
    "RepetitionTime": 1.2,
    "SAR": 0.0759237,
    "ScanOptions": "FS_EXT",
    "ScanningSequence": "EP",
    "SequenceName": "epfid2d1_90",
    "SequenceVariant": "SK_SS",
    "SeriesDescription": "tfMRI_StroopBas1_AP",
    "SeriesNumber": 51,
    "ShimSetting": [
      -1956,
      -11511,
      5862,
      705,
      90,
      89,
      -52,
      -16
    ],
    "SliceThickness": 2.4,
    "SliceTiming": [
      0,
      0.63,
      0.08,
      0.7075,
      0.1575,
      0.7875,
      0.2375,
      0.865,
      0.315,
      0.945,
      0.3925,
      1.0225,
      0.4725,
      1.1025,
      0.55,
      0,
      0.63,
      0.08,
      0.7075,
      0.1575,
      0.7875,
      0.2375,
      0.865,
      0.315,
      0.945,
      0.3925,
      1.0225,
      0.4725,
      1.1025,
      0.55,
      0,
      0.63,
      0.08,
      0.7075,
      0.1575,
      0.7875,
      0.2375,
      0.865,
      0.315,
      0.945,
      0.3925,
      1.0225,
      0.4725,
      1.1025,
      0.55,
      0,
      0.63,
      0.08,
      0.7075,
      0.1575,
      0.7875,
      0.2375,
      0.865,
      0.315,
      0.945,
      0.3925,
      1.0225,
      0.4725,
      1.1025,
      0.55
    ],
    "SoftwareVersions": "syngo_MR_E11",
    "SpacingBetweenSlices": 2.4,
    "StationName": "MRC35177",
    "TaskName": "Stroop",
    "TotalReadoutTime": 0.0525111,
    "TxRefAmp": 234.299,
    "VendorReportedEchoSpacing": 0.00059,
    "WipMemBlock": "8ae4bff5-c569-4090-9eab-3951ae255f03||Sequence: R016 ve11c/master r/e634e98; Dec 19 2017 11:00:25 by eja",
    "acq_id": "mb4AP",
    "dataset": "ds003465",
    "modality": "bold",
    "run_id": 1,
    "session_id": "wave1bas",
    "subject_id": "f4467ur",
    "task_id": "Stroop"
  },
  "dummy_trs": 0,
  "dvars_nstd": 35.01328933666047,
  "dvars_std": 1.0366980958441563,
  "dvars_vstd": 0.950439948497217,
  "efc": 0.49459903305376746,
  "fber": 1061.3050537109375,
  "fd_mean": 0.24318884838195362,
  "fd_num": 257,
  "fd_perc": 47.592592592592595,
  "fwhm_avg": 2.691802762392721,
  "fwhm_x": 2.5404415657185884,
  "fwhm_y": 2.76941655661994,
  "fwhm_z": 2.765550164839635,
  "gcor": 0.0274847,
  "gsr_x": -0.009889451786875725,
  "gsr_y": 0.05563292279839516,
  "provenance": {
    "md5sum": "7819bce275b2c6ea64e900dc7f91a244",
    "settings": {
      "fd_thres": 0.2,
      "testing": false
    },
    "software": "mriqc",
    "version": "22.0.6",
    "webapi_port": null,
    "webapi_url": "https://mriqc.nimh.nih.gov/api/v1"
  },
  "size_t": 540,
  "size_x": 90,
  "size_y": 90,
  "size_z": 60,
  "snr": 3.282356610473485,
  "spacing_tr": 1.2000000476837158,
  "spacing_x": 2.4000000953674316,
  "spacing_y": 2.4000000953674316,
  "spacing_z": 2.3999998569488525,
  "summary_bg_k": 69.87186273168224,
  "summary_bg_mad": 30.33020548315132,
  "summary_bg_mean": 246.65176391601562,
  "summary_bg_median": 121.04074096679688,
  "summary_bg_n": 335183.0,
  "summary_bg_p05": 97.6111068725586,
  "summary_bg_p95": 858.6364685058592,
  "summary_bg_stdv": 418.2882080078125,
  "summary_fg_k": 0.5165353818895269,
  "summary_fg_mad": 1120.9678110131752,
  "summary_fg_mean": 4188.74951171875,
  "summary_fg_median": 3984.433349609375,
  "summary_fg_n": 79513.0,
  "summary_fg_p05": 2546.40986328125,
  "summary_fg_p95": 6489.455957031249,
  "summary_fg_stdv": 1213.886474609375,
  "tsnr": 34.2917270087637
}