{
  "aor": 0.001417627118644068,
  "aqi": 0.007632263667180277,
  "bids_meta": {
    "AcquisitionMatrixPE": 90,
    "AcquisitionNumber": 1,
    "AcquisitionTime": "14:43:13.907500",
    "BandwidthPerPixelPhaseEncode": 18.832,
    "BaseResolution": 90,
    "BodyPartExamined": "HEAD",
    "ConsistencyInfo": "N4_VE11C_LATEST_20160120",
    "ConversionSoftware": "dcm2niix",
    "ConversionSoftwareVersion": "v1.0.20190902",
    "DerivedVendorReportedEchoSpacing": 0.000590012,
    "DeviceSerialNumber": "67064",
    "DwellTime": 2.5e-06,
    "EchoTime": 0.033,
    "EchoTrainLength": 90,
    "EffectiveEchoSpacing": 0.000590012,
    "FlipAngle": 63,
    "ImageComments": "Unaliased_MB4_PE3_LB",
    "ImageOrientationPatientDICOM": [
      0.995447,
      -0.0185815,
      0.0934912,
      0.0511239,
      0.931887,
      -0.359127
    ],
    "ImageType": [
      "ORIGINAL",
      "PRIMARY",
      "M",
      "MB",
      "ND",
      "MOSAIC"
    ],
    "ImagingFrequency": 123.247,
    "InPlanePhaseEncodingDirectionDICOM": "COL",
    "InstitutionAddress": "Scott_Ave_4525_St._Louis_MO_US_63110",
    "InstitutionName": "Washington_University",
    "InstitutionalDepartmentName": "Department",
    "MRAcquisitionType": "2D",
    "MagneticFieldStrength": 3,
    "Manufacturer": "Siemens",
    "ManufacturersModelName": "Prisma_fit",
    "Modality": "MR",
    "MultibandAccelerationFactor": 4,
    "PartialFourier": 1,
    "PatientPosition": "HFS",
    "PercentPhaseFOV": 100,
    "PhaseEncodingDirection": "j-",
    "PhaseEncodingSteps": 90,
    "PhaseResolution": 1,
    "PixelBandwidth": 2220,
    "ProcedureStepDescription": "head_Braver",
    "ProtocolName": "tfMRI_CuedtsBas1_AP",
    "PulseSequenceDetails": "%CustomerSeq%_cmrr_mbep2d_bold",
    "ReceiveCoilActiveElements": "HEA;HEP",
    "ReceiveCoilName": "Head_32",
    "ReconMatrixPE": 90,
    "RepetitionTime": 1.2,
    "SAR": 0.0707498,
    "ScanOptions": "FS_EXT",
    "ScanningSequence": "EP",
    "SequenceName": "epfid2d1_90",
    "SequenceVariant": "SK_SS",
    "SeriesDescription": "tfMRI_CuedtsBas1_AP",
    "SeriesNumber": 19,
    "ShimSetting": [
      -1944,
      -11505,
      5885,
      810,
      148,
      163,
      -61,
      -35
    ],
    "SliceThickness": 2.4,
    "SliceTiming": [
      0,
      0.63,
      0.08,
      0.7075,
      0.1575,
      0.7875,
      0.2375,
      0.865,
      0.315,
      0.945,
      0.3925,
      1.0225,
      0.4725,
      1.1025,
      0.55,
      0,
      0.63,
      0.08,
      0.7075,
      0.1575,
      0.7875,
      0.2375,
      0.865,
      0.315,
      0.945,
      0.3925,
      1.0225,
      0.4725,
      1.1025,
      0.55,
      0,
      0.63,
      0.08,
      0.7075,
      0.1575,
      0.7875,
      0.2375,
      0.865,
      0.315,
      0.945,
      0.3925,
      1.0225,
      0.4725,
      1.1025,
      0.55,
      0,
      0.63,
      0.08,
      0.7075,
      0.1575,
      0.7875,
      0.2375,
      0.865,
      0.315,
      0.945,
      0.3925,
      1.0225,
      0.4725,
      1.1025,
      0.55
    ],
    "SoftwareVersions": "syngo_MR_E11",
    "SpacingBetweenSlices": 2.4,
    "StationName": "MRC35177",
    "TaskName": "Cuedts",
    "TotalReadoutTime": 0.0525111,
    "TxRefAmp": 227.887,
    "VendorReportedEchoSpacing": 0.00059,
    "WipMemBlock": "1c5ae502-7af7-459a-9c06-7bac5b138384||Sequence: R016 ve11c/master r/e634e98; Dec 19 2017 11:00:25 by eja",
    "acq_id": "mb4AP",
    "dataset": "ds003465",
    "modality": "bold",
    "run_id": 1,
    "session_id": "wave1bas",
    "subject_id": "f4467ur",
    "task_id": "Cuedts"
  },
  "dummy_trs": 1,
  "dvars_nstd": 25.902031386219132,
  "dvars_std": 1.0442365638888895,
  "dvars_vstd": 0.9741187231018523,
  "efc": 0.49303902132595695,
  "fber": 1048.219970703125,
  "fd_mean": 0.11179149031464959,
  "fd_num": 19,
  "fd_perc": 2.9275808936825887,
  "fwhm_avg": 2.752445723960967,
  "fwhm_x": 2.6165665626936527,
  "fwhm_y": 2.8236790544637422,
  "fwhm_z": 2.817091554725506,
  "gcor": 0.0145598,
  "gsr_x": -0.014702187851071358,
  "gsr_y": 0.04640151560306549,
  "provenance": {
    "md5sum": "568291e6ac1ca155e087af3a184d0bb7",
    "settings": {
      "fd_thres": 0.2,
      "testing": false
    },
    "software": "mriqc",
    "version": "22.0.6",
    "webapi_port": null,
    "webapi_url": "https://mriqc.nimh.nih.gov/api/v1"
  },
  "size_t": 649,
  "size_x": 90,
  "size_y": 90,
  "size_z": 60,
  "snr": 3.148447311193978,
  "spacing_tr": 1.2000000476837158,
  "spacing_x": 2.4000000953674316,
  "spacing_y": 2.4000000953674316,
  "spacing_z": 2.4000000953674316,
  "summary_bg_k": 59.00766439136662,
  "summary_bg_mad": 38.09306554430848,
  "summary_bg_mean": 270.1877746582031,
  "summary_bg_median": 127.15717315673828,
  "summary_bg_n": 337148.0,
  "summary_bg_p05": 97.25886535644531,
  "summary_bg_p95": 970.5740600585934,
  "summary_bg_stdv": 456.06524658203125,
  "summary_fg_k": 0.8656666630014698,
  "summary_fg_mad": 1210.8179938011745,
  "summary_fg_mean": 4368.6943359375,
  "summary_fg_median": 4152.68603515625,
  "summary_fg_n": 78003.0,
  "summary_fg_p05": 2583.67841796875,
  "summary_fg_p95": 6847.624755859373,
  "summary_fg_stdv": 1318.9547119140625,
  "tsnr": 43.12346030771732
}