{
  "aor": 0.0012860526315789473,
  "aqi": 0.01079474199013158,
  "bids_meta": {
    "AcquisitionMatrixPE": 90,
    "AcquisitionNumber": 1,
    "AcquisitionTime": "10:42:5.430000",
    "BandwidthPerPixelPhaseEncode": 18.832,
    "BaseResolution": 90,
    "BodyPartExamined": "HEAD",
    "ConsistencyInfo": "N4_VE11C_LATEST_20160120",
    "ConversionSoftware": "dcm2niix",
    "ConversionSoftwareVersion": "v1.0.20190902",
    "DerivedVendorReportedEchoSpacing": 0.000590012,
    "DeviceSerialNumber": "67064",
    "DwellTime": 2.5e-06,
    "EchoTime": 0.033,
    "EchoTrainLength": 90,
    "EffectiveEchoSpacing": 0.000590012,
    "FlipAngle": 63,
    "ImageComments": "Unaliased_MB4_PE3_LB",
    "ImageOrientationPatientDICOM": [
      0.998999,
      -0.0412401,
      0.0173377,
      0.044316,
      0.859272,
      -0.509596
    ],
    "ImageType": [
      "ORIGINAL",
      "PRIMARY",
      "M",
      "MB",
      "ND",
      "MOSAIC"
    ],
    "ImagingFrequency": 123.247,
    "InPlanePhaseEncodingDirectionDICOM": "COL",
    "InstitutionAddress": "Scott_Ave_4525_St._Louis_MO_US_63110",
    "InstitutionName": "Washington_University",
    "InstitutionalDepartmentName": "Department",
    "MRAcquisitionType": "2D",
    "MagneticFieldStrength": 3,
    "Manufacturer": "Siemens",
    "ManufacturersModelName": "Prisma_fit",
    "Modality": "MR",
    "MultibandAccelerationFactor": 4,
    "PartialFourier": 1,
    "PatientPosition": "HFS",
    "PercentPhaseFOV": 100,
    "PhaseEncodingDirection": "j",
    "PhaseEncodingSteps": 90,
    "PhaseResolution": 1,
    "PixelBandwidth": 2220,
    "ProcedureStepDescription": "head_Braver",
    "ProtocolName": "tfMRI_AxcptBas2_PA",
    "PulseSequenceDetails": "%CustomerSeq%_cmrr_mbep2d_bold",
    "ReceiveCoilActiveElements": "HEA;HEP",
    "ReceiveCoilName": "Head_32",
    "ReconMatrixPE": 90,
    "RepetitionTime": 1.2,
    "SAR": 0.0611922,
    "ScanOptions": "FS_EXT",
    "ScanningSequence": "EP",
    "SequenceName": "epfid2d1_90",
    "SequenceVariant": "SK_SS",
    "SeriesDescription": "tfMRI_AxcptBas2_PA",
    "SeriesNumber": 28,
    "ShimSetting": [
      -1994,
      -11452,
      5757,
      519,
      86,
      292,
      -28,
      -76
    ],
    "SliceThickness": 2.4,
    "SliceTiming": [
      0,
      0.63,
      0.08,
      0.7075,
      0.1575,
      0.7875,
      0.2375,
      0.865,
      0.315,
      0.945,
      0.395,
      1.0225,
      0.4725,
      1.1025,
      0.5525,
      0,
      0.63,
      0.08,
      0.7075,
      0.1575,
      0.7875,
      0.2375,
      0.865,
      0.315,
      0.945,
      0.395,
      1.0225,
      0.4725,
      1.1025,
      0.5525,
      0,
      0.63,
      0.08,
      0.7075,
      0.1575,
      0.7875,
      0.2375,
      0.865,
      0.315,
      0.945,
      0.395,
      1.0225,
      0.4725,
      1.1025,
      0.5525,
      0,
      0.63,
      0.08,
      0.7075,
      0.1575,
      0.7875,
      0.2375,
      0.865,
      0.315,
      0.945,
      0.395,
      1.0225,
      0.4725,
      1.1025,
      0.5525
    ],
    "SoftwareVersions": "syngo_MR_E11",
    "SpacingBetweenSlices": 2.4,
    "StationName": "MRC35177",
    "TaskName": "Axcpt",
    "TotalReadoutTime": 0.0525111,
    "TxRefAmp": 220.736,
    "VendorReportedEchoSpacing": 0.00059,
    "WipMemBlock": "2b5412dc-b508-42c8-9450-44cc63c82b6e||Sequence: ve11c/master r/ab69a6c; Apr 19 2017 09:47:47 by eja",
    "acq_id": "mb4PA",
    "dataset": "ds003465",
    "modality": "bold",
    "run_id": 2,
    "session_id": "wave1bas",
    "subject_id": "f3681wf",
    "task_id": "Axcpt"
  },
  "dummy_trs": 2,
  "dvars_nstd": 26.809006777380567,
  "dvars_std": 1.0020077419604605,
  "dvars_vstd": 0.9597382399835275,
  "efc": 0.4981097013334249,
  "fber": 988.518798828125,
  "fd_mean": 0.1677974134801806,
  "fd_num": 155,
  "fd_perc": 25.49342105263158,
  "fwhm_avg": 2.674693041023535,
  "fwhm_x": 2.506608233729671,
  "fwhm_y": 2.7466915575229502,
  "fwhm_z": 2.7707793318179843,
  "gcor": 0.00996265,
  "gsr_x": -0.01926257647573948,
  "gsr_y": 0.05815854296088219,
  "provenance": {
    "md5sum": "cc2a10704913d004df2159dbee754f13",
    "settings": {
      "fd_thres": 0.2,
      "testing": false
    },
    "software": "mriqc",
    "version": "22.0.6",
    "webapi_port": null,
    "webapi_url": "https://mriqc.nimh.nih.gov/api/v1"
  },
  "size_t": 608,
  "size_x": 90,
  "size_y": 90,
  "size_z": 60,
  "snr": 3.1239565809310035,
  "spacing_tr": 1.2000000476837158,
  "spacing_x": 2.4000000953674316,
  "spacing_y": 2.4000000953674316,
  "spacing_z": 2.3999998569488525,
  "summary_bg_k": 19.446226492063875,
  "summary_bg_mad": 39.69375833258641,
  "summary_bg_mean": 283.7621765136719,
  "summary_bg_median": 128.6282958984375,
  "summary_bg_n": 339356.0,
  "summary_bg_p05": 97.96546173095703,
  "summary_bg_p95": 1081.41162109375,
  "summary_bg_stdv": 406.3118896484375,
  "summary_fg_k": 0.7568248894188292,
  "summary_fg_mad": 1191.7220699875538,
  "summary_fg_mean": 4236.19970703125,
  "summary_fg_median": 4032.52783203125,
  "summary_fg_n": 78280.0,
  "summary_fg_p05": 2518.452685546875,
  "summary_fg_p95": 6682.596240234376,
  "summary_fg_stdv": 1290.8316650390625,
  "tsnr": 37.043817366007715
}