{
  "aor": 0.0020147666666666666,
  "aqi": 0.006325748116666667,
  "bids_meta": {
    "AcquisitionMatrixPE": 90,
    "AcquisitionNumber": 1,
    "AcquisitionTime": "10:11:51.270000",
    "BandwidthPerPixelPhaseEncode": 18.832,
    "BaseResolution": 90,
    "BodyPartExamined": "HEAD",
    "ConsistencyInfo": "N4_VE11C_LATEST_20160120",
    "ConversionSoftware": "dcm2niix",
    "ConversionSoftwareVersion": "v1.0.20190902",
    "DerivedVendorReportedEchoSpacing": 0.000590012,
    "DeviceSerialNumber": "67064",
    "DwellTime": 2.5e-06,
    "EchoTime": 0.033,
    "EchoTrainLength": 90,
    "EffectiveEchoSpacing": 0.000590012,
    "FlipAngle": 63,
    "ImageComments": "Unaliased_MB4_PE3_LB",
    "ImageOrientationPatientDICOM": [
      0.998999,
      -0.0412401,
      0.0173377,
      0.044316,
      0.859272,
      -0.509596
    ],
    "ImageType": [
      "ORIGINAL",
      "PRIMARY",
      "M",
      "MB",
      "ND",
      "MOSAIC"
    ],
    "ImagingFrequency": 123.247,
    "InPlanePhaseEncodingDirectionDICOM": "COL",
    "InstitutionAddress": "Scott_Ave_4525_St._Louis_MO_US_63110",
    "InstitutionName": "Washington_University",
    "InstitutionalDepartmentName": "Department",
    "MRAcquisitionType": "2D",
    "MagneticFieldStrength": 3,
    "Manufacturer": "Siemens",
    "ManufacturersModelName": "Prisma_fit",
    "Modality": "MR",
    "MultibandAccelerationFactor": 4,
    "PartialFourier": 1,
    "PatientPosition": "HFS",
    "PercentPhaseFOV": 100,
    "PhaseEncodingDirection": "j",
    "PhaseEncodingSteps": 90,
    "PhaseResolution": 1,
    "PixelBandwidth": 2220,
    "ProcedureStepDescription": "head_Braver",
    "ProtocolName": "tfMRI_SternBas2_PA",
    "PulseSequenceDetails": "%CustomerSeq%_cmrr_mbep2d_bold",
    "ReceiveCoilActiveElements": "HEA;HEP",
    "ReceiveCoilName": "Head_32",
    "ReconMatrixPE": 90,
    "RepetitionTime": 1.2,
    "SAR": 0.0611883,
    "ScanOptions": "FS_EXT",
    "ScanningSequence": "EP",
    "SequenceName": "epfid2d1_90",
    "SequenceVariant": "SK_SS",
    "SeriesDescription": "tfMRI_SternBas2_PA",
    "SeriesNumber": 22,
    "ShimSetting": [
      -1994,
      -11452,
      5757,
      519,
      86,
      292,
      -28,
      -76
    ],
    "SliceThickness": 2.4,
    "SliceTiming": [
      0,
      0.6275,
      0.0775,
      0.7075,
      0.1575,
      0.785,
      0.235,
      0.865,
      0.3125,
      0.9425,
      0.3925,
      1.0225,
      0.47,
      1.1,
      0.55,
      0,
      0.6275,
      0.0775,
      0.7075,
      0.1575,
      0.785,
      0.235,
      0.865,
      0.3125,
      0.9425,
      0.3925,
      1.0225,
      0.47,
      1.1,
      0.55,
      0,
      0.6275,
      0.0775,
      0.7075,
      0.1575,
      0.785,
      0.235,
      0.865,
      0.3125,
      0.9425,
      0.3925,
      1.0225,
      0.47,
      1.1,
      0.55,
      0,
      0.6275,
      0.0775,
      0.7075,
      0.1575,
      0.785,
      0.235,
      0.865,
      0.3125,
      0.9425,
      0.3925,
      1.0225,
      0.47,
      1.1,
      0.55
    ],
    "SoftwareVersions": "syngo_MR_E11",
    "SpacingBetweenSlices": 2.4,
    "StationName": "MRC35177",
    "TaskName": "Stern",
    "TotalReadoutTime": 0.0525111,
    "TxRefAmp": 220.736,
    "VendorReportedEchoSpacing": 0.00059,
    "WipMemBlock": "cfa66ac6-9f8e-47d9-97f7-fcfb002a1d62||Sequence: ve11c/master r/ab69a6c; Apr 19 2017 09:47:47 by eja",
    "acq_id": "mb4PA",
    "dataset": "ds003465",
    "modality": "bold",
    "run_id": 2,
    "session_id": "wave1bas",
    "subject_id": "f3681wf",
    "task_id": "Stern"
  },
  "dummy_trs": 0,
  "dvars_nstd": 26.510733338564258,
  "dvars_std": 1.0767312901335557,
  "dvars_vstd": 1.0106444878297156,
  "efc": 0.49858764348086654,
  "fber": 1007.4198608398438,
  "fd_mean": 0.1612660288681579,
  "fd_num": 175,
  "fd_perc": 29.166666666666668,
  "fwhm_avg": 2.650673597321472,
  "fwhm_x": 2.4787540681698297,
  "fwhm_y": 2.708891559024987,
  "fwhm_z": 2.7643751647695995,
  "gcor": 0.0153493,
  "gsr_x": -0.020136425271630287,
  "gsr_y": 0.05854885280132294,
  "provenance": {
    "md5sum": "293561613d275a6ba1593c3094c35690",
    "settings": {
      "fd_thres": 0.2,
      "testing": false
    },
    "software": "mriqc",
    "version": "22.0.6",
    "webapi_port": null,
    "webapi_url": "https://mriqc.nimh.nih.gov/api/v1"
  },
  "size_t": 600,
  "size_x": 90,
  "size_y": 90,
  "size_z": 60,
  "snr": 3.1186272552227816,
  "spacing_tr": 1.2000000476837158,
  "spacing_x": 2.4000000953674316,
  "spacing_y": 2.4000000953674316,
  "spacing_z": 2.3999998569488525,
  "summary_bg_k": 20.932288261509083,
  "summary_bg_mad": 41.27564033374448,
  "summary_bg_mean": 285.310302734375,
  "summary_bg_median": 128.15499877929688,
  "summary_bg_n": 338671.0,
  "summary_bg_p05": 95.27166748046875,
  "summary_bg_p95": 1100.1533813476562,
  "summary_bg_stdv": 419.23919677734375,
  "summary_fg_k": 0.8136141943995923,
  "summary_fg_mad": 1198.2220283222252,
  "summary_fg_mean": 4254.6240234375,
  "summary_fg_median": 4056.363525390625,
  "summary_fg_n": 78805.0,
  "summary_fg_p05": 2519.8291015625,
  "summary_fg_p95": 6716.57666015625,
  "summary_fg_stdv": 1300.6805419921875,
  "tsnr": 46.59343730006367
}