{
  "bids_meta": {
    "AcquisitionMatrixPE": 300,
    "AcquisitionNumber": 1,
    "AcquisitionTime": "13:45:24.517500",
    "BaseResolution": 320,
    "BodyPartExamined": "HEAD",
    "ConsistencyInfo": "N4_VE11C_LATEST_20160120",
    "ConversionSoftware": "dcm2niix",
    "ConversionSoftwareVersion": "v1.0.20190902",
    "DeviceSerialNumber": "67064",
    "DwellTime": 7.1e-06,
    "EchoTime": 0.00222,
    "FlipAngle": 8,
    "ImageOrientationPatientDICOM": [
      -0.0341175,
      0.994855,
      -0.0953926,
      -0.0734188,
      -0.0976852,
      -0.992506
    ],
    "ImageType": [
      "ORIGINAL",
      "PRIMARY",
      "M",
      "ND"
    ],
    "ImagingFrequency": 123.246,
    "InPlanePhaseEncodingDirectionDICOM": "ROW",
    "InstitutionAddress": "Scott_Ave_4525_St._Louis_MO_US_63110",
    "InstitutionName": "Washington_University",
    "InstitutionalDepartmentName": "Department",
    "InversionTime": 1,
    "MRAcquisitionType": "3D",
    "MagneticFieldStrength": 3,
    "Manufacturer": "Siemens",
    "ManufacturersModelName": "Prisma_fit",
    "Modality": "MR",
    "ParallelReductionFactorInPlane": 2,
    "PartialFourier": 1,
    "PatientPosition": "HFS",
    "PercentPhaseFOV": 93.75,
    "PhaseEncodingSteps": 299,
    "PhaseResolution": 1,
    "PixelBandwidth": 220,
    "ProcedureStepDescription": "head_Braver",
    "ProtocolName": "T1w_MPR",
    "PulseSequenceDetails": "%SiemensSeq%_tfl",
    "ReceiveCoilActiveElements": "HEA;HEP",
    "ReceiveCoilName": "Head_32",
    "ReconMatrixPE": 300,
    "RefLinesPE": 32,
    "RepetitionTime": 2.4,
    "SAR": 0.0435893,
    "ScanOptions": "IR_WE",
    "ScanningSequence": "GR_IR",
    "SequenceName": "_tfl3d1_16ns",
    "SequenceVariant": "SK_SP_MP",
    "SeriesDescription": "T1w_MPR",
    "SeriesNumber": 11,
    "ShimSetting": [
      -2009,
      -11521,
      5808,
      317,
      108,
      8,
      56,
      -18
    ],
    "SliceThickness": 0.8,
    "SoftwareVersions": "syngo_MR_E11",
    "StationName": "MRC35177",
    "TxRefAmp": 295.283,
    "dataset": "ds003465",
    "modality": "T1w",
    "session_id": "wave1bas",
    "subject_id": "f8270up"
  },
  "cjv": 0.5381190858280415,
  "cnr": 2.446550456895174,
  "efc": 0.5874052262817944,
  "fber": 7254.780625,
  "fwhm_avg": 4.7200125426559465,
  "fwhm_x": 4.549562771175073,
  "fwhm_y": 4.740774929356949,
  "fwhm_z": 4.869699927435817,
  "icvs_csf": 0.1691389335020331,
  "icvs_gm": 0.39754190373027176,
  "icvs_wm": 0.4333191627676951,
  "inu_med": 0.9956633746623993,
  "inu_range": 0.8543856889009476,
  "provenance": {
    "md5sum": "9c3066ebdc17bcb599d8c392877fd728",
    "settings": {
      "testing": false
    },
    "software": "mriqc",
    "version": "22.0.6",
    "warnings": {
      "large_rot_frame": true,
      "small_air_mask": false
    },
    "webapi_port": null,
    "webapi_url": "https://mriqc.nimh.nih.gov/api/v1"
  },
  "qi_1": 0.00039934442589201495,
  "qi_2": 0.0005043048650485583,
  "rpve_csf": 27.018553466826795,
  "rpve_gm": 11.54214447603887,
  "rpve_wm": 12.26403583125356,
  "size_x": 208,
  "size_y": 300,
  "size_z": 320,
  "snr_csf": 2.860568702969242,
  "snr_gm": 11.848222504501035,
  "snr_total": 9.291509908709651,
  "snr_wm": 13.165738518658674,
  "snrd_csf": 7.7374034520942985,
  "snrd_gm": 18.602469990194145,
  "snrd_total": 17.051389112050384,
  "snrd_wm": 24.814293893862715,
  "spacing_x": 0.7999999523162842,
  "spacing_y": 0.800000011920929,
  "spacing_z": 0.800000011920929,
  "summary_bg_k": 547.7873692272068,
  "summary_bg_mad": 0.0,
  "summary_bg_mean": 11.935234884596966,
  "summary_bg_median": 0.0,
  "summary_bg_n": 6774458.0,
  "summary_bg_p05": 0.0,
  "summary_bg_p95": 44.67686306685209,
  "summary_bg_stdv": 26.403169178187436,
  "summary_csf_k": 2.959654898177802,
  "summary_csf_mad": 88.10821383180858,
  "summary_csf_mean": 314.5836303177297,
  "summary_csf_median": 311.83120392262936,
  "summary_csf_n": 77621.0,
  "summary_csf_p05": 128.52910809218884,
  "summary_csf_p95": 498.6397382616997,
  "summary_csf_stdv": 109.00951091102793,
  "summary_gm_k": 0.24054621273659516,
  "summary_gm_mad": 61.21862670104299,
  "summary_gm_mean": 750.4153619727314,
  "summary_gm_median": 749.7128266468644,
  "summary_gm_n": 60193.0,
  "summary_gm_p05": 647.2401840239763,
  "summary_gm_p95": 855.0268935784698,
  "summary_gm_stdv": 63.27587102296028,
  "summary_wm_k": 0.18069220463225877,
  "summary_wm_mad": 73.49820482409261,
  "summary_wm_mean": 1010.9605188140114,
  "summary_wm_median": 1000.0604449957609,
  "summary_wm_n": 504577.0,
  "summary_wm_p05": 904.2379443719983,
  "summary_wm_p95": 1152.4696084484458,
  "summary_wm_stdv": 75.95923712057922,
  "tpm_overlap_csf": 0.14412663290258876,
  "tpm_overlap_gm": 0.41931706889333903,
  "tpm_overlap_wm": 0.46391484323468685,
  "wm2max": 0.41976248477466505
}