{
  "bids_meta": {
    "AcquisitionMatrixPE": 300,
    "AcquisitionNumber": 1,
    "AcquisitionTime": "13:52:38.392500",
    "BaseResolution": 320,
    "BodyPartExamined": "HEAD",
    "ConsistencyInfo": "N4_VE11C_LATEST_20160120",
    "ConversionSoftware": "dcm2niix",
    "ConversionSoftwareVersion": "v1.0.20190902",
    "DeviceSerialNumber": "67064",
    "DwellTime": 2.1e-06,
    "EchoTime": 0.563,
    "EchoTrainLength": 314,
    "FlipAngle": 120,
    "ImageOrientationPatientDICOM": [
      -0.0341175,
      0.994855,
      -0.0953926,
      -0.0734188,
      -0.0976852,
      -0.992506
    ],
    "ImageType": [
      "ORIGINAL",
      "PRIMARY",
      "M",
      "ND"
    ],
    "ImagingFrequency": 123.246,
    "InPlanePhaseEncodingDirectionDICOM": "ROW",
    "InstitutionAddress": "Scott_Ave_4525_St._Louis_MO_US_63110",
    "InstitutionName": "Washington_University",
    "InstitutionalDepartmentName": "Department",
    "MRAcquisitionType": "3D",
    "MagneticFieldStrength": 3,
    "Manufacturer": "Siemens",
    "ManufacturersModelName": "Prisma_fit",
    "Modality": "MR",
    "ParallelReductionFactorInPlane": 2,
    "PartialFourier": 1,
    "PatientPosition": "HFS",
    "PercentPhaseFOV": 93.75,
    "PhaseEncodingSteps": 297,
    "PhaseResolution": 1,
    "PixelBandwidth": 745,
    "ProcedureStepDescription": "head_Braver",
    "ProtocolName": "T2w_SPC",
    "PulseSequenceDetails": "%SiemensSeq%_tse_vfl",
    "ReceiveCoilActiveElements": "HEA;HEP",
    "ReceiveCoilName": "Head_32",
    "ReconMatrixPE": 300,
    "RefLinesPE": 32,
    "RepetitionTime": 3.2,
    "SAR": 0.146658,
    "ScanOptions": "PFP",
    "ScanningSequence": "SE",
    "SequenceName": "_spc_314ns",
    "SequenceVariant": "SK_SP",
    "SeriesDescription": "T2w_SPC",
    "SeriesNumber": 13,
    "ShimSetting": [
      -2009,
      -11521,
      5808,
      317,
      108,
      8,
      56,
      -18
    ],
    "SliceThickness": 0.8,
    "SoftwareVersions": "syngo_MR_E11",
    "StationName": "MRC35177",
    "TxRefAmp": 295.283,
    "dataset": "ds003465",
    "modality": "T2w",
    "session_id": "wave1bas",
    "subject_id": "f8270up"
  },
  "cjv": 0.8575350104255585,
  "cnr": 1.2027378084972795,
  "efc": 0.5601842625230375,
  "fber": 4132.241247561786,
  "fwhm_avg": 3.4039875281844956,
  "fwhm_x": 3.1772501893788685,
  "fwhm_y": 3.736362444323861,
  "fwhm_z": 3.2983499508507554,
  "icvs_csf": 0.36229504647692923,
  "icvs_gm": 0.48644361377159356,
  "icvs_wm": 0.15126133975147724,
  "inu_med": 1.020165205001831,
  "inu_range": 0.9160279273986813,
  "provenance": {
    "md5sum": "63b4f65b4f9e57d86f1a339e68ca151e",
    "settings": {
      "testing": false
    },
    "software": "mriqc",
    "version": "22.0.6",
    "warnings": {
      "large_rot_frame": true,
      "small_air_mask": false
    },
    "webapi_port": null,
    "webapi_url": "https://mriqc.nimh.nih.gov/api/v1"
  },
  "qi_1": 0.00013254640197459514,
  "qi_2": 0.0007778441794061735,
  "rpve_csf": 12.45815365883479,
  "rpve_gm": 10.591576549162804,
  "rpve_wm": 36.06651377392268,
  "size_x": 208,
  "size_y": 300,
  "size_z": 320,
  "snr_csf": 7.336339882835672,
  "snr_gm": 7.7531261186932765,
  "snr_total": 5.661293394621013,
  "snr_wm": 1.89441418233409,
  "snrd_csf": 25.96491093554082,
  "snrd_gm": 14.717650607867661,
  "snrd_total": 27.10032721074064,
  "snrd_wm": 40.618420088813444,
  "spacing_x": 0.7999999523162842,
  "spacing_y": 0.800000011920929,
  "spacing_z": 0.800000011920929,
  "summary_bg_k": 229.68341236880838,
  "summary_bg_mad": 0.0,
  "summary_bg_mean": 8.0589958423739,
  "summary_bg_median": 0.0,
  "summary_bg_n": 6854391.0,
  "summary_bg_p05": 0.0,
  "summary_bg_p95": 30.048693431541324,
  "summary_bg_stdv": 16.153436070760954,
  "summary_csf_k": 2.258964189811743,
  "summary_csf_mad": 73.05748933662144,
  "summary_csf_mean": 650.7108866273259,
  "summary_csf_median": 640.2064194269478,
  "summary_csf_n": 107472.0,
  "summary_csf_p05": 530.3330805636942,
  "summary_csf_p95": 808.8300869205034,
  "summary_csf_stdv": 87.2646920895517,
  "summary_gm_k": 0.7427261356601593,
  "summary_gm_mad": 44.015491886365396,
  "summary_gm_mean": 363.5348349998466,
  "summary_gm_median": 362.88722196780145,
  "summary_gm_n": 509058.0,
  "summary_gm_p05": 288.38976872339845,
  "summary_gm_p95": 440.88064508512616,
  "summary_gm_stdv": 46.805231848679675,
  "summary_wm_k": -1.6394894340437605,
  "summary_wm_mad": 503.6277263222164,
  "summary_wm_mean": 759.9725958915218,
  "summary_wm_median": 1001.5121312141418,
  "summary_wm_n": 74348.0,
  "summary_wm_p05": 32.21286525763571,
  "summary_wm_p95": 1400.857324713841,
  "summary_wm_stdv": 528.6623195872621,
  "tpm_overlap_csf": 0.11969452088236163,
  "tpm_overlap_gm": 0.3263540723227579,
  "tpm_overlap_wm": 0.024287254829882813,
  "wm2max": 0.7117140209397244
}