{
  "aor": 0.0007535648148148148,
  "aqi": 0.011838563101851851,
  "bids_meta": {
    "AcquisitionMatrixPE": 90,
    "AcquisitionNumber": 1,
    "AcquisitionTime": "19:18:41.757500",
    "BandwidthPerPixelPhaseEncode": 18.832,
    "BaseResolution": 90,
    "BodyPartExamined": "HEAD",
    "ConsistencyInfo": "N4_VE11C_LATEST_20160120",
    "ConversionSoftware": "dcm2niix",
    "ConversionSoftwareVersion": "v1.0.20190902",
    "DerivedVendorReportedEchoSpacing": 0.000590012,
    "DeviceSerialNumber": "67064",
    "DwellTime": 2.5e-06,
    "EchoTime": 0.033,
    "EchoTrainLength": 90,
    "EffectiveEchoSpacing": 0.000590012,
    "FlipAngle": 63,
    "ImageComments": "Unaliased_MB4_PE3_LB",
    "ImageOrientationPatientDICOM": [
      0.999927,
      -0.00448984,
      0.0112088,
      0.00820262,
      0.9338,
      -0.357701
    ],
    "ImageType": [
      "ORIGINAL",
      "PRIMARY",
      "M",
      "MB",
      "ND",
      "MOSAIC"
    ],
    "ImagingFrequency": 123.247,
    "InPlanePhaseEncodingDirectionDICOM": "COL",
    "InstitutionAddress": "Scott_Ave_4525_St._Louis_MO_US_63110",
    "InstitutionName": "Washington_University",
    "InstitutionalDepartmentName": "Department",
    "MRAcquisitionType": "2D",
    "MagneticFieldStrength": 3,
    "Manufacturer": "Siemens",
    "ManufacturersModelName": "Prisma_fit",
    "Modality": "MR",
    "MultibandAccelerationFactor": 4,
    "PartialFourier": 1,
    "PatientPosition": "HFS",
    "PercentPhaseFOV": 100,
    "PhaseEncodingDirection": "j",
    "PhaseEncodingSteps": 90,
    "PhaseResolution": 1,
    "PixelBandwidth": 2220,
    "ProcedureStepDescription": "head_Braver",
    "ProtocolName": "tfMRI_CuedtsBas2_PA",
    "PulseSequenceDetails": "%CustomerSeq%_cmrr_mbep2d_bold",
    "ReceiveCoilActiveElements": "HEA;HEP",
    "ReceiveCoilName": "Head_32",
    "ReconMatrixPE": 90,
    "RepetitionTime": 1.2,
    "SAR": 0.0769284,
    "ScanOptions": "FS_EXT",
    "ScanningSequence": "EP",
    "SequenceName": "epfid2d1_90",
    "SequenceVariant": "SK_SS",
    "SeriesDescription": "tfMRI_CuedtsBas2_PA",
    "SeriesNumber": 40,
    "ShimSetting": [
      -2006,
      -11533,
      5854,
      631,
      22,
      66,
      -84,
      -21
    ],
    "SliceThickness": 2.4,
    "SliceTiming": [
      0,
      0.63,
      0.08,
      0.7075,
      0.1575,
      0.7875,
      0.2375,
      0.865,
      0.315,
      0.945,
      0.395,
      1.0225,
      0.4725,
      1.1025,
      0.55,
      0,
      0.63,
      0.08,
      0.7075,
      0.1575,
      0.7875,
      0.2375,
      0.865,
      0.315,
      0.945,
      0.395,
      1.0225,
      0.4725,
      1.1025,
      0.55,
      0,
      0.63,
      0.08,
      0.7075,
      0.1575,
      0.7875,
      0.2375,
      0.865,
      0.315,
      0.945,
      0.395,
      1.0225,
      0.4725,
      1.1025,
      0.55,
      0,
      0.63,
      0.08,
      0.7075,
      0.1575,
      0.7875,
      0.2375,
      0.865,
      0.315,
      0.945,
      0.395,
      1.0225,
      0.4725,
      1.1025,
      0.55
    ],
    "SoftwareVersions": "syngo_MR_E11",
    "SpacingBetweenSlices": 2.4,
    "StationName": "MRC35177",
    "TaskName": "Cuedts",
    "TotalReadoutTime": 0.0525111,
    "TxRefAmp": 282.895,
    "VendorReportedEchoSpacing": 0.00059,
    "WipMemBlock": "7ec3eb4f-8dfd-478c-94cc-1ca4709b8ef8||Sequence: R016 ve11c/master r/e634e98; Dec 19 2017 11:00:25 by eja",
    "acq_id": "mb4PA",
    "dataset": "ds003465",
    "modality": "bold",
    "run_id": 2,
    "session_id": "wave1bas",
    "subject_id": "f9206gd",
    "task_id": "Cuedts"
  },
  "dummy_trs": 2,
  "dvars_nstd": 32.954861931313765,
  "dvars_std": 1.0629930239103547,
  "dvars_vstd": 0.952578147109739,
  "efc": 0.5348271053324353,
  "fber": 726.1656494140625,
  "fd_mean": 0.17508709599885688,
  "fd_num": 226,
  "fd_perc": 34.876543209876544,
  "fwhm_avg": 2.7850583195082628,
  "fwhm_x": 2.60001239668479,
  "fwhm_y": 2.8305957208555648,
  "fwhm_z": 2.924566840984434,
  "gcor": 0.0145325,
  "gsr_x": -0.01584794744849205,
  "gsr_y": 0.06869031488895416,
  "provenance": {
    "md5sum": "e3e2f0050d1448bdfd21db5da5dd949b",
    "settings": {
      "fd_thres": 0.2,
      "testing": false
    },
    "software": "mriqc",
    "version": "22.0.6",
    "webapi_port": null,
    "webapi_url": "https://mriqc.nimh.nih.gov/api/v1"
  },
  "size_t": 648,
  "size_x": 90,
  "size_y": 90,
  "size_z": 60,
  "snr": 2.7214640375241,
  "spacing_tr": 1.2000000476837158,
  "spacing_x": 2.4000000953674316,
  "spacing_y": 2.4000000953674316,
  "spacing_z": 2.3999998569488525,
  "summary_bg_k": 15.580051652808173,
  "summary_bg_mad": 66.69079527144888,
  "summary_bg_mean": 402.5130310058594,
  "summary_bg_median": 155.6033935546875,
  "summary_bg_n": 322678.0,
  "summary_bg_p05": 105.72994232177734,
  "summary_bg_p95": 1700.1107666015612,
  "summary_bg_stdv": 619.5971069335938,
  "summary_fg_k": 0.41459037120250386,
  "summary_fg_mad": 1538.4814092498543,
  "summary_fg_mean": 4565.0439453125,
  "summary_fg_median": 4305.46435546875,
  "summary_fg_n": 85441.0,
  "summary_fg_p05": 2483.912109375,
  "summary_fg_p95": 7525.92919921875,
  "summary_fg_stdv": 1582.030517578125,
  "tsnr": 34.2584988665767
}