{
  "aor": 0.0038467333333333333,
  "aqi": 0.007639394716666666,
  "bids_meta": {
    "AcquisitionMatrixPE": 90,
    "AcquisitionNumber": 1,
    "AcquisitionTime": "19:46:24.452500",
    "BandwidthPerPixelPhaseEncode": 18.832,
    "BaseResolution": 90,
    "BodyPartExamined": "HEAD",
    "ConsistencyInfo": "N4_VE11C_LATEST_20160120",
    "ConversionSoftware": "dcm2niix",
    "ConversionSoftwareVersion": "v1.0.20190902",
    "DerivedVendorReportedEchoSpacing": 0.000590012,
    "DeviceSerialNumber": "67064",
    "DwellTime": 2.5e-06,
    "EchoTime": 0.033,
    "EchoTrainLength": 90,
    "EffectiveEchoSpacing": 0.000590012,
    "FlipAngle": 63,
    "ImageComments": "Unaliased_MB4_PE3_LB",
    "ImageOrientationPatientDICOM": [
      0.999927,
      -0.00448984,
      0.0112088,
      0.00820262,
      0.9338,
      -0.357701
    ],
    "ImageType": [
      "ORIGINAL",
      "PRIMARY",
      "M",
      "MB",
      "ND",
      "MOSAIC"
    ],
    "ImagingFrequency": 123.247,
    "InPlanePhaseEncodingDirectionDICOM": "COL",
    "InstitutionAddress": "Scott_Ave_4525_St._Louis_MO_US_63110",
    "InstitutionName": "Washington_University",
    "InstitutionalDepartmentName": "Department",
    "MRAcquisitionType": "2D",
    "MagneticFieldStrength": 3,
    "Manufacturer": "Siemens",
    "ManufacturersModelName": "Prisma_fit",
    "Modality": "MR",
    "MultibandAccelerationFactor": 4,
    "PartialFourier": 1,
    "PatientPosition": "HFS",
    "PercentPhaseFOV": 100,
    "PhaseEncodingDirection": "j",
    "PhaseEncodingSteps": 90,
    "PhaseResolution": 1,
    "PixelBandwidth": 2220,
    "ProcedureStepDescription": "head_Braver",
    "ProtocolName": "tfMRI_SternBas2_PA",
    "PulseSequenceDetails": "%CustomerSeq%_cmrr_mbep2d_bold",
    "ReceiveCoilActiveElements": "HEA;HEP",
    "ReceiveCoilName": "Head_32",
    "ReconMatrixPE": 90,
    "RepetitionTime": 1.2,
    "SAR": 0.0769052,
    "ScanOptions": "FS_EXT",
    "ScanningSequence": "EP",
    "SequenceName": "epfid2d1_90",
    "SequenceVariant": "SK_SS",
    "SeriesDescription": "tfMRI_SternBas2_PA",
    "SeriesNumber": 46,
    "ShimSetting": [
      -2006,
      -11533,
      5854,
      631,
      22,
      66,
      -84,
      -21
    ],
    "SliceThickness": 2.4,
    "SliceTiming": [
      0,
      0.6275,
      0.0775,
      0.7075,
      0.1575,
      0.785,
      0.235,
      0.865,
      0.3125,
      0.9425,
      0.3925,
      1.0225,
      0.47,
      1.1,
      0.55,
      0,
      0.6275,
      0.0775,
      0.7075,
      0.1575,
      0.785,
      0.235,
      0.865,
      0.3125,
      0.9425,
      0.3925,
      1.0225,
      0.47,
      1.1,
      0.55,
      0,
      0.6275,
      0.0775,
      0.7075,
      0.1575,
      0.785,
      0.235,
      0.865,
      0.3125,
      0.9425,
      0.3925,
      1.0225,
      0.47,
      1.1,
      0.55,
      0,
      0.6275,
      0.0775,
      0.7075,
      0.1575,
      0.785,
      0.235,
      0.865,
      0.3125,
      0.9425,
      0.3925,
      1.0225,
      0.47,
      1.1,
      0.55
    ],
    "SoftwareVersions": "syngo_MR_E11",
    "SpacingBetweenSlices": 2.4,
    "StationName": "MRC35177",
    "TaskName": "Stern",
    "TotalReadoutTime": 0.0525111,
    "TxRefAmp": 282.895,
    "VendorReportedEchoSpacing": 0.00059,
    "WipMemBlock": "6ce0224b-dbc9-43d5-8227-d4ae695db0ac||Sequence: R016 ve11c/master r/e634e98; Dec 19 2017 11:00:25 by eja",
    "acq_id": "mb4PA",
    "dataset": "ds003465",
    "modality": "bold",
    "run_id": 2,
    "session_id": "wave1bas",
    "subject_id": "f9206gd",
    "task_id": "Stern"
  },
  "dummy_trs": 0,
  "dvars_nstd": 33.60742288120198,
  "dvars_std": 1.1574460931051747,
  "dvars_vstd": 1.0387185952253757,
  "efc": 0.5371695835104725,
  "fber": 683.63330078125,
  "fd_mean": 0.17885781486664673,
  "fd_num": 198,
  "fd_perc": 33.0,
  "fwhm_avg": 2.7962277632300285,
  "fwhm_x": 2.6290582288639452,
  "fwhm_y": 2.8434790536769605,
  "fwhm_z": 2.9161460071491803,
  "gcor": 0.0255765,
  "gsr_x": -0.019484519958496094,
  "gsr_y": 0.07181152701377869,
  "provenance": {
    "md5sum": "9620dac7a847cfd012cc63e8fc257bcc",
    "settings": {
      "fd_thres": 0.2,
      "testing": false
    },
    "software": "mriqc",
    "version": "22.0.6",
    "webapi_port": null,
    "webapi_url": "https://mriqc.nimh.nih.gov/api/v1"
  },
  "size_t": 600,
  "size_x": 90,
  "size_y": 90,
  "size_z": 60,
  "snr": 2.6445683448179893,
  "spacing_tr": 1.2000000476837158,
  "spacing_x": 2.4000000953674316,
  "spacing_y": 2.4000000953674316,
  "spacing_z": 2.3999998569488525,
  "summary_bg_k": 14.883642389006752,
  "summary_bg_mad": 77.4066604708146,
  "summary_bg_mean": 431.7585144042969,
  "summary_bg_median": 165.9116668701172,
  "summary_bg_n": 322009.0,
  "summary_bg_p05": 108.55333709716797,
  "summary_bg_p95": 1830.0160644531245,
  "summary_bg_stdv": 656.9099731445312,
  "summary_fg_k": 0.47291340966647066,
  "summary_fg_mad": 1627.8143462931653,
  "summary_fg_mean": 4690.634765625,
  "summary_fg_median": 4409.53173828125,
  "summary_fg_n": 86300.0,
  "summary_fg_p05": 2506.2072143554688,
  "summary_fg_p95": 7799.584912109375,
  "summary_fg_stdv": 1667.3822021484375,
  "tsnr": 37.8696445224341
}