{
  "aor": 0.0006328756957328385,
  "aqi": 0.004683215602968461,
  "bids_meta": {
    "AcquisitionMatrixPE": 90,
    "AcquisitionNumber": 1,
    "AcquisitionTime": "20:25:5.507500",
    "BandwidthPerPixelPhaseEncode": 18.832,
    "BaseResolution": 90,
    "BodyPartExamined": "HEAD",
    "ConsistencyInfo": "N4_VE11C_LATEST_20160120",
    "ConversionSoftware": "dcm2niix",
    "ConversionSoftwareVersion": "v1.0.20190902",
    "DerivedVendorReportedEchoSpacing": 0.000590012,
    "DeviceSerialNumber": "67064",
    "DwellTime": 2.5e-06,
    "EchoTime": 0.033,
    "EchoTrainLength": 90,
    "EffectiveEchoSpacing": 0.000590012,
    "FlipAngle": 63,
    "ImageComments": "Unaliased_MB4_PE3_LB",
    "ImageOrientationPatientDICOM": [
      0.998756,
      0.0345227,
      0.0359912,
      -0.0162128,
      0.907235,
      -0.420312
    ],
    "ImageType": [
      "ORIGINAL",
      "PRIMARY",
      "M",
      "MB",
      "ND",
      "MOSAIC"
    ],
    "ImagingFrequency": 123.247,
    "InPlanePhaseEncodingDirectionDICOM": "COL",
    "InstitutionAddress": "Scott_Ave_4525_St._Louis_MO_US_63110",
    "InstitutionName": "washington_university",
    "InstitutionalDepartmentName": "Department",
    "MRAcquisitionType": "2D",
    "MagneticFieldStrength": 3,
    "Manufacturer": "Siemens",
    "ManufacturersModelName": "Prisma_fit",
    "Modality": "MR",
    "MultibandAccelerationFactor": 4,
    "PartialFourier": 1,
    "PatientPosition": "HFS",
    "PercentPhaseFOV": 100,
    "PhaseEncodingDirection": "j",
    "PhaseEncodingSteps": 90,
    "PhaseResolution": 1,
    "PixelBandwidth": 2220,
    "ProcedureStepDescription": "head_Braver",
    "ProtocolName": "tfMRI_StroopBas2_PA",
    "PulseSequenceDetails": "%CustomerSeq%_cmrr_mbep2d_bold",
    "ReceiveCoilActiveElements": "HEA;HEP",
    "ReceiveCoilName": "Head_32",
    "ReconMatrixPE": 90,
    "RepetitionTime": 1.2,
    "SAR": 0.0781353,
    "ScanOptions": "FS_EXT",
    "ScanningSequence": "EP",
    "SequenceName": "epfid2d1_90",
    "SequenceVariant": "SK_SS",
    "SeriesDescription": "tfMRI_StroopBas2_PA",
    "SeriesNumber": 32,
    "ShimSetting": [
      -1987,
      -11497,
      5773,
      510,
      122,
      165,
      -38,
      -2
    ],
    "SliceThickness": 2.4,
    "SliceTiming": [
      0,
      0.63,
      0.0775,
      0.7075,
      0.1575,
      0.785,
      0.235,
      0.865,
      0.315,
      0.9425,
      0.3925,
      1.0225,
      0.4725,
      1.1,
      0.55,
      0,
      0.63,
      0.0775,
      0.7075,
      0.1575,
      0.785,
      0.235,
      0.865,
      0.315,
      0.9425,
      0.3925,
      1.0225,
      0.4725,
      1.1,
      0.55,
      0,
      0.63,
      0.0775,
      0.7075,
      0.1575,
      0.785,
      0.235,
      0.865,
      0.315,
      0.9425,
      0.3925,
      1.0225,
      0.4725,
      1.1,
      0.55,
      0,
      0.63,
      0.0775,
      0.7075,
      0.1575,
      0.785,
      0.235,
      0.865,
      0.315,
      0.9425,
      0.3925,
      1.0225,
      0.4725,
      1.1,
      0.55
    ],
    "SoftwareVersions": "syngo_MR_E11",
    "SpacingBetweenSlices": 2.4,
    "StationName": "MRC35177",
    "TaskName": "Stroop",
    "TotalReadoutTime": 0.0525111,
    "TxRefAmp": 250.257,
    "VendorReportedEchoSpacing": 0.00059,
    "WipMemBlock": "c1ab82fb-44b7-4494-b645-4bbe86ee89cf||Sequence: ve11c/master r/068cfa9; Jul 21 2016 14:39:26 by eja",
    "acq_id": "mb4PA",
    "dataset": "ds003465",
    "modality": "bold",
    "run_id": 2,
    "session_id": "wave1bas",
    "subject_id": "f1552xo",
    "task_id": "Stroop"
  },
  "dummy_trs": 1,
  "dvars_nstd": 35.07003748728623,
  "dvars_std": 1.1917503433829,
  "dvars_vstd": 1.0010837186059482,
  "efc": 0.5556386374573947,
  "fber": 529.9075927734375,
  "fd_mean": 0.11645868759736865,
  "fd_num": 17,
  "fd_perc": 3.1539888682745825,
  "fwhm_avg": 3.0681248780836707,
  "fwhm_x": 2.855449886534616,
  "fwhm_y": 3.026133213085603,
  "fwhm_z": 3.322791534630794,
  "gcor": 0.0128629,
  "gsr_x": -0.016135670244693756,
  "gsr_y": 0.07882776111364365,
  "provenance": {
    "md5sum": "3f4cf290fe583948bbd25b400ae5c086",
    "settings": {
      "fd_thres": 0.2,
      "testing": false
    },
    "software": "mriqc",
    "version": "22.0.6",
    "webapi_port": null,
    "webapi_url": "https://mriqc.nimh.nih.gov/api/v1"
  },
  "size_t": 539,
  "size_x": 90,
  "size_y": 90,
  "size_z": 60,
  "snr": 2.0269344679293018,
  "spacing_tr": 1.2000000476837158,
  "spacing_x": 2.4000000953674316,
  "spacing_y": 2.4000000953674316,
  "spacing_z": 2.4000000953674316,
  "summary_bg_k": 35.885142020567265,
  "summary_bg_mad": 103.5896133721484,
  "summary_bg_mean": 503.142578125,
  "summary_bg_median": 194.0964813232422,
  "summary_bg_n": 292421.0,
  "summary_bg_p05": 114.94619750976562,
  "summary_bg_p95": 2124.86083984375,
  "summary_bg_stdv": 796.2009887695312,
  "summary_fg_k": 3.975513800635535,
  "summary_fg_mad": 2001.4197893987575,
  "summary_fg_mean": 5177.9189453125,
  "summary_fg_median": 4671.01318359375,
  "summary_fg_n": 104384.0,
  "summary_fg_p05": 2517.0111083984375,
  "summary_fg_p95": 9452.279101562499,
  "summary_fg_stdv": 2304.460693359375,
  "tsnr": 51.494623883161694
}