{
  "aor": 0.0005274123539232054,
  "aqi": 0.003933647228714524,
  "bids_meta": {
    "AcquisitionMatrixPE": 90,
    "AcquisitionNumber": 1,
    "AcquisitionTime": "19:51:31.510000",
    "BandwidthPerPixelPhaseEncode": 18.832,
    "BaseResolution": 90,
    "BodyPartExamined": "HEAD",
    "ConsistencyInfo": "N4_VE11C_LATEST_20160120",
    "ConversionSoftware": "dcm2niix",
    "ConversionSoftwareVersion": "v1.0.20190902",
    "DerivedVendorReportedEchoSpacing": 0.000590012,
    "DeviceSerialNumber": "67064",
    "DwellTime": 2.5e-06,
    "EchoTime": 0.033,
    "EchoTrainLength": 90,
    "EffectiveEchoSpacing": 0.000590012,
    "FlipAngle": 63,
    "ImageComments": "Unaliased_MB4_PE3_LB",
    "ImageOrientationPatientDICOM": [
      0.998756,
      0.0345227,
      0.0359912,
      -0.0162128,
      0.907235,
      -0.420312
    ],
    "ImageType": [
      "ORIGINAL",
      "PRIMARY",
      "M",
      "MB",
      "ND",
      "MOSAIC"
    ],
    "ImagingFrequency": 123.247,
    "InPlanePhaseEncodingDirectionDICOM": "COL",
    "InstitutionAddress": "Scott_Ave_4525_St._Louis_MO_US_63110",
    "InstitutionName": "washington_university",
    "InstitutionalDepartmentName": "Department",
    "MRAcquisitionType": "2D",
    "MagneticFieldStrength": 3,
    "Manufacturer": "Siemens",
    "ManufacturersModelName": "Prisma_fit",
    "Modality": "MR",
    "MultibandAccelerationFactor": 4,
    "PartialFourier": 1,
    "PatientPosition": "HFS",
    "PercentPhaseFOV": 100,
    "PhaseEncodingDirection": "j",
    "PhaseEncodingSteps": 90,
    "PhaseResolution": 1,
    "PixelBandwidth": 2220,
    "ProcedureStepDescription": "head_Braver",
    "ProtocolName": "tfMRI_SternBas2_PA",
    "PulseSequenceDetails": "%CustomerSeq%_cmrr_mbep2d_bold",
    "ReceiveCoilActiveElements": "HEA;HEP",
    "ReceiveCoilName": "Head_32",
    "ReconMatrixPE": 90,
    "RepetitionTime": 1.2,
    "SAR": 0.0781693,
    "ScanOptions": "FS_EXT",
    "ScanningSequence": "EP",
    "SequenceName": "epfid2d1_90",
    "SequenceVariant": "SK_SS",
    "SeriesDescription": "tfMRI_SternBas2_PA",
    "SeriesNumber": 24,
    "ShimSetting": [
      -1987,
      -11497,
      5773,
      510,
      122,
      165,
      -38,
      -2
    ],
    "SliceThickness": 2.4,
    "SliceTiming": [
      0,
      0.63,
      0.08,
      0.7075,
      0.1575,
      0.7875,
      0.2375,
      0.865,
      0.315,
      0.945,
      0.3925,
      1.0225,
      0.4725,
      1.1025,
      0.55,
      0,
      0.63,
      0.08,
      0.7075,
      0.1575,
      0.7875,
      0.2375,
      0.865,
      0.315,
      0.945,
      0.3925,
      1.0225,
      0.4725,
      1.1025,
      0.55,
      0,
      0.63,
      0.08,
      0.7075,
      0.1575,
      0.7875,
      0.2375,
      0.865,
      0.315,
      0.945,
      0.3925,
      1.0225,
      0.4725,
      1.1025,
      0.55,
      0,
      0.63,
      0.08,
      0.7075,
      0.1575,
      0.7875,
      0.2375,
      0.865,
      0.315,
      0.945,
      0.3925,
      1.0225,
      0.4725,
      1.1025,
      0.55
    ],
    "SoftwareVersions": "syngo_MR_E11",
    "SpacingBetweenSlices": 2.4,
    "StationName": "MRC35177",
    "TaskName": "Stern",
    "TotalReadoutTime": 0.0525111,
    "TxRefAmp": 250.257,
    "VendorReportedEchoSpacing": 0.00059,
    "WipMemBlock": "ae77d564-bb17-4485-a4d3-30a8e9e0a5e3||Sequence: ve11c/master r/068cfa9; Jul 21 2016 14:39:26 by eja",
    "acq_id": "mb4PA",
    "dataset": "ds003465",
    "modality": "bold",
    "run_id": 2,
    "session_id": "wave1bas",
    "subject_id": "f1552xo",
    "task_id": "Stern"
  },
  "dummy_trs": 1,
  "dvars_nstd": 32.30451105436455,
  "dvars_std": 1.1889047736789273,
  "dvars_vstd": 1.002776407842809,
  "efc": 0.5551141046428663,
  "fber": 535.298828125,
  "fd_mean": 0.09872464602188907,
  "fd_num": 4,
  "fd_perc": 0.667779632721202,
  "fwhm_avg": 3.0690248780479075,
  "fwhm_x": 2.8501665534112233,
  "fwhm_y": 3.022908213213753,
  "fwhm_z": 3.333999867518748,
  "gcor": 0.0171866,
  "gsr_x": -0.013997397385537624,
  "gsr_y": 0.0785970613360405,
  "provenance": {
    "md5sum": "cf30ee9496ced91803af5bd2529b87da",
    "settings": {
      "fd_thres": 0.2,
      "testing": false
    },
    "software": "mriqc",
    "version": "22.0.6",
    "webapi_port": null,
    "webapi_url": "https://mriqc.nimh.nih.gov/api/v1"
  },
  "size_t": 599,
  "size_x": 90,
  "size_y": 90,
  "size_z": 60,
  "snr": 2.030544493946061,
  "spacing_tr": 1.2000000476837158,
  "spacing_x": 2.4000000953674316,
  "spacing_y": 2.4000000953674316,
  "spacing_z": 2.4000000953674316,
  "summary_bg_k": 40.22057941191216,
  "summary_bg_mad": 100.8577848580819,
  "summary_bg_mean": 496.4023742675781,
  "summary_bg_median": 191.81051635742188,
  "summary_bg_n": 292064.0,
  "summary_bg_p05": 114.78296661376953,
  "summary_bg_p95": 2092.582727050781,
  "summary_bg_stdv": 791.1943359375,
  "summary_fg_k": 4.0060927913838835,
  "summary_fg_mad": 1987.6894305231294,
  "summary_fg_mean": 5171.5126953125,
  "summary_fg_median": 4667.076171875,
  "summary_fg_n": 104456.0,
  "summary_fg_p05": 2520.167724609375,
  "summary_fg_p95": 9442.958740234375,
  "summary_fg_stdv": 2298.4248046875,
  "tsnr": 55.71037261374295
}