{
  "aor": 0.002018731218697829,
  "aqi": 0.00485612205342237,
  "bids_meta": {
    "AcquisitionMatrixPE": 90,
    "AcquisitionNumber": 1,
    "AcquisitionTime": "13:55:11.947500",
    "BandwidthPerPixelPhaseEncode": 18.832,
    "BaseResolution": 90,
    "BodyPartExamined": "HEAD",
    "ConsistencyInfo": "N4_VE11C_LATEST_20160120",
    "ConversionSoftware": "dcm2niix",
    "ConversionSoftwareVersion": "v1.0.20190902",
    "DerivedVendorReportedEchoSpacing": 0.000590012,
    "DeviceSerialNumber": "67064",
    "DwellTime": 2.5e-06,
    "EchoTime": 0.033,
    "EchoTrainLength": 90,
    "EffectiveEchoSpacing": 0.000590012,
    "FlipAngle": 63,
    "ImageComments": "Unaliased_MB4_PE3_LB",
    "ImageOrientationPatientDICOM": [
      0.998762,
      0.000870201,
      -0.0497463,
      -0.0214443,
      0.90974,
      -0.414625
    ],
    "ImageType": [
      "ORIGINAL",
      "PRIMARY",
      "M",
      "MB",
      "ND",
      "MOSAIC"
    ],
    "ImagingFrequency": 123.247,
    "InPlanePhaseEncodingDirectionDICOM": "COL",
    "InstitutionAddress": "Scott_Ave_4525_St._Louis_MO_US_63110",
    "InstitutionName": "Washington_University",
    "InstitutionalDepartmentName": "Department",
    "MRAcquisitionType": "2D",
    "MagneticFieldStrength": 3,
    "Manufacturer": "Siemens",
    "ManufacturersModelName": "Prisma_fit",
    "Modality": "MR",
    "MultibandAccelerationFactor": 4,
    "PartialFourier": 1,
    "PatientPosition": "HFS",
    "PercentPhaseFOV": 100,
    "PhaseEncodingDirection": "j-",
    "PhaseEncodingSteps": 90,
    "PhaseResolution": 1,
    "PixelBandwidth": 2220,
    "ProcedureStepDescription": "head_Braver",
    "ProtocolName": "tfMRI_SternBas1_AP",
    "PulseSequenceDetails": "%CustomerSeq%_cmrr_mbep2d_bold",
    "ReceiveCoilActiveElements": "HEA;HEP",
    "ReceiveCoilName": "Head_32",
    "ReconMatrixPE": 90,
    "RepetitionTime": 1.2,
    "SAR": 0.0882394,
    "ScanOptions": "FS_EXT",
    "ScanningSequence": "EP",
    "SequenceName": "epfid2d1_90",
    "SequenceVariant": "SK_SS",
    "SeriesDescription": "tfMRI_SternBas1_AP",
    "SeriesNumber": 19,
    "ShimSetting": [
      -2016,
      -11547,
      5808,
      598,
      34,
      41,
      -18,
      35
    ],
    "SliceThickness": 2.4,
    "SliceTiming": [
      0,
      0.6275,
      0.0775,
      0.7075,
      0.1575,
      0.785,
      0.235,
      0.865,
      0.3125,
      0.9425,
      0.3925,
      1.0225,
      0.47,
      1.1,
      0.55,
      0,
      0.6275,
      0.0775,
      0.7075,
      0.1575,
      0.785,
      0.235,
      0.865,
      0.3125,
      0.9425,
      0.3925,
      1.0225,
      0.47,
      1.1,
      0.55,
      0,
      0.6275,
      0.0775,
      0.7075,
      0.1575,
      0.785,
      0.235,
      0.865,
      0.3125,
      0.9425,
      0.3925,
      1.0225,
      0.47,
      1.1,
      0.55,
      0,
      0.6275,
      0.0775,
      0.7075,
      0.1575,
      0.785,
      0.235,
      0.865,
      0.3125,
      0.9425,
      0.3925,
      1.0225,
      0.47,
      1.1,
      0.55
    ],
    "SoftwareVersions": "syngo_MR_E11",
    "SpacingBetweenSlices": 2.4,
    "StationName": "MRC35177",
    "TaskName": "Stern",
    "TotalReadoutTime": 0.0525111,
    "TxRefAmp": 222.003,
    "VendorReportedEchoSpacing": 0.00059,
    "WipMemBlock": "d4003a41-4905-4283-8db9-4e6c8cb9677d||Sequence: R016 ve11c/master r/e634e98; Dec 19 2017 11:00:25 by eja",
    "acq_id": "mb4AP",
    "dataset": "ds003465",
    "modality": "bold",
    "run_id": 1,
    "session_id": "wave1bas",
    "subject_id": "f1550bc",
    "task_id": "Stern"
  },
  "dummy_trs": 1,
  "dvars_nstd": 31.623270273795992,
  "dvars_std": 1.1768768589966556,
  "dvars_vstd": 1.0141967524749158,
  "efc": 0.473722616337331,
  "fber": 1147.7625732421875,
  "fd_mean": 0.17524141216216127,
  "fd_num": 214,
  "fd_perc": 35.72621035058431,
  "fwhm_avg": 2.968856928653111,
  "fwhm_x": 2.828049887623394,
  "fwhm_y": 2.992774881077811,
  "fwhm_z": 3.0857460172581286,
  "gcor": 0.0263576,
  "gsr_x": -0.020768532529473305,
  "gsr_y": 0.06928785145282745,
  "provenance": {
    "md5sum": "87fd44afafedcff27741684b9fd6f2b4",
    "settings": {
      "fd_thres": 0.2,
      "testing": false
    },
    "software": "mriqc",
    "version": "22.0.6",
    "webapi_port": null,
    "webapi_url": "https://mriqc.nimh.nih.gov/api/v1"
  },
  "size_t": 599,
  "size_x": 90,
  "size_y": 90,
  "size_z": 60,
  "snr": 2.4744127930363176,
  "spacing_tr": 1.2000000476837158,
  "spacing_x": 2.4000000953674316,
  "spacing_y": 2.4000000953674316,
  "spacing_z": 2.3999998569488525,
  "summary_bg_k": 66.23424293384714,
  "summary_bg_mad": 35.86461505093241,
  "summary_bg_mean": 300.08660888671875,
  "summary_bg_median": 128.6510772705078,
  "summary_bg_n": 343879.0,
  "summary_bg_p05": 101.80133056640625,
  "summary_bg_p95": 1120.8255371093749,
  "summary_bg_stdv": 535.3084106445312,
  "summary_fg_k": 3.272731237327636,
  "summary_fg_mad": 1555.0394264582378,
  "summary_fg_mean": 4794.7099609375,
  "summary_fg_median": 4420.8046875,
  "summary_fg_n": 72879.0,
  "summary_fg_p05": 2667.7310302734377,
  "summary_fg_p95": 8179.172851562498,
  "summary_fg_stdv": 1786.5953369140625,
  "tsnr": 49.97059112414718
}