{
  "aor": 0.0017705418719211822,
  "aqi": 0.004482798620689655,
  "bids_meta": {
    "AcquisitionMatrixPE": 90,
    "AcquisitionNumber": 1,
    "AcquisitionTime": "14:22:8.480000",
    "BandwidthPerPixelPhaseEncode": 18.832,
    "BaseResolution": 90,
    "BodyPartExamined": "HEAD",
    "ConsistencyInfo": "N4_VE11C_LATEST_20160120",
    "ConversionSoftware": "dcm2niix",
    "ConversionSoftwareVersion": "v1.0.20190902",
    "DerivedVendorReportedEchoSpacing": 0.000590012,
    "DeviceSerialNumber": "67064",
    "DwellTime": 2.5e-06,
    "EchoTime": 0.033,
    "EchoTrainLength": 90,
    "EffectiveEchoSpacing": 0.000590012,
    "FlipAngle": 63,
    "ImageComments": "Unaliased_MB4_PE3_LB",
    "ImageOrientationPatientDICOM": [
      0.998762,
      0.000870201,
      -0.0497463,
      -0.0214443,
      0.90974,
      -0.414625
    ],
    "ImageType": [
      "ORIGINAL",
      "PRIMARY",
      "M",
      "MB",
      "ND",
      "MOSAIC"
    ],
    "ImagingFrequency": 123.247,
    "InPlanePhaseEncodingDirectionDICOM": "COL",
    "InstitutionAddress": "Scott_Ave_4525_St._Louis_MO_US_63110",
    "InstitutionName": "Washington_University",
    "InstitutionalDepartmentName": "Department",
    "MRAcquisitionType": "2D",
    "MagneticFieldStrength": 3,
    "Manufacturer": "Siemens",
    "ManufacturersModelName": "Prisma_fit",
    "Modality": "MR",
    "MultibandAccelerationFactor": 4,
    "PartialFourier": 1,
    "PatientPosition": "HFS",
    "PercentPhaseFOV": 100,
    "PhaseEncodingDirection": "j-",
    "PhaseEncodingSteps": 90,
    "PhaseResolution": 1,
    "PixelBandwidth": 2220,
    "ProcedureStepDescription": "head_Braver",
    "ProtocolName": "tfMRI_AxcptBas1_AP",
    "PulseSequenceDetails": "%CustomerSeq%_cmrr_mbep2d_bold",
    "ReceiveCoilActiveElements": "HEA;HEP",
    "ReceiveCoilName": "Head_32",
    "ReconMatrixPE": 90,
    "RepetitionTime": 1.2,
    "SAR": 0.0882451,
    "ScanOptions": "FS_EXT",
    "ScanningSequence": "EP",
    "SequenceName": "epfid2d1_90",
    "SequenceVariant": "SK_SS",
    "SeriesDescription": "tfMRI_AxcptBas1_AP",
    "SeriesNumber": 25,
    "ShimSetting": [
      -2016,
      -11547,
      5808,
      598,
      34,
      41,
      -18,
      35
    ],
    "SliceThickness": 2.4,
    "SliceTiming": [
      0,
      0.63,
      0.08,
      0.71,
      0.1575,
      0.7875,
      0.2375,
      0.8675,
      0.315,
      0.945,
      0.395,
      1.0225,
      0.4725,
      1.1025,
      0.5525,
      0,
      0.63,
      0.08,
      0.71,
      0.1575,
      0.7875,
      0.2375,
      0.8675,
      0.315,
      0.945,
      0.395,
      1.0225,
      0.4725,
      1.1025,
      0.5525,
      0,
      0.63,
      0.08,
      0.71,
      0.1575,
      0.7875,
      0.2375,
      0.8675,
      0.315,
      0.945,
      0.395,
      1.0225,
      0.4725,
      1.1025,
      0.5525,
      0,
      0.63,
      0.08,
      0.71,
      0.1575,
      0.7875,
      0.2375,
      0.8675,
      0.315,
      0.945,
      0.395,
      1.0225,
      0.4725,
      1.1025,
      0.5525
    ],
    "SoftwareVersions": "syngo_MR_E11",
    "SpacingBetweenSlices": 2.4,
    "StationName": "MRC35177",
    "TaskName": "Axcpt",
    "TotalReadoutTime": 0.0525111,
    "TxRefAmp": 222.003,
    "VendorReportedEchoSpacing": 0.00059,
    "WipMemBlock": "9efc3f58-20a9-47c4-8075-2a904993d87b||Sequence: R016 ve11c/master r/e634e98; Dec 19 2017 11:00:25 by eja",
    "acq_id": "mb4AP",
    "dataset": "ds003465",
    "modality": "bold",
    "run_id": 1,
    "session_id": "wave1bas",
    "subject_id": "f1550bc",
    "task_id": "Axcpt"
  },
  "dummy_trs": 1,
  "dvars_nstd": 33.49182397144737,
  "dvars_std": 1.2128042943092106,
  "dvars_vstd": 1.0276141512993422,
  "efc": 0.47545005491701525,
  "fber": 1139.59423828125,
  "fd_mean": 0.18184524591258475,
  "fd_num": 228,
  "fd_perc": 37.4384236453202,
  "fwhm_avg": 2.9316485954482316,
  "fwhm_x": 2.7989665554457286,
  "fwhm_y": 2.9510040494043013,
  "fwhm_z": 3.044975181494664,
  "gcor": 0.0224052,
  "gsr_x": -0.02127678506076336,
  "gsr_y": 0.06874575465917587,
  "provenance": {
    "md5sum": "8f048c614d81d3090209b717d029880d",
    "settings": {
      "fd_thres": 0.2,
      "testing": false
    },
    "software": "mriqc",
    "version": "22.0.6",
    "webapi_port": null,
    "webapi_url": "https://mriqc.nimh.nih.gov/api/v1"
  },
  "size_t": 609,
  "size_x": 90,
  "size_y": 90,
  "size_z": 60,
  "snr": 2.5180115651982486,
  "spacing_tr": 1.2000000476837158,
  "spacing_x": 2.4000000953674316,
  "spacing_y": 2.4000000953674316,
  "spacing_z": 2.3999998569488525,
  "summary_bg_k": 61.77823226668414,
  "summary_bg_mad": 35.453435903251,
  "summary_bg_mean": 304.2250061035156,
  "summary_bg_median": 128.7816162109375,
  "summary_bg_n": 344073.0,
  "summary_bg_p05": 102.37274169921875,
  "summary_bg_p95": 1150.8308837890609,
  "summary_bg_stdv": 545.268798828125,
  "summary_fg_k": 3.2176815927368905,
  "summary_fg_mad": 1532.8572214395174,
  "summary_fg_mean": 4770.419921875,
  "summary_fg_median": 4405.86376953125,
  "summary_fg_n": 72933.0,
  "summary_fg_p05": 2680.583642578125,
  "summary_fg_p95": 8074.67001953125,
  "summary_fg_stdv": 1749.727294921875,
  "tsnr": 52.23665264551528
}