{
  "aor": 0.00043938271604938275,
  "aqi": 0.00788944047839506,
  "bids_meta": {
    "AcquisitionMatrixPE": 90,
    "AcquisitionNumber": 1,
    "AcquisitionTime": "15:23:29.402500",
    "BandwidthPerPixelPhaseEncode": 18.832,
    "BaseResolution": 90,
    "BodyPartExamined": "HEAD",
    "ConsistencyInfo": "N4_VE11C_LATEST_20160120",
    "ConversionSoftware": "dcm2niix",
    "ConversionSoftwareVersion": "v1.0.20190902",
    "DerivedVendorReportedEchoSpacing": 0.000590012,
    "DeviceSerialNumber": "67064",
    "DwellTime": 2.5e-06,
    "EchoTime": 0.033,
    "EchoTrainLength": 90,
    "EffectiveEchoSpacing": 0.000590012,
    "FlipAngle": 63,
    "ImageComments": "Unaliased_MB4_PE3_LB",
    "ImageOrientationPatientDICOM": [
      0.999866,
      0.0112821,
      -0.0118457,
      -0.015009,
      0.920705,
      -0.389971
    ],
    "ImageType": [
      "ORIGINAL",
      "PRIMARY",
      "M",
      "MB",
      "ND",
      "MOSAIC"
    ],
    "ImagingFrequency": 123.247,
    "InPlanePhaseEncodingDirectionDICOM": "COL",
    "InstitutionAddress": "Scott_Ave_4525_St._Louis_MO_US_63110",
    "InstitutionName": "Washington_University",
    "InstitutionalDepartmentName": "Department",
    "MRAcquisitionType": "2D",
    "MagneticFieldStrength": 3,
    "Manufacturer": "Siemens",
    "ManufacturersModelName": "Prisma_fit",
    "Modality": "MR",
    "MultibandAccelerationFactor": 4,
    "PartialFourier": 1,
    "PatientPosition": "HFS",
    "PercentPhaseFOV": 100,
    "PhaseEncodingDirection": "j",
    "PhaseEncodingSteps": 90,
    "PhaseResolution": 1,
    "PixelBandwidth": 2220,
    "ProcedureStepDescription": "head_Braver",
    "ProtocolName": "tfMRI_CuedtsBas2_PA",
    "PulseSequenceDetails": "%CustomerSeq%_cmrr_mbep2d_bold",
    "ReceiveCoilActiveElements": "HEA;HEP",
    "ReceiveCoilName": "Head_32",
    "ReconMatrixPE": 90,
    "RepetitionTime": 1.2,
    "SAR": 0.0799479,
    "ScanOptions": "FS_EXT",
    "ScanningSequence": "EP",
    "SequenceName": "epfid2d1_90",
    "SequenceVariant": "SK_SS",
    "SeriesDescription": "tfMRI_CuedtsBas2_PA",
    "SeriesNumber": 47,
    "ShimSetting": [
      -2010,
      -11544,
      5799,
      609,
      0,
      29,
      -6,
      -5
    ],
    "SliceThickness": 2.4,
    "SliceTiming": [
      0,
      0.63,
      0.08,
      0.7075,
      0.1575,
      0.7875,
      0.235,
      0.865,
      0.315,
      0.945,
      0.3925,
      1.0225,
      0.4725,
      1.1025,
      0.55,
      0,
      0.63,
      0.08,
      0.7075,
      0.1575,
      0.7875,
      0.235,
      0.865,
      0.315,
      0.945,
      0.3925,
      1.0225,
      0.4725,
      1.1025,
      0.55,
      0,
      0.63,
      0.08,
      0.7075,
      0.1575,
      0.7875,
      0.235,
      0.865,
      0.315,
      0.945,
      0.3925,
      1.0225,
      0.4725,
      1.1025,
      0.55,
      0,
      0.63,
      0.08,
      0.7075,
      0.1575,
      0.7875,
      0.235,
      0.865,
      0.315,
      0.945,
      0.3925,
      1.0225,
      0.4725,
      1.1025,
      0.55
    ],
    "SoftwareVersions": "syngo_MR_E11",
    "SpacingBetweenSlices": 2.4,
    "StationName": "MRC35177",
    "TaskName": "Cuedts",
    "TotalReadoutTime": 0.0525111,
    "TxRefAmp": 218.885,
    "VendorReportedEchoSpacing": 0.00059,
    "WipMemBlock": "41a93ce5-43f4-4129-833e-8480a15ea82c||Sequence: R016 ve11c/master r/e634e98; Dec 19 2017 11:00:25 by eja",
    "acq_id": "mb4PA",
    "dataset": "ds003465",
    "modality": "bold",
    "run_id": 2,
    "session_id": "wave1bas",
    "subject_id": "f1550bc",
    "task_id": "Cuedts"
  },
  "dummy_trs": 2,
  "dvars_nstd": 30.286340353786724,
  "dvars_std": 1.1019899424574962,
  "dvars_vstd": 0.9665606288717167,
  "efc": 0.4724009605366609,
  "fber": 1118.6944580078125,
  "fd_mean": 0.1400601047680462,
  "fd_num": 104,
  "fd_perc": 16.049382716049383,
  "fwhm_avg": 2.899620718112758,
  "fwhm_x": 2.721533225189319,
  "fwhm_y": 2.9213290505834797,
  "fwhm_z": 3.055999878565475,
  "gcor": 0.0192815,
  "gsr_x": -0.020403213798999786,
  "gsr_y": 0.06083856523036957,
  "provenance": {
    "md5sum": "0e3ef6ece19de04d3ddbabd13a09fe1d",
    "settings": {
      "fd_thres": 0.2,
      "testing": false
    },
    "software": "mriqc",
    "version": "22.0.6",
    "webapi_port": null,
    "webapi_url": "https://mriqc.nimh.nih.gov/api/v1"
  },
  "size_t": 648,
  "size_x": 90,
  "size_y": 90,
  "size_z": 60,
  "snr": 2.528817271617506,
  "spacing_tr": 1.2000000476837158,
  "spacing_x": 2.4000000953674316,
  "spacing_y": 2.4000000953674316,
  "spacing_z": 2.4000000953674316,
  "summary_bg_k": 116.6947037394281,
  "summary_bg_mad": 42.469248685668354,
  "summary_bg_mean": 308.05291748046875,
  "summary_bg_median": 131.49383544921875,
  "summary_bg_n": 347347.0,
  "summary_bg_p05": 98.27468872070312,
  "summary_bg_p95": 1249.3756347656251,
  "summary_bg_stdv": 527.7736206054688,
  "summary_fg_k": 3.763839713698424,
  "summary_fg_mad": 1510.6813507808615,
  "summary_fg_mean": 4740.62890625,
  "summary_fg_median": 4406.7265625,
  "summary_fg_n": 70496.0,
  "summary_fg_p05": 2643.5556640625,
  "summary_fg_p95": 7907.529296875,
  "summary_fg_stdv": 1742.5914306640625,
  "tsnr": 43.64379970589653
}