{
  "aor": 0.0005493066255778119,
  "aqi": 0.0082645643605547,
  "bids_meta": {
    "AcquisitionMatrixPE": 90,
    "AcquisitionNumber": 1,
    "AcquisitionTime": "15:09:46.805000",
    "BandwidthPerPixelPhaseEncode": 18.832,
    "BaseResolution": 90,
    "BodyPartExamined": "HEAD",
    "ConsistencyInfo": "N4_VE11C_LATEST_20160120",
    "ConversionSoftware": "dcm2niix",
    "ConversionSoftwareVersion": "v1.0.20190902",
    "DerivedVendorReportedEchoSpacing": 0.000590012,
    "DeviceSerialNumber": "67064",
    "DwellTime": 2.5e-06,
    "EchoTime": 0.033,
    "EchoTrainLength": 90,
    "EffectiveEchoSpacing": 0.000590012,
    "FlipAngle": 63,
    "ImageComments": "Unaliased_MB4_PE3_LB",
    "ImageOrientationPatientDICOM": [
      0.999866,
      0.0112821,
      -0.0118457,
      -0.015009,
      0.920705,
      -0.389971
    ],
    "ImageType": [
      "ORIGINAL",
      "PRIMARY",
      "M",
      "MB",
      "ND",
      "MOSAIC"
    ],
    "ImagingFrequency": 123.247,
    "InPlanePhaseEncodingDirectionDICOM": "COL",
    "InstitutionAddress": "Scott_Ave_4525_St._Louis_MO_US_63110",
    "InstitutionName": "Washington_University",
    "InstitutionalDepartmentName": "Department",
    "MRAcquisitionType": "2D",
    "MagneticFieldStrength": 3,
    "Manufacturer": "Siemens",
    "ManufacturersModelName": "Prisma_fit",
    "Modality": "MR",
    "MultibandAccelerationFactor": 4,
    "PartialFourier": 1,
    "PatientPosition": "HFS",
    "PercentPhaseFOV": 100,
    "PhaseEncodingDirection": "j-",
    "PhaseEncodingSteps": 90,
    "PhaseResolution": 1,
    "PixelBandwidth": 2220,
    "ProcedureStepDescription": "head_Braver",
    "ProtocolName": "tfMRI_CuedtsBas1_AP",
    "PulseSequenceDetails": "%CustomerSeq%_cmrr_mbep2d_bold",
    "ReceiveCoilActiveElements": "HEP",
    "ReceiveCoilName": "Head_32",
    "ReconMatrixPE": 90,
    "RepetitionTime": 1.2,
    "SAR": 0.0799479,
    "ScanOptions": "FS_EXT",
    "ScanningSequence": "EP",
    "SequenceName": "epfid2d1_90",
    "SequenceVariant": "SK_SS",
    "SeriesDescription": "tfMRI_CuedtsBas1_AP",
    "SeriesNumber": 44,
    "ShimSetting": [
      -2011,
      -11549,
      5824,
      737,
      -4,
      95,
      46,
      -16
    ],
    "SliceThickness": 2.4,
    "SliceTiming": [
      0,
      0.6275,
      0.0775,
      0.7075,
      0.1575,
      0.785,
      0.235,
      0.865,
      0.315,
      0.9425,
      0.3925,
      1.0225,
      0.4725,
      1.1,
      0.55,
      0,
      0.6275,
      0.0775,
      0.7075,
      0.1575,
      0.785,
      0.235,
      0.865,
      0.315,
      0.9425,
      0.3925,
      1.0225,
      0.4725,
      1.1,
      0.55,
      0,
      0.6275,
      0.0775,
      0.7075,
      0.1575,
      0.785,
      0.235,
      0.865,
      0.315,
      0.9425,
      0.3925,
      1.0225,
      0.4725,
      1.1,
      0.55,
      0,
      0.6275,
      0.0775,
      0.7075,
      0.1575,
      0.785,
      0.235,
      0.865,
      0.315,
      0.9425,
      0.3925,
      1.0225,
      0.4725,
      1.1,
      0.55
    ],
    "SoftwareVersions": "syngo_MR_E11",
    "SpacingBetweenSlices": 2.4,
    "StationName": "MRC35177",
    "TaskName": "Cuedts",
    "TotalReadoutTime": 0.0525111,
    "TxRefAmp": 218.885,
    "VendorReportedEchoSpacing": 0.00059,
    "WipMemBlock": "6936971c-e1b6-41ee-96da-eca8a1f61b38||Sequence: R016 ve11c/master r/e634e98; Dec 19 2017 11:00:25 by eja",
    "acq_id": "mb4AP",
    "dataset": "ds003465",
    "modality": "bold",
    "run_id": 1,
    "session_id": "wave1bas",
    "subject_id": "f1550bc",
    "task_id": "Cuedts"
  },
  "dummy_trs": 1,
  "dvars_nstd": 35.15445271555553,
  "dvars_std": 1.0339511301543214,
  "dvars_vstd": 0.9609896018981482,
  "efc": 0.45515834839796926,
  "fber": 1007.2944946289062,
  "fd_mean": 0.14210536237754468,
  "fd_num": 123,
  "fd_perc": 18.952234206471495,
  "fwhm_avg": 3.526480415425814,
  "fwhm_x": 3.1495290415156267,
  "fwhm_y": 3.874595679370734,
  "fwhm_z": 3.555316525391081,
  "gcor": 0.0200859,
  "gsr_x": -0.010219769552350044,
  "gsr_y": 0.04655637964606285,
  "provenance": {
    "md5sum": "1b2e7062f94b8e9490c57a2961e45024",
    "settings": {
      "fd_thres": 0.2,
      "testing": false
    },
    "software": "mriqc",
    "version": "22.0.6",
    "webapi_port": null,
    "webapi_url": "https://mriqc.nimh.nih.gov/api/v1"
  },
  "size_t": 649,
  "size_x": 90,
  "size_y": 90,
  "size_z": 60,
  "snr": 2.322659499281105,
  "spacing_tr": 1.2000000476837158,
  "spacing_x": 2.4000000953674316,
  "spacing_y": 2.4000000953674316,
  "spacing_z": 2.4000000953674316,
  "summary_bg_k": 27.51368217774128,
  "summary_bg_mad": 25.399562231724403,
  "summary_bg_mean": 170.1138458251953,
  "summary_bg_median": 88.83744812011719,
  "summary_bg_n": 349900.0,
  "summary_bg_p05": 67.9013900756836,
  "summary_bg_p95": 643.3501922607418,
  "summary_bg_stdv": 233.75250244140625,
  "summary_fg_k": 0.42239051950022954,
  "summary_fg_mad": 1214.861125339433,
  "summary_fg_mean": 3086.162353515625,
  "summary_fg_median": 2898.657958984375,
  "summary_fg_n": 68528.0,
  "summary_fg_p05": 1390.4297668457032,
  "summary_fg_p95": 5439.956347656249,
  "summary_fg_stdv": 1247.9818115234375,
  "tsnr": 31.453475202433765
}