{
  "aor": 0.0008267777777777778,
  "aqi": 0.00678154787037037,
  "bids_meta": {
    "AcquisitionMatrixPE": 90,
    "AcquisitionNumber": 1,
    "AcquisitionTime": "15:52:48.302500",
    "BandwidthPerPixelPhaseEncode": 18.832,
    "BaseResolution": 90,
    "BodyPartExamined": "HEAD",
    "ConsistencyInfo": "N4_VE11C_LATEST_20160120",
    "ConversionSoftware": "dcm2niix",
    "ConversionSoftwareVersion": "v1.0.20190902",
    "DerivedVendorReportedEchoSpacing": 0.000590012,
    "DeviceSerialNumber": "67064",
    "DwellTime": 2.5e-06,
    "EchoTime": 0.033,
    "EchoTrainLength": 90,
    "EffectiveEchoSpacing": 0.000590012,
    "FlipAngle": 63,
    "ImageComments": "Unaliased_MB4_PE3_LB",
    "ImageOrientationPatientDICOM": [
      0.999866,
      0.0112821,
      -0.0118457,
      -0.015009,
      0.920705,
      -0.389971
    ],
    "ImageType": [
      "ORIGINAL",
      "PRIMARY",
      "M",
      "MB",
      "ND",
      "MOSAIC"
    ],
    "ImagingFrequency": 123.247,
    "InPlanePhaseEncodingDirectionDICOM": "COL",
    "InstitutionAddress": "Scott_Ave_4525_St._Louis_MO_US_63110",
    "InstitutionName": "Washington_University",
    "InstitutionalDepartmentName": "Department",
    "MRAcquisitionType": "2D",
    "MagneticFieldStrength": 3,
    "Manufacturer": "Siemens",
    "ManufacturersModelName": "Prisma_fit",
    "Modality": "MR",
    "MultibandAccelerationFactor": 4,
    "PartialFourier": 1,
    "PatientPosition": "HFS",
    "PercentPhaseFOV": 100,
    "PhaseEncodingDirection": "j",
    "PhaseEncodingSteps": 90,
    "PhaseResolution": 1,
    "PixelBandwidth": 2220,
    "ProcedureStepDescription": "head_Braver",
    "ProtocolName": "tfMRI_StroopBas2_PA",
    "PulseSequenceDetails": "%CustomerSeq%_cmrr_mbep2d_bold",
    "ReceiveCoilActiveElements": "HEA;HEP",
    "ReceiveCoilName": "Head_32",
    "ReconMatrixPE": 90,
    "RepetitionTime": 1.2,
    "SAR": 0.0798891,
    "ScanOptions": "FS_EXT",
    "ScanningSequence": "EP",
    "SequenceName": "epfid2d1_90",
    "SequenceVariant": "SK_SS",
    "SeriesDescription": "tfMRI_StroopBas2_PA",
    "SeriesNumber": 59,
    "ShimSetting": [
      -2010,
      -11544,
      5799,
      609,
      0,
      29,
      -6,
      -5
    ],
    "SliceThickness": 2.4,
    "SliceTiming": [
      0,
      0.63,
      0.08,
      0.71,
      0.1575,
      0.7875,
      0.2375,
      0.865,
      0.315,
      0.945,
      0.395,
      1.0225,
      0.4725,
      1.1025,
      0.5525,
      0,
      0.63,
      0.08,
      0.71,
      0.1575,
      0.7875,
      0.2375,
      0.865,
      0.315,
      0.945,
      0.395,
      1.0225,
      0.4725,
      1.1025,
      0.5525,
      0,
      0.63,
      0.08,
      0.71,
      0.1575,
      0.7875,
      0.2375,
      0.865,
      0.315,
      0.945,
      0.395,
      1.0225,
      0.4725,
      1.1025,
      0.5525,
      0,
      0.63,
      0.08,
      0.71,
      0.1575,
      0.7875,
      0.2375,
      0.865,
      0.315,
      0.945,
      0.395,
      1.0225,
      0.4725,
      1.1025,
      0.5525
    ],
    "SoftwareVersions": "syngo_MR_E11",
    "SpacingBetweenSlices": 2.4,
    "StationName": "MRC35177",
    "TaskName": "Stroop",
    "TotalReadoutTime": 0.0525111,
    "TxRefAmp": 218.885,
    "VendorReportedEchoSpacing": 0.00059,
    "WipMemBlock": "f6b61ecf-69e6-4046-8e74-325b180c3e0b||Sequence: R016 ve11c/master r/e634e98; Dec 19 2017 11:00:25 by eja",
    "acq_id": "mb4PA",
    "dataset": "ds003465",
    "modality": "bold",
    "run_id": 2,
    "session_id": "wave1bas",
    "subject_id": "f1550bc",
    "task_id": "Stroop"
  },
  "dummy_trs": 0,
  "dvars_nstd": 34.14853914152132,
  "dvars_std": 1.1081498670129872,
  "dvars_vstd": 0.9795352404452694,
  "efc": 0.47199501728462573,
  "fber": 1130.6343994140625,
  "fd_mean": 0.177323401992619,
  "fd_num": 154,
  "fd_perc": 28.51851851851852,
  "fwhm_avg": 2.8785109967293607,
  "fwhm_x": 2.713733225499263,
  "fwhm_y": 2.896533218235444,
  "fwhm_z": 3.025266546453375,
  "gcor": 0.0138805,
  "gsr_x": -0.019445031881332397,
  "gsr_y": 0.06275273114442825,
  "provenance": {
    "md5sum": "0321c033978611801a63d696b36836e3",
    "settings": {
      "fd_thres": 0.2,
      "testing": false
    },
    "software": "mriqc",
    "version": "22.0.6",
    "webapi_port": null,
    "webapi_url": "https://mriqc.nimh.nih.gov/api/v1"
  },
  "size_t": 540,
  "size_x": 90,
  "size_y": 90,
  "size_z": 60,
  "snr": 2.5476789270464724,
  "spacing_tr": 1.2000000476837158,
  "spacing_x": 2.4000000953674316,
  "spacing_y": 2.4000000953674316,
  "spacing_z": 2.4000000953674316,
  "summary_bg_k": 126.2803797416444,
  "summary_bg_mad": 37.01426746855214,
  "summary_bg_mean": 303.6200256347656,
  "summary_bg_median": 129.29351806640625,
  "summary_bg_n": 347544.0,
  "summary_bg_p05": 100.20925903320312,
  "summary_bg_p95": 1221.1079162597648,
  "summary_bg_stdv": 530.9357299804688,
  "summary_fg_k": 3.99295587462698,
  "summary_fg_mad": 1490.2827205745643,
  "summary_fg_mean": 4695.04833984375,
  "summary_fg_median": 4368.7978515625,
  "summary_fg_n": 70326.0,
  "summary_fg_p05": 2633.852783203125,
  "summary_fg_p95": 7784.0870361328125,
  "summary_fg_stdv": 1714.802734375,
  "tsnr": 43.19411463197321
}