{
  "bids_meta": {
    "AcquisitionMatrixPE": 300,
    "AcquisitionNumber": 1,
    "AcquisitionTime": "13:47:3.580000",
    "BaseResolution": 320,
    "BodyPartExamined": "HEAD",
    "ConsistencyInfo": "N4_VE11C_LATEST_20160120",
    "ConversionSoftware": "dcm2niix",
    "ConversionSoftwareVersion": "v1.0.20190902",
    "DeviceSerialNumber": "67064",
    "DwellTime": 2.1e-06,
    "EchoTime": 0.563,
    "EchoTrainLength": 314,
    "FlipAngle": 120,
    "ImageOrientationPatientDICOM": [
      0.0276015,
      0.999487,
      -0.0162292,
      0.0137472,
      -0.0166134,
      -0.999767
    ],
    "ImageType": [
      "ORIGINAL",
      "PRIMARY",
      "M",
      "ND"
    ],
    "ImagingFrequency": 123.247,
    "InPlanePhaseEncodingDirectionDICOM": "ROW",
    "InstitutionAddress": "Scott_Ave_4525_St._Louis_MO_US_63110",
    "InstitutionName": "Washington_University",
    "InstitutionalDepartmentName": "Department",
    "MRAcquisitionType": "3D",
    "MagneticFieldStrength": 3,
    "Manufacturer": "Siemens",
    "ManufacturersModelName": "Prisma_fit",
    "Modality": "MR",
    "ParallelReductionFactorInPlane": 2,
    "PartialFourier": 1,
    "PatientPosition": "HFS",
    "PercentPhaseFOV": 93.75,
    "PhaseEncodingSteps": 297,
    "PhaseResolution": 1,
    "PixelBandwidth": 745,
    "ProcedureStepDescription": "head_Braver",
    "ProtocolName": "T2w_SPC",
    "PulseSequenceDetails": "%SiemensSeq%_tse_vfl",
    "ReceiveCoilActiveElements": "HEA;HEP",
    "ReceiveCoilName": "Head_32",
    "ReconMatrixPE": 300,
    "RefLinesPE": 32,
    "RepetitionTime": 3.2,
    "SAR": 0.185824,
    "ScanOptions": "PFP",
    "ScanningSequence": "SE",
    "SequenceName": "_spc_314ns",
    "SequenceVariant": "SK_SP",
    "SeriesDescription": "T2w_SPC",
    "SeriesNumber": 13,
    "ShimSetting": [
      -1990,
      -11452,
      5833,
      736,
      101,
      266,
      -15,
      -37
    ],
    "SliceThickness": 0.8,
    "SoftwareVersions": "syngo_MR_E11",
    "StationName": "MRC35177",
    "TxRefAmp": 231.952,
    "dataset": "ds003465",
    "modality": "T2w",
    "session_id": "wave1bas",
    "subject_id": "f5386yx"
  },
  "cjv": 0.5860956188834288,
  "cnr": 1.3931659360388409,
  "efc": 0.4964861133378388,
  "fber": 7842.8736,
  "fwhm_avg": 3.2833458625623995,
  "fwhm_x": 3.146925187571358,
  "fwhm_y": 3.559987446952053,
  "fwhm_z": 3.143124953163788,
  "icvs_csf": 0.39095349710520433,
  "icvs_gm": 0.4610887307881261,
  "icvs_wm": 0.14795777210666952,
  "inu_med": 0.9312208890914917,
  "inu_range": 0.7543012052774429,
  "provenance": {
    "md5sum": "fc28dede28dfb5cf963b22f102910ad1",
    "settings": {
      "testing": false
    },
    "software": "mriqc",
    "version": "22.0.6",
    "warnings": {
      "large_rot_frame": true,
      "small_air_mask": false
    },
    "webapi_port": null,
    "webapi_url": "https://mriqc.nimh.nih.gov/api/v1"
  },
  "qi_1": 7.471723835891058e-06,
  "qi_2": 0.002160891146108656,
  "rpve_csf": 13.725990584624896,
  "rpve_gm": 13.047110354845294,
  "rpve_wm": 40.213837214467134,
  "size_x": 208,
  "size_y": 300,
  "size_z": 320,
  "snr_csf": 9.384482512168605,
  "snr_gm": 9.90626153390846,
  "snr_total": 7.142912847667543,
  "snr_wm": 2.1379944969255646,
  "snrd_csf": 64.6283380148602,
  "snrd_gm": 37.92233616048686,
  "snrd_total": 70.66383849213159,
  "snrd_wm": 109.44084130104771,
  "spacing_x": 0.7999999523162842,
  "spacing_y": 0.800000011920929,
  "spacing_z": 0.800000011920929,
  "summary_bg_k": 9.179100673110044,
  "summary_bg_mad": 0.0,
  "summary_bg_mean": 4.17512375574382,
  "summary_bg_median": 0.0,
  "summary_bg_n": 6614698.0,
  "summary_bg_p05": 0.0,
  "summary_bg_p95": 15.223380506038666,
  "summary_bg_stdv": 5.987065091518411,
  "summary_csf_k": 0.7975995135900851,
  "summary_csf_mad": 58.48886642004761,
  "summary_csf_mean": 594.9936547231863,
  "summary_csf_median": 590.6160403415561,
  "summary_csf_n": 98894.0,
  "summary_csf_p05": 499.606638616696,
  "summary_csf_p95": 705.2174215763807,
  "summary_csf_stdv": 62.93506897813868,
  "summary_gm_k": 1.019425471499809,
  "summary_gm_mad": 32.339416422315736,
  "summary_gm_mean": 347.7934905482874,
  "summary_gm_median": 346.55912114679813,
  "summary_gm_n": 446402.0,
  "summary_gm_p05": 293.10687839984894,
  "summary_gm_p95": 406.6289901211858,
  "summary_gm_stdv": 34.98380613019496,
  "summary_wm_k": -1.3902408741369718,
  "summary_wm_mad": 350.72265544461953,
  "summary_wm_mean": 752.0019256145304,
  "summary_wm_median": 1000.1420170515776,
  "summary_wm_n": 58517.0,
  "summary_wm_p05": 31.55443235486746,
  "summary_wm_p95": 1311.4601484000682,
  "summary_wm_stdv": 467.7904796828375,
  "tpm_overlap_csf": 0.11833038343218286,
  "tpm_overlap_gm": 0.2933807175399803,
  "tpm_overlap_wm": 0.028234419064639204,
  "wm2max": 0.7896223876580859
}