{
  "bids_meta": {
    "AcquisitionMatrixPE": 300,
    "AcquisitionNumber": 1,
    "AcquisitionTime": "20:54:40.620000",
    "BaseResolution": 320,
    "BodyPartExamined": "HEAD",
    "ConsistencyInfo": "N4_VE11C_LATEST_20160120",
    "ConversionSoftware": "dcm2niix",
    "ConversionSoftwareVersion": "v1.0.20190902",
    "DeviceSerialNumber": "67064",
    "DwellTime": 7.1e-06,
    "EchoTime": 0.00222,
    "FlipAngle": 8,
    "ImageOrientationPatientDICOM": [
      0.000279344,
      0.998081,
      0.0619192,
      -0.00346253,
      0.0619198,
      -0.998075
    ],
    "ImageType": [
      "ORIGINAL",
      "PRIMARY",
      "M",
      "ND"
    ],
    "ImagingFrequency": 123.247,
    "InPlanePhaseEncodingDirectionDICOM": "ROW",
    "InstitutionAddress": "Scott_Ave_4525_St._Louis_MO_US_63110",
    "InstitutionName": "Washington_University",
    "InstitutionalDepartmentName": "Department",
    "InversionTime": 1,
    "MRAcquisitionType": "3D",
    "MagneticFieldStrength": 3,
    "Manufacturer": "Siemens",
    "ManufacturersModelName": "Prisma_fit",
    "Modality": "MR",
    "ParallelReductionFactorInPlane": 2,
    "PartialFourier": 1,
    "PatientPosition": "HFS",
    "PercentPhaseFOV": 93.75,
    "PhaseEncodingSteps": 299,
    "PhaseResolution": 1,
    "PixelBandwidth": 220,
    "ProcedureStepDescription": "head_Braver",
    "ProtocolName": "T1w_MPR",
    "PulseSequenceDetails": "%SiemensSeq%_tfl",
    "ReceiveCoilActiveElements": "HEA;HEP",
    "ReceiveCoilName": "Head_32",
    "ReconMatrixPE": 300,
    "RefLinesPE": 32,
    "RepetitionTime": 2.4,
    "SAR": 0.0397047,
    "ScanOptions": "IR_WE",
    "ScanningSequence": "GR_IR",
    "SequenceName": "_tfl3d1_16ns",
    "SequenceVariant": "SK_SP_MP",
    "SeriesDescription": "T1w_MPR",
    "SeriesNumber": 54,
    "ShimSetting": [
      -2005,
      -11479,
      5870,
      640,
      57,
      216,
      141,
      22
    ],
    "SliceThickness": 0.8,
    "SoftwareVersions": "syngo_MR_E11",
    "StationName": "MRC35177",
    "TxRefAmp": 244.62,
    "dataset": "ds003465",
    "modality": "T1w",
    "session_id": "wave1pro",
    "subject_id": "f5635rv"
  },
  "cjv": 0.5219490397297618,
  "cnr": 2.5981724115637554,
  "efc": 0.554997633760036,
  "fber": 21568.359551833408,
  "fwhm_avg": 5.0443417158788755,
  "fwhm_x": 5.00815029850902,
  "fwhm_y": 4.9741999258786445,
  "fwhm_z": 5.150674923248963,
  "icvs_csf": 0.18720175860430663,
  "icvs_gm": 0.39513024064768093,
  "icvs_wm": 0.4176680007480124,
  "inu_med": 1.0183284282684326,
  "inu_range": 1.0019564032554626,
  "provenance": {
    "md5sum": "f8add181a1a10a6ed23f1538e1059e02",
    "settings": {
      "testing": false
    },
    "software": "mriqc",
    "version": "22.0.6",
    "warnings": {
      "large_rot_frame": true,
      "small_air_mask": false
    },
    "webapi_port": null,
    "webapi_url": "https://mriqc.nimh.nih.gov/api/v1"
  },
  "qi_1": 0.0,
  "qi_2": 0.0013439559804739646,
  "rpve_csf": 23.792422181112318,
  "rpve_gm": 11.304987598525068,
  "rpve_wm": 12.377604088381181,
  "size_x": 208,
  "size_y": 300,
  "size_z": 320,
  "snr_csf": 2.693048777823758,
  "snr_gm": 13.32498086675256,
  "snr_total": 9.82581497586321,
  "snr_wm": 13.459415283013314,
  "snrd_csf": 19.573444078068025,
  "snrd_gm": 50.056362566915155,
  "snrd_total": 45.28690027329038,
  "snrd_wm": 66.23089417488796,
  "spacing_x": 0.7999999523162842,
  "spacing_y": 0.800000011920929,
  "spacing_z": 0.800000011920929,
  "summary_bg_k": 5.269094270991598,
  "summary_bg_mad": 0.0,
  "summary_bg_mean": 6.789552548211393,
  "summary_bg_median": 0.0,
  "summary_bg_n": 6753231.0,
  "summary_bg_p05": 0.0,
  "summary_bg_p95": 27.194353230297565,
  "summary_bg_stdv": 9.892276469417203,
  "summary_csf_k": 3.4815699735756054,
  "summary_csf_mad": 82.69562920549329,
  "summary_csf_mean": 305.17228255713985,
  "summary_csf_median": 295.5505453199148,
  "summary_csf_n": 87260.0,
  "summary_csf_p05": 135.91101280916482,
  "summary_csf_p95": 506.1071647299455,
  "summary_csf_stdv": 109.74507934779875,
  "summary_gm_k": 0.22432045159481362,
  "summary_gm_mad": 55.24479793396024,
  "summary_gm_mean": 756.0634752941345,
  "summary_gm_median": 755.8294388242066,
  "summary_gm_n": 69205.0,
  "summary_gm_p05": 663.1487686023116,
  "summary_gm_p95": 849.158144697547,
  "summary_gm_stdv": 56.722331203457955,
  "summary_wm_k": 0.224214705831546,
  "summary_wm_mad": 72.22999978322132,
  "summary_wm_mean": 1010.9900594246808,
  "summary_wm_median": 1000.0578749626875,
  "summary_wm_n": 508748.0,
  "summary_wm_p05": 907.7127946317196,
  "summary_wm_p95": 1149.5689574033022,
  "summary_wm_stdv": 74.30165954999674,
  "tpm_overlap_csf": 0.15073657886807845,
  "tpm_overlap_gm": 0.4282179461896316,
  "tpm_overlap_wm": 0.47349448486303714,
  "wm2max": 0.465449453331179
}