{
  "bids_meta": {
    "AcquisitionMatrixPE": 300,
    "AcquisitionNumber": 1,
    "AcquisitionTime": "21:01:27.800000",
    "BaseResolution": 320,
    "BodyPartExamined": "HEAD",
    "ConsistencyInfo": "N4_VE11C_LATEST_20160120",
    "ConversionSoftware": "dcm2niix",
    "ConversionSoftwareVersion": "v1.0.20190902",
    "DeviceSerialNumber": "67064",
    "DwellTime": 2.1e-06,
    "EchoTime": 0.563,
    "EchoTrainLength": 314,
    "FlipAngle": 120,
    "ImageOrientationPatientDICOM": [
      0.000279344,
      0.998081,
      0.0619192,
      -0.00346253,
      0.0619198,
      -0.998075
    ],
    "ImageType": [
      "ORIGINAL",
      "PRIMARY",
      "M",
      "ND"
    ],
    "ImagingFrequency": 123.247,
    "InPlanePhaseEncodingDirectionDICOM": "ROW",
    "InstitutionAddress": "Scott_Ave_4525_St._Louis_MO_US_63110",
    "InstitutionName": "Washington_University",
    "InstitutionalDepartmentName": "Department",
    "MRAcquisitionType": "3D",
    "MagneticFieldStrength": 3,
    "Manufacturer": "Siemens",
    "ManufacturersModelName": "Prisma_fit",
    "Modality": "MR",
    "ParallelReductionFactorInPlane": 2,
    "PartialFourier": 1,
    "PatientPosition": "HFS",
    "PercentPhaseFOV": 93.75,
    "PhaseEncodingSteps": 297,
    "PhaseResolution": 1,
    "PixelBandwidth": 745,
    "ProcedureStepDescription": "head_Braver",
    "ProtocolName": "T2w_SPC",
    "PulseSequenceDetails": "%SiemensSeq%_tse_vfl",
    "ReceiveCoilActiveElements": "HEA;HEP",
    "ReceiveCoilName": "Head_32",
    "ReconMatrixPE": 300,
    "RefLinesPE": 32,
    "RepetitionTime": 3.2,
    "SAR": 0.133588,
    "ScanOptions": "PFP",
    "ScanningSequence": "SE",
    "SequenceName": "_spc_314ns",
    "SequenceVariant": "SK_SP",
    "SeriesDescription": "T2w_SPC",
    "SeriesNumber": 56,
    "ShimSetting": [
      -2005,
      -11479,
      5870,
      640,
      57,
      216,
      141,
      22
    ],
    "SliceThickness": 0.8,
    "SoftwareVersions": "syngo_MR_E11",
    "StationName": "MRC35177",
    "TxRefAmp": 244.62,
    "dataset": "ds003465",
    "modality": "T2w",
    "session_id": "wave1pro",
    "subject_id": "f5635rv"
  },
  "cjv": 0.5604083142342197,
  "cnr": 1.306101603883436,
  "efc": 0.5272299592712298,
  "fber": 6951.171218836565,
  "fwhm_avg": 3.7535500344290136,
  "fwhm_x": 3.638425216867043,
  "fwhm_y": 4.077937439233997,
  "fwhm_z": 3.5442874471860017,
  "icvs_csf": 0.33013138970884404,
  "icvs_gm": 0.5157128518454976,
  "icvs_wm": 0.15415575844565832,
  "inu_med": 0.9360804259777069,
  "inu_range": 0.8929249197244644,
  "provenance": {
    "md5sum": "2a51681487c410cccb1bd2e9f7fbf889",
    "settings": {
      "testing": false
    },
    "software": "mriqc",
    "version": "22.0.6",
    "warnings": {
      "large_rot_frame": true,
      "small_air_mask": false
    },
    "webapi_port": null,
    "webapi_url": "https://mriqc.nimh.nih.gov/api/v1"
  },
  "qi_1": 0.0,
  "qi_2": 0.001683257890566801,
  "rpve_csf": 12.437636403628598,
  "rpve_gm": 9.674995664546236,
  "rpve_wm": 34.75805599116645,
  "size_x": 208,
  "size_y": 300,
  "size_z": 320,
  "snr_csf": 7.1968547832294325,
  "snr_gm": 8.805233172027467,
  "snr_total": 6.0274884572949565,
  "snr_wm": 2.08037741662797,
  "snrd_csf": 61.62901123167516,
  "snrd_gm": 37.035072494169135,
  "snrd_total": 66.27683737523304,
  "snrd_wm": 100.16642839985485,
  "spacing_x": 0.7999999523162842,
  "spacing_y": 0.800000011920929,
  "spacing_z": 0.800000011920929,
  "summary_bg_k": 11.314213254966058,
  "summary_bg_mad": 0.0,
  "summary_bg_mean": 4.586503796035955,
  "summary_bg_median": 0.0,
  "summary_bg_n": 6809254.0,
  "summary_bg_p05": 0.0,
  "summary_bg_p95": 16.907602658495307,
  "summary_bg_stdv": 6.5464296994584,
  "summary_csf_k": 3.96041678739547,
  "summary_csf_mad": 66.02166384148248,
  "summary_csf_mean": 629.1251314480005,
  "summary_csf_median": 615.8259401787072,
  "summary_csf_n": 74709.0,
  "summary_csf_p05": 518.7778172958642,
  "summary_csf_p95": 782.2230342049152,
  "summary_csf_stdv": 85.56818738405886,
  "summary_gm_k": 1.0437527347788365,
  "summary_gm_mad": 37.61960868152577,
  "summary_gm_mean": 373.1902561329908,
  "summary_gm_median": 370.0717873368412,
  "summary_gm_n": 567353.0,
  "summary_gm_p05": 309.77053181640804,
  "summary_gm_p95": 447.76083154045045,
  "summary_gm_stdv": 42.028581636364294,
  "summary_wm_k": -1.5954915341732983,
  "summary_wm_mad": 315.90729162743406,
  "summary_wm_mean": 728.2219306192494,
  "summary_wm_median": 1000.9098590239882,
  "summary_wm_n": 83923.0,
  "summary_wm_p05": 28.280429558828473,
  "summary_wm_p95": 1249.5451280139387,
  "summary_wm_stdv": 481.1164972966583,
  "tpm_overlap_csf": 0.12375879629869202,
  "tpm_overlap_gm": 0.34753602563256336,
  "tpm_overlap_wm": 0.02523155357681594,
  "wm2max": 0.7990638177672861
}