{
  "aor": 0.0006636683417085428,
  "aqi": 0.010313254505862646,
  "bids_meta": {
    "AcquisitionMatrixPE": 90,
    "AcquisitionNumber": 1,
    "AcquisitionTime": "15:20:17.360000",
    "BandwidthPerPixelPhaseEncode": 18.832,
    "BaseResolution": 90,
    "BodyPartExamined": "HEAD",
    "ConsistencyInfo": "N4_VE11C_LATEST_20160120",
    "ConversionSoftware": "dcm2niix",
    "ConversionSoftwareVersion": "v1.0.20190902",
    "DerivedVendorReportedEchoSpacing": 0.000590012,
    "DeviceSerialNumber": "67064",
    "DwellTime": 2.5e-06,
    "EchoTime": 0.033,
    "EchoTrainLength": 90,
    "EffectiveEchoSpacing": 0.000590012,
    "FlipAngle": 63,
    "ImageComments": "Unaliased_MB4_PE3_LB",
    "ImageOrientationPatientDICOM": [
      0.999408,
      -0.0175651,
      0.0295743,
      0.0275669,
      0.923242,
      -0.383228
    ],
    "ImageType": [
      "ORIGINAL",
      "PRIMARY",
      "M",
      "MB",
      "ND",
      "MOSAIC"
    ],
    "ImagingFrequency": 123.247,
    "InPlanePhaseEncodingDirectionDICOM": "COL",
    "InstitutionAddress": "Scott_Ave_4525_St._Louis_MO_US_63110",
    "InstitutionName": "Washington_University",
    "InstitutionalDepartmentName": "Department",
    "MRAcquisitionType": "2D",
    "MagneticFieldStrength": 3,
    "Manufacturer": "Siemens",
    "ManufacturersModelName": "Prisma_fit",
    "Modality": "MR",
    "MultibandAccelerationFactor": 4,
    "PartialFourier": 1,
    "PatientPosition": "HFS",
    "PercentPhaseFOV": 100,
    "PhaseEncodingDirection": "j-",
    "PhaseEncodingSteps": 90,
    "PhaseResolution": 1,
    "PixelBandwidth": 2220,
    "ProcedureStepDescription": "head_Braver",
    "ProtocolName": "tfMRI_SternBas1_AP",
    "PulseSequenceDetails": "%CustomerSeq%_cmrr_mbep2d_bold",
    "ReceiveCoilActiveElements": "HEA;HEP",
    "ReceiveCoilName": "Head_32",
    "ReconMatrixPE": 90,
    "RepetitionTime": 1.2,
    "SAR": 0.0868099,
    "ScanOptions": "FS_EXT",
    "ScanningSequence": "EP",
    "SequenceName": "epfid2d1_90",
    "SequenceVariant": "SK_SS",
    "SeriesDescription": "tfMRI_SternBas1_AP",
    "SeriesNumber": 43,
    "ShimSetting": [
      -1991,
      -11508,
      5889,
      502,
      89,
      143,
      39,
      9
    ],
    "SliceThickness": 2.4,
    "SliceTiming": [
      0,
      0.63,
      0.0775,
      0.7075,
      0.1575,
      0.7875,
      0.235,
      0.865,
      0.315,
      0.945,
      0.3925,
      1.0225,
      0.4725,
      1.1025,
      0.55,
      0,
      0.63,
      0.0775,
      0.7075,
      0.1575,
      0.7875,
      0.235,
      0.865,
      0.315,
      0.945,
      0.3925,
      1.0225,
      0.4725,
      1.1025,
      0.55,
      0,
      0.63,
      0.0775,
      0.7075,
      0.1575,
      0.7875,
      0.235,
      0.865,
      0.315,
      0.945,
      0.3925,
      1.0225,
      0.4725,
      1.1025,
      0.55,
      0,
      0.63,
      0.0775,
      0.7075,
      0.1575,
      0.7875,
      0.235,
      0.865,
      0.315,
      0.945,
      0.3925,
      1.0225,
      0.4725,
      1.1025,
      0.55
    ],
    "SoftwareVersions": "syngo_MR_E11",
    "SpacingBetweenSlices": 2.4,
    "StationName": "MRC35177",
    "TaskName": "Stern",
    "TotalReadoutTime": 0.0525111,
    "TxRefAmp": 268.609,
    "VendorReportedEchoSpacing": 0.00059,
    "WipMemBlock": "1e6d62b1-c5fd-474a-aaf4-eab0777af984||Sequence: R016 ve11c/master r/e634e98; Dec 19 2017 11:00:25 by eja",
    "acq_id": "mb4AP",
    "dataset": "ds003465",
    "modality": "bold",
    "run_id": 1,
    "session_id": "wave1bas",
    "subject_id": "f5445nh",
    "task_id": "Stern"
  },
  "dummy_trs": 3,
  "dvars_nstd": 34.78995852518456,
  "dvars_std": 1.074018016409395,
  "dvars_vstd": 0.9646993339429522,
  "efc": 0.551098855694287,
  "fber": 568.2518310546875,
  "fd_mean": 0.2090351976676974,
  "fd_num": 283,
  "fd_perc": 47.403685092127304,
  "fwhm_avg": 2.9448430411939057,
  "fwhm_x": 2.719995725250414,
  "fwhm_y": 3.0144290468840182,
  "fwhm_z": 3.100104351447285,
  "gcor": 0.00955249,
  "gsr_x": -0.03103562816977501,
  "gsr_y": 0.12103842943906784,
  "provenance": {
    "md5sum": "5eedc20f6656dd19469348112f179021",
    "settings": {
      "fd_thres": 0.2,
      "testing": false
    },
    "software": "mriqc",
    "version": "22.0.6",
    "webapi_port": null,
    "webapi_url": "https://mriqc.nimh.nih.gov/api/v1"
  },
  "size_t": 597,
  "size_x": 90,
  "size_y": 90,
  "size_z": 60,
  "snr": 2.622444424888881,
  "spacing_tr": 1.2000000476837158,
  "spacing_x": 2.4000000953674316,
  "spacing_y": 2.4000000953674316,
  "spacing_z": 2.3999998569488525,
  "summary_bg_k": 19.24648676584956,
  "summary_bg_mad": 73.2534694264367,
  "summary_bg_mean": 426.90594482421875,
  "summary_bg_median": 160.82244873046875,
  "summary_bg_n": 316677.0,
  "summary_bg_p05": 107.49748992919922,
  "summary_bg_p95": 1772.6924316406262,
  "summary_bg_stdv": 667.8888549804688,
  "summary_fg_k": 1.1509254266178806,
  "summary_fg_mad": 1371.3002729051673,
  "summary_fg_mean": 4249.677734375,
  "summary_fg_median": 3987.76220703125,
  "summary_fg_n": 90389.0,
  "summary_fg_p05": 2261.067626953125,
  "summary_fg_p95": 7151.223339843748,
  "summary_fg_stdv": 1520.6195068359375,
  "tsnr": 39.50420865509659
}