{
  "aor": 0.0004336453201970443,
  "aqi": 0.012457789277504105,
  "bids_meta": {
    "AcquisitionMatrixPE": 90,
    "AcquisitionNumber": 1,
    "AcquisitionTime": "14:33:50.937500",
    "BandwidthPerPixelPhaseEncode": 18.832,
    "BaseResolution": 90,
    "BodyPartExamined": "HEAD",
    "ConsistencyInfo": "N4_VE11C_LATEST_20160120",
    "ConversionSoftware": "dcm2niix",
    "ConversionSoftwareVersion": "v1.0.20190902",
    "DerivedVendorReportedEchoSpacing": 0.000590012,
    "DeviceSerialNumber": "67064",
    "DwellTime": 2.5e-06,
    "EchoTime": 0.033,
    "EchoTrainLength": 90,
    "EffectiveEchoSpacing": 0.000590012,
    "FlipAngle": 63,
    "ImageComments": "Unaliased_MB4_PE3_LB",
    "ImageOrientationPatientDICOM": [
      0.999408,
      -0.0175651,
      0.0295743,
      0.0275669,
      0.923242,
      -0.383228
    ],
    "ImageType": [
      "ORIGINAL",
      "PRIMARY",
      "M",
      "MB",
      "ND",
      "MOSAIC"
    ],
    "ImagingFrequency": 123.247,
    "InPlanePhaseEncodingDirectionDICOM": "COL",
    "InstitutionAddress": "Scott_Ave_4525_St._Louis_MO_US_63110",
    "InstitutionName": "Washington_University",
    "InstitutionalDepartmentName": "Department",
    "MRAcquisitionType": "2D",
    "MagneticFieldStrength": 3,
    "Manufacturer": "Siemens",
    "ManufacturersModelName": "Prisma_fit",
    "Modality": "MR",
    "MultibandAccelerationFactor": 4,
    "PartialFourier": 1,
    "PatientPosition": "HFS",
    "PercentPhaseFOV": 100,
    "PhaseEncodingDirection": "j",
    "PhaseEncodingSteps": 90,
    "PhaseResolution": 1,
    "PixelBandwidth": 2220,
    "ProcedureStepDescription": "head_Braver",
    "ProtocolName": "tfMRI_AxcptBas2_PA",
    "PulseSequenceDetails": "%CustomerSeq%_cmrr_mbep2d_bold",
    "ReceiveCoilActiveElements": "HEA;HEP",
    "ReceiveCoilName": "Head_32",
    "ReconMatrixPE": 90,
    "RepetitionTime": 1.2,
    "SAR": 0.0868155,
    "ScanOptions": "FS_EXT",
    "ScanningSequence": "EP",
    "SequenceName": "epfid2d1_90",
    "SequenceVariant": "SK_SS",
    "SeriesDescription": "tfMRI_AxcptBas2_PA",
    "SeriesNumber": 28,
    "ShimSetting": [
      -1991,
      -11508,
      5889,
      502,
      89,
      143,
      39,
      9
    ],
    "SliceThickness": 2.4,
    "SliceTiming": [
      0,
      0.63,
      0.08,
      0.71,
      0.1575,
      0.7875,
      0.2375,
      0.8675,
      0.315,
      0.945,
      0.395,
      1.0225,
      0.4725,
      1.1025,
      0.5525,
      0,
      0.63,
      0.08,
      0.71,
      0.1575,
      0.7875,
      0.2375,
      0.8675,
      0.315,
      0.945,
      0.395,
      1.0225,
      0.4725,
      1.1025,
      0.5525,
      0,
      0.63,
      0.08,
      0.71,
      0.1575,
      0.7875,
      0.2375,
      0.8675,
      0.315,
      0.945,
      0.395,
      1.0225,
      0.4725,
      1.1025,
      0.5525,
      0,
      0.63,
      0.08,
      0.71,
      0.1575,
      0.7875,
      0.2375,
      0.8675,
      0.315,
      0.945,
      0.395,
      1.0225,
      0.4725,
      1.1025,
      0.5525
    ],
    "SoftwareVersions": "syngo_MR_E11",
    "SpacingBetweenSlices": 2.4,
    "StationName": "MRC35177",
    "TaskName": "Axcpt",
    "TotalReadoutTime": 0.0525111,
    "TxRefAmp": 268.609,
    "VendorReportedEchoSpacing": 0.00059,
    "WipMemBlock": "0b7fdeb6-f201-4b5e-bfe4-cafc207ad7e3||Sequence: R016 ve11c/master r/e634e98; Dec 19 2017 11:00:25 by eja",
    "acq_id": "mb4PA",
    "dataset": "ds003465",
    "modality": "bold",
    "run_id": 2,
    "session_id": "wave1bas",
    "subject_id": "f5445nh",
    "task_id": "Axcpt"
  },
  "dummy_trs": 1,
  "dvars_nstd": 32.91594792358555,
  "dvars_std": 1.053700261200658,
  "dvars_vstd": 0.9605808204605263,
  "efc": 0.5464872355087936,
  "fber": 606.5408935546875,
  "fd_mean": 0.1775806650690442,
  "fd_num": 240,
  "fd_perc": 39.40886699507389,
  "fwhm_avg": 2.8621499871675957,
  "fwhm_x": 2.67293322712051,
  "fwhm_y": 2.866462386097018,
  "fwhm_z": 3.0470543482852586,
  "gcor": 0.0252717,
  "gsr_x": -0.029906485229730606,
  "gsr_y": 0.09431968629360199,
  "provenance": {
    "md5sum": "19c80d2d175a98c75572c961a3fa09c6",
    "settings": {
      "fd_thres": 0.2,
      "testing": false
    },
    "software": "mriqc",
    "version": "22.0.6",
    "webapi_port": null,
    "webapi_url": "https://mriqc.nimh.nih.gov/api/v1"
  },
  "size_t": 609,
  "size_x": 90,
  "size_y": 90,
  "size_z": 60,
  "snr": 2.596520356650572,
  "spacing_tr": 1.2000000476837158,
  "spacing_x": 2.4000000953674316,
  "spacing_y": 2.4000000953674316,
  "spacing_z": 2.3999998569488525,
  "summary_bg_k": 21.59657599920948,
  "summary_bg_mad": 73.59209752866602,
  "summary_bg_mean": 434.4422912597656,
  "summary_bg_median": 159.84072875976562,
  "summary_bg_n": 321094.0,
  "summary_bg_p05": 106.04597473144531,
  "summary_bg_p95": 1893.2468933105467,
  "summary_bg_stdv": 668.479248046875,
  "summary_fg_k": 1.4495463941516666,
  "summary_fg_mad": 1452.261719687346,
  "summary_fg_mean": 4280.66357421875,
  "summary_fg_median": 4025.896484375,
  "summary_fg_n": 87329.0,
  "summary_fg_p05": 2266.541943359375,
  "summary_fg_p95": 7158.317675781249,
  "summary_fg_stdv": 1550.4879150390625,
  "tsnr": 36.285485186148435
}