{
  "aor": 0.0015743333333333334,
  "aqi": 0.009610005296296296,
  "bids_meta": {
    "AcquisitionMatrixPE": 90,
    "AcquisitionNumber": 1,
    "AcquisitionTime": "14:56:17.935000",
    "BandwidthPerPixelPhaseEncode": 18.832,
    "BaseResolution": 90,
    "BodyPartExamined": "HEAD",
    "ConsistencyInfo": "N4_VE11C_LATEST_20160120",
    "ConversionSoftware": "dcm2niix",
    "ConversionSoftwareVersion": "v1.0.20190902",
    "DerivedVendorReportedEchoSpacing": 0.000590012,
    "DeviceSerialNumber": "67064",
    "DwellTime": 2.5e-06,
    "EchoTime": 0.033,
    "EchoTrainLength": 90,
    "EffectiveEchoSpacing": 0.000590012,
    "FlipAngle": 63,
    "ImageComments": "Unaliased_MB4_PE3_LB",
    "ImageOrientationPatientDICOM": [
      0.999408,
      -0.0175651,
      0.0295743,
      0.0275669,
      0.923242,
      -0.383228
    ],
    "ImageType": [
      "ORIGINAL",
      "PRIMARY",
      "M",
      "MB",
      "ND",
      "MOSAIC"
    ],
    "ImagingFrequency": 123.247,
    "InPlanePhaseEncodingDirectionDICOM": "COL",
    "InstitutionAddress": "Scott_Ave_4525_St._Louis_MO_US_63110",
    "InstitutionName": "Washington_University",
    "InstitutionalDepartmentName": "Department",
    "MRAcquisitionType": "2D",
    "MagneticFieldStrength": 3,
    "Manufacturer": "Siemens",
    "ManufacturersModelName": "Prisma_fit",
    "Modality": "MR",
    "MultibandAccelerationFactor": 4,
    "PartialFourier": 1,
    "PatientPosition": "HFS",
    "PercentPhaseFOV": 100,
    "PhaseEncodingDirection": "j-",
    "PhaseEncodingSteps": 90,
    "PhaseResolution": 1,
    "PixelBandwidth": 2220,
    "ProcedureStepDescription": "head_Braver",
    "ProtocolName": "tfMRI_StroopBas1_AP",
    "PulseSequenceDetails": "%CustomerSeq%_cmrr_mbep2d_bold",
    "ReceiveCoilActiveElements": "HEA;HEP",
    "ReceiveCoilName": "Head_32",
    "ReconMatrixPE": 90,
    "RepetitionTime": 1.2,
    "SAR": 0.0867722,
    "ScanOptions": "FS_EXT",
    "ScanningSequence": "EP",
    "SequenceName": "epfid2d1_90",
    "SequenceVariant": "SK_SS",
    "SeriesDescription": "tfMRI_StroopBas1_AP",
    "SeriesNumber": 37,
    "ShimSetting": [
      -1991,
      -11508,
      5889,
      502,
      89,
      143,
      39,
      9
    ],
    "SliceThickness": 2.4,
    "SliceTiming": [
      0,
      0.63,
      0.08,
      0.7075,
      0.1575,
      0.7875,
      0.2375,
      0.865,
      0.315,
      0.945,
      0.3925,
      1.0225,
      0.4725,
      1.1025,
      0.55,
      0,
      0.63,
      0.08,
      0.7075,
      0.1575,
      0.7875,
      0.2375,
      0.865,
      0.315,
      0.945,
      0.3925,
      1.0225,
      0.4725,
      1.1025,
      0.55,
      0,
      0.63,
      0.08,
      0.7075,
      0.1575,
      0.7875,
      0.2375,
      0.865,
      0.315,
      0.945,
      0.3925,
      1.0225,
      0.4725,
      1.1025,
      0.55,
      0,
      0.63,
      0.08,
      0.7075,
      0.1575,
      0.7875,
      0.2375,
      0.865,
      0.315,
      0.945,
      0.3925,
      1.0225,
      0.4725,
      1.1025,
      0.55
    ],
    "SoftwareVersions": "syngo_MR_E11",
    "SpacingBetweenSlices": 2.4,
    "StationName": "MRC35177",
    "TaskName": "Stroop",
    "TotalReadoutTime": 0.0525111,
    "TxRefAmp": 268.609,
    "VendorReportedEchoSpacing": 0.00059,
    "WipMemBlock": "aa0be9b3-b8a7-477d-8aeb-f5f6d00c7f7d||Sequence: R016 ve11c/master r/e634e98; Dec 19 2017 11:00:25 by eja",
    "acq_id": "mb4AP",
    "dataset": "ds003465",
    "modality": "bold",
    "run_id": 1,
    "session_id": "wave1bas",
    "subject_id": "f5445nh",
    "task_id": "Stroop"
  },
  "dummy_trs": 0,
  "dvars_nstd": 35.11612915168831,
  "dvars_std": 1.0988201845640067,
  "dvars_vstd": 0.9854888741558437,
  "efc": 0.5501039229643022,
  "fber": 576.81396484375,
  "fd_mean": 0.1955558551973242,
  "fd_num": 204,
  "fd_perc": 37.77777777777778,
  "fwhm_avg": 2.9288097082861664,
  "fwhm_x": 2.7104207256308905,
  "fwhm_y": 2.9822915481610477,
  "fwhm_z": 3.0937168510665605,
  "gcor": 0.0185112,
  "gsr_x": -0.03100685216486454,
  "gsr_y": 0.11913992464542389,
  "provenance": {
    "md5sum": "b9fb92912c829ba2c2afb1001e8f370b",
    "settings": {
      "fd_thres": 0.2,
      "testing": false
    },
    "software": "mriqc",
    "version": "22.0.6",
    "webapi_port": null,
    "webapi_url": "https://mriqc.nimh.nih.gov/api/v1"
  },
  "size_t": 540,
  "size_x": 90,
  "size_y": 90,
  "size_z": 60,
  "snr": 2.639478721320617,
  "spacing_tr": 1.2000000476837158,
  "spacing_x": 2.4000000953674316,
  "spacing_y": 2.4000000953674316,
  "spacing_z": 2.3999998569488525,
  "summary_bg_k": 22.358243753795808,
  "summary_bg_mad": 71.94739224929765,
  "summary_bg_mean": 422.0841064453125,
  "summary_bg_median": 159.1888885498047,
  "summary_bg_n": 316917.0,
  "summary_bg_p05": 105.8499984741211,
  "summary_bg_p95": 1753.7910644531266,
  "summary_bg_stdv": 666.158935546875,
  "summary_fg_k": 1.285248129175737,
  "summary_fg_mad": 1356.605643446019,
  "summary_fg_mean": 4254.7890625,
  "summary_fg_median": 3987.564697265625,
  "summary_fg_n": 89971.0,
  "summary_fg_p05": 2299.3814697265625,
  "summary_fg_p95": 7140.307373046875,
  "summary_fg_stdv": 1510.7310791015625,
  "tsnr": 38.83384328242391
}