{
  "aor": 0.0007226885245901639,
  "aqi": 0.0087959011147541,
  "bids_meta": {
    "AcquisitionMatrixPE": 90,
    "AcquisitionNumber": 1,
    "AcquisitionTime": "16:55:0.215000",
    "BandwidthPerPixelPhaseEncode": 18.832,
    "BaseResolution": 90,
    "BodyPartExamined": "HEAD",
    "ConsistencyInfo": "N4_VE11C_LATEST_20160120",
    "ConversionSoftware": "dcm2niix",
    "ConversionSoftwareVersion": "v1.0.20190902",
    "DerivedVendorReportedEchoSpacing": 0.000590012,
    "DeviceSerialNumber": "67064",
    "DwellTime": 2.5e-06,
    "EchoTime": 0.033,
    "EchoTrainLength": 90,
    "EffectiveEchoSpacing": 0.000590012,
    "FlipAngle": 63,
    "ImageComments": "Unaliased_MB4_PE3_LB",
    "ImageOrientationPatientDICOM": [
      0.999709,
      0.000181117,
      0.0241246,
      0.0122144,
      0.858539,
      -0.512602
    ],
    "ImageType": [
      "ORIGINAL",
      "PRIMARY",
      "M",
      "MB",
      "ND",
      "MOSAIC"
    ],
    "ImagingFrequency": 123.247,
    "InPlanePhaseEncodingDirectionDICOM": "COL",
    "InstitutionAddress": "Scott_Ave_4525_St._Louis_MO_US_63110",
    "InstitutionName": "Washington_University",
    "InstitutionalDepartmentName": "Department",
    "MRAcquisitionType": "2D",
    "MagneticFieldStrength": 3,
    "Manufacturer": "Siemens",
    "ManufacturersModelName": "Prisma_fit",
    "Modality": "MR",
    "MultibandAccelerationFactor": 4,
    "PartialFourier": 1,
    "PatientPosition": "HFS",
    "PercentPhaseFOV": 100,
    "PhaseEncodingDirection": "j",
    "PhaseEncodingSteps": 90,
    "PhaseResolution": 1,
    "PixelBandwidth": 2220,
    "ProcedureStepDescription": "head_Braver",
    "ProtocolName": "tfMRI_AxcptBas2_PA",
    "PulseSequenceDetails": "%CustomerSeq%_cmrr_mbep2d_bold",
    "ReceiveCoilActiveElements": "HEA;HEP",
    "ReceiveCoilName": "Head_32",
    "ReconMatrixPE": 90,
    "RepetitionTime": 1.2,
    "SAR": 0.0790516,
    "ScanOptions": "FS_EXT",
    "ScanningSequence": "EP",
    "SequenceName": "epfid2d1_90",
    "SequenceVariant": "SK_SS",
    "SeriesDescription": "tfMRI_AxcptBas2_PA",
    "SeriesNumber": 28,
    "ShimSetting": [
      -2014,
      -11493,
      5849,
      354,
      -31,
      14,
      118,
      -40
    ],
    "SliceThickness": 2.4,
    "SliceTiming": [
      0,
      0.63,
      0.08,
      0.7075,
      0.1575,
      0.7875,
      0.235,
      0.865,
      0.315,
      0.945,
      0.3925,
      1.0225,
      0.4725,
      1.1025,
      0.55,
      0,
      0.63,
      0.08,
      0.7075,
      0.1575,
      0.7875,
      0.235,
      0.865,
      0.315,
      0.945,
      0.3925,
      1.0225,
      0.4725,
      1.1025,
      0.55,
      0,
      0.63,
      0.08,
      0.7075,
      0.1575,
      0.7875,
      0.235,
      0.865,
      0.315,
      0.945,
      0.3925,
      1.0225,
      0.4725,
      1.1025,
      0.55,
      0,
      0.63,
      0.08,
      0.7075,
      0.1575,
      0.7875,
      0.235,
      0.865,
      0.315,
      0.945,
      0.3925,
      1.0225,
      0.4725,
      1.1025,
      0.55
    ],
    "SoftwareVersions": "syngo_MR_E11",
    "SpacingBetweenSlices": 2.4,
    "StationName": "MRC35177",
    "TaskName": "Axcpt",
    "TotalReadoutTime": 0.0525111,
    "TxRefAmp": 268.589,
    "VendorReportedEchoSpacing": 0.00059,
    "WipMemBlock": "35bfd409-a7c8-4614-b7bd-558569611194||Sequence: ve11c/master r/b8bea8f; Mar  2 2017 16:56:44 by eja",
    "acq_id": "mb4PA",
    "dataset": "ds003465",
    "modality": "bold",
    "run_id": 2,
    "session_id": "wave1bas",
    "subject_id": "f2157me",
    "task_id": "Axcpt"
  },
  "dummy_trs": 0,
  "dvars_nstd": 34.868382211362906,
  "dvars_std": 1.08787867275862,
  "dvars_vstd": 0.9795509654844003,
  "efc": 0.5092410729057026,
  "fber": 775.8729248046875,
  "fd_mean": 0.2920608584669457,
  "fd_num": 394,
  "fd_perc": 64.59016393442623,
  "fwhm_avg": 2.831894331915074,
  "fwhm_x": 2.6878623931939445,
  "fwhm_y": 2.8854123853440132,
  "fwhm_z": 2.922408217207264,
  "gcor": 0.0150421,
  "gsr_x": -0.011218373663723469,
  "gsr_y": 0.05752160772681236,
  "provenance": {
    "md5sum": "05c19391f3cf37fb00fb21aa2fb00956",
    "settings": {
      "fd_thres": 0.2,
      "testing": false
    },
    "software": "mriqc",
    "version": "22.0.6",
    "webapi_port": null,
    "webapi_url": "https://mriqc.nimh.nih.gov/api/v1"
  },
  "size_t": 610,
  "size_x": 90,
  "size_y": 90,
  "size_z": 60,
  "snr": 2.5139375917274083,
  "spacing_tr": 1.2000000476837158,
  "spacing_x": 2.4000000953674316,
  "spacing_y": 2.4000000953674316,
  "spacing_z": 2.4000000953674316,
  "summary_bg_k": 41.55752648868912,
  "summary_bg_mad": 64.1772250513519,
  "summary_bg_mean": 384.2615051269531,
  "summary_bg_median": 151.15081787109375,
  "summary_bg_n": 336931.0,
  "summary_bg_p05": 104.11311340332031,
  "summary_bg_p95": 1586.9901733398438,
  "summary_bg_stdv": 608.1015625,
  "summary_fg_k": 0.7605120376552086,
  "summary_fg_mad": 1575.8079832922967,
  "summary_fg_mean": 4524.71044921875,
  "summary_fg_median": 4232.205078125,
  "summary_fg_n": 78238.0,
  "summary_fg_p05": 2342.248425292969,
  "summary_fg_p95": 7725.83811035156,
  "summary_fg_stdv": 1683.4857177734375,
  "tsnr": 38.5016040247865
}