{
  "aor": 0.0019873098330241185,
  "aqi": 0.013790370742115029,
  "bids_meta": {
    "AcquisitionMatrixPE": 90,
    "AcquisitionNumber": 1,
    "AcquisitionTime": "18:16:3.205000",
    "BandwidthPerPixelPhaseEncode": 18.832,
    "BaseResolution": 90,
    "BodyPartExamined": "HEAD",
    "ConsistencyInfo": "N4_VE11C_LATEST_20160120",
    "ConversionSoftware": "dcm2niix",
    "ConversionSoftwareVersion": "v1.0.20190902",
    "DerivedVendorReportedEchoSpacing": 0.000590012,
    "DeviceSerialNumber": "67064",
    "DwellTime": 2.5e-06,
    "EchoTime": 0.033,
    "EchoTrainLength": 90,
    "EffectiveEchoSpacing": 0.000590012,
    "FlipAngle": 63,
    "ImageComments": "Unaliased_MB4_PE3_LB",
    "ImageOrientationPatientDICOM": [
      0.999925,
      -0.0110936,
      -0.00521646,
      0.00767907,
      0.89852,
      -0.438866
    ],
    "ImageType": [
      "ORIGINAL",
      "PRIMARY",
      "M",
      "MB",
      "ND",
      "MOSAIC"
    ],
    "ImagingFrequency": 123.247,
    "InPlanePhaseEncodingDirectionDICOM": "COL",
    "InstitutionAddress": "Scott_Ave_4525_St._Louis_MO_US_63110",
    "InstitutionName": "Washington_University",
    "InstitutionalDepartmentName": "Department",
    "MRAcquisitionType": "2D",
    "MagneticFieldStrength": 3,
    "Manufacturer": "Siemens",
    "ManufacturersModelName": "Prisma_fit",
    "Modality": "MR",
    "MultibandAccelerationFactor": 4,
    "PartialFourier": 1,
    "PatientPosition": "HFS",
    "PercentPhaseFOV": 100,
    "PhaseEncodingDirection": "j",
    "PhaseEncodingSteps": 90,
    "PhaseResolution": 1,
    "PixelBandwidth": 2220,
    "ProcedureStepDescription": "head_Braver",
    "ProtocolName": "tfMRI_StroopBas2_PA",
    "PulseSequenceDetails": "%CustomerSeq%_cmrr_mbep2d_bold",
    "ReceiveCoilActiveElements": "HEA;HEP",
    "ReceiveCoilName": "Head_32",
    "ReconMatrixPE": 90,
    "RepetitionTime": 1.2,
    "SAR": 0.0844201,
    "ScanOptions": "FS_EXT",
    "ScanningSequence": "EP",
    "SequenceName": "epfid2d1_90",
    "SequenceVariant": "SK_SS",
    "SeriesDescription": "tfMRI_StroopBas2_PA",
    "SeriesNumber": 56,
    "ShimSetting": [
      -2020,
      -11524,
      5839,
      301,
      93,
      -32,
      189,
      -48
    ],
    "SliceThickness": 2.4,
    "SliceTiming": [
      0,
      0.6275,
      0.0775,
      0.7075,
      0.1575,
      0.785,
      0.235,
      0.865,
      0.315,
      0.9425,
      0.3925,
      1.0225,
      0.47,
      1.1,
      0.55,
      0,
      0.6275,
      0.0775,
      0.7075,
      0.1575,
      0.785,
      0.235,
      0.865,
      0.315,
      0.9425,
      0.3925,
      1.0225,
      0.47,
      1.1,
      0.55,
      0,
      0.6275,
      0.0775,
      0.7075,
      0.1575,
      0.785,
      0.235,
      0.865,
      0.315,
      0.9425,
      0.3925,
      1.0225,
      0.47,
      1.1,
      0.55,
      0,
      0.6275,
      0.0775,
      0.7075,
      0.1575,
      0.785,
      0.235,
      0.865,
      0.315,
      0.9425,
      0.3925,
      1.0225,
      0.47,
      1.1,
      0.55
    ],
    "SoftwareVersions": "syngo_MR_E11",
    "SpacingBetweenSlices": 2.4,
    "StationName": "MRC35177",
    "TaskName": "Stroop",
    "TotalReadoutTime": 0.0525111,
    "TxRefAmp": 274.792,
    "VendorReportedEchoSpacing": 0.00059,
    "WipMemBlock": "4fa7767b-cf49-4a1c-9fab-23f28d5a907c||Sequence: ve11c/master r/b8bea8f; Mar  2 2017 16:56:44 by eja",
    "acq_id": "mb4PA",
    "dataset": "ds003465",
    "modality": "bold",
    "run_id": 2,
    "session_id": "wave1bas",
    "subject_id": "f2157me",
    "task_id": "Stroop"
  },
  "dummy_trs": 1,
  "dvars_nstd": 50.21675608340155,
  "dvars_std": 1.1213836446840144,
  "dvars_vstd": 0.973237006263941,
  "efc": 0.5092661066969733,
  "fber": 729.0396728515625,
  "fd_mean": 0.3851306645849268,
  "fd_num": 421,
  "fd_perc": 78.10760667903526,
  "fwhm_avg": 2.881544431410378,
  "fwhm_x": 2.7281415582600608,
  "fwhm_y": 2.8522540533282736,
  "fwhm_z": 3.0642376826427986,
  "gcor": 0.0177997,
  "gsr_x": -0.01795485056936741,
  "gsr_y": 0.07023309916257858,
  "provenance": {
    "md5sum": "82c075ed6e3399e6201a67d17100420a",
    "settings": {
      "fd_thres": 0.2,
      "testing": false
    },
    "software": "mriqc",
    "version": "22.0.6",
    "webapi_port": null,
    "webapi_url": "https://mriqc.nimh.nih.gov/api/v1"
  },
  "size_t": 539,
  "size_x": 90,
  "size_y": 90,
  "size_z": 60,
  "snr": 2.4425730836059274,
  "spacing_tr": 1.2000000476837158,
  "spacing_x": 2.4000000953674316,
  "spacing_y": 2.4000000953674316,
  "spacing_z": 2.3999998569488525,
  "summary_bg_k": 45.01589742577391,
  "summary_bg_mad": 70.07565671840626,
  "summary_bg_mean": 389.1990051269531,
  "summary_bg_median": 154.14100646972656,
  "summary_bg_n": 336079.0,
  "summary_bg_p05": 100.58441925048828,
  "summary_bg_p95": 1590.8087036132804,
  "summary_bg_stdv": 628.9260864257812,
  "summary_fg_k": 2.8049124984287674,
  "summary_fg_mad": 1606.356792065814,
  "summary_fg_mean": 4487.6572265625,
  "summary_fg_median": 4217.6826171875,
  "summary_fg_n": 77843.0,
  "summary_fg_p05": 2292.20498046875,
  "summary_fg_p95": 7580.441015624999,
  "summary_fg_stdv": 1726.7264404296875,
  "tsnr": 28.89263198641129
}