{
  "aor": 0.001470049261083744,
  "aqi": 0.00908673106732348,
  "bids_meta": {
    "AcquisitionMatrixPE": 90,
    "AcquisitionNumber": 1,
    "AcquisitionTime": "16:41:29.582500",
    "BandwidthPerPixelPhaseEncode": 18.832,
    "BaseResolution": 90,
    "BodyPartExamined": "HEAD",
    "ConsistencyInfo": "N4_VE11C_LATEST_20160120",
    "ConversionSoftware": "dcm2niix",
    "ConversionSoftwareVersion": "v1.0.20190902",
    "DerivedVendorReportedEchoSpacing": 0.000590012,
    "DeviceSerialNumber": "67064",
    "DwellTime": 2.5e-06,
    "EchoTime": 0.033,
    "EchoTrainLength": 90,
    "EffectiveEchoSpacing": 0.000590012,
    "FlipAngle": 63,
    "ImageComments": "Unaliased_MB4_PE3_LB",
    "ImageOrientationPatientDICOM": [
      0.999709,
      0.000181117,
      0.0241246,
      0.0122144,
      0.858539,
      -0.512602
    ],
    "ImageType": [
      "ORIGINAL",
      "PRIMARY",
      "M",
      "MB",
      "ND",
      "MOSAIC"
    ],
    "ImagingFrequency": 123.247,
    "InPlanePhaseEncodingDirectionDICOM": "COL",
    "InstitutionAddress": "Scott_Ave_4525_St._Louis_MO_US_63110",
    "InstitutionName": "Washington_University",
    "InstitutionalDepartmentName": "Department",
    "MRAcquisitionType": "2D",
    "MagneticFieldStrength": 3,
    "Manufacturer": "Siemens",
    "ManufacturersModelName": "Prisma_fit",
    "Modality": "MR",
    "MultibandAccelerationFactor": 4,
    "PartialFourier": 1,
    "PatientPosition": "HFS",
    "PercentPhaseFOV": 100,
    "PhaseEncodingDirection": "j-",
    "PhaseEncodingSteps": 90,
    "PhaseResolution": 1,
    "PixelBandwidth": 2220,
    "ProcedureStepDescription": "head_Braver",
    "ProtocolName": "tfMRI_AxcptBas1_AP",
    "PulseSequenceDetails": "%CustomerSeq%_cmrr_mbep2d_bold",
    "ReceiveCoilActiveElements": "HEA;HEP",
    "ReceiveCoilName": "Head_32",
    "ReconMatrixPE": 90,
    "RepetitionTime": 1.2,
    "SAR": 0.0790516,
    "ScanOptions": "FS_EXT",
    "ScanningSequence": "EP",
    "SequenceName": "epfid2d1_90",
    "SequenceVariant": "SK_SS",
    "SeriesDescription": "tfMRI_AxcptBas1_AP",
    "SeriesNumber": 25,
    "ShimSetting": [
      -2014,
      -11493,
      5849,
      354,
      -31,
      14,
      118,
      -40
    ],
    "SliceThickness": 2.4,
    "SliceTiming": [
      0,
      0.6275,
      0.0775,
      0.7075,
      0.1575,
      0.785,
      0.235,
      0.865,
      0.315,
      0.9425,
      0.3925,
      1.0225,
      0.4725,
      1.1,
      0.55,
      0,
      0.6275,
      0.0775,
      0.7075,
      0.1575,
      0.785,
      0.235,
      0.865,
      0.315,
      0.9425,
      0.3925,
      1.0225,
      0.4725,
      1.1,
      0.55,
      0,
      0.6275,
      0.0775,
      0.7075,
      0.1575,
      0.785,
      0.235,
      0.865,
      0.315,
      0.9425,
      0.3925,
      1.0225,
      0.4725,
      1.1,
      0.55,
      0,
      0.6275,
      0.0775,
      0.7075,
      0.1575,
      0.785,
      0.235,
      0.865,
      0.315,
      0.9425,
      0.3925,
      1.0225,
      0.4725,
      1.1,
      0.55
    ],
    "SoftwareVersions": "syngo_MR_E11",
    "SpacingBetweenSlices": 2.4,
    "StationName": "MRC35177",
    "TaskName": "Axcpt",
    "TotalReadoutTime": 0.0525111,
    "TxRefAmp": 268.589,
    "VendorReportedEchoSpacing": 0.00059,
    "WipMemBlock": "e8e94a0c-b8b3-49bf-b083-097f8f822e45||Sequence: ve11c/master r/b8bea8f; Mar  2 2017 16:56:44 by eja",
    "acq_id": "mb4AP",
    "dataset": "ds003465",
    "modality": "bold",
    "run_id": 1,
    "session_id": "wave1bas",
    "subject_id": "f2157me",
    "task_id": "Axcpt"
  },
  "dummy_trs": 1,
  "dvars_nstd": 33.99454428016443,
  "dvars_std": 1.0521237203947373,
  "dvars_vstd": 0.9682099549671052,
  "efc": 0.5070173982541868,
  "fber": 780.485107421875,
  "fd_mean": 0.2802642663654901,
  "fd_num": 378,
  "fd_perc": 62.06896551724138,
  "fwhm_avg": 2.935955438891168,
  "fwhm_x": 2.762379056899585,
  "fwhm_y": 2.9960248809486676,
  "fwhm_z": 3.049462378825252,
  "gcor": 0.0384722,
  "gsr_x": -0.010509379208087921,
  "gsr_y": 0.07096819579601288,
  "provenance": {
    "md5sum": "65d845c1c9fc3a6ec303a629ecfcb065",
    "settings": {
      "fd_thres": 0.2,
      "testing": false
    },
    "software": "mriqc",
    "version": "22.0.6",
    "webapi_port": null,
    "webapi_url": "https://mriqc.nimh.nih.gov/api/v1"
  },
  "size_t": 609,
  "size_x": 90,
  "size_y": 90,
  "size_z": 60,
  "snr": 2.5217818889699517,
  "spacing_tr": 1.2000000476837158,
  "spacing_x": 2.4000000953674316,
  "spacing_y": 2.4000000953674316,
  "spacing_z": 2.4000000953674316,
  "summary_bg_k": 37.13213493480394,
  "summary_bg_mad": 63.11650252449367,
  "summary_bg_mean": 362.1583557128906,
  "summary_bg_median": 151.0870361328125,
  "summary_bg_n": 333280.0,
  "summary_bg_p05": 104.18883514404297,
  "summary_bg_p95": 1408.8535705566403,
  "summary_bg_stdv": 570.9820556640625,
  "summary_fg_k": 0.7479998228382123,
  "summary_fg_mad": 1537.2123654563775,
  "summary_fg_mean": 4591.38232421875,
  "summary_fg_median": 4271.181640625,
  "summary_fg_n": 79540.0,
  "summary_fg_p05": 2403.0423095703127,
  "summary_fg_p95": 7890.071850585938,
  "summary_fg_stdv": 1693.705078125,
  "tsnr": 34.45275789417792
}