{
  "aor": 0.0013180833333333334,
  "aqi": 0.006804828433333334,
  "bids_meta": {
    "AcquisitionMatrixPE": 90,
    "AcquisitionNumber": 1,
    "AcquisitionTime": "19:59:13.312500",
    "BandwidthPerPixelPhaseEncode": 18.832,
    "BaseResolution": 90,
    "BodyPartExamined": "HEAD",
    "ConsistencyInfo": "N4_VE11C_LATEST_20160120",
    "ConversionSoftware": "dcm2niix",
    "ConversionSoftwareVersion": "v1.0.20190902",
    "DerivedVendorReportedEchoSpacing": 0.000590012,
    "DeviceSerialNumber": "67064",
    "DwellTime": 2.5e-06,
    "EchoTime": 0.033,
    "EchoTrainLength": 90,
    "EffectiveEchoSpacing": 0.000590012,
    "FlipAngle": 63,
    "ImageComments": "Unaliased_MB4_PE3_LB",
    "ImageOrientationPatientDICOM": [
      0.998931,
      -0.0378471,
      0.02656,
      0.0462347,
      0.823064,
      -0.566064
    ],
    "ImageType": [
      "ORIGINAL",
      "PRIMARY",
      "M",
      "MB",
      "ND",
      "MOSAIC"
    ],
    "ImagingFrequency": 123.247,
    "InPlanePhaseEncodingDirectionDICOM": "COL",
    "InstitutionAddress": "Scott_Ave_4525_St._Louis_MO_US_63110",
    "InstitutionName": "Washington_University",
    "InstitutionalDepartmentName": "Department",
    "MRAcquisitionType": "2D",
    "MagneticFieldStrength": 3,
    "Manufacturer": "Siemens",
    "ManufacturersModelName": "Prisma_fit",
    "Modality": "MR",
    "MultibandAccelerationFactor": 4,
    "PartialFourier": 1,
    "PatientPosition": "HFS",
    "PercentPhaseFOV": 100,
    "PhaseEncodingDirection": "j",
    "PhaseEncodingSteps": 90,
    "PhaseResolution": 1,
    "PixelBandwidth": 2220,
    "ProcedureStepDescription": "head_Braver",
    "ProtocolName": "tfMRI_SternBas2_PA",
    "PulseSequenceDetails": "%CustomerSeq%_cmrr_mbep2d_bold",
    "ReceiveCoilActiveElements": "HEA;HEP",
    "ReceiveCoilName": "Head_32",
    "ReconMatrixPE": 90,
    "RepetitionTime": 1.2,
    "SAR": 0.0718289,
    "ScanOptions": "FS_EXT",
    "ScanningSequence": "EP",
    "SequenceName": "epfid2d1_90",
    "SequenceVariant": "SK_SS",
    "SeriesDescription": "tfMRI_SternBas2_PA",
    "SeriesNumber": 46,
    "ShimSetting": [
      -2008,
      -11485,
      5811,
      259,
      117,
      -131,
      26,
      -67
    ],
    "SliceThickness": 2.4,
    "SliceTiming": [
      0,
      0.63,
      0.0775,
      0.7075,
      0.1575,
      0.7875,
      0.235,
      0.865,
      0.315,
      0.9425,
      0.3925,
      1.0225,
      0.4725,
      1.1,
      0.55,
      0,
      0.63,
      0.0775,
      0.7075,
      0.1575,
      0.7875,
      0.235,
      0.865,
      0.315,
      0.9425,
      0.3925,
      1.0225,
      0.4725,
      1.1,
      0.55,
      0,
      0.63,
      0.0775,
      0.7075,
      0.1575,
      0.7875,
      0.235,
      0.865,
      0.315,
      0.9425,
      0.3925,
      1.0225,
      0.4725,
      1.1,
      0.55,
      0,
      0.63,
      0.0775,
      0.7075,
      0.1575,
      0.7875,
      0.235,
      0.865,
      0.315,
      0.9425,
      0.3925,
      1.0225,
      0.4725,
      1.1,
      0.55
    ],
    "SoftwareVersions": "syngo_MR_E11",
    "SpacingBetweenSlices": 2.4,
    "StationName": "MRC35177",
    "TaskName": "Stern",
    "TotalReadoutTime": 0.0525111,
    "TxRefAmp": 263.777,
    "VendorReportedEchoSpacing": 0.00059,
    "WipMemBlock": "bcad891c-5f09-455b-a317-91a97b62a296||Sequence: R016 ve11c/master r/e634e98; Dec 19 2017 11:00:25 by eja",
    "acq_id": "mb4PA",
    "dataset": "ds003465",
    "modality": "bold",
    "run_id": 2,
    "session_id": "wave1bas",
    "subject_id": "f5001ob",
    "task_id": "Stern"
  },
  "dummy_trs": 0,
  "dvars_nstd": 34.87959364696159,
  "dvars_std": 1.1300846817362271,
  "dvars_vstd": 1.000238308196995,
  "efc": 0.5137655562408119,
  "fber": 725.0477294921875,
  "fd_mean": 0.26346925733437193,
  "fd_num": 363,
  "fd_perc": 60.5,
  "fwhm_avg": 2.9051457178932147,
  "fwhm_x": 2.7295707248699377,
  "fwhm_y": 2.9899457145235653,
  "fwhm_z": 2.9959207142861404,
  "gcor": 0.014359,
  "gsr_x": -0.0279774721711874,
  "gsr_y": 0.07694441825151443,
  "provenance": {
    "md5sum": "924d844e1fc63b107dea3a9919871b20",
    "settings": {
      "fd_thres": 0.2,
      "testing": false
    },
    "software": "mriqc",
    "version": "22.0.6",
    "webapi_port": null,
    "webapi_url": "https://mriqc.nimh.nih.gov/api/v1"
  },
  "size_t": 600,
  "size_x": 90,
  "size_y": 90,
  "size_z": 60,
  "snr": 3.0676544214473696,
  "spacing_tr": 1.2000000476837158,
  "spacing_x": 2.4000000953674316,
  "spacing_y": 2.4000000953674316,
  "spacing_z": 2.4000000953674316,
  "summary_bg_k": 28.817885031248213,
  "summary_bg_mad": 66.97655974553346,
  "summary_bg_mean": 347.1163330078125,
  "summary_bg_median": 151.24000549316406,
  "summary_bg_n": 342285.0,
  "summary_bg_p05": 102.78666687011719,
  "summary_bg_p95": 1359.2057373046869,
  "summary_bg_stdv": 490.875244140625,
  "summary_fg_k": 0.4640016197011536,
  "summary_fg_mad": 1284.5879511113635,
  "summary_fg_mean": 4300.75,
  "summary_fg_median": 4149.69189453125,
  "summary_fg_n": 73185.0,
  "summary_fg_p05": 2408.5986816406253,
  "summary_fg_p95": 6849.349902343751,
  "summary_fg_stdv": 1352.7154541015625,
  "tsnr": 42.93667647067923
}