{
  "aor": 0.0010772666666666667,
  "aqi": 0.0064721828833333335,
  "bids_meta": {
    "AcquisitionMatrixPE": 90,
    "AcquisitionNumber": 1,
    "AcquisitionTime": "19:46:21.017500",
    "BandwidthPerPixelPhaseEncode": 18.832,
    "BaseResolution": 90,
    "BodyPartExamined": "HEAD",
    "ConsistencyInfo": "N4_VE11C_LATEST_20160120",
    "ConversionSoftware": "dcm2niix",
    "ConversionSoftwareVersion": "v1.0.20190902",
    "DerivedVendorReportedEchoSpacing": 0.000590012,
    "DeviceSerialNumber": "67064",
    "DwellTime": 2.5e-06,
    "EchoTime": 0.033,
    "EchoTrainLength": 90,
    "EffectiveEchoSpacing": 0.000590012,
    "FlipAngle": 63,
    "ImageComments": "Unaliased_MB4_PE3_LB",
    "ImageOrientationPatientDICOM": [
      0.998931,
      -0.0378471,
      0.02656,
      0.0462347,
      0.823064,
      -0.566064
    ],
    "ImageType": [
      "ORIGINAL",
      "PRIMARY",
      "M",
      "MB",
      "ND",
      "MOSAIC"
    ],
    "ImagingFrequency": 123.247,
    "InPlanePhaseEncodingDirectionDICOM": "COL",
    "InstitutionAddress": "Scott_Ave_4525_St._Louis_MO_US_63110",
    "InstitutionName": "Washington_University",
    "InstitutionalDepartmentName": "Department",
    "MRAcquisitionType": "2D",
    "MagneticFieldStrength": 3,
    "Manufacturer": "Siemens",
    "ManufacturersModelName": "Prisma_fit",
    "Modality": "MR",
    "MultibandAccelerationFactor": 4,
    "PartialFourier": 1,
    "PatientPosition": "HFS",
    "PercentPhaseFOV": 100,
    "PhaseEncodingDirection": "j-",
    "PhaseEncodingSteps": 90,
    "PhaseResolution": 1,
    "PixelBandwidth": 2220,
    "ProcedureStepDescription": "head_Braver",
    "ProtocolName": "tfMRI_SternBas1_AP",
    "PulseSequenceDetails": "%CustomerSeq%_cmrr_mbep2d_bold",
    "ReceiveCoilActiveElements": "HEA;HEP",
    "ReceiveCoilName": "Head_32",
    "ReconMatrixPE": 90,
    "RepetitionTime": 1.2,
    "SAR": 0.0718289,
    "ScanOptions": "FS_EXT",
    "ScanningSequence": "EP",
    "SequenceName": "epfid2d1_90",
    "SequenceVariant": "SK_SS",
    "SeriesDescription": "tfMRI_SternBas1_AP",
    "SeriesNumber": 43,
    "ShimSetting": [
      -2008,
      -11485,
      5811,
      259,
      117,
      -131,
      26,
      -67
    ],
    "SliceThickness": 2.4,
    "SliceTiming": [
      0,
      0.6275,
      0.0775,
      0.7075,
      0.155,
      0.785,
      0.235,
      0.865,
      0.3125,
      0.9425,
      0.3925,
      1.0225,
      0.47,
      1.1,
      0.55,
      0,
      0.6275,
      0.0775,
      0.7075,
      0.155,
      0.785,
      0.235,
      0.865,
      0.3125,
      0.9425,
      0.3925,
      1.0225,
      0.47,
      1.1,
      0.55,
      0,
      0.6275,
      0.0775,
      0.7075,
      0.155,
      0.785,
      0.235,
      0.865,
      0.3125,
      0.9425,
      0.3925,
      1.0225,
      0.47,
      1.1,
      0.55,
      0,
      0.6275,
      0.0775,
      0.7075,
      0.155,
      0.785,
      0.235,
      0.865,
      0.3125,
      0.9425,
      0.3925,
      1.0225,
      0.47,
      1.1,
      0.55
    ],
    "SoftwareVersions": "syngo_MR_E11",
    "SpacingBetweenSlices": 2.4,
    "StationName": "MRC35177",
    "TaskName": "Stern",
    "TotalReadoutTime": 0.0525111,
    "TxRefAmp": 263.777,
    "VendorReportedEchoSpacing": 0.00059,
    "WipMemBlock": "7d8d4506-5e3b-48c3-96ff-0b30a9c17bd0||Sequence: R016 ve11c/master r/e634e98; Dec 19 2017 11:00:25 by eja",
    "acq_id": "mb4AP",
    "dataset": "ds003465",
    "modality": "bold",
    "run_id": 1,
    "session_id": "wave1bas",
    "subject_id": "f5001ob",
    "task_id": "Stern"
  },
  "dummy_trs": 0,
  "dvars_nstd": 36.123331057262114,
  "dvars_std": 1.1331897734724552,
  "dvars_vstd": 0.9980982154257101,
  "efc": 0.5140411953998232,
  "fber": 786.6674194335938,
  "fd_mean": 0.29811083937551736,
  "fd_num": 418,
  "fd_perc": 69.66666666666667,
  "fwhm_avg": 2.932202661262512,
  "fwhm_x": 2.752654057286022,
  "fwhm_y": 3.002487380691871,
  "fwhm_z": 3.041466545809645,
  "gcor": 0.0103579,
  "gsr_x": -0.030103113502264023,
  "gsr_y": 0.06670435518026352,
  "provenance": {
    "md5sum": "cf8b3b4678c436ada36a0ceaaff400f7",
    "settings": {
      "fd_thres": 0.2,
      "testing": false
    },
    "software": "mriqc",
    "version": "22.0.6",
    "webapi_port": null,
    "webapi_url": "https://mriqc.nimh.nih.gov/api/v1"
  },
  "size_t": 600,
  "size_x": 90,
  "size_y": 90,
  "size_z": 60,
  "snr": 3.0551293658740324,
  "spacing_tr": 1.2000000476837158,
  "spacing_x": 2.4000000953674316,
  "spacing_y": 2.4000000953674316,
  "spacing_z": 2.4000000953674316,
  "summary_bg_k": 33.99386377389609,
  "summary_bg_mad": 53.45770062791325,
  "summary_bg_mean": 325.9805908203125,
  "summary_bg_median": 141.28167724609375,
  "summary_bg_n": 337843.0,
  "summary_bg_p05": 101.21666717529297,
  "summary_bg_p95": 1202.4712158203117,
  "summary_bg_stdv": 476.1146240234375,
  "summary_fg_k": 0.4898381828154079,
  "summary_fg_mad": 1238.5733497862843,
  "summary_fg_mean": 4228.66015625,
  "summary_fg_median": 4060.942626953125,
  "summary_fg_n": 75812.0,
  "summary_fg_p05": 2363.15283203125,
  "summary_fg_p95": 6745.470581054687,
  "summary_fg_stdv": 1329.21240234375,
  "tsnr": 43.79216284642462
}