{
  "aor": 0.0008631198686371102,
  "aqi": 0.007481597405582924,
  "bids_meta": {
    "AcquisitionMatrixPE": 90,
    "AcquisitionNumber": 1,
    "AcquisitionTime": "18:16:59.310000",
    "BandwidthPerPixelPhaseEncode": 18.832,
    "BaseResolution": 90,
    "BodyPartExamined": "HEAD",
    "ConsistencyInfo": "N4_VE11C_LATEST_20160120",
    "ConversionSoftware": "dcm2niix",
    "ConversionSoftwareVersion": "v1.0.20190902",
    "DerivedVendorReportedEchoSpacing": 0.000590012,
    "DeviceSerialNumber": "67064",
    "DwellTime": 2.5e-06,
    "EchoTime": 0.033,
    "EchoTrainLength": 90,
    "EffectiveEchoSpacing": 0.000590012,
    "FlipAngle": 63,
    "ImageComments": "Unaliased_MB4_PE3_LB",
    "ImageOrientationPatientDICOM": [
      0.998931,
      -0.0378471,
      0.02656,
      0.0462347,
      0.823064,
      -0.566064
    ],
    "ImageType": [
      "ORIGINAL",
      "PRIMARY",
      "M",
      "MB",
      "ND",
      "MOSAIC"
    ],
    "ImagingFrequency": 123.247,
    "InPlanePhaseEncodingDirectionDICOM": "COL",
    "InstitutionAddress": "Scott_Ave_4525_St._Louis_MO_US_63110",
    "InstitutionName": "Washington_University",
    "InstitutionalDepartmentName": "Department",
    "MRAcquisitionType": "2D",
    "MagneticFieldStrength": 3,
    "Manufacturer": "Siemens",
    "ManufacturersModelName": "Prisma_fit",
    "Modality": "MR",
    "MultibandAccelerationFactor": 4,
    "PartialFourier": 1,
    "PatientPosition": "HFS",
    "PercentPhaseFOV": 100,
    "PhaseEncodingDirection": "j-",
    "PhaseEncodingSteps": 90,
    "PhaseResolution": 1,
    "PixelBandwidth": 2220,
    "ProcedureStepDescription": "head_Braver",
    "ProtocolName": "tfMRI_AxcptBas1_AP",
    "PulseSequenceDetails": "%CustomerSeq%_cmrr_mbep2d_bold",
    "ReceiveCoilActiveElements": "HEA;HEP",
    "ReceiveCoilName": "Head_32",
    "ReconMatrixPE": 90,
    "RepetitionTime": 1.2,
    "SAR": 0.0718335,
    "ScanOptions": "FS_EXT",
    "ScanningSequence": "EP",
    "SequenceName": "epfid2d1_90",
    "SequenceVariant": "SK_SS",
    "SeriesDescription": "tfMRI_AxcptBas1_AP",
    "SeriesNumber": 19,
    "ShimSetting": [
      -2008,
      -11485,
      5811,
      259,
      117,
      -131,
      26,
      -67
    ],
    "SliceThickness": 2.4,
    "SliceTiming": [
      0,
      0.63,
      0.0775,
      0.7075,
      0.1575,
      0.7875,
      0.235,
      0.865,
      0.315,
      0.9425,
      0.3925,
      1.0225,
      0.4725,
      1.1,
      0.55,
      0,
      0.63,
      0.0775,
      0.7075,
      0.1575,
      0.7875,
      0.235,
      0.865,
      0.315,
      0.9425,
      0.3925,
      1.0225,
      0.4725,
      1.1,
      0.55,
      0,
      0.63,
      0.0775,
      0.7075,
      0.1575,
      0.7875,
      0.235,
      0.865,
      0.315,
      0.9425,
      0.3925,
      1.0225,
      0.4725,
      1.1,
      0.55,
      0,
      0.63,
      0.0775,
      0.7075,
      0.1575,
      0.7875,
      0.235,
      0.865,
      0.315,
      0.9425,
      0.3925,
      1.0225,
      0.4725,
      1.1,
      0.55
    ],
    "SoftwareVersions": "syngo_MR_E11",
    "SpacingBetweenSlices": 2.4,
    "StationName": "MRC35177",
    "TaskName": "Axcpt",
    "TotalReadoutTime": 0.0525111,
    "TxRefAmp": 263.777,
    "VendorReportedEchoSpacing": 0.00059,
    "WipMemBlock": "0574ceb3-bccc-4389-b367-6e801f77f156||Sequence: R016 ve11c/master r/e634e98; Dec 19 2017 11:00:25 by eja",
    "acq_id": "mb4AP",
    "dataset": "ds003465",
    "modality": "bold",
    "run_id": 1,
    "session_id": "wave1bas",
    "subject_id": "f5001ob",
    "task_id": "Axcpt"
  },
  "dummy_trs": 1,
  "dvars_nstd": 37.48788618125,
  "dvars_std": 1.1416951615789472,
  "dvars_vstd": 0.9926896334868416,
  "efc": 0.5129047789563541,
  "fber": 800.1693725585938,
  "fd_mean": 0.3057431202573802,
  "fd_num": 445,
  "fd_perc": 73.07060755336617,
  "fwhm_avg": 2.905160995670385,
  "fwhm_x": 2.7301998915116035,
  "fwhm_y": 2.9715165485892077,
  "fwhm_z": 3.0137665469103436,
  "gcor": 0.00933831,
  "gsr_x": -0.03048557974398136,
  "gsr_y": 0.06636886298656464,
  "provenance": {
    "md5sum": "d780ac46667b81c711014bd21bee8673",
    "settings": {
      "fd_thres": 0.2,
      "testing": false
    },
    "software": "mriqc",
    "version": "22.0.6",
    "webapi_port": null,
    "webapi_url": "https://mriqc.nimh.nih.gov/api/v1"
  },
  "size_t": 609,
  "size_x": 90,
  "size_y": 90,
  "size_z": 60,
  "snr": 3.1012690624711206,
  "spacing_tr": 1.2000000476837158,
  "spacing_x": 2.4000000953674316,
  "spacing_y": 2.4000000953674316,
  "spacing_z": 2.4000000953674316,
  "summary_bg_k": 36.549220136067305,
  "summary_bg_mad": 52.24165054318972,
  "summary_bg_mean": 320.8365478515625,
  "summary_bg_median": 139.92446899414062,
  "summary_bg_n": 337983.0,
  "summary_bg_p05": 102.48275756835938,
  "summary_bg_p95": 1167.9897949218737,
  "summary_bg_stdv": 475.7212219238281,
  "summary_fg_k": 0.42961804230348166,
  "summary_fg_mad": 1230.0874790805603,
  "summary_fg_mean": 4217.72607421875,
  "summary_fg_median": 4061.395751953125,
  "summary_fg_n": 75593.0,
  "summary_fg_p05": 2359.9208984375,
  "summary_fg_p95": 6686.335546874997,
  "summary_fg_stdv": 1309.5828857421875,
  "tsnr": 43.7259339960292
}