{
  "bids_meta": {
    "AcquisitionMatrixPE": 300,
    "AcquisitionNumber": 1,
    "AcquisitionTime": "11:54:44.745000",
    "BaseResolution": 320,
    "BodyPartExamined": "HEAD",
    "ConsistencyInfo": "N4_VE11C_LATEST_20160120",
    "ConversionSoftware": "dcm2niix",
    "ConversionSoftwareVersion": "v1.0.20190902",
    "DeviceSerialNumber": "67064",
    "DwellTime": 7.1e-06,
    "EchoTime": 0.00222,
    "FlipAngle": 8,
    "ImageOrientationPatientDICOM": [
      -0.0885861,
      0.995798,
      0.0232101,
      0.00543321,
      0.0237845,
      -0.999702
    ],
    "ImageType": [
      "ORIGINAL",
      "PRIMARY",
      "M",
      "ND"
    ],
    "ImagingFrequency": 123.247,
    "InPlanePhaseEncodingDirectionDICOM": "ROW",
    "InstitutionAddress": "Scott_Ave_4525_St._Louis_MO_US_63110",
    "InstitutionName": "washington_university",
    "InstitutionalDepartmentName": "Department",
    "InversionTime": 1,
    "MRAcquisitionType": "3D",
    "MagneticFieldStrength": 3,
    "Manufacturer": "Siemens",
    "ManufacturersModelName": "Prisma_fit",
    "Modality": "MR",
    "ParallelReductionFactorInPlane": 2,
    "PartialFourier": 1,
    "PatientPosition": "HFS",
    "PercentPhaseFOV": 93.75,
    "PhaseEncodingSteps": 299,
    "PhaseResolution": 1,
    "PixelBandwidth": 220,
    "ProcedureStepDescription": "head_Braver",
    "ProtocolName": "T1w_MPR",
    "PulseSequenceDetails": "%SiemensSeq%_tfl",
    "ReceiveCoilActiveElements": "HEA;HEP",
    "ReceiveCoilName": "Head_32",
    "ReconMatrixPE": 300,
    "RefLinesPE": 32,
    "RepetitionTime": 2.4,
    "SAR": 0.0401167,
    "ScanOptions": "IR_WE",
    "ScanningSequence": "GR_IR",
    "SequenceName": "_tfl3d1_16ns",
    "SequenceVariant": "SK_SP_MP",
    "SeriesDescription": "T1w_MPR",
    "SeriesNumber": 11,
    "ShimSetting": [
      -2004,
      -11502,
      5860,
      564,
      41,
      186,
      25,
      -11
    ],
    "SliceThickness": 0.8,
    "SoftwareVersions": "syngo_MR_E11",
    "StationName": "MRC35177",
    "TxRefAmp": 231.701,
    "dataset": "ds003465",
    "modality": "T1w",
    "session_id": "wave1bas",
    "subject_id": "f8710qa"
  },
  "cjv": 0.4857194695798337,
  "cnr": 2.823337556682221,
  "efc": 0.5224879159136455,
  "fber": 15666.694444444445,
  "fwhm_avg": 4.939112547108041,
  "fwhm_x": 4.860287789695727,
  "fwhm_y": 4.7007874299528085,
  "fwhm_z": 5.2562624216755855,
  "icvs_csf": 0.19712895699392427,
  "icvs_gm": 0.41268780568810753,
  "icvs_wm": 0.3901832373179682,
  "inu_med": 0.9573848247528076,
  "inu_range": 0.9016200780868531,
  "provenance": {
    "md5sum": "25204ad036bf3dd07138792e8ab490c8",
    "settings": {
      "testing": false
    },
    "software": "mriqc",
    "version": "22.0.6",
    "warnings": {
      "large_rot_frame": true,
      "small_air_mask": false
    },
    "webapi_port": null,
    "webapi_url": "https://mriqc.nimh.nih.gov/api/v1"
  },
  "qi_1": 0.0,
  "qi_2": 0.0013316351278308822,
  "rpve_csf": 25.7852087476182,
  "rpve_gm": 12.275267024488008,
  "rpve_wm": 14.476128601780477,
  "size_x": 208,
  "size_y": 300,
  "size_z": 320,
  "snr_csf": 3.1527094565142284,
  "snr_gm": 13.227591930390302,
  "snr_total": 10.765153728509638,
  "snr_wm": 15.915159798624382,
  "snrd_csf": 16.124027622953026,
  "snrd_gm": 39.54673643623837,
  "snrd_total": 35.96171933661396,
  "snrd_wm": 52.214393950650496,
  "spacing_x": 0.7999999523162842,
  "spacing_y": 0.800000011920929,
  "spacing_z": 0.800000011920929,
  "summary_bg_k": 1247.090622933471,
  "summary_bg_mad": 0.0,
  "summary_bg_mean": 8.024127867698787,
  "summary_bg_median": 0.0,
  "summary_bg_n": 7180116.0,
  "summary_bg_p05": 0.0,
  "summary_bg_p95": 31.627209469676018,
  "summary_bg_stdv": 12.5482195343938,
  "summary_csf_k": 3.197942371859706,
  "summary_csf_mad": 69.43411463876913,
  "summary_csf_mean": 311.957844258819,
  "summary_csf_median": 308.8331504575908,
  "summary_csf_n": 96324.0,
  "summary_csf_p05": 143.12481930349026,
  "summary_csf_p95": 479.41422401741147,
  "summary_csf_stdv": 97.95750341655115,
  "summary_gm_k": 0.016448962316020665,
  "summary_gm_mad": 57.64210715765948,
  "summary_gm_mean": 757.9191277577988,
  "summary_gm_median": 757.4623096361756,
  "summary_gm_n": 73552.0,
  "summary_gm_p05": 664.9667576812208,
  "summary_gm_p95": 852.7182245478034,
  "summary_gm_stdv": 57.263420616759284,
  "summary_wm_k": 0.2746412343659199,
  "summary_wm_mad": 60.208602903548055,
  "summary_wm_mean": 1008.0936242123811,
  "summary_wm_median": 1000.0935349464417,
  "summary_wm_n": 405537.0,
  "summary_wm_p05": 918.4522915668786,
  "summary_wm_p95": 1124.3566538095474,
  "summary_wm_stdv": 62.838973315472366,
  "tpm_overlap_csf": 0.14006636393847488,
  "tpm_overlap_gm": 0.4425042124525699,
  "tpm_overlap_wm": 0.47604518941968144,
  "wm2max": 0.49417421860551136
}