{
  "aor": 0.0015162833333333334,
  "aqi": 0.004256247483333334,
  "bids_meta": {
    "AcquisitionMatrixPE": 90,
    "AcquisitionNumber": 1,
    "AcquisitionTime": "09:49:44.712500",
    "BandwidthPerPixelPhaseEncode": 18.832,
    "BaseResolution": 90,
    "BodyPartExamined": "HEAD",
    "ConsistencyInfo": "N4_VE11C_LATEST_20160120",
    "ConversionSoftware": "dcm2niix",
    "ConversionSoftwareVersion": "v1.0.20190902",
    "DerivedVendorReportedEchoSpacing": 0.000590012,
    "DeviceSerialNumber": "67064",
    "DwellTime": 2.5e-06,
    "EchoTime": 0.033,
    "EchoTrainLength": 90,
    "EffectiveEchoSpacing": 0.000590012,
    "FlipAngle": 63,
    "ImageComments": "Unaliased_MB4_PE3_LB",
    "ImageOrientationPatientDICOM": [
      0.998436,
      0.0127404,
      0.0544299,
      0.00888749,
      0.92512,
      -0.379571
    ],
    "ImageType": [
      "ORIGINAL",
      "PRIMARY",
      "M",
      "MB",
      "ND",
      "MOSAIC"
    ],
    "ImagingFrequency": 123.247,
    "InPlanePhaseEncodingDirectionDICOM": "COL",
    "InstitutionAddress": "Scott_Ave_4525_St._Louis_MO_US_63110",
    "InstitutionName": "Washington_University",
    "InstitutionalDepartmentName": "Department",
    "MRAcquisitionType": "2D",
    "MagneticFieldStrength": 3,
    "Manufacturer": "Siemens",
    "ManufacturersModelName": "Prisma_fit",
    "Modality": "MR",
    "MultibandAccelerationFactor": 4,
    "PartialFourier": 1,
    "PatientPosition": "HFS",
    "PercentPhaseFOV": 100,
    "PhaseEncodingDirection": "j-",
    "PhaseEncodingSteps": 90,
    "PhaseResolution": 1,
    "PixelBandwidth": 2220,
    "ProcedureStepDescription": "head_Braver",
    "ProtocolName": "tfMRI_SternBas1_AP",
    "PulseSequenceDetails": "%CustomerSeq%_cmrr_mbep2d_bold",
    "ReceiveCoilActiveElements": "HEA;HEP",
    "ReceiveCoilName": "Head_32",
    "ReconMatrixPE": 90,
    "RepetitionTime": 1.2,
    "SAR": 0.0638071,
    "ScanOptions": "FS_EXT",
    "ScanningSequence": "EP",
    "SequenceName": "epfid2d1_90",
    "SequenceVariant": "SK_SS",
    "SeriesDescription": "tfMRI_SternBas1_AP",
    "SeriesNumber": 18,
    "ShimSetting": [
      -1978,
      -11464,
      5820,
      603,
      96,
      385,
      22,
      -4
    ],
    "SliceThickness": 2.4,
    "SliceTiming": [
      0,
      0.63,
      0.0775,
      0.7075,
      0.1575,
      0.785,
      0.235,
      0.865,
      0.315,
      0.9425,
      0.3925,
      1.0225,
      0.4725,
      1.1,
      0.55,
      0,
      0.63,
      0.0775,
      0.7075,
      0.1575,
      0.785,
      0.235,
      0.865,
      0.315,
      0.9425,
      0.3925,
      1.0225,
      0.4725,
      1.1,
      0.55,
      0,
      0.63,
      0.0775,
      0.7075,
      0.1575,
      0.785,
      0.235,
      0.865,
      0.315,
      0.9425,
      0.3925,
      1.0225,
      0.4725,
      1.1,
      0.55,
      0,
      0.63,
      0.0775,
      0.7075,
      0.1575,
      0.785,
      0.235,
      0.865,
      0.315,
      0.9425,
      0.3925,
      1.0225,
      0.4725,
      1.1,
      0.55
    ],
    "SoftwareVersions": "syngo_MR_E11",
    "SpacingBetweenSlices": 2.4,
    "StationName": "MRC35177",
    "TaskName": "Stern",
    "TotalReadoutTime": 0.0525111,
    "TxRefAmp": 230.178,
    "VendorReportedEchoSpacing": 0.00059,
    "WipMemBlock": "895259d4-655c-40e3-914e-c022531032ec||Sequence: ve11c/master r/068cfa9; Jul 21 2016 14:39:26 by eja",
    "acq_id": "mb4AP",
    "dataset": "ds003465",
    "modality": "bold",
    "run_id": 1,
    "session_id": "wave1bas",
    "subject_id": "f3469wa",
    "task_id": "Stern"
  },
  "dummy_trs": 0,
  "dvars_nstd": 30.05286047322204,
  "dvars_std": 1.1493603966611023,
  "dvars_vstd": 0.9946952955592643,
  "efc": 0.5178020411191655,
  "fber": 803.1322021484375,
  "fd_mean": 0.14136702640707124,
  "fd_num": 108,
  "fd_perc": 18.0,
  "fwhm_avg": 2.9547499832858706,
  "fwhm_x": 2.8297873875543518,
  "fwhm_y": 2.993512381048505,
  "fwhm_z": 3.0409501812547552,
  "gcor": 0.00951631,
  "gsr_x": -0.01995144784450531,
  "gsr_y": 0.07511239498853683,
  "provenance": {
    "md5sum": "6d446f03e794954eaa4a2259922f33cf",
    "settings": {
      "fd_thres": 0.2,
      "testing": false
    },
    "software": "mriqc",
    "version": "22.0.6",
    "webapi_port": null,
    "webapi_url": "https://mriqc.nimh.nih.gov/api/v1"
  },
  "size_t": 600,
  "size_x": 90,
  "size_y": 90,
  "size_z": 60,
  "snr": 2.6399313047855206,
  "spacing_tr": 1.2000000476837158,
  "spacing_x": 2.4000000953674316,
  "spacing_y": 2.4000000953674316,
  "spacing_z": 2.3999998569488525,
  "summary_bg_k": 25.128457072150898,
  "summary_bg_mad": 57.74982907348977,
  "summary_bg_mean": 337.9305114746094,
  "summary_bg_median": 145.76333618164062,
  "summary_bg_n": 323705.0,
  "summary_bg_p05": 102.50167083740234,
  "summary_bg_p95": 1309.3443847656247,
  "summary_bg_stdv": 513.7238159179688,
  "summary_fg_k": 1.6738009323354,
  "summary_fg_mad": 1361.301937997777,
  "summary_fg_mean": 4576.58740234375,
  "summary_fg_median": 4253.15673828125,
  "summary_fg_n": 86074.0,
  "summary_fg_p05": 2618.2165649414064,
  "summary_fg_p95": 7783.063549804682,
  "summary_fg_stdv": 1611.0767822265625,
  "tsnr": 52.936424086103216
}