{
  "aor": 0.004867462962962962,
  "aqi": 0.004864900962962962,
  "bids_meta": {
    "AcquisitionMatrixPE": 90,
    "AcquisitionNumber": 1,
    "AcquisitionTime": "11:52:34.360000",
    "BandwidthPerPixelPhaseEncode": 18.832,
    "BaseResolution": 90,
    "BodyPartExamined": "HEAD",
    "ConsistencyInfo": "N4_VE11C_LATEST_20160120",
    "ConversionSoftware": "dcm2niix",
    "ConversionSoftwareVersion": "v1.0.20190902",
    "DerivedVendorReportedEchoSpacing": 0.000590012,
    "DeviceSerialNumber": "67064",
    "DwellTime": 2.5e-06,
    "EchoTime": 0.033,
    "EchoTrainLength": 90,
    "EffectiveEchoSpacing": 0.000590012,
    "FlipAngle": 63,
    "ImageComments": "Unaliased_MB4_PE3_LB",
    "ImageOrientationPatientDICOM": [
      0.999148,
      0.021881,
      0.0349847,
      -0.00662671,
      0.92191,
      -0.387347
    ],
    "ImageType": [
      "ORIGINAL",
      "PRIMARY",
      "M",
      "MB",
      "ND",
      "MOSAIC"
    ],
    "ImagingFrequency": 123.247,
    "InPlanePhaseEncodingDirectionDICOM": "COL",
    "InstitutionAddress": "Scott_Ave_4525_St._Louis_MO_US_63110",
    "InstitutionName": "Washington_University",
    "InstitutionalDepartmentName": "Department",
    "MRAcquisitionType": "2D",
    "MagneticFieldStrength": 3,
    "Manufacturer": "Siemens",
    "ManufacturersModelName": "Prisma_fit",
    "Modality": "MR",
    "MultibandAccelerationFactor": 4,
    "PartialFourier": 1,
    "PatientPosition": "HFS",
    "PercentPhaseFOV": 100,
    "PhaseEncodingDirection": "j",
    "PhaseEncodingSteps": 90,
    "PhaseResolution": 1,
    "PixelBandwidth": 2220,
    "ProcedureStepDescription": "head_Braver",
    "ProtocolName": "tfMRI_StroopBas2_PA",
    "PulseSequenceDetails": "%CustomerSeq%_cmrr_mbep2d_bold",
    "ReceiveCoilActiveElements": "HEA;HEP",
    "ReceiveCoilName": "Head_32",
    "ReconMatrixPE": 90,
    "RepetitionTime": 1.2,
    "SAR": 0.0632724,
    "ScanOptions": "FS_EXT",
    "ScanningSequence": "EP",
    "SequenceName": "epfid2d1_90",
    "SequenceVariant": "SK_SS",
    "SeriesDescription": "tfMRI_StroopBas2_PA",
    "SeriesNumber": 46,
    "ShimSetting": [
      -1984,
      -11472,
      5798,
      592,
      73,
      369,
      10,
      -10
    ],
    "SliceThickness": 2.4,
    "SliceTiming": [
      0,
      0.63,
      0.0775,
      0.7075,
      0.1575,
      0.7875,
      0.235,
      0.865,
      0.315,
      0.945,
      0.3925,
      1.0225,
      0.4725,
      1.1,
      0.55,
      0,
      0.63,
      0.0775,
      0.7075,
      0.1575,
      0.7875,
      0.235,
      0.865,
      0.315,
      0.945,
      0.3925,
      1.0225,
      0.4725,
      1.1,
      0.55,
      0,
      0.63,
      0.0775,
      0.7075,
      0.1575,
      0.7875,
      0.235,
      0.865,
      0.315,
      0.945,
      0.3925,
      1.0225,
      0.4725,
      1.1,
      0.55,
      0,
      0.63,
      0.0775,
      0.7075,
      0.1575,
      0.7875,
      0.235,
      0.865,
      0.315,
      0.945,
      0.3925,
      1.0225,
      0.4725,
      1.1,
      0.55
    ],
    "SoftwareVersions": "syngo_MR_E11",
    "SpacingBetweenSlices": 2.4,
    "StationName": "MRC35177",
    "TaskName": "Stroop",
    "TotalReadoutTime": 0.0525111,
    "TxRefAmp": 230.721,
    "VendorReportedEchoSpacing": 0.00059,
    "WipMemBlock": "6ced1c50-b0d5-4df4-ac64-e15d60a1494a||Sequence: ve11c/master r/068cfa9; Jul 21 2016 14:39:26 by eja",
    "acq_id": "mb4PA",
    "dataset": "ds003465",
    "modality": "bold",
    "run_id": 2,
    "session_id": "wave1bas",
    "subject_id": "f3469wa",
    "task_id": "Stroop"
  },
  "dummy_trs": 0,
  "dvars_nstd": 31.54852624031538,
  "dvars_std": 1.1907694314842294,
  "dvars_vstd": 1.070081135695733,
  "efc": 0.5230743822229799,
  "fber": 779.7176513671875,
  "fd_mean": 0.14674416679700814,
  "fd_num": 100,
  "fd_perc": 18.51851851851852,
  "fwhm_avg": 2.8741165524595362,
  "fwhm_x": 2.781133222821028,
  "fwhm_y": 2.845066553613879,
  "fwhm_z": 2.9961498809437006,
  "gcor": 0.0142452,
  "gsr_x": -0.01913519576191902,
  "gsr_y": 0.07638675719499588,
  "provenance": {
    "md5sum": "a4e88776a791c8fd6a796f4d3c7f3a63",
    "settings": {
      "fd_thres": 0.2,
      "testing": false
    },
    "software": "mriqc",
    "version": "22.0.6",
    "webapi_port": null,
    "webapi_url": "https://mriqc.nimh.nih.gov/api/v1"
  },
  "size_t": 540,
  "size_x": 90,
  "size_y": 90,
  "size_z": 60,
  "snr": 2.6884802356466726,
  "spacing_tr": 1.2000000476837158,
  "spacing_x": 2.4000000953674316,
  "spacing_y": 2.4000000953674316,
  "spacing_z": 2.4000000953674316,
  "summary_bg_k": 21.348530944925113,
  "summary_bg_mad": 59.133864124850156,
  "summary_bg_mean": 355.6466979980469,
  "summary_bg_median": 145.54074096679688,
  "summary_bg_n": 325376.0,
  "summary_bg_p05": 99.72407531738281,
  "summary_bg_p95": 1458.8161315917969,
  "summary_bg_stdv": 558.14697265625,
  "summary_fg_k": 1.2540131285778484,
  "summary_fg_mad": 1355.237240690389,
  "summary_fg_mean": 4387.8310546875,
  "summary_fg_median": 4113.3076171875,
  "summary_fg_n": 85368.0,
  "summary_fg_p05": 2434.5163818359374,
  "summary_fg_p95": 7344.263037109375,
  "summary_fg_stdv": 1529.966064453125,
  "tsnr": 47.98575127730146
}